{
  "bids_meta": {
    "AccelFactPE": 2,
    "AcquisitionNumber": 1,
    "AcquisitionTime": "09:48:12.367500",
    "BodyPartExamined": "BRAIN",
    "ConversionSoftware": "dcm2niix",
    "ConversionSoftwareVersion": "v1.0.20170724 GCC4.4.7",
    "DeviceSerialNumber": "167004",
    "EchoTime": 0.00297,
    "FlipAngle": 7,
    "ImageType": [
      "ORIGINAL",
      "PRIMARY",
      "M",
      "ND"
    ],
    "InstitutionAddress": "Mikeletegi_69_San_Sebastian_District_ES_20009",
    "InstitutionName": "BCBL",
    "InversionTime": 1.1,
    "MagneticFieldStrength": 3,
    "Manufacturer": "Siemens",
    "ManufacturersModelName": "Prisma_fit",
    "PhaseEncodingDirection": "i-",
    "PhaseEncodingLines": 256,
    "ProcedureStepDescription": "CRANEO_FUNCIONAL",
    "ProtocolName": "t1_mpr_tra_p2_iso",
    "RepetitionTime": 2.53,
    "ScanningSequence": "GR_IR",
    "SequenceName": "_tfl3d1_16",
    "SequenceVariant": "SK_SP_MP_OSP",
    "SeriesDescription": "t1_mpr_tra_p2_iso",
    "SoftwareVersions": "syngo_MR_E11",
    "dataset": "ds003545",
    "modality": "T1w",
    "session_id": "01",
    "subject_id": "19"
  },
  "cjv": 0.42543887908297445,
  "cnr": 2.906744788380638,
  "efc": 0.5391645590677444,
  "fber": 8660.03741740879,
  "fwhm_avg": 4.601823333333333,
  "fwhm_x": 4.27136,
  "fwhm_y": 4.88514,
  "fwhm_z": 4.64897,
  "icvs_csf": 0.15345085051481247,
  "icvs_gm": 0.4336499852495113,
  "icvs_wm": 0.4128991642356762,
  "inu_med": 1.009891390800476,
  "inu_range": 0.9748463690280911,
  "provenance": {
    "md5sum": "dfbed3535efe9ba09a3f4d2cc72804ee",
    "settings": {
      "testing": false
    },
    "software": "mriqc",
    "version": "22.0.6",
    "warnings": {
      "large_rot_frame": true,
      "small_air_mask": false
    },
    "webapi_port": null,
    "webapi_url": "https://mriqc.nimh.nih.gov/api/v1"
  },
  "qi_1": 0.0,
  "qi_2": 0.0024772272461845595,
  "rpve_csf": 32.241373783500315,
  "rpve_gm": 12.343481808472612,
  "rpve_wm": 14.565057913089582,
  "size_x": 256,
  "size_y": 256,
  "size_z": 176,
  "snr_csf": 1.894964723322688,
  "snr_gm": 12.961283932555965,
  "snr_total": 9.490917963279495,
  "snr_wm": 13.616505233959835,
  "snrd_csf": 12.16015561668698,
  "snrd_gm": 31.102968793655347,
  "snrd_total": 28.669464094808266,
  "snrd_wm": 42.74526787408248,
  "spacing_x": 1.0,
  "spacing_y": 1.0,
  "spacing_z": 1.0,
  "summary_bg_k": 6.293530462001359,
  "summary_bg_mad": 0.0,
  "summary_bg_mean": 10.414366428508023,
  "summary_bg_median": 0.0,
  "summary_bg_n": 2116064.0,
  "summary_bg_p05": 0.0,
  "summary_bg_p95": 41.592788368463516,
  "summary_bg_stdv": 15.327656434788,
  "summary_csf_k": 2.0717556803378097,
  "summary_csf_mad": 141.29409022824908,
  "summary_csf_mean": 302.3900206799954,
  "summary_csf_median": 284.50058260560036,
  "summary_csf_n": 12249.0,
  "summary_csf_p05": 83.92434740066528,
  "summary_csf_p95": 556.8853263258934,
  "summary_csf_stdv": 150.12889984201917,
  "summary_gm_k": 0.10772598811070644,
  "summary_gm_mad": 55.64139367127948,
  "summary_gm_mean": 727.9103879034094,
  "summary_gm_median": 727.689103782177,
  "summary_gm_n": 33631.0,
  "summary_gm_p05": 636.0815414786339,
  "summary_gm_p95": 820.183190882206,
  "summary_gm_stdv": 56.1424538466164,
  "summary_wm_k": 1.5713520750428716,
  "summary_wm_mad": 60.24166637638526,
  "summary_wm_mean": 1013.4671828259228,
  "summary_wm_median": 1000.07384750247,
  "summary_wm_n": 201583.0,
  "summary_wm_p05": 919.6955992877483,
  "summary_wm_p95": 1163.0466559231281,
  "summary_wm_stdv": 73.44552436657084,
  "tpm_overlap_csf": 0.13126805172630704,
  "tpm_overlap_gm": 0.45659874542641943,
  "tpm_overlap_wm": 0.46972921057600653,
  "wm2max": 0.30432534508340453
}