{
  "aor": 0.010316397849462365,
  "aqi": 0.006327330376344086,
  "bids_meta": {
    "AcquisitionNumber": 1,
    "AcquisitionTime": "15:03:10.350000",
    "BandwidthPerPixelPhaseEncode": 28.409,
    "ConversionSoftware": "dcm2niix",
    "ConversionSoftwareVersion": "v1.0.20170724 GCC4.4.7",
    "DeviceSerialNumber": "35414",
    "EchoTime": 0.03,
    "EffectiveEchoSpacing": 0.000550002,
    "FlipAngle": 80,
    "ImageType": [
      "ORIGINAL",
      "PRIMARY",
      "FMRI",
      "NONE",
      "ND",
      "MOSAIC"
    ],
    "InstitutionAddress": "Mikeletegi_69_San_Sebastian_District_ES_20009",
    "InstitutionName": "BCBL",
    "MagneticFieldStrength": 3,
    "Manufacturer": "Siemens",
    "ManufacturersModelName": "TrioTim",
    "PhaseEncodingDirection": "j-",
    "PhaseEncodingLines": 64,
    "ProcedureStepDescription": "CRANEO_FUNCIONAL",
    "ProtocolName": "ep2d_PiN_L1_Run2",
    "RepetitionTime": 2,
    "ScanningSequence": "EP",
    "SequenceName": "_epfid2d1_64",
    "SequenceVariant": "SK",
    "SeriesDescription": "ep2d_PiN_L1_Run2",
    "SliceTiming": [
      1.925,
      1.8625,
      1.8025,
      1.74,
      1.6775,
      1.615,
      1.5525,
      1.49,
      1.43,
      1.3675,
      1.305,
      1.2425,
      1.18,
      1.1175,
      1.0575,
      0.995,
      0.9325,
      0.87,
      0.8075,
      0.745,
      0.6825,
      0.6225,
      0.56,
      0.4975,
      0.435,
      0.3725,
      0.31,
      0.25,
      0.1875,
      0.125,
      0.0625,
      0
    ],
    "SoftwareVersions": "syngo_MR_B17",
    "TaskName": "compL1",
    "TotalReadoutTime": 0.0346501,
    "dataset": "ds003545",
    "modality": "bold",
    "run_id": 2,
    "session_id": "01",
    "subject_id": "01",
    "task_id": "compL1"
  },
  "dummy_trs": 0,
  "dvars_nstd": 24.5291992188108,
  "dvars_std": 1.0968134531891887,
  "dvars_vstd": 0.9575056870270272,
  "efc": 0.49848099624851955,
  "fber": 1079.4779052734375,
  "fd_mean": 0.2192574408669397,
  "fd_num": 40,
  "fd_perc": 21.50537634408602,
  "fwhm_avg": 2.543143573663284,
  "fwhm_x": 2.4777047272727275,
  "fwhm_y": 2.7120259937171247,
  "fwhm_z": 2.4397,
  "gcor": 0.0212512,
  "gsr_x": 0.006026649847626686,
  "gsr_y": 0.028948144987225533,
  "provenance": {
    "md5sum": "bcb26f15b293d6b0adb18351794f0aa5",
    "settings": {
      "fd_thres": 0.2,
      "testing": false
    },
    "software": "mriqc",
    "version": "22.0.6",
    "webapi_port": null,
    "webapi_url": "https://mriqc.nimh.nih.gov/api/v1"
  },
  "size_t": 186,
  "size_x": 64,
  "size_y": 64,
  "size_z": 32,
  "snr": 3.4460979376570724,
  "spacing_tr": 2.0,
  "spacing_x": 3.4375,
  "spacing_y": 3.437500238418579,
  "spacing_z": 4.0,
  "summary_bg_k": 40.79947568339396,
  "summary_bg_mad": 6.942723033575866,
  "summary_bg_mean": 37.697818756103516,
  "summary_bg_median": 18.21505355834961,
  "summary_bg_n": 81614.0,
  "summary_bg_p05": 13.086021423339844,
  "summary_bg_p95": 124.55994453430134,
  "summary_bg_stdv": 62.99980545043945,
  "summary_fg_k": 1.0786097084415873,
  "summary_fg_mad": 160.37608808205582,
  "summary_fg_mean": 631.5679931640625,
  "summary_fg_median": 604.2096557617188,
  "summary_fg_n": 20537.0,
  "summary_fg_p05": 397.67527465820314,
  "summary_fg_p95": 964.7204101562501,
  "summary_fg_stdv": 175.3272705078125,
  "tsnr": 56.07417257223278
}