{
  "aor": 0.0053722633744855966,
  "aqi": 0.014193657695473249,
  "bids_meta": {
    "AcquisitionNumber": 1,
    "AcquisitionTime": "16:12:45.182500",
    "BandwidthPerPixelPhaseEncode": 29.481,
    "ConversionSoftware": "dcm2niix",
    "ConversionSoftwareVersion": "v1.0.20170724 GCC4.4.7",
    "DeviceSerialNumber": "35414",
    "EchoTime": 0.025,
    "EffectiveEchoSpacing": 0.000530002,
    "FlipAngle": 90,
    "ImageType": [
      "ORIGINAL",
      "PRIMARY",
      "M",
      "ND",
      "MOSAIC"
    ],
    "InstitutionAddress": "Mikeletegi_69_San_Sebastian_District_ES_20009",
    "InstitutionName": "BCBL",
    "MagneticFieldStrength": 3,
    "Manufacturer": "Siemens",
    "ManufacturersModelName": "TrioTim",
    "PhaseEncodingDirection": "j-",
    "PhaseEncodingLines": 64,
    "ProcedureStepDescription": "CRANEO_FUNCIONAL",
    "ProtocolName": "ep2d_VF_L1_Run2",
    "RepetitionTime": 3,
    "ScanningSequence": "EP",
    "SequenceName": "_epfid2d1_64",
    "SequenceVariant": "SK",
    "SeriesDescription": "ep2d_VF_L1_Run2",
    "SliceTiming": [
      2.9225,
      2.8525,
      2.7825,
      2.715,
      2.645,
      2.575,
      2.505,
      2.435,
      2.365,
      2.2975,
      2.2275,
      2.1575,
      2.0875,
      2.0175,
      1.95,
      1.88,
      1.81,
      1.74,
      1.67,
      1.6,
      1.5325,
      1.4625,
      1.3925,
      1.3225,
      1.2525,
      1.1825,
      1.115,
      1.045,
      0.975,
      0.905,
      0.835,
      0.765,
      0.6975,
      0.6275,
      0.5575,
      0.4875,
      0.4175,
      0.3475,
      0.28,
      0.21,
      0.14,
      0.07,
      0
    ],
    "SoftwareVersions": "syngo_MR_B17",
    "TaskName": "prodL1",
    "TotalReadoutTime": 0.0333901,
    "dataset": "ds003545",
    "modality": "bold",
    "run_id": 2,
    "session_id": "01",
    "subject_id": "01",
    "task_id": "prodL1"
  },
  "dummy_trs": 0,
  "dvars_nstd": 41.02885954037189,
  "dvars_std": 1.0899510745041325,
  "dvars_vstd": 0.9582874448347098,
  "efc": 0.5741890267856832,
  "fber": 449.094970703125,
  "fd_mean": 0.7241278452776354,
  "fd_num": 211,
  "fd_perc": 86.83127572016461,
  "fwhm_avg": 2.40989576954691,
  "fwhm_x": 2.21534,
  "fwhm_y": 2.52892,
  "fwhm_z": 2.48542730864073,
  "gcor": 0.0258485,
  "gsr_x": 0.02794005163013935,
  "gsr_y": 0.06766292452812195,
  "provenance": {
    "md5sum": "4a29e2c7bd48bcce190c00507392a0d1",
    "settings": {
      "fd_thres": 0.2,
      "testing": false
    },
    "software": "mriqc",
    "version": "22.0.6",
    "webapi_port": null,
    "webapi_url": "https://mriqc.nimh.nih.gov/api/v1"
  },
  "size_t": 243,
  "size_x": 64,
  "size_y": 64,
  "size_z": 43,
  "snr": 3.557786853310099,
  "spacing_tr": 3.0,
  "spacing_x": 3.0,
  "spacing_y": 3.0,
  "spacing_z": 3.299999952316284,
  "summary_bg_k": 36.68124422750887,
  "summary_bg_mad": 12.2268928586604,
  "summary_bg_mean": 63.807464599609375,
  "summary_bg_median": 32.15226364135742,
  "summary_bg_n": 101192.0,
  "summary_bg_p05": 21.784155559539794,
  "summary_bg_p95": 208.79073486328116,
  "summary_bg_stdv": 89.89125061035156,
  "summary_fg_k": 0.653583345131409,
  "summary_fg_mad": 181.95435711406319,
  "summary_fg_mean": 724.8543701171875,
  "summary_fg_median": 692.687255859375,
  "summary_fg_n": 36008.0,
  "summary_fg_p05": 462.5184921264649,
  "summary_fg_p95": 1094.0125061035158,
  "summary_fg_stdv": 194.6934051513672,
  "tsnr": 32.10018958465662
}