{
  "aor": 0.02077311827956989,
  "aqi": 0.007792288064516128,
  "bids_meta": {
    "AcquisitionNumber": 1,
    "AcquisitionTime": "15:32:22.915000",
    "BandwidthPerPixelPhaseEncode": 28.409,
    "ConversionSoftware": "dcm2niix",
    "ConversionSoftwareVersion": "v1.0.20170724 GCC4.4.7",
    "DeviceSerialNumber": "35414",
    "EchoTime": 0.03,
    "EffectiveEchoSpacing": 0.000550002,
    "FlipAngle": 80,
    "ImageType": [
      "ORIGINAL",
      "PRIMARY",
      "FMRI",
      "NONE",
      "ND",
      "MOSAIC"
    ],
    "InstitutionAddress": "Mikeletegi_69_San_Sebastian_District_ES_20009",
    "InstitutionName": "BCBL",
    "MagneticFieldStrength": 3,
    "Manufacturer": "Siemens",
    "ManufacturersModelName": "TrioTim",
    "PhaseEncodingDirection": "j-",
    "PhaseEncodingLines": 64,
    "ProcedureStepDescription": "CRANEO_FUNCIONAL",
    "ProtocolName": "ep2d_PiN_L3_Run2",
    "RepetitionTime": 2,
    "ScanningSequence": "EP",
    "SequenceName": "_epfid2d1_64",
    "SequenceVariant": "SK",
    "SeriesDescription": "ep2d_PiN_L3_Run2",
    "SliceTiming": [
      1.925,
      1.865,
      1.8025,
      1.74,
      1.6775,
      1.615,
      1.5525,
      1.4925,
      1.43,
      1.3675,
      1.305,
      1.2425,
      1.18,
      1.1175,
      1.0575,
      0.995,
      0.9325,
      0.87,
      0.8075,
      0.745,
      0.685,
      0.6225,
      0.56,
      0.4975,
      0.435,
      0.3725,
      0.31,
      0.25,
      0.1875,
      0.125,
      0.0625,
      0
    ],
    "SoftwareVersions": "syngo_MR_B17",
    "TaskName": "compLn",
    "TotalReadoutTime": 0.0346501,
    "dataset": "ds003545",
    "modality": "bold",
    "run_id": 2,
    "session_id": "01",
    "subject_id": "01",
    "task_id": "compLn"
  },
  "dummy_trs": 0,
  "dvars_nstd": 31.29728182205406,
  "dvars_std": 1.2981687422702701,
  "dvars_vstd": 1.097418167027027,
  "efc": 0.4999386578124078,
  "fber": 1057.070068359375,
  "fd_mean": 0.42840835827054896,
  "fd_num": 76,
  "fd_perc": 40.86021505376344,
  "fwhm_avg": 2.5018974090909087,
  "fwhm_x": 2.4363752727272727,
  "fwhm_y": 2.6630894545454544,
  "fwhm_z": 2.4062275,
  "gcor": 0.0258045,
  "gsr_x": 0.006394192110747099,
  "gsr_y": 0.03126383572816849,
  "provenance": {
    "md5sum": "8dc353c1101bd7483213b2193f23cb5b",
    "settings": {
      "fd_thres": 0.2,
      "testing": false
    },
    "software": "mriqc",
    "version": "22.0.6",
    "webapi_port": null,
    "webapi_url": "https://mriqc.nimh.nih.gov/api/v1"
  },
  "size_t": 186,
  "size_x": 64,
  "size_y": 64,
  "size_z": 32,
  "snr": 3.4350285608137865,
  "spacing_tr": 2.0,
  "spacing_x": 3.4375,
  "spacing_y": 3.4375,
  "spacing_z": 4.0,
  "summary_bg_k": 40.170065410876006,
  "summary_bg_mad": 6.831128010708879,
  "summary_bg_mean": 37.68741226196289,
  "summary_bg_median": 18.16666603088379,
  "summary_bg_n": 81588.0,
  "summary_bg_p05": 13.129032135009766,
  "summary_bg_p95": 125.65403175354001,
  "summary_bg_stdv": 62.14118194580078,
  "summary_fg_k": 1.0932629302641335,
  "summary_fg_mad": 159.06093919639596,
  "summary_fg_mean": 624.1566162109375,
  "summary_fg_median": 596.3978271484375,
  "summary_fg_n": 20527.0,
  "summary_fg_p05": 391.67633361816405,
  "summary_fg_p95": 952.0913757324221,
  "summary_fg_stdv": 173.61814880371094,
  "tsnr": 47.672885067528114
}