{
  "bids_meta": {
    "AccelFactPE": 2,
    "AcquisitionNumber": 1,
    "AcquisitionTime": "12:57:52.215000",
    "ConversionSoftware": "dcm2niix",
    "ConversionSoftwareVersion": "v1.0.20170724 GCC4.4.7",
    "DeviceSerialNumber": "35414",
    "EchoTime": 0.00297,
    "FlipAngle": 7,
    "ImageType": [
      "ORIGINAL",
      "PRIMARY",
      "M",
      "ND",
      "NORM"
    ],
    "InstitutionAddress": "Mikeletegi_69_San_Sebastian_District_ES_20009",
    "InstitutionName": "BCBL",
    "InversionTime": 1.1,
    "MagneticFieldStrength": 3,
    "Manufacturer": "Siemens",
    "ManufacturersModelName": "TrioTim",
    "PhaseEncodingDirection": "i-",
    "PhaseEncodingLines": 256,
    "ProcedureStepDescription": "CRANEO_FUNCIONAL",
    "ProtocolName": "t1_mpr_tra_p2_iso",
    "RepetitionTime": 2.53,
    "ScanningSequence": "GR_IR",
    "SequenceName": "_tfl3d1",
    "SequenceVariant": "SP_MP_OSP",
    "SeriesDescription": "t1_mpr_tra_p2_iso",
    "SoftwareVersions": "syngo_MR_B17",
    "dataset": "ds003545",
    "modality": "T1w",
    "session_id": "02",
    "subject_id": "07"
  },
  "cjv": 0.29852273030683696,
  "cnr": 4.429134901770993,
  "efc": 0.536993206850745,
  "fber": 15827.164885215796,
  "fwhm_avg": 4.322643333333333,
  "fwhm_x": 4.07034,
  "fwhm_y": 4.70711,
  "fwhm_z": 4.19048,
  "icvs_csf": 0.17896466750244916,
  "icvs_gm": 0.4825095832553286,
  "icvs_wm": 0.33852574924222223,
  "inu_med": 0.5113096237182617,
  "inu_range": 0.2094175785779953,
  "provenance": {
    "md5sum": "6a7245829aaa2831245d5ef7005ffa0b",
    "settings": {
      "testing": false
    },
    "software": "mriqc",
    "version": "22.0.6",
    "warnings": {
      "large_rot_frame": true,
      "small_air_mask": false
    },
    "webapi_port": null,
    "webapi_url": "https://mriqc.nimh.nih.gov/api/v1"
  },
  "qi_1": 0.00018927130950267346,
  "qi_2": 0.01675703017157156,
  "rpve_csf": 31.135009055634452,
  "rpve_gm": 12.914015298816706,
  "rpve_wm": 20.037091637855504,
  "size_x": 256,
  "size_y": 256,
  "size_z": 176,
  "snr_csf": 1.8558492700008873,
  "snr_gm": 12.071272311401897,
  "snr_total": 12.943082880523557,
  "snr_wm": 24.90212706016789,
  "snrd_csf": 25.459246715268446,
  "snrd_gm": 73.26756514654357,
  "snrd_total": 68.405721459173,
  "snrd_wm": 106.49035251570697,
  "spacing_x": 1.0,
  "spacing_y": 1.0,
  "spacing_z": 1.0,
  "summary_bg_k": 150.09968973957928,
  "summary_bg_mad": 6.1522688079775785,
  "summary_bg_mean": 5.8607019608459625,
  "summary_bg_median": 4.149642251431942,
  "summary_bg_n": 2265533.0,
  "summary_bg_p05": 0.0,
  "summary_bg_p95": 20.333247032016516,
  "summary_bg_stdv": 10.019378946261053,
  "summary_csf_k": 10.893302532092383,
  "summary_csf_mad": 117.67397223874036,
  "summary_csf_mean": 239.6017113732379,
  "summary_csf_median": 239.0832343325019,
  "summary_csf_n": 26782.0,
  "summary_csf_p05": 43.12435908988118,
  "summary_csf_p95": 455.4360052246599,
  "summary_csf_stdv": 128.82445500799818,
  "summary_gm_k": 0.13787868805070502,
  "summary_gm_mad": 56.12762158662621,
  "summary_gm_mean": 687.7502880358243,
  "summary_gm_median": 688.042605612427,
  "summary_gm_n": 47291.0,
  "summary_gm_p05": 594.1808899175376,
  "summary_gm_p95": 780.7392294444144,
  "summary_gm_stdv": 56.997747483690894,
  "summary_wm_k": 0.8019327568997165,
  "summary_wm_mad": 37.00826313721897,
  "summary_wm_mean": 999.2732870968937,
  "summary_wm_median": 1000.031862270087,
  "summary_wm_n": 155008.0,
  "summary_wm_p05": 932.2011716216803,
  "summary_wm_p95": 1063.5533090420067,
  "summary_wm_stdv": 40.15836213934245,
  "tpm_overlap_csf": 0.155182840636909,
  "tpm_overlap_gm": 0.498929366962443,
  "tpm_overlap_wm": 0.5190827799758031,
  "wm2max": 0.5685242120241845
}