{
  "aor": 0.009404162162162161,
  "aqi": 0.0030015657837837834,
  "bids_meta": {
    "AcquisitionNumber": 1,
    "AcquisitionTime": "09:52:36.757500",
    "BandwidthPerPixelPhaseEncode": 28.409,
    "BodyPartExamined": "BRAIN",
    "ConversionSoftware": "dcm2niix",
    "ConversionSoftwareVersion": "v1.0.20170724 GCC4.4.7",
    "DeviceSerialNumber": "167004",
    "EchoTime": 0.03,
    "EchoTrainLength": 64,
    "EffectiveEchoSpacing": 0.000550002,
    "FlipAngle": 80,
    "ImageType": [
      "ORIGINAL",
      "PRIMARY",
      "M",
      "ND",
      "MOSAIC"
    ],
    "InstitutionAddress": "Mikeletegi_69_San_Sebastian_District_ES_20009",
    "InstitutionName": "BCBL",
    "MagneticFieldStrength": 3,
    "Manufacturer": "Siemens",
    "ManufacturersModelName": "Prisma_fit",
    "PhaseEncodingDirection": "j-",
    "PhaseEncodingLines": 64,
    "ProcedureStepDescription": "CRANEO_FUNCIONAL",
    "ProtocolName": "ep2d_PiN_L3_Run1",
    "RepetitionTime": 2,
    "ScanningSequence": "EP",
    "SequenceName": "_epfid2d1_64",
    "SequenceVariant": "SK",
    "SeriesDescription": "ep2d_PiN_L3_Run1",
    "SliceTiming": [
      1.9175,
      1.855,
      1.795,
      1.7325,
      1.67,
      1.6075,
      1.5475,
      1.485,
      1.4225,
      1.36,
      1.3,
      1.2375,
      1.175,
      1.1125,
      1.0525,
      0.99,
      0.9275,
      0.865,
      0.805,
      0.7425,
      0.68,
      0.6175,
      0.5575,
      0.495,
      0.4325,
      0.37,
      0.31,
      0.2475,
      0.185,
      0.1225,
      0.0625,
      0
    ],
    "SoftwareVersions": "syngo_MR_E11",
    "TaskName": "compLn",
    "TotalReadoutTime": 0.0346501,
    "dataset": "ds003545",
    "modality": "bold",
    "run_id": 1,
    "session_id": "02",
    "subject_id": "19",
    "task_id": "compLn"
  },
  "dummy_trs": 1,
  "dvars_nstd": 24.64562561744565,
  "dvars_std": 1.374692222228261,
  "dvars_vstd": 1.052022605869565,
  "efc": 0.5045880551048177,
  "fber": 1290.437255859375,
  "fd_mean": 0.19867705832311677,
  "fd_num": 39,
  "fd_perc": 21.08108108108108,
  "fwhm_avg": 2.5720190606060602,
  "fwhm_x": 2.3972683636363636,
  "fwhm_y": 2.771013818181818,
  "fwhm_z": 2.547775,
  "gcor": 0.0278721,
  "gsr_x": -0.013573785312473774,
  "gsr_y": 0.04174584895372391,
  "provenance": {
    "md5sum": "566fb28c68563ee4b7d1cc0e04d37278",
    "settings": {
      "fd_thres": 0.2,
      "testing": false
    },
    "software": "mriqc",
    "version": "22.0.6",
    "webapi_port": null,
    "webapi_url": "https://mriqc.nimh.nih.gov/api/v1"
  },
  "size_t": 185,
  "size_x": 64,
  "size_y": 64,
  "size_z": 32,
  "snr": 3.0860948813424645,
  "spacing_tr": 2.0,
  "spacing_x": 3.4375,
  "spacing_y": 3.4375,
  "spacing_z": 4.0,
  "summary_bg_k": 24.933890359587163,
  "summary_bg_mad": 4.071146942347154,
  "summary_bg_mean": 46.50798797607422,
  "summary_bg_median": 19.659460067749023,
  "summary_bg_n": 79957.0,
  "summary_bg_p05": 16.227027893066406,
  "summary_bg_p95": 182.2389190673828,
  "summary_bg_stdv": 75.8197250366211,
  "summary_fg_k": -0.14359736501192222,
  "summary_fg_mad": 247.57049992219075,
  "summary_fg_mean": 753.8334350585938,
  "summary_fg_median": 728.07568359375,
  "summary_fg_n": 21015.0,
  "summary_fg_p05": 420.5821807861328,
  "summary_fg_p95": 1175.9286865234374,
  "summary_fg_stdv": 235.91574096679688,
  "tsnr": 76.45831000059843
}