{
  "aor": 0.006067489711934155,
  "aqi": 0.009326542880658437,
  "bids_meta": {
    "AcquisitionNumber": 1,
    "AcquisitionTime": "13:04:52.067500",
    "BandwidthPerPixelPhaseEncode": 29.481,
    "BodyPartExamined": "BRAIN",
    "ConversionSoftware": "dcm2niix",
    "ConversionSoftwareVersion": "v1.0.20170724 GCC4.4.7",
    "DeviceSerialNumber": "167004",
    "EchoTime": 0.025,
    "EchoTrainLength": 64,
    "EffectiveEchoSpacing": 0.000530002,
    "FlipAngle": 90,
    "ImageType": [
      "ORIGINAL",
      "PRIMARY",
      "M",
      "ND",
      "MOSAIC"
    ],
    "InstitutionAddress": "Mikeletegi_69_San_Sebastian_District_ES_20009",
    "InstitutionName": "BCBL",
    "MagneticFieldStrength": 3,
    "Manufacturer": "Siemens",
    "ManufacturersModelName": "Prisma_fit",
    "PhaseEncodingDirection": "j-",
    "PhaseEncodingLines": 64,
    "ProcedureStepDescription": "CRANEO_FUNCIONAL",
    "ProtocolName": "ep2d_VF_L1_Run2",
    "RepetitionTime": 3,
    "ScanningSequence": "EP",
    "SequenceName": "_epfid2d1_64",
    "SequenceVariant": "SK",
    "SeriesDescription": "ep2d_VF_L1_Run2",
    "SliceTiming": [
      2.91,
      2.84,
      2.7725,
      2.7025,
      2.6325,
      2.5625,
      2.495,
      2.425,
      2.355,
      2.2875,
      2.2175,
      2.1475,
      2.0775,
      2.01,
      1.94,
      1.87,
      1.8025,
      1.7325,
      1.6625,
      1.5925,
      1.525,
      1.455,
      1.385,
      1.3175,
      1.2475,
      1.1775,
      1.1075,
      1.04,
      0.97,
      0.9,
      0.83,
      0.7625,
      0.6925,
      0.6225,
      0.555,
      0.485,
      0.415,
      0.345,
      0.2775,
      0.2075,
      0.1375,
      0.07,
      0
    ],
    "SoftwareVersions": "syngo_MR_E11",
    "TaskName": "prodL1",
    "TotalReadoutTime": 0.0333901,
    "dataset": "ds003545",
    "modality": "bold",
    "run_id": 2,
    "session_id": "02",
    "subject_id": "19",
    "task_id": "prodL1"
  },
  "dummy_trs": 0,
  "dvars_nstd": 45.452396652727295,
  "dvars_std": 1.2733443883057842,
  "dvars_vstd": 1.0014460802066116,
  "efc": 0.5716847477321205,
  "fber": 543.8046875,
  "fd_mean": 0.58329686079016,
  "fd_num": 192,
  "fd_perc": 79.01234567901234,
  "fwhm_avg": 2.9766345597195083,
  "fwhm_x": 2.8092400000000004,
  "fwhm_y": 3.1590000000000003,
  "fwhm_z": 2.9616636791585242,
  "gcor": 0.0445012,
  "gsr_x": -0.010963039472699165,
  "gsr_y": 0.08749368041753769,
  "provenance": {
    "md5sum": "1de2aa60f13bff24a35dfa6a797eca8b",
    "settings": {
      "fd_thres": 0.2,
      "testing": false
    },
    "software": "mriqc",
    "version": "22.0.6",
    "webapi_port": null,
    "webapi_url": "https://mriqc.nimh.nih.gov/api/v1"
  },
  "size_t": 243,
  "size_x": 64,
  "size_y": 64,
  "size_z": 43,
  "snr": 2.585194937645003,
  "spacing_tr": 3.0,
  "spacing_x": 3.0,
  "spacing_y": 3.0,
  "spacing_z": 3.299999952316284,
  "summary_bg_k": 15.427766434588804,
  "summary_bg_mad": 10.494139974396656,
  "summary_bg_mean": 98.65412139892578,
  "summary_bg_median": 38.98353958129883,
  "summary_bg_n": 99405.0,
  "summary_bg_p05": 30.711933135986328,
  "summary_bg_p95": 394.1958679199218,
  "summary_bg_stdv": 145.94973754882812,
  "summary_fg_k": 0.13603410265573324,
  "summary_fg_mad": 372.87147175584283,
  "summary_fg_mean": 1010.0088500976562,
  "summary_fg_median": 946.7572021484375,
  "summary_fg_n": 36787.0,
  "summary_fg_p05": 519.226318359375,
  "summary_fg_p95": 1680.1204956054687,
  "summary_fg_stdv": 366.2177734375,
  "tsnr": 40.38349203765392
}