{
  "aor": 0.002265434782608695,
  "aqi": 0.0021174582771739127,
  "bids_meta": {
    "AcquisitionNumber": 1,
    "AcquisitionTime": "12:32:45.040000",
    "BandwidthPerPixelPhaseEncode": 28.409,
    "BodyPartExamined": "BRAIN",
    "ConversionSoftware": "dcm2niix",
    "ConversionSoftwareVersion": "v1.0.20170724 GCC4.4.7",
    "DeviceSerialNumber": "167004",
    "EchoTime": 0.03,
    "EchoTrainLength": 64,
    "EffectiveEchoSpacing": 0.000550002,
    "FlipAngle": 80,
    "ImageType": [
      "ORIGINAL",
      "PRIMARY",
      "M",
      "ND",
      "MOSAIC"
    ],
    "InstitutionAddress": "Mikeletegi_69_San_Sebastian_District_ES_20009",
    "InstitutionName": "BCBL",
    "MagneticFieldStrength": 3,
    "Manufacturer": "Siemens",
    "ManufacturersModelName": "Prisma_fit",
    "PhaseEncodingDirection": "j-",
    "PhaseEncodingLines": 64,
    "ProcedureStepDescription": "CRANEO_FUNCIONAL",
    "ProtocolName": "ep2d_PiN_L1_Run1",
    "RepetitionTime": 2,
    "ScanningSequence": "EP",
    "SequenceName": "_epfid2d1_64",
    "SequenceVariant": "SK",
    "SeriesDescription": "ep2d_PiN_L1_Run1",
    "SliceTiming": [
      1.9175,
      1.8575,
      1.795,
      1.7325,
      1.67,
      1.61,
      1.5475,
      1.485,
      1.4225,
      1.3625,
      1.3,
      1.2375,
      1.175,
      1.115,
      1.0525,
      0.99,
      0.9275,
      0.8675,
      0.805,
      0.7425,
      0.68,
      0.62,
      0.5575,
      0.495,
      0.4325,
      0.3725,
      0.31,
      0.2475,
      0.185,
      0.125,
      0.0625,
      0
    ],
    "SoftwareVersions": "syngo_MR_E11",
    "TaskName": "compL1",
    "TotalReadoutTime": 0.0346501,
    "dataset": "ds003545",
    "modality": "bold",
    "run_id": 1,
    "session_id": "02",
    "subject_id": "19",
    "task_id": "compL1"
  },
  "dummy_trs": 2,
  "dvars_nstd": 21.051831532131136,
  "dvars_std": 1.2667541587978144,
  "dvars_vstd": 0.9727483225136621,
  "efc": 0.49422241089202856,
  "fber": 1412.388916015625,
  "fd_mean": 0.1621228200411665,
  "fd_num": 44,
  "fd_perc": 23.91304347826087,
  "fwhm_avg": 2.730294,
  "fwhm_x": 2.5680174545454544,
  "fwhm_y": 2.9208145454545456,
  "fwhm_z": 2.70205,
  "gcor": 0.0431231,
  "gsr_x": -0.009660940617322922,
  "gsr_y": 0.038819819688797,
  "provenance": {
    "md5sum": "0e09a434729c55ebd1a36f3c0f1606d4",
    "settings": {
      "fd_thres": 0.2,
      "testing": false
    },
    "software": "mriqc",
    "version": "22.0.6",
    "webapi_port": null,
    "webapi_url": "https://mriqc.nimh.nih.gov/api/v1"
  },
  "size_t": 184,
  "size_x": 64,
  "size_y": 64,
  "size_z": 32,
  "snr": 2.927078796401815,
  "spacing_tr": 2.0,
  "spacing_x": 3.4375,
  "spacing_y": 3.4375,
  "spacing_z": 4.0,
  "summary_bg_k": 23.748997868060115,
  "summary_bg_mad": 4.862773693959945,
  "summary_bg_mean": 49.372413635253906,
  "summary_bg_median": 19.997283935546875,
  "summary_bg_n": 81384.0,
  "summary_bg_p05": 15.211956977844238,
  "summary_bg_p95": 196.63560562133756,
  "summary_bg_stdv": 84.07810974121094,
  "summary_fg_k": -0.04965827319693927,
  "summary_fg_mad": 276.26361266940825,
  "summary_fg_mean": 804.5935668945312,
  "summary_fg_median": 770.9185180664062,
  "summary_fg_n": 20415.0,
  "summary_fg_p05": 438.87391662597656,
  "summary_fg_p95": 1276.807080078125,
  "summary_fg_stdv": 263.3682556152344,
  "tsnr": 92.02725133858621
}