{
  "bids_meta": {
    "AccelFactPE": 2,
    "AcquisitionNumber": 1,
    "AcquisitionTime": "09:27:11.317500",
    "BodyPartExamined": "BRAIN",
    "ConversionSoftware": "dcm2niix",
    "ConversionSoftwareVersion": "v1.0.20170724 GCC4.4.7",
    "DeviceSerialNumber": "167004",
    "EchoTime": 0.00297,
    "FlipAngle": 7,
    "ImageType": [
      "ORIGINAL",
      "PRIMARY",
      "M",
      "ND"
    ],
    "InstitutionAddress": "Mikeletegi_69_San_Sebastian_District_ES_20009",
    "InstitutionName": "BCBL",
    "InversionTime": 1.1,
    "MagneticFieldStrength": 3,
    "Manufacturer": "Siemens",
    "ManufacturersModelName": "Prisma_fit",
    "PhaseEncodingDirection": "i-",
    "PhaseEncodingLines": 256,
    "ProcedureStepDescription": "CRANEO_FUNCIONAL",
    "ProtocolName": "t1_mpr_tra_p2_iso",
    "RepetitionTime": 2.53,
    "ScanningSequence": "GR_IR",
    "SequenceName": "_tfl3d1_16",
    "SequenceVariant": "SK_SP_MP_OSP",
    "SeriesDescription": "t1_mpr_tra_p2_iso",
    "SoftwareVersions": "syngo_MR_E11",
    "dataset": "ds003545",
    "modality": "T1w",
    "session_id": "02",
    "subject_id": "17"
  },
  "cjv": 0.4100660770208177,
  "cnr": 2.9894538418053056,
  "efc": 0.49481141569416925,
  "fber": 9095.135734072022,
  "fwhm_avg": 4.6672,
  "fwhm_x": 4.37219,
  "fwhm_y": 4.91815,
  "fwhm_z": 4.71126,
  "icvs_csf": 0.20548878972038676,
  "icvs_gm": 0.42036245631672675,
  "icvs_wm": 0.3741487539628865,
  "inu_med": 0.992909848690033,
  "inu_range": 0.9724930047988891,
  "provenance": {
    "md5sum": "7effbf4a6d55a258b48fee04fa03068c",
    "settings": {
      "testing": false
    },
    "software": "mriqc",
    "version": "22.0.6",
    "warnings": {
      "large_rot_frame": true,
      "small_air_mask": false
    },
    "webapi_port": null,
    "webapi_url": "https://mriqc.nimh.nih.gov/api/v1"
  },
  "qi_1": 8.03587828323027e-06,
  "qi_2": 0.002337260280914292,
  "rpve_csf": 30.319356509422995,
  "rpve_gm": 14.740367815496914,
  "rpve_wm": 18.303156191335106,
  "size_x": 256,
  "size_y": 256,
  "size_z": 176,
  "snr_csf": 2.499407267455006,
  "snr_gm": 12.540278023821305,
  "snr_total": 9.437640750090187,
  "snr_wm": 13.273236958994248,
  "snrd_csf": 11.860180970410893,
  "snrd_gm": 33.250633043001685,
  "snrd_total": 30.549147377519205,
  "snrd_wm": 46.53662811914503,
  "spacing_x": 1.0,
  "spacing_y": 1.0,
  "spacing_z": 1.0,
  "summary_bg_k": 14.978093826900142,
  "summary_bg_mad": 0.0,
  "summary_bg_mean": 8.926861081387745,
  "summary_bg_median": 0.0,
  "summary_bg_n": 2403238.0,
  "summary_bg_p05": 0.0,
  "summary_bg_p95": 34.46835324168205,
  "summary_bg_stdv": 14.077866277484281,
  "summary_csf_k": 2.054099689260319,
  "summary_csf_mad": 89.30095210396964,
  "summary_csf_mean": 267.1331114893155,
  "summary_csf_median": 254.85691487789154,
  "summary_csf_n": 46902.0,
  "summary_csf_p05": 119.83845642209053,
  "summary_csf_p95": 456.02675834298134,
  "summary_csf_stdv": 101.96585457402979,
  "summary_gm_k": 0.25689657397485366,
  "summary_gm_mad": 55.33561887598581,
  "summary_gm_mean": 715.380224616256,
  "summary_gm_median": 714.5045911371708,
  "summary_gm_n": 23989.0,
  "summary_gm_p05": 623.8702303707599,
  "summary_gm_p95": 809.553686439991,
  "summary_gm_stdv": 56.97558676823311,
  "summary_wm_k": 1.4262111394970347,
  "summary_wm_mad": 61.73638076089462,
  "summary_wm_mean": 1013.9376470199493,
  "summary_wm_median": 1000.0000422298908,
  "summary_wm_n": 146346.0,
  "summary_wm_p05": 915.6048015654087,
  "summary_wm_p95": 1162.941348463297,
  "summary_wm_stdv": 75.33931841588469,
  "tpm_overlap_csf": 0.17531519213439273,
  "tpm_overlap_gm": 0.4576907325261041,
  "tpm_overlap_wm": 0.47734649429470216,
  "wm2max": 0.3062057844236345
}