{
  "aor": 0.003977860082304527,
  "aqi": 0.006362310288065842,
  "bids_meta": {
    "AcquisitionNumber": 1,
    "AcquisitionTime": "13:51:23.067500",
    "BandwidthPerPixelPhaseEncode": 29.481,
    "ConversionSoftware": "dcm2niix",
    "ConversionSoftwareVersion": "v1.0.20170724 GCC4.4.7",
    "DeviceSerialNumber": "35414",
    "EchoTime": 0.025,
    "EffectiveEchoSpacing": 0.000530002,
    "FlipAngle": 90,
    "ImageType": [
      "ORIGINAL",
      "PRIMARY",
      "M",
      "ND",
      "MOSAIC"
    ],
    "InstitutionAddress": "Mikeletegi_69_San_Sebastian_District_ES_20009",
    "InstitutionName": "BCBL",
    "MagneticFieldStrength": 3,
    "Manufacturer": "Siemens",
    "ManufacturersModelName": "TrioTim",
    "PhaseEncodingDirection": "j-",
    "PhaseEncodingLines": 64,
    "ProcedureStepDescription": "CRANEO_FUNCIONAL",
    "ProtocolName": "ep2d_VF_L3_Run2",
    "RepetitionTime": 3,
    "ScanningSequence": "EP",
    "SequenceName": "_epfid2d1_64",
    "SequenceVariant": "SK",
    "SeriesDescription": "ep2d_VF_L3_Run2",
    "SliceTiming": [
      2.9225,
      2.8525,
      2.7825,
      2.7125,
      2.6425,
      2.575,
      2.505,
      2.435,
      2.365,
      2.295,
      2.225,
      2.1575,
      2.0875,
      2.0175,
      1.9475,
      1.8775,
      1.8075,
      1.74,
      1.67,
      1.6,
      1.53,
      1.46,
      1.39,
      1.3225,
      1.2525,
      1.1825,
      1.1125,
      1.0425,
      0.975,
      0.905,
      0.835,
      0.765,
      0.695,
      0.625,
      0.5575,
      0.4875,
      0.4175,
      0.3475,
      0.2775,
      0.2075,
      0.14,
      0.07,
      0
    ],
    "SoftwareVersions": "syngo_MR_B17",
    "TaskName": "prodLn",
    "TotalReadoutTime": 0.0333901,
    "dataset": "ds003545",
    "modality": "bold",
    "run_id": 2,
    "session_id": "02",
    "subject_id": "04",
    "task_id": "prodLn"
  },
  "dummy_trs": 0,
  "dvars_nstd": 39.73389070293387,
  "dvars_std": 1.2602509357024796,
  "dvars_vstd": 0.9950998360330575,
  "efc": 0.5118634073878634,
  "fber": 543.1832885742188,
  "fd_mean": 0.5000542358915885,
  "fd_num": 194,
  "fd_perc": 79.83539094650206,
  "fwhm_avg": 3.780001027637875,
  "fwhm_x": 3.770433333333333,
  "fwhm_y": 3.9286,
  "fwhm_z": 3.640969749580293,
  "gcor": 0.0372056,
  "gsr_x": -0.012580685317516327,
  "gsr_y": 0.07078465819358826,
  "provenance": {
    "md5sum": "5f207cacec8fa81f18e2424636b665cc",
    "settings": {
      "fd_thres": 0.2,
      "testing": false
    },
    "software": "mriqc",
    "version": "22.0.6",
    "webapi_port": null,
    "webapi_url": "https://mriqc.nimh.nih.gov/api/v1"
  },
  "size_t": 243,
  "size_x": 64,
  "size_y": 64,
  "size_z": 43,
  "snr": 2.012257900091512,
  "spacing_tr": 3.0,
  "spacing_x": 3.0,
  "spacing_y": 3.0,
  "spacing_z": 3.299999952316284,
  "summary_bg_k": 26.48165375901664,
  "summary_bg_mad": 12.68753657163054,
  "summary_bg_mean": 74.82601928710938,
  "summary_bg_median": 37.45061492919922,
  "summary_bg_n": 108764.0,
  "summary_bg_p05": 27.66254997253418,
  "summary_bg_p95": 261.3835235595699,
  "summary_bg_stdv": 103.06604766845703,
  "summary_fg_k": 2.0690106074963515,
  "summary_fg_mad": 333.0668960562009,
  "summary_fg_mean": 1008.9556884765625,
  "summary_fg_median": 885.082275390625,
  "summary_fg_n": 30883.0,
  "summary_fg_p05": 537.8032531738281,
  "summary_fg_p95": 1942.14892578125,
  "summary_fg_stdv": 439.8382263183594,
  "tsnr": 46.46829232387245
}