{
  "aor": 0.005653440860215054,
  "aqi": 0.004764791935483871,
  "bids_meta": {
    "AcquisitionNumber": 1,
    "AcquisitionTime": "13:28:50.212500",
    "BandwidthPerPixelPhaseEncode": 28.409,
    "ConversionSoftware": "dcm2niix",
    "ConversionSoftwareVersion": "v1.0.20170724 GCC4.4.7",
    "DeviceSerialNumber": "35414",
    "EchoTime": 0.03,
    "EffectiveEchoSpacing": 0.000550002,
    "FlipAngle": 80,
    "ImageType": [
      "ORIGINAL",
      "PRIMARY",
      "FMRI",
      "NONE",
      "ND",
      "MOSAIC"
    ],
    "InstitutionAddress": "Mikeletegi_69_San_Sebastian_District_ES_20009",
    "InstitutionName": "BCBL",
    "MagneticFieldStrength": 3,
    "Manufacturer": "Siemens",
    "ManufacturersModelName": "TrioTim",
    "PhaseEncodingDirection": "j-",
    "PhaseEncodingLines": 64,
    "ProcedureStepDescription": "CRANEO_FUNCIONAL",
    "ProtocolName": "ep2d_PiN_L3_Run2",
    "RepetitionTime": 2,
    "ScanningSequence": "EP",
    "SequenceName": "_epfid2d1_64",
    "SequenceVariant": "SK",
    "SeriesDescription": "ep2d_PiN_L3_Run2",
    "SliceTiming": [
      1.925,
      1.865,
      1.8025,
      1.74,
      1.6775,
      1.615,
      1.5525,
      1.4925,
      1.43,
      1.3675,
      1.305,
      1.2425,
      1.18,
      1.1175,
      1.0575,
      0.995,
      0.9325,
      0.87,
      0.8075,
      0.745,
      0.685,
      0.6225,
      0.56,
      0.4975,
      0.435,
      0.3725,
      0.3125,
      0.25,
      0.1875,
      0.125,
      0.0625,
      0
    ],
    "SoftwareVersions": "syngo_MR_B17",
    "TaskName": "compLn",
    "TotalReadoutTime": 0.0346501,
    "dataset": "ds003545",
    "modality": "bold",
    "run_id": 2,
    "session_id": "02",
    "subject_id": "04",
    "task_id": "compLn"
  },
  "dummy_trs": 0,
  "dvars_nstd": 16.255911141513515,
  "dvars_std": 1.0354845986486496,
  "dvars_vstd": 0.9374163881621617,
  "efc": 0.44471803005006183,
  "fber": 1317.205078125,
  "fd_mean": 0.18962874134748833,
  "fd_num": 44,
  "fd_perc": 23.655913978494624,
  "fwhm_avg": 3.5281227931905015,
  "fwhm_x": 3.5664,
  "fwhm_y": 3.700218181818182,
  "fwhm_z": 3.3177501977533224,
  "gcor": 0.033226,
  "gsr_x": -0.020514769479632378,
  "gsr_y": 0.03653275594115257,
  "provenance": {
    "md5sum": "28abcc0d337d07b3c338cafd9ef56928",
    "settings": {
      "fd_thres": 0.2,
      "testing": false
    },
    "software": "mriqc",
    "version": "22.0.6",
    "webapi_port": null,
    "webapi_url": "https://mriqc.nimh.nih.gov/api/v1"
  },
  "size_t": 186,
  "size_x": 64,
  "size_y": 64,
  "size_z": 32,
  "snr": 2.1726296846528665,
  "spacing_tr": 2.0,
  "spacing_x": 3.4375,
  "spacing_y": 3.4375,
  "spacing_z": 3.999999761581421,
  "summary_bg_k": 53.336340642526224,
  "summary_bg_mad": 5.90649525085958,
  "summary_bg_mean": 36.327693939208984,
  "summary_bg_median": 19.064516067504883,
  "summary_bg_n": 85113.0,
  "summary_bg_p05": 14.376343727111816,
  "summary_bg_p95": 111.12042999267575,
  "summary_bg_stdv": 56.939517974853516,
  "summary_fg_k": 1.7050244775140175,
  "summary_fg_mad": 254.37391934937676,
  "summary_fg_mean": 793.9070434570312,
  "summary_fg_median": 704.225830078125,
  "summary_fg_n": 17508.0,
  "summary_fg_p05": 434.3268783569336,
  "summary_fg_p95": 1474.9134033203125,
  "summary_fg_stdv": 324.1259765625,
  "tsnr": 56.23722749762237
}