{
  "aor": 0.0012821505376344087,
  "aqi": 0.0019813083172043012,
  "bids_meta": {
    "AcquisitionNumber": 1,
    "AcquisitionTime": "13:42:4.457500",
    "BandwidthPerPixelPhaseEncode": 28.409,
    "ConversionSoftware": "dcm2niix",
    "ConversionSoftwareVersion": "v1.0.20170724 GCC4.4.7",
    "DeviceSerialNumber": "35414",
    "EchoTime": 0.03,
    "EffectiveEchoSpacing": 0.000550002,
    "FlipAngle": 80,
    "ImageType": [
      "ORIGINAL",
      "PRIMARY",
      "FMRI",
      "NONE",
      "ND",
      "MOSAIC"
    ],
    "InstitutionAddress": "Mikeletegi_69_San_Sebastian_District_ES_20009",
    "InstitutionName": "BCBL",
    "MagneticFieldStrength": 3,
    "Manufacturer": "Siemens",
    "ManufacturersModelName": "TrioTim",
    "PhaseEncodingDirection": "j-",
    "PhaseEncodingLines": 64,
    "ProcedureStepDescription": "CRANEO_FUNCIONAL",
    "ProtocolName": "ep2d_PiN_L1_Run2",
    "RepetitionTime": 2,
    "ScanningSequence": "EP",
    "SequenceName": "_epfid2d1_64",
    "SequenceVariant": "SK",
    "SeriesDescription": "ep2d_PiN_L1_Run2",
    "SliceTiming": [
      1.925,
      1.8625,
      1.8,
      1.74,
      1.6775,
      1.615,
      1.5525,
      1.49,
      1.4275,
      1.365,
      1.305,
      1.2425,
      1.18,
      1.1175,
      1.055,
      0.9925,
      0.9325,
      0.87,
      0.8075,
      0.745,
      0.6825,
      0.62,
      0.56,
      0.4975,
      0.435,
      0.3725,
      0.31,
      0.2475,
      0.185,
      0.125,
      0.0625,
      0
    ],
    "SoftwareVersions": "syngo_MR_B17",
    "TaskName": "compL1",
    "TotalReadoutTime": 0.0346501,
    "dataset": "ds003545",
    "modality": "bold",
    "run_id": 2,
    "session_id": "02",
    "subject_id": "04",
    "task_id": "compL1"
  },
  "dummy_trs": 0,
  "dvars_nstd": 14.672437688270271,
  "dvars_std": 1.1341323116756754,
  "dvars_vstd": 0.9954886438918918,
  "efc": 0.46303986474419634,
  "fber": 1261.7451171875,
  "fd_mean": 0.10230412773937433,
  "fd_num": 17,
  "fd_perc": 9.13978494623656,
  "fwhm_avg": 3.0287616666666666,
  "fwhm_x": 2.9605236363636362,
  "fwhm_y": 3.264436363636364,
  "fwhm_z": 2.861325,
  "gcor": 0.042746,
  "gsr_x": -0.021284108981490135,
  "gsr_y": 0.03899006545543671,
  "provenance": {
    "md5sum": "423e67f8ae82879e034744d37c27770a",
    "settings": {
      "fd_thres": 0.2,
      "testing": false
    },
    "software": "mriqc",
    "version": "22.0.6",
    "webapi_port": null,
    "webapi_url": "https://mriqc.nimh.nih.gov/api/v1"
  },
  "size_t": 186,
  "size_x": 64,
  "size_y": 64,
  "size_z": 32,
  "snr": 2.893271798116014,
  "spacing_tr": 2.0,
  "spacing_x": 3.4375,
  "spacing_y": 3.4375,
  "spacing_z": 4.0,
  "summary_bg_k": 53.686047674866536,
  "summary_bg_mad": 4.280415535135983,
  "summary_bg_mean": 33.69819259643555,
  "summary_bg_median": 17.892473220825195,
  "summary_bg_n": 84875.0,
  "summary_bg_p05": 14.623656272888184,
  "summary_bg_p95": 100.80269012451174,
  "summary_bg_stdv": 52.358604431152344,
  "summary_fg_k": 2.223157073941656,
  "summary_fg_mad": 166.84052875493754,
  "summary_fg_mean": 690.3670654296875,
  "summary_fg_median": 642.725830078125,
  "summary_fg_n": 17713.0,
  "summary_fg_p05": 425.1795654296875,
  "summary_fg_p95": 1159.8591308593748,
  "summary_fg_stdv": 222.1387176513672,
  "tsnr": 91.52202123985626
}