{
  "aor": 0.002,
  "aqi": 0.0015076062903225807,
  "bids_meta": {
    "AcquisitionNumber": 1,
    "AcquisitionTime": "13:34:23.407500",
    "BandwidthPerPixelPhaseEncode": 28.409,
    "ConversionSoftware": "dcm2niix",
    "ConversionSoftwareVersion": "v1.0.20170724 GCC4.4.7",
    "DeviceSerialNumber": "35414",
    "EchoTime": 0.03,
    "EffectiveEchoSpacing": 0.000550002,
    "FlipAngle": 80,
    "ImageType": [
      "ORIGINAL",
      "PRIMARY",
      "FMRI",
      "NONE",
      "ND",
      "MOSAIC"
    ],
    "InstitutionAddress": "Mikeletegi_69_San_Sebastian_District_ES_20009",
    "InstitutionName": "BCBL",
    "MagneticFieldStrength": 3,
    "Manufacturer": "Siemens",
    "ManufacturersModelName": "TrioTim",
    "PhaseEncodingDirection": "j-",
    "PhaseEncodingLines": 64,
    "ProcedureStepDescription": "CRANEO_FUNCIONAL",
    "ProtocolName": "ep2d_PiN_L1_Run1",
    "RepetitionTime": 2,
    "ScanningSequence": "EP",
    "SequenceName": "_epfid2d1_64",
    "SequenceVariant": "SK",
    "SeriesDescription": "ep2d_PiN_L1_Run1",
    "SliceTiming": [
      1.925,
      1.865,
      1.8025,
      1.74,
      1.6775,
      1.615,
      1.5525,
      1.49,
      1.43,
      1.3675,
      1.305,
      1.2425,
      1.18,
      1.1175,
      1.0575,
      0.995,
      0.9325,
      0.87,
      0.8075,
      0.745,
      0.685,
      0.6225,
      0.56,
      0.4975,
      0.435,
      0.3725,
      0.31,
      0.25,
      0.1875,
      0.125,
      0.0625,
      0
    ],
    "SoftwareVersions": "syngo_MR_B17",
    "TaskName": "compL1",
    "TotalReadoutTime": 0.0346501,
    "dataset": "ds003545",
    "modality": "bold",
    "run_id": 1,
    "session_id": "02",
    "subject_id": "04",
    "task_id": "compL1"
  },
  "dummy_trs": 0,
  "dvars_nstd": 14.571967197081088,
  "dvars_std": 1.1944103952432432,
  "dvars_vstd": 1.0193133691351355,
  "efc": 0.46244912580606135,
  "fber": 1267.1837158203125,
  "fd_mean": 0.07921553465871005,
  "fd_num": 10,
  "fd_perc": 5.376344086021505,
  "fwhm_avg": 3.03788696969697,
  "fwhm_x": 2.972101818181818,
  "fwhm_y": 3.284509090909091,
  "fwhm_z": 2.85705,
  "gcor": 0.0339992,
  "gsr_x": -0.021046148613095284,
  "gsr_y": 0.038513753563165665,
  "provenance": {
    "md5sum": "10404e75cca9e16465bca6aa676c833d",
    "settings": {
      "fd_thres": 0.2,
      "testing": false
    },
    "software": "mriqc",
    "version": "22.0.6",
    "webapi_port": null,
    "webapi_url": "https://mriqc.nimh.nih.gov/api/v1"
  },
  "size_t": 186,
  "size_x": 64,
  "size_y": 64,
  "size_z": 32,
  "snr": 2.9062777643288005,
  "spacing_tr": 2.0,
  "spacing_x": 3.4375,
  "spacing_y": 3.4375,
  "spacing_z": 4.0,
  "summary_bg_k": 54.723952145913756,
  "summary_bg_mad": 4.368096934840142,
  "summary_bg_mean": 33.43794250488281,
  "summary_bg_median": 17.80645179748535,
  "summary_bg_n": 84896.0,
  "summary_bg_p05": 14.430107116699219,
  "summary_bg_p95": 99.21236610412598,
  "summary_bg_stdv": 52.51767349243164,
  "summary_fg_k": 2.2171604854268834,
  "summary_fg_mad": 165.2942209723555,
  "summary_fg_mean": 687.5202026367188,
  "summary_fg_median": 640.741943359375,
  "summary_fg_n": 17639.0,
  "summary_fg_p05": 423.35700073242185,
  "summary_fg_p95": 1152.977978515625,
  "summary_fg_stdv": 220.4619903564453,
  "tsnr": 100.45061715878546
}