{
  "aor": 0.005534855967078189,
  "aqi": 0.005106732839506173,
  "bids_meta": {
    "AcquisitionNumber": 1,
    "AcquisitionTime": "13:51:43.537500",
    "BandwidthPerPixelPhaseEncode": 29.481,
    "ConversionSoftware": "dcm2niix",
    "ConversionSoftwareVersion": "v1.0.20170724 GCC4.4.7",
    "DeviceSerialNumber": "35414",
    "EchoTime": 0.025,
    "EffectiveEchoSpacing": 0.000530002,
    "FlipAngle": 90,
    "ImageType": [
      "ORIGINAL",
      "PRIMARY",
      "M",
      "ND",
      "MOSAIC"
    ],
    "InstitutionAddress": "Mikeletegi_69_San_Sebastian_District_ES_20009",
    "InstitutionName": "BCBL",
    "MagneticFieldStrength": 3,
    "Manufacturer": "Siemens",
    "ManufacturersModelName": "TrioTim",
    "PhaseEncodingDirection": "j-",
    "PhaseEncodingLines": 64,
    "ProcedureStepDescription": "CRANEO_FUNCIONAL",
    "ProtocolName": "ep2d_VF_L1_Run1",
    "RepetitionTime": 3,
    "ScanningSequence": "EP",
    "SequenceName": "_epfid2d1_64",
    "SequenceVariant": "SK",
    "SeriesDescription": "ep2d_VF_L1_Run1",
    "SliceTiming": [
      2.9225,
      2.8525,
      2.7825,
      2.7125,
      2.6425,
      2.575,
      2.505,
      2.435,
      2.365,
      2.295,
      2.225,
      2.1575,
      2.0875,
      2.0175,
      1.9475,
      1.8775,
      1.8075,
      1.74,
      1.67,
      1.6,
      1.53,
      1.46,
      1.39,
      1.3225,
      1.2525,
      1.1825,
      1.1125,
      1.0425,
      0.9725,
      0.905,
      0.835,
      0.765,
      0.695,
      0.625,
      0.5575,
      0.4875,
      0.4175,
      0.3475,
      0.2775,
      0.2075,
      0.14,
      0.07,
      0
    ],
    "SoftwareVersions": "syngo_MR_B17",
    "TaskName": "prodL1",
    "TotalReadoutTime": 0.0333901,
    "dataset": "ds003545",
    "modality": "bold",
    "run_id": 1,
    "session_id": "02",
    "subject_id": "04",
    "task_id": "prodL1"
  },
  "dummy_trs": 0,
  "dvars_nstd": 29.90468741619836,
  "dvars_std": 1.2501624616942155,
  "dvars_vstd": 1.0396429811157029,
  "efc": 0.5383196288566786,
  "fber": 490.70684814453125,
  "fd_mean": 0.30465139575509464,
  "fd_num": 142,
  "fd_perc": 58.43621399176955,
  "fwhm_avg": 3.152507186535175,
  "fwhm_x": 3.104813333333333,
  "fwhm_y": 3.2762233333333337,
  "fwhm_z": 3.076484892938858,
  "gcor": 0.0291263,
  "gsr_x": -0.016576478257775307,
  "gsr_y": 0.07464805990457535,
  "provenance": {
    "md5sum": "297de393209befb81ab0740e77a5ec1c",
    "settings": {
      "fd_thres": 0.2,
      "testing": false
    },
    "software": "mriqc",
    "version": "22.0.6",
    "webapi_port": null,
    "webapi_url": "https://mriqc.nimh.nih.gov/api/v1"
  },
  "size_t": 243,
  "size_x": 64,
  "size_y": 64,
  "size_z": 43,
  "snr": 2.7440653108046225,
  "spacing_tr": 3.0,
  "spacing_x": 3.0,
  "spacing_y": 3.0,
  "spacing_z": 3.299999952316284,
  "summary_bg_k": 25.633701998179763,
  "summary_bg_mad": 9.871808892942983,
  "summary_bg_mean": 69.89253234863281,
  "summary_bg_median": 35.60905075073242,
  "summary_bg_n": 108422.0,
  "summary_bg_p05": 27.983537673950195,
  "summary_bg_p95": 232.608422088623,
  "summary_bg_stdv": 91.5224609375,
  "summary_fg_k": 2.5265436122792213,
  "summary_fg_mad": 223.4275389909594,
  "summary_fg_mean": 860.115966796875,
  "summary_fg_median": 799.0905151367188,
  "summary_fg_n": 31009.0,
  "summary_fg_p05": 516.426318359375,
  "summary_fg_p95": 1478.153857421875,
  "summary_fg_stdv": 291.2021179199219,
  "tsnr": 55.04438561294228
}