{
  "aor": 0.008231129032258064,
  "aqi": 0.0033226833172043013,
  "bids_meta": {
    "AcquisitionNumber": 1,
    "AcquisitionTime": "13:21:44.800000",
    "BandwidthPerPixelPhaseEncode": 28.409,
    "ConversionSoftware": "dcm2niix",
    "ConversionSoftwareVersion": "v1.0.20170724 GCC4.4.7",
    "DeviceSerialNumber": "35414",
    "EchoTime": 0.03,
    "EffectiveEchoSpacing": 0.000550002,
    "FlipAngle": 80,
    "ImageType": [
      "ORIGINAL",
      "PRIMARY",
      "FMRI",
      "NONE",
      "ND",
      "MOSAIC"
    ],
    "InstitutionAddress": "Mikeletegi_69_San_Sebastian_District_ES_20009",
    "InstitutionName": "BCBL",
    "MagneticFieldStrength": 3,
    "Manufacturer": "Siemens",
    "ManufacturersModelName": "TrioTim",
    "PhaseEncodingDirection": "j-",
    "PhaseEncodingLines": 64,
    "ProcedureStepDescription": "CRANEO_FUNCIONAL",
    "ProtocolName": "ep2d_PiN_L3_Run1",
    "RepetitionTime": 2,
    "ScanningSequence": "EP",
    "SequenceName": "_epfid2d1_64",
    "SequenceVariant": "SK",
    "SeriesDescription": "ep2d_PiN_L3_Run1",
    "SliceTiming": [
      1.925,
      1.865,
      1.8025,
      1.74,
      1.6775,
      1.615,
      1.5525,
      1.4925,
      1.43,
      1.3675,
      1.305,
      1.2425,
      1.18,
      1.1175,
      1.0575,
      0.995,
      0.9325,
      0.87,
      0.8075,
      0.745,
      0.685,
      0.6225,
      0.56,
      0.4975,
      0.435,
      0.3725,
      0.31,
      0.25,
      0.1875,
      0.125,
      0.0625,
      0
    ],
    "SoftwareVersions": "syngo_MR_B17",
    "TaskName": "compLn",
    "TotalReadoutTime": 0.0346501,
    "dataset": "ds003545",
    "modality": "bold",
    "run_id": 1,
    "session_id": "02",
    "subject_id": "04",
    "task_id": "compLn"
  },
  "dummy_trs": 0,
  "dvars_nstd": 15.721604790648632,
  "dvars_std": 1.1335117613513515,
  "dvars_vstd": 1.011423299243244,
  "efc": 0.44396241643226914,
  "fber": 1347.1517333984375,
  "fd_mean": 0.1835165005332382,
  "fd_num": 38,
  "fd_perc": 20.43010752688172,
  "fwhm_avg": 3.457073700928385,
  "fwhm_x": 3.5495272727272726,
  "fwhm_y": 3.5720436363636363,
  "fwhm_z": 3.2496501936942455,
  "gcor": 0.0319652,
  "gsr_x": -0.020468907430768013,
  "gsr_y": 0.03629486635327339,
  "provenance": {
    "md5sum": "9ec945efd9a041d3c9988d220bd18a6c",
    "settings": {
      "fd_thres": 0.2,
      "testing": false
    },
    "software": "mriqc",
    "version": "22.0.6",
    "webapi_port": null,
    "webapi_url": "https://mriqc.nimh.nih.gov/api/v1"
  },
  "size_t": 186,
  "size_x": 64,
  "size_y": 64,
  "size_z": 32,
  "snr": 2.1265277342559448,
  "spacing_tr": 2.0,
  "spacing_x": 3.4375,
  "spacing_y": 3.4375,
  "spacing_z": 3.999999761581421,
  "summary_bg_k": 53.448018620399345,
  "summary_bg_mad": 5.874611362588914,
  "summary_bg_mean": 36.49911117553711,
  "summary_bg_median": 18.967741012573242,
  "summary_bg_n": 85002.0,
  "summary_bg_p05": 14.177419662475586,
  "summary_bg_p95": 112.08871192932114,
  "summary_bg_stdv": 57.64772415161133,
  "summary_fg_k": 1.7952969960675178,
  "summary_fg_mad": 259.3597394015077,
  "summary_fg_mean": 798.752197265625,
  "summary_fg_median": 706.7096557617188,
  "summary_fg_n": 17557.0,
  "summary_fg_p05": 433.4774108886719,
  "summary_fg_p95": 1497.9677734375,
  "summary_fg_stdv": 332.32086181640625,
  "tsnr": 64.56712664710358
}