{
  "aor": 0.003326502057613169,
  "aqi": 0.005836636872427983,
  "bids_meta": {
    "AcquisitionNumber": 1,
    "AcquisitionTime": "14:05:19.497500",
    "BandwidthPerPixelPhaseEncode": 29.481,
    "ConversionSoftware": "dcm2niix",
    "ConversionSoftwareVersion": "v1.0.20170724 GCC4.4.7",
    "DeviceSerialNumber": "35414",
    "EchoTime": 0.025,
    "EffectiveEchoSpacing": 0.000530002,
    "FlipAngle": 90,
    "ImageType": [
      "ORIGINAL",
      "PRIMARY",
      "M",
      "ND",
      "MOSAIC"
    ],
    "InstitutionAddress": "Mikeletegi_69_San_Sebastian_District_ES_20009",
    "InstitutionName": "BCBL",
    "MagneticFieldStrength": 3,
    "Manufacturer": "Siemens",
    "ManufacturersModelName": "TrioTim",
    "PhaseEncodingDirection": "j-",
    "PhaseEncodingLines": 64,
    "ProcedureStepDescription": "CRANEO_FUNCIONAL",
    "ProtocolName": "ep2d_VF_L1_Run2",
    "RepetitionTime": 3,
    "ScanningSequence": "EP",
    "SequenceName": "_epfid2d1_64",
    "SequenceVariant": "SK",
    "SeriesDescription": "ep2d_VF_L1_Run2",
    "SliceTiming": [
      2.9225,
      2.8525,
      2.7825,
      2.7125,
      2.6425,
      2.575,
      2.505,
      2.435,
      2.365,
      2.295,
      2.225,
      2.1575,
      2.0875,
      2.0175,
      1.9475,
      1.8775,
      1.8075,
      1.74,
      1.67,
      1.6,
      1.53,
      1.46,
      1.39,
      1.3225,
      1.2525,
      1.1825,
      1.1125,
      1.0425,
      0.975,
      0.905,
      0.835,
      0.765,
      0.695,
      0.625,
      0.5575,
      0.4875,
      0.4175,
      0.3475,
      0.2775,
      0.2075,
      0.14,
      0.07,
      0
    ],
    "SoftwareVersions": "syngo_MR_B17",
    "TaskName": "prodL1",
    "TotalReadoutTime": 0.0333901,
    "dataset": "ds003545",
    "modality": "bold",
    "run_id": 2,
    "session_id": "02",
    "subject_id": "04",
    "task_id": "prodL1"
  },
  "dummy_trs": 0,
  "dvars_nstd": 32.206615148636345,
  "dvars_std": 1.2232376419834703,
  "dvars_vstd": 1.0078057452892566,
  "efc": 0.5370041575295312,
  "fber": 498.8381652832031,
  "fd_mean": 0.35543736369162443,
  "fd_num": 166,
  "fd_perc": 68.3127572016461,
  "fwhm_avg": 3.1426793075721497,
  "fwhm_x": 3.0647266666666666,
  "fwhm_y": 3.32319,
  "fwhm_z": 3.0401212560497815,
  "gcor": 0.0439376,
  "gsr_x": -0.016529222950339317,
  "gsr_y": 0.07247896492481232,
  "provenance": {
    "md5sum": "a0b7e8d77312a4dbe26d78dc5915bb1d",
    "settings": {
      "fd_thres": 0.2,
      "testing": false
    },
    "software": "mriqc",
    "version": "22.0.6",
    "webapi_port": null,
    "webapi_url": "https://mriqc.nimh.nih.gov/api/v1"
  },
  "size_t": 243,
  "size_x": 64,
  "size_y": 64,
  "size_z": 43,
  "snr": 2.7436224485111396,
  "spacing_tr": 3.0,
  "spacing_x": 3.0,
  "spacing_y": 3.0,
  "spacing_z": 3.299999952316284,
  "summary_bg_k": 27.524094678462962,
  "summary_bg_mad": 10.170776548786847,
  "summary_bg_mean": 66.31979370117188,
  "summary_bg_median": 35.26749038696289,
  "summary_bg_n": 107627.0,
  "summary_bg_p05": 27.325101852416992,
  "summary_bg_p95": 219.41151275634755,
  "summary_bg_stdv": 80.79785919189453,
  "summary_fg_k": 2.4473738624652457,
  "summary_fg_mad": 223.9704841393379,
  "summary_fg_mean": 863.4596557617188,
  "summary_fg_median": 802.1810302734375,
  "summary_fg_n": 31069.0,
  "summary_fg_p05": 516.11025390625,
  "summary_fg_p95": 1478.9999511718743,
  "summary_fg_stdv": 292.37554931640625,
  "tsnr": 51.8336446210742
}