{
  "aor": 0.0032312757201646094,
  "aqi": 0.005299664320987655,
  "bids_meta": {
    "AcquisitionNumber": 1,
    "AcquisitionTime": "15:31:11.755000",
    "BandwidthPerPixelPhaseEncode": 29.481,
    "ConversionSoftware": "dcm2niix",
    "ConversionSoftwareVersion": "v1.0.20170724 GCC4.4.7",
    "DeviceSerialNumber": "35414",
    "EchoTime": 0.025,
    "EffectiveEchoSpacing": 0.000530002,
    "FlipAngle": 90,
    "ImageType": [
      "ORIGINAL",
      "PRIMARY",
      "M",
      "ND",
      "MOSAIC"
    ],
    "InstitutionAddress": "Mikeletegi_69_San_Sebastian_District_ES_20009",
    "InstitutionName": "BCBL",
    "MagneticFieldStrength": 3,
    "Manufacturer": "Siemens",
    "ManufacturersModelName": "TrioTim",
    "PhaseEncodingDirection": "j-",
    "PhaseEncodingLines": 64,
    "ProcedureStepDescription": "CRANEO_FUNCIONAL",
    "ProtocolName": "ep2d_VF_L1_Run1",
    "RepetitionTime": 3,
    "ScanningSequence": "EP",
    "SequenceName": "_epfid2d1_64",
    "SequenceVariant": "SK",
    "SeriesDescription": "ep2d_VF_L1_Run1",
    "SliceTiming": [
      2.9225,
      2.8525,
      2.785,
      2.715,
      2.645,
      2.575,
      2.505,
      2.435,
      2.3675,
      2.2975,
      2.2275,
      2.1575,
      2.0875,
      2.0175,
      1.95,
      1.88,
      1.81,
      1.74,
      1.67,
      1.6,
      1.5325,
      1.4625,
      1.3925,
      1.3225,
      1.2525,
      1.185,
      1.115,
      1.045,
      0.975,
      0.905,
      0.835,
      0.7675,
      0.6975,
      0.6275,
      0.5575,
      0.4875,
      0.4175,
      0.35,
      0.28,
      0.21,
      0.14,
      0.07,
      0
    ],
    "SoftwareVersions": "syngo_MR_B17",
    "TaskName": "prodL1",
    "TotalReadoutTime": 0.0333901,
    "dataset": "ds003545",
    "modality": "bold",
    "run_id": 1,
    "session_id": "01",
    "subject_id": "11",
    "task_id": "prodL1"
  },
  "dummy_trs": 0,
  "dvars_nstd": 31.630506893966952,
  "dvars_std": 1.2304778993801644,
  "dvars_vstd": 1.0013741972314048,
  "efc": 0.5554654495778378,
  "fber": 523.4441528320312,
  "fd_mean": 0.2797124972694851,
  "fd_num": 137,
  "fd_perc": 56.37860082304527,
  "fwhm_avg": 2.9760013274964447,
  "fwhm_x": 2.87384,
  "fwhm_y": 3.0717033333333332,
  "fwhm_z": 2.9824606491560015,
  "gcor": 0.042862,
  "gsr_x": -0.01643204689025879,
  "gsr_y": 0.0821906104683876,
  "provenance": {
    "md5sum": "6f3a40f3e3d803349e9c386efae71b64",
    "settings": {
      "fd_thres": 0.2,
      "testing": false
    },
    "software": "mriqc",
    "version": "22.0.6",
    "webapi_port": null,
    "webapi_url": "https://mriqc.nimh.nih.gov/api/v1"
  },
  "size_t": 243,
  "size_x": 64,
  "size_y": 64,
  "size_z": 43,
  "snr": 2.6472073678678725,
  "spacing_tr": 3.0,
  "spacing_x": 3.0,
  "spacing_y": 3.0,
  "spacing_z": 3.299999952316284,
  "summary_bg_k": 27.301273054344247,
  "summary_bg_mad": 10.854112607771611,
  "summary_bg_mean": 66.33676147460938,
  "summary_bg_median": 33.09465026855469,
  "summary_bg_n": 101777.0,
  "summary_bg_p05": 25.267488479614258,
  "summary_bg_p95": 227.10945434570297,
  "summary_bg_stdv": 91.91290283203125,
  "summary_fg_k": 2.748114768377161,
  "summary_fg_mad": 238.35418701018153,
  "summary_fg_mean": 828.4754028320312,
  "summary_fg_median": 769.6666259765625,
  "summary_fg_n": 36466.0,
  "summary_fg_p05": 483.5092468261719,
  "summary_fg_p95": 1423.8343200683594,
  "summary_fg_stdv": 290.7426452636719,
  "tsnr": 53.85687518585473
}