{
  "aor": 0.004437860082304527,
  "aqi": 0.003701008518518518,
  "bids_meta": {
    "AcquisitionNumber": 1,
    "AcquisitionTime": "15:15:11.595000",
    "BandwidthPerPixelPhaseEncode": 29.481,
    "ConversionSoftware": "dcm2niix",
    "ConversionSoftwareVersion": "v1.0.20170724 GCC4.4.7",
    "DeviceSerialNumber": "35414",
    "EchoTime": 0.025,
    "EffectiveEchoSpacing": 0.000530002,
    "FlipAngle": 90,
    "ImageType": [
      "ORIGINAL",
      "PRIMARY",
      "M",
      "ND",
      "MOSAIC"
    ],
    "InstitutionAddress": "Mikeletegi_69_San_Sebastian_District_ES_20009",
    "InstitutionName": "BCBL",
    "MagneticFieldStrength": 3,
    "Manufacturer": "Siemens",
    "ManufacturersModelName": "TrioTim",
    "PhaseEncodingDirection": "j-",
    "PhaseEncodingLines": 64,
    "ProcedureStepDescription": "CRANEO_FUNCIONAL",
    "ProtocolName": "ep2d_VF_L3_Run2",
    "RepetitionTime": 3,
    "ScanningSequence": "EP",
    "SequenceName": "_epfid2d1_64",
    "SequenceVariant": "SK",
    "SeriesDescription": "ep2d_VF_L3_Run2",
    "SliceTiming": [
      2.92,
      2.8525,
      2.7825,
      2.7125,
      2.6425,
      2.5725,
      2.505,
      2.435,
      2.365,
      2.295,
      2.225,
      2.155,
      2.0875,
      2.0175,
      1.9475,
      1.8775,
      1.8075,
      1.7375,
      1.67,
      1.6,
      1.53,
      1.46,
      1.39,
      1.32,
      1.2525,
      1.1825,
      1.1125,
      1.0425,
      0.9725,
      0.9025,
      0.835,
      0.765,
      0.695,
      0.625,
      0.555,
      0.4875,
      0.4175,
      0.3475,
      0.2775,
      0.2075,
      0.1375,
      0.07,
      0
    ],
    "SoftwareVersions": "syngo_MR_B17",
    "TaskName": "prodLn",
    "TotalReadoutTime": 0.0333901,
    "dataset": "ds003545",
    "modality": "bold",
    "run_id": 2,
    "session_id": "01",
    "subject_id": "11",
    "task_id": "prodLn"
  },
  "dummy_trs": 0,
  "dvars_nstd": 28.435393971570253,
  "dvars_std": 1.251323719504133,
  "dvars_vstd": 1.024312545619835,
  "efc": 0.5561402824194571,
  "fber": 522.7117919921875,
  "fd_mean": 0.24358972919870683,
  "fd_num": 105,
  "fd_perc": 43.20987654320987,
  "fwhm_avg": 3.0004832660752423,
  "fwhm_x": 2.8911266666666666,
  "fwhm_y": 3.08835642122615,
  "fwhm_z": 3.0219667103329098,
  "gcor": 0.0313031,
  "gsr_x": -0.018317168578505516,
  "gsr_y": 0.0841410681605339,
  "provenance": {
    "md5sum": "d0562d597d339a0fdfd1929b6c523412",
    "settings": {
      "fd_thres": 0.2,
      "testing": false
    },
    "software": "mriqc",
    "version": "22.0.6",
    "webapi_port": null,
    "webapi_url": "https://mriqc.nimh.nih.gov/api/v1"
  },
  "size_t": 243,
  "size_x": 64,
  "size_y": 64,
  "size_z": 43,
  "snr": 2.6709952326527837,
  "spacing_tr": 3.0,
  "spacing_x": 3.0,
  "spacing_y": 3.000000238418579,
  "spacing_z": 3.299999952316284,
  "summary_bg_k": 29.09434444162006,
  "summary_bg_mad": 10.243986480799197,
  "summary_bg_mean": 64.58149719238281,
  "summary_bg_median": 32.46501922607422,
  "summary_bg_n": 101574.0,
  "summary_bg_p05": 24.93415641784668,
  "summary_bg_p95": 222.5586364746092,
  "summary_bg_stdv": 88.5802230834961,
  "summary_fg_k": 2.584275390906173,
  "summary_fg_mad": 232.39025127324678,
  "summary_fg_mean": 810.5798950195312,
  "summary_fg_median": 754.072021484375,
  "summary_fg_n": 36528.0,
  "summary_fg_p05": 472.839909362793,
  "summary_fg_p95": 1387.0139404296879,
  "summary_fg_stdv": 282.31488037109375,
  "tsnr": 66.03147501591593
}