{
  "aor": 0.014583387096774193,
  "aqi": 0.008126563548387096,
  "bids_meta": {
    "AcquisitionNumber": 1,
    "AcquisitionTime": "14:31:3.482500",
    "BandwidthPerPixelPhaseEncode": 28.409,
    "ConversionSoftware": "dcm2niix",
    "ConversionSoftwareVersion": "v1.0.20170724 GCC4.4.7",
    "DeviceSerialNumber": "35414",
    "EchoTime": 0.03,
    "EffectiveEchoSpacing": 0.000550002,
    "FlipAngle": 80,
    "ImageType": [
      "ORIGINAL",
      "PRIMARY",
      "FMRI",
      "NONE",
      "ND",
      "MOSAIC"
    ],
    "InstitutionAddress": "Mikeletegi_69_San_Sebastian_District_ES_20009",
    "InstitutionName": "BCBL",
    "MagneticFieldStrength": 3,
    "Manufacturer": "Siemens",
    "ManufacturersModelName": "TrioTim",
    "PhaseEncodingDirection": "j-",
    "PhaseEncodingLines": 64,
    "ProcedureStepDescription": "CRANEO_FUNCIONAL",
    "ProtocolName": "ep2d_PiN_L3_Run2",
    "RepetitionTime": 2,
    "ScanningSequence": "EP",
    "SequenceName": "_epfid2d1_64",
    "SequenceVariant": "SK",
    "SeriesDescription": "ep2d_PiN_L3_Run2",
    "SliceTiming": [
      1.925,
      1.8625,
      1.8,
      1.7375,
      1.6775,
      1.615,
      1.5525,
      1.49,
      1.4275,
      1.365,
      1.305,
      1.2425,
      1.18,
      1.1175,
      1.055,
      0.9925,
      0.93,
      0.87,
      0.8075,
      0.745,
      0.6825,
      0.62,
      0.5575,
      0.4975,
      0.435,
      0.3725,
      0.31,
      0.2475,
      0.185,
      0.1225,
      0.0625,
      0
    ],
    "SoftwareVersions": "syngo_MR_B17",
    "TaskName": "compLn",
    "TotalReadoutTime": 0.0346501,
    "dataset": "ds003545",
    "modality": "bold",
    "run_id": 2,
    "session_id": "01",
    "subject_id": "11",
    "task_id": "compLn"
  },
  "dummy_trs": 0,
  "dvars_nstd": 24.92440921691892,
  "dvars_std": 1.237142844594594,
  "dvars_vstd": 1.0431097294054048,
  "efc": 0.4918312988248785,
  "fber": 1312.3922119140625,
  "fd_mean": 0.2670535072540337,
  "fd_num": 79,
  "fd_perc": 42.473118279569896,
  "fwhm_avg": 2.5956233333333336,
  "fwhm_x": 2.4956887272727273,
  "fwhm_y": 2.7334312727272727,
  "fwhm_z": 2.55775,
  "gcor": 0.0222,
  "gsr_x": -0.01571548730134964,
  "gsr_y": 0.04568689689040184,
  "provenance": {
    "md5sum": "039afc745a3e4bd4a877978936f0e4a3",
    "settings": {
      "fd_thres": 0.2,
      "testing": false
    },
    "software": "mriqc",
    "version": "22.0.6",
    "webapi_port": null,
    "webapi_url": "https://mriqc.nimh.nih.gov/api/v1"
  },
  "size_t": 186,
  "size_x": 64,
  "size_y": 64,
  "size_z": 32,
  "snr": 3.2639487103979357,
  "spacing_tr": 2.0,
  "spacing_x": 3.4375,
  "spacing_y": 3.4375,
  "spacing_z": 4.0,
  "summary_bg_k": 49.057551895372455,
  "summary_bg_mad": 5.220990239120615,
  "summary_bg_mean": 30.51765251159668,
  "summary_bg_median": 16.102149963378906,
  "summary_bg_n": 81009.0,
  "summary_bg_p05": 12.080645561218262,
  "summary_bg_p95": 98.15161437988272,
  "summary_bg_stdv": 45.83161544799805,
  "summary_fg_k": 1.8679796991529143,
  "summary_fg_mad": 158.82973505404476,
  "summary_fg_mean": 616.1890258789062,
  "summary_fg_median": 587.74462890625,
  "summary_fg_n": 21330.0,
  "summary_fg_p05": 380.0193496704102,
  "summary_fg_p95": 959.4540222167968,
  "summary_fg_stdv": 180.0674285888672,
  "tsnr": 49.63807429373264
}