{
  "aor": 0.005630288065843622,
  "aqi": 0.007409588971193417,
  "bids_meta": {
    "AcquisitionNumber": 1,
    "AcquisitionTime": "13:38:15.165000",
    "BandwidthPerPixelPhaseEncode": 29.481,
    "ConversionSoftware": "dcm2niix",
    "ConversionSoftwareVersion": "v1.0.20170724 GCC4.4.7",
    "DeviceSerialNumber": "35414",
    "EchoTime": 0.025,
    "EffectiveEchoSpacing": 0.000530002,
    "FlipAngle": 90,
    "ImageType": [
      "ORIGINAL",
      "PRIMARY",
      "M",
      "ND",
      "MOSAIC"
    ],
    "InstitutionAddress": "Mikeletegi_69_San_Sebastian_District_ES_20009",
    "InstitutionName": "BCBL",
    "MagneticFieldStrength": 3,
    "Manufacturer": "Siemens",
    "ManufacturersModelName": "TrioTim",
    "PhaseEncodingDirection": "j-",
    "PhaseEncodingLines": 64,
    "ProcedureStepDescription": "CRANEO_FUNCIONAL",
    "ProtocolName": "ep2d_VF_L3_Run1",
    "RepetitionTime": 3,
    "ScanningSequence": "EP",
    "SequenceName": "_epfid2d1_64",
    "SequenceVariant": "SK",
    "SeriesDescription": "ep2d_VF_L3_Run1",
    "SliceTiming": [
      2.9225,
      2.8525,
      2.7825,
      2.7125,
      2.6425,
      2.575,
      2.505,
      2.435,
      2.365,
      2.295,
      2.225,
      2.1575,
      2.0875,
      2.0175,
      1.9475,
      1.8775,
      1.81,
      1.74,
      1.67,
      1.6,
      1.53,
      1.46,
      1.3925,
      1.3225,
      1.2525,
      1.1825,
      1.1125,
      1.0425,
      0.975,
      0.905,
      0.835,
      0.765,
      0.695,
      0.625,
      0.5575,
      0.4875,
      0.4175,
      0.3475,
      0.2775,
      0.2075,
      0.14,
      0.07,
      0
    ],
    "SoftwareVersions": "syngo_MR_B17",
    "TaskName": "prodLn",
    "TotalReadoutTime": 0.0333901,
    "dataset": "ds003545",
    "modality": "bold",
    "run_id": 1,
    "session_id": "02",
    "subject_id": "04",
    "task_id": "prodLn"
  },
  "dummy_trs": 0,
  "dvars_nstd": 40.177127049586765,
  "dvars_std": 1.2242246021487608,
  "dvars_vstd": 0.991016862975207,
  "efc": 0.5120840813873139,
  "fber": 520.9214477539062,
  "fd_mean": 0.5096001723693467,
  "fd_num": 192,
  "fd_perc": 79.01234567901234,
  "fwhm_avg": 3.7401323408160407,
  "fwhm_x": 3.7293000000000003,
  "fwhm_y": 3.8404000000000003,
  "fwhm_z": 3.6506970224481208,
  "gcor": 0.047009,
  "gsr_x": -0.010899703949689865,
  "gsr_y": 0.06291158497333527,
  "provenance": {
    "md5sum": "d08122968447a1124f08f1114ed11bdd",
    "settings": {
      "fd_thres": 0.2,
      "testing": false
    },
    "software": "mriqc",
    "version": "22.0.6",
    "webapi_port": null,
    "webapi_url": "https://mriqc.nimh.nih.gov/api/v1"
  },
  "size_t": 243,
  "size_x": 64,
  "size_y": 64,
  "size_z": 43,
  "snr": 2.018377160591521,
  "spacing_tr": 3.0,
  "spacing_x": 3.0,
  "spacing_y": 3.0,
  "spacing_z": 3.299999952316284,
  "summary_bg_k": 27.91049444899202,
  "summary_bg_mad": 13.801012440900243,
  "summary_bg_mean": 71.56389617919922,
  "summary_bg_median": 37.650203704833984,
  "summary_bg_n": 108002.0,
  "summary_bg_p05": 25.699586868286133,
  "summary_bg_p95": 246.15390319824203,
  "summary_bg_stdv": 94.22696685791016,
  "summary_fg_k": 2.066370478873562,
  "summary_fg_mad": 328.4177472414937,
  "summary_fg_mean": 995.4403686523438,
  "summary_fg_median": 873.485595703125,
  "summary_fg_n": 30991.0,
  "summary_fg_p05": 529.39501953125,
  "summary_fg_p95": 1912.6522216796875,
  "summary_fg_stdv": 432.7593078613281,
  "tsnr": 38.542500808485784
}