{
  "aor": 0.017197901234567898,
  "aqi": 0.006035669670781893,
  "bids_meta": {
    "AcquisitionNumber": 1,
    "AcquisitionTime": "11:48:13.755000",
    "BandwidthPerPixelPhaseEncode": 29.481,
    "BodyPartExamined": "BRAIN",
    "ConversionSoftware": "dcm2niix",
    "ConversionSoftwareVersion": "v1.0.20170724 GCC4.4.7",
    "DeviceSerialNumber": "167004",
    "EchoTime": 0.025,
    "EchoTrainLength": 64,
    "EffectiveEchoSpacing": 0.000530002,
    "FlipAngle": 90,
    "ImageType": [
      "ORIGINAL",
      "PRIMARY",
      "M",
      "ND",
      "MOSAIC"
    ],
    "InstitutionAddress": "Mikeletegi_69_San_Sebastian_District_ES_20009",
    "InstitutionName": "BCBL",
    "MagneticFieldStrength": 3,
    "Manufacturer": "Siemens",
    "ManufacturersModelName": "Prisma_fit",
    "PhaseEncodingDirection": "j-",
    "PhaseEncodingLines": 64,
    "ProcedureStepDescription": "CRANEO_FUNCIONAL",
    "ProtocolName": "ep2d_VF_L1_Run1",
    "RepetitionTime": 3,
    "ScanningSequence": "EP",
    "SequenceName": "_epfid2d1_64",
    "SequenceVariant": "SK",
    "SeriesDescription": "ep2d_VF_L1_Run1",
    "SliceTiming": [
      2.9125,
      2.8425,
      2.7725,
      2.705,
      2.635,
      2.565,
      2.495,
      2.4275,
      2.3575,
      2.2875,
      2.2175,
      2.15,
      2.08,
      2.01,
      1.9425,
      1.8725,
      1.8025,
      1.7325,
      1.665,
      1.595,
      1.525,
      1.4575,
      1.3875,
      1.3175,
      1.2475,
      1.18,
      1.11,
      1.04,
      0.9725,
      0.9025,
      0.8325,
      0.7625,
      0.695,
      0.625,
      0.555,
      0.485,
      0.4175,
      0.3475,
      0.2775,
      0.21,
      0.14,
      0.07,
      0
    ],
    "SoftwareVersions": "syngo_MR_E11",
    "TaskName": "prodL1",
    "TotalReadoutTime": 0.0333901,
    "dataset": "ds003545",
    "modality": "bold",
    "run_id": 1,
    "session_id": "01",
    "subject_id": "20",
    "task_id": "prodL1"
  },
  "dummy_trs": 0,
  "dvars_nstd": 41.4825268264463,
  "dvars_std": 1.4508741722314067,
  "dvars_vstd": 1.1219167042975213,
  "efc": 0.5671417626395495,
  "fber": 502.9479675292969,
  "fd_mean": 0.43157261426822024,
  "fd_num": 162,
  "fd_perc": 66.66666666666667,
  "fwhm_avg": 3.039575902168948,
  "fwhm_x": 2.929726666666667,
  "fwhm_y": 3.2082800000000002,
  "fwhm_z": 2.980721039840176,
  "gcor": 0.0529494,
  "gsr_x": 0.005246824584901333,
  "gsr_y": 0.058333344757556915,
  "provenance": {
    "md5sum": "d6766b5e0f31c73a542d27e621c81039",
    "settings": {
      "fd_thres": 0.2,
      "testing": false
    },
    "software": "mriqc",
    "version": "22.0.6",
    "webapi_port": null,
    "webapi_url": "https://mriqc.nimh.nih.gov/api/v1"
  },
  "size_t": 243,
  "size_x": 64,
  "size_y": 64,
  "size_z": 43,
  "snr": 2.189572877671699,
  "spacing_tr": 3.0,
  "spacing_x": 3.0,
  "spacing_y": 3.0,
  "spacing_z": 3.3000001907348633,
  "summary_bg_k": 16.974323121182113,
  "summary_bg_mad": 17.760719891542706,
  "summary_bg_mean": 108.22978210449219,
  "summary_bg_median": 45.304527282714844,
  "summary_bg_n": 95400.0,
  "summary_bg_p05": 32.52674865722656,
  "summary_bg_p95": 414.0172714233399,
  "summary_bg_stdv": 152.25022888183594,
  "summary_fg_k": 1.3536987373555585,
  "summary_fg_mad": 438.6366982526293,
  "summary_fg_mean": 1163.78271484375,
  "summary_fg_median": 1058.880615234375,
  "summary_fg_n": 39368.0,
  "summary_fg_p05": 573.892138671875,
  "summary_fg_p95": 2101.9018310546876,
  "summary_fg_stdv": 483.5953063964844,
  "tsnr": 44.61673854198307
}