{
  "aor": 0.014960376344086023,
  "aqi": 0.0028898921720430103,
  "bids_meta": {
    "AcquisitionNumber": 1,
    "AcquisitionTime": "10:07:19.045000",
    "BandwidthPerPixelPhaseEncode": 28.409,
    "BodyPartExamined": "BRAIN",
    "ConversionSoftware": "dcm2niix",
    "ConversionSoftwareVersion": "v1.0.20170724 GCC4.4.7",
    "DeviceSerialNumber": "167004",
    "EchoTime": 0.03,
    "EchoTrainLength": 64,
    "EffectiveEchoSpacing": 0.000550002,
    "FlipAngle": 80,
    "ImageType": [
      "ORIGINAL",
      "PRIMARY",
      "M",
      "ND",
      "MOSAIC"
    ],
    "InstitutionAddress": "Mikeletegi_69_San_Sebastian_District_ES_20009",
    "InstitutionName": "BCBL",
    "MagneticFieldStrength": 3,
    "Manufacturer": "Siemens",
    "ManufacturersModelName": "Prisma_fit",
    "PhaseEncodingDirection": "j-",
    "PhaseEncodingLines": 64,
    "ProcedureStepDescription": "CRANEO_FUNCIONAL",
    "ProtocolName": "ep2d_PiN_L3_Run2",
    "RepetitionTime": 2,
    "ScanningSequence": "EP",
    "SequenceName": "_epfid2d1_64",
    "SequenceVariant": "SK",
    "SeriesDescription": "ep2d_PiN_L3_Run2",
    "SliceTiming": [
      1.9175,
      1.8575,
      1.795,
      1.7325,
      1.67,
      1.61,
      1.5475,
      1.485,
      1.4225,
      1.3625,
      1.3,
      1.2375,
      1.175,
      1.115,
      1.0525,
      0.99,
      0.9275,
      0.8675,
      0.805,
      0.7425,
      0.68,
      0.62,
      0.5575,
      0.495,
      0.4325,
      0.3725,
      0.31,
      0.2475,
      0.185,
      0.125,
      0.0625,
      0
    ],
    "SoftwareVersions": "syngo_MR_E11",
    "TaskName": "compLn",
    "TotalReadoutTime": 0.0346501,
    "dataset": "ds003545",
    "modality": "bold",
    "run_id": 2,
    "session_id": "01",
    "subject_id": "20",
    "task_id": "compLn"
  },
  "dummy_trs": 0,
  "dvars_nstd": 20.99598327837837,
  "dvars_std": 1.3442418484864869,
  "dvars_vstd": 1.1085329629189187,
  "efc": 0.4995905381746577,
  "fber": 1392.69140625,
  "fd_mean": 0.16383685380713459,
  "fd_num": 41,
  "fd_perc": 22.043010752688172,
  "fwhm_avg": 2.9598635454545454,
  "fwhm_x": 2.841733818181818,
  "fwhm_y": 3.170181818181818,
  "fwhm_z": 2.867675,
  "gcor": 0.0408209,
  "gsr_x": -0.006783573888242245,
  "gsr_y": 0.037768781185150146,
  "provenance": {
    "md5sum": "6f93f582723115e2f5125fe8f2636d8c",
    "settings": {
      "fd_thres": 0.2,
      "testing": false
    },
    "software": "mriqc",
    "version": "22.0.6",
    "webapi_port": null,
    "webapi_url": "https://mriqc.nimh.nih.gov/api/v1"
  },
  "size_t": 186,
  "size_x": 64,
  "size_y": 64,
  "size_z": 32,
  "snr": 2.3660230436062752,
  "spacing_tr": 2.0,
  "spacing_x": 3.4375,
  "spacing_y": 3.4375,
  "spacing_z": 4.0,
  "summary_bg_k": 29.08949611176635,
  "summary_bg_mad": 6.40866719808239,
  "summary_bg_mean": 52.55046081542969,
  "summary_bg_median": 21.919355392456055,
  "summary_bg_n": 77335.0,
  "summary_bg_p05": 17.295698165893555,
  "summary_bg_p95": 199.33387451171885,
  "summary_bg_stdv": 82.57510375976562,
  "summary_fg_k": 1.238009780032816,
  "summary_fg_mad": 334.4503655396984,
  "summary_fg_mean": 916.1879272460938,
  "summary_fg_median": 846.1451416015625,
  "summary_fg_n": 23006.0,
  "summary_fg_p05": 465.3588638305664,
  "summary_fg_p95": 1592.9771728515625,
  "summary_fg_stdv": 357.6156005859375,
  "tsnr": 69.96365989558399
}