{
  "aor": 0.021558655913978493,
  "aqi": 0.017590119086021504,
  "bids_meta": {
    "AcquisitionNumber": 1,
    "AcquisitionTime": "09:54:34.072500",
    "BandwidthPerPixelPhaseEncode": 28.409,
    "BodyPartExamined": "BRAIN",
    "ConversionSoftware": "dcm2niix",
    "ConversionSoftwareVersion": "v1.0.20170724 GCC4.4.7",
    "DeviceSerialNumber": "167004",
    "EchoTime": 0.03,
    "EchoTrainLength": 64,
    "EffectiveEchoSpacing": 0.000550002,
    "FlipAngle": 80,
    "ImageType": [
      "ORIGINAL",
      "PRIMARY",
      "M",
      "ND",
      "MOSAIC"
    ],
    "InstitutionAddress": "Mikeletegi_69_San_Sebastian_District_ES_20009",
    "InstitutionName": "BCBL",
    "MagneticFieldStrength": 3,
    "Manufacturer": "Siemens",
    "ManufacturersModelName": "Prisma_fit",
    "PhaseEncodingDirection": "j-",
    "PhaseEncodingLines": 64,
    "ProcedureStepDescription": "CRANEO_FUNCIONAL",
    "ProtocolName": "ep2d_PiN_L1_Run2",
    "RepetitionTime": 2,
    "ScanningSequence": "EP",
    "SequenceName": "_epfid2d1_64",
    "SequenceVariant": "SK",
    "SeriesDescription": "ep2d_PiN_L3_Run2",
    "SliceTiming": [
      1.9175,
      1.8575,
      1.795,
      1.7325,
      1.67,
      1.61,
      1.5475,
      1.485,
      1.4225,
      1.3625,
      1.3,
      1.2375,
      1.175,
      1.115,
      1.0525,
      0.99,
      0.9275,
      0.8675,
      0.805,
      0.7425,
      0.68,
      0.62,
      0.5575,
      0.495,
      0.4325,
      0.3725,
      0.31,
      0.2475,
      0.185,
      0.125,
      0.0625,
      0
    ],
    "SoftwareVersions": "syngo_MR_E11",
    "TaskName": "compL1",
    "TotalReadoutTime": 0.0346501,
    "dataset": "ds003545",
    "modality": "bold",
    "run_id": 2,
    "session_id": "01",
    "subject_id": "15",
    "task_id": "compL1"
  },
  "dummy_trs": 0,
  "dvars_nstd": 58.82346476999994,
  "dvars_std": 1.3296754578918915,
  "dvars_vstd": 1.1279851192972974,
  "efc": 0.5272131990576134,
  "fber": 1156.461669921875,
  "fd_mean": 0.8787607755014254,
  "fd_num": 158,
  "fd_perc": 84.94623655913979,
  "fwhm_avg": 2.65842503030303,
  "fwhm_x": 2.508768,
  "fwhm_y": 2.8433570909090906,
  "fwhm_z": 2.62315,
  "gcor": 0.0469774,
  "gsr_x": -0.011938527226448059,
  "gsr_y": 0.07891036570072174,
  "provenance": {
    "md5sum": "5ccb22717251bda5c9b9f79a3955f58d",
    "settings": {
      "fd_thres": 0.2,
      "testing": false
    },
    "software": "mriqc",
    "version": "22.0.6",
    "webapi_port": null,
    "webapi_url": "https://mriqc.nimh.nih.gov/api/v1"
  },
  "size_t": 186,
  "size_x": 64,
  "size_y": 64,
  "size_z": 32,
  "snr": 2.7289237293319117,
  "spacing_tr": 2.0,
  "spacing_x": 3.4375,
  "spacing_y": 3.4375,
  "spacing_z": 4.0,
  "summary_bg_k": 20.211100972920118,
  "summary_bg_mad": 7.086203358633174,
  "summary_bg_mean": 58.937923431396484,
  "summary_bg_median": 21.182796478271484,
  "summary_bg_n": 77139.0,
  "summary_bg_p05": 14.650537490844727,
  "summary_bg_p95": 262.4586120605467,
  "summary_bg_stdv": 99.82182312011719,
  "summary_fg_k": 0.6094734791694321,
  "summary_fg_mad": 273.42057089078224,
  "summary_fg_mean": 779.2517700195312,
  "summary_fg_median": 740.1881713867188,
  "summary_fg_n": 23381.0,
  "summary_fg_p05": 409.45159912109375,
  "summary_fg_p95": 1276.04833984375,
  "summary_fg_stdv": 271.2323303222656,
  "tsnr": 28.79697935882723
}