{
  "bids_meta": {
    "AcquisitionNumber": 1,
    "AcquisitionTime": "13:23:1.377500",
    "ConversionSoftware": "dcm2niix",
    "ConversionSoftwareVersion": "v1.0.20170724 GCC4.4.7",
    "DeviceSerialNumber": "35414",
    "EchoTime": 0.00297,
    "FlipAngle": 7,
    "ImageType": [
      "ORIGINAL",
      "PRIMARY",
      "M",
      "ND",
      "NORM"
    ],
    "InstitutionAddress": "Mikeletegi_69_San_Sebastian_District_ES_20009",
    "InstitutionName": "BCBL",
    "InversionTime": 1.1,
    "MagneticFieldStrength": 3,
    "Manufacturer": "Siemens",
    "ManufacturersModelName": "TrioTim",
    "PhaseEncodingDirection": "i-",
    "PhaseEncodingLines": 256,
    "ProcedureStepDescription": "CRANEO_FUNCIONAL",
    "ProtocolName": "t1_mpr_tra_p2_iso",
    "RepetitionTime": 2.53,
    "ScanningSequence": "GR_IR",
    "SequenceName": "_tfl3d1",
    "SequenceVariant": "SP_MP_OSP",
    "SeriesDescription": "t1_mpr_tra_p2_iso",
    "SoftwareVersions": "syngo_MR_B17",
    "dataset": "ds003545",
    "modality": "T1w",
    "session_id": "02",
    "subject_id": "04"
  },
  "cjv": 0.3270781844983483,
  "cnr": 4.115825151086685,
  "efc": 0.5326836411577897,
  "fber": -1.0,
  "fwhm_avg": 4.134943333333333,
  "fwhm_x": 3.93721,
  "fwhm_y": 4.53565,
  "fwhm_z": 3.93197,
  "icvs_csf": 0.17935324181525136,
  "icvs_gm": 0.48649733822270447,
  "icvs_wm": 0.33414941996204417,
  "inu_med": 0.45876187086105347,
  "inu_range": 0.20598008930683132,
  "provenance": {
    "md5sum": "5760beb21406dfa30bb513765d8c998c",
    "settings": {
      "testing": false
    },
    "software": "mriqc",
    "version": "22.0.6",
    "warnings": {
      "large_rot_frame": true,
      "small_air_mask": false
    },
    "webapi_port": null,
    "webapi_url": "https://mriqc.nimh.nih.gov/api/v1"
  },
  "qi_1": 0.0,
  "qi_2": 0.02630711153881395,
  "rpve_csf": 32.40144859575478,
  "rpve_gm": 13.524853305113501,
  "rpve_wm": 21.322163716476734,
  "size_x": 256,
  "size_y": 256,
  "size_z": 176,
  "snr_csf": 2.05239343061298,
  "snr_gm": 14.13656102250953,
  "snr_total": 13.914176631320991,
  "snr_wm": 25.553575440840465,
  "snrd_csf": 34.43568640672897,
  "snrd_gm": 81.7924486222384,
  "snrd_total": 75.99803147627443,
  "snrd_wm": 111.76595939985593,
  "spacing_x": 1.0,
  "spacing_y": 1.0,
  "spacing_z": 1.0,
  "summary_bg_k": 7.875062177266299,
  "summary_bg_mad": 0.0,
  "summary_bg_mean": 3.3206357853963495,
  "summary_bg_median": 0.0,
  "summary_bg_n": 2043018.0,
  "summary_bg_p05": 0.0,
  "summary_bg_p95": 15.41903281211853,
  "summary_bg_stdv": 5.861680972577772,
  "summary_csf_k": 3.5341557768779044,
  "summary_csf_mad": 153.74567089884098,
  "summary_csf_mean": 316.12423636868783,
  "summary_csf_median": 308.10531637072563,
  "summary_csf_n": 18485.0,
  "summary_csf_p05": 83.49681607633829,
  "summary_csf_p95": 548.504558303952,
  "summary_csf_stdv": 150.11594645284012,
  "summary_gm_k": 0.025318257008515754,
  "summary_gm_mad": 51.79284963900551,
  "summary_gm_mean": 730.9359840567862,
  "summary_gm_median": 731.8189613483846,
  "summary_gm_n": 50476.0,
  "summary_gm_p05": 643.4606756633148,
  "summary_gm_p95": 813.8014081306756,
  "summary_gm_stdv": 51.76730825621437,
  "summary_wm_k": 0.7929760683545548,
  "summary_wm_mad": 35.923316399861946,
  "summary_wm_mean": 999.4895057967105,
  "summary_wm_median": 999.999996330589,
  "summary_wm_n": 148911.0,
  "summary_wm_p05": 934.1937670074403,
  "summary_wm_p95": 1062.4333122260869,
  "summary_wm_stdv": 39.133335408571845,
  "tpm_overlap_csf": 0.1389270861668864,
  "tpm_overlap_gm": 0.4866314299029078,
  "tpm_overlap_wm": 0.49510252953328376,
  "wm2max": 0.5099545569147558
}