{
  "aor": 0.0033528806584362143,
  "aqi": 0.004343690987654322,
  "bids_meta": {
    "AcquisitionNumber": 1,
    "AcquisitionTime": "14:11:42.175000",
    "BandwidthPerPixelPhaseEncode": 29.481,
    "ConversionSoftware": "dcm2niix",
    "ConversionSoftwareVersion": "v1.0.20170724 GCC4.4.7",
    "DeviceSerialNumber": "35414",
    "EchoTime": 0.025,
    "EffectiveEchoSpacing": 0.000530002,
    "FlipAngle": 90,
    "ImageType": [
      "ORIGINAL",
      "PRIMARY",
      "M",
      "ND",
      "MOSAIC"
    ],
    "InstitutionAddress": "Mikeletegi_69_San_Sebastian_District_ES_20009",
    "InstitutionName": "BCBL",
    "MagneticFieldStrength": 3,
    "Manufacturer": "Siemens",
    "ManufacturersModelName": "TrioTim",
    "PhaseEncodingDirection": "j-",
    "PhaseEncodingLines": 64,
    "ProcedureStepDescription": "CRANEO_FUNCIONAL",
    "ProtocolName": "ep2d_VF_L3_Run2",
    "RepetitionTime": 3,
    "ScanningSequence": "EP",
    "SequenceName": "_epfid2d1_64",
    "SequenceVariant": "SK",
    "SeriesDescription": "ep2d_VF_L3_Run2",
    "SliceTiming": [
      2.9225,
      2.8525,
      2.7825,
      2.7125,
      2.645,
      2.575,
      2.505,
      2.435,
      2.365,
      2.295,
      2.2275,
      2.1575,
      2.0875,
      2.0175,
      1.9475,
      1.8775,
      1.81,
      1.74,
      1.67,
      1.6,
      1.53,
      1.46,
      1.3925,
      1.3225,
      1.2525,
      1.1825,
      1.1125,
      1.0425,
      0.975,
      0.905,
      0.835,
      0.765,
      0.695,
      0.6275,
      0.5575,
      0.4875,
      0.4175,
      0.3475,
      0.2775,
      0.21,
      0.14,
      0.07,
      0
    ],
    "SoftwareVersions": "syngo_MR_B17",
    "TaskName": "prodLn",
    "TotalReadoutTime": 0.0333901,
    "dataset": "ds003545",
    "modality": "bold",
    "run_id": 2,
    "session_id": "01",
    "subject_id": "24",
    "task_id": "prodLn"
  },
  "dummy_trs": 0,
  "dvars_nstd": 31.38168665987604,
  "dvars_std": 1.3441910071074363,
  "dvars_vstd": 1.0330969850413227,
  "efc": 0.5759653031819579,
  "fber": 343.235595703125,
  "fd_mean": 0.18025383089459998,
  "fd_num": 79,
  "fd_perc": 32.510288065843625,
  "fwhm_avg": 3.4055502181350215,
  "fwhm_x": 3.2726566666666668,
  "fwhm_y": 3.598266666666667,
  "fwhm_z": 3.3457273210717307,
  "gcor": 0.0521584,
  "gsr_x": -0.02296731248497963,
  "gsr_y": 0.13336217403411865,
  "provenance": {
    "md5sum": "f3b1d5127d4de17de436eaa2ea531834",
    "settings": {
      "fd_thres": 0.2,
      "testing": false
    },
    "software": "mriqc",
    "version": "22.0.6",
    "webapi_port": null,
    "webapi_url": "https://mriqc.nimh.nih.gov/api/v1"
  },
  "size_t": 243,
  "size_x": 64,
  "size_y": 64,
  "size_z": 43,
  "snr": 1.9729065604795,
  "spacing_tr": 3.0,
  "spacing_x": 3.0,
  "spacing_y": 3.0,
  "spacing_z": 3.299999952316284,
  "summary_bg_k": 25.420590481687185,
  "summary_bg_mad": 18.361692302654177,
  "summary_bg_mean": 86.68566131591797,
  "summary_bg_median": 40.09670639038086,
  "summary_bg_n": 94544.0,
  "summary_bg_p05": 26.724279403686523,
  "summary_bg_p95": 305.02407073974604,
  "summary_bg_stdv": 127.39090728759766,
  "summary_fg_k": 3.3589871341141198,
  "summary_fg_mad": 269.7603966638465,
  "summary_fg_mean": 862.4036865234375,
  "summary_fg_median": 756.3333129882812,
  "summary_fg_n": 42139.0,
  "summary_fg_p05": 461.33949584960936,
  "summary_fg_p95": 1677.5752441406248,
  "summary_fg_stdv": 383.3553771972656,
  "tsnr": 66.3890879106475
}