{
  "aor": 0.0012002057613168724,
  "aqi": 0.0033264013168724277,
  "bids_meta": {
    "AcquisitionNumber": 1,
    "AcquisitionTime": "13:58:19.527500",
    "BandwidthPerPixelPhaseEncode": 29.481,
    "ConversionSoftware": "dcm2niix",
    "ConversionSoftwareVersion": "v1.0.20170724 GCC4.4.7",
    "DeviceSerialNumber": "35414",
    "EchoTime": 0.025,
    "EffectiveEchoSpacing": 0.000530002,
    "FlipAngle": 90,
    "ImageType": [
      "ORIGINAL",
      "PRIMARY",
      "M",
      "ND",
      "MOSAIC"
    ],
    "InstitutionAddress": "Mikeletegi_69_San_Sebastian_District_ES_20009",
    "InstitutionName": "BCBL",
    "MagneticFieldStrength": 3,
    "Manufacturer": "Siemens",
    "ManufacturersModelName": "TrioTim",
    "PhaseEncodingDirection": "j-",
    "PhaseEncodingLines": 64,
    "ProcedureStepDescription": "CRANEO_FUNCIONAL",
    "ProtocolName": "ep2d_VF_L3_Run1",
    "RepetitionTime": 3,
    "ScanningSequence": "EP",
    "SequenceName": "_epfid2d1_64",
    "SequenceVariant": "SK",
    "SeriesDescription": "ep2d_VF_L3_Run1",
    "SliceTiming": [
      2.9225,
      2.8525,
      2.7825,
      2.715,
      2.645,
      2.575,
      2.505,
      2.435,
      2.365,
      2.2975,
      2.2275,
      2.1575,
      2.0875,
      2.0175,
      1.9475,
      1.88,
      1.81,
      1.74,
      1.67,
      1.6,
      1.5325,
      1.4625,
      1.3925,
      1.3225,
      1.2525,
      1.1825,
      1.115,
      1.045,
      0.975,
      0.905,
      0.835,
      0.765,
      0.6975,
      0.6275,
      0.5575,
      0.4875,
      0.4175,
      0.3475,
      0.28,
      0.21,
      0.14,
      0.07,
      0
    ],
    "SoftwareVersions": "syngo_MR_B17",
    "TaskName": "prodLn",
    "TotalReadoutTime": 0.0333901,
    "dataset": "ds003545",
    "modality": "bold",
    "run_id": 1,
    "session_id": "01",
    "subject_id": "24",
    "task_id": "prodLn"
  },
  "dummy_trs": 0,
  "dvars_nstd": 30.838099235413246,
  "dvars_std": 1.3673491807024778,
  "dvars_vstd": 1.0071477745867767,
  "efc": 0.5758796246474703,
  "fber": 345.1363830566406,
  "fd_mean": 0.14525550294717401,
  "fd_num": 63,
  "fd_perc": 25.925925925925927,
  "fwhm_avg": 3.3432861773317923,
  "fwhm_x": 3.22631,
  "fwhm_y": 3.5406999999999997,
  "fwhm_z": 3.2628485319953766,
  "gcor": 0.0391179,
  "gsr_x": -0.022431103512644768,
  "gsr_y": 0.1315145194530487,
  "provenance": {
    "md5sum": "1c63af398d36e76b1dd7184aa678391c",
    "settings": {
      "fd_thres": 0.2,
      "testing": false
    },
    "software": "mriqc",
    "version": "22.0.6",
    "webapi_port": null,
    "webapi_url": "https://mriqc.nimh.nih.gov/api/v1"
  },
  "size_t": 243,
  "size_x": 64,
  "size_y": 64,
  "size_z": 43,
  "snr": 1.9754628616062835,
  "spacing_tr": 3.0,
  "spacing_x": 3.0,
  "spacing_y": 3.0,
  "spacing_z": 3.299999952316284,
  "summary_bg_k": 26.443026056796434,
  "summary_bg_mad": 18.23661979761442,
  "summary_bg_mean": 86.31201934814453,
  "summary_bg_median": 39.98353958129883,
  "summary_bg_n": 94351.0,
  "summary_bg_p05": 26.876543045043945,
  "summary_bg_p95": 304.67694091796875,
  "summary_bg_stdv": 127.30526733398438,
  "summary_fg_k": 3.491130818119471,
  "summary_fg_mad": 267.8385518203027,
  "summary_fg_mean": 861.802734375,
  "summary_fg_median": 756.3497924804688,
  "summary_fg_n": 42121.0,
  "summary_fg_p05": 461.8312683105469,
  "summary_fg_p95": 1675.592529296875,
  "summary_fg_stdv": 382.8676452636719,
  "tsnr": 76.6290847286582
}