{
  "aor": 0.01277806451612903,
  "aqi": 0.005128173010752688,
  "bids_meta": {
    "AcquisitionNumber": 1,
    "AcquisitionTime": "15:23:33.795000",
    "BandwidthPerPixelPhaseEncode": 28.409,
    "ConversionSoftware": "dcm2niix",
    "ConversionSoftwareVersion": "v1.0.20170724 GCC4.4.7",
    "DeviceSerialNumber": "35414",
    "EchoTime": 0.03,
    "EffectiveEchoSpacing": 0.000550002,
    "FlipAngle": 80,
    "ImageType": [
      "ORIGINAL",
      "PRIMARY",
      "FMRI",
      "NONE",
      "ND",
      "MOSAIC"
    ],
    "InstitutionAddress": "Mikeletegi_69_San_Sebastian_District_ES_20009",
    "InstitutionName": "BCBL",
    "MagneticFieldStrength": 3,
    "Manufacturer": "Siemens",
    "ManufacturersModelName": "TrioTim",
    "PhaseEncodingDirection": "j-",
    "PhaseEncodingLines": 64,
    "ProcedureStepDescription": "CRANEO_FUNCIONAL",
    "ProtocolName": "ep2d_PiN_L1_Run2",
    "RepetitionTime": 2,
    "ScanningSequence": "EP",
    "SequenceName": "_epfid2d1_64",
    "SequenceVariant": "SK",
    "SeriesDescription": "ep2d_PiN_L1_Run2",
    "SliceTiming": [
      1.925,
      1.8625,
      1.8025,
      1.74,
      1.6775,
      1.615,
      1.5525,
      1.49,
      1.43,
      1.3675,
      1.305,
      1.2425,
      1.18,
      1.1175,
      1.055,
      0.995,
      0.9325,
      0.87,
      0.8075,
      0.745,
      0.6825,
      0.6225,
      0.56,
      0.4975,
      0.435,
      0.3725,
      0.31,
      0.2475,
      0.1875,
      0.125,
      0.0625,
      0
    ],
    "SoftwareVersions": "syngo_MR_B17",
    "TaskName": "compL1",
    "TotalReadoutTime": 0.0346501,
    "dataset": "ds003545",
    "modality": "bold",
    "run_id": 2,
    "session_id": "01",
    "subject_id": "24",
    "task_id": "compL1"
  },
  "dummy_trs": 0,
  "dvars_nstd": 23.955859024378388,
  "dvars_std": 1.3986632467567575,
  "dvars_vstd": 1.1151814289729727,
  "efc": 0.5068638521842863,
  "fber": 884.7103881835938,
  "fd_mean": 0.14481561334016588,
  "fd_num": 18,
  "fd_perc": 9.67741935483871,
  "fwhm_avg": 3.1939107575757575,
  "fwhm_x": 3.1697745454545454,
  "fwhm_y": 3.4114327272727274,
  "fwhm_z": 3.000525,
  "gcor": 0.033073,
  "gsr_x": -0.02452433668076992,
  "gsr_y": 0.09039006382226944,
  "provenance": {
    "md5sum": "2b890c7a8822a67da74538566e04aaef",
    "settings": {
      "fd_thres": 0.2,
      "testing": false
    },
    "software": "mriqc",
    "version": "22.0.6",
    "webapi_port": null,
    "webapi_url": "https://mriqc.nimh.nih.gov/api/v1"
  },
  "size_t": 186,
  "size_x": 64,
  "size_y": 64,
  "size_z": 32,
  "snr": 2.0828400755540564,
  "spacing_tr": 2.0,
  "spacing_x": 3.4375,
  "spacing_y": 3.4375,
  "spacing_z": 4.0,
  "summary_bg_k": 47.55745829021434,
  "summary_bg_mad": 8.317717482647886,
  "summary_bg_mean": 45.98183822631836,
  "summary_bg_median": 20.217742919921875,
  "summary_bg_n": 77334.0,
  "summary_bg_p05": 13.956989288330078,
  "summary_bg_p95": 155.02553863525367,
  "summary_bg_stdv": 81.81134796142578,
  "summary_fg_k": 2.8650771444408853,
  "summary_fg_mad": 203.00492870727567,
  "summary_fg_mean": 683.90966796875,
  "summary_fg_median": 602.6881713867188,
  "summary_fg_n": 24163.0,
  "summary_fg_p05": 378.68870849609374,
  "summary_fg_p95": 1306.3886962890624,
  "summary_fg_stdv": 289.35284423828125,
  "tsnr": 78.2520341873169
}