{
  "aor": 0.0011823783783783783,
  "aqi": 0.003644541837837838,
  "bids_meta": {
    "AcquisitionNumber": 1,
    "AcquisitionTime": "13:48:58.862500",
    "BandwidthPerPixelPhaseEncode": 28.409,
    "ConversionSoftware": "dcm2niix",
    "ConversionSoftwareVersion": "v1.0.20170724 GCC4.4.7",
    "DeviceSerialNumber": "35414",
    "EchoTime": 0.03,
    "EffectiveEchoSpacing": 0.000550002,
    "FlipAngle": 80,
    "ImageType": [
      "ORIGINAL",
      "PRIMARY",
      "FMRI",
      "NONE",
      "ND",
      "MOSAIC"
    ],
    "InstitutionAddress": "Mikeletegi_69_San_Sebastian_District_ES_20009",
    "InstitutionName": "BCBL",
    "MagneticFieldStrength": 3,
    "Manufacturer": "Siemens",
    "ManufacturersModelName": "TrioTim",
    "PhaseEncodingDirection": "j-",
    "PhaseEncodingLines": 64,
    "ProcedureStepDescription": "CRANEO_FUNCIONAL",
    "ProtocolName": "ep2d_PiN_L3_Run2",
    "RepetitionTime": 2,
    "ScanningSequence": "EP",
    "SequenceName": "_epfid2d1_64",
    "SequenceVariant": "SK",
    "SeriesDescription": "ep2d_PiN_L3_Run2",
    "SliceTiming": [
      1.925,
      1.8625,
      1.8,
      1.74,
      1.6775,
      1.615,
      1.5525,
      1.49,
      1.4275,
      1.3675,
      1.305,
      1.2425,
      1.18,
      1.1175,
      1.055,
      0.995,
      0.9325,
      0.87,
      0.8075,
      0.745,
      0.6825,
      0.62,
      0.56,
      0.4975,
      0.435,
      0.3725,
      0.31,
      0.2475,
      0.1875,
      0.125,
      0.0625,
      0
    ],
    "SoftwareVersions": "syngo_MR_B17",
    "TaskName": "compLn",
    "TotalReadoutTime": 0.0346501,
    "dataset": "ds003545",
    "modality": "bold",
    "run_id": 2,
    "session_id": "01",
    "subject_id": "24",
    "task_id": "compLn"
  },
  "dummy_trs": 1,
  "dvars_nstd": 25.5923818609239,
  "dvars_std": 1.3302682588586965,
  "dvars_vstd": 0.9873167765217394,
  "efc": 0.5039536796018653,
  "fber": 880.5667114257812,
  "fd_mean": 0.16484076289999927,
  "fd_num": 45,
  "fd_perc": 24.324324324324323,
  "fwhm_avg": 3.3088414458196187,
  "fwhm_x": 3.2456145454545458,
  "fwhm_y": 3.554734792004311,
  "fwhm_z": 3.126175,
  "gcor": 0.0329939,
  "gsr_x": -0.02375202812254429,
  "gsr_y": 0.08441511541604996,
  "provenance": {
    "md5sum": "b8fb404dbd8fcbf252c5fbf3d8f69955",
    "settings": {
      "fd_thres": 0.2,
      "testing": false
    },
    "software": "mriqc",
    "version": "22.0.6",
    "webapi_port": null,
    "webapi_url": "https://mriqc.nimh.nih.gov/api/v1"
  },
  "size_t": 185,
  "size_x": 64,
  "size_y": 64,
  "size_z": 32,
  "snr": 2.040940945306623,
  "spacing_tr": 2.0,
  "spacing_x": 3.4375,
  "spacing_y": 3.437499761581421,
  "spacing_z": 4.0,
  "summary_bg_k": 45.198190035474376,
  "summary_bg_mad": 8.555017032641414,
  "summary_bg_mean": 45.26227951049805,
  "summary_bg_median": 20.256757736206055,
  "summary_bg_n": 77226.0,
  "summary_bg_p05": 14.054054260253906,
  "summary_bg_p95": 150.37568283081055,
  "summary_bg_stdv": 79.9879150390625,
  "summary_fg_k": 3.074440893539758,
  "summary_fg_mad": 204.79148971801519,
  "summary_fg_mean": 690.5609741210938,
  "summary_fg_median": 606.0811157226562,
  "summary_fg_n": 24189.0,
  "summary_fg_p05": 380.0789306640625,
  "summary_fg_p95": 1326.846508789062,
  "summary_fg_stdv": 296.9554748535156,
  "tsnr": 91.33798670489341
}