{
  "aor": 0.007154444444444444,
  "aqi": 0.009008979711934158,
  "bids_meta": {
    "AcquisitionNumber": 1,
    "AcquisitionTime": "10:40:36.730000",
    "BandwidthPerPixelPhaseEncode": 29.481,
    "ConversionSoftware": "dcm2niix",
    "ConversionSoftwareVersion": "v1.0.20170724 GCC4.4.7",
    "DeviceSerialNumber": "35414",
    "EchoTime": 0.025,
    "EffectiveEchoSpacing": 0.000530002,
    "FlipAngle": 90,
    "ImageType": [
      "ORIGINAL",
      "PRIMARY",
      "M",
      "ND",
      "MOSAIC"
    ],
    "InstitutionAddress": "Mikeletegi_69_San_Sebastian_District_ES_20009",
    "InstitutionName": "BCBL",
    "MagneticFieldStrength": 3,
    "Manufacturer": "Siemens",
    "ManufacturersModelName": "TrioTim",
    "PhaseEncodingDirection": "j-",
    "PhaseEncodingLines": 64,
    "ProcedureStepDescription": "CRANEO_FUNCIONAL",
    "ProtocolName": "ep2d_VF_L3_Run2",
    "RepetitionTime": 3,
    "ScanningSequence": "EP",
    "SequenceName": "_epfid2d1_64",
    "SequenceVariant": "SK",
    "SeriesDescription": "ep2d_VF_L3_Run2",
    "SliceTiming": [
      2.9225,
      2.8525,
      2.7825,
      2.7125,
      2.645,
      2.575,
      2.505,
      2.435,
      2.365,
      2.295,
      2.2275,
      2.1575,
      2.0875,
      2.0175,
      1.9475,
      1.88,
      1.81,
      1.74,
      1.67,
      1.6,
      1.53,
      1.4625,
      1.3925,
      1.3225,
      1.2525,
      1.1825,
      1.1125,
      1.045,
      0.975,
      0.905,
      0.835,
      0.765,
      0.695,
      0.6275,
      0.5575,
      0.4875,
      0.4175,
      0.3475,
      0.2775,
      0.21,
      0.14,
      0.07,
      0
    ],
    "SoftwareVersions": "syngo_MR_B17",
    "TaskName": "prodLn",
    "TotalReadoutTime": 0.0333901,
    "dataset": "ds003545",
    "modality": "bold",
    "run_id": 2,
    "session_id": "01",
    "subject_id": "05",
    "task_id": "prodLn"
  },
  "dummy_trs": 0,
  "dvars_nstd": 36.305016296900845,
  "dvars_std": 1.2582820606198346,
  "dvars_vstd": 1.0174408912809914,
  "efc": 0.5495665378635889,
  "fber": 529.220703125,
  "fd_mean": 0.40692797760934324,
  "fd_num": 168,
  "fd_perc": 69.1358024691358,
  "fwhm_avg": 2.599834255161925,
  "fwhm_x": 2.46035,
  "fwhm_y": 2.69458,
  "fwhm_z": 2.644572765485775,
  "gcor": 0.0460714,
  "gsr_x": 0.009337395429611206,
  "gsr_y": 0.04721013084053993,
  "provenance": {
    "md5sum": "1db52a7c7b864e3459b710215c252516",
    "settings": {
      "fd_thres": 0.2,
      "testing": false
    },
    "software": "mriqc",
    "version": "22.0.6",
    "webapi_port": null,
    "webapi_url": "https://mriqc.nimh.nih.gov/api/v1"
  },
  "size_t": 243,
  "size_x": 64,
  "size_y": 64,
  "size_z": 43,
  "snr": 3.6225579907651664,
  "spacing_tr": 3.0,
  "spacing_x": 3.0,
  "spacing_y": 3.0,
  "spacing_z": 3.299999952316284,
  "summary_bg_k": 32.31560606351548,
  "summary_bg_mad": 10.835808003889039,
  "summary_bg_mean": 60.48264694213867,
  "summary_bg_median": 31.8148136138916,
  "summary_bg_n": 106762.0,
  "summary_bg_p05": 23.44444465637207,
  "summary_bg_p95": 189.99979400634766,
  "summary_bg_stdv": 81.92181396484375,
  "summary_fg_k": 0.6523742443530871,
  "summary_fg_mad": 190.66079928631592,
  "summary_fg_mean": 767.1317749023438,
  "summary_fg_median": 734.4649658203125,
  "summary_fg_n": 32694.0,
  "summary_fg_p05": 493.458837890625,
  "summary_fg_p95": 1152.1551147460937,
  "summary_fg_stdv": 202.7445068359375,
  "tsnr": 45.467496026307344
}