{
  "aor": 0.0059983243243243245,
  "aqi": 0.0028170305945945944,
  "bids_meta": {
    "AcquisitionNumber": 1,
    "AcquisitionTime": "11:34:41.667500",
    "BandwidthPerPixelPhaseEncode": 28.409,
    "ConversionSoftware": "dcm2niix",
    "ConversionSoftwareVersion": "v1.0.20170724 GCC4.4.7",
    "DeviceSerialNumber": "35414",
    "EchoTime": 0.03,
    "EffectiveEchoSpacing": 0.000550002,
    "FlipAngle": 80,
    "ImageType": [
      "ORIGINAL",
      "PRIMARY",
      "FMRI",
      "NONE",
      "ND",
      "MOSAIC"
    ],
    "InstitutionAddress": "Mikeletegi_69_San_Sebastian_District_ES_20009",
    "InstitutionName": "BCBL",
    "MagneticFieldStrength": 3,
    "Manufacturer": "Siemens",
    "ManufacturersModelName": "TrioTim",
    "PhaseEncodingDirection": "j-",
    "PhaseEncodingLines": 64,
    "ProcedureStepDescription": "CRANEO_FUNCIONAL",
    "ProtocolName": "ep2d_PiN_L1_Run2",
    "RepetitionTime": 2,
    "ScanningSequence": "EP",
    "SequenceName": "_epfid2d1_64",
    "SequenceVariant": "SK",
    "SeriesDescription": "ep2d_PiN_L1_Run2",
    "SliceTiming": [
      1.925,
      1.8625,
      1.8,
      1.7375,
      1.675,
      1.6125,
      1.5525,
      1.49,
      1.4275,
      1.365,
      1.3025,
      1.24,
      1.18,
      1.1175,
      1.055,
      0.9925,
      0.93,
      0.8675,
      0.805,
      0.745,
      0.6825,
      0.62,
      0.5575,
      0.495,
      0.4325,
      0.3725,
      0.31,
      0.2475,
      0.185,
      0.1225,
      0.06,
      0
    ],
    "SoftwareVersions": "syngo_MR_B17",
    "TaskName": "compL1",
    "TotalReadoutTime": 0.0346501,
    "dataset": "ds003545",
    "modality": "bold",
    "run_id": 2,
    "session_id": "01",
    "subject_id": "05",
    "task_id": "compL1"
  },
  "dummy_trs": 1,
  "dvars_nstd": 18.030186871032612,
  "dvars_std": 1.2572542546195655,
  "dvars_vstd": 1.044671016195652,
  "efc": 0.4674609211925125,
  "fber": 1415.56640625,
  "fd_mean": 0.2047408473557979,
  "fd_num": 80,
  "fd_perc": 43.24324324324324,
  "fwhm_avg": 2.8023451212121215,
  "fwhm_x": 2.683147636363636,
  "fwhm_y": 2.9439127272727275,
  "fwhm_z": 2.779975,
  "gcor": 0.0565546,
  "gsr_x": -0.0034137689508497715,
  "gsr_y": 0.02635768987238407,
  "provenance": {
    "md5sum": "f1f739c64b70076928b07864011a8193",
    "settings": {
      "fd_thres": 0.2,
      "testing": false
    },
    "software": "mriqc",
    "version": "22.0.6",
    "webapi_port": null,
    "webapi_url": "https://mriqc.nimh.nih.gov/api/v1"
  },
  "size_t": 185,
  "size_x": 64,
  "size_y": 64,
  "size_z": 32,
  "snr": 3.0973635229729957,
  "spacing_tr": 2.0,
  "spacing_x": 3.4375,
  "spacing_y": 3.4375,
  "spacing_z": 4.0,
  "summary_bg_k": 58.51532529090825,
  "summary_bg_mad": 5.597826692247422,
  "summary_bg_mean": 31.534757614135742,
  "summary_bg_median": 16.467567443847656,
  "summary_bg_n": 83672.0,
  "summary_bg_p05": 12.108108520507812,
  "summary_bg_p95": 90.82486419677721,
  "summary_bg_stdv": 52.2218132019043,
  "summary_fg_k": 0.7564342707024356,
  "summary_fg_mad": 176.58996855722538,
  "summary_fg_mean": 665.658935546875,
  "summary_fg_median": 622.7838134765625,
  "summary_fg_n": 18957.0,
  "summary_fg_p05": 411.72108764648436,
  "summary_fg_p95": 1068.88974609375,
  "summary_fg_stdv": 201.06370544433594,
  "tsnr": 89.18003590358421
}