{
  "aor": 0.016954301075268817,
  "aqi": 0.005932310268817204,
  "bids_meta": {
    "AcquisitionNumber": 1,
    "AcquisitionTime": "13:57:51.950000",
    "BandwidthPerPixelPhaseEncode": 28.409,
    "ConversionSoftware": "dcm2niix",
    "ConversionSoftwareVersion": "v1.0.20170724 GCC4.4.7",
    "DeviceSerialNumber": "35414",
    "EchoTime": 0.03,
    "EffectiveEchoSpacing": 0.000550002,
    "FlipAngle": 80,
    "ImageType": [
      "ORIGINAL",
      "PRIMARY",
      "FMRI",
      "NONE",
      "ND",
      "MOSAIC"
    ],
    "InstitutionAddress": "Mikeletegi_69_San_Sebastian_District_ES_20009",
    "InstitutionName": "BCBL",
    "MagneticFieldStrength": 3,
    "Manufacturer": "Siemens",
    "ManufacturersModelName": "TrioTim",
    "PhaseEncodingDirection": "j-",
    "PhaseEncodingLines": 64,
    "ProcedureStepDescription": "CRANEO_FUNCIONAL",
    "ProtocolName": "ep2d_PiN_L1_Run2",
    "RepetitionTime": 2,
    "ScanningSequence": "EP",
    "SequenceName": "_epfid2d1_64",
    "SequenceVariant": "SK",
    "SeriesDescription": "ep2d_PiN_L1_Run2",
    "SliceTiming": [
      1.925,
      1.865,
      1.8025,
      1.74,
      1.6775,
      1.615,
      1.5525,
      1.49,
      1.43,
      1.3675,
      1.305,
      1.2425,
      1.18,
      1.1175,
      1.0575,
      0.995,
      0.9325,
      0.87,
      0.8075,
      0.745,
      0.6825,
      0.6225,
      0.56,
      0.4975,
      0.435,
      0.3725,
      0.31,
      0.25,
      0.1875,
      0.125,
      0.0625,
      0
    ],
    "SoftwareVersions": "syngo_MR_B17",
    "TaskName": "compL1",
    "TotalReadoutTime": 0.0346501,
    "dataset": "ds003545",
    "modality": "bold",
    "run_id": 2,
    "session_id": "02",
    "subject_id": "09",
    "task_id": "compL1"
  },
  "dummy_trs": 0,
  "dvars_nstd": 28.47500459816215,
  "dvars_std": 1.4721008558918915,
  "dvars_vstd": 1.1445700452432424,
  "efc": 0.49407441855548057,
  "fber": 1124.3546142578125,
  "fd_mean": 0.2518334722492807,
  "fd_num": 71,
  "fd_perc": 38.17204301075269,
  "fwhm_avg": 3.0706439393939395,
  "fwhm_x": 3.0498036363636367,
  "fwhm_y": 3.2195781818181817,
  "fwhm_z": 2.94255,
  "gcor": 0.0576494,
  "gsr_x": -0.021329589188098907,
  "gsr_y": 0.07027849555015564,
  "provenance": {
    "md5sum": "c040a3e68529009deed983deeeafb972",
    "settings": {
      "fd_thres": 0.2,
      "testing": false
    },
    "software": "mriqc",
    "version": "22.0.6",
    "webapi_port": null,
    "webapi_url": "https://mriqc.nimh.nih.gov/api/v1"
  },
  "size_t": 186,
  "size_x": 64,
  "size_y": 64,
  "size_z": 32,
  "snr": 2.4664770704273122,
  "spacing_tr": 2.0,
  "spacing_x": 3.4375,
  "spacing_y": 3.4375,
  "spacing_z": 4.0,
  "summary_bg_k": 44.69376580686935,
  "summary_bg_mad": 6.615913885761373,
  "summary_bg_mean": 41.319114685058594,
  "summary_bg_median": 19.177419662475586,
  "summary_bg_n": 79669.0,
  "summary_bg_p05": 14.290322303771973,
  "summary_bg_p95": 152.59999999999948,
  "summary_bg_stdv": 65.1493911743164,
  "summary_fg_k": 3.0962543818403745,
  "summary_fg_mad": 200.97232305346265,
  "summary_fg_mean": 712.7064819335938,
  "summary_fg_median": 651.6881713867188,
  "summary_fg_n": 21699.0,
  "summary_fg_p05": 412.6021392822266,
  "summary_fg_p95": 1256.3828002929686,
  "summary_fg_stdv": 264.2121276855469,
  "tsnr": 65.48950462113135
}