{
  "aor": 0.008154773662551441,
  "aqi": 0.006786937119341564,
  "bids_meta": {
    "AcquisitionNumber": 1,
    "AcquisitionTime": "13:11:42.630000",
    "BandwidthPerPixelPhaseEncode": 29.481,
    "ConversionSoftware": "dcm2niix",
    "ConversionSoftwareVersion": "v1.0.20170724 GCC4.4.7",
    "DeviceSerialNumber": "35414",
    "EchoTime": 0.025,
    "EffectiveEchoSpacing": 0.000530002,
    "FlipAngle": 90,
    "ImageType": [
      "ORIGINAL",
      "PRIMARY",
      "M",
      "ND",
      "MOSAIC"
    ],
    "InstitutionAddress": "Mikeletegi_69_San_Sebastian_District_ES_20009",
    "InstitutionName": "BCBL",
    "MagneticFieldStrength": 3,
    "Manufacturer": "Siemens",
    "ManufacturersModelName": "TrioTim",
    "PhaseEncodingDirection": "j-",
    "PhaseEncodingLines": 64,
    "ProcedureStepDescription": "CRANEO_FUNCIONAL",
    "ProtocolName": "ep2d_VF_L3_Run1",
    "RepetitionTime": 3,
    "ScanningSequence": "EP",
    "SequenceName": "_epfid2d1_64",
    "SequenceVariant": "SK",
    "SeriesDescription": "ep2d_VF_L3_Run1",
    "SliceTiming": [
      2.92,
      2.8525,
      2.7825,
      2.7125,
      2.6425,
      2.5725,
      2.5025,
      2.435,
      2.365,
      2.295,
      2.225,
      2.155,
      2.085,
      2.0175,
      1.9475,
      1.8775,
      1.8075,
      1.7375,
      1.67,
      1.6,
      1.53,
      1.46,
      1.39,
      1.32,
      1.2525,
      1.1825,
      1.1125,
      1.0425,
      0.9725,
      0.9025,
      0.835,
      0.765,
      0.695,
      0.625,
      0.555,
      0.485,
      0.4175,
      0.3475,
      0.2775,
      0.2075,
      0.1375,
      0.0675,
      0
    ],
    "SoftwareVersions": "syngo_MR_B17",
    "TaskName": "prodLn",
    "TotalReadoutTime": 0.0333901,
    "dataset": "ds003545",
    "modality": "bold",
    "run_id": 1,
    "session_id": "02",
    "subject_id": "09",
    "task_id": "prodLn"
  },
  "dummy_trs": 0,
  "dvars_nstd": 38.148600262975215,
  "dvars_std": 1.3432349721900827,
  "dvars_vstd": 1.0356507791735534,
  "efc": 0.5614045757812924,
  "fber": 481.0256042480469,
  "fd_mean": 0.30148059157480145,
  "fd_num": 122,
  "fd_perc": 50.205761316872426,
  "fwhm_avg": 3.1677229444515933,
  "fwhm_x": 3.16501,
  "fwhm_y": 3.1909466666666666,
  "fwhm_z": 3.1472121666881123,
  "gcor": 0.0225556,
  "gsr_x": -0.015069790184497833,
  "gsr_y": 0.10021502524614334,
  "provenance": {
    "md5sum": "a3905cf79622e598fb83bdccb041d98c",
    "settings": {
      "fd_thres": 0.2,
      "testing": false
    },
    "software": "mriqc",
    "version": "22.0.6",
    "webapi_port": null,
    "webapi_url": "https://mriqc.nimh.nih.gov/api/v1"
  },
  "size_t": 243,
  "size_x": 64,
  "size_y": 64,
  "size_z": 43,
  "snr": 2.300693913207183,
  "spacing_tr": 3.0,
  "spacing_x": 3.0,
  "spacing_y": 3.0,
  "spacing_z": 3.299999952316284,
  "summary_bg_k": 22.424532525098154,
  "summary_bg_mad": 11.628968858329932,
  "summary_bg_mean": 76.79249572753906,
  "summary_bg_median": 36.15226364135742,
  "summary_bg_n": 98845.0,
  "summary_bg_p05": 27.744855880737305,
  "summary_bg_p95": 283.83210449218683,
  "summary_bg_stdv": 104.38355255126953,
  "summary_fg_k": 3.7831325340606536,
  "summary_fg_mad": 263.1740648051538,
  "summary_fg_mean": 897.562744140625,
  "summary_fg_median": 814.47119140625,
  "summary_fg_n": 37948.0,
  "summary_fg_p05": 504.10718994140626,
  "summary_fg_p95": 1626.4283203125,
  "summary_fg_stdv": 354.0064392089844,
  "tsnr": 51.438436012133025
}