{
  "aor": 0.01024909465020576,
  "aqi": 0.010812861522633745,
  "bids_meta": {
    "AcquisitionNumber": 1,
    "AcquisitionTime": "14:06:29.320000",
    "BandwidthPerPixelPhaseEncode": 29.481,
    "ConversionSoftware": "dcm2niix",
    "ConversionSoftwareVersion": "v1.0.20170724 GCC4.4.7",
    "DeviceSerialNumber": "35414",
    "EchoTime": 0.025,
    "EffectiveEchoSpacing": 0.000530002,
    "FlipAngle": 90,
    "ImageType": [
      "ORIGINAL",
      "PRIMARY",
      "M",
      "ND",
      "MOSAIC"
    ],
    "InstitutionAddress": "Mikeletegi_69_San_Sebastian_District_ES_20009",
    "InstitutionName": "BCBL",
    "MagneticFieldStrength": 3,
    "Manufacturer": "Siemens",
    "ManufacturersModelName": "TrioTim",
    "PhaseEncodingDirection": "j-",
    "PhaseEncodingLines": 64,
    "ProcedureStepDescription": "CRANEO_FUNCIONAL",
    "ProtocolName": "ep2d_VF_L1_Run1",
    "RepetitionTime": 3,
    "ScanningSequence": "EP",
    "SequenceName": "_epfid2d1_64",
    "SequenceVariant": "SK",
    "SeriesDescription": "ep2d_VF_L1_Run1",
    "SliceTiming": [
      2.9225,
      2.8525,
      2.7825,
      2.7125,
      2.6425,
      2.5725,
      2.505,
      2.435,
      2.365,
      2.295,
      2.225,
      2.155,
      2.0875,
      2.0175,
      1.9475,
      1.8775,
      1.8075,
      1.74,
      1.67,
      1.6,
      1.53,
      1.46,
      1.39,
      1.3225,
      1.2525,
      1.1825,
      1.1125,
      1.0425,
      0.9725,
      0.905,
      0.835,
      0.765,
      0.695,
      0.625,
      0.555,
      0.4875,
      0.4175,
      0.3475,
      0.2775,
      0.2075,
      0.14,
      0.07,
      0
    ],
    "SoftwareVersions": "syngo_MR_B17",
    "TaskName": "prodL1",
    "TotalReadoutTime": 0.0333901,
    "dataset": "ds003545",
    "modality": "bold",
    "run_id": 1,
    "session_id": "02",
    "subject_id": "09",
    "task_id": "prodL1"
  },
  "dummy_trs": 0,
  "dvars_nstd": 52.51509181702475,
  "dvars_std": 1.3239620374793384,
  "dvars_vstd": 1.049479437727273,
  "efc": 0.5670213118161916,
  "fber": 447.3869323730469,
  "fd_mean": 0.5975819833955945,
  "fd_num": 192,
  "fd_perc": 79.01234567901234,
  "fwhm_avg": 3.224251328226632,
  "fwhm_x": 3.2046266666666665,
  "fwhm_y": 3.3340666666666667,
  "fwhm_z": 3.1340606513465628,
  "gcor": 0.0472855,
  "gsr_x": -0.016664372757077217,
  "gsr_y": 0.10756809264421463,
  "provenance": {
    "md5sum": "29a06755c3d4deec1b87d6104c7536f3",
    "settings": {
      "fd_thres": 0.2,
      "testing": false
    },
    "software": "mriqc",
    "version": "22.0.6",
    "webapi_port": null,
    "webapi_url": "https://mriqc.nimh.nih.gov/api/v1"
  },
  "size_t": 243,
  "size_x": 64,
  "size_y": 64,
  "size_z": 43,
  "snr": 2.3264044070685737,
  "spacing_tr": 3.0,
  "spacing_x": 3.0,
  "spacing_y": 3.0,
  "spacing_z": 3.299999952316284,
  "summary_bg_k": 22.226665239100537,
  "summary_bg_mad": 14.289111645774586,
  "summary_bg_mean": 81.96417999267578,
  "summary_bg_median": 37.518516540527344,
  "summary_bg_n": 98953.0,
  "summary_bg_p05": 26.958847045898438,
  "summary_bg_p95": 303.6288024902343,
  "summary_bg_stdv": 111.88582611083984,
  "summary_fg_k": 3.5450743928099424,
  "summary_fg_mad": 265.55049047417754,
  "summary_fg_mean": 897.4407958984375,
  "summary_fg_median": 816.899169921875,
  "summary_fg_n": 37760.0,
  "summary_fg_p05": 504.97507629394534,
  "summary_fg_p95": 1618.8452026367179,
  "summary_fg_stdv": 351.1377258300781,
  "tsnr": 38.51347370527219
}