{
  "aor": 0.006648312757201646,
  "aqi": 0.006657858024691358,
  "bids_meta": {
    "AcquisitionNumber": 1,
    "AcquisitionTime": "13:25:7.405000",
    "BandwidthPerPixelPhaseEncode": 29.481,
    "ConversionSoftware": "dcm2niix",
    "ConversionSoftwareVersion": "v1.0.20170724 GCC4.4.7",
    "DeviceSerialNumber": "35414",
    "EchoTime": 0.025,
    "EffectiveEchoSpacing": 0.000530002,
    "FlipAngle": 90,
    "ImageType": [
      "ORIGINAL",
      "PRIMARY",
      "M",
      "ND",
      "MOSAIC"
    ],
    "InstitutionAddress": "Mikeletegi_69_San_Sebastian_District_ES_20009",
    "InstitutionName": "BCBL",
    "MagneticFieldStrength": 3,
    "Manufacturer": "Siemens",
    "ManufacturersModelName": "TrioTim",
    "PhaseEncodingDirection": "j-",
    "PhaseEncodingLines": 64,
    "ProcedureStepDescription": "CRANEO_FUNCIONAL",
    "ProtocolName": "ep2d_VF_L3_Run2",
    "RepetitionTime": 3,
    "ScanningSequence": "EP",
    "SequenceName": "_epfid2d1_64",
    "SequenceVariant": "SK",
    "SeriesDescription": "ep2d_VF_L3_Run2",
    "SliceTiming": [
      2.9225,
      2.8525,
      2.7825,
      2.7125,
      2.6425,
      2.575,
      2.505,
      2.435,
      2.365,
      2.295,
      2.225,
      2.1575,
      2.0875,
      2.0175,
      1.9475,
      1.8775,
      1.8075,
      1.74,
      1.67,
      1.6,
      1.53,
      1.46,
      1.39,
      1.3225,
      1.2525,
      1.1825,
      1.1125,
      1.0425,
      0.975,
      0.905,
      0.835,
      0.765,
      0.695,
      0.625,
      0.5575,
      0.4875,
      0.4175,
      0.3475,
      0.2775,
      0.2075,
      0.14,
      0.07,
      0
    ],
    "SoftwareVersions": "syngo_MR_B17",
    "TaskName": "prodLn",
    "TotalReadoutTime": 0.0333901,
    "dataset": "ds003545",
    "modality": "bold",
    "run_id": 2,
    "session_id": "02",
    "subject_id": "09",
    "task_id": "prodLn"
  },
  "dummy_trs": 0,
  "dvars_nstd": 36.39875703623966,
  "dvars_std": 1.3661556115702485,
  "dvars_vstd": 1.0390304097107441,
  "efc": 0.5617342382706505,
  "fber": 490.6539306640625,
  "fd_mean": 0.278021584332214,
  "fd_num": 108,
  "fd_perc": 44.44444444444444,
  "fwhm_avg": 3.1687665807787404,
  "fwhm_x": 3.149923333333333,
  "fwhm_y": 3.2167399999999997,
  "fwhm_z": 3.139636409002888,
  "gcor": 0.0473066,
  "gsr_x": -0.014519862830638885,
  "gsr_y": 0.10165753960609436,
  "provenance": {
    "md5sum": "512f824e30717ce1a2b2c4972adf9bf0",
    "settings": {
      "fd_thres": 0.2,
      "testing": false
    },
    "software": "mriqc",
    "version": "22.0.6",
    "webapi_port": null,
    "webapi_url": "https://mriqc.nimh.nih.gov/api/v1"
  },
  "size_t": 243,
  "size_x": 64,
  "size_y": 64,
  "size_z": 43,
  "snr": 2.301423200436781,
  "spacing_tr": 3.0,
  "spacing_x": 3.0,
  "spacing_y": 3.0,
  "spacing_z": 3.299999952316284,
  "summary_bg_k": 22.33080587551934,
  "summary_bg_mad": 12.275701365228178,
  "summary_bg_mean": 77.7911605834961,
  "summary_bg_median": 35.786006927490234,
  "summary_bg_n": 98738.0,
  "summary_bg_p05": 26.90946388244629,
  "summary_bg_p95": 292.12941741943354,
  "summary_bg_stdv": 107.59674835205078,
  "summary_fg_k": 3.6224941095252774,
  "summary_fg_mad": 264.0953522310941,
  "summary_fg_mean": 900.0901489257812,
  "summary_fg_median": 816.3785400390625,
  "summary_fg_n": 37984.0,
  "summary_fg_p05": 504.0458755493164,
  "summary_fg_p95": 1631.544995117187,
  "summary_fg_stdv": 354.7230224609375,
  "tsnr": 51.9219629871659
}