{
  "aor": 0.009035430107526884,
  "aqi": 0.00596456747311828,
  "bids_meta": {
    "AcquisitionNumber": 1,
    "AcquisitionTime": "13:50:3.385000",
    "BandwidthPerPixelPhaseEncode": 28.409,
    "ConversionSoftware": "dcm2niix",
    "ConversionSoftwareVersion": "v1.0.20170724 GCC4.4.7",
    "DeviceSerialNumber": "35414",
    "EchoTime": 0.03,
    "EffectiveEchoSpacing": 0.000550002,
    "FlipAngle": 80,
    "ImageType": [
      "ORIGINAL",
      "PRIMARY",
      "FMRI",
      "NONE",
      "ND",
      "MOSAIC"
    ],
    "InstitutionAddress": "Mikeletegi_69_San_Sebastian_District_ES_20009",
    "InstitutionName": "BCBL",
    "MagneticFieldStrength": 3,
    "Manufacturer": "Siemens",
    "ManufacturersModelName": "TrioTim",
    "PhaseEncodingDirection": "j-",
    "PhaseEncodingLines": 64,
    "ProcedureStepDescription": "CRANEO_FUNCIONAL",
    "ProtocolName": "ep2d_PiN_L1_Run1",
    "RepetitionTime": 2,
    "ScanningSequence": "EP",
    "SequenceName": "_epfid2d1_64",
    "SequenceVariant": "SK",
    "SeriesDescription": "ep2d_PiN_L1_Run1",
    "SliceTiming": [
      1.925,
      1.8625,
      1.8,
      1.7375,
      1.6775,
      1.615,
      1.5525,
      1.49,
      1.4275,
      1.365,
      1.305,
      1.2425,
      1.18,
      1.1175,
      1.055,
      0.9925,
      0.93,
      0.87,
      0.8075,
      0.745,
      0.6825,
      0.62,
      0.5575,
      0.4975,
      0.435,
      0.3725,
      0.31,
      0.2475,
      0.185,
      0.125,
      0.0625,
      0
    ],
    "SoftwareVersions": "syngo_MR_B17",
    "TaskName": "compL1",
    "TotalReadoutTime": 0.0346501,
    "dataset": "ds003545",
    "modality": "bold",
    "run_id": 1,
    "session_id": "02",
    "subject_id": "09",
    "task_id": "compL1"
  },
  "dummy_trs": 0,
  "dvars_nstd": 29.137542745243234,
  "dvars_std": 1.3310481875675675,
  "dvars_vstd": 1.0329140021621626,
  "efc": 0.4929183500362977,
  "fber": 1167.102294921875,
  "fd_mean": 0.2517390217053054,
  "fd_num": 57,
  "fd_perc": 30.64516129032258,
  "fwhm_avg": 3.039095303030303,
  "fwhm_x": 3.014749090909091,
  "fwhm_y": 3.227461818181818,
  "fwhm_z": 2.875075,
  "gcor": 0.0585708,
  "gsr_x": -0.021512500941753387,
  "gsr_y": 0.07007568329572678,
  "provenance": {
    "md5sum": "42a61131595026381548aed4fe93598d",
    "settings": {
      "fd_thres": 0.2,
      "testing": false
    },
    "software": "mriqc",
    "version": "22.0.6",
    "webapi_port": null,
    "webapi_url": "https://mriqc.nimh.nih.gov/api/v1"
  },
  "size_t": 186,
  "size_x": 64,
  "size_y": 64,
  "size_z": 32,
  "snr": 2.469936858193588,
  "spacing_tr": 2.0,
  "spacing_x": 3.4375,
  "spacing_y": 3.4375,
  "spacing_z": 4.0,
  "summary_bg_k": 44.78891773964608,
  "summary_bg_mad": 6.958664977711198,
  "summary_bg_mean": 41.45964813232422,
  "summary_bg_median": 18.892473220825195,
  "summary_bg_n": 79808.0,
  "summary_bg_p05": 13.5591402053833,
  "summary_bg_p95": 152.44973449707027,
  "summary_bg_stdv": 66.93272399902344,
  "summary_fg_k": 3.023962381479972,
  "summary_fg_mad": 200.52195005288266,
  "summary_fg_mean": 714.5557250976562,
  "summary_fg_median": 653.279541015625,
  "summary_fg_n": 21652.0,
  "summary_fg_p05": 415.45752410888673,
  "summary_fg_p95": 1264.0323120117193,
  "summary_fg_stdv": 264.4862976074219,
  "tsnr": 66.33642999222502
}