{
  "aor": 0.014765783783783782,
  "aqi": 0.005093810783783783,
  "bids_meta": {
    "AcquisitionNumber": 1,
    "AcquisitionTime": "12:55:16.377500",
    "BandwidthPerPixelPhaseEncode": 28.409,
    "ConversionSoftware": "dcm2niix",
    "ConversionSoftwareVersion": "v1.0.20170724 GCC4.4.7",
    "DeviceSerialNumber": "35414",
    "EchoTime": 0.03,
    "EffectiveEchoSpacing": 0.000550002,
    "FlipAngle": 80,
    "ImageType": [
      "ORIGINAL",
      "PRIMARY",
      "FMRI",
      "NONE",
      "ND",
      "MOSAIC"
    ],
    "InstitutionAddress": "Mikeletegi_69_San_Sebastian_District_ES_20009",
    "InstitutionName": "BCBL",
    "MagneticFieldStrength": 3,
    "Manufacturer": "Siemens",
    "ManufacturersModelName": "TrioTim",
    "PhaseEncodingDirection": "j-",
    "PhaseEncodingLines": 64,
    "ProcedureStepDescription": "CRANEO_FUNCIONAL",
    "ProtocolName": "ep2d_PiN_L3_Run1",
    "RepetitionTime": 2,
    "ScanningSequence": "EP",
    "SequenceName": "_epfid2d1_64",
    "SequenceVariant": "SK",
    "SeriesDescription": "ep2d_PiN_L3_Run1",
    "SliceTiming": [
      1.925,
      1.8625,
      1.8,
      1.7375,
      1.675,
      1.615,
      1.5525,
      1.49,
      1.4275,
      1.365,
      1.3025,
      1.2425,
      1.18,
      1.1175,
      1.055,
      0.9925,
      0.93,
      0.87,
      0.8075,
      0.745,
      0.6825,
      0.62,
      0.5575,
      0.495,
      0.435,
      0.3725,
      0.31,
      0.2475,
      0.185,
      0.1225,
      0.0625,
      0
    ],
    "SoftwareVersions": "syngo_MR_B17",
    "TaskName": "compLn",
    "TotalReadoutTime": 0.0346501,
    "dataset": "ds003545",
    "modality": "bold",
    "run_id": 1,
    "session_id": "01",
    "subject_id": "07",
    "task_id": "compLn"
  },
  "dummy_trs": 1,
  "dvars_nstd": 16.12783129288044,
  "dvars_std": 1.0838892850543487,
  "dvars_vstd": 0.9859634710326081,
  "efc": 0.47405490688389146,
  "fber": 855.8744506835938,
  "fd_mean": 0.10929825978819174,
  "fd_num": 19,
  "fd_perc": 10.27027027027027,
  "fwhm_avg": 2.9769369696969696,
  "fwhm_x": 2.923258181818182,
  "fwhm_y": 3.2037527272727275,
  "fwhm_z": 2.8038,
  "gcor": 0.0224959,
  "gsr_x": -0.020467815920710564,
  "gsr_y": 0.053118810057640076,
  "provenance": {
    "md5sum": "d13b3e1f9b550efd7e3555a52c5fd316",
    "settings": {
      "fd_thres": 0.2,
      "testing": false
    },
    "software": "mriqc",
    "version": "22.0.6",
    "webapi_port": null,
    "webapi_url": "https://mriqc.nimh.nih.gov/api/v1"
  },
  "size_t": 185,
  "size_x": 64,
  "size_y": 64,
  "size_z": 32,
  "snr": 2.6487235467002566,
  "spacing_tr": 2.0,
  "spacing_x": 3.4375,
  "spacing_y": 3.4375,
  "spacing_z": 4.0,
  "summary_bg_k": 71.52349232478349,
  "summary_bg_mad": 5.890338390936347,
  "summary_bg_mean": 35.62376022338867,
  "summary_bg_median": 19.972972869873047,
  "summary_bg_n": 84639.0,
  "summary_bg_p05": 14.567567825317383,
  "summary_bg_p95": 103.60648880004874,
  "summary_bg_stdv": 52.76173782348633,
  "summary_fg_k": 3.78832866099419,
  "summary_fg_mad": 164.28834721684075,
  "summary_fg_mean": 642.1347045898438,
  "summary_fg_median": 593.26220703125,
  "summary_fg_n": 18318.0,
  "summary_fg_p05": 387.81622314453125,
  "summary_fg_p95": 1105.3192565917968,
  "summary_fg_stdv": 223.97430419921875,
  "tsnr": 58.93985550804064
}