{
  "aor": 0.015986935483870965,
  "aqi": 0.004474614731182796,
  "bids_meta": {
    "AcquisitionNumber": 1,
    "AcquisitionTime": "13:02:40.282500",
    "BandwidthPerPixelPhaseEncode": 28.409,
    "ConversionSoftware": "dcm2niix",
    "ConversionSoftwareVersion": "v1.0.20170724 GCC4.4.7",
    "DeviceSerialNumber": "35414",
    "EchoTime": 0.03,
    "EffectiveEchoSpacing": 0.000550002,
    "FlipAngle": 80,
    "ImageType": [
      "ORIGINAL",
      "PRIMARY",
      "FMRI",
      "NONE",
      "ND",
      "MOSAIC"
    ],
    "InstitutionAddress": "Mikeletegi_69_San_Sebastian_District_ES_20009",
    "InstitutionName": "BCBL",
    "MagneticFieldStrength": 3,
    "Manufacturer": "Siemens",
    "ManufacturersModelName": "TrioTim",
    "PhaseEncodingDirection": "j-",
    "PhaseEncodingLines": 64,
    "ProcedureStepDescription": "CRANEO_FUNCIONAL",
    "ProtocolName": "ep2d_PiN_L3_Run2",
    "RepetitionTime": 2,
    "ScanningSequence": "EP",
    "SequenceName": "_epfid2d1_64",
    "SequenceVariant": "SK",
    "SeriesDescription": "ep2d_PiN_L3_Run2",
    "SliceTiming": [
      1.925,
      1.8625,
      1.8025,
      1.74,
      1.6775,
      1.615,
      1.5525,
      1.49,
      1.43,
      1.3675,
      1.305,
      1.2425,
      1.18,
      1.1175,
      1.0575,
      0.995,
      0.9325,
      0.87,
      0.8075,
      0.745,
      0.6825,
      0.6225,
      0.56,
      0.4975,
      0.435,
      0.3725,
      0.31,
      0.25,
      0.1875,
      0.125,
      0.0625,
      0
    ],
    "SoftwareVersions": "syngo_MR_B17",
    "TaskName": "compLn",
    "TotalReadoutTime": 0.0346501,
    "dataset": "ds003545",
    "modality": "bold",
    "run_id": 2,
    "session_id": "01",
    "subject_id": "07",
    "task_id": "compLn"
  },
  "dummy_trs": 0,
  "dvars_nstd": 17.069830513135134,
  "dvars_std": 1.204413036216215,
  "dvars_vstd": 1.0910776233513517,
  "efc": 0.4764832173341646,
  "fber": 779.0833129882812,
  "fd_mean": 0.116035694305793,
  "fd_num": 17,
  "fd_perc": 9.13978494623656,
  "fwhm_avg": 2.916501515151515,
  "fwhm_x": 2.936552727272727,
  "fwhm_y": 3.040901818181818,
  "fwhm_z": 2.77205,
  "gcor": 0.0285669,
  "gsr_x": -0.023597661405801773,
  "gsr_y": 0.052637722343206406,
  "provenance": {
    "md5sum": "cd068e51a14786d3cef0502a67a42b78",
    "settings": {
      "fd_thres": 0.2,
      "testing": false
    },
    "software": "mriqc",
    "version": "22.0.6",
    "webapi_port": null,
    "webapi_url": "https://mriqc.nimh.nih.gov/api/v1"
  },
  "size_t": 186,
  "size_x": 64,
  "size_y": 64,
  "size_z": 32,
  "snr": 2.6010704668487907,
  "spacing_tr": 2.0,
  "spacing_x": 3.4375,
  "spacing_y": 3.4375,
  "spacing_z": 4.0,
  "summary_bg_k": 68.89833408337941,
  "summary_bg_mad": 7.77967722156032,
  "summary_bg_mean": 37.130775451660156,
  "summary_bg_median": 21.177419662475586,
  "summary_bg_n": 84500.0,
  "summary_bg_p05": 14.629032135009766,
  "summary_bg_p95": 107.58709678649909,
  "summary_bg_stdv": 53.85839080810547,
  "summary_fg_k": 4.068563073743095,
  "summary_fg_mad": 165.36991657512527,
  "summary_fg_mean": 646.5928344726562,
  "summary_fg_median": 596.3494873046875,
  "summary_fg_n": 18206.0,
  "summary_fg_p05": 385.7096862792969,
  "summary_fg_p95": 1118.0537719726562,
  "summary_fg_stdv": 229.26449584960938,
  "tsnr": 56.70187072455883
}