{
  "aor": 0.004178683127572016,
  "aqi": 0.0069732016049382705,
  "bids_meta": {
    "AcquisitionNumber": 1,
    "AcquisitionTime": "13:12:51.405000",
    "BandwidthPerPixelPhaseEncode": 29.481,
    "ConversionSoftware": "dcm2niix",
    "ConversionSoftwareVersion": "v1.0.20170724 GCC4.4.7",
    "DeviceSerialNumber": "35414",
    "EchoTime": 0.025,
    "EffectiveEchoSpacing": 0.000530002,
    "FlipAngle": 90,
    "ImageType": [
      "ORIGINAL",
      "PRIMARY",
      "M",
      "ND",
      "MOSAIC"
    ],
    "InstitutionAddress": "Mikeletegi_69_San_Sebastian_District_ES_20009",
    "InstitutionName": "BCBL",
    "MagneticFieldStrength": 3,
    "Manufacturer": "Siemens",
    "ManufacturersModelName": "TrioTim",
    "PhaseEncodingDirection": "j-",
    "PhaseEncodingLines": 64,
    "ProcedureStepDescription": "CRANEO_FUNCIONAL",
    "ProtocolName": "ep2d_VF_L3_Run1",
    "RepetitionTime": 3,
    "ScanningSequence": "EP",
    "SequenceName": "_epfid2d1_64",
    "SequenceVariant": "SK",
    "SeriesDescription": "ep2d_VF_L3_Run1",
    "SliceTiming": [
      2.9225,
      2.8525,
      2.7825,
      2.7125,
      2.645,
      2.575,
      2.505,
      2.435,
      2.365,
      2.2975,
      2.2275,
      2.1575,
      2.0875,
      2.0175,
      1.9475,
      1.88,
      1.81,
      1.74,
      1.67,
      1.6,
      1.53,
      1.4625,
      1.3925,
      1.3225,
      1.2525,
      1.1825,
      1.1125,
      1.045,
      0.975,
      0.905,
      0.835,
      0.765,
      0.695,
      0.6275,
      0.5575,
      0.4875,
      0.4175,
      0.3475,
      0.28,
      0.21,
      0.14,
      0.07,
      0
    ],
    "SoftwareVersions": "syngo_MR_B17",
    "TaskName": "prodLn",
    "TotalReadoutTime": 0.0333901,
    "dataset": "ds003545",
    "modality": "bold",
    "run_id": 1,
    "session_id": "01",
    "subject_id": "07",
    "task_id": "prodLn"
  },
  "dummy_trs": 0,
  "dvars_nstd": 31.63880882595042,
  "dvars_std": 1.1342139870247943,
  "dvars_vstd": 0.998289764545455,
  "efc": 0.5504815499359501,
  "fber": 366.4122009277344,
  "fd_mean": 0.27254906315904287,
  "fd_num": 133,
  "fd_perc": 54.732510288065846,
  "fwhm_avg": 3.109475570220305,
  "fwhm_x": 3.0753833333333334,
  "fwhm_y": 3.2083766666666667,
  "fwhm_z": 3.0446667106609158,
  "gcor": 0.0149281,
  "gsr_x": -0.01812835969030857,
  "gsr_y": 0.09595241397619247,
  "provenance": {
    "md5sum": "987bd8364a97a4e43be4d563da24cafd",
    "settings": {
      "fd_thres": 0.2,
      "testing": false
    },
    "software": "mriqc",
    "version": "22.0.6",
    "webapi_port": null,
    "webapi_url": "https://mriqc.nimh.nih.gov/api/v1"
  },
  "size_t": 243,
  "size_x": 64,
  "size_y": 64,
  "size_z": 43,
  "snr": 2.5110947970951685,
  "spacing_tr": 3.0,
  "spacing_x": 3.0,
  "spacing_y": 3.0,
  "spacing_z": 3.299999952316284,
  "summary_bg_k": 35.97352815133798,
  "summary_bg_mad": 13.672885869400856,
  "summary_bg_mean": 71.98652648925781,
  "summary_bg_median": 37.917694091796875,
  "summary_bg_n": 106228.0,
  "summary_bg_p05": 27.547325134277344,
  "summary_bg_p95": 236.5993728637695,
  "summary_bg_stdv": 94.49346160888672,
  "summary_fg_k": 4.320168374413521,
  "summary_fg_mad": 223.77837204766996,
  "summary_fg_mean": 808.6310424804688,
  "summary_fg_median": 745.0657958984375,
  "summary_fg_n": 32542.0,
  "summary_fg_p05": 473.8475067138672,
  "summary_fg_p95": 1403.8017517089843,
  "summary_fg_stdv": 296.7049865722656,
  "tsnr": 44.22061182488687
}