{
  "aor": 0.011403909465020576,
  "aqi": 0.013911003868312758,
  "bids_meta": {
    "AcquisitionNumber": 1,
    "AcquisitionTime": "13:08:37.735000",
    "BandwidthPerPixelPhaseEncode": 29.481,
    "BodyPartExamined": "BRAIN",
    "ConversionSoftware": "dcm2niix",
    "ConversionSoftwareVersion": "v1.0.20170724 GCC4.4.7",
    "DeviceSerialNumber": "167004",
    "EchoTime": 0.025,
    "EchoTrainLength": 64,
    "EffectiveEchoSpacing": 0.000530002,
    "FlipAngle": 90,
    "ImageType": [
      "ORIGINAL",
      "PRIMARY",
      "M",
      "ND",
      "MOSAIC"
    ],
    "InstitutionAddress": "Mikeletegi_69_San_Sebastian_District_ES_20009",
    "InstitutionName": "BCBL",
    "MagneticFieldStrength": 3,
    "Manufacturer": "Siemens",
    "ManufacturersModelName": "Prisma_fit",
    "PhaseEncodingDirection": "j-",
    "PhaseEncodingLines": 64,
    "ProcedureStepDescription": "CRANEO_FUNCIONAL",
    "ProtocolName": "ep2d_VF_L3_Run2",
    "RepetitionTime": 3,
    "ScanningSequence": "EP",
    "SequenceName": "_epfid2d1_64",
    "SequenceVariant": "SK",
    "SeriesDescription": "ep2d_VF_L3_Run2",
    "SliceTiming": [
      2.9125,
      2.8425,
      2.7725,
      2.705,
      2.635,
      2.565,
      2.495,
      2.4275,
      2.3575,
      2.2875,
      2.22,
      2.15,
      2.08,
      2.01,
      1.9425,
      1.8725,
      1.8025,
      1.7325,
      1.665,
      1.595,
      1.525,
      1.4575,
      1.3875,
      1.3175,
      1.2475,
      1.18,
      1.11,
      1.04,
      0.9725,
      0.9025,
      0.8325,
      0.7625,
      0.695,
      0.625,
      0.555,
      0.4875,
      0.4175,
      0.3475,
      0.2775,
      0.21,
      0.14,
      0.07,
      0
    ],
    "SoftwareVersions": "syngo_MR_E11",
    "TaskName": "prodLn",
    "TotalReadoutTime": 0.0333901,
    "dataset": "ds003545",
    "modality": "bold",
    "run_id": 2,
    "session_id": "02",
    "subject_id": "18",
    "task_id": "prodLn"
  },
  "dummy_trs": 0,
  "dvars_nstd": 46.3426705116116,
  "dvars_std": 1.1316217626446277,
  "dvars_vstd": 0.9794785777685947,
  "efc": 0.5364177965641648,
  "fber": 472.58624267578125,
  "fd_mean": 0.6644223904732038,
  "fd_num": 175,
  "fd_perc": 72.01646090534979,
  "fwhm_avg": 2.785404962259502,
  "fwhm_x": 2.7163566666666665,
  "fwhm_y": 2.9897066666666667,
  "fwhm_z": 2.650151553445174,
  "gcor": 0.138859,
  "gsr_x": 0.00012368979514576495,
  "gsr_y": 0.04980083927512169,
  "provenance": {
    "md5sum": "a2d1df30a97b25ab98986306e3e00fac",
    "settings": {
      "fd_thres": 0.2,
      "testing": false
    },
    "software": "mriqc",
    "version": "22.0.6",
    "webapi_port": null,
    "webapi_url": "https://mriqc.nimh.nih.gov/api/v1"
  },
  "size_t": 243,
  "size_x": 64,
  "size_y": 64,
  "size_z": 43,
  "snr": 2.931680712609265,
  "spacing_tr": 3.0,
  "spacing_x": 3.0,
  "spacing_y": 3.0,
  "spacing_z": 3.299999952316284,
  "summary_bg_k": 16.5513717589284,
  "summary_bg_mad": 12.946838125410315,
  "summary_bg_mean": 94.63678741455078,
  "summary_bg_median": 42.87654113769531,
  "summary_bg_n": 113134.0,
  "summary_bg_p05": 32.6296272277832,
  "summary_bg_p95": 343.44731140136713,
  "summary_bg_stdv": 126.4632339477539,
  "summary_fg_k": 0.5276457486617923,
  "summary_fg_mad": 313.01516255428874,
  "summary_fg_mean": 978.0010986328125,
  "summary_fg_median": 931.35595703125,
  "summary_fg_n": 27162.0,
  "summary_fg_p05": 545.9821044921875,
  "summary_fg_p95": 1563.6641540527341,
  "summary_fg_stdv": 317.68084716796875,
  "tsnr": 26.657289785332978
}