{
  "aor": 0.015236774193548387,
  "aqi": 0.007119959784946236,
  "bids_meta": {
    "AcquisitionNumber": 1,
    "AcquisitionTime": "12:44:2.735000",
    "BandwidthPerPixelPhaseEncode": 28.409,
    "BodyPartExamined": "BRAIN",
    "ConversionSoftware": "dcm2niix",
    "ConversionSoftwareVersion": "v1.0.20170724 GCC4.4.7",
    "DeviceSerialNumber": "167004",
    "EchoTime": 0.03,
    "EchoTrainLength": 64,
    "EffectiveEchoSpacing": 0.000550002,
    "FlipAngle": 80,
    "ImageType": [
      "ORIGINAL",
      "PRIMARY",
      "M",
      "ND",
      "MOSAIC"
    ],
    "InstitutionAddress": "Mikeletegi_69_San_Sebastian_District_ES_20009",
    "InstitutionName": "BCBL",
    "MagneticFieldStrength": 3,
    "Manufacturer": "Siemens",
    "ManufacturersModelName": "Prisma_fit",
    "PhaseEncodingDirection": "j-",
    "PhaseEncodingLines": 64,
    "ProcedureStepDescription": "CRANEO_FUNCIONAL",
    "ProtocolName": "ep2d_PiN_L3_Run2",
    "RepetitionTime": 2,
    "ScanningSequence": "EP",
    "SequenceName": "_epfid2d1_64",
    "SequenceVariant": "SK",
    "SeriesDescription": "ep2d_PiN_L3_Run2",
    "SliceTiming": [
      1.9175,
      1.855,
      1.795,
      1.7325,
      1.67,
      1.6075,
      1.5475,
      1.485,
      1.4225,
      1.36,
      1.3,
      1.2375,
      1.175,
      1.1125,
      1.0525,
      0.99,
      0.9275,
      0.865,
      0.805,
      0.7425,
      0.68,
      0.6175,
      0.5575,
      0.495,
      0.4325,
      0.37,
      0.31,
      0.2475,
      0.185,
      0.1225,
      0.0625,
      0
    ],
    "SoftwareVersions": "syngo_MR_E11",
    "TaskName": "compLn",
    "TotalReadoutTime": 0.0346501,
    "dataset": "ds003545",
    "modality": "bold",
    "run_id": 2,
    "session_id": "02",
    "subject_id": "18",
    "task_id": "compLn"
  },
  "dummy_trs": 0,
  "dvars_nstd": 23.789904759297276,
  "dvars_std": 1.0770382994594594,
  "dvars_vstd": 0.968922717513513,
  "efc": 0.4483090761143391,
  "fber": 1555.0694580078125,
  "fd_mean": 0.28377108440232074,
  "fd_num": 61,
  "fd_perc": 32.795698924731184,
  "fwhm_avg": 2.6263005303030305,
  "fwhm_x": 2.6250065454545455,
  "fwhm_y": 2.8399825454545455,
  "fwhm_z": 2.4139125,
  "gcor": 0.0891546,
  "gsr_x": -0.01300118025392294,
  "gsr_y": 0.02717304602265358,
  "provenance": {
    "md5sum": "09c9849f8e57400a8f095b419116bf50",
    "settings": {
      "fd_thres": 0.2,
      "testing": false
    },
    "software": "mriqc",
    "version": "22.0.6",
    "webapi_port": null,
    "webapi_url": "https://mriqc.nimh.nih.gov/api/v1"
  },
  "size_t": 186,
  "size_x": 64,
  "size_y": 64,
  "size_z": 32,
  "snr": 3.1514463511430115,
  "spacing_tr": 2.0,
  "spacing_x": 3.4375,
  "spacing_y": 3.4375,
  "spacing_z": 4.0,
  "summary_bg_k": 28.44436045411662,
  "summary_bg_mad": 3.307955528961029,
  "summary_bg_mean": 43.01299285888672,
  "summary_bg_median": 19.365591049194336,
  "summary_bg_n": 88304.0,
  "summary_bg_p05": 16.3817195892334,
  "summary_bg_p95": 158.3792945861815,
  "summary_bg_stdv": 66.91832733154297,
  "summary_fg_k": 0.3582289794478619,
  "summary_fg_mad": 247.52281123999148,
  "summary_fg_mean": 815.3021240234375,
  "summary_fg_median": 783.8843994140625,
  "summary_fg_n": 14976.0,
  "summary_fg_p05": 469.8494567871094,
  "summary_fg_p95": 1269.8588562011719,
  "summary_fg_stdv": 248.72967529296875,
  "tsnr": 42.126946822274476
}