{
  "aor": 0.010208806584362141,
  "aqi": 0.008277995102880659,
  "bids_meta": {
    "AcquisitionNumber": 1,
    "AcquisitionTime": "11:41:53.457500",
    "BandwidthPerPixelPhaseEncode": 29.481,
    "BodyPartExamined": "BRAIN",
    "ConversionSoftware": "dcm2niix",
    "ConversionSoftwareVersion": "v1.0.20170724 GCC4.4.7",
    "DeviceSerialNumber": "167004",
    "EchoTime": 0.025,
    "EchoTrainLength": 64,
    "EffectiveEchoSpacing": 0.000530002,
    "FlipAngle": 90,
    "ImageType": [
      "ORIGINAL",
      "PRIMARY",
      "M",
      "ND",
      "MOSAIC"
    ],
    "InstitutionAddress": "Mikeletegi_69_San_Sebastian_District_ES_20009",
    "InstitutionName": "BCBL",
    "MagneticFieldStrength": 3,
    "Manufacturer": "Siemens",
    "ManufacturersModelName": "Prisma_fit",
    "PhaseEncodingDirection": "j-",
    "PhaseEncodingLines": 64,
    "ProcedureStepDescription": "CRANEO_FUNCIONAL",
    "ProtocolName": "ep2d_VF_L1_Run2",
    "RepetitionTime": 3,
    "ScanningSequence": "EP",
    "SequenceName": "_epfid2d1_64",
    "SequenceVariant": "SK",
    "SeriesDescription": "ep2d_VF_L1_Run2",
    "SliceTiming": [
      2.91,
      2.84,
      2.77,
      2.7025,
      2.6325,
      2.5625,
      2.495,
      2.425,
      2.355,
      2.285,
      2.2175,
      2.1475,
      2.0775,
      2.01,
      1.94,
      1.87,
      1.8,
      1.7325,
      1.6625,
      1.5925,
      1.5225,
      1.455,
      1.385,
      1.315,
      1.2475,
      1.1775,
      1.1075,
      1.0375,
      0.97,
      0.9,
      0.83,
      0.7625,
      0.6925,
      0.6225,
      0.5525,
      0.485,
      0.415,
      0.345,
      0.2775,
      0.2075,
      0.1375,
      0.0675,
      0
    ],
    "SoftwareVersions": "syngo_MR_E11",
    "TaskName": "prodL1",
    "TotalReadoutTime": 0.0333901,
    "dataset": "ds003545",
    "modality": "bold",
    "run_id": 2,
    "session_id": "02",
    "subject_id": "18",
    "task_id": "prodL1"
  },
  "dummy_trs": 0,
  "dvars_nstd": 34.036248096818184,
  "dvars_std": 1.277991624256198,
  "dvars_vstd": 1.01742505376033,
  "efc": 0.5261768758812442,
  "fber": 556.9825439453125,
  "fd_mean": 0.3699790879525104,
  "fd_num": 136,
  "fd_perc": 55.96707818930041,
  "fwhm_avg": 2.6045956687336593,
  "fwhm_x": 2.5064366666666666,
  "fwhm_y": 2.781053333333333,
  "fwhm_z": 2.526297006200978,
  "gcor": 0.0523407,
  "gsr_x": 0.017860867083072662,
  "gsr_y": 0.04573255032300949,
  "provenance": {
    "md5sum": "1445a8a724f2a47895927a4272df467d",
    "settings": {
      "fd_thres": 0.2,
      "testing": false
    },
    "software": "mriqc",
    "version": "22.0.6",
    "webapi_port": null,
    "webapi_url": "https://mriqc.nimh.nih.gov/api/v1"
  },
  "size_t": 243,
  "size_x": 64,
  "size_y": 64,
  "size_z": 43,
  "snr": 3.1927837530234817,
  "spacing_tr": 3.0,
  "spacing_x": 3.0,
  "spacing_y": 3.0,
  "spacing_z": 3.299999952316284,
  "summary_bg_k": 20.39690713050784,
  "summary_bg_mad": 8.724780710207078,
  "summary_bg_mean": 81.19269561767578,
  "summary_bg_median": 37.189300537109375,
  "summary_bg_n": 114953.0,
  "summary_bg_p05": 29.335801696777345,
  "summary_bg_p95": 291.4954528808594,
  "summary_bg_stdv": 116.93885040283203,
  "summary_fg_k": 0.3383220409749774,
  "summary_fg_mad": 279.3516132008111,
  "summary_fg_mean": 925.3735961914062,
  "summary_fg_median": 889.5637817382812,
  "summary_fg_n": 26797.0,
  "summary_fg_p05": 537.0650024414064,
  "summary_fg_p95": 1428.3892822265625,
  "summary_fg_stdv": 278.6117858886719,
  "tsnr": 45.499505307292566
}