{
  "aor": 0.00542843621399177,
  "aqi": 0.014217297366255143,
  "bids_meta": {
    "AcquisitionNumber": 1,
    "AcquisitionTime": "12:53:46.485000",
    "BandwidthPerPixelPhaseEncode": 29.481,
    "BodyPartExamined": "BRAIN",
    "ConversionSoftware": "dcm2niix",
    "ConversionSoftwareVersion": "v1.0.20170724 GCC4.4.7",
    "DeviceSerialNumber": "167004",
    "EchoTime": 0.025,
    "EchoTrainLength": 64,
    "EffectiveEchoSpacing": 0.000530002,
    "FlipAngle": 90,
    "ImageType": [
      "ORIGINAL",
      "PRIMARY",
      "M",
      "ND",
      "MOSAIC"
    ],
    "InstitutionAddress": "Mikeletegi_69_San_Sebastian_District_ES_20009",
    "InstitutionName": "BCBL",
    "MagneticFieldStrength": 3,
    "Manufacturer": "Siemens",
    "ManufacturersModelName": "Prisma_fit",
    "PhaseEncodingDirection": "j-",
    "PhaseEncodingLines": 64,
    "ProcedureStepDescription": "CRANEO_FUNCIONAL",
    "ProtocolName": "ep2d_VF_L3_Run1",
    "RepetitionTime": 3,
    "ScanningSequence": "EP",
    "SequenceName": "_epfid2d1_64",
    "SequenceVariant": "SK",
    "SeriesDescription": "ep2d_VF_L3_Run1",
    "SliceTiming": [
      2.91,
      2.8425,
      2.7725,
      2.7025,
      2.635,
      2.565,
      2.495,
      2.425,
      2.3575,
      2.2875,
      2.2175,
      2.15,
      2.08,
      2.01,
      1.94,
      1.8725,
      1.8025,
      1.7325,
      1.665,
      1.595,
      1.525,
      1.455,
      1.3875,
      1.3175,
      1.2475,
      1.1775,
      1.11,
      1.04,
      0.97,
      0.9025,
      0.8325,
      0.7625,
      0.6925,
      0.625,
      0.555,
      0.485,
      0.4175,
      0.3475,
      0.2775,
      0.2075,
      0.14,
      0.07,
      0
    ],
    "SoftwareVersions": "syngo_MR_E11",
    "TaskName": "prodLn",
    "TotalReadoutTime": 0.0333901,
    "dataset": "ds003545",
    "modality": "bold",
    "run_id": 1,
    "session_id": "02",
    "subject_id": "18",
    "task_id": "prodLn"
  },
  "dummy_trs": 0,
  "dvars_nstd": 47.972828892685975,
  "dvars_std": 1.0669038909090913,
  "dvars_vstd": 0.8963168956198344,
  "efc": 0.5321840536694269,
  "fber": 501.034423828125,
  "fd_mean": 0.7466911723162649,
  "fd_num": 179,
  "fd_perc": 73.66255144032922,
  "fwhm_avg": 2.840149306110973,
  "fwhm_x": 2.7397033333333334,
  "fwhm_y": 3.0439900000000004,
  "fwhm_z": 2.7367545849995842,
  "gcor": 0.0945454,
  "gsr_x": -0.0008408491848967969,
  "gsr_y": 0.050165992230176926,
  "provenance": {
    "md5sum": "81f51e9e8c263fbaddd2680b050e8481",
    "settings": {
      "fd_thres": 0.2,
      "testing": false
    },
    "software": "mriqc",
    "version": "22.0.6",
    "webapi_port": null,
    "webapi_url": "https://mriqc.nimh.nih.gov/api/v1"
  },
  "size_t": 243,
  "size_x": 64,
  "size_y": 64,
  "size_z": 43,
  "snr": 2.8727184631031,
  "spacing_tr": 3.0,
  "spacing_x": 3.0,
  "spacing_y": 3.0,
  "spacing_z": 3.299999952316284,
  "summary_bg_k": 17.337180136988696,
  "summary_bg_mad": 12.281803842468808,
  "summary_bg_mean": 93.5140609741211,
  "summary_bg_median": 41.654319763183594,
  "summary_bg_n": 113495.0,
  "summary_bg_p05": 32.36625289916992,
  "summary_bg_p95": 345.16871337890575,
  "summary_bg_stdv": 128.14599609375,
  "summary_fg_k": 0.39918100351026986,
  "summary_fg_mad": 328.15541424396883,
  "summary_fg_mean": 997.34716796875,
  "summary_fg_median": 948.3909301757812,
  "summary_fg_n": 27133.0,
  "summary_fg_p05": 545.924267578125,
  "summary_fg_p95": 1603.7949951171875,
  "summary_fg_stdv": 330.1310119628906,
  "tsnr": 28.808298236341216
}