{
  "aor": 0.010936460905349795,
  "aqi": 0.011382613127572015,
  "bids_meta": {
    "AcquisitionNumber": 1,
    "AcquisitionTime": "11:27:37.447500",
    "BandwidthPerPixelPhaseEncode": 29.481,
    "BodyPartExamined": "BRAIN",
    "ConversionSoftware": "dcm2niix",
    "ConversionSoftwareVersion": "v1.0.20170724 GCC4.4.7",
    "DeviceSerialNumber": "167004",
    "EchoTime": 0.025,
    "EchoTrainLength": 64,
    "EffectiveEchoSpacing": 0.000530002,
    "FlipAngle": 90,
    "ImageType": [
      "ORIGINAL",
      "PRIMARY",
      "M",
      "ND",
      "MOSAIC"
    ],
    "InstitutionAddress": "Mikeletegi_69_San_Sebastian_District_ES_20009",
    "InstitutionName": "BCBL",
    "MagneticFieldStrength": 3,
    "Manufacturer": "Siemens",
    "ManufacturersModelName": "Prisma_fit",
    "PhaseEncodingDirection": "j-",
    "PhaseEncodingLines": 64,
    "ProcedureStepDescription": "CRANEO_FUNCIONAL",
    "ProtocolName": "ep2d_VF_L1_Run1",
    "RepetitionTime": 3,
    "ScanningSequence": "EP",
    "SequenceName": "_epfid2d1_64",
    "SequenceVariant": "SK",
    "SeriesDescription": "ep2d_VF_L1_Run1",
    "SliceTiming": [
      2.91,
      2.8425,
      2.7725,
      2.7025,
      2.6325,
      2.565,
      2.495,
      2.425,
      2.3575,
      2.2875,
      2.2175,
      2.1475,
      2.08,
      2.01,
      1.94,
      1.8725,
      1.8025,
      1.7325,
      1.6625,
      1.595,
      1.525,
      1.455,
      1.385,
      1.3175,
      1.2475,
      1.1775,
      1.11,
      1.04,
      0.97,
      0.9,
      0.8325,
      0.7625,
      0.6925,
      0.625,
      0.555,
      0.485,
      0.415,
      0.3475,
      0.2775,
      0.2075,
      0.14,
      0.07,
      0
    ],
    "SoftwareVersions": "syngo_MR_E11",
    "TaskName": "prodL1",
    "TotalReadoutTime": 0.0333901,
    "dataset": "ds003545",
    "modality": "bold",
    "run_id": 1,
    "session_id": "02",
    "subject_id": "18",
    "task_id": "prodL1"
  },
  "dummy_trs": 0,
  "dvars_nstd": 39.158473073760334,
  "dvars_std": 1.2551924168181818,
  "dvars_vstd": 0.9950345022314044,
  "efc": 0.5263651856450703,
  "fber": 564.5083618164062,
  "fd_mean": 0.5146746840988938,
  "fd_num": 136,
  "fd_perc": 55.96707818930041,
  "fwhm_avg": 2.5669111232256654,
  "fwhm_x": 2.4269166666666666,
  "fwhm_y": 2.7586166666666667,
  "fwhm_z": 2.515200036343662,
  "gcor": 0.0503557,
  "gsr_x": 0.017248481512069702,
  "gsr_y": 0.04564870148897171,
  "provenance": {
    "md5sum": "56608480e896709ac0f39abfc2c93006",
    "settings": {
      "fd_thres": 0.2,
      "testing": false
    },
    "software": "mriqc",
    "version": "22.0.6",
    "webapi_port": null,
    "webapi_url": "https://mriqc.nimh.nih.gov/api/v1"
  },
  "size_t": 243,
  "size_x": 64,
  "size_y": 64,
  "size_z": 43,
  "snr": 3.2058759906788565,
  "spacing_tr": 3.0,
  "spacing_x": 3.0,
  "spacing_y": 3.0,
  "spacing_z": 3.299999952316284,
  "summary_bg_k": 18.865535186187575,
  "summary_bg_mad": 11.03105051367809,
  "summary_bg_mean": 81.11322021484375,
  "summary_bg_median": 37.28395080566406,
  "summary_bg_n": 114823.0,
  "summary_bg_p05": 25.5720157623291,
  "summary_bg_p95": 295.7522583007812,
  "summary_bg_stdv": 116.83872985839844,
  "summary_fg_k": 0.27786940228415924,
  "summary_fg_mad": 281.02334131266855,
  "summary_fg_mean": 932.8212280273438,
  "summary_fg_median": 897.97119140625,
  "summary_fg_n": 26957.0,
  "summary_fg_p05": 539.7917602539062,
  "summary_fg_p95": 1439.0534179687497,
  "summary_fg_stdv": 280.0964660644531,
  "tsnr": 37.76829507749062
}