{
  "aor": 0.00763695652173913,
  "aqi": 0.004072793668478261,
  "bids_meta": {
    "AcquisitionNumber": 1,
    "AcquisitionTime": "12:35:9.657500",
    "BandwidthPerPixelPhaseEncode": 28.409,
    "BodyPartExamined": "BRAIN",
    "ConversionSoftware": "dcm2niix",
    "ConversionSoftwareVersion": "v1.0.20170724 GCC4.4.7",
    "DeviceSerialNumber": "167004",
    "EchoTime": 0.03,
    "EchoTrainLength": 64,
    "EffectiveEchoSpacing": 0.000550002,
    "FlipAngle": 80,
    "ImageType": [
      "ORIGINAL",
      "PRIMARY",
      "M",
      "ND",
      "MOSAIC"
    ],
    "InstitutionAddress": "Mikeletegi_69_San_Sebastian_District_ES_20009",
    "InstitutionName": "BCBL",
    "MagneticFieldStrength": 3,
    "Manufacturer": "Siemens",
    "ManufacturersModelName": "Prisma_fit",
    "PhaseEncodingDirection": "j-",
    "PhaseEncodingLines": 64,
    "ProcedureStepDescription": "CRANEO_FUNCIONAL",
    "ProtocolName": "ep2d_PiN_L3_Run1",
    "RepetitionTime": 2,
    "ScanningSequence": "EP",
    "SequenceName": "_epfid2d1_64",
    "SequenceVariant": "SK",
    "SeriesDescription": "ep2d_PiN_L3_Run1",
    "SliceTiming": [
      1.9175,
      1.855,
      1.7925,
      1.7325,
      1.67,
      1.6075,
      1.545,
      1.485,
      1.4225,
      1.36,
      1.2975,
      1.2375,
      1.175,
      1.1125,
      1.05,
      0.99,
      0.9275,
      0.865,
      0.8025,
      0.7425,
      0.68,
      0.6175,
      0.555,
      0.495,
      0.4325,
      0.37,
      0.3075,
      0.2475,
      0.185,
      0.1225,
      0.06,
      0
    ],
    "SoftwareVersions": "syngo_MR_E11",
    "TaskName": "compLn",
    "TotalReadoutTime": 0.0346501,
    "dataset": "ds003545",
    "modality": "bold",
    "run_id": 1,
    "session_id": "02",
    "subject_id": "18",
    "task_id": "compLn"
  },
  "dummy_trs": 2,
  "dvars_nstd": 19.50986341081966,
  "dvars_std": 1.0550022824043717,
  "dvars_vstd": 0.8975688014754102,
  "efc": 0.45220486277881683,
  "fber": 1508.2630615234375,
  "fd_mean": 0.16089802359855634,
  "fd_num": 24,
  "fd_perc": 13.043478260869565,
  "fwhm_avg": 2.660070590909091,
  "fwhm_x": 2.626077090909091,
  "fwhm_y": 2.8802821818181816,
  "fwhm_z": 2.4738525,
  "gcor": 0.0865149,
  "gsr_x": -0.013701960444450378,
  "gsr_y": 0.023861074820160866,
  "provenance": {
    "md5sum": "20e0f872e28d6ace3e883ba101da1959",
    "settings": {
      "fd_thres": 0.2,
      "testing": false
    },
    "software": "mriqc",
    "version": "22.0.6",
    "webapi_port": null,
    "webapi_url": "https://mriqc.nimh.nih.gov/api/v1"
  },
  "size_t": 184,
  "size_x": 64,
  "size_y": 64,
  "size_z": 32,
  "snr": 3.0766653676993645,
  "spacing_tr": 2.0,
  "spacing_x": 3.4375,
  "spacing_y": 3.4375,
  "spacing_z": 4.0,
  "summary_bg_k": 30.418515373542405,
  "summary_bg_mad": 2.5864973681778745,
  "summary_bg_mean": 42.959373474121094,
  "summary_bg_median": 19.326087951660156,
  "summary_bg_n": 87997.0,
  "summary_bg_p05": 17.51630401611328,
  "summary_bg_p95": 155.70108642578109,
  "summary_bg_stdv": 67.06073760986328,
  "summary_fg_k": 0.45577422291841074,
  "summary_fg_mad": 248.3681315905878,
  "summary_fg_mean": 805.2670288085938,
  "summary_fg_median": 774.9700927734375,
  "summary_fg_n": 15268.0,
  "summary_fg_p05": 455.3720230102539,
  "summary_fg_p95": 1260.5119873046874,
  "summary_fg_stdv": 251.8781280517578,
  "tsnr": 61.484632934909314
}