{
  "aor": 0.00407567901234568,
  "aqi": 0.0054094537860082306,
  "bids_meta": {
    "AcquisitionNumber": 1,
    "AcquisitionTime": "10:55:43.877500",
    "BandwidthPerPixelPhaseEncode": 29.481,
    "BodyPartExamined": "BRAIN",
    "ConversionSoftware": "dcm2niix",
    "ConversionSoftwareVersion": "v1.0.20170724 GCC4.4.7",
    "DeviceSerialNumber": "167004",
    "EchoTime": 0.025,
    "EchoTrainLength": 64,
    "EffectiveEchoSpacing": 0.000530002,
    "FlipAngle": 90,
    "ImageType": [
      "ORIGINAL",
      "PRIMARY",
      "M",
      "ND",
      "MOSAIC"
    ],
    "InstitutionAddress": "Mikeletegi_69_San_Sebastian_District_ES_20009",
    "InstitutionName": "BCBL",
    "MagneticFieldStrength": 3,
    "Manufacturer": "Siemens",
    "ManufacturersModelName": "Prisma_fit",
    "PhaseEncodingDirection": "j-",
    "PhaseEncodingLines": 64,
    "ProcedureStepDescription": "CRANEO_FUNCIONAL",
    "ProtocolName": "ep2d_VF_L3_Run1",
    "RepetitionTime": 3,
    "ScanningSequence": "EP",
    "SequenceName": "_epfid2d1_64",
    "SequenceVariant": "SK",
    "SeriesDescription": "ep2d_VF_L3_Run1",
    "SliceTiming": [
      2.91,
      2.8425,
      2.7725,
      2.7025,
      2.6325,
      2.565,
      2.495,
      2.425,
      2.355,
      2.2875,
      2.2175,
      2.1475,
      2.08,
      2.01,
      1.94,
      1.87,
      1.8025,
      1.7325,
      1.6625,
      1.595,
      1.525,
      1.455,
      1.385,
      1.3175,
      1.2475,
      1.1775,
      1.11,
      1.04,
      0.97,
      0.9,
      0.8325,
      0.7625,
      0.6925,
      0.6225,
      0.555,
      0.485,
      0.415,
      0.3475,
      0.2775,
      0.2075,
      0.1375,
      0.07,
      0
    ],
    "SoftwareVersions": "syngo_MR_E11",
    "TaskName": "prodLn",
    "TotalReadoutTime": 0.0333901,
    "dataset": "ds003545",
    "modality": "bold",
    "run_id": 1,
    "session_id": "01",
    "subject_id": "13",
    "task_id": "prodLn"
  },
  "dummy_trs": 0,
  "dvars_nstd": 35.017290280867755,
  "dvars_std": 1.3071548267355375,
  "dvars_vstd": 1.023619511694215,
  "efc": 0.5785684569017956,
  "fber": 452.7360534667969,
  "fd_mean": 0.2988386763310241,
  "fd_num": 157,
  "fd_perc": 64.60905349794238,
  "fwhm_avg": 2.83042731727256,
  "fwhm_x": 2.5935099999999998,
  "fwhm_y": 2.9669933333333334,
  "fwhm_z": 2.9307786184843456,
  "gcor": 0.0419298,
  "gsr_x": -0.019220752641558647,
  "gsr_y": 0.09782393276691437,
  "provenance": {
    "md5sum": "653c8a6a7cff37f30425fba49477d4c9",
    "settings": {
      "fd_thres": 0.2,
      "testing": false
    },
    "software": "mriqc",
    "version": "22.0.6",
    "webapi_port": null,
    "webapi_url": "https://mriqc.nimh.nih.gov/api/v1"
  },
  "size_t": 243,
  "size_x": 64,
  "size_y": 64,
  "size_z": 43,
  "snr": 2.521761340306066,
  "spacing_tr": 3.0,
  "spacing_x": 3.0,
  "spacing_y": 3.0,
  "spacing_z": 3.3000001907348633,
  "summary_bg_k": 28.254955904918123,
  "summary_bg_mad": 9.50573661016671,
  "summary_bg_mean": 79.70967102050781,
  "summary_bg_median": 36.48147964477539,
  "summary_bg_n": 96702.0,
  "summary_bg_p05": 29.460905075073242,
  "summary_bg_p95": 276.94423828124985,
  "summary_bg_stdv": 108.66433715820312,
  "summary_fg_k": 0.9642270548601752,
  "summary_fg_mad": 297.3806497978681,
  "summary_fg_mean": 876.0989379882812,
  "summary_fg_median": 810.5596313476562,
  "summary_fg_n": 38783.0,
  "summary_fg_p05": 475.2399017333984,
  "summary_fg_p95": 1492.2122436523441,
  "summary_fg_stdv": 321.4218444824219,
  "tsnr": 56.73543453216553
}