{
  "aor": 0.009968010752688172,
  "aqi": 0.0032250007849462365,
  "bids_meta": {
    "AcquisitionNumber": 1,
    "AcquisitionTime": "09:47:55.175000",
    "BandwidthPerPixelPhaseEncode": 28.409,
    "BodyPartExamined": "BRAIN",
    "ConversionSoftware": "dcm2niix",
    "ConversionSoftwareVersion": "v1.0.20170724 GCC4.4.7",
    "DeviceSerialNumber": "167004",
    "EchoTime": 0.03,
    "EchoTrainLength": 64,
    "EffectiveEchoSpacing": 0.000550002,
    "FlipAngle": 80,
    "ImageType": [
      "ORIGINAL",
      "PRIMARY",
      "M",
      "ND",
      "MOSAIC"
    ],
    "InstitutionAddress": "Mikeletegi_69_San_Sebastian_District_ES_20009",
    "InstitutionName": "BCBL",
    "MagneticFieldStrength": 3,
    "Manufacturer": "Siemens",
    "ManufacturersModelName": "Prisma_fit",
    "PhaseEncodingDirection": "j-",
    "PhaseEncodingLines": 64,
    "ProcedureStepDescription": "CRANEO_FUNCIONAL",
    "ProtocolName": "ep2d_PiN_L1_Run2",
    "RepetitionTime": 2,
    "ScanningSequence": "EP",
    "SequenceName": "_epfid2d1_64",
    "SequenceVariant": "SK",
    "SeriesDescription": "ep2d_PiN_L1_Run2",
    "SliceTiming": [
      1.9175,
      1.855,
      1.795,
      1.7325,
      1.67,
      1.6075,
      1.5475,
      1.485,
      1.4225,
      1.36,
      1.3,
      1.2375,
      1.175,
      1.1125,
      1.0525,
      0.99,
      0.9275,
      0.865,
      0.805,
      0.7425,
      0.68,
      0.6175,
      0.5575,
      0.495,
      0.4325,
      0.37,
      0.31,
      0.2475,
      0.185,
      0.1225,
      0.0625,
      0
    ],
    "SoftwareVersions": "syngo_MR_E11",
    "TaskName": "compL1",
    "TotalReadoutTime": 0.0346501,
    "dataset": "ds003545",
    "modality": "bold",
    "run_id": 2,
    "session_id": "01",
    "subject_id": "13",
    "task_id": "compL1"
  },
  "dummy_trs": 0,
  "dvars_nstd": 22.017001209027036,
  "dvars_std": 1.3336838221081078,
  "dvars_vstd": 1.0757339854594599,
  "efc": 0.49625613233978866,
  "fber": 1411.5115966796875,
  "fd_mean": 0.19760847305350449,
  "fd_num": 63,
  "fd_perc": 33.87096774193548,
  "fwhm_avg": 2.754831515151515,
  "fwhm_x": 2.66432,
  "fwhm_y": 2.921774545454545,
  "fwhm_z": 2.6784,
  "gcor": 0.0736875,
  "gsr_x": -0.01609806716442108,
  "gsr_y": 0.046500418335199356,
  "provenance": {
    "md5sum": "09bf45ca4f68cd8a831b6ce103c7b15b",
    "settings": {
      "fd_thres": 0.2,
      "testing": false
    },
    "software": "mriqc",
    "version": "22.0.6",
    "webapi_port": null,
    "webapi_url": "https://mriqc.nimh.nih.gov/api/v1"
  },
  "size_t": 186,
  "size_x": 64,
  "size_y": 64,
  "size_z": 32,
  "snr": 2.6939728444259945,
  "spacing_tr": 2.0,
  "spacing_x": 3.4375,
  "spacing_y": 3.4375,
  "spacing_z": 4.0,
  "summary_bg_k": 50.8747635017886,
  "summary_bg_mad": 4.073171675296315,
  "summary_bg_mean": 42.08365249633789,
  "summary_bg_median": 19.139785766601562,
  "summary_bg_n": 78995.0,
  "summary_bg_p05": 16.09677505493164,
  "summary_bg_p95": 146.61075592041018,
  "summary_bg_stdv": 64.76215362548828,
  "summary_fg_k": 0.4898253253221476,
  "summary_fg_mad": 269.5625836481206,
  "summary_fg_mean": 790.1387939453125,
  "summary_fg_median": 742.6989135742188,
  "summary_fg_n": 21927.0,
  "summary_fg_p05": 424.4542938232422,
  "summary_fg_p95": 1306.3274291992188,
  "summary_fg_stdv": 275.68280029296875,
  "tsnr": 68.71404743520543
}