{
  "aor": 0.0009203243243243243,
  "aqi": 0.0023405660000000005,
  "bids_meta": {
    "AcquisitionNumber": 1,
    "AcquisitionTime": "10:13:51.962500",
    "BandwidthPerPixelPhaseEncode": 28.409,
    "BodyPartExamined": "BRAIN",
    "ConversionSoftware": "dcm2niix",
    "ConversionSoftwareVersion": "v1.0.20170724 GCC4.4.7",
    "DeviceSerialNumber": "167004",
    "EchoTime": 0.03,
    "EchoTrainLength": 64,
    "EffectiveEchoSpacing": 0.000550002,
    "FlipAngle": 80,
    "ImageType": [
      "ORIGINAL",
      "PRIMARY",
      "M",
      "ND",
      "MOSAIC"
    ],
    "InstitutionAddress": "Mikeletegi_69_San_Sebastian_District_ES_20009",
    "InstitutionName": "BCBL",
    "MagneticFieldStrength": 3,
    "Manufacturer": "Siemens",
    "ManufacturersModelName": "Prisma_fit",
    "PhaseEncodingDirection": "j-",
    "PhaseEncodingLines": 64,
    "ProcedureStepDescription": "CRANEO_FUNCIONAL",
    "ProtocolName": "ep2d_PiN_L3_Run2",
    "RepetitionTime": 2,
    "ScanningSequence": "EP",
    "SequenceName": "_epfid2d1_64",
    "SequenceVariant": "SK",
    "SeriesDescription": "ep2d_PiN_L3_Run2",
    "SliceTiming": [
      1.9175,
      1.855,
      1.795,
      1.7325,
      1.67,
      1.6075,
      1.5475,
      1.485,
      1.4225,
      1.36,
      1.3,
      1.2375,
      1.175,
      1.1125,
      1.0525,
      0.99,
      0.9275,
      0.865,
      0.805,
      0.7425,
      0.68,
      0.6175,
      0.5575,
      0.495,
      0.4325,
      0.37,
      0.31,
      0.2475,
      0.185,
      0.1225,
      0.0625,
      0
    ],
    "SoftwareVersions": "syngo_MR_E11",
    "TaskName": "compLn",
    "TotalReadoutTime": 0.0346501,
    "dataset": "ds003545",
    "modality": "bold",
    "run_id": 2,
    "session_id": "01",
    "subject_id": "13",
    "task_id": "compLn"
  },
  "dummy_trs": 1,
  "dvars_nstd": 22.269625218097822,
  "dvars_std": 1.3318876335869556,
  "dvars_vstd": 0.9689721052717389,
  "efc": 0.4999374560184915,
  "fber": 1229.7757568359375,
  "fd_mean": 0.11085918936671875,
  "fd_num": 5,
  "fd_perc": 2.7027027027027026,
  "fwhm_avg": 2.6598299393939393,
  "fwhm_x": 2.4672174545454544,
  "fwhm_y": 2.7827723636363637,
  "fwhm_z": 2.7295,
  "gcor": 0.0365699,
  "gsr_x": -0.0166028942912817,
  "gsr_y": 0.054037854075431824,
  "provenance": {
    "md5sum": "11473fbb2459e5c79149a3600f8a0b94",
    "settings": {
      "fd_thres": 0.2,
      "testing": false
    },
    "software": "mriqc",
    "version": "22.0.6",
    "webapi_port": null,
    "webapi_url": "https://mriqc.nimh.nih.gov/api/v1"
  },
  "size_t": 185,
  "size_x": 64,
  "size_y": 64,
  "size_z": 32,
  "snr": 2.7094153295403682,
  "spacing_tr": 2.0,
  "spacing_x": 3.4375,
  "spacing_y": 3.4375,
  "spacing_z": 4.0,
  "summary_bg_k": 61.76646719070065,
  "summary_bg_mad": 2.7568379249636905,
  "summary_bg_mean": 37.883846282958984,
  "summary_bg_median": 18.135135650634766,
  "summary_bg_n": 79165.0,
  "summary_bg_p05": 16.102703094482422,
  "summary_bg_p95": 127.08648681640656,
  "summary_bg_stdv": 58.89338684082031,
  "summary_fg_k": 1.0539637979346068,
  "summary_fg_mad": 222.09379423396757,
  "summary_fg_mean": 698.2230224609375,
  "summary_fg_median": 650.8162231445312,
  "summary_fg_n": 21875.0,
  "summary_fg_p05": 397.5567626953125,
  "summary_fg_p95": 1161.0108276367187,
  "summary_fg_stdv": 240.19992065429688,
  "tsnr": 97.20960411056876
}