{
  "aor": 0.0059766666666666675,
  "aqi": 0.00647469752688172,
  "bids_meta": {
    "AcquisitionNumber": 1,
    "AcquisitionTime": "09:37:31.150000",
    "BandwidthPerPixelPhaseEncode": 28.409,
    "BodyPartExamined": "BRAIN",
    "ConversionSoftware": "dcm2niix",
    "ConversionSoftwareVersion": "v1.0.20170724 GCC4.4.7",
    "DeviceSerialNumber": "167004",
    "EchoTime": 0.03,
    "EchoTrainLength": 64,
    "EffectiveEchoSpacing": 0.000550002,
    "FlipAngle": 80,
    "ImageType": [
      "ORIGINAL",
      "PRIMARY",
      "M",
      "ND",
      "MOSAIC"
    ],
    "InstitutionAddress": "Mikeletegi_69_San_Sebastian_District_ES_20009",
    "InstitutionName": "BCBL",
    "MagneticFieldStrength": 3,
    "Manufacturer": "Siemens",
    "ManufacturersModelName": "Prisma_fit",
    "PhaseEncodingDirection": "j-",
    "PhaseEncodingLines": 64,
    "ProcedureStepDescription": "CRANEO_FUNCIONAL",
    "ProtocolName": "ep2d_PiN_L1_Run1",
    "RepetitionTime": 2,
    "ScanningSequence": "EP",
    "SequenceName": "_epfid2d1_64",
    "SequenceVariant": "SK",
    "SeriesDescription": "ep2d_PiN_L1_Run1",
    "SliceTiming": [
      1.9175,
      1.855,
      1.795,
      1.7325,
      1.67,
      1.6075,
      1.5475,
      1.485,
      1.4225,
      1.36,
      1.3,
      1.2375,
      1.175,
      1.1125,
      1.0525,
      0.99,
      0.9275,
      0.865,
      0.805,
      0.7425,
      0.68,
      0.6175,
      0.5575,
      0.495,
      0.4325,
      0.37,
      0.31,
      0.2475,
      0.185,
      0.1225,
      0.0625,
      0
    ],
    "SoftwareVersions": "syngo_MR_E11",
    "TaskName": "compL1",
    "TotalReadoutTime": 0.0346501,
    "dataset": "ds003545",
    "modality": "bold",
    "run_id": 1,
    "session_id": "01",
    "subject_id": "13",
    "task_id": "compL1"
  },
  "dummy_trs": 0,
  "dvars_nstd": 28.098700312054067,
  "dvars_std": 1.1498336607027029,
  "dvars_vstd": 0.9381686167567566,
  "efc": 0.49643840441709164,
  "fber": 1389.92236328125,
  "fd_mean": 0.33269868090381666,
  "fd_num": 100,
  "fd_perc": 53.763440860215056,
  "fwhm_avg": 2.781629303030303,
  "fwhm_x": 2.6723083636363634,
  "fwhm_y": 2.9518545454545455,
  "fwhm_z": 2.720725,
  "gcor": 0.0329737,
  "gsr_x": -0.017593419179320335,
  "gsr_y": 0.04753514751791954,
  "provenance": {
    "md5sum": "a0d011b692466ff8685192319a75235a",
    "settings": {
      "fd_thres": 0.2,
      "testing": false
    },
    "software": "mriqc",
    "version": "22.0.6",
    "webapi_port": null,
    "webapi_url": "https://mriqc.nimh.nih.gov/api/v1"
  },
  "size_t": 186,
  "size_x": 64,
  "size_y": 64,
  "size_z": 32,
  "snr": 2.708648319095856,
  "spacing_tr": 2.0,
  "spacing_x": 3.4375,
  "spacing_y": 3.4375,
  "spacing_z": 4.0,
  "summary_bg_k": 44.83377623028558,
  "summary_bg_mad": 4.136939451837646,
  "summary_bg_mean": 43.349666595458984,
  "summary_bg_median": 19.225807189941406,
  "summary_bg_n": 79483.0,
  "summary_bg_p05": 16.18817138671875,
  "summary_bg_p95": 148.73494415283193,
  "summary_bg_stdv": 68.98140716552734,
  "summary_fg_k": 0.4034451975319433,
  "summary_fg_mad": 268.4386871909771,
  "summary_fg_mean": 785.9210205078125,
  "summary_fg_median": 738.1666870117188,
  "summary_fg_n": 21985.0,
  "summary_fg_p05": 423.0225891113281,
  "summary_fg_p95": 1297.2129150390624,
  "summary_fg_stdv": 272.5159606933594,
  "tsnr": 49.108110934030265
}