{
  "aor": 0.01439707818930041,
  "aqi": 0.02127383942386831,
  "bids_meta": {
    "AcquisitionNumber": 1,
    "AcquisitionTime": "11:34:43.332500",
    "BandwidthPerPixelPhaseEncode": 29.481,
    "BodyPartExamined": "BRAIN",
    "ConversionSoftware": "dcm2niix",
    "ConversionSoftwareVersion": "v1.0.20170724 GCC4.4.7",
    "DeviceSerialNumber": "167004",
    "EchoTime": 0.025,
    "EchoTrainLength": 64,
    "EffectiveEchoSpacing": 0.000530002,
    "FlipAngle": 90,
    "ImageType": [
      "ORIGINAL",
      "PRIMARY",
      "M",
      "ND",
      "MOSAIC"
    ],
    "InstitutionAddress": "Mikeletegi_69_San_Sebastian_District_ES_20009",
    "InstitutionName": "BCBL",
    "MagneticFieldStrength": 3,
    "Manufacturer": "Siemens",
    "ManufacturersModelName": "Prisma_fit",
    "PhaseEncodingDirection": "j-",
    "PhaseEncodingLines": 64,
    "ProcedureStepDescription": "CRANEO_FUNCIONAL",
    "ProtocolName": "ep2d_VF_L2_Run1",
    "RepetitionTime": 3,
    "ScanningSequence": "EP",
    "SequenceName": "_epfid2d1_64",
    "SequenceVariant": "SK",
    "SeriesDescription": "ep2d_VF_L1_Run1",
    "SliceTiming": [
      2.9125,
      2.8425,
      2.7725,
      2.7025,
      2.635,
      2.565,
      2.495,
      2.425,
      2.3575,
      2.2875,
      2.2175,
      2.15,
      2.08,
      2.01,
      1.94,
      1.8725,
      1.8025,
      1.7325,
      1.665,
      1.595,
      1.525,
      1.455,
      1.3875,
      1.3175,
      1.2475,
      1.18,
      1.11,
      1.04,
      0.97,
      0.9025,
      0.8325,
      0.7625,
      0.6925,
      0.625,
      0.555,
      0.485,
      0.4175,
      0.3475,
      0.2775,
      0.2075,
      0.14,
      0.07,
      0
    ],
    "SoftwareVersions": "syngo_MR_E11",
    "TaskName": "prodL1",
    "TotalReadoutTime": 0.0333901,
    "dataset": "ds003545",
    "modality": "bold",
    "run_id": 1,
    "session_id": "02",
    "subject_id": "14",
    "task_id": "prodL1"
  },
  "dummy_trs": 0,
  "dvars_nstd": 67.40120192615703,
  "dvars_std": 1.2036378250826443,
  "dvars_vstd": 0.9954016585950408,
  "efc": 0.575930964342672,
  "fber": 494.18817138671875,
  "fd_mean": 1.645332128348155,
  "fd_num": 219,
  "fd_perc": 90.12345679012346,
  "fwhm_avg": 2.675907084077719,
  "fwhm_x": 2.383993333333333,
  "fwhm_y": 2.86774,
  "fwhm_z": 2.775987918899824,
  "gcor": 0.0537403,
  "gsr_x": -0.007675080094486475,
  "gsr_y": 0.05617491528391838,
  "provenance": {
    "md5sum": "76c030efa270a78ba5d835b427e5846c",
    "settings": {
      "fd_thres": 0.2,
      "testing": false
    },
    "software": "mriqc",
    "version": "22.0.6",
    "webapi_port": null,
    "webapi_url": "https://mriqc.nimh.nih.gov/api/v1"
  },
  "size_t": 243,
  "size_x": 64,
  "size_y": 64,
  "size_z": 43,
  "snr": 3.0070705349864446,
  "spacing_tr": 3.0,
  "spacing_x": 3.0,
  "spacing_y": 3.0,
  "spacing_z": 3.299999952316284,
  "summary_bg_k": 18.23430584202836,
  "summary_bg_mad": 14.087769486584218,
  "summary_bg_mean": 82.52024841308594,
  "summary_bg_median": 39.456787109375,
  "summary_bg_n": 98561.0,
  "summary_bg_p05": 26.481481552124023,
  "summary_bg_p95": 291.9259033203125,
  "summary_bg_stdv": 108.1342544555664,
  "summary_fg_k": 0.4041750908044044,
  "summary_fg_mad": 299.33914343892747,
  "summary_fg_mean": 921.139404296875,
  "summary_fg_median": 890.0740356445312,
  "summary_fg_n": 37985.0,
  "summary_fg_p05": 508.02960205078125,
  "summary_fg_p95": 1460.4666503906249,
  "summary_fg_stdv": 295.9898376464844,
  "tsnr": 23.39484127238393
}