{
  "aor": 0.02204349794238683,
  "aqi": 0.030361727283950615,
  "bids_meta": {
    "AcquisitionNumber": 1,
    "AcquisitionTime": "14:48:28.867500",
    "BandwidthPerPixelPhaseEncode": 29.481,
    "BodyPartExamined": "BRAIN",
    "ConversionSoftware": "dcm2niix",
    "ConversionSoftwareVersion": "v1.0.20170724 GCC4.4.7",
    "DeviceSerialNumber": "167004",
    "EchoTime": 0.025,
    "EchoTrainLength": 64,
    "EffectiveEchoSpacing": 0.000530002,
    "FlipAngle": 90,
    "ImageType": [
      "ORIGINAL",
      "PRIMARY",
      "M",
      "ND",
      "MOSAIC"
    ],
    "InstitutionAddress": "Mikeletegi_69_San_Sebastian_District_ES_20009",
    "InstitutionName": "BCBL",
    "MagneticFieldStrength": 3,
    "Manufacturer": "Siemens",
    "ManufacturersModelName": "Prisma_fit",
    "PhaseEncodingDirection": "j-",
    "PhaseEncodingLines": 64,
    "ProcedureStepDescription": "CRANEO_FUNCIONAL",
    "ProtocolName": "ep2d_VF_L3_Run2",
    "RepetitionTime": 3,
    "ScanningSequence": "EP",
    "SequenceName": "_epfid2d1_64",
    "SequenceVariant": "SK",
    "SeriesDescription": "ep2d_VF_L3_Run2",
    "SliceTiming": [
      2.91,
      2.84,
      2.7725,
      2.7025,
      2.6325,
      2.5625,
      2.495,
      2.425,
      2.355,
      2.2875,
      2.2175,
      2.1475,
      2.0775,
      2.01,
      1.94,
      1.87,
      1.8025,
      1.7325,
      1.6625,
      1.5925,
      1.525,
      1.455,
      1.385,
      1.315,
      1.2475,
      1.1775,
      1.1075,
      1.04,
      0.97,
      0.9,
      0.83,
      0.7625,
      0.6925,
      0.6225,
      0.555,
      0.485,
      0.415,
      0.345,
      0.2775,
      0.2075,
      0.1375,
      0.07,
      0
    ],
    "SoftwareVersions": "syngo_MR_E11",
    "TaskName": "prodLn",
    "TotalReadoutTime": 0.0333901,
    "dataset": "ds003545",
    "modality": "bold",
    "run_id": 2,
    "session_id": "02",
    "subject_id": "14",
    "task_id": "prodLn"
  },
  "dummy_trs": 0,
  "dvars_nstd": 80.89774465942148,
  "dvars_std": 1.2682615188429749,
  "dvars_vstd": 1.0554757642561992,
  "efc": 0.5680369323531648,
  "fber": 527.2508544921875,
  "fd_mean": 2.77303269726073,
  "fd_num": 212,
  "fd_perc": 87.24279835390946,
  "fwhm_avg": 2.7489519326708813,
  "fwhm_x": 2.4675133333333332,
  "fwhm_y": 2.980866666666667,
  "fwhm_z": 2.7984757980126442,
  "gcor": 0.0467378,
  "gsr_x": -0.003051626728847623,
  "gsr_y": 0.0478975884616375,
  "provenance": {
    "md5sum": "4383a0f38386dfe8ca440aa26b98724d",
    "settings": {
      "fd_thres": 0.2,
      "testing": false
    },
    "software": "mriqc",
    "version": "22.0.6",
    "webapi_port": null,
    "webapi_url": "https://mriqc.nimh.nih.gov/api/v1"
  },
  "size_t": 243,
  "size_x": 64,
  "size_y": 64,
  "size_z": 43,
  "snr": 3.0256877220382865,
  "spacing_tr": 3.0,
  "spacing_x": 3.0,
  "spacing_y": 3.0,
  "spacing_z": 3.299999952316284,
  "summary_bg_k": 20.12550049181582,
  "summary_bg_mad": 14.03896098001644,
  "summary_bg_mean": 80.19232177734375,
  "summary_bg_median": 39.674896240234375,
  "summary_bg_n": 99806.0,
  "summary_bg_p05": 27.053497314453125,
  "summary_bg_p95": 269.1028747558594,
  "summary_bg_stdv": 101.92608642578125,
  "summary_fg_k": -0.15182449707898416,
  "summary_fg_mad": 324.0859498660138,
  "summary_fg_mean": 954.5818481445312,
  "summary_fg_median": 922.880615234375,
  "summary_fg_n": 37111.0,
  "summary_fg_p05": 520.3086242675781,
  "summary_fg_p95": 1496.5308227539062,
  "summary_fg_stdv": 305.01104736328125,
  "tsnr": 19.249967296840623
}