{
  "aor": 0.023585020576131686,
  "aqi": 0.0368464095473251,
  "bids_meta": {
    "AcquisitionNumber": 1,
    "AcquisitionTime": "11:49:18.475000",
    "BandwidthPerPixelPhaseEncode": 29.481,
    "BodyPartExamined": "BRAIN",
    "ConversionSoftware": "dcm2niix",
    "ConversionSoftwareVersion": "v1.0.20170724 GCC4.4.7",
    "DeviceSerialNumber": "167004",
    "EchoTime": 0.025,
    "EchoTrainLength": 64,
    "EffectiveEchoSpacing": 0.000530002,
    "FlipAngle": 90,
    "ImageType": [
      "ORIGINAL",
      "PRIMARY",
      "M",
      "ND",
      "MOSAIC"
    ],
    "InstitutionAddress": "Mikeletegi_69_San_Sebastian_District_ES_20009",
    "InstitutionName": "BCBL",
    "MagneticFieldStrength": 3,
    "Manufacturer": "Siemens",
    "ManufacturersModelName": "Prisma_fit",
    "PhaseEncodingDirection": "j-",
    "PhaseEncodingLines": 64,
    "ProcedureStepDescription": "CRANEO_FUNCIONAL",
    "ProtocolName": "ep2d_VF_L2_Run2",
    "RepetitionTime": 3,
    "ScanningSequence": "EP",
    "SequenceName": "_epfid2d1_64",
    "SequenceVariant": "SK",
    "SeriesDescription": "ep2d_VF_L1_Run2",
    "SliceTiming": [
      2.91,
      2.84,
      2.7725,
      2.7025,
      2.6325,
      2.5625,
      2.495,
      2.425,
      2.355,
      2.285,
      2.2175,
      2.1475,
      2.0775,
      2.01,
      1.94,
      1.87,
      1.8,
      1.7325,
      1.6625,
      1.5925,
      1.525,
      1.455,
      1.385,
      1.315,
      1.2475,
      1.1775,
      1.1075,
      1.04,
      0.97,
      0.9,
      0.83,
      0.7625,
      0.6925,
      0.6225,
      0.5525,
      0.485,
      0.415,
      0.345,
      0.2775,
      0.2075,
      0.1375,
      0.0675,
      0
    ],
    "SoftwareVersions": "syngo_MR_E11",
    "TaskName": "prodL1",
    "TotalReadoutTime": 0.0333901,
    "dataset": "ds003545",
    "modality": "bold",
    "run_id": 2,
    "session_id": "02",
    "subject_id": "14",
    "task_id": "prodL1"
  },
  "dummy_trs": 0,
  "dvars_nstd": 104.20700147706619,
  "dvars_std": 1.3547515566528925,
  "dvars_vstd": 1.1229624684297521,
  "efc": 0.5772863130315709,
  "fber": 503.23748779296875,
  "fd_mean": 3.795141878131752,
  "fd_num": 228,
  "fd_perc": 93.82716049382717,
  "fwhm_avg": 2.697199205393089,
  "fwhm_x": 2.3810966666666666,
  "fwhm_y": 2.9130766666666665,
  "fwhm_z": 2.797424282845935,
  "gcor": 0.038643,
  "gsr_x": -0.006378461141139269,
  "gsr_y": 0.05530159920454025,
  "provenance": {
    "md5sum": "324cd25aec15ffd8d723d1f47ede3f59",
    "settings": {
      "fd_thres": 0.2,
      "testing": false
    },
    "software": "mriqc",
    "version": "22.0.6",
    "webapi_port": null,
    "webapi_url": "https://mriqc.nimh.nih.gov/api/v1"
  },
  "size_t": 243,
  "size_x": 64,
  "size_y": 64,
  "size_z": 43,
  "snr": 3.111428495964631,
  "spacing_tr": 3.0,
  "spacing_x": 3.0,
  "spacing_y": 3.0,
  "spacing_z": 3.299999952316284,
  "summary_bg_k": 19.7516708384799,
  "summary_bg_mad": 11.8547180986435,
  "summary_bg_mean": 79.11432647705078,
  "summary_bg_median": 38.63785934448242,
  "summary_bg_n": 98939.0,
  "summary_bg_p05": 28.839506149291992,
  "summary_bg_p95": 268.4539031982421,
  "summary_bg_stdv": 100.52971649169922,
  "summary_fg_k": 0.26816755789512037,
  "summary_fg_mad": 292.9054244123582,
  "summary_fg_mean": 914.3947143554688,
  "summary_fg_median": 887.75927734375,
  "summary_fg_n": 37638.0,
  "summary_fg_p05": 510.2715759277344,
  "summary_fg_p95": 1427.4121337890626,
  "summary_fg_stdv": 285.31829833984375,
  "tsnr": 17.179151025018655
}