{
  "aor": 0.017108559670781898,
  "aqi": 0.02002496390946502,
  "bids_meta": {
    "AcquisitionNumber": 1,
    "AcquisitionTime": "14:34:6.697500",
    "BandwidthPerPixelPhaseEncode": 29.481,
    "BodyPartExamined": "BRAIN",
    "ConversionSoftware": "dcm2niix",
    "ConversionSoftwareVersion": "v1.0.20170724 GCC4.4.7",
    "DeviceSerialNumber": "167004",
    "EchoTime": 0.025,
    "EchoTrainLength": 64,
    "EffectiveEchoSpacing": 0.000530002,
    "FlipAngle": 90,
    "ImageType": [
      "ORIGINAL",
      "PRIMARY",
      "M",
      "ND",
      "MOSAIC"
    ],
    "InstitutionAddress": "Mikeletegi_69_San_Sebastian_District_ES_20009",
    "InstitutionName": "BCBL",
    "MagneticFieldStrength": 3,
    "Manufacturer": "Siemens",
    "ManufacturersModelName": "Prisma_fit",
    "PhaseEncodingDirection": "j-",
    "PhaseEncodingLines": 64,
    "ProcedureStepDescription": "CRANEO_FUNCIONAL",
    "ProtocolName": "ep2d_VF_L3_Run1",
    "RepetitionTime": 3,
    "ScanningSequence": "EP",
    "SequenceName": "_epfid2d1_64",
    "SequenceVariant": "SK",
    "SeriesDescription": "ep2d_VF_L3_Run1",
    "SliceTiming": [
      2.91,
      2.84,
      2.7725,
      2.7025,
      2.6325,
      2.565,
      2.495,
      2.425,
      2.355,
      2.2875,
      2.2175,
      2.1475,
      2.08,
      2.01,
      1.94,
      1.87,
      1.8025,
      1.7325,
      1.6625,
      1.595,
      1.525,
      1.455,
      1.385,
      1.3175,
      1.2475,
      1.1775,
      1.1075,
      1.04,
      0.97,
      0.9,
      0.8325,
      0.7625,
      0.6925,
      0.6225,
      0.555,
      0.485,
      0.415,
      0.3475,
      0.2775,
      0.2075,
      0.1375,
      0.07,
      0
    ],
    "SoftwareVersions": "syngo_MR_E11",
    "TaskName": "prodLn",
    "TotalReadoutTime": 0.0333901,
    "dataset": "ds003545",
    "modality": "bold",
    "run_id": 1,
    "session_id": "02",
    "subject_id": "14",
    "task_id": "prodLn"
  },
  "dummy_trs": 0,
  "dvars_nstd": 66.73053240590912,
  "dvars_std": 1.235309558801653,
  "dvars_vstd": 1.0318810351652894,
  "efc": 0.5717456233181758,
  "fber": 496.2022399902344,
  "fd_mean": 1.8521384616343224,
  "fd_num": 226,
  "fd_perc": 93.00411522633745,
  "fwhm_avg": 2.698201765591426,
  "fwhm_x": 2.43822,
  "fwhm_y": 2.9267066666666666,
  "fwhm_z": 2.7296786301076117,
  "gcor": 0.047161,
  "gsr_x": -0.00838710181415081,
  "gsr_y": 0.049782078713178635,
  "provenance": {
    "md5sum": "ed344d7e118987fde93b1e0fc545efb2",
    "settings": {
      "fd_thres": 0.2,
      "testing": false
    },
    "software": "mriqc",
    "version": "22.0.6",
    "webapi_port": null,
    "webapi_url": "https://mriqc.nimh.nih.gov/api/v1"
  },
  "size_t": 243,
  "size_x": 64,
  "size_y": 64,
  "size_z": 43,
  "snr": 2.9809529990316155,
  "spacing_tr": 3.0,
  "spacing_x": 3.0,
  "spacing_y": 3.0,
  "spacing_z": 3.3000001907348633,
  "summary_bg_k": 20.254902137661034,
  "summary_bg_mad": 14.109122501247793,
  "summary_bg_mean": 82.92475891113281,
  "summary_bg_median": 40.32715606689453,
  "summary_bg_n": 99212.0,
  "summary_bg_p05": 29.362138748168945,
  "summary_bg_p95": 281.22242126464835,
  "summary_bg_stdv": 106.98403930664062,
  "summary_fg_k": -0.03007339979925483,
  "summary_fg_mad": 323.31089566670346,
  "summary_fg_mean": 954.9108276367188,
  "summary_fg_median": 919.9341430664062,
  "summary_fg_n": 37389.0,
  "summary_fg_p05": 516.72919921875,
  "summary_fg_p95": 1511.1645263671874,
  "summary_fg_stdv": 308.59991455078125,
  "tsnr": 22.96595425112173
}