{
  "aor": 0.003213292181069959,
  "aqi": 0.005479120576131687,
  "bids_meta": {
    "AcquisitionNumber": 1,
    "AcquisitionTime": "13:59:28.150000",
    "BandwidthPerPixelPhaseEncode": 29.481,
    "ConversionSoftware": "dcm2niix",
    "ConversionSoftwareVersion": "v1.0.20170724 GCC4.4.7",
    "DeviceSerialNumber": "35414",
    "EchoTime": 0.025,
    "EffectiveEchoSpacing": 0.000530002,
    "FlipAngle": 90,
    "ImageType": [
      "ORIGINAL",
      "PRIMARY",
      "M",
      "ND",
      "MOSAIC"
    ],
    "InstitutionAddress": "Mikeletegi_69_San_Sebastian_District_ES_20009",
    "InstitutionName": "BCBL",
    "MagneticFieldStrength": 3,
    "Manufacturer": "Siemens",
    "ManufacturersModelName": "TrioTim",
    "PhaseEncodingDirection": "j-",
    "PhaseEncodingLines": 64,
    "ProcedureStepDescription": "CRANEO_FUNCIONAL",
    "ProtocolName": "ep2d_VF_L3_Run1",
    "RepetitionTime": 3,
    "ScanningSequence": "EP",
    "SequenceName": "_epfid2d1_64",
    "SequenceVariant": "SK",
    "SeriesDescription": "ep2d_VF_L3_Run1",
    "SliceTiming": [
      2.92,
      2.8525,
      2.7825,
      2.7125,
      2.6425,
      2.5725,
      2.5025,
      2.435,
      2.365,
      2.295,
      2.225,
      2.155,
      2.085,
      2.0175,
      1.9475,
      1.8775,
      1.8075,
      1.7375,
      1.6675,
      1.6,
      1.53,
      1.46,
      1.39,
      1.32,
      1.2525,
      1.1825,
      1.1125,
      1.0425,
      0.9725,
      0.9025,
      0.835,
      0.765,
      0.695,
      0.625,
      0.555,
      0.485,
      0.4175,
      0.3475,
      0.2775,
      0.2075,
      0.1375,
      0.0675,
      0
    ],
    "SoftwareVersions": "syngo_MR_B17",
    "TaskName": "prodLn",
    "TotalReadoutTime": 0.0333901,
    "dataset": "ds003545",
    "modality": "bold",
    "run_id": 1,
    "session_id": "01",
    "subject_id": "12",
    "task_id": "prodLn"
  },
  "dummy_trs": 0,
  "dvars_nstd": 24.271384759504123,
  "dvars_std": 1.187467681033057,
  "dvars_vstd": 1.0053771043388435,
  "efc": 0.5345369624959548,
  "fber": 502.4744567871094,
  "fd_mean": 0.2547761654052874,
  "fd_num": 127,
  "fd_perc": 52.26337448559671,
  "fwhm_avg": 3.032781226269133,
  "fwhm_x": 2.9168633333333336,
  "fwhm_y": 3.2441166666666668,
  "fwhm_z": 2.9373636788073987,
  "gcor": 0.0594033,
  "gsr_x": -0.003649500198662281,
  "gsr_y": 0.09239879995584488,
  "provenance": {
    "md5sum": "8d41f5137c4efea4e35ecb7e264e52af",
    "settings": {
      "fd_thres": 0.2,
      "testing": false
    },
    "software": "mriqc",
    "version": "22.0.6",
    "webapi_port": null,
    "webapi_url": "https://mriqc.nimh.nih.gov/api/v1"
  },
  "size_t": 243,
  "size_x": 64,
  "size_y": 64,
  "size_z": 43,
  "snr": 2.9207879927798146,
  "spacing_tr": 3.0,
  "spacing_x": 3.0,
  "spacing_y": 3.0,
  "spacing_z": 3.299999952316284,
  "summary_bg_k": 38.897011501782906,
  "summary_bg_mad": 10.097555305417238,
  "summary_bg_mean": 73.588134765625,
  "summary_bg_median": 35.06172561645508,
  "summary_bg_n": 111084.0,
  "summary_bg_p05": 26.102880477905273,
  "summary_bg_p95": 244.97591247558526,
  "summary_bg_stdv": 109.08235931396484,
  "summary_fg_k": 1.95145235627297,
  "summary_fg_mad": 226.02661741624735,
  "summary_fg_mean": 840.5159301757812,
  "summary_fg_median": 790.9299926757812,
  "summary_fg_n": 29421.0,
  "summary_fg_p05": 504.0740661621094,
  "summary_fg_p95": 1392.4073486328125,
  "summary_fg_stdv": 270.78875732421875,
  "tsnr": 57.36753754550591
}