{
  "aor": 0.0035785945945945945,
  "aqi": 0.0017276598378378376,
  "bids_meta": {
    "AcquisitionNumber": 1,
    "AcquisitionTime": "13:41:35.280000",
    "BandwidthPerPixelPhaseEncode": 28.409,
    "ConversionSoftware": "dcm2niix",
    "ConversionSoftwareVersion": "v1.0.20170724 GCC4.4.7",
    "DeviceSerialNumber": "35414",
    "EchoTime": 0.03,
    "EffectiveEchoSpacing": 0.000550002,
    "FlipAngle": 80,
    "ImageType": [
      "ORIGINAL",
      "PRIMARY",
      "FMRI",
      "NONE",
      "ND",
      "MOSAIC"
    ],
    "InstitutionAddress": "Mikeletegi_69_San_Sebastian_District_ES_20009",
    "InstitutionName": "BCBL",
    "MagneticFieldStrength": 3,
    "Manufacturer": "Siemens",
    "ManufacturersModelName": "TrioTim",
    "PhaseEncodingDirection": "j-",
    "PhaseEncodingLines": 64,
    "ProcedureStepDescription": "CRANEO_FUNCIONAL",
    "ProtocolName": "ep2d_PiN_L3_Run1",
    "RepetitionTime": 2,
    "ScanningSequence": "EP",
    "SequenceName": "_epfid2d1_64",
    "SequenceVariant": "SK",
    "SeriesDescription": "ep2d_PiN_L3_Run1",
    "SliceTiming": [
      1.9275,
      1.865,
      1.8025,
      1.74,
      1.6775,
      1.615,
      1.555,
      1.4925,
      1.43,
      1.3675,
      1.305,
      1.2425,
      1.18,
      1.12,
      1.0575,
      0.995,
      0.9325,
      0.87,
      0.8075,
      0.7475,
      0.685,
      0.6225,
      0.56,
      0.4975,
      0.435,
      0.3725,
      0.3125,
      0.25,
      0.1875,
      0.125,
      0.0625,
      0
    ],
    "SoftwareVersions": "syngo_MR_B17",
    "TaskName": "compLn",
    "TotalReadoutTime": 0.0346501,
    "dataset": "ds003545",
    "modality": "bold",
    "run_id": 1,
    "session_id": "01",
    "subject_id": "12",
    "task_id": "compLn"
  },
  "dummy_trs": 1,
  "dvars_nstd": 15.248242305869573,
  "dvars_std": 1.200198568206521,
  "dvars_vstd": 1.0421873543478264,
  "efc": 0.46041202788967933,
  "fber": 1309.0059814453125,
  "fd_mean": 0.09914534228367083,
  "fd_num": 16,
  "fd_perc": 8.64864864864865,
  "fwhm_avg": 2.945105424242424,
  "fwhm_x": 2.873765818181818,
  "fwhm_y": 3.2302254545454545,
  "fwhm_z": 2.731325,
  "gcor": 0.0543755,
  "gsr_x": -0.020148200914263725,
  "gsr_y": 0.05513468012213707,
  "provenance": {
    "md5sum": "1359fc55ba55b7e27f5cb315d5105b00",
    "settings": {
      "fd_thres": 0.2,
      "testing": false
    },
    "software": "mriqc",
    "version": "22.0.6",
    "webapi_port": null,
    "webapi_url": "https://mriqc.nimh.nih.gov/api/v1"
  },
  "size_t": 185,
  "size_x": 64,
  "size_y": 64,
  "size_z": 32,
  "snr": 2.9551205574246313,
  "spacing_tr": 2.0,
  "spacing_x": 3.4375,
  "spacing_y": 3.4375,
  "spacing_z": 4.0,
  "summary_bg_k": 61.575393997816064,
  "summary_bg_mad": 6.106717585681416,
  "summary_bg_mean": 37.62904357910156,
  "summary_bg_median": 17.486486434936523,
  "summary_bg_n": 86862.0,
  "summary_bg_p05": 13.102703094482422,
  "summary_bg_p95": 126.1189193725586,
  "summary_bg_stdv": 67.72760009765625,
  "summary_fg_k": 1.927024149464672,
  "summary_fg_mad": 172.42666515945893,
  "summary_fg_mean": 679.477294921875,
  "summary_fg_median": 637.8594970703125,
  "summary_fg_n": 16842.0,
  "summary_fg_p05": 411.8275680541992,
  "summary_fg_p95": 1125.2691833496094,
  "summary_fg_stdv": 215.8424835205078,
  "tsnr": 106.58474803203717
}