{
  "aor": 0.00504,
  "aqi": 0.005164914567901235,
  "bids_meta": {
    "AcquisitionNumber": 1,
    "AcquisitionTime": "15:39:15.862500",
    "BandwidthPerPixelPhaseEncode": 29.481,
    "ConversionSoftware": "dcm2niix",
    "ConversionSoftwareVersion": "v1.0.20170724 GCC4.4.7",
    "DeviceSerialNumber": "35414",
    "EchoTime": 0.025,
    "EffectiveEchoSpacing": 0.000530002,
    "FlipAngle": 90,
    "ImageType": [
      "ORIGINAL",
      "PRIMARY",
      "M",
      "ND",
      "MOSAIC"
    ],
    "InstitutionAddress": "Mikeletegi_69_San_Sebastian_District_ES_20009",
    "InstitutionName": "BCBL",
    "MagneticFieldStrength": 3,
    "Manufacturer": "Siemens",
    "ManufacturersModelName": "TrioTim",
    "PhaseEncodingDirection": "j-",
    "PhaseEncodingLines": 64,
    "ProcedureStepDescription": "CRANEO_FUNCIONAL",
    "ProtocolName": "ep2d_VF_L1_Run1",
    "RepetitionTime": 3,
    "ScanningSequence": "EP",
    "SequenceName": "_epfid2d1_64",
    "SequenceVariant": "SK",
    "SeriesDescription": "ep2d_VF_L1_Run1",
    "SliceTiming": [
      2.9225,
      2.8525,
      2.7825,
      2.715,
      2.645,
      2.575,
      2.505,
      2.435,
      2.3675,
      2.2975,
      2.2275,
      2.1575,
      2.0875,
      2.0175,
      1.95,
      1.88,
      1.81,
      1.74,
      1.67,
      1.6,
      1.5325,
      1.4625,
      1.3925,
      1.3225,
      1.2525,
      1.1825,
      1.115,
      1.045,
      0.975,
      0.905,
      0.835,
      0.765,
      0.6975,
      0.6275,
      0.5575,
      0.4875,
      0.4175,
      0.35,
      0.28,
      0.21,
      0.14,
      0.07,
      0
    ],
    "SoftwareVersions": "syngo_MR_B17",
    "TaskName": "prodL1",
    "TotalReadoutTime": 0.0333901,
    "dataset": "ds003545",
    "modality": "bold",
    "run_id": 1,
    "session_id": "01",
    "subject_id": "12",
    "task_id": "prodL1"
  },
  "dummy_trs": 0,
  "dvars_nstd": 25.752936197644612,
  "dvars_std": 1.2238104335537192,
  "dvars_vstd": 1.0441770846694218,
  "efc": 0.5324157083916784,
  "fber": 563.6363525390625,
  "fd_mean": 0.25274839961962803,
  "fd_num": 128,
  "fd_perc": 52.674897119341566,
  "fwhm_avg": 3.009709509134751,
  "fwhm_x": 2.876656666666667,
  "fwhm_y": 3.207356666666667,
  "fwhm_z": 2.94511519407092,
  "gcor": 0.0706922,
  "gsr_x": -0.0035674278624355793,
  "gsr_y": 0.1010703518986702,
  "provenance": {
    "md5sum": "ead47de15be759c53cb48d3a76bbedf5",
    "settings": {
      "fd_thres": 0.2,
      "testing": false
    },
    "software": "mriqc",
    "version": "22.0.6",
    "webapi_port": null,
    "webapi_url": "https://mriqc.nimh.nih.gov/api/v1"
  },
  "size_t": 243,
  "size_x": 64,
  "size_y": 64,
  "size_z": 43,
  "snr": 2.90899042527439,
  "spacing_tr": 3.0,
  "spacing_x": 3.0,
  "spacing_y": 3.0,
  "spacing_z": 3.299999952316284,
  "summary_bg_k": 38.421738570753604,
  "summary_bg_mad": 10.805304101203834,
  "summary_bg_mean": 71.2404556274414,
  "summary_bg_median": 32.13168716430664,
  "summary_bg_n": 111203.0,
  "summary_bg_p05": 23.901233673095703,
  "summary_bg_p95": 244.6954696655271,
  "summary_bg_stdv": 110.37327575683594,
  "summary_fg_k": 2.0960487516167063,
  "summary_fg_mad": 216.34092842346493,
  "summary_fg_mean": 815.9567260742188,
  "summary_fg_median": 765.7427978515625,
  "summary_fg_n": 29376.0,
  "summary_fg_p05": 493.4104690551758,
  "summary_fg_p95": 1351.8991394042969,
  "summary_fg_stdv": 263.22869873046875,
  "tsnr": 57.82762264832854
}