{
  "aor": 0.017964115226337448,
  "aqi": 0.008678718353909464,
  "bids_meta": {
    "AcquisitionNumber": 1,
    "AcquisitionTime": "10:27:57.582500",
    "BandwidthPerPixelPhaseEncode": 29.481,
    "ConversionSoftware": "dcm2niix",
    "ConversionSoftwareVersion": "v1.0.20170724 GCC4.4.7",
    "DeviceSerialNumber": "35414",
    "EchoTime": 0.025,
    "EffectiveEchoSpacing": 0.000530002,
    "FlipAngle": 90,
    "ImageType": [
      "ORIGINAL",
      "PRIMARY",
      "M",
      "ND",
      "MOSAIC"
    ],
    "InstitutionAddress": "Mikeletegi_69_San_Sebastian_District_ES_20009",
    "InstitutionName": "BCBL",
    "MagneticFieldStrength": 3,
    "Manufacturer": "Siemens",
    "ManufacturersModelName": "TrioTim",
    "PhaseEncodingDirection": "j-",
    "PhaseEncodingLines": 64,
    "ProcedureStepDescription": "CRANEO_FUNCIONAL",
    "ProtocolName": "ep2d_VF_L3_Run1",
    "RepetitionTime": 3,
    "ScanningSequence": "EP",
    "SequenceName": "_epfid2d1_64",
    "SequenceVariant": "SK",
    "SeriesDescription": "ep2d_VF_L3_Run1",
    "SliceTiming": [
      2.9225,
      2.8525,
      2.7825,
      2.7125,
      2.6425,
      2.575,
      2.505,
      2.435,
      2.365,
      2.295,
      2.225,
      2.1575,
      2.0875,
      2.0175,
      1.9475,
      1.8775,
      1.8075,
      1.74,
      1.67,
      1.6,
      1.53,
      1.46,
      1.3925,
      1.3225,
      1.2525,
      1.1825,
      1.1125,
      1.0425,
      0.975,
      0.905,
      0.835,
      0.765,
      0.695,
      0.625,
      0.5575,
      0.4875,
      0.4175,
      0.3475,
      0.2775,
      0.2075,
      0.14,
      0.07,
      0
    ],
    "SoftwareVersions": "syngo_MR_B17",
    "TaskName": "prodLn",
    "TotalReadoutTime": 0.0333901,
    "dataset": "ds003545",
    "modality": "bold",
    "run_id": 1,
    "session_id": "02",
    "subject_id": "11",
    "task_id": "prodLn"
  },
  "dummy_trs": 0,
  "dvars_nstd": 32.450094002520665,
  "dvars_std": 1.2472823823553718,
  "dvars_vstd": 1.0359088870661153,
  "efc": 0.5617298074526781,
  "fber": 476.1246032714844,
  "fd_mean": 0.3170638704270702,
  "fd_num": 112,
  "fd_perc": 46.09053497942387,
  "fwhm_avg": 2.824206175340636,
  "fwhm_x": 2.6980733333333333,
  "fwhm_y": 2.9250966666666667,
  "fwhm_z": 2.8494485260219076,
  "gcor": 0.037997,
  "gsr_x": -0.01420184038579464,
  "gsr_y": 0.07292547821998596,
  "provenance": {
    "md5sum": "1b95fdd8554b4ccd2df278a93ae4e1d4",
    "settings": {
      "fd_thres": 0.2,
      "testing": false
    },
    "software": "mriqc",
    "version": "22.0.6",
    "webapi_port": null,
    "webapi_url": "https://mriqc.nimh.nih.gov/api/v1"
  },
  "size_t": 243,
  "size_x": 64,
  "size_y": 64,
  "size_z": 43,
  "snr": 2.929720289373354,
  "spacing_tr": 3.0,
  "spacing_x": 3.0,
  "spacing_y": 3.0,
  "spacing_z": 3.299999952316284,
  "summary_bg_k": 26.1417265925464,
  "summary_bg_mad": 8.901712960434926,
  "summary_bg_mean": 62.548492431640625,
  "summary_bg_median": 33.539093017578125,
  "summary_bg_n": 101952.0,
  "summary_bg_p05": 26.954730987548828,
  "summary_bg_p95": 206.63806381225575,
  "summary_bg_stdv": 78.5796127319336,
  "summary_fg_k": 2.190216206559251,
  "summary_fg_mad": 222.2255489233074,
  "summary_fg_mean": 788.8490600585938,
  "summary_fg_median": 742.7283935546875,
  "summary_fg_n": 36601.0,
  "summary_fg_p05": 470.8929748535156,
  "summary_fg_p95": 1274.572021484375,
  "summary_fg_stdv": 253.51165771484375,
  "tsnr": 41.02109765633941
}