{
  "aor": 0.022971935483870966,
  "aqi": 0.007406847849462365,
  "bids_meta": {
    "AcquisitionNumber": 1,
    "AcquisitionTime": "14:45:40.642500",
    "BandwidthPerPixelPhaseEncode": 28.409,
    "ConversionSoftware": "dcm2niix",
    "ConversionSoftwareVersion": "v1.0.20170724 GCC4.4.7",
    "DeviceSerialNumber": "35414",
    "EchoTime": 0.03,
    "EffectiveEchoSpacing": 0.000550002,
    "FlipAngle": 80,
    "ImageType": [
      "ORIGINAL",
      "PRIMARY",
      "FMRI",
      "NONE",
      "ND",
      "MOSAIC"
    ],
    "InstitutionAddress": "Mikeletegi_69_San_Sebastian_District_ES_20009",
    "InstitutionName": "BCBL",
    "MagneticFieldStrength": 3,
    "Manufacturer": "Siemens",
    "ManufacturersModelName": "TrioTim",
    "PhaseEncodingDirection": "j-",
    "PhaseEncodingLines": 64,
    "ProcedureStepDescription": "CRANEO_FUNCIONAL",
    "ProtocolName": "ep2d_PiN_L1_Run1",
    "RepetitionTime": 2,
    "ScanningSequence": "EP",
    "SequenceName": "_epfid2d1_64",
    "SequenceVariant": "SK",
    "SeriesDescription": "ep2d_PiN_L1_Run1",
    "SliceTiming": [
      1.9275,
      1.865,
      1.8025,
      1.74,
      1.6775,
      1.615,
      1.555,
      1.4925,
      1.43,
      1.3675,
      1.305,
      1.2425,
      1.18,
      1.12,
      1.0575,
      0.995,
      0.9325,
      0.87,
      0.8075,
      0.7475,
      0.685,
      0.6225,
      0.56,
      0.4975,
      0.435,
      0.3725,
      0.3125,
      0.25,
      0.1875,
      0.125,
      0.0625,
      0
    ],
    "SoftwareVersions": "syngo_MR_B17",
    "TaskName": "compL1",
    "TotalReadoutTime": 0.0346501,
    "dataset": "ds003545",
    "modality": "bold",
    "run_id": 1,
    "session_id": "02",
    "subject_id": "11",
    "task_id": "compL1"
  },
  "dummy_trs": 0,
  "dvars_nstd": 30.116649627567558,
  "dvars_std": 1.2804266757837834,
  "dvars_vstd": 1.0924197905405404,
  "efc": 0.4844933168568975,
  "fber": 1124.364501953125,
  "fd_mean": 0.3387143526526322,
  "fd_num": 87,
  "fd_perc": 46.774193548387096,
  "fwhm_avg": 2.951559212121212,
  "fwhm_x": 2.8946094545454546,
  "fwhm_y": 3.0922181818181818,
  "fwhm_z": 2.86785,
  "gcor": 0.0472751,
  "gsr_x": -0.016519024968147278,
  "gsr_y": 0.04433146119117737,
  "provenance": {
    "md5sum": "15eaab0b05f2c57f43d929eb9c9d0861",
    "settings": {
      "fd_thres": 0.2,
      "testing": false
    },
    "software": "mriqc",
    "version": "22.0.6",
    "webapi_port": null,
    "webapi_url": "https://mriqc.nimh.nih.gov/api/v1"
  },
  "size_t": 186,
  "size_x": 64,
  "size_y": 64,
  "size_z": 32,
  "snr": 2.6935797921572657,
  "spacing_tr": 2.0,
  "spacing_x": 3.4375,
  "spacing_y": 3.4375,
  "spacing_z": 4.0,
  "summary_bg_k": 45.589869560833826,
  "summary_bg_mad": 5.236935011095262,
  "summary_bg_mean": 34.320343017578125,
  "summary_bg_median": 18.354839324951172,
  "summary_bg_n": 81742.0,
  "summary_bg_p05": 14.370967864990234,
  "summary_bg_p95": 111.31693840026854,
  "summary_bg_stdv": 50.40587615966797,
  "summary_fg_k": 2.7734746138671484,
  "summary_fg_mad": 181.0647641111595,
  "summary_fg_mean": 660.0267333984375,
  "summary_fg_median": 614.5886840820312,
  "summary_fg_n": 20866.0,
  "summary_fg_p05": 388.80645751953125,
  "summary_fg_p95": 1127.1976013183594,
  "summary_fg_stdv": 228.1625213623047,
  "tsnr": 44.75210957694799
}