{
  "aor": 0.004306872427983539,
  "aqi": 0.005153120905349794,
  "bids_meta": {
    "AcquisitionNumber": 1,
    "AcquisitionTime": "15:07:4.570000",
    "BandwidthPerPixelPhaseEncode": 29.481,
    "ConversionSoftware": "dcm2niix",
    "ConversionSoftwareVersion": "v1.0.20170724 GCC4.4.7",
    "DeviceSerialNumber": "35414",
    "EchoTime": 0.025,
    "EffectiveEchoSpacing": 0.000530002,
    "FlipAngle": 90,
    "ImageType": [
      "ORIGINAL",
      "PRIMARY",
      "M",
      "ND",
      "MOSAIC"
    ],
    "InstitutionAddress": "Mikeletegi_69_San_Sebastian_District_ES_20009",
    "InstitutionName": "BCBL",
    "MagneticFieldStrength": 3,
    "Manufacturer": "Siemens",
    "ManufacturersModelName": "TrioTim",
    "PhaseEncodingDirection": "j-",
    "PhaseEncodingLines": 64,
    "ProcedureStepDescription": "CRANEO_FUNCIONAL",
    "ProtocolName": "ep2d_VF_L1_Run1",
    "RepetitionTime": 3,
    "ScanningSequence": "EP",
    "SequenceName": "_epfid2d1_64",
    "SequenceVariant": "SK",
    "SeriesDescription": "ep2d_VF_L1_Run1",
    "SliceTiming": [
      2.9225,
      2.8525,
      2.7825,
      2.715,
      2.645,
      2.575,
      2.505,
      2.435,
      2.365,
      2.2975,
      2.2275,
      2.1575,
      2.0875,
      2.0175,
      1.9475,
      1.88,
      1.81,
      1.74,
      1.67,
      1.6,
      1.53,
      1.4625,
      1.3925,
      1.3225,
      1.2525,
      1.1825,
      1.115,
      1.045,
      0.975,
      0.905,
      0.835,
      0.765,
      0.6975,
      0.6275,
      0.5575,
      0.4875,
      0.4175,
      0.3475,
      0.28,
      0.21,
      0.14,
      0.07,
      0
    ],
    "SoftwareVersions": "syngo_MR_B17",
    "TaskName": "prodL1",
    "TotalReadoutTime": 0.0333901,
    "dataset": "ds003545",
    "modality": "bold",
    "run_id": 1,
    "session_id": "02",
    "subject_id": "11",
    "task_id": "prodL1"
  },
  "dummy_trs": 0,
  "dvars_nstd": 27.275661433264478,
  "dvars_std": 1.162679019545454,
  "dvars_vstd": 0.9926503523966947,
  "efc": 0.5584983926409961,
  "fber": 446.49566650390625,
  "fd_mean": 0.20896483131312119,
  "fd_num": 86,
  "fd_perc": 35.390946502057616,
  "fwhm_avg": 3.0998233481634507,
  "fwhm_x": 2.991206666666667,
  "fwhm_y": 3.2292633333333334,
  "fwhm_z": 3.0790000444903525,
  "gcor": 0.03027,
  "gsr_x": -0.01707443781197071,
  "gsr_y": 0.08093138784170151,
  "provenance": {
    "md5sum": "5bece354fe091f6da2335b90761c92ed",
    "settings": {
      "fd_thres": 0.2,
      "testing": false
    },
    "software": "mriqc",
    "version": "22.0.6",
    "webapi_port": null,
    "webapi_url": "https://mriqc.nimh.nih.gov/api/v1"
  },
  "size_t": 243,
  "size_x": 64,
  "size_y": 64,
  "size_z": 43,
  "snr": 2.504006183359452,
  "spacing_tr": 3.0,
  "spacing_x": 3.0,
  "spacing_y": 3.0,
  "spacing_z": 3.299999952316284,
  "summary_bg_k": 22.356049122184377,
  "summary_bg_mad": 11.229335778569514,
  "summary_bg_mean": 70.38932800292969,
  "summary_bg_median": 36.15843200683594,
  "summary_bg_n": 101626.0,
  "summary_bg_p05": 27.75308609008789,
  "summary_bg_p95": 242.99793243408203,
  "summary_bg_stdv": 90.77054595947266,
  "summary_fg_k": 2.8036414548992683,
  "summary_fg_mad": 251.54820657006982,
  "summary_fg_mean": 841.7891235351562,
  "summary_fg_median": 777.226318359375,
  "summary_fg_n": 36559.0,
  "summary_fg_p05": 481.29217834472655,
  "summary_fg_p95": 1481.1476806640624,
  "summary_fg_stdv": 310.3888854980469,
  "tsnr": 54.60679779702332
}