{
  "aor": 0.003117366255144034,
  "aqi": 0.004210944609053498,
  "bids_meta": {
    "AcquisitionNumber": 1,
    "AcquisitionTime": "15:20:32.735000",
    "BandwidthPerPixelPhaseEncode": 29.481,
    "ConversionSoftware": "dcm2niix",
    "ConversionSoftwareVersion": "v1.0.20170724 GCC4.4.7",
    "DeviceSerialNumber": "35414",
    "EchoTime": 0.025,
    "EffectiveEchoSpacing": 0.000530002,
    "FlipAngle": 90,
    "ImageType": [
      "ORIGINAL",
      "PRIMARY",
      "M",
      "ND",
      "MOSAIC"
    ],
    "InstitutionAddress": "Mikeletegi_69_San_Sebastian_District_ES_20009",
    "InstitutionName": "BCBL",
    "MagneticFieldStrength": 3,
    "Manufacturer": "Siemens",
    "ManufacturersModelName": "TrioTim",
    "PhaseEncodingDirection": "j-",
    "PhaseEncodingLines": 64,
    "ProcedureStepDescription": "CRANEO_FUNCIONAL",
    "ProtocolName": "ep2d_VF_L1_Run2",
    "RepetitionTime": 3,
    "ScanningSequence": "EP",
    "SequenceName": "_epfid2d1_64",
    "SequenceVariant": "SK",
    "SeriesDescription": "ep2d_VF_L1_Run2",
    "SliceTiming": [
      2.9225,
      2.8525,
      2.7825,
      2.715,
      2.645,
      2.575,
      2.505,
      2.435,
      2.365,
      2.2975,
      2.2275,
      2.1575,
      2.0875,
      2.0175,
      1.9475,
      1.88,
      1.81,
      1.74,
      1.67,
      1.6,
      1.53,
      1.4625,
      1.3925,
      1.3225,
      1.2525,
      1.1825,
      1.115,
      1.045,
      0.975,
      0.905,
      0.835,
      0.765,
      0.6975,
      0.6275,
      0.5575,
      0.4875,
      0.4175,
      0.3475,
      0.28,
      0.21,
      0.14,
      0.07,
      0
    ],
    "SoftwareVersions": "syngo_MR_B17",
    "TaskName": "prodL1",
    "TotalReadoutTime": 0.0333901,
    "dataset": "ds003545",
    "modality": "bold",
    "run_id": 2,
    "session_id": "02",
    "subject_id": "11",
    "task_id": "prodL1"
  },
  "dummy_trs": 0,
  "dvars_nstd": 28.797032486363634,
  "dvars_std": 1.23384946785124,
  "dvars_vstd": 1.019071611322314,
  "efc": 0.5581664184205221,
  "fber": 446.5745544433594,
  "fd_mean": 0.22042274291889202,
  "fd_num": 114,
  "fd_perc": 46.91358024691358,
  "fwhm_avg": 3.0892448633107334,
  "fwhm_x": 2.9712533333333333,
  "fwhm_y": 3.21836,
  "fwhm_z": 3.0781212565988665,
  "gcor": 0.0446116,
  "gsr_x": -0.01879885420203209,
  "gsr_y": 0.08117922395467758,
  "provenance": {
    "md5sum": "1e8f8743d87360cbae63266762af01ef",
    "settings": {
      "fd_thres": 0.2,
      "testing": false
    },
    "software": "mriqc",
    "version": "22.0.6",
    "webapi_port": null,
    "webapi_url": "https://mriqc.nimh.nih.gov/api/v1"
  },
  "size_t": 243,
  "size_x": 64,
  "size_y": 64,
  "size_z": 43,
  "snr": 2.4957427760654216,
  "spacing_tr": 3.0,
  "spacing_x": 3.0,
  "spacing_y": 3.0,
  "spacing_z": 3.299999952316284,
  "summary_bg_k": 21.35851174955297,
  "summary_bg_mad": 11.03105051367809,
  "summary_bg_mean": 70.97451782226562,
  "summary_bg_median": 36.25925827026367,
  "summary_bg_n": 101727.0,
  "summary_bg_p05": 28.02057456970215,
  "summary_bg_p95": 246.33044281005849,
  "summary_bg_stdv": 91.43572998046875,
  "summary_fg_k": 2.804975061989631,
  "summary_fg_mad": 252.63721880143004,
  "summary_fg_mean": 845.1495361328125,
  "summary_fg_median": 779.923828125,
  "summary_fg_n": 36498.0,
  "summary_fg_p05": 481.6205535888672,
  "summary_fg_p95": 1489.6301513671876,
  "summary_fg_stdv": 312.4974060058594,
  "tsnr": 58.75164077617228
}