{
  "aor": 0.0025887027027027025,
  "aqi": 0.005949021675675676,
  "bids_meta": {
    "AcquisitionNumber": 1,
    "AcquisitionTime": "10:16:18.065000",
    "BandwidthPerPixelPhaseEncode": 28.409,
    "ConversionSoftware": "dcm2niix",
    "ConversionSoftwareVersion": "v1.0.20170724 GCC4.4.7",
    "DeviceSerialNumber": "35414",
    "EchoTime": 0.03,
    "EffectiveEchoSpacing": 0.000550002,
    "FlipAngle": 80,
    "ImageType": [
      "ORIGINAL",
      "PRIMARY",
      "FMRI",
      "NONE",
      "ND",
      "MOSAIC"
    ],
    "InstitutionAddress": "Mikeletegi_69_San_Sebastian_District_ES_20009",
    "InstitutionName": "BCBL",
    "MagneticFieldStrength": 3,
    "Manufacturer": "Siemens",
    "ManufacturersModelName": "TrioTim",
    "PhaseEncodingDirection": "j-",
    "PhaseEncodingLines": 64,
    "ProcedureStepDescription": "CRANEO_FUNCIONAL",
    "ProtocolName": "ep2d_PiN_L3_Run2",
    "RepetitionTime": 2,
    "ScanningSequence": "EP",
    "SequenceName": "_epfid2d1_64",
    "SequenceVariant": "SK",
    "SeriesDescription": "ep2d_PiN_L3_Run2",
    "SliceTiming": [
      1.9275,
      1.865,
      1.8025,
      1.74,
      1.6775,
      1.615,
      1.5525,
      1.4925,
      1.43,
      1.3675,
      1.305,
      1.2425,
      1.18,
      1.12,
      1.0575,
      0.995,
      0.9325,
      0.87,
      0.8075,
      0.7475,
      0.685,
      0.6225,
      0.56,
      0.4975,
      0.435,
      0.3725,
      0.3125,
      0.25,
      0.1875,
      0.125,
      0.0625,
      0
    ],
    "SoftwareVersions": "syngo_MR_B17",
    "TaskName": "compLn",
    "TotalReadoutTime": 0.0346501,
    "dataset": "ds003545",
    "modality": "bold",
    "run_id": 2,
    "session_id": "02",
    "subject_id": "11",
    "task_id": "compLn"
  },
  "dummy_trs": 1,
  "dvars_nstd": 22.804111180652168,
  "dvars_std": 1.1004860829891308,
  "dvars_vstd": 0.8903998464130433,
  "efc": 0.4838600286912979,
  "fber": 1202.6002197265625,
  "fd_mean": 0.20515407734764393,
  "fd_num": 56,
  "fd_perc": 30.27027027027027,
  "fwhm_avg": 2.6640366666666666,
  "fwhm_x": 2.590184727272727,
  "fwhm_y": 2.8235752727272727,
  "fwhm_z": 2.57835,
  "gcor": 0.0299083,
  "gsr_x": -0.012884682044386864,
  "gsr_y": 0.04079170525074005,
  "provenance": {
    "md5sum": "b54aff8ca2901556209d4793c16be711",
    "settings": {
      "fd_thres": 0.2,
      "testing": false
    },
    "software": "mriqc",
    "version": "22.0.6",
    "webapi_port": null,
    "webapi_url": "https://mriqc.nimh.nih.gov/api/v1"
  },
  "size_t": 185,
  "size_x": 64,
  "size_y": 64,
  "size_z": 32,
  "snr": 3.111925780199714,
  "spacing_tr": 2.0,
  "spacing_x": 3.4375,
  "spacing_y": 3.4375,
  "spacing_z": 4.0,
  "summary_bg_k": 49.67385415096064,
  "summary_bg_mad": 4.560004008157775,
  "summary_bg_mean": 30.896833419799805,
  "summary_bg_median": 17.135135650634766,
  "summary_bg_n": 82229.0,
  "summary_bg_p05": 13.605405807495117,
  "summary_bg_p95": 93.89405364990216,
  "summary_bg_stdv": 44.153053283691406,
  "summary_fg_k": 2.3746515864793016,
  "summary_fg_mad": 161.1949398566687,
  "summary_fg_mean": 628.40771484375,
  "summary_fg_median": 595.4108276367188,
  "summary_fg_n": 20511.0,
  "summary_fg_p05": 386.0324401855469,
  "summary_fg_p95": 1003.9216613769531,
  "summary_fg_stdv": 191.32728576660156,
  "tsnr": 55.537738156621344
}