{
  "aor": 0.007634526748971194,
  "aqi": 0.007409730864197532,
  "bids_meta": {
    "AcquisitionNumber": 1,
    "AcquisitionTime": "10:41:53.430000",
    "BandwidthPerPixelPhaseEncode": 29.481,
    "ConversionSoftware": "dcm2niix",
    "ConversionSoftwareVersion": "v1.0.20170724 GCC4.4.7",
    "DeviceSerialNumber": "35414",
    "EchoTime": 0.025,
    "EffectiveEchoSpacing": 0.000530002,
    "FlipAngle": 90,
    "ImageType": [
      "ORIGINAL",
      "PRIMARY",
      "M",
      "ND",
      "MOSAIC"
    ],
    "InstitutionAddress": "Mikeletegi_69_San_Sebastian_District_ES_20009",
    "InstitutionName": "BCBL",
    "MagneticFieldStrength": 3,
    "Manufacturer": "Siemens",
    "ManufacturersModelName": "TrioTim",
    "PhaseEncodingDirection": "j-",
    "PhaseEncodingLines": 64,
    "ProcedureStepDescription": "CRANEO_FUNCIONAL",
    "ProtocolName": "ep2d_VF_L3_Run2",
    "RepetitionTime": 3,
    "ScanningSequence": "EP",
    "SequenceName": "_epfid2d1_64",
    "SequenceVariant": "SK",
    "SeriesDescription": "ep2d_VF_L3_Run2",
    "SliceTiming": [
      2.9225,
      2.8525,
      2.7825,
      2.7125,
      2.6425,
      2.575,
      2.505,
      2.435,
      2.365,
      2.295,
      2.225,
      2.1575,
      2.0875,
      2.0175,
      1.9475,
      1.8775,
      1.8075,
      1.74,
      1.67,
      1.6,
      1.53,
      1.46,
      1.3925,
      1.3225,
      1.2525,
      1.1825,
      1.1125,
      1.0425,
      0.975,
      0.905,
      0.835,
      0.765,
      0.695,
      0.625,
      0.5575,
      0.4875,
      0.4175,
      0.3475,
      0.2775,
      0.2075,
      0.14,
      0.07,
      0
    ],
    "SoftwareVersions": "syngo_MR_B17",
    "TaskName": "prodLn",
    "TotalReadoutTime": 0.0333901,
    "dataset": "ds003545",
    "modality": "bold",
    "run_id": 2,
    "session_id": "02",
    "subject_id": "11",
    "task_id": "prodLn"
  },
  "dummy_trs": 0,
  "dvars_nstd": 32.636921748471075,
  "dvars_std": 1.1676996778925617,
  "dvars_vstd": 0.9759728155785123,
  "efc": 0.5623153496799409,
  "fber": 473.0545959472656,
  "fd_mean": 0.3033135129336631,
  "fd_num": 125,
  "fd_perc": 51.440329218106996,
  "fwhm_avg": 2.8224406197263185,
  "fwhm_x": 2.7066433333333335,
  "fwhm_y": 2.9234299999999998,
  "fwhm_z": 2.8372485258456224,
  "gcor": 0.021501,
  "gsr_x": -0.014225625433027744,
  "gsr_y": 0.07422696053981781,
  "provenance": {
    "md5sum": "6e6a49e3cd6cafc013a6dd0cb65bbe7a",
    "settings": {
      "fd_thres": 0.2,
      "testing": false
    },
    "software": "mriqc",
    "version": "22.0.6",
    "webapi_port": null,
    "webapi_url": "https://mriqc.nimh.nih.gov/api/v1"
  },
  "size_t": 243,
  "size_x": 64,
  "size_y": 64,
  "size_z": 43,
  "snr": 2.927489323186918,
  "spacing_tr": 3.0,
  "spacing_x": 3.0,
  "spacing_y": 3.0,
  "spacing_z": 3.299999952316284,
  "summary_bg_k": 25.836662078228496,
  "summary_bg_mad": 9.096955470223978,
  "summary_bg_mean": 62.97709274291992,
  "summary_bg_median": 33.543209075927734,
  "summary_bg_n": 101897.0,
  "summary_bg_p05": 26.724279403686523,
  "summary_bg_p95": 208.91521911621092,
  "summary_bg_stdv": 79.4640884399414,
  "summary_fg_k": 2.2019016229990616,
  "summary_fg_mad": 221.50569414741557,
  "summary_fg_mean": 787.6084594726562,
  "summary_fg_median": 741.0164184570312,
  "summary_fg_n": 36641.0,
  "summary_fg_p05": 469.6707763671875,
  "summary_fg_p95": 1273.0657958984375,
  "summary_fg_stdv": 253.1200714111328,
  "tsnr": 45.04582186695188
}