{
  "bids_meta": {
    "AccelFactPE": 2,
    "AcquisitionNumber": 1,
    "AcquisitionTime": "09:42:0.232500",
    "BodyPartExamined": "BRAIN",
    "ConversionSoftware": "dcm2niix",
    "ConversionSoftwareVersion": "v1.0.20170724 GCC4.4.7",
    "DeviceSerialNumber": "167004",
    "EchoTime": 0.00297,
    "FlipAngle": 7,
    "ImageType": [
      "ORIGINAL",
      "PRIMARY",
      "M",
      "ND"
    ],
    "InstitutionAddress": "Mikeletegi_69_San_Sebastian_District_ES_20009",
    "InstitutionName": "BCBL",
    "InversionTime": 1.1,
    "MagneticFieldStrength": 3,
    "Manufacturer": "Siemens",
    "ManufacturersModelName": "Prisma_fit",
    "PhaseEncodingDirection": "i-",
    "PhaseEncodingLines": 256,
    "ProcedureStepDescription": "CRANEO_FUNCIONAL",
    "ProtocolName": "t1_mpr_tra_p2_iso",
    "RepetitionTime": 2.53,
    "ScanningSequence": "GR_IR",
    "SequenceName": "_tfl3d1_16",
    "SequenceVariant": "SK_SP_MP_OSP",
    "SeriesDescription": "t1_mpr_tra_p2_iso",
    "SoftwareVersions": "syngo_MR_E11",
    "dataset": "ds003545",
    "modality": "T1w",
    "session_id": "02",
    "subject_id": "20"
  },
  "cjv": 0.4098936498483,
  "cnr": 2.8562555684799724,
  "efc": 0.5278641765287637,
  "fber": 12108.8016,
  "fwhm_avg": 4.817056666666667,
  "fwhm_x": 4.55431,
  "fwhm_y": 5.10265,
  "fwhm_z": 4.79421,
  "icvs_csf": 0.18123559618431856,
  "icvs_gm": 0.4175980312968311,
  "icvs_wm": 0.40116637251885034,
  "inu_med": 0.9728602766990662,
  "inu_range": 1.0124913185834878,
  "provenance": {
    "md5sum": "26210473c57b1a417bb4bcb2a9791c64",
    "settings": {
      "testing": false
    },
    "software": "mriqc",
    "version": "22.0.6",
    "warnings": {
      "large_rot_frame": true,
      "small_air_mask": false
    },
    "webapi_port": null,
    "webapi_url": "https://mriqc.nimh.nih.gov/api/v1"
  },
  "qi_1": 0.0,
  "qi_2": 0.002831702870178886,
  "rpve_csf": 27.134338922305943,
  "rpve_gm": 12.236413640416432,
  "rpve_wm": 14.410686849717358,
  "size_x": 256,
  "size_y": 256,
  "size_z": 176,
  "snr_csf": 1.9414805687700405,
  "snr_gm": 11.997304691103873,
  "snr_total": 9.091515452957116,
  "snr_wm": 13.335761098997432,
  "snrd_csf": 12.41951205836075,
  "snrd_gm": 38.22934383521671,
  "snrd_total": 34.50917854384208,
  "snrd_wm": 52.878679737948794,
  "spacing_x": 1.0,
  "spacing_y": 1.0,
  "spacing_z": 1.0,
  "summary_bg_k": 7.86001020621309,
  "summary_bg_mad": 0.0,
  "summary_bg_mean": 8.448450491277416,
  "summary_bg_median": 0.0,
  "summary_bg_n": 2182654.0,
  "summary_bg_p05": 0.0,
  "summary_bg_p95": 32.84802462160587,
  "summary_bg_stdv": 12.390313079842374,
  "summary_csf_k": 1.1681920464368325,
  "summary_csf_mad": 102.5050965657834,
  "summary_csf_mean": 246.08085233725203,
  "summary_csf_median": 234.88489221781492,
  "summary_csf_n": 33419.0,
  "summary_csf_p05": 72.58122470974922,
  "summary_csf_p95": 481.17335630208254,
  "summary_csf_stdv": 120.98054532605728,
  "summary_gm_k": 0.09415683780866813,
  "summary_gm_mad": 59.440196037627516,
  "summary_gm_mean": 722.918853109648,
  "summary_gm_median": 723.0151445642114,
  "summary_gm_n": 32187.0,
  "summary_gm_p05": 623.8255854994059,
  "summary_gm_p95": 821.4874978512526,
  "summary_gm_stdv": 60.26386189353037,
  "summary_wm_k": 2.5310189806470733,
  "summary_wm_mad": 54.12354165143543,
  "summary_wm_mean": 1016.1194292413494,
  "summary_wm_median": 1000.0717365145683,
  "summary_wm_n": 222521.0,
  "summary_wm_p05": 926.6298648715019,
  "summary_wm_p95": 1175.0699462890625,
  "summary_wm_stdv": 74.99155705834447,
  "tpm_overlap_csf": 0.14401828161916488,
  "tpm_overlap_gm": 0.44766317092214375,
  "tpm_overlap_wm": 0.46943767430449496,
  "wm2max": 0.3061587440992425
}