{
  "aor": 0.007065268817204301,
  "aqi": 0.008188044784946237,
  "bids_meta": {
    "AcquisitionNumber": 1,
    "AcquisitionTime": "12:39:42.890000",
    "BandwidthPerPixelPhaseEncode": 28.409,
    "ConversionSoftware": "dcm2niix",
    "ConversionSoftwareVersion": "v1.0.20170724 GCC4.4.7",
    "DeviceSerialNumber": "35414",
    "EchoTime": 0.03,
    "EffectiveEchoSpacing": 0.000550002,
    "FlipAngle": 80,
    "ImageType": [
      "ORIGINAL",
      "PRIMARY",
      "FMRI",
      "NONE",
      "ND",
      "MOSAIC"
    ],
    "InstitutionAddress": "Mikeletegi_69_San_Sebastian_District_ES_20009",
    "InstitutionName": "BCBL",
    "MagneticFieldStrength": 3,
    "Manufacturer": "Siemens",
    "ManufacturersModelName": "TrioTim",
    "PhaseEncodingDirection": "j-",
    "PhaseEncodingLines": 64,
    "ProcedureStepDescription": "CRANEO_FUNCIONAL",
    "ProtocolName": "ep2d_PiN_L1_Run1",
    "RepetitionTime": 2,
    "ScanningSequence": "EP",
    "SequenceName": "_epfid2d1_64",
    "SequenceVariant": "SK",
    "SeriesDescription": "ep2d_PiN_L1_Run1",
    "SliceTiming": [
      1.925,
      1.865,
      1.8025,
      1.74,
      1.6775,
      1.615,
      1.5525,
      1.4925,
      1.43,
      1.3675,
      1.305,
      1.2425,
      1.18,
      1.1175,
      1.0575,
      0.995,
      0.9325,
      0.87,
      0.8075,
      0.745,
      0.685,
      0.6225,
      0.56,
      0.4975,
      0.435,
      0.3725,
      0.3125,
      0.25,
      0.1875,
      0.125,
      0.0625,
      0
    ],
    "SoftwareVersions": "syngo_MR_B17",
    "TaskName": "compL1",
    "TotalReadoutTime": 0.0346501,
    "dataset": "ds003545",
    "modality": "bold",
    "run_id": 1,
    "session_id": "02",
    "subject_id": "03",
    "task_id": "compL1"
  },
  "dummy_trs": 0,
  "dvars_nstd": 27.864942674324315,
  "dvars_std": 1.1079290190810813,
  "dvars_vstd": 0.9557507954054053,
  "efc": 0.4927741347663437,
  "fber": 1071.97265625,
  "fd_mean": 0.30208526458738216,
  "fd_num": 75,
  "fd_perc": 40.32258064516129,
  "fwhm_avg": 2.9039813939393935,
  "fwhm_x": 2.839674181818182,
  "fwhm_y": 3.12352,
  "fwhm_z": 2.74875,
  "gcor": 0.020144,
  "gsr_x": -0.017764348536729813,
  "gsr_y": 0.0609571747481823,
  "provenance": {
    "md5sum": "69ee453b099ebf67e1d835913a11ade3",
    "settings": {
      "fd_thres": 0.2,
      "testing": false
    },
    "software": "mriqc",
    "version": "22.0.6",
    "webapi_port": null,
    "webapi_url": "https://mriqc.nimh.nih.gov/api/v1"
  },
  "size_t": 186,
  "size_x": 64,
  "size_y": 64,
  "size_z": 32,
  "snr": 2.6175597908862596,
  "spacing_tr": 2.0,
  "spacing_x": 3.4375,
  "spacing_y": 3.4375,
  "spacing_z": 4.0,
  "summary_bg_k": 35.30079173832759,
  "summary_bg_mad": 5.6115685773960955,
  "summary_bg_mean": 34.93707275390625,
  "summary_bg_median": 16.68817138671875,
  "summary_bg_n": 81238.0,
  "summary_bg_p05": 12.51075267791748,
  "summary_bg_p95": 119.11827850341797,
  "summary_bg_stdv": 52.03190612792969,
  "summary_fg_k": 2.4678013582823644,
  "summary_fg_mad": 156.88083344394008,
  "summary_fg_mean": 598.7797241210938,
  "summary_fg_median": 548.7392578125,
  "summary_fg_n": 21176.0,
  "summary_fg_p05": 361.1854934692383,
  "summary_fg_p95": 1036.7324829101562,
  "summary_fg_stdv": 209.6327667236328,
  "tsnr": 45.62272078450769
}