{
  "aor": 0.017062849462365588,
  "aqi": 0.004183174569892473,
  "bids_meta": {
    "AcquisitionNumber": 1,
    "AcquisitionTime": "10:44:49.127500",
    "BandwidthPerPixelPhaseEncode": 28.409,
    "ConversionSoftware": "dcm2niix",
    "ConversionSoftwareVersion": "v1.0.20170724 GCC4.4.7",
    "DeviceSerialNumber": "35414",
    "EchoTime": 0.03,
    "EffectiveEchoSpacing": 0.000550002,
    "FlipAngle": 80,
    "ImageType": [
      "ORIGINAL",
      "PRIMARY",
      "FMRI",
      "NONE",
      "ND",
      "MOSAIC"
    ],
    "InstitutionAddress": "Mikeletegi_69_San_Sebastian_District_ES_20009",
    "InstitutionName": "BCBL",
    "MagneticFieldStrength": 3,
    "Manufacturer": "Siemens",
    "ManufacturersModelName": "TrioTim",
    "PhaseEncodingDirection": "j-",
    "PhaseEncodingLines": 64,
    "ProcedureStepDescription": "CRANEO_FUNCIONAL",
    "ProtocolName": "ep2d_PiN_L3_Run1",
    "RepetitionTime": 2,
    "ScanningSequence": "EP",
    "SequenceName": "_epfid2d1_64",
    "SequenceVariant": "SK",
    "SeriesDescription": "ep2d_PiN_L3_Run1",
    "SliceTiming": [
      1.925,
      1.8625,
      1.8,
      1.74,
      1.6775,
      1.615,
      1.5525,
      1.49,
      1.4275,
      1.3675,
      1.305,
      1.2425,
      1.18,
      1.1175,
      1.055,
      0.995,
      0.9325,
      0.87,
      0.8075,
      0.745,
      0.6825,
      0.62,
      0.56,
      0.4975,
      0.435,
      0.3725,
      0.31,
      0.2475,
      0.1875,
      0.125,
      0.0625,
      0
    ],
    "SoftwareVersions": "syngo_MR_B17",
    "TaskName": "compLn",
    "TotalReadoutTime": 0.0346501,
    "dataset": "ds003545",
    "modality": "bold",
    "run_id": 1,
    "session_id": "02",
    "subject_id": "03",
    "task_id": "compLn"
  },
  "dummy_trs": 0,
  "dvars_nstd": 26.839030095459453,
  "dvars_std": 1.3128853117837838,
  "dvars_vstd": 1.074089247351352,
  "efc": 0.4870272134869584,
  "fber": 1090.8160400390625,
  "fd_mean": 0.2633676186007724,
  "fd_num": 39,
  "fd_perc": 20.967741935483872,
  "fwhm_avg": 3.163741363636364,
  "fwhm_x": 3.122909090909091,
  "fwhm_y": 3.3462400000000003,
  "fwhm_z": 3.022075,
  "gcor": 0.0288401,
  "gsr_x": -0.019283149391412735,
  "gsr_y": 0.0658993273973465,
  "provenance": {
    "md5sum": "ca9cbfa246c0effa26e9638b209fc179",
    "settings": {
      "fd_thres": 0.2,
      "testing": false
    },
    "software": "mriqc",
    "version": "22.0.6",
    "webapi_port": null,
    "webapi_url": "https://mriqc.nimh.nih.gov/api/v1"
  },
  "size_t": 186,
  "size_x": 64,
  "size_y": 64,
  "size_z": 32,
  "snr": 2.3029212546473463,
  "spacing_tr": 2.0,
  "spacing_x": 3.4375,
  "spacing_y": 3.4375,
  "spacing_z": 4.0,
  "summary_bg_k": 31.099279985246575,
  "summary_bg_mad": 6.71953440176155,
  "summary_bg_mean": 40.118263244628906,
  "summary_bg_median": 18.44623565673828,
  "summary_bg_n": 81285.0,
  "summary_bg_p05": 13.483870506286621,
  "summary_bg_p95": 144.38064880371104,
  "summary_bg_stdv": 60.223812103271484,
  "summary_fg_k": 2.6658034576163985,
  "summary_fg_mad": 187.62890308691223,
  "summary_fg_mean": 684.0611572265625,
  "summary_fg_median": 614.4193725585938,
  "summary_fg_n": 21103.0,
  "summary_fg_p05": 398.23818359375,
  "summary_fg_p95": 1257.6317138671875,
  "summary_fg_stdv": 266.7936706542969,
  "tsnr": 60.354116569273174
}