{
  "aor": 0.00916037037037037,
  "aqi": 0.020639806090534982,
  "bids_meta": {
    "AcquisitionNumber": 1,
    "AcquisitionTime": "11:14:39.215000",
    "BandwidthPerPixelPhaseEncode": 29.481,
    "ConversionSoftware": "dcm2niix",
    "ConversionSoftwareVersion": "v1.0.20170724 GCC4.4.7",
    "DeviceSerialNumber": "35414",
    "EchoTime": 0.025,
    "EffectiveEchoSpacing": 0.000530002,
    "FlipAngle": 90,
    "ImageType": [
      "ORIGINAL",
      "PRIMARY",
      "M",
      "ND",
      "MOSAIC"
    ],
    "InstitutionAddress": "Mikeletegi_69_San_Sebastian_District_ES_20009",
    "InstitutionName": "BCBL",
    "MagneticFieldStrength": 3,
    "Manufacturer": "Siemens",
    "ManufacturersModelName": "TrioTim",
    "PhaseEncodingDirection": "j-",
    "PhaseEncodingLines": 64,
    "ProcedureStepDescription": "CRANEO_FUNCIONAL",
    "ProtocolName": "ep2d_VF_L3_Run2",
    "RepetitionTime": 3,
    "ScanningSequence": "EP",
    "SequenceName": "_epfid2d1_64",
    "SequenceVariant": "SK",
    "SeriesDescription": "ep2d_VF_L3_Run2",
    "SliceTiming": [
      2.9225,
      2.8525,
      2.7825,
      2.7125,
      2.6425,
      2.575,
      2.505,
      2.435,
      2.365,
      2.295,
      2.2275,
      2.1575,
      2.0875,
      2.0175,
      1.9475,
      1.8775,
      1.81,
      1.74,
      1.67,
      1.6,
      1.53,
      1.46,
      1.3925,
      1.3225,
      1.2525,
      1.1825,
      1.1125,
      1.0425,
      0.975,
      0.905,
      0.835,
      0.765,
      0.695,
      0.625,
      0.5575,
      0.4875,
      0.4175,
      0.3475,
      0.2775,
      0.21,
      0.14,
      0.07,
      0
    ],
    "SoftwareVersions": "syngo_MR_B17",
    "TaskName": "prodLn",
    "TotalReadoutTime": 0.0333901,
    "dataset": "ds003545",
    "modality": "bold",
    "run_id": 2,
    "session_id": "02",
    "subject_id": "03",
    "task_id": "prodLn"
  },
  "dummy_trs": 0,
  "dvars_nstd": 76.0145582564463,
  "dvars_std": 1.2088730780991734,
  "dvars_vstd": 0.9813528034297524,
  "efc": 0.5705270520536417,
  "fber": 355.06304931640625,
  "fd_mean": 1.2951698802188316,
  "fd_num": 232,
  "fd_perc": 95.47325102880659,
  "fwhm_avg": 3.1721751665373468,
  "fwhm_x": 3.101516666666667,
  "fwhm_y": 3.29613,
  "fwhm_z": 3.118878832945373,
  "gcor": 0.0338868,
  "gsr_x": -0.018342532217502594,
  "gsr_y": 0.10100217163562775,
  "provenance": {
    "md5sum": "da0656dced6ea21796dda9c0b99cdb1e",
    "settings": {
      "fd_thres": 0.2,
      "testing": false
    },
    "software": "mriqc",
    "version": "22.0.6",
    "webapi_port": null,
    "webapi_url": "https://mriqc.nimh.nih.gov/api/v1"
  },
  "size_t": 243,
  "size_x": 64,
  "size_y": 64,
  "size_z": 43,
  "snr": 2.3800523996389384,
  "spacing_tr": 3.0,
  "spacing_x": 3.0,
  "spacing_y": 3.0,
  "spacing_z": 3.299999952316284,
  "summary_bg_k": 13.828395760792354,
  "summary_bg_mad": 18.63929846031652,
  "summary_bg_mean": 84.86173248291016,
  "summary_bg_median": 40.761314392089844,
  "summary_bg_n": 101569.0,
  "summary_bg_p05": 27.19753074645996,
  "summary_bg_p95": 304.4831237792967,
  "summary_bg_stdv": 104.90055084228516,
  "summary_fg_k": 2.813876438428828,
  "summary_fg_mad": 243.05830902116207,
  "summary_fg_mean": 854.7098999023438,
  "summary_fg_median": 776.331298828125,
  "summary_fg_n": 36308.0,
  "summary_fg_p05": 489.703271484375,
  "summary_fg_p95": 1551.3627014160159,
  "summary_fg_stdv": 326.1779479980469,
  "tsnr": 23.649474720004946
}