{
  "aor": 0.004961152263374486,
  "aqi": 0.016054450288065843,
  "bids_meta": {
    "AcquisitionNumber": 1,
    "AcquisitionTime": "13:11:13.710000",
    "BandwidthPerPixelPhaseEncode": 29.481,
    "ConversionSoftware": "dcm2niix",
    "ConversionSoftwareVersion": "v1.0.20170724 GCC4.4.7",
    "DeviceSerialNumber": "35414",
    "EchoTime": 0.025,
    "EffectiveEchoSpacing": 0.000530002,
    "FlipAngle": 90,
    "ImageType": [
      "ORIGINAL",
      "PRIMARY",
      "M",
      "ND",
      "MOSAIC"
    ],
    "InstitutionAddress": "Mikeletegi_69_San_Sebastian_District_ES_20009",
    "InstitutionName": "BCBL",
    "MagneticFieldStrength": 3,
    "Manufacturer": "Siemens",
    "ManufacturersModelName": "TrioTim",
    "PhaseEncodingDirection": "j-",
    "PhaseEncodingLines": 64,
    "ProcedureStepDescription": "CRANEO_FUNCIONAL",
    "ProtocolName": "ep2d_VF_L1_Run2",
    "RepetitionTime": 3,
    "ScanningSequence": "EP",
    "SequenceName": "_epfid2d1_64",
    "SequenceVariant": "SK",
    "SeriesDescription": "ep2d_VF_L1_Run2",
    "SliceTiming": [
      2.9225,
      2.8525,
      2.7825,
      2.7125,
      2.645,
      2.575,
      2.505,
      2.435,
      2.365,
      2.295,
      2.2275,
      2.1575,
      2.0875,
      2.0175,
      1.9475,
      1.8775,
      1.81,
      1.74,
      1.67,
      1.6,
      1.53,
      1.46,
      1.3925,
      1.3225,
      1.2525,
      1.1825,
      1.1125,
      1.045,
      0.975,
      0.905,
      0.835,
      0.765,
      0.695,
      0.6275,
      0.5575,
      0.4875,
      0.4175,
      0.3475,
      0.2775,
      0.21,
      0.14,
      0.07,
      0
    ],
    "SoftwareVersions": "syngo_MR_B17",
    "TaskName": "prodL1",
    "TotalReadoutTime": 0.0333901,
    "dataset": "ds003545",
    "modality": "bold",
    "run_id": 2,
    "session_id": "02",
    "subject_id": "03",
    "task_id": "prodL1"
  },
  "dummy_trs": 0,
  "dvars_nstd": 64.24293739512396,
  "dvars_std": 1.1942434174793386,
  "dvars_vstd": 0.963565461818182,
  "efc": 0.5703640268488972,
  "fber": 363.07196044921875,
  "fd_mean": 0.9400996945203267,
  "fd_num": 214,
  "fd_perc": 88.06584362139918,
  "fwhm_avg": 3.015462236330341,
  "fwhm_x": 2.949526666666667,
  "fwhm_y": 3.16776,
  "fwhm_z": 2.9291000423243556,
  "gcor": 0.0226155,
  "gsr_x": -0.013811739161610603,
  "gsr_y": 0.09646409004926682,
  "provenance": {
    "md5sum": "9f64bd9de95cd7d444065083822cbc90",
    "settings": {
      "fd_thres": 0.2,
      "testing": false
    },
    "software": "mriqc",
    "version": "22.0.6",
    "webapi_port": null,
    "webapi_url": "https://mriqc.nimh.nih.gov/api/v1"
  },
  "size_t": 243,
  "size_x": 64,
  "size_y": 64,
  "size_z": 43,
  "snr": 2.490998088349487,
  "spacing_tr": 3.0,
  "spacing_x": 3.0,
  "spacing_y": 3.0,
  "spacing_z": 3.299999952316284,
  "summary_bg_k": 15.901094149689676,
  "summary_bg_mad": 15.137186311863198,
  "summary_bg_mean": 72.40489196777344,
  "summary_bg_median": 35.85185241699219,
  "summary_bg_n": 101621.0,
  "summary_bg_p05": 24.86419677734375,
  "summary_bg_p95": 251.53085327148438,
  "summary_bg_stdv": 87.71519470214844,
  "summary_fg_k": 2.7603466812896205,
  "summary_fg_mad": 212.4483736730232,
  "summary_fg_mean": 755.5556640625,
  "summary_fg_median": 691.4176635742188,
  "summary_fg_n": 36198.0,
  "summary_fg_p05": 440.2915573120117,
  "summary_fg_p95": 1334.8053039550782,
  "summary_fg_stdv": 277.56268310546875,
  "tsnr": 27.86790527764242
}