{
  "bids_meta": {
    "AccelFactPE": 2,
    "AcquisitionNumber": 1,
    "AcquisitionTime": "15:32:11.792500",
    "ConversionSoftware": "dcm2niix",
    "ConversionSoftwareVersion": "v1.0.20170724 GCC4.4.7",
    "DeviceSerialNumber": "35414",
    "EchoTime": 0.00297,
    "FlipAngle": 7,
    "ImageType": [
      "ORIGINAL",
      "PRIMARY",
      "M",
      "ND",
      "NORM"
    ],
    "InstitutionAddress": "Mikeletegi_69_San_Sebastian_District_ES_20009",
    "InstitutionName": "BCBL",
    "InversionTime": 1.1,
    "MagneticFieldStrength": 3,
    "Manufacturer": "Siemens",
    "ManufacturersModelName": "TrioTim",
    "PhaseEncodingDirection": "i-",
    "PhaseEncodingLines": 256,
    "ProcedureStepDescription": "CRANEO_FUNCIONAL",
    "ProtocolName": "t1_mpr_tra_p2_iso",
    "RepetitionTime": 2.53,
    "ScanningSequence": "GR_IR",
    "SequenceName": "_tfl3d1",
    "SequenceVariant": "SP_MP_OSP",
    "SeriesDescription": "t1_mpr_tra_p2_iso",
    "SoftwareVersions": "syngo_MR_B17",
    "dataset": "ds003545",
    "modality": "T1w",
    "session_id": "02",
    "subject_id": "01"
  },
  "cjv": 0.37389459571106065,
  "cnr": 3.5615707499729226,
  "efc": 0.5505223898586252,
  "fber": 12767.881212626213,
  "fwhm_avg": 4.564403333333334,
  "fwhm_x": 4.39859,
  "fwhm_y": 4.85309,
  "fwhm_z": 4.44153,
  "icvs_csf": 0.21013088021754078,
  "icvs_gm": 0.4225126366771161,
  "icvs_wm": 0.36735648310534313,
  "inu_med": 0.631355881690979,
  "inu_range": 0.2897470444440842,
  "provenance": {
    "md5sum": "3962a0670f2fba122adaf23abe2f2480",
    "settings": {
      "testing": false
    },
    "software": "mriqc",
    "version": "22.0.6",
    "warnings": {
      "large_rot_frame": true,
      "small_air_mask": false
    },
    "webapi_port": null,
    "webapi_url": "https://mriqc.nimh.nih.gov/api/v1"
  },
  "qi_1": 0.0,
  "qi_2": 0.00803672060950766,
  "rpve_csf": 26.04937766503923,
  "rpve_gm": 12.938935633534124,
  "rpve_wm": 16.803201927031314,
  "size_x": 256,
  "size_y": 256,
  "size_z": 176,
  "snr_csf": 2.1809192476758428,
  "snr_gm": 12.044608939393775,
  "snr_total": 10.543557422696972,
  "snr_wm": 17.4051440810213,
  "snrd_csf": 22.0094671882577,
  "snrd_gm": 61.61751171110328,
  "snrd_total": 57.081377634433835,
  "snrd_wm": 87.61715400394053,
  "spacing_x": 1.0,
  "spacing_y": 1.0,
  "spacing_z": 1.0,
  "summary_bg_k": 27.916570639063103,
  "summary_bg_mad": 7.4774876763828235,
  "summary_bg_mean": 9.057101023707167,
  "summary_bg_median": 5.04348879493773,
  "summary_bg_n": 2451481.0,
  "summary_bg_p05": 0.0,
  "summary_bg_p95": 38.14327154494822,
  "summary_bg_stdv": 15.226766709423377,
  "summary_csf_k": 0.01194500905304885,
  "summary_csf_mad": 115.11748991604934,
  "summary_csf_mean": 252.42863631184383,
  "summary_csf_median": 251.20802273228765,
  "summary_csf_n": 44549.0,
  "summary_csf_p05": 69.15921760722995,
  "summary_csf_p95": 449.643636361137,
  "summary_csf_stdv": 115.18317495096946,
  "summary_gm_k": 0.10378296205807125,
  "summary_gm_mad": 57.715458771601554,
  "summary_gm_mean": 703.9034450814074,
  "summary_gm_median": 703.2797818426043,
  "summary_gm_n": 25236.0,
  "summary_gm_p05": 608.3293101582676,
  "summary_gm_p95": 799.8384318402968,
  "summary_gm_stdv": 58.38843346306538,
  "summary_wm_k": 0.8125458842779656,
  "summary_wm_mad": 53.237921240833394,
  "summary_wm_mean": 1003.0564053120613,
  "summary_wm_median": 1000.0302063878626,
  "summary_wm_n": 179407.0,
  "summary_wm_p05": 914.7227644773201,
  "summary_wm_p95": 1102.3496078085154,
  "summary_wm_stdv": 57.45585412481428,
  "tpm_overlap_csf": 0.14440754101934636,
  "tpm_overlap_gm": 0.4542788340580055,
  "tpm_overlap_wm": 0.4781669010120679,
  "wm2max": 0.5575627370684415
}