{
  "aor": 0.02088924731182796,
  "aqi": 0.02736906258064516,
  "bids_meta": {
    "AcquisitionNumber": 1,
    "AcquisitionTime": "11:05:18.435000",
    "BandwidthPerPixelPhaseEncode": 28.409,
    "BodyPartExamined": "BRAIN",
    "ConversionSoftware": "dcm2niix",
    "ConversionSoftwareVersion": "v1.0.20170724 GCC4.4.7",
    "DeviceSerialNumber": "167004",
    "EchoTime": 0.03,
    "EchoTrainLength": 64,
    "EffectiveEchoSpacing": 0.000550002,
    "FlipAngle": 80,
    "ImageType": [
      "ORIGINAL",
      "PRIMARY",
      "M",
      "ND",
      "MOSAIC"
    ],
    "InstitutionAddress": "Mikeletegi_69_San_Sebastian_District_ES_20009",
    "InstitutionName": "BCBL",
    "MagneticFieldStrength": 3,
    "Manufacturer": "Siemens",
    "ManufacturersModelName": "Prisma_fit",
    "PhaseEncodingDirection": "j-",
    "PhaseEncodingLines": 64,
    "ProcedureStepDescription": "CRANEO_FUNCIONAL",
    "ProtocolName": "ep2d_PiN_L1_Run1",
    "RepetitionTime": 2,
    "ScanningSequence": "EP",
    "SequenceName": "_epfid2d1_64",
    "SequenceVariant": "SK",
    "SeriesDescription": "ep2d_PiN_L1_Run1",
    "SliceTiming": [
      1.92,
      1.8575,
      1.795,
      1.7325,
      1.6725,
      1.61,
      1.5475,
      1.485,
      1.425,
      1.3625,
      1.3,
      1.2375,
      1.1775,
      1.115,
      1.0525,
      0.99,
      0.93,
      0.8675,
      0.805,
      0.7425,
      0.6825,
      0.62,
      0.5575,
      0.495,
      0.435,
      0.3725,
      0.31,
      0.2475,
      0.1875,
      0.125,
      0.0625,
      0
    ],
    "SoftwareVersions": "syngo_MR_E11",
    "TaskName": "compL1",
    "TotalReadoutTime": 0.0346501,
    "dataset": "ds003545",
    "modality": "bold",
    "run_id": 1,
    "session_id": "02",
    "subject_id": "15",
    "task_id": "compL1"
  },
  "dummy_trs": 0,
  "dvars_nstd": 75.60212378610814,
  "dvars_std": 1.2523611733513507,
  "dvars_vstd": 1.0573741534594596,
  "efc": 0.5308578394077288,
  "fber": 971.1893310546875,
  "fd_mean": 1.3687797010850191,
  "fd_num": 169,
  "fd_perc": 90.86021505376344,
  "fwhm_avg": 2.8395417575757573,
  "fwhm_x": 2.6559534545454544,
  "fwhm_y": 3.050821818181818,
  "fwhm_z": 2.81185,
  "gcor": 0.0692957,
  "gsr_x": -0.010613271966576576,
  "gsr_y": 0.07179652154445648,
  "provenance": {
    "md5sum": "5d2f2dd1f3e4d5adac8bb0ac88aed476",
    "settings": {
      "fd_thres": 0.2,
      "testing": false
    },
    "software": "mriqc",
    "version": "22.0.6",
    "webapi_port": null,
    "webapi_url": "https://mriqc.nimh.nih.gov/api/v1"
  },
  "size_t": 186,
  "size_x": 64,
  "size_y": 64,
  "size_z": 32,
  "snr": 2.5069719073329093,
  "spacing_tr": 2.0,
  "spacing_x": 3.4375,
  "spacing_y": 3.4375,
  "spacing_z": 4.0,
  "summary_bg_k": 17.308031751557692,
  "summary_bg_mad": 9.581118322772577,
  "summary_bg_mean": 67.63846588134766,
  "summary_bg_median": 23.93010711669922,
  "summary_bg_n": 76652.0,
  "summary_bg_p05": 14.806451797485352,
  "summary_bg_p95": 312.4217727661133,
  "summary_bg_stdv": 114.17980194091797,
  "summary_fg_k": 0.787356618947249,
  "summary_fg_mad": 301.54214337847327,
  "summary_fg_mean": 821.5394287109375,
  "summary_fg_median": 769.0107421875,
  "summary_fg_n": 23461.0,
  "summary_fg_p05": 417.3656005859375,
  "summary_fg_p95": 1386.95703125,
  "summary_fg_stdv": 306.7423095703125,
  "tsnr": 20.322991896420717
}