{
  "aor": 0.01171201646090535,
  "aqi": 0.023393807242798357,
  "bids_meta": {
    "AcquisitionNumber": 1,
    "AcquisitionTime": "16:26:38.975000",
    "BandwidthPerPixelPhaseEncode": 29.481,
    "BodyPartExamined": "BRAIN",
    "ConversionSoftware": "dcm2niix",
    "ConversionSoftwareVersion": "v1.0.20170724 GCC4.4.7",
    "DeviceSerialNumber": "167004",
    "EchoTime": 0.025,
    "EchoTrainLength": 64,
    "EffectiveEchoSpacing": 0.000530002,
    "FlipAngle": 90,
    "ImageType": [
      "ORIGINAL",
      "PRIMARY",
      "M",
      "ND",
      "MOSAIC"
    ],
    "InstitutionAddress": "Mikeletegi_69_San_Sebastian_District_ES_20009",
    "InstitutionName": "BCBL",
    "MagneticFieldStrength": 3,
    "Manufacturer": "Siemens",
    "ManufacturersModelName": "Prisma_fit",
    "PhaseEncodingDirection": "j-",
    "PhaseEncodingLines": 64,
    "ProcedureStepDescription": "CRANEO_FUNCIONAL",
    "ProtocolName": "ep2d_VF_L3_Run2",
    "RepetitionTime": 3,
    "ScanningSequence": "EP",
    "SequenceName": "_epfid2d1_64",
    "SequenceVariant": "SK",
    "SeriesDescription": "ep2d_VF_L3_Run2",
    "SliceTiming": [
      2.91,
      2.84,
      2.77,
      2.7025,
      2.6325,
      2.5625,
      2.495,
      2.425,
      2.355,
      2.285,
      2.2175,
      2.1475,
      2.0775,
      2.01,
      1.94,
      1.87,
      1.8,
      1.7325,
      1.6625,
      1.5925,
      1.525,
      1.455,
      1.385,
      1.315,
      1.2475,
      1.1775,
      1.1075,
      1.0375,
      0.97,
      0.9,
      0.83,
      0.7625,
      0.6925,
      0.6225,
      0.5525,
      0.485,
      0.415,
      0.345,
      0.2775,
      0.2075,
      0.1375,
      0.0675,
      0
    ],
    "SoftwareVersions": "syngo_MR_E11",
    "TaskName": "prodLn",
    "TotalReadoutTime": 0.0333901,
    "dataset": "ds003545",
    "modality": "bold",
    "run_id": 2,
    "session_id": "02",
    "subject_id": "15",
    "task_id": "prodLn"
  },
  "dummy_trs": 0,
  "dvars_nstd": 78.16806312438017,
  "dvars_std": 1.2721778943388433,
  "dvars_vstd": 0.9923606501239669,
  "efc": 0.5992013795282819,
  "fber": 410.5586242675781,
  "fd_mean": 0.9410656140920511,
  "fd_num": 218,
  "fd_perc": 89.7119341563786,
  "fwhm_avg": 2.995542410172662,
  "fwhm_x": 2.8175966666666667,
  "fwhm_y": 3.160633333333333,
  "fwhm_z": 3.008397230517985,
  "gcor": 0.14296,
  "gsr_x": -0.01510999258607626,
  "gsr_y": 0.11138886958360672,
  "provenance": {
    "md5sum": "5e45660716c8f8e6698c4157c888bd8b",
    "settings": {
      "fd_thres": 0.2,
      "testing": false
    },
    "software": "mriqc",
    "version": "22.0.6",
    "webapi_port": null,
    "webapi_url": "https://mriqc.nimh.nih.gov/api/v1"
  },
  "size_t": 243,
  "size_x": 64,
  "size_y": 64,
  "size_z": 43,
  "snr": 2.29445885577321,
  "spacing_tr": 3.0,
  "spacing_x": 3.0,
  "spacing_y": 3.0,
  "spacing_z": 3.299999713897705,
  "summary_bg_k": 10.871695107532663,
  "summary_bg_mad": 19.447715507858987,
  "summary_bg_mean": 140.19244384765625,
  "summary_bg_median": 45.7716064453125,
  "summary_bg_n": 94784.0,
  "summary_bg_p05": 30.810699462890625,
  "summary_bg_p95": 605.1141967773425,
  "summary_bg_stdv": 213.3750762939453,
  "summary_fg_k": 0.8404674800225216,
  "summary_fg_mad": 416.0499086075088,
  "summary_fg_mean": 1065.783203125,
  "summary_fg_median": 982.6460571289062,
  "summary_fg_n": 39840.0,
  "summary_fg_p05": 525.2333221435547,
  "summary_fg_p95": 1871.089239501952,
  "summary_fg_stdv": 428.2638244628906,
  "tsnr": 22.088091877289116
}