{
  "aor": 0.0170002688172043,
  "aqi": 0.0094472461827957,
  "bids_meta": {
    "AcquisitionNumber": 1,
    "AcquisitionTime": "16:04:11.230000",
    "BandwidthPerPixelPhaseEncode": 28.409,
    "BodyPartExamined": "BRAIN",
    "ConversionSoftware": "dcm2niix",
    "ConversionSoftwareVersion": "v1.0.20170724 GCC4.4.7",
    "DeviceSerialNumber": "167004",
    "EchoTime": 0.03,
    "EchoTrainLength": 64,
    "EffectiveEchoSpacing": 0.000550002,
    "FlipAngle": 80,
    "ImageType": [
      "ORIGINAL",
      "PRIMARY",
      "M",
      "ND",
      "MOSAIC"
    ],
    "InstitutionAddress": "Mikeletegi_69_San_Sebastian_District_ES_20009",
    "InstitutionName": "BCBL",
    "MagneticFieldStrength": 3,
    "Manufacturer": "Siemens",
    "ManufacturersModelName": "Prisma_fit",
    "PhaseEncodingDirection": "j-",
    "PhaseEncodingLines": 64,
    "ProcedureStepDescription": "CRANEO_FUNCIONAL",
    "ProtocolName": "ep2d_PiN_L3_Run2",
    "RepetitionTime": 2,
    "ScanningSequence": "EP",
    "SequenceName": "_epfid2d1_64",
    "SequenceVariant": "SK",
    "SeriesDescription": "ep2d_PiN_L3_Run2",
    "SliceTiming": [
      1.92,
      1.8575,
      1.795,
      1.7325,
      1.6725,
      1.61,
      1.5475,
      1.485,
      1.425,
      1.3625,
      1.3,
      1.2375,
      1.1775,
      1.115,
      1.0525,
      0.99,
      0.93,
      0.8675,
      0.805,
      0.7425,
      0.6825,
      0.62,
      0.5575,
      0.495,
      0.435,
      0.3725,
      0.31,
      0.2475,
      0.1875,
      0.125,
      0.0625,
      0
    ],
    "SoftwareVersions": "syngo_MR_E11",
    "TaskName": "compLn",
    "TotalReadoutTime": 0.0346501,
    "dataset": "ds003545",
    "modality": "bold",
    "run_id": 2,
    "session_id": "02",
    "subject_id": "15",
    "task_id": "compLn"
  },
  "dummy_trs": 0,
  "dvars_nstd": 39.709209772540525,
  "dvars_std": 1.2467869755135128,
  "dvars_vstd": 1.083507122864865,
  "efc": 0.524363459540697,
  "fber": 1189.3228759765625,
  "fd_mean": 0.4285815288510576,
  "fd_num": 115,
  "fd_perc": 61.82795698924731,
  "fwhm_avg": 2.8850145151515156,
  "fwhm_x": 2.7720930909090913,
  "fwhm_y": 3.086225454545455,
  "fwhm_z": 2.796725,
  "gcor": 0.0327927,
  "gsr_x": -0.013592869974672794,
  "gsr_y": 0.07177538424730301,
  "provenance": {
    "md5sum": "5ad5091f489584f84fe0f5ae5da909c9",
    "settings": {
      "fd_thres": 0.2,
      "testing": false
    },
    "software": "mriqc",
    "version": "22.0.6",
    "webapi_port": null,
    "webapi_url": "https://mriqc.nimh.nih.gov/api/v1"
  },
  "size_t": 186,
  "size_x": 64,
  "size_y": 64,
  "size_z": 32,
  "snr": 2.5193236591383674,
  "spacing_tr": 2.0,
  "spacing_x": 3.4375,
  "spacing_y": 3.4375,
  "spacing_z": 4.0,
  "summary_bg_k": 17.101495657899132,
  "summary_bg_mad": 5.8507005672654016,
  "summary_bg_mean": 67.7920913696289,
  "summary_bg_median": 21.897850036621094,
  "summary_bg_n": 77320.0,
  "summary_bg_p05": 17.78494644165039,
  "summary_bg_p95": 318.1513488769532,
  "summary_bg_stdv": 118.09258270263672,
  "summary_fg_k": 0.6158549166726597,
  "summary_fg_mad": 310.89211128784166,
  "summary_fg_mean": 842.0203857421875,
  "summary_fg_median": 788.4005126953125,
  "summary_fg_n": 23126.0,
  "summary_fg_p05": 429.1962356567383,
  "summary_fg_p95": 1420.6048278808594,
  "summary_fg_stdv": 312.9345703125,
  "tsnr": 44.068264100002125
}