{
  "aor": 0.011638353909465021,
  "aqi": 0.015929348600823044,
  "bids_meta": {
    "AcquisitionNumber": 1,
    "AcquisitionTime": "12:32:51.165000",
    "BandwidthPerPixelPhaseEncode": 29.481,
    "ConversionSoftware": "dcm2niix",
    "ConversionSoftwareVersion": "v1.0.20170724 GCC4.4.7",
    "DeviceSerialNumber": "35414",
    "EchoTime": 0.025,
    "EffectiveEchoSpacing": 0.000530002,
    "FlipAngle": 90,
    "ImageType": [
      "ORIGINAL",
      "PRIMARY",
      "M",
      "ND",
      "MOSAIC"
    ],
    "InstitutionAddress": "Mikeletegi_69_San_Sebastian_District_ES_20009",
    "InstitutionName": "BCBL",
    "MagneticFieldStrength": 3,
    "Manufacturer": "Siemens",
    "ManufacturersModelName": "TrioTim",
    "PhaseEncodingDirection": "j-",
    "PhaseEncodingLines": 64,
    "ProcedureStepDescription": "CRANEO_FUNCIONAL",
    "ProtocolName": "ep2d_VF_L1_Run1",
    "RepetitionTime": 3,
    "ScanningSequence": "EP",
    "SequenceName": "_epfid2d1_64",
    "SequenceVariant": "SK",
    "SeriesDescription": "ep2d_VF_L1_Run1",
    "SliceTiming": [
      2.9225,
      2.8525,
      2.785,
      2.715,
      2.645,
      2.575,
      2.505,
      2.435,
      2.3675,
      2.2975,
      2.2275,
      2.1575,
      2.0875,
      2.0175,
      1.95,
      1.88,
      1.81,
      1.74,
      1.67,
      1.6025,
      1.5325,
      1.4625,
      1.3925,
      1.3225,
      1.2525,
      1.185,
      1.115,
      1.045,
      0.975,
      0.905,
      0.835,
      0.7675,
      0.6975,
      0.6275,
      0.5575,
      0.4875,
      0.4175,
      0.35,
      0.28,
      0.21,
      0.14,
      0.07,
      0
    ],
    "SoftwareVersions": "syngo_MR_B17",
    "TaskName": "prodL1",
    "TotalReadoutTime": 0.0333901,
    "dataset": "ds003545",
    "modality": "bold",
    "run_id": 1,
    "session_id": "02",
    "subject_id": "06",
    "task_id": "prodL1"
  },
  "dummy_trs": 0,
  "dvars_nstd": 45.852054619628085,
  "dvars_std": 1.1553345787603306,
  "dvars_vstd": 0.9903584380165287,
  "efc": 0.5340538106927059,
  "fber": 545.58251953125,
  "fd_mean": 0.7786077455095056,
  "fd_num": 183,
  "fd_perc": 75.30864197530865,
  "fwhm_avg": 2.6557032449732394,
  "fwhm_x": 2.565976666666667,
  "fwhm_y": 2.774763333333333,
  "fwhm_z": 2.626369734919718,
  "gcor": 0.0132966,
  "gsr_x": 0.006379364524036646,
  "gsr_y": 0.058119095861911774,
  "provenance": {
    "md5sum": "e48d61ce2ebae1356e08f84f80371d15",
    "settings": {
      "fd_thres": 0.2,
      "testing": false
    },
    "software": "mriqc",
    "version": "22.0.6",
    "webapi_port": null,
    "webapi_url": "https://mriqc.nimh.nih.gov/api/v1"
  },
  "size_t": 243,
  "size_x": 64,
  "size_y": 64,
  "size_z": 43,
  "snr": 3.299078764773355,
  "spacing_tr": 3.0,
  "spacing_x": 3.0,
  "spacing_y": 3.0,
  "spacing_z": 3.299999952316284,
  "summary_bg_k": 28.19847077324496,
  "summary_bg_mad": 8.920020392156815,
  "summary_bg_mean": 58.718685150146484,
  "summary_bg_median": 32.15226364135742,
  "summary_bg_n": 109608.0,
  "summary_bg_p05": 23.5720157623291,
  "summary_bg_p95": 191.0201522827147,
  "summary_bg_stdv": 74.7944107055664,
  "summary_fg_k": 1.7601300753425093,
  "summary_fg_mad": 194.93775920180963,
  "summary_fg_mean": 803.816162109375,
  "summary_fg_median": 759.1090087890625,
  "summary_fg_n": 30462.0,
  "summary_fg_p05": 514.1598693847657,
  "summary_fg_p95": 1264.3709777832014,
  "summary_fg_stdv": 230.09349060058594,
  "tsnr": 31.58522429189179
}