{
  "aor": 0.0038776756756756753,
  "aqi": 0.003830230108108108,
  "bids_meta": {
    "AcquisitionNumber": 1,
    "AcquisitionTime": "13:40:58.977500",
    "BandwidthPerPixelPhaseEncode": 28.409,
    "ConversionSoftware": "dcm2niix",
    "ConversionSoftwareVersion": "v1.0.20170724 GCC4.4.7",
    "DeviceSerialNumber": "35414",
    "EchoTime": 0.03,
    "EffectiveEchoSpacing": 0.000550002,
    "FlipAngle": 80,
    "ImageType": [
      "ORIGINAL",
      "PRIMARY",
      "FMRI",
      "NONE",
      "ND",
      "MOSAIC"
    ],
    "InstitutionAddress": "Mikeletegi_69_San_Sebastian_District_ES_20009",
    "InstitutionName": "BCBL",
    "MagneticFieldStrength": 3,
    "Manufacturer": "Siemens",
    "ManufacturersModelName": "TrioTim",
    "PhaseEncodingDirection": "j-",
    "PhaseEncodingLines": 64,
    "ProcedureStepDescription": "CRANEO_FUNCIONAL",
    "ProtocolName": "ep2d_PiN_L3_Run2",
    "RepetitionTime": 2,
    "ScanningSequence": "EP",
    "SequenceName": "_epfid2d1_64",
    "SequenceVariant": "SK",
    "SeriesDescription": "ep2d_PiN_L3_Run2",
    "SliceTiming": [
      1.925,
      1.8625,
      1.8,
      1.7375,
      1.675,
      1.615,
      1.5525,
      1.49,
      1.4275,
      1.365,
      1.3025,
      1.2425,
      1.18,
      1.1175,
      1.055,
      0.9925,
      0.93,
      0.87,
      0.8075,
      0.745,
      0.6825,
      0.62,
      0.5575,
      0.495,
      0.435,
      0.3725,
      0.31,
      0.2475,
      0.185,
      0.1225,
      0.0625,
      0
    ],
    "SoftwareVersions": "syngo_MR_B17",
    "TaskName": "compLn",
    "TotalReadoutTime": 0.0346501,
    "dataset": "ds003545",
    "modality": "bold",
    "run_id": 2,
    "session_id": "02",
    "subject_id": "06",
    "task_id": "compLn"
  },
  "dummy_trs": 1,
  "dvars_nstd": 24.36784009304347,
  "dvars_std": 1.3057474639673905,
  "dvars_vstd": 1.0123590427717395,
  "efc": 0.4612916265798353,
  "fber": 1352.1859130859375,
  "fd_mean": 0.16314621222547537,
  "fd_num": 47,
  "fd_perc": 25.405405405405407,
  "fwhm_avg": 2.9057401515151517,
  "fwhm_x": 2.894661818181818,
  "fwhm_y": 3.0382836363636367,
  "fwhm_z": 2.784275,
  "gcor": 0.0343387,
  "gsr_x": -0.015444154851138592,
  "gsr_y": 0.04009854048490524,
  "provenance": {
    "md5sum": "8ab7ff0e6d824d8dcce95cf07140ad20",
    "settings": {
      "fd_thres": 0.2,
      "testing": false
    },
    "software": "mriqc",
    "version": "22.0.6",
    "webapi_port": null,
    "webapi_url": "https://mriqc.nimh.nih.gov/api/v1"
  },
  "size_t": 185,
  "size_x": 64,
  "size_y": 64,
  "size_z": 32,
  "snr": 2.8319234690124504,
  "spacing_tr": 2.0,
  "spacing_x": 3.4375,
  "spacing_y": 3.4375,
  "spacing_z": 4.0,
  "summary_bg_k": 53.39405473140114,
  "summary_bg_mad": 5.201130323615082,
  "summary_bg_mean": 32.776885986328125,
  "summary_bg_median": 16.80000114440918,
  "summary_bg_n": 85170.0,
  "summary_bg_p05": 12.94594669342041,
  "summary_bg_p95": 102.00838012695314,
  "summary_bg_stdv": 53.571773529052734,
  "summary_fg_k": 1.90876116125344,
  "summary_fg_mad": 169.0807430598618,
  "summary_fg_mean": 674.2830200195312,
  "summary_fg_median": 621.5,
  "summary_fg_n": 17706.0,
  "summary_fg_p05": 417.36621856689453,
  "summary_fg_p95": 1125.1932678222656,
  "summary_fg_stdv": 219.45594787597656,
  "tsnr": 80.15467570512556
}