{
  "aor": 0.0038674485596707823,
  "aqi": 0.009917839506172837,
  "bids_meta": {
    "AcquisitionNumber": 1,
    "AcquisitionTime": "13:50:39.630000",
    "BandwidthPerPixelPhaseEncode": 29.481,
    "ConversionSoftware": "dcm2niix",
    "ConversionSoftwareVersion": "v1.0.20170724 GCC4.4.7",
    "DeviceSerialNumber": "35414",
    "EchoTime": 0.025,
    "EffectiveEchoSpacing": 0.000530002,
    "FlipAngle": 90,
    "ImageType": [
      "ORIGINAL",
      "PRIMARY",
      "M",
      "ND",
      "MOSAIC"
    ],
    "InstitutionAddress": "Mikeletegi_69_San_Sebastian_District_ES_20009",
    "InstitutionName": "BCBL",
    "MagneticFieldStrength": 3,
    "Manufacturer": "Siemens",
    "ManufacturersModelName": "TrioTim",
    "PhaseEncodingDirection": "j-",
    "PhaseEncodingLines": 64,
    "ProcedureStepDescription": "CRANEO_FUNCIONAL",
    "ProtocolName": "ep2d_VF_L3_Run1",
    "RepetitionTime": 3,
    "ScanningSequence": "EP",
    "SequenceName": "_epfid2d1_64",
    "SequenceVariant": "SK",
    "SeriesDescription": "ep2d_VF_L3_Run1",
    "SliceTiming": [
      2.9225,
      2.8525,
      2.7825,
      2.7125,
      2.6425,
      2.5725,
      2.505,
      2.435,
      2.365,
      2.295,
      2.225,
      2.155,
      2.0875,
      2.0175,
      1.9475,
      1.8775,
      1.8075,
      1.7375,
      1.67,
      1.6,
      1.53,
      1.46,
      1.39,
      1.32,
      1.2525,
      1.1825,
      1.1125,
      1.0425,
      0.9725,
      0.905,
      0.835,
      0.765,
      0.695,
      0.625,
      0.555,
      0.4875,
      0.4175,
      0.3475,
      0.2775,
      0.2075,
      0.1375,
      0.07,
      0
    ],
    "SoftwareVersions": "syngo_MR_B17",
    "TaskName": "prodLn",
    "TotalReadoutTime": 0.0333901,
    "dataset": "ds003545",
    "modality": "bold",
    "run_id": 1,
    "session_id": "02",
    "subject_id": "06",
    "task_id": "prodLn"
  },
  "dummy_trs": 0,
  "dvars_nstd": 43.85470850219009,
  "dvars_std": 1.3014088347107446,
  "dvars_vstd": 1.0077450358677682,
  "efc": 0.5303501766395111,
  "fber": 566.0216064453125,
  "fd_mean": 0.5276093115604353,
  "fd_num": 183,
  "fd_perc": 75.30864197530865,
  "fwhm_avg": 3.0068780952634278,
  "fwhm_x": 2.9497366666666665,
  "fwhm_y": 3.069706666666667,
  "fwhm_z": 3.001190952456951,
  "gcor": 0.0238078,
  "gsr_x": -0.0024413138162344694,
  "gsr_y": 0.06509906053543091,
  "provenance": {
    "md5sum": "b32e67c869bb33d0b63dbc3cdf3cc45a",
    "settings": {
      "fd_thres": 0.2,
      "testing": false
    },
    "software": "mriqc",
    "version": "22.0.6",
    "webapi_port": null,
    "webapi_url": "https://mriqc.nimh.nih.gov/api/v1"
  },
  "size_t": 243,
  "size_x": 64,
  "size_y": 64,
  "size_z": 43,
  "snr": 2.69461780585641,
  "spacing_tr": 3.0,
  "spacing_x": 3.0,
  "spacing_y": 3.0,
  "spacing_z": 3.299999952316284,
  "summary_bg_k": 32.07101111517736,
  "summary_bg_mad": 10.671072224624504,
  "summary_bg_mean": 65.15324401855469,
  "summary_bg_median": 32.53086471557617,
  "summary_bg_n": 108444.0,
  "summary_bg_p05": 24.148147583007812,
  "summary_bg_p95": 224.11378173828092,
  "summary_bg_stdv": 92.50896453857422,
  "summary_fg_k": 2.381741280019506,
  "summary_fg_mad": 227.07603989720496,
  "summary_fg_mean": 856.604248046875,
  "summary_fg_median": 786.8312377929688,
  "summary_fg_n": 30763.0,
  "summary_fg_p05": 518.8765502929688,
  "summary_fg_p95": 1461.4312866210935,
  "summary_fg_stdv": 291.9963073730469,
  "tsnr": 43.00403735926375
}