{
  "bids_meta": {
    "AccelFactPE": 2,
    "AcquisitionNumber": 1,
    "AcquisitionTime": "13:21:42.767500",
    "ConversionSoftware": "dcm2niix",
    "ConversionSoftwareVersion": "v1.0.20170724 GCC4.4.7",
    "DeviceSerialNumber": "35414",
    "EchoTime": 0.00297,
    "FlipAngle": 7,
    "ImageType": [
      "ORIGINAL",
      "PRIMARY",
      "M",
      "ND",
      "NORM"
    ],
    "InstitutionAddress": "Mikeletegi_69_San_Sebastian_District_ES_20009",
    "InstitutionName": "BCBL",
    "InversionTime": 1.1,
    "MagneticFieldStrength": 3,
    "Manufacturer": "Siemens",
    "ManufacturersModelName": "TrioTim",
    "PhaseEncodingDirection": "i-",
    "PhaseEncodingLines": 256,
    "ProcedureStepDescription": "CRANEO_FUNCIONAL",
    "ProtocolName": "t1_mpr_tra_p2_iso",
    "RepetitionTime": 2.53,
    "ScanningSequence": "GR_IR",
    "SequenceName": "_tfl3d1",
    "SequenceVariant": "SP_MP_OSP",
    "SeriesDescription": "t1_mpr_tra_p2_iso",
    "SoftwareVersions": "syngo_MR_B17",
    "dataset": "ds003545",
    "modality": "T1w",
    "session_id": "02",
    "subject_id": "06"
  },
  "cjv": 0.35579137387900717,
  "cnr": 3.7274819711549205,
  "efc": 0.5482594837554596,
  "fber": 13634.288818469897,
  "fwhm_avg": 4.069500000000001,
  "fwhm_x": 3.79719,
  "fwhm_y": 4.40577,
  "fwhm_z": 4.00554,
  "icvs_csf": 0.18794154724412546,
  "icvs_gm": 0.45797398491682445,
  "icvs_wm": 0.35408446783905007,
  "inu_med": 0.5765806436538696,
  "inu_range": 0.25055622309446335,
  "provenance": {
    "md5sum": "5843493f4992cc24c323f43ab981d149",
    "settings": {
      "testing": false
    },
    "software": "mriqc",
    "version": "22.0.6",
    "warnings": {
      "large_rot_frame": true,
      "small_air_mask": false
    },
    "webapi_port": null,
    "webapi_url": "https://mriqc.nimh.nih.gov/api/v1"
  },
  "qi_1": 0.0006096373313159715,
  "qi_2": 0.008338909362484014,
  "rpve_csf": 32.2969264343541,
  "rpve_gm": 14.220057970435578,
  "rpve_wm": 20.190389072482926,
  "size_x": 256,
  "size_y": 256,
  "size_z": 176,
  "snr_csf": 2.0151444250748254,
  "snr_gm": 12.109376562633443,
  "snr_total": 11.47179290372413,
  "snr_wm": 20.29085772346413,
  "snrd_csf": 23.0933010543494,
  "snrd_gm": 61.42311463249167,
  "snrd_total": 57.03618488517751,
  "snrd_wm": 86.59213896869149,
  "spacing_x": 1.0,
  "spacing_y": 1.0,
  "spacing_z": 1.0,
  "summary_bg_k": 20.99009862632871,
  "summary_bg_mad": 7.566018098940848,
  "summary_bg_mean": 8.663550292637016,
  "summary_bg_median": 5.103201657533646,
  "summary_bg_n": 2018507.0,
  "summary_bg_p05": 0.0,
  "summary_bg_p95": 36.925076961517334,
  "summary_bg_stdv": 14.85080042230666,
  "summary_csf_k": 0.3527390351559214,
  "summary_csf_mad": 135.94736979052314,
  "summary_csf_mean": 274.2329160080755,
  "summary_csf_median": 266.69916942715645,
  "summary_csf_n": 22516.0,
  "summary_csf_p05": 71.17666133493185,
  "summary_csf_p95": 500.325041487813,
  "summary_csf_stdv": 132.3444829096035,
  "summary_gm_k": 0.17431839255847548,
  "summary_gm_mad": 57.443908114251535,
  "summary_gm_mean": 708.6868248133801,
  "summary_gm_median": 709.3612826317549,
  "summary_gm_n": 29500.0,
  "summary_gm_p05": 611.2465424835682,
  "summary_gm_p95": 802.9595267906785,
  "summary_gm_stdv": 58.578511931502156,
  "summary_wm_k": 0.8295746762867511,
  "summary_wm_mad": 45.974402970634195,
  "summary_wm_mean": 1002.4095253919324,
  "summary_wm_median": 1000.032498061657,
  "summary_wm_n": 146952.0,
  "summary_wm_p05": 926.5252662882209,
  "summary_wm_p95": 1086.6244038939476,
  "summary_wm_stdv": 49.2847128052806,
  "tpm_overlap_csf": 0.1442389682310556,
  "tpm_overlap_gm": 0.4727922581750855,
  "tpm_overlap_wm": 0.4906335140429399,
  "wm2max": 0.5237746641924446
}