{
  "bids_meta": {
    "AccelFactPE": 2,
    "AcquisitionNumber": 1,
    "AcquisitionTime": "16:16:53.902500",
    "BodyPartExamined": "BRAIN",
    "ConversionSoftware": "dcm2niix",
    "ConversionSoftwareVersion": "v1.0.20170724 GCC4.4.7",
    "DeviceSerialNumber": "167004",
    "EchoTime": 0.00297,
    "FlipAngle": 7,
    "ImageType": [
      "ORIGINAL",
      "PRIMARY",
      "M",
      "ND"
    ],
    "InstitutionAddress": "Mikeletegi_69_San_Sebastian_District_ES_20009",
    "InstitutionName": "BCBL",
    "InversionTime": 1.1,
    "MagneticFieldStrength": 3,
    "Manufacturer": "Siemens",
    "ManufacturersModelName": "Prisma_fit",
    "PhaseEncodingDirection": "i-",
    "PhaseEncodingLines": 256,
    "ProcedureStepDescription": "CRANEO_FUNCIONAL",
    "ProtocolName": "t1_mpr_tra_p2_iso",
    "RepetitionTime": 2.53,
    "ScanningSequence": "GR_IR",
    "SequenceName": "_tfl3d1_16",
    "SequenceVariant": "SK_SP_MP_OSP",
    "SeriesDescription": "t1_mpr_tra_p2_iso",
    "SoftwareVersions": "syngo_MR_E11",
    "dataset": "ds003545",
    "modality": "T1w",
    "session_id": "02",
    "subject_id": "22"
  },
  "cjv": 0.4989283174677205,
  "cnr": 2.4042052991394627,
  "efc": 0.5300830236255444,
  "fber": 1414.2474494170096,
  "fwhm_avg": 5.440523333333334,
  "fwhm_x": 5.04532,
  "fwhm_y": 5.88973,
  "fwhm_z": 5.38652,
  "icvs_csf": 0.16915811001174813,
  "icvs_gm": 0.4194445771046723,
  "icvs_wm": 0.41139731288357956,
  "inu_med": 0.9493090212345123,
  "inu_range": 1.1677393466234207,
  "provenance": {
    "md5sum": "769aa5f5469ed0575d79beb1bcad261c",
    "settings": {
      "testing": false
    },
    "software": "mriqc",
    "version": "22.0.6",
    "warnings": {
      "large_rot_frame": true,
      "small_air_mask": false
    },
    "webapi_port": null,
    "webapi_url": "https://mriqc.nimh.nih.gov/api/v1"
  },
  "qi_1": 0.001417255037024281,
  "qi_2": 0.0010525603917351993,
  "rpve_csf": 31.520096960102897,
  "rpve_gm": 12.920760432408093,
  "rpve_wm": 14.834403272520976,
  "size_x": 256,
  "size_y": 256,
  "size_z": 176,
  "snr_csf": 2.3839053698556145,
  "snr_gm": 11.073189001834564,
  "snr_total": 8.197141269244963,
  "snr_wm": 11.134329436044709,
  "snrd_csf": 7.891573358782587,
  "snrd_gm": 20.281286880431917,
  "snrd_total": 18.915038178570423,
  "snrd_wm": 28.572254296496755,
  "spacing_x": 1.0,
  "spacing_y": 1.0,
  "spacing_z": 1.0,
  "summary_bg_k": 8.909106407549833,
  "summary_bg_mad": 22.93138510689318,
  "summary_bg_mean": 32.09767042973393,
  "summary_bg_median": 15.466984212398529,
  "summary_bg_n": 2667867.0,
  "summary_bg_p05": 0.0,
  "summary_bg_p95": 133.35316516458988,
  "summary_bg_stdv": 48.91318453205259,
  "summary_csf_k": 1.0906892825391532,
  "summary_csf_mad": 112.4519846588031,
  "summary_csf_mean": 290.4778101725644,
  "summary_csf_median": 276.22447445988655,
  "summary_csf_n": 34896.0,
  "summary_csf_p05": 114.91176091134548,
  "summary_csf_p95": 492.26651675999165,
  "summary_csf_stdv": 115.86890994081212,
  "summary_gm_k": 0.05148633973444117,
  "summary_gm_mad": 63.64929327746633,
  "summary_gm_mean": 710.6399772953458,
  "summary_gm_median": 709.8949164152145,
  "summary_gm_n": 26764.0,
  "summary_gm_p05": 606.9948551021516,
  "summary_gm_p95": 817.6680692285299,
  "summary_gm_stdv": 64.10814933717715,
  "summary_wm_k": 0.5851911701155581,
  "summary_wm_mad": 81.14182422439126,
  "summary_wm_mean": 1015.1554252653365,
  "summary_wm_median": 1000.0991650670767,
  "summary_wm_n": 183169.0,
  "summary_wm_p05": 893.218338266015,
  "summary_wm_p95": 1187.9833643138409,
  "summary_wm_stdv": 89.82098480358755,
  "tpm_overlap_csf": 0.1478682596977242,
  "tpm_overlap_gm": 0.4454620406600924,
  "tpm_overlap_wm": 0.4597345771664482,
  "wm2max": 0.23842390148202425
}