{
  "aor": 0.005086831275720165,
  "aqi": 0.009720564485596708,
  "bids_meta": {
    "AcquisitionNumber": 1,
    "AcquisitionTime": "09:57:33.210000",
    "BandwidthPerPixelPhaseEncode": 29.481,
    "BodyPartExamined": "BRAIN",
    "ConversionSoftware": "dcm2niix",
    "ConversionSoftwareVersion": "v1.0.20170724 GCC4.4.7",
    "DeviceSerialNumber": "167004",
    "EchoTime": 0.025,
    "EchoTrainLength": 64,
    "EffectiveEchoSpacing": 0.000530002,
    "FlipAngle": 90,
    "ImageType": [
      "ORIGINAL",
      "PRIMARY",
      "M",
      "ND",
      "MOSAIC"
    ],
    "InstitutionAddress": "Mikeletegi_69_San_Sebastian_District_ES_20009",
    "InstitutionName": "BCBL",
    "MagneticFieldStrength": 3,
    "Manufacturer": "Siemens",
    "ManufacturersModelName": "Prisma_fit",
    "PhaseEncodingDirection": "j-",
    "PhaseEncodingLines": 64,
    "ProcedureStepDescription": "CRANEO_FUNCIONAL",
    "ProtocolName": "ep2d_VF_L1_Run1",
    "RepetitionTime": 3,
    "ScanningSequence": "EP",
    "SequenceName": "_epfid2d1_64",
    "SequenceVariant": "SK",
    "SeriesDescription": "ep2d_VF_L1_Run1",
    "SliceTiming": [
      2.91,
      2.8425,
      2.7725,
      2.7025,
      2.635,
      2.565,
      2.495,
      2.425,
      2.3575,
      2.2875,
      2.2175,
      2.15,
      2.08,
      2.01,
      1.94,
      1.8725,
      1.8025,
      1.7325,
      1.6625,
      1.595,
      1.525,
      1.455,
      1.3875,
      1.3175,
      1.2475,
      1.1775,
      1.11,
      1.04,
      0.97,
      0.9025,
      0.8325,
      0.7625,
      0.6925,
      0.625,
      0.555,
      0.485,
      0.4175,
      0.3475,
      0.2775,
      0.2075,
      0.14,
      0.07,
      0
    ],
    "SoftwareVersions": "syngo_MR_E11",
    "TaskName": "prodL1",
    "TotalReadoutTime": 0.0333901,
    "dataset": "ds003545",
    "modality": "bold",
    "run_id": 1,
    "session_id": "02",
    "subject_id": "13",
    "task_id": "prodL1"
  },
  "dummy_trs": 0,
  "dvars_nstd": 56.46322823338846,
  "dvars_std": 1.2793309064462806,
  "dvars_vstd": 1.000740361033058,
  "efc": 0.567412957596098,
  "fber": 495.1020812988281,
  "fd_mean": 0.710676831198021,
  "fd_num": 214,
  "fd_perc": 88.06584362139918,
  "fwhm_avg": 3.113214257144893,
  "fwhm_x": 2.9965333333333333,
  "fwhm_y": 3.2868366666666664,
  "fwhm_z": 3.056272771434679,
  "gcor": 0.0390392,
  "gsr_x": -0.013275230303406715,
  "gsr_y": 0.09295815229415894,
  "provenance": {
    "md5sum": "587f78121e4ae085e0b9c4f0ce84bed2",
    "settings": {
      "fd_thres": 0.2,
      "testing": false
    },
    "software": "mriqc",
    "version": "22.0.6",
    "webapi_port": null,
    "webapi_url": "https://mriqc.nimh.nih.gov/api/v1"
  },
  "size_t": 243,
  "size_x": 64,
  "size_y": 64,
  "size_z": 43,
  "snr": 2.3130604611813834,
  "spacing_tr": 3.0,
  "spacing_x": 3.0,
  "spacing_y": 3.0,
  "spacing_z": 3.299999952316284,
  "summary_bg_k": 17.52179856773207,
  "summary_bg_mad": 17.833938307073,
  "summary_bg_mean": 100.96240997314453,
  "summary_bg_median": 42.72427749633789,
  "summary_bg_n": 97625.0,
  "summary_bg_p05": 27.947323989868163,
  "summary_bg_p95": 371.9448364257814,
  "summary_bg_stdv": 138.62147521972656,
  "summary_fg_k": 0.7089855146412178,
  "summary_fg_mad": 415.65328717661833,
  "summary_fg_mean": 1084.7586669921875,
  "summary_fg_median": 996.678955078125,
  "summary_fg_n": 38181.0,
  "summary_fg_p05": 542.1604614257812,
  "summary_fg_p95": 1914.168701171875,
  "summary_fg_stdv": 430.88623046875,
  "tsnr": 37.71968458825722
}