{
  "aor": 0.0036429729729729726,
  "aqi": 0.0028565783135135136,
  "bids_meta": {
    "AcquisitionNumber": 1,
    "AcquisitionTime": "09:40:24.197500",
    "BandwidthPerPixelPhaseEncode": 28.409,
    "BodyPartExamined": "BRAIN",
    "ConversionSoftware": "dcm2niix",
    "ConversionSoftwareVersion": "v1.0.20170724 GCC4.4.7",
    "DeviceSerialNumber": "167004",
    "EchoTime": 0.03,
    "EchoTrainLength": 64,
    "EffectiveEchoSpacing": 0.000550002,
    "FlipAngle": 80,
    "ImageType": [
      "ORIGINAL",
      "PRIMARY",
      "M",
      "ND",
      "MOSAIC"
    ],
    "InstitutionAddress": "Mikeletegi_69_San_Sebastian_District_ES_20009",
    "InstitutionName": "BCBL",
    "MagneticFieldStrength": 3,
    "Manufacturer": "Siemens",
    "ManufacturersModelName": "Prisma_fit",
    "PhaseEncodingDirection": "j-",
    "PhaseEncodingLines": 64,
    "ProcedureStepDescription": "CRANEO_FUNCIONAL",
    "ProtocolName": "ep2d_PiN_L1_Run1",
    "RepetitionTime": 2,
    "ScanningSequence": "EP",
    "SequenceName": "_epfid2d1_64",
    "SequenceVariant": "SK",
    "SeriesDescription": "ep2d_PiN_L1_Run1",
    "SliceTiming": [
      1.9175,
      1.855,
      1.795,
      1.7325,
      1.67,
      1.6075,
      1.5475,
      1.485,
      1.4225,
      1.36,
      1.3,
      1.2375,
      1.175,
      1.1125,
      1.0525,
      0.99,
      0.9275,
      0.865,
      0.805,
      0.7425,
      0.68,
      0.6175,
      0.5575,
      0.495,
      0.4325,
      0.37,
      0.31,
      0.2475,
      0.185,
      0.1225,
      0.0625,
      0
    ],
    "SoftwareVersions": "syngo_MR_E11",
    "TaskName": "compL1",
    "TotalReadoutTime": 0.0346501,
    "dataset": "ds003545",
    "modality": "bold",
    "run_id": 1,
    "session_id": "02",
    "subject_id": "13",
    "task_id": "compL1"
  },
  "dummy_trs": 1,
  "dvars_nstd": 24.40200511277173,
  "dvars_std": 1.3201454219565212,
  "dvars_vstd": 1.0075196194565215,
  "efc": 0.4907023565112346,
  "fber": 1489.5338134765625,
  "fd_mean": 0.20354030354988104,
  "fd_num": 70,
  "fd_perc": 37.83783783783784,
  "fwhm_avg": 2.8954332121212123,
  "fwhm_x": 2.7891287272727276,
  "fwhm_y": 3.095970909090909,
  "fwhm_z": 2.8012,
  "gcor": 0.0510514,
  "gsr_x": -0.020145170390605927,
  "gsr_y": 0.050424885004758835,
  "provenance": {
    "md5sum": "0ec73d6822114e4bfc67589476b43856",
    "settings": {
      "fd_thres": 0.2,
      "testing": false
    },
    "software": "mriqc",
    "version": "22.0.6",
    "webapi_port": null,
    "webapi_url": "https://mriqc.nimh.nih.gov/api/v1"
  },
  "size_t": 185,
  "size_x": 64,
  "size_y": 64,
  "size_z": 32,
  "snr": 2.5406890509910682,
  "spacing_tr": 2.0,
  "spacing_x": 3.4375,
  "spacing_y": 3.4375,
  "spacing_z": 4.0,
  "summary_bg_k": 41.333133795808635,
  "summary_bg_mad": 4.768370520205289,
  "summary_bg_mean": 47.12078857421875,
  "summary_bg_median": 20.09189224243164,
  "summary_bg_n": 79695.0,
  "summary_bg_p05": 16.291893005371094,
  "summary_bg_p95": 174.24757080078135,
  "summary_bg_stdv": 76.76105499267578,
  "summary_fg_k": 0.42625096854534483,
  "summary_fg_mad": 307.6840293877891,
  "summary_fg_mean": 849.4285888671875,
  "summary_fg_median": 792.4702758789062,
  "summary_fg_n": 21851.0,
  "summary_fg_p05": 438.7108154296875,
  "summary_fg_p95": 1440.0540771484375,
  "summary_fg_stdv": 311.9044189453125,
  "tsnr": 79.54761103726923
}