{
  "aor": 0.007422139917695472,
  "aqi": 0.011555046913580247,
  "bids_meta": {
    "AcquisitionNumber": 1,
    "AcquisitionTime": "12:47:45.352500",
    "BandwidthPerPixelPhaseEncode": 29.481,
    "BodyPartExamined": "BRAIN",
    "ConversionSoftware": "dcm2niix",
    "ConversionSoftwareVersion": "v1.0.20170724 GCC4.4.7",
    "DeviceSerialNumber": "167004",
    "EchoTime": 0.025,
    "EchoTrainLength": 64,
    "EffectiveEchoSpacing": 0.000530002,
    "FlipAngle": 90,
    "ImageType": [
      "ORIGINAL",
      "PRIMARY",
      "M",
      "ND",
      "MOSAIC"
    ],
    "InstitutionAddress": "Mikeletegi_69_San_Sebastian_District_ES_20009",
    "InstitutionName": "BCBL",
    "MagneticFieldStrength": 3,
    "Manufacturer": "Siemens",
    "ManufacturersModelName": "Prisma_fit",
    "PhaseEncodingDirection": "j-",
    "PhaseEncodingLines": 64,
    "ProcedureStepDescription": "CRANEO_FUNCIONAL",
    "ProtocolName": "ep2d_VF_L3_Run2",
    "RepetitionTime": 3,
    "ScanningSequence": "EP",
    "SequenceName": "_epfid2d1_64",
    "SequenceVariant": "SK",
    "SeriesDescription": "ep2d_VF_L3_Run2",
    "SliceTiming": [
      2.91,
      2.8425,
      2.7725,
      2.7025,
      2.6325,
      2.565,
      2.495,
      2.425,
      2.3575,
      2.2875,
      2.2175,
      2.1475,
      2.08,
      2.01,
      1.94,
      1.87,
      1.8025,
      1.7325,
      1.6625,
      1.595,
      1.525,
      1.455,
      1.385,
      1.3175,
      1.2475,
      1.1775,
      1.11,
      1.04,
      0.97,
      0.9,
      0.8325,
      0.7625,
      0.6925,
      0.625,
      0.555,
      0.485,
      0.415,
      0.3475,
      0.2775,
      0.2075,
      0.1375,
      0.07,
      0
    ],
    "SoftwareVersions": "syngo_MR_E11",
    "TaskName": "prodLn",
    "TotalReadoutTime": 0.0333901,
    "dataset": "ds003545",
    "modality": "bold",
    "run_id": 2,
    "session_id": "02",
    "subject_id": "13",
    "task_id": "prodLn"
  },
  "dummy_trs": 0,
  "dvars_nstd": 55.44627956537192,
  "dvars_std": 1.2795591924793392,
  "dvars_vstd": 1.0213716995454545,
  "efc": 0.5758683549582797,
  "fber": 457.720458984375,
  "fd_mean": 0.7338987631591244,
  "fd_num": 217,
  "fd_perc": 89.30041152263375,
  "fwhm_avg": 2.921552034540559,
  "fwhm_x": 2.7362066666666665,
  "fwhm_y": 3.05151,
  "fwhm_z": 2.97693943695501,
  "gcor": 0.0365271,
  "gsr_x": -0.01657448522746563,
  "gsr_y": 0.08692733198404312,
  "provenance": {
    "md5sum": "ace5a46f33b2d7c6c79e4469a3ed750d",
    "settings": {
      "fd_thres": 0.2,
      "testing": false
    },
    "software": "mriqc",
    "version": "22.0.6",
    "webapi_port": null,
    "webapi_url": "https://mriqc.nimh.nih.gov/api/v1"
  },
  "size_t": 243,
  "size_x": 64,
  "size_y": 64,
  "size_z": 43,
  "snr": 2.5248554147310127,
  "spacing_tr": 3.0,
  "spacing_x": 3.0,
  "spacing_y": 3.0,
  "spacing_z": 3.299999952316284,
  "summary_bg_k": 22.19355013823463,
  "summary_bg_mad": 13.556961424543413,
  "summary_bg_mean": 86.86888122558594,
  "summary_bg_median": 39.93003845214844,
  "summary_bg_n": 97195.0,
  "summary_bg_p05": 28.52551383972168,
  "summary_bg_p95": 309.8143890380861,
  "summary_bg_stdv": 117.42182922363281,
  "summary_fg_k": 0.8991153441235267,
  "summary_fg_mad": 329.42748948119066,
  "summary_fg_mean": 953.0789794921875,
  "summary_fg_median": 887.2921142578125,
  "summary_fg_n": 38926.0,
  "summary_fg_p05": 498.34874725341797,
  "summary_fg_p95": 1619.8497619628906,
  "summary_fg_stdv": 351.4184265136719,
  "tsnr": 35.62364985700697
}