{
  "aor": 0.007398870967741937,
  "aqi": 0.005306312741935483,
  "bids_meta": {
    "AcquisitionNumber": 1,
    "AcquisitionTime": "12:24:21.855000",
    "BandwidthPerPixelPhaseEncode": 28.409,
    "BodyPartExamined": "BRAIN",
    "ConversionSoftware": "dcm2niix",
    "ConversionSoftwareVersion": "v1.0.20170724 GCC4.4.7",
    "DeviceSerialNumber": "167004",
    "EchoTime": 0.03,
    "EchoTrainLength": 64,
    "EffectiveEchoSpacing": 0.000550002,
    "FlipAngle": 80,
    "ImageType": [
      "ORIGINAL",
      "PRIMARY",
      "M",
      "ND",
      "MOSAIC"
    ],
    "InstitutionAddress": "Mikeletegi_69_San_Sebastian_District_ES_20009",
    "InstitutionName": "BCBL",
    "MagneticFieldStrength": 3,
    "Manufacturer": "Siemens",
    "ManufacturersModelName": "Prisma_fit",
    "PhaseEncodingDirection": "j-",
    "PhaseEncodingLines": 64,
    "ProcedureStepDescription": "CRANEO_FUNCIONAL",
    "ProtocolName": "ep2d_PiN_L3_Run2",
    "RepetitionTime": 2,
    "ScanningSequence": "EP",
    "SequenceName": "_epfid2d1_64",
    "SequenceVariant": "SK",
    "SeriesDescription": "ep2d_PiN_L3_Run2",
    "SliceTiming": [
      1.9175,
      1.855,
      1.795,
      1.7325,
      1.67,
      1.6075,
      1.5475,
      1.485,
      1.4225,
      1.36,
      1.3,
      1.2375,
      1.175,
      1.1125,
      1.0525,
      0.99,
      0.9275,
      0.865,
      0.805,
      0.7425,
      0.68,
      0.6175,
      0.5575,
      0.495,
      0.4325,
      0.37,
      0.31,
      0.2475,
      0.185,
      0.1225,
      0.0625,
      0
    ],
    "SoftwareVersions": "syngo_MR_E11",
    "TaskName": "compLn",
    "TotalReadoutTime": 0.0346501,
    "dataset": "ds003545",
    "modality": "bold",
    "run_id": 2,
    "session_id": "02",
    "subject_id": "13",
    "task_id": "compLn"
  },
  "dummy_trs": 0,
  "dvars_nstd": 27.353493953837837,
  "dvars_std": 1.2445914485405405,
  "dvars_vstd": 0.9928137308108113,
  "efc": 0.5017014033461868,
  "fber": 1209.1949462890625,
  "fd_mean": 0.29518212125737747,
  "fd_num": 89,
  "fd_perc": 47.8494623655914,
  "fwhm_avg": 2.7300238484848482,
  "fwhm_x": 2.6152203636363636,
  "fwhm_y": 2.9072261818181815,
  "fwhm_z": 2.667625,
  "gcor": 0.0716975,
  "gsr_x": -0.0165200624614954,
  "gsr_y": 0.04847916588187218,
  "provenance": {
    "md5sum": "88d617630f5ad72ddc6b30bfb65555c0",
    "settings": {
      "fd_thres": 0.2,
      "testing": false
    },
    "software": "mriqc",
    "version": "22.0.6",
    "webapi_port": null,
    "webapi_url": "https://mriqc.nimh.nih.gov/api/v1"
  },
  "size_t": 186,
  "size_x": 64,
  "size_y": 64,
  "size_z": 32,
  "snr": 2.7665602300332983,
  "spacing_tr": 2.0,
  "spacing_x": 3.4375,
  "spacing_y": 3.4375,
  "spacing_z": 4.0,
  "summary_bg_k": 41.9511883801229,
  "summary_bg_mad": 4.973892225902444,
  "summary_bg_mean": 43.37929916381836,
  "summary_bg_median": 19.78494644165039,
  "summary_bg_n": 79259.0,
  "summary_bg_p05": 15.333333015441895,
  "summary_bg_p95": 154.28118438720549,
  "summary_bg_stdv": 69.66129302978516,
  "summary_fg_k": 0.9159330129937602,
  "summary_fg_mad": 237.94969287463957,
  "summary_fg_mean": 749.7875366210938,
  "summary_fg_median": 703.8548583984375,
  "summary_fg_n": 22125.0,
  "summary_fg_p05": 413.9870910644531,
  "summary_fg_p95": 1232.8623291015622,
  "summary_fg_stdv": 254.40940856933594,
  "tsnr": 55.56105637876317
}