{
  "aor": 0.005938870967741937,
  "aqi": 0.0038319676881720427,
  "bids_meta": {
    "AcquisitionNumber": 1,
    "AcquisitionTime": "12:17:8.682500",
    "BandwidthPerPixelPhaseEncode": 28.409,
    "BodyPartExamined": "BRAIN",
    "ConversionSoftware": "dcm2niix",
    "ConversionSoftwareVersion": "v1.0.20170724 GCC4.4.7",
    "DeviceSerialNumber": "167004",
    "EchoTime": 0.03,
    "EchoTrainLength": 64,
    "EffectiveEchoSpacing": 0.000550002,
    "FlipAngle": 80,
    "ImageType": [
      "ORIGINAL",
      "PRIMARY",
      "M",
      "ND",
      "MOSAIC"
    ],
    "InstitutionAddress": "Mikeletegi_69_San_Sebastian_District_ES_20009",
    "InstitutionName": "BCBL",
    "MagneticFieldStrength": 3,
    "Manufacturer": "Siemens",
    "ManufacturersModelName": "Prisma_fit",
    "PhaseEncodingDirection": "j-",
    "PhaseEncodingLines": 64,
    "ProcedureStepDescription": "CRANEO_FUNCIONAL",
    "ProtocolName": "ep2d_PiN_L3_Run1",
    "RepetitionTime": 2,
    "ScanningSequence": "EP",
    "SequenceName": "_epfid2d1_64",
    "SequenceVariant": "SK",
    "SeriesDescription": "ep2d_PiN_L3_Run1",
    "SliceTiming": [
      1.92,
      1.8575,
      1.795,
      1.7325,
      1.6725,
      1.61,
      1.5475,
      1.485,
      1.425,
      1.3625,
      1.3,
      1.2375,
      1.1775,
      1.115,
      1.0525,
      0.99,
      0.93,
      0.8675,
      0.805,
      0.7425,
      0.6825,
      0.62,
      0.5575,
      0.495,
      0.435,
      0.3725,
      0.31,
      0.2475,
      0.1875,
      0.125,
      0.0625,
      0
    ],
    "SoftwareVersions": "syngo_MR_E11",
    "TaskName": "compLn",
    "TotalReadoutTime": 0.0346501,
    "dataset": "ds003545",
    "modality": "bold",
    "run_id": 1,
    "session_id": "02",
    "subject_id": "13",
    "task_id": "compLn"
  },
  "dummy_trs": 0,
  "dvars_nstd": 26.27753021643243,
  "dvars_std": 1.308856284702703,
  "dvars_vstd": 1.0198865084864863,
  "efc": 0.5011998546851246,
  "fber": 1280.8450927734375,
  "fd_mean": 0.24211310544385073,
  "fd_num": 69,
  "fd_perc": 37.096774193548384,
  "fwhm_avg": 2.7455846363636365,
  "fwhm_x": 2.6202007272727275,
  "fwhm_y": 2.934778181818182,
  "fwhm_z": 2.681775,
  "gcor": 0.0742759,
  "gsr_x": -0.01590592786669731,
  "gsr_y": 0.04935375973582268,
  "provenance": {
    "md5sum": "2286e137de4cf17fbe4388fe983a117e",
    "settings": {
      "fd_thres": 0.2,
      "testing": false
    },
    "software": "mriqc",
    "version": "22.0.6",
    "webapi_port": null,
    "webapi_url": "https://mriqc.nimh.nih.gov/api/v1"
  },
  "size_t": 186,
  "size_x": 64,
  "size_y": 64,
  "size_z": 32,
  "snr": 2.7580059467992,
  "spacing_tr": 2.0,
  "spacing_x": 3.4375,
  "spacing_y": 3.4375,
  "spacing_z": 4.0,
  "summary_bg_k": 42.286785627566395,
  "summary_bg_mad": 2.9412922277680336,
  "summary_bg_mean": 42.93613052368164,
  "summary_bg_median": 19.1182804107666,
  "summary_bg_n": 79215.0,
  "summary_bg_p05": 17.037633895874023,
  "summary_bg_p95": 152.35053558349617,
  "summary_bg_stdv": 68.85332489013672,
  "summary_fg_k": 0.8894773134214184,
  "summary_fg_mad": 237.90186845615324,
  "summary_fg_mean": 745.4722900390625,
  "summary_fg_median": 700.279541015625,
  "summary_fg_n": 22178.0,
  "summary_fg_p05": 408.3570022583008,
  "summary_fg_p95": 1224.0026855468748,
  "summary_fg_stdv": 253.90219116210938,
  "tsnr": 68.68910580407828
}