{
  "bids_meta": {
    "AccelFactPE": 2,
    "AcquisitionNumber": 1,
    "AcquisitionTime": "09:42:52.510000",
    "BodyPartExamined": "BRAIN",
    "ConversionSoftware": "dcm2niix",
    "ConversionSoftwareVersion": "v1.0.20170724 GCC4.4.7",
    "DeviceSerialNumber": "167004",
    "EchoTime": 0.00297,
    "FlipAngle": 7,
    "ImageType": [
      "ORIGINAL",
      "PRIMARY",
      "M",
      "ND"
    ],
    "InstitutionAddress": "Mikeletegi_69_San_Sebastian_District_ES_20009",
    "InstitutionName": "BCBL",
    "InversionTime": 1.1,
    "MagneticFieldStrength": 3,
    "Manufacturer": "Siemens",
    "ManufacturersModelName": "Prisma_fit",
    "PhaseEncodingDirection": "i-",
    "PhaseEncodingLines": 256,
    "ProcedureStepDescription": "CRANEO_FUNCIONAL",
    "ProtocolName": "t1_mpr_tra_p2_iso",
    "RepetitionTime": 2.53,
    "ScanningSequence": "GR_IR",
    "SequenceName": "_tfl3d1_16",
    "SequenceVariant": "SK_SP_MP_OSP",
    "SeriesDescription": "t1_mpr_tra_p2_iso",
    "SoftwareVersions": "syngo_MR_E11",
    "dataset": "ds003545",
    "modality": "T1w",
    "session_id": "01",
    "subject_id": "20"
  },
  "cjv": 0.4184005709051671,
  "cnr": 2.7485876234169275,
  "efc": 0.5143171964479931,
  "fber": -1.0,
  "fwhm_avg": 4.756273333333334,
  "fwhm_x": 4.53767,
  "fwhm_y": 4.95047,
  "fwhm_z": 4.78068,
  "icvs_csf": 0.17495971722744663,
  "icvs_gm": 0.41529805789197166,
  "icvs_wm": 0.40974222488058165,
  "inu_med": 1.020372748374939,
  "inu_range": 1.0767886757850647,
  "provenance": {
    "md5sum": "dd522e6ea24cb4e15a9793e4718820cd",
    "settings": {
      "testing": false
    },
    "software": "mriqc",
    "version": "22.0.6",
    "warnings": {
      "large_rot_frame": true,
      "small_air_mask": false
    },
    "webapi_port": null,
    "webapi_url": "https://mriqc.nimh.nih.gov/api/v1"
  },
  "qi_1": 2.0238763953768554e-05,
  "qi_2": 0.001207065715539007,
  "rpve_csf": 27.94488344479689,
  "rpve_gm": 12.271435763472503,
  "rpve_wm": 14.152550473938051,
  "size_x": 256,
  "size_y": 256,
  "size_z": 176,
  "snr_csf": 1.9613113650636678,
  "snr_gm": 12.12018501658785,
  "snr_total": 8.781969216243157,
  "snr_wm": 12.264411267077955,
  "snrd_csf": 8.869290947686872,
  "snrd_gm": 28.352400962636644,
  "snrd_total": 25.5497498329967,
  "snrd_wm": 39.42755758866659,
  "spacing_x": 1.0,
  "spacing_y": 1.0,
  "spacing_z": 1.0,
  "summary_bg_k": 12.28937640149004,
  "summary_bg_mad": 0.0,
  "summary_bg_mean": 9.916465924750353,
  "summary_bg_median": 0.0,
  "summary_bg_n": 2402677.0,
  "summary_bg_p05": 0.0,
  "summary_bg_p95": 40.60756415128708,
  "summary_bg_stdv": 16.61749344514764,
  "summary_csf_k": 1.688590570917655,
  "summary_csf_mad": 97.89035252554079,
  "summary_csf_mean": 239.12325837546933,
  "summary_csf_median": 224.96900521218777,
  "summary_csf_n": 28765.0,
  "summary_csf_p05": 74.95350390672684,
  "summary_csf_p95": 456.3546255230903,
  "summary_csf_stdv": 114.70136701456468,
  "summary_gm_k": 0.16774597608301267,
  "summary_gm_mad": 58.02186387957523,
  "summary_gm_mean": 719.6484869007496,
  "summary_gm_median": 719.1568613052368,
  "summary_gm_n": 28639.0,
  "summary_gm_p05": 623.4501022845507,
  "summary_gm_p95": 818.0409297347069,
  "summary_gm_stdv": 59.33443298598232,
  "summary_wm_k": 2.2416145408285626,
  "summary_wm_mad": 59.51549601904944,
  "summary_wm_mean": 1017.3953346455044,
  "summary_wm_median": 1000.077510252595,
  "summary_wm_n": 220928.0,
  "summary_wm_p05": 919.1723633557558,
  "summary_wm_p95": 1190.843942109495,
  "summary_wm_stdv": 81.54286619353734,
  "tpm_overlap_csf": 0.14431946189027525,
  "tpm_overlap_gm": 0.4378634953687532,
  "tpm_overlap_wm": 0.4609850680505848,
  "wm2max": 0.2728041433252299
}