{
  "bids_meta": {
    "AccelFactPE": 2,
    "AcquisitionNumber": 1,
    "AcquisitionTime": "11:54:48.015000",
    "BodyPartExamined": "BRAIN",
    "ConversionSoftware": "dcm2niix",
    "ConversionSoftwareVersion": "v1.0.20170724 GCC4.4.7",
    "DeviceSerialNumber": "167004",
    "EchoTime": 0.00297,
    "FlipAngle": 7,
    "ImageType": [
      "ORIGINAL",
      "PRIMARY",
      "M",
      "ND"
    ],
    "InstitutionAddress": "Mikeletegi_69_San_Sebastian_District_ES_20009",
    "InstitutionName": "BCBL",
    "InversionTime": 1.1,
    "MagneticFieldStrength": 3,
    "Manufacturer": "Siemens",
    "ManufacturersModelName": "Prisma_fit",
    "PhaseEncodingDirection": "i-",
    "PhaseEncodingLines": 256,
    "ProcedureStepDescription": "CRANEO_FUNCIONAL",
    "ProtocolName": "t1_mpr_tra_p2_iso",
    "RepetitionTime": 2.53,
    "ScanningSequence": "GR_IR",
    "SequenceName": "_tfl3d1_16",
    "SequenceVariant": "SK_SP_MP_OSP",
    "SeriesDescription": "t1_mpr_tra_p2_iso",
    "SoftwareVersions": "syngo_MR_E11",
    "dataset": "ds003545",
    "modality": "T1w",
    "session_id": "02",
    "subject_id": "13"
  },
  "cjv": 0.4730990853813777,
  "cnr": 2.6186116184467525,
  "efc": 0.5357364572081812,
  "fber": 18121.81313824112,
  "fwhm_avg": 4.866250000000001,
  "fwhm_x": 4.61906,
  "fwhm_y": 5.16638,
  "fwhm_z": 4.81331,
  "icvs_csf": 0.16538848199311812,
  "icvs_gm": 0.41714574833219586,
  "icvs_wm": 0.417465769674686,
  "inu_med": 0.9819963574409485,
  "inu_range": 0.9512530565261835,
  "provenance": {
    "md5sum": "0ec4a0569b5ac581313659f3c5e504e2",
    "settings": {
      "testing": false
    },
    "software": "mriqc",
    "version": "22.0.6",
    "warnings": {
      "large_rot_frame": true,
      "small_air_mask": false
    },
    "webapi_port": null,
    "webapi_url": "https://mriqc.nimh.nih.gov/api/v1"
  },
  "qi_1": 0.0,
  "qi_2": 0.0027060574006901083,
  "rpve_csf": 30.951748561310314,
  "rpve_gm": 12.959362316395836,
  "rpve_wm": 14.815843610736865,
  "size_x": 256,
  "size_y": 256,
  "size_z": 176,
  "snr_csf": 2.0740478395361377,
  "snr_gm": 12.40635004323927,
  "snr_total": 8.987215672758095,
  "snr_wm": 12.48124913549888,
  "snrd_csf": 14.26488360507574,
  "snrd_gm": 38.13277205141509,
  "snrd_total": 34.71845651751939,
  "snrd_wm": 51.75771389606736,
  "spacing_x": 1.0,
  "spacing_y": 1.0,
  "spacing_z": 1.0,
  "summary_bg_k": 14.367710670715457,
  "summary_bg_mad": 0.0,
  "summary_bg_mean": 8.182491445292138,
  "summary_bg_median": 0.0,
  "summary_bg_n": 2056981.0,
  "summary_bg_p05": 0.0,
  "summary_bg_p95": 32.44904085248709,
  "summary_bg_stdv": 12.658702410759139,
  "summary_csf_k": 14.289316649281716,
  "summary_csf_mad": 102.3288854035345,
  "summary_csf_mean": 290.0513842043651,
  "summary_csf_median": 275.6294971257448,
  "summary_csf_n": 21743.0,
  "summary_csf_p05": 99.97002424299717,
  "summary_csf_p95": 520.4511404536663,
  "summary_csf_stdv": 132.89141814795403,
  "summary_gm_k": 0.08456639213260475,
  "summary_gm_mad": 58.88632927673538,
  "summary_gm_mean": 737.977494780567,
  "summary_gm_median": 736.8105534911156,
  "summary_gm_n": 32694.0,
  "summary_gm_p05": 641.235763072595,
  "summary_gm_p95": 837.0053978785872,
  "summary_gm_stdv": 59.38888412410001,
  "summary_wm_k": 1.248104318688931,
  "summary_wm_mad": 65.66381245764266,
  "summary_wm_mean": 1017.4274974216329,
  "summary_wm_median": 1000.0749426707625,
  "summary_wm_n": 228234.0,
  "summary_wm_p05": 918.2404100820422,
  "summary_wm_p95": 1181.1300990208983,
  "summary_wm_stdv": 80.1260147051891,
  "tpm_overlap_csf": 0.15138733243310995,
  "tpm_overlap_gm": 0.46217203572129806,
  "tpm_overlap_wm": 0.5020857096892419,
  "wm2max": 0.27276443536024525
}