{
  "bids_meta": {
    "AccelFactPE": 2,
    "AcquisitionNumber": 1,
    "AcquisitionTime": "12:34:28.652500",
    "BodyPartExamined": "BRAIN",
    "ConversionSoftware": "dcm2niix",
    "ConversionSoftwareVersion": "v1.0.20170724 GCC4.4.7",
    "DeviceSerialNumber": "167004",
    "EchoTime": 0.00297,
    "FlipAngle": 7,
    "ImageType": [
      "ORIGINAL",
      "PRIMARY",
      "M",
      "ND"
    ],
    "InstitutionAddress": "Mikeletegi_69_San_Sebastian_District_ES_20009",
    "InstitutionName": "BCBL",
    "InversionTime": 1.1,
    "MagneticFieldStrength": 3,
    "Manufacturer": "Siemens",
    "ManufacturersModelName": "Prisma_fit",
    "PhaseEncodingDirection": "i-",
    "PhaseEncodingLines": 256,
    "ProcedureStepDescription": "CRANEO_FUNCIONAL",
    "ProtocolName": "t1_mpr_tra_p2_iso",
    "RepetitionTime": 2.53,
    "ScanningSequence": "GR_IR",
    "SequenceName": "_tfl3d1_16",
    "SequenceVariant": "SK_SP_MP_OSP",
    "SeriesDescription": "t1_mpr_tra_p2_iso",
    "SoftwareVersions": "syngo_MR_E11",
    "dataset": "ds003545",
    "modality": "T1w",
    "session_id": "01",
    "subject_id": "16"
  },
  "cjv": 0.4509040539384997,
  "cnr": 2.806236746630029,
  "efc": 0.572319493778801,
  "fber": 13921.752471655329,
  "fwhm_avg": 5.495372127010533,
  "fwhm_x": 5.14479,
  "fwhm_y": 5.95254,
  "fwhm_z": 5.388786381031599,
  "icvs_csf": 0.14867066902576545,
  "icvs_gm": 0.43409069134440054,
  "icvs_wm": 0.417238639629834,
  "inu_med": 0.9702264070510864,
  "inu_range": 1.1383028149604797,
  "provenance": {
    "md5sum": "3720ab63dd2e0bacfa59636c4271c2f5",
    "settings": {
      "testing": false
    },
    "software": "mriqc",
    "version": "22.0.6",
    "warnings": {
      "large_rot_frame": true,
      "small_air_mask": false
    },
    "webapi_port": null,
    "webapi_url": "https://mriqc.nimh.nih.gov/api/v1"
  },
  "qi_1": 3.217833046869577e-06,
  "qi_2": 0.0038000413488821143,
  "rpve_csf": 31.182166769100235,
  "rpve_gm": 11.633111565232088,
  "rpve_wm": 13.492363495488728,
  "size_x": 256,
  "size_y": 256,
  "size_z": 176,
  "snr_csf": 2.108473023488039,
  "snr_gm": 13.602498465968166,
  "snr_total": 9.644107366615314,
  "snr_wm": 13.221350610389733,
  "snrd_csf": 17.86698943279727,
  "snrd_gm": 46.209295005127956,
  "snrd_total": 42.25167851793705,
  "snrd_wm": 62.67875111588594,
  "spacing_x": 1.0,
  "spacing_y": 1.0,
  "spacing_z": 0.9999969601631165,
  "summary_bg_k": 9.819551617286585,
  "summary_bg_mad": 0.0,
  "summary_bg_mean": 6.864420576740341,
  "summary_bg_median": 0.0,
  "summary_bg_n": 1967362.0,
  "summary_bg_p05": 0.0,
  "summary_bg_p95": 26.77103129774332,
  "summary_bg_stdv": 10.45297589552335,
  "summary_csf_k": 1.1150668088197238,
  "summary_csf_mad": 117.7070860079032,
  "summary_csf_mean": 299.26732518547806,
  "summary_csf_median": 285.0753062516451,
  "summary_csf_n": 20098.0,
  "summary_csf_p05": 90.61040335185827,
  "summary_csf_p95": 543.1921182099728,
  "summary_csf_stdv": 135.20126217248105,
  "summary_gm_k": 0.1039136562876406,
  "summary_gm_mad": 53.636203234752905,
  "summary_gm_mean": 738.541546021908,
  "summary_gm_median": 737.2886727675796,
  "summary_gm_n": 44442.0,
  "summary_gm_p05": 651.3845772519708,
  "summary_gm_p95": 829.5073112919927,
  "summary_gm_stdv": 54.201835024037244,
  "summary_wm_k": 1.0497527334497292,
  "summary_wm_mad": 64.85104572929215,
  "summary_wm_mean": 1013.9280038673895,
  "summary_wm_median": 1000.0657490193844,
  "summary_wm_n": 235383.0,
  "summary_wm_p05": 915.9376187250018,
  "summary_wm_p95": 1166.085608959198,
  "summary_wm_stdv": 75.64005026037204,
  "tpm_overlap_csf": 0.1477611338383559,
  "tpm_overlap_gm": 0.4615864392184049,
  "tpm_overlap_wm": 0.482481428587075,
  "wm2max": 0.31472396447866857
}