{
  "aor": 0.002438971193415638,
  "aqi": 0.0051088317695473255,
  "bids_meta": {
    "AcquisitionNumber": 1,
    "AcquisitionTime": "11:53:19.570000",
    "BandwidthPerPixelPhaseEncode": 29.481,
    "ConversionSoftware": "dcm2niix",
    "ConversionSoftwareVersion": "v1.0.20170724 GCC4.4.7",
    "DeviceSerialNumber": "35414",
    "EchoTime": 0.025,
    "EffectiveEchoSpacing": 0.000530002,
    "FlipAngle": 90,
    "ImageType": [
      "ORIGINAL",
      "PRIMARY",
      "M",
      "ND",
      "MOSAIC"
    ],
    "InstitutionAddress": "Mikeletegi_69_San_Sebastian_District_ES_20009",
    "InstitutionName": "BCBL",
    "MagneticFieldStrength": 3,
    "Manufacturer": "Siemens",
    "ManufacturersModelName": "TrioTim",
    "PhaseEncodingDirection": "j-",
    "PhaseEncodingLines": 64,
    "ProcedureStepDescription": "CRANEO_FUNCIONAL",
    "ProtocolName": "ep2d_VF_L1_Run2",
    "RepetitionTime": 3,
    "ScanningSequence": "EP",
    "SequenceName": "_epfid2d1_64",
    "SequenceVariant": "SK",
    "SeriesDescription": "ep2d_VF_L1_Run2",
    "SliceTiming": [
      2.9225,
      2.8525,
      2.7825,
      2.7125,
      2.645,
      2.575,
      2.505,
      2.435,
      2.365,
      2.2975,
      2.2275,
      2.1575,
      2.0875,
      2.0175,
      1.9475,
      1.88,
      1.81,
      1.74,
      1.67,
      1.6,
      1.53,
      1.4625,
      1.3925,
      1.3225,
      1.2525,
      1.1825,
      1.1125,
      1.045,
      0.975,
      0.905,
      0.835,
      0.765,
      0.6975,
      0.6275,
      0.5575,
      0.4875,
      0.4175,
      0.3475,
      0.28,
      0.21,
      0.14,
      0.07,
      0
    ],
    "SoftwareVersions": "syngo_MR_B17",
    "TaskName": "prodL1",
    "TotalReadoutTime": 0.0333901,
    "dataset": "ds003545",
    "modality": "bold",
    "run_id": 2,
    "session_id": "02",
    "subject_id": "12",
    "task_id": "prodL1"
  },
  "dummy_trs": 0,
  "dvars_nstd": 25.306023215371884,
  "dvars_std": 1.1871640329338844,
  "dvars_vstd": 1.0140673483471077,
  "efc": 0.5366414565496401,
  "fber": 512.7589111328125,
  "fd_mean": 0.24765782193870287,
  "fd_num": 130,
  "fd_perc": 53.49794238683128,
  "fwhm_avg": 2.8660829230849507,
  "fwhm_x": 2.7252033333333334,
  "fwhm_y": 3.068796910552733,
  "fwhm_z": 2.8042485253687848,
  "gcor": 0.0471486,
  "gsr_x": -0.00017154616944026202,
  "gsr_y": 0.08876615017652512,
  "provenance": {
    "md5sum": "f768af42c395280a6f4de9dba2af4ec7",
    "settings": {
      "fd_thres": 0.2,
      "testing": false
    },
    "software": "mriqc",
    "version": "22.0.6",
    "webapi_port": null,
    "webapi_url": "https://mriqc.nimh.nih.gov/api/v1"
  },
  "size_t": 243,
  "size_x": 64,
  "size_y": 64,
  "size_z": 43,
  "snr": 3.200571163625331,
  "spacing_tr": 3.0,
  "spacing_x": 3.0,
  "spacing_y": 2.999999761581421,
  "spacing_z": 3.299999952316284,
  "summary_bg_k": 48.56924913532189,
  "summary_bg_mad": 9.13966432739044,
  "summary_bg_mean": 65.84976196289062,
  "summary_bg_median": 31.008230209350586,
  "summary_bg_n": 111411.0,
  "summary_bg_p05": 24.15226173400879,
  "summary_bg_p95": 218.18312072753906,
  "summary_bg_stdv": 103.2273178100586,
  "summary_fg_k": 1.3111916330385727,
  "summary_fg_mad": 188.0464279060153,
  "summary_fg_mean": 742.678955078125,
  "summary_fg_median": 704.150146484375,
  "summary_fg_n": 29014.0,
  "summary_fg_p05": 454.58270263671875,
  "summary_fg_p95": 1181.3057250976558,
  "summary_fg_stdv": 220.0038604736328,
  "tsnr": 63.19958269339986
}