{
  "aor": 0.0020779012345679007,
  "aqi": 0.005629279835390947,
  "bids_meta": {
    "AcquisitionNumber": 1,
    "AcquisitionTime": "11:39:19.367500",
    "BandwidthPerPixelPhaseEncode": 29.481,
    "ConversionSoftware": "dcm2niix",
    "ConversionSoftwareVersion": "v1.0.20170724 GCC4.4.7",
    "DeviceSerialNumber": "35414",
    "EchoTime": 0.025,
    "EffectiveEchoSpacing": 0.000530002,
    "FlipAngle": 90,
    "ImageType": [
      "ORIGINAL",
      "PRIMARY",
      "M",
      "ND",
      "MOSAIC"
    ],
    "InstitutionAddress": "Mikeletegi_69_San_Sebastian_District_ES_20009",
    "InstitutionName": "BCBL",
    "MagneticFieldStrength": 3,
    "Manufacturer": "Siemens",
    "ManufacturersModelName": "TrioTim",
    "PhaseEncodingDirection": "j-",
    "PhaseEncodingLines": 64,
    "ProcedureStepDescription": "CRANEO_FUNCIONAL",
    "ProtocolName": "ep2d_VF_L1_Run1",
    "RepetitionTime": 3,
    "ScanningSequence": "EP",
    "SequenceName": "_epfid2d1_64",
    "SequenceVariant": "SK",
    "SeriesDescription": "ep2d_VF_L1_Run1",
    "SliceTiming": [
      2.9225,
      2.8525,
      2.7825,
      2.7125,
      2.6425,
      2.575,
      2.505,
      2.435,
      2.365,
      2.295,
      2.225,
      2.1575,
      2.0875,
      2.0175,
      1.9475,
      1.8775,
      1.8075,
      1.74,
      1.67,
      1.6,
      1.53,
      1.46,
      1.3925,
      1.3225,
      1.2525,
      1.1825,
      1.1125,
      1.0425,
      0.975,
      0.905,
      0.835,
      0.765,
      0.695,
      0.625,
      0.5575,
      0.4875,
      0.4175,
      0.3475,
      0.2775,
      0.2075,
      0.14,
      0.07,
      0
    ],
    "SoftwareVersions": "syngo_MR_B17",
    "TaskName": "prodL1",
    "TotalReadoutTime": 0.0333901,
    "dataset": "ds003545",
    "modality": "bold",
    "run_id": 1,
    "session_id": "02",
    "subject_id": "12",
    "task_id": "prodL1"
  },
  "dummy_trs": 0,
  "dvars_nstd": 32.406684812231425,
  "dvars_std": 1.4791828814462806,
  "dvars_vstd": 0.9846327884297522,
  "efc": 0.5361386550319049,
  "fber": 514.8046875,
  "fd_mean": 0.20817810493699412,
  "fd_num": 102,
  "fd_perc": 41.97530864197531,
  "fwhm_avg": 2.945575249354343,
  "fwhm_x": 2.78571,
  "fwhm_y": 3.1693702518789175,
  "fwhm_z": 2.8816454961841105,
  "gcor": 0.057923,
  "gsr_x": 0.004144380334764719,
  "gsr_y": 0.07169967144727707,
  "provenance": {
    "md5sum": "235e106245b53dd9746447a943505886",
    "settings": {
      "fd_thres": 0.2,
      "testing": false
    },
    "software": "mriqc",
    "version": "22.0.6",
    "webapi_port": null,
    "webapi_url": "https://mriqc.nimh.nih.gov/api/v1"
  },
  "size_t": 243,
  "size_x": 64,
  "size_y": 64,
  "size_z": 43,
  "snr": 3.1489557259384706,
  "spacing_tr": 3.0,
  "spacing_x": 3.0,
  "spacing_y": 2.999999761581421,
  "spacing_z": 3.299999952316284,
  "summary_bg_k": 49.047563114675796,
  "summary_bg_mad": 8.901712960434926,
  "summary_bg_mean": 62.590370178222656,
  "summary_bg_median": 31.004114151000977,
  "summary_bg_n": 110445.0,
  "summary_bg_p05": 24.514402389526367,
  "summary_bg_p95": 207.13168334960938,
  "summary_bg_stdv": 89.70748901367188,
  "summary_fg_k": 1.326833900434739,
  "summary_fg_mad": 191.7804426731305,
  "summary_fg_mean": 749.1010131835938,
  "summary_fg_median": 709.33740234375,
  "summary_fg_n": 29173.0,
  "summary_fg_p05": 456.12098388671876,
  "summary_fg_p95": 1198.557153320312,
  "summary_fg_stdv": 225.25729370117188,
  "tsnr": 60.549248836468905
}