{
  "aor": 0.0027098765432098768,
  "aqi": 0.00574398024691358,
  "bids_meta": {
    "AcquisitionNumber": 1,
    "AcquisitionTime": "10:20:18.152500",
    "BandwidthPerPixelPhaseEncode": 29.481,
    "ConversionSoftware": "dcm2niix",
    "ConversionSoftwareVersion": "v1.0.20170724 GCC4.4.7",
    "DeviceSerialNumber": "35414",
    "EchoTime": 0.025,
    "EffectiveEchoSpacing": 0.000530002,
    "FlipAngle": 90,
    "ImageType": [
      "ORIGINAL",
      "PRIMARY",
      "M",
      "ND",
      "MOSAIC"
    ],
    "InstitutionAddress": "Mikeletegi_69_San_Sebastian_District_ES_20009",
    "InstitutionName": "BCBL",
    "MagneticFieldStrength": 3,
    "Manufacturer": "Siemens",
    "ManufacturersModelName": "TrioTim",
    "PhaseEncodingDirection": "j-",
    "PhaseEncodingLines": 64,
    "ProcedureStepDescription": "CRANEO_FUNCIONAL",
    "ProtocolName": "ep2d_VF_L3_Run1",
    "RepetitionTime": 3,
    "ScanningSequence": "EP",
    "SequenceName": "_epfid2d1_64",
    "SequenceVariant": "SK",
    "SeriesDescription": "ep2d_VF_L3_Run1",
    "SliceTiming": [
      2.9225,
      2.8525,
      2.7825,
      2.7125,
      2.6425,
      2.575,
      2.505,
      2.435,
      2.365,
      2.295,
      2.225,
      2.1575,
      2.0875,
      2.0175,
      1.9475,
      1.8775,
      1.8075,
      1.74,
      1.67,
      1.6,
      1.53,
      1.46,
      1.39,
      1.3225,
      1.2525,
      1.1825,
      1.1125,
      1.0425,
      0.9725,
      0.905,
      0.835,
      0.765,
      0.695,
      0.625,
      0.5575,
      0.4875,
      0.4175,
      0.3475,
      0.2775,
      0.2075,
      0.14,
      0.07,
      0
    ],
    "SoftwareVersions": "syngo_MR_B17",
    "TaskName": "prodLn",
    "TotalReadoutTime": 0.0333901,
    "dataset": "ds003545",
    "modality": "bold",
    "run_id": 1,
    "session_id": "02",
    "subject_id": "12",
    "task_id": "prodLn"
  },
  "dummy_trs": 0,
  "dvars_nstd": 25.110333178471073,
  "dvars_std": 1.1598901254132237,
  "dvars_vstd": 0.992069081900827,
  "efc": 0.5359958093133607,
  "fber": 456.1148376464844,
  "fd_mean": 0.2484259373778029,
  "fd_num": 119,
  "fd_perc": 48.97119341563786,
  "fwhm_avg": 3.110751933793616,
  "fwhm_x": 3.001943333333333,
  "fwhm_y": 3.2987366666666667,
  "fwhm_z": 3.0315758013808485,
  "gcor": 0.0451109,
  "gsr_x": -0.003924163524061441,
  "gsr_y": 0.10026266425848007,
  "provenance": {
    "md5sum": "c909c6327e143edaa50708e4490c8136",
    "settings": {
      "fd_thres": 0.2,
      "testing": false
    },
    "software": "mriqc",
    "version": "22.0.6",
    "webapi_port": null,
    "webapi_url": "https://mriqc.nimh.nih.gov/api/v1"
  },
  "size_t": 243,
  "size_x": 64,
  "size_y": 64,
  "size_z": 43,
  "snr": 2.7837182257179167,
  "spacing_tr": 3.0,
  "spacing_x": 3.0,
  "spacing_y": 3.0,
  "spacing_z": 3.299999952316284,
  "summary_bg_k": 40.759406785365066,
  "summary_bg_mad": 10.189078324830106,
  "summary_bg_mean": 73.67491149902344,
  "summary_bg_median": 34.650203704833984,
  "summary_bg_n": 111702.0,
  "summary_bg_p05": 26.987653732299805,
  "summary_bg_p95": 246.2919692993164,
  "summary_bg_stdv": 111.62850952148438,
  "summary_fg_k": 2.231765806286437,
  "summary_fg_mad": 209.99254227604914,
  "summary_fg_mean": 795.57275390625,
  "summary_fg_median": 740.2716064453125,
  "summary_fg_n": 29075.0,
  "summary_fg_p05": 478.3456726074219,
  "summary_fg_p95": 1347.9016479492182,
  "summary_fg_stdv": 265.92449951171875,
  "tsnr": 56.68131910264492
}