{
  "aor": 0.014710370370370372,
  "aqi": 0.035550111111111116,
  "bids_meta": {
    "AcquisitionNumber": 1,
    "AcquisitionTime": "10:21:21.162500",
    "BandwidthPerPixelPhaseEncode": 29.481,
    "BodyPartExamined": "BRAIN",
    "ConversionSoftware": "dcm2niix",
    "ConversionSoftwareVersion": "v1.0.20170724 GCC4.4.7",
    "DeviceSerialNumber": "167004",
    "EchoTime": 0.025,
    "EchoTrainLength": 64,
    "EffectiveEchoSpacing": 0.000530002,
    "FlipAngle": 90,
    "ImageType": [
      "ORIGINAL",
      "PRIMARY",
      "M",
      "ND",
      "MOSAIC"
    ],
    "InstitutionAddress": "Mikeletegi_69_San_Sebastian_District_ES_20009",
    "InstitutionName": "BCBL",
    "MagneticFieldStrength": 3,
    "Manufacturer": "Siemens",
    "ManufacturersModelName": "Prisma_fit",
    "PhaseEncodingDirection": "j-",
    "PhaseEncodingLines": 64,
    "ProcedureStepDescription": "CRANEO_FUNCIONAL",
    "ProtocolName": "ep2d_VF_L3_Run2",
    "RepetitionTime": 3,
    "ScanningSequence": "EP",
    "SequenceName": "_epfid2d1_64",
    "SequenceVariant": "SK",
    "SeriesDescription": "ep2d_VF_L3_Run2",
    "SliceTiming": [
      2.91,
      2.84,
      2.77,
      2.7025,
      2.6325,
      2.5625,
      2.495,
      2.425,
      2.355,
      2.285,
      2.2175,
      2.1475,
      2.0775,
      2.01,
      1.94,
      1.87,
      1.8,
      1.7325,
      1.6625,
      1.5925,
      1.525,
      1.455,
      1.385,
      1.315,
      1.2475,
      1.1775,
      1.1075,
      1.0375,
      0.97,
      0.9,
      0.83,
      0.7625,
      0.6925,
      0.6225,
      0.5525,
      0.485,
      0.415,
      0.345,
      0.2775,
      0.2075,
      0.1375,
      0.0675,
      0
    ],
    "SoftwareVersions": "syngo_MR_E11",
    "TaskName": "prodLn",
    "TotalReadoutTime": 0.0333901,
    "dataset": "ds003545",
    "modality": "bold",
    "run_id": 2,
    "session_id": "01",
    "subject_id": "15",
    "task_id": "prodLn"
  },
  "dummy_trs": 0,
  "dvars_nstd": 105.07190939177686,
  "dvars_std": 1.3276777445041321,
  "dvars_vstd": 1.0836953230578514,
  "efc": 0.6102895015041603,
  "fber": 374.0618896484375,
  "fd_mean": 1.744274937263168,
  "fd_num": 238,
  "fd_perc": 97.94238683127573,
  "fwhm_avg": 2.8735044881134137,
  "fwhm_x": 2.66013,
  "fwhm_y": 2.9841200000000003,
  "fwhm_z": 2.976263464340241,
  "gcor": 0.038608,
  "gsr_x": -0.01044323481619358,
  "gsr_y": 0.1100965291261673,
  "provenance": {
    "md5sum": "ea0e28a89f017fa41b8b1bbf72cc3f49",
    "settings": {
      "fd_thres": 0.2,
      "testing": false
    },
    "software": "mriqc",
    "version": "22.0.6",
    "webapi_port": null,
    "webapi_url": "https://mriqc.nimh.nih.gov/api/v1"
  },
  "size_t": 243,
  "size_x": 64,
  "size_y": 64,
  "size_z": 43,
  "snr": 2.4418283478473097,
  "spacing_tr": 3.0,
  "spacing_x": 3.0,
  "spacing_y": 3.0,
  "spacing_z": 3.3000001907348633,
  "summary_bg_k": 10.76859424570047,
  "summary_bg_mad": 22.135313787207846,
  "summary_bg_mean": 118.55572509765625,
  "summary_bg_median": 44.52263259887695,
  "summary_bg_n": 89714.0,
  "summary_bg_p05": 17.887447452545167,
  "summary_bg_p95": 482.7767303466795,
  "summary_bg_stdv": 171.98838806152344,
  "summary_fg_k": 1.1380746189271802,
  "summary_fg_mad": 363.73782224267427,
  "summary_fg_mean": 986.170166015625,
  "summary_fg_median": 920.4896850585938,
  "summary_fg_n": 42366.0,
  "summary_fg_p05": 503.7530746459961,
  "summary_fg_p95": 1691.9690856933594,
  "summary_fg_stdv": 376.96295166015625,
  "tsnr": 18.42389114294201
}