{
  "aor": 0.018154567901234566,
  "aqi": 0.024482485226337447,
  "bids_meta": {
    "AcquisitionNumber": 1,
    "AcquisitionTime": "12:45:26.485000",
    "BandwidthPerPixelPhaseEncode": 29.481,
    "BodyPartExamined": "BRAIN",
    "ConversionSoftware": "dcm2niix",
    "ConversionSoftwareVersion": "v1.0.20170724 GCC4.4.7",
    "DeviceSerialNumber": "167004",
    "EchoTime": 0.025,
    "EchoTrainLength": 64,
    "EffectiveEchoSpacing": 0.000530002,
    "FlipAngle": 90,
    "ImageType": [
      "ORIGINAL",
      "PRIMARY",
      "M",
      "ND",
      "MOSAIC"
    ],
    "InstitutionAddress": "Mikeletegi_69_San_Sebastian_District_ES_20009",
    "InstitutionName": "BCBL",
    "MagneticFieldStrength": 3,
    "Manufacturer": "Siemens",
    "ManufacturersModelName": "Prisma_fit",
    "PhaseEncodingDirection": "j-",
    "PhaseEncodingLines": 64,
    "ProcedureStepDescription": "CRANEO_FUNCIONAL",
    "ProtocolName": "ep2d_VF_L1_Run1",
    "RepetitionTime": 3,
    "ScanningSequence": "EP",
    "SequenceName": "_epfid2d1_64",
    "SequenceVariant": "SK",
    "SeriesDescription": "ep2d_VF_L1_Run1",
    "SliceTiming": [
      2.91,
      2.84,
      2.7725,
      2.7025,
      2.6325,
      2.565,
      2.495,
      2.425,
      2.355,
      2.2875,
      2.2175,
      2.1475,
      2.08,
      2.01,
      1.94,
      1.87,
      1.8025,
      1.7325,
      1.6625,
      1.595,
      1.525,
      1.455,
      1.385,
      1.3175,
      1.2475,
      1.1775,
      1.1075,
      1.04,
      0.97,
      0.9,
      0.8325,
      0.7625,
      0.6925,
      0.6225,
      0.555,
      0.485,
      0.415,
      0.3475,
      0.2775,
      0.2075,
      0.1375,
      0.07,
      0
    ],
    "SoftwareVersions": "syngo_MR_E11",
    "TaskName": "prodL1",
    "TotalReadoutTime": 0.0333901,
    "dataset": "ds003545",
    "modality": "bold",
    "run_id": 1,
    "session_id": "01",
    "subject_id": "15",
    "task_id": "prodL1"
  },
  "dummy_trs": 0,
  "dvars_nstd": 73.84258603648759,
  "dvars_std": 1.3634481083057848,
  "dvars_vstd": 1.1106949142148757,
  "efc": 0.6095525890498628,
  "fber": 375.90576171875,
  "fd_mean": 1.0654261037736927,
  "fd_num": 221,
  "fd_perc": 90.94650205761317,
  "fwhm_avg": 2.8677684292891796,
  "fwhm_x": 2.693683333333333,
  "fwhm_y": 3.025843333333333,
  "fwhm_z": 2.8837786212008725,
  "gcor": 0.0667626,
  "gsr_x": -0.013293761759996414,
  "gsr_y": 0.11156762391328812,
  "provenance": {
    "md5sum": "6ed4d96a57de0e613dfb620c1ae26440",
    "settings": {
      "fd_thres": 0.2,
      "testing": false
    },
    "software": "mriqc",
    "version": "22.0.6",
    "webapi_port": null,
    "webapi_url": "https://mriqc.nimh.nih.gov/api/v1"
  },
  "size_t": 243,
  "size_x": 64,
  "size_y": 64,
  "size_z": 43,
  "snr": 2.4877353479299598,
  "spacing_tr": 3.0,
  "spacing_x": 3.0,
  "spacing_y": 3.0,
  "spacing_z": 3.3000001907348633,
  "summary_bg_k": 9.757229089458201,
  "summary_bg_mad": 18.669802363001725,
  "summary_bg_mean": 130.57534790039062,
  "summary_bg_median": 46.12345504760742,
  "summary_bg_n": 93604.0,
  "summary_bg_p05": 31.774278068542483,
  "summary_bg_p95": 532.9329071044921,
  "summary_bg_stdv": 186.9123992919922,
  "summary_fg_k": 0.8591946702085971,
  "summary_fg_mad": 371.6999771073581,
  "summary_fg_mean": 1011.7122192382812,
  "summary_fg_median": 944.1892700195312,
  "summary_fg_n": 40571.0,
  "summary_fg_p05": 522.1913452148438,
  "summary_fg_p95": 1725.0596313476562,
  "summary_fg_stdv": 379.5329895019531,
  "tsnr": 24.919182826648466
}