{
  "aor": 0.015596864864864864,
  "aqi": 0.008631712432432433,
  "bids_meta": {
    "AcquisitionNumber": 1,
    "AcquisitionTime": "09:45:49.462500",
    "BandwidthPerPixelPhaseEncode": 28.409,
    "BodyPartExamined": "BRAIN",
    "ConversionSoftware": "dcm2niix",
    "ConversionSoftwareVersion": "v1.0.20170724 GCC4.4.7",
    "DeviceSerialNumber": "167004",
    "EchoTime": 0.03,
    "EchoTrainLength": 64,
    "EffectiveEchoSpacing": 0.000550002,
    "FlipAngle": 80,
    "ImageType": [
      "ORIGINAL",
      "PRIMARY",
      "M",
      "ND",
      "MOSAIC"
    ],
    "InstitutionAddress": "Mikeletegi_69_San_Sebastian_District_ES_20009",
    "InstitutionName": "BCBL",
    "MagneticFieldStrength": 3,
    "Manufacturer": "Siemens",
    "ManufacturersModelName": "Prisma_fit",
    "PhaseEncodingDirection": "j-",
    "PhaseEncodingLines": 64,
    "ProcedureStepDescription": "CRANEO_FUNCIONAL",
    "ProtocolName": "ep2d_PiN_L1_Run1",
    "RepetitionTime": 2,
    "ScanningSequence": "EP",
    "SequenceName": "_epfid2d1_64",
    "SequenceVariant": "SK",
    "SeriesDescription": "ep2d_PiN_L3_Run1",
    "SliceTiming": [
      1.9175,
      1.855,
      1.795,
      1.7325,
      1.67,
      1.6075,
      1.5475,
      1.485,
      1.4225,
      1.36,
      1.3,
      1.2375,
      1.175,
      1.1125,
      1.0525,
      0.99,
      0.9275,
      0.865,
      0.805,
      0.7425,
      0.68,
      0.6175,
      0.5575,
      0.495,
      0.4325,
      0.37,
      0.31,
      0.2475,
      0.185,
      0.1225,
      0.0625,
      0
    ],
    "SoftwareVersions": "syngo_MR_E11",
    "TaskName": "compL1",
    "TotalReadoutTime": 0.0346501,
    "dataset": "ds003545",
    "modality": "bold",
    "run_id": 1,
    "session_id": "01",
    "subject_id": "15",
    "task_id": "compL1"
  },
  "dummy_trs": 1,
  "dvars_nstd": 37.797979821304345,
  "dvars_std": 1.3876065936413042,
  "dvars_vstd": 1.1297633626086951,
  "efc": 0.5203248596991676,
  "fber": 1270.470947265625,
  "fd_mean": 0.41813721963282174,
  "fd_num": 137,
  "fd_perc": 74.05405405405405,
  "fwhm_avg": 2.6346317272727275,
  "fwhm_x": 2.4993018181818183,
  "fwhm_y": 2.802068363636364,
  "fwhm_z": 2.602525,
  "gcor": 0.0382108,
  "gsr_x": -0.011334161274135113,
  "gsr_y": 0.07386861741542816,
  "provenance": {
    "md5sum": "bb8278f6d4a6bedfd3ccee0f644e29f0",
    "settings": {
      "fd_thres": 0.2,
      "testing": false
    },
    "software": "mriqc",
    "version": "22.0.6",
    "webapi_port": null,
    "webapi_url": "https://mriqc.nimh.nih.gov/api/v1"
  },
  "size_t": 185,
  "size_x": 64,
  "size_y": 64,
  "size_z": 32,
  "snr": 2.7847410817773115,
  "spacing_tr": 2.0,
  "spacing_x": 3.4375,
  "spacing_y": 3.4375,
  "spacing_z": 4.0,
  "summary_bg_k": 23.186614457757702,
  "summary_bg_mad": 5.657929589037198,
  "summary_bg_mean": 58.06232452392578,
  "summary_bg_median": 20.610811233520508,
  "summary_bg_n": 78093.0,
  "summary_bg_p05": 16.048648834228516,
  "summary_bg_p95": 258.4832519531248,
  "summary_bg_stdv": 100.56575012207031,
  "summary_fg_k": 0.3704346037595232,
  "summary_fg_mad": 276.14063559330054,
  "summary_fg_mean": 797.7955322265625,
  "summary_fg_median": 758.845947265625,
  "summary_fg_n": 22538.0,
  "summary_fg_p05": 423.2446014404297,
  "summary_fg_p95": 1295.3132812499998,
  "summary_fg_stdv": 272.4953918457031,
  "tsnr": 42.87960713286884
}