{
  "aor": 0.02096103305785124,
  "aqi": 0.0354013409090909,
  "bids_meta": {
    "AcquisitionNumber": 1,
    "AcquisitionTime": "10:05:50.695000",
    "BandwidthPerPixelPhaseEncode": 29.481,
    "BodyPartExamined": "BRAIN",
    "ConversionSoftware": "dcm2niix",
    "ConversionSoftwareVersion": "v1.0.20170724 GCC4.4.7",
    "DeviceSerialNumber": "167004",
    "EchoTime": 0.025,
    "EchoTrainLength": 64,
    "EffectiveEchoSpacing": 0.000530002,
    "FlipAngle": 90,
    "ImageType": [
      "ORIGINAL",
      "PRIMARY",
      "M",
      "ND",
      "MOSAIC"
    ],
    "InstitutionAddress": "Mikeletegi_69_San_Sebastian_District_ES_20009",
    "InstitutionName": "BCBL",
    "MagneticFieldStrength": 3,
    "Manufacturer": "Siemens",
    "ManufacturersModelName": "Prisma_fit",
    "PhaseEncodingDirection": "j-",
    "PhaseEncodingLines": 64,
    "ProcedureStepDescription": "CRANEO_FUNCIONAL",
    "ProtocolName": "ep2d_VF_L3_Run1",
    "RepetitionTime": 3,
    "ScanningSequence": "EP",
    "SequenceName": "_epfid2d1_64",
    "SequenceVariant": "SK",
    "SeriesDescription": "ep2d_VF_L3_Run1",
    "SliceTiming": [
      2.91,
      2.8425,
      2.7725,
      2.7025,
      2.635,
      2.565,
      2.495,
      2.425,
      2.3575,
      2.2875,
      2.2175,
      2.15,
      2.08,
      2.01,
      1.94,
      1.8725,
      1.8025,
      1.7325,
      1.6625,
      1.595,
      1.525,
      1.455,
      1.3875,
      1.3175,
      1.2475,
      1.1775,
      1.11,
      1.04,
      0.97,
      0.9025,
      0.8325,
      0.7625,
      0.6925,
      0.625,
      0.555,
      0.485,
      0.4175,
      0.3475,
      0.2775,
      0.2075,
      0.14,
      0.07,
      0
    ],
    "SoftwareVersions": "syngo_MR_E11",
    "TaskName": "prodLn",
    "TotalReadoutTime": 0.0333901,
    "dataset": "ds003545",
    "modality": "bold",
    "run_id": 1,
    "session_id": "01",
    "subject_id": "15",
    "task_id": "prodLn"
  },
  "dummy_trs": 1,
  "dvars_nstd": 97.68189240257264,
  "dvars_std": 1.3380567899170124,
  "dvars_vstd": 1.1560902150622407,
  "efc": 0.6105176886297378,
  "fber": 392.4799499511719,
  "fd_mean": 1.345689781770314,
  "fd_num": 232,
  "fd_perc": 95.86776859504133,
  "fwhm_avg": 2.8328387006030713,
  "fwhm_x": 2.69845,
  "fwhm_y": 2.94856,
  "fwhm_z": 2.851506101809214,
  "gcor": 0.0455561,
  "gsr_x": -0.008666640147566795,
  "gsr_y": 0.09887702763080597,
  "provenance": {
    "md5sum": "39935edbbd97497f2358b1b85c9e19d0",
    "settings": {
      "fd_thres": 0.2,
      "testing": false
    },
    "software": "mriqc",
    "version": "22.0.6",
    "webapi_port": null,
    "webapi_url": "https://mriqc.nimh.nih.gov/api/v1"
  },
  "size_t": 242,
  "size_x": 64,
  "size_y": 64,
  "size_z": 43,
  "snr": 2.505048034339812,
  "spacing_tr": 3.0,
  "spacing_x": 3.0,
  "spacing_y": 3.0,
  "spacing_z": 3.299999952316284,
  "summary_bg_k": 11.441820048004054,
  "summary_bg_mad": 17.258224156718388,
  "summary_bg_mean": 116.72579193115234,
  "summary_bg_median": 43.66941833496094,
  "summary_bg_n": 90841.0,
  "summary_bg_p05": 30.5289249420166,
  "summary_bg_p95": 470.4586486816406,
  "summary_bg_stdv": 166.01185607910156,
  "summary_fg_k": 0.7955479484401069,
  "summary_fg_mad": 367.2840232338795,
  "summary_fg_mean": 993.4371337890625,
  "summary_fg_median": 930.1962890625,
  "summary_fg_n": 41496.0,
  "summary_fg_p05": 510.647705078125,
  "summary_fg_p95": 1685.8573303222656,
  "summary_fg_stdv": 371.3242492675781,
  "tsnr": 17.88077698973939
}