{
  "aor": 0.013455596707818927,
  "aqi": 0.028995648971193416,
  "bids_meta": {
    "AcquisitionNumber": 1,
    "AcquisitionTime": "12:59:44.140000",
    "BandwidthPerPixelPhaseEncode": 29.481,
    "BodyPartExamined": "BRAIN",
    "ConversionSoftware": "dcm2niix",
    "ConversionSoftwareVersion": "v1.0.20170724 GCC4.4.7",
    "DeviceSerialNumber": "167004",
    "EchoTime": 0.025,
    "EchoTrainLength": 64,
    "EffectiveEchoSpacing": 0.000530002,
    "FlipAngle": 90,
    "ImageType": [
      "ORIGINAL",
      "PRIMARY",
      "M",
      "ND",
      "MOSAIC"
    ],
    "InstitutionAddress": "Mikeletegi_69_San_Sebastian_District_ES_20009",
    "InstitutionName": "BCBL",
    "MagneticFieldStrength": 3,
    "Manufacturer": "Siemens",
    "ManufacturersModelName": "Prisma_fit",
    "PhaseEncodingDirection": "j-",
    "PhaseEncodingLines": 64,
    "ProcedureStepDescription": "CRANEO_FUNCIONAL",
    "ProtocolName": "ep2d_VF_L1_Run2",
    "RepetitionTime": 3,
    "ScanningSequence": "EP",
    "SequenceName": "_epfid2d1_64",
    "SequenceVariant": "SK",
    "SeriesDescription": "ep2d_VF_L1_Run2",
    "SliceTiming": [
      2.91,
      2.8425,
      2.7725,
      2.7025,
      2.635,
      2.565,
      2.495,
      2.425,
      2.3575,
      2.2875,
      2.2175,
      2.15,
      2.08,
      2.01,
      1.94,
      1.8725,
      1.8025,
      1.7325,
      1.665,
      1.595,
      1.525,
      1.455,
      1.3875,
      1.3175,
      1.2475,
      1.1775,
      1.11,
      1.04,
      0.97,
      0.9025,
      0.8325,
      0.7625,
      0.6925,
      0.625,
      0.555,
      0.485,
      0.4175,
      0.3475,
      0.2775,
      0.2075,
      0.14,
      0.07,
      0
    ],
    "SoftwareVersions": "syngo_MR_E11",
    "TaskName": "prodL1",
    "TotalReadoutTime": 0.0333901,
    "dataset": "ds003545",
    "modality": "bold",
    "run_id": 2,
    "session_id": "01",
    "subject_id": "15",
    "task_id": "prodL1"
  },
  "dummy_trs": 0,
  "dvars_nstd": 90.76991606933888,
  "dvars_std": 1.3229524177685945,
  "dvars_vstd": 1.0312044925206605,
  "efc": 0.610089055151975,
  "fber": 365.4446105957031,
  "fd_mean": 1.1855124586672332,
  "fd_num": 221,
  "fd_perc": 90.94650205761317,
  "fwhm_avg": 2.940033953886491,
  "fwhm_x": 2.7669433333333333,
  "fwhm_y": 3.0442433333333336,
  "fwhm_z": 3.0089151949928055,
  "gcor": 0.100367,
  "gsr_x": -0.0025982277002185583,
  "gsr_y": 0.09205447137355804,
  "provenance": {
    "md5sum": "a53afab9b828ee7b0428090aa5e1d9b7",
    "settings": {
      "fd_thres": 0.2,
      "testing": false
    },
    "software": "mriqc",
    "version": "22.0.6",
    "webapi_port": null,
    "webapi_url": "https://mriqc.nimh.nih.gov/api/v1"
  },
  "size_t": 243,
  "size_x": 64,
  "size_y": 64,
  "size_z": 43,
  "snr": 2.4557319637109205,
  "spacing_tr": 3.0,
  "spacing_x": 3.0,
  "spacing_y": 3.0,
  "spacing_z": 3.299999952316284,
  "summary_bg_k": 10.293014874967632,
  "summary_bg_mad": 16.90044592665146,
  "summary_bg_mean": 120.57057189941406,
  "summary_bg_median": 45.3415641784668,
  "summary_bg_n": 90756.0,
  "summary_bg_p05": 32.88065719604492,
  "summary_bg_p95": 489.6728210449219,
  "summary_bg_stdv": 168.813232421875,
  "summary_fg_k": 0.8258534215271824,
  "summary_fg_mad": 374.9641633394097,
  "summary_fg_mean": 1007.5490112304688,
  "summary_fg_median": 940.3744506835938,
  "summary_fg_n": 41083.0,
  "summary_fg_p05": 511.2732452392578,
  "summary_fg_p95": 1728.5917236328128,
  "summary_fg_stdv": 382.9257507324219,
  "tsnr": 20.917509540333413
}