{
  "bids_meta": {
    "AccelFactPE": 2,
    "AcquisitionNumber": 1,
    "AcquisitionTime": "16:27:45.742500",
    "ConversionSoftware": "dcm2niix",
    "ConversionSoftwareVersion": "v1.0.20170724 GCC4.4.7",
    "DeviceSerialNumber": "35414",
    "EchoTime": 0.00297,
    "FlipAngle": 7,
    "ImageType": [
      "ORIGINAL",
      "PRIMARY",
      "M",
      "ND",
      "NORM"
    ],
    "InstitutionAddress": "Mikeletegi_69_San_Sebastian_District_ES_20009",
    "InstitutionName": "BCBL",
    "InversionTime": 1.1,
    "MagneticFieldStrength": 3,
    "Manufacturer": "Siemens",
    "ManufacturersModelName": "TrioTim",
    "PhaseEncodingDirection": "i-",
    "PhaseEncodingLines": 256,
    "ProcedureStepDescription": "CRANEO_FUNCIONAL",
    "ProtocolName": "t1_mpr_tra_p2_iso",
    "RepetitionTime": 2.53,
    "ScanningSequence": "GR_IR",
    "SequenceName": "_tfl3d1",
    "SequenceVariant": "SP_MP_OSP",
    "SeriesDescription": "t1_mpr_tra_p2_iso",
    "SoftwareVersions": "syngo_MR_B17",
    "dataset": "ds003545",
    "modality": "T1w",
    "session_id": "01",
    "subject_id": "24"
  },
  "cjv": 0.2972579769773317,
  "cnr": 4.422960008292515,
  "efc": 0.5438416915449892,
  "fber": 20629.92324329762,
  "fwhm_avg": 4.4877,
  "fwhm_x": 4.25175,
  "fwhm_y": 4.90688,
  "fwhm_z": 4.30447,
  "icvs_csf": 0.18748206387147237,
  "icvs_gm": 0.46163314439848624,
  "icvs_wm": 0.3508847917300414,
  "inu_med": 0.504038393497467,
  "inu_range": 0.2351769834756851,
  "provenance": {
    "md5sum": "e4aa8f6a23aefd5c3f2dd0dd4079dd71",
    "settings": {
      "testing": false
    },
    "software": "mriqc",
    "version": "22.0.6",
    "warnings": {
      "large_rot_frame": true,
      "small_air_mask": false
    },
    "webapi_port": null,
    "webapi_url": "https://mriqc.nimh.nih.gov/api/v1"
  },
  "qi_1": 0.0,
  "qi_2": 0.013601364679283643,
  "rpve_csf": 24.735375689581435,
  "rpve_gm": 10.95568953948434,
  "rpve_wm": 16.14885581796918,
  "size_x": 256,
  "size_y": 256,
  "size_z": 176,
  "snr_csf": 1.7977645832005238,
  "snr_gm": 12.094942107221724,
  "snr_total": 13.29454149728844,
  "snr_wm": 25.99091780144307,
  "snrd_csf": 26.1907610081276,
  "snrd_gm": 77.14168750218138,
  "snrd_total": 71.50829569682455,
  "snrd_wm": 111.19243858016465,
  "spacing_x": 1.0,
  "spacing_y": 1.0,
  "spacing_z": 1.0,
  "summary_bg_k": 12.874383354295885,
  "summary_bg_mad": 5.8921100764518535,
  "summary_bg_mean": 3.7280942120010216,
  "summary_bg_median": 3.9741678535938263,
  "summary_bg_n": 2459234.0,
  "summary_bg_p05": 0.0,
  "summary_bg_p95": 12.353038411587477,
  "summary_bg_stdv": 4.830598841852305,
  "summary_csf_k": 0.023041536057853307,
  "summary_csf_mad": 144.08664182789968,
  "summary_csf_mean": 238.3548638225956,
  "summary_csf_median": 235.55224048905075,
  "summary_csf_n": 38782.0,
  "summary_csf_p05": 44.1794993057847,
  "summary_csf_p95": 467.32902151718736,
  "summary_csf_stdv": 131.0233863736785,
  "summary_gm_k": 0.235414468903008,
  "summary_gm_mad": 55.434935635951184,
  "summary_gm_mean": 694.4987186261776,
  "summary_gm_median": 693.7903530411422,
  "summary_gm_n": 48620.0,
  "summary_gm_p05": 601.3909504450858,
  "summary_gm_p95": 790.2318155249579,
  "summary_gm_stdv": 57.361433566971336,
  "summary_wm_k": 0.9870009826229396,
  "summary_wm_mad": 35.59816504522995,
  "summary_wm_mean": 999.6024363247466,
  "summary_wm_median": 1000.0331042259932,
  "summary_wm_n": 210332.0,
  "summary_wm_p05": 936.4133005030453,
  "summary_wm_p95": 1060.9372265823185,
  "summary_wm_stdv": 38.476160580016085,
  "tpm_overlap_csf": 0.13484450558438116,
  "tpm_overlap_gm": 0.480343840989735,
  "tpm_overlap_wm": 0.5165147723768139,
  "wm2max": 0.5095110214492659
}