{
  "bids_meta": {
    "AccelFactPE": 2,
    "AcquisitionNumber": 1,
    "AcquisitionTime": "15:51:6.380000",
    "ConversionSoftware": "dcm2niix",
    "ConversionSoftwareVersion": "v1.0.20170724 GCC4.4.7",
    "DeviceSerialNumber": "35414",
    "EchoTime": 0.00297,
    "FlipAngle": 7,
    "ImageType": [
      "ORIGINAL",
      "PRIMARY",
      "M",
      "ND",
      "NORM"
    ],
    "InstitutionAddress": "Mikeletegi_69_San_Sebastian_District_ES_20009",
    "InstitutionName": "BCBL",
    "InversionTime": 1.1,
    "MagneticFieldStrength": 3,
    "Manufacturer": "Siemens",
    "ManufacturersModelName": "TrioTim",
    "PhaseEncodingDirection": "i-",
    "PhaseEncodingLines": 256,
    "ProcedureStepDescription": "CRANEO_FUNCIONAL",
    "ProtocolName": "t1_mpr_tra_p2_iso",
    "RepetitionTime": 2.53,
    "ScanningSequence": "GR_IR",
    "SequenceName": "_tfl3d1",
    "SequenceVariant": "SP_MP_OSP",
    "SeriesDescription": "t1_mpr_tra_p2_iso",
    "SoftwareVersions": "syngo_MR_B17",
    "dataset": "ds003545",
    "modality": "T1w",
    "session_id": "02",
    "subject_id": "10"
  },
  "cjv": 0.33646451783016745,
  "cnr": 3.9565400515539118,
  "efc": 0.5566407586102686,
  "fber": 21098.437509072435,
  "fwhm_avg": 4.39177,
  "fwhm_x": 4.12484,
  "fwhm_y": 4.81964,
  "fwhm_z": 4.23083,
  "icvs_csf": 0.2034592078742658,
  "icvs_gm": 0.43541801237046956,
  "icvs_wm": 0.36112277975526463,
  "inu_med": 0.5113198161125183,
  "inu_range": 0.22997291535139086,
  "provenance": {
    "md5sum": "83e8ebc5ddf5e3fc8372fd22c606e5ee",
    "settings": {
      "testing": false
    },
    "software": "mriqc",
    "version": "22.0.6",
    "warnings": {
      "large_rot_frame": true,
      "small_air_mask": false
    },
    "webapi_port": null,
    "webapi_url": "https://mriqc.nimh.nih.gov/api/v1"
  },
  "qi_1": 0.0,
  "qi_2": 0.02386496324653673,
  "rpve_csf": 24.083317031717687,
  "rpve_gm": 11.943352657025132,
  "rpve_wm": 16.61448917091372,
  "size_x": 256,
  "size_y": 256,
  "size_z": 176,
  "snr_csf": 2.1934234646249604,
  "snr_gm": 12.474041859375898,
  "snr_total": 12.578535718547217,
  "snr_wm": 23.068141831640794,
  "snrd_csf": 29.057710631400706,
  "snrd_gm": 78.66140388785136,
  "snrd_total": 72.60353561234471,
  "snrd_wm": 110.09149231778208,
  "spacing_x": 1.0,
  "spacing_y": 1.0,
  "spacing_z": 1.0,
  "summary_bg_k": 13.418777240726314,
  "summary_bg_mad": 5.951005342253135,
  "summary_bg_mean": 4.992568509178163,
  "summary_bg_median": 4.0138921067118645,
  "summary_bg_n": 2502284.0,
  "summary_bg_p05": 0.0,
  "summary_bg_p95": 17.820542261004448,
  "summary_bg_stdv": 6.818931966588824,
  "summary_csf_k": 1.2774029092325216,
  "summary_csf_mad": 107.66677041196984,
  "summary_csf_mean": 277.76450719061444,
  "summary_csf_median": 263.9489901661873,
  "summary_csf_n": 40321.0,
  "summary_csf_p05": 84.88954795897007,
  "summary_csf_p95": 492.7693075686693,
  "summary_csf_stdv": 120.33504761254117,
  "summary_gm_k": 0.19861554665296266,
  "summary_gm_mad": 55.07845369957688,
  "summary_gm_mean": 713.7799351246492,
  "summary_gm_median": 714.5297296345234,
  "summary_gm_n": 41729.0,
  "summary_gm_p05": 617.797776594758,
  "summary_gm_p95": 806.8947958007454,
  "summary_gm_stdv": 57.28064536656127,
  "summary_wm_k": 0.5754917743279648,
  "summary_wm_mad": 40.98174600941697,
  "summary_wm_mean": 999.5551381433114,
  "summary_wm_median": 1000.0284809693694,
  "summary_wm_n": 229938.0,
  "summary_wm_p05": 927.8068903684616,
  "summary_wm_p95": 1069.090199060738,
  "summary_wm_stdv": 43.35096921565661,
  "tpm_overlap_csf": 0.1535461692905587,
  "tpm_overlap_gm": 0.4695341662859052,
  "tpm_overlap_wm": 0.5145136126464055,
  "wm2max": 0.5804335613495919
}