{
  "aor": 0.0015424999999999998,
  "aqi": 0.0017310944782608694,
  "bids_meta": {
    "AcquisitionNumber": 1,
    "AcquisitionTime": "14:28:14.847500",
    "BandwidthPerPixelPhaseEncode": 28.409,
    "ConversionSoftware": "dcm2niix",
    "ConversionSoftwareVersion": "v1.0.20170724 GCC4.4.7",
    "DeviceSerialNumber": "35414",
    "EchoTime": 0.03,
    "EffectiveEchoSpacing": 0.000550002,
    "FlipAngle": 80,
    "ImageType": [
      "ORIGINAL",
      "PRIMARY",
      "FMRI",
      "NONE",
      "ND",
      "MOSAIC"
    ],
    "InstitutionAddress": "Mikeletegi_69_San_Sebastian_District_ES_20009",
    "InstitutionName": "BCBL",
    "MagneticFieldStrength": 3,
    "Manufacturer": "Siemens",
    "ManufacturersModelName": "TrioTim",
    "PhaseEncodingDirection": "j-",
    "PhaseEncodingLines": 64,
    "ProcedureStepDescription": "CRANEO_FUNCIONAL",
    "ProtocolName": "ep2d_PiN_L3_Run1",
    "RepetitionTime": 2,
    "ScanningSequence": "EP",
    "SequenceName": "_epfid2d1_64",
    "SequenceVariant": "SK",
    "SeriesDescription": "ep2d_PiN_L3_Run1",
    "SliceTiming": [
      1.925,
      1.8625,
      1.8,
      1.7375,
      1.675,
      1.615,
      1.5525,
      1.49,
      1.4275,
      1.365,
      1.3025,
      1.24,
      1.18,
      1.1175,
      1.055,
      0.9925,
      0.93,
      0.8675,
      0.8075,
      0.745,
      0.6825,
      0.62,
      0.5575,
      0.495,
      0.435,
      0.3725,
      0.31,
      0.2475,
      0.185,
      0.1225,
      0.06,
      0
    ],
    "SoftwareVersions": "syngo_MR_B17",
    "TaskName": "compLn",
    "TotalReadoutTime": 0.0346501,
    "dataset": "ds003545",
    "modality": "bold",
    "run_id": 1,
    "session_id": "01",
    "subject_id": "02",
    "task_id": "compLn"
  },
  "dummy_trs": 2,
  "dvars_nstd": 15.911851132896166,
  "dvars_std": 1.2107937608743173,
  "dvars_vstd": 1.0028605673770496,
  "efc": 0.4665848706558236,
  "fber": 1581.4783935546875,
  "fd_mean": 0.09469318336659198,
  "fd_num": 5,
  "fd_perc": 2.717391304347826,
  "fwhm_avg": 2.559700757575758,
  "fwhm_x": 2.4701410909090913,
  "fwhm_y": 2.770906181818182,
  "fwhm_z": 2.438055,
  "gcor": 0.0390109,
  "gsr_x": -0.017848869785666466,
  "gsr_y": 0.0393831841647625,
  "provenance": {
    "md5sum": "e7e2805084c5b111b2e8ab9bcea62fb0",
    "settings": {
      "fd_thres": 0.2,
      "testing": false
    },
    "software": "mriqc",
    "version": "22.0.6",
    "webapi_port": null,
    "webapi_url": "https://mriqc.nimh.nih.gov/api/v1"
  },
  "size_t": 184,
  "size_x": 64,
  "size_y": 64,
  "size_z": 32,
  "snr": 3.3928350878064952,
  "spacing_tr": 2.0,
  "spacing_x": 3.4375,
  "spacing_y": 3.4375,
  "spacing_z": 4.0,
  "summary_bg_k": 40.1305849060396,
  "summary_bg_mad": 4.044925802303717,
  "summary_bg_mean": 30.408803939819336,
  "summary_bg_median": 15.614130973815918,
  "summary_bg_n": 84312.0,
  "summary_bg_p05": 12.64673900604248,
  "summary_bg_p95": 103.93967628479001,
  "summary_bg_stdv": 45.46159362792969,
  "summary_fg_k": 1.709830347720442,
  "summary_fg_mad": 156.52737615234568,
  "summary_fg_mean": 655.6091918945312,
  "summary_fg_median": 624.2174072265625,
  "summary_fg_n": 18495.0,
  "summary_fg_p05": 420.01250610351565,
  "summary_fg_p95": 1012.5223083496093,
  "summary_fg_stdv": 183.97608947753906,
  "tsnr": 102.97692256513983
}