{
  "aor": 0.0023752173913043476,
  "aqi": 0.002736617065217391,
  "bids_meta": {
    "AcquisitionNumber": 1,
    "AcquisitionTime": "17:11:44.900000",
    "BandwidthPerPixelPhaseEncode": 28.409,
    "ConversionSoftware": "dcm2niix",
    "ConversionSoftwareVersion": "v1.0.20170724 GCC4.4.7",
    "DeviceSerialNumber": "35414",
    "EchoTime": 0.03,
    "EffectiveEchoSpacing": 0.000550002,
    "FlipAngle": 80,
    "ImageType": [
      "ORIGINAL",
      "PRIMARY",
      "FMRI",
      "NONE",
      "ND",
      "MOSAIC"
    ],
    "InstitutionAddress": "Mikeletegi_69_San_Sebastian_District_ES_20009",
    "InstitutionName": "BCBL",
    "MagneticFieldStrength": 3,
    "Manufacturer": "Siemens",
    "ManufacturersModelName": "TrioTim",
    "PhaseEncodingDirection": "j-",
    "PhaseEncodingLines": 64,
    "ProcedureStepDescription": "CRANEO_FUNCIONAL",
    "ProtocolName": "ep2d_PiN_L1_Run2",
    "RepetitionTime": 2,
    "ScanningSequence": "EP",
    "SequenceName": "_epfid2d1_64",
    "SequenceVariant": "SK",
    "SeriesDescription": "ep2d_PiN_L1_Run2",
    "SliceTiming": [
      1.925,
      1.8625,
      1.8,
      1.7375,
      1.675,
      1.6125,
      1.5525,
      1.49,
      1.4275,
      1.365,
      1.3025,
      1.24,
      1.18,
      1.1175,
      1.055,
      0.9925,
      0.93,
      0.8675,
      0.8075,
      0.745,
      0.6825,
      0.62,
      0.5575,
      0.495,
      0.4325,
      0.3725,
      0.31,
      0.2475,
      0.185,
      0.1225,
      0.06,
      0
    ],
    "SoftwareVersions": "syngo_MR_B17",
    "TaskName": "compL1",
    "TotalReadoutTime": 0.0346501,
    "dataset": "ds003545",
    "modality": "bold",
    "run_id": 2,
    "session_id": "01",
    "subject_id": "02",
    "task_id": "compL1"
  },
  "dummy_trs": 2,
  "dvars_nstd": 18.728656513278686,
  "dvars_std": 1.2574886928415312,
  "dvars_vstd": 0.9995111219125684,
  "efc": 0.47634692818122987,
  "fber": 1282.3148193359375,
  "fd_mean": 0.09831523916842581,
  "fd_num": 3,
  "fd_perc": 1.6304347826086956,
  "fwhm_avg": 2.2799893787878784,
  "fwhm_x": 2.1849745454545455,
  "fwhm_y": 2.467901090909091,
  "fwhm_z": 2.1870925,
  "gcor": 0.0419353,
  "gsr_x": -0.013964781537652016,
  "gsr_y": 0.037181105464696884,
  "provenance": {
    "md5sum": "f425462e5bca533258b3dd7ec07616a8",
    "settings": {
      "fd_thres": 0.2,
      "testing": false
    },
    "software": "mriqc",
    "version": "22.0.6",
    "webapi_port": null,
    "webapi_url": "https://mriqc.nimh.nih.gov/api/v1"
  },
  "size_t": 184,
  "size_x": 64,
  "size_y": 64,
  "size_z": 32,
  "snr": 3.9879365149459236,
  "spacing_tr": 2.0,
  "spacing_x": 3.4375,
  "spacing_y": 3.4375,
  "spacing_z": 4.0,
  "summary_bg_k": 47.802206373607234,
  "summary_bg_mad": 3.174702084784506,
  "summary_bg_mean": 28.294105529785156,
  "summary_bg_median": 15.532608985900879,
  "summary_bg_n": 84331.0,
  "summary_bg_p05": 13.05434799194336,
  "summary_bg_p95": 90.7282600402832,
  "summary_bg_stdv": 40.47016906738281,
  "summary_fg_k": 0.9748339395465799,
  "summary_fg_mad": 127.08481811864968,
  "summary_fg_mean": 580.9627685546875,
  "summary_fg_median": 558.978271484375,
  "summary_fg_n": 18535.0,
  "summary_fg_p05": 390.4489288330078,
  "summary_fg_p95": 844.7239257812499,
  "summary_fg_stdv": 140.16351318359375,
  "tsnr": 87.48682476347312
}