{
  "aor": 0.011201193415637863,
  "aqi": 0.009693856049382716,
  "bids_meta": {
    "AcquisitionNumber": 1,
    "AcquisitionTime": "16:24:32.622500",
    "BandwidthPerPixelPhaseEncode": 29.481,
    "ConversionSoftware": "dcm2niix",
    "ConversionSoftwareVersion": "v1.0.20170724 GCC4.4.7",
    "DeviceSerialNumber": "35414",
    "EchoTime": 0.025,
    "EffectiveEchoSpacing": 0.000530002,
    "FlipAngle": 90,
    "ImageType": [
      "ORIGINAL",
      "PRIMARY",
      "M",
      "ND",
      "MOSAIC"
    ],
    "InstitutionAddress": "Mikeletegi_69_San_Sebastian_District_ES_20009",
    "InstitutionName": "BCBL",
    "MagneticFieldStrength": 3,
    "Manufacturer": "Siemens",
    "ManufacturersModelName": "TrioTim",
    "PhaseEncodingDirection": "j-",
    "PhaseEncodingLines": 64,
    "ProcedureStepDescription": "CRANEO_FUNCIONAL",
    "ProtocolName": "ep2d_VF_L3_Run2",
    "RepetitionTime": 3,
    "ScanningSequence": "EP",
    "SequenceName": "_epfid2d1_64",
    "SequenceVariant": "SK",
    "SeriesDescription": "ep2d_VF_L3_Run2",
    "SliceTiming": [
      2.9225,
      2.8525,
      2.7825,
      2.7125,
      2.6425,
      2.575,
      2.505,
      2.435,
      2.365,
      2.295,
      2.225,
      2.1575,
      2.0875,
      2.0175,
      1.9475,
      1.8775,
      1.8075,
      1.74,
      1.67,
      1.6,
      1.53,
      1.46,
      1.3925,
      1.3225,
      1.2525,
      1.1825,
      1.1125,
      1.0425,
      0.975,
      0.905,
      0.835,
      0.765,
      0.695,
      0.625,
      0.5575,
      0.4875,
      0.4175,
      0.3475,
      0.2775,
      0.2075,
      0.14,
      0.07,
      0
    ],
    "SoftwareVersions": "syngo_MR_B17",
    "TaskName": "prodLn",
    "TotalReadoutTime": 0.0333901,
    "dataset": "ds003545",
    "modality": "bold",
    "run_id": 2,
    "session_id": "01",
    "subject_id": "02",
    "task_id": "prodLn"
  },
  "dummy_trs": 0,
  "dvars_nstd": 32.32056296962809,
  "dvars_std": 1.2337787251652894,
  "dvars_vstd": 1.039967441115702,
  "efc": 0.5427379249521792,
  "fber": 555.3939208984375,
  "fd_mean": 0.31181145767981194,
  "fd_num": 147,
  "fd_perc": 60.49382716049383,
  "fwhm_avg": 2.5989218305956983,
  "fwhm_x": 2.4981733333333334,
  "fwhm_y": 2.721246666666667,
  "fwhm_z": 2.577345491787094,
  "gcor": 0.0327886,
  "gsr_x": -0.0043641976080834866,
  "gsr_y": 0.06961142271757126,
  "provenance": {
    "md5sum": "6b6037db01148e249782553cbebec74d",
    "settings": {
      "fd_thres": 0.2,
      "testing": false
    },
    "software": "mriqc",
    "version": "22.0.6",
    "webapi_port": null,
    "webapi_url": "https://mriqc.nimh.nih.gov/api/v1"
  },
  "size_t": 243,
  "size_x": 64,
  "size_y": 64,
  "size_z": 43,
  "snr": 3.190564504523776,
  "spacing_tr": 3.0,
  "spacing_x": 3.0,
  "spacing_y": 3.0,
  "spacing_z": 3.299999952316284,
  "summary_bg_k": 19.953431991149962,
  "summary_bg_mad": 9.054243785218201,
  "summary_bg_mean": 60.56073760986328,
  "summary_bg_median": 31.61728286743164,
  "summary_bg_n": 106713.0,
  "summary_bg_p05": 24.50617218017578,
  "summary_bg_p95": 209.23209533691403,
  "summary_bg_stdv": 74.33796691894531,
  "summary_fg_k": 2.0545674548338964,
  "summary_fg_mad": 202.30507241101577,
  "summary_fg_mean": 790.0398559570312,
  "summary_fg_median": 745.572021484375,
  "summary_fg_n": 32705.0,
  "summary_fg_p05": 500.78846435546876,
  "summary_fg_p95": 1252.7662353515623,
  "summary_fg_stdv": 233.6767120361328,
  "tsnr": 39.030815880862065
}