{
  "aor": 0.004952880658436213,
  "aqi": 0.014912527983539096,
  "bids_meta": {
    "AcquisitionNumber": 1,
    "AcquisitionTime": "15:36:49.330000",
    "BandwidthPerPixelPhaseEncode": 29.481,
    "ConversionSoftware": "dcm2niix",
    "ConversionSoftwareVersion": "v1.0.20170724 GCC4.4.7",
    "DeviceSerialNumber": "35414",
    "EchoTime": 0.025,
    "EffectiveEchoSpacing": 0.000530002,
    "FlipAngle": 90,
    "ImageType": [
      "ORIGINAL",
      "PRIMARY",
      "M",
      "ND",
      "MOSAIC"
    ],
    "InstitutionAddress": "Mikeletegi_69_San_Sebastian_District_ES_20009",
    "InstitutionName": "BCBL",
    "MagneticFieldStrength": 3,
    "Manufacturer": "Siemens",
    "ManufacturersModelName": "TrioTim",
    "PhaseEncodingDirection": "j-",
    "PhaseEncodingLines": 64,
    "ProcedureStepDescription": "CRANEO_FUNCIONAL",
    "ProtocolName": "ep2d_VF_L3_Run1",
    "RepetitionTime": 3,
    "ScanningSequence": "EP",
    "SequenceName": "_epfid2d1_64",
    "SequenceVariant": "SK",
    "SeriesDescription": "ep2d_VF_L3_Run1",
    "SliceTiming": [
      2.92,
      2.8525,
      2.7825,
      2.7125,
      2.6425,
      2.5725,
      2.5025,
      2.435,
      2.365,
      2.295,
      2.225,
      2.155,
      2.0875,
      2.0175,
      1.9475,
      1.8775,
      1.8075,
      1.7375,
      1.67,
      1.6,
      1.53,
      1.46,
      1.39,
      1.32,
      1.2525,
      1.1825,
      1.1125,
      1.0425,
      0.9725,
      0.9025,
      0.835,
      0.765,
      0.695,
      0.625,
      0.555,
      0.4875,
      0.4175,
      0.3475,
      0.2775,
      0.2075,
      0.1375,
      0.07,
      0
    ],
    "SoftwareVersions": "syngo_MR_B17",
    "TaskName": "prodLn",
    "TotalReadoutTime": 0.0333901,
    "dataset": "ds003545",
    "modality": "bold",
    "run_id": 1,
    "session_id": "02",
    "subject_id": "05",
    "task_id": "prodLn"
  },
  "dummy_trs": 0,
  "dvars_nstd": 46.542455657685935,
  "dvars_std": 1.1258856649173552,
  "dvars_vstd": 0.9677279272727274,
  "efc": 0.5506761687992804,
  "fber": 397.2383728027344,
  "fd_mean": 0.7851943441915319,
  "fd_num": 200,
  "fd_perc": 82.3045267489712,
  "fwhm_avg": 2.8377865792660266,
  "fwhm_x": 2.7466833333333334,
  "fwhm_y": 2.9411066666666668,
  "fwhm_z": 2.82556973779808,
  "gcor": 0.0597195,
  "gsr_x": 0.01186672504991293,
  "gsr_y": 0.04816269874572754,
  "provenance": {
    "md5sum": "8305269770a4ff3c95f1ca1d6a2a2640",
    "settings": {
      "fd_thres": 0.2,
      "testing": false
    },
    "software": "mriqc",
    "version": "22.0.6",
    "webapi_port": null,
    "webapi_url": "https://mriqc.nimh.nih.gov/api/v1"
  },
  "size_t": 243,
  "size_x": 64,
  "size_y": 64,
  "size_z": 43,
  "snr": 3.192359789252352,
  "spacing_tr": 3.0,
  "spacing_x": 3.0,
  "spacing_y": 3.0,
  "spacing_z": 3.299999952316284,
  "summary_bg_k": 30.674676336708593,
  "summary_bg_mad": 12.153677270969421,
  "summary_bg_mean": 69.35594940185547,
  "summary_bg_median": 39.181068420410156,
  "summary_bg_n": 106871.0,
  "summary_bg_p05": 28.79423713684082,
  "summary_bg_p95": 203.2366180419922,
  "summary_bg_stdv": 89.00990295410156,
  "summary_fg_k": 1.045128491715058,
  "summary_fg_mad": 214.33366020990957,
  "summary_fg_mean": 819.249267578125,
  "summary_fg_median": 772.6192626953125,
  "summary_fg_n": 32778.0,
  "summary_fg_p05": 509.96521759033203,
  "summary_fg_p95": 1298.79033203125,
  "summary_fg_stdv": 242.01766967773438,
  "tsnr": 30.084262333693914
}