{
  "aor": 0.016860756756756756,
  "aqi": 0.007601801783783783,
  "bids_meta": {
    "AcquisitionNumber": 1,
    "AcquisitionTime": "16:30:31.332500",
    "BandwidthPerPixelPhaseEncode": 28.409,
    "ConversionSoftware": "dcm2niix",
    "ConversionSoftwareVersion": "v1.0.20170724 GCC4.4.7",
    "DeviceSerialNumber": "35414",
    "EchoTime": 0.03,
    "EffectiveEchoSpacing": 0.000550002,
    "FlipAngle": 80,
    "ImageType": [
      "ORIGINAL",
      "PRIMARY",
      "FMRI",
      "NONE",
      "ND",
      "MOSAIC"
    ],
    "InstitutionAddress": "Mikeletegi_69_San_Sebastian_District_ES_20009",
    "InstitutionName": "BCBL",
    "MagneticFieldStrength": 3,
    "Manufacturer": "Siemens",
    "ManufacturersModelName": "TrioTim",
    "PhaseEncodingDirection": "j-",
    "PhaseEncodingLines": 64,
    "ProcedureStepDescription": "CRANEO_FUNCIONAL",
    "ProtocolName": "ep2d_PiN_L1_Run1",
    "RepetitionTime": 2,
    "ScanningSequence": "EP",
    "SequenceName": "_epfid2d1_64",
    "SequenceVariant": "SK",
    "SeriesDescription": "ep2d_PiN_L1_Run1",
    "SliceTiming": [
      1.925,
      1.8625,
      1.8,
      1.7375,
      1.675,
      1.6125,
      1.5525,
      1.49,
      1.4275,
      1.365,
      1.3025,
      1.24,
      1.18,
      1.1175,
      1.055,
      0.9925,
      0.93,
      0.8675,
      0.8075,
      0.745,
      0.6825,
      0.62,
      0.5575,
      0.495,
      0.4325,
      0.3725,
      0.31,
      0.2475,
      0.185,
      0.1225,
      0.06,
      0
    ],
    "SoftwareVersions": "syngo_MR_B17",
    "TaskName": "compL1",
    "TotalReadoutTime": 0.0346501,
    "dataset": "ds003545",
    "modality": "bold",
    "run_id": 1,
    "session_id": "02",
    "subject_id": "05",
    "task_id": "compL1"
  },
  "dummy_trs": 1,
  "dvars_nstd": 23.219080883423906,
  "dvars_std": 1.2322611300543473,
  "dvars_vstd": 1.0648155134782602,
  "efc": 0.4797226242213655,
  "fber": 990.8688354492188,
  "fd_mean": 0.274818051252637,
  "fd_num": 73,
  "fd_perc": 39.45945945945946,
  "fwhm_avg": 2.6960193333333335,
  "fwhm_x": 2.6038574545454547,
  "fwhm_y": 2.8655505454545454,
  "fwhm_z": 2.61865,
  "gcor": 0.0615526,
  "gsr_x": -0.003712835954502225,
  "gsr_y": 0.028915870934724808,
  "provenance": {
    "md5sum": "df70bc6d177a666d4a53036cfcdc4845",
    "settings": {
      "fd_thres": 0.2,
      "testing": false
    },
    "software": "mriqc",
    "version": "22.0.6",
    "webapi_port": null,
    "webapi_url": "https://mriqc.nimh.nih.gov/api/v1"
  },
  "size_t": 185,
  "size_x": 64,
  "size_y": 64,
  "size_z": 32,
  "snr": 3.31373506346512,
  "spacing_tr": 2.0,
  "spacing_x": 3.4375,
  "spacing_y": 3.4375,
  "spacing_z": 4.0,
  "summary_bg_k": 59.007740296774365,
  "summary_bg_mad": 5.129004867979831,
  "summary_bg_mean": 34.935813903808594,
  "summary_bg_median": 19.87567710876465,
  "summary_bg_n": 83852.0,
  "summary_bg_p05": 15.956757545471191,
  "summary_bg_p95": 92.89865036010734,
  "summary_bg_stdv": 52.891136169433594,
  "summary_fg_k": 0.8297578302207271,
  "summary_fg_mad": 166.01136102250547,
  "summary_fg_mean": 662.7901611328125,
  "summary_fg_median": 625.4432373046875,
  "summary_fg_n": 18955.0,
  "summary_fg_p05": 421.2578399658203,
  "summary_fg_p95": 1035.5005615234375,
  "summary_fg_stdv": 188.73770141601562,
  "tsnr": 50.34679591655731
}