{
  "aor": 0.002531322314049587,
  "aqi": 0.014206133264462809,
  "bids_meta": {
    "AcquisitionNumber": 1,
    "AcquisitionTime": "16:46:46.977500",
    "BandwidthPerPixelPhaseEncode": 29.481,
    "ConversionSoftware": "dcm2niix",
    "ConversionSoftwareVersion": "v1.0.20170724 GCC4.4.7",
    "DeviceSerialNumber": "35414",
    "EchoTime": 0.025,
    "EffectiveEchoSpacing": 0.000530002,
    "FlipAngle": 90,
    "ImageType": [
      "ORIGINAL",
      "PRIMARY",
      "M",
      "ND",
      "MOSAIC"
    ],
    "InstitutionAddress": "Mikeletegi_69_San_Sebastian_District_ES_20009",
    "InstitutionName": "BCBL",
    "MagneticFieldStrength": 3,
    "Manufacturer": "Siemens",
    "ManufacturersModelName": "TrioTim",
    "PhaseEncodingDirection": "j-",
    "PhaseEncodingLines": 64,
    "ProcedureStepDescription": "CRANEO_FUNCIONAL",
    "ProtocolName": "ep2d_VF_L1_Run1",
    "RepetitionTime": 3,
    "ScanningSequence": "EP",
    "SequenceName": "_epfid2d1_64",
    "SequenceVariant": "SK",
    "SeriesDescription": "ep2d_VF_L1_Run1",
    "SliceTiming": [
      2.9225,
      2.8525,
      2.7825,
      2.7125,
      2.6425,
      2.5725,
      2.505,
      2.435,
      2.365,
      2.295,
      2.225,
      2.155,
      2.0875,
      2.0175,
      1.9475,
      1.8775,
      1.8075,
      1.7375,
      1.67,
      1.6,
      1.53,
      1.46,
      1.39,
      1.32,
      1.2525,
      1.1825,
      1.1125,
      1.0425,
      0.9725,
      0.905,
      0.835,
      0.765,
      0.695,
      0.625,
      0.555,
      0.4875,
      0.4175,
      0.3475,
      0.2775,
      0.2075,
      0.1375,
      0.07,
      0
    ],
    "SoftwareVersions": "syngo_MR_B17",
    "TaskName": "prodL1",
    "TotalReadoutTime": 0.0333901,
    "dataset": "ds003545",
    "modality": "bold",
    "run_id": 1,
    "session_id": "02",
    "subject_id": "05",
    "task_id": "prodL1"
  },
  "dummy_trs": 1,
  "dvars_nstd": 41.12842483045642,
  "dvars_std": 1.0983017025311206,
  "dvars_vstd": 0.9289823256016593,
  "efc": 0.5530885083799161,
  "fber": 417.39959716796875,
  "fd_mean": 0.6488967968880767,
  "fd_num": 196,
  "fd_perc": 80.99173553719008,
  "fwhm_avg": 2.7534833465871587,
  "fwhm_x": 2.63801,
  "fwhm_y": 2.870706666666667,
  "fwhm_z": 2.7517333730948095,
  "gcor": 0.0513297,
  "gsr_x": 0.016136562451720238,
  "gsr_y": 0.054601721465587616,
  "provenance": {
    "md5sum": "a6f086880ee1069d0c191a7d67e0b844",
    "settings": {
      "fd_thres": 0.2,
      "testing": false
    },
    "software": "mriqc",
    "version": "22.0.6",
    "webapi_port": null,
    "webapi_url": "https://mriqc.nimh.nih.gov/api/v1"
  },
  "size_t": 242,
  "size_x": 64,
  "size_y": 64,
  "size_z": 43,
  "snr": 3.3371898409429237,
  "spacing_tr": 3.0,
  "spacing_x": 3.0,
  "spacing_y": 3.0,
  "spacing_z": 3.299999952316284,
  "summary_bg_k": 32.00228493852079,
  "summary_bg_mad": 10.611017401103075,
  "summary_bg_mean": 67.36547088623047,
  "summary_bg_median": 37.615699768066406,
  "summary_bg_n": 106393.0,
  "summary_bg_p05": 28.570247650146484,
  "summary_bg_p95": 193.59006958007808,
  "summary_bg_stdv": 88.69664001464844,
  "summary_fg_k": 0.9815997024678724,
  "summary_fg_mad": 206.74337752643595,
  "summary_fg_mean": 802.08349609375,
  "summary_fg_median": 760.9132080078125,
  "summary_fg_n": 33324.0,
  "summary_fg_p05": 505.4415023803711,
  "summary_fg_p95": 1245.9313659667969,
  "summary_fg_stdv": 228.00674438476562,
  "tsnr": 31.51945827063173
}