{
  "aor": 0.0103097311827957,
  "aqi": 0.009725589623655915,
  "bids_meta": {
    "AcquisitionNumber": 1,
    "AcquisitionTime": "16:37:52.255000",
    "BandwidthPerPixelPhaseEncode": 28.409,
    "ConversionSoftware": "dcm2niix",
    "ConversionSoftwareVersion": "v1.0.20170724 GCC4.4.7",
    "DeviceSerialNumber": "35414",
    "EchoTime": 0.03,
    "EffectiveEchoSpacing": 0.000550002,
    "FlipAngle": 80,
    "ImageType": [
      "ORIGINAL",
      "PRIMARY",
      "FMRI",
      "NONE",
      "ND",
      "MOSAIC"
    ],
    "InstitutionAddress": "Mikeletegi_69_San_Sebastian_District_ES_20009",
    "InstitutionName": "BCBL",
    "MagneticFieldStrength": 3,
    "Manufacturer": "Siemens",
    "ManufacturersModelName": "TrioTim",
    "PhaseEncodingDirection": "j-",
    "PhaseEncodingLines": 64,
    "ProcedureStepDescription": "CRANEO_FUNCIONAL",
    "ProtocolName": "ep2d_PiN_L1_Run2",
    "RepetitionTime": 2,
    "ScanningSequence": "EP",
    "SequenceName": "_epfid2d1_64",
    "SequenceVariant": "SK",
    "SeriesDescription": "ep2d_PiN_L1_Run2",
    "SliceTiming": [
      1.925,
      1.8625,
      1.8,
      1.74,
      1.6775,
      1.615,
      1.5525,
      1.49,
      1.4275,
      1.3675,
      1.305,
      1.2425,
      1.18,
      1.1175,
      1.055,
      0.995,
      0.9325,
      0.87,
      0.8075,
      0.745,
      0.6825,
      0.62,
      0.56,
      0.4975,
      0.435,
      0.3725,
      0.31,
      0.2475,
      0.1875,
      0.125,
      0.0625,
      0
    ],
    "SoftwareVersions": "syngo_MR_B17",
    "TaskName": "compL1",
    "TotalReadoutTime": 0.0346501,
    "dataset": "ds003545",
    "modality": "bold",
    "run_id": 2,
    "session_id": "02",
    "subject_id": "05",
    "task_id": "compL1"
  },
  "dummy_trs": 0,
  "dvars_nstd": 23.93946549167568,
  "dvars_std": 1.0959512464864856,
  "dvars_vstd": 0.9883632668648655,
  "efc": 0.48249192938831365,
  "fber": 951.5120239257812,
  "fd_mean": 0.35538944874003925,
  "fd_num": 95,
  "fd_perc": 51.075268817204304,
  "fwhm_avg": 2.665053515151515,
  "fwhm_x": 2.5688494545454548,
  "fwhm_y": 2.8024610909090906,
  "fwhm_z": 2.62385,
  "gcor": 0.039358,
  "gsr_x": -0.0036455723457038403,
  "gsr_y": 0.03021676279604435,
  "provenance": {
    "md5sum": "dc21d947f030e0a4190328d29e173806",
    "settings": {
      "fd_thres": 0.2,
      "testing": false
    },
    "software": "mriqc",
    "version": "22.0.6",
    "webapi_port": null,
    "webapi_url": "https://mriqc.nimh.nih.gov/api/v1"
  },
  "size_t": 186,
  "size_x": 64,
  "size_y": 64,
  "size_z": 32,
  "snr": 3.3813166697186707,
  "spacing_tr": 2.0,
  "spacing_x": 3.4375,
  "spacing_y": 3.4375,
  "spacing_z": 4.0,
  "summary_bg_k": 55.21443423529903,
  "summary_bg_mad": 5.02968832341628,
  "summary_bg_mean": 35.33543395996094,
  "summary_bg_median": 20.150537490844727,
  "summary_bg_n": 83785.0,
  "summary_bg_p05": 16.204301834106445,
  "summary_bg_p95": 93.96882019042975,
  "summary_bg_stdv": 52.7795295715332,
  "summary_fg_k": 0.903578378764903,
  "summary_fg_mad": 161.6435030400874,
  "summary_fg_mean": 657.8983154296875,
  "summary_fg_median": 622.3252563476562,
  "summary_fg_n": 19084.0,
  "summary_fg_p05": 420.2712463378906,
  "summary_fg_p95": 1020.7126525878905,
  "summary_fg_stdv": 184.0433807373047,
  "tsnr": 42.92101266235113
}