{
  "aor": 0.011052551440329217,
  "aqi": 0.034031093415637856,
  "bids_meta": {
    "AcquisitionNumber": 1,
    "AcquisitionTime": "11:23:35.505000",
    "BandwidthPerPixelPhaseEncode": 29.481,
    "BodyPartExamined": "BRAIN",
    "ConversionSoftware": "dcm2niix",
    "ConversionSoftwareVersion": "v1.0.20170724 GCC4.4.7",
    "DeviceSerialNumber": "167004",
    "EchoTime": 0.025,
    "EchoTrainLength": 64,
    "EffectiveEchoSpacing": 0.000530002,
    "FlipAngle": 90,
    "ImageType": [
      "ORIGINAL",
      "PRIMARY",
      "M",
      "ND",
      "MOSAIC"
    ],
    "InstitutionAddress": "Mikeletegi_69_San_Sebastian_District_ES_20009",
    "InstitutionName": "BCBL",
    "MagneticFieldStrength": 3,
    "Manufacturer": "Siemens",
    "ManufacturersModelName": "Prisma_fit",
    "PhaseEncodingDirection": "j-",
    "PhaseEncodingLines": 64,
    "ProcedureStepDescription": "CRANEO_FUNCIONAL",
    "ProtocolName": "ep2d_VF_L1_Run1",
    "RepetitionTime": 3,
    "ScanningSequence": "EP",
    "SequenceName": "_epfid2d1_64",
    "SequenceVariant": "SK",
    "SeriesDescription": "ep2d_VF_L1_Run1",
    "SliceTiming": [
      2.91,
      2.84,
      2.7725,
      2.7025,
      2.6325,
      2.5625,
      2.495,
      2.425,
      2.355,
      2.2875,
      2.2175,
      2.1475,
      2.0775,
      2.01,
      1.94,
      1.87,
      1.8025,
      1.7325,
      1.6625,
      1.5925,
      1.525,
      1.455,
      1.385,
      1.315,
      1.2475,
      1.1775,
      1.1075,
      1.04,
      0.97,
      0.9,
      0.83,
      0.7625,
      0.6925,
      0.6225,
      0.555,
      0.485,
      0.415,
      0.345,
      0.2775,
      0.2075,
      0.1375,
      0.07,
      0
    ],
    "SoftwareVersions": "syngo_MR_E11",
    "TaskName": "prodL1",
    "TotalReadoutTime": 0.0333901,
    "dataset": "ds003545",
    "modality": "bold",
    "run_id": 1,
    "session_id": "02",
    "subject_id": "15",
    "task_id": "prodL1"
  },
  "dummy_trs": 0,
  "dvars_nstd": 90.2297534471487,
  "dvars_std": 1.281795259008264,
  "dvars_vstd": 1.0348391137190083,
  "efc": 0.6161581680696411,
  "fber": 316.9959716796875,
  "fd_mean": 1.1523852867908415,
  "fd_num": 222,
  "fd_perc": 91.35802469135803,
  "fwhm_avg": 2.9069300146117683,
  "fwhm_x": 2.62765,
  "fwhm_y": 3.059473333333333,
  "fwhm_z": 3.0336667105019703,
  "gcor": 0.0382548,
  "gsr_x": -0.021950462833046913,
  "gsr_y": 0.12559711933135986,
  "provenance": {
    "md5sum": "c296dd6a107be67523ed3c9bb8092baa",
    "settings": {
      "fd_thres": 0.2,
      "testing": false
    },
    "software": "mriqc",
    "version": "22.0.6",
    "webapi_port": null,
    "webapi_url": "https://mriqc.nimh.nih.gov/api/v1"
  },
  "size_t": 243,
  "size_x": 64,
  "size_y": 64,
  "size_z": 43,
  "snr": 2.2612018520860397,
  "spacing_tr": 3.0,
  "spacing_x": 3.0,
  "spacing_y": 3.0,
  "spacing_z": 3.299999952316284,
  "summary_bg_k": 10.439201982936021,
  "summary_bg_mad": 19.731424142761966,
  "summary_bg_mean": 137.97113037109375,
  "summary_bg_median": 47.547325134277344,
  "summary_bg_n": 90959.0,
  "summary_bg_p05": 32.5843620300293,
  "summary_bg_p95": 589.8785766601553,
  "summary_bg_stdv": 205.65953063964844,
  "summary_fg_k": 1.179213931098129,
  "summary_fg_mad": 372.77681831830887,
  "summary_fg_mean": 983.0869750976562,
  "summary_fg_median": 903.923828125,
  "summary_fg_n": 42106.0,
  "summary_fg_p05": 482.6080093383789,
  "summary_fg_p95": 1743.3106689453125,
  "summary_fg_stdv": 399.74896240234375,
  "tsnr": 20.80673744995147
}