{
  "aor": 0.010354732510288064,
  "aqi": 0.03420633004115226,
  "bids_meta": {
    "AcquisitionNumber": 1,
    "AcquisitionTime": "11:38:4.005000",
    "BandwidthPerPixelPhaseEncode": 29.481,
    "BodyPartExamined": "BRAIN",
    "ConversionSoftware": "dcm2niix",
    "ConversionSoftwareVersion": "v1.0.20170724 GCC4.4.7",
    "DeviceSerialNumber": "167004",
    "EchoTime": 0.025,
    "EchoTrainLength": 64,
    "EffectiveEchoSpacing": 0.000530002,
    "FlipAngle": 90,
    "ImageType": [
      "ORIGINAL",
      "PRIMARY",
      "M",
      "ND",
      "MOSAIC"
    ],
    "InstitutionAddress": "Mikeletegi_69_San_Sebastian_District_ES_20009",
    "InstitutionName": "BCBL",
    "MagneticFieldStrength": 3,
    "Manufacturer": "Siemens",
    "ManufacturersModelName": "Prisma_fit",
    "PhaseEncodingDirection": "j-",
    "PhaseEncodingLines": 64,
    "ProcedureStepDescription": "CRANEO_FUNCIONAL",
    "ProtocolName": "ep2d_VF_L1_Run2",
    "RepetitionTime": 3,
    "ScanningSequence": "EP",
    "SequenceName": "_epfid2d1_64",
    "SequenceVariant": "SK",
    "SeriesDescription": "ep2d_VF_L1_Run2",
    "SliceTiming": [
      2.91,
      2.8425,
      2.7725,
      2.7025,
      2.6325,
      2.565,
      2.495,
      2.425,
      2.3575,
      2.2875,
      2.2175,
      2.1475,
      2.08,
      2.01,
      1.94,
      1.87,
      1.8025,
      1.7325,
      1.6625,
      1.595,
      1.525,
      1.455,
      1.385,
      1.3175,
      1.2475,
      1.1775,
      1.11,
      1.04,
      0.97,
      0.9,
      0.8325,
      0.7625,
      0.6925,
      0.625,
      0.555,
      0.485,
      0.415,
      0.3475,
      0.2775,
      0.2075,
      0.1375,
      0.07,
      0
    ],
    "SoftwareVersions": "syngo_MR_E11",
    "TaskName": "prodL1",
    "TotalReadoutTime": 0.0333901,
    "dataset": "ds003545",
    "modality": "bold",
    "run_id": 2,
    "session_id": "02",
    "subject_id": "15",
    "task_id": "prodL1"
  },
  "dummy_trs": 0,
  "dvars_nstd": 95.62955580454546,
  "dvars_std": 1.2595742491735529,
  "dvars_vstd": 1.0307375116115707,
  "efc": 0.6286759994186504,
  "fber": 288.3390197753906,
  "fd_mean": 1.2304394935424405,
  "fd_num": 222,
  "fd_perc": 91.35802469135803,
  "fwhm_avg": 2.9271004189594088,
  "fwhm_x": 2.61971,
  "fwhm_y": 3.0641366666666667,
  "fwhm_z": 3.097454590211559,
  "gcor": 0.0436655,
  "gsr_x": -0.021141601726412773,
  "gsr_y": 0.10535741597414017,
  "provenance": {
    "md5sum": "2490ae3ece5f3f9f84d5d7ced45cb785",
    "settings": {
      "fd_thres": 0.2,
      "testing": false
    },
    "software": "mriqc",
    "version": "22.0.6",
    "webapi_port": null,
    "webapi_url": "https://mriqc.nimh.nih.gov/api/v1"
  },
  "size_t": 243,
  "size_x": 64,
  "size_y": 64,
  "size_z": 43,
  "snr": 2.2388331052929953,
  "spacing_tr": 3.0,
  "spacing_x": 3.0,
  "spacing_y": 3.0,
  "spacing_z": 3.299999952316284,
  "summary_bg_k": 12.579037696202288,
  "summary_bg_mad": 17.26041856002642,
  "summary_bg_mean": 120.60565185546875,
  "summary_bg_median": 46.25514221191406,
  "summary_bg_n": 83419.0,
  "summary_bg_p05": 33.08641815185547,
  "summary_bg_p95": 495.797915649413,
  "summary_bg_stdv": 173.4417724609375,
  "summary_fg_k": 1.372240810060969,
  "summary_fg_mad": 354.17723686116403,
  "summary_fg_mean": 940.7570190429688,
  "summary_fg_median": 862.8867797851562,
  "summary_fg_n": 45436.0,
  "summary_fg_p05": 465.92694091796875,
  "summary_fg_p95": 1692.2283935546875,
  "summary_fg_stdv": 385.4138488769531,
  "tsnr": 21.950237109325826
}