{
  "aor": 0.021786666666666666,
  "aqi": 0.009691732849462367,
  "bids_meta": {
    "AcquisitionNumber": 1,
    "AcquisitionTime": "15:56:52.407500",
    "BandwidthPerPixelPhaseEncode": 28.409,
    "BodyPartExamined": "BRAIN",
    "ConversionSoftware": "dcm2niix",
    "ConversionSoftwareVersion": "v1.0.20170724 GCC4.4.7",
    "DeviceSerialNumber": "167004",
    "EchoTime": 0.03,
    "EchoTrainLength": 64,
    "EffectiveEchoSpacing": 0.000550002,
    "FlipAngle": 80,
    "ImageType": [
      "ORIGINAL",
      "PRIMARY",
      "M",
      "ND",
      "MOSAIC"
    ],
    "InstitutionAddress": "Mikeletegi_69_San_Sebastian_District_ES_20009",
    "InstitutionName": "BCBL",
    "MagneticFieldStrength": 3,
    "Manufacturer": "Siemens",
    "ManufacturersModelName": "Prisma_fit",
    "PhaseEncodingDirection": "j-",
    "PhaseEncodingLines": 64,
    "ProcedureStepDescription": "CRANEO_FUNCIONAL",
    "ProtocolName": "ep2d_PiN_L3_Run1",
    "RepetitionTime": 2,
    "ScanningSequence": "EP",
    "SequenceName": "_epfid2d1_64",
    "SequenceVariant": "SK",
    "SeriesDescription": "ep2d_PiN_L3_Run1",
    "SliceTiming": [
      1.9175,
      1.855,
      1.795,
      1.7325,
      1.67,
      1.6075,
      1.5475,
      1.485,
      1.4225,
      1.36,
      1.3,
      1.2375,
      1.175,
      1.1125,
      1.0525,
      0.99,
      0.9275,
      0.865,
      0.805,
      0.7425,
      0.68,
      0.6175,
      0.5575,
      0.495,
      0.4325,
      0.37,
      0.31,
      0.2475,
      0.185,
      0.1225,
      0.0625,
      0
    ],
    "SoftwareVersions": "syngo_MR_E11",
    "TaskName": "compLn",
    "TotalReadoutTime": 0.0346501,
    "dataset": "ds003545",
    "modality": "bold",
    "run_id": 1,
    "session_id": "02",
    "subject_id": "15",
    "task_id": "compLn"
  },
  "dummy_trs": 0,
  "dvars_nstd": 40.97810714837838,
  "dvars_std": 1.381967444378378,
  "dvars_vstd": 1.132775459945946,
  "efc": 0.524349152470265,
  "fber": 1183.5140380859375,
  "fd_mean": 0.5434196759878133,
  "fd_num": 129,
  "fd_perc": 69.35483870967742,
  "fwhm_avg": 2.8468603939393944,
  "fwhm_x": 2.745218909090909,
  "fwhm_y": 3.0544872727272727,
  "fwhm_z": 2.740875,
  "gcor": 0.0323125,
  "gsr_x": -0.013807970099151134,
  "gsr_y": 0.07267682999372482,
  "provenance": {
    "md5sum": "488f1239af5027609cb10ae687f2d451",
    "settings": {
      "fd_thres": 0.2,
      "testing": false
    },
    "software": "mriqc",
    "version": "22.0.6",
    "webapi_port": null,
    "webapi_url": "https://mriqc.nimh.nih.gov/api/v1"
  },
  "size_t": 186,
  "size_x": 64,
  "size_y": 64,
  "size_z": 32,
  "snr": 2.497470100195349,
  "spacing_tr": 2.0,
  "spacing_x": 3.4375,
  "spacing_y": 3.4375,
  "spacing_z": 4.0,
  "summary_bg_k": 16.559007496457713,
  "summary_bg_mad": 6.950696126523018,
  "summary_bg_mean": 68.30677032470703,
  "summary_bg_median": 22.07526969909668,
  "summary_bg_n": 77330.0,
  "summary_bg_p05": 16.70967674255371,
  "summary_bg_p95": 322.1715103149417,
  "summary_bg_stdv": 118.88025665283203,
  "summary_fg_k": 0.6900570101689238,
  "summary_fg_mad": 312.44249115903654,
  "summary_fg_mean": 845.7769165039062,
  "summary_fg_median": 789.8763427734375,
  "summary_fg_n": 23164.0,
  "summary_fg_p05": 428.98655090332034,
  "summary_fg_p95": 1430.6526916503897,
  "summary_fg_stdv": 316.2637634277344,
  "tsnr": 42.6483980306657
}