{
  "aor": 0.01613344086021505,
  "aqi": 0.024006052849462365,
  "bids_meta": {
    "AcquisitionNumber": 1,
    "AcquisitionTime": "11:14:7.055000",
    "BandwidthPerPixelPhaseEncode": 28.409,
    "BodyPartExamined": "BRAIN",
    "ConversionSoftware": "dcm2niix",
    "ConversionSoftwareVersion": "v1.0.20170724 GCC4.4.7",
    "DeviceSerialNumber": "167004",
    "EchoTime": 0.03,
    "EchoTrainLength": 64,
    "EffectiveEchoSpacing": 0.000550002,
    "FlipAngle": 80,
    "ImageType": [
      "ORIGINAL",
      "PRIMARY",
      "M",
      "ND",
      "MOSAIC"
    ],
    "InstitutionAddress": "Mikeletegi_69_San_Sebastian_District_ES_20009",
    "InstitutionName": "BCBL",
    "MagneticFieldStrength": 3,
    "Manufacturer": "Siemens",
    "ManufacturersModelName": "Prisma_fit",
    "PhaseEncodingDirection": "j-",
    "PhaseEncodingLines": 64,
    "ProcedureStepDescription": "CRANEO_FUNCIONAL",
    "ProtocolName": "ep2d_PiN_L1_Run2",
    "RepetitionTime": 2,
    "ScanningSequence": "EP",
    "SequenceName": "_epfid2d1_64",
    "SequenceVariant": "SK",
    "SeriesDescription": "ep2d_PiN_L1_Run2",
    "SliceTiming": [
      1.9175,
      1.8575,
      1.795,
      1.7325,
      1.67,
      1.61,
      1.5475,
      1.485,
      1.4225,
      1.3625,
      1.3,
      1.2375,
      1.175,
      1.115,
      1.0525,
      0.99,
      0.9275,
      0.8675,
      0.805,
      0.7425,
      0.68,
      0.62,
      0.5575,
      0.495,
      0.4325,
      0.3725,
      0.31,
      0.2475,
      0.1875,
      0.125,
      0.0625,
      0
    ],
    "SoftwareVersions": "syngo_MR_E11",
    "TaskName": "compL1",
    "TotalReadoutTime": 0.0346501,
    "dataset": "ds003545",
    "modality": "bold",
    "run_id": 2,
    "session_id": "02",
    "subject_id": "15",
    "task_id": "compL1"
  },
  "dummy_trs": 0,
  "dvars_nstd": 56.545567966378364,
  "dvars_std": 1.1457939541621622,
  "dvars_vstd": 0.9669240825405403,
  "efc": 0.5333735946724819,
  "fber": 956.28076171875,
  "fd_mean": 1.0213013391015755,
  "fd_num": 145,
  "fd_perc": 77.95698924731182,
  "fwhm_avg": 2.85286203030303,
  "fwhm_x": 2.7203810909090906,
  "fwhm_y": 3.04288,
  "fwhm_z": 2.795325,
  "gcor": 0.0233494,
  "gsr_x": -0.012185011059045792,
  "gsr_y": 0.06941795349121094,
  "provenance": {
    "md5sum": "04d065c809dfaf5e7175559a2f294eee",
    "settings": {
      "fd_thres": 0.2,
      "testing": false
    },
    "software": "mriqc",
    "version": "22.0.6",
    "webapi_port": null,
    "webapi_url": "https://mriqc.nimh.nih.gov/api/v1"
  },
  "size_t": 186,
  "size_x": 64,
  "size_y": 64,
  "size_z": 32,
  "snr": 2.4495388516076266,
  "spacing_tr": 2.0,
  "spacing_x": 3.4375,
  "spacing_y": 3.4375,
  "spacing_z": 4.0,
  "summary_bg_k": 16.60203354867114,
  "summary_bg_mad": 7.963008872156818,
  "summary_bg_mean": 69.60802459716797,
  "summary_bg_median": 23.47849464416504,
  "summary_bg_n": 77451.0,
  "summary_bg_p05": 17.33333396911621,
  "summary_bg_p95": 322.4247283935547,
  "summary_bg_stdv": 118.23294830322266,
  "summary_fg_k": 0.8708910377345167,
  "summary_fg_mad": 294.7189516988005,
  "summary_fg_mean": 807.3186645507812,
  "summary_fg_median": 751.7042846679688,
  "summary_fg_n": 23559.0,
  "summary_fg_p05": 406.10699157714845,
  "summary_fg_p95": 1384.915624999999,
  "summary_fg_stdv": 306.86932373046875,
  "tsnr": 26.630569135886617
}