{
  "aor": 0.017277695473251028,
  "aqi": 0.027022640781893002,
  "bids_meta": {
    "AcquisitionNumber": 1,
    "AcquisitionTime": "16:13:15.627500",
    "BandwidthPerPixelPhaseEncode": 29.481,
    "BodyPartExamined": "BRAIN",
    "ConversionSoftware": "dcm2niix",
    "ConversionSoftwareVersion": "v1.0.20170724 GCC4.4.7",
    "DeviceSerialNumber": "167004",
    "EchoTime": 0.025,
    "EchoTrainLength": 64,
    "EffectiveEchoSpacing": 0.000530002,
    "FlipAngle": 90,
    "ImageType": [
      "ORIGINAL",
      "PRIMARY",
      "M",
      "ND",
      "MOSAIC"
    ],
    "InstitutionAddress": "Mikeletegi_69_San_Sebastian_District_ES_20009",
    "InstitutionName": "BCBL",
    "MagneticFieldStrength": 3,
    "Manufacturer": "Siemens",
    "ManufacturersModelName": "Prisma_fit",
    "PhaseEncodingDirection": "j-",
    "PhaseEncodingLines": 64,
    "ProcedureStepDescription": "CRANEO_FUNCIONAL",
    "ProtocolName": "ep2d_VF_L3_Run1",
    "RepetitionTime": 3,
    "ScanningSequence": "EP",
    "SequenceName": "_epfid2d1_64",
    "SequenceVariant": "SK",
    "SeriesDescription": "ep2d_VF_L3_Run1",
    "SliceTiming": [
      2.91,
      2.8425,
      2.7725,
      2.7025,
      2.635,
      2.565,
      2.495,
      2.425,
      2.3575,
      2.2875,
      2.2175,
      2.15,
      2.08,
      2.01,
      1.94,
      1.8725,
      1.8025,
      1.7325,
      1.665,
      1.595,
      1.525,
      1.455,
      1.3875,
      1.3175,
      1.2475,
      1.1775,
      1.11,
      1.04,
      0.97,
      0.9025,
      0.8325,
      0.7625,
      0.6925,
      0.625,
      0.555,
      0.485,
      0.4175,
      0.3475,
      0.2775,
      0.2075,
      0.14,
      0.07,
      0
    ],
    "SoftwareVersions": "syngo_MR_E11",
    "TaskName": "prodLn",
    "TotalReadoutTime": 0.0333901,
    "dataset": "ds003545",
    "modality": "bold",
    "run_id": 1,
    "session_id": "02",
    "subject_id": "15",
    "task_id": "prodLn"
  },
  "dummy_trs": 0,
  "dvars_nstd": 90.83380653433882,
  "dvars_std": 1.363231964586776,
  "dvars_vstd": 1.1297410015289264,
  "efc": 0.5986100098121641,
  "fber": 397.8699951171875,
  "fd_mean": 1.1118475776652927,
  "fd_num": 234,
  "fd_perc": 96.29629629629629,
  "fwhm_avg": 2.9799530142704853,
  "fwhm_x": 2.8342066666666668,
  "fwhm_y": 3.1651733333333336,
  "fwhm_z": 2.9404790428114556,
  "gcor": 0.0647465,
  "gsr_x": -0.015204072929918766,
  "gsr_y": 0.10983170568943024,
  "provenance": {
    "md5sum": "3cc591986646e9aad2b257d5feba6386",
    "settings": {
      "fd_thres": 0.2,
      "testing": false
    },
    "software": "mriqc",
    "version": "22.0.6",
    "webapi_port": null,
    "webapi_url": "https://mriqc.nimh.nih.gov/api/v1"
  },
  "size_t": 243,
  "size_x": 64,
  "size_y": 64,
  "size_z": 43,
  "snr": 2.2838969132495457,
  "spacing_tr": 3.0,
  "spacing_x": 3.0,
  "spacing_y": 3.0,
  "spacing_z": 3.299999713897705,
  "summary_bg_k": 10.581413454931251,
  "summary_bg_mad": 19.072486681382458,
  "summary_bg_mean": 135.93838500976562,
  "summary_bg_median": 45.485595703125,
  "summary_bg_n": 93896.0,
  "summary_bg_p05": 30.786006927490234,
  "summary_bg_p95": 589.2067565917969,
  "summary_bg_stdv": 205.1245880126953,
  "summary_fg_k": 0.7661966972586423,
  "summary_fg_mad": 417.1236731292854,
  "summary_fg_mean": 1057.1337890625,
  "summary_fg_median": 972.3538818359375,
  "summary_fg_n": 39520.0,
  "summary_fg_p05": 517.7646179199219,
  "summary_fg_p95": 1859.3464233398427,
  "summary_fg_stdv": 425.7379455566406,
  "tsnr": 21.96279700048035
}