{
  "bids_meta": {
    "AccelFactPE": 2,
    "AcquisitionNumber": 1,
    "AcquisitionTime": "09:57:2.840000",
    "ConversionSoftware": "dcm2niix",
    "ConversionSoftwareVersion": "v1.0.20170724 GCC4.4.7",
    "DeviceSerialNumber": "35414",
    "EchoTime": 0.00297,
    "FlipAngle": 7,
    "ImageType": [
      "ORIGINAL",
      "PRIMARY",
      "M",
      "ND",
      "NORM"
    ],
    "InstitutionAddress": "Mikeletegi_69_San_Sebastian_District_ES_20009",
    "InstitutionName": "BCBL",
    "InversionTime": 1.1,
    "MagneticFieldStrength": 3,
    "Manufacturer": "Siemens",
    "ManufacturersModelName": "TrioTim",
    "PhaseEncodingDirection": "i-",
    "PhaseEncodingLines": 256,
    "ProcedureStepDescription": "CRANEO_FUNCIONAL",
    "ProtocolName": "t1_mpr_tra_p2_iso",
    "RepetitionTime": 2.53,
    "ScanningSequence": "GR_IR",
    "SequenceName": "_tfl3d1",
    "SequenceVariant": "SP_MP_OSP",
    "SeriesDescription": "t1_mpr_tra_p2_iso",
    "SoftwareVersions": "syngo_MR_B17",
    "dataset": "ds003545",
    "modality": "T1w",
    "session_id": "02",
    "subject_id": "11"
  },
  "cjv": 0.28616403114538275,
  "cnr": 4.563050428848728,
  "efc": 0.548486437249514,
  "fber": 30409.816411560896,
  "fwhm_avg": 4.417076666666667,
  "fwhm_x": 4.16842,
  "fwhm_y": 4.80556,
  "fwhm_z": 4.27725,
  "icvs_csf": 0.18933527119016202,
  "icvs_gm": 0.46302616629275317,
  "icvs_wm": 0.3476385625170848,
  "inu_med": 0.4560554325580597,
  "inu_range": 0.18042992353439324,
  "provenance": {
    "md5sum": "e37b8aa97610453312f92f2f041a63ff",
    "settings": {
      "testing": false
    },
    "software": "mriqc",
    "version": "22.0.6",
    "warnings": {
      "large_rot_frame": true,
      "small_air_mask": false
    },
    "webapi_port": null,
    "webapi_url": "https://mriqc.nimh.nih.gov/api/v1"
  },
  "qi_1": 0.0,
  "qi_2": 0.023300717568286142,
  "rpve_csf": 28.407291390449473,
  "rpve_gm": 12.568723752973053,
  "rpve_wm": 18.773596373531497,
  "size_x": 256,
  "size_y": 256,
  "size_z": 176,
  "snr_csf": 1.951422360585327,
  "snr_gm": 12.553390689447898,
  "snr_total": 14.146151351170628,
  "snr_wm": 27.93364100347866,
  "snrd_csf": 38.86242824789379,
  "snrd_gm": 104.54016455672206,
  "snrd_total": 97.75946027302813,
  "snrd_wm": 149.8757880144685,
  "spacing_x": 1.0,
  "spacing_y": 1.0,
  "spacing_z": 1.0,
  "summary_bg_k": 7.784101442919935,
  "summary_bg_mad": 4.371308736188408,
  "summary_bg_mean": 3.6326459797726427,
  "summary_bg_median": 2.948402937501669,
  "summary_bg_n": 2030100.0,
  "summary_bg_p05": 0.0,
  "summary_bg_p95": 13.966119177639484,
  "summary_bg_stdv": 5.063850789634883,
  "summary_csf_k": 1.4310979655599976,
  "summary_csf_mad": 139.26836254242366,
  "summary_csf_mean": 262.0753514153216,
  "summary_csf_median": 259.3042793981731,
  "summary_csf_n": 41115.0,
  "summary_csf_p05": 55.80499138813467,
  "summary_csf_p95": 479.710330568254,
  "summary_csf_stdv": 132.87801309134377,
  "summary_gm_k": 0.2536220292908524,
  "summary_gm_mad": 53.395152764406646,
  "summary_gm_mean": 699.06945276466,
  "summary_gm_median": 697.5300633721054,
  "summary_gm_n": 45532.0,
  "summary_gm_p05": 609.2590175326914,
  "summary_gm_p95": 792.7324424330145,
  "summary_gm_stdv": 55.56446228809999,
  "summary_wm_k": 0.8111912107341244,
  "summary_wm_mad": 33.16826365616643,
  "summary_wm_mean": 1000.2707775601408,
  "summary_wm_median": 1000.0258594863117,
  "summary_wm_n": 185913.0,
  "summary_wm_p05": 942.3768231030554,
  "summary_wm_p95": 1058.812875950709,
  "summary_wm_stdv": 35.799957830724956,
  "tpm_overlap_csf": 0.14130094852723468,
  "tpm_overlap_gm": 0.4715529438589007,
  "tpm_overlap_wm": 0.5001676393903446,
  "wm2max": 0.6625087812483936
}