{
  "aor": 0.00562481081081081,
  "aqi": 0.014561793405405404,
  "bids_meta": {
    "AcquisitionNumber": 1,
    "AcquisitionTime": "15:28:11.500000",
    "BandwidthPerPixelPhaseEncode": 28.409,
    "ConversionSoftware": "dcm2niix",
    "ConversionSoftwareVersion": "v1.0.20170724 GCC4.4.7",
    "DeviceSerialNumber": "35414",
    "EchoTime": 0.03,
    "EffectiveEchoSpacing": 0.000550002,
    "FlipAngle": 80,
    "ImageType": [
      "ORIGINAL",
      "PRIMARY",
      "FMRI",
      "NONE",
      "ND",
      "MOSAIC"
    ],
    "InstitutionAddress": "Mikeletegi_69_San_Sebastian_District_ES_20009",
    "InstitutionName": "BCBL",
    "MagneticFieldStrength": 3,
    "Manufacturer": "Siemens",
    "ManufacturersModelName": "TrioTim",
    "PhaseEncodingDirection": "j-",
    "PhaseEncodingLines": 64,
    "ProcedureStepDescription": "CRANEO_FUNCIONAL",
    "ProtocolName": "ep2d_PiN_L3_Run2",
    "RepetitionTime": 2,
    "ScanningSequence": "EP",
    "SequenceName": "_epfid2d1_64",
    "SequenceVariant": "SK",
    "SeriesDescription": "ep2d_PiN_L3_Run2",
    "SliceTiming": [
      1.925,
      1.8625,
      1.8,
      1.7375,
      1.6775,
      1.615,
      1.5525,
      1.49,
      1.4275,
      1.365,
      1.3025,
      1.2425,
      1.18,
      1.1175,
      1.055,
      0.9925,
      0.93,
      0.87,
      0.8075,
      0.745,
      0.6825,
      0.62,
      0.5575,
      0.495,
      0.435,
      0.3725,
      0.31,
      0.2475,
      0.185,
      0.1225,
      0.0625,
      0
    ],
    "SoftwareVersions": "syngo_MR_B17",
    "TaskName": "compLn",
    "TotalReadoutTime": 0.0346501,
    "dataset": "ds003545",
    "modality": "bold",
    "run_id": 2,
    "session_id": "01",
    "subject_id": "08",
    "task_id": "compLn"
  },
  "dummy_trs": 1,
  "dvars_nstd": 48.78565442565216,
  "dvars_std": 1.074527170706521,
  "dvars_vstd": 0.8988934078260867,
  "efc": 0.4761886347539709,
  "fber": 1625.661865234375,
  "fd_mean": 1.0487815535729363,
  "fd_num": 165,
  "fd_perc": 89.1891891891892,
  "fwhm_avg": 2.7263583333333337,
  "fwhm_x": 2.642705454545455,
  "fwhm_y": 2.9780945454545455,
  "fwhm_z": 2.558275,
  "gcor": 0.0520098,
  "gsr_x": -0.015269367955625057,
  "gsr_y": 0.04888137802481651,
  "provenance": {
    "md5sum": "3b78d72ca15c47abaa79b64a7cbae2f7",
    "settings": {
      "fd_thres": 0.2,
      "testing": false
    },
    "software": "mriqc",
    "version": "22.0.6",
    "webapi_port": null,
    "webapi_url": "https://mriqc.nimh.nih.gov/api/v1"
  },
  "size_t": 185,
  "size_x": 64,
  "size_y": 64,
  "size_z": 32,
  "snr": 2.8966740624193297,
  "spacing_tr": 2.0,
  "spacing_x": 3.4375,
  "spacing_y": 3.4375,
  "spacing_z": 4.0,
  "summary_bg_k": 38.51983897651179,
  "summary_bg_mad": 5.305313579638839,
  "summary_bg_mean": 31.201250076293945,
  "summary_bg_median": 16.318920135498047,
  "summary_bg_n": 81673.0,
  "summary_bg_p05": 11.324324607849121,
  "summary_bg_p95": 108.13513946533203,
  "summary_bg_stdv": 46.70452880859375,
  "summary_fg_k": 2.3131660678294717,
  "summary_fg_mad": 182.65661141806177,
  "summary_fg_mean": 706.415771484375,
  "summary_fg_median": 659.0811157226562,
  "summary_fg_n": 21261.0,
  "summary_fg_p05": 431.2486572265625,
  "summary_fg_p95": 1168.5135498046875,
  "summary_fg_stdv": 227.5249481201172,
  "tsnr": 29.30156186647946
}