{
  "aor": 0.010899193548387098,
  "aqi": 0.010694675161290322,
  "bids_meta": {
    "AcquisitionNumber": 1,
    "AcquisitionTime": "15:20:41.245000",
    "BandwidthPerPixelPhaseEncode": 28.409,
    "ConversionSoftware": "dcm2niix",
    "ConversionSoftwareVersion": "v1.0.20170724 GCC4.4.7",
    "DeviceSerialNumber": "35414",
    "EchoTime": 0.03,
    "EffectiveEchoSpacing": 0.000550002,
    "FlipAngle": 80,
    "ImageType": [
      "ORIGINAL",
      "PRIMARY",
      "FMRI",
      "NONE",
      "ND",
      "MOSAIC"
    ],
    "InstitutionAddress": "Mikeletegi_69_San_Sebastian_District_ES_20009",
    "InstitutionName": "BCBL",
    "MagneticFieldStrength": 3,
    "Manufacturer": "Siemens",
    "ManufacturersModelName": "TrioTim",
    "PhaseEncodingDirection": "j-",
    "PhaseEncodingLines": 64,
    "ProcedureStepDescription": "CRANEO_FUNCIONAL",
    "ProtocolName": "ep2d_PiN_L3_Run1",
    "RepetitionTime": 2,
    "ScanningSequence": "EP",
    "SequenceName": "_epfid2d1_64",
    "SequenceVariant": "SK",
    "SeriesDescription": "ep2d_PiN_L3_Run1",
    "SliceTiming": [
      1.925,
      1.8625,
      1.8,
      1.7375,
      1.6775,
      1.615,
      1.5525,
      1.49,
      1.4275,
      1.365,
      1.305,
      1.2425,
      1.18,
      1.1175,
      1.055,
      0.9925,
      0.93,
      0.87,
      0.8075,
      0.745,
      0.6825,
      0.62,
      0.5575,
      0.4975,
      0.435,
      0.3725,
      0.31,
      0.2475,
      0.185,
      0.125,
      0.0625,
      0
    ],
    "SoftwareVersions": "syngo_MR_B17",
    "TaskName": "compLn",
    "TotalReadoutTime": 0.0346501,
    "dataset": "ds003545",
    "modality": "bold",
    "run_id": 1,
    "session_id": "01",
    "subject_id": "08",
    "task_id": "compLn"
  },
  "dummy_trs": 0,
  "dvars_nstd": 47.50384196172975,
  "dvars_std": 1.225286805081082,
  "dvars_vstd": 1.0254554314054054,
  "efc": 0.47933887997823993,
  "fber": 1566.568359375,
  "fd_mean": 0.8127026456157302,
  "fd_num": 154,
  "fd_perc": 82.79569892473118,
  "fwhm_avg": 2.8233422727272726,
  "fwhm_x": 2.7617454545454545,
  "fwhm_y": 3.083956363636364,
  "fwhm_z": 2.624325,
  "gcor": 0.0398438,
  "gsr_x": -0.01933731697499752,
  "gsr_y": 0.045985084027051926,
  "provenance": {
    "md5sum": "fd7f918e746030c6fd85e703130e7a7c",
    "settings": {
      "fd_thres": 0.2,
      "testing": false
    },
    "software": "mriqc",
    "version": "22.0.6",
    "webapi_port": null,
    "webapi_url": "https://mriqc.nimh.nih.gov/api/v1"
  },
  "size_t": 186,
  "size_x": 64,
  "size_y": 64,
  "size_z": 32,
  "snr": 2.7529029214152736,
  "spacing_tr": 2.0,
  "spacing_x": 3.4375,
  "spacing_y": 3.4375,
  "spacing_z": 4.0,
  "summary_bg_k": 33.69828842514683,
  "summary_bg_mad": 5.3485272061229345,
  "summary_bg_mean": 33.120174407958984,
  "summary_bg_median": 16.827957153320312,
  "summary_bg_n": 80780.0,
  "summary_bg_p05": 12.483870506286621,
  "summary_bg_p95": 116.87688064575198,
  "summary_bg_stdv": 49.81777572631836,
  "summary_fg_k": 2.411586768578629,
  "summary_fg_mad": 193.20856939508212,
  "summary_fg_mean": 716.183837890625,
  "summary_fg_median": 664.6397705078125,
  "summary_fg_n": 21778.0,
  "summary_fg_p05": 425.1526870727539,
  "summary_fg_p95": 1202.8367797851558,
  "summary_fg_stdv": 241.42678833007812,
  "tsnr": 33.46452954108827
}