{
  "aor": 0.005011563786008231,
  "aqi": 0.012642703251028807,
  "bids_meta": {
    "AcquisitionNumber": 1,
    "AcquisitionTime": "14:27:21.112500",
    "BandwidthPerPixelPhaseEncode": 29.481,
    "ConversionSoftware": "dcm2niix",
    "ConversionSoftwareVersion": "v1.0.20170724 GCC4.4.7",
    "DeviceSerialNumber": "35414",
    "EchoTime": 0.025,
    "EffectiveEchoSpacing": 0.000530002,
    "FlipAngle": 90,
    "ImageType": [
      "ORIGINAL",
      "PRIMARY",
      "M",
      "ND",
      "MOSAIC"
    ],
    "InstitutionAddress": "Mikeletegi_69_San_Sebastian_District_ES_20009",
    "InstitutionName": "BCBL",
    "MagneticFieldStrength": 3,
    "Manufacturer": "Siemens",
    "ManufacturersModelName": "TrioTim",
    "PhaseEncodingDirection": "j-",
    "PhaseEncodingLines": 64,
    "ProcedureStepDescription": "CRANEO_FUNCIONAL",
    "ProtocolName": "ep2d_VF_L1_Run2",
    "RepetitionTime": 3,
    "ScanningSequence": "EP",
    "SequenceName": "_epfid2d1_64",
    "SequenceVariant": "SK",
    "SeriesDescription": "ep2d_VF_L1_Run2",
    "SliceTiming": [
      2.9225,
      2.8525,
      2.785,
      2.715,
      2.645,
      2.575,
      2.505,
      2.435,
      2.3675,
      2.2975,
      2.2275,
      2.1575,
      2.0875,
      2.0175,
      1.95,
      1.88,
      1.81,
      1.74,
      1.67,
      1.6,
      1.5325,
      1.4625,
      1.3925,
      1.3225,
      1.2525,
      1.185,
      1.115,
      1.045,
      0.975,
      0.905,
      0.835,
      0.7675,
      0.6975,
      0.6275,
      0.5575,
      0.4875,
      0.4175,
      0.35,
      0.28,
      0.21,
      0.14,
      0.07,
      0
    ],
    "SoftwareVersions": "syngo_MR_B17",
    "TaskName": "prodL1",
    "TotalReadoutTime": 0.0333901,
    "dataset": "ds003545",
    "modality": "bold",
    "run_id": 2,
    "session_id": "01",
    "subject_id": "08",
    "task_id": "prodL1"
  },
  "dummy_trs": 0,
  "dvars_nstd": 68.30696484297519,
  "dvars_std": 1.305792231735537,
  "dvars_vstd": 1.0207945319008263,
  "efc": 0.5448221913585992,
  "fber": 666.7731323242188,
  "fd_mean": 0.9525812218323949,
  "fd_num": 230,
  "fd_perc": 94.65020576131687,
  "fwhm_avg": 2.9381834480211,
  "fwhm_x": 2.8971966666666664,
  "fwhm_y": 3.0776233333333334,
  "fwhm_z": 2.8397303440633013,
  "gcor": 0.0365906,
  "gsr_x": -0.012502029538154602,
  "gsr_y": 0.08047939091920853,
  "provenance": {
    "md5sum": "7dee0c4e9ca732c7882e481f1fdb9235",
    "settings": {
      "fd_thres": 0.2,
      "testing": false
    },
    "software": "mriqc",
    "version": "22.0.6",
    "webapi_port": null,
    "webapi_url": "https://mriqc.nimh.nih.gov/api/v1"
  },
  "size_t": 243,
  "size_x": 64,
  "size_y": 64,
  "size_z": 43,
  "snr": 2.5439305569608015,
  "spacing_tr": 3.0,
  "spacing_x": 3.0,
  "spacing_y": 3.0,
  "spacing_z": 3.299999952316284,
  "summary_bg_k": 18.76521921767662,
  "summary_bg_mad": 8.743085314089651,
  "summary_bg_mean": 64.23027038574219,
  "summary_bg_median": 32.3415641784668,
  "summary_bg_n": 100671.0,
  "summary_bg_p05": 24.773662567138672,
  "summary_bg_p95": 237.6275634765625,
  "summary_bg_stdv": 84.9482192993164,
  "summary_fg_k": 2.491551151928806,
  "summary_fg_mad": 265.4467879508373,
  "summary_fg_mean": 914.2037963867188,
  "summary_fg_median": 840.7818603515625,
  "summary_fg_n": 37862.0,
  "summary_fg_p05": 522.549771118164,
  "summary_fg_p95": 1586.1067626953122,
  "summary_fg_stdv": 330.50067138671875,
  "tsnr": 30.381449894979596
}