{
  "aor": 0.014903045267489711,
  "aqi": 0.004834238806584362,
  "bids_meta": {
    "AcquisitionNumber": 1,
    "AcquisitionTime": "10:27:54.655000",
    "BandwidthPerPixelPhaseEncode": 29.481,
    "BodyPartExamined": "BRAIN",
    "ConversionSoftware": "dcm2niix",
    "ConversionSoftwareVersion": "v1.0.20170724 GCC4.4.7",
    "DeviceSerialNumber": "167004",
    "EchoTime": 0.025,
    "EchoTrainLength": 64,
    "EffectiveEchoSpacing": 0.000530002,
    "FlipAngle": 90,
    "ImageType": [
      "ORIGINAL",
      "PRIMARY",
      "M",
      "ND",
      "MOSAIC"
    ],
    "InstitutionAddress": "Mikeletegi_69_San_Sebastian_District_ES_20009",
    "InstitutionName": "BCBL",
    "MagneticFieldStrength": 3,
    "Manufacturer": "Siemens",
    "ManufacturersModelName": "Prisma_fit",
    "PhaseEncodingDirection": "j-",
    "PhaseEncodingLines": 64,
    "ProcedureStepDescription": "CRANEO_FUNCIONAL",
    "ProtocolName": "ep2d_VF_L3_Run2",
    "RepetitionTime": 3,
    "ScanningSequence": "EP",
    "SequenceName": "_epfid2d1_64",
    "SequenceVariant": "SK",
    "SeriesDescription": "ep2d_VF_L3_Run2",
    "SliceTiming": [
      2.91,
      2.84,
      2.7725,
      2.7025,
      2.6325,
      2.565,
      2.495,
      2.425,
      2.355,
      2.2875,
      2.2175,
      2.1475,
      2.0775,
      2.01,
      1.94,
      1.87,
      1.8025,
      1.7325,
      1.6625,
      1.5925,
      1.525,
      1.455,
      1.385,
      1.3175,
      1.2475,
      1.1775,
      1.1075,
      1.04,
      0.97,
      0.9,
      0.8325,
      0.7625,
      0.6925,
      0.6225,
      0.555,
      0.485,
      0.415,
      0.345,
      0.2775,
      0.2075,
      0.1375,
      0.07,
      0
    ],
    "SoftwareVersions": "syngo_MR_E11",
    "TaskName": "prodLn",
    "TotalReadoutTime": 0.0333901,
    "dataset": "ds003545",
    "modality": "bold",
    "run_id": 2,
    "session_id": "02",
    "subject_id": "20",
    "task_id": "prodLn"
  },
  "dummy_trs": 0,
  "dvars_nstd": 30.88693856384298,
  "dvars_std": 1.3289462450826444,
  "dvars_vstd": 1.0854139555371898,
  "efc": 0.5857418548769473,
  "fber": 414.212890625,
  "fd_mean": 0.3087092407088618,
  "fd_num": 112,
  "fd_perc": 46.09053497942387,
  "fwhm_avg": 2.8004309228268993,
  "fwhm_x": 2.6303666666666667,
  "fwhm_y": 2.919086666666667,
  "fwhm_z": 2.851839435147364,
  "gcor": 0.0546828,
  "gsr_x": -0.0008100451086647809,
  "gsr_y": 0.061490483582019806,
  "provenance": {
    "md5sum": "312f56e1652f6ec10371a54365637bc4",
    "settings": {
      "fd_thres": 0.2,
      "testing": false
    },
    "software": "mriqc",
    "version": "22.0.6",
    "webapi_port": null,
    "webapi_url": "https://mriqc.nimh.nih.gov/api/v1"
  },
  "size_t": 243,
  "size_x": 64,
  "size_y": 64,
  "size_z": 43,
  "snr": 2.5405565088855315,
  "spacing_tr": 3.0,
  "spacing_x": 3.0,
  "spacing_y": 3.0,
  "spacing_z": 3.299999952316284,
  "summary_bg_k": 15.420684330115051,
  "summary_bg_mad": 14.929741675432203,
  "summary_bg_mean": 97.2518310546875,
  "summary_bg_median": 44.897117614746094,
  "summary_bg_n": 94853.0,
  "summary_bg_p05": 33.74073791503906,
  "summary_bg_p95": 356.46665039062464,
  "summary_bg_stdv": 130.39476013183594,
  "summary_fg_k": 0.8160516201713324,
  "summary_fg_mad": 353.62804784357917,
  "summary_fg_mean": 1010.1132202148438,
  "summary_fg_median": 943.45263671875,
  "summary_fg_n": 40355.0,
  "summary_fg_p05": 531.4049377441406,
  "summary_fg_p95": 1725.6489135742186,
  "summary_fg_stdv": 371.3520812988281,
  "tsnr": 53.52550763823092
}