{
  "aor": 0.00893670781893004,
  "aqi": 0.0070946966666666665,
  "bids_meta": {
    "AcquisitionNumber": 1,
    "AcquisitionTime": "11:45:33.502500",
    "BandwidthPerPixelPhaseEncode": 29.481,
    "BodyPartExamined": "BRAIN",
    "ConversionSoftware": "dcm2niix",
    "ConversionSoftwareVersion": "v1.0.20170724 GCC4.4.7",
    "DeviceSerialNumber": "167004",
    "EchoTime": 0.025,
    "EchoTrainLength": 64,
    "EffectiveEchoSpacing": 0.000530002,
    "FlipAngle": 90,
    "ImageType": [
      "ORIGINAL",
      "PRIMARY",
      "M",
      "ND",
      "MOSAIC"
    ],
    "InstitutionAddress": "Mikeletegi_69_San_Sebastian_District_ES_20009",
    "InstitutionName": "BCBL",
    "MagneticFieldStrength": 3,
    "Manufacturer": "Siemens",
    "ManufacturersModelName": "Prisma_fit",
    "PhaseEncodingDirection": "j-",
    "PhaseEncodingLines": 64,
    "ProcedureStepDescription": "CRANEO_FUNCIONAL",
    "ProtocolName": "ep2d_VF_L1_Run2",
    "RepetitionTime": 3,
    "ScanningSequence": "EP",
    "SequenceName": "_epfid2d1_64",
    "SequenceVariant": "SK",
    "SeriesDescription": "ep2d_VF_L1_Run2",
    "SliceTiming": [
      2.91,
      2.84,
      2.77,
      2.7025,
      2.6325,
      2.5625,
      2.495,
      2.425,
      2.355,
      2.285,
      2.2175,
      2.1475,
      2.0775,
      2.0075,
      1.94,
      1.87,
      1.8,
      1.7325,
      1.6625,
      1.5925,
      1.5225,
      1.455,
      1.385,
      1.315,
      1.2475,
      1.1775,
      1.1075,
      1.0375,
      0.97,
      0.9,
      0.83,
      0.7625,
      0.6925,
      0.6225,
      0.5525,
      0.485,
      0.415,
      0.345,
      0.275,
      0.2075,
      0.1375,
      0.0675,
      0
    ],
    "SoftwareVersions": "syngo_MR_E11",
    "TaskName": "prodL1",
    "TotalReadoutTime": 0.0333901,
    "dataset": "ds003545",
    "modality": "bold",
    "run_id": 2,
    "session_id": "02",
    "subject_id": "20",
    "task_id": "prodL1"
  },
  "dummy_trs": 0,
  "dvars_nstd": 33.820100181322275,
  "dvars_std": 1.1565605544628106,
  "dvars_vstd": 0.9711898096694215,
  "efc": 0.5878208717272914,
  "fber": 438.7543640136719,
  "fd_mean": 0.3940557788413772,
  "fd_num": 127,
  "fd_perc": 52.26337448559671,
  "fwhm_avg": 2.754854760951856,
  "fwhm_x": 2.55695,
  "fwhm_y": 2.909523333333333,
  "fwhm_z": 2.798090949522235,
  "gcor": 0.0395269,
  "gsr_x": 0.003608645871281624,
  "gsr_y": 0.058287642896175385,
  "provenance": {
    "md5sum": "0d86e51d7b7bf7c8c10fed42b8fb9339",
    "settings": {
      "fd_thres": 0.2,
      "testing": false
    },
    "software": "mriqc",
    "version": "22.0.6",
    "webapi_port": null,
    "webapi_url": "https://mriqc.nimh.nih.gov/api/v1"
  },
  "size_t": 243,
  "size_x": 64,
  "size_y": 64,
  "size_z": 43,
  "snr": 2.6255676659267744,
  "spacing_tr": 3.0,
  "spacing_x": 3.0,
  "spacing_y": 3.0,
  "spacing_z": 3.299999952316284,
  "summary_bg_k": 14.646859923784053,
  "summary_bg_mad": 17.974261349535702,
  "summary_bg_mean": 92.67760467529297,
  "summary_bg_median": 42.61316680908203,
  "summary_bg_n": 94158.0,
  "summary_bg_p05": 27.77777671813965,
  "summary_bg_p95": 339.25883026123034,
  "summary_bg_stdv": 121.85420227050781,
  "summary_fg_k": 0.39381155842331594,
  "summary_fg_mad": 348.50300760631825,
  "summary_fg_mean": 982.5132446289062,
  "summary_fg_median": 924.5884399414062,
  "summary_fg_n": 40881.0,
  "summary_fg_p05": 513.5473022460938,
  "summary_fg_p95": 1640.4896240234375,
  "summary_fg_stdv": 352.1437072753906,
  "tsnr": 40.867129903286695
}