{
  "aor": 0.005310864864864865,
  "aqi": 0.0013355130108108108,
  "bids_meta": {
    "AcquisitionNumber": 1,
    "AcquisitionTime": "10:02:13.185000",
    "BandwidthPerPixelPhaseEncode": 28.409,
    "BodyPartExamined": "BRAIN",
    "ConversionSoftware": "dcm2niix",
    "ConversionSoftwareVersion": "v1.0.20170724 GCC4.4.7",
    "DeviceSerialNumber": "167004",
    "EchoTime": 0.03,
    "EchoTrainLength": 64,
    "EffectiveEchoSpacing": 0.000550002,
    "FlipAngle": 80,
    "ImageType": [
      "ORIGINAL",
      "PRIMARY",
      "M",
      "ND",
      "MOSAIC"
    ],
    "InstitutionAddress": "Mikeletegi_69_San_Sebastian_District_ES_20009",
    "InstitutionName": "BCBL",
    "MagneticFieldStrength": 3,
    "Manufacturer": "Siemens",
    "ManufacturersModelName": "Prisma_fit",
    "PhaseEncodingDirection": "j-",
    "PhaseEncodingLines": 64,
    "ProcedureStepDescription": "CRANEO_FUNCIONAL",
    "ProtocolName": "ep2d_PiN_L3_Run2",
    "RepetitionTime": 2,
    "ScanningSequence": "EP",
    "SequenceName": "_epfid2d1_64",
    "SequenceVariant": "SK",
    "SeriesDescription": "ep2d_PiN_L3_Run2",
    "SliceTiming": [
      1.9175,
      1.855,
      1.7925,
      1.7325,
      1.67,
      1.6075,
      1.545,
      1.485,
      1.4225,
      1.36,
      1.2975,
      1.2375,
      1.175,
      1.1125,
      1.05,
      0.99,
      0.9275,
      0.865,
      0.8025,
      0.7425,
      0.68,
      0.6175,
      0.555,
      0.495,
      0.4325,
      0.37,
      0.3075,
      0.2475,
      0.185,
      0.1225,
      0.06,
      0
    ],
    "SoftwareVersions": "syngo_MR_E11",
    "TaskName": "compLn",
    "TotalReadoutTime": 0.0346501,
    "dataset": "ds003545",
    "modality": "bold",
    "run_id": 2,
    "session_id": "02",
    "subject_id": "20",
    "task_id": "compLn"
  },
  "dummy_trs": 1,
  "dvars_nstd": 15.785927979782613,
  "dvars_std": 1.2878430005434787,
  "dvars_vstd": 1.0346300964130435,
  "efc": 0.5090675416287779,
  "fber": 1282.3184814453125,
  "fd_mean": 0.13169920572687974,
  "fd_num": 15,
  "fd_perc": 8.108108108108109,
  "fwhm_avg": 2.726275386608961,
  "fwhm_x": 2.581768727272727,
  "fwhm_y": 2.9156072727272724,
  "fwhm_z": 2.681450159826884,
  "gcor": 0.0359028,
  "gsr_x": -0.00598464859649539,
  "gsr_y": 0.03333687409758568,
  "provenance": {
    "md5sum": "e0891e65c5821ce81a9806a67d7a3585",
    "settings": {
      "fd_thres": 0.2,
      "testing": false
    },
    "software": "mriqc",
    "version": "22.0.6",
    "webapi_port": null,
    "webapi_url": "https://mriqc.nimh.nih.gov/api/v1"
  },
  "size_t": 185,
  "size_x": 64,
  "size_y": 64,
  "size_z": 32,
  "snr": 2.714655014066923,
  "spacing_tr": 2.0,
  "spacing_x": 3.4375,
  "spacing_y": 3.4375,
  "spacing_z": 3.999999761581421,
  "summary_bg_k": 25.223565179277315,
  "summary_bg_mad": 5.056875170585608,
  "summary_bg_mean": 46.125099182128906,
  "summary_bg_median": 20.54594612121582,
  "summary_bg_n": 77596.0,
  "summary_bg_p05": 16.870269775390625,
  "summary_bg_p95": 170.5567626953125,
  "summary_bg_stdv": 69.31474304199219,
  "summary_fg_k": 0.6671356265291708,
  "summary_fg_mad": 264.17968971080893,
  "summary_fg_mean": 794.958740234375,
  "summary_fg_median": 749.72705078125,
  "summary_fg_n": 23284.0,
  "summary_fg_p05": 428.43108825683595,
  "summary_fg_p95": 1320.416790771484,
  "summary_fg_stdv": 276.1717224121094,
  "tsnr": 112.61535800248384
}