{
  "aor": 0.015303870967741936,
  "aqi": 0.006178337741935483,
  "bids_meta": {
    "AcquisitionNumber": 1,
    "AcquisitionTime": "11:15:5.320000",
    "BandwidthPerPixelPhaseEncode": 28.409,
    "BodyPartExamined": "BRAIN",
    "ConversionSoftware": "dcm2niix",
    "ConversionSoftwareVersion": "v1.0.20170724 GCC4.4.7",
    "DeviceSerialNumber": "167004",
    "EchoTime": 0.03,
    "EchoTrainLength": 64,
    "EffectiveEchoSpacing": 0.000550002,
    "FlipAngle": 80,
    "ImageType": [
      "ORIGINAL",
      "PRIMARY",
      "M",
      "ND",
      "MOSAIC"
    ],
    "InstitutionAddress": "Mikeletegi_69_San_Sebastian_District_ES_20009",
    "InstitutionName": "BCBL",
    "MagneticFieldStrength": 3,
    "Manufacturer": "Siemens",
    "ManufacturersModelName": "Prisma_fit",
    "PhaseEncodingDirection": "j-",
    "PhaseEncodingLines": 64,
    "ProcedureStepDescription": "CRANEO_FUNCIONAL",
    "ProtocolName": "ep2d_PiN_L1_Run2",
    "RepetitionTime": 2,
    "ScanningSequence": "EP",
    "SequenceName": "_epfid2d1_64",
    "SequenceVariant": "SK",
    "SeriesDescription": "ep2d_PiN_L1_Run2",
    "SliceTiming": [
      1.9175,
      1.855,
      1.795,
      1.7325,
      1.67,
      1.6075,
      1.5475,
      1.485,
      1.4225,
      1.36,
      1.3,
      1.2375,
      1.175,
      1.1125,
      1.0525,
      0.99,
      0.9275,
      0.865,
      0.805,
      0.7425,
      0.68,
      0.6175,
      0.5575,
      0.495,
      0.4325,
      0.37,
      0.31,
      0.2475,
      0.185,
      0.125,
      0.0625,
      0
    ],
    "SoftwareVersions": "syngo_MR_E11",
    "TaskName": "compL1",
    "TotalReadoutTime": 0.0346501,
    "dataset": "ds003545",
    "modality": "bold",
    "run_id": 2,
    "session_id": "02",
    "subject_id": "20",
    "task_id": "compL1"
  },
  "dummy_trs": 0,
  "dvars_nstd": 25.598525232594586,
  "dvars_std": 0.9201943468648652,
  "dvars_vstd": 0.8427075381081082,
  "efc": 0.4731627179717554,
  "fber": 1439.5428466796875,
  "fd_mean": 0.4590881213803429,
  "fd_num": 56,
  "fd_perc": 30.107526881720432,
  "fwhm_avg": 3.2292843939393934,
  "fwhm_x": 3.045090909090909,
  "fwhm_y": 3.4144872727272726,
  "fwhm_z": 3.228275,
  "gcor": 0.0945657,
  "gsr_x": 0.003123865695670247,
  "gsr_y": 0.027301125228405,
  "provenance": {
    "md5sum": "73df5216667d527f7f5944fc84fd3b64",
    "settings": {
      "fd_thres": 0.2,
      "testing": false
    },
    "software": "mriqc",
    "version": "22.0.6",
    "webapi_port": null,
    "webapi_url": "https://mriqc.nimh.nih.gov/api/v1"
  },
  "size_t": 186,
  "size_x": 64,
  "size_y": 64,
  "size_z": 32,
  "snr": 2.095839368616827,
  "spacing_tr": 2.0,
  "spacing_x": 3.4375,
  "spacing_y": 3.4375,
  "spacing_z": 4.0,
  "summary_bg_k": 21.628839593709202,
  "summary_bg_mad": 5.428238340719255,
  "summary_bg_mean": 42.83202362060547,
  "summary_bg_median": 17.768817901611328,
  "summary_bg_n": 81563.0,
  "summary_bg_p05": 13.059677791595462,
  "summary_bg_p95": 181.1677413940427,
  "summary_bg_stdv": 65.9319839477539,
  "summary_fg_k": 0.2460744006170068,
  "summary_fg_mad": 325.12035086453295,
  "summary_fg_mean": 760.7817993164062,
  "summary_fg_median": 693.3494873046875,
  "summary_fg_n": 20621.0,
  "summary_fg_p05": 344.93011474609375,
  "summary_fg_p95": 1399.5699462890625,
  "summary_fg_stdv": 330.8138427734375,
  "tsnr": 40.89649454271421
}