{
  "aor": 0.01010736559139785,
  "aqi": 0.002908327897849462,
  "bids_meta": {
    "AcquisitionNumber": 1,
    "AcquisitionTime": "09:53:12.800000",
    "BandwidthPerPixelPhaseEncode": 28.409,
    "BodyPartExamined": "BRAIN",
    "ConversionSoftware": "dcm2niix",
    "ConversionSoftwareVersion": "v1.0.20170724 GCC4.4.7",
    "DeviceSerialNumber": "167004",
    "EchoTime": 0.03,
    "EchoTrainLength": 64,
    "EffectiveEchoSpacing": 0.000550002,
    "FlipAngle": 80,
    "ImageType": [
      "ORIGINAL",
      "PRIMARY",
      "M",
      "ND",
      "MOSAIC"
    ],
    "InstitutionAddress": "Mikeletegi_69_San_Sebastian_District_ES_20009",
    "InstitutionName": "BCBL",
    "MagneticFieldStrength": 3,
    "Manufacturer": "Siemens",
    "ManufacturersModelName": "Prisma_fit",
    "PhaseEncodingDirection": "j-",
    "PhaseEncodingLines": 64,
    "ProcedureStepDescription": "CRANEO_FUNCIONAL",
    "ProtocolName": "ep2d_PiN_L3_Run1",
    "RepetitionTime": 2,
    "ScanningSequence": "EP",
    "SequenceName": "_epfid2d1_64",
    "SequenceVariant": "SK",
    "SeriesDescription": "ep2d_PiN_L3_Run1",
    "SliceTiming": [
      1.9175,
      1.855,
      1.7925,
      1.7325,
      1.67,
      1.6075,
      1.545,
      1.485,
      1.4225,
      1.36,
      1.2975,
      1.2375,
      1.175,
      1.1125,
      1.0525,
      0.99,
      0.9275,
      0.865,
      0.805,
      0.7425,
      0.68,
      0.6175,
      0.5575,
      0.495,
      0.4325,
      0.37,
      0.31,
      0.2475,
      0.185,
      0.1225,
      0.0625,
      0
    ],
    "SoftwareVersions": "syngo_MR_E11",
    "TaskName": "compLn",
    "TotalReadoutTime": 0.0346501,
    "dataset": "ds003545",
    "modality": "bold",
    "run_id": 1,
    "session_id": "02",
    "subject_id": "20",
    "task_id": "compLn"
  },
  "dummy_trs": 0,
  "dvars_nstd": 19.955616218918923,
  "dvars_std": 1.2440684619999998,
  "dvars_vstd": 1.0241185232972976,
  "efc": 0.5069061438844832,
  "fber": 1314.1427001953125,
  "fd_mean": 0.2015680573517995,
  "fd_num": 46,
  "fd_perc": 24.731182795698924,
  "fwhm_avg": 2.7034512121212124,
  "fwhm_x": 2.5806429090909093,
  "fwhm_y": 2.8875607272727275,
  "fwhm_z": 2.64215,
  "gcor": 0.0354955,
  "gsr_x": -0.005634958390146494,
  "gsr_y": 0.03282302990555763,
  "provenance": {
    "md5sum": "506652dc0d4e5bef3a38786ffd36f53b",
    "settings": {
      "fd_thres": 0.2,
      "testing": false
    },
    "software": "mriqc",
    "version": "22.0.6",
    "webapi_port": null,
    "webapi_url": "https://mriqc.nimh.nih.gov/api/v1"
  },
  "size_t": 186,
  "size_x": 64,
  "size_y": 64,
  "size_z": 32,
  "snr": 2.7368314629972947,
  "spacing_tr": 2.0,
  "spacing_x": 3.4375,
  "spacing_y": 3.4375,
  "spacing_z": 4.0,
  "summary_bg_k": 25.726179617545352,
  "summary_bg_mad": 5.492006117260586,
  "summary_bg_mean": 45.523033142089844,
  "summary_bg_median": 20.456989288330078,
  "summary_bg_n": 77799.0,
  "summary_bg_p05": 16.28494644165039,
  "summary_bg_p95": 166.1897842407225,
  "summary_bg_stdv": 68.2151107788086,
  "summary_fg_k": 0.6487857866099547,
  "summary_fg_mad": 265.60098437297677,
  "summary_fg_mean": 800.1404418945312,
  "summary_fg_median": 755.1935424804688,
  "summary_fg_n": 23025.0,
  "summary_fg_p05": 433.07526245117185,
  "summary_fg_p95": 1323.0935546875,
  "summary_fg_stdv": 275.9311828613281,
  "tsnr": 73.47202945360914
}