{
  "aor": 0.01070358695652174,
  "aqi": 0.00173098925,
  "bids_meta": {
    "AcquisitionNumber": 1,
    "AcquisitionTime": "12:12:59.070000",
    "BandwidthPerPixelPhaseEncode": 28.409,
    "BodyPartExamined": "BRAIN",
    "ConversionSoftware": "dcm2niix",
    "ConversionSoftwareVersion": "v1.0.20170724 GCC4.4.7",
    "DeviceSerialNumber": "167004",
    "EchoTime": 0.03,
    "EchoTrainLength": 64,
    "EffectiveEchoSpacing": 0.000550002,
    "FlipAngle": 80,
    "ImageType": [
      "ORIGINAL",
      "PRIMARY",
      "M",
      "ND",
      "MOSAIC"
    ],
    "InstitutionAddress": "Mikeletegi_69_San_Sebastian_District_ES_20009",
    "InstitutionName": "BCBL",
    "MagneticFieldStrength": 3,
    "Manufacturer": "Siemens",
    "ManufacturersModelName": "Prisma_fit",
    "PhaseEncodingDirection": "j-",
    "PhaseEncodingLines": 64,
    "ProcedureStepDescription": "CRANEO_FUNCIONAL",
    "ProtocolName": "ep2d_PiN_L1_Run1",
    "RepetitionTime": 2,
    "ScanningSequence": "EP",
    "SequenceName": "_epfid2d1_64",
    "SequenceVariant": "SK",
    "SeriesDescription": "ep2d_PiN_L1_Run1",
    "SliceTiming": [
      1.9175,
      1.855,
      1.795,
      1.7325,
      1.67,
      1.6075,
      1.5475,
      1.485,
      1.4225,
      1.36,
      1.3,
      1.2375,
      1.175,
      1.1125,
      1.0525,
      0.99,
      0.9275,
      0.865,
      0.805,
      0.7425,
      0.68,
      0.6175,
      0.5575,
      0.495,
      0.4325,
      0.3725,
      0.31,
      0.2475,
      0.185,
      0.125,
      0.0625,
      0
    ],
    "SoftwareVersions": "syngo_MR_E11",
    "TaskName": "compL1",
    "TotalReadoutTime": 0.0346501,
    "dataset": "ds003545",
    "modality": "bold",
    "run_id": 1,
    "session_id": "01",
    "subject_id": "17",
    "task_id": "compL1"
  },
  "dummy_trs": 2,
  "dvars_nstd": 18.342891229508194,
  "dvars_std": 1.3170856560655733,
  "dvars_vstd": 1.0895823409836058,
  "efc": 0.4694980477230353,
  "fber": 1785.5120849609375,
  "fd_mean": 0.11081468490501306,
  "fd_num": 10,
  "fd_perc": 5.434782608695652,
  "fwhm_avg": 2.747913,
  "fwhm_x": 2.658624,
  "fwhm_y": 2.99424,
  "fwhm_z": 2.590875,
  "gcor": 0.0225168,
  "gsr_x": -0.009065518155694008,
  "gsr_y": 0.024521857500076294,
  "provenance": {
    "md5sum": "60fcb8c57dce8e863b61880a267e2a43",
    "settings": {
      "fd_thres": 0.2,
      "testing": false
    },
    "software": "mriqc",
    "version": "22.0.6",
    "webapi_port": null,
    "webapi_url": "https://mriqc.nimh.nih.gov/api/v1"
  },
  "size_t": 184,
  "size_x": 64,
  "size_y": 64,
  "size_z": 32,
  "snr": 2.7597277593810325,
  "spacing_tr": 2.0,
  "spacing_x": 3.4375,
  "spacing_y": 3.4375,
  "spacing_z": 4.0,
  "summary_bg_k": 40.132046030839795,
  "summary_bg_mad": 3.7387372587703505,
  "summary_bg_mean": 47.3204231262207,
  "summary_bg_median": 19.521739959716797,
  "summary_bg_n": 83738.0,
  "summary_bg_p05": 16.782609939575195,
  "summary_bg_p95": 173.25,
  "summary_bg_stdv": 81.70109558105469,
  "summary_fg_k": 0.8748373814375356,
  "summary_fg_mad": 307.2209876670803,
  "summary_fg_mean": 890.3685913085938,
  "summary_fg_median": 845.247314453125,
  "summary_fg_n": 18932.0,
  "summary_fg_p05": 476.4717422485352,
  "summary_fg_p95": 1442.921472167969,
  "summary_fg_stdv": 306.2711486816406,
  "tsnr": 95.31076450832188
}