{
  "aor": 0.0041304526748971206,
  "aqi": 0.004653497283950617,
  "bids_meta": {
    "AcquisitionNumber": 1,
    "AcquisitionTime": "10:24:38.730000",
    "BandwidthPerPixelPhaseEncode": 29.481,
    "BodyPartExamined": "BRAIN",
    "ConversionSoftware": "dcm2niix",
    "ConversionSoftwareVersion": "v1.0.20170724 GCC4.4.7",
    "DeviceSerialNumber": "167004",
    "EchoTime": 0.025,
    "EchoTrainLength": 64,
    "EffectiveEchoSpacing": 0.000530002,
    "FlipAngle": 90,
    "ImageType": [
      "ORIGINAL",
      "PRIMARY",
      "M",
      "ND",
      "MOSAIC"
    ],
    "InstitutionAddress": "Mikeletegi_69_San_Sebastian_District_ES_20009",
    "InstitutionName": "BCBL",
    "MagneticFieldStrength": 3,
    "Manufacturer": "Siemens",
    "ManufacturersModelName": "Prisma_fit",
    "PhaseEncodingDirection": "j-",
    "PhaseEncodingLines": 64,
    "ProcedureStepDescription": "CRANEO_FUNCIONAL",
    "ProtocolName": "ep2d_VF_L1_Run1",
    "RepetitionTime": 3,
    "ScanningSequence": "EP",
    "SequenceName": "_epfid2d1_64",
    "SequenceVariant": "SK",
    "SeriesDescription": "ep2d_VF_L1_Run1",
    "SliceTiming": [
      2.9125,
      2.8425,
      2.7725,
      2.7025,
      2.635,
      2.565,
      2.495,
      2.425,
      2.3575,
      2.2875,
      2.2175,
      2.15,
      2.08,
      2.01,
      1.94,
      1.8725,
      1.8025,
      1.7325,
      1.665,
      1.595,
      1.525,
      1.455,
      1.3875,
      1.3175,
      1.2475,
      1.18,
      1.11,
      1.04,
      0.97,
      0.9025,
      0.8325,
      0.7625,
      0.6925,
      0.625,
      0.555,
      0.485,
      0.4175,
      0.3475,
      0.2775,
      0.2075,
      0.14,
      0.07,
      0
    ],
    "SoftwareVersions": "syngo_MR_E11",
    "TaskName": "prodL1",
    "TotalReadoutTime": 0.0333901,
    "dataset": "ds003545",
    "modality": "bold",
    "run_id": 1,
    "session_id": "01",
    "subject_id": "17",
    "task_id": "prodL1"
  },
  "dummy_trs": 0,
  "dvars_nstd": 30.82171163095041,
  "dvars_std": 1.3139945350826434,
  "dvars_vstd": 1.045167780082645,
  "efc": 0.5489086095557556,
  "fber": 649.7637939453125,
  "fd_mean": 0.31164282249946673,
  "fd_num": 167,
  "fd_perc": 68.72427983539094,
  "fwhm_avg": 2.8068833471934003,
  "fwhm_x": 2.63413,
  "fwhm_y": 2.90892,
  "fwhm_z": 2.8776000415802003,
  "gcor": 0.0211184,
  "gsr_x": 4.787425132235512e-05,
  "gsr_y": 0.05649317428469658,
  "provenance": {
    "md5sum": "926508e8f49a71d8257392ffc101158c",
    "settings": {
      "fd_thres": 0.2,
      "testing": false
    },
    "software": "mriqc",
    "version": "22.0.6",
    "webapi_port": null,
    "webapi_url": "https://mriqc.nimh.nih.gov/api/v1"
  },
  "size_t": 243,
  "size_x": 64,
  "size_y": 64,
  "size_z": 43,
  "snr": 2.7179502087447283,
  "spacing_tr": 3.0,
  "spacing_x": 3.0,
  "spacing_y": 3.0,
  "spacing_z": 3.299999952316284,
  "summary_bg_k": 23.43496280088815,
  "summary_bg_mad": 10.664975403062504,
  "summary_bg_mean": 90.35626220703125,
  "summary_bg_median": 37.921810150146484,
  "summary_bg_n": 103847.0,
  "summary_bg_p05": 29.905349731445312,
  "summary_bg_p95": 340.48023986816406,
  "summary_bg_stdv": 136.866455078125,
  "summary_fg_k": 1.248930889761179,
  "summary_fg_mad": 352.2675177926007,
  "summary_fg_mean": 1051.9097900390625,
  "summary_fg_median": 995.0205688476562,
  "summary_fg_n": 33775.0,
  "summary_fg_p05": 567.4608642578125,
  "summary_fg_p95": 1730.11064453125,
  "summary_fg_stdv": 366.08685302734375,
  "tsnr": 65.33753908984363
}