{
  "aor": 0.0049334946236559134,
  "aqi": 0.002414095161290323,
  "bids_meta": {
    "AcquisitionNumber": 1,
    "AcquisitionTime": "10:11:5.345000",
    "BandwidthPerPixelPhaseEncode": 28.409,
    "BodyPartExamined": "BRAIN",
    "ConversionSoftware": "dcm2niix",
    "ConversionSoftwareVersion": "v1.0.20170724 GCC4.4.7",
    "DeviceSerialNumber": "167004",
    "EchoTime": 0.03,
    "EchoTrainLength": 64,
    "EffectiveEchoSpacing": 0.000550002,
    "FlipAngle": 80,
    "ImageType": [
      "ORIGINAL",
      "PRIMARY",
      "M",
      "ND",
      "MOSAIC"
    ],
    "InstitutionAddress": "Mikeletegi_69_San_Sebastian_District_ES_20009",
    "InstitutionName": "BCBL",
    "MagneticFieldStrength": 3,
    "Manufacturer": "Siemens",
    "ManufacturersModelName": "Prisma_fit",
    "PhaseEncodingDirection": "j-",
    "PhaseEncodingLines": 64,
    "ProcedureStepDescription": "CRANEO_FUNCIONAL",
    "ProtocolName": "ep2d_PiN_L1_Run2",
    "RepetitionTime": 2,
    "ScanningSequence": "EP",
    "SequenceName": "_epfid2d1_64",
    "SequenceVariant": "SK",
    "SeriesDescription": "ep2d_PiN_L1_Run2",
    "SliceTiming": [
      1.9175,
      1.8575,
      1.795,
      1.7325,
      1.67,
      1.61,
      1.5475,
      1.485,
      1.4225,
      1.3625,
      1.3,
      1.2375,
      1.175,
      1.115,
      1.0525,
      0.99,
      0.9275,
      0.8675,
      0.805,
      0.7425,
      0.68,
      0.62,
      0.5575,
      0.495,
      0.4325,
      0.3725,
      0.31,
      0.2475,
      0.185,
      0.125,
      0.0625,
      0
    ],
    "SoftwareVersions": "syngo_MR_E11",
    "TaskName": "compL1",
    "TotalReadoutTime": 0.0346501,
    "dataset": "ds003545",
    "modality": "bold",
    "run_id": 2,
    "session_id": "01",
    "subject_id": "17",
    "task_id": "compL1"
  },
  "dummy_trs": 0,
  "dvars_nstd": 20.376082219297288,
  "dvars_std": 1.2409106634594598,
  "dvars_vstd": 1.0118164168108101,
  "efc": 0.4744759925808445,
  "fber": 1727.940185546875,
  "fd_mean": 0.19451210069590477,
  "fd_num": 63,
  "fd_perc": 33.87096774193548,
  "fwhm_avg": 2.6119866969696974,
  "fwhm_x": 2.4842036363636364,
  "fwhm_y": 2.7592814545454547,
  "fwhm_z": 2.592475,
  "gcor": 0.0394239,
  "gsr_x": -0.006551787257194519,
  "gsr_y": 0.028430312871932983,
  "provenance": {
    "md5sum": "80255dacaa38b9e97bdfbd006049d371",
    "settings": {
      "fd_thres": 0.2,
      "testing": false
    },
    "software": "mriqc",
    "version": "22.0.6",
    "webapi_port": null,
    "webapi_url": "https://mriqc.nimh.nih.gov/api/v1"
  },
  "size_t": 186,
  "size_x": 64,
  "size_y": 64,
  "size_z": 32,
  "snr": 3.000504453016643,
  "spacing_tr": 2.0,
  "spacing_x": 3.4375,
  "spacing_y": 3.4375,
  "spacing_z": 4.0,
  "summary_bg_k": 43.85060788066206,
  "summary_bg_mad": 2.901436660469873,
  "summary_bg_mean": 44.882633209228516,
  "summary_bg_median": 18.731182098388672,
  "summary_bg_n": 83638.0,
  "summary_bg_p05": 16.677419662475586,
  "summary_bg_p95": 158.78279647827137,
  "summary_bg_stdv": 79.81351470947266,
  "summary_fg_k": 0.8992782409974227,
  "summary_fg_mad": 256.4343961874732,
  "summary_fg_mean": 834.0747680664062,
  "summary_fg_median": 795.46240234375,
  "summary_fg_n": 18810.0,
  "summary_fg_p05": 475.8169281005859,
  "summary_fg_p95": 1322.0317016601562,
  "summary_fg_stdv": 265.1025085449219,
  "tsnr": 89.52769450843334
}