{
  "bids_meta": {
    "AccelFactPE": 2,
    "AcquisitionNumber": 1,
    "AcquisitionTime": "12:12:9.550000",
    "ConversionSoftware": "dcm2niix",
    "ConversionSoftwareVersion": "v1.0.20170724 GCC4.4.7",
    "DeviceSerialNumber": "35414",
    "EchoTime": 0.00297,
    "FlipAngle": 7,
    "ImageType": [
      "ORIGINAL",
      "PRIMARY",
      "M",
      "ND",
      "NORM"
    ],
    "InstitutionAddress": "Mikeletegi_69_San_Sebastian_District_ES_20009",
    "InstitutionName": "BCBL",
    "InversionTime": 1.1,
    "MagneticFieldStrength": 3,
    "Manufacturer": "Siemens",
    "ManufacturersModelName": "TrioTim",
    "PhaseEncodingDirection": "i-",
    "PhaseEncodingLines": 256,
    "ProcedureStepDescription": "CRANEO_FUNCIONAL",
    "ProtocolName": "t1_mpr_tra_p2_iso",
    "RepetitionTime": 2.53,
    "ScanningSequence": "GR_IR",
    "SequenceName": "_tfl3d1",
    "SequenceVariant": "SP_MP_OSP",
    "SeriesDescription": "t1_mpr_tra_p2_iso",
    "SoftwareVersions": "syngo_MR_B17",
    "dataset": "ds003545",
    "modality": "T1w",
    "session_id": "02",
    "subject_id": "09"
  },
  "cjv": 0.33913619276462825,
  "cnr": 3.9788865855702515,
  "efc": 0.5520189569499849,
  "fber": 14917.908179012344,
  "fwhm_avg": 4.50247,
  "fwhm_x": 4.29295,
  "fwhm_y": 4.95219,
  "fwhm_z": 4.26227,
  "icvs_csf": 0.21795699059627974,
  "icvs_gm": 0.4372264386038275,
  "icvs_wm": 0.3448165707998928,
  "inu_med": 0.524072140455246,
  "inu_range": 0.2289707511663437,
  "provenance": {
    "md5sum": "4eb05d0f664bd8ef2eaeea71e1fc1305",
    "settings": {
      "testing": false
    },
    "software": "mriqc",
    "version": "22.0.6",
    "warnings": {
      "large_rot_frame": true,
      "small_air_mask": false
    },
    "webapi_port": null,
    "webapi_url": "https://mriqc.nimh.nih.gov/api/v1"
  },
  "qi_1": 0.0,
  "qi_2": 0.015552519014341896,
  "rpve_csf": 23.767190178345377,
  "rpve_gm": 12.178127012117972,
  "rpve_wm": 17.47768578891686,
  "size_x": 256,
  "size_y": 256,
  "size_z": 176,
  "snr_csf": 2.1010044534727235,
  "snr_gm": 11.998207542649883,
  "snr_total": 12.407808205831188,
  "snr_wm": 23.124212621370955,
  "snrd_csf": 31.572525115456735,
  "snrd_gm": 85.6184722952513,
  "snrd_total": 79.39774461913221,
  "snrd_wm": 121.00223644668864,
  "spacing_x": 1.0,
  "spacing_y": 1.0,
  "spacing_z": 1.0,
  "summary_bg_k": 16.3834312578641,
  "summary_bg_mad": 5.414415111005301,
  "summary_bg_mean": 5.07199188354985,
  "summary_bg_median": 3.6519674956798553,
  "summary_bg_n": 2084921.0,
  "summary_bg_p05": 0.0,
  "summary_bg_p95": 18.838065665215254,
  "summary_bg_stdv": 7.30834773285846,
  "summary_csf_k": -0.2876200948389762,
  "summary_csf_mad": 131.79588782705403,
  "summary_csf_mean": 267.9096718211392,
  "summary_csf_median": 260.93307756632566,
  "summary_csf_n": 55877.0,
  "summary_csf_p05": 67.71356398239732,
  "summary_csf_p95": 475.0905381254852,
  "summary_csf_stdv": 124.1933315450874,
  "summary_gm_k": 0.019261575940157982,
  "summary_gm_mad": 59.33296559143309,
  "summary_gm_mean": 706.4012746027074,
  "summary_gm_median": 707.599135350436,
  "summary_gm_n": 37525.0,
  "summary_gm_p05": 608.8438476547599,
  "summary_gm_p95": 801.0590701773763,
  "summary_gm_stdv": 58.97461803380233,
  "summary_wm_k": 0.8287308651237097,
  "summary_wm_mad": 39.841071191814,
  "summary_wm_mean": 999.5619903228352,
  "summary_wm_median": 1000.0304325670004,
  "summary_wm_n": 188807.0,
  "summary_wm_p05": 927.8827713835984,
  "summary_wm_p95": 1068.9613190479577,
  "summary_wm_stdv": 43.24591719727557,
  "tpm_overlap_csf": 0.15027903917140764,
  "tpm_overlap_gm": 0.4836958612830139,
  "tpm_overlap_wm": 0.5116620782255915,
  "wm2max": 0.5549957087481566
}