{
  "aor": 0.017219513513513515,
  "aqi": 0.004735880108108108,
  "bids_meta": {
    "AcquisitionNumber": 1,
    "AcquisitionTime": "14:57:44.167500",
    "BandwidthPerPixelPhaseEncode": 28.409,
    "ConversionSoftware": "dcm2niix",
    "ConversionSoftwareVersion": "v1.0.20170724 GCC4.4.7",
    "DeviceSerialNumber": "35414",
    "EchoTime": 0.03,
    "EffectiveEchoSpacing": 0.000550002,
    "FlipAngle": 80,
    "ImageType": [
      "ORIGINAL",
      "PRIMARY",
      "FMRI",
      "NONE",
      "ND",
      "MOSAIC"
    ],
    "InstitutionAddress": "Mikeletegi_69_San_Sebastian_District_ES_20009",
    "InstitutionName": "BCBL",
    "MagneticFieldStrength": 3,
    "Manufacturer": "Siemens",
    "ManufacturersModelName": "TrioTim",
    "PhaseEncodingDirection": "j-",
    "PhaseEncodingLines": 64,
    "ProcedureStepDescription": "CRANEO_FUNCIONAL",
    "ProtocolName": "ep2d_PiN_L1_Run2",
    "RepetitionTime": 2,
    "ScanningSequence": "EP",
    "SequenceName": "_epfid2d1_64",
    "SequenceVariant": "SK",
    "SeriesDescription": "ep2d_PiN_L1_Run2",
    "SliceTiming": [
      1.925,
      1.8625,
      1.8,
      1.7375,
      1.6775,
      1.615,
      1.5525,
      1.49,
      1.4275,
      1.365,
      1.305,
      1.2425,
      1.18,
      1.1175,
      1.055,
      0.9925,
      0.9325,
      0.87,
      0.8075,
      0.745,
      0.6825,
      0.62,
      0.5575,
      0.4975,
      0.435,
      0.3725,
      0.31,
      0.2475,
      0.185,
      0.125,
      0.0625,
      0
    ],
    "SoftwareVersions": "syngo_MR_B17",
    "TaskName": "compL1",
    "TotalReadoutTime": 0.0346501,
    "dataset": "ds003545",
    "modality": "bold",
    "run_id": 2,
    "session_id": "02",
    "subject_id": "11",
    "task_id": "compL1"
  },
  "dummy_trs": 1,
  "dvars_nstd": 25.455400798532605,
  "dvars_std": 1.3484622241304345,
  "dvars_vstd": 1.1094744358695647,
  "efc": 0.48429399075163965,
  "fber": 1140.2232666015625,
  "fd_mean": 0.2353368635384477,
  "fd_num": 66,
  "fd_perc": 35.67567567567568,
  "fwhm_avg": 2.9152517575757577,
  "fwhm_x": 2.8754734545454546,
  "fwhm_y": 3.0597818181818184,
  "fwhm_z": 2.8105,
  "gcor": 0.059789,
  "gsr_x": -0.016752170398831367,
  "gsr_y": 0.04437704384326935,
  "provenance": {
    "md5sum": "b3500df2eb3d2c55cd5971c09ef8775e",
    "settings": {
      "fd_thres": 0.2,
      "testing": false
    },
    "software": "mriqc",
    "version": "22.0.6",
    "webapi_port": null,
    "webapi_url": "https://mriqc.nimh.nih.gov/api/v1"
  },
  "size_t": 185,
  "size_x": 64,
  "size_y": 64,
  "size_z": 32,
  "snr": 2.693121171539701,
  "spacing_tr": 2.0,
  "spacing_x": 3.4375,
  "spacing_y": 3.4375,
  "spacing_z": 4.0,
  "summary_bg_k": 46.11380438527577,
  "summary_bg_mad": 5.385450304051988,
  "summary_bg_mean": 34.44353485107422,
  "summary_bg_median": 18.27027130126953,
  "summary_bg_n": 81730.0,
  "summary_bg_p05": 14.054054260253906,
  "summary_bg_p95": 113.17891960144046,
  "summary_bg_stdv": 51.21963119506836,
  "summary_fg_k": 2.8280166410279772,
  "summary_fg_mad": 182.67260567722442,
  "summary_fg_mean": 662.7395629882812,
  "summary_fg_median": 617.7918701171875,
  "summary_fg_n": 20882.0,
  "summary_fg_p05": 389.4724380493164,
  "summary_fg_p95": 1130.603833007813,
  "summary_fg_stdv": 229.3907470703125,
  "tsnr": 59.64048347622156
}