{
  "aor": 0.002010810810810811,
  "aqi": 0.0017492003999999997,
  "bids_meta": {
    "AcquisitionNumber": 1,
    "AcquisitionTime": "10:07:43.875000",
    "BandwidthPerPixelPhaseEncode": 28.409,
    "ConversionSoftware": "dcm2niix",
    "ConversionSoftwareVersion": "v1.0.20170724 GCC4.4.7",
    "DeviceSerialNumber": "35414",
    "EchoTime": 0.03,
    "EffectiveEchoSpacing": 0.000550002,
    "FlipAngle": 80,
    "ImageType": [
      "ORIGINAL",
      "PRIMARY",
      "FMRI",
      "NONE",
      "ND",
      "MOSAIC"
    ],
    "InstitutionAddress": "Mikeletegi_69_San_Sebastian_District_ES_20009",
    "InstitutionName": "BCBL",
    "MagneticFieldStrength": 3,
    "Manufacturer": "Siemens",
    "ManufacturersModelName": "TrioTim",
    "PhaseEncodingDirection": "j-",
    "PhaseEncodingLines": 64,
    "ProcedureStepDescription": "CRANEO_FUNCIONAL",
    "ProtocolName": "ep2d_PiN_L3_Run1",
    "RepetitionTime": 2,
    "ScanningSequence": "EP",
    "SequenceName": "_epfid2d1_64",
    "SequenceVariant": "SK",
    "SeriesDescription": "ep2d_PiN_L3_Run1",
    "SliceTiming": [
      1.9275,
      1.865,
      1.8025,
      1.74,
      1.6775,
      1.615,
      1.555,
      1.4925,
      1.43,
      1.3675,
      1.305,
      1.2425,
      1.18,
      1.12,
      1.0575,
      0.995,
      0.9325,
      0.87,
      0.8075,
      0.7475,
      0.685,
      0.6225,
      0.56,
      0.4975,
      0.435,
      0.3725,
      0.3125,
      0.25,
      0.1875,
      0.125,
      0.0625,
      0
    ],
    "SoftwareVersions": "syngo_MR_B17",
    "TaskName": "compLn",
    "TotalReadoutTime": 0.0346501,
    "dataset": "ds003545",
    "modality": "bold",
    "run_id": 1,
    "session_id": "02",
    "subject_id": "11",
    "task_id": "compLn"
  },
  "dummy_trs": 1,
  "dvars_nstd": 19.182314100652178,
  "dvars_std": 1.2529527527173914,
  "dvars_vstd": 0.9947641971195643,
  "efc": 0.4863813923276604,
  "fber": 1164.4298095703125,
  "fd_mean": 0.15238247830867965,
  "fd_num": 34,
  "fd_perc": 18.37837837837838,
  "fwhm_avg": 2.6710308787878794,
  "fwhm_x": 2.5874123636363637,
  "fwhm_y": 2.831255272727273,
  "fwhm_z": 2.594425,
  "gcor": 0.0376859,
  "gsr_x": -0.013906733132898808,
  "gsr_y": 0.04033186659216881,
  "provenance": {
    "md5sum": "ec1e7afcb7515b804d89ffd8724dcca1",
    "settings": {
      "fd_thres": 0.2,
      "testing": false
    },
    "software": "mriqc",
    "version": "22.0.6",
    "webapi_port": null,
    "webapi_url": "https://mriqc.nimh.nih.gov/api/v1"
  },
  "size_t": 185,
  "size_x": 64,
  "size_y": 64,
  "size_z": 32,
  "snr": 3.0759067885806757,
  "spacing_tr": 2.0,
  "spacing_x": 3.4375,
  "spacing_y": 3.4375,
  "spacing_z": 4.0,
  "summary_bg_k": 49.7078991823311,
  "summary_bg_mad": 4.423765779584827,
  "summary_bg_mean": 31.039470672607422,
  "summary_bg_median": 17.243244171142578,
  "summary_bg_n": 81838.0,
  "summary_bg_p05": 13.956757545471191,
  "summary_bg_p95": 95.0540542602539,
  "summary_bg_stdv": 44.34423065185547,
  "summary_fg_k": 2.246134088322079,
  "summary_fg_mad": 163.178431597268,
  "summary_fg_mean": 625.03125,
  "summary_fg_median": 592.5,
  "summary_fg_n": 20790.0,
  "summary_fg_p05": 378.7324508666992,
  "summary_fg_p95": 1000.3992309570312,
  "summary_fg_stdv": 192.62149047851562,
  "tsnr": 98.61380602698773
}