{
  "aor": 0.006607489711934157,
  "aqi": 0.013188656460905349,
  "bids_meta": {
    "AcquisitionNumber": 1,
    "AcquisitionTime": "12:57:28.657500",
    "BandwidthPerPixelPhaseEncode": 29.481,
    "ConversionSoftware": "dcm2niix",
    "ConversionSoftwareVersion": "v1.0.20170724 GCC4.4.7",
    "DeviceSerialNumber": "35414",
    "EchoTime": 0.025,
    "EffectiveEchoSpacing": 0.000530002,
    "FlipAngle": 90,
    "ImageType": [
      "ORIGINAL",
      "PRIMARY",
      "M",
      "ND",
      "MOSAIC"
    ],
    "InstitutionAddress": "Mikeletegi_69_San_Sebastian_District_ES_20009",
    "InstitutionName": "BCBL",
    "MagneticFieldStrength": 3,
    "Manufacturer": "Siemens",
    "ManufacturersModelName": "TrioTim",
    "PhaseEncodingDirection": "j-",
    "PhaseEncodingLines": 64,
    "ProcedureStepDescription": "CRANEO_FUNCIONAL",
    "ProtocolName": "ep2d_VF_L1_Run1",
    "RepetitionTime": 3,
    "ScanningSequence": "EP",
    "SequenceName": "_epfid2d1_64",
    "SequenceVariant": "SK",
    "SeriesDescription": "ep2d_VF_L1_Run1",
    "SliceTiming": [
      2.9225,
      2.8525,
      2.7825,
      2.715,
      2.645,
      2.575,
      2.505,
      2.435,
      2.365,
      2.2975,
      2.2275,
      2.1575,
      2.0875,
      2.0175,
      1.9475,
      1.88,
      1.81,
      1.74,
      1.67,
      1.6,
      1.53,
      1.4625,
      1.3925,
      1.3225,
      1.2525,
      1.1825,
      1.1125,
      1.045,
      0.975,
      0.905,
      0.835,
      0.765,
      0.6975,
      0.6275,
      0.5575,
      0.4875,
      0.4175,
      0.3475,
      0.28,
      0.21,
      0.14,
      0.07,
      0
    ],
    "SoftwareVersions": "syngo_MR_B17",
    "TaskName": "prodL1",
    "TotalReadoutTime": 0.0333901,
    "dataset": "ds003545",
    "modality": "bold",
    "run_id": 1,
    "session_id": "02",
    "subject_id": "03",
    "task_id": "prodL1"
  },
  "dummy_trs": 0,
  "dvars_nstd": 58.275273015454594,
  "dvars_std": 1.26888621,
  "dvars_vstd": 1.0094884845454544,
  "efc": 0.5697101922315818,
  "fber": 365.8076171875,
  "fd_mean": 0.7025956533628116,
  "fd_num": 209,
  "fd_perc": 86.0082304526749,
  "fwhm_avg": 3.0119160745057107,
  "fwhm_x": 2.935496666666667,
  "fwhm_y": 3.2144333333333335,
  "fwhm_z": 2.885818223517132,
  "gcor": 0.0190699,
  "gsr_x": -0.01565353013575077,
  "gsr_y": 0.09579513967037201,
  "provenance": {
    "md5sum": "702c0705911b78dad8c69ae507675b3f",
    "settings": {
      "fd_thres": 0.2,
      "testing": false
    },
    "software": "mriqc",
    "version": "22.0.6",
    "webapi_port": null,
    "webapi_url": "https://mriqc.nimh.nih.gov/api/v1"
  },
  "size_t": 243,
  "size_x": 64,
  "size_y": 64,
  "size_z": 43,
  "snr": 2.4806736889395764,
  "spacing_tr": 3.0,
  "spacing_x": 3.0,
  "spacing_y": 3.0,
  "spacing_z": 3.299999952316284,
  "summary_bg_k": 14.249143715296029,
  "summary_bg_mad": 15.167690214548402,
  "summary_bg_mean": 71.80796813964844,
  "summary_bg_median": 35.84362030029297,
  "summary_bg_n": 101409.0,
  "summary_bg_p05": 24.876543045043945,
  "summary_bg_p95": 248.9045166015624,
  "summary_bg_stdv": 85.6541748046875,
  "summary_fg_k": 2.61911676331533,
  "summary_fg_mad": 212.7930533513855,
  "summary_fg_mean": 759.5821533203125,
  "summary_fg_median": 694.2427978515625,
  "summary_fg_n": 36174.0,
  "summary_fg_p05": 442.67322845458983,
  "summary_fg_p95": 1346.2890624999998,
  "summary_fg_stdv": 279.8567199707031,
  "tsnr": 32.77263219747692
}