{
  "aor": 0.02803629032258064,
  "aqi": 0.012949419247311826,
  "bids_meta": {
    "AcquisitionNumber": 1,
    "AcquisitionTime": "10:52:24.437500",
    "BandwidthPerPixelPhaseEncode": 28.409,
    "ConversionSoftware": "dcm2niix",
    "ConversionSoftwareVersion": "v1.0.20170724 GCC4.4.7",
    "DeviceSerialNumber": "35414",
    "EchoTime": 0.03,
    "EffectiveEchoSpacing": 0.000550002,
    "FlipAngle": 80,
    "ImageType": [
      "ORIGINAL",
      "PRIMARY",
      "FMRI",
      "NONE",
      "ND",
      "MOSAIC"
    ],
    "InstitutionAddress": "Mikeletegi_69_San_Sebastian_District_ES_20009",
    "InstitutionName": "BCBL",
    "MagneticFieldStrength": 3,
    "Manufacturer": "Siemens",
    "ManufacturersModelName": "TrioTim",
    "PhaseEncodingDirection": "j-",
    "PhaseEncodingLines": 64,
    "ProcedureStepDescription": "CRANEO_FUNCIONAL",
    "ProtocolName": "ep2d_PiN_L3_Run2",
    "RepetitionTime": 2,
    "ScanningSequence": "EP",
    "SequenceName": "_epfid2d1_64",
    "SequenceVariant": "SK",
    "SeriesDescription": "ep2d_PiN_L3_Run2",
    "SliceTiming": [
      1.925,
      1.8625,
      1.8,
      1.7375,
      1.6775,
      1.615,
      1.5525,
      1.49,
      1.4275,
      1.365,
      1.305,
      1.2425,
      1.18,
      1.1175,
      1.055,
      0.9925,
      0.93,
      0.87,
      0.8075,
      0.745,
      0.6825,
      0.62,
      0.5575,
      0.4975,
      0.435,
      0.3725,
      0.31,
      0.2475,
      0.185,
      0.125,
      0.0625,
      0
    ],
    "SoftwareVersions": "syngo_MR_B17",
    "TaskName": "compLn",
    "TotalReadoutTime": 0.0346501,
    "dataset": "ds003545",
    "modality": "bold",
    "run_id": 2,
    "session_id": "02",
    "subject_id": "03",
    "task_id": "compLn"
  },
  "dummy_trs": 0,
  "dvars_nstd": 41.98061001800001,
  "dvars_std": 1.2213390880540549,
  "dvars_vstd": 1.072328299567567,
  "efc": 0.48840309583625763,
  "fber": 1101.680419921875,
  "fd_mean": 0.7957341935431007,
  "fd_num": 96,
  "fd_perc": 51.61290322580645,
  "fwhm_avg": 2.994054696969697,
  "fwhm_x": 2.974690909090909,
  "fwhm_y": 3.159098181818182,
  "fwhm_z": 2.848375,
  "gcor": 0.0176036,
  "gsr_x": -0.016166813671588898,
  "gsr_y": 0.06622832268476486,
  "provenance": {
    "md5sum": "07c39b621be548f8d9f514d57e5d4dd2",
    "settings": {
      "fd_thres": 0.2,
      "testing": false
    },
    "software": "mriqc",
    "version": "22.0.6",
    "webapi_port": null,
    "webapi_url": "https://mriqc.nimh.nih.gov/api/v1"
  },
  "size_t": 186,
  "size_x": 64,
  "size_y": 64,
  "size_z": 32,
  "snr": 2.3775059640751106,
  "spacing_tr": 2.0,
  "spacing_x": 3.4375,
  "spacing_y": 3.4375,
  "spacing_z": 4.0,
  "summary_bg_k": 33.130317683316626,
  "summary_bg_mad": 7.357213581094516,
  "summary_bg_mean": 39.039432525634766,
  "summary_bg_median": 18.3817195892334,
  "summary_bg_n": 81193.0,
  "summary_bg_p05": 11.833333015441895,
  "summary_bg_p95": 138.59570312499994,
  "summary_bg_stdv": 57.67875671386719,
  "summary_fg_k": 2.767390561240193,
  "summary_fg_mad": 183.04558637144595,
  "summary_fg_mean": 676.2269287109375,
  "summary_fg_median": 610.9462280273438,
  "summary_fg_n": 21203.0,
  "summary_fg_p05": 395.52528076171876,
  "summary_fg_p95": 1227.5875976562484,
  "summary_fg_stdv": 256.96331787109375,
  "tsnr": 31.956210058240686
}