{
  "aor": 0.007835102880658437,
  "aqi": 0.02253196267489712,
  "bids_meta": {
    "AcquisitionNumber": 1,
    "AcquisitionTime": "11:01:27.770000",
    "BandwidthPerPixelPhaseEncode": 29.481,
    "ConversionSoftware": "dcm2niix",
    "ConversionSoftwareVersion": "v1.0.20170724 GCC4.4.7",
    "DeviceSerialNumber": "35414",
    "EchoTime": 0.025,
    "EffectiveEchoSpacing": 0.000530002,
    "FlipAngle": 90,
    "ImageType": [
      "ORIGINAL",
      "PRIMARY",
      "M",
      "ND",
      "MOSAIC"
    ],
    "InstitutionAddress": "Mikeletegi_69_San_Sebastian_District_ES_20009",
    "InstitutionName": "BCBL",
    "MagneticFieldStrength": 3,
    "Manufacturer": "Siemens",
    "ManufacturersModelName": "TrioTim",
    "PhaseEncodingDirection": "j-",
    "PhaseEncodingLines": 64,
    "ProcedureStepDescription": "CRANEO_FUNCIONAL",
    "ProtocolName": "ep2d_VF_L3_Run1",
    "RepetitionTime": 3,
    "ScanningSequence": "EP",
    "SequenceName": "_epfid2d1_64",
    "SequenceVariant": "SK",
    "SeriesDescription": "ep2d_VF_L3_Run1",
    "SliceTiming": [
      2.9225,
      2.8525,
      2.785,
      2.715,
      2.645,
      2.575,
      2.505,
      2.435,
      2.3675,
      2.2975,
      2.2275,
      2.1575,
      2.0875,
      2.0175,
      1.95,
      1.88,
      1.81,
      1.74,
      1.67,
      1.6025,
      1.5325,
      1.4625,
      1.3925,
      1.3225,
      1.2525,
      1.185,
      1.115,
      1.045,
      0.975,
      0.905,
      0.835,
      0.7675,
      0.6975,
      0.6275,
      0.5575,
      0.4875,
      0.4175,
      0.35,
      0.28,
      0.21,
      0.14,
      0.07,
      0
    ],
    "SoftwareVersions": "syngo_MR_B17",
    "TaskName": "prodLn",
    "TotalReadoutTime": 0.0333901,
    "dataset": "ds003545",
    "modality": "bold",
    "run_id": 1,
    "session_id": "02",
    "subject_id": "03",
    "task_id": "prodLn"
  },
  "dummy_trs": 0,
  "dvars_nstd": 78.14046836115708,
  "dvars_std": 1.2040746431404954,
  "dvars_vstd": 0.9722505007024789,
  "efc": 0.5649168177625064,
  "fber": 358.0932312011719,
  "fd_mean": 1.2412906663986705,
  "fd_num": 227,
  "fd_perc": 93.4156378600823,
  "fwhm_avg": 3.300063348863454,
  "fwhm_x": 3.22649,
  "fwhm_y": 3.4493666666666667,
  "fwhm_z": 3.2243333799236957,
  "gcor": 0.0647143,
  "gsr_x": -0.01744180917739868,
  "gsr_y": 0.10150936245918274,
  "provenance": {
    "md5sum": "64c4f1e33f0b0194e71284533196dafb",
    "settings": {
      "fd_thres": 0.2,
      "testing": false
    },
    "software": "mriqc",
    "version": "22.0.6",
    "webapi_port": null,
    "webapi_url": "https://mriqc.nimh.nih.gov/api/v1"
  },
  "size_t": 243,
  "size_x": 64,
  "size_y": 64,
  "size_z": 43,
  "snr": 2.248584679454967,
  "spacing_tr": 3.0,
  "spacing_x": 3.0,
  "spacing_y": 3.0,
  "spacing_z": 3.299999952316284,
  "summary_bg_k": 14.256870846517703,
  "summary_bg_mad": 21.647208926654873,
  "summary_bg_mean": 87.68277740478516,
  "summary_bg_median": 42.74073791503906,
  "summary_bg_n": 101607.0,
  "summary_bg_p05": 26.68724250793457,
  "summary_bg_p95": 308.83002014160144,
  "summary_bg_stdv": 108.22107696533203,
  "summary_fg_k": 2.8649635538647296,
  "summary_fg_mad": 256.23391369143445,
  "summary_fg_mean": 878.0791625976562,
  "summary_fg_median": 789.5802001953125,
  "summary_fg_n": 36423.0,
  "summary_fg_p05": 494.9489440917969,
  "summary_fg_p95": 1633.793762207032,
  "summary_fg_stdv": 351.1405944824219,
  "tsnr": 21.44262657314539
}