{
  "aor": 0.004894247311827957,
  "aqi": 0.011747511129032258,
  "bids_meta": {
    "AcquisitionNumber": 1,
    "AcquisitionTime": "12:47:2.140000",
    "BandwidthPerPixelPhaseEncode": 28.409,
    "ConversionSoftware": "dcm2niix",
    "ConversionSoftwareVersion": "v1.0.20170724 GCC4.4.7",
    "DeviceSerialNumber": "35414",
    "EchoTime": 0.03,
    "EffectiveEchoSpacing": 0.000550002,
    "FlipAngle": 80,
    "ImageType": [
      "ORIGINAL",
      "PRIMARY",
      "FMRI",
      "NONE",
      "ND",
      "MOSAIC"
    ],
    "InstitutionAddress": "Mikeletegi_69_San_Sebastian_District_ES_20009",
    "InstitutionName": "BCBL",
    "MagneticFieldStrength": 3,
    "Manufacturer": "Siemens",
    "ManufacturersModelName": "TrioTim",
    "PhaseEncodingDirection": "j-",
    "PhaseEncodingLines": 64,
    "ProcedureStepDescription": "CRANEO_FUNCIONAL",
    "ProtocolName": "ep2d_PiN_L1_Run2",
    "RepetitionTime": 2,
    "ScanningSequence": "EP",
    "SequenceName": "_epfid2d1_64",
    "SequenceVariant": "SK",
    "SeriesDescription": "ep2d_PiN_L1_Run2",
    "SliceTiming": [
      1.925,
      1.8625,
      1.8,
      1.7375,
      1.675,
      1.615,
      1.5525,
      1.49,
      1.4275,
      1.365,
      1.3025,
      1.24,
      1.18,
      1.1175,
      1.055,
      0.9925,
      0.93,
      0.8675,
      0.8075,
      0.745,
      0.6825,
      0.62,
      0.5575,
      0.495,
      0.435,
      0.3725,
      0.31,
      0.2475,
      0.185,
      0.1225,
      0.06,
      0
    ],
    "SoftwareVersions": "syngo_MR_B17",
    "TaskName": "compL1",
    "TotalReadoutTime": 0.0346501,
    "dataset": "ds003545",
    "modality": "bold",
    "run_id": 2,
    "session_id": "02",
    "subject_id": "03",
    "task_id": "compL1"
  },
  "dummy_trs": 0,
  "dvars_nstd": 29.75101940037837,
  "dvars_std": 0.9685070603243243,
  "dvars_vstd": 0.8616410637837837,
  "efc": 0.4933224389335775,
  "fber": 1086.3822021484375,
  "fd_mean": 0.35568864708581016,
  "fd_num": 87,
  "fd_perc": 46.774193548387096,
  "fwhm_avg": 2.9064680000000003,
  "fwhm_x": 2.839642181818182,
  "fwhm_y": 3.1522618181818185,
  "fwhm_z": 2.7275,
  "gcor": 0.0134062,
  "gsr_x": -0.017337044700980186,
  "gsr_y": 0.06253638863563538,
  "provenance": {
    "md5sum": "e8b4ec1992ddbea4401035aa59b402c0",
    "settings": {
      "fd_thres": 0.2,
      "testing": false
    },
    "software": "mriqc",
    "version": "22.0.6",
    "webapi_port": null,
    "webapi_url": "https://mriqc.nimh.nih.gov/api/v1"
  },
  "size_t": 186,
  "size_x": 64,
  "size_y": 64,
  "size_z": 32,
  "snr": 2.6535342897291936,
  "spacing_tr": 2.0,
  "spacing_x": 3.4375,
  "spacing_y": 3.4375,
  "spacing_z": 4.0,
  "summary_bg_k": 36.183569255021766,
  "summary_bg_mad": 5.340556234055268,
  "summary_bg_mean": 34.98649597167969,
  "summary_bg_median": 16.54838752746582,
  "summary_bg_n": 81368.0,
  "summary_bg_p05": 12.731183052062988,
  "summary_bg_p95": 119.58011016845684,
  "summary_bg_stdv": 52.17180633544922,
  "summary_fg_k": 2.2934805755486076,
  "summary_fg_mad": 154.53341009492559,
  "summary_fg_mean": 595.031982421875,
  "summary_fg_median": 546.263427734375,
  "summary_fg_n": 21123.0,
  "summary_fg_p05": 360.8564422607422,
  "summary_fg_p95": 1024.2537597656249,
  "summary_fg_stdv": 205.8577117919922,
  "tsnr": 38.039263621903956
}