{
  "aor": 0.010673763440860216,
  "aqi": 0.016671690215053762,
  "bids_meta": {
    "AcquisitionNumber": 1,
    "AcquisitionTime": "11:50:40.737500",
    "BandwidthPerPixelPhaseEncode": 28.409,
    "BodyPartExamined": "BRAIN",
    "ConversionSoftware": "dcm2niix",
    "ConversionSoftwareVersion": "v1.0.20170724 GCC4.4.7",
    "DeviceSerialNumber": "167004",
    "EchoTime": 0.03,
    "EchoTrainLength": 64,
    "EffectiveEchoSpacing": 0.000550002,
    "FlipAngle": 80,
    "ImageType": [
      "ORIGINAL",
      "PRIMARY",
      "M",
      "ND",
      "MOSAIC"
    ],
    "InstitutionAddress": "Mikeletegi_69_San_Sebastian_District_ES_20009",
    "InstitutionName": "BCBL",
    "MagneticFieldStrength": 3,
    "Manufacturer": "Siemens",
    "ManufacturersModelName": "Prisma_fit",
    "PhaseEncodingDirection": "j-",
    "PhaseEncodingLines": 64,
    "ProcedureStepDescription": "CRANEO_FUNCIONAL",
    "ProtocolName": "ep2d_PiN_L3_Run2",
    "RepetitionTime": 2,
    "ScanningSequence": "EP",
    "SequenceName": "_epfid2d1_64",
    "SequenceVariant": "SK",
    "SeriesDescription": "ep2d_PiN_L3_Run2",
    "SliceTiming": [
      1.9175,
      1.855,
      1.795,
      1.7325,
      1.67,
      1.6075,
      1.5475,
      1.485,
      1.4225,
      1.36,
      1.3,
      1.2375,
      1.175,
      1.1125,
      1.0525,
      0.99,
      0.9275,
      0.865,
      0.805,
      0.7425,
      0.68,
      0.6175,
      0.5575,
      0.495,
      0.4325,
      0.37,
      0.31,
      0.2475,
      0.185,
      0.1225,
      0.0625,
      0
    ],
    "SoftwareVersions": "syngo_MR_E11",
    "TaskName": "compLn",
    "TotalReadoutTime": 0.0346501,
    "dataset": "ds003545",
    "modality": "bold",
    "run_id": 2,
    "session_id": "01",
    "subject_id": "22",
    "task_id": "compLn"
  },
  "dummy_trs": 0,
  "dvars_nstd": 63.59332669243247,
  "dvars_std": 1.2765132203243246,
  "dvars_vstd": 1.013261673081081,
  "efc": 0.5118456885652529,
  "fber": 1010.5038452148438,
  "fd_mean": 1.411102774206035,
  "fd_num": 176,
  "fd_perc": 94.6236559139785,
  "fwhm_avg": 2.77114611390255,
  "fwhm_x": 2.5929163636363635,
  "fwhm_y": 3.038021818181818,
  "fwhm_z": 2.6825001598894693,
  "gcor": 0.0367038,
  "gsr_x": -4.2907882743747905e-05,
  "gsr_y": 0.048139601945877075,
  "provenance": {
    "md5sum": "b69abb52446c25305df883579973583b",
    "settings": {
      "fd_thres": 0.2,
      "testing": false
    },
    "software": "mriqc",
    "version": "22.0.6",
    "webapi_port": null,
    "webapi_url": "https://mriqc.nimh.nih.gov/api/v1"
  },
  "size_t": 186,
  "size_x": 64,
  "size_y": 64,
  "size_z": 32,
  "snr": 2.6785113723677014,
  "spacing_tr": 2.0,
  "spacing_x": 3.4375,
  "spacing_y": 3.4375,
  "spacing_z": 3.999999761581421,
  "summary_bg_k": 31.41192401266168,
  "summary_bg_mad": 8.441270024056115,
  "summary_bg_mean": 54.90278244018555,
  "summary_bg_median": 23.1182804107666,
  "summary_bg_n": 79091.0,
  "summary_bg_p05": 16.897850036621094,
  "summary_bg_p95": 202.94355010986328,
  "summary_bg_stdv": 86.65975189208984,
  "summary_fg_k": 0.7840369091304087,
  "summary_fg_mad": 264.9872301281639,
  "summary_fg_mean": 807.7988891601562,
  "summary_fg_median": 760.0430297851562,
  "summary_fg_n": 21650.0,
  "summary_fg_p05": 429.33360900878904,
  "summary_fg_p95": 1356.5260498046875,
  "summary_fg_stdv": 283.74920654296875,
  "tsnr": 29.96988089790102
}