{
  "aor": 0.006779218106995885,
  "aqi": 0.029236243209876545,
  "bids_meta": {
    "AcquisitionNumber": 1,
    "AcquisitionTime": "11:51:43.187500",
    "BandwidthPerPixelPhaseEncode": 29.481,
    "BodyPartExamined": "BRAIN",
    "ConversionSoftware": "dcm2niix",
    "ConversionSoftwareVersion": "v1.0.20170724 GCC4.4.7",
    "DeviceSerialNumber": "167004",
    "EchoTime": 0.025,
    "EchoTrainLength": 64,
    "EffectiveEchoSpacing": 0.000530002,
    "FlipAngle": 90,
    "ImageType": [
      "ORIGINAL",
      "PRIMARY",
      "M",
      "ND",
      "MOSAIC"
    ],
    "InstitutionAddress": "Mikeletegi_69_San_Sebastian_District_ES_20009",
    "InstitutionName": "BCBL",
    "MagneticFieldStrength": 3,
    "Manufacturer": "Siemens",
    "ManufacturersModelName": "Prisma_fit",
    "PhaseEncodingDirection": "j-",
    "PhaseEncodingLines": 64,
    "ProcedureStepDescription": "CRANEO_FUNCIONAL",
    "ProtocolName": "ep2d_VF_L1_Run2",
    "RepetitionTime": 3,
    "ScanningSequence": "EP",
    "SequenceName": "_epfid2d1_64",
    "SequenceVariant": "SK",
    "SeriesDescription": "ep2d_VF_L1_Run2",
    "SliceTiming": [
      2.9125,
      2.8425,
      2.7725,
      2.705,
      2.635,
      2.565,
      2.495,
      2.4275,
      2.3575,
      2.2875,
      2.2175,
      2.15,
      2.08,
      2.01,
      1.9425,
      1.8725,
      1.8025,
      1.7325,
      1.665,
      1.595,
      1.525,
      1.4575,
      1.3875,
      1.3175,
      1.2475,
      1.18,
      1.11,
      1.04,
      0.9725,
      0.9025,
      0.8325,
      0.7625,
      0.695,
      0.625,
      0.555,
      0.485,
      0.4175,
      0.3475,
      0.2775,
      0.21,
      0.14,
      0.07,
      0
    ],
    "SoftwareVersions": "syngo_MR_E11",
    "TaskName": "prodL1",
    "TotalReadoutTime": 0.0333901,
    "dataset": "ds003545",
    "modality": "bold",
    "run_id": 2,
    "session_id": "01",
    "subject_id": "22",
    "task_id": "prodL1"
  },
  "dummy_trs": 0,
  "dvars_nstd": 100.9344822275207,
  "dvars_std": 1.2922870916115705,
  "dvars_vstd": 0.9942817638429746,
  "efc": 0.5922997544424576,
  "fber": 283.33282470703125,
  "fd_mean": 1.88913108305691,
  "fd_num": 241,
  "fd_perc": 99.17695473251028,
  "fwhm_avg": 3.041042438891411,
  "fwhm_x": 2.79562,
  "fwhm_y": 3.286113333333333,
  "fwhm_z": 3.0413939833408987,
  "gcor": 0.0478443,
  "gsr_x": -0.003706615185365081,
  "gsr_y": 0.09575241804122925,
  "provenance": {
    "md5sum": "5c9e6ca189bbd338a6f754ba0ddb8bbd",
    "settings": {
      "fd_thres": 0.2,
      "testing": false
    },
    "software": "mriqc",
    "version": "22.0.6",
    "webapi_port": null,
    "webapi_url": "https://mriqc.nimh.nih.gov/api/v1"
  },
  "size_t": 243,
  "size_x": 64,
  "size_y": 64,
  "size_z": 43,
  "snr": 2.268478796070168,
  "spacing_tr": 3.0,
  "spacing_x": 3.0,
  "spacing_y": 3.0,
  "spacing_z": 3.299999952316284,
  "summary_bg_k": 13.401792920280911,
  "summary_bg_mad": 32.727070774740056,
  "summary_bg_mean": 130.63522338867188,
  "summary_bg_median": 55.61316680908203,
  "summary_bg_n": 96301.0,
  "summary_bg_p05": 30.316871643066406,
  "summary_bg_p95": 483.8106994628906,
  "summary_bg_stdv": 174.96005249023438,
  "summary_fg_k": 1.4753819961574637,
  "summary_fg_mad": 397.57534027077816,
  "summary_fg_mean": 1066.7730712890625,
  "summary_fg_median": 978.1522216796875,
  "summary_fg_n": 38424.0,
  "summary_fg_p05": 528.7197113037109,
  "summary_fg_p95": 1890.7761108398436,
  "summary_fg_stdv": 431.1874084472656,
  "tsnr": 21.49182854150422
}