{
  "aor": 0.006454247311827957,
  "aqi": 0.006926164623655914,
  "bids_meta": {
    "AcquisitionNumber": 1,
    "AcquisitionTime": "09:48:10.032500",
    "BandwidthPerPixelPhaseEncode": 28.409,
    "BodyPartExamined": "BRAIN",
    "ConversionSoftware": "dcm2niix",
    "ConversionSoftwareVersion": "v1.0.20170724 GCC4.4.7",
    "DeviceSerialNumber": "167004",
    "EchoTime": 0.03,
    "EchoTrainLength": 64,
    "EffectiveEchoSpacing": 0.000550002,
    "FlipAngle": 80,
    "ImageType": [
      "ORIGINAL",
      "PRIMARY",
      "M",
      "ND",
      "MOSAIC"
    ],
    "InstitutionAddress": "Mikeletegi_69_San_Sebastian_District_ES_20009",
    "InstitutionName": "BCBL",
    "MagneticFieldStrength": 3,
    "Manufacturer": "Siemens",
    "ManufacturersModelName": "Prisma_fit",
    "PhaseEncodingDirection": "j-",
    "PhaseEncodingLines": 64,
    "ProcedureStepDescription": "CRANEO_FUNCIONAL",
    "ProtocolName": "ep2d_PiN_L1_Run2",
    "RepetitionTime": 2,
    "ScanningSequence": "EP",
    "SequenceName": "_epfid2d1_64",
    "SequenceVariant": "SK",
    "SeriesDescription": "ep2d_PiN_L1_Run2",
    "SliceTiming": [
      1.9175,
      1.855,
      1.7925,
      1.7325,
      1.67,
      1.6075,
      1.545,
      1.485,
      1.4225,
      1.36,
      1.2975,
      1.2375,
      1.175,
      1.1125,
      1.05,
      0.99,
      0.9275,
      0.865,
      0.8025,
      0.7425,
      0.68,
      0.6175,
      0.555,
      0.495,
      0.4325,
      0.37,
      0.3075,
      0.2475,
      0.185,
      0.1225,
      0.06,
      0
    ],
    "SoftwareVersions": "syngo_MR_E11",
    "TaskName": "compL1",
    "TotalReadoutTime": 0.0346501,
    "dataset": "ds003545",
    "modality": "bold",
    "run_id": 2,
    "session_id": "02",
    "subject_id": "13",
    "task_id": "compL1"
  },
  "dummy_trs": 0,
  "dvars_nstd": 32.563024526,
  "dvars_std": 1.144711462756757,
  "dvars_vstd": 0.9546682585945954,
  "efc": 0.49099393460663765,
  "fber": 1532.3409423828125,
  "fd_mean": 0.404857753764396,
  "fd_num": 118,
  "fd_perc": 63.44086021505376,
  "fwhm_avg": 2.903522666666667,
  "fwhm_x": 2.832418909090909,
  "fwhm_y": 3.080349090909091,
  "fwhm_z": 2.7978,
  "gcor": 0.0499,
  "gsr_x": -0.01856711506843567,
  "gsr_y": 0.05191667750477791,
  "provenance": {
    "md5sum": "fe2beda310f515400748fc4b83f55243",
    "settings": {
      "fd_thres": 0.2,
      "testing": false
    },
    "software": "mriqc",
    "version": "22.0.6",
    "webapi_port": null,
    "webapi_url": "https://mriqc.nimh.nih.gov/api/v1"
  },
  "size_t": 186,
  "size_x": 64,
  "size_y": 64,
  "size_z": 32,
  "snr": 2.5286169568727046,
  "spacing_tr": 2.0,
  "spacing_x": 3.4375,
  "spacing_y": 3.4375,
  "spacing_z": 4.0,
  "summary_bg_k": 40.71137447686361,
  "summary_bg_mad": 3.7224460764796805,
  "summary_bg_mean": 47.05225372314453,
  "summary_bg_median": 19.838708877563477,
  "summary_bg_n": 79496.0,
  "summary_bg_p05": 17.18817138671875,
  "summary_bg_p95": 171.7741928100586,
  "summary_bg_stdv": 75.68499755859375,
  "summary_fg_k": 0.4558536992489257,
  "summary_fg_mad": 309.6168236251586,
  "summary_fg_mean": 855.9127807617188,
  "summary_fg_median": 798.2096557617188,
  "summary_fg_n": 21791.0,
  "summary_fg_p05": 443.5376281738281,
  "summary_fg_p95": 1454.00537109375,
  "summary_fg_stdv": 315.6632080078125,
  "tsnr": 49.09941013739444
}