{
  "aor": 0.005362057613168725,
  "aqi": 0.009094330617283953,
  "bids_meta": {
    "AcquisitionNumber": 1,
    "AcquisitionTime": "12:33:46.740000",
    "BandwidthPerPixelPhaseEncode": 29.481,
    "BodyPartExamined": "BRAIN",
    "ConversionSoftware": "dcm2niix",
    "ConversionSoftwareVersion": "v1.0.20170724 GCC4.4.7",
    "DeviceSerialNumber": "167004",
    "EchoTime": 0.025,
    "EchoTrainLength": 64,
    "EffectiveEchoSpacing": 0.000530002,
    "FlipAngle": 90,
    "ImageType": [
      "ORIGINAL",
      "PRIMARY",
      "M",
      "ND",
      "MOSAIC"
    ],
    "InstitutionAddress": "Mikeletegi_69_San_Sebastian_District_ES_20009",
    "InstitutionName": "BCBL",
    "MagneticFieldStrength": 3,
    "Manufacturer": "Siemens",
    "ManufacturersModelName": "Prisma_fit",
    "PhaseEncodingDirection": "j-",
    "PhaseEncodingLines": 64,
    "ProcedureStepDescription": "CRANEO_FUNCIONAL",
    "ProtocolName": "ep2d_VF_L3_Run1",
    "RepetitionTime": 3,
    "ScanningSequence": "EP",
    "SequenceName": "_epfid2d1_64",
    "SequenceVariant": "SK",
    "SeriesDescription": "ep2d_VF_L3_Run1",
    "SliceTiming": [
      2.91,
      2.84,
      2.7725,
      2.7025,
      2.6325,
      2.5625,
      2.495,
      2.425,
      2.355,
      2.2875,
      2.2175,
      2.1475,
      2.0775,
      2.01,
      1.94,
      1.87,
      1.8,
      1.7325,
      1.6625,
      1.5925,
      1.525,
      1.455,
      1.385,
      1.315,
      1.2475,
      1.1775,
      1.1075,
      1.04,
      0.97,
      0.9,
      0.83,
      0.7625,
      0.6925,
      0.6225,
      0.555,
      0.485,
      0.415,
      0.345,
      0.2775,
      0.2075,
      0.1375,
      0.0675,
      0
    ],
    "SoftwareVersions": "syngo_MR_E11",
    "TaskName": "prodLn",
    "TotalReadoutTime": 0.0333901,
    "dataset": "ds003545",
    "modality": "bold",
    "run_id": 1,
    "session_id": "02",
    "subject_id": "13",
    "task_id": "prodLn"
  },
  "dummy_trs": 0,
  "dvars_nstd": 46.60667435169421,
  "dvars_std": 1.289925405950414,
  "dvars_vstd": 1.013276628099174,
  "efc": 0.5757033069888086,
  "fber": 465.585693359375,
  "fd_mean": 0.5053858101611837,
  "fd_num": 194,
  "fd_perc": 79.83539094650206,
  "fwhm_avg": 2.900862741558182,
  "fwhm_x": 2.7126966666666665,
  "fwhm_y": 3.0239733333333336,
  "fwhm_z": 2.965918224674546,
  "gcor": 0.0337618,
  "gsr_x": -0.016922559589147568,
  "gsr_y": 0.08780519664287567,
  "provenance": {
    "md5sum": "d756317ed8a8e2e84582873eda9fea53",
    "settings": {
      "fd_thres": 0.2,
      "testing": false
    },
    "software": "mriqc",
    "version": "22.0.6",
    "webapi_port": null,
    "webapi_url": "https://mriqc.nimh.nih.gov/api/v1"
  },
  "size_t": 243,
  "size_x": 64,
  "size_y": 64,
  "size_z": 43,
  "snr": 2.555063599969829,
  "spacing_tr": 3.0,
  "spacing_x": 3.0,
  "spacing_y": 3.0,
  "spacing_z": 3.299999952316284,
  "summary_bg_k": 22.482109598713993,
  "summary_bg_mad": 12.830913680552872,
  "summary_bg_mean": 86.74285888671875,
  "summary_bg_median": 39.650203704833984,
  "summary_bg_n": 97298.0,
  "summary_bg_p05": 29.032303428649904,
  "summary_bg_p95": 308.12179565429676,
  "summary_bg_stdv": 118.41253662109375,
  "summary_fg_k": 0.8821379709780288,
  "summary_fg_mad": 328.36888217813964,
  "summary_fg_mean": 954.4365844726562,
  "summary_fg_median": 889.2201538085938,
  "summary_fg_n": 38762.0,
  "summary_fg_p05": 504.01500396728517,
  "summary_fg_p95": 1618.4814453125,
  "summary_fg_stdv": 348.0182189941406,
  "tsnr": 41.85669210460037
}