{
  "aor": 0.006825802469135804,
  "aqi": 0.012805906296296297,
  "bids_meta": {
    "AcquisitionNumber": 1,
    "AcquisitionTime": "10:12:38.342500",
    "BandwidthPerPixelPhaseEncode": 29.481,
    "BodyPartExamined": "BRAIN",
    "ConversionSoftware": "dcm2niix",
    "ConversionSoftwareVersion": "v1.0.20170724 GCC4.4.7",
    "DeviceSerialNumber": "167004",
    "EchoTime": 0.025,
    "EchoTrainLength": 64,
    "EffectiveEchoSpacing": 0.000530002,
    "FlipAngle": 90,
    "ImageType": [
      "ORIGINAL",
      "PRIMARY",
      "M",
      "ND",
      "MOSAIC"
    ],
    "InstitutionAddress": "Mikeletegi_69_San_Sebastian_District_ES_20009",
    "InstitutionName": "BCBL",
    "MagneticFieldStrength": 3,
    "Manufacturer": "Siemens",
    "ManufacturersModelName": "Prisma_fit",
    "PhaseEncodingDirection": "j-",
    "PhaseEncodingLines": 64,
    "ProcedureStepDescription": "CRANEO_FUNCIONAL",
    "ProtocolName": "ep2d_VF_L1_Run2",
    "RepetitionTime": 3,
    "ScanningSequence": "EP",
    "SequenceName": "_epfid2d1_64",
    "SequenceVariant": "SK",
    "SeriesDescription": "ep2d_VF_L1_Run2",
    "SliceTiming": [
      2.9125,
      2.8425,
      2.7725,
      2.7025,
      2.635,
      2.565,
      2.495,
      2.4275,
      2.3575,
      2.2875,
      2.2175,
      2.15,
      2.08,
      2.01,
      1.94,
      1.8725,
      1.8025,
      1.7325,
      1.665,
      1.595,
      1.525,
      1.455,
      1.3875,
      1.3175,
      1.2475,
      1.18,
      1.11,
      1.04,
      0.97,
      0.9025,
      0.8325,
      0.7625,
      0.695,
      0.625,
      0.555,
      0.485,
      0.4175,
      0.3475,
      0.2775,
      0.2075,
      0.14,
      0.07,
      0
    ],
    "SoftwareVersions": "syngo_MR_E11",
    "TaskName": "prodL1",
    "TotalReadoutTime": 0.0333901,
    "dataset": "ds003545",
    "modality": "bold",
    "run_id": 2,
    "session_id": "02",
    "subject_id": "13",
    "task_id": "prodL1"
  },
  "dummy_trs": 0,
  "dvars_nstd": 66.95602182132238,
  "dvars_std": 1.3210515236776863,
  "dvars_vstd": 1.0241673396694218,
  "efc": 0.5579093346559943,
  "fber": 520.7606811523438,
  "fd_mean": 0.932728696255885,
  "fd_num": 226,
  "fd_perc": 93.00411522633745,
  "fwhm_avg": 3.097835368067035,
  "fwhm_x": 3.01564,
  "fwhm_y": 3.2608266666666665,
  "fwhm_z": 3.01703943753444,
  "gcor": 0.0493594,
  "gsr_x": -0.011441860347986221,
  "gsr_y": 0.08348867297172546,
  "provenance": {
    "md5sum": "13f61504ebf765921c438f749a6bc556",
    "settings": {
      "fd_thres": 0.2,
      "testing": false
    },
    "software": "mriqc",
    "version": "22.0.6",
    "webapi_port": null,
    "webapi_url": "https://mriqc.nimh.nih.gov/api/v1"
  },
  "size_t": 243,
  "size_x": 64,
  "size_y": 64,
  "size_z": 43,
  "snr": 2.2925770889780197,
  "spacing_tr": 3.0,
  "spacing_x": 3.0,
  "spacing_y": 3.0,
  "spacing_z": 3.299999952316284,
  "summary_bg_k": 20.92043736686637,
  "summary_bg_mad": 18.919958684438498,
  "summary_bg_mean": 104.064697265625,
  "summary_bg_median": 44.209877014160156,
  "summary_bg_n": 99979.0,
  "summary_bg_p05": 29.10699462890625,
  "summary_bg_p95": 373.57405090332014,
  "summary_bg_stdv": 143.60018920898438,
  "summary_fg_k": 0.7512042757630875,
  "summary_fg_mad": 436.82470931077404,
  "summary_fg_mean": 1136.23828125,
  "summary_fg_median": 1042.600830078125,
  "summary_fg_n": 36409.0,
  "summary_fg_p05": 566.6732177734375,
  "summary_fg_p95": 2008.8468749999997,
  "summary_fg_stdv": 454.76617431640625,
  "tsnr": 31.98169319331646
}