{
  "aor": 0.001862263374485597,
  "aqi": 0.010548512633744856,
  "bids_meta": {
    "AcquisitionNumber": 1,
    "AcquisitionTime": "10:20:4.685000",
    "BandwidthPerPixelPhaseEncode": 29.481,
    "BodyPartExamined": "BRAIN",
    "ConversionSoftware": "dcm2niix",
    "ConversionSoftwareVersion": "v1.0.20170724 GCC4.4.7",
    "DeviceSerialNumber": "167004",
    "EchoTime": 0.025,
    "EchoTrainLength": 64,
    "EffectiveEchoSpacing": 0.000530002,
    "FlipAngle": 90,
    "ImageType": [
      "ORIGINAL",
      "PRIMARY",
      "M",
      "ND",
      "MOSAIC"
    ],
    "InstitutionAddress": "Mikeletegi_69_San_Sebastian_District_ES_20009",
    "InstitutionName": "BCBL",
    "MagneticFieldStrength": 3,
    "Manufacturer": "Siemens",
    "ManufacturersModelName": "Prisma_fit",
    "PhaseEncodingDirection": "j-",
    "PhaseEncodingLines": 64,
    "ProcedureStepDescription": "CRANEO_FUNCIONAL",
    "ProtocolName": "ep2d_VF_L1_Run1",
    "RepetitionTime": 3,
    "ScanningSequence": "EP",
    "SequenceName": "_epfid2d1_64",
    "SequenceVariant": "SK",
    "SeriesDescription": "ep2d_VF_L1_Run1",
    "SliceTiming": [
      2.9125,
      2.8425,
      2.7725,
      2.7025,
      2.635,
      2.565,
      2.495,
      2.4275,
      2.3575,
      2.2875,
      2.2175,
      2.15,
      2.08,
      2.01,
      1.9425,
      1.8725,
      1.8025,
      1.7325,
      1.665,
      1.595,
      1.525,
      1.455,
      1.3875,
      1.3175,
      1.2475,
      1.18,
      1.11,
      1.04,
      0.97,
      0.9025,
      0.8325,
      0.7625,
      0.695,
      0.625,
      0.555,
      0.485,
      0.4175,
      0.3475,
      0.2775,
      0.21,
      0.14,
      0.07,
      0
    ],
    "SoftwareVersions": "syngo_MR_E11",
    "TaskName": "prodL1",
    "TotalReadoutTime": 0.0333901,
    "dataset": "ds003545",
    "modality": "bold",
    "run_id": 1,
    "session_id": "01",
    "subject_id": "23",
    "task_id": "prodL1"
  },
  "dummy_trs": 0,
  "dvars_nstd": 32.124316515123944,
  "dvars_std": 1.1401593254132227,
  "dvars_vstd": 0.9317170730165288,
  "efc": 0.5533088934129771,
  "fber": 594.922607421875,
  "fd_mean": 0.32819874935802934,
  "fd_num": 140,
  "fd_perc": 57.61316872427984,
  "fwhm_avg": 2.760920215456063,
  "fwhm_x": 2.5930766666666667,
  "fwhm_y": 2.9001566666666663,
  "fwhm_z": 2.789527313034857,
  "gcor": 0.0174211,
  "gsr_x": -0.019105294719338417,
  "gsr_y": 0.07856986671686172,
  "provenance": {
    "md5sum": "0b84f11798c06d909eea55e9379e8287",
    "settings": {
      "fd_thres": 0.2,
      "testing": false
    },
    "software": "mriqc",
    "version": "22.0.6",
    "webapi_port": null,
    "webapi_url": "https://mriqc.nimh.nih.gov/api/v1"
  },
  "size_t": 243,
  "size_x": 64,
  "size_y": 64,
  "size_z": 43,
  "snr": 2.811067421832532,
  "spacing_tr": 3.0,
  "spacing_x": 3.0,
  "spacing_y": 3.0,
  "spacing_z": 3.299999952316284,
  "summary_bg_k": 18.555117976770358,
  "summary_bg_mad": 8.108554933833348,
  "summary_bg_mean": 79.25707244873047,
  "summary_bg_median": 35.97942352294922,
  "summary_bg_n": 103200.0,
  "summary_bg_p05": 28.02057456970215,
  "summary_bg_p95": 304.40802612304674,
  "summary_bg_stdv": 114.18896484375,
  "summary_fg_k": 1.2858582082268866,
  "summary_fg_mad": 300.2788005090545,
  "summary_fg_mean": 954.4271850585938,
  "summary_fg_median": 900.168701171875,
  "summary_fg_n": 34455.0,
  "summary_fg_p05": 535.4950500488281,
  "summary_fg_p95": 1561.491369628906,
  "summary_fg_stdv": 320.21844482421875,
  "tsnr": 43.70330482837744
}