{
  "aor": 0.0066257613168724284,
  "aqi": 0.010972265185185187,
  "bids_meta": {
    "AcquisitionNumber": 1,
    "AcquisitionTime": "10:34:53.500000",
    "BandwidthPerPixelPhaseEncode": 29.481,
    "BodyPartExamined": "BRAIN",
    "ConversionSoftware": "dcm2niix",
    "ConversionSoftwareVersion": "v1.0.20170724 GCC4.4.7",
    "DeviceSerialNumber": "167004",
    "EchoTime": 0.025,
    "EchoTrainLength": 64,
    "EffectiveEchoSpacing": 0.000530002,
    "FlipAngle": 90,
    "ImageType": [
      "ORIGINAL",
      "PRIMARY",
      "M",
      "ND",
      "MOSAIC"
    ],
    "InstitutionAddress": "Mikeletegi_69_San_Sebastian_District_ES_20009",
    "InstitutionName": "BCBL",
    "MagneticFieldStrength": 3,
    "Manufacturer": "Siemens",
    "ManufacturersModelName": "Prisma_fit",
    "PhaseEncodingDirection": "j-",
    "PhaseEncodingLines": 64,
    "ProcedureStepDescription": "CRANEO_FUNCIONAL",
    "ProtocolName": "ep2d_VF_L1_Run2",
    "RepetitionTime": 3,
    "ScanningSequence": "EP",
    "SequenceName": "_epfid2d1_64",
    "SequenceVariant": "SK",
    "SeriesDescription": "ep2d_VF_L1_Run2",
    "SliceTiming": [
      2.91,
      2.84,
      2.7725,
      2.7025,
      2.6325,
      2.5625,
      2.495,
      2.425,
      2.355,
      2.285,
      2.2175,
      2.1475,
      2.0775,
      2.01,
      1.94,
      1.87,
      1.8,
      1.7325,
      1.6625,
      1.5925,
      1.525,
      1.455,
      1.385,
      1.315,
      1.2475,
      1.1775,
      1.1075,
      1.04,
      0.97,
      0.9,
      0.83,
      0.7625,
      0.6925,
      0.6225,
      0.5525,
      0.485,
      0.415,
      0.345,
      0.2775,
      0.2075,
      0.1375,
      0.0675,
      0
    ],
    "SoftwareVersions": "syngo_MR_E11",
    "TaskName": "prodL1",
    "TotalReadoutTime": 0.0333901,
    "dataset": "ds003545",
    "modality": "bold",
    "run_id": 2,
    "session_id": "01",
    "subject_id": "23",
    "task_id": "prodL1"
  },
  "dummy_trs": 0,
  "dvars_nstd": 31.273635217933876,
  "dvars_std": 1.138316418016529,
  "dvars_vstd": 0.9664572265702487,
  "efc": 0.5533412094875365,
  "fber": 594.9304809570312,
  "fd_mean": 0.3302560032720397,
  "fd_num": 134,
  "fd_perc": 55.1440329218107,
  "fwhm_avg": 2.775809205372378,
  "fwhm_x": 2.6322633333333334,
  "fwhm_y": 2.90204,
  "fwhm_z": 2.7931242827838014,
  "gcor": 0.0288734,
  "gsr_x": -0.021474367007613182,
  "gsr_y": 0.08920915424823761,
  "provenance": {
    "md5sum": "a57e656e4f13b64e5ed534f5336ca478",
    "settings": {
      "fd_thres": 0.2,
      "testing": false
    },
    "software": "mriqc",
    "version": "22.0.6",
    "webapi_port": null,
    "webapi_url": "https://mriqc.nimh.nih.gov/api/v1"
  },
  "size_t": 243,
  "size_x": 64,
  "size_y": 64,
  "size_z": 43,
  "snr": 2.773950609073318,
  "spacing_tr": 3.0,
  "spacing_x": 3.0,
  "spacing_y": 3.0,
  "spacing_z": 3.299999952316284,
  "summary_bg_k": 17.311324124949255,
  "summary_bg_mad": 9.298291973735715,
  "summary_bg_mean": 84.82133483886719,
  "summary_bg_median": 36.534976959228516,
  "summary_bg_n": 103690.0,
  "summary_bg_p05": 27.19753074645996,
  "summary_bg_p95": 339.4804397582996,
  "summary_bg_stdv": 126.6629638671875,
  "summary_fg_k": 1.2306234726168084,
  "summary_fg_mad": 307.4568973340508,
  "summary_fg_mean": 965.2736206054688,
  "summary_fg_median": 908.2674560546875,
  "summary_fg_n": 34326.0,
  "summary_fg_p05": 538.3569641113281,
  "summary_fg_p95": 1586.83740234375,
  "summary_fg_stdv": 327.4226379394531,
  "tsnr": 40.41174147021957
}