{
  "aor": 0.012765884773662552,
  "aqi": 0.006638426131687242,
  "bids_meta": {
    "AcquisitionNumber": 1,
    "AcquisitionTime": "12:04:42.620000",
    "BandwidthPerPixelPhaseEncode": 29.481,
    "BodyPartExamined": "BRAIN",
    "ConversionSoftware": "dcm2niix",
    "ConversionSoftwareVersion": "v1.0.20170724 GCC4.4.7",
    "DeviceSerialNumber": "167004",
    "EchoTime": 0.025,
    "EchoTrainLength": 64,
    "EffectiveEchoSpacing": 0.000530002,
    "FlipAngle": 90,
    "ImageType": [
      "ORIGINAL",
      "PRIMARY",
      "M",
      "ND",
      "MOSAIC"
    ],
    "InstitutionAddress": "Mikeletegi_69_San_Sebastian_District_ES_20009",
    "InstitutionName": "BCBL",
    "MagneticFieldStrength": 3,
    "Manufacturer": "Siemens",
    "ManufacturersModelName": "Prisma_fit",
    "PhaseEncodingDirection": "j-",
    "PhaseEncodingLines": 64,
    "ProcedureStepDescription": "CRANEO_FUNCIONAL",
    "ProtocolName": "ep2d_VF_L3_Run1",
    "RepetitionTime": 3,
    "ScanningSequence": "EP",
    "SequenceName": "_epfid2d1_64",
    "SequenceVariant": "SK",
    "SeriesDescription": "ep2d_VF_L3_Run1",
    "SliceTiming": [
      2.91,
      2.8425,
      2.7725,
      2.7025,
      2.6325,
      2.565,
      2.495,
      2.425,
      2.3575,
      2.2875,
      2.2175,
      2.1475,
      2.08,
      2.01,
      1.94,
      1.87,
      1.8025,
      1.7325,
      1.6625,
      1.595,
      1.525,
      1.455,
      1.385,
      1.3175,
      1.2475,
      1.1775,
      1.11,
      1.04,
      0.97,
      0.9,
      0.8325,
      0.7625,
      0.6925,
      0.625,
      0.555,
      0.485,
      0.415,
      0.3475,
      0.2775,
      0.2075,
      0.1375,
      0.07,
      0
    ],
    "SoftwareVersions": "syngo_MR_E11",
    "TaskName": "prodLn",
    "TotalReadoutTime": 0.0333901,
    "dataset": "ds003545",
    "modality": "bold",
    "run_id": 1,
    "session_id": "01",
    "subject_id": "23",
    "task_id": "prodLn"
  },
  "dummy_trs": 0,
  "dvars_nstd": 35.5807128466529,
  "dvars_std": 1.3422942307851229,
  "dvars_vstd": 1.0527788404958678,
  "efc": 0.549434528384651,
  "fber": 631.6412353515625,
  "fd_mean": 0.3791681239183151,
  "fd_num": 142,
  "fd_perc": 58.43621399176955,
  "fwhm_avg": 2.9458636504131106,
  "fwhm_x": 2.8485300000000002,
  "fwhm_y": 3.0721366666666667,
  "fwhm_z": 2.916924284572663,
  "gcor": 0.0350442,
  "gsr_x": -0.02224656194448471,
  "gsr_y": 0.0771082416176796,
  "provenance": {
    "md5sum": "8989dace40f64ae5c8b4bfc6df0ecaaf",
    "settings": {
      "fd_thres": 0.2,
      "testing": false
    },
    "software": "mriqc",
    "version": "22.0.6",
    "webapi_port": null,
    "webapi_url": "https://mriqc.nimh.nih.gov/api/v1"
  },
  "size_t": 243,
  "size_x": 64,
  "size_y": 64,
  "size_z": 43,
  "snr": 2.621425080008373,
  "spacing_tr": 3.0,
  "spacing_x": 3.0,
  "spacing_y": 3.0,
  "spacing_z": 3.299999952316284,
  "summary_bg_k": 16.900106923156574,
  "summary_bg_mad": 9.713181246597708,
  "summary_bg_mean": 85.97457885742188,
  "summary_bg_median": 36.97942352294922,
  "summary_bg_n": 103100.0,
  "summary_bg_p05": 28.716049194335938,
  "summary_bg_p95": 340.58579101562464,
  "summary_bg_stdv": 125.44696044921875,
  "summary_fg_k": 0.7999294636865941,
  "summary_fg_mad": 351.4987074624967,
  "summary_fg_mean": 1023.0587158203125,
  "summary_fg_median": 957.3826904296875,
  "summary_fg_n": 34243.0,
  "summary_fg_p05": 547.5061645507812,
  "summary_fg_p95": 1712.4299682617184,
  "summary_fg_stdv": 365.2092590332031,
  "tsnr": 50.1476027474273
}