{
  "aor": 0.003628594594594595,
  "aqi": 0.0017759117945945946,
  "bids_meta": {
    "AcquisitionNumber": 1,
    "AcquisitionTime": "11:54:44.800000",
    "BandwidthPerPixelPhaseEncode": 28.409,
    "BodyPartExamined": "BRAIN",
    "ConversionSoftware": "dcm2niix",
    "ConversionSoftwareVersion": "v1.0.20170724 GCC4.4.7",
    "DeviceSerialNumber": "167004",
    "EchoTime": 0.03,
    "EchoTrainLength": 64,
    "EffectiveEchoSpacing": 0.000550002,
    "FlipAngle": 80,
    "ImageType": [
      "ORIGINAL",
      "PRIMARY",
      "M",
      "ND",
      "MOSAIC"
    ],
    "InstitutionAddress": "Mikeletegi_69_San_Sebastian_District_ES_20009",
    "InstitutionName": "BCBL",
    "MagneticFieldStrength": 3,
    "Manufacturer": "Siemens",
    "ManufacturersModelName": "Prisma_fit",
    "PhaseEncodingDirection": "j-",
    "PhaseEncodingLines": 64,
    "ProcedureStepDescription": "CRANEO_FUNCIONAL",
    "ProtocolName": "ep2d_PiN_L3_Run2",
    "RepetitionTime": 2,
    "ScanningSequence": "EP",
    "SequenceName": "_epfid2d1_64",
    "SequenceVariant": "SK",
    "SeriesDescription": "ep2d_PiN_L3_Run2",
    "SliceTiming": [
      1.9175,
      1.855,
      1.795,
      1.7325,
      1.67,
      1.6075,
      1.5475,
      1.485,
      1.4225,
      1.36,
      1.3,
      1.2375,
      1.175,
      1.1125,
      1.0525,
      0.99,
      0.9275,
      0.865,
      0.805,
      0.7425,
      0.68,
      0.6175,
      0.5575,
      0.495,
      0.4325,
      0.3725,
      0.31,
      0.2475,
      0.185,
      0.125,
      0.0625,
      0
    ],
    "SoftwareVersions": "syngo_MR_E11",
    "TaskName": "compLn",
    "TotalReadoutTime": 0.0346501,
    "dataset": "ds003545",
    "modality": "bold",
    "run_id": 2,
    "session_id": "01",
    "subject_id": "23",
    "task_id": "compLn"
  },
  "dummy_trs": 1,
  "dvars_nstd": 16.527932985652168,
  "dvars_std": 1.279413258315218,
  "dvars_vstd": 0.9954504594565212,
  "efc": 0.4756375550150732,
  "fber": 1642.5435791015625,
  "fd_mean": 0.14190139060987003,
  "fd_num": 10,
  "fd_perc": 5.405405405405405,
  "fwhm_avg": 2.750612363636364,
  "fwhm_x": 2.6676189090909093,
  "fwhm_y": 2.9066181818181818,
  "fwhm_z": 2.6776,
  "gcor": 0.0259049,
  "gsr_x": -0.02312810719013214,
  "gsr_y": 0.041280388832092285,
  "provenance": {
    "md5sum": "f0d582600371c3b34809b9af57fe001a",
    "settings": {
      "fd_thres": 0.2,
      "testing": false
    },
    "software": "mriqc",
    "version": "22.0.6",
    "webapi_port": null,
    "webapi_url": "https://mriqc.nimh.nih.gov/api/v1"
  },
  "size_t": 185,
  "size_x": 64,
  "size_y": 64,
  "size_z": 32,
  "snr": 2.8366704681579895,
  "spacing_tr": 2.0,
  "spacing_x": 3.4375,
  "spacing_y": 3.4375,
  "spacing_z": 4.0,
  "summary_bg_k": 26.474609497012693,
  "summary_bg_mad": 3.0373313065661125,
  "summary_bg_mean": 43.48826599121094,
  "summary_bg_median": 18.605405807495117,
  "summary_bg_n": 83121.0,
  "summary_bg_p05": 16.037837982177734,
  "summary_bg_p95": 174.2810821533203,
  "summary_bg_stdv": 75.2843017578125,
  "summary_fg_k": 0.8216622637131223,
  "summary_fg_mad": 259.5675969024786,
  "summary_fg_mean": 803.8565673828125,
  "summary_fg_median": 764.2730102539062,
  "summary_fg_n": 19808.0,
  "summary_fg_p05": 442.78163452148436,
  "summary_fg_p95": 1314.3435668945312,
  "summary_fg_stdv": 269.4192810058594,
  "tsnr": 100.81531232316047
}