{
  "bids_meta": {
    "AccelFactPE": 2,
    "AcquisitionNumber": 1,
    "AcquisitionTime": "15:07:53.260000",
    "ConversionSoftware": "dcm2niix",
    "ConversionSoftwareVersion": "v1.0.20170724 GCC4.4.7",
    "DeviceSerialNumber": "35414",
    "EchoTime": 0.00297,
    "FlipAngle": 7,
    "ImageType": [
      "ORIGINAL",
      "PRIMARY",
      "M",
      "ND",
      "NORM"
    ],
    "InstitutionAddress": "Mikeletegi_69_San_Sebastian_District_ES_20009",
    "InstitutionName": "BCBL",
    "InversionTime": 1.1,
    "MagneticFieldStrength": 3,
    "Manufacturer": "Siemens",
    "ManufacturersModelName": "TrioTim",
    "PhaseEncodingDirection": "i-",
    "PhaseEncodingLines": 256,
    "ProcedureStepDescription": "CRANEO_FUNCIONAL",
    "ProtocolName": "t1_mpr_tra_p2_iso",
    "RepetitionTime": 2.53,
    "ScanningSequence": "GR_IR",
    "SequenceName": "_tfl3d1",
    "SequenceVariant": "SP_MP_OSP",
    "SeriesDescription": "t1_mpr_tra_p2_iso",
    "SoftwareVersions": "syngo_MR_B17",
    "dataset": "ds003545",
    "modality": "T1w",
    "session_id": "02",
    "subject_id": "05"
  },
  "cjv": 0.4198418319379289,
  "cnr": 2.970139275082057,
  "efc": 0.5636833470422908,
  "fber": 3254.867598556674,
  "fwhm_avg": 4.530473333333333,
  "fwhm_x": 4.26253,
  "fwhm_y": 4.80105,
  "fwhm_z": 4.52784,
  "icvs_csf": 0.17037018360881565,
  "icvs_gm": 0.4382261792444335,
  "icvs_wm": 0.3914036371467508,
  "inu_med": 0.7257420420646667,
  "inu_range": 0.40814574956893923,
  "provenance": {
    "md5sum": "c1ff46ccc9eb08ecb00b8bad4cf0a398",
    "settings": {
      "testing": false
    },
    "software": "mriqc",
    "version": "22.0.6",
    "warnings": {
      "large_rot_frame": true,
      "small_air_mask": false
    },
    "webapi_port": null,
    "webapi_url": "https://mriqc.nimh.nih.gov/api/v1"
  },
  "qi_1": 0.00012162257848196695,
  "qi_2": 0.004020708241820844,
  "rpve_csf": 34.953956063365226,
  "rpve_gm": 14.12325547048464,
  "rpve_wm": 17.14802001133736,
  "size_x": 256,
  "size_y": 256,
  "size_z": 176,
  "snr_csf": 2.4551073077777716,
  "snr_gm": 13.939226932781688,
  "snr_total": 10.330973760332853,
  "snr_wm": 14.598587040439096,
  "snrd_csf": 18.148931695719323,
  "snrd_gm": 41.91050718595825,
  "snrd_total": 39.26327936754847,
  "snrd_wm": 57.730399220967826,
  "spacing_x": 1.0,
  "spacing_y": 1.0,
  "spacing_z": 1.0,
  "summary_bg_k": 11.964343065161266,
  "summary_bg_mad": 11.348204534373192,
  "summary_bg_mean": 20.307941543997586,
  "summary_bg_median": 7.6542476415634155,
  "summary_bg_n": 2199404.0,
  "summary_bg_p05": 0.0,
  "summary_bg_p95": 87.36837363243103,
  "summary_bg_stdv": 33.282190821445745,
  "summary_csf_k": -0.03675483825699155,
  "summary_csf_mad": 131.09997614018974,
  "summary_csf_mean": 321.18629650221175,
  "summary_csf_median": 314.3739058971405,
  "summary_csf_n": 26251.0,
  "summary_csf_p05": 113.88336408138275,
  "summary_csf_p95": 532.4353863596916,
  "summary_csf_stdv": 128.04650819046012,
  "summary_gm_k": 0.15755858350371632,
  "summary_gm_mad": 50.97287451074809,
  "summary_gm_mean": 725.7433506849275,
  "summary_gm_median": 725.9694434404373,
  "summary_gm_n": 33506.0,
  "summary_gm_p05": 639.4574151933193,
  "summary_gm_p95": 810.8322139084339,
  "summary_gm_stdv": 52.0802633772905,
  "summary_wm_k": 0.7688683060126658,
  "summary_wm_mad": 64.07660239850497,
  "summary_wm_mean": 1007.8005753561447,
  "summary_wm_median": 999.9999667406082,
  "summary_wm_n": 156723.0,
  "summary_wm_p05": 910.2634280920029,
  "summary_wm_p95": 1131.9405890703201,
  "summary_wm_stdv": 68.4995591438657,
  "tpm_overlap_csf": 0.15757961867958784,
  "tpm_overlap_gm": 0.4664338800859965,
  "tpm_overlap_wm": 0.4895525163613161,
  "wm2max": 0.4413167221049648
}