{
  "bids_meta": {
    "AccelFactPE": 2,
    "AcquisitionNumber": 1,
    "AcquisitionTime": "09:40:22.447500",
    "ConversionSoftware": "dcm2niix",
    "ConversionSoftwareVersion": "v1.0.20170724 GCC4.4.7",
    "DeviceSerialNumber": "35414",
    "EchoTime": 0.00297,
    "FlipAngle": 7,
    "ImageType": [
      "ORIGINAL",
      "PRIMARY",
      "M",
      "ND",
      "NORM"
    ],
    "InstitutionAddress": "Mikeletegi_69_San_Sebastian_District_ES_20009",
    "InstitutionName": "BCBL",
    "InversionTime": 1.1,
    "MagneticFieldStrength": 3,
    "Manufacturer": "Siemens",
    "ManufacturersModelName": "TrioTim",
    "PhaseEncodingDirection": "i-",
    "PhaseEncodingLines": 256,
    "ProcedureStepDescription": "CRANEO_FUNCIONAL",
    "ProtocolName": "t1_mpr_tra_p2_iso",
    "RepetitionTime": 2.53,
    "ScanningSequence": "GR_IR",
    "SequenceName": "_tfl3d1",
    "SequenceVariant": "SP_MP_OSP",
    "SeriesDescription": "t1_mpr_tra_p2_iso",
    "SoftwareVersions": "syngo_MR_B17",
    "dataset": "ds003545",
    "modality": "T1w",
    "session_id": "02",
    "subject_id": "08"
  },
  "cjv": 0.3466730746552813,
  "cnr": 3.7924009671295713,
  "efc": 0.5834983588528995,
  "fber": 8377.29903686088,
  "fwhm_avg": 4.429906666666667,
  "fwhm_x": 4.18062,
  "fwhm_y": 4.8026,
  "fwhm_z": 4.3065,
  "icvs_csf": 0.20804147477719617,
  "icvs_gm": 0.42813122140710513,
  "icvs_wm": 0.3638273038156987,
  "inu_med": 0.5811814963817596,
  "inu_range": 0.2145081475377083,
  "provenance": {
    "md5sum": "b1979c24a131986aac946119c1e4711d",
    "settings": {
      "testing": false
    },
    "software": "mriqc",
    "version": "22.0.6",
    "warnings": {
      "large_rot_frame": true,
      "small_air_mask": false
    },
    "webapi_port": null,
    "webapi_url": "https://mriqc.nimh.nih.gov/api/v1"
  },
  "qi_1": 0.0,
  "qi_2": 0.003334377618186955,
  "rpve_csf": 27.185503362072033,
  "rpve_gm": 13.479815406410316,
  "rpve_wm": 18.070689679660266,
  "size_x": 256,
  "size_y": 256,
  "size_z": 176,
  "snr_csf": 2.0580748819147505,
  "snr_gm": 11.71957757839134,
  "snr_total": 11.322541058283809,
  "snr_wm": 20.189970714545336,
  "snrd_csf": 23.944008893614058,
  "snrd_gm": 75.05145841309907,
  "snrd_total": 68.69310361367154,
  "snrd_wm": 107.08384353430147,
  "spacing_x": 1.0,
  "spacing_y": 1.0,
  "spacing_z": 1.0,
  "summary_bg_k": 10.08150788250974,
  "summary_bg_mad": 6.118132832895366,
  "summary_bg_mean": 9.599947289263554,
  "summary_bg_median": 4.126617886126041,
  "summary_bg_n": 1510207.0,
  "summary_bg_p05": 0.0,
  "summary_bg_p95": 36.883249305188656,
  "summary_bg_stdv": 13.862681028766382,
  "summary_csf_k": 0.6057301937233586,
  "summary_csf_mad": 99.37215750323841,
  "summary_csf_mean": 227.1524210706783,
  "summary_csf_median": 223.6063008606434,
  "summary_csf_n": 43793.0,
  "summary_csf_p05": 55.15827137231827,
  "summary_csf_p95": 421.4379001915455,
  "summary_csf_stdv": 108.64704186403635,
  "summary_gm_k": 0.23024272516965327,
  "summary_gm_mad": 58.25526480017762,
  "summary_gm_mean": 699.5226176167617,
  "summary_gm_median": 700.8842614665627,
  "summary_gm_n": 28008.0,
  "summary_gm_p05": 599.1887617405504,
  "summary_gm_p95": 796.4282811138778,
  "summary_gm_stdv": 59.803499268752255,
  "summary_wm_k": 0.9528729132176657,
  "summary_wm_mad": 45.448986758651294,
  "summary_wm_mean": 998.898029854291,
  "summary_wm_median": 1000.0256114602089,
  "summary_wm_n": 176015.0,
  "summary_wm_p05": 915.8528590500355,
  "summary_wm_p95": 1076.8242771260436,
  "summary_wm_stdv": 49.530669700079926,
  "tpm_overlap_csf": 0.15455736763537217,
  "tpm_overlap_gm": 0.4458022547350893,
  "tpm_overlap_wm": 0.4826376761096765,
  "wm2max": 0.647903627158482
}