{
  "bids_meta": {
    "AccelFactPE": 2,
    "AcquisitionNumber": 1,
    "AcquisitionTime": "12:19:16.507500",
    "BodyPartExamined": "BRAIN",
    "ConversionSoftware": "dcm2niix",
    "ConversionSoftwareVersion": "v1.0.20170724 GCC4.4.7",
    "DeviceSerialNumber": "167004",
    "EchoTime": 0.00297,
    "FlipAngle": 7,
    "ImageType": [
      "ORIGINAL",
      "PRIMARY",
      "M",
      "ND"
    ],
    "InstitutionAddress": "Mikeletegi_69_San_Sebastian_District_ES_20009",
    "InstitutionName": "BCBL",
    "InversionTime": 1.1,
    "MagneticFieldStrength": 3,
    "Manufacturer": "Siemens",
    "ManufacturersModelName": "Prisma_fit",
    "PhaseEncodingDirection": "i-",
    "PhaseEncodingLines": 256,
    "ProcedureStepDescription": "CRANEO_FUNCIONAL",
    "ProtocolName": "t1_mpr_tra_p2_iso",
    "RepetitionTime": 2.53,
    "ScanningSequence": "GR_IR",
    "SequenceName": "_tfl3d1_16",
    "SequenceVariant": "SK_SP_MP_OSP",
    "SeriesDescription": "t1_mpr_tra_p2_iso",
    "SoftwareVersions": "syngo_MR_E11",
    "dataset": "ds003545",
    "modality": "T1w",
    "session_id": "02",
    "subject_id": "18"
  },
  "cjv": 0.43370451936482507,
  "cnr": 2.8373398347437684,
  "efc": 0.49643098546292946,
  "fber": 10040.039999999999,
  "fwhm_avg": 4.426456666666667,
  "fwhm_x": 4.11471,
  "fwhm_y": 4.73402,
  "fwhm_z": 4.43064,
  "icvs_csf": 0.16755648458995262,
  "icvs_gm": 0.43119581016047764,
  "icvs_wm": 0.4012477052495697,
  "inu_med": 0.9807234406471252,
  "inu_range": 0.9116120934486389,
  "provenance": {
    "md5sum": "ddbb7225d4be7d6ad171d7a26e2975d7",
    "settings": {
      "testing": false
    },
    "software": "mriqc",
    "version": "22.0.6",
    "warnings": {
      "large_rot_frame": true,
      "small_air_mask": false
    },
    "webapi_port": null,
    "webapi_url": "https://mriqc.nimh.nih.gov/api/v1"
  },
  "qi_1": 0.0,
  "qi_2": 0.001988674141965753,
  "rpve_csf": 40.162995887421665,
  "rpve_gm": 16.301488014408438,
  "rpve_wm": 19.3538830997198,
  "size_x": 256,
  "size_y": 256,
  "size_z": 176,
  "snr_csf": 2.023399240883627,
  "snr_gm": 12.48156309679136,
  "snr_total": 9.181300650221933,
  "snr_wm": 13.038939612990815,
  "snrd_csf": 12.128728183932123,
  "snrd_gm": 34.80676785953985,
  "snrd_total": 31.661841288669326,
  "snrd_wm": 48.05002782253601,
  "spacing_x": 1.0,
  "spacing_y": 1.0,
  "spacing_z": 1.0,
  "summary_bg_k": 10.433070126825575,
  "summary_bg_mad": 0.0,
  "summary_bg_mean": 8.636299266187374,
  "summary_bg_median": 0.0,
  "summary_bg_n": 2391166.0,
  "summary_bg_p05": 0.0,
  "summary_bg_p95": 33.82401628047228,
  "summary_bg_stdv": 13.635592252640402,
  "summary_csf_k": 5.214694184318148,
  "summary_csf_mad": 103.23776735246588,
  "summary_csf_mean": 264.95045653733916,
  "summary_csf_median": 252.43963250890374,
  "summary_csf_n": 16320.0,
  "summary_csf_p05": 79.8006956230849,
  "summary_csf_p95": 493.06566911153476,
  "summary_csf_stdv": 124.75634725592678,
  "summary_gm_k": 0.19691144934757387,
  "summary_gm_mad": 56.523290676350086,
  "summary_gm_mean": 724.8454925307963,
  "summary_gm_median": 724.445923268795,
  "summary_gm_n": 24399.0,
  "summary_gm_p05": 629.6725182384253,
  "summary_gm_p95": 820.4598178938031,
  "summary_gm_stdv": 58.040092549876704,
  "summary_wm_k": 1.1789442993403103,
  "summary_wm_mad": 63.021629951505304,
  "summary_wm_mean": 1014.8923454096122,
  "summary_wm_median": 1000.0827111974359,
  "summary_wm_n": 144696.0,
  "summary_wm_p05": 915.7294187620282,
  "summary_wm_p95": 1169.450890518725,
  "summary_wm_stdv": 76.69943147744368,
  "tpm_overlap_csf": 0.1533025105361146,
  "tpm_overlap_gm": 0.46297610800659544,
  "tpm_overlap_wm": 0.48282492609671185,
  "wm2max": 0.28611763414336144
}