{
  "aor": 0.011056213991769547,
  "aqi": 0.00928959695473251,
  "bids_meta": {
    "AcquisitionNumber": 1,
    "AcquisitionTime": "16:18:28.327500",
    "BandwidthPerPixelPhaseEncode": 29.481,
    "ConversionSoftware": "dcm2niix",
    "ConversionSoftwareVersion": "v1.0.20170724 GCC4.4.7",
    "DeviceSerialNumber": "35414",
    "EchoTime": 0.025,
    "EffectiveEchoSpacing": 0.000530002,
    "FlipAngle": 90,
    "ImageType": [
      "ORIGINAL",
      "PRIMARY",
      "M",
      "ND",
      "MOSAIC"
    ],
    "InstitutionAddress": "Mikeletegi_69_San_Sebastian_District_ES_20009",
    "InstitutionName": "BCBL",
    "MagneticFieldStrength": 3,
    "Manufacturer": "Siemens",
    "ManufacturersModelName": "TrioTim",
    "PhaseEncodingDirection": "j-",
    "PhaseEncodingLines": 64,
    "ProcedureStepDescription": "CRANEO_FUNCIONAL",
    "ProtocolName": "ep2d_VF_L3_Run1",
    "RepetitionTime": 3,
    "ScanningSequence": "EP",
    "SequenceName": "_epfid2d1_64",
    "SequenceVariant": "SK",
    "SeriesDescription": "ep2d_VF_L3_Run1",
    "SliceTiming": [
      2.9225,
      2.8525,
      2.785,
      2.715,
      2.645,
      2.575,
      2.505,
      2.435,
      2.3675,
      2.2975,
      2.2275,
      2.1575,
      2.0875,
      2.0175,
      1.95,
      1.88,
      1.81,
      1.74,
      1.67,
      1.6,
      1.5325,
      1.4625,
      1.3925,
      1.3225,
      1.2525,
      1.185,
      1.115,
      1.045,
      0.975,
      0.905,
      0.835,
      0.7675,
      0.6975,
      0.6275,
      0.5575,
      0.4875,
      0.4175,
      0.35,
      0.28,
      0.21,
      0.14,
      0.07,
      0
    ],
    "SoftwareVersions": "syngo_MR_B17",
    "TaskName": "prodLn",
    "TotalReadoutTime": 0.0333901,
    "dataset": "ds003545",
    "modality": "bold",
    "run_id": 1,
    "session_id": "02",
    "subject_id": "10",
    "task_id": "prodLn"
  },
  "dummy_trs": 0,
  "dvars_nstd": 40.574556003884325,
  "dvars_std": 1.2018326569008266,
  "dvars_vstd": 1.0117735692148762,
  "efc": 0.5894701955564445,
  "fber": 360.12811279296875,
  "fd_mean": 0.570670811353455,
  "fd_num": 158,
  "fd_perc": 65.02057613168725,
  "fwhm_avg": 3.1208995356075158,
  "fwhm_x": 3.0342300000000004,
  "fwhm_y": 3.1959233333333334,
  "fwhm_z": 3.132545273489214,
  "gcor": 0.0547838,
  "gsr_x": -0.016728999093174934,
  "gsr_y": 0.11403339356184006,
  "provenance": {
    "md5sum": "f712a2ab685663c57d1de1c5a1b6fb1a",
    "settings": {
      "fd_thres": 0.2,
      "testing": false
    },
    "software": "mriqc",
    "version": "22.0.6",
    "webapi_port": null,
    "webapi_url": "https://mriqc.nimh.nih.gov/api/v1"
  },
  "size_t": 243,
  "size_x": 64,
  "size_y": 64,
  "size_z": 43,
  "snr": 2.7235361486516796,
  "spacing_tr": 3.0,
  "spacing_x": 3.0,
  "spacing_y": 3.0,
  "spacing_z": 3.3000001907348633,
  "summary_bg_k": 27.805455755078864,
  "summary_bg_mad": 19.102993411906976,
  "summary_bg_mean": 89.8431396484375,
  "summary_bg_median": 40.275718688964844,
  "summary_bg_n": 98302.0,
  "summary_bg_p05": 26.251028060913086,
  "summary_bg_p95": 326.5717910766599,
  "summary_bg_stdv": 124.26702117919922,
  "summary_fg_k": 2.416259822709378,
  "summary_fg_mad": 233.83624993966586,
  "summary_fg_mean": 824.3168334960938,
  "summary_fg_median": 765.6954345703125,
  "summary_fg_n": 39601.0,
  "summary_fg_p05": 484.9547119140625,
  "summary_fg_p95": 1389.909423828125,
  "summary_fg_stdv": 281.1366271972656,
  "tsnr": 37.18102907494176
}