{
  "aor": 0.00399005376344086,
  "aqi": 0.0061793397849462355,
  "bids_meta": {
    "AcquisitionNumber": 1,
    "AcquisitionTime": "16:09:16.160000",
    "BandwidthPerPixelPhaseEncode": 28.409,
    "ConversionSoftware": "dcm2niix",
    "ConversionSoftwareVersion": "v1.0.20170724 GCC4.4.7",
    "DeviceSerialNumber": "35414",
    "EchoTime": 0.03,
    "EffectiveEchoSpacing": 0.000550002,
    "FlipAngle": 80,
    "ImageType": [
      "ORIGINAL",
      "PRIMARY",
      "FMRI",
      "NONE",
      "ND",
      "MOSAIC"
    ],
    "InstitutionAddress": "Mikeletegi_69_San_Sebastian_District_ES_20009",
    "InstitutionName": "BCBL",
    "MagneticFieldStrength": 3,
    "Manufacturer": "Siemens",
    "ManufacturersModelName": "TrioTim",
    "PhaseEncodingDirection": "j-",
    "PhaseEncodingLines": 64,
    "ProcedureStepDescription": "CRANEO_FUNCIONAL",
    "ProtocolName": "ep2d_PiN_L3_Run2",
    "RepetitionTime": 2,
    "ScanningSequence": "EP",
    "SequenceName": "_epfid2d1_64",
    "SequenceVariant": "SK",
    "SeriesDescription": "ep2d_PiN_L3_Run2",
    "SliceTiming": [
      1.925,
      1.8625,
      1.8,
      1.7375,
      1.6775,
      1.615,
      1.5525,
      1.49,
      1.4275,
      1.365,
      1.3025,
      1.2425,
      1.18,
      1.1175,
      1.055,
      0.9925,
      0.93,
      0.87,
      0.8075,
      0.745,
      0.6825,
      0.62,
      0.5575,
      0.4975,
      0.435,
      0.3725,
      0.31,
      0.2475,
      0.185,
      0.1225,
      0.0625,
      0
    ],
    "SoftwareVersions": "syngo_MR_B17",
    "TaskName": "compLn",
    "TotalReadoutTime": 0.0346501,
    "dataset": "ds003545",
    "modality": "bold",
    "run_id": 2,
    "session_id": "02",
    "subject_id": "10",
    "task_id": "compLn"
  },
  "dummy_trs": 0,
  "dvars_nstd": 23.288351151675684,
  "dvars_std": 1.2265768101081076,
  "dvars_vstd": 0.9987961492432439,
  "efc": 0.5152370937687228,
  "fber": 974.5390625,
  "fd_mean": 0.22338203755880917,
  "fd_num": 79,
  "fd_perc": 42.473118279569896,
  "fwhm_avg": 2.961767181818182,
  "fwhm_x": 2.876904727272727,
  "fwhm_y": 3.154821818181818,
  "fwhm_z": 2.853575,
  "gcor": 0.0690631,
  "gsr_x": -0.02127201482653618,
  "gsr_y": 0.07178498059511185,
  "provenance": {
    "md5sum": "9fce98782119665eda4150888c2dfdae",
    "settings": {
      "fd_thres": 0.2,
      "testing": false
    },
    "software": "mriqc",
    "version": "22.0.6",
    "webapi_port": null,
    "webapi_url": "https://mriqc.nimh.nih.gov/api/v1"
  },
  "size_t": 186,
  "size_x": 64,
  "size_y": 64,
  "size_z": 32,
  "snr": 2.892758484883015,
  "spacing_tr": 2.0,
  "spacing_x": 3.4375,
  "spacing_y": 3.4375,
  "spacing_z": 4.0,
  "summary_bg_k": 62.665275791555885,
  "summary_bg_mad": 7.691994407936504,
  "summary_bg_mean": 44.01220703125,
  "summary_bg_median": 19.45161247253418,
  "summary_bg_n": 78796.0,
  "summary_bg_p05": 13.645161628723145,
  "summary_bg_p95": 161.0376319885254,
  "summary_bg_stdv": 73.36079406738281,
  "summary_fg_k": 1.828518114634372,
  "summary_fg_mad": 174.76372730522522,
  "summary_fg_mean": 651.3687133789062,
  "summary_fg_median": 608.241943359375,
  "summary_fg_n": 22948.0,
  "summary_fg_p05": 390.37339935302737,
  "summary_fg_p95": 1071.619091796875,
  "summary_fg_stdv": 210.25906372070312,
  "tsnr": 57.041177501901984
}