{
  "aor": 0.010801967213114754,
  "aqi": 0.005425582950819672,
  "bids_meta": {
    "AcquisitionNumber": 1,
    "AcquisitionTime": "16:02:7.440000",
    "BandwidthPerPixelPhaseEncode": 28.409,
    "ConversionSoftware": "dcm2niix",
    "ConversionSoftwareVersion": "v1.0.20170724 GCC4.4.7",
    "DeviceSerialNumber": "35414",
    "EchoTime": 0.03,
    "EffectiveEchoSpacing": 0.000550002,
    "FlipAngle": 80,
    "ImageType": [
      "ORIGINAL",
      "PRIMARY",
      "FMRI",
      "NONE",
      "ND",
      "MOSAIC"
    ],
    "InstitutionAddress": "Mikeletegi_69_San_Sebastian_District_ES_20009",
    "InstitutionName": "BCBL",
    "MagneticFieldStrength": 3,
    "Manufacturer": "Siemens",
    "ManufacturersModelName": "TrioTim",
    "PhaseEncodingDirection": "j-",
    "PhaseEncodingLines": 64,
    "ProcedureStepDescription": "CRANEO_FUNCIONAL",
    "ProtocolName": "ep2d_PiN_L3_Run1",
    "RepetitionTime": 2,
    "ScanningSequence": "EP",
    "SequenceName": "_epfid2d1_64",
    "SequenceVariant": "SK",
    "SeriesDescription": "ep2d_PiN_L3_Run1",
    "SliceTiming": [
      1.925,
      1.8625,
      1.8,
      1.7375,
      1.6775,
      1.615,
      1.5525,
      1.49,
      1.4275,
      1.365,
      1.305,
      1.2425,
      1.18,
      1.1175,
      1.055,
      0.9925,
      0.93,
      0.87,
      0.8075,
      0.745,
      0.6825,
      0.62,
      0.5575,
      0.4975,
      0.435,
      0.3725,
      0.31,
      0.2475,
      0.185,
      0.1225,
      0.0625,
      0
    ],
    "SoftwareVersions": "syngo_MR_B17",
    "TaskName": "compLn",
    "TotalReadoutTime": 0.0346501,
    "dataset": "ds003545",
    "modality": "bold",
    "run_id": 1,
    "session_id": "02",
    "subject_id": "10",
    "task_id": "compLn"
  },
  "dummy_trs": 3,
  "dvars_nstd": 24.35010064296702,
  "dvars_std": 1.2372384097802196,
  "dvars_vstd": 1.0498037519780217,
  "efc": 0.5143781544882706,
  "fber": 998.462158203125,
  "fd_mean": 0.27699762259450605,
  "fd_num": 108,
  "fd_perc": 59.01639344262295,
  "fwhm_avg": 2.8639473636363637,
  "fwhm_x": 2.814309818181818,
  "fwhm_y": 3.069207272727273,
  "fwhm_z": 2.708325,
  "gcor": 0.0302954,
  "gsr_x": -0.01981021836400032,
  "gsr_y": 0.06804326921701431,
  "provenance": {
    "md5sum": "72b3ba4915cd32e984ab386222d07b81",
    "settings": {
      "fd_thres": 0.2,
      "testing": false
    },
    "software": "mriqc",
    "version": "22.0.6",
    "webapi_port": null,
    "webapi_url": "https://mriqc.nimh.nih.gov/api/v1"
  },
  "size_t": 183,
  "size_x": 64,
  "size_y": 64,
  "size_z": 32,
  "snr": 2.910103960309863,
  "spacing_tr": 2.0,
  "spacing_x": 3.4375,
  "spacing_y": 3.4375,
  "spacing_z": 4.0,
  "summary_bg_k": 56.17748927180136,
  "summary_bg_mad": 7.737077236207465,
  "summary_bg_mean": 43.0062141418457,
  "summary_bg_median": 19.23497200012207,
  "summary_bg_n": 78627.0,
  "summary_bg_p05": 13.224042892456055,
  "summary_bg_p95": 155.70109405517516,
  "summary_bg_stdv": 70.20082092285156,
  "summary_fg_k": 2.1376525509850905,
  "summary_fg_mad": 172.69481219461437,
  "summary_fg_mean": 648.6044921875,
  "summary_fg_median": 606.5819702148438,
  "summary_fg_n": 23106.0,
  "summary_fg_p05": 391.90027618408203,
  "summary_fg_p95": 1062.4343872070312,
  "summary_fg_stdv": 208.43545532226562,
  "tsnr": 57.730009221006185
}