{
  "aor": 0.005501316872427983,
  "aqi": 0.006172158230452675,
  "bids_meta": {
    "AcquisitionNumber": 1,
    "AcquisitionTime": "16:31:47.067500",
    "BandwidthPerPixelPhaseEncode": 29.481,
    "ConversionSoftware": "dcm2niix",
    "ConversionSoftwareVersion": "v1.0.20170724 GCC4.4.7",
    "DeviceSerialNumber": "35414",
    "EchoTime": 0.025,
    "EffectiveEchoSpacing": 0.000530002,
    "FlipAngle": 90,
    "ImageType": [
      "ORIGINAL",
      "PRIMARY",
      "M",
      "ND",
      "MOSAIC"
    ],
    "InstitutionAddress": "Mikeletegi_69_San_Sebastian_District_ES_20009",
    "InstitutionName": "BCBL",
    "MagneticFieldStrength": 3,
    "Manufacturer": "Siemens",
    "ManufacturersModelName": "TrioTim",
    "PhaseEncodingDirection": "j-",
    "PhaseEncodingLines": 64,
    "ProcedureStepDescription": "CRANEO_FUNCIONAL",
    "ProtocolName": "ep2d_VF_L3_Run2",
    "RepetitionTime": 3,
    "ScanningSequence": "EP",
    "SequenceName": "_epfid2d1_64",
    "SequenceVariant": "SK",
    "SeriesDescription": "ep2d_VF_L3_Run2",
    "SliceTiming": [
      2.92,
      2.85,
      2.7825,
      2.7125,
      2.6425,
      2.5725,
      2.5025,
      2.4325,
      2.365,
      2.295,
      2.225,
      2.155,
      2.085,
      2.015,
      1.9475,
      1.8775,
      1.8075,
      1.7375,
      1.6675,
      1.6,
      1.53,
      1.46,
      1.39,
      1.32,
      1.25,
      1.1825,
      1.1125,
      1.0425,
      0.9725,
      0.9025,
      0.8325,
      0.765,
      0.695,
      0.625,
      0.555,
      0.485,
      0.415,
      0.3475,
      0.2775,
      0.2075,
      0.1375,
      0.0675,
      0
    ],
    "SoftwareVersions": "syngo_MR_B17",
    "TaskName": "prodLn",
    "TotalReadoutTime": 0.0333901,
    "dataset": "ds003545",
    "modality": "bold",
    "run_id": 2,
    "session_id": "02",
    "subject_id": "10",
    "task_id": "prodLn"
  },
  "dummy_trs": 0,
  "dvars_nstd": 34.67638115826447,
  "dvars_std": 1.2632019533884304,
  "dvars_vstd": 1.0176306497933882,
  "efc": 0.5900988900978732,
  "fber": 355.55523681640625,
  "fd_mean": 0.34223511429175607,
  "fd_num": 131,
  "fd_perc": 53.90946502057613,
  "fwhm_avg": 3.0946637782127433,
  "fwhm_x": 3.00956,
  "fwhm_y": 3.15128,
  "fwhm_z": 3.1231513346382296,
  "gcor": 0.0879693,
  "gsr_x": -0.017847426235675812,
  "gsr_y": 0.11475524306297302,
  "provenance": {
    "md5sum": "86ad70fc9f3b58fff9502e2f31466db8",
    "settings": {
      "fd_thres": 0.2,
      "testing": false
    },
    "software": "mriqc",
    "version": "22.0.6",
    "webapi_port": null,
    "webapi_url": "https://mriqc.nimh.nih.gov/api/v1"
  },
  "size_t": 243,
  "size_x": 64,
  "size_y": 64,
  "size_z": 43,
  "snr": 2.690979369639172,
  "spacing_tr": 3.0,
  "spacing_x": 3.0,
  "spacing_y": 3.0,
  "spacing_z": 3.3000001907348633,
  "summary_bg_k": 27.76059703282078,
  "summary_bg_mad": 19.40805788931284,
  "summary_bg_mean": 92.5245361328125,
  "summary_bg_median": 40.925926208496094,
  "summary_bg_n": 98520.0,
  "summary_bg_p05": 27.090534210205078,
  "summary_bg_p95": 340.4008163452145,
  "summary_bg_stdv": 128.91114807128906,
  "summary_fg_k": 2.3470916410903815,
  "summary_fg_mad": 237.34752145965876,
  "summary_fg_mean": 836.6768798828125,
  "summary_fg_median": 775.8826904296875,
  "summary_fg_n": 39552.0,
  "summary_fg_p05": 489.1351684570312,
  "summary_fg_p95": 1422.0135131835934,
  "summary_fg_stdv": 288.3236083984375,
  "tsnr": 44.557176566217095
}