{
  "aor": 0.006121505376344086,
  "aqi": 0.0030964176344086027,
  "bids_meta": {
    "AcquisitionNumber": 1,
    "AcquisitionTime": "11:44:24.825000",
    "BandwidthPerPixelPhaseEncode": 28.409,
    "BodyPartExamined": "BRAIN",
    "ConversionSoftware": "dcm2niix",
    "ConversionSoftwareVersion": "v1.0.20170724 GCC4.4.7",
    "DeviceSerialNumber": "167004",
    "EchoTime": 0.03,
    "EchoTrainLength": 64,
    "EffectiveEchoSpacing": 0.000550002,
    "FlipAngle": 80,
    "ImageType": [
      "ORIGINAL",
      "PRIMARY",
      "M",
      "ND",
      "MOSAIC"
    ],
    "InstitutionAddress": "Mikeletegi_69_San_Sebastian_District_ES_20009",
    "InstitutionName": "BCBL",
    "MagneticFieldStrength": 3,
    "Manufacturer": "Siemens",
    "ManufacturersModelName": "Prisma_fit",
    "PhaseEncodingDirection": "j-",
    "PhaseEncodingLines": 64,
    "ProcedureStepDescription": "CRANEO_FUNCIONAL",
    "ProtocolName": "ep2d_PiN_L3_Run1",
    "RepetitionTime": 2,
    "ScanningSequence": "EP",
    "SequenceName": "_epfid2d1_64",
    "SequenceVariant": "SK",
    "SeriesDescription": "ep2d_PiN_L3_Run1",
    "SliceTiming": [
      1.9175,
      1.8575,
      1.795,
      1.7325,
      1.67,
      1.61,
      1.5475,
      1.485,
      1.4225,
      1.3625,
      1.3,
      1.2375,
      1.175,
      1.115,
      1.0525,
      0.99,
      0.9275,
      0.8675,
      0.805,
      0.7425,
      0.68,
      0.62,
      0.5575,
      0.495,
      0.4325,
      0.3725,
      0.31,
      0.2475,
      0.185,
      0.125,
      0.0625,
      0
    ],
    "SoftwareVersions": "syngo_MR_E11",
    "TaskName": "compLn",
    "TotalReadoutTime": 0.0346501,
    "dataset": "ds003545",
    "modality": "bold",
    "run_id": 1,
    "session_id": "01",
    "subject_id": "23",
    "task_id": "compLn"
  },
  "dummy_trs": 0,
  "dvars_nstd": 17.822842437945944,
  "dvars_std": 1.227842641405405,
  "dvars_vstd": 1.0011181596216217,
  "efc": 0.47465437313499,
  "fber": 1642.923828125,
  "fd_mean": 0.19642448303272947,
  "fd_num": 51,
  "fd_perc": 27.419354838709676,
  "fwhm_avg": 2.787800363636364,
  "fwhm_x": 2.703290181818182,
  "fwhm_y": 2.9558109090909093,
  "fwhm_z": 2.7043,
  "gcor": 0.0317747,
  "gsr_x": -0.023484915494918823,
  "gsr_y": 0.04165280982851982,
  "provenance": {
    "md5sum": "39aab650b7656bc16d672b9f640041f3",
    "settings": {
      "fd_thres": 0.2,
      "testing": false
    },
    "software": "mriqc",
    "version": "22.0.6",
    "webapi_port": null,
    "webapi_url": "https://mriqc.nimh.nih.gov/api/v1"
  },
  "size_t": 186,
  "size_x": 64,
  "size_y": 64,
  "size_z": 32,
  "snr": 2.844932172327932,
  "spacing_tr": 2.0,
  "spacing_x": 3.4375,
  "spacing_y": 3.4375,
  "spacing_z": 4.0,
  "summary_bg_k": 29.309187266051588,
  "summary_bg_mad": 3.228244394364708,
  "summary_bg_mean": 42.72285079956055,
  "summary_bg_median": 18.661291122436523,
  "summary_bg_n": 82986.0,
  "summary_bg_p05": 15.731183052062988,
  "summary_bg_p95": 166.15860748291016,
  "summary_bg_stdv": 74.15213775634766,
  "summary_fg_k": 0.8210211542125121,
  "summary_fg_mad": 256.9126403723367,
  "summary_fg_mean": 804.4232177734375,
  "summary_fg_median": 763.6558837890625,
  "summary_fg_n": 19582.0,
  "summary_fg_p05": 447.52447204589845,
  "summary_fg_p95": 1311.586315917969,
  "summary_fg_stdv": 268.4198913574219,
  "tsnr": 79.29741516127251
}