{
  "aor": 0.006658271604938272,
  "aqi": 0.005248864074074074,
  "bids_meta": {
    "AcquisitionNumber": 1,
    "AcquisitionTime": "12:19:43.495000",
    "BandwidthPerPixelPhaseEncode": 29.481,
    "BodyPartExamined": "BRAIN",
    "ConversionSoftware": "dcm2niix",
    "ConversionSoftwareVersion": "v1.0.20170724 GCC4.4.7",
    "DeviceSerialNumber": "167004",
    "EchoTime": 0.025,
    "EchoTrainLength": 64,
    "EffectiveEchoSpacing": 0.000530002,
    "FlipAngle": 90,
    "ImageType": [
      "ORIGINAL",
      "PRIMARY",
      "M",
      "ND",
      "MOSAIC"
    ],
    "InstitutionAddress": "Mikeletegi_69_San_Sebastian_District_ES_20009",
    "InstitutionName": "BCBL",
    "MagneticFieldStrength": 3,
    "Manufacturer": "Siemens",
    "ManufacturersModelName": "Prisma_fit",
    "PhaseEncodingDirection": "j-",
    "PhaseEncodingLines": 64,
    "ProcedureStepDescription": "CRANEO_FUNCIONAL",
    "ProtocolName": "ep2d_VF_L3_Run2",
    "RepetitionTime": 3,
    "ScanningSequence": "EP",
    "SequenceName": "_epfid2d1_64",
    "SequenceVariant": "SK",
    "SeriesDescription": "ep2d_VF_L3_Run2",
    "SliceTiming": [
      2.91,
      2.8425,
      2.7725,
      2.7025,
      2.6325,
      2.565,
      2.495,
      2.425,
      2.3575,
      2.2875,
      2.2175,
      2.1475,
      2.08,
      2.01,
      1.94,
      1.8725,
      1.8025,
      1.7325,
      1.6625,
      1.595,
      1.525,
      1.455,
      1.385,
      1.3175,
      1.2475,
      1.1775,
      1.11,
      1.04,
      0.97,
      0.9,
      0.8325,
      0.7625,
      0.6925,
      0.625,
      0.555,
      0.485,
      0.415,
      0.3475,
      0.2775,
      0.2075,
      0.14,
      0.07,
      0
    ],
    "SoftwareVersions": "syngo_MR_E11",
    "TaskName": "prodLn",
    "TotalReadoutTime": 0.0333901,
    "dataset": "ds003545",
    "modality": "bold",
    "run_id": 2,
    "session_id": "01",
    "subject_id": "23",
    "task_id": "prodLn"
  },
  "dummy_trs": 0,
  "dvars_nstd": 33.13597203103306,
  "dvars_std": 1.354929101404959,
  "dvars_vstd": 1.0260772703719006,
  "efc": 0.5494297604392242,
  "fber": 629.1048583984375,
  "fd_mean": 0.29554398912835117,
  "fd_num": 122,
  "fd_perc": 50.205761316872426,
  "fwhm_avg": 2.944070721115627,
  "fwhm_x": 2.840066666666667,
  "fwhm_y": 3.076166666666667,
  "fwhm_z": 2.9159788300135476,
  "gcor": 0.0493826,
  "gsr_x": -0.02247162163257599,
  "gsr_y": 0.07657991349697113,
  "provenance": {
    "md5sum": "ec2325e690ea1b401a8cdac30496ed00",
    "settings": {
      "fd_thres": 0.2,
      "testing": false
    },
    "software": "mriqc",
    "version": "22.0.6",
    "webapi_port": null,
    "webapi_url": "https://mriqc.nimh.nih.gov/api/v1"
  },
  "size_t": 243,
  "size_x": 64,
  "size_y": 64,
  "size_z": 43,
  "snr": 2.629583276949066,
  "spacing_tr": 3.0,
  "spacing_x": 3.0,
  "spacing_y": 3.0,
  "spacing_z": 3.299999952316284,
  "summary_bg_k": 16.765775424388792,
  "summary_bg_mad": 9.99383298720174,
  "summary_bg_mean": 88.24579620361328,
  "summary_bg_median": 37.41975021362305,
  "summary_bg_n": 103590.0,
  "summary_bg_p05": 29.279834747314453,
  "summary_bg_p95": 352.75740509033153,
  "summary_bg_stdv": 129.30532836914062,
  "summary_fg_k": 0.7929003631751188,
  "summary_fg_mad": 353.98494378778,
  "summary_fg_mean": 1029.970947265625,
  "summary_fg_median": 965.006103515625,
  "summary_fg_n": 34166.0,
  "summary_fg_p05": 552.4701385498047,
  "summary_fg_p95": 1725.2180480957031,
  "summary_fg_stdv": 366.9752502441406,
  "tsnr": 58.732395435567014
}