{
  "aor": 0.007505752688172044,
  "aqi": 0.005695366397849462,
  "bids_meta": {
    "AcquisitionNumber": 1,
    "AcquisitionTime": "13:51:47.145000",
    "BandwidthPerPixelPhaseEncode": 28.409,
    "ConversionSoftware": "dcm2niix",
    "ConversionSoftwareVersion": "v1.0.20170724 GCC4.4.7",
    "DeviceSerialNumber": "35414",
    "EchoTime": 0.03,
    "EffectiveEchoSpacing": 0.000550002,
    "FlipAngle": 80,
    "ImageType": [
      "ORIGINAL",
      "PRIMARY",
      "FMRI",
      "NONE",
      "ND",
      "MOSAIC"
    ],
    "InstitutionAddress": "Mikeletegi_69_San_Sebastian_District_ES_20009",
    "InstitutionName": "BCBL",
    "MagneticFieldStrength": 3,
    "Manufacturer": "Siemens",
    "ManufacturersModelName": "TrioTim",
    "PhaseEncodingDirection": "j-",
    "PhaseEncodingLines": 64,
    "ProcedureStepDescription": "CRANEO_FUNCIONAL",
    "ProtocolName": "ep2d_PiN_L1_Run1",
    "RepetitionTime": 2,
    "ScanningSequence": "EP",
    "SequenceName": "_epfid2d1_64",
    "SequenceVariant": "SK",
    "SeriesDescription": "ep2d_PiN_L1_Run1",
    "SliceTiming": [
      1.925,
      1.865,
      1.8025,
      1.74,
      1.6775,
      1.615,
      1.5525,
      1.4925,
      1.43,
      1.3675,
      1.305,
      1.2425,
      1.18,
      1.1175,
      1.0575,
      0.995,
      0.9325,
      0.87,
      0.8075,
      0.745,
      0.685,
      0.6225,
      0.56,
      0.4975,
      0.435,
      0.3725,
      0.31,
      0.25,
      0.1875,
      0.125,
      0.0625,
      0
    ],
    "SoftwareVersions": "syngo_MR_B17",
    "TaskName": "compL1",
    "TotalReadoutTime": 0.0346501,
    "dataset": "ds003545",
    "modality": "bold",
    "run_id": 1,
    "session_id": "01",
    "subject_id": "08",
    "task_id": "compL1"
  },
  "dummy_trs": 0,
  "dvars_nstd": 35.21187893659457,
  "dvars_std": 1.2824562554594592,
  "dvars_vstd": 1.0195533975675677,
  "efc": 0.4749816044499094,
  "fber": 1530.89208984375,
  "fd_mean": 0.4368984973393776,
  "fd_num": 145,
  "fd_perc": 77.95698924731182,
  "fwhm_avg": 2.8492171515151514,
  "fwhm_x": 2.829870545454545,
  "fwhm_y": 3.0553309090909093,
  "fwhm_z": 2.66245,
  "gcor": 0.0480249,
  "gsr_x": -0.022117922082543373,
  "gsr_y": 0.041405998170375824,
  "provenance": {
    "md5sum": "6c18f2fd85f2dff266841f741604d751",
    "settings": {
      "fd_thres": 0.2,
      "testing": false
    },
    "software": "mriqc",
    "version": "22.0.6",
    "webapi_port": null,
    "webapi_url": "https://mriqc.nimh.nih.gov/api/v1"
  },
  "size_t": 186,
  "size_x": 64,
  "size_y": 64,
  "size_z": 32,
  "snr": 2.561075504213129,
  "spacing_tr": 2.0,
  "spacing_x": 3.4375,
  "spacing_y": 3.4375,
  "spacing_z": 4.0,
  "summary_bg_k": 30.52282698176237,
  "summary_bg_mad": 5.284759429581603,
  "summary_bg_mean": 33.31499481201172,
  "summary_bg_median": 17.47849464416504,
  "summary_bg_n": 80734.0,
  "summary_bg_p05": 13.220430374145508,
  "summary_bg_p95": 116.53601951599111,
  "summary_bg_stdv": 47.84321594238281,
  "summary_fg_k": 2.1228858359679634,
  "summary_fg_mad": 212.23526770228466,
  "summary_fg_mean": 749.5588989257812,
  "summary_fg_median": 687.8386840820312,
  "summary_fg_n": 21801.0,
  "summary_fg_p05": 430.6559143066406,
  "summary_fg_p95": 1303.0322265625,
  "summary_fg_stdv": 268.5679931640625,
  "tsnr": 49.134441887028515
}