{
  "aor": 0.0051252674897119335,
  "aqi": 0.009121978971193415,
  "bids_meta": {
    "AcquisitionNumber": 1,
    "AcquisitionTime": "15:51:46.807500",
    "BandwidthPerPixelPhaseEncode": 29.481,
    "ConversionSoftware": "dcm2niix",
    "ConversionSoftwareVersion": "v1.0.20170724 GCC4.4.7",
    "DeviceSerialNumber": "35414",
    "EchoTime": 0.025,
    "EffectiveEchoSpacing": 0.000530002,
    "FlipAngle": 90,
    "ImageType": [
      "ORIGINAL",
      "PRIMARY",
      "M",
      "ND",
      "MOSAIC"
    ],
    "InstitutionAddress": "Mikeletegi_69_San_Sebastian_District_ES_20009",
    "InstitutionName": "BCBL",
    "MagneticFieldStrength": 3,
    "Manufacturer": "Siemens",
    "ManufacturersModelName": "TrioTim",
    "PhaseEncodingDirection": "j-",
    "PhaseEncodingLines": 64,
    "ProcedureStepDescription": "CRANEO_FUNCIONAL",
    "ProtocolName": "ep2d_VF_L3_Run2",
    "RepetitionTime": 3,
    "ScanningSequence": "EP",
    "SequenceName": "_epfid2d1_64",
    "SequenceVariant": "SK",
    "SeriesDescription": "ep2d_VF_L3_Run2",
    "SliceTiming": [
      2.9225,
      2.8525,
      2.7825,
      2.7125,
      2.645,
      2.575,
      2.505,
      2.435,
      2.365,
      2.295,
      2.2275,
      2.1575,
      2.0875,
      2.0175,
      1.9475,
      1.8775,
      1.81,
      1.74,
      1.67,
      1.6,
      1.53,
      1.46,
      1.3925,
      1.3225,
      1.2525,
      1.1825,
      1.1125,
      1.045,
      0.975,
      0.905,
      0.835,
      0.765,
      0.695,
      0.6275,
      0.5575,
      0.4875,
      0.4175,
      0.3475,
      0.2775,
      0.21,
      0.14,
      0.07,
      0
    ],
    "SoftwareVersions": "syngo_MR_B17",
    "TaskName": "prodLn",
    "TotalReadoutTime": 0.0333901,
    "dataset": "ds003545",
    "modality": "bold",
    "run_id": 2,
    "session_id": "01",
    "subject_id": "08",
    "task_id": "prodLn"
  },
  "dummy_trs": 0,
  "dvars_nstd": 53.17498291450413,
  "dvars_std": 1.3416689211157034,
  "dvars_vstd": 1.0345736400000003,
  "efc": 0.5510250957146052,
  "fber": 657.82080078125,
  "fd_mean": 0.6265871613647694,
  "fd_num": 225,
  "fd_perc": 92.5925925925926,
  "fwhm_avg": 2.9088651652967674,
  "fwhm_x": 2.800186666666667,
  "fwhm_y": 3.065096666666667,
  "fwhm_z": 2.8613121625569686,
  "gcor": 0.041255,
  "gsr_x": -0.01367105357348919,
  "gsr_y": 0.07913102954626083,
  "provenance": {
    "md5sum": "229be328690c635d6587db62cb45ee3f",
    "settings": {
      "fd_thres": 0.2,
      "testing": false
    },
    "software": "mriqc",
    "version": "22.0.6",
    "webapi_port": null,
    "webapi_url": "https://mriqc.nimh.nih.gov/api/v1"
  },
  "size_t": 243,
  "size_x": 64,
  "size_y": 64,
  "size_z": 43,
  "snr": 2.723390263230836,
  "spacing_tr": 3.0,
  "spacing_x": 3.0,
  "spacing_y": 3.0,
  "spacing_z": 3.299999952316284,
  "summary_bg_k": 22.05684611131386,
  "summary_bg_mad": 8.608853437510321,
  "summary_bg_mean": 62.02988815307617,
  "summary_bg_median": 31.201644897460938,
  "summary_bg_n": 100621.0,
  "summary_bg_p05": 24.41975212097168,
  "summary_bg_p95": 225.0041046142578,
  "summary_bg_stdv": 81.7777328491211,
  "summary_fg_k": 2.5185941867415886,
  "summary_fg_mad": 246.17902199775466,
  "summary_fg_mean": 875.1170043945312,
  "summary_fg_median": 813.5513916015625,
  "summary_fg_n": 37755.0,
  "summary_fg_p05": 513.2501831054688,
  "summary_fg_p95": 1475.319689941406,
  "summary_fg_stdv": 298.7234802246094,
  "tsnr": 39.30896810197737
}