{
  "aor": 0.00477741935483871,
  "aqi": 0.002919140881720431,
  "bids_meta": {
    "AcquisitionNumber": 1,
    "AcquisitionTime": "13:59:27.015000",
    "BandwidthPerPixelPhaseEncode": 28.409,
    "ConversionSoftware": "dcm2niix",
    "ConversionSoftwareVersion": "v1.0.20170724 GCC4.4.7",
    "DeviceSerialNumber": "35414",
    "EchoTime": 0.03,
    "EffectiveEchoSpacing": 0.000550002,
    "FlipAngle": 80,
    "ImageType": [
      "ORIGINAL",
      "PRIMARY",
      "FMRI",
      "NONE",
      "ND",
      "MOSAIC"
    ],
    "InstitutionAddress": "Mikeletegi_69_San_Sebastian_District_ES_20009",
    "InstitutionName": "BCBL",
    "MagneticFieldStrength": 3,
    "Manufacturer": "Siemens",
    "ManufacturersModelName": "TrioTim",
    "PhaseEncodingDirection": "j-",
    "PhaseEncodingLines": 64,
    "ProcedureStepDescription": "CRANEO_FUNCIONAL",
    "ProtocolName": "ep2d_PiN_L1_Run2",
    "RepetitionTime": 2,
    "ScanningSequence": "EP",
    "SequenceName": "_epfid2d1_64",
    "SequenceVariant": "SK",
    "SeriesDescription": "ep2d_PiN_L1_Run2",
    "SliceTiming": [
      1.925,
      1.8625,
      1.8025,
      1.74,
      1.6775,
      1.615,
      1.5525,
      1.49,
      1.43,
      1.3675,
      1.305,
      1.2425,
      1.18,
      1.1175,
      1.0575,
      0.995,
      0.9325,
      0.87,
      0.8075,
      0.745,
      0.6825,
      0.6225,
      0.56,
      0.4975,
      0.435,
      0.3725,
      0.31,
      0.25,
      0.1875,
      0.125,
      0.0625,
      0
    ],
    "SoftwareVersions": "syngo_MR_B17",
    "TaskName": "compL1",
    "TotalReadoutTime": 0.0346501,
    "dataset": "ds003545",
    "modality": "bold",
    "run_id": 2,
    "session_id": "01",
    "subject_id": "08",
    "task_id": "compL1"
  },
  "dummy_trs": 0,
  "dvars_nstd": 29.780837337513514,
  "dvars_std": 1.3243512453513506,
  "dvars_vstd": 1.0296958669189193,
  "efc": 0.4754183134677741,
  "fber": 1536.114013671875,
  "fd_mean": 0.3231990733009584,
  "fd_num": 123,
  "fd_perc": 66.12903225806451,
  "fwhm_avg": 2.800537818181818,
  "fwhm_x": 2.7920261818181817,
  "fwhm_y": 2.9856872727272723,
  "fwhm_z": 2.6239,
  "gcor": 0.0326309,
  "gsr_x": -0.02275761030614376,
  "gsr_y": 0.04158623144030571,
  "provenance": {
    "md5sum": "a7c82da7b5dd477a0cd8113e0cb5e657",
    "settings": {
      "fd_thres": 0.2,
      "testing": false
    },
    "software": "mriqc",
    "version": "22.0.6",
    "webapi_port": null,
    "webapi_url": "https://mriqc.nimh.nih.gov/api/v1"
  },
  "size_t": 186,
  "size_x": 64,
  "size_y": 64,
  "size_z": 32,
  "snr": 2.578653169681615,
  "spacing_tr": 2.0,
  "spacing_x": 3.4375,
  "spacing_y": 3.4375,
  "spacing_z": 4.0,
  "summary_bg_k": 30.861069646306234,
  "summary_bg_mad": 5.205051122824597,
  "summary_bg_mean": 33.462799072265625,
  "summary_bg_median": 17.440860748291016,
  "summary_bg_n": 80725.0,
  "summary_bg_p05": 13.467741966247559,
  "summary_bg_p95": 117.50752410888677,
  "summary_bg_stdv": 48.64633560180664,
  "summary_fg_k": 2.15847897249241,
  "summary_fg_mad": 211.51790142498953,
  "summary_fg_mean": 750.0499267578125,
  "summary_fg_median": 688.6558837890625,
  "summary_fg_n": 21786.0,
  "summary_fg_p05": 433.7983856201172,
  "summary_fg_p95": 1301.7029724121094,
  "summary_fg_stdv": 267.0541687011719,
  "tsnr": 67.74455171450973
}