{
  "aor": 0.0035140329218106997,
  "aqi": 0.013015575843621402,
  "bids_meta": {
    "AcquisitionNumber": 1,
    "AcquisitionTime": "14:13:37.297500",
    "BandwidthPerPixelPhaseEncode": 29.481,
    "ConversionSoftware": "dcm2niix",
    "ConversionSoftwareVersion": "v1.0.20170724 GCC4.4.7",
    "DeviceSerialNumber": "35414",
    "EchoTime": 0.025,
    "EffectiveEchoSpacing": 0.000530002,
    "FlipAngle": 90,
    "ImageType": [
      "ORIGINAL",
      "PRIMARY",
      "M",
      "ND",
      "MOSAIC"
    ],
    "InstitutionAddress": "Mikeletegi_69_San_Sebastian_District_ES_20009",
    "InstitutionName": "BCBL",
    "MagneticFieldStrength": 3,
    "Manufacturer": "Siemens",
    "ManufacturersModelName": "TrioTim",
    "PhaseEncodingDirection": "j-",
    "PhaseEncodingLines": 64,
    "ProcedureStepDescription": "CRANEO_FUNCIONAL",
    "ProtocolName": "ep2d_VF_L1_Run1",
    "RepetitionTime": 3,
    "ScanningSequence": "EP",
    "SequenceName": "_epfid2d1_64",
    "SequenceVariant": "SK",
    "SeriesDescription": "ep2d_VF_L1_Run1",
    "SliceTiming": [
      2.9225,
      2.8525,
      2.7825,
      2.715,
      2.645,
      2.575,
      2.505,
      2.435,
      2.365,
      2.2975,
      2.2275,
      2.1575,
      2.0875,
      2.0175,
      1.9475,
      1.88,
      1.81,
      1.74,
      1.67,
      1.6,
      1.53,
      1.4625,
      1.3925,
      1.3225,
      1.2525,
      1.1825,
      1.115,
      1.045,
      0.975,
      0.905,
      0.835,
      0.765,
      0.6975,
      0.6275,
      0.5575,
      0.4875,
      0.4175,
      0.3475,
      0.28,
      0.21,
      0.14,
      0.07,
      0
    ],
    "SoftwareVersions": "syngo_MR_B17",
    "TaskName": "prodL1",
    "TotalReadoutTime": 0.0333901,
    "dataset": "ds003545",
    "modality": "bold",
    "run_id": 1,
    "session_id": "01",
    "subject_id": "08",
    "task_id": "prodL1"
  },
  "dummy_trs": 0,
  "dvars_nstd": 68.92564089400828,
  "dvars_std": 1.2776463826033062,
  "dvars_vstd": 1.0026102376859505,
  "efc": 0.5455462448085638,
  "fber": 656.3345947265625,
  "fd_mean": 1.0155471755297485,
  "fd_num": 240,
  "fd_perc": 98.76543209876543,
  "fwhm_avg": 2.9368346600967015,
  "fwhm_x": 2.8835433333333333,
  "fwhm_y": 3.0967000000000002,
  "fwhm_z": 2.830260646956771,
  "gcor": 0.0289514,
  "gsr_x": -0.013039348646998405,
  "gsr_y": 0.07856135815382004,
  "provenance": {
    "md5sum": "c91f798de6ff95aa8fbf2bf48e913dc6",
    "settings": {
      "fd_thres": 0.2,
      "testing": false
    },
    "software": "mriqc",
    "version": "22.0.6",
    "webapi_port": null,
    "webapi_url": "https://mriqc.nimh.nih.gov/api/v1"
  },
  "size_t": 243,
  "size_x": 64,
  "size_y": 64,
  "size_z": 43,
  "snr": 2.5531156170172657,
  "spacing_tr": 3.0,
  "spacing_x": 3.0,
  "spacing_y": 3.0,
  "spacing_z": 3.299999952316284,
  "summary_bg_k": 18.600837039332173,
  "summary_bg_mad": 8.932219690959444,
  "summary_bg_mean": 64.8658218383789,
  "summary_bg_median": 32.85596466064453,
  "summary_bg_n": 100648.0,
  "summary_bg_p05": 25.289505577087404,
  "summary_bg_p95": 239.81048355102533,
  "summary_bg_stdv": 85.10812377929688,
  "summary_fg_k": 2.501806782654085,
  "summary_fg_mad": 266.09352611341416,
  "summary_fg_mean": 923.6190795898438,
  "summary_fg_median": 848.438232421875,
  "summary_fg_n": 37812.0,
  "summary_fg_p05": 529.4452423095703,
  "summary_fg_p95": 1600.6183227539047,
  "summary_fg_stdv": 332.3104553222656,
  "tsnr": 29.86205474869348
}