{
  "aor": 0.003870617283950618,
  "aqi": 0.014759450164609054,
  "bids_meta": {
    "AcquisitionNumber": 1,
    "AcquisitionTime": "15:38:7.920000",
    "BandwidthPerPixelPhaseEncode": 29.481,
    "ConversionSoftware": "dcm2niix",
    "ConversionSoftwareVersion": "v1.0.20170724 GCC4.4.7",
    "DeviceSerialNumber": "35414",
    "EchoTime": 0.025,
    "EffectiveEchoSpacing": 0.000530002,
    "FlipAngle": 90,
    "ImageType": [
      "ORIGINAL",
      "PRIMARY",
      "M",
      "ND",
      "MOSAIC"
    ],
    "InstitutionAddress": "Mikeletegi_69_San_Sebastian_District_ES_20009",
    "InstitutionName": "BCBL",
    "MagneticFieldStrength": 3,
    "Manufacturer": "Siemens",
    "ManufacturersModelName": "TrioTim",
    "PhaseEncodingDirection": "j-",
    "PhaseEncodingLines": 64,
    "ProcedureStepDescription": "CRANEO_FUNCIONAL",
    "ProtocolName": "ep2d_VF_L3_Run1",
    "RepetitionTime": 3,
    "ScanningSequence": "EP",
    "SequenceName": "_epfid2d1_64",
    "SequenceVariant": "SK",
    "SeriesDescription": "ep2d_VF_L3_Run1",
    "SliceTiming": [
      2.9225,
      2.8525,
      2.7825,
      2.7125,
      2.645,
      2.575,
      2.505,
      2.435,
      2.365,
      2.295,
      2.2275,
      2.1575,
      2.0875,
      2.0175,
      1.9475,
      1.8775,
      1.81,
      1.74,
      1.67,
      1.6,
      1.53,
      1.46,
      1.3925,
      1.3225,
      1.2525,
      1.1825,
      1.1125,
      1.045,
      0.975,
      0.905,
      0.835,
      0.765,
      0.695,
      0.6275,
      0.5575,
      0.4875,
      0.4175,
      0.3475,
      0.2775,
      0.21,
      0.14,
      0.07,
      0
    ],
    "SoftwareVersions": "syngo_MR_B17",
    "TaskName": "prodLn",
    "TotalReadoutTime": 0.0333901,
    "dataset": "ds003545",
    "modality": "bold",
    "run_id": 1,
    "session_id": "01",
    "subject_id": "08",
    "task_id": "prodLn"
  },
  "dummy_trs": 0,
  "dvars_nstd": 65.58080595995868,
  "dvars_std": 1.2205573393801654,
  "dvars_vstd": 0.9895167052479339,
  "efc": 0.5513216715523651,
  "fber": 640.1738891601562,
  "fd_mean": 1.0200330372132314,
  "fd_num": 236,
  "fd_perc": 97.11934156378601,
  "fwhm_avg": 2.8832920337909456,
  "fwhm_x": 2.774126666666667,
  "fwhm_y": 3.0544433333333334,
  "fwhm_z": 2.8213061013728358,
  "gcor": 0.0403549,
  "gsr_x": -0.01321130059659481,
  "gsr_y": 0.08052155375480652,
  "provenance": {
    "md5sum": "291c59703860bef11ccc1e1b6c380366",
    "settings": {
      "fd_thres": 0.2,
      "testing": false
    },
    "software": "mriqc",
    "version": "22.0.6",
    "webapi_port": null,
    "webapi_url": "https://mriqc.nimh.nih.gov/api/v1"
  },
  "size_t": 243,
  "size_x": 64,
  "size_y": 64,
  "size_z": 43,
  "snr": 2.7492933938358104,
  "spacing_tr": 3.0,
  "spacing_x": 3.0,
  "spacing_y": 3.0,
  "spacing_z": 3.299999952316284,
  "summary_bg_k": 23.03381507043705,
  "summary_bg_mad": 10.68327435126645,
  "summary_bg_mean": 62.43561553955078,
  "summary_bg_median": 32.024688720703125,
  "summary_bg_n": 100274.0,
  "summary_bg_p05": 22.004114151000977,
  "summary_bg_p95": 220.4423820495602,
  "summary_bg_stdv": 81.98284912109375,
  "summary_fg_k": 2.590705499235294,
  "summary_fg_mad": 244.50123099840698,
  "summary_fg_mean": 877.7819213867188,
  "summary_fg_median": 817.2057495117188,
  "summary_fg_n": 37687.0,
  "summary_fg_p05": 518.7131408691406,
  "summary_fg_p95": 1472.3513793945308,
  "summary_fg_stdv": 297.2381591796875,
  "tsnr": 28.28011958487332
}