{
  "bids_meta": {
    "AccelFactPE": 2,
    "AcquisitionNumber": 1,
    "AcquisitionTime": "09:48:24.345000",
    "BodyPartExamined": "BRAIN",
    "ConversionSoftware": "dcm2niix",
    "ConversionSoftwareVersion": "v1.0.20170724 GCC4.4.7",
    "DeviceSerialNumber": "167004",
    "EchoTime": 0.00297,
    "FlipAngle": 7,
    "ImageType": [
      "ORIGINAL",
      "PRIMARY",
      "M",
      "ND"
    ],
    "InstitutionAddress": "Mikeletegi_69_San_Sebastian_District_ES_20009",
    "InstitutionName": "BCBL",
    "InversionTime": 1.1,
    "MagneticFieldStrength": 3,
    "Manufacturer": "Siemens",
    "ManufacturersModelName": "Prisma_fit",
    "PhaseEncodingDirection": "i-",
    "PhaseEncodingLines": 256,
    "ProcedureStepDescription": "CRANEO_FUNCIONAL",
    "ProtocolName": "t1_mpr_tra_p2_iso",
    "RepetitionTime": 2.53,
    "ScanningSequence": "GR_IR",
    "SequenceName": "_tfl3d1_16",
    "SequenceVariant": "SK_SP_MP_OSP",
    "SeriesDescription": "t1_mpr_tra_p2_iso",
    "SoftwareVersions": "syngo_MR_E11",
    "dataset": "ds003545",
    "modality": "T1w",
    "session_id": "01",
    "subject_id": "13"
  },
  "cjv": 0.44404563383063667,
  "cnr": 2.877011836617223,
  "efc": 0.5446387380611196,
  "fber": -1.0,
  "fwhm_avg": 4.74552,
  "fwhm_x": 4.45323,
  "fwhm_y": 5.05014,
  "fwhm_z": 4.73319,
  "icvs_csf": 0.16433236483135735,
  "icvs_gm": 0.42469873049192386,
  "icvs_wm": 0.4109689046767188,
  "inu_med": 0.9853746891021729,
  "inu_range": 0.9963725656270981,
  "provenance": {
    "md5sum": "b78fc8ba987667b7636a44deb9863503",
    "settings": {
      "testing": false
    },
    "software": "mriqc",
    "version": "22.0.6",
    "warnings": {
      "large_rot_frame": true,
      "small_air_mask": false
    },
    "webapi_port": null,
    "webapi_url": "https://mriqc.nimh.nih.gov/api/v1"
  },
  "qi_1": 0.0,
  "qi_2": 0.0033374345163997695,
  "rpve_csf": 31.31663349088417,
  "rpve_gm": 12.81830723660185,
  "rpve_wm": 15.005922617602796,
  "size_x": 256,
  "size_y": 256,
  "size_z": 176,
  "snr_csf": 1.6146979557395469,
  "snr_gm": 12.178055825638488,
  "snr_total": 9.378162613941166,
  "snr_wm": 14.34173406044546,
  "snrd_csf": 15.206444775506087,
  "snrd_gm": 39.07199957489932,
  "snrd_total": 35.8683090043717,
  "snrd_wm": 53.3264826627097,
  "spacing_x": 1.0,
  "spacing_y": 1.0,
  "spacing_z": 1.0,
  "summary_bg_k": 6.227324728316621,
  "summary_bg_mad": 0.0,
  "summary_bg_mean": 8.008476642740128,
  "summary_bg_median": 0.0,
  "summary_bg_n": 1817229.0,
  "summary_bg_p05": 0.0,
  "summary_bg_p95": 32.431589126586914,
  "summary_bg_stdv": 12.286343148847957,
  "summary_csf_k": 42.40376903284718,
  "summary_csf_mad": 111.53902855561063,
  "summary_csf_mean": 307.2789886749106,
  "summary_csf_median": 285.17969477176666,
  "summary_csf_n": 26381.0,
  "summary_csf_p05": 103.76549309492111,
  "summary_csf_p95": 530.7554297447205,
  "summary_csf_stdv": 176.61153820521972,
  "summary_gm_k": 0.0448720257582611,
  "summary_gm_mad": 60.103932485924894,
  "summary_gm_mean": 733.0869553191602,
  "summary_gm_median": 732.7512168288231,
  "summary_gm_n": 35887.0,
  "summary_gm_p05": 634.388389903307,
  "summary_gm_p95": 832.3848007321358,
  "summary_gm_stdv": 60.16896441461972,
  "summary_wm_k": 1.4364416744826576,
  "summary_wm_mad": 58.60133417377677,
  "summary_wm_mean": 1013.2114536040011,
  "summary_wm_median": 1000.0779454708099,
  "summary_wm_n": 221384.0,
  "summary_wm_p05": 923.9104873538017,
  "summary_wm_p95": 1151.5552956461906,
  "summary_wm_stdv": 69.73185268657959,
  "tpm_overlap_csf": 0.14694994207325068,
  "tpm_overlap_gm": 0.4644756127014144,
  "tpm_overlap_wm": 0.49853710658186773,
  "wm2max": 0.29813144928883517
}