{
  "bids_meta": {
    "AccelFactPE": 2,
    "AcquisitionNumber": 1,
    "AcquisitionTime": "09:18:49.497500",
    "BodyPartExamined": "BRAIN",
    "ConversionSoftware": "dcm2niix",
    "ConversionSoftwareVersion": "v1.0.20170724 GCC4.4.7",
    "DeviceSerialNumber": "167004",
    "EchoTime": 0.00297,
    "FlipAngle": 7,
    "ImageType": [
      "ORIGINAL",
      "PRIMARY",
      "M",
      "ND"
    ],
    "InstitutionAddress": "Mikeletegi_69_San_Sebastian_District_ES_20009",
    "InstitutionName": "BCBL",
    "InversionTime": 1.1,
    "MagneticFieldStrength": 3,
    "Manufacturer": "Siemens",
    "ManufacturersModelName": "Prisma_fit",
    "PhaseEncodingDirection": "i-",
    "PhaseEncodingLines": 256,
    "ProcedureStepDescription": "CRANEO_FUNCIONAL",
    "ProtocolName": "t1_mpr_tra_p2_iso",
    "RepetitionTime": 2.53,
    "ScanningSequence": "GR_IR",
    "SequenceName": "_tfl3d1_16",
    "SequenceVariant": "SK_SP_MP_OSP",
    "SeriesDescription": "t1_mpr_tra_p2_iso",
    "SoftwareVersions": "syngo_MR_E11",
    "dataset": "ds003545",
    "modality": "T1w",
    "session_id": "01",
    "subject_id": "22"
  },
  "cjv": 0.47417754711616955,
  "cnr": 2.6102868213090673,
  "efc": 0.529954699661004,
  "fber": -1.0,
  "fwhm_avg": 5.1447433333333334,
  "fwhm_x": 4.78452,
  "fwhm_y": 5.64503,
  "fwhm_z": 5.00468,
  "icvs_csf": 0.16650909457690338,
  "icvs_gm": 0.43299344512530596,
  "icvs_wm": 0.4004974602977906,
  "inu_med": 0.9779099225997925,
  "inu_range": 1.0996699929237366,
  "provenance": {
    "md5sum": "7c627ed38271e6cd0aefebe120ff47ae",
    "settings": {
      "testing": false
    },
    "software": "mriqc",
    "version": "22.0.6",
    "warnings": {
      "large_rot_frame": true,
      "small_air_mask": false
    },
    "webapi_port": null,
    "webapi_url": "https://mriqc.nimh.nih.gov/api/v1"
  },
  "qi_1": 0.0,
  "qi_2": 0.001407758935543724,
  "rpve_csf": 31.283190547495725,
  "rpve_gm": 12.698309749964533,
  "rpve_wm": 15.121085796612904,
  "size_x": 256,
  "size_y": 256,
  "size_z": 176,
  "snr_csf": 2.2872382169861822,
  "snr_gm": 12.876638851776569,
  "snr_total": 9.167208978494571,
  "snr_wm": 12.337749866720962,
  "snrd_csf": 9.665022133785468,
  "snrd_gm": 27.43279438917532,
  "snrd_total": 24.774006365448404,
  "snrd_wm": 37.224202573384424,
  "spacing_x": 1.0,
  "spacing_y": 1.0,
  "spacing_z": 1.0,
  "summary_bg_k": 8.511084162113859,
  "summary_bg_mad": 0.0,
  "summary_bg_mean": 10.810956866470965,
  "summary_bg_median": 0.0,
  "summary_bg_n": 2229514.0,
  "summary_bg_p05": 0.0,
  "summary_bg_p95": 45.84040676057339,
  "summary_bg_stdv": 17.601402803080205,
  "summary_csf_k": 3.5928356328952313,
  "summary_csf_mad": 89.35887596278141,
  "summary_csf_mean": 272.8853638735255,
  "summary_csf_median": 259.6679831519723,
  "summary_csf_n": 27060.0,
  "summary_csf_p05": 108.55970403514803,
  "summary_csf_p95": 480.5744124803691,
  "summary_csf_stdv": 113.52695280060087,
  "summary_gm_k": 0.20091259530700034,
  "summary_gm_mad": 55.657015075410015,
  "summary_gm_mean": 737.9946593170758,
  "summary_gm_median": 737.0307375043631,
  "summary_gm_n": 33827.0,
  "summary_gm_p05": 644.8783148601651,
  "summary_gm_p95": 832.9560331329703,
  "summary_gm_stdv": 57.23697401072991,
  "summary_wm_k": 0.991817450868576,
  "summary_wm_mad": 69.08182273179033,
  "summary_wm_mean": 1014.6180746285809,
  "summary_wm_median": 1000.0943063423038,
  "summary_wm_n": 187833.0,
  "summary_wm_p05": 907.9418836981058,
  "summary_wm_p95": 1177.3250147849321,
  "summary_wm_stdv": 81.05948450505075,
  "tpm_overlap_csf": 0.15251023025600552,
  "tpm_overlap_gm": 0.4644561422569567,
  "tpm_overlap_wm": 0.46776175981887175,
  "wm2max": 0.2310634305945846
}