{
  "aor": 0.016246559139784948,
  "aqi": 0.005549792150537635,
  "bids_meta": {
    "AcquisitionNumber": 1,
    "AcquisitionTime": "11:03:59.042500",
    "BandwidthPerPixelPhaseEncode": 28.409,
    "ConversionSoftware": "dcm2niix",
    "ConversionSoftwareVersion": "v1.0.20170724 GCC4.4.7",
    "DeviceSerialNumber": "35414",
    "EchoTime": 0.03,
    "EffectiveEchoSpacing": 0.000550002,
    "FlipAngle": 80,
    "ImageType": [
      "ORIGINAL",
      "PRIMARY",
      "FMRI",
      "NONE",
      "ND",
      "MOSAIC"
    ],
    "InstitutionAddress": "Mikeletegi_69_San_Sebastian_District_ES_20009",
    "InstitutionName": "BCBL",
    "MagneticFieldStrength": 3,
    "Manufacturer": "Siemens",
    "ManufacturersModelName": "TrioTim",
    "PhaseEncodingDirection": "j-",
    "PhaseEncodingLines": 64,
    "ProcedureStepDescription": "CRANEO_FUNCIONAL",
    "ProtocolName": "ep2d_PiN_L3_Run1",
    "RepetitionTime": 2,
    "ScanningSequence": "EP",
    "SequenceName": "_epfid2d1_64",
    "SequenceVariant": "SK",
    "SeriesDescription": "ep2d_PiN_L3_Run1",
    "SliceTiming": [
      1.925,
      1.8625,
      1.8025,
      1.74,
      1.6775,
      1.615,
      1.5525,
      1.49,
      1.4275,
      1.3675,
      1.305,
      1.2425,
      1.18,
      1.1175,
      1.055,
      0.995,
      0.9325,
      0.87,
      0.8075,
      0.745,
      0.6825,
      0.6225,
      0.56,
      0.4975,
      0.435,
      0.3725,
      0.31,
      0.2475,
      0.1875,
      0.125,
      0.0625,
      0
    ],
    "SoftwareVersions": "syngo_MR_B17",
    "TaskName": "compLn",
    "TotalReadoutTime": 0.0346501,
    "dataset": "ds003545",
    "modality": "bold",
    "run_id": 1,
    "session_id": "02",
    "subject_id": "08",
    "task_id": "compLn"
  },
  "dummy_trs": 0,
  "dvars_nstd": 29.44649438567568,
  "dvars_std": 1.3065676301081086,
  "dvars_vstd": 1.1064039924864861,
  "efc": 0.4896688709715127,
  "fber": 1189.21337890625,
  "fd_mean": 0.42984146047043575,
  "fd_num": 105,
  "fd_perc": 56.45161290322581,
  "fwhm_avg": 2.7325212727272725,
  "fwhm_x": 2.672032,
  "fwhm_y": 2.966981818181818,
  "fwhm_z": 2.55855,
  "gcor": 0.0383353,
  "gsr_x": -0.02135748788714409,
  "gsr_y": 0.049939826130867004,
  "provenance": {
    "md5sum": "abd232b31c8fefcff2a91908d38b5ddc",
    "settings": {
      "fd_thres": 0.2,
      "testing": false
    },
    "software": "mriqc",
    "version": "22.0.6",
    "webapi_port": null,
    "webapi_url": "https://mriqc.nimh.nih.gov/api/v1"
  },
  "size_t": 186,
  "size_x": 64,
  "size_y": 64,
  "size_z": 32,
  "snr": 2.883253562219831,
  "spacing_tr": 2.0,
  "spacing_x": 3.4375,
  "spacing_y": 3.4375,
  "spacing_z": 4.0,
  "summary_bg_k": 51.88446082372831,
  "summary_bg_mad": 4.5195446971659745,
  "summary_bg_mean": 33.412933349609375,
  "summary_bg_median": 18.102149963378906,
  "summary_bg_n": 80401.0,
  "summary_bg_p05": 14.564516067504883,
  "summary_bg_p95": 108.33870697021484,
  "summary_bg_stdv": 49.035030364990234,
  "summary_fg_k": 1.9125988519191095,
  "summary_fg_mad": 179.53834169463687,
  "summary_fg_mean": 668.7648315429688,
  "summary_fg_median": 627.53759765625,
  "summary_fg_n": 21900.0,
  "summary_fg_p05": 395.6207000732422,
  "summary_fg_p95": 1107.2526916503905,
  "summary_fg_stdv": 217.64414978027344,
  "tsnr": 50.76171632250771
}