{
  "aor": 0.008569462365591397,
  "aqi": 0.003786018021505377,
  "bids_meta": {
    "AcquisitionNumber": 1,
    "AcquisitionTime": "09:53:36.115000",
    "BandwidthPerPixelPhaseEncode": 28.409,
    "ConversionSoftware": "dcm2niix",
    "ConversionSoftwareVersion": "v1.0.20170724 GCC4.4.7",
    "DeviceSerialNumber": "35414",
    "EchoTime": 0.03,
    "EffectiveEchoSpacing": 0.000550002,
    "FlipAngle": 80,
    "ImageType": [
      "ORIGINAL",
      "PRIMARY",
      "FMRI",
      "NONE",
      "ND",
      "MOSAIC"
    ],
    "InstitutionAddress": "Mikeletegi_69_San_Sebastian_District_ES_20009",
    "InstitutionName": "BCBL",
    "MagneticFieldStrength": 3,
    "Manufacturer": "Siemens",
    "ManufacturersModelName": "TrioTim",
    "PhaseEncodingDirection": "j-",
    "PhaseEncodingLines": 64,
    "ProcedureStepDescription": "CRANEO_FUNCIONAL",
    "ProtocolName": "ep2d_PiN_L1_Run1",
    "RepetitionTime": 2,
    "ScanningSequence": "EP",
    "SequenceName": "_epfid2d1_64",
    "SequenceVariant": "SK",
    "SeriesDescription": "ep2d_PiN_L1_Run1",
    "SliceTiming": [
      1.925,
      1.8625,
      1.8,
      1.74,
      1.6775,
      1.615,
      1.5525,
      1.49,
      1.4275,
      1.365,
      1.305,
      1.2425,
      1.18,
      1.1175,
      1.055,
      0.9925,
      0.9325,
      0.87,
      0.8075,
      0.745,
      0.6825,
      0.62,
      0.56,
      0.4975,
      0.435,
      0.3725,
      0.31,
      0.2475,
      0.185,
      0.125,
      0.0625,
      0
    ],
    "SoftwareVersions": "syngo_MR_B17",
    "TaskName": "compL1",
    "TotalReadoutTime": 0.0346501,
    "dataset": "ds003545",
    "modality": "bold",
    "run_id": 1,
    "session_id": "02",
    "subject_id": "08",
    "task_id": "compL1"
  },
  "dummy_trs": 0,
  "dvars_nstd": 27.465985055837862,
  "dvars_std": 1.29026869745946,
  "dvars_vstd": 1.0678268530810813,
  "efc": 0.48664847671848394,
  "fber": 865.096923828125,
  "fd_mean": 0.3459124830804765,
  "fd_num": 108,
  "fd_perc": 58.064516129032256,
  "fwhm_avg": 2.9298062121212123,
  "fwhm_x": 2.9096145454545455,
  "fwhm_y": 3.137629090909091,
  "fwhm_z": 2.742175,
  "gcor": 0.0448469,
  "gsr_x": -0.021846149116754532,
  "gsr_y": 0.050379976630210876,
  "provenance": {
    "md5sum": "61141cef1d8a8d81a8c17d72ee9a0215",
    "settings": {
      "fd_thres": 0.2,
      "testing": false
    },
    "software": "mriqc",
    "version": "22.0.6",
    "webapi_port": null,
    "webapi_url": "https://mriqc.nimh.nih.gov/api/v1"
  },
  "size_t": 186,
  "size_x": 64,
  "size_y": 64,
  "size_z": 32,
  "snr": 2.4948088469380925,
  "spacing_tr": 2.0,
  "spacing_x": 3.4375,
  "spacing_y": 3.4375,
  "spacing_z": 4.0,
  "summary_bg_k": 55.56321131729399,
  "summary_bg_mad": 5.994176650563738,
  "summary_bg_mean": 36.194583892822266,
  "summary_bg_median": 21.440860748291016,
  "summary_bg_n": 80581.0,
  "summary_bg_p05": 15.0591402053833,
  "summary_bg_p95": 109.22042846679688,
  "summary_bg_stdv": 50.26328659057617,
  "summary_fg_k": 2.0555537953570635,
  "summary_fg_mad": 199.72092497730821,
  "summary_fg_mean": 695.3748168945312,
  "summary_fg_median": 636.8440551757812,
  "summary_fg_n": 21705.0,
  "summary_fg_p05": 393.76665649414065,
  "summary_fg_p95": 1225.765576171875,
  "summary_fg_stdv": 255.2617950439453,
  "tsnr": 61.43983811698854
}