{
  "aor": 0.005126543209876544,
  "aqi": 0.00970189378600823,
  "bids_meta": {
    "AcquisitionNumber": 1,
    "AcquisitionTime": "10:15:37.817500",
    "BandwidthPerPixelPhaseEncode": 29.481,
    "ConversionSoftware": "dcm2niix",
    "ConversionSoftwareVersion": "v1.0.20170724 GCC4.4.7",
    "DeviceSerialNumber": "35414",
    "EchoTime": 0.025,
    "EffectiveEchoSpacing": 0.000530002,
    "FlipAngle": 90,
    "ImageType": [
      "ORIGINAL",
      "PRIMARY",
      "M",
      "ND",
      "MOSAIC"
    ],
    "InstitutionAddress": "Mikeletegi_69_San_Sebastian_District_ES_20009",
    "InstitutionName": "BCBL",
    "MagneticFieldStrength": 3,
    "Manufacturer": "Siemens",
    "ManufacturersModelName": "TrioTim",
    "PhaseEncodingDirection": "j-",
    "PhaseEncodingLines": 64,
    "ProcedureStepDescription": "CRANEO_FUNCIONAL",
    "ProtocolName": "ep2d_VF_L1_Run1",
    "RepetitionTime": 3,
    "ScanningSequence": "EP",
    "SequenceName": "_epfid2d1_64",
    "SequenceVariant": "SK",
    "SeriesDescription": "ep2d_VF_L1_Run1",
    "SliceTiming": [
      2.9225,
      2.8525,
      2.7825,
      2.715,
      2.645,
      2.575,
      2.505,
      2.435,
      2.365,
      2.2975,
      2.2275,
      2.1575,
      2.0875,
      2.0175,
      1.9475,
      1.88,
      1.81,
      1.74,
      1.67,
      1.6,
      1.53,
      1.4625,
      1.3925,
      1.3225,
      1.2525,
      1.1825,
      1.115,
      1.045,
      0.975,
      0.905,
      0.835,
      0.765,
      0.6975,
      0.6275,
      0.5575,
      0.4875,
      0.4175,
      0.3475,
      0.28,
      0.21,
      0.14,
      0.07,
      0
    ],
    "SoftwareVersions": "syngo_MR_B17",
    "TaskName": "prodL1",
    "TotalReadoutTime": 0.0333901,
    "dataset": "ds003545",
    "modality": "bold",
    "run_id": 1,
    "session_id": "02",
    "subject_id": "08",
    "task_id": "prodL1"
  },
  "dummy_trs": 0,
  "dvars_nstd": 51.13219243851239,
  "dvars_std": 1.2611491341735526,
  "dvars_vstd": 1.021641287107438,
  "efc": 0.559365917903349,
  "fber": 396.366943359375,
  "fd_mean": 0.6457382800826577,
  "fd_num": 216,
  "fd_perc": 88.88888888888889,
  "fwhm_avg": 3.02184082223537,
  "fwhm_x": 2.956383333333333,
  "fwhm_y": 3.1703966666666665,
  "fwhm_z": 2.9387424667061097,
  "gcor": 0.029115,
  "gsr_x": -0.018493762239813805,
  "gsr_y": 0.08938095718622208,
  "provenance": {
    "md5sum": "59da63149baaf42d16f6e64703db89d5",
    "settings": {
      "fd_thres": 0.2,
      "testing": false
    },
    "software": "mriqc",
    "version": "22.0.6",
    "webapi_port": null,
    "webapi_url": "https://mriqc.nimh.nih.gov/api/v1"
  },
  "size_t": 243,
  "size_x": 64,
  "size_y": 64,
  "size_z": 43,
  "snr": 2.4586273525735587,
  "spacing_tr": 3.0,
  "spacing_x": 3.0,
  "spacing_y": 3.0,
  "spacing_z": 3.299999952316284,
  "summary_bg_k": 35.62975552734461,
  "summary_bg_mad": 8.303791787943771,
  "summary_bg_mean": 70.0376205444336,
  "summary_bg_median": 39.045265197753906,
  "summary_bg_n": 100243.0,
  "summary_bg_p05": 32.33333206176758,
  "summary_bg_p95": 220.39711608886682,
  "summary_bg_stdv": 87.95919036865234,
  "summary_fg_k": 2.4930439948458236,
  "summary_fg_mad": 248.14982239551063,
  "summary_fg_mean": 860.2756958007812,
  "summary_fg_median": 786.3004150390625,
  "summary_fg_n": 38045.0,
  "summary_fg_p05": 488.18187255859374,
  "summary_fg_p95": 1522.6608642578112,
  "summary_fg_stdv": 319.8085632324219,
  "tsnr": 36.39715642144438
}