{
  "aor": 0.02228893004115226,
  "aqi": 0.0071773841563786,
  "bids_meta": {
    "AcquisitionNumber": 1,
    "AcquisitionTime": "15:45:47.715000",
    "BandwidthPerPixelPhaseEncode": 29.481,
    "ConversionSoftware": "dcm2niix",
    "ConversionSoftwareVersion": "v1.0.20170724 GCC4.4.7",
    "DeviceSerialNumber": "35414",
    "EchoTime": 0.025,
    "EffectiveEchoSpacing": 0.000530002,
    "FlipAngle": 90,
    "ImageType": [
      "ORIGINAL",
      "PRIMARY",
      "M",
      "ND",
      "MOSAIC"
    ],
    "InstitutionAddress": "Mikeletegi_69_San_Sebastian_District_ES_20009",
    "InstitutionName": "BCBL",
    "MagneticFieldStrength": 3,
    "Manufacturer": "Siemens",
    "ManufacturersModelName": "TrioTim",
    "PhaseEncodingDirection": "j-",
    "PhaseEncodingLines": 64,
    "ProcedureStepDescription": "CRANEO_FUNCIONAL",
    "ProtocolName": "ep2d_VF_L1_Run2",
    "RepetitionTime": 3,
    "ScanningSequence": "EP",
    "SequenceName": "_epfid2d1_64",
    "SequenceVariant": "SK",
    "SeriesDescription": "ep2d_VF_L1_Run2",
    "SliceTiming": [
      2.9225,
      2.8525,
      2.7825,
      2.7125,
      2.645,
      2.575,
      2.505,
      2.435,
      2.365,
      2.295,
      2.2275,
      2.1575,
      2.0875,
      2.0175,
      1.9475,
      1.88,
      1.81,
      1.74,
      1.67,
      1.6,
      1.53,
      1.4625,
      1.3925,
      1.3225,
      1.2525,
      1.1825,
      1.1125,
      1.045,
      0.975,
      0.905,
      0.835,
      0.765,
      0.695,
      0.6275,
      0.5575,
      0.4875,
      0.4175,
      0.3475,
      0.2775,
      0.21,
      0.14,
      0.07,
      0
    ],
    "SoftwareVersions": "syngo_MR_B17",
    "TaskName": "prodL1",
    "TotalReadoutTime": 0.0333901,
    "dataset": "ds003545",
    "modality": "bold",
    "run_id": 2,
    "session_id": "01",
    "subject_id": "24",
    "task_id": "prodL1"
  },
  "dummy_trs": 0,
  "dvars_nstd": 30.28484605338842,
  "dvars_std": 1.4125472188842965,
  "dvars_vstd": 1.2075187524793394,
  "efc": 0.5731952713721824,
  "fber": 385.5647277832031,
  "fd_mean": 0.17926424938077437,
  "fd_num": 83,
  "fd_perc": 34.15637860082305,
  "fwhm_avg": 3.323669914834554,
  "fwhm_x": 3.202906666666667,
  "fwhm_y": 3.4784666666666664,
  "fwhm_z": 3.2896364111703296,
  "gcor": 0.0242035,
  "gsr_x": -0.018346864730119705,
  "gsr_y": 0.14226500689983368,
  "provenance": {
    "md5sum": "117a3f326a220a5b96aee5034d9836a9",
    "settings": {
      "fd_thres": 0.2,
      "testing": false
    },
    "software": "mriqc",
    "version": "22.0.6",
    "webapi_port": null,
    "webapi_url": "https://mriqc.nimh.nih.gov/api/v1"
  },
  "size_t": 243,
  "size_x": 64,
  "size_y": 64,
  "size_z": 43,
  "snr": 2.001488167947425,
  "spacing_tr": 3.0,
  "spacing_x": 3.0,
  "spacing_y": 3.0,
  "spacing_z": 3.299999952316284,
  "summary_bg_k": 27.870129320444793,
  "summary_bg_mad": 15.912042562421517,
  "summary_bg_mean": 85.1436996459961,
  "summary_bg_median": 38.02057647705078,
  "summary_bg_n": 95562.0,
  "summary_bg_p05": 26.168724060058594,
  "summary_bg_p95": 307.5588394165039,
  "summary_bg_stdv": 129.07911682128906,
  "summary_fg_k": 3.2124781964998554,
  "summary_fg_mad": 268.30525842076304,
  "summary_fg_mean": 863.61767578125,
  "summary_fg_median": 758.5761108398438,
  "summary_fg_n": 41670.0,
  "summary_fg_p05": 465.6022415161133,
  "summary_fg_p95": 1664.7966552734372,
  "summary_fg_stdv": 379.0014953613281,
  "tsnr": 48.68054546043277
}