{
  "aor": 0.003538440860215053,
  "aqi": 0.0027167262903225802,
  "bids_meta": {
    "AcquisitionNumber": 1,
    "AcquisitionTime": "13:41:35.180000",
    "BandwidthPerPixelPhaseEncode": 28.409,
    "ConversionSoftware": "dcm2niix",
    "ConversionSoftwareVersion": "v1.0.20170724 GCC4.4.7",
    "DeviceSerialNumber": "35414",
    "EchoTime": 0.03,
    "EffectiveEchoSpacing": 0.000550002,
    "FlipAngle": 80,
    "ImageType": [
      "ORIGINAL",
      "PRIMARY",
      "FMRI",
      "NONE",
      "ND",
      "MOSAIC"
    ],
    "InstitutionAddress": "Mikeletegi_69_San_Sebastian_District_ES_20009",
    "InstitutionName": "BCBL",
    "MagneticFieldStrength": 3,
    "Manufacturer": "Siemens",
    "ManufacturersModelName": "TrioTim",
    "PhaseEncodingDirection": "j-",
    "PhaseEncodingLines": 64,
    "ProcedureStepDescription": "CRANEO_FUNCIONAL",
    "ProtocolName": "ep2d_PiN_L3_Run1",
    "RepetitionTime": 2,
    "ScanningSequence": "EP",
    "SequenceName": "_epfid2d1_64",
    "SequenceVariant": "SK",
    "SeriesDescription": "ep2d_PiN_L3_Run1",
    "SliceTiming": [
      1.925,
      1.8625,
      1.8025,
      1.74,
      1.6775,
      1.615,
      1.5525,
      1.49,
      1.4275,
      1.3675,
      1.305,
      1.2425,
      1.18,
      1.1175,
      1.055,
      0.995,
      0.9325,
      0.87,
      0.8075,
      0.745,
      0.6825,
      0.62,
      0.56,
      0.4975,
      0.435,
      0.3725,
      0.31,
      0.2475,
      0.1875,
      0.125,
      0.0625,
      0
    ],
    "SoftwareVersions": "syngo_MR_B17",
    "TaskName": "compLn",
    "TotalReadoutTime": 0.0346501,
    "dataset": "ds003545",
    "modality": "bold",
    "run_id": 1,
    "session_id": "01",
    "subject_id": "24",
    "task_id": "compLn"
  },
  "dummy_trs": 0,
  "dvars_nstd": 26.982318228702713,
  "dvars_std": 1.39068981454054,
  "dvars_vstd": 1.0240947482702707,
  "efc": 0.5054541479204859,
  "fber": 810.802001953125,
  "fd_mean": 0.18032880124725223,
  "fd_num": 40,
  "fd_perc": 21.50537634408602,
  "fwhm_avg": 3.3407447798672147,
  "fwhm_x": 3.28128,
  "fwhm_y": 3.585629339601644,
  "fwhm_z": 3.155325,
  "gcor": 0.0357496,
  "gsr_x": -0.02284974604845047,
  "gsr_y": 0.08193846046924591,
  "provenance": {
    "md5sum": "6ac526d2525ee959b6dae2e9f864429a",
    "settings": {
      "fd_thres": 0.2,
      "testing": false
    },
    "software": "mriqc",
    "version": "22.0.6",
    "webapi_port": null,
    "webapi_url": "https://mriqc.nimh.nih.gov/api/v1"
  },
  "size_t": 186,
  "size_x": 64,
  "size_y": 64,
  "size_z": 32,
  "snr": 2.024700031632866,
  "spacing_tr": 2.0,
  "spacing_x": 3.4375,
  "spacing_y": 3.437499761581421,
  "spacing_z": 4.0,
  "summary_bg_k": 44.21303697571971,
  "summary_bg_mad": 7.556490003665662,
  "summary_bg_mean": 46.10478973388672,
  "summary_bg_median": 21.30645179748535,
  "summary_bg_n": 77152.0,
  "summary_bg_p05": 15.279569625854492,
  "summary_bg_p95": 150.90859985351562,
  "summary_bg_stdv": 78.5425033569336,
  "summary_fg_k": 3.0077932498021207,
  "summary_fg_mad": 206.8269684565717,
  "summary_fg_mean": 694.3519897460938,
  "summary_fg_median": 608.8924560546875,
  "summary_fg_n": 24260.0,
  "summary_fg_p05": 381.4591461181641,
  "summary_fg_p95": 1344.6851745605466,
  "summary_fg_stdv": 300.7259826660156,
  "tsnr": 94.86102384980768
}