{
  "aor": 0.002345123966942149,
  "aqi": 0.004369738842975206,
  "bids_meta": {
    "AcquisitionNumber": 1,
    "AcquisitionTime": "15:32:23.072500",
    "BandwidthPerPixelPhaseEncode": 29.481,
    "ConversionSoftware": "dcm2niix",
    "ConversionSoftwareVersion": "v1.0.20170724 GCC4.4.7",
    "DeviceSerialNumber": "35414",
    "EchoTime": 0.025,
    "EffectiveEchoSpacing": 0.000530002,
    "FlipAngle": 90,
    "ImageType": [
      "ORIGINAL",
      "PRIMARY",
      "M",
      "ND",
      "MOSAIC"
    ],
    "InstitutionAddress": "Mikeletegi_69_San_Sebastian_District_ES_20009",
    "InstitutionName": "BCBL",
    "MagneticFieldStrength": 3,
    "Manufacturer": "Siemens",
    "ManufacturersModelName": "TrioTim",
    "PhaseEncodingDirection": "j-",
    "PhaseEncodingLines": 64,
    "ProcedureStepDescription": "CRANEO_FUNCIONAL",
    "ProtocolName": "ep2d_VF_L1_Run1",
    "RepetitionTime": 3,
    "ScanningSequence": "EP",
    "SequenceName": "_epfid2d1_64",
    "SequenceVariant": "SK",
    "SeriesDescription": "ep2d_VF_L1_Run1",
    "SliceTiming": [
      2.9225,
      2.8525,
      2.7825,
      2.7125,
      2.6425,
      2.5725,
      2.505,
      2.435,
      2.365,
      2.295,
      2.225,
      2.155,
      2.0875,
      2.0175,
      1.9475,
      1.8775,
      1.8075,
      1.7375,
      1.67,
      1.6,
      1.53,
      1.46,
      1.39,
      1.3225,
      1.2525,
      1.1825,
      1.1125,
      1.0425,
      0.9725,
      0.905,
      0.835,
      0.765,
      0.695,
      0.625,
      0.555,
      0.4875,
      0.4175,
      0.3475,
      0.2775,
      0.2075,
      0.1375,
      0.07,
      0
    ],
    "SoftwareVersions": "syngo_MR_B17",
    "TaskName": "prodL1",
    "TotalReadoutTime": 0.0333901,
    "dataset": "ds003545",
    "modality": "bold",
    "run_id": 1,
    "session_id": "01",
    "subject_id": "24",
    "task_id": "prodL1"
  },
  "dummy_trs": 1,
  "dvars_nstd": 31.120787790995834,
  "dvars_std": 1.292061470580913,
  "dvars_vstd": 1.0054487806639005,
  "efc": 0.5734953148066163,
  "fber": 374.7781677246094,
  "fd_mean": 0.1902697018340918,
  "fd_num": 97,
  "fd_perc": 40.082644628099175,
  "fwhm_avg": 3.310478399679244,
  "fwhm_x": 3.21462,
  "fwhm_y": 3.4279666666666664,
  "fwhm_z": 3.288848532371066,
  "gcor": 0.0400722,
  "gsr_x": -0.0144842229783535,
  "gsr_y": 0.14278724789619446,
  "provenance": {
    "md5sum": "66ddec4dca20947ccbeb5462ae275b4e",
    "settings": {
      "fd_thres": 0.2,
      "testing": false
    },
    "software": "mriqc",
    "version": "22.0.6",
    "webapi_port": null,
    "webapi_url": "https://mriqc.nimh.nih.gov/api/v1"
  },
  "size_t": 242,
  "size_x": 64,
  "size_y": 64,
  "size_z": 43,
  "snr": 1.9970920901799571,
  "spacing_tr": 3.0,
  "spacing_x": 3.0,
  "spacing_y": 3.0,
  "spacing_z": 3.299999952316284,
  "summary_bg_k": 26.330507544082913,
  "summary_bg_mad": 15.107841823296928,
  "summary_bg_mean": 87.06019592285156,
  "summary_bg_median": 38.570247650146484,
  "summary_bg_n": 95876.0,
  "summary_bg_p05": 27.657024383544922,
  "summary_bg_p95": 315.37705993652344,
  "summary_bg_stdv": 132.85328674316406,
  "summary_fg_k": 3.219463353537863,
  "summary_fg_mad": 267.3891289737324,
  "summary_fg_mean": 861.4473266601562,
  "summary_fg_median": 756.4772338867188,
  "summary_fg_n": 41726.0,
  "summary_fg_p05": 463.45245361328125,
  "summary_fg_p95": 1662.2013549804688,
  "summary_fg_stdv": 378.7848205566406,
  "tsnr": 64.38162617338821
}