{
  "aor": 0.0015669354838709676,
  "aqi": 0.003564654516129032,
  "bids_meta": {
    "AcquisitionNumber": 1,
    "AcquisitionTime": "15:16:26.682500",
    "BandwidthPerPixelPhaseEncode": 28.409,
    "ConversionSoftware": "dcm2niix",
    "ConversionSoftwareVersion": "v1.0.20170724 GCC4.4.7",
    "DeviceSerialNumber": "35414",
    "EchoTime": 0.03,
    "EffectiveEchoSpacing": 0.000550002,
    "FlipAngle": 80,
    "ImageType": [
      "ORIGINAL",
      "PRIMARY",
      "FMRI",
      "NONE",
      "ND",
      "MOSAIC"
    ],
    "InstitutionAddress": "Mikeletegi_69_San_Sebastian_District_ES_20009",
    "InstitutionName": "BCBL",
    "MagneticFieldStrength": 3,
    "Manufacturer": "Siemens",
    "ManufacturersModelName": "TrioTim",
    "PhaseEncodingDirection": "j-",
    "PhaseEncodingLines": 64,
    "ProcedureStepDescription": "CRANEO_FUNCIONAL",
    "ProtocolName": "ep2d_PiN_L1_Run1",
    "RepetitionTime": 2,
    "ScanningSequence": "EP",
    "SequenceName": "_epfid2d1_64",
    "SequenceVariant": "SK",
    "SeriesDescription": "ep2d_PiN_L1_Run1",
    "SliceTiming": [
      1.925,
      1.865,
      1.8025,
      1.74,
      1.6775,
      1.615,
      1.5525,
      1.49,
      1.43,
      1.3675,
      1.305,
      1.2425,
      1.18,
      1.1175,
      1.0575,
      0.995,
      0.9325,
      0.87,
      0.8075,
      0.745,
      0.685,
      0.6225,
      0.56,
      0.4975,
      0.435,
      0.3725,
      0.31,
      0.25,
      0.1875,
      0.125,
      0.0625,
      0
    ],
    "SoftwareVersions": "syngo_MR_B17",
    "TaskName": "compL1",
    "TotalReadoutTime": 0.0346501,
    "dataset": "ds003545",
    "modality": "bold",
    "run_id": 1,
    "session_id": "01",
    "subject_id": "24",
    "task_id": "compL1"
  },
  "dummy_trs": 0,
  "dvars_nstd": 22.809939889837832,
  "dvars_std": 1.3431430544864862,
  "dvars_vstd": 1.0191262280000004,
  "efc": 0.50646617285456,
  "fber": 854.5745849609375,
  "fd_mean": 0.13171887021914958,
  "fd_num": 11,
  "fd_perc": 5.913978494623656,
  "fwhm_avg": 3.295703181818182,
  "fwhm_x": 3.205876363636364,
  "fwhm_y": 3.553658181818182,
  "fwhm_z": 3.127575,
  "gcor": 0.0660536,
  "gsr_x": -0.02392781712114811,
  "gsr_y": 0.08998081833124161,
  "provenance": {
    "md5sum": "8eeb6471a8d9cf3c1df8bfd45f62291b",
    "settings": {
      "fd_thres": 0.2,
      "testing": false
    },
    "software": "mriqc",
    "version": "22.0.6",
    "webapi_port": null,
    "webapi_url": "https://mriqc.nimh.nih.gov/api/v1"
  },
  "size_t": 186,
  "size_x": 64,
  "size_y": 64,
  "size_z": 32,
  "snr": 2.0709765671104257,
  "spacing_tr": 2.0,
  "spacing_x": 3.4375,
  "spacing_y": 3.4375,
  "spacing_z": 4.0,
  "summary_bg_k": 42.94429634494104,
  "summary_bg_mad": 8.441268610136458,
  "summary_bg_mean": 46.14096450805664,
  "summary_bg_median": 20.532258987426758,
  "summary_bg_n": 77367.0,
  "summary_bg_p05": 14.446236610412598,
  "summary_bg_p95": 156.68870391845698,
  "summary_bg_stdv": 80.27169036865234,
  "summary_fg_k": 2.7797468069037112,
  "summary_fg_mad": 203.38756930059543,
  "summary_fg_mean": 687.5994262695312,
  "summary_fg_median": 605.6021728515625,
  "summary_fg_n": 24129.0,
  "summary_fg_p05": 379.4612976074219,
  "summary_fg_p95": 1319.277392578125,
  "summary_fg_stdv": 292.41741943359375,
  "tsnr": 96.95762006845325
}