{
  "aor": 0.018564946236559143,
  "aqi": 0.005124379462365591,
  "bids_meta": {
    "AcquisitionNumber": 1,
    "AcquisitionTime": "12:12:26.032500",
    "BandwidthPerPixelPhaseEncode": 28.409,
    "BodyPartExamined": "BRAIN",
    "ConversionSoftware": "dcm2niix",
    "ConversionSoftwareVersion": "v1.0.20170724 GCC4.4.7",
    "DeviceSerialNumber": "167004",
    "EchoTime": 0.03,
    "EchoTrainLength": 64,
    "EffectiveEchoSpacing": 0.000550002,
    "FlipAngle": 80,
    "ImageType": [
      "ORIGINAL",
      "PRIMARY",
      "M",
      "ND",
      "MOSAIC"
    ],
    "InstitutionAddress": "Mikeletegi_69_San_Sebastian_District_ES_20009",
    "InstitutionName": "BCBL",
    "MagneticFieldStrength": 3,
    "Manufacturer": "Siemens",
    "ManufacturersModelName": "Prisma_fit",
    "PhaseEncodingDirection": "j-",
    "PhaseEncodingLines": 64,
    "ProcedureStepDescription": "CRANEO_FUNCIONAL",
    "ProtocolName": "ep2d_PiN_L3_Run1",
    "RepetitionTime": 2,
    "ScanningSequence": "EP",
    "SequenceName": "_epfid2d1_64",
    "SequenceVariant": "SK",
    "SeriesDescription": "ep2d_PiN_L3_Run1",
    "SliceTiming": [
      1.9175,
      1.855,
      1.795,
      1.7325,
      1.67,
      1.61,
      1.5475,
      1.485,
      1.4225,
      1.3625,
      1.3,
      1.2375,
      1.175,
      1.115,
      1.0525,
      0.99,
      0.9275,
      0.8675,
      0.805,
      0.7425,
      0.68,
      0.62,
      0.5575,
      0.495,
      0.4325,
      0.3725,
      0.31,
      0.2475,
      0.185,
      0.125,
      0.0625,
      0
    ],
    "SoftwareVersions": "syngo_MR_E11",
    "TaskName": "compLn",
    "TotalReadoutTime": 0.0346501,
    "dataset": "ds003545",
    "modality": "bold",
    "run_id": 1,
    "session_id": "01",
    "subject_id": "14",
    "task_id": "compLn"
  },
  "dummy_trs": 0,
  "dvars_nstd": 26.312268798378366,
  "dvars_std": 1.202821509621622,
  "dvars_vstd": 1.0191844889189192,
  "efc": 0.4854432491052969,
  "fber": 1666.7742919921875,
  "fd_mean": 0.30643325945263755,
  "fd_num": 55,
  "fd_perc": 29.56989247311828,
  "fwhm_avg": 2.7363830909090905,
  "fwhm_x": 2.5813556363636363,
  "fwhm_y": 2.9400436363636366,
  "fwhm_z": 2.68775,
  "gcor": 0.0275702,
  "gsr_x": -0.0007420252077281475,
  "gsr_y": 0.022063465788960457,
  "provenance": {
    "md5sum": "eb0632a8e2a35194fdc7b5eb077e596f",
    "settings": {
      "fd_thres": 0.2,
      "testing": false
    },
    "software": "mriqc",
    "version": "22.0.6",
    "webapi_port": null,
    "webapi_url": "https://mriqc.nimh.nih.gov/api/v1"
  },
  "size_t": 186,
  "size_x": 64,
  "size_y": 64,
  "size_z": 32,
  "snr": 3.0465695383094107,
  "spacing_tr": 2.0,
  "spacing_x": 3.4375,
  "spacing_y": 3.4375,
  "spacing_z": 4.0,
  "summary_bg_k": 38.71502218958968,
  "summary_bg_mad": 2.9094055116580533,
  "summary_bg_mean": 41.237709045410156,
  "summary_bg_median": 18.66666603088379,
  "summary_bg_n": 80982.0,
  "summary_bg_p05": 16.521774196624758,
  "summary_bg_p95": 143.79059219360323,
  "summary_bg_stdv": 69.40664672851562,
  "summary_fg_k": 0.208733476881239,
  "summary_fg_mad": 262.5003151214451,
  "summary_fg_mean": 806.78515625,
  "summary_fg_median": 777.2096557617188,
  "summary_fg_n": 20799.0,
  "summary_fg_p05": 446.6386962890625,
  "summary_fg_p95": 1266.329516601562,
  "summary_fg_stdv": 255.1036376953125,
  "tsnr": 55.82599402125925
}