{
  "aor": 0.01214983783783784,
  "aqi": 0.010808659297297294,
  "bids_meta": {
    "AcquisitionNumber": 1,
    "AcquisitionTime": "12:20:50.095000",
    "BandwidthPerPixelPhaseEncode": 28.409,
    "BodyPartExamined": "BRAIN",
    "ConversionSoftware": "dcm2niix",
    "ConversionSoftwareVersion": "v1.0.20170724 GCC4.4.7",
    "DeviceSerialNumber": "167004",
    "EchoTime": 0.03,
    "EchoTrainLength": 64,
    "EffectiveEchoSpacing": 0.000550002,
    "FlipAngle": 80,
    "ImageType": [
      "ORIGINAL",
      "PRIMARY",
      "M",
      "ND",
      "MOSAIC"
    ],
    "InstitutionAddress": "Mikeletegi_69_San_Sebastian_District_ES_20009",
    "InstitutionName": "BCBL",
    "MagneticFieldStrength": 3,
    "Manufacturer": "Siemens",
    "ManufacturersModelName": "Prisma_fit",
    "PhaseEncodingDirection": "j-",
    "PhaseEncodingLines": 64,
    "ProcedureStepDescription": "CRANEO_FUNCIONAL",
    "ProtocolName": "ep2d_PiN_L3_Run2",
    "RepetitionTime": 2,
    "ScanningSequence": "EP",
    "SequenceName": "_epfid2d1_64",
    "SequenceVariant": "SK",
    "SeriesDescription": "ep2d_PiN_L3_Run2",
    "SliceTiming": [
      1.92,
      1.8575,
      1.795,
      1.7325,
      1.6725,
      1.61,
      1.5475,
      1.485,
      1.425,
      1.3625,
      1.3,
      1.2375,
      1.1775,
      1.115,
      1.0525,
      0.99,
      0.93,
      0.8675,
      0.805,
      0.7425,
      0.6825,
      0.62,
      0.5575,
      0.495,
      0.435,
      0.3725,
      0.31,
      0.2475,
      0.1875,
      0.125,
      0.0625,
      0
    ],
    "SoftwareVersions": "syngo_MR_E11",
    "TaskName": "compLn",
    "TotalReadoutTime": 0.0346501,
    "dataset": "ds003545",
    "modality": "bold",
    "run_id": 2,
    "session_id": "01",
    "subject_id": "14",
    "task_id": "compLn"
  },
  "dummy_trs": 1,
  "dvars_nstd": 32.36704168668479,
  "dvars_std": 1.0290532198369566,
  "dvars_vstd": 0.8987807876630428,
  "efc": 0.48699505119262737,
  "fber": 1628.6966552734375,
  "fd_mean": 0.5261214462249708,
  "fd_num": 85,
  "fd_perc": 45.945945945945944,
  "fwhm_avg": 2.7066981515151514,
  "fwhm_x": 2.551584,
  "fwhm_y": 2.8879854545454546,
  "fwhm_z": 2.680525,
  "gcor": 0.0359524,
  "gsr_x": -0.0022753954399377108,
  "gsr_y": 0.024159494787454605,
  "provenance": {
    "md5sum": "9d4df8b1d986346fa8ef3cb179fa1308",
    "settings": {
      "fd_thres": 0.2,
      "testing": false
    },
    "software": "mriqc",
    "version": "22.0.6",
    "webapi_port": null,
    "webapi_url": "https://mriqc.nimh.nih.gov/api/v1"
  },
  "size_t": 185,
  "size_x": 64,
  "size_y": 64,
  "size_z": 32,
  "snr": 3.0346057852466197,
  "spacing_tr": 2.0,
  "spacing_x": 3.4375,
  "spacing_y": 3.4375,
  "spacing_z": 4.0,
  "summary_bg_k": 43.34956968110484,
  "summary_bg_mad": 3.0293172099489003,
  "summary_bg_mean": 39.9212646484375,
  "summary_bg_median": 18.80540657043457,
  "summary_bg_n": 80479.0,
  "summary_bg_p05": 16.562162399291992,
  "summary_bg_p95": 137.30054473876925,
  "summary_bg_stdv": 63.999393463134766,
  "summary_fg_k": 0.3150391137187456,
  "summary_fg_mad": 260.2006709454879,
  "summary_fg_mean": 804.2600708007812,
  "summary_fg_median": 773.4270629882812,
  "summary_fg_n": 20963.0,
  "summary_fg_p05": 447.7654205322266,
  "summary_fg_p95": 1265.2189453124997,
  "summary_fg_stdv": 254.8629608154297,
  "tsnr": 36.154902753885835
}