{
  "aor": 0.016159382716049383,
  "aqi": 0.010607034732510288,
  "bids_meta": {
    "AcquisitionNumber": 1,
    "AcquisitionTime": "12:32:56.392500",
    "BandwidthPerPixelPhaseEncode": 29.481,
    "BodyPartExamined": "BRAIN",
    "ConversionSoftware": "dcm2niix",
    "ConversionSoftwareVersion": "v1.0.20170724 GCC4.4.7",
    "DeviceSerialNumber": "167004",
    "EchoTime": 0.025,
    "EchoTrainLength": 64,
    "EffectiveEchoSpacing": 0.000530002,
    "FlipAngle": 90,
    "ImageType": [
      "ORIGINAL",
      "PRIMARY",
      "M",
      "ND",
      "MOSAIC"
    ],
    "InstitutionAddress": "Mikeletegi_69_San_Sebastian_District_ES_20009",
    "InstitutionName": "BCBL",
    "MagneticFieldStrength": 3,
    "Manufacturer": "Siemens",
    "ManufacturersModelName": "Prisma_fit",
    "PhaseEncodingDirection": "j-",
    "PhaseEncodingLines": 64,
    "ProcedureStepDescription": "CRANEO_FUNCIONAL",
    "ProtocolName": "ep2d_VF_L3_Run1",
    "RepetitionTime": 3,
    "ScanningSequence": "EP",
    "SequenceName": "_epfid2d1_64",
    "SequenceVariant": "SK",
    "SeriesDescription": "ep2d_VF_L3_Run1",
    "SliceTiming": [
      2.9125,
      2.8425,
      2.7725,
      2.7025,
      2.635,
      2.565,
      2.495,
      2.4275,
      2.3575,
      2.2875,
      2.2175,
      2.15,
      2.08,
      2.01,
      1.9425,
      1.8725,
      1.8025,
      1.7325,
      1.665,
      1.595,
      1.525,
      1.4575,
      1.3875,
      1.3175,
      1.2475,
      1.18,
      1.11,
      1.04,
      0.97,
      0.9025,
      0.8325,
      0.7625,
      0.695,
      0.625,
      0.555,
      0.485,
      0.4175,
      0.3475,
      0.2775,
      0.21,
      0.14,
      0.07,
      0
    ],
    "SoftwareVersions": "syngo_MR_E11",
    "TaskName": "prodLn",
    "TotalReadoutTime": 0.0333901,
    "dataset": "ds003545",
    "modality": "bold",
    "run_id": 1,
    "session_id": "01",
    "subject_id": "14",
    "task_id": "prodLn"
  },
  "dummy_trs": 0,
  "dvars_nstd": 49.46173624578515,
  "dvars_std": 1.29363411983471,
  "dvars_vstd": 1.0493753986363634,
  "efc": 0.5636398271262278,
  "fber": 578.7658081054688,
  "fd_mean": 0.7759381961537852,
  "fd_num": 187,
  "fd_perc": 76.95473251028807,
  "fwhm_avg": 2.8672342565706015,
  "fwhm_x": 2.6568766666666668,
  "fwhm_y": 3.0077866666666666,
  "fwhm_z": 2.937039436378471,
  "gcor": 0.049007,
  "gsr_x": -0.010189293883740902,
  "gsr_y": 0.0501137413084507,
  "provenance": {
    "md5sum": "89cf5007f0502b4d73af3b15fe21778d",
    "settings": {
      "fd_thres": 0.2,
      "testing": false
    },
    "software": "mriqc",
    "version": "22.0.6",
    "webapi_port": null,
    "webapi_url": "https://mriqc.nimh.nih.gov/api/v1"
  },
  "size_t": 243,
  "size_x": 64,
  "size_y": 64,
  "size_z": 43,
  "snr": 2.744227155156861,
  "spacing_tr": 3.0,
  "spacing_x": 3.0,
  "spacing_y": 3.0,
  "spacing_z": 3.299999952316284,
  "summary_bg_k": 19.823577595753306,
  "summary_bg_mad": 9.859609594140354,
  "summary_bg_mean": 80.58895874023438,
  "summary_bg_median": 38.26337432861328,
  "summary_bg_n": 98895.0,
  "summary_bg_p05": 31.08641815185547,
  "summary_bg_p95": 289.50656738281214,
  "summary_bg_stdv": 106.31000518798828,
  "summary_fg_k": 0.5802061323371475,
  "summary_fg_mad": 348.4633726104866,
  "summary_fg_mean": 1007.4959106445312,
  "summary_fg_median": 957.7674560546875,
  "summary_fg_n": 37074.0,
  "summary_fg_p05": 536.6394866943359,
  "summary_fg_p95": 1655.9440002441406,
  "summary_fg_stdv": 349.00701904296875,
  "tsnr": 35.5031806655461
}