{
  "bids_meta": {
    "AccelFactPE": 2,
    "AcquisitionNumber": 1,
    "AcquisitionTime": "16:18:41.742500",
    "ConversionSoftware": "dcm2niix",
    "ConversionSoftwareVersion": "v1.0.20170724 GCC4.4.7",
    "DeviceSerialNumber": "35414",
    "EchoTime": 0.00297,
    "FlipAngle": 7,
    "ImageType": [
      "ORIGINAL",
      "PRIMARY",
      "M",
      "ND",
      "NORM"
    ],
    "InstitutionAddress": "Mikeletegi_69_San_Sebastian_District_ES_20009",
    "InstitutionName": "BCBL",
    "InversionTime": 1.1,
    "MagneticFieldStrength": 3,
    "Manufacturer": "Siemens",
    "ManufacturersModelName": "TrioTim",
    "PhaseEncodingDirection": "i-",
    "PhaseEncodingLines": 256,
    "ProcedureStepDescription": "CRANEO_FUNCIONAL",
    "ProtocolName": "t1_mpr_tra_p2_iso",
    "RepetitionTime": 2.53,
    "ScanningSequence": "GR_IR",
    "SequenceName": "_tfl3d1",
    "SequenceVariant": "SP_MP_OSP",
    "SeriesDescription": "t1_mpr_tra_p2_iso",
    "SoftwareVersions": "syngo_MR_B17",
    "dataset": "ds003545",
    "modality": "T1w",
    "session_id": "01",
    "subject_id": "10"
  },
  "cjv": 0.3156444537551466,
  "cnr": 4.231582092711645,
  "efc": 0.5521186775621025,
  "fber": 25173.73739247765,
  "fwhm_avg": 4.486413333333334,
  "fwhm_x": 4.24037,
  "fwhm_y": 4.89867,
  "fwhm_z": 4.3202,
  "icvs_csf": 0.20023165708618496,
  "icvs_gm": 0.4325657301264708,
  "icvs_wm": 0.36720261278734423,
  "inu_med": 0.49598798155784607,
  "inu_range": 0.22530578970909115,
  "provenance": {
    "md5sum": "af43c5a990f9afd73afc7adef94dbc17",
    "settings": {
      "testing": false
    },
    "software": "mriqc",
    "version": "22.0.6",
    "warnings": {
      "large_rot_frame": true,
      "small_air_mask": false
    },
    "webapi_port": null,
    "webapi_url": "https://mriqc.nimh.nih.gov/api/v1"
  },
  "qi_1": 0.0,
  "qi_2": 0.025111181211581447,
  "rpve_csf": 24.507913607466232,
  "rpve_gm": 12.020580801404414,
  "rpve_wm": 16.467558390869726,
  "size_x": 256,
  "size_y": 256,
  "size_z": 176,
  "snr_csf": 2.296076217249347,
  "snr_gm": 12.679602933771259,
  "snr_total": 13.092487657754125,
  "snr_wm": 24.301783822241767,
  "snrd_csf": 33.84545969995822,
  "snrd_gm": 87.62397573483675,
  "snrd_total": 81.84842962324659,
  "snrd_wm": 124.07585343494476,
  "spacing_x": 1.0,
  "spacing_y": 1.0,
  "spacing_z": 1.0,
  "summary_bg_k": 12.43956758881804,
  "summary_bg_mad": 5.28027518338868,
  "summary_bg_mean": 3.8216245723868703,
  "summary_bg_median": 3.5614914894104004,
  "summary_bg_n": 2563320.0,
  "summary_bg_p05": 0.0,
  "summary_bg_p95": 12.548692669719458,
  "summary_bg_stdv": 4.9830191338675105,
  "summary_csf_k": 1.411104165466762,
  "summary_csf_mad": 109.85447510440669,
  "summary_csf_mean": 285.6536123598627,
  "summary_csf_median": 272.78798876702785,
  "summary_csf_n": 41629.0,
  "summary_csf_p05": 95.52031471207738,
  "summary_csf_p95": 490.2337386868894,
  "summary_csf_stdv": 118.80472881531563,
  "summary_gm_k": 0.2529115756594149,
  "summary_gm_mad": 53.62779483129128,
  "summary_gm_mean": 706.1290040676193,
  "summary_gm_median": 706.232632689178,
  "summary_gm_n": 43322.0,
  "summary_gm_p05": 613.8578383902088,
  "summary_gm_p95": 797.6349728666246,
  "summary_gm_stdv": 55.69768117827239,
  "summary_wm_k": 0.5637859754464598,
  "summary_wm_mad": 39.107038076972415,
  "summary_wm_mean": 999.4049606585195,
  "summary_wm_median": 1000.027856413275,
  "summary_wm_n": 231350.0,
  "summary_wm_p05": 931.0796071104705,
  "summary_wm_p95": 1065.414614226669,
  "summary_wm_stdv": 41.150300012458466,
  "tpm_overlap_csf": 0.15259202517723108,
  "tpm_overlap_gm": 0.46798938001519647,
  "tpm_overlap_wm": 0.5133294757077256,
  "wm2max": 0.6192560175054704
}