{
  "aor": 0.0016922222222222223,
  "aqi": 0.004764608806584363,
  "bids_meta": {
    "AcquisitionNumber": 1,
    "AcquisitionTime": "12:53:49.670000",
    "BandwidthPerPixelPhaseEncode": 29.481,
    "BodyPartExamined": "BRAIN",
    "ConversionSoftware": "dcm2niix",
    "ConversionSoftwareVersion": "v1.0.20170724 GCC4.4.7",
    "DeviceSerialNumber": "167004",
    "EchoTime": 0.025,
    "EchoTrainLength": 64,
    "EffectiveEchoSpacing": 0.000530002,
    "FlipAngle": 90,
    "ImageType": [
      "ORIGINAL",
      "PRIMARY",
      "M",
      "ND",
      "MOSAIC"
    ],
    "InstitutionAddress": "Mikeletegi_69_San_Sebastian_District_ES_20009",
    "InstitutionName": "BCBL",
    "MagneticFieldStrength": 3,
    "Manufacturer": "Siemens",
    "ManufacturersModelName": "Prisma_fit",
    "PhaseEncodingDirection": "j-",
    "PhaseEncodingLines": 64,
    "ProcedureStepDescription": "CRANEO_FUNCIONAL",
    "ProtocolName": "ep2d_VF_L3_Run2",
    "RepetitionTime": 3,
    "ScanningSequence": "EP",
    "SequenceName": "_epfid2d1_64",
    "SequenceVariant": "SK",
    "SeriesDescription": "ep2d_VF_L3_Run2",
    "SliceTiming": [
      2.91,
      2.8425,
      2.7725,
      2.7025,
      2.635,
      2.565,
      2.495,
      2.425,
      2.3575,
      2.2875,
      2.2175,
      2.15,
      2.08,
      2.01,
      1.94,
      1.8725,
      1.8025,
      1.7325,
      1.665,
      1.595,
      1.525,
      1.455,
      1.3875,
      1.3175,
      1.2475,
      1.1775,
      1.11,
      1.04,
      0.97,
      0.9025,
      0.8325,
      0.7625,
      0.6925,
      0.625,
      0.555,
      0.485,
      0.4175,
      0.3475,
      0.2775,
      0.2075,
      0.14,
      0.07,
      0
    ],
    "SoftwareVersions": "syngo_MR_E11",
    "TaskName": "prodLn",
    "TotalReadoutTime": 0.0333901,
    "dataset": "ds003545",
    "modality": "bold",
    "run_id": 2,
    "session_id": "02",
    "subject_id": "16",
    "task_id": "prodLn"
  },
  "dummy_trs": 0,
  "dvars_nstd": 28.51584578739669,
  "dvars_std": 1.257545916652893,
  "dvars_vstd": 0.9598655692148759,
  "efc": 0.5843360815530803,
  "fber": 505.3154602050781,
  "fd_mean": 0.18178340316163732,
  "fd_num": 76,
  "fd_perc": 31.275720164609055,
  "fwhm_avg": 3.0297513276340378,
  "fwhm_x": 2.91067,
  "fwhm_y": 3.1675566666666666,
  "fwhm_z": 3.0110273162354457,
  "gcor": 0.0398623,
  "gsr_x": -0.014982604421675205,
  "gsr_y": 0.09960704296827316,
  "provenance": {
    "md5sum": "5f587149a43e4e07c231bc5b569b6475",
    "settings": {
      "fd_thres": 0.2,
      "testing": false
    },
    "software": "mriqc",
    "version": "22.0.6",
    "webapi_port": null,
    "webapi_url": "https://mriqc.nimh.nih.gov/api/v1"
  },
  "size_t": 243,
  "size_x": 64,
  "size_y": 64,
  "size_z": 43,
  "snr": 2.155388791978291,
  "spacing_tr": 3.0,
  "spacing_x": 3.0,
  "spacing_y": 3.0,
  "spacing_z": 3.299999952316284,
  "summary_bg_k": 24.010364238576148,
  "summary_bg_mad": 13.977947518967406,
  "summary_bg_mean": 118.9294662475586,
  "summary_bg_median": 42.30863952636719,
  "summary_bg_n": 91512.0,
  "summary_bg_p05": 31.66666603088379,
  "summary_bg_p95": 502.6501770019531,
  "summary_bg_stdv": 192.52110290527344,
  "summary_fg_k": 1.4353425944144327,
  "summary_fg_mad": 432.5782448144476,
  "summary_fg_mean": 1106.359619140625,
  "summary_fg_median": 1008.4155883789062,
  "summary_fg_n": 41577.0,
  "summary_fg_p05": 535.3489501953126,
  "summary_fg_p95": 2012.3036132812497,
  "summary_fg_stdv": 467.85223388671875,
  "tsnr": 59.10451873205602
}