{
  "aor": 0.002817366255144033,
  "aqi": 0.0029455893004115222,
  "bids_meta": {
    "AcquisitionNumber": 1,
    "AcquisitionTime": "12:40:12.087500",
    "BandwidthPerPixelPhaseEncode": 29.481,
    "BodyPartExamined": "BRAIN",
    "ConversionSoftware": "dcm2niix",
    "ConversionSoftwareVersion": "v1.0.20170724 GCC4.4.7",
    "DeviceSerialNumber": "167004",
    "EchoTime": 0.025,
    "EchoTrainLength": 64,
    "EffectiveEchoSpacing": 0.000530002,
    "FlipAngle": 90,
    "ImageType": [
      "ORIGINAL",
      "PRIMARY",
      "M",
      "ND",
      "MOSAIC"
    ],
    "InstitutionAddress": "Mikeletegi_69_San_Sebastian_District_ES_20009",
    "InstitutionName": "BCBL",
    "MagneticFieldStrength": 3,
    "Manufacturer": "Siemens",
    "ManufacturersModelName": "Prisma_fit",
    "PhaseEncodingDirection": "j-",
    "PhaseEncodingLines": 64,
    "ProcedureStepDescription": "CRANEO_FUNCIONAL",
    "ProtocolName": "ep2d_VF_L3_Run1",
    "RepetitionTime": 3,
    "ScanningSequence": "EP",
    "SequenceName": "_epfid2d1_64",
    "SequenceVariant": "SK",
    "SeriesDescription": "ep2d_VF_L3_Run1",
    "SliceTiming": [
      2.91,
      2.84,
      2.77,
      2.7025,
      2.6325,
      2.5625,
      2.495,
      2.425,
      2.355,
      2.285,
      2.2175,
      2.1475,
      2.0775,
      2.01,
      1.94,
      1.87,
      1.8,
      1.7325,
      1.6625,
      1.5925,
      1.5225,
      1.455,
      1.385,
      1.315,
      1.2475,
      1.1775,
      1.1075,
      1.0375,
      0.97,
      0.9,
      0.83,
      0.7625,
      0.6925,
      0.6225,
      0.5525,
      0.485,
      0.415,
      0.345,
      0.2775,
      0.2075,
      0.1375,
      0.0675,
      0
    ],
    "SoftwareVersions": "syngo_MR_E11",
    "TaskName": "prodLn",
    "TotalReadoutTime": 0.0333901,
    "dataset": "ds003545",
    "modality": "bold",
    "run_id": 1,
    "session_id": "02",
    "subject_id": "16",
    "task_id": "prodLn"
  },
  "dummy_trs": 0,
  "dvars_nstd": 29.20530458719011,
  "dvars_std": 1.442069243512397,
  "dvars_vstd": 1.027212989917355,
  "efc": 0.5835880438927868,
  "fber": 511.3389892578125,
  "fd_mean": 0.1447551137416068,
  "fd_num": 47,
  "fd_perc": 19.34156378600823,
  "fwhm_avg": 3.0869354695231332,
  "fwhm_x": 2.9303399999999997,
  "fwhm_y": 3.22083,
  "fwhm_z": 3.1096364085693993,
  "gcor": 0.0459227,
  "gsr_x": -0.012088313698768616,
  "gsr_y": 0.09265301376581192,
  "provenance": {
    "md5sum": "d7e5d55f373596ee0ff5c2a43832d2c2",
    "settings": {
      "fd_thres": 0.2,
      "testing": false
    },
    "software": "mriqc",
    "version": "22.0.6",
    "webapi_port": null,
    "webapi_url": "https://mriqc.nimh.nih.gov/api/v1"
  },
  "size_t": 243,
  "size_x": 64,
  "size_y": 64,
  "size_z": 43,
  "snr": 2.150431923328803,
  "spacing_tr": 3.0,
  "spacing_x": 3.0,
  "spacing_y": 3.0,
  "spacing_z": 3.299999952316284,
  "summary_bg_k": 26.921231982959114,
  "summary_bg_mad": 12.592967969275987,
  "summary_bg_mean": 115.0107421875,
  "summary_bg_median": 41.71193313598633,
  "summary_bg_n": 90498.0,
  "summary_bg_p05": 32.46090316772461,
  "summary_bg_p95": 484.7825042724609,
  "summary_bg_stdv": 187.69520568847656,
  "summary_fg_k": 1.4014383950638738,
  "summary_fg_mad": 439.18887346853023,
  "summary_fg_mean": 1114.289306640625,
  "summary_fg_median": 1015.3353271484375,
  "summary_fg_n": 41650.0,
  "summary_fg_p05": 537.6376281738281,
  "summary_fg_p95": 2020.733062744139,
  "summary_fg_stdv": 472.1484680175781,
  "tsnr": 80.22892555221915
}