{
  "aor": 0.0037098353909465016,
  "aqi": 0.002984418353909465,
  "bids_meta": {
    "AcquisitionNumber": 1,
    "AcquisitionTime": "14:47:51.122500",
    "BandwidthPerPixelPhaseEncode": 29.481,
    "BodyPartExamined": "BRAIN",
    "ConversionSoftware": "dcm2niix",
    "ConversionSoftwareVersion": "v1.0.20170724 GCC4.4.7",
    "DeviceSerialNumber": "167004",
    "EchoTime": 0.025,
    "EchoTrainLength": 64,
    "EffectiveEchoSpacing": 0.000530002,
    "FlipAngle": 90,
    "ImageType": [
      "ORIGINAL",
      "PRIMARY",
      "M",
      "ND",
      "MOSAIC"
    ],
    "InstitutionAddress": "Mikeletegi_69_San_Sebastian_District_ES_20009",
    "InstitutionName": "BCBL",
    "MagneticFieldStrength": 3,
    "Manufacturer": "Siemens",
    "ManufacturersModelName": "Prisma_fit",
    "PhaseEncodingDirection": "j-",
    "PhaseEncodingLines": 64,
    "ProcedureStepDescription": "CRANEO_FUNCIONAL",
    "ProtocolName": "ep2d_VF_L1_Run1",
    "RepetitionTime": 3,
    "ScanningSequence": "EP",
    "SequenceName": "_epfid2d1_64",
    "SequenceVariant": "SK",
    "SeriesDescription": "ep2d_VF_L1_Run1",
    "SliceTiming": [
      2.91,
      2.8425,
      2.7725,
      2.7025,
      2.635,
      2.565,
      2.495,
      2.425,
      2.3575,
      2.2875,
      2.2175,
      2.15,
      2.08,
      2.01,
      1.94,
      1.8725,
      1.8025,
      1.7325,
      1.6625,
      1.595,
      1.525,
      1.455,
      1.3875,
      1.3175,
      1.2475,
      1.1775,
      1.11,
      1.04,
      0.97,
      0.9025,
      0.8325,
      0.7625,
      0.6925,
      0.625,
      0.555,
      0.485,
      0.4175,
      0.3475,
      0.2775,
      0.2075,
      0.14,
      0.07,
      0
    ],
    "SoftwareVersions": "syngo_MR_E11",
    "TaskName": "prodL1",
    "TotalReadoutTime": 0.0333901,
    "dataset": "ds003545",
    "modality": "bold",
    "run_id": 1,
    "session_id": "02",
    "subject_id": "16",
    "task_id": "prodL1"
  },
  "dummy_trs": 0,
  "dvars_nstd": 28.4044133729752,
  "dvars_std": 1.3708017833884316,
  "dvars_vstd": 1.0341656230991738,
  "efc": 0.5797849572405381,
  "fber": 534.6680908203125,
  "fd_mean": 0.18452934572107219,
  "fd_num": 86,
  "fd_perc": 35.390946502057616,
  "fwhm_avg": 3.0749222369849076,
  "fwhm_x": 2.93056,
  "fwhm_y": 3.229206666666667,
  "fwhm_z": 3.0650000442880576,
  "gcor": 0.0349689,
  "gsr_x": -0.00999525934457779,
  "gsr_y": 0.09602811187505722,
  "provenance": {
    "md5sum": "6187ef4ffd52dd541c39b69d648c882c",
    "settings": {
      "fd_thres": 0.2,
      "testing": false
    },
    "software": "mriqc",
    "version": "22.0.6",
    "webapi_port": null,
    "webapi_url": "https://mriqc.nimh.nih.gov/api/v1"
  },
  "size_t": 243,
  "size_x": 64,
  "size_y": 64,
  "size_z": 43,
  "snr": 2.135915061627745,
  "spacing_tr": 3.0,
  "spacing_x": 3.0,
  "spacing_y": 3.0,
  "spacing_z": 3.299999952316284,
  "summary_bg_k": 22.755315026863663,
  "summary_bg_mad": 13.233597998933604,
  "summary_bg_mean": 118.03560638427734,
  "summary_bg_median": 41.670780181884766,
  "summary_bg_n": 92314.0,
  "summary_bg_p05": 31.502056121826172,
  "summary_bg_p95": 509.7215942382805,
  "summary_bg_stdv": 193.50038146972656,
  "summary_fg_k": 1.13227370482414,
  "summary_fg_mad": 454.4632778552889,
  "summary_fg_mean": 1126.0177001953125,
  "summary_fg_median": 1025.448486328125,
  "summary_fg_n": 40905.0,
  "summary_fg_p05": 532.7505981445313,
  "summary_fg_p95": 2036.2583496093746,
  "summary_fg_stdv": 480.09210205078125,
  "tsnr": 79.648748727981
}