{
  "aor": 0.0013286559139784947,
  "aqi": 0.001901279887096774,
  "bids_meta": {
    "AcquisitionNumber": 1,
    "AcquisitionTime": "12:23:36.780000",
    "BandwidthPerPixelPhaseEncode": 28.409,
    "BodyPartExamined": "BRAIN",
    "ConversionSoftware": "dcm2niix",
    "ConversionSoftwareVersion": "v1.0.20170724 GCC4.4.7",
    "DeviceSerialNumber": "167004",
    "EchoTime": 0.03,
    "EchoTrainLength": 64,
    "EffectiveEchoSpacing": 0.000550002,
    "FlipAngle": 80,
    "ImageType": [
      "ORIGINAL",
      "PRIMARY",
      "M",
      "ND",
      "MOSAIC"
    ],
    "InstitutionAddress": "Mikeletegi_69_San_Sebastian_District_ES_20009",
    "InstitutionName": "BCBL",
    "MagneticFieldStrength": 3,
    "Manufacturer": "Siemens",
    "ManufacturersModelName": "Prisma_fit",
    "PhaseEncodingDirection": "j-",
    "PhaseEncodingLines": 64,
    "ProcedureStepDescription": "CRANEO_FUNCIONAL",
    "ProtocolName": "ep2d_PiN_L3_Run1",
    "RepetitionTime": 2,
    "ScanningSequence": "EP",
    "SequenceName": "_epfid2d1_64",
    "SequenceVariant": "SK",
    "SeriesDescription": "ep2d_PiN_L3_Run1",
    "SliceTiming": [
      1.9175,
      1.855,
      1.7925,
      1.73,
      1.67,
      1.6075,
      1.545,
      1.4825,
      1.4225,
      1.36,
      1.2975,
      1.2375,
      1.175,
      1.1125,
      1.05,
      0.99,
      0.9275,
      0.865,
      0.8025,
      0.7425,
      0.68,
      0.6175,
      0.555,
      0.495,
      0.4325,
      0.37,
      0.3075,
      0.2475,
      0.185,
      0.1225,
      0.06,
      0
    ],
    "SoftwareVersions": "syngo_MR_E11",
    "TaskName": "compLn",
    "TotalReadoutTime": 0.0346501,
    "dataset": "ds003545",
    "modality": "bold",
    "run_id": 1,
    "session_id": "02",
    "subject_id": "16",
    "task_id": "compLn"
  },
  "dummy_trs": 0,
  "dvars_nstd": 17.46685171378378,
  "dvars_std": 1.2006096348108108,
  "dvars_vstd": 0.9537978536756756,
  "efc": 0.506486546122855,
  "fber": 1429.818359375,
  "fd_mean": 0.08370600388742336,
  "fd_num": 3,
  "fd_perc": 1.6129032258064515,
  "fwhm_avg": 2.965647363636364,
  "fwhm_x": 2.845626181818182,
  "fwhm_y": 3.1346909090909088,
  "fwhm_z": 2.916625,
  "gcor": 0.0586391,
  "gsr_x": -0.019055631011724472,
  "gsr_y": 0.04979307949542999,
  "provenance": {
    "md5sum": "01b18e93efe00153cbcf55806d149c70",
    "settings": {
      "fd_thres": 0.2,
      "testing": false
    },
    "software": "mriqc",
    "version": "22.0.6",
    "webapi_port": null,
    "webapi_url": "https://mriqc.nimh.nih.gov/api/v1"
  },
  "size_t": 186,
  "size_x": 64,
  "size_y": 64,
  "size_z": 32,
  "snr": 2.259543071231205,
  "spacing_tr": 2.0,
  "spacing_x": 3.4375,
  "spacing_y": 3.4375,
  "spacing_z": 4.0,
  "summary_bg_k": 36.938783437060216,
  "summary_bg_mad": 4.519546111085631,
  "summary_bg_mean": 56.68757247924805,
  "summary_bg_median": 21.0053768157959,
  "summary_bg_n": 76557.0,
  "summary_bg_p05": 17.79032325744629,
  "summary_bg_p95": 247.00859680175776,
  "summary_bg_stdv": 104.76818084716797,
  "summary_fg_k": 1.141864709589873,
  "summary_fg_mad": 343.4137112579922,
  "summary_fg_mean": 895.0167236328125,
  "summary_fg_median": 821.8494873046875,
  "summary_fg_n": 23937.0,
  "summary_fg_p05": 436.67527465820314,
  "summary_fg_p95": 1582.8806640625,
  "summary_fg_stdv": 363.7161560058594,
  "tsnr": 90.15778889879584
}