{
  "bids_meta": {
    "AccelFactPE": 2,
    "AcquisitionNumber": 1,
    "AcquisitionTime": "09:50:45.595000",
    "ConversionSoftware": "dcm2niix",
    "ConversionSoftwareVersion": "v1.0.20170724 GCC4.4.7",
    "DeviceSerialNumber": "35414",
    "EchoTime": 0.00297,
    "FlipAngle": 7,
    "ImageType": [
      "ORIGINAL",
      "PRIMARY",
      "M",
      "ND",
      "NORM"
    ],
    "InstitutionAddress": "Mikeletegi_69_San_Sebastian_District_ES_20009",
    "InstitutionName": "BCBL",
    "InversionTime": 1.1,
    "MagneticFieldStrength": 3,
    "Manufacturer": "Siemens",
    "ManufacturersModelName": "TrioTim",
    "PhaseEncodingDirection": "i-",
    "PhaseEncodingLines": 256,
    "ProcedureStepDescription": "CRANEO_FUNCIONAL",
    "ProtocolName": "t1_mpr_tra_p2_iso",
    "RepetitionTime": 2.53,
    "ScanningSequence": "GR_IR",
    "SequenceName": "_tfl3d1",
    "SequenceVariant": "SP_MP_OSP",
    "SeriesDescription": "t1_mpr_tra_p2_iso",
    "SoftwareVersions": "syngo_MR_B17",
    "dataset": "ds003545",
    "modality": "T1w",
    "session_id": "02",
    "subject_id": "12"
  },
  "cjv": 0.3035448553157697,
  "cnr": 4.398151129831215,
  "efc": 0.5274671154300122,
  "fber": 26465.935587245633,
  "fwhm_avg": 4.18803,
  "fwhm_x": 3.8731,
  "fwhm_y": 4.63069,
  "fwhm_z": 4.0603,
  "icvs_csf": 0.16776743140460218,
  "icvs_gm": 0.4959896020692572,
  "icvs_wm": 0.3362429665261406,
  "inu_med": 0.49171145260334015,
  "inu_range": 0.21698741614818573,
  "provenance": {
    "md5sum": "8793a9b27bedb9366636f622c35ebef1",
    "settings": {
      "testing": false
    },
    "software": "mriqc",
    "version": "22.0.6",
    "warnings": {
      "large_rot_frame": true,
      "small_air_mask": false
    },
    "webapi_port": null,
    "webapi_url": "https://mriqc.nimh.nih.gov/api/v1"
  },
  "qi_1": 0.0,
  "qi_2": 0.0036564589340822877,
  "rpve_csf": 36.94678207463964,
  "rpve_gm": 14.236697169865469,
  "rpve_wm": 22.27619806289284,
  "size_x": 256,
  "size_y": 256,
  "size_z": 176,
  "snr_csf": 1.9162358155961507,
  "snr_gm": 13.97975113655425,
  "snr_total": 13.430846816768634,
  "snr_wm": 24.3965534981555,
  "snrd_csf": 37.48251358040424,
  "snrd_gm": 100.2918879399565,
  "snrd_total": 92.93621921147523,
  "snrd_wm": 141.034256114065,
  "spacing_x": 1.0,
  "spacing_y": 1.0,
  "spacing_z": 1.0,
  "summary_bg_k": 17.483274413332328,
  "summary_bg_mad": 4.645356588293364,
  "summary_bg_mean": 4.605576068695078,
  "summary_bg_median": 3.1332454048097134,
  "summary_bg_n": 2461507.0,
  "summary_bg_p05": 0.0,
  "summary_bg_p95": 16.628188332542777,
  "summary_bg_stdv": 6.829679416769826,
  "summary_csf_k": 2.146514463450206,
  "summary_csf_mad": 140.88877547389743,
  "summary_csf_mean": 266.6653181268218,
  "summary_csf_median": 265.77616723254323,
  "summary_csf_n": 20210.0,
  "summary_csf_p05": 43.590589579194784,
  "summary_csf_p95": 487.92189220311116,
  "summary_csf_stdv": 138.69357290227364,
  "summary_gm_k": 0.23839010306481834,
  "summary_gm_mad": 49.75421398514208,
  "summary_gm_mean": 710.5216456873119,
  "summary_gm_median": 711.1367684565485,
  "summary_gm_n": 49563.0,
  "summary_gm_p05": 626.1543580032885,
  "summary_gm_p95": 792.73582356479,
  "summary_gm_stdv": 50.868544611774375,
  "summary_wm_k": 0.6700674631122094,
  "summary_wm_mad": 37.9370788043958,
  "summary_wm_mean": 998.5731054359045,
  "summary_wm_median": 1000.0274917017668,
  "summary_wm_n": 141322.0,
  "summary_wm_p05": 928.4026011321694,
  "summary_wm_p95": 1063.1596381478012,
  "summary_wm_stdv": 40.99037815543454,
  "tpm_overlap_csf": 0.12703429320478657,
  "tpm_overlap_gm": 0.48650650497141673,
  "tpm_overlap_wm": 0.5016103948808885,
  "wm2max": 0.6088622634247561
}