{
  "aor": 0.032123186813186815,
  "aqi": 0.00755581098901099,
  "bids_meta": {
    "AcquisitionNumber": 1,
    "AcquisitionTime": "16:12:23.010000",
    "BandwidthPerPixelPhaseEncode": 28.409,
    "ConversionSoftware": "dcm2niix",
    "ConversionSoftwareVersion": "v1.0.20170724 GCC4.4.7",
    "DeviceSerialNumber": "35414",
    "EchoTime": 0.03,
    "EffectiveEchoSpacing": 0.000550002,
    "FlipAngle": 80,
    "ImageType": [
      "ORIGINAL",
      "PRIMARY",
      "FMRI",
      "NONE",
      "ND",
      "MOSAIC"
    ],
    "InstitutionAddress": "Mikeletegi_69_San_Sebastian_District_ES_20009",
    "InstitutionName": "BCBL",
    "MagneticFieldStrength": 3,
    "Manufacturer": "Siemens",
    "ManufacturersModelName": "TrioTim",
    "PhaseEncodingDirection": "j-",
    "PhaseEncodingLines": 64,
    "ProcedureStepDescription": "CRANEO_FUNCIONAL",
    "ProtocolName": "ep2d_PiN_L1_Run1",
    "RepetitionTime": 2,
    "ScanningSequence": "EP",
    "SequenceName": "_epfid2d1_64",
    "SequenceVariant": "SK",
    "SeriesDescription": "ep2d_PiN_L1_Run1",
    "SliceTiming": [
      1.925,
      1.8625,
      1.8,
      1.74,
      1.6775,
      1.615,
      1.5525,
      1.49,
      1.4275,
      1.3675,
      1.305,
      1.2425,
      1.18,
      1.1175,
      1.055,
      0.995,
      0.9325,
      0.87,
      0.8075,
      0.745,
      0.6825,
      0.62,
      0.56,
      0.4975,
      0.435,
      0.3725,
      0.31,
      0.2475,
      0.1875,
      0.125,
      0.0625,
      0
    ],
    "SoftwareVersions": "syngo_MR_B17",
    "TaskName": "compL1",
    "TotalReadoutTime": 0.0346501,
    "dataset": "ds003545",
    "modality": "bold",
    "run_id": 1,
    "session_id": "02",
    "subject_id": "02",
    "task_id": "compL1"
  },
  "dummy_trs": 4,
  "dvars_nstd": 25.976213950386747,
  "dvars_std": 1.3626791369060776,
  "dvars_vstd": 1.1788720035911597,
  "efc": 0.4679288196239188,
  "fber": 1351.3331298828125,
  "fd_mean": 0.25222187562810977,
  "fd_num": 48,
  "fd_perc": 26.373626373626372,
  "fwhm_avg": 2.7010053333333333,
  "fwhm_x": 2.5922269090909094,
  "fwhm_y": 2.916189090909091,
  "fwhm_z": 2.5946,
  "gcor": 0.0396889,
  "gsr_x": -0.01168459840118885,
  "gsr_y": 0.03332129865884781,
  "provenance": {
    "md5sum": "b1342dcaba6af5f580eaf265a492420f",
    "settings": {
      "fd_thres": 0.2,
      "testing": false
    },
    "software": "mriqc",
    "version": "22.0.6",
    "webapi_port": null,
    "webapi_url": "https://mriqc.nimh.nih.gov/api/v1"
  },
  "size_t": 182,
  "size_x": 64,
  "size_y": 64,
  "size_z": 32,
  "snr": 3.1799035494906067,
  "spacing_tr": 2.0,
  "spacing_x": 3.4375,
  "spacing_y": 3.4375,
  "spacing_z": 4.0,
  "summary_bg_k": 63.121067043373785,
  "summary_bg_mad": 4.195276362975535,
  "summary_bg_mean": 28.937904357910156,
  "summary_bg_median": 15.384615898132324,
  "summary_bg_n": 83902.0,
  "summary_bg_p05": 11.714285850524902,
  "summary_bg_p95": 90.69148254394527,
  "summary_bg_stdv": 45.29418182373047,
  "summary_fg_k": 1.6539302843877808,
  "summary_fg_mad": 144.38264333712792,
  "summary_fg_mean": 602.76953125,
  "summary_fg_median": 565.02197265625,
  "summary_fg_n": 18730.0,
  "summary_fg_p05": 383.431884765625,
  "summary_fg_p95": 960.2274780273438,
  "summary_fg_stdv": 177.68051147460938,
  "tsnr": 44.2984111122787
}