{
  "aor": 0.0032533057851239664,
  "aqi": 0.004470630041322313,
  "bids_meta": {
    "AcquisitionNumber": 1,
    "AcquisitionTime": "15:12:53.220000",
    "BandwidthPerPixelPhaseEncode": 29.481,
    "ConversionSoftware": "dcm2niix",
    "ConversionSoftwareVersion": "v1.0.20170724 GCC4.4.7",
    "DeviceSerialNumber": "35414",
    "EchoTime": 0.025,
    "EffectiveEchoSpacing": 0.000530002,
    "FlipAngle": 90,
    "ImageType": [
      "ORIGINAL",
      "PRIMARY",
      "M",
      "ND",
      "MOSAIC"
    ],
    "InstitutionAddress": "Mikeletegi_69_San_Sebastian_District_ES_20009",
    "InstitutionName": "BCBL",
    "MagneticFieldStrength": 3,
    "Manufacturer": "Siemens",
    "ManufacturersModelName": "TrioTim",
    "PhaseEncodingDirection": "j-",
    "PhaseEncodingLines": 64,
    "ProcedureStepDescription": "CRANEO_FUNCIONAL",
    "ProtocolName": "ep2d_VF_L3_Run1",
    "RepetitionTime": 3,
    "ScanningSequence": "EP",
    "SequenceName": "_epfid2d1_64",
    "SequenceVariant": "SK",
    "SeriesDescription": "ep2d_VF_L3_Run1",
    "SliceTiming": [
      2.9225,
      2.8525,
      2.7825,
      2.7125,
      2.6425,
      2.575,
      2.505,
      2.435,
      2.365,
      2.295,
      2.225,
      2.1575,
      2.0875,
      2.0175,
      1.9475,
      1.8775,
      1.8075,
      1.74,
      1.67,
      1.6,
      1.53,
      1.46,
      1.3925,
      1.3225,
      1.2525,
      1.1825,
      1.1125,
      1.0425,
      0.975,
      0.905,
      0.835,
      0.765,
      0.695,
      0.625,
      0.5575,
      0.4875,
      0.4175,
      0.3475,
      0.2775,
      0.2075,
      0.14,
      0.07,
      0
    ],
    "SoftwareVersions": "syngo_MR_B17",
    "TaskName": "prodLn",
    "TotalReadoutTime": 0.0333901,
    "dataset": "ds003545",
    "modality": "bold",
    "run_id": 1,
    "session_id": "02",
    "subject_id": "02",
    "task_id": "prodLn"
  },
  "dummy_trs": 1,
  "dvars_nstd": 27.05937546999998,
  "dvars_std": 1.2584290195020746,
  "dvars_vstd": 1.033817376473029,
  "efc": 0.5390384327505673,
  "fber": 571.1743774414062,
  "fd_mean": 0.2195288627298067,
  "fd_num": 105,
  "fd_perc": 43.388429752066116,
  "fwhm_avg": 2.544514456624985,
  "fwhm_x": 2.429953333333333,
  "fwhm_y": 2.67469,
  "fwhm_z": 2.528900036541622,
  "gcor": 0.0322311,
  "gsr_x": -0.0021282671950757504,
  "gsr_y": 0.06690610200166702,
  "provenance": {
    "md5sum": "24293e43ac4577bd95adeba9830e879f",
    "settings": {
      "fd_thres": 0.2,
      "testing": false
    },
    "software": "mriqc",
    "version": "22.0.6",
    "webapi_port": null,
    "webapi_url": "https://mriqc.nimh.nih.gov/api/v1"
  },
  "size_t": 242,
  "size_x": 64,
  "size_y": 64,
  "size_z": 43,
  "snr": 3.388585764807838,
  "spacing_tr": 3.0,
  "spacing_x": 3.0,
  "spacing_y": 3.0,
  "spacing_z": 3.299999952316284,
  "summary_bg_k": 25.951582661230848,
  "summary_bg_mad": 6.389893172873614,
  "summary_bg_mean": 55.545780181884766,
  "summary_bg_median": 30.504131317138672,
  "summary_bg_n": 107339.0,
  "summary_bg_p05": 25.404956817626953,
  "summary_bg_p95": 186.29834136962884,
  "summary_bg_stdv": 68.2822036743164,
  "summary_fg_k": 1.5330328889079308,
  "summary_fg_mad": 191.94794125140527,
  "summary_fg_mean": 772.786865234375,
  "summary_fg_median": 734.7044677734375,
  "summary_fg_n": 32104.0,
  "summary_fg_p05": 492.23860321044924,
  "summary_fg_p95": 1195.5751770019529,
  "summary_fg_stdv": 216.81405639648438,
  "tsnr": 61.51199496514164
}