{
  "aor": 0.020658602150537633,
  "aqi": 0.004838294301075269,
  "bids_meta": {
    "AcquisitionNumber": 1,
    "AcquisitionTime": "16:19:46.050000",
    "BandwidthPerPixelPhaseEncode": 28.409,
    "ConversionSoftware": "dcm2niix",
    "ConversionSoftwareVersion": "v1.0.20170724 GCC4.4.7",
    "DeviceSerialNumber": "35414",
    "EchoTime": 0.03,
    "EffectiveEchoSpacing": 0.000550002,
    "FlipAngle": 80,
    "ImageType": [
      "ORIGINAL",
      "PRIMARY",
      "FMRI",
      "NONE",
      "ND",
      "MOSAIC"
    ],
    "InstitutionAddress": "Mikeletegi_69_San_Sebastian_District_ES_20009",
    "InstitutionName": "BCBL",
    "MagneticFieldStrength": 3,
    "Manufacturer": "Siemens",
    "ManufacturersModelName": "TrioTim",
    "PhaseEncodingDirection": "j-",
    "PhaseEncodingLines": 64,
    "ProcedureStepDescription": "CRANEO_FUNCIONAL",
    "ProtocolName": "ep2d_PiN_L1_Run2",
    "RepetitionTime": 2,
    "ScanningSequence": "EP",
    "SequenceName": "_epfid2d1_64",
    "SequenceVariant": "SK",
    "SeriesDescription": "ep2d_PiN_L1_Run2",
    "SliceTiming": [
      1.925,
      1.8625,
      1.8,
      1.7375,
      1.675,
      1.615,
      1.5525,
      1.49,
      1.4275,
      1.365,
      1.3025,
      1.24,
      1.18,
      1.1175,
      1.055,
      0.9925,
      0.93,
      0.8675,
      0.8075,
      0.745,
      0.6825,
      0.62,
      0.5575,
      0.495,
      0.435,
      0.3725,
      0.31,
      0.2475,
      0.185,
      0.1225,
      0.06,
      0
    ],
    "SoftwareVersions": "syngo_MR_B17",
    "TaskName": "compL1",
    "TotalReadoutTime": 0.0346501,
    "dataset": "ds003545",
    "modality": "bold",
    "run_id": 2,
    "session_id": "02",
    "subject_id": "02",
    "task_id": "compL1"
  },
  "dummy_trs": 0,
  "dvars_nstd": 27.16831168075676,
  "dvars_std": 1.411266621621622,
  "dvars_vstd": 1.1734289623243244,
  "efc": 0.4680791297058768,
  "fber": 1396.0386962890625,
  "fd_mean": 0.2820938794503692,
  "fd_num": 58,
  "fd_perc": 31.182795698924732,
  "fwhm_avg": 2.64324893939394,
  "fwhm_x": 2.541015272727273,
  "fwhm_y": 2.8562065454545458,
  "fwhm_z": 2.532525,
  "gcor": 0.0365012,
  "gsr_x": -0.012316620908677578,
  "gsr_y": 0.03195846080780029,
  "provenance": {
    "md5sum": "4e9c254316fa297dad8d0fba8fc98686",
    "settings": {
      "fd_thres": 0.2,
      "testing": false
    },
    "software": "mriqc",
    "version": "22.0.6",
    "webapi_port": null,
    "webapi_url": "https://mriqc.nimh.nih.gov/api/v1"
  },
  "size_t": 186,
  "size_x": 64,
  "size_y": 64,
  "size_z": 32,
  "snr": 3.2800949646495385,
  "spacing_tr": 2.0,
  "spacing_x": 3.4375,
  "spacing_y": 3.4375,
  "spacing_z": 4.0,
  "summary_bg_k": 62.67648212220125,
  "summary_bg_mad": 3.578969993181343,
  "summary_bg_mean": 28.500823974609375,
  "summary_bg_median": 15.064516067504883,
  "summary_bg_n": 84257.0,
  "summary_bg_p05": 12.354838371276855,
  "summary_bg_p95": 89.50537872314453,
  "summary_bg_stdv": 44.56789779663086,
  "summary_fg_k": 1.5068908387407145,
  "summary_fg_mad": 141.2019349216395,
  "summary_fg_mean": 600.7651977539062,
  "summary_fg_median": 564.4193725585938,
  "summary_fg_n": 18616.0,
  "summary_fg_p05": 387.09407806396484,
  "summary_fg_p95": 942.7863006591797,
  "summary_fg_stdv": 172.06947326660156,
  "tsnr": 57.91303725540638
}