{
  "aor": 0.0024086831275720163,
  "aqi": 0.0044956312345679015,
  "bids_meta": {
    "AcquisitionNumber": 1,
    "AcquisitionTime": "15:26:25.700000",
    "BandwidthPerPixelPhaseEncode": 29.481,
    "ConversionSoftware": "dcm2niix",
    "ConversionSoftwareVersion": "v1.0.20170724 GCC4.4.7",
    "DeviceSerialNumber": "35414",
    "EchoTime": 0.025,
    "EffectiveEchoSpacing": 0.000530002,
    "FlipAngle": 90,
    "ImageType": [
      "ORIGINAL",
      "PRIMARY",
      "M",
      "ND",
      "MOSAIC"
    ],
    "InstitutionAddress": "Mikeletegi_69_San_Sebastian_District_ES_20009",
    "InstitutionName": "BCBL",
    "MagneticFieldStrength": 3,
    "Manufacturer": "Siemens",
    "ManufacturersModelName": "TrioTim",
    "PhaseEncodingDirection": "j-",
    "PhaseEncodingLines": 64,
    "ProcedureStepDescription": "CRANEO_FUNCIONAL",
    "ProtocolName": "ep2d_VF_L3_Run2",
    "RepetitionTime": 3,
    "ScanningSequence": "EP",
    "SequenceName": "_epfid2d1_64",
    "SequenceVariant": "SK",
    "SeriesDescription": "ep2d_VF_L3_Run2",
    "SliceTiming": [
      2.9225,
      2.8525,
      2.7825,
      2.7125,
      2.645,
      2.575,
      2.505,
      2.435,
      2.365,
      2.295,
      2.2275,
      2.1575,
      2.0875,
      2.0175,
      1.9475,
      1.8775,
      1.81,
      1.74,
      1.67,
      1.6,
      1.53,
      1.46,
      1.3925,
      1.3225,
      1.2525,
      1.1825,
      1.1125,
      1.0425,
      0.975,
      0.905,
      0.835,
      0.765,
      0.695,
      0.6275,
      0.5575,
      0.4875,
      0.4175,
      0.3475,
      0.2775,
      0.21,
      0.14,
      0.07,
      0
    ],
    "SoftwareVersions": "syngo_MR_B17",
    "TaskName": "prodLn",
    "TotalReadoutTime": 0.0333901,
    "dataset": "ds003545",
    "modality": "bold",
    "run_id": 2,
    "session_id": "02",
    "subject_id": "02",
    "task_id": "prodLn"
  },
  "dummy_trs": 0,
  "dvars_nstd": 25.853048655495865,
  "dvars_std": 1.1809174689669417,
  "dvars_vstd": 0.9889479280991735,
  "efc": 0.5396064443502003,
  "fber": 569.9037475585938,
  "fd_mean": 0.2029830865262871,
  "fd_num": 85,
  "fd_perc": 34.97942386831276,
  "fwhm_avg": 2.521092436361926,
  "fwhm_x": 2.3780733333333335,
  "fwhm_y": 2.668976666666667,
  "fwhm_z": 2.516227309085778,
  "gcor": 0.028984,
  "gsr_x": -0.0017556711100041866,
  "gsr_y": 0.06906411796808243,
  "provenance": {
    "md5sum": "5efdedfaaf2c0830caba95e886df3a73",
    "settings": {
      "fd_thres": 0.2,
      "testing": false
    },
    "software": "mriqc",
    "version": "22.0.6",
    "webapi_port": null,
    "webapi_url": "https://mriqc.nimh.nih.gov/api/v1"
  },
  "size_t": 243,
  "size_x": 64,
  "size_y": 64,
  "size_z": 43,
  "snr": 3.4174711624334213,
  "spacing_tr": 3.0,
  "spacing_x": 3.0,
  "spacing_y": 3.0,
  "spacing_z": 3.299999952316284,
  "summary_bg_k": 26.30354361089269,
  "summary_bg_mad": 5.89990214349789,
  "summary_bg_mean": 55.242889404296875,
  "summary_bg_median": 30.259258270263672,
  "summary_bg_n": 107327.0,
  "summary_bg_p05": 25.79423713684082,
  "summary_bg_p95": 185.5901184082031,
  "summary_bg_stdv": 68.10572814941406,
  "summary_fg_k": 1.4307370753609652,
  "summary_fg_mad": 191.66443339309362,
  "summary_fg_mean": 767.8290405273438,
  "summary_fg_median": 730.0802001953125,
  "summary_fg_n": 32172.0,
  "summary_fg_p05": 490.4859909057617,
  "summary_fg_p95": 1181.7022521972654,
  "summary_fg_stdv": 213.62838745117188,
  "tsnr": 64.20385526830796
}