{
  "aor": 0.004326213991769548,
  "aqi": 0.0077496212757201645,
  "bids_meta": {
    "AcquisitionNumber": 1,
    "AcquisitionTime": "16:32:43.005000",
    "BandwidthPerPixelPhaseEncode": 29.481,
    "ConversionSoftware": "dcm2niix",
    "ConversionSoftwareVersion": "v1.0.20170724 GCC4.4.7",
    "DeviceSerialNumber": "35414",
    "EchoTime": 0.025,
    "EffectiveEchoSpacing": 0.000530002,
    "FlipAngle": 90,
    "ImageType": [
      "ORIGINAL",
      "PRIMARY",
      "M",
      "ND",
      "MOSAIC"
    ],
    "InstitutionAddress": "Mikeletegi_69_San_Sebastian_District_ES_20009",
    "InstitutionName": "BCBL",
    "MagneticFieldStrength": 3,
    "Manufacturer": "Siemens",
    "ManufacturersModelName": "TrioTim",
    "PhaseEncodingDirection": "j-",
    "PhaseEncodingLines": 64,
    "ProcedureStepDescription": "CRANEO_FUNCIONAL",
    "ProtocolName": "ep2d_VF_L1_Run1",
    "RepetitionTime": 3,
    "ScanningSequence": "EP",
    "SequenceName": "_epfid2d1_64",
    "SequenceVariant": "SK",
    "SeriesDescription": "ep2d_VF_L1_Run1",
    "SliceTiming": [
      2.9225,
      2.8525,
      2.7825,
      2.7125,
      2.6425,
      2.575,
      2.505,
      2.435,
      2.365,
      2.295,
      2.225,
      2.1575,
      2.0875,
      2.0175,
      1.9475,
      1.8775,
      1.8075,
      1.74,
      1.67,
      1.6,
      1.53,
      1.46,
      1.3925,
      1.3225,
      1.2525,
      1.1825,
      1.1125,
      1.0425,
      0.975,
      0.905,
      0.835,
      0.765,
      0.695,
      0.625,
      0.5575,
      0.4875,
      0.4175,
      0.3475,
      0.2775,
      0.2075,
      0.14,
      0.07,
      0
    ],
    "SoftwareVersions": "syngo_MR_B17",
    "TaskName": "prodL1",
    "TotalReadoutTime": 0.0333901,
    "dataset": "ds003545",
    "modality": "bold",
    "run_id": 1,
    "session_id": "02",
    "subject_id": "02",
    "task_id": "prodL1"
  },
  "dummy_trs": 0,
  "dvars_nstd": 36.5905051464876,
  "dvars_std": 1.205751160413223,
  "dvars_vstd": 0.9906011477272727,
  "efc": 0.5359799643230029,
  "fber": 598.9050903320312,
  "fd_mean": 0.42620965192388244,
  "fd_num": 164,
  "fd_perc": 67.48971193415638,
  "fwhm_avg": 2.6829239523248085,
  "fwhm_x": 2.51818,
  "fwhm_y": 2.84591,
  "fwhm_z": 2.6846818569744264,
  "gcor": 0.0185104,
  "gsr_x": -0.0006474845577031374,
  "gsr_y": 0.07079221308231354,
  "provenance": {
    "md5sum": "5bf81b0724cc44909772cc5422c1cf85",
    "settings": {
      "fd_thres": 0.2,
      "testing": false
    },
    "software": "mriqc",
    "version": "22.0.6",
    "webapi_port": null,
    "webapi_url": "https://mriqc.nimh.nih.gov/api/v1"
  },
  "size_t": 243,
  "size_x": 64,
  "size_y": 64,
  "size_z": 43,
  "snr": 3.1358675379245,
  "spacing_tr": 3.0,
  "spacing_x": 3.0,
  "spacing_y": 3.0,
  "spacing_z": 3.299999952316284,
  "summary_bg_k": 31.864444931766556,
  "summary_bg_mad": 6.723569728463301,
  "summary_bg_mean": 54.22552490234375,
  "summary_bg_median": 28.73250961303711,
  "summary_bg_n": 107137.0,
  "summary_bg_p05": 23.016460418701172,
  "summary_bg_p95": 183.63456420898436,
  "summary_bg_stdv": 69.66866302490234,
  "summary_fg_k": 1.5189819727186125,
  "summary_fg_mad": 190.83164602633903,
  "summary_fg_mean": 755.7234497070312,
  "summary_fg_median": 708.1707763671875,
  "summary_fg_n": 32298.0,
  "summary_fg_p05": 472.41026763916017,
  "summary_fg_p95": 1203.3778015136713,
  "summary_fg_stdv": 225.8258056640625,
  "tsnr": 44.629843942821026
}