{
  "aor": 0.005660246913580248,
  "aqi": 0.011938261399176954,
  "bids_meta": {
    "AcquisitionNumber": 1,
    "AcquisitionTime": "13:16:20.997500",
    "BandwidthPerPixelPhaseEncode": 29.481,
    "ConversionSoftware": "dcm2niix",
    "ConversionSoftwareVersion": "v1.0.20170724 GCC4.4.7",
    "DeviceSerialNumber": "35414",
    "EchoTime": 0.025,
    "EffectiveEchoSpacing": 0.000530002,
    "FlipAngle": 90,
    "ImageType": [
      "ORIGINAL",
      "PRIMARY",
      "M",
      "ND",
      "MOSAIC"
    ],
    "InstitutionAddress": "Mikeletegi_69_San_Sebastian_District_ES_20009",
    "InstitutionName": "BCBL",
    "MagneticFieldStrength": 3,
    "Manufacturer": "Siemens",
    "ManufacturersModelName": "TrioTim",
    "PhaseEncodingDirection": "j-",
    "PhaseEncodingLines": 64,
    "ProcedureStepDescription": "CRANEO_FUNCIONAL",
    "ProtocolName": "ep2d_VF_L1_Run2",
    "RepetitionTime": 3,
    "ScanningSequence": "EP",
    "SequenceName": "_epfid2d1_64",
    "SequenceVariant": "SK",
    "SeriesDescription": "ep2d_VF_L1_Run2",
    "SliceTiming": [
      2.9225,
      2.8525,
      2.7825,
      2.715,
      2.645,
      2.575,
      2.505,
      2.435,
      2.365,
      2.2975,
      2.2275,
      2.1575,
      2.0875,
      2.0175,
      1.9475,
      1.88,
      1.81,
      1.74,
      1.67,
      1.6,
      1.53,
      1.4625,
      1.3925,
      1.3225,
      1.2525,
      1.1825,
      1.115,
      1.045,
      0.975,
      0.905,
      0.835,
      0.765,
      0.6975,
      0.6275,
      0.5575,
      0.4875,
      0.4175,
      0.3475,
      0.28,
      0.21,
      0.14,
      0.07,
      0
    ],
    "SoftwareVersions": "syngo_MR_B17",
    "TaskName": "prodL1",
    "TotalReadoutTime": 0.0333901,
    "dataset": "ds003545",
    "modality": "bold",
    "run_id": 2,
    "session_id": "02",
    "subject_id": "10",
    "task_id": "prodL1"
  },
  "dummy_trs": 0,
  "dvars_nstd": 40.850683023099165,
  "dvars_std": 1.092857997603306,
  "dvars_vstd": 0.9370152876033055,
  "efc": 0.586971695830672,
  "fber": 401.39013671875,
  "fd_mean": 0.6844497643362824,
  "fd_num": 188,
  "fd_perc": 77.36625514403292,
  "fwhm_avg": 3.0385586003820944,
  "fwhm_x": 2.9660233333333337,
  "fwhm_y": 3.1343099999999997,
  "fwhm_z": 3.0153424678129497,
  "gcor": 0.0367628,
  "gsr_x": -0.013159111142158508,
  "gsr_y": 0.11840759962797165,
  "provenance": {
    "md5sum": "d0182c120af01ba1f473a9d1e3a611d9",
    "settings": {
      "fd_thres": 0.2,
      "testing": false
    },
    "software": "mriqc",
    "version": "22.0.6",
    "webapi_port": null,
    "webapi_url": "https://mriqc.nimh.nih.gov/api/v1"
  },
  "size_t": 243,
  "size_x": 64,
  "size_y": 64,
  "size_z": 43,
  "snr": 2.763956724182831,
  "spacing_tr": 3.0,
  "spacing_x": 3.0,
  "spacing_y": 3.0,
  "spacing_z": 3.299999952316284,
  "summary_bg_k": 20.620958948178803,
  "summary_bg_mad": 18.608791729792003,
  "summary_bg_mean": 92.954345703125,
  "summary_bg_median": 40.61728286743164,
  "summary_bg_n": 98913.0,
  "summary_bg_p05": 26.942386627197266,
  "summary_bg_p95": 345.77860107421844,
  "summary_bg_stdv": 127.33622741699219,
  "summary_fg_k": 2.869572086496367,
  "summary_fg_mad": 246.47194090530488,
  "summary_fg_mean": 869.5972290039062,
  "summary_fg_median": 810.9011840820312,
  "summary_fg_n": 39761.0,
  "summary_fg_p05": 516.2716064453125,
  "summary_fg_p95": 1448.543212890625,
  "summary_fg_stdv": 293.3804931640625,
  "tsnr": 32.627522130147554
}