{
  "aor": 0.03570155913978495,
  "aqi": 0.006927037419354839,
  "bids_meta": {
    "AcquisitionNumber": 1,
    "AcquisitionTime": "12:46:36.037500",
    "BandwidthPerPixelPhaseEncode": 28.409,
    "ConversionSoftware": "dcm2niix",
    "ConversionSoftwareVersion": "v1.0.20170724 GCC4.4.7",
    "DeviceSerialNumber": "35414",
    "EchoTime": 0.03,
    "EffectiveEchoSpacing": 0.000550002,
    "FlipAngle": 80,
    "ImageType": [
      "ORIGINAL",
      "PRIMARY",
      "FMRI",
      "NONE",
      "ND",
      "MOSAIC"
    ],
    "InstitutionAddress": "Mikeletegi_69_San_Sebastian_District_ES_20009",
    "InstitutionName": "BCBL",
    "MagneticFieldStrength": 3,
    "Manufacturer": "Siemens",
    "ManufacturersModelName": "TrioTim",
    "PhaseEncodingDirection": "j-",
    "PhaseEncodingLines": 64,
    "ProcedureStepDescription": "CRANEO_FUNCIONAL",
    "ProtocolName": "ep2d_PiN_L1_Run1",
    "RepetitionTime": 2,
    "ScanningSequence": "EP",
    "SequenceName": "_epfid2d1_64",
    "SequenceVariant": "SK",
    "SeriesDescription": "ep2d_PiN_L1_Run1",
    "SliceTiming": [
      1.925,
      1.8625,
      1.8,
      1.7375,
      1.6775,
      1.615,
      1.5525,
      1.49,
      1.4275,
      1.365,
      1.3025,
      1.2425,
      1.18,
      1.1175,
      1.055,
      0.9925,
      0.93,
      0.87,
      0.8075,
      0.745,
      0.6825,
      0.62,
      0.5575,
      0.4975,
      0.435,
      0.3725,
      0.31,
      0.2475,
      0.185,
      0.1225,
      0.0625,
      0
    ],
    "SoftwareVersions": "syngo_MR_B17",
    "TaskName": "compL1",
    "TotalReadoutTime": 0.0346501,
    "dataset": "ds003545",
    "modality": "bold",
    "run_id": 1,
    "session_id": "02",
    "subject_id": "10",
    "task_id": "compL1"
  },
  "dummy_trs": 0,
  "dvars_nstd": 23.638095819891888,
  "dvars_std": 1.382178710054054,
  "dvars_vstd": 1.2359321696216223,
  "efc": 0.5131575896955806,
  "fber": 1029.3858642578125,
  "fd_mean": 0.4777758188008815,
  "fd_num": 125,
  "fd_perc": 67.20430107526882,
  "fwhm_avg": 2.9864145454545454,
  "fwhm_x": 2.9424290909090907,
  "fwhm_y": 3.1352145454545455,
  "fwhm_z": 2.8816,
  "gcor": 0.0406882,
  "gsr_x": -0.020946605131030083,
  "gsr_y": 0.06657669693231583,
  "provenance": {
    "md5sum": "c0e7ba9ee302606f104584ff7dbd2b16",
    "settings": {
      "fd_thres": 0.2,
      "testing": false
    },
    "software": "mriqc",
    "version": "22.0.6",
    "webapi_port": null,
    "webapi_url": "https://mriqc.nimh.nih.gov/api/v1"
  },
  "size_t": 186,
  "size_x": 64,
  "size_y": 64,
  "size_z": 32,
  "snr": 2.8664551281511086,
  "spacing_tr": 2.0,
  "spacing_x": 3.4375,
  "spacing_y": 3.4375,
  "spacing_z": 4.0,
  "summary_bg_k": 43.78381707606229,
  "summary_bg_mad": 8.11445663448265,
  "summary_bg_mean": 44.913570404052734,
  "summary_bg_median": 20.172042846679688,
  "summary_bg_n": 78826.0,
  "summary_bg_p05": 13.924731254577637,
  "summary_bg_p95": 163.32526779174805,
  "summary_bg_stdv": 71.77067565917969,
  "summary_fg_k": 2.5038163269910676,
  "summary_fg_mad": 187.46941294957605,
  "summary_fg_mean": 691.34912109375,
  "summary_fg_median": 647.5322875976562,
  "summary_fg_n": 23198.0,
  "summary_fg_p05": 416.9042938232422,
  "summary_fg_p95": 1142.0796142578124,
  "summary_fg_stdv": 225.89515686035156,
  "tsnr": 47.286586090922356
}