{
  "aor": 0.011755596707818934,
  "aqi": 0.011420263251028807,
  "bids_meta": {
    "AcquisitionNumber": 1,
    "AcquisitionTime": "13:03:3.075000",
    "BandwidthPerPixelPhaseEncode": 29.481,
    "ConversionSoftware": "dcm2niix",
    "ConversionSoftwareVersion": "v1.0.20170724 GCC4.4.7",
    "DeviceSerialNumber": "35414",
    "EchoTime": 0.025,
    "EffectiveEchoSpacing": 0.000530002,
    "FlipAngle": 90,
    "ImageType": [
      "ORIGINAL",
      "PRIMARY",
      "M",
      "ND",
      "MOSAIC"
    ],
    "InstitutionAddress": "Mikeletegi_69_San_Sebastian_District_ES_20009",
    "InstitutionName": "BCBL",
    "MagneticFieldStrength": 3,
    "Manufacturer": "Siemens",
    "ManufacturersModelName": "TrioTim",
    "PhaseEncodingDirection": "j-",
    "PhaseEncodingLines": 64,
    "ProcedureStepDescription": "CRANEO_FUNCIONAL",
    "ProtocolName": "ep2d_VF_L1_Run1",
    "RepetitionTime": 3,
    "ScanningSequence": "EP",
    "SequenceName": "_epfid2d1_64",
    "SequenceVariant": "SK",
    "SeriesDescription": "ep2d_VF_L1_Run1",
    "SliceTiming": [
      2.92,
      2.8525,
      2.7825,
      2.7125,
      2.6425,
      2.5725,
      2.5025,
      2.435,
      2.365,
      2.295,
      2.225,
      2.155,
      2.085,
      2.0175,
      1.9475,
      1.8775,
      1.8075,
      1.7375,
      1.67,
      1.6,
      1.53,
      1.46,
      1.39,
      1.32,
      1.2525,
      1.1825,
      1.1125,
      1.0425,
      0.9725,
      0.9025,
      0.835,
      0.765,
      0.695,
      0.625,
      0.555,
      0.485,
      0.4175,
      0.3475,
      0.2775,
      0.2075,
      0.1375,
      0.0675,
      0
    ],
    "SoftwareVersions": "syngo_MR_B17",
    "TaskName": "prodL1",
    "TotalReadoutTime": 0.0333901,
    "dataset": "ds003545",
    "modality": "bold",
    "run_id": 1,
    "session_id": "02",
    "subject_id": "10",
    "task_id": "prodL1"
  },
  "dummy_trs": 0,
  "dvars_nstd": 44.6681023507851,
  "dvars_std": 1.2414615233057846,
  "dvars_vstd": 1.0427991280165285,
  "efc": 0.5879944442052528,
  "fber": 391.9149475097656,
  "fd_mean": 0.7191153266078592,
  "fd_num": 190,
  "fd_perc": 78.18930041152264,
  "fwhm_avg": 3.057817792345073,
  "fwhm_x": 2.9831,
  "fwhm_y": 3.16592,
  "fwhm_z": 3.0244333770352188,
  "gcor": 0.0438078,
  "gsr_x": -0.015710733830928802,
  "gsr_y": 0.11815942078828812,
  "provenance": {
    "md5sum": "c557a3f28ce252bdef2ae521e97947ac",
    "settings": {
      "fd_thres": 0.2,
      "testing": false
    },
    "software": "mriqc",
    "version": "22.0.6",
    "webapi_port": null,
    "webapi_url": "https://mriqc.nimh.nih.gov/api/v1"
  },
  "size_t": 243,
  "size_x": 64,
  "size_y": 64,
  "size_z": 43,
  "snr": 2.752155756751775,
  "spacing_tr": 3.0,
  "spacing_x": 3.0,
  "spacing_y": 3.0,
  "spacing_z": 3.299999952316284,
  "summary_bg_k": 20.304161053962318,
  "summary_bg_mad": 19.334842301621862,
  "summary_bg_mean": 93.04092407226562,
  "summary_bg_median": 40.76954650878906,
  "summary_bg_n": 98644.0,
  "summary_bg_p05": 26.370986366271975,
  "summary_bg_p95": 343.9619308471674,
  "summary_bg_stdv": 127.54303741455078,
  "summary_fg_k": 2.692845443510678,
  "summary_fg_mad": 248.27180407217966,
  "summary_fg_mean": 871.2675170898438,
  "summary_fg_median": 812.2756958007812,
  "summary_fg_n": 39815.0,
  "summary_fg_p05": 514.26171875,
  "summary_fg_p95": 1454.5595703125,
  "summary_fg_stdv": 295.1379089355469,
  "tsnr": 34.84585052356124
}