{
  "aor": 0.010414193548387097,
  "aqi": 0.00875535940860215,
  "bids_meta": {
    "AcquisitionNumber": 1,
    "AcquisitionTime": "12:53:53.385000",
    "BandwidthPerPixelPhaseEncode": 28.409,
    "ConversionSoftware": "dcm2niix",
    "ConversionSoftwareVersion": "v1.0.20170724 GCC4.4.7",
    "DeviceSerialNumber": "35414",
    "EchoTime": 0.03,
    "EffectiveEchoSpacing": 0.000550002,
    "FlipAngle": 80,
    "ImageType": [
      "ORIGINAL",
      "PRIMARY",
      "FMRI",
      "NONE",
      "ND",
      "MOSAIC"
    ],
    "InstitutionAddress": "Mikeletegi_69_San_Sebastian_District_ES_20009",
    "InstitutionName": "BCBL",
    "MagneticFieldStrength": 3,
    "Manufacturer": "Siemens",
    "ManufacturersModelName": "TrioTim",
    "PhaseEncodingDirection": "j-",
    "PhaseEncodingLines": 64,
    "ProcedureStepDescription": "CRANEO_FUNCIONAL",
    "ProtocolName": "ep2d_PiN_L1_Run2",
    "RepetitionTime": 2,
    "ScanningSequence": "EP",
    "SequenceName": "_epfid2d1_64",
    "SequenceVariant": "SK",
    "SeriesDescription": "ep2d_PiN_L1_Run2",
    "SliceTiming": [
      1.925,
      1.8625,
      1.8,
      1.74,
      1.6775,
      1.615,
      1.5525,
      1.49,
      1.4275,
      1.3675,
      1.305,
      1.2425,
      1.18,
      1.1175,
      1.055,
      0.9925,
      0.9325,
      0.87,
      0.8075,
      0.745,
      0.6825,
      0.62,
      0.56,
      0.4975,
      0.435,
      0.3725,
      0.31,
      0.2475,
      0.185,
      0.125,
      0.0625,
      0
    ],
    "SoftwareVersions": "syngo_MR_B17",
    "TaskName": "compL1",
    "TotalReadoutTime": 0.0346501,
    "dataset": "ds003545",
    "modality": "bold",
    "run_id": 2,
    "session_id": "02",
    "subject_id": "10",
    "task_id": "compL1"
  },
  "dummy_trs": 0,
  "dvars_nstd": 26.354162927621626,
  "dvars_std": 1.1187920514594594,
  "dvars_vstd": 0.9837797054594597,
  "efc": 0.5135324349408975,
  "fber": 1065.5406494140625,
  "fd_mean": 0.47098344287754784,
  "fd_num": 152,
  "fd_perc": 81.72043010752688,
  "fwhm_avg": 2.9225675757575758,
  "fwhm_x": 2.8564800000000004,
  "fwhm_y": 3.0728727272727276,
  "fwhm_z": 2.83835,
  "gcor": 0.0469139,
  "gsr_x": -0.021700507029891014,
  "gsr_y": 0.06806136667728424,
  "provenance": {
    "md5sum": "d979fded960f3406f4da837b295d8282",
    "settings": {
      "fd_thres": 0.2,
      "testing": false
    },
    "software": "mriqc",
    "version": "22.0.6",
    "webapi_port": null,
    "webapi_url": "https://mriqc.nimh.nih.gov/api/v1"
  },
  "size_t": 186,
  "size_x": 64,
  "size_y": 64,
  "size_z": 32,
  "snr": 2.9307414054644565,
  "spacing_tr": 2.0,
  "spacing_x": 3.4375,
  "spacing_y": 3.4375,
  "spacing_z": 4.0,
  "summary_bg_k": 44.22010211601356,
  "summary_bg_mad": 7.723881124046484,
  "summary_bg_mean": 44.517494201660156,
  "summary_bg_median": 19.57526969909668,
  "summary_bg_n": 78860.0,
  "summary_bg_p05": 13.795699119567871,
  "summary_bg_p95": 164.61855468750002,
  "summary_bg_stdv": 71.20116424560547,
  "summary_fg_k": 2.386060428412141,
  "summary_fg_mad": 182.67896266000335,
  "summary_fg_mean": 686.6795043945312,
  "summary_fg_median": 643.4515991210938,
  "summary_fg_n": 23091.0,
  "summary_fg_p05": 417.9193572998047,
  "summary_fg_p95": 1120.3978271484375,
  "summary_fg_stdv": 219.54774475097656,
  "tsnr": 44.780333027243614
}