{
  "bids_meta": {
    "AccelFactPE": 2,
    "AcquisitionNumber": 1,
    "AcquisitionTime": "14:01:25.747500",
    "ConversionSoftware": "dcm2niix",
    "ConversionSoftwareVersion": "v1.0.20170724 GCC4.4.7",
    "DeviceSerialNumber": "35414",
    "EchoTime": 0.00297,
    "FlipAngle": 7,
    "ImageType": [
      "ORIGINAL",
      "PRIMARY",
      "M",
      "ND",
      "NORM"
    ],
    "InstitutionAddress": "Mikeletegi_69_San_Sebastian_District_ES_20009",
    "InstitutionName": "BCBL",
    "InversionTime": 1.1,
    "MagneticFieldStrength": 3,
    "Manufacturer": "Siemens",
    "ManufacturersModelName": "TrioTim",
    "PhaseEncodingDirection": "i-",
    "PhaseEncodingLines": 256,
    "ProcedureStepDescription": "CRANEO_FUNCIONAL",
    "ProtocolName": "t1_mpr_tra_p2_iso",
    "RepetitionTime": 2.53,
    "ScanningSequence": "GR_IR",
    "SequenceName": "_tfl3d1",
    "SequenceVariant": "SP_MP_OSP",
    "SeriesDescription": "t1_mpr_tra_p2_iso",
    "SoftwareVersions": "syngo_MR_B17",
    "dataset": "ds003545",
    "modality": "T1w",
    "session_id": "01",
    "subject_id": "02"
  },
  "cjv": 0.2958143846759679,
  "cnr": 4.425857728625628,
  "efc": 0.519953394344583,
  "fber": 33714.60946745562,
  "fwhm_avg": 4.255773333333334,
  "fwhm_x": 4.02559,
  "fwhm_y": 4.67217,
  "fwhm_z": 4.06956,
  "icvs_csf": 0.20013367377205307,
  "icvs_gm": 0.46688804051472804,
  "icvs_wm": 0.33297828571321886,
  "inu_med": 0.4531587064266205,
  "inu_range": 0.1734146773815155,
  "provenance": {
    "md5sum": "773dbbf9f39ace3e39a63869280ecbc5",
    "settings": {
      "testing": false
    },
    "software": "mriqc",
    "version": "22.0.6",
    "warnings": {
      "large_rot_frame": true,
      "small_air_mask": false
    },
    "webapi_port": null,
    "webapi_url": "https://mriqc.nimh.nih.gov/api/v1"
  },
  "qi_1": 0.0,
  "qi_2": 0.016059906881160286,
  "rpve_csf": 29.4793725385351,
  "rpve_gm": 13.68053720590053,
  "rpve_wm": 21.259737394412678,
  "size_x": 256,
  "size_y": 256,
  "size_z": 176,
  "snr_csf": 1.9104939531537988,
  "snr_gm": 13.1410636904378,
  "snr_total": 14.306431949346747,
  "snr_wm": 27.867738204448642,
  "snrd_csf": 33.86668821070373,
  "snrd_gm": 99.0707803227042,
  "snrd_total": 90.72337265402246,
  "snrd_wm": 139.23264942865947,
  "spacing_x": 1.0,
  "spacing_y": 1.0,
  "spacing_z": 1.0,
  "summary_bg_k": 22.947963581750283,
  "summary_bg_mad": 4.705336153731788,
  "summary_bg_mean": 3.6888244954094898,
  "summary_bg_median": 3.1737010069191456,
  "summary_bg_n": 2341778.0,
  "summary_bg_p05": 0.0,
  "summary_bg_p95": 13.807967813685536,
  "summary_bg_stdv": 5.31026632502094,
  "summary_csf_k": 0.4013848886381104,
  "summary_csf_mad": 120.16164416470282,
  "summary_csf_mean": 256.4222917240319,
  "summary_csf_median": 243.23812941089272,
  "summary_csf_n": 28571.0,
  "summary_csf_p05": 61.768747955560684,
  "summary_csf_p95": 487.29336840938777,
  "summary_csf_stdv": 127.31465192077926,
  "summary_gm_k": 0.15290105455817216,
  "summary_gm_mad": 52.60144446485238,
  "summary_gm_mean": 711.6848208155624,
  "summary_gm_median": 711.548502618447,
  "summary_gm_n": 49629.0,
  "summary_gm_p05": 621.5953949745744,
  "summary_gm_p95": 800.5779211632907,
  "summary_gm_stdv": 54.14640326440907,
  "summary_wm_k": 0.9280782732043926,
  "summary_wm_mad": 32.72666638267184,
  "summary_wm_mean": 998.8718303524621,
  "summary_wm_median": 1000.0000292100012,
  "summary_wm_n": 159939.0,
  "summary_wm_p05": 938.8707583229989,
  "summary_wm_p95": 1055.705587182194,
  "summary_wm_stdv": 35.88367651787145,
  "tpm_overlap_csf": 0.1382927971525037,
  "tpm_overlap_gm": 0.49070830682735445,
  "tpm_overlap_wm": 0.516434833216235,
  "wm2max": 0.6977343711268653
}