{
  "bids_meta": {
    "AccelFactPE": 2,
    "AcquisitionNumber": 1,
    "AcquisitionTime": "13:28:20.532500",
    "ConversionSoftware": "dcm2niix",
    "ConversionSoftwareVersion": "v1.0.20170724 GCC4.4.7",
    "DeviceSerialNumber": "35414",
    "EchoTime": 0.00297,
    "FlipAngle": 7,
    "ImageType": [
      "ORIGINAL",
      "PRIMARY",
      "M",
      "ND",
      "NORM"
    ],
    "InstitutionAddress": "Mikeletegi_69_San_Sebastian_District_ES_20009",
    "InstitutionName": "BCBL",
    "InversionTime": 1.1,
    "MagneticFieldStrength": 3,
    "Manufacturer": "Siemens",
    "ManufacturersModelName": "TrioTim",
    "PhaseEncodingDirection": "i-",
    "PhaseEncodingLines": 256,
    "ProcedureStepDescription": "CRANEO_FUNCIONAL",
    "ProtocolName": "t1_mpr_tra_p2_iso",
    "RepetitionTime": 2.53,
    "ScanningSequence": "GR_IR",
    "SequenceName": "_tfl3d1",
    "SequenceVariant": "SP_MP_OSP",
    "SeriesDescription": "t1_mpr_tra_p2_iso",
    "SoftwareVersions": "syngo_MR_B17",
    "dataset": "ds003545",
    "modality": "T1w",
    "session_id": "01",
    "subject_id": "12"
  },
  "cjv": 0.28728828425832215,
  "cnr": 4.534361140317103,
  "efc": 0.5494432894545725,
  "fber": 15274.593283159802,
  "fwhm_avg": 4.247013333333333,
  "fwhm_x": 3.97184,
  "fwhm_y": 4.69887,
  "fwhm_z": 4.07033,
  "icvs_csf": 0.17196779615491253,
  "icvs_gm": 0.499740706751615,
  "icvs_wm": 0.32829149709347244,
  "inu_med": 0.48978590965270996,
  "inu_range": 0.23097875714302069,
  "provenance": {
    "md5sum": "4c691c16d2472b9138a339186ff5d3b8",
    "settings": {
      "testing": false
    },
    "software": "mriqc",
    "version": "22.0.6",
    "warnings": {
      "large_rot_frame": true,
      "small_air_mask": false
    },
    "webapi_port": null,
    "webapi_url": "https://mriqc.nimh.nih.gov/api/v1"
  },
  "qi_1": 0.0,
  "qi_2": 0.020904438727996535,
  "rpve_csf": 35.89576869182264,
  "rpve_gm": 14.121680810801111,
  "rpve_wm": 22.762392588960854,
  "size_x": 256,
  "size_y": 256,
  "size_z": 176,
  "snr_csf": 1.7174574022859717,
  "snr_gm": 14.053152657695593,
  "snr_total": 13.342867718813322,
  "snr_wm": 24.257993096458396,
  "snrd_csf": 23.079877863374197,
  "snrd_gm": 67.7326999839229,
  "snrd_total": 62.34040811361812,
  "snrd_wm": 96.20864649355727,
  "spacing_x": 1.0,
  "spacing_y": 1.0,
  "spacing_z": 1.0,
  "summary_bg_k": 5.203473462536673,
  "summary_bg_mad": 6.8095374575428895,
  "summary_bg_mean": 5.979654492867674,
  "summary_bg_median": 4.592963218688965,
  "summary_bg_n": 2033254.0,
  "summary_bg_p05": 0.0,
  "summary_bg_p95": 20.84498691558838,
  "summary_bg_stdv": 7.1994963018812514,
  "summary_csf_k": -0.29364084133791035,
  "summary_csf_mad": 153.12729103243882,
  "summary_csf_mean": 248.976596780635,
  "summary_csf_median": 239.8940019607544,
  "summary_csf_n": 18740.0,
  "summary_csf_p05": 46.36979116201401,
  "summary_csf_p95": 497.31486933231344,
  "summary_csf_stdv": 139.6760123244035,
  "summary_gm_k": 0.382434941352626,
  "summary_gm_mad": 47.404856915971656,
  "summary_gm_mean": 703.6598107953226,
  "summary_gm_median": 704.0188236236572,
  "summary_gm_n": 51787.0,
  "summary_gm_p05": 620.6683180332184,
  "summary_gm_p95": 785.2495000362396,
  "summary_gm_stdv": 50.096376484671346,
  "summary_wm_k": 0.7377244414721513,
  "summary_wm_mad": 37.62705954103827,
  "summary_wm_mean": 998.4446427167386,
  "summary_wm_median": 999.9999725818634,
  "summary_wm_n": 139961.0,
  "summary_wm_p05": 927.4252653121948,
  "summary_wm_p95": 1063.1826589107513,
  "summary_wm_stdv": 41.223377225621796,
  "tpm_overlap_csf": 0.13684265402350235,
  "tpm_overlap_gm": 0.49879800283214926,
  "tpm_overlap_wm": 0.5043772296163144,
  "wm2max": 0.5890582495188338
}