{
  "aor": 0.005081234567901234,
  "aqi": 0.02915785514403292,
  "bids_meta": {
    "AcquisitionNumber": 1,
    "AcquisitionTime": "15:53:29.285000",
    "BandwidthPerPixelPhaseEncode": 29.481,
    "BodyPartExamined": "BRAIN",
    "ConversionSoftware": "dcm2niix",
    "ConversionSoftwareVersion": "v1.0.20170724 GCC4.4.7",
    "DeviceSerialNumber": "167004",
    "EchoTime": 0.025,
    "EchoTrainLength": 64,
    "EffectiveEchoSpacing": 0.000530002,
    "FlipAngle": 90,
    "ImageType": [
      "ORIGINAL",
      "PRIMARY",
      "M",
      "ND",
      "MOSAIC"
    ],
    "InstitutionAddress": "Mikeletegi_69_San_Sebastian_District_ES_20009",
    "InstitutionName": "BCBL",
    "MagneticFieldStrength": 3,
    "Manufacturer": "Siemens",
    "ManufacturersModelName": "Prisma_fit",
    "PhaseEncodingDirection": "j-",
    "PhaseEncodingLines": 64,
    "ProcedureStepDescription": "CRANEO_FUNCIONAL",
    "ProtocolName": "ep2d_VF_L3_Run2",
    "RepetitionTime": 3,
    "ScanningSequence": "EP",
    "SequenceName": "_epfid2d1_64",
    "SequenceVariant": "SK",
    "SeriesDescription": "ep2d_VF_L3_Run2",
    "SliceTiming": [
      2.91,
      2.8425,
      2.7725,
      2.7025,
      2.635,
      2.565,
      2.495,
      2.425,
      2.3575,
      2.2875,
      2.2175,
      2.1475,
      2.08,
      2.01,
      1.94,
      1.8725,
      1.8025,
      1.7325,
      1.6625,
      1.595,
      1.525,
      1.455,
      1.3875,
      1.3175,
      1.2475,
      1.1775,
      1.11,
      1.04,
      0.97,
      0.9025,
      0.8325,
      0.7625,
      0.6925,
      0.625,
      0.555,
      0.485,
      0.415,
      0.3475,
      0.2775,
      0.2075,
      0.14,
      0.07,
      0
    ],
    "SoftwareVersions": "syngo_MR_E11",
    "TaskName": "prodLn",
    "TotalReadoutTime": 0.0333901,
    "dataset": "ds003545",
    "modality": "bold",
    "run_id": 2,
    "session_id": "02",
    "subject_id": "22",
    "task_id": "prodLn"
  },
  "dummy_trs": 0,
  "dvars_nstd": 81.90798521438023,
  "dvars_std": 1.185404106322315,
  "dvars_vstd": 0.9564060999173557,
  "efc": 0.5996812082180516,
  "fber": 270.83355712890625,
  "fd_mean": 1.4492865682910325,
  "fd_num": 233,
  "fd_perc": 95.88477366255144,
  "fwhm_avg": 2.9700705200579587,
  "fwhm_x": 2.6580366666666664,
  "fwhm_y": 3.1363566666666665,
  "fwhm_z": 3.1158182268405428,
  "gcor": 0.0674182,
  "gsr_x": -0.000297400081763044,
  "gsr_y": 0.09299138188362122,
  "provenance": {
    "md5sum": "081c4c994fa616b94661b71e1c980661",
    "settings": {
      "fd_thres": 0.2,
      "testing": false
    },
    "software": "mriqc",
    "version": "22.0.6",
    "webapi_port": null,
    "webapi_url": "https://mriqc.nimh.nih.gov/api/v1"
  },
  "size_t": 243,
  "size_x": 64,
  "size_y": 64,
  "size_z": 43,
  "snr": 2.398867415281563,
  "spacing_tr": 3.0,
  "spacing_x": 3.0,
  "spacing_y": 3.0,
  "spacing_z": 3.299999952316284,
  "summary_bg_k": 13.397865844442414,
  "summary_bg_mad": 23.660622035040596,
  "summary_bg_mean": 109.55599212646484,
  "summary_bg_median": 50.08641815185547,
  "summary_bg_n": 95309.0,
  "summary_bg_p05": 31.13168716430664,
  "summary_bg_p95": 388.862536621093,
  "summary_bg_stdv": 141.5845184326172,
  "summary_fg_k": 1.230576963052104,
  "summary_fg_mad": 323.0242206283596,
  "summary_fg_mean": 931.670654296875,
  "summary_fg_median": 863.5555419921875,
  "summary_fg_n": 39239.0,
  "summary_fg_p05": 479.99176330566405,
  "summary_fg_p95": 1643.0666015624997,
  "summary_fg_stdv": 359.9801025390625,
  "tsnr": 23.071572393761016
}