{
  "aor": 0.011606584362139915,
  "aqi": 0.0333303683127572,
  "bids_meta": {
    "AcquisitionNumber": 1,
    "AcquisitionTime": "15:40:11.115000",
    "BandwidthPerPixelPhaseEncode": 29.481,
    "BodyPartExamined": "BRAIN",
    "ConversionSoftware": "dcm2niix",
    "ConversionSoftwareVersion": "v1.0.20170724 GCC4.4.7",
    "DeviceSerialNumber": "167004",
    "EchoTime": 0.025,
    "EchoTrainLength": 64,
    "EffectiveEchoSpacing": 0.000530002,
    "FlipAngle": 90,
    "ImageType": [
      "ORIGINAL",
      "PRIMARY",
      "M",
      "ND",
      "MOSAIC"
    ],
    "InstitutionAddress": "Mikeletegi_69_San_Sebastian_District_ES_20009",
    "InstitutionName": "BCBL",
    "MagneticFieldStrength": 3,
    "Manufacturer": "Siemens",
    "ManufacturersModelName": "Prisma_fit",
    "PhaseEncodingDirection": "j-",
    "PhaseEncodingLines": 64,
    "ProcedureStepDescription": "CRANEO_FUNCIONAL",
    "ProtocolName": "ep2d_VF_L3_Run1",
    "RepetitionTime": 3,
    "ScanningSequence": "EP",
    "SequenceName": "_epfid2d1_64",
    "SequenceVariant": "SK",
    "SeriesDescription": "ep2d_VF_L3_Run1",
    "SliceTiming": [
      2.91,
      2.8425,
      2.7725,
      2.7025,
      2.6325,
      2.565,
      2.495,
      2.425,
      2.3575,
      2.2875,
      2.2175,
      2.1475,
      2.08,
      2.01,
      1.94,
      1.87,
      1.8025,
      1.7325,
      1.6625,
      1.595,
      1.525,
      1.455,
      1.385,
      1.3175,
      1.2475,
      1.1775,
      1.11,
      1.04,
      0.97,
      0.9,
      0.8325,
      0.7625,
      0.6925,
      0.625,
      0.555,
      0.485,
      0.415,
      0.3475,
      0.2775,
      0.2075,
      0.1375,
      0.07,
      0
    ],
    "SoftwareVersions": "syngo_MR_E11",
    "TaskName": "prodLn",
    "TotalReadoutTime": 0.0333901,
    "dataset": "ds003545",
    "modality": "bold",
    "run_id": 1,
    "session_id": "02",
    "subject_id": "22",
    "task_id": "prodLn"
  },
  "dummy_trs": 0,
  "dvars_nstd": 103.28584874371909,
  "dvars_std": 1.268754688347108,
  "dvars_vstd": 1.0240580497520662,
  "efc": 0.6040009186136667,
  "fber": 266.47930908203125,
  "fd_mean": 2.231427805184348,
  "fd_num": 238,
  "fd_perc": 97.94238683127573,
  "fwhm_avg": 2.9675759749356083,
  "fwhm_x": 2.6268966666666667,
  "fwhm_y": 3.0910433333333334,
  "fwhm_z": 3.184787924806825,
  "gcor": 0.0261699,
  "gsr_x": 0.004918376449495554,
  "gsr_y": 0.07828503102064133,
  "provenance": {
    "md5sum": "b0bab47d2c72e9a6e152092ddb5a6659",
    "settings": {
      "fd_thres": 0.2,
      "testing": false
    },
    "software": "mriqc",
    "version": "22.0.6",
    "webapi_port": null,
    "webapi_url": "https://mriqc.nimh.nih.gov/api/v1"
  },
  "size_t": 243,
  "size_x": 64,
  "size_y": 64,
  "size_z": 43,
  "snr": 2.4009933039192473,
  "spacing_tr": 3.0,
  "spacing_x": 3.0,
  "spacing_y": 3.0,
  "spacing_z": 3.299999952316284,
  "summary_bg_k": 15.955612467620298,
  "summary_bg_mad": 21.03708845536109,
  "summary_bg_mean": 99.39140319824219,
  "summary_bg_median": 48.543209075927734,
  "summary_bg_n": 91908.0,
  "summary_bg_p05": 32.19896945953369,
  "summary_bg_p95": 332.3450454711912,
  "summary_bg_stdv": 123.2266616821289,
  "summary_fg_k": 1.525217433888879,
  "summary_fg_mad": 310.37025050939184,
  "summary_fg_mean": 912.4744873046875,
  "summary_fg_median": 846.9979248046875,
  "summary_fg_n": 40484.0,
  "summary_fg_p05": 470.2816696166992,
  "summary_fg_p95": 1604.8405090332028,
  "summary_fg_stdv": 352.76544189453125,
  "tsnr": 20.101340450288262
}