{
  "aor": 0.015502757201646091,
  "aqi": 0.015653266872427983,
  "bids_meta": {
    "AcquisitionNumber": 1,
    "AcquisitionTime": "16:01:51.590000",
    "BandwidthPerPixelPhaseEncode": 29.481,
    "ConversionSoftware": "dcm2niix",
    "ConversionSoftwareVersion": "v1.0.20170724 GCC4.4.7",
    "DeviceSerialNumber": "35414",
    "EchoTime": 0.025,
    "EffectiveEchoSpacing": 0.000530002,
    "FlipAngle": 90,
    "ImageType": [
      "ORIGINAL",
      "PRIMARY",
      "M",
      "ND",
      "MOSAIC"
    ],
    "InstitutionAddress": "Mikeletegi_69_San_Sebastian_District_ES_20009",
    "InstitutionName": "BCBL",
    "MagneticFieldStrength": 3,
    "Manufacturer": "Siemens",
    "ManufacturersModelName": "TrioTim",
    "PhaseEncodingDirection": "j-",
    "PhaseEncodingLines": 64,
    "ProcedureStepDescription": "CRANEO_FUNCIONAL",
    "ProtocolName": "ep2d_VF_L1_Run1",
    "RepetitionTime": 3,
    "ScanningSequence": "EP",
    "SequenceName": "_epfid2d1_64",
    "SequenceVariant": "SK",
    "SeriesDescription": "ep2d_VF_L1_Run1",
    "SliceTiming": [
      2.92,
      2.85,
      2.7825,
      2.7125,
      2.6425,
      2.5725,
      2.5025,
      2.435,
      2.365,
      2.295,
      2.225,
      2.155,
      2.085,
      2.0175,
      1.9475,
      1.8775,
      1.8075,
      1.7375,
      1.6675,
      1.6,
      1.53,
      1.46,
      1.39,
      1.32,
      1.25,
      1.1825,
      1.1125,
      1.0425,
      0.9725,
      0.9025,
      0.8325,
      0.765,
      0.695,
      0.625,
      0.555,
      0.485,
      0.4175,
      0.3475,
      0.2775,
      0.2075,
      0.1375,
      0.0675,
      0
    ],
    "SoftwareVersions": "syngo_MR_B17",
    "TaskName": "prodL1",
    "TotalReadoutTime": 0.0333901,
    "dataset": "ds003545",
    "modality": "bold",
    "run_id": 1,
    "session_id": "02",
    "subject_id": "01",
    "task_id": "prodL1"
  },
  "dummy_trs": 0,
  "dvars_nstd": 59.19033342144633,
  "dvars_std": 1.2670306647933882,
  "dvars_vstd": 1.0733346936363632,
  "efc": 0.5663186900401151,
  "fber": 396.7139587402344,
  "fd_mean": 1.0377472827737146,
  "fd_num": 202,
  "fd_perc": 83.1275720164609,
  "fwhm_avg": 2.8734242883151233,
  "fwhm_x": 2.7372933333333336,
  "fwhm_y": 3.022043333333333,
  "fwhm_z": 2.8609361982787047,
  "gcor": 0.0145512,
  "gsr_x": 0.017252657562494278,
  "gsr_y": 0.07201368361711502,
  "provenance": {
    "md5sum": "89521d7ac0407305442715ea14b28b95",
    "settings": {
      "fd_thres": 0.2,
      "testing": false
    },
    "software": "mriqc",
    "version": "22.0.6",
    "webapi_port": null,
    "webapi_url": "https://mriqc.nimh.nih.gov/api/v1"
  },
  "size_t": 243,
  "size_x": 64,
  "size_y": 64,
  "size_z": 43,
  "snr": 2.776859846484652,
  "spacing_tr": 3.0,
  "spacing_x": 3.0,
  "spacing_y": 3.0,
  "spacing_z": 3.3000001907348633,
  "summary_bg_k": 32.061948195442994,
  "summary_bg_mad": 15.515463549120728,
  "summary_bg_mean": 74.70441436767578,
  "summary_bg_median": 37.84362030029297,
  "summary_bg_n": 102071.0,
  "summary_bg_p05": 25.51028823852539,
  "summary_bg_p95": 248.8024673461914,
  "summary_bg_stdv": 104.62358856201172,
  "summary_fg_k": 2.0020406662193437,
  "summary_fg_mad": 234.74541159062568,
  "summary_fg_mean": 823.443359375,
  "summary_fg_median": 766.2592163085938,
  "summary_fg_n": 35727.0,
  "summary_fg_p05": 489.160482788086,
  "summary_fg_p95": 1376.4600708007808,
  "summary_fg_stdv": 275.9406433105469,
  "tsnr": 29.444523718208075
}