{
  "aor": 0.01175679012345679,
  "aqi": 0.013389445802469134,
  "bids_meta": {
    "AcquisitionNumber": 1,
    "AcquisitionTime": "10:12:16.035000",
    "BandwidthPerPixelPhaseEncode": 29.481,
    "ConversionSoftware": "dcm2niix",
    "ConversionSoftwareVersion": "v1.0.20170724 GCC4.4.7",
    "DeviceSerialNumber": "35414",
    "EchoTime": 0.025,
    "EffectiveEchoSpacing": 0.000530002,
    "FlipAngle": 90,
    "ImageType": [
      "ORIGINAL",
      "PRIMARY",
      "M",
      "ND",
      "MOSAIC"
    ],
    "InstitutionAddress": "Mikeletegi_69_San_Sebastian_District_ES_20009",
    "InstitutionName": "BCBL",
    "MagneticFieldStrength": 3,
    "Manufacturer": "Siemens",
    "ManufacturersModelName": "TrioTim",
    "PhaseEncodingDirection": "j-",
    "PhaseEncodingLines": 64,
    "ProcedureStepDescription": "CRANEO_FUNCIONAL",
    "ProtocolName": "ep2d_VF_L3_Run1",
    "RepetitionTime": 3,
    "ScanningSequence": "EP",
    "SequenceName": "_epfid2d1_64",
    "SequenceVariant": "SK",
    "SeriesDescription": "ep2d_VF_L3_Run1",
    "SliceTiming": [
      2.92,
      2.8525,
      2.7825,
      2.7125,
      2.6425,
      2.5725,
      2.5025,
      2.435,
      2.365,
      2.295,
      2.225,
      2.155,
      2.085,
      2.0175,
      1.9475,
      1.8775,
      1.8075,
      1.7375,
      1.6675,
      1.6,
      1.53,
      1.46,
      1.39,
      1.32,
      1.25,
      1.1825,
      1.1125,
      1.0425,
      0.9725,
      0.9025,
      0.835,
      0.765,
      0.695,
      0.625,
      0.555,
      0.485,
      0.4175,
      0.3475,
      0.2775,
      0.2075,
      0.1375,
      0.0675,
      0
    ],
    "SoftwareVersions": "syngo_MR_B17",
    "TaskName": "prodLn",
    "TotalReadoutTime": 0.0333901,
    "dataset": "ds003545",
    "modality": "bold",
    "run_id": 1,
    "session_id": "02",
    "subject_id": "01",
    "task_id": "prodLn"
  },
  "dummy_trs": 0,
  "dvars_nstd": 59.49987487181819,
  "dvars_std": 1.2271810741735543,
  "dvars_vstd": 1.0315479274380166,
  "efc": 0.5572799176985919,
  "fber": 355.2707824707031,
  "fd_mean": 0.8112095984135327,
  "fd_num": 208,
  "fd_perc": 85.59670781893004,
  "fwhm_avg": 3.256136278244103,
  "fwhm_x": 3.182263333333333,
  "fwhm_y": 3.3436,
  "fwhm_z": 3.2425455013989755,
  "gcor": 0.0179564,
  "gsr_x": 0.011524294503033161,
  "gsr_y": 0.07500403374433517,
  "provenance": {
    "md5sum": "9d34ddfeb79eefe94c3fb9f8ccf8d7a8",
    "settings": {
      "fd_thres": 0.2,
      "testing": false
    },
    "software": "mriqc",
    "version": "22.0.6",
    "webapi_port": null,
    "webapi_url": "https://mriqc.nimh.nih.gov/api/v1"
  },
  "size_t": 243,
  "size_x": 64,
  "size_y": 64,
  "size_z": 43,
  "snr": 2.146539534610779,
  "spacing_tr": 3.0,
  "spacing_x": 3.0,
  "spacing_y": 3.0,
  "spacing_z": 3.299999952316284,
  "summary_bg_k": 26.736814018383928,
  "summary_bg_mad": 20.579495981011263,
  "summary_bg_mean": 87.92047119140625,
  "summary_bg_median": 43.436214447021484,
  "summary_bg_n": 101146.0,
  "summary_bg_p05": 27.35390853881836,
  "summary_bg_p95": 309.67181396484375,
  "summary_bg_stdv": 122.09262084960938,
  "summary_fg_k": 2.528878449384192,
  "summary_fg_mad": 302.1701951788601,
  "summary_fg_mean": 934.86962890625,
  "summary_fg_median": 834.312744140625,
  "summary_fg_n": 36084.0,
  "summary_fg_p05": 509.9178955078125,
  "summary_fg_p95": 1749.1999389648436,
  "summary_fg_stdv": 388.6726379394531,
  "tsnr": 29.969997396692634
}