{
  "aor": 0.01824708108108108,
  "aqi": 0.012383111081081082,
  "bids_meta": {
    "AcquisitionNumber": 1,
    "AcquisitionTime": "15:49:30.622500",
    "BandwidthPerPixelPhaseEncode": 28.409,
    "ConversionSoftware": "dcm2niix",
    "ConversionSoftwareVersion": "v1.0.20170724 GCC4.4.7",
    "DeviceSerialNumber": "35414",
    "EchoTime": 0.03,
    "EffectiveEchoSpacing": 0.000550002,
    "FlipAngle": 80,
    "ImageType": [
      "ORIGINAL",
      "PRIMARY",
      "FMRI",
      "NONE",
      "ND",
      "MOSAIC"
    ],
    "InstitutionAddress": "Mikeletegi_69_San_Sebastian_District_ES_20009",
    "InstitutionName": "BCBL",
    "MagneticFieldStrength": 3,
    "Manufacturer": "Siemens",
    "ManufacturersModelName": "TrioTim",
    "PhaseEncodingDirection": "j-",
    "PhaseEncodingLines": 64,
    "ProcedureStepDescription": "CRANEO_FUNCIONAL",
    "ProtocolName": "ep2d_PiN_L1_Run2",
    "RepetitionTime": 2,
    "ScanningSequence": "EP",
    "SequenceName": "_epfid2d1_64",
    "SequenceVariant": "SK",
    "SeriesDescription": "ep2d_PiN_L1_Run2",
    "SliceTiming": [
      1.925,
      1.8625,
      1.8,
      1.7375,
      1.675,
      1.6125,
      1.5525,
      1.49,
      1.4275,
      1.365,
      1.3025,
      1.24,
      1.18,
      1.1175,
      1.055,
      0.9925,
      0.93,
      0.8675,
      0.805,
      0.745,
      0.6825,
      0.62,
      0.5575,
      0.495,
      0.4325,
      0.3725,
      0.31,
      0.2475,
      0.185,
      0.1225,
      0.06,
      0
    ],
    "SoftwareVersions": "syngo_MR_B17",
    "TaskName": "compL1",
    "TotalReadoutTime": 0.0346501,
    "dataset": "ds003545",
    "modality": "bold",
    "run_id": 2,
    "session_id": "02",
    "subject_id": "01",
    "task_id": "compL1"
  },
  "dummy_trs": 1,
  "dvars_nstd": 35.4989523678261,
  "dvars_std": 1.0504440207608703,
  "dvars_vstd": 0.9702638036956518,
  "efc": 0.49103759978559597,
  "fber": 995.8038940429688,
  "fd_mean": 0.5454967852997346,
  "fd_num": 105,
  "fd_perc": 56.75675675675676,
  "fwhm_avg": 2.859006757575757,
  "fwhm_x": 2.807168,
  "fwhm_y": 3.0679272727272724,
  "fwhm_z": 2.701925,
  "gcor": 0.0225882,
  "gsr_x": 0.007316144183278084,
  "gsr_y": 0.04013980180025101,
  "provenance": {
    "md5sum": "81050fd3824b4b0ba96952ad2947bf26",
    "settings": {
      "fd_thres": 0.2,
      "testing": false
    },
    "software": "mriqc",
    "version": "22.0.6",
    "webapi_port": null,
    "webapi_url": "https://mriqc.nimh.nih.gov/api/v1"
  },
  "size_t": 185,
  "size_x": 64,
  "size_y": 64,
  "size_z": 32,
  "snr": 2.777334987162197,
  "spacing_tr": 2.0,
  "spacing_x": 3.4375,
  "spacing_y": 3.4375,
  "spacing_z": 4.0,
  "summary_bg_k": 44.18970850952405,
  "summary_bg_mad": 8.999796567057368,
  "summary_bg_mean": 40.93310546875,
  "summary_bg_median": 19.929729461669922,
  "summary_bg_n": 81321.0,
  "summary_bg_p05": 10.85945987701416,
  "summary_bg_p95": 132.36216735839844,
  "summary_bg_stdv": 69.58406066894531,
  "summary_fg_k": 1.717701360376629,
  "summary_fg_mad": 187.3207817152074,
  "summary_fg_mean": 671.4434204101562,
  "summary_fg_median": 623.37841796875,
  "summary_fg_n": 20381.0,
  "summary_fg_p05": 398.8648681640625,
  "summary_fg_p95": 1129.113525390625,
  "summary_fg_stdv": 224.44650268554688,
  "tsnr": 35.32534806104377
}