{
  "aor": 0.008998065843621398,
  "aqi": 0.010576057818930042,
  "bids_meta": {
    "AcquisitionNumber": 1,
    "AcquisitionTime": "14:34:18.090000",
    "BandwidthPerPixelPhaseEncode": 29.481,
    "BodyPartExamined": "BRAIN",
    "ConversionSoftware": "dcm2niix",
    "ConversionSoftwareVersion": "v1.0.20170724 GCC4.4.7",
    "DeviceSerialNumber": "167004",
    "EchoTime": 0.025,
    "EchoTrainLength": 64,
    "EffectiveEchoSpacing": 0.000530002,
    "FlipAngle": 90,
    "ImageType": [
      "ORIGINAL",
      "PRIMARY",
      "M",
      "ND",
      "MOSAIC"
    ],
    "InstitutionAddress": "Mikeletegi_69_San_Sebastian_District_ES_20009",
    "InstitutionName": "BCBL",
    "MagneticFieldStrength": 3,
    "Manufacturer": "Siemens",
    "ManufacturersModelName": "Prisma_fit",
    "PhaseEncodingDirection": "j-",
    "PhaseEncodingLines": 64,
    "ProcedureStepDescription": "CRANEO_FUNCIONAL",
    "ProtocolName": "ep2d_VF_L3_Run2",
    "RepetitionTime": 3,
    "ScanningSequence": "EP",
    "SequenceName": "_epfid2d1_64",
    "SequenceVariant": "SK",
    "SeriesDescription": "ep2d_VF_L3_Run2",
    "SliceTiming": [
      2.91,
      2.8425,
      2.7725,
      2.7025,
      2.6325,
      2.565,
      2.495,
      2.425,
      2.355,
      2.2875,
      2.2175,
      2.1475,
      2.08,
      2.01,
      1.94,
      1.87,
      1.8025,
      1.7325,
      1.6625,
      1.595,
      1.525,
      1.455,
      1.385,
      1.3175,
      1.2475,
      1.1775,
      1.11,
      1.04,
      0.97,
      0.9,
      0.8325,
      0.7625,
      0.6925,
      0.6225,
      0.555,
      0.485,
      0.415,
      0.3475,
      0.2775,
      0.2075,
      0.1375,
      0.07,
      0
    ],
    "SoftwareVersions": "syngo_MR_E11",
    "TaskName": "prodLn",
    "TotalReadoutTime": 0.0333901,
    "dataset": "ds003545",
    "modality": "bold",
    "run_id": 2,
    "session_id": "02",
    "subject_id": "21",
    "task_id": "prodLn"
  },
  "dummy_trs": 0,
  "dvars_nstd": 43.4404709477686,
  "dvars_std": 1.2153564266528916,
  "dvars_vstd": 1.0057412497933889,
  "efc": 0.6048127215239103,
  "fber": 372.1536560058594,
  "fd_mean": 0.4935168276943931,
  "fd_num": 167,
  "fd_perc": 68.72427983539094,
  "fwhm_avg": 2.8099846602802114,
  "fwhm_x": 2.5659300000000003,
  "fwhm_y": 2.9956633333333333,
  "fwhm_z": 2.8683606475073016,
  "gcor": 0.0206094,
  "gsr_x": 0.007794280536472797,
  "gsr_y": 0.07782725244760513,
  "provenance": {
    "md5sum": "1a8865694c05189b6499e6ce8caf4d87",
    "settings": {
      "fd_thres": 0.2,
      "testing": false
    },
    "software": "mriqc",
    "version": "22.0.6",
    "webapi_port": null,
    "webapi_url": "https://mriqc.nimh.nih.gov/api/v1"
  },
  "size_t": 243,
  "size_x": 64,
  "size_y": 64,
  "size_z": 43,
  "snr": 2.2845411748969364,
  "spacing_tr": 3.0,
  "spacing_x": 3.0,
  "spacing_y": 3.0,
  "spacing_z": 3.299999952316284,
  "summary_bg_k": 15.628479097112685,
  "summary_bg_mad": 17.297022112112938,
  "summary_bg_mean": 111.5908432006836,
  "summary_bg_median": 44.23456573486328,
  "summary_bg_n": 87181.0,
  "summary_bg_p05": 27.55555534362793,
  "summary_bg_p95": 475.1893005371094,
  "summary_bg_stdv": 172.96676635742188,
  "summary_fg_k": 0.7762577959358548,
  "summary_fg_mad": 386.7547601815976,
  "summary_fg_mean": 988.3596801757812,
  "summary_fg_median": 915.6007690429688,
  "summary_fg_n": 42406.0,
  "summary_fg_p05": 470.30965423583984,
  "summary_fg_p95": 1740.1532897949219,
  "summary_fg_stdv": 400.77630615234375,
  "tsnr": 40.659635736141354
}