{
  "aor": 0.017914032258064514,
  "aqi": 0.00575833435483871,
  "bids_meta": {
    "AcquisitionNumber": 1,
    "AcquisitionTime": "15:25:2.245000",
    "BandwidthPerPixelPhaseEncode": 28.409,
    "BodyPartExamined": "BRAIN",
    "ConversionSoftware": "dcm2niix",
    "ConversionSoftwareVersion": "v1.0.20170724 GCC4.4.7",
    "DeviceSerialNumber": "167004",
    "EchoTime": 0.03,
    "EchoTrainLength": 64,
    "EffectiveEchoSpacing": 0.000550002,
    "FlipAngle": 80,
    "ImageType": [
      "ORIGINAL",
      "PRIMARY",
      "M",
      "ND",
      "MOSAIC"
    ],
    "InstitutionAddress": "Mikeletegi_69_San_Sebastian_District_ES_20009",
    "InstitutionName": "BCBL",
    "MagneticFieldStrength": 3,
    "Manufacturer": "Siemens",
    "ManufacturersModelName": "Prisma_fit",
    "PhaseEncodingDirection": "j-",
    "PhaseEncodingLines": 64,
    "ProcedureStepDescription": "CRANEO_FUNCIONAL",
    "ProtocolName": "ep2d_PiN_L1_Run2",
    "RepetitionTime": 2,
    "ScanningSequence": "EP",
    "SequenceName": "_epfid2d1_64",
    "SequenceVariant": "SK",
    "SeriesDescription": "ep2d_PiN_L1_Run2",
    "SliceTiming": [
      1.9175,
      1.855,
      1.7925,
      1.7325,
      1.67,
      1.6075,
      1.545,
      1.485,
      1.4225,
      1.36,
      1.2975,
      1.2375,
      1.175,
      1.1125,
      1.05,
      0.99,
      0.9275,
      0.865,
      0.8025,
      0.7425,
      0.68,
      0.6175,
      0.555,
      0.495,
      0.4325,
      0.37,
      0.3075,
      0.2475,
      0.185,
      0.1225,
      0.06,
      0
    ],
    "SoftwareVersions": "syngo_MR_E11",
    "TaskName": "compL1",
    "TotalReadoutTime": 0.0346501,
    "dataset": "ds003545",
    "modality": "bold",
    "run_id": 2,
    "session_id": "02",
    "subject_id": "21",
    "task_id": "compL1"
  },
  "dummy_trs": 0,
  "dvars_nstd": 30.830875185513527,
  "dvars_std": 1.3494313502702702,
  "dvars_vstd": 1.090918581675676,
  "efc": 0.49104641294098206,
  "fber": 1178.6990966796875,
  "fd_mean": 0.4101476689348398,
  "fd_num": 87,
  "fd_perc": 46.774193548387096,
  "fwhm_avg": 3.2724224242424245,
  "fwhm_x": 3.0361890909090907,
  "fwhm_y": 3.584378181818182,
  "fwhm_z": 3.1967,
  "gcor": 0.0443284,
  "gsr_x": 0.0037193461321294308,
  "gsr_y": 0.0433608815073967,
  "provenance": {
    "md5sum": "9f4703dd3f892dc65dc24d51f32a122c",
    "settings": {
      "fd_thres": 0.2,
      "testing": false
    },
    "software": "mriqc",
    "version": "22.0.6",
    "webapi_port": null,
    "webapi_url": "https://mriqc.nimh.nih.gov/api/v1"
  },
  "size_t": 186,
  "size_x": 64,
  "size_y": 64,
  "size_z": 32,
  "snr": 1.9083136520955046,
  "spacing_tr": 2.0,
  "spacing_x": 3.4375,
  "spacing_y": 3.4375,
  "spacing_z": 4.0,
  "summary_bg_k": 23.37966545692305,
  "summary_bg_mad": 4.942006923712121,
  "summary_bg_mean": 55.99092483520508,
  "summary_bg_median": 18.672042846679688,
  "summary_bg_n": 80008.0,
  "summary_bg_p05": 15.0,
  "summary_bg_p95": 253.85779647827127,
  "summary_bg_stdv": 104.97789764404297,
  "summary_fg_k": 0.5740028665528136,
  "summary_fg_mad": 327.5594414527653,
  "summary_fg_mean": 736.3759155273438,
  "summary_fg_median": 659.3010864257812,
  "summary_fg_n": 21722.0,
  "summary_fg_p05": 320.8067260742188,
  "summary_fg_p95": 1413.942517089844,
  "summary_fg_stdv": 345.48089599609375,
  "tsnr": 52.56286539940629
}