{
  "aor": 0.018267621621621617,
  "aqi": 0.005325386162162162,
  "bids_meta": {
    "AcquisitionNumber": 1,
    "AcquisitionTime": "14:02:35.747500",
    "BandwidthPerPixelPhaseEncode": 28.409,
    "BodyPartExamined": "BRAIN",
    "ConversionSoftware": "dcm2niix",
    "ConversionSoftwareVersion": "v1.0.20170724 GCC4.4.7",
    "DeviceSerialNumber": "167004",
    "EchoTime": 0.03,
    "EchoTrainLength": 64,
    "EffectiveEchoSpacing": 0.000550002,
    "FlipAngle": 80,
    "ImageType": [
      "ORIGINAL",
      "PRIMARY",
      "M",
      "ND",
      "MOSAIC"
    ],
    "InstitutionAddress": "Mikeletegi_69_San_Sebastian_District_ES_20009",
    "InstitutionName": "BCBL",
    "MagneticFieldStrength": 3,
    "Manufacturer": "Siemens",
    "ManufacturersModelName": "Prisma_fit",
    "PhaseEncodingDirection": "j-",
    "PhaseEncodingLines": 64,
    "ProcedureStepDescription": "CRANEO_FUNCIONAL",
    "ProtocolName": "ep2d_PiN_L3_Run1",
    "RepetitionTime": 2,
    "ScanningSequence": "EP",
    "SequenceName": "_epfid2d1_64",
    "SequenceVariant": "SK",
    "SeriesDescription": "ep2d_PiN_L3_Run1",
    "SliceTiming": [
      1.9175,
      1.855,
      1.795,
      1.7325,
      1.67,
      1.6075,
      1.5475,
      1.485,
      1.4225,
      1.36,
      1.3,
      1.2375,
      1.175,
      1.1125,
      1.0525,
      0.99,
      0.9275,
      0.865,
      0.805,
      0.7425,
      0.68,
      0.6175,
      0.5575,
      0.495,
      0.4325,
      0.37,
      0.31,
      0.2475,
      0.185,
      0.1225,
      0.0625,
      0
    ],
    "SoftwareVersions": "syngo_MR_E11",
    "TaskName": "compLn",
    "TotalReadoutTime": 0.0346501,
    "dataset": "ds003545",
    "modality": "bold",
    "run_id": 1,
    "session_id": "02",
    "subject_id": "21",
    "task_id": "compLn"
  },
  "dummy_trs": 1,
  "dvars_nstd": 27.518554677228277,
  "dvars_std": 1.1927606225,
  "dvars_vstd": 1.0035249092934782,
  "efc": 0.5271992925851536,
  "fber": 1061.0126953125,
  "fd_mean": 0.44088294875474743,
  "fd_num": 67,
  "fd_perc": 36.21621621621622,
  "fwhm_avg": 2.82268003030303,
  "fwhm_x": 2.6271214545454544,
  "fwhm_y": 3.056843636363636,
  "fwhm_z": 2.784075,
  "gcor": 0.0166673,
  "gsr_x": -0.0012372052296996117,
  "gsr_y": 0.05682653933763504,
  "provenance": {
    "md5sum": "ebc65957648391e91267ceb9b3cf4364",
    "settings": {
      "fd_thres": 0.2,
      "testing": false
    },
    "software": "mriqc",
    "version": "22.0.6",
    "webapi_port": null,
    "webapi_url": "https://mriqc.nimh.nih.gov/api/v1"
  },
  "size_t": 185,
  "size_x": 64,
  "size_y": 64,
  "size_z": 32,
  "snr": 2.469449775652328,
  "spacing_tr": 2.0,
  "spacing_x": 3.4375,
  "spacing_y": 3.4375,
  "spacing_z": 4.0,
  "summary_bg_k": 19.865734696313847,
  "summary_bg_mad": 5.962465260491256,
  "summary_bg_mean": 61.26860046386719,
  "summary_bg_median": 21.46486473083496,
  "summary_bg_n": 75787.0,
  "summary_bg_p05": 16.951351165771484,
  "summary_bg_p95": 283.3908233642575,
  "summary_bg_stdv": 111.24911499023438,
  "summary_fg_k": 0.7386385591402331,
  "summary_fg_mad": 284.0425687919434,
  "summary_fg_mean": 774.9456176757812,
  "summary_fg_median": 727.1621704101562,
  "summary_fg_n": 23849.0,
  "summary_fg_p05": 388.7654113769531,
  "summary_fg_p95": 1334.3816406249998,
  "summary_fg_stdv": 294.4570617675781,
  "tsnr": 55.44640951906331
}