{
  "aor": 0.01744720430107527,
  "aqi": 0.004253017365591398,
  "bids_meta": {
    "AcquisitionNumber": 1,
    "AcquisitionTime": "14:10:51.110000",
    "BandwidthPerPixelPhaseEncode": 28.409,
    "BodyPartExamined": "BRAIN",
    "ConversionSoftware": "dcm2niix",
    "ConversionSoftwareVersion": "v1.0.20170724 GCC4.4.7",
    "DeviceSerialNumber": "167004",
    "EchoTime": 0.03,
    "EchoTrainLength": 64,
    "EffectiveEchoSpacing": 0.000550002,
    "FlipAngle": 80,
    "ImageType": [
      "ORIGINAL",
      "PRIMARY",
      "M",
      "ND",
      "MOSAIC"
    ],
    "InstitutionAddress": "Mikeletegi_69_San_Sebastian_District_ES_20009",
    "InstitutionName": "BCBL",
    "MagneticFieldStrength": 3,
    "Manufacturer": "Siemens",
    "ManufacturersModelName": "Prisma_fit",
    "PhaseEncodingDirection": "j-",
    "PhaseEncodingLines": 64,
    "ProcedureStepDescription": "CRANEO_FUNCIONAL",
    "ProtocolName": "ep2d_PiN_L3_Run2",
    "RepetitionTime": 2,
    "ScanningSequence": "EP",
    "SequenceName": "_epfid2d1_64",
    "SequenceVariant": "SK",
    "SeriesDescription": "ep2d_PiN_L3_Run2",
    "SliceTiming": [
      1.92,
      1.8575,
      1.795,
      1.7325,
      1.6725,
      1.61,
      1.5475,
      1.485,
      1.425,
      1.3625,
      1.3,
      1.2375,
      1.1775,
      1.115,
      1.0525,
      0.99,
      0.93,
      0.8675,
      0.805,
      0.7425,
      0.6825,
      0.62,
      0.5575,
      0.495,
      0.435,
      0.3725,
      0.31,
      0.2475,
      0.1875,
      0.125,
      0.0625,
      0
    ],
    "SoftwareVersions": "syngo_MR_E11",
    "TaskName": "compLn",
    "TotalReadoutTime": 0.0346501,
    "dataset": "ds003545",
    "modality": "bold",
    "run_id": 2,
    "session_id": "02",
    "subject_id": "21",
    "task_id": "compLn"
  },
  "dummy_trs": 0,
  "dvars_nstd": 22.20023378437838,
  "dvars_std": 1.3114939697837837,
  "dvars_vstd": 1.1191794163783788,
  "efc": 0.5292761641573365,
  "fber": 995.0560913085938,
  "fd_mean": 0.28253532709246654,
  "fd_num": 125,
  "fd_perc": 67.20430107526882,
  "fwhm_avg": 2.8148058181818176,
  "fwhm_x": 2.6191010909090906,
  "fwhm_y": 3.0545163636363637,
  "fwhm_z": 2.7708,
  "gcor": 0.0389633,
  "gsr_x": -0.006630366202443838,
  "gsr_y": 0.06640667468309402,
  "provenance": {
    "md5sum": "3360697ca5d77a3c12b13eb33a17e12b",
    "settings": {
      "fd_thres": 0.2,
      "testing": false
    },
    "software": "mriqc",
    "version": "22.0.6",
    "webapi_port": null,
    "webapi_url": "https://mriqc.nimh.nih.gov/api/v1"
  },
  "size_t": 186,
  "size_x": 64,
  "size_y": 64,
  "size_z": 32,
  "snr": 2.4468790644865837,
  "spacing_tr": 2.0,
  "spacing_x": 3.4375,
  "spacing_y": 3.4375,
  "spacing_z": 4.0,
  "summary_bg_k": 19.23646970145068,
  "summary_bg_mad": 7.668082198693334,
  "summary_bg_mean": 62.17631912231445,
  "summary_bg_median": 22.010751724243164,
  "summary_bg_n": 75596.0,
  "summary_bg_p05": 14.419354438781738,
  "summary_bg_p95": 289.64112091064453,
  "summary_bg_stdv": 112.62596893310547,
  "summary_fg_k": 0.8739092775208617,
  "summary_fg_mad": 281.32775255919273,
  "summary_fg_mean": 771.1246337890625,
  "summary_fg_median": 721.2096557617188,
  "summary_fg_n": 24079.0,
  "summary_fg_p05": 387.4978485107422,
  "summary_fg_p95": 1327.054797363281,
  "summary_fg_stdv": 294.7406311035156,
  "tsnr": 66.09072069753893
}