{
  "aor": 0.012167675675675676,
  "aqi": 0.0035348878972972972,
  "bids_meta": {
    "AcquisitionNumber": 1,
    "AcquisitionTime": "15:17:33.405000",
    "BandwidthPerPixelPhaseEncode": 28.409,
    "BodyPartExamined": "BRAIN",
    "ConversionSoftware": "dcm2niix",
    "ConversionSoftwareVersion": "v1.0.20170724 GCC4.4.7",
    "DeviceSerialNumber": "167004",
    "EchoTime": 0.03,
    "EchoTrainLength": 64,
    "EffectiveEchoSpacing": 0.000550002,
    "FlipAngle": 80,
    "ImageType": [
      "ORIGINAL",
      "PRIMARY",
      "M",
      "ND",
      "MOSAIC"
    ],
    "InstitutionAddress": "Mikeletegi_69_San_Sebastian_District_ES_20009",
    "InstitutionName": "BCBL",
    "MagneticFieldStrength": 3,
    "Manufacturer": "Siemens",
    "ManufacturersModelName": "Prisma_fit",
    "PhaseEncodingDirection": "j-",
    "PhaseEncodingLines": 64,
    "ProcedureStepDescription": "CRANEO_FUNCIONAL",
    "ProtocolName": "ep2d_PiN_L1_Run1",
    "RepetitionTime": 2,
    "ScanningSequence": "EP",
    "SequenceName": "_epfid2d1_64",
    "SequenceVariant": "SK",
    "SeriesDescription": "ep2d_PiN_L1_Run1",
    "SliceTiming": [
      1.9175,
      1.855,
      1.795,
      1.7325,
      1.67,
      1.6075,
      1.5475,
      1.485,
      1.4225,
      1.36,
      1.3,
      1.2375,
      1.175,
      1.1125,
      1.0525,
      0.99,
      0.9275,
      0.865,
      0.805,
      0.7425,
      0.68,
      0.6175,
      0.5575,
      0.495,
      0.4325,
      0.37,
      0.31,
      0.2475,
      0.185,
      0.1225,
      0.0625,
      0
    ],
    "SoftwareVersions": "syngo_MR_E11",
    "TaskName": "compL1",
    "TotalReadoutTime": 0.0346501,
    "dataset": "ds003545",
    "modality": "bold",
    "run_id": 1,
    "session_id": "02",
    "subject_id": "21",
    "task_id": "compL1"
  },
  "dummy_trs": 1,
  "dvars_nstd": 23.375881459836954,
  "dvars_std": 1.2625775841847828,
  "dvars_vstd": 1.0226980802173913,
  "efc": 0.49067683269758405,
  "fber": 1188.8033447265625,
  "fd_mean": 0.23270222889830325,
  "fd_num": 77,
  "fd_perc": 41.62162162162162,
  "fwhm_avg": 3.30703696969697,
  "fwhm_x": 3.0745890909090905,
  "fwhm_y": 3.5500218181818184,
  "fwhm_z": 3.2965,
  "gcor": 0.0614166,
  "gsr_x": 0.005362099967896938,
  "gsr_y": 0.04441925138235092,
  "provenance": {
    "md5sum": "c9a7f28a4b63fc8536ee6a39d5b6c463",
    "settings": {
      "fd_thres": 0.2,
      "testing": false
    },
    "software": "mriqc",
    "version": "22.0.6",
    "webapi_port": null,
    "webapi_url": "https://mriqc.nimh.nih.gov/api/v1"
  },
  "size_t": 185,
  "size_x": 64,
  "size_y": 64,
  "size_z": 32,
  "snr": 1.9144820143962549,
  "spacing_tr": 2.0,
  "spacing_x": 3.4375,
  "spacing_y": 3.4375,
  "spacing_z": 4.0,
  "summary_bg_k": 23.124641217077727,
  "summary_bg_mad": 4.760355009668419,
  "summary_bg_mean": 56.188262939453125,
  "summary_bg_median": 18.578378677368164,
  "summary_bg_n": 80063.0,
  "summary_bg_p05": 15.097297668457031,
  "summary_bg_p95": 254.60866241455065,
  "summary_bg_stdv": 106.26512145996094,
  "summary_fg_k": 0.6127890057888501,
  "summary_fg_mad": 324.3172444992231,
  "summary_fg_mean": 734.7275390625,
  "summary_fg_median": 657.84326171875,
  "summary_fg_n": 21648.0,
  "summary_fg_p05": 322.39136199951173,
  "summary_fg_p95": 1411.6275634765623,
  "summary_fg_stdv": 343.6062927246094,
  "tsnr": 63.56652671657503
}