{
  "aor": 0.022684773662551443,
  "aqi": 0.01573109551440329,
  "bids_meta": {
    "AcquisitionNumber": 1,
    "AcquisitionTime": "15:33:36.375000",
    "BandwidthPerPixelPhaseEncode": 29.481,
    "BodyPartExamined": "BRAIN",
    "ConversionSoftware": "dcm2niix",
    "ConversionSoftwareVersion": "v1.0.20170724 GCC4.4.7",
    "DeviceSerialNumber": "167004",
    "EchoTime": 0.025,
    "EchoTrainLength": 64,
    "EffectiveEchoSpacing": 0.000530002,
    "FlipAngle": 90,
    "ImageType": [
      "ORIGINAL",
      "PRIMARY",
      "M",
      "ND",
      "MOSAIC"
    ],
    "InstitutionAddress": "Mikeletegi_69_San_Sebastian_District_ES_20009",
    "InstitutionName": "BCBL",
    "MagneticFieldStrength": 3,
    "Manufacturer": "Siemens",
    "ManufacturersModelName": "Prisma_fit",
    "PhaseEncodingDirection": "j-",
    "PhaseEncodingLines": 64,
    "ProcedureStepDescription": "CRANEO_FUNCIONAL",
    "ProtocolName": "ep2d_VF_L1_Run1",
    "RepetitionTime": 3,
    "ScanningSequence": "EP",
    "SequenceName": "_epfid2d1_64",
    "SequenceVariant": "SK",
    "SeriesDescription": "ep2d_VF_L1_Run1",
    "SliceTiming": [
      2.91,
      2.8425,
      2.7725,
      2.7025,
      2.635,
      2.565,
      2.495,
      2.425,
      2.3575,
      2.2875,
      2.2175,
      2.15,
      2.08,
      2.01,
      1.94,
      1.8725,
      1.8025,
      1.7325,
      1.665,
      1.595,
      1.525,
      1.455,
      1.3875,
      1.3175,
      1.2475,
      1.1775,
      1.11,
      1.04,
      0.97,
      0.9025,
      0.8325,
      0.7625,
      0.6925,
      0.625,
      0.555,
      0.485,
      0.4175,
      0.3475,
      0.2775,
      0.2075,
      0.14,
      0.07,
      0
    ],
    "SoftwareVersions": "syngo_MR_E11",
    "TaskName": "prodL1",
    "TotalReadoutTime": 0.0333901,
    "dataset": "ds003545",
    "modality": "bold",
    "run_id": 1,
    "session_id": "02",
    "subject_id": "21",
    "task_id": "prodL1"
  },
  "dummy_trs": 0,
  "dvars_nstd": 66.59939140921489,
  "dvars_std": 1.4785270577272738,
  "dvars_vstd": 1.1471133450000002,
  "efc": 0.5620308622694753,
  "fber": 423.4292907714844,
  "fd_mean": 0.874713881018899,
  "fd_num": 173,
  "fd_perc": 71.19341563786008,
  "fwhm_avg": 3.3912867843870855,
  "fwhm_x": 2.9528966666666663,
  "fwhm_y": 3.7516,
  "fwhm_z": 3.4693636864945914,
  "gcor": 0.0455534,
  "gsr_x": 0.005257162265479565,
  "gsr_y": 0.07267529517412186,
  "provenance": {
    "md5sum": "e404f3a44efd2b3c070bc19311c1c380",
    "settings": {
      "fd_thres": 0.2,
      "testing": false
    },
    "software": "mriqc",
    "version": "22.0.6",
    "webapi_port": null,
    "webapi_url": "https://mriqc.nimh.nih.gov/api/v1"
  },
  "size_t": 243,
  "size_x": 64,
  "size_y": 64,
  "size_z": 43,
  "snr": 1.7789607703929722,
  "spacing_tr": 3.0,
  "spacing_x": 3.0,
  "spacing_y": 3.0,
  "spacing_z": 3.299999952316284,
  "summary_bg_k": 21.59144611747653,
  "summary_bg_mad": 12.962091490672574,
  "summary_bg_mean": 105.365966796875,
  "summary_bg_median": 37.438270568847656,
  "summary_bg_n": 95962.0,
  "summary_bg_p05": 27.580245971679688,
  "summary_bg_p95": 460.95347747802725,
  "summary_bg_stdv": 181.01669311523438,
  "summary_fg_k": 0.7705304067333554,
  "summary_fg_mad": 423.5666222233771,
  "summary_fg_mean": 922.2763671875,
  "summary_fg_median": 814.2139892578125,
  "summary_fg_n": 38389.0,
  "summary_fg_p05": 383.7292053222656,
  "summary_fg_p95": 1824.874829101562,
  "summary_fg_stdv": 457.6848449707031,
  "tsnr": 31.381288575357758
}