{
  "aor": 0.003160810810810811,
  "aqi": 0.0032996651891891893,
  "bids_meta": {
    "AcquisitionNumber": 1,
    "AcquisitionTime": "11:12:55.217500",
    "BandwidthPerPixelPhaseEncode": 28.409,
    "BodyPartExamined": "BRAIN",
    "ConversionSoftware": "dcm2niix",
    "ConversionSoftwareVersion": "v1.0.20170724 GCC4.4.7",
    "DeviceSerialNumber": "167004",
    "EchoTime": 0.03,
    "EchoTrainLength": 64,
    "EffectiveEchoSpacing": 0.000550002,
    "FlipAngle": 80,
    "ImageType": [
      "ORIGINAL",
      "PRIMARY",
      "M",
      "ND",
      "MOSAIC"
    ],
    "InstitutionAddress": "Mikeletegi_69_San_Sebastian_District_ES_20009",
    "InstitutionName": "BCBL",
    "MagneticFieldStrength": 3,
    "Manufacturer": "Siemens",
    "ManufacturersModelName": "Prisma_fit",
    "PhaseEncodingDirection": "j-",
    "PhaseEncodingLines": 64,
    "ProcedureStepDescription": "CRANEO_FUNCIONAL",
    "ProtocolName": "ep2d_PiN_L1_Run2",
    "RepetitionTime": 2,
    "ScanningSequence": "EP",
    "SequenceName": "_epfid2d1_64",
    "SequenceVariant": "SK",
    "SeriesDescription": "ep2d_PiN_L1_Run2",
    "SliceTiming": [
      1.92,
      1.8575,
      1.795,
      1.7325,
      1.6725,
      1.61,
      1.5475,
      1.485,
      1.425,
      1.3625,
      1.3,
      1.2375,
      1.1775,
      1.115,
      1.0525,
      0.99,
      0.93,
      0.8675,
      0.805,
      0.7425,
      0.6825,
      0.62,
      0.5575,
      0.495,
      0.435,
      0.3725,
      0.31,
      0.2475,
      0.1875,
      0.125,
      0.0625,
      0
    ],
    "SoftwareVersions": "syngo_MR_E11",
    "TaskName": "compL1",
    "TotalReadoutTime": 0.0346501,
    "dataset": "ds003545",
    "modality": "bold",
    "run_id": 2,
    "session_id": "01",
    "subject_id": "18",
    "task_id": "compL1"
  },
  "dummy_trs": 1,
  "dvars_nstd": 18.574556661739138,
  "dvars_std": 1.205789567717391,
  "dvars_vstd": 0.9462903832065213,
  "efc": 0.47053001671329153,
  "fber": 929.8968505859375,
  "fd_mean": 0.1298590036524076,
  "fd_num": 14,
  "fd_perc": 7.5675675675675675,
  "fwhm_avg": 2.5650785757575756,
  "fwhm_x": 2.4348247272727273,
  "fwhm_y": 2.7447359999999996,
  "fwhm_z": 2.515675,
  "gcor": 0.0719563,
  "gsr_x": -0.008286274038255215,
  "gsr_y": 0.013954447582364082,
  "provenance": {
    "md5sum": "98eae659a81c66fe867f0656333f01b2",
    "settings": {
      "fd_thres": 0.2,
      "testing": false
    },
    "software": "mriqc",
    "version": "22.0.6",
    "webapi_port": null,
    "webapi_url": "https://mriqc.nimh.nih.gov/api/v1"
  },
  "size_t": 185,
  "size_x": 64,
  "size_y": 64,
  "size_z": 32,
  "snr": 3.156248484466444,
  "spacing_tr": 2.0,
  "spacing_x": 3.4375,
  "spacing_y": 3.4375,
  "spacing_z": 4.0,
  "summary_bg_k": 27.6352309754158,
  "summary_bg_mad": 3.870794526916852,
  "summary_bg_mean": 45.8976936340332,
  "summary_bg_median": 22.837839126586914,
  "summary_bg_n": 88498.0,
  "summary_bg_p05": 19.79459571838379,
  "summary_bg_p95": 156.40784378051748,
  "summary_bg_stdv": 67.1722412109375,
  "summary_fg_k": 0.5940748716358257,
  "summary_fg_mad": 217.29741679319176,
  "summary_fg_mean": 739.7974243164062,
  "summary_fg_median": 709.851318359375,
  "summary_fg_n": 15564.0,
  "summary_fg_p05": 428.72325897216797,
  "summary_fg_p95": 1159.8629760742183,
  "summary_fg_stdv": 224.89627075195312,
  "tsnr": 73.23936054855585
}