{
  "aor": 0.005060082304526749,
  "aqi": 0.012588110740740743,
  "bids_meta": {
    "AcquisitionNumber": 1,
    "AcquisitionTime": "12:50:29.237500",
    "BandwidthPerPixelPhaseEncode": 29.481,
    "BodyPartExamined": "BRAIN",
    "ConversionSoftware": "dcm2niix",
    "ConversionSoftwareVersion": "v1.0.20170724 GCC4.4.7",
    "DeviceSerialNumber": "167004",
    "EchoTime": 0.025,
    "EchoTrainLength": 64,
    "EffectiveEchoSpacing": 0.000530002,
    "FlipAngle": 90,
    "ImageType": [
      "ORIGINAL",
      "PRIMARY",
      "M",
      "ND",
      "MOSAIC"
    ],
    "InstitutionAddress": "Mikeletegi_69_San_Sebastian_District_ES_20009",
    "InstitutionName": "BCBL",
    "MagneticFieldStrength": 3,
    "Manufacturer": "Siemens",
    "ManufacturersModelName": "Prisma_fit",
    "PhaseEncodingDirection": "j-",
    "PhaseEncodingLines": 64,
    "ProcedureStepDescription": "CRANEO_FUNCIONAL",
    "ProtocolName": "ep2d_VF_L1_Run1",
    "RepetitionTime": 3,
    "ScanningSequence": "EP",
    "SequenceName": "_epfid2d1_64",
    "SequenceVariant": "SK",
    "SeriesDescription": "ep2d_VF_L1_Run1",
    "SliceTiming": [
      2.91,
      2.8425,
      2.7725,
      2.7025,
      2.6325,
      2.565,
      2.495,
      2.425,
      2.3575,
      2.2875,
      2.2175,
      2.1475,
      2.08,
      2.01,
      1.94,
      1.8725,
      1.8025,
      1.7325,
      1.6625,
      1.595,
      1.525,
      1.455,
      1.385,
      1.3175,
      1.2475,
      1.1775,
      1.11,
      1.04,
      0.97,
      0.9,
      0.8325,
      0.7625,
      0.6925,
      0.625,
      0.555,
      0.485,
      0.415,
      0.3475,
      0.2775,
      0.2075,
      0.14,
      0.07,
      0
    ],
    "SoftwareVersions": "syngo_MR_E11",
    "TaskName": "prodL1",
    "TotalReadoutTime": 0.0333901,
    "dataset": "ds003545",
    "modality": "bold",
    "run_id": 1,
    "session_id": "02",
    "subject_id": "19",
    "task_id": "prodL1"
  },
  "dummy_trs": 0,
  "dvars_nstd": 50.84719690210744,
  "dvars_std": 1.1959962747107438,
  "dvars_vstd": 0.9600369619008268,
  "efc": 0.5723046287986694,
  "fber": 526.0470581054688,
  "fd_mean": 0.7689165168179316,
  "fd_num": 218,
  "fd_perc": 89.7119341563786,
  "fwhm_avg": 2.9429174888190315,
  "fwhm_x": 2.750453333333333,
  "fwhm_y": 3.1567900000000004,
  "fwhm_z": 2.9215091331237613,
  "gcor": 0.0440837,
  "gsr_x": -0.011013954877853394,
  "gsr_y": 0.08754333853721619,
  "provenance": {
    "md5sum": "ba44f9cdd8888f7615cc055b432b4757",
    "settings": {
      "fd_thres": 0.2,
      "testing": false
    },
    "software": "mriqc",
    "version": "22.0.6",
    "webapi_port": null,
    "webapi_url": "https://mriqc.nimh.nih.gov/api/v1"
  },
  "size_t": 243,
  "size_x": 64,
  "size_y": 64,
  "size_z": 43,
  "snr": 2.609305706913571,
  "spacing_tr": 3.0,
  "spacing_x": 3.0,
  "spacing_y": 3.0,
  "spacing_z": 3.299999952316284,
  "summary_bg_k": 15.111978785586388,
  "summary_bg_mad": 12.568560888152785,
  "summary_bg_mean": 97.61200714111328,
  "summary_bg_median": 39.71193313598633,
  "summary_bg_n": 99393.0,
  "summary_bg_p05": 28.609052658081055,
  "summary_bg_p95": 386.51027221679675,
  "summary_bg_stdv": 142.14944458007812,
  "summary_fg_k": 0.1761575186604527,
  "summary_fg_mad": 369.76890219629183,
  "summary_fg_mean": 1005.1587524414062,
  "summary_fg_median": 943.5040893554688,
  "summary_fg_n": 36818.0,
  "summary_fg_p05": 520.2446228027344,
  "summary_fg_p95": 1660.1080017089844,
  "summary_fg_stdv": 361.58709716796875,
  "tsnr": 33.760818807408214
}