{
  "aor": 0.01759383783783784,
  "aqi": 0.0049162717297297305,
  "bids_meta": {
    "AcquisitionNumber": 1,
    "AcquisitionTime": "10:00:7.602500",
    "BandwidthPerPixelPhaseEncode": 28.409,
    "BodyPartExamined": "BRAIN",
    "ConversionSoftware": "dcm2niix",
    "ConversionSoftwareVersion": "v1.0.20170724 GCC4.4.7",
    "DeviceSerialNumber": "167004",
    "EchoTime": 0.03,
    "EchoTrainLength": 64,
    "EffectiveEchoSpacing": 0.000550002,
    "FlipAngle": 80,
    "ImageType": [
      "ORIGINAL",
      "PRIMARY",
      "M",
      "ND",
      "MOSAIC"
    ],
    "InstitutionAddress": "Mikeletegi_69_San_Sebastian_District_ES_20009",
    "InstitutionName": "BCBL",
    "MagneticFieldStrength": 3,
    "Manufacturer": "Siemens",
    "ManufacturersModelName": "Prisma_fit",
    "PhaseEncodingDirection": "j-",
    "PhaseEncodingLines": 64,
    "ProcedureStepDescription": "CRANEO_FUNCIONAL",
    "ProtocolName": "ep2d_PiN_L3_Run2",
    "RepetitionTime": 2,
    "ScanningSequence": "EP",
    "SequenceName": "_epfid2d1_64",
    "SequenceVariant": "SK",
    "SeriesDescription": "ep2d_PiN_L3_Run2",
    "SliceTiming": [
      1.92,
      1.8575,
      1.795,
      1.7325,
      1.6725,
      1.61,
      1.5475,
      1.485,
      1.425,
      1.3625,
      1.3,
      1.2375,
      1.1775,
      1.115,
      1.0525,
      0.99,
      0.93,
      0.8675,
      0.805,
      0.7425,
      0.6825,
      0.62,
      0.5575,
      0.495,
      0.435,
      0.3725,
      0.31,
      0.2475,
      0.1875,
      0.125,
      0.0625,
      0
    ],
    "SoftwareVersions": "syngo_MR_E11",
    "TaskName": "compLn",
    "TotalReadoutTime": 0.0346501,
    "dataset": "ds003545",
    "modality": "bold",
    "run_id": 2,
    "session_id": "02",
    "subject_id": "19",
    "task_id": "compLn"
  },
  "dummy_trs": 1,
  "dvars_nstd": 22.67613347211958,
  "dvars_std": 1.2330467495652175,
  "dvars_vstd": 1.0378797149456525,
  "efc": 0.5055953300915084,
  "fber": 1226.5020751953125,
  "fd_mean": 0.2615787575011753,
  "fd_num": 32,
  "fd_perc": 17.2972972972973,
  "fwhm_avg": 2.584184090909091,
  "fwhm_x": 2.385794909090909,
  "fwhm_y": 2.8061323636363635,
  "fwhm_z": 2.560625,
  "gcor": 0.0162802,
  "gsr_x": -0.013685614801943302,
  "gsr_y": 0.042182378470897675,
  "provenance": {
    "md5sum": "efa2891fa5c6aab73f0299ecfa7015b0",
    "settings": {
      "fd_thres": 0.2,
      "testing": false
    },
    "software": "mriqc",
    "version": "22.0.6",
    "webapi_port": null,
    "webapi_url": "https://mriqc.nimh.nih.gov/api/v1"
  },
  "size_t": 185,
  "size_x": 64,
  "size_y": 64,
  "size_z": 32,
  "snr": 3.0837663211557573,
  "spacing_tr": 2.0,
  "spacing_x": 3.4375,
  "spacing_y": 3.4375,
  "spacing_z": 4.0,
  "summary_bg_k": 23.94006964757857,
  "summary_bg_mad": 5.593819643938816,
  "summary_bg_mean": 46.945377349853516,
  "summary_bg_median": 20.25946044921875,
  "summary_bg_n": 79845.0,
  "summary_bg_p05": 14.605405807495117,
  "summary_bg_p95": 184.80324401855472,
  "summary_bg_stdv": 76.39019775390625,
  "summary_fg_k": -0.12190875270390666,
  "summary_fg_mad": 248.21968133793533,
  "summary_fg_mean": 757.1836547851562,
  "summary_fg_median": 730.497314453125,
  "summary_fg_n": 21087.0,
  "summary_fg_p05": 421.50974731445314,
  "summary_fg_p95": 1180.786474609375,
  "summary_fg_stdv": 236.87916564941406,
  "tsnr": 58.6506789335981
}