{
  "aor": 0.0032056790123456786,
  "aqi": 0.005173771851851851,
  "bids_meta": {
    "AcquisitionNumber": 1,
    "AcquisitionTime": "10:10:28.812500",
    "BandwidthPerPixelPhaseEncode": 29.481,
    "BodyPartExamined": "BRAIN",
    "ConversionSoftware": "dcm2niix",
    "ConversionSoftwareVersion": "v1.0.20170724 GCC4.4.7",
    "DeviceSerialNumber": "167004",
    "EchoTime": 0.025,
    "EchoTrainLength": 64,
    "EffectiveEchoSpacing": 0.000530002,
    "FlipAngle": 90,
    "ImageType": [
      "ORIGINAL",
      "PRIMARY",
      "M",
      "ND",
      "MOSAIC"
    ],
    "InstitutionAddress": "Mikeletegi_69_San_Sebastian_District_ES_20009",
    "InstitutionName": "BCBL",
    "MagneticFieldStrength": 3,
    "Manufacturer": "Siemens",
    "ManufacturersModelName": "Prisma_fit",
    "PhaseEncodingDirection": "j-",
    "PhaseEncodingLines": 64,
    "ProcedureStepDescription": "CRANEO_FUNCIONAL",
    "ProtocolName": "ep2d_VF_L3_Run1",
    "RepetitionTime": 3,
    "ScanningSequence": "EP",
    "SequenceName": "_epfid2d1_64",
    "SequenceVariant": "SK",
    "SeriesDescription": "ep2d_VF_L3_Run1",
    "SliceTiming": [
      2.91,
      2.84,
      2.7725,
      2.7025,
      2.6325,
      2.565,
      2.495,
      2.425,
      2.355,
      2.2875,
      2.2175,
      2.1475,
      2.0775,
      2.01,
      1.94,
      1.87,
      1.8025,
      1.7325,
      1.6625,
      1.5925,
      1.525,
      1.455,
      1.385,
      1.3175,
      1.2475,
      1.1775,
      1.1075,
      1.04,
      0.97,
      0.9,
      0.8325,
      0.7625,
      0.6925,
      0.6225,
      0.555,
      0.485,
      0.415,
      0.345,
      0.2775,
      0.2075,
      0.1375,
      0.07,
      0
    ],
    "SoftwareVersions": "syngo_MR_E11",
    "TaskName": "prodLn",
    "TotalReadoutTime": 0.0333901,
    "dataset": "ds003545",
    "modality": "bold",
    "run_id": 1,
    "session_id": "02",
    "subject_id": "19",
    "task_id": "prodLn"
  },
  "dummy_trs": 0,
  "dvars_nstd": 35.29323246851239,
  "dvars_std": 1.3281530937603303,
  "dvars_vstd": 1.0102443771487601,
  "efc": 0.590456534165948,
  "fber": 417.78997802734375,
  "fd_mean": 0.27152416984112904,
  "fd_num": 147,
  "fd_perc": 60.49382716049383,
  "fwhm_avg": 2.8546202158384966,
  "fwhm_x": 2.65122,
  "fwhm_y": 3.0437133333333333,
  "fwhm_z": 2.868927314182156,
  "gcor": 0.0529937,
  "gsr_x": -0.0207015722990036,
  "gsr_y": 0.09027448296546936,
  "provenance": {
    "md5sum": "c6a5b1f3af1b5c347490fa5c3e5502cf",
    "settings": {
      "fd_thres": 0.2,
      "testing": false
    },
    "software": "mriqc",
    "version": "22.0.6",
    "webapi_port": null,
    "webapi_url": "https://mriqc.nimh.nih.gov/api/v1"
  },
  "size_t": 243,
  "size_x": 64,
  "size_y": 64,
  "size_z": 43,
  "snr": 2.763400433920057,
  "spacing_tr": 3.0,
  "spacing_x": 3.0,
  "spacing_y": 3.0,
  "spacing_z": 3.299999952316284,
  "summary_bg_k": 15.227099519309988,
  "summary_bg_mad": 12.013351400667405,
  "summary_bg_mean": 99.13095092773438,
  "summary_bg_median": 41.33744812011719,
  "summary_bg_n": 97142.0,
  "summary_bg_p05": 32.275718688964844,
  "summary_bg_p95": 379.7032928466797,
  "summary_bg_stdv": 139.54794311523438,
  "summary_fg_k": -0.06439785297266276,
  "summary_fg_mad": 337.31336055252734,
  "summary_fg_mean": 936.5760498046875,
  "summary_fg_median": 890.154296875,
  "summary_fg_n": 37956.0,
  "summary_fg_p05": 492.11830139160156,
  "summary_fg_p95": 1519.0287780761719,
  "summary_fg_stdv": 322.1185607910156,
  "tsnr": 57.8888401966542
}