{
  "aor": 0.002579516129032258,
  "aqi": 0.0019079343010752687,
  "bids_meta": {
    "AcquisitionNumber": 1,
    "AcquisitionTime": "12:41:10.952500",
    "BandwidthPerPixelPhaseEncode": 28.409,
    "BodyPartExamined": "BRAIN",
    "ConversionSoftware": "dcm2niix",
    "ConversionSoftwareVersion": "v1.0.20170724 GCC4.4.7",
    "DeviceSerialNumber": "167004",
    "EchoTime": 0.03,
    "EchoTrainLength": 64,
    "EffectiveEchoSpacing": 0.000550002,
    "FlipAngle": 80,
    "ImageType": [
      "ORIGINAL",
      "PRIMARY",
      "M",
      "ND",
      "MOSAIC"
    ],
    "InstitutionAddress": "Mikeletegi_69_San_Sebastian_District_ES_20009",
    "InstitutionName": "BCBL",
    "MagneticFieldStrength": 3,
    "Manufacturer": "Siemens",
    "ManufacturersModelName": "Prisma_fit",
    "PhaseEncodingDirection": "j-",
    "PhaseEncodingLines": 64,
    "ProcedureStepDescription": "CRANEO_FUNCIONAL",
    "ProtocolName": "ep2d_PiN_L1_Run2",
    "RepetitionTime": 2,
    "ScanningSequence": "EP",
    "SequenceName": "_epfid2d1_64",
    "SequenceVariant": "SK",
    "SeriesDescription": "ep2d_PiN_L1_Run2",
    "SliceTiming": [
      1.9175,
      1.855,
      1.7925,
      1.73,
      1.67,
      1.6075,
      1.545,
      1.4825,
      1.4225,
      1.36,
      1.2975,
      1.2375,
      1.175,
      1.1125,
      1.05,
      0.99,
      0.9275,
      0.865,
      0.8025,
      0.7425,
      0.68,
      0.6175,
      0.555,
      0.495,
      0.4325,
      0.37,
      0.3075,
      0.2475,
      0.185,
      0.1225,
      0.06,
      0
    ],
    "SoftwareVersions": "syngo_MR_E11",
    "TaskName": "compL1",
    "TotalReadoutTime": 0.0346501,
    "dataset": "ds003545",
    "modality": "bold",
    "run_id": 2,
    "session_id": "02",
    "subject_id": "19",
    "task_id": "compL1"
  },
  "dummy_trs": 0,
  "dvars_nstd": 20.878136109081087,
  "dvars_std": 1.3120976451891888,
  "dvars_vstd": 1.008159198864865,
  "efc": 0.4962255152090643,
  "fber": 1450.1094970703125,
  "fd_mean": 0.1450450370939761,
  "fd_num": 24,
  "fd_perc": 12.903225806451612,
  "fwhm_avg": 2.723583393939394,
  "fwhm_x": 2.568148363636364,
  "fwhm_y": 2.9177018181818184,
  "fwhm_z": 2.6849,
  "gcor": 0.0744316,
  "gsr_x": -0.012932387180626392,
  "gsr_y": 0.03843548521399498,
  "provenance": {
    "md5sum": "095296280fd42d5a91bd8837d13fcab3",
    "settings": {
      "fd_thres": 0.2,
      "testing": false
    },
    "software": "mriqc",
    "version": "22.0.6",
    "webapi_port": null,
    "webapi_url": "https://mriqc.nimh.nih.gov/api/v1"
  },
  "size_t": 186,
  "size_x": 64,
  "size_y": 64,
  "size_z": 32,
  "snr": 2.925536275572001,
  "spacing_tr": 2.0,
  "spacing_x": 3.4375,
  "spacing_y": 3.4375,
  "spacing_z": 4.0,
  "summary_bg_k": 21.731959947146326,
  "summary_bg_mad": 3.9057805549154927,
  "summary_bg_mean": 51.770103454589844,
  "summary_bg_median": 19.822580337524414,
  "summary_bg_n": 81660.0,
  "summary_bg_p05": 16.564516067504883,
  "summary_bg_p95": 212.73118591308594,
  "summary_bg_stdv": 89.36819458007812,
  "summary_fg_k": -0.0350611526420912,
  "summary_fg_mad": 274.935025891326,
  "summary_fg_mean": 803.6763916015625,
  "summary_fg_median": 769.4892578125,
  "summary_fg_n": 20513.0,
  "summary_fg_p05": 438.3214965820313,
  "summary_fg_p95": 1276.52041015625,
  "summary_fg_stdv": 263.01861572265625,
  "tsnr": 90.174411656335
}