{
  "aor": 0.004560288065843622,
  "aqi": 0.006035540123456791,
  "bids_meta": {
    "AcquisitionNumber": 1,
    "AcquisitionTime": "10:23:38.785000",
    "BandwidthPerPixelPhaseEncode": 29.481,
    "BodyPartExamined": "BRAIN",
    "ConversionSoftware": "dcm2niix",
    "ConversionSoftwareVersion": "v1.0.20170724 GCC4.4.7",
    "DeviceSerialNumber": "167004",
    "EchoTime": 0.025,
    "EchoTrainLength": 64,
    "EffectiveEchoSpacing": 0.000530002,
    "FlipAngle": 90,
    "ImageType": [
      "ORIGINAL",
      "PRIMARY",
      "M",
      "ND",
      "MOSAIC"
    ],
    "InstitutionAddress": "Mikeletegi_69_San_Sebastian_District_ES_20009",
    "InstitutionName": "BCBL",
    "MagneticFieldStrength": 3,
    "Manufacturer": "Siemens",
    "ManufacturersModelName": "Prisma_fit",
    "PhaseEncodingDirection": "j-",
    "PhaseEncodingLines": 64,
    "ProcedureStepDescription": "CRANEO_FUNCIONAL",
    "ProtocolName": "ep2d_VF_L3_Run2",
    "RepetitionTime": 3,
    "ScanningSequence": "EP",
    "SequenceName": "_epfid2d1_64",
    "SequenceVariant": "SK",
    "SeriesDescription": "ep2d_VF_L3_Run2",
    "SliceTiming": [
      2.9125,
      2.8425,
      2.7725,
      2.7025,
      2.635,
      2.565,
      2.495,
      2.4275,
      2.3575,
      2.2875,
      2.2175,
      2.15,
      2.08,
      2.01,
      1.94,
      1.8725,
      1.8025,
      1.7325,
      1.665,
      1.595,
      1.525,
      1.455,
      1.3875,
      1.3175,
      1.2475,
      1.18,
      1.11,
      1.04,
      0.97,
      0.9025,
      0.8325,
      0.7625,
      0.695,
      0.625,
      0.555,
      0.485,
      0.4175,
      0.3475,
      0.2775,
      0.2075,
      0.14,
      0.07,
      0
    ],
    "SoftwareVersions": "syngo_MR_E11",
    "TaskName": "prodLn",
    "TotalReadoutTime": 0.0333901,
    "dataset": "ds003545",
    "modality": "bold",
    "run_id": 2,
    "session_id": "02",
    "subject_id": "19",
    "task_id": "prodLn"
  },
  "dummy_trs": 0,
  "dvars_nstd": 35.38356472855373,
  "dvars_std": 1.3040529678099166,
  "dvars_vstd": 1.0096561881404953,
  "efc": 0.5913415900559307,
  "fber": 424.28411865234375,
  "fd_mean": 0.3138284852472412,
  "fd_num": 141,
  "fd_perc": 58.02469135802469,
  "fwhm_avg": 2.851593044091535,
  "fwhm_x": 2.63842,
  "fwhm_y": 3.0536166666666666,
  "fwhm_z": 2.862742465607939,
  "gcor": 0.0495127,
  "gsr_x": -0.023145396262407303,
  "gsr_y": 0.09061680734157562,
  "provenance": {
    "md5sum": "d3f61752f40b1b88c5887e2d6a3ed32a",
    "settings": {
      "fd_thres": 0.2,
      "testing": false
    },
    "software": "mriqc",
    "version": "22.0.6",
    "webapi_port": null,
    "webapi_url": "https://mriqc.nimh.nih.gov/api/v1"
  },
  "size_t": 243,
  "size_x": 64,
  "size_y": 64,
  "size_z": 43,
  "snr": 2.7767737860419253,
  "spacing_tr": 3.0,
  "spacing_x": 3.0,
  "spacing_y": 3.0,
  "spacing_z": 3.299999952316284,
  "summary_bg_k": 14.86823053226265,
  "summary_bg_mad": 11.653378767292448,
  "summary_bg_mean": 99.40343475341797,
  "summary_bg_median": 41.20576095581055,
  "summary_bg_n": 96918.0,
  "summary_bg_p05": 32.789505577087404,
  "summary_bg_p95": 383.180862426757,
  "summary_bg_stdv": 139.45555114746094,
  "summary_fg_k": -0.10867591306095825,
  "summary_fg_mad": 337.954035827614,
  "summary_fg_mean": 941.7692260742188,
  "summary_fg_median": 895.5061645507812,
  "summary_fg_n": 37987.0,
  "summary_fg_p05": 497.6464813232422,
  "summary_fg_p95": 1524.9226196289062,
  "summary_fg_stdv": 322.4945373535156,
  "tsnr": 53.67475848575123
}