{
  "aor": 0.003241358024691359,
  "aqi": 0.008144929259259259,
  "bids_meta": {
    "AcquisitionNumber": 1,
    "AcquisitionTime": "10:49:59.007500",
    "BandwidthPerPixelPhaseEncode": 29.481,
    "ConversionSoftware": "dcm2niix",
    "ConversionSoftwareVersion": "v1.0.20170724 GCC4.4.7",
    "DeviceSerialNumber": "35414",
    "EchoTime": 0.025,
    "EffectiveEchoSpacing": 0.000530002,
    "FlipAngle": 90,
    "ImageType": [
      "ORIGINAL",
      "PRIMARY",
      "M",
      "ND",
      "MOSAIC"
    ],
    "InstitutionAddress": "Mikeletegi_69_San_Sebastian_District_ES_20009",
    "InstitutionName": "BCBL",
    "MagneticFieldStrength": 3,
    "Manufacturer": "Siemens",
    "ManufacturersModelName": "TrioTim",
    "PhaseEncodingDirection": "j-",
    "PhaseEncodingLines": 64,
    "ProcedureStepDescription": "CRANEO_FUNCIONAL",
    "ProtocolName": "ep2d_VF_L1_Run1",
    "RepetitionTime": 3,
    "ScanningSequence": "EP",
    "SequenceName": "_epfid2d1_64",
    "SequenceVariant": "SK",
    "SeriesDescription": "ep2d_VF_L1_Run1",
    "SliceTiming": [
      2.9225,
      2.8525,
      2.7825,
      2.715,
      2.645,
      2.575,
      2.505,
      2.435,
      2.365,
      2.2975,
      2.2275,
      2.1575,
      2.0875,
      2.0175,
      1.9475,
      1.88,
      1.81,
      1.74,
      1.67,
      1.6,
      1.53,
      1.4625,
      1.3925,
      1.3225,
      1.2525,
      1.1825,
      1.1125,
      1.045,
      0.975,
      0.905,
      0.835,
      0.765,
      0.6975,
      0.6275,
      0.5575,
      0.4875,
      0.4175,
      0.3475,
      0.28,
      0.21,
      0.14,
      0.07,
      0
    ],
    "SoftwareVersions": "syngo_MR_B17",
    "TaskName": "prodL1",
    "TotalReadoutTime": 0.0333901,
    "dataset": "ds003545",
    "modality": "bold",
    "run_id": 1,
    "session_id": "01",
    "subject_id": "04",
    "task_id": "prodL1"
  },
  "dummy_trs": 0,
  "dvars_nstd": 31.434793858471075,
  "dvars_std": 1.1644546434710734,
  "dvars_vstd": 0.965808913429752,
  "efc": 0.5378294455379518,
  "fber": 549.1754150390625,
  "fd_mean": 0.3587290706435694,
  "fd_num": 156,
  "fd_perc": 64.19753086419753,
  "fwhm_avg": 3.1034910534944147,
  "fwhm_x": 3.0139,
  "fwhm_y": 3.3060066666666668,
  "fwhm_z": 2.990566493816578,
  "gcor": 0.0297326,
  "gsr_x": -0.009366520680487156,
  "gsr_y": 0.07401227205991745,
  "provenance": {
    "md5sum": "8bee27b1fbf3029466951b13834fd9e7",
    "settings": {
      "fd_thres": 0.2,
      "testing": false
    },
    "software": "mriqc",
    "version": "22.0.6",
    "webapi_port": null,
    "webapi_url": "https://mriqc.nimh.nih.gov/api/v1"
  },
  "size_t": 243,
  "size_x": 64,
  "size_y": 64,
  "size_z": 43,
  "snr": 2.7818174100803916,
  "spacing_tr": 3.0,
  "spacing_x": 3.0,
  "spacing_y": 3.0,
  "spacing_z": 3.3000001907348633,
  "summary_bg_k": 28.546107614482136,
  "summary_bg_mad": 12.028600524170692,
  "summary_bg_mean": 65.89012908935547,
  "summary_bg_median": 33.59259033203125,
  "summary_bg_n": 106800.0,
  "summary_bg_p05": 24.0,
  "summary_bg_p95": 219.9934066772457,
  "summary_bg_stdv": 85.25642395019531,
  "summary_fg_k": 2.554140014416874,
  "summary_fg_mad": 228.97661938910394,
  "summary_fg_mean": 857.2571411132812,
  "summary_fg_median": 801.8621215820312,
  "summary_fg_n": 31418.0,
  "summary_fg_p05": 509.33310852050784,
  "summary_fg_p95": 1454.7145568847654,
  "summary_fg_stdv": 288.24658203125,
  "tsnr": 42.884670426370576
}