{
  "aor": 0.006138518518518519,
  "aqi": 0.006616244238683127,
  "bids_meta": {
    "AcquisitionNumber": 1,
    "AcquisitionTime": "13:56:23.407500",
    "BandwidthPerPixelPhaseEncode": 29.481,
    "ConversionSoftware": "dcm2niix",
    "ConversionSoftwareVersion": "v1.0.20170724 GCC4.4.7",
    "DeviceSerialNumber": "35414",
    "EchoTime": 0.025,
    "EffectiveEchoSpacing": 0.000530002,
    "FlipAngle": 90,
    "ImageType": [
      "ORIGINAL",
      "PRIMARY",
      "M",
      "ND",
      "MOSAIC"
    ],
    "InstitutionAddress": "Mikeletegi_69_San_Sebastian_District_ES_20009",
    "InstitutionName": "BCBL",
    "MagneticFieldStrength": 3,
    "Manufacturer": "Siemens",
    "ManufacturersModelName": "TrioTim",
    "PhaseEncodingDirection": "j-",
    "PhaseEncodingLines": 64,
    "ProcedureStepDescription": "CRANEO_FUNCIONAL",
    "ProtocolName": "ep2d_VF_L3_Run2",
    "RepetitionTime": 3,
    "ScanningSequence": "EP",
    "SequenceName": "_epfid2d1_64",
    "SequenceVariant": "SK",
    "SeriesDescription": "ep2d_VF_L3_Run2",
    "SliceTiming": [
      2.9225,
      2.8525,
      2.7825,
      2.7125,
      2.645,
      2.575,
      2.505,
      2.435,
      2.365,
      2.2975,
      2.2275,
      2.1575,
      2.0875,
      2.0175,
      1.9475,
      1.88,
      1.81,
      1.74,
      1.67,
      1.6,
      1.53,
      1.4625,
      1.3925,
      1.3225,
      1.2525,
      1.1825,
      1.1125,
      1.045,
      0.975,
      0.905,
      0.835,
      0.765,
      0.695,
      0.6275,
      0.5575,
      0.4875,
      0.4175,
      0.3475,
      0.28,
      0.21,
      0.14,
      0.07,
      0
    ],
    "SoftwareVersions": "syngo_MR_B17",
    "TaskName": "prodLn",
    "TotalReadoutTime": 0.0333901,
    "dataset": "ds003545",
    "modality": "bold",
    "run_id": 2,
    "session_id": "01",
    "subject_id": "04",
    "task_id": "prodLn"
  },
  "dummy_trs": 0,
  "dvars_nstd": 42.004452366487584,
  "dvars_std": 1.327039271942148,
  "dvars_vstd": 1.0559042232231406,
  "efc": 0.5336656806705384,
  "fber": 355.7677307128906,
  "fd_mean": 0.5222663383340099,
  "fd_num": 208,
  "fd_perc": 85.59670781893004,
  "fwhm_avg": 3.5590030467542775,
  "fwhm_x": 3.481733333333333,
  "fwhm_y": 3.7797,
  "fwhm_z": 3.415575806929499,
  "gcor": 0.0266635,
  "gsr_x": -0.012483587488532066,
  "gsr_y": 0.0740712434053421,
  "provenance": {
    "md5sum": "3289726a2d1f363a30da972c17b7c045",
    "settings": {
      "fd_thres": 0.2,
      "testing": false
    },
    "software": "mriqc",
    "version": "22.0.6",
    "webapi_port": null,
    "webapi_url": "https://mriqc.nimh.nih.gov/api/v1"
  },
  "size_t": 243,
  "size_x": 64,
  "size_y": 64,
  "size_z": 43,
  "snr": 2.272084159806384,
  "spacing_tr": 3.0,
  "spacing_x": 3.0,
  "spacing_y": 3.0,
  "spacing_z": 3.299999952316284,
  "summary_bg_k": 25.346885620271625,
  "summary_bg_mad": 14.484351327724323,
  "summary_bg_mean": 80.78461456298828,
  "summary_bg_median": 45.60082244873047,
  "summary_bg_n": 108409.0,
  "summary_bg_p05": 33.679012298583984,
  "summary_bg_p95": 258.3744812011717,
  "summary_bg_stdv": 97.6697998046875,
  "summary_fg_k": 2.6734044407113933,
  "summary_fg_mad": 281.69134482689026,
  "summary_fg_mean": 976.3856201171875,
  "summary_fg_median": 876.3641357421875,
  "summary_fg_n": 30762.0,
  "summary_fg_p05": 553.6518524169921,
  "summary_fg_p95": 1804.7375549316384,
  "summary_fg_stdv": 385.7030944824219,
  "tsnr": 45.340230683097616
}