{
  "aor": 0.0036619892473118273,
  "aqi": 0.0034309756827956986,
  "bids_meta": {
    "AcquisitionNumber": 1,
    "AcquisitionTime": "15:12:53.547500",
    "BandwidthPerPixelPhaseEncode": 28.409,
    "ConversionSoftware": "dcm2niix",
    "ConversionSoftwareVersion": "v1.0.20170724 GCC4.4.7",
    "DeviceSerialNumber": "35414",
    "EchoTime": 0.03,
    "EffectiveEchoSpacing": 0.000550002,
    "FlipAngle": 80,
    "ImageType": [
      "ORIGINAL",
      "PRIMARY",
      "FMRI",
      "NONE",
      "ND",
      "MOSAIC"
    ],
    "InstitutionAddress": "Mikeletegi_69_San_Sebastian_District_ES_20009",
    "InstitutionName": "BCBL",
    "MagneticFieldStrength": 3,
    "Manufacturer": "Siemens",
    "ManufacturersModelName": "TrioTim",
    "PhaseEncodingDirection": "j-",
    "PhaseEncodingLines": 64,
    "ProcedureStepDescription": "CRANEO_FUNCIONAL",
    "ProtocolName": "ep2d_PiN_L3_Run2",
    "RepetitionTime": 2,
    "ScanningSequence": "EP",
    "SequenceName": "_epfid2d1_64",
    "SequenceVariant": "SK",
    "SeriesDescription": "ep2d_PiN_L3_Run2",
    "SliceTiming": [
      1.925,
      1.8625,
      1.8,
      1.7375,
      1.675,
      1.6125,
      1.5525,
      1.49,
      1.4275,
      1.365,
      1.3025,
      1.24,
      1.18,
      1.1175,
      1.055,
      0.9925,
      0.93,
      0.8675,
      0.805,
      0.745,
      0.6825,
      0.62,
      0.5575,
      0.495,
      0.4325,
      0.3725,
      0.31,
      0.2475,
      0.185,
      0.1225,
      0.06,
      0
    ],
    "SoftwareVersions": "syngo_MR_B17",
    "TaskName": "compLn",
    "TotalReadoutTime": 0.0346501,
    "dataset": "ds003545",
    "modality": "bold",
    "run_id": 2,
    "session_id": "01",
    "subject_id": "04",
    "task_id": "compLn"
  },
  "dummy_trs": 0,
  "dvars_nstd": 15.68778360718917,
  "dvars_std": 1.1459920458378374,
  "dvars_vstd": 0.9841900016756754,
  "efc": 0.465545004162689,
  "fber": 1274.1109619140625,
  "fd_mean": 0.13913817132072084,
  "fd_num": 20,
  "fd_perc": 10.75268817204301,
  "fwhm_avg": 2.9529259090909092,
  "fwhm_x": 2.910836363636364,
  "fwhm_y": 3.193716363636364,
  "fwhm_z": 2.754225,
  "gcor": 0.0421888,
  "gsr_x": -0.020179472863674164,
  "gsr_y": 0.03719526529312134,
  "provenance": {
    "md5sum": "2ed6d629c50651034ce01b94e8590874",
    "settings": {
      "fd_thres": 0.2,
      "testing": false
    },
    "software": "mriqc",
    "version": "22.0.6",
    "webapi_port": null,
    "webapi_url": "https://mriqc.nimh.nih.gov/api/v1"
  },
  "size_t": 186,
  "size_x": 64,
  "size_y": 64,
  "size_z": 32,
  "snr": 2.9622906480171145,
  "spacing_tr": 2.0,
  "spacing_x": 3.4375,
  "spacing_y": 3.4375,
  "spacing_z": 4.0,
  "summary_bg_k": 48.983712012436804,
  "summary_bg_mad": 4.750703594088128,
  "summary_bg_mean": 34.06902313232422,
  "summary_bg_median": 18.064516067504883,
  "summary_bg_n": 84652.0,
  "summary_bg_p05": 14.333333015441895,
  "summary_bg_p95": 105.71585731506336,
  "summary_bg_stdv": 51.65022659301758,
  "summary_fg_k": 2.515472186274974,
  "summary_fg_mad": 167.426457060896,
  "summary_fg_mean": 696.59912109375,
  "summary_fg_median": 651.5107421875,
  "summary_fg_n": 17806.0,
  "summary_fg_p05": 433.1115493774414,
  "summary_fg_p95": 1157.3279724121094,
  "summary_fg_stdv": 219.92860412597656,
  "tsnr": 77.59308286942542
}