{
  "aor": 0.00174247311827957,
  "aqi": 0.0016284396075268819,
  "bids_meta": {
    "AcquisitionNumber": 1,
    "AcquisitionTime": "10:39:42.010000",
    "BandwidthPerPixelPhaseEncode": 28.409,
    "ConversionSoftware": "dcm2niix",
    "ConversionSoftwareVersion": "v1.0.20170724 GCC4.4.7",
    "DeviceSerialNumber": "35414",
    "EchoTime": 0.03,
    "EffectiveEchoSpacing": 0.000550002,
    "FlipAngle": 80,
    "ImageType": [
      "ORIGINAL",
      "PRIMARY",
      "FMRI",
      "NONE",
      "ND",
      "MOSAIC"
    ],
    "InstitutionAddress": "Mikeletegi_69_San_Sebastian_District_ES_20009",
    "InstitutionName": "BCBL",
    "MagneticFieldStrength": 3,
    "Manufacturer": "Siemens",
    "ManufacturersModelName": "TrioTim",
    "PhaseEncodingDirection": "j-",
    "PhaseEncodingLines": 64,
    "ProcedureStepDescription": "CRANEO_FUNCIONAL",
    "ProtocolName": "ep2d_PiN_L1_Run2",
    "RepetitionTime": 2,
    "ScanningSequence": "EP",
    "SequenceName": "_epfid2d1_64",
    "SequenceVariant": "SK",
    "SeriesDescription": "ep2d_PiN_L1_Run2",
    "SliceTiming": [
      1.925,
      1.8625,
      1.8025,
      1.74,
      1.6775,
      1.615,
      1.5525,
      1.49,
      1.43,
      1.3675,
      1.305,
      1.2425,
      1.18,
      1.1175,
      1.055,
      0.995,
      0.9325,
      0.87,
      0.8075,
      0.745,
      0.6825,
      0.6225,
      0.56,
      0.4975,
      0.435,
      0.3725,
      0.31,
      0.25,
      0.1875,
      0.125,
      0.0625,
      0
    ],
    "SoftwareVersions": "syngo_MR_B17",
    "TaskName": "compL1",
    "TotalReadoutTime": 0.0346501,
    "dataset": "ds003545",
    "modality": "bold",
    "run_id": 2,
    "session_id": "01",
    "subject_id": "04",
    "task_id": "compL1"
  },
  "dummy_trs": 0,
  "dvars_nstd": 14.76545007535135,
  "dvars_std": 1.1332725969189197,
  "dvars_vstd": 0.9828435342162163,
  "efc": 0.4659404802035688,
  "fber": 1459.7664794921875,
  "fd_mean": 0.15874522369206884,
  "fd_num": 38,
  "fd_perc": 20.43010752688172,
  "fwhm_avg": 2.9254573636363634,
  "fwhm_x": 2.850920727272727,
  "fwhm_y": 3.1738763636363636,
  "fwhm_z": 2.751575,
  "gcor": 0.0542551,
  "gsr_x": -0.018335288390517235,
  "gsr_y": 0.03813362121582031,
  "provenance": {
    "md5sum": "2e56c5399e8067c9ca84b17ff40b0b7c",
    "settings": {
      "fd_thres": 0.2,
      "testing": false
    },
    "software": "mriqc",
    "version": "22.0.6",
    "webapi_port": null,
    "webapi_url": "https://mriqc.nimh.nih.gov/api/v1"
  },
  "size_t": 186,
  "size_x": 64,
  "size_y": 64,
  "size_z": 32,
  "snr": 3.053027078803476,
  "spacing_tr": 2.0,
  "spacing_x": 3.4375,
  "spacing_y": 3.4375,
  "spacing_z": 4.0,
  "summary_bg_k": 45.479381737532364,
  "summary_bg_mad": 5.165194141606779,
  "summary_bg_mean": 33.70967102050781,
  "summary_bg_median": 16.489246368408203,
  "summary_bg_n": 84617.0,
  "summary_bg_p05": 12.634408950805664,
  "summary_bg_p95": 108.26344299316406,
  "summary_bg_stdv": 56.69331741333008,
  "summary_fg_k": 2.1844023517634925,
  "summary_fg_mad": 163.63624747092365,
  "summary_fg_mean": 676.2301025390625,
  "summary_fg_median": 636.225830078125,
  "summary_fg_n": 17948.0,
  "summary_fg_p05": 420.3467620849609,
  "summary_fg_p95": 1108.7722900390622,
  "summary_fg_stdv": 208.38600158691406,
  "tsnr": 102.86516125313938
}