{
  "aor": 0.004916131687242798,
  "aqi": 0.007728677366255143,
  "bids_meta": {
    "AcquisitionNumber": 1,
    "AcquisitionTime": "13:43:3.950000",
    "BandwidthPerPixelPhaseEncode": 29.481,
    "ConversionSoftware": "dcm2niix",
    "ConversionSoftwareVersion": "v1.0.20170724 GCC4.4.7",
    "DeviceSerialNumber": "35414",
    "EchoTime": 0.025,
    "EffectiveEchoSpacing": 0.000530002,
    "FlipAngle": 90,
    "ImageType": [
      "ORIGINAL",
      "PRIMARY",
      "M",
      "ND",
      "MOSAIC"
    ],
    "InstitutionAddress": "Mikeletegi_69_San_Sebastian_District_ES_20009",
    "InstitutionName": "BCBL",
    "MagneticFieldStrength": 3,
    "Manufacturer": "Siemens",
    "ManufacturersModelName": "TrioTim",
    "PhaseEncodingDirection": "j-",
    "PhaseEncodingLines": 64,
    "ProcedureStepDescription": "CRANEO_FUNCIONAL",
    "ProtocolName": "ep2d_VF_L3_Run1",
    "RepetitionTime": 3,
    "ScanningSequence": "EP",
    "SequenceName": "_epfid2d1_64",
    "SequenceVariant": "SK",
    "SeriesDescription": "ep2d_VF_L3_Run1",
    "SliceTiming": [
      2.9225,
      2.8525,
      2.7825,
      2.715,
      2.645,
      2.575,
      2.505,
      2.435,
      2.3675,
      2.2975,
      2.2275,
      2.1575,
      2.0875,
      2.0175,
      1.95,
      1.88,
      1.81,
      1.74,
      1.67,
      1.6,
      1.5325,
      1.4625,
      1.3925,
      1.3225,
      1.2525,
      1.1825,
      1.115,
      1.045,
      0.975,
      0.905,
      0.835,
      0.7675,
      0.6975,
      0.6275,
      0.5575,
      0.4875,
      0.4175,
      0.35,
      0.28,
      0.21,
      0.14,
      0.07,
      0
    ],
    "SoftwareVersions": "syngo_MR_B17",
    "TaskName": "prodLn",
    "TotalReadoutTime": 0.0333901,
    "dataset": "ds003545",
    "modality": "bold",
    "run_id": 1,
    "session_id": "01",
    "subject_id": "04",
    "task_id": "prodLn"
  },
  "dummy_trs": 0,
  "dvars_nstd": 39.39489069855371,
  "dvars_std": 1.223511182685951,
  "dvars_vstd": 1.0228008180165293,
  "efc": 0.5326864698986427,
  "fber": 352.82916259765625,
  "fd_mean": 0.47634340334922926,
  "fd_num": 205,
  "fd_perc": 84.36213991769547,
  "fwhm_avg": 3.5842606223221107,
  "fwhm_x": 3.5582666666666665,
  "fwhm_y": 3.8183333333333334,
  "fwhm_z": 3.3761818669663324,
  "gcor": 0.0333184,
  "gsr_x": -0.013677460141479969,
  "gsr_y": 0.07597137987613678,
  "provenance": {
    "md5sum": "2eed3ad180398146ab9e273f40e8c9bb",
    "settings": {
      "fd_thres": 0.2,
      "testing": false
    },
    "software": "mriqc",
    "version": "22.0.6",
    "webapi_port": null,
    "webapi_url": "https://mriqc.nimh.nih.gov/api/v1"
  },
  "size_t": 243,
  "size_x": 64,
  "size_y": 64,
  "size_z": 43,
  "snr": 2.1992100970641517,
  "spacing_tr": 3.0,
  "spacing_x": 3.0,
  "spacing_y": 3.0,
  "spacing_z": 3.299999952316284,
  "summary_bg_k": 24.479501247034644,
  "summary_bg_mad": 15.509358244040785,
  "summary_bg_mean": 83.52228546142578,
  "summary_bg_median": 46.049381256103516,
  "summary_bg_n": 108652.0,
  "summary_bg_p05": 32.85596466064453,
  "summary_bg_p95": 266.6868133544922,
  "summary_bg_stdv": 103.77764892578125,
  "summary_fg_k": 2.75509846052978,
  "summary_fg_mad": 289.85181040701934,
  "summary_fg_mean": 982.2823486328125,
  "summary_fg_median": 877.3621215820312,
  "summary_fg_n": 30879.0,
  "summary_fg_p05": 550.59794921875,
  "summary_fg_p95": 1841.5834716796871,
  "summary_fg_stdv": 398.937744140625,
  "tsnr": 39.99025362962857
}