{
  "aor": 0.0040753086419753086,
  "aqi": 0.004615265514403292,
  "bids_meta": {
    "AcquisitionNumber": 1,
    "AcquisitionTime": "16:47:39.902500",
    "BandwidthPerPixelPhaseEncode": 29.481,
    "ConversionSoftware": "dcm2niix",
    "ConversionSoftwareVersion": "v1.0.20170724 GCC4.4.7",
    "DeviceSerialNumber": "35414",
    "EchoTime": 0.025,
    "EffectiveEchoSpacing": 0.000530002,
    "FlipAngle": 90,
    "ImageType": [
      "ORIGINAL",
      "PRIMARY",
      "M",
      "ND",
      "MOSAIC"
    ],
    "InstitutionAddress": "Mikeletegi_69_San_Sebastian_District_ES_20009",
    "InstitutionName": "BCBL",
    "MagneticFieldStrength": 3,
    "Manufacturer": "Siemens",
    "ManufacturersModelName": "TrioTim",
    "PhaseEncodingDirection": "j-",
    "PhaseEncodingLines": 64,
    "ProcedureStepDescription": "CRANEO_FUNCIONAL",
    "ProtocolName": "ep2d_VF_L3_Run1",
    "RepetitionTime": 3,
    "ScanningSequence": "EP",
    "SequenceName": "_epfid2d1_64",
    "SequenceVariant": "SK",
    "SeriesDescription": "ep2d_VF_L3_Run1",
    "SliceTiming": [
      2.92,
      2.85,
      2.7825,
      2.7125,
      2.6425,
      2.5725,
      2.5025,
      2.4325,
      2.365,
      2.295,
      2.225,
      2.155,
      2.085,
      2.0175,
      1.9475,
      1.8775,
      1.8075,
      1.7375,
      1.6675,
      1.6,
      1.53,
      1.46,
      1.39,
      1.32,
      1.25,
      1.1825,
      1.1125,
      1.0425,
      0.9725,
      0.9025,
      0.8325,
      0.765,
      0.695,
      0.625,
      0.555,
      0.485,
      0.415,
      0.3475,
      0.2775,
      0.2075,
      0.1375,
      0.0675,
      0
    ],
    "SoftwareVersions": "syngo_MR_B17",
    "TaskName": "prodLn",
    "TotalReadoutTime": 0.0333901,
    "dataset": "ds003545",
    "modality": "bold",
    "run_id": 1,
    "session_id": "01",
    "subject_id": "10",
    "task_id": "prodLn"
  },
  "dummy_trs": 0,
  "dvars_nstd": 30.198679443223146,
  "dvars_std": 1.2759297248760328,
  "dvars_vstd": 1.0184496605785125,
  "efc": 0.5783037155279459,
  "fber": 479.1652526855469,
  "fd_mean": 0.260803701658148,
  "fd_num": 137,
  "fd_perc": 56.37860082304527,
  "fwhm_avg": 3.155217211829902,
  "fwhm_x": 3.05205,
  "fwhm_y": 3.252753333333333,
  "fwhm_z": 3.160848302156373,
  "gcor": 0.0369968,
  "gsr_x": -0.013594413176178932,
  "gsr_y": 0.12276989221572876,
  "provenance": {
    "md5sum": "4e4a2a0ac945a1ae2e179f3b67d17a5a",
    "settings": {
      "fd_thres": 0.2,
      "testing": false
    },
    "software": "mriqc",
    "version": "22.0.6",
    "webapi_port": null,
    "webapi_url": "https://mriqc.nimh.nih.gov/api/v1"
  },
  "size_t": 243,
  "size_x": 64,
  "size_y": 64,
  "size_z": 43,
  "snr": 2.6238215003070704,
  "spacing_tr": 3.0,
  "spacing_x": 3.0,
  "spacing_y": 3.0,
  "spacing_z": 3.3000001907348633,
  "summary_bg_k": 22.45546050709775,
  "summary_bg_mad": 15.295816786047789,
  "summary_bg_mean": 90.8774185180664,
  "summary_bg_median": 37.19752883911133,
  "summary_bg_n": 99184.0,
  "summary_bg_p05": 26.082304000854492,
  "summary_bg_p95": 351.66418914794906,
  "summary_bg_stdv": 133.39422607421875,
  "summary_fg_k": 2.813252337422659,
  "summary_fg_mad": 255.28516229007204,
  "summary_fg_mean": 887.873779296875,
  "summary_fg_median": 821.744873046875,
  "summary_fg_n": 39548.0,
  "summary_fg_p05": 518.5818786621094,
  "summary_fg_p95": 1518.5098266601565,
  "summary_fg_stdv": 313.18231201171875,
  "tsnr": 57.139198621036485
}