{
  "aor": 0.003982810810810811,
  "aqi": 0.003917499027027027,
  "bids_meta": {
    "AcquisitionNumber": 1,
    "AcquisitionTime": "16:24:8.345000",
    "BandwidthPerPixelPhaseEncode": 28.409,
    "ConversionSoftware": "dcm2niix",
    "ConversionSoftwareVersion": "v1.0.20170724 GCC4.4.7",
    "DeviceSerialNumber": "35414",
    "EchoTime": 0.03,
    "EffectiveEchoSpacing": 0.000550002,
    "FlipAngle": 80,
    "ImageType": [
      "ORIGINAL",
      "PRIMARY",
      "FMRI",
      "NONE",
      "ND",
      "MOSAIC"
    ],
    "InstitutionAddress": "Mikeletegi_69_San_Sebastian_District_ES_20009",
    "InstitutionName": "BCBL",
    "MagneticFieldStrength": 3,
    "Manufacturer": "Siemens",
    "ManufacturersModelName": "TrioTim",
    "PhaseEncodingDirection": "j-",
    "PhaseEncodingLines": 64,
    "ProcedureStepDescription": "CRANEO_FUNCIONAL",
    "ProtocolName": "ep2d_PiN_L1_Run1",
    "RepetitionTime": 2,
    "ScanningSequence": "EP",
    "SequenceName": "_epfid2d1_64",
    "SequenceVariant": "SK",
    "SeriesDescription": "ep2d_PiN_L1_Run1",
    "SliceTiming": [
      1.9275,
      1.865,
      1.8025,
      1.74,
      1.6775,
      1.615,
      1.555,
      1.4925,
      1.43,
      1.3675,
      1.305,
      1.2425,
      1.18,
      1.12,
      1.0575,
      0.995,
      0.9325,
      0.87,
      0.8075,
      0.7475,
      0.685,
      0.6225,
      0.56,
      0.4975,
      0.435,
      0.375,
      0.3125,
      0.25,
      0.1875,
      0.125,
      0.0625,
      0
    ],
    "SoftwareVersions": "syngo_MR_B17",
    "TaskName": "compL1",
    "TotalReadoutTime": 0.0346501,
    "dataset": "ds003545",
    "modality": "bold",
    "run_id": 1,
    "session_id": "01",
    "subject_id": "10",
    "task_id": "compL1"
  },
  "dummy_trs": 1,
  "dvars_nstd": 22.885503488749993,
  "dvars_std": 1.3048160152717392,
  "dvars_vstd": 1.0241249184239125,
  "efc": 0.5110157640236367,
  "fber": 1010.4346923828125,
  "fd_mean": 0.27534676487456816,
  "fd_num": 141,
  "fd_perc": 76.21621621621621,
  "fwhm_avg": 3.0944080303030304,
  "fwhm_x": 3.0728727272727276,
  "fwhm_y": 3.2378763636363637,
  "fwhm_z": 2.972475,
  "gcor": 0.0278723,
  "gsr_x": -0.023526322096586227,
  "gsr_y": 0.07760313153266907,
  "provenance": {
    "md5sum": "b52a83675b07b6697767f346a668ea13",
    "settings": {
      "fd_thres": 0.2,
      "testing": false
    },
    "software": "mriqc",
    "version": "22.0.6",
    "webapi_port": null,
    "webapi_url": "https://mriqc.nimh.nih.gov/api/v1"
  },
  "size_t": 185,
  "size_x": 64,
  "size_y": 64,
  "size_z": 32,
  "snr": 2.581318005759606,
  "spacing_tr": 2.0,
  "spacing_x": 3.4375,
  "spacing_y": 3.4375,
  "spacing_z": 4.0,
  "summary_bg_k": 45.964312156302896,
  "summary_bg_mad": 7.3889702165960305,
  "summary_bg_mean": 47.35866165161133,
  "summary_bg_median": 20.243244171142578,
  "summary_bg_n": 78681.0,
  "summary_bg_p05": 14.670270919799805,
  "summary_bg_p95": 179.1081085205078,
  "summary_bg_stdv": 78.6053237915039,
  "summary_fg_k": 3.0928610499910594,
  "summary_fg_mad": 192.2053424971657,
  "summary_fg_mean": 700.389892578125,
  "summary_fg_median": 643.654052734375,
  "summary_fg_n": 23230.0,
  "summary_fg_p05": 415.6972961425781,
  "summary_fg_p95": 1214.398126220703,
  "summary_fg_stdv": 249.34556579589844,
  "tsnr": 74.37797820568085
}