{
  "aor": 0.004111243243243244,
  "aqi": 0.005576972378378378,
  "bids_meta": {
    "AcquisitionNumber": 1,
    "AcquisitionTime": "16:31:20.492500",
    "BandwidthPerPixelPhaseEncode": 28.409,
    "ConversionSoftware": "dcm2niix",
    "ConversionSoftwareVersion": "v1.0.20170724 GCC4.4.7",
    "DeviceSerialNumber": "35414",
    "EchoTime": 0.03,
    "EffectiveEchoSpacing": 0.000550002,
    "FlipAngle": 80,
    "ImageType": [
      "ORIGINAL",
      "PRIMARY",
      "FMRI",
      "NONE",
      "ND",
      "MOSAIC"
    ],
    "InstitutionAddress": "Mikeletegi_69_San_Sebastian_District_ES_20009",
    "InstitutionName": "BCBL",
    "MagneticFieldStrength": 3,
    "Manufacturer": "Siemens",
    "ManufacturersModelName": "TrioTim",
    "PhaseEncodingDirection": "j-",
    "PhaseEncodingLines": 64,
    "ProcedureStepDescription": "CRANEO_FUNCIONAL",
    "ProtocolName": "ep2d_PiN_L1_Run2",
    "RepetitionTime": 2,
    "ScanningSequence": "EP",
    "SequenceName": "_epfid2d1_64",
    "SequenceVariant": "SK",
    "SeriesDescription": "ep2d_PiN_L1_Run2",
    "SliceTiming": [
      1.925,
      1.8625,
      1.8,
      1.7375,
      1.6775,
      1.615,
      1.5525,
      1.49,
      1.4275,
      1.365,
      1.305,
      1.2425,
      1.18,
      1.1175,
      1.055,
      0.9925,
      0.93,
      0.87,
      0.8075,
      0.745,
      0.6825,
      0.62,
      0.5575,
      0.4975,
      0.435,
      0.3725,
      0.31,
      0.2475,
      0.185,
      0.125,
      0.0625,
      0
    ],
    "SoftwareVersions": "syngo_MR_B17",
    "TaskName": "compL1",
    "TotalReadoutTime": 0.0346501,
    "dataset": "ds003545",
    "modality": "bold",
    "run_id": 2,
    "session_id": "01",
    "subject_id": "10",
    "task_id": "compL1"
  },
  "dummy_trs": 1,
  "dvars_nstd": 23.399094664565215,
  "dvars_std": 1.221403363315217,
  "dvars_vstd": 0.9736684809239131,
  "efc": 0.5126944412115576,
  "fber": 1006.02783203125,
  "fd_mean": 0.23359558713255354,
  "fd_num": 108,
  "fd_perc": 58.37837837837838,
  "fwhm_avg": 3.0495260606060604,
  "fwhm_x": 3.027781818181818,
  "fwhm_y": 3.2125963636363637,
  "fwhm_z": 2.9082,
  "gcor": 0.0421856,
  "gsr_x": -0.0222785621881485,
  "gsr_y": 0.07811880111694336,
  "provenance": {
    "md5sum": "d7429228c159293d81fc4721e0727a6f",
    "settings": {
      "fd_thres": 0.2,
      "testing": false
    },
    "software": "mriqc",
    "version": "22.0.6",
    "webapi_port": null,
    "webapi_url": "https://mriqc.nimh.nih.gov/api/v1"
  },
  "size_t": 185,
  "size_x": 64,
  "size_y": 64,
  "size_z": 32,
  "snr": 2.658824679447667,
  "spacing_tr": 2.0,
  "spacing_x": 3.4375,
  "spacing_y": 3.4375,
  "spacing_z": 4.0,
  "summary_bg_k": 45.51355613429766,
  "summary_bg_mad": 7.18060229062886,
  "summary_bg_mean": 47.87995910644531,
  "summary_bg_median": 20.45945930480957,
  "summary_bg_n": 78819.0,
  "summary_bg_p05": 14.848649024963379,
  "summary_bg_p95": 179.9210922241209,
  "summary_bg_stdv": 79.01030731201172,
  "summary_fg_k": 2.879365383051069,
  "summary_fg_mad": 189.20407745321637,
  "summary_fg_mean": 696.2265625,
  "summary_fg_median": 643.3351440429688,
  "summary_fg_n": 23211.0,
  "summary_fg_p05": 414.25135803222656,
  "summary_fg_p95": 1191.0864868164062,
  "summary_fg_stdv": 241.95701599121094,
  "tsnr": 59.10380314849317
}