{
  "aor": 0.00619954732510288,
  "aqi": 0.009851089341563786,
  "bids_meta": {
    "AcquisitionNumber": 1,
    "AcquisitionTime": "16:40:19.320000",
    "BandwidthPerPixelPhaseEncode": 29.481,
    "ConversionSoftware": "dcm2niix",
    "ConversionSoftwareVersion": "v1.0.20170724 GCC4.4.7",
    "DeviceSerialNumber": "35414",
    "EchoTime": 0.025,
    "EffectiveEchoSpacing": 0.000530002,
    "FlipAngle": 90,
    "ImageType": [
      "ORIGINAL",
      "PRIMARY",
      "M",
      "ND",
      "MOSAIC"
    ],
    "InstitutionAddress": "Mikeletegi_69_San_Sebastian_District_ES_20009",
    "InstitutionName": "BCBL",
    "MagneticFieldStrength": 3,
    "Manufacturer": "Siemens",
    "ManufacturersModelName": "TrioTim",
    "PhaseEncodingDirection": "j-",
    "PhaseEncodingLines": 64,
    "ProcedureStepDescription": "CRANEO_FUNCIONAL",
    "ProtocolName": "ep2d_VF_L1_Run1",
    "RepetitionTime": 3,
    "ScanningSequence": "EP",
    "SequenceName": "_epfid2d1_64",
    "SequenceVariant": "SK",
    "SeriesDescription": "ep2d_VF_L1_Run1",
    "SliceTiming": [
      2.92,
      2.85,
      2.7825,
      2.7125,
      2.6425,
      2.5725,
      2.5025,
      2.4325,
      2.365,
      2.295,
      2.225,
      2.155,
      2.085,
      2.0175,
      1.9475,
      1.8775,
      1.8075,
      1.7375,
      1.6675,
      1.6,
      1.53,
      1.46,
      1.39,
      1.32,
      1.25,
      1.1825,
      1.1125,
      1.0425,
      0.9725,
      0.9025,
      0.8325,
      0.765,
      0.695,
      0.625,
      0.555,
      0.485,
      0.4175,
      0.3475,
      0.2775,
      0.2075,
      0.1375,
      0.0675,
      0
    ],
    "SoftwareVersions": "syngo_MR_B17",
    "TaskName": "prodL1",
    "TotalReadoutTime": 0.0333901,
    "dataset": "ds003545",
    "modality": "bold",
    "run_id": 1,
    "session_id": "01",
    "subject_id": "10",
    "task_id": "prodL1"
  },
  "dummy_trs": 0,
  "dvars_nstd": 44.790040780578515,
  "dvars_std": 1.2400896544628093,
  "dvars_vstd": 1.0122988879338843,
  "efc": 0.5911118617762758,
  "fber": 332.94586181640625,
  "fd_mean": 0.5708617963045461,
  "fd_num": 191,
  "fd_perc": 78.60082304526749,
  "fwhm_avg": 3.2142296348124373,
  "fwhm_x": 3.1455800000000003,
  "fwhm_y": 3.2708666666666666,
  "fwhm_z": 3.2262422377706446,
  "gcor": 0.0478371,
  "gsr_x": -0.023561833426356316,
  "gsr_y": 0.1329634040594101,
  "provenance": {
    "md5sum": "09890edbc7da6f78963f26d996ec55bd",
    "settings": {
      "fd_thres": 0.2,
      "testing": false
    },
    "software": "mriqc",
    "version": "22.0.6",
    "webapi_port": null,
    "webapi_url": "https://mriqc.nimh.nih.gov/api/v1"
  },
  "size_t": 243,
  "size_x": 64,
  "size_y": 64,
  "size_z": 43,
  "snr": 2.4884707294922026,
  "spacing_tr": 3.0,
  "spacing_x": 3.0,
  "spacing_y": 3.0,
  "spacing_z": 3.3000001907348633,
  "summary_bg_k": 21.942251054989775,
  "summary_bg_mad": 19.225017506165734,
  "summary_bg_mean": 100.19193267822266,
  "summary_bg_median": 43.30863952636719,
  "summary_bg_n": 97831.0,
  "summary_bg_p05": 29.55555534362793,
  "summary_bg_p95": 367.8045196533203,
  "summary_bg_stdv": 138.8412322998047,
  "summary_fg_k": 3.6628530274835462,
  "summary_fg_mad": 249.1748123447912,
  "summary_fg_mean": 868.9431762695312,
  "summary_fg_median": 796.02880859375,
  "summary_fg_n": 40023.0,
  "summary_fg_p05": 507.2518310546875,
  "summary_fg_p95": 1525.3864257812504,
  "summary_fg_stdv": 319.88275146484375,
  "tsnr": 38.02168733131839
}