{
  "aor": 0.0030648387096774195,
  "aqi": 0.002924767483870968,
  "bids_meta": {
    "AcquisitionNumber": 1,
    "AcquisitionTime": "16:37:21.927500",
    "BandwidthPerPixelPhaseEncode": 28.409,
    "ConversionSoftware": "dcm2niix",
    "ConversionSoftwareVersion": "v1.0.20170724 GCC4.4.7",
    "DeviceSerialNumber": "35414",
    "EchoTime": 0.03,
    "EffectiveEchoSpacing": 0.000550002,
    "FlipAngle": 80,
    "ImageType": [
      "ORIGINAL",
      "PRIMARY",
      "FMRI",
      "NONE",
      "ND",
      "MOSAIC"
    ],
    "InstitutionAddress": "Mikeletegi_69_San_Sebastian_District_ES_20009",
    "InstitutionName": "BCBL",
    "MagneticFieldStrength": 3,
    "Manufacturer": "Siemens",
    "ManufacturersModelName": "TrioTim",
    "PhaseEncodingDirection": "j-",
    "PhaseEncodingLines": 64,
    "ProcedureStepDescription": "CRANEO_FUNCIONAL",
    "ProtocolName": "ep2d_PiN_L3_Run2",
    "RepetitionTime": 2,
    "ScanningSequence": "EP",
    "SequenceName": "_epfid2d1_64",
    "SequenceVariant": "SK",
    "SeriesDescription": "ep2d_PiN_L3_Run2",
    "SliceTiming": [
      1.925,
      1.8625,
      1.8,
      1.7375,
      1.6775,
      1.615,
      1.5525,
      1.49,
      1.4275,
      1.365,
      1.305,
      1.2425,
      1.18,
      1.1175,
      1.055,
      0.9925,
      0.93,
      0.87,
      0.8075,
      0.745,
      0.6825,
      0.62,
      0.5575,
      0.4975,
      0.435,
      0.3725,
      0.31,
      0.2475,
      0.185,
      0.125,
      0.0625,
      0
    ],
    "SoftwareVersions": "syngo_MR_B17",
    "TaskName": "compLn",
    "TotalReadoutTime": 0.0346501,
    "dataset": "ds003545",
    "modality": "bold",
    "run_id": 2,
    "session_id": "01",
    "subject_id": "10",
    "task_id": "compLn"
  },
  "dummy_trs": 0,
  "dvars_nstd": 22.7611630721081,
  "dvars_std": 1.340760883027027,
  "dvars_vstd": 1.0405952329189192,
  "efc": 0.5064029356032508,
  "fber": 1178.65576171875,
  "fd_mean": 0.2173449887763905,
  "fd_num": 105,
  "fd_perc": 56.45161290322581,
  "fwhm_avg": 3.0238018181818185,
  "fwhm_x": 2.9919418181818185,
  "fwhm_y": 3.1883636363636367,
  "fwhm_z": 2.8911,
  "gcor": 0.0395616,
  "gsr_x": -0.021066978573799133,
  "gsr_y": 0.0700167715549469,
  "provenance": {
    "md5sum": "c93c3c0a16fd3702066f5b33d11ed265",
    "settings": {
      "fd_thres": 0.2,
      "testing": false
    },
    "software": "mriqc",
    "version": "22.0.6",
    "webapi_port": null,
    "webapi_url": "https://mriqc.nimh.nih.gov/api/v1"
  },
  "size_t": 186,
  "size_x": 64,
  "size_y": 64,
  "size_z": 32,
  "snr": 2.692129309925848,
  "spacing_tr": 2.0,
  "spacing_x": 3.4375,
  "spacing_y": 3.4375,
  "spacing_z": 4.0,
  "summary_bg_k": 48.993882378490284,
  "summary_bg_mad": 7.293447218472843,
  "summary_bg_mean": 45.2088737487793,
  "summary_bg_median": 19.123655319213867,
  "summary_bg_n": 78809.0,
  "summary_bg_p05": 13.854838371276855,
  "summary_bg_p95": 173.30430297851558,
  "summary_bg_stdv": 76.98589324951172,
  "summary_fg_k": 2.5259306179689442,
  "summary_fg_mad": 197.4172087127382,
  "summary_fg_mean": 711.5707397460938,
  "summary_fg_median": 659.8494873046875,
  "summary_fg_n": 23093.0,
  "summary_fg_p05": 422.4290283203125,
  "summary_fg_p95": 1209.0677246093749,
  "summary_fg_stdv": 245.09788513183594,
  "tsnr": 96.19128771405667
}