{
  "aor": 0.06262537634408603,
  "aqi": 0.006376677166666666,
  "bids_meta": {
    "AcquisitionNumber": 1,
    "AcquisitionTime": "14:24:42.077500",
    "BandwidthPerPixelPhaseEncode": 28.409,
    "BodyPartExamined": "BRAIN",
    "ConversionSoftware": "dcm2niix",
    "ConversionSoftwareVersion": "v1.0.20170724 GCC4.4.7",
    "DeviceSerialNumber": "167004",
    "EchoTime": 0.03,
    "EchoTrainLength": 64,
    "EffectiveEchoSpacing": 0.000550002,
    "FlipAngle": 80,
    "ImageType": [
      "ORIGINAL",
      "PRIMARY",
      "M",
      "ND",
      "MOSAIC"
    ],
    "InstitutionAddress": "Mikeletegi_69_San_Sebastian_District_ES_20009",
    "InstitutionName": "BCBL",
    "MagneticFieldStrength": 3,
    "Manufacturer": "Siemens",
    "ManufacturersModelName": "Prisma_fit",
    "PhaseEncodingDirection": "j-",
    "PhaseEncodingLines": 64,
    "ProcedureStepDescription": "CRANEO_FUNCIONAL",
    "ProtocolName": "ep2d_PiN_L3_Run2",
    "RepetitionTime": 2,
    "ScanningSequence": "EP",
    "SequenceName": "_epfid2d1_64",
    "SequenceVariant": "SK",
    "SeriesDescription": "ep2d_PiN_L3_Run2",
    "SliceTiming": [
      1.9175,
      1.8575,
      1.795,
      1.7325,
      1.67,
      1.61,
      1.5475,
      1.485,
      1.4225,
      1.3625,
      1.3,
      1.2375,
      1.175,
      1.115,
      1.0525,
      0.99,
      0.9275,
      0.8675,
      0.805,
      0.7425,
      0.68,
      0.62,
      0.5575,
      0.495,
      0.4325,
      0.3725,
      0.31,
      0.2475,
      0.185,
      0.125,
      0.0625,
      0
    ],
    "SoftwareVersions": "syngo_MR_E11",
    "TaskName": "compLn",
    "TotalReadoutTime": 0.0346501,
    "dataset": "ds003545",
    "modality": "bold",
    "run_id": 2,
    "session_id": "02",
    "subject_id": "14",
    "task_id": "compLn"
  },
  "dummy_trs": 0,
  "dvars_nstd": 22.654702305243244,
  "dvars_std": 1.5868141264324318,
  "dvars_vstd": 1.4466308752972976,
  "efc": 0.4919730532787182,
  "fber": 1469.9786376953125,
  "fd_mean": 0.3077284938857816,
  "fd_num": 51,
  "fd_perc": 27.419354838709676,
  "fwhm_avg": 2.520763,
  "fwhm_x": 2.3289803636363637,
  "fwhm_y": 2.763243636363636,
  "fwhm_z": 2.470065,
  "gcor": 0.0478738,
  "gsr_x": -0.005669012200087309,
  "gsr_y": 0.027086418122053146,
  "provenance": {
    "md5sum": "b874fa07e83a25ca4f87e7dea0e5ff53",
    "settings": {
      "fd_thres": 0.2,
      "testing": false
    },
    "software": "mriqc",
    "version": "22.0.6",
    "webapi_port": null,
    "webapi_url": "https://mriqc.nimh.nih.gov/api/v1"
  },
  "size_t": 186,
  "size_x": 64,
  "size_y": 64,
  "size_z": 32,
  "snr": 3.2760380936138778,
  "spacing_tr": 2.0,
  "spacing_x": 3.4375,
  "spacing_y": 3.4375,
  "spacing_z": 4.0,
  "summary_bg_k": 46.284888775922155,
  "summary_bg_mad": 4.352154990704809,
  "summary_bg_mean": 38.46351623535156,
  "summary_bg_median": 19.31182861328125,
  "summary_bg_n": 80183.0,
  "summary_bg_p05": 15.365591049194336,
  "summary_bg_p95": 125.26989212036108,
  "summary_bg_stdv": 57.335365295410156,
  "summary_fg_k": -0.18374182966412,
  "summary_fg_mad": 243.36995953633132,
  "summary_fg_mean": 774.5299072265625,
  "summary_fg_median": 753.1693115234375,
  "summary_fg_n": 21072.0,
  "summary_fg_p05": 438.2099578857422,
  "summary_fg_p95": 1180.2546203613283,
  "summary_fg_stdv": 229.89703369140625,
  "tsnr": 46.09138679644093
}