{
  "aor": 0.009706505376344085,
  "aqi": 0.0017685368064516128,
  "bids_meta": {
    "AcquisitionNumber": 1,
    "AcquisitionTime": "11:25:21.145000",
    "BandwidthPerPixelPhaseEncode": 28.409,
    "BodyPartExamined": "BRAIN",
    "ConversionSoftware": "dcm2niix",
    "ConversionSoftwareVersion": "v1.0.20170724 GCC4.4.7",
    "DeviceSerialNumber": "167004",
    "EchoTime": 0.03,
    "EchoTrainLength": 64,
    "EffectiveEchoSpacing": 0.000550002,
    "FlipAngle": 80,
    "ImageType": [
      "ORIGINAL",
      "PRIMARY",
      "M",
      "ND",
      "MOSAIC"
    ],
    "InstitutionAddress": "Mikeletegi_69_San_Sebastian_District_ES_20009",
    "InstitutionName": "BCBL",
    "MagneticFieldStrength": 3,
    "Manufacturer": "Siemens",
    "ManufacturersModelName": "Prisma_fit",
    "PhaseEncodingDirection": "j-",
    "PhaseEncodingLines": 64,
    "ProcedureStepDescription": "CRANEO_FUNCIONAL",
    "ProtocolName": "ep2d_PiN_L2_Run2",
    "RepetitionTime": 2,
    "ScanningSequence": "EP",
    "SequenceName": "_epfid2d1_64",
    "SequenceVariant": "SK",
    "SeriesDescription": "ep2d_PiN_L1_Run2",
    "SliceTiming": [
      1.92,
      1.8575,
      1.795,
      1.7325,
      1.6725,
      1.61,
      1.5475,
      1.485,
      1.425,
      1.3625,
      1.3,
      1.2375,
      1.1775,
      1.115,
      1.0525,
      0.99,
      0.93,
      0.8675,
      0.805,
      0.7425,
      0.6825,
      0.62,
      0.5575,
      0.495,
      0.435,
      0.3725,
      0.31,
      0.2475,
      0.1875,
      0.125,
      0.0625,
      0
    ],
    "SoftwareVersions": "syngo_MR_E11",
    "TaskName": "compL1",
    "TotalReadoutTime": 0.0346501,
    "dataset": "ds003545",
    "modality": "bold",
    "run_id": 2,
    "session_id": "02",
    "subject_id": "14",
    "task_id": "compL1"
  },
  "dummy_trs": 0,
  "dvars_nstd": 18.182232166054042,
  "dvars_std": 1.3914572513513515,
  "dvars_vstd": 1.0858516137297298,
  "efc": 0.463044986675411,
  "fber": 1366.4866943359375,
  "fd_mean": 0.1741641561706708,
  "fd_num": 53,
  "fd_perc": 28.49462365591398,
  "fwhm_avg": 3.345733939393939,
  "fwhm_x": 3.1163054545454547,
  "fwhm_y": 3.4813963636363634,
  "fwhm_z": 3.4395,
  "gcor": 0.0931952,
  "gsr_x": -0.004372484982013702,
  "gsr_y": 0.028649382293224335,
  "provenance": {
    "md5sum": "46080f7a6ff9a421fbae4ce5910f21e1",
    "settings": {
      "fd_thres": 0.2,
      "testing": false
    },
    "software": "mriqc",
    "version": "22.0.6",
    "webapi_port": null,
    "webapi_url": "https://mriqc.nimh.nih.gov/api/v1"
  },
  "size_t": 186,
  "size_x": 64,
  "size_y": 64,
  "size_z": 32,
  "snr": 2.200581750264243,
  "spacing_tr": 2.0,
  "spacing_x": 3.4375,
  "spacing_y": 3.4375,
  "spacing_z": 4.0,
  "summary_bg_k": 30.569158476764038,
  "summary_bg_mad": 2.773901107387211,
  "summary_bg_mean": 35.29643630981445,
  "summary_bg_median": 15.72580623626709,
  "summary_bg_n": 83634.0,
  "summary_bg_p05": 13.406720209121707,
  "summary_bg_p95": 143.66128540039062,
  "summary_bg_stdv": 54.631858825683594,
  "summary_fg_k": 0.24933268162179134,
  "summary_fg_mad": 277.5694183739731,
  "summary_fg_mean": 659.2874755859375,
  "summary_fg_median": 607.7392578125,
  "summary_fg_n": 18854.0,
  "summary_fg_p05": 303.3712387084961,
  "summary_fg_p95": 1188.3951416015625,
  "summary_fg_stdv": 276.1647644042969,
  "tsnr": 82.37431081943214
}