{
  "aor": 0.02320448648648649,
  "aqi": 0.005255610848648649,
  "bids_meta": {
    "AcquisitionNumber": 1,
    "AcquisitionTime": "14:15:55.622500",
    "BandwidthPerPixelPhaseEncode": 28.409,
    "BodyPartExamined": "BRAIN",
    "ConversionSoftware": "dcm2niix",
    "ConversionSoftwareVersion": "v1.0.20170724 GCC4.4.7",
    "DeviceSerialNumber": "167004",
    "EchoTime": 0.03,
    "EchoTrainLength": 64,
    "EffectiveEchoSpacing": 0.000550002,
    "FlipAngle": 80,
    "ImageType": [
      "ORIGINAL",
      "PRIMARY",
      "M",
      "ND",
      "MOSAIC"
    ],
    "InstitutionAddress": "Mikeletegi_69_San_Sebastian_District_ES_20009",
    "InstitutionName": "BCBL",
    "MagneticFieldStrength": 3,
    "Manufacturer": "Siemens",
    "ManufacturersModelName": "Prisma_fit",
    "PhaseEncodingDirection": "j-",
    "PhaseEncodingLines": 64,
    "ProcedureStepDescription": "CRANEO_FUNCIONAL",
    "ProtocolName": "ep2d_PiN_L3_Run1",
    "RepetitionTime": 2,
    "ScanningSequence": "EP",
    "SequenceName": "_epfid2d1_64",
    "SequenceVariant": "SK",
    "SeriesDescription": "ep2d_PiN_L3_Run1",
    "SliceTiming": [
      1.9175,
      1.8575,
      1.795,
      1.7325,
      1.67,
      1.61,
      1.5475,
      1.485,
      1.4225,
      1.3625,
      1.3,
      1.2375,
      1.175,
      1.115,
      1.0525,
      0.99,
      0.9275,
      0.8675,
      0.805,
      0.7425,
      0.68,
      0.62,
      0.5575,
      0.495,
      0.4325,
      0.3725,
      0.31,
      0.2475,
      0.185,
      0.125,
      0.0625,
      0
    ],
    "SoftwareVersions": "syngo_MR_E11",
    "TaskName": "compLn",
    "TotalReadoutTime": 0.0346501,
    "dataset": "ds003545",
    "modality": "bold",
    "run_id": 1,
    "session_id": "02",
    "subject_id": "14",
    "task_id": "compLn"
  },
  "dummy_trs": 1,
  "dvars_nstd": 20.45439295690218,
  "dvars_std": 1.2223944058152179,
  "dvars_vstd": 1.0594348648369567,
  "efc": 0.4916318582630572,
  "fber": 1496.0574951171875,
  "fd_mean": 0.21906866983516368,
  "fd_num": 26,
  "fd_perc": 14.054054054054054,
  "fwhm_avg": 2.5962420606060608,
  "fwhm_x": 2.4022050909090913,
  "fwhm_y": 2.839421090909091,
  "fwhm_z": 2.5471,
  "gcor": 0.0417608,
  "gsr_x": -0.004591707605868578,
  "gsr_y": 0.026735497638583183,
  "provenance": {
    "md5sum": "df0a4f8c0568cb7237d01c9c4692ecf3",
    "settings": {
      "fd_thres": 0.2,
      "testing": false
    },
    "software": "mriqc",
    "version": "22.0.6",
    "webapi_port": null,
    "webapi_url": "https://mriqc.nimh.nih.gov/api/v1"
  },
  "size_t": 185,
  "size_x": 64,
  "size_y": 64,
  "size_z": 32,
  "snr": 3.226121091246488,
  "spacing_tr": 2.0,
  "spacing_x": 3.4375,
  "spacing_y": 3.4375,
  "spacing_z": 4.0,
  "summary_bg_k": 46.66057936265775,
  "summary_bg_mad": 3.397965654340655,
  "summary_bg_mean": 38.166133880615234,
  "summary_bg_median": 18.951351165771484,
  "summary_bg_n": 80249.0,
  "summary_bg_p05": 16.399999618530273,
  "summary_bg_p95": 123.71567840576154,
  "summary_bg_stdv": 55.70361328125,
  "summary_fg_k": -0.21764997054386592,
  "summary_fg_mad": 245.0421401024791,
  "summary_fg_mean": 773.0565795898438,
  "summary_fg_median": 750.5081787109375,
  "summary_fg_n": 21048.0,
  "summary_fg_p05": 434.0924407958985,
  "summary_fg_p95": 1183.8802917480468,
  "summary_fg_stdv": 232.6293182373047,
  "tsnr": 54.04654195904732
}