{
  "aor": 0.009798655913978495,
  "aqi": 0.008731115430107527,
  "bids_meta": {
    "AcquisitionNumber": 1,
    "AcquisitionTime": "11:14:42.560000",
    "BandwidthPerPixelPhaseEncode": 28.409,
    "BodyPartExamined": "BRAIN",
    "ConversionSoftware": "dcm2niix",
    "ConversionSoftwareVersion": "v1.0.20170724 GCC4.4.7",
    "DeviceSerialNumber": "167004",
    "EchoTime": 0.03,
    "EchoTrainLength": 64,
    "EffectiveEchoSpacing": 0.000550002,
    "FlipAngle": 80,
    "ImageType": [
      "ORIGINAL",
      "PRIMARY",
      "M",
      "ND",
      "MOSAIC"
    ],
    "InstitutionAddress": "Mikeletegi_69_San_Sebastian_District_ES_20009",
    "InstitutionName": "BCBL",
    "MagneticFieldStrength": 3,
    "Manufacturer": "Siemens",
    "ManufacturersModelName": "Prisma_fit",
    "PhaseEncodingDirection": "j-",
    "PhaseEncodingLines": 64,
    "ProcedureStepDescription": "CRANEO_FUNCIONAL",
    "ProtocolName": "ep2d_PiN_L2_Run1",
    "RepetitionTime": 2,
    "ScanningSequence": "EP",
    "SequenceName": "_epfid2d1_64",
    "SequenceVariant": "SK",
    "SeriesDescription": "ep2d_PiN_L1_Run1",
    "SliceTiming": [
      1.9175,
      1.8575,
      1.795,
      1.7325,
      1.67,
      1.61,
      1.5475,
      1.485,
      1.4225,
      1.3625,
      1.3,
      1.2375,
      1.175,
      1.115,
      1.0525,
      0.99,
      0.9275,
      0.8675,
      0.805,
      0.7425,
      0.68,
      0.62,
      0.5575,
      0.495,
      0.4325,
      0.3725,
      0.31,
      0.2475,
      0.185,
      0.125,
      0.0625,
      0
    ],
    "SoftwareVersions": "syngo_MR_E11",
    "TaskName": "compL1",
    "TotalReadoutTime": 0.0346501,
    "dataset": "ds003545",
    "modality": "bold",
    "run_id": 1,
    "session_id": "02",
    "subject_id": "14",
    "task_id": "compL1"
  },
  "dummy_trs": 0,
  "dvars_nstd": 35.71255125654054,
  "dvars_std": 1.146240221945946,
  "dvars_vstd": 0.9761079823783778,
  "efc": 0.46375367310218696,
  "fber": 1342.0806884765625,
  "fd_mean": 0.6578896322728116,
  "fd_num": 126,
  "fd_perc": 67.74193548387096,
  "fwhm_avg": 3.375714393939394,
  "fwhm_x": 3.12128,
  "fwhm_y": 3.5725381818181816,
  "fwhm_z": 3.433325,
  "gcor": 0.0687581,
  "gsr_x": -0.0028680807445198298,
  "gsr_y": 0.029702845960855484,
  "provenance": {
    "md5sum": "3ccf9e04c3561351778b49135699dab1",
    "settings": {
      "fd_thres": 0.2,
      "testing": false
    },
    "software": "mriqc",
    "version": "22.0.6",
    "webapi_port": null,
    "webapi_url": "https://mriqc.nimh.nih.gov/api/v1"
  },
  "size_t": 186,
  "size_x": 64,
  "size_y": 64,
  "size_z": 32,
  "snr": 2.1967696815027264,
  "spacing_tr": 2.0,
  "spacing_x": 3.4375,
  "spacing_y": 3.4375,
  "spacing_z": 4.0,
  "summary_bg_k": 32.66187728771279,
  "summary_bg_mad": 3.013030269417202,
  "summary_bg_mean": 35.20222473144531,
  "summary_bg_median": 15.908601760864258,
  "summary_bg_n": 83475.0,
  "summary_bg_p05": 13.349462509155273,
  "summary_bg_p95": 142.07257995605477,
  "summary_bg_stdv": 54.02738571166992,
  "summary_fg_k": 0.203123382117107,
  "summary_fg_mad": 273.5241376778354,
  "summary_fg_mean": 655.09228515625,
  "summary_fg_median": 603.5107421875,
  "summary_fg_n": 19121.0,
  "summary_fg_p05": 301.4838562011719,
  "summary_fg_p95": 1186.4193115234375,
  "summary_fg_stdv": 274.7192687988281,
  "tsnr": 34.91298150876537
}