{
  "bids_meta": {
    "AccelFactPE": 2,
    "AcquisitionNumber": 1,
    "AcquisitionTime": "09:54:34.817500",
    "ConversionSoftware": "dcm2niix",
    "ConversionSoftwareVersion": "v1.0.20170724 GCC4.4.7",
    "DeviceSerialNumber": "35414",
    "EchoTime": 0.00297,
    "FlipAngle": 7,
    "ImageType": [
      "ORIGINAL",
      "PRIMARY",
      "M",
      "ND",
      "NORM"
    ],
    "InstitutionAddress": "Mikeletegi_69_San_Sebastian_District_ES_20009",
    "InstitutionName": "BCBL",
    "InversionTime": 1.1,
    "MagneticFieldStrength": 3,
    "Manufacturer": "Siemens",
    "ManufacturersModelName": "TrioTim",
    "PhaseEncodingDirection": "i-",
    "PhaseEncodingLines": 256,
    "ProcedureStepDescription": "CRANEO_FUNCIONAL",
    "ProtocolName": "t1_mpr_tra_p2_iso",
    "RepetitionTime": 2.53,
    "ScanningSequence": "GR_IR",
    "SequenceName": "_tfl3d1",
    "SequenceVariant": "SP_MP_OSP",
    "SeriesDescription": "t1_mpr_tra_p2_iso",
    "SoftwareVersions": "syngo_MR_B17",
    "dataset": "ds003545",
    "modality": "T1w",
    "session_id": "01",
    "subject_id": "05"
  },
  "cjv": 0.34404884017952964,
  "cnr": 3.9252747728599595,
  "efc": 0.540361471439074,
  "fber": 16809.122499999998,
  "fwhm_avg": 4.68832,
  "fwhm_x": 4.46013,
  "fwhm_y": 4.85994,
  "fwhm_z": 4.74489,
  "icvs_csf": 0.18798913042268134,
  "icvs_gm": 0.45226403490863265,
  "icvs_wm": 0.359746834668686,
  "inu_med": 0.5857877135276794,
  "inu_range": 0.28405164182186127,
  "provenance": {
    "md5sum": "f485653230cb11ed4742cf80d7d22803",
    "settings": {
      "testing": false
    },
    "software": "mriqc",
    "version": "22.0.6",
    "warnings": {
      "large_rot_frame": true,
      "small_air_mask": false
    },
    "webapi_port": null,
    "webapi_url": "https://mriqc.nimh.nih.gov/api/v1"
  },
  "qi_1": 0.0,
  "qi_2": 0.012242269008906294,
  "rpve_csf": 31.50232725455359,
  "rpve_gm": 13.92986959282473,
  "rpve_wm": 18.98759995422134,
  "size_x": 256,
  "size_y": 256,
  "size_z": 176,
  "snr_csf": 2.1991410300420324,
  "snr_gm": 15.187441207727101,
  "snr_total": 12.293301339315704,
  "snr_wm": 19.49332178017798,
  "snrd_csf": 24.47350819091226,
  "snrd_gm": 63.70528344240494,
  "snrd_total": 58.80852174461046,
  "snrd_wm": 88.24677360051417,
  "spacing_x": 1.0,
  "spacing_y": 1.0,
  "spacing_z": 1.0,
  "summary_bg_k": 22.21066742544672,
  "summary_bg_mad": 7.424173347539541,
  "summary_bg_mean": 6.867009254491221,
  "summary_bg_median": 5.007528826594353,
  "summary_bg_n": 2186973.0,
  "summary_bg_p05": 0.0,
  "summary_bg_p95": 27.243758231401443,
  "summary_bg_stdv": 11.341558620818146,
  "summary_csf_k": 0.14839368890520044,
  "summary_csf_mad": 122.62865347474403,
  "summary_csf_mean": 287.8462367341098,
  "summary_csf_median": 277.3400580883026,
  "summary_csf_n": 28506.0,
  "summary_csf_p05": 90.38939708843827,
  "summary_csf_p95": 511.3194688372314,
  "summary_csf_stdv": 126.11069034049557,
  "summary_gm_k": 0.002003069890837761,
  "summary_gm_mad": 48.17925081480205,
  "summary_gm_mean": 721.6556253547938,
  "summary_gm_median": 721.9245754480362,
  "summary_gm_n": 33646.0,
  "summary_gm_p05": 643.8088766373694,
  "summary_gm_p95": 799.0947967879474,
  "summary_gm_stdv": 47.53360604044759,
  "summary_wm_k": 0.8332098027396073,
  "summary_wm_mad": 47.504325965025735,
  "summary_wm_mean": 1003.4639213631592,
  "summary_wm_median": 1000.0350225865841,
  "summary_wm_n": 156910.0,
  "summary_wm_p05": 925.1321962922812,
  "summary_wm_p95": 1093.1120269298553,
  "summary_wm_stdv": 51.301253178242085,
  "tpm_overlap_csf": 0.15188603753707178,
  "tpm_overlap_gm": 0.47753976115754665,
  "tpm_overlap_wm": 0.5056589145912709,
  "wm2max": 0.49743225723123413
}