{
  "bids_meta": {
    "AccelFactPE": 2,
    "AcquisitionNumber": 1,
    "AcquisitionTime": "12:23:25.122500",
    "BodyPartExamined": "BRAIN",
    "ConversionSoftware": "dcm2niix",
    "ConversionSoftwareVersion": "v1.0.20170724 GCC4.4.7",
    "DeviceSerialNumber": "167004",
    "EchoTime": 0.00297,
    "FlipAngle": 7,
    "ImageType": [
      "ORIGINAL",
      "PRIMARY",
      "M",
      "ND"
    ],
    "InstitutionAddress": "Mikeletegi_69_San_Sebastian_District_ES_20009",
    "InstitutionName": "BCBL",
    "InversionTime": 1.1,
    "MagneticFieldStrength": 3,
    "Manufacturer": "Siemens",
    "ManufacturersModelName": "Prisma_fit",
    "PhaseEncodingDirection": "i-",
    "PhaseEncodingLines": 256,
    "ProcedureStepDescription": "CRANEO_FUNCIONAL",
    "ProtocolName": "t1_mpr_tra_p2_iso",
    "RepetitionTime": 2.53,
    "ScanningSequence": "GR_IR",
    "SequenceName": "_tfl3d1_16",
    "SequenceVariant": "SK_SP_MP_OSP",
    "SeriesDescription": "t1_mpr_tra_p2_iso",
    "SoftwareVersions": "syngo_MR_E11",
    "dataset": "ds003545",
    "modality": "T1w",
    "session_id": "01",
    "subject_id": "21"
  },
  "cjv": 0.4502687051714994,
  "cnr": 2.7326531732064825,
  "efc": 0.5570595678514282,
  "fber": -1.0,
  "fwhm_avg": 5.026786666666667,
  "fwhm_x": 4.74659,
  "fwhm_y": 5.35031,
  "fwhm_z": 4.98346,
  "icvs_csf": 0.15464700326786823,
  "icvs_gm": 0.42940104318447414,
  "icvs_wm": 0.4159519535476576,
  "inu_med": 0.996178150177002,
  "inu_range": 1.1343247890472412,
  "provenance": {
    "md5sum": "ae6a91931099029d3dcebb6b97be8643",
    "settings": {
      "testing": false
    },
    "software": "mriqc",
    "version": "22.0.6",
    "warnings": {
      "large_rot_frame": true,
      "small_air_mask": false
    },
    "webapi_port": null,
    "webapi_url": "https://mriqc.nimh.nih.gov/api/v1"
  },
  "qi_1": 4.2611910663675974e-05,
  "qi_2": 0.0014933377445491012,
  "rpve_csf": 31.626886047043964,
  "rpve_gm": 12.085384077848342,
  "rpve_wm": 13.983194799124377,
  "size_x": 256,
  "size_y": 256,
  "size_z": 176,
  "snr_csf": 2.2232306370235517,
  "snr_gm": 12.182526403654059,
  "snr_total": 9.00759546718748,
  "snr_wm": 12.61702936088483,
  "snrd_csf": 15.093581898675417,
  "snrd_gm": 39.53318967500746,
  "snrd_total": 36.33732639955209,
  "snrd_wm": 54.3852076249734,
  "spacing_x": 1.0,
  "spacing_y": 1.0,
  "spacing_z": 1.0,
  "summary_bg_k": 31.948784203503678,
  "summary_bg_mad": 0.0,
  "summary_bg_mean": 6.893510016670037,
  "summary_bg_median": 0.0,
  "summary_bg_n": 2004978.0,
  "summary_bg_p05": 0.0,
  "summary_bg_p95": 27.49483160674572,
  "summary_bg_stdv": 12.0471472565775,
  "summary_csf_k": 0.40825337757258495,
  "summary_csf_mad": 113.77556026260264,
  "summary_csf_mean": 287.895692633959,
  "summary_csf_median": 277.55228340625763,
  "summary_csf_n": 25089.0,
  "summary_csf_p05": 85.88496981561184,
  "summary_csf_p95": 510.99029660224915,
  "summary_csf_stdv": 124.83938794972232,
  "summary_gm_k": 0.2604922154776017,
  "summary_gm_mad": 57.11487705797318,
  "summary_gm_mean": 728.7809059315489,
  "summary_gm_median": 726.9664111733437,
  "summary_gm_n": 38401.0,
  "summary_gm_p05": 633.070412427187,
  "summary_gm_p95": 829.8231210559607,
  "summary_gm_stdv": 59.67210097174036,
  "summary_wm_k": 1.2089247308299491,
  "summary_wm_mad": 65.85810873483985,
  "summary_wm_mean": 1016.2018179497292,
  "summary_wm_median": 1000.0766326487064,
  "summary_wm_n": 221135.0,
  "summary_wm_p05": 916.1369796097279,
  "summary_wm_p95": 1178.1420462578535,
  "summary_wm_stdv": 79.26385386016861,
  "tpm_overlap_csf": 0.14232419339676594,
  "tpm_overlap_gm": 0.46536202914759583,
  "tpm_overlap_wm": 0.4892059902189169,
  "wm2max": 0.32552362081083974
}