{
  "aor": 0.005565555555555555,
  "aqi": 0.007417521481481481,
  "bids_meta": {
    "AcquisitionNumber": 1,
    "AcquisitionTime": "15:12:40.185000",
    "BandwidthPerPixelPhaseEncode": 29.481,
    "BodyPartExamined": "BRAIN",
    "ConversionSoftware": "dcm2niix",
    "ConversionSoftwareVersion": "v1.0.20170724 GCC4.4.7",
    "DeviceSerialNumber": "167004",
    "EchoTime": 0.025,
    "EchoTrainLength": 64,
    "EffectiveEchoSpacing": 0.000530002,
    "FlipAngle": 90,
    "ImageType": [
      "ORIGINAL",
      "PRIMARY",
      "M",
      "ND",
      "MOSAIC"
    ],
    "InstitutionAddress": "Mikeletegi_69_San_Sebastian_District_ES_20009",
    "InstitutionName": "BCBL",
    "MagneticFieldStrength": 3,
    "Manufacturer": "Siemens",
    "ManufacturersModelName": "Prisma_fit",
    "PhaseEncodingDirection": "j-",
    "PhaseEncodingLines": 64,
    "ProcedureStepDescription": "CRANEO_FUNCIONAL",
    "ProtocolName": "ep2d_VF_L1_Run2",
    "RepetitionTime": 3,
    "ScanningSequence": "EP",
    "SequenceName": "_epfid2d1_64",
    "SequenceVariant": "SK",
    "SeriesDescription": "ep2d_VF_L1_Run2",
    "SliceTiming": [
      2.91,
      2.84,
      2.7725,
      2.7025,
      2.6325,
      2.5625,
      2.495,
      2.425,
      2.355,
      2.285,
      2.2175,
      2.1475,
      2.0775,
      2.01,
      1.94,
      1.87,
      1.8,
      1.7325,
      1.6625,
      1.5925,
      1.525,
      1.455,
      1.385,
      1.315,
      1.2475,
      1.1775,
      1.1075,
      1.04,
      0.97,
      0.9,
      0.83,
      0.7625,
      0.6925,
      0.6225,
      0.5525,
      0.485,
      0.415,
      0.345,
      0.2775,
      0.2075,
      0.1375,
      0.0675,
      0
    ],
    "SoftwareVersions": "syngo_MR_E11",
    "TaskName": "prodL1",
    "TotalReadoutTime": 0.0333901,
    "dataset": "ds003545",
    "modality": "bold",
    "run_id": 2,
    "session_id": "01",
    "subject_id": "19",
    "task_id": "prodL1"
  },
  "dummy_trs": 0,
  "dvars_nstd": 42.90750990235537,
  "dvars_std": 1.3276838401239663,
  "dvars_vstd": 1.0195356559504136,
  "efc": 0.5800103991854154,
  "fber": 489.92376708984375,
  "fd_mean": 0.40050263284303195,
  "fd_num": 174,
  "fd_perc": 71.60493827160494,
  "fwhm_avg": 2.874391832181623,
  "fwhm_x": 2.68143,
  "fwhm_y": 3.035133333333333,
  "fwhm_z": 2.906612163211536,
  "gcor": 0.0271339,
  "gsr_x": -0.019869482144713402,
  "gsr_y": 0.08949042856693268,
  "provenance": {
    "md5sum": "5ad5c96bfa41e849c8d750c7969371a8",
    "settings": {
      "fd_thres": 0.2,
      "testing": false
    },
    "software": "mriqc",
    "version": "22.0.6",
    "webapi_port": null,
    "webapi_url": "https://mriqc.nimh.nih.gov/api/v1"
  },
  "size_t": 243,
  "size_x": 64,
  "size_y": 64,
  "size_z": 43,
  "snr": 2.7143739351333354,
  "spacing_tr": 3.0,
  "spacing_x": 3.0,
  "spacing_y": 3.0,
  "spacing_z": 3.299999952316284,
  "summary_bg_k": 17.87070149026129,
  "summary_bg_mad": 10.195180802070736,
  "summary_bg_mean": 95.45793914794922,
  "summary_bg_median": 38.86831283569336,
  "summary_bg_n": 98064.0,
  "summary_bg_p05": 31.485595703125,
  "summary_bg_p95": 369.6407318115234,
  "summary_bg_stdv": 141.17266845703125,
  "summary_fg_k": 0.18738496423529583,
  "summary_fg_mad": 336.1907762128257,
  "summary_fg_mean": 960.0625,
  "summary_fg_median": 906.178955078125,
  "summary_fg_n": 37124.0,
  "summary_fg_p05": 508.5051300048828,
  "summary_fg_p95": 1572.6059143066407,
  "summary_fg_stdv": 333.8400573730469,
  "tsnr": 48.24536042287946
}