{
  "aor": 0.0029699588477366257,
  "aqi": 0.007963210164609054,
  "bids_meta": {
    "AcquisitionNumber": 1,
    "AcquisitionTime": "14:58:49.990000",
    "BandwidthPerPixelPhaseEncode": 29.481,
    "BodyPartExamined": "BRAIN",
    "ConversionSoftware": "dcm2niix",
    "ConversionSoftwareVersion": "v1.0.20170724 GCC4.4.7",
    "DeviceSerialNumber": "167004",
    "EchoTime": 0.025,
    "EchoTrainLength": 64,
    "EffectiveEchoSpacing": 0.000530002,
    "FlipAngle": 90,
    "ImageType": [
      "ORIGINAL",
      "PRIMARY",
      "M",
      "ND",
      "MOSAIC"
    ],
    "InstitutionAddress": "Mikeletegi_69_San_Sebastian_District_ES_20009",
    "InstitutionName": "BCBL",
    "MagneticFieldStrength": 3,
    "Manufacturer": "Siemens",
    "ManufacturersModelName": "Prisma_fit",
    "PhaseEncodingDirection": "j-",
    "PhaseEncodingLines": 64,
    "ProcedureStepDescription": "CRANEO_FUNCIONAL",
    "ProtocolName": "ep2d_VF_L1_Run1",
    "RepetitionTime": 3,
    "ScanningSequence": "EP",
    "SequenceName": "_epfid2d1_64",
    "SequenceVariant": "SK",
    "SeriesDescription": "ep2d_VF_L1_Run1",
    "SliceTiming": [
      2.91,
      2.84,
      2.7725,
      2.7025,
      2.6325,
      2.565,
      2.495,
      2.425,
      2.355,
      2.2875,
      2.2175,
      2.1475,
      2.0775,
      2.01,
      1.94,
      1.87,
      1.8025,
      1.7325,
      1.6625,
      1.5925,
      1.525,
      1.455,
      1.385,
      1.3175,
      1.2475,
      1.1775,
      1.1075,
      1.04,
      0.97,
      0.9,
      0.8325,
      0.7625,
      0.6925,
      0.6225,
      0.555,
      0.485,
      0.415,
      0.345,
      0.2775,
      0.2075,
      0.1375,
      0.07,
      0
    ],
    "SoftwareVersions": "syngo_MR_E11",
    "TaskName": "prodL1",
    "TotalReadoutTime": 0.0333901,
    "dataset": "ds003545",
    "modality": "bold",
    "run_id": 1,
    "session_id": "01",
    "subject_id": "19",
    "task_id": "prodL1"
  },
  "dummy_trs": 0,
  "dvars_nstd": 37.61056312851242,
  "dvars_std": 1.1599044018595044,
  "dvars_vstd": 0.9438113160743801,
  "efc": 0.5794823612696636,
  "fber": 487.3828125,
  "fd_mean": 0.384359752615852,
  "fd_num": 166,
  "fd_perc": 68.3127572016461,
  "fwhm_avg": 2.88176102412389,
  "fwhm_x": 2.6674166666666665,
  "fwhm_y": 3.066463333333333,
  "fwhm_z": 2.9114030723716717,
  "gcor": 0.0369302,
  "gsr_x": -0.0203221645206213,
  "gsr_y": 0.09044690430164337,
  "provenance": {
    "md5sum": "c7ace33068f771863dbbd6028327d59c",
    "settings": {
      "fd_thres": 0.2,
      "testing": false
    },
    "software": "mriqc",
    "version": "22.0.6",
    "webapi_port": null,
    "webapi_url": "https://mriqc.nimh.nih.gov/api/v1"
  },
  "size_t": 243,
  "size_x": 64,
  "size_y": 64,
  "size_z": 43,
  "snr": 2.692160695545447,
  "spacing_tr": 3.0,
  "spacing_x": 3.0,
  "spacing_y": 3.0,
  "spacing_z": 3.299999952316284,
  "summary_bg_k": 18.055759553248198,
  "summary_bg_mad": 11.812006413637723,
  "summary_bg_mean": 94.021728515625,
  "summary_bg_median": 39.06172561645508,
  "summary_bg_n": 97785.0,
  "summary_bg_p05": 29.338270950317384,
  "summary_bg_p95": 360.87406005859384,
  "summary_bg_stdv": 138.34548950195312,
  "summary_fg_k": 0.14534093307352514,
  "summary_fg_mad": 339.59526852030416,
  "summary_fg_mean": 958.9027099609375,
  "summary_fg_median": 906.4691162109375,
  "summary_fg_n": 37499.0,
  "summary_fg_p05": 503.8024627685547,
  "summary_fg_p95": 1578.0398681640625,
  "summary_fg_stdv": 336.7024230957031,
  "tsnr": 43.31556792743504
}