{
  "aor": 0.0036854732510288066,
  "aqi": 0.011334534814814813,
  "bids_meta": {
    "AcquisitionNumber": 1,
    "AcquisitionTime": "10:35:52.722500",
    "BandwidthPerPixelPhaseEncode": 29.481,
    "BodyPartExamined": "BRAIN",
    "ConversionSoftware": "dcm2niix",
    "ConversionSoftwareVersion": "v1.0.20170724 GCC4.4.7",
    "DeviceSerialNumber": "167004",
    "EchoTime": 0.025,
    "EchoTrainLength": 64,
    "EffectiveEchoSpacing": 0.000530002,
    "FlipAngle": 90,
    "ImageType": [
      "ORIGINAL",
      "PRIMARY",
      "M",
      "ND",
      "MOSAIC"
    ],
    "InstitutionAddress": "Mikeletegi_69_San_Sebastian_District_ES_20009",
    "InstitutionName": "BCBL",
    "MagneticFieldStrength": 3,
    "Manufacturer": "Siemens",
    "ManufacturersModelName": "Prisma_fit",
    "PhaseEncodingDirection": "j-",
    "PhaseEncodingLines": 64,
    "ProcedureStepDescription": "CRANEO_FUNCIONAL",
    "ProtocolName": "ep2d_VF_L3_Run2",
    "RepetitionTime": 3,
    "ScanningSequence": "EP",
    "SequenceName": "_epfid2d1_64",
    "SequenceVariant": "SK",
    "SeriesDescription": "ep2d_VF_L3_Run2",
    "SliceTiming": [
      2.91,
      2.8425,
      2.7725,
      2.7025,
      2.635,
      2.565,
      2.495,
      2.425,
      2.3575,
      2.2875,
      2.2175,
      2.15,
      2.08,
      2.01,
      1.94,
      1.8725,
      1.8025,
      1.7325,
      1.665,
      1.595,
      1.525,
      1.455,
      1.3875,
      1.3175,
      1.2475,
      1.1775,
      1.11,
      1.04,
      0.97,
      0.9025,
      0.8325,
      0.7625,
      0.6925,
      0.625,
      0.555,
      0.485,
      0.4175,
      0.3475,
      0.2775,
      0.2075,
      0.14,
      0.07,
      0
    ],
    "SoftwareVersions": "syngo_MR_E11",
    "TaskName": "prodLn",
    "TotalReadoutTime": 0.0333901,
    "dataset": "ds003545",
    "modality": "bold",
    "run_id": 2,
    "session_id": "01",
    "subject_id": "19",
    "task_id": "prodLn"
  },
  "dummy_trs": 0,
  "dvars_nstd": 42.73388434239673,
  "dvars_std": 1.0799604016115705,
  "dvars_vstd": 0.8991560726859504,
  "efc": 0.5821772618181684,
  "fber": 489.9937744140625,
  "fd_mean": 0.5043297403461859,
  "fd_num": 176,
  "fd_perc": 72.42798353909465,
  "fwhm_avg": 2.972969105308902,
  "fwhm_x": 2.7589733333333335,
  "fwhm_y": 3.1702733333333337,
  "fwhm_z": 2.9896606492600393,
  "gcor": 0.0435069,
  "gsr_x": -0.025818871334195137,
  "gsr_y": 0.10421042889356613,
  "provenance": {
    "md5sum": "37e76f937937d9bd2b29f26e02bf05a6",
    "settings": {
      "fd_thres": 0.2,
      "testing": false
    },
    "software": "mriqc",
    "version": "22.0.6",
    "webapi_port": null,
    "webapi_url": "https://mriqc.nimh.nih.gov/api/v1"
  },
  "size_t": 243,
  "size_x": 64,
  "size_y": 64,
  "size_z": 43,
  "snr": 2.63572205035172,
  "spacing_tr": 3.0,
  "spacing_x": 3.0,
  "spacing_y": 3.0,
  "spacing_z": 3.299999952316284,
  "summary_bg_k": 19.047509438973744,
  "summary_bg_mad": 10.335506672372752,
  "summary_bg_mean": 98.98816680908203,
  "summary_bg_median": 38.74485397338867,
  "summary_bg_n": 97206.0,
  "summary_bg_p05": 30.987653732299805,
  "summary_bg_p95": 385.74073028564453,
  "summary_bg_stdv": 151.5565643310547,
  "summary_fg_k": 0.09767917853483743,
  "summary_fg_mad": 352.37737369428925,
  "summary_fg_mean": 964.6881103515625,
  "summary_fg_median": 907.255126953125,
  "summary_fg_n": 37627.0,
  "summary_fg_p05": 503.0152038574219,
  "summary_fg_p95": 1599.82509765625,
  "summary_fg_stdv": 344.21044921875,
  "tsnr": 34.710774389095604
}