{
  "aor": 0.007016108108108108,
  "aqi": 0.0024040378810810813,
  "bids_meta": {
    "AcquisitionNumber": 1,
    "AcquisitionTime": "14:42:4.220000",
    "BandwidthPerPixelPhaseEncode": 28.409,
    "BodyPartExamined": "BRAIN",
    "ConversionSoftware": "dcm2niix",
    "ConversionSoftwareVersion": "v1.0.20170724 GCC4.4.7",
    "DeviceSerialNumber": "167004",
    "EchoTime": 0.03,
    "EchoTrainLength": 64,
    "EffectiveEchoSpacing": 0.000550002,
    "FlipAngle": 80,
    "ImageType": [
      "ORIGINAL",
      "PRIMARY",
      "M",
      "ND",
      "MOSAIC"
    ],
    "InstitutionAddress": "Mikeletegi_69_San_Sebastian_District_ES_20009",
    "InstitutionName": "BCBL",
    "MagneticFieldStrength": 3,
    "Manufacturer": "Siemens",
    "ManufacturersModelName": "Prisma_fit",
    "PhaseEncodingDirection": "j-",
    "PhaseEncodingLines": 64,
    "ProcedureStepDescription": "CRANEO_FUNCIONAL",
    "ProtocolName": "ep2d_PiN_L1_Run1",
    "RepetitionTime": 2,
    "ScanningSequence": "EP",
    "SequenceName": "_epfid2d1_64",
    "SequenceVariant": "SK",
    "SeriesDescription": "ep2d_PiN_L1_Run1",
    "SliceTiming": [
      1.9175,
      1.855,
      1.7925,
      1.7325,
      1.67,
      1.6075,
      1.545,
      1.485,
      1.4225,
      1.36,
      1.2975,
      1.2375,
      1.175,
      1.1125,
      1.05,
      0.99,
      0.9275,
      0.865,
      0.8025,
      0.7425,
      0.68,
      0.6175,
      0.555,
      0.495,
      0.4325,
      0.37,
      0.3075,
      0.2475,
      0.185,
      0.1225,
      0.06,
      0
    ],
    "SoftwareVersions": "syngo_MR_E11",
    "TaskName": "compL1",
    "TotalReadoutTime": 0.0346501,
    "dataset": "ds003545",
    "modality": "bold",
    "run_id": 1,
    "session_id": "01",
    "subject_id": "19",
    "task_id": "compL1"
  },
  "dummy_trs": 1,
  "dvars_nstd": 20.72327550076086,
  "dvars_std": 1.298383107934782,
  "dvars_vstd": 1.0394249703804348,
  "efc": 0.5022582345273982,
  "fber": 1341.5914306640625,
  "fd_mean": 0.1434112664952243,
  "fd_num": 28,
  "fd_perc": 15.135135135135135,
  "fwhm_avg": 2.655073385914567,
  "fwhm_x": 2.4936814545454546,
  "fwhm_y": 2.8250385454545452,
  "fwhm_z": 2.6465001577437017,
  "gcor": 0.0275485,
  "gsr_x": -0.012852734886109829,
  "gsr_y": 0.039423130452632904,
  "provenance": {
    "md5sum": "030c1825c9a00fae2fcada0a78bfdd06",
    "settings": {
      "fd_thres": 0.2,
      "testing": false
    },
    "software": "mriqc",
    "version": "22.0.6",
    "webapi_port": null,
    "webapi_url": "https://mriqc.nimh.nih.gov/api/v1"
  },
  "size_t": 185,
  "size_x": 64,
  "size_y": 64,
  "size_z": 32,
  "snr": 2.940174257756645,
  "spacing_tr": 2.0,
  "spacing_x": 3.4375,
  "spacing_y": 3.4375,
  "spacing_z": 3.999999761581421,
  "summary_bg_k": 30.535195729335072,
  "summary_bg_mad": 2.9091057606907196,
  "summary_bg_mean": 45.92279052734375,
  "summary_bg_median": 19.200000762939453,
  "summary_bg_n": 79785.0,
  "summary_bg_p05": 17.145946502685547,
  "summary_bg_p95": 173.25297851562502,
  "summary_bg_stdv": 78.59934997558594,
  "summary_fg_k": 0.14275516996458748,
  "summary_fg_mad": 249.82652750456154,
  "summary_fg_mean": 763.5149536132812,
  "summary_fg_median": 729.0054321289062,
  "summary_fg_n": 21102.0,
  "summary_fg_p05": 421.75677490234375,
  "summary_fg_p95": 1216.182214355469,
  "summary_fg_stdv": 247.94046020507812,
  "tsnr": 84.23458230961114
}