{
  "aor": 0.0066117741935483865,
  "aqi": 0.002423613865591398,
  "bids_meta": {
    "AcquisitionNumber": 1,
    "AcquisitionTime": "14:50:3.945000",
    "BandwidthPerPixelPhaseEncode": 28.409,
    "BodyPartExamined": "BRAIN",
    "ConversionSoftware": "dcm2niix",
    "ConversionSoftwareVersion": "v1.0.20170724 GCC4.4.7",
    "DeviceSerialNumber": "167004",
    "EchoTime": 0.03,
    "EchoTrainLength": 64,
    "EffectiveEchoSpacing": 0.000550002,
    "FlipAngle": 80,
    "ImageType": [
      "ORIGINAL",
      "PRIMARY",
      "M",
      "ND",
      "MOSAIC"
    ],
    "InstitutionAddress": "Mikeletegi_69_San_Sebastian_District_ES_20009",
    "InstitutionName": "BCBL",
    "MagneticFieldStrength": 3,
    "Manufacturer": "Siemens",
    "ManufacturersModelName": "Prisma_fit",
    "PhaseEncodingDirection": "j-",
    "PhaseEncodingLines": 64,
    "ProcedureStepDescription": "CRANEO_FUNCIONAL",
    "ProtocolName": "ep2d_PiN_L1_Run2",
    "RepetitionTime": 2,
    "ScanningSequence": "EP",
    "SequenceName": "_epfid2d1_64",
    "SequenceVariant": "SK",
    "SeriesDescription": "ep2d_PiN_L1_Run2",
    "SliceTiming": [
      1.9175,
      1.855,
      1.7925,
      1.7325,
      1.67,
      1.6075,
      1.545,
      1.485,
      1.4225,
      1.36,
      1.2975,
      1.2375,
      1.175,
      1.1125,
      1.05,
      0.99,
      0.9275,
      0.865,
      0.8025,
      0.7425,
      0.68,
      0.6175,
      0.555,
      0.495,
      0.4325,
      0.37,
      0.3075,
      0.2475,
      0.185,
      0.1225,
      0.06,
      0
    ],
    "SoftwareVersions": "syngo_MR_E11",
    "TaskName": "compL1",
    "TotalReadoutTime": 0.0346501,
    "dataset": "ds003545",
    "modality": "bold",
    "run_id": 2,
    "session_id": "01",
    "subject_id": "19",
    "task_id": "compL1"
  },
  "dummy_trs": 0,
  "dvars_nstd": 21.961625310432446,
  "dvars_std": 1.2446084819459453,
  "dvars_vstd": 1.0076738786486488,
  "efc": 0.5045725462404695,
  "fber": 1319.5465087890625,
  "fd_mean": 0.17900773820379448,
  "fd_num": 38,
  "fd_perc": 20.43010752688172,
  "fwhm_avg": 2.6657953030303028,
  "fwhm_x": 2.4952465454545454,
  "fwhm_y": 2.864564363636364,
  "fwhm_z": 2.637575,
  "gcor": 0.0384626,
  "gsr_x": -0.014294921420514584,
  "gsr_y": 0.04014250636100769,
  "provenance": {
    "md5sum": "08455046d2a15b80a12bc074c1b1cb49",
    "settings": {
      "fd_thres": 0.2,
      "testing": false
    },
    "software": "mriqc",
    "version": "22.0.6",
    "webapi_port": null,
    "webapi_url": "https://mriqc.nimh.nih.gov/api/v1"
  },
  "size_t": 186,
  "size_x": 64,
  "size_y": 64,
  "size_z": 32,
  "snr": 2.954374102334714,
  "spacing_tr": 2.0,
  "spacing_x": 3.4375,
  "spacing_y": 3.4375,
  "spacing_z": 4.0,
  "summary_bg_k": 29.372882773752224,
  "summary_bg_mad": 3.7224460764796805,
  "summary_bg_mean": 46.986549377441406,
  "summary_bg_median": 19.317203521728516,
  "summary_bg_n": 79758.0,
  "summary_bg_p05": 16.440860748291016,
  "summary_bg_p95": 179.7266075134277,
  "summary_bg_stdv": 81.07560729980469,
  "summary_fg_k": 0.18399182252646895,
  "summary_fg_mad": 246.5503964792456,
  "summary_fg_mean": 758.9603271484375,
  "summary_fg_median": 725.6317138671875,
  "summary_fg_n": 21236.0,
  "summary_fg_p05": 420.57930755615234,
  "summary_fg_p95": 1208.1626281738281,
  "summary_fg_stdv": 245.6068878173828,
  "tsnr": 77.68737106025219
}