{
  "aor": 0.0041270781893004115,
  "aqi": 0.012132761522633746,
  "bids_meta": {
    "AcquisitionNumber": 1,
    "AcquisitionTime": "10:21:16.222500",
    "BandwidthPerPixelPhaseEncode": 29.481,
    "BodyPartExamined": "BRAIN",
    "ConversionSoftware": "dcm2niix",
    "ConversionSoftwareVersion": "v1.0.20170724 GCC4.4.7",
    "DeviceSerialNumber": "167004",
    "EchoTime": 0.025,
    "EchoTrainLength": 64,
    "EffectiveEchoSpacing": 0.000530002,
    "FlipAngle": 90,
    "ImageType": [
      "ORIGINAL",
      "PRIMARY",
      "M",
      "ND",
      "MOSAIC"
    ],
    "InstitutionAddress": "Mikeletegi_69_San_Sebastian_District_ES_20009",
    "InstitutionName": "BCBL",
    "MagneticFieldStrength": 3,
    "Manufacturer": "Siemens",
    "ManufacturersModelName": "Prisma_fit",
    "PhaseEncodingDirection": "j-",
    "PhaseEncodingLines": 64,
    "ProcedureStepDescription": "CRANEO_FUNCIONAL",
    "ProtocolName": "ep2d_VF_L3_Run1",
    "RepetitionTime": 3,
    "ScanningSequence": "EP",
    "SequenceName": "_epfid2d1_64",
    "SequenceVariant": "SK",
    "SeriesDescription": "ep2d_VF_L3_Run1",
    "SliceTiming": [
      2.91,
      2.84,
      2.7725,
      2.7025,
      2.6325,
      2.5625,
      2.495,
      2.425,
      2.355,
      2.285,
      2.2175,
      2.1475,
      2.0775,
      2.01,
      1.94,
      1.87,
      1.8,
      1.7325,
      1.6625,
      1.5925,
      1.525,
      1.455,
      1.385,
      1.315,
      1.2475,
      1.1775,
      1.1075,
      1.04,
      0.97,
      0.9,
      0.83,
      0.7625,
      0.6925,
      0.6225,
      0.5525,
      0.485,
      0.415,
      0.345,
      0.2775,
      0.2075,
      0.1375,
      0.0675,
      0
    ],
    "SoftwareVersions": "syngo_MR_E11",
    "TaskName": "prodLn",
    "TotalReadoutTime": 0.0333901,
    "dataset": "ds003545",
    "modality": "bold",
    "run_id": 1,
    "session_id": "01",
    "subject_id": "19",
    "task_id": "prodLn"
  },
  "dummy_trs": 0,
  "dvars_nstd": 43.16020379169421,
  "dvars_std": 1.1451493038429754,
  "dvars_vstd": 0.9406934630991742,
  "efc": 0.5794989286759952,
  "fber": 468.9991760253906,
  "fd_mean": 0.4823795124840273,
  "fd_num": 191,
  "fd_perc": 78.60082304526749,
  "fwhm_avg": 2.900281832298184,
  "fwhm_x": 2.7055366666666667,
  "fwhm_y": 3.064496666666667,
  "fwhm_z": 2.9308121635612165,
  "gcor": 0.0216939,
  "gsr_x": -0.023159630596637726,
  "gsr_y": 0.09722254425287247,
  "provenance": {
    "md5sum": "a7855c9e27b9a81b82f1b3b0f7d6f4ae",
    "settings": {
      "fd_thres": 0.2,
      "testing": false
    },
    "software": "mriqc",
    "version": "22.0.6",
    "webapi_port": null,
    "webapi_url": "https://mriqc.nimh.nih.gov/api/v1"
  },
  "size_t": 243,
  "size_x": 64,
  "size_y": 64,
  "size_z": 43,
  "snr": 2.626316770911051,
  "spacing_tr": 3.0,
  "spacing_x": 3.0,
  "spacing_y": 3.0,
  "spacing_z": 3.299999952316284,
  "summary_bg_k": 18.725344708343368,
  "summary_bg_mad": 13.54475929790147,
  "summary_bg_mean": 96.15794372558594,
  "summary_bg_median": 39.288063049316406,
  "summary_bg_n": 97534.0,
  "summary_bg_p05": 26.92592430114746,
  "summary_bg_p95": 371.7366012573235,
  "summary_bg_stdv": 146.09120178222656,
  "summary_fg_k": 0.2067430556341785,
  "summary_fg_mad": 346.5018022802531,
  "summary_fg_mean": 950.3578491210938,
  "summary_fg_median": 894.4320678710938,
  "summary_fg_n": 37419.0,
  "summary_fg_p05": 491.5497772216797,
  "summary_fg_p95": 1578.9271240234373,
  "summary_fg_stdv": 340.5606384277344,
  "tsnr": 35.22636777255684
}