{
  "aor": 0.0015185945945945943,
  "aqi": 0.001374365308108108,
  "bids_meta": {
    "AcquisitionNumber": 1,
    "AcquisitionTime": "09:51:7.522500",
    "BandwidthPerPixelPhaseEncode": 28.409,
    "BodyPartExamined": "BRAIN",
    "ConversionSoftware": "dcm2niix",
    "ConversionSoftwareVersion": "v1.0.20170724 GCC4.4.7",
    "DeviceSerialNumber": "167004",
    "EchoTime": 0.03,
    "EchoTrainLength": 64,
    "EffectiveEchoSpacing": 0.000550002,
    "FlipAngle": 80,
    "ImageType": [
      "ORIGINAL",
      "PRIMARY",
      "M",
      "ND",
      "MOSAIC"
    ],
    "InstitutionAddress": "Mikeletegi_69_San_Sebastian_District_ES_20009",
    "InstitutionName": "BCBL",
    "MagneticFieldStrength": 3,
    "Manufacturer": "Siemens",
    "ManufacturersModelName": "Prisma_fit",
    "PhaseEncodingDirection": "j-",
    "PhaseEncodingLines": 64,
    "ProcedureStepDescription": "CRANEO_FUNCIONAL",
    "ProtocolName": "ep2d_PiN_L3_Run1",
    "RepetitionTime": 2,
    "ScanningSequence": "EP",
    "SequenceName": "_epfid2d1_64",
    "SequenceVariant": "SK",
    "SeriesDescription": "ep2d_PiN_L3_Run1",
    "SliceTiming": [
      1.9175,
      1.855,
      1.795,
      1.7325,
      1.67,
      1.6075,
      1.5475,
      1.485,
      1.4225,
      1.36,
      1.3,
      1.2375,
      1.175,
      1.1125,
      1.0525,
      0.99,
      0.9275,
      0.865,
      0.805,
      0.7425,
      0.68,
      0.6175,
      0.5575,
      0.495,
      0.4325,
      0.37,
      0.31,
      0.2475,
      0.185,
      0.1225,
      0.0625,
      0
    ],
    "SoftwareVersions": "syngo_MR_E11",
    "TaskName": "compLn",
    "TotalReadoutTime": 0.0346501,
    "dataset": "ds003545",
    "modality": "bold",
    "run_id": 1,
    "session_id": "02",
    "subject_id": "23",
    "task_id": "compLn"
  },
  "dummy_trs": 1,
  "dvars_nstd": 18.645562337771743,
  "dvars_std": 1.324169812228261,
  "dvars_vstd": 1.0013876903804342,
  "efc": 0.4742405268156755,
  "fber": 1672.8338623046875,
  "fd_mean": 0.14038879429994336,
  "fd_num": 28,
  "fd_perc": 15.135135135135135,
  "fwhm_avg": 2.6982832121212126,
  "fwhm_x": 2.6106734545454544,
  "fwhm_y": 2.835226181818182,
  "fwhm_z": 2.64895,
  "gcor": 0.0474431,
  "gsr_x": -0.023340929299592972,
  "gsr_y": 0.04204775020480156,
  "provenance": {
    "md5sum": "d02af142e54fe950719db32eccc68373",
    "settings": {
      "fd_thres": 0.2,
      "testing": false
    },
    "software": "mriqc",
    "version": "22.0.6",
    "webapi_port": null,
    "webapi_url": "https://mriqc.nimh.nih.gov/api/v1"
  },
  "size_t": 185,
  "size_x": 64,
  "size_y": 64,
  "size_z": 32,
  "snr": 2.8638247902393954,
  "spacing_tr": 2.0,
  "spacing_x": 3.4375,
  "spacing_y": 3.4375,
  "spacing_z": 4.0,
  "summary_bg_k": 27.754518368914365,
  "summary_bg_mad": 1.8592647595145686,
  "summary_bg_mean": 42.553382873535156,
  "summary_bg_median": 18.189189910888672,
  "summary_bg_n": 83515.0,
  "summary_bg_p05": 16.881080627441406,
  "summary_bg_p95": 166.25405731201187,
  "summary_bg_stdv": 72.57540893554688,
  "summary_fg_k": 1.0134791153533653,
  "summary_fg_mad": 246.52469707555565,
  "summary_fg_mean": 793.4754638671875,
  "summary_fg_median": 751.997314453125,
  "summary_fg_n": 19562.0,
  "summary_fg_p05": 443.91270599365237,
  "summary_fg_p95": 1292.991168212891,
  "summary_fg_stdv": 262.5782470703125,
  "tsnr": 108.84125337935984
}