{
  "aor": 0.021401111111111107,
  "aqi": 0.006529765555555555,
  "bids_meta": {
    "AcquisitionNumber": 1,
    "AcquisitionTime": "10:26:7.692500",
    "BandwidthPerPixelPhaseEncode": 29.481,
    "BodyPartExamined": "BRAIN",
    "ConversionSoftware": "dcm2niix",
    "ConversionSoftwareVersion": "v1.0.20170724 GCC4.4.7",
    "DeviceSerialNumber": "167004",
    "EchoTime": 0.025,
    "EchoTrainLength": 64,
    "EffectiveEchoSpacing": 0.000530002,
    "FlipAngle": 90,
    "ImageType": [
      "ORIGINAL",
      "PRIMARY",
      "M",
      "ND",
      "MOSAIC"
    ],
    "InstitutionAddress": "Mikeletegi_69_San_Sebastian_District_ES_20009",
    "InstitutionName": "BCBL",
    "MagneticFieldStrength": 3,
    "Manufacturer": "Siemens",
    "ManufacturersModelName": "Prisma_fit",
    "PhaseEncodingDirection": "j-",
    "PhaseEncodingLines": 64,
    "ProcedureStepDescription": "CRANEO_FUNCIONAL",
    "ProtocolName": "ep2d_VF_L3_Run2",
    "RepetitionTime": 3,
    "ScanningSequence": "EP",
    "SequenceName": "_epfid2d1_64",
    "SequenceVariant": "SK",
    "SeriesDescription": "ep2d_VF_L3_Run2",
    "SliceTiming": [
      2.9125,
      2.8425,
      2.7725,
      2.7025,
      2.635,
      2.565,
      2.495,
      2.4275,
      2.3575,
      2.2875,
      2.2175,
      2.15,
      2.08,
      2.01,
      1.9425,
      1.8725,
      1.8025,
      1.7325,
      1.665,
      1.595,
      1.525,
      1.4575,
      1.3875,
      1.3175,
      1.2475,
      1.18,
      1.11,
      1.04,
      0.97,
      0.9025,
      0.8325,
      0.7625,
      0.695,
      0.625,
      0.555,
      0.485,
      0.4175,
      0.3475,
      0.2775,
      0.21,
      0.14,
      0.07,
      0
    ],
    "SoftwareVersions": "syngo_MR_E11",
    "TaskName": "prodLn",
    "TotalReadoutTime": 0.0333901,
    "dataset": "ds003545",
    "modality": "bold",
    "run_id": 2,
    "session_id": "02",
    "subject_id": "23",
    "task_id": "prodLn"
  },
  "dummy_trs": 0,
  "dvars_nstd": 33.56161871446282,
  "dvars_std": 1.403751092107438,
  "dvars_vstd": 1.0990549441735527,
  "efc": 0.5445079404100147,
  "fber": 663.4417724609375,
  "fd_mean": 0.3620122104087341,
  "fd_num": 87,
  "fd_perc": 35.80246913580247,
  "fwhm_avg": 2.871405771566002,
  "fwhm_x": 2.7439466666666665,
  "fwhm_y": 2.965643333333333,
  "fwhm_z": 2.904627314698007,
  "gcor": 0.0472784,
  "gsr_x": -0.018941285088658333,
  "gsr_y": 0.08695243299007416,
  "provenance": {
    "md5sum": "5a594dd508817fcb21c9e15516a33bdb",
    "settings": {
      "fd_thres": 0.2,
      "testing": false
    },
    "software": "mriqc",
    "version": "22.0.6",
    "webapi_port": null,
    "webapi_url": "https://mriqc.nimh.nih.gov/api/v1"
  },
  "size_t": 243,
  "size_x": 64,
  "size_y": 64,
  "size_z": 43,
  "snr": 2.6623104623592835,
  "spacing_tr": 3.0,
  "spacing_x": 3.0,
  "spacing_y": 3.0,
  "spacing_z": 3.299999952316284,
  "summary_bg_k": 18.93799766389134,
  "summary_bg_mad": 7.986525183895962,
  "summary_bg_mean": 87.57438659667969,
  "summary_bg_median": 36.25102615356445,
  "summary_bg_n": 105234.0,
  "summary_bg_p05": 29.226337432861328,
  "summary_bg_p95": 351.49936676025385,
  "summary_bg_stdv": 136.1461181640625,
  "summary_fg_k": 1.0765959926957889,
  "summary_fg_mad": 337.6092204129646,
  "summary_fg_mean": 1013.6861572265625,
  "summary_fg_median": 951.2283935546875,
  "summary_fg_n": 33620.0,
  "summary_fg_p05": 551.4853881835937,
  "summary_fg_p95": 1695.1096069335938,
  "summary_fg_stdv": 357.28900146484375,
  "tsnr": 50.67180220386945
}