{
  "aor": 0.009196666666666665,
  "aqi": 0.006693089958847737,
  "bids_meta": {
    "AcquisitionNumber": 1,
    "AcquisitionTime": "10:10:10.415000",
    "BandwidthPerPixelPhaseEncode": 29.481,
    "BodyPartExamined": "BRAIN",
    "ConversionSoftware": "dcm2niix",
    "ConversionSoftwareVersion": "v1.0.20170724 GCC4.4.7",
    "DeviceSerialNumber": "167004",
    "EchoTime": 0.025,
    "EchoTrainLength": 64,
    "EffectiveEchoSpacing": 0.000530002,
    "FlipAngle": 90,
    "ImageType": [
      "ORIGINAL",
      "PRIMARY",
      "M",
      "ND",
      "MOSAIC"
    ],
    "InstitutionAddress": "Mikeletegi_69_San_Sebastian_District_ES_20009",
    "InstitutionName": "BCBL",
    "MagneticFieldStrength": 3,
    "Manufacturer": "Siemens",
    "ManufacturersModelName": "Prisma_fit",
    "PhaseEncodingDirection": "j-",
    "PhaseEncodingLines": 64,
    "ProcedureStepDescription": "CRANEO_FUNCIONAL",
    "ProtocolName": "ep2d_VF_L3_Run1",
    "RepetitionTime": 3,
    "ScanningSequence": "EP",
    "SequenceName": "_epfid2d1_64",
    "SequenceVariant": "SK",
    "SeriesDescription": "ep2d_VF_L3_Run1",
    "SliceTiming": [
      2.91,
      2.84,
      2.77,
      2.7025,
      2.6325,
      2.5625,
      2.4925,
      2.425,
      2.355,
      2.285,
      2.2175,
      2.1475,
      2.0775,
      2.0075,
      1.94,
      1.87,
      1.8,
      1.7325,
      1.6625,
      1.5925,
      1.5225,
      1.455,
      1.385,
      1.315,
      1.245,
      1.1775,
      1.1075,
      1.0375,
      0.97,
      0.9,
      0.83,
      0.76,
      0.6925,
      0.6225,
      0.5525,
      0.485,
      0.415,
      0.345,
      0.275,
      0.2075,
      0.1375,
      0.0675,
      0
    ],
    "SoftwareVersions": "syngo_MR_E11",
    "TaskName": "prodLn",
    "TotalReadoutTime": 0.0333901,
    "dataset": "ds003545",
    "modality": "bold",
    "run_id": 1,
    "session_id": "02",
    "subject_id": "23",
    "task_id": "prodLn"
  },
  "dummy_trs": 0,
  "dvars_nstd": 32.672925996322306,
  "dvars_std": 1.2878070460330573,
  "dvars_vstd": 1.020429635123967,
  "efc": 0.5442951166641458,
  "fber": 662.308349609375,
  "fd_mean": 0.34736056174450175,
  "fd_num": 134,
  "fd_perc": 55.1440329218107,
  "fwhm_avg": 2.859425367445542,
  "fwhm_x": 2.7560366666666667,
  "fwhm_y": 2.9342333333333332,
  "fwhm_z": 2.888006102336625,
  "gcor": 0.0421755,
  "gsr_x": -0.018324457108974457,
  "gsr_y": 0.08926619589328766,
  "provenance": {
    "md5sum": "3abd371067af4890f23394f52d5b864f",
    "settings": {
      "fd_thres": 0.2,
      "testing": false
    },
    "software": "mriqc",
    "version": "22.0.6",
    "webapi_port": null,
    "webapi_url": "https://mriqc.nimh.nih.gov/api/v1"
  },
  "size_t": 243,
  "size_x": 64,
  "size_y": 64,
  "size_z": 43,
  "snr": 2.6285330536839453,
  "spacing_tr": 3.0,
  "spacing_x": 3.0,
  "spacing_y": 3.0,
  "spacing_z": 3.299999952316284,
  "summary_bg_k": 18.90371673272743,
  "summary_bg_mad": 8.059743599426257,
  "summary_bg_mean": 85.78057098388672,
  "summary_bg_median": 36.03703689575195,
  "summary_bg_n": 104822.0,
  "summary_bg_p05": 29.06584358215332,
  "summary_bg_p95": 338.7672683715819,
  "summary_bg_stdv": 131.00201416015625,
  "summary_fg_k": 1.2968969020029686,
  "summary_fg_mad": 334.5403134526131,
  "summary_fg_mean": 1010.8394775390625,
  "summary_fg_median": 945.0452880859375,
  "summary_fg_n": 33906.0,
  "summary_fg_p05": 547.9166564941406,
  "summary_fg_p95": 1691.7376403808594,
  "summary_fg_stdv": 359.5280456542969,
  "tsnr": 50.6590487761423
}