{
  "aor": 0.007657956989247311,
  "aqi": 0.0027276836666666666,
  "bids_meta": {
    "AcquisitionNumber": 1,
    "AcquisitionTime": "11:17:37.445000",
    "BandwidthPerPixelPhaseEncode": 28.409,
    "BodyPartExamined": "BRAIN",
    "ConversionSoftware": "dcm2niix",
    "ConversionSoftwareVersion": "v1.0.20170724 GCC4.4.7",
    "DeviceSerialNumber": "167004",
    "EchoTime": 0.03,
    "EchoTrainLength": 64,
    "EffectiveEchoSpacing": 0.000550002,
    "FlipAngle": 80,
    "ImageType": [
      "ORIGINAL",
      "PRIMARY",
      "M",
      "ND",
      "MOSAIC"
    ],
    "InstitutionAddress": "Mikeletegi_69_San_Sebastian_District_ES_20009",
    "InstitutionName": "BCBL",
    "MagneticFieldStrength": 3,
    "Manufacturer": "Siemens",
    "ManufacturersModelName": "Prisma_fit",
    "PhaseEncodingDirection": "j-",
    "PhaseEncodingLines": 64,
    "ProcedureStepDescription": "CRANEO_FUNCIONAL",
    "ProtocolName": "ep2d_PiN_L1_Run1",
    "RepetitionTime": 2,
    "ScanningSequence": "EP",
    "SequenceName": "_epfid2d1_64",
    "SequenceVariant": "SK",
    "SeriesDescription": "ep2d_PiN_L1_Run1",
    "SliceTiming": [
      1.9175,
      1.855,
      1.7925,
      1.73,
      1.67,
      1.6075,
      1.545,
      1.485,
      1.4225,
      1.36,
      1.2975,
      1.2375,
      1.175,
      1.1125,
      1.05,
      0.99,
      0.9275,
      0.865,
      0.8025,
      0.7425,
      0.68,
      0.6175,
      0.555,
      0.495,
      0.4325,
      0.37,
      0.3075,
      0.2475,
      0.185,
      0.1225,
      0.06,
      0
    ],
    "SoftwareVersions": "syngo_MR_E11",
    "TaskName": "compL1",
    "TotalReadoutTime": 0.0346501,
    "dataset": "ds003545",
    "modality": "bold",
    "run_id": 1,
    "session_id": "02",
    "subject_id": "23",
    "task_id": "compL1"
  },
  "dummy_trs": 0,
  "dvars_nstd": 18.372106943783788,
  "dvars_std": 1.3335132896756756,
  "dvars_vstd": 1.0372321183243238,
  "efc": 0.47753753396843546,
  "fber": 1648.527099609375,
  "fd_mean": 0.16756059045886093,
  "fd_num": 24,
  "fd_perc": 12.903225806451612,
  "fwhm_avg": 2.7552591212121214,
  "fwhm_x": 2.6681658181818184,
  "fwhm_y": 2.879886545454545,
  "fwhm_z": 2.717725,
  "gcor": 0.0510652,
  "gsr_x": -0.024573437869548798,
  "gsr_y": 0.04076297953724861,
  "provenance": {
    "md5sum": "a6be9909235532849a734164cbf301c5",
    "settings": {
      "fd_thres": 0.2,
      "testing": false
    },
    "software": "mriqc",
    "version": "22.0.6",
    "webapi_port": null,
    "webapi_url": "https://mriqc.nimh.nih.gov/api/v1"
  },
  "size_t": 186,
  "size_x": 64,
  "size_y": 64,
  "size_z": 32,
  "snr": 2.8663186870139334,
  "spacing_tr": 2.0,
  "spacing_x": 3.4375,
  "spacing_y": 3.4375,
  "spacing_z": 4.0,
  "summary_bg_k": 28.80033337197776,
  "summary_bg_mad": 2.6862211216027094,
  "summary_bg_mean": 44.89352798461914,
  "summary_bg_median": 18.661291122436523,
  "summary_bg_n": 83293.0,
  "summary_bg_p05": 16.612903594970703,
  "summary_bg_p95": 178.6774139404297,
  "summary_bg_stdv": 78.1895523071289,
  "summary_fg_k": 0.6875287820932772,
  "summary_fg_mad": 261.890542474387,
  "summary_fg_mean": 809.6092529296875,
  "summary_fg_median": 769.545654296875,
  "summary_fg_n": 19582.0,
  "summary_fg_p05": 444.2650405883789,
  "summary_fg_p95": 1303.639501953125,
  "summary_fg_stdv": 268.4718933105469,
  "tsnr": 90.61882147239521
}