{
  "bids_meta": {
    "AccelFactPE": 2,
    "AcquisitionNumber": 1,
    "AcquisitionTime": "13:30:33.865000",
    "ConversionSoftware": "dcm2niix",
    "ConversionSoftwareVersion": "v1.0.20170724 GCC4.4.7",
    "DeviceSerialNumber": "35414",
    "EchoTime": 0.00297,
    "FlipAngle": 7,
    "ImageType": [
      "ORIGINAL",
      "PRIMARY",
      "M",
      "ND",
      "NORM"
    ],
    "InstitutionAddress": "Mikeletegi_69_San_Sebastian_District_ES_20009",
    "InstitutionName": "BCBL",
    "InversionTime": 1.1,
    "MagneticFieldStrength": 3,
    "Manufacturer": "Siemens",
    "ManufacturersModelName": "TrioTim",
    "PhaseEncodingDirection": "i-",
    "PhaseEncodingLines": 256,
    "ProcedureStepDescription": "CRANEO_FUNCIONAL",
    "ProtocolName": "t1_mpr_tra_p2_iso",
    "RepetitionTime": 2.53,
    "ScanningSequence": "GR_IR",
    "SequenceName": "_tfl3d1",
    "SequenceVariant": "SP_MP_OSP",
    "SeriesDescription": "t1_mpr_tra_p2_iso",
    "SoftwareVersions": "syngo_MR_B17",
    "dataset": "ds003545",
    "modality": "T1w",
    "session_id": "01",
    "subject_id": "07"
  },
  "cjv": 0.2740337852219516,
  "cnr": 4.8299337613418185,
  "efc": 0.5196149408293588,
  "fber": 24038.28755102041,
  "fwhm_avg": 4.4052533333333335,
  "fwhm_x": 4.14742,
  "fwhm_y": 4.77295,
  "fwhm_z": 4.29539,
  "icvs_csf": 0.18102021195157092,
  "icvs_gm": 0.4809626747982855,
  "icvs_wm": 0.3380171132501435,
  "inu_med": 0.502036452293396,
  "inu_range": 0.19777047634124756,
  "provenance": {
    "md5sum": "91569bae1e5ab85335aa707e57bac5a7",
    "settings": {
      "testing": false
    },
    "software": "mriqc",
    "version": "22.0.6",
    "warnings": {
      "large_rot_frame": true,
      "small_air_mask": false
    },
    "webapi_port": null,
    "webapi_url": "https://mriqc.nimh.nih.gov/api/v1"
  },
  "qi_1": 0.0,
  "qi_2": 0.016425957997685037,
  "rpve_csf": 31.616940396839837,
  "rpve_gm": 13.072492037120329,
  "rpve_wm": 20.15664704495635,
  "size_x": 256,
  "size_y": 256,
  "size_z": 176,
  "snr_csf": 2.0632051537335605,
  "snr_gm": 12.766943296632165,
  "snr_total": 13.609169364043858,
  "snr_wm": 25.997359641765847,
  "snrd_csf": 31.66239802086155,
  "snrd_gm": 84.9188966907177,
  "snrd_total": 80.4095779820733,
  "snrd_wm": 124.64743923464066,
  "spacing_x": 1.0,
  "spacing_y": 1.0,
  "spacing_z": 1.0,
  "summary_bg_k": 11.020203599003171,
  "summary_bg_mad": 0.0,
  "summary_bg_mean": 3.563725359153852,
  "summary_bg_median": 0.0,
  "summary_bg_n": 2569202.0,
  "summary_bg_p05": 0.0,
  "summary_bg_p95": 13.38585102930665,
  "summary_bg_stdv": 5.2560771828233195,
  "summary_csf_k": 4.5816461007330105,
  "summary_csf_mad": 116.65734931091738,
  "summary_csf_mean": 250.93322412504747,
  "summary_csf_median": 254.02344884350896,
  "summary_csf_n": 38068.0,
  "summary_csf_p05": 42.588546723127365,
  "summary_csf_p95": 444.4410262443125,
  "summary_csf_stdv": 123.11917305877297,
  "summary_gm_k": 0.1780830479646749,
  "summary_gm_mad": 52.48896377872916,
  "summary_gm_mean": 682.2096987517644,
  "summary_gm_median": 681.2936592847109,
  "summary_gm_n": 52146.0,
  "summary_gm_p05": 596.5781469084322,
  "summary_gm_p95": 771.0480983415619,
  "summary_gm_stdv": 53.363370609937384,
  "summary_wm_k": 0.9726473642227815,
  "summary_wm_mad": 34.85577429547942,
  "summary_wm_mean": 999.1169212510192,
  "summary_wm_median": 1000.0307741388679,
  "summary_wm_n": 153086.0,
  "summary_wm_p05": 934.3093227921054,
  "summary_wm_p95": 1059.543960094452,
  "summary_wm_stdv": 38.46650281701868,
  "tpm_overlap_csf": 0.139374894907005,
  "tpm_overlap_gm": 0.48912319461756676,
  "tpm_overlap_wm": 0.509708878947714,
  "wm2max": 0.574953493351544
}