{
  "aor": 0.003096913580246913,
  "aqi": 0.008919479835390947,
  "bids_meta": {
    "AcquisitionNumber": 1,
    "AcquisitionTime": "15:27:1.832500",
    "BandwidthPerPixelPhaseEncode": 29.481,
    "ConversionSoftware": "dcm2niix",
    "ConversionSoftwareVersion": "v1.0.20170724 GCC4.4.7",
    "DeviceSerialNumber": "35414",
    "EchoTime": 0.025,
    "EffectiveEchoSpacing": 0.000530002,
    "FlipAngle": 90,
    "ImageType": [
      "ORIGINAL",
      "PRIMARY",
      "M",
      "ND",
      "MOSAIC"
    ],
    "InstitutionAddress": "Mikeletegi_69_San_Sebastian_District_ES_20009",
    "InstitutionName": "BCBL",
    "MagneticFieldStrength": 3,
    "Manufacturer": "Siemens",
    "ManufacturersModelName": "TrioTim",
    "PhaseEncodingDirection": "j-",
    "PhaseEncodingLines": 64,
    "ProcedureStepDescription": "CRANEO_FUNCIONAL",
    "ProtocolName": "ep2d_VF_L1_Run1",
    "RepetitionTime": 3,
    "ScanningSequence": "EP",
    "SequenceName": "_epfid2d1_64",
    "SequenceVariant": "SK",
    "SeriesDescription": "ep2d_VF_L1_Run1",
    "SliceTiming": [
      2.9225,
      2.8525,
      2.7825,
      2.7125,
      2.645,
      2.575,
      2.505,
      2.435,
      2.365,
      2.2975,
      2.2275,
      2.1575,
      2.0875,
      2.0175,
      1.9475,
      1.88,
      1.81,
      1.74,
      1.67,
      1.6,
      1.53,
      1.4625,
      1.3925,
      1.3225,
      1.2525,
      1.1825,
      1.1125,
      1.045,
      0.975,
      0.905,
      0.835,
      0.765,
      0.695,
      0.6275,
      0.5575,
      0.4875,
      0.4175,
      0.3475,
      0.28,
      0.21,
      0.14,
      0.07,
      0
    ],
    "SoftwareVersions": "syngo_MR_B17",
    "TaskName": "prodL1",
    "TotalReadoutTime": 0.0333901,
    "dataset": "ds003545",
    "modality": "bold",
    "run_id": 1,
    "session_id": "01",
    "subject_id": "06",
    "task_id": "prodL1"
  },
  "dummy_trs": 0,
  "dvars_nstd": 33.23023010276859,
  "dvars_std": 1.1451375522314047,
  "dvars_vstd": 0.9533605266528926,
  "efc": 0.5279475655939886,
  "fber": 594.0029296875,
  "fd_mean": 0.32699539658144333,
  "fd_num": 129,
  "fd_perc": 53.08641975308642,
  "fwhm_avg": 2.8721173190540363,
  "fwhm_x": 2.868346666666667,
  "fwhm_y": 2.9096933333333332,
  "fwhm_z": 2.838311957162108,
  "gcor": 0.0248995,
  "gsr_x": -0.003125426359474659,
  "gsr_y": 0.054677754640579224,
  "provenance": {
    "md5sum": "505e2a0b0f0ace8e1766e3a0035b7bcb",
    "settings": {
      "fd_thres": 0.2,
      "testing": false
    },
    "software": "mriqc",
    "version": "22.0.6",
    "webapi_port": null,
    "webapi_url": "https://mriqc.nimh.nih.gov/api/v1"
  },
  "size_t": 243,
  "size_x": 64,
  "size_y": 64,
  "size_z": 43,
  "snr": 2.899521225423111,
  "spacing_tr": 3.0,
  "spacing_x": 3.0,
  "spacing_y": 3.0,
  "spacing_z": 3.3000001907348633,
  "summary_bg_k": 26.253288900346575,
  "summary_bg_mad": 9.225079213884051,
  "summary_bg_mean": 59.84929275512695,
  "summary_bg_median": 31.201644897460938,
  "summary_bg_n": 109267.0,
  "summary_bg_p05": 23.695472717285156,
  "summary_bg_p95": 202.1432067871092,
  "summary_bg_stdv": 78.27100372314453,
  "summary_fg_k": 2.349851790323415,
  "summary_fg_mad": 205.3099118438586,
  "summary_fg_mean": 826.0136108398438,
  "summary_fg_median": 765.923828125,
  "summary_fg_n": 30680.0,
  "summary_fg_p05": 514.4393127441406,
  "summary_fg_p95": 1368.8571899414062,
  "summary_fg_stdv": 264.1509704589844,
  "tsnr": 43.70028457790613
}