{
  "aor": 0.004807160493827159,
  "aqi": 0.010880708888888887,
  "bids_meta": {
    "AcquisitionNumber": 1,
    "AcquisitionTime": "10:41:20.117500",
    "BandwidthPerPixelPhaseEncode": 29.481,
    "ConversionSoftware": "dcm2niix",
    "ConversionSoftwareVersion": "v1.0.20170724 GCC4.4.7",
    "DeviceSerialNumber": "35414",
    "EchoTime": 0.025,
    "EffectiveEchoSpacing": 0.000530002,
    "FlipAngle": 90,
    "ImageType": [
      "ORIGINAL",
      "PRIMARY",
      "M",
      "ND",
      "MOSAIC"
    ],
    "InstitutionAddress": "Mikeletegi_69_San_Sebastian_District_ES_20009",
    "InstitutionName": "BCBL",
    "MagneticFieldStrength": 3,
    "Manufacturer": "Siemens",
    "ManufacturersModelName": "TrioTim",
    "PhaseEncodingDirection": "j-",
    "PhaseEncodingLines": 64,
    "ProcedureStepDescription": "CRANEO_FUNCIONAL",
    "ProtocolName": "ep2d_VF_L3_Run2",
    "RepetitionTime": 3,
    "ScanningSequence": "EP",
    "SequenceName": "_epfid2d1_64",
    "SequenceVariant": "SK",
    "SeriesDescription": "ep2d_VF_L3_Run2",
    "SliceTiming": [
      2.9225,
      2.8525,
      2.7825,
      2.7125,
      2.6425,
      2.5725,
      2.505,
      2.435,
      2.365,
      2.295,
      2.225,
      2.155,
      2.0875,
      2.0175,
      1.9475,
      1.8775,
      1.8075,
      1.7375,
      1.67,
      1.6,
      1.53,
      1.46,
      1.39,
      1.3225,
      1.2525,
      1.1825,
      1.1125,
      1.0425,
      0.9725,
      0.905,
      0.835,
      0.765,
      0.695,
      0.625,
      0.555,
      0.4875,
      0.4175,
      0.3475,
      0.2775,
      0.2075,
      0.1375,
      0.07,
      0
    ],
    "SoftwareVersions": "syngo_MR_B17",
    "TaskName": "prodLn",
    "TotalReadoutTime": 0.0333901,
    "dataset": "ds003545",
    "modality": "bold",
    "run_id": 2,
    "session_id": "01",
    "subject_id": "06",
    "task_id": "prodLn"
  },
  "dummy_trs": 0,
  "dvars_nstd": 37.76903770392564,
  "dvars_std": 1.2262814573140501,
  "dvars_vstd": 0.990328614132231,
  "efc": 0.5356012738695592,
  "fber": 563.723876953125,
  "fd_mean": 0.4092620631292024,
  "fd_num": 155,
  "fd_perc": 63.78600823045267,
  "fwhm_avg": 2.868522942951723,
  "fwhm_x": 2.7885766666666663,
  "fwhm_y": 2.98118,
  "fwhm_z": 2.8358121621885037,
  "gcor": 0.041288,
  "gsr_x": -0.0026204935275018215,
  "gsr_y": 0.058871932327747345,
  "provenance": {
    "md5sum": "af785b0cccb7b94560492cdaa5d20ff2",
    "settings": {
      "fd_thres": 0.2,
      "testing": false
    },
    "software": "mriqc",
    "version": "22.0.6",
    "webapi_port": null,
    "webapi_url": "https://mriqc.nimh.nih.gov/api/v1"
  },
  "size_t": 243,
  "size_x": 64,
  "size_y": 64,
  "size_z": 43,
  "snr": 2.9872121652791326,
  "spacing_tr": 3.0,
  "spacing_x": 3.0,
  "spacing_y": 3.0,
  "spacing_z": 3.299999952316284,
  "summary_bg_k": 24.945456671838453,
  "summary_bg_mad": 10.463636071711452,
  "summary_bg_mean": 63.03660202026367,
  "summary_bg_median": 32.11522674560547,
  "summary_bg_n": 108629.0,
  "summary_bg_p05": 24.441975021362307,
  "summary_bg_p95": 215.04114074706996,
  "summary_bg_stdv": 82.05522918701172,
  "summary_fg_k": 2.3186349555148205,
  "summary_fg_mad": 207.8632923858247,
  "summary_fg_mean": 830.8716430664062,
  "summary_fg_median": 776.0205688476562,
  "summary_fg_n": 30736.0,
  "summary_fg_p05": 520.8765106201172,
  "summary_fg_p95": 1361.6357421875,
  "summary_fg_stdv": 259.7766418457031,
  "tsnr": 41.22081743879244
}