{
  "aor": 0.0038971604938271604,
  "aqi": 0.012605183168724282,
  "bids_meta": {
    "AcquisitionNumber": 1,
    "AcquisitionTime": "10:27:57.005000",
    "BandwidthPerPixelPhaseEncode": 29.481,
    "ConversionSoftware": "dcm2niix",
    "ConversionSoftwareVersion": "v1.0.20170724 GCC4.4.7",
    "DeviceSerialNumber": "35414",
    "EchoTime": 0.025,
    "EffectiveEchoSpacing": 0.000530002,
    "FlipAngle": 90,
    "ImageType": [
      "ORIGINAL",
      "PRIMARY",
      "M",
      "ND",
      "MOSAIC"
    ],
    "InstitutionAddress": "Mikeletegi_69_San_Sebastian_District_ES_20009",
    "InstitutionName": "BCBL",
    "MagneticFieldStrength": 3,
    "Manufacturer": "Siemens",
    "ManufacturersModelName": "TrioTim",
    "PhaseEncodingDirection": "j-",
    "PhaseEncodingLines": 64,
    "ProcedureStepDescription": "CRANEO_FUNCIONAL",
    "ProtocolName": "ep2d_VF_L3_Run1",
    "RepetitionTime": 3,
    "ScanningSequence": "EP",
    "SequenceName": "_epfid2d1_64",
    "SequenceVariant": "SK",
    "SeriesDescription": "ep2d_VF_L3_Run1",
    "SliceTiming": [
      2.92,
      2.85,
      2.7825,
      2.7125,
      2.6425,
      2.5725,
      2.5025,
      2.4325,
      2.365,
      2.295,
      2.225,
      2.155,
      2.085,
      2.0175,
      1.9475,
      1.8775,
      1.8075,
      1.7375,
      1.6675,
      1.6,
      1.53,
      1.46,
      1.39,
      1.32,
      1.25,
      1.1825,
      1.1125,
      1.0425,
      0.9725,
      0.9025,
      0.8325,
      0.765,
      0.695,
      0.625,
      0.555,
      0.485,
      0.4175,
      0.3475,
      0.2775,
      0.2075,
      0.1375,
      0.0675,
      0
    ],
    "SoftwareVersions": "syngo_MR_B17",
    "TaskName": "prodLn",
    "TotalReadoutTime": 0.0333901,
    "dataset": "ds003545",
    "modality": "bold",
    "run_id": 1,
    "session_id": "01",
    "subject_id": "06",
    "task_id": "prodLn"
  },
  "dummy_trs": 0,
  "dvars_nstd": 38.4384165757851,
  "dvars_std": 1.1797570202066119,
  "dvars_vstd": 0.9644987202066118,
  "efc": 0.5357027973944046,
  "fber": 561.3607788085938,
  "fd_mean": 0.45669966638967335,
  "fd_num": 160,
  "fd_perc": 65.84362139917695,
  "fwhm_avg": 2.831716074038025,
  "fwhm_x": 2.75306,
  "fwhm_y": 2.95337,
  "fwhm_z": 2.7887182221140745,
  "gcor": 0.0282268,
  "gsr_x": -0.0021752002649009228,
  "gsr_y": 0.05819941312074661,
  "provenance": {
    "md5sum": "3eb2ccee1096954808f87ad7c85ef387",
    "settings": {
      "fd_thres": 0.2,
      "testing": false
    },
    "software": "mriqc",
    "version": "22.0.6",
    "webapi_port": null,
    "webapi_url": "https://mriqc.nimh.nih.gov/api/v1"
  },
  "size_t": 243,
  "size_x": 64,
  "size_y": 64,
  "size_z": 43,
  "snr": 3.0288212273256265,
  "spacing_tr": 3.0,
  "spacing_x": 3.0,
  "spacing_y": 3.0,
  "spacing_z": 3.299999952316284,
  "summary_bg_k": 25.29902110126316,
  "summary_bg_mad": 10.57955768872958,
  "summary_bg_mean": 62.09891128540039,
  "summary_bg_median": 31.958847045898438,
  "summary_bg_n": 108632.0,
  "summary_bg_p05": 23.917694091796875,
  "summary_bg_p95": 209.38661422729479,
  "summary_bg_stdv": 80.71593475341797,
  "summary_fg_k": 2.225301756030081,
  "summary_fg_mad": 203.38489982028258,
  "summary_fg_mean": 822.42919921875,
  "summary_fg_median": 768.2674560546875,
  "summary_fg_n": 30805.0,
  "summary_fg_p05": 517.0740356445312,
  "summary_fg_p95": 1339.044384765625,
  "summary_fg_stdv": 253.64817810058594,
  "tsnr": 36.81035355408676
}