{
  "aor": 0.006709247311827957,
  "aqi": 0.005765375376344086,
  "bids_meta": {
    "AcquisitionNumber": 1,
    "AcquisitionTime": "10:06:57.097500",
    "BandwidthPerPixelPhaseEncode": 28.409,
    "ConversionSoftware": "dcm2niix",
    "ConversionSoftwareVersion": "v1.0.20170724 GCC4.4.7",
    "DeviceSerialNumber": "35414",
    "EchoTime": 0.03,
    "EffectiveEchoSpacing": 0.000550002,
    "FlipAngle": 80,
    "ImageType": [
      "ORIGINAL",
      "PRIMARY",
      "FMRI",
      "NONE",
      "ND",
      "MOSAIC"
    ],
    "InstitutionAddress": "Mikeletegi_69_San_Sebastian_District_ES_20009",
    "InstitutionName": "BCBL",
    "MagneticFieldStrength": 3,
    "Manufacturer": "Siemens",
    "ManufacturersModelName": "TrioTim",
    "PhaseEncodingDirection": "j-",
    "PhaseEncodingLines": 64,
    "ProcedureStepDescription": "CRANEO_FUNCIONAL",
    "ProtocolName": "ep2d_PiN_L3_Run1",
    "RepetitionTime": 2,
    "ScanningSequence": "EP",
    "SequenceName": "_epfid2d1_64",
    "SequenceVariant": "SK",
    "SeriesDescription": "ep2d_PiN_L3_Run1",
    "SliceTiming": [
      1.925,
      1.8625,
      1.8,
      1.7375,
      1.675,
      1.615,
      1.5525,
      1.49,
      1.4275,
      1.365,
      1.3025,
      1.24,
      1.18,
      1.1175,
      1.055,
      0.9925,
      0.93,
      0.8675,
      0.8075,
      0.745,
      0.6825,
      0.62,
      0.5575,
      0.495,
      0.435,
      0.3725,
      0.31,
      0.2475,
      0.185,
      0.1225,
      0.06,
      0
    ],
    "SoftwareVersions": "syngo_MR_B17",
    "TaskName": "compLn",
    "TotalReadoutTime": 0.0346501,
    "dataset": "ds003545",
    "modality": "bold",
    "run_id": 1,
    "session_id": "01",
    "subject_id": "06",
    "task_id": "compLn"
  },
  "dummy_trs": 0,
  "dvars_nstd": 25.117368301027028,
  "dvars_std": 1.1629576628648646,
  "dvars_vstd": 0.9648846251351354,
  "efc": 0.4632334107929997,
  "fber": 1370.16015625,
  "fd_mean": 0.24859888929857699,
  "fd_num": 61,
  "fd_perc": 32.795698924731184,
  "fwhm_avg": 2.747413725587851,
  "fwhm_x": 2.6981090909090906,
  "fwhm_y": 2.8836569272777854,
  "fwhm_z": 2.6604751585766766,
  "gcor": 0.0344,
  "gsr_x": -0.013288917951285839,
  "gsr_y": 0.029070476070046425,
  "provenance": {
    "md5sum": "0a88fef7bd051b95a7a1d7a2da6539b4",
    "settings": {
      "fd_thres": 0.2,
      "testing": false
    },
    "software": "mriqc",
    "version": "22.0.6",
    "webapi_port": null,
    "webapi_url": "https://mriqc.nimh.nih.gov/api/v1"
  },
  "size_t": 186,
  "size_x": 64,
  "size_y": 64,
  "size_z": 32,
  "snr": 3.2067418333901223,
  "spacing_tr": 2.0,
  "spacing_x": 3.4375,
  "spacing_y": 3.437499761581421,
  "spacing_z": 3.999999761581421,
  "summary_bg_k": 43.21715320308896,
  "summary_bg_mad": 4.4637471857324815,
  "summary_bg_mean": 30.925657272338867,
  "summary_bg_median": 16.3817195892334,
  "summary_bg_n": 85563.0,
  "summary_bg_p05": 12.747849273681643,
  "summary_bg_p95": 97.0478477478027,
  "summary_bg_stdv": 46.210968017578125,
  "summary_fg_k": 2.0378664903569863,
  "summary_fg_mad": 147.36752953576786,
  "summary_fg_mean": 651.1807861328125,
  "summary_fg_median": 609.8333129882812,
  "summary_fg_n": 17473.0,
  "summary_fg_p05": 420.2935424804688,
  "summary_fg_p95": 1042.2430175781249,
  "summary_fg_stdv": 190.16680908203125,
  "tsnr": 59.37863128143363
}