{
  "aor": 0.0039035135135135133,
  "aqi": 0.0024358185945945942,
  "bids_meta": {
    "AcquisitionNumber": 1,
    "AcquisitionTime": "15:14:14.795000",
    "BandwidthPerPixelPhaseEncode": 28.409,
    "ConversionSoftware": "dcm2niix",
    "ConversionSoftwareVersion": "v1.0.20170724 GCC4.4.7",
    "DeviceSerialNumber": "35414",
    "EchoTime": 0.03,
    "EffectiveEchoSpacing": 0.000550002,
    "FlipAngle": 80,
    "ImageType": [
      "ORIGINAL",
      "PRIMARY",
      "FMRI",
      "NONE",
      "ND",
      "MOSAIC"
    ],
    "InstitutionAddress": "Mikeletegi_69_San_Sebastian_District_ES_20009",
    "InstitutionName": "BCBL",
    "MagneticFieldStrength": 3,
    "Manufacturer": "Siemens",
    "ManufacturersModelName": "TrioTim",
    "PhaseEncodingDirection": "j-",
    "PhaseEncodingLines": 64,
    "ProcedureStepDescription": "CRANEO_FUNCIONAL",
    "ProtocolName": "ep2d_PiN_L1_Run2",
    "RepetitionTime": 2,
    "ScanningSequence": "EP",
    "SequenceName": "_epfid2d1_64",
    "SequenceVariant": "SK",
    "SeriesDescription": "ep2d_PiN_L1_Run2",
    "SliceTiming": [
      1.925,
      1.865,
      1.8025,
      1.74,
      1.6775,
      1.615,
      1.5525,
      1.4925,
      1.43,
      1.3675,
      1.305,
      1.2425,
      1.18,
      1.12,
      1.0575,
      0.995,
      0.9325,
      0.87,
      0.8075,
      0.745,
      0.685,
      0.6225,
      0.56,
      0.4975,
      0.435,
      0.3725,
      0.3125,
      0.25,
      0.1875,
      0.125,
      0.0625,
      0
    ],
    "SoftwareVersions": "syngo_MR_B17",
    "TaskName": "compL1",
    "TotalReadoutTime": 0.0346501,
    "dataset": "ds003545",
    "modality": "bold",
    "run_id": 2,
    "session_id": "01",
    "subject_id": "06",
    "task_id": "compL1"
  },
  "dummy_trs": 1,
  "dvars_nstd": 16.765639900923926,
  "dvars_std": 1.1837503983695647,
  "dvars_vstd": 0.996286424402174,
  "efc": 0.4575071489233181,
  "fber": 1446.241455078125,
  "fd_mean": 0.09082227949596353,
  "fd_num": 19,
  "fd_perc": 10.27027027027027,
  "fwhm_avg": 2.7715743636363634,
  "fwhm_x": 2.728631272727273,
  "fwhm_y": 2.926341818181818,
  "fwhm_z": 2.65975,
  "gcor": 0.0332222,
  "gsr_x": -0.013352724723517895,
  "gsr_y": 0.03219718858599663,
  "provenance": {
    "md5sum": "a91c5f5417c5a8708c7cb6405e8d4e55",
    "settings": {
      "fd_thres": 0.2,
      "testing": false
    },
    "software": "mriqc",
    "version": "22.0.6",
    "webapi_port": null,
    "webapi_url": "https://mriqc.nimh.nih.gov/api/v1"
  },
  "size_t": 185,
  "size_x": 64,
  "size_y": 64,
  "size_z": 32,
  "snr": 3.0535465718510495,
  "spacing_tr": 2.0,
  "spacing_x": 3.4375,
  "spacing_y": 3.4375,
  "spacing_z": 4.0,
  "summary_bg_k": 50.183341328823246,
  "summary_bg_mad": 4.215399267537314,
  "summary_bg_mean": 29.121103286743164,
  "summary_bg_median": 15.821621894836426,
  "summary_bg_n": 85427.0,
  "summary_bg_p05": 12.681081771850586,
  "summary_bg_p95": 88.37676086425763,
  "summary_bg_stdv": 43.24126052856445,
  "summary_fg_k": 1.927190328145901,
  "summary_fg_mad": 153.09270514370317,
  "summary_fg_mean": 653.7144775390625,
  "summary_fg_median": 607.805419921875,
  "summary_fg_n": 17587.0,
  "summary_fg_p05": 414.1129852294922,
  "summary_fg_p95": 1061.2686645507813,
  "summary_fg_stdv": 199.04335021972656,
  "tsnr": 88.50208321469836
}