{
  "aor": 0.010646612903225806,
  "aqi": 0.01045532053763441,
  "bids_meta": {
    "AcquisitionNumber": 1,
    "AcquisitionTime": "10:15:50.742500",
    "BandwidthPerPixelPhaseEncode": 28.409,
    "ConversionSoftware": "dcm2niix",
    "ConversionSoftwareVersion": "v1.0.20170724 GCC4.4.7",
    "DeviceSerialNumber": "35414",
    "EchoTime": 0.03,
    "EffectiveEchoSpacing": 0.000550002,
    "FlipAngle": 80,
    "ImageType": [
      "ORIGINAL",
      "PRIMARY",
      "FMRI",
      "NONE",
      "ND",
      "MOSAIC"
    ],
    "InstitutionAddress": "Mikeletegi_69_San_Sebastian_District_ES_20009",
    "InstitutionName": "BCBL",
    "MagneticFieldStrength": 3,
    "Manufacturer": "Siemens",
    "ManufacturersModelName": "TrioTim",
    "PhaseEncodingDirection": "j-",
    "PhaseEncodingLines": 64,
    "ProcedureStepDescription": "CRANEO_FUNCIONAL",
    "ProtocolName": "ep2d_PiN_L3_Run2",
    "RepetitionTime": 2,
    "ScanningSequence": "EP",
    "SequenceName": "_epfid2d1_64",
    "SequenceVariant": "SK",
    "SeriesDescription": "ep2d_PiN_L3_Run2",
    "SliceTiming": [
      1.9275,
      1.865,
      1.8025,
      1.74,
      1.6775,
      1.615,
      1.555,
      1.4925,
      1.43,
      1.3675,
      1.305,
      1.2425,
      1.1825,
      1.12,
      1.0575,
      0.995,
      0.9325,
      0.87,
      0.8075,
      0.7475,
      0.685,
      0.6225,
      0.56,
      0.4975,
      0.435,
      0.375,
      0.3125,
      0.25,
      0.1875,
      0.125,
      0.0625,
      0
    ],
    "SoftwareVersions": "syngo_MR_B17",
    "TaskName": "compLn",
    "TotalReadoutTime": 0.0346501,
    "dataset": "ds003545",
    "modality": "bold",
    "run_id": 2,
    "session_id": "01",
    "subject_id": "06",
    "task_id": "compLn"
  },
  "dummy_trs": 0,
  "dvars_nstd": 28.83789218702703,
  "dvars_std": 0.9465882997837834,
  "dvars_vstd": 0.8912403616216212,
  "efc": 0.4620301861696731,
  "fber": 1473.51513671875,
  "fd_mean": 0.43220878827898246,
  "fd_num": 73,
  "fd_perc": 39.24731182795699,
  "fwhm_avg": 2.711456606060606,
  "fwhm_x": 2.7115403636363635,
  "fwhm_y": 2.8309294545454544,
  "fwhm_z": 2.5919,
  "gcor": 0.0203758,
  "gsr_x": -0.01228079292923212,
  "gsr_y": 0.03279787674546242,
  "provenance": {
    "md5sum": "a51d0391bb73169b92f8fd16133b34cb",
    "settings": {
      "fd_thres": 0.2,
      "testing": false
    },
    "software": "mriqc",
    "version": "22.0.6",
    "webapi_port": null,
    "webapi_url": "https://mriqc.nimh.nih.gov/api/v1"
  },
  "size_t": 186,
  "size_x": 64,
  "size_y": 64,
  "size_z": 32,
  "snr": 3.1211658689074055,
  "spacing_tr": 2.0,
  "spacing_x": 3.4375,
  "spacing_y": 3.4375,
  "spacing_z": 4.0,
  "summary_bg_k": 42.39591032602287,
  "summary_bg_mad": 4.734761649952795,
  "summary_bg_mean": 30.17951011657715,
  "summary_bg_median": 15.817204475402832,
  "summary_bg_n": 85187.0,
  "summary_bg_p05": 12.0591402053833,
  "summary_bg_p95": 95.89623641967772,
  "summary_bg_stdv": 45.19438171386719,
  "summary_fg_k": 2.296393578742986,
  "summary_fg_mad": 150.69137186599758,
  "summary_fg_mean": 653.9107666015625,
  "summary_fg_median": 611.1854858398438,
  "summary_fg_n": 17774.0,
  "summary_fg_p05": 420.53574829101564,
  "summary_fg_p95": 1057.967236328125,
  "summary_fg_stdv": 195.81410217285156,
  "tsnr": 41.60295793041587
}