{
  "aor": 0.006376358695652174,
  "aqi": 0.005548775217391304,
  "bids_meta": {
    "AcquisitionNumber": 1,
    "AcquisitionTime": "15:05:44.550000",
    "BandwidthPerPixelPhaseEncode": 28.409,
    "ConversionSoftware": "dcm2niix",
    "ConversionSoftwareVersion": "v1.0.20170724 GCC4.4.7",
    "DeviceSerialNumber": "35414",
    "EchoTime": 0.03,
    "EffectiveEchoSpacing": 0.000550002,
    "FlipAngle": 80,
    "ImageType": [
      "ORIGINAL",
      "PRIMARY",
      "FMRI",
      "NONE",
      "ND",
      "MOSAIC"
    ],
    "InstitutionAddress": "Mikeletegi_69_San_Sebastian_District_ES_20009",
    "InstitutionName": "BCBL",
    "MagneticFieldStrength": 3,
    "Manufacturer": "Siemens",
    "ManufacturersModelName": "TrioTim",
    "PhaseEncodingDirection": "j-",
    "PhaseEncodingLines": 64,
    "ProcedureStepDescription": "CRANEO_FUNCIONAL",
    "ProtocolName": "ep2d_PiN_L1_Run1",
    "RepetitionTime": 2,
    "ScanningSequence": "EP",
    "SequenceName": "_epfid2d1_64",
    "SequenceVariant": "SK",
    "SeriesDescription": "ep2d_PiN_L1_Run1",
    "SliceTiming": [
      1.925,
      1.8625,
      1.8,
      1.7375,
      1.675,
      1.615,
      1.5525,
      1.49,
      1.4275,
      1.365,
      1.3025,
      1.24,
      1.18,
      1.1175,
      1.055,
      0.9925,
      0.93,
      0.8675,
      0.8075,
      0.745,
      0.6825,
      0.62,
      0.5575,
      0.495,
      0.435,
      0.3725,
      0.31,
      0.2475,
      0.185,
      0.1225,
      0.06,
      0
    ],
    "SoftwareVersions": "syngo_MR_B17",
    "TaskName": "compL1",
    "TotalReadoutTime": 0.0346501,
    "dataset": "ds003545",
    "modality": "bold",
    "run_id": 1,
    "session_id": "01",
    "subject_id": "06",
    "task_id": "compL1"
  },
  "dummy_trs": 2,
  "dvars_nstd": 19.43266731535519,
  "dvars_std": 1.091517195355191,
  "dvars_vstd": 0.9614536916939891,
  "efc": 0.4580269820203924,
  "fber": 1425.779296875,
  "fd_mean": 0.15683642390652236,
  "fd_num": 31,
  "fd_perc": 16.847826086956523,
  "fwhm_avg": 2.776390696969697,
  "fwhm_x": 2.738295272727273,
  "fwhm_y": 2.9257018181818184,
  "fwhm_z": 2.665175,
  "gcor": 0.0367152,
  "gsr_x": -0.013044810853898525,
  "gsr_y": 0.03309447690844536,
  "provenance": {
    "md5sum": "25e1d8429d88361b5a7a8c3a4ee5ae0c",
    "settings": {
      "fd_thres": 0.2,
      "testing": false
    },
    "software": "mriqc",
    "version": "22.0.6",
    "webapi_port": null,
    "webapi_url": "https://mriqc.nimh.nih.gov/api/v1"
  },
  "size_t": 184,
  "size_x": 64,
  "size_y": 64,
  "size_z": 32,
  "snr": 3.0238719043817226,
  "spacing_tr": 2.0,
  "spacing_x": 3.4375,
  "spacing_y": 3.4375,
  "spacing_z": 4.0,
  "summary_bg_k": 49.071868128938156,
  "summary_bg_mad": 4.1980207810302295,
  "summary_bg_mean": 29.420501708984375,
  "summary_bg_median": 15.956521987915039,
  "summary_bg_n": 85369.0,
  "summary_bg_p05": 12.875,
  "summary_bg_p95": 89.14565429687485,
  "summary_bg_stdv": 43.668731689453125,
  "summary_fg_k": 2.0188431337246753,
  "summary_fg_mad": 152.96183274022945,
  "summary_fg_mean": 654.8007202148438,
  "summary_fg_median": 607.9483642578125,
  "summary_fg_n": 17646.0,
  "summary_fg_p05": 416.1372299194336,
  "summary_fg_p95": 1069.040771484375,
  "summary_fg_stdv": 201.0439453125,
  "tsnr": 58.764619656605646
}