{
  "aor": 0.003441316872427984,
  "aqi": 0.010294835061728397,
  "bids_meta": {
    "AcquisitionNumber": 1,
    "AcquisitionTime": "14:04:1.390000",
    "BandwidthPerPixelPhaseEncode": 29.481,
    "ConversionSoftware": "dcm2niix",
    "ConversionSoftwareVersion": "v1.0.20170724 GCC4.4.7",
    "DeviceSerialNumber": "35414",
    "EchoTime": 0.025,
    "EffectiveEchoSpacing": 0.000530002,
    "FlipAngle": 90,
    "ImageType": [
      "ORIGINAL",
      "PRIMARY",
      "M",
      "ND",
      "MOSAIC"
    ],
    "InstitutionAddress": "Mikeletegi_69_San_Sebastian_District_ES_20009",
    "InstitutionName": "BCBL",
    "MagneticFieldStrength": 3,
    "Manufacturer": "Siemens",
    "ManufacturersModelName": "TrioTim",
    "PhaseEncodingDirection": "j-",
    "PhaseEncodingLines": 64,
    "ProcedureStepDescription": "CRANEO_FUNCIONAL",
    "ProtocolName": "ep2d_VF_L3_Run2",
    "RepetitionTime": 3,
    "ScanningSequence": "EP",
    "SequenceName": "_epfid2d1_64",
    "SequenceVariant": "SK",
    "SeriesDescription": "ep2d_VF_L3_Run2",
    "SliceTiming": [
      2.92,
      2.85,
      2.7825,
      2.7125,
      2.6425,
      2.5725,
      2.5025,
      2.4325,
      2.365,
      2.295,
      2.225,
      2.155,
      2.085,
      2.0175,
      1.9475,
      1.8775,
      1.8075,
      1.7375,
      1.6675,
      1.6,
      1.53,
      1.46,
      1.39,
      1.32,
      1.25,
      1.1825,
      1.1125,
      1.0425,
      0.9725,
      0.9025,
      0.8325,
      0.765,
      0.695,
      0.625,
      0.555,
      0.485,
      0.4175,
      0.3475,
      0.2775,
      0.2075,
      0.1375,
      0.0675,
      0
    ],
    "SoftwareVersions": "syngo_MR_B17",
    "TaskName": "prodLn",
    "TotalReadoutTime": 0.0333901,
    "dataset": "ds003545",
    "modality": "bold",
    "run_id": 2,
    "session_id": "02",
    "subject_id": "06",
    "task_id": "prodLn"
  },
  "dummy_trs": 0,
  "dvars_nstd": 43.704681490909074,
  "dvars_std": 1.2568113466528925,
  "dvars_vstd": 0.9838919767768592,
  "efc": 0.530572921564753,
  "fber": 568.1531372070312,
  "fd_mean": 0.5437272416234488,
  "fd_num": 174,
  "fd_perc": 71.60493827160494,
  "fwhm_avg": 2.94725567057165,
  "fwhm_x": 2.8937566666666665,
  "fwhm_y": 3.0401133333333337,
  "fwhm_z": 2.9078970117149496,
  "gcor": 0.0383385,
  "gsr_x": -0.0022152606397867203,
  "gsr_y": 0.06541842967271805,
  "provenance": {
    "md5sum": "42c6a7bfe16522b41fe6057131d2fcb2",
    "settings": {
      "fd_thres": 0.2,
      "testing": false
    },
    "software": "mriqc",
    "version": "22.0.6",
    "webapi_port": null,
    "webapi_url": "https://mriqc.nimh.nih.gov/api/v1"
  },
  "size_t": 243,
  "size_x": 64,
  "size_y": 64,
  "size_z": 43,
  "snr": 2.7000908738757845,
  "spacing_tr": 3.0,
  "spacing_x": 3.0,
  "spacing_y": 3.0,
  "spacing_z": 3.299999952316284,
  "summary_bg_k": 30.763256018715452,
  "summary_bg_mad": 10.219582227515309,
  "summary_bg_mean": 65.6771240234375,
  "summary_bg_median": 32.46090316772461,
  "summary_bg_n": 108702.0,
  "summary_bg_p05": 24.6707820892334,
  "summary_bg_p95": 226.36418380737294,
  "summary_bg_stdv": 92.52220153808594,
  "summary_fg_k": 2.3053230875894526,
  "summary_fg_mad": 227.57030096394553,
  "summary_fg_mean": 856.2540893554688,
  "summary_fg_median": 787.0411376953125,
  "summary_fg_n": 30817.0,
  "summary_fg_p05": 518.6123291015625,
  "summary_fg_p95": 1459.3884033203124,
  "summary_fg_stdv": 291.482177734375,
  "tsnr": 43.7090135877952
}