{
  "aor": 0.003961567567567568,
  "aqi": 0.004587656324324325,
  "bids_meta": {
    "AcquisitionNumber": 1,
    "AcquisitionTime": "12:17:3.495000",
    "BandwidthPerPixelPhaseEncode": 28.409,
    "ConversionSoftware": "dcm2niix",
    "ConversionSoftwareVersion": "v1.0.20170724 GCC4.4.7",
    "DeviceSerialNumber": "35414",
    "EchoTime": 0.03,
    "EffectiveEchoSpacing": 0.000550002,
    "FlipAngle": 80,
    "ImageType": [
      "ORIGINAL",
      "PRIMARY",
      "FMRI",
      "NONE",
      "ND",
      "MOSAIC"
    ],
    "InstitutionAddress": "Mikeletegi_69_San_Sebastian_District_ES_20009",
    "InstitutionName": "BCBL",
    "MagneticFieldStrength": 3,
    "Manufacturer": "Siemens",
    "ManufacturersModelName": "TrioTim",
    "PhaseEncodingDirection": "j-",
    "PhaseEncodingLines": 64,
    "ProcedureStepDescription": "CRANEO_FUNCIONAL",
    "ProtocolName": "ep2d_PiN_L1_Run1",
    "RepetitionTime": 2,
    "ScanningSequence": "EP",
    "SequenceName": "_epfid2d1_64",
    "SequenceVariant": "SK",
    "SeriesDescription": "ep2d_PiN_L1_Run1",
    "SliceTiming": [
      1.925,
      1.8625,
      1.8,
      1.7375,
      1.675,
      1.615,
      1.5525,
      1.49,
      1.4275,
      1.365,
      1.3025,
      1.2425,
      1.18,
      1.1175,
      1.055,
      0.9925,
      0.93,
      0.8675,
      0.8075,
      0.745,
      0.6825,
      0.62,
      0.5575,
      0.495,
      0.435,
      0.3725,
      0.31,
      0.2475,
      0.185,
      0.1225,
      0.06,
      0
    ],
    "SoftwareVersions": "syngo_MR_B17",
    "TaskName": "compL1",
    "TotalReadoutTime": 0.0346501,
    "dataset": "ds003545",
    "modality": "bold",
    "run_id": 1,
    "session_id": "02",
    "subject_id": "06",
    "task_id": "compL1"
  },
  "dummy_trs": 1,
  "dvars_nstd": 19.90403096048913,
  "dvars_std": 1.0240330455978262,
  "dvars_vstd": 0.9255797663043472,
  "efc": 0.46668879721544126,
  "fber": 1260.29443359375,
  "fd_mean": 0.21822164039928352,
  "fd_num": 53,
  "fd_perc": 28.64864864864865,
  "fwhm_avg": 2.650627,
  "fwhm_x": 2.636064,
  "fwhm_y": 2.7873919999999996,
  "fwhm_z": 2.528425,
  "gcor": 0.0334968,
  "gsr_x": -0.012932323850691319,
  "gsr_y": 0.02902475744485855,
  "provenance": {
    "md5sum": "c8eb263cbcadd3adfcd3c4b0cdd7ae28",
    "settings": {
      "fd_thres": 0.2,
      "testing": false
    },
    "software": "mriqc",
    "version": "22.0.6",
    "webapi_port": null,
    "webapi_url": "https://mriqc.nimh.nih.gov/api/v1"
  },
  "size_t": 185,
  "size_x": 64,
  "size_y": 64,
  "size_z": 32,
  "snr": 3.2917590888406223,
  "spacing_tr": 2.0,
  "spacing_x": 3.4375,
  "spacing_y": 3.4375,
  "spacing_z": 4.0,
  "summary_bg_k": 42.13140887189984,
  "summary_bg_mad": 4.584046298009411,
  "summary_bg_mean": 31.95279312133789,
  "summary_bg_median": 17.297298431396484,
  "summary_bg_n": 85432.0,
  "summary_bg_p05": 13.843243598937988,
  "summary_bg_p95": 99.2648696899414,
  "summary_bg_stdv": 46.422386169433594,
  "summary_fg_k": 1.8368069502181532,
  "summary_fg_mad": 154.59937793045356,
  "summary_fg_mean": 656.159912109375,
  "summary_fg_median": 619.9027099609375,
  "summary_fg_n": 17661.0,
  "summary_fg_p05": 420.6972961425781,
  "summary_fg_p95": 1032.2379150390625,
  "summary_fg_stdv": 188.3142547607422,
  "tsnr": 64.35973071423359
}