{
  "aor": 0.004196324324324325,
  "aqi": 0.005742381945945945,
  "bids_meta": {
    "AcquisitionNumber": 1,
    "AcquisitionTime": "13:32:31.457500",
    "BandwidthPerPixelPhaseEncode": 28.409,
    "ConversionSoftware": "dcm2niix",
    "ConversionSoftwareVersion": "v1.0.20170724 GCC4.4.7",
    "DeviceSerialNumber": "35414",
    "EchoTime": 0.03,
    "EffectiveEchoSpacing": 0.000550002,
    "FlipAngle": 80,
    "ImageType": [
      "ORIGINAL",
      "PRIMARY",
      "FMRI",
      "NONE",
      "ND",
      "MOSAIC"
    ],
    "InstitutionAddress": "Mikeletegi_69_San_Sebastian_District_ES_20009",
    "InstitutionName": "BCBL",
    "MagneticFieldStrength": 3,
    "Manufacturer": "Siemens",
    "ManufacturersModelName": "TrioTim",
    "PhaseEncodingDirection": "j-",
    "PhaseEncodingLines": 64,
    "ProcedureStepDescription": "CRANEO_FUNCIONAL",
    "ProtocolName": "ep2d_PiN_L3_Run1",
    "RepetitionTime": 2,
    "ScanningSequence": "EP",
    "SequenceName": "_epfid2d1_64",
    "SequenceVariant": "SK",
    "SeriesDescription": "ep2d_PiN_L3_Run1",
    "SliceTiming": [
      1.925,
      1.8625,
      1.8,
      1.7375,
      1.675,
      1.615,
      1.5525,
      1.49,
      1.4275,
      1.365,
      1.3025,
      1.2425,
      1.18,
      1.1175,
      1.055,
      0.9925,
      0.93,
      0.8675,
      0.8075,
      0.745,
      0.6825,
      0.62,
      0.5575,
      0.495,
      0.435,
      0.3725,
      0.31,
      0.2475,
      0.185,
      0.1225,
      0.06,
      0
    ],
    "SoftwareVersions": "syngo_MR_B17",
    "TaskName": "compLn",
    "TotalReadoutTime": 0.0346501,
    "dataset": "ds003545",
    "modality": "bold",
    "run_id": 1,
    "session_id": "02",
    "subject_id": "06",
    "task_id": "compLn"
  },
  "dummy_trs": 1,
  "dvars_nstd": 26.62236938239131,
  "dvars_std": 1.226983387826087,
  "dvars_vstd": 0.9720658998369567,
  "efc": 0.46046811160577256,
  "fber": 1354.4439697265625,
  "fd_mean": 0.22695311721306735,
  "fd_num": 62,
  "fd_perc": 33.513513513513516,
  "fwhm_avg": 2.9211216666666666,
  "fwhm_x": 2.931229090909091,
  "fwhm_y": 3.031010909090909,
  "fwhm_z": 2.801125,
  "gcor": 0.019346,
  "gsr_x": -0.016421843320131302,
  "gsr_y": 0.040885746479034424,
  "provenance": {
    "md5sum": "48256f0d1d36e564a8bb48872c0487c1",
    "settings": {
      "fd_thres": 0.2,
      "testing": false
    },
    "software": "mriqc",
    "version": "22.0.6",
    "webapi_port": null,
    "webapi_url": "https://mriqc.nimh.nih.gov/api/v1"
  },
  "size_t": 185,
  "size_x": 64,
  "size_y": 64,
  "size_z": 32,
  "snr": 2.8055091397815053,
  "spacing_tr": 2.0,
  "spacing_x": 3.4375,
  "spacing_y": 3.4375,
  "spacing_z": 4.0,
  "summary_bg_k": 52.51729527417446,
  "summary_bg_mad": 5.35339391758314,
  "summary_bg_mean": 33.187278747558594,
  "summary_bg_median": 16.854055404663086,
  "summary_bg_n": 85279.0,
  "summary_bg_p05": 12.610811233520508,
  "summary_bg_p95": 103.04324340820312,
  "summary_bg_stdv": 55.16498947143555,
  "summary_fg_k": 2.105801514470679,
  "summary_fg_mad": 170.04241203121273,
  "summary_fg_mean": 678.9659423828125,
  "summary_fg_median": 625.0108032226562,
  "summary_fg_n": 17639.0,
  "summary_fg_p05": 420.0373016357422,
  "summary_fg_p95": 1140.1886352539059,
  "summary_fg_stdv": 222.77349853515625,
  "tsnr": 60.89435161394067
}