{
  "aor": 0.005615913978494623,
  "aqi": 0.00236987738172043,
  "bids_meta": {
    "AcquisitionNumber": 1,
    "AcquisitionTime": "12:24:14.902500",
    "BandwidthPerPixelPhaseEncode": 28.409,
    "ConversionSoftware": "dcm2niix",
    "ConversionSoftwareVersion": "v1.0.20170724 GCC4.4.7",
    "DeviceSerialNumber": "35414",
    "EchoTime": 0.03,
    "EffectiveEchoSpacing": 0.000550002,
    "FlipAngle": 80,
    "ImageType": [
      "ORIGINAL",
      "PRIMARY",
      "FMRI",
      "NONE",
      "ND",
      "MOSAIC"
    ],
    "InstitutionAddress": "Mikeletegi_69_San_Sebastian_District_ES_20009",
    "InstitutionName": "BCBL",
    "MagneticFieldStrength": 3,
    "Manufacturer": "Siemens",
    "ManufacturersModelName": "TrioTim",
    "PhaseEncodingDirection": "j-",
    "PhaseEncodingLines": 64,
    "ProcedureStepDescription": "CRANEO_FUNCIONAL",
    "ProtocolName": "ep2d_PiN_L1_Run2",
    "RepetitionTime": 2,
    "ScanningSequence": "EP",
    "SequenceName": "_epfid2d1_64",
    "SequenceVariant": "SK",
    "SeriesDescription": "ep2d_PiN_L1_Run2",
    "SliceTiming": [
      1.925,
      1.8625,
      1.8025,
      1.74,
      1.6775,
      1.615,
      1.5525,
      1.49,
      1.43,
      1.3675,
      1.305,
      1.2425,
      1.18,
      1.1175,
      1.055,
      0.995,
      0.9325,
      0.87,
      0.8075,
      0.745,
      0.6825,
      0.6225,
      0.56,
      0.4975,
      0.435,
      0.3725,
      0.31,
      0.25,
      0.1875,
      0.125,
      0.0625,
      0
    ],
    "SoftwareVersions": "syngo_MR_B17",
    "TaskName": "compL1",
    "TotalReadoutTime": 0.0346501,
    "dataset": "ds003545",
    "modality": "bold",
    "run_id": 2,
    "session_id": "02",
    "subject_id": "06",
    "task_id": "compL1"
  },
  "dummy_trs": 0,
  "dvars_nstd": 16.094565829621622,
  "dvars_std": 1.1704151677297296,
  "dvars_vstd": 1.0214672744324327,
  "efc": 0.46731876614070067,
  "fber": 1250.7635498046875,
  "fd_mean": 0.12001772821869595,
  "fd_num": 26,
  "fd_perc": 13.978494623655914,
  "fwhm_avg": 2.64706103030303,
  "fwhm_x": 2.6063592727272726,
  "fwhm_y": 2.7967738181818182,
  "fwhm_z": 2.53805,
  "gcor": 0.0623743,
  "gsr_x": -0.012872492894530296,
  "gsr_y": 0.029575079679489136,
  "provenance": {
    "md5sum": "88a038d5799c4456dba9b26e0a8b4b68",
    "settings": {
      "fd_thres": 0.2,
      "testing": false
    },
    "software": "mriqc",
    "version": "22.0.6",
    "webapi_port": null,
    "webapi_url": "https://mriqc.nimh.nih.gov/api/v1"
  },
  "size_t": 186,
  "size_x": 64,
  "size_y": 64,
  "size_z": 32,
  "snr": 3.2869469254741808,
  "spacing_tr": 2.0,
  "spacing_x": 3.4375,
  "spacing_y": 3.4375,
  "spacing_z": 4.0,
  "summary_bg_k": 42.950039393759134,
  "summary_bg_mad": 4.423893032353978,
  "summary_bg_mean": 32.203590393066406,
  "summary_bg_median": 17.317203521728516,
  "summary_bg_n": 85379.0,
  "summary_bg_p05": 14.064516067504883,
  "summary_bg_p95": 100.69408721923824,
  "summary_bg_stdv": 47.46548843383789,
  "summary_fg_k": 1.7879512708822416,
  "summary_fg_mad": 154.54137329043513,
  "summary_fg_mean": 655.8492431640625,
  "summary_fg_median": 618.8494873046875,
  "summary_fg_n": 17651.0,
  "summary_fg_p05": 420.4650421142578,
  "summary_fg_p95": 1032.4435424804688,
  "summary_fg_stdv": 188.26953125,
  "tsnr": 94.7795487861149
}