{
  "aor": 0.01109909090909091,
  "aqi": 0.00899477409090909,
  "bids_meta": {
    "AcquisitionNumber": 1,
    "AcquisitionTime": "12:46:33.760000",
    "BandwidthPerPixelPhaseEncode": 29.481,
    "ConversionSoftware": "dcm2niix",
    "ConversionSoftwareVersion": "v1.0.20170724 GCC4.4.7",
    "DeviceSerialNumber": "35414",
    "EchoTime": 0.025,
    "EffectiveEchoSpacing": 0.000530002,
    "FlipAngle": 90,
    "ImageType": [
      "ORIGINAL",
      "PRIMARY",
      "M",
      "ND",
      "MOSAIC"
    ],
    "InstitutionAddress": "Mikeletegi_69_San_Sebastian_District_ES_20009",
    "InstitutionName": "BCBL",
    "MagneticFieldStrength": 3,
    "Manufacturer": "Siemens",
    "ManufacturersModelName": "TrioTim",
    "PhaseEncodingDirection": "j-",
    "PhaseEncodingLines": 64,
    "ProcedureStepDescription": "CRANEO_FUNCIONAL",
    "ProtocolName": "ep2d_VF_L1_Run2",
    "RepetitionTime": 3,
    "ScanningSequence": "EP",
    "SequenceName": "_epfid2d1_64",
    "SequenceVariant": "SK",
    "SeriesDescription": "ep2d_VF_L1_Run2",
    "SliceTiming": [
      2.9225,
      2.8525,
      2.7825,
      2.7125,
      2.645,
      2.575,
      2.505,
      2.435,
      2.365,
      2.295,
      2.2275,
      2.1575,
      2.0875,
      2.0175,
      1.9475,
      1.88,
      1.81,
      1.74,
      1.67,
      1.6,
      1.53,
      1.4625,
      1.3925,
      1.3225,
      1.2525,
      1.1825,
      1.1125,
      1.045,
      0.975,
      0.905,
      0.835,
      0.765,
      0.695,
      0.6275,
      0.5575,
      0.4875,
      0.4175,
      0.3475,
      0.2775,
      0.21,
      0.14,
      0.07,
      0
    ],
    "SoftwareVersions": "syngo_MR_B17",
    "TaskName": "prodL1",
    "TotalReadoutTime": 0.0333901,
    "dataset": "ds003545",
    "modality": "bold",
    "run_id": 2,
    "session_id": "02",
    "subject_id": "06",
    "task_id": "prodL1"
  },
  "dummy_trs": 1,
  "dvars_nstd": 36.62891604,
  "dvars_std": 1.2275001521161828,
  "dvars_vstd": 1.04629788153527,
  "efc": 0.5327949767779011,
  "fber": 552.2890014648438,
  "fd_mean": 0.47959557302034955,
  "fd_num": 155,
  "fd_perc": 64.0495867768595,
  "fwhm_avg": 2.691221931992392,
  "fwhm_x": 2.6387233333333335,
  "fwhm_y": 2.7773333333333334,
  "fwhm_z": 2.657609129310509,
  "gcor": 0.01292,
  "gsr_x": 0.005972935352474451,
  "gsr_y": 0.05828054994344711,
  "provenance": {
    "md5sum": "fa3782e08eeddbb72bd0ead29c882f35",
    "settings": {
      "fd_thres": 0.2,
      "testing": false
    },
    "software": "mriqc",
    "version": "22.0.6",
    "webapi_port": null,
    "webapi_url": "https://mriqc.nimh.nih.gov/api/v1"
  },
  "size_t": 242,
  "size_x": 64,
  "size_y": 64,
  "size_z": 43,
  "snr": 3.161206408415999,
  "spacing_tr": 3.0,
  "spacing_x": 3.0,
  "spacing_y": 3.0,
  "spacing_z": 3.299999952316284,
  "summary_bg_k": 24.441070362941346,
  "summary_bg_mad": 8.938497494237572,
  "summary_bg_mean": 61.461936950683594,
  "summary_bg_median": 32.64462661743164,
  "summary_bg_n": 109315.0,
  "summary_bg_p05": 24.45041275024414,
  "summary_bg_p95": 204.26031494140625,
  "summary_bg_stdv": 79.01131439208984,
  "summary_fg_k": 1.9982728184348293,
  "summary_fg_mad": 202.82856202491072,
  "summary_fg_mean": 815.6051635742188,
  "summary_fg_median": 767.6900634765625,
  "summary_fg_n": 30627.0,
  "summary_fg_p05": 514.6706176757813,
  "summary_fg_p95": 1302.0771972656248,
  "summary_fg_stdv": 242.8432159423828,
  "tsnr": 42.83429930463899
}