{
  "aor": 0.01198127572016461,
  "aqi": 0.015443231646090533,
  "bids_meta": {
    "AcquisitionNumber": 1,
    "AcquisitionTime": "15:47:2.547500",
    "BandwidthPerPixelPhaseEncode": 29.481,
    "BodyPartExamined": "BRAIN",
    "ConversionSoftware": "dcm2niix",
    "ConversionSoftwareVersion": "v1.0.20170724 GCC4.4.7",
    "DeviceSerialNumber": "167004",
    "EchoTime": 0.025,
    "EchoTrainLength": 64,
    "EffectiveEchoSpacing": 0.000530002,
    "FlipAngle": 90,
    "ImageType": [
      "ORIGINAL",
      "PRIMARY",
      "M",
      "ND",
      "MOSAIC"
    ],
    "InstitutionAddress": "Mikeletegi_69_San_Sebastian_District_ES_20009",
    "InstitutionName": "BCBL",
    "MagneticFieldStrength": 3,
    "Manufacturer": "Siemens",
    "ManufacturersModelName": "Prisma_fit",
    "PhaseEncodingDirection": "j-",
    "PhaseEncodingLines": 64,
    "ProcedureStepDescription": "CRANEO_FUNCIONAL",
    "ProtocolName": "ep2d_VF_L1_Run2",
    "RepetitionTime": 3,
    "ScanningSequence": "EP",
    "SequenceName": "_epfid2d1_64",
    "SequenceVariant": "SK",
    "SeriesDescription": "ep2d_VF_L1_Run2",
    "SliceTiming": [
      2.91,
      2.84,
      2.7725,
      2.7025,
      2.6325,
      2.5625,
      2.495,
      2.425,
      2.355,
      2.2875,
      2.2175,
      2.1475,
      2.0775,
      2.01,
      1.94,
      1.87,
      1.8025,
      1.7325,
      1.6625,
      1.5925,
      1.525,
      1.455,
      1.385,
      1.315,
      1.2475,
      1.1775,
      1.1075,
      1.04,
      0.97,
      0.9,
      0.83,
      0.7625,
      0.6925,
      0.6225,
      0.555,
      0.485,
      0.415,
      0.345,
      0.2775,
      0.2075,
      0.1375,
      0.07,
      0
    ],
    "SoftwareVersions": "syngo_MR_E11",
    "TaskName": "prodL1",
    "TotalReadoutTime": 0.0333901,
    "dataset": "ds003545",
    "modality": "bold",
    "run_id": 2,
    "session_id": "02",
    "subject_id": "21",
    "task_id": "prodL1"
  },
  "dummy_trs": 0,
  "dvars_nstd": 60.960691704628104,
  "dvars_std": 1.3262305166528918,
  "dvars_vstd": 1.028627079586777,
  "efc": 0.5628064962199661,
  "fber": 414.21893310546875,
  "fd_mean": 0.761528373365668,
  "fd_num": 190,
  "fd_perc": 78.18930041152264,
  "fwhm_avg": 3.352190218123783,
  "fwhm_x": 2.9752433333333332,
  "fwhm_y": 3.7379333333333338,
  "fwhm_z": 3.343393987704682,
  "gcor": 0.0379886,
  "gsr_x": 0.008276415057480335,
  "gsr_y": 0.07152580469846725,
  "provenance": {
    "md5sum": "b56300d4502fb5ba8823cf3911b93575",
    "settings": {
      "fd_thres": 0.2,
      "testing": false
    },
    "software": "mriqc",
    "version": "22.0.6",
    "webapi_port": null,
    "webapi_url": "https://mriqc.nimh.nih.gov/api/v1"
  },
  "size_t": 243,
  "size_x": 64,
  "size_y": 64,
  "size_z": 43,
  "snr": 1.7763284614584172,
  "spacing_tr": 3.0,
  "spacing_x": 3.0,
  "spacing_y": 3.0,
  "spacing_z": 3.299999952316284,
  "summary_bg_k": 21.24885935379568,
  "summary_bg_mad": 13.050557615786497,
  "summary_bg_mean": 108.38436126708984,
  "summary_bg_median": 38.25102615356445,
  "summary_bg_n": 96453.0,
  "summary_bg_p05": 28.496295547485353,
  "summary_bg_p95": 476.6296264648436,
  "summary_bg_stdv": 185.5340576171875,
  "summary_fg_k": 0.8008016180196709,
  "summary_fg_mad": 423.20058670251194,
  "summary_fg_mean": 922.3724975585938,
  "summary_fg_median": 814.6625366210938,
  "summary_fg_n": 38653.0,
  "summary_fg_p05": 382.3291931152344,
  "summary_fg_p95": 1827.737353515625,
  "summary_fg_stdv": 458.6156311035156,
  "tsnr": 32.62492451828439
}