{
  "aor": 0.012097201646090534,
  "aqi": 0.008731600493827159,
  "bids_meta": {
    "AcquisitionNumber": 1,
    "AcquisitionTime": "14:19:48.802500",
    "BandwidthPerPixelPhaseEncode": 29.481,
    "BodyPartExamined": "BRAIN",
    "ConversionSoftware": "dcm2niix",
    "ConversionSoftwareVersion": "v1.0.20170724 GCC4.4.7",
    "DeviceSerialNumber": "167004",
    "EchoTime": 0.025,
    "EchoTrainLength": 64,
    "EffectiveEchoSpacing": 0.000530002,
    "FlipAngle": 90,
    "ImageType": [
      "ORIGINAL",
      "PRIMARY",
      "M",
      "ND",
      "MOSAIC"
    ],
    "InstitutionAddress": "Mikeletegi_69_San_Sebastian_District_ES_20009",
    "InstitutionName": "BCBL",
    "MagneticFieldStrength": 3,
    "Manufacturer": "Siemens",
    "ManufacturersModelName": "Prisma_fit",
    "PhaseEncodingDirection": "j-",
    "PhaseEncodingLines": 64,
    "ProcedureStepDescription": "CRANEO_FUNCIONAL",
    "ProtocolName": "ep2d_VF_L3_Run1",
    "RepetitionTime": 3,
    "ScanningSequence": "EP",
    "SequenceName": "_epfid2d1_64",
    "SequenceVariant": "SK",
    "SeriesDescription": "ep2d_VF_L3_Run1",
    "SliceTiming": [
      2.91,
      2.84,
      2.77,
      2.7025,
      2.6325,
      2.5625,
      2.4925,
      2.425,
      2.355,
      2.285,
      2.2175,
      2.1475,
      2.0775,
      2.0075,
      1.94,
      1.87,
      1.8,
      1.7325,
      1.6625,
      1.5925,
      1.5225,
      1.455,
      1.385,
      1.315,
      1.245,
      1.1775,
      1.1075,
      1.0375,
      0.97,
      0.9,
      0.83,
      0.76,
      0.6925,
      0.6225,
      0.5525,
      0.485,
      0.415,
      0.345,
      0.275,
      0.2075,
      0.1375,
      0.0675,
      0
    ],
    "SoftwareVersions": "syngo_MR_E11",
    "TaskName": "prodLn",
    "TotalReadoutTime": 0.0333901,
    "dataset": "ds003545",
    "modality": "bold",
    "run_id": 1,
    "session_id": "02",
    "subject_id": "21",
    "task_id": "prodLn"
  },
  "dummy_trs": 0,
  "dvars_nstd": 40.43776888107438,
  "dvars_std": 1.3667518510330579,
  "dvars_vstd": 1.0723296830165294,
  "efc": 0.6058366257640492,
  "fber": 363.00750732421875,
  "fd_mean": 0.37600910490758427,
  "fd_num": 142,
  "fd_perc": 58.43621399176955,
  "fwhm_avg": 2.909314963990887,
  "fwhm_x": 2.63505,
  "fwhm_y": 3.0832766666666664,
  "fwhm_z": 3.009618225305994,
  "gcor": 0.0210847,
  "gsr_x": 0.0055364081636071205,
  "gsr_y": 0.08015923202037811,
  "provenance": {
    "md5sum": "8f03641e4f0edc0daa5acfaf776bc269",
    "settings": {
      "fd_thres": 0.2,
      "testing": false
    },
    "software": "mriqc",
    "version": "22.0.6",
    "webapi_port": null,
    "webapi_url": "https://mriqc.nimh.nih.gov/api/v1"
  },
  "size_t": 243,
  "size_x": 64,
  "size_y": 64,
  "size_z": 43,
  "snr": 2.2794078206772546,
  "spacing_tr": 3.0,
  "spacing_x": 3.0,
  "spacing_y": 3.0,
  "spacing_z": 3.299999952316284,
  "summary_bg_k": 15.930632659640104,
  "summary_bg_mad": 13.544762125740784,
  "summary_bg_mean": 110.35694122314453,
  "summary_bg_median": 44.25514221191406,
  "summary_bg_n": 87233.0,
  "summary_bg_p05": 34.053497314453125,
  "summary_bg_p95": 460.79176635742175,
  "summary_bg_stdv": 167.91607666015625,
  "summary_fg_k": 0.6980210285008659,
  "summary_fg_mad": 384.6468661338761,
  "summary_fg_mean": 983.0614624023438,
  "summary_fg_median": 909.1769409179688,
  "summary_fg_n": 42205.0,
  "summary_fg_p05": 468.506982421875,
  "summary_fg_p95": 1736.9933837890621,
  "summary_fg_stdv": 398.8606872558594,
  "tsnr": 45.82432998716831
}