{
  "aor": 0.011900053763440862,
  "aqi": 0.007797596774193547,
  "bids_meta": {
    "AcquisitionNumber": 1,
    "AcquisitionTime": "15:42:10.997500",
    "BandwidthPerPixelPhaseEncode": 28.409,
    "ConversionSoftware": "dcm2niix",
    "ConversionSoftwareVersion": "v1.0.20170724 GCC4.4.7",
    "DeviceSerialNumber": "35414",
    "EchoTime": 0.03,
    "EffectiveEchoSpacing": 0.000550002,
    "FlipAngle": 80,
    "ImageType": [
      "ORIGINAL",
      "PRIMARY",
      "FMRI",
      "NONE",
      "ND",
      "MOSAIC"
    ],
    "InstitutionAddress": "Mikeletegi_69_San_Sebastian_District_ES_20009",
    "InstitutionName": "BCBL",
    "MagneticFieldStrength": 3,
    "Manufacturer": "Siemens",
    "ManufacturersModelName": "TrioTim",
    "PhaseEncodingDirection": "j-",
    "PhaseEncodingLines": 64,
    "ProcedureStepDescription": "CRANEO_FUNCIONAL",
    "ProtocolName": "ep2d_PiN_L1_Run1",
    "RepetitionTime": 2,
    "ScanningSequence": "EP",
    "SequenceName": "_epfid2d1_64",
    "SequenceVariant": "SK",
    "SeriesDescription": "ep2d_PiN_L1_Run1",
    "SliceTiming": [
      1.925,
      1.8625,
      1.8,
      1.74,
      1.6775,
      1.615,
      1.5525,
      1.49,
      1.4275,
      1.3675,
      1.305,
      1.2425,
      1.18,
      1.1175,
      1.055,
      0.9925,
      0.9325,
      0.87,
      0.8075,
      0.745,
      0.6825,
      0.62,
      0.56,
      0.4975,
      0.435,
      0.3725,
      0.31,
      0.2475,
      0.1875,
      0.125,
      0.0625,
      0
    ],
    "SoftwareVersions": "syngo_MR_B17",
    "TaskName": "compL1",
    "TotalReadoutTime": 0.0346501,
    "dataset": "ds003545",
    "modality": "bold",
    "run_id": 1,
    "session_id": "02",
    "subject_id": "01",
    "task_id": "compL1"
  },
  "dummy_trs": 0,
  "dvars_nstd": 31.205526439837833,
  "dvars_std": 1.1691063174054046,
  "dvars_vstd": 0.9984938099459459,
  "efc": 0.4924758609619785,
  "fber": 957.557861328125,
  "fd_mean": 0.3934277602575997,
  "fd_num": 74,
  "fd_perc": 39.784946236559136,
  "fwhm_avg": 2.9207167575757573,
  "fwhm_x": 2.8967098181818183,
  "fwhm_y": 3.0980654545454542,
  "fwhm_z": 2.767375,
  "gcor": 0.0355995,
  "gsr_x": 0.0063651930540800095,
  "gsr_y": 0.03849063068628311,
  "provenance": {
    "md5sum": "245502f134b9172608bcc315e216451e",
    "settings": {
      "fd_thres": 0.2,
      "testing": false
    },
    "software": "mriqc",
    "version": "22.0.6",
    "webapi_port": null,
    "webapi_url": "https://mriqc.nimh.nih.gov/api/v1"
  },
  "size_t": 186,
  "size_x": 64,
  "size_y": 64,
  "size_z": 32,
  "snr": 2.7093411021949314,
  "spacing_tr": 2.0,
  "spacing_x": 3.4375,
  "spacing_y": 3.4375,
  "spacing_z": 4.0,
  "summary_bg_k": 45.27151726792748,
  "summary_bg_mad": 8.22605024342998,
  "summary_bg_mean": 41.18442916870117,
  "summary_bg_median": 19.9946231842041,
  "summary_bg_n": 81516.0,
  "summary_bg_p05": 13.946236610412598,
  "summary_bg_p95": 132.4865608215332,
  "summary_bg_stdv": 69.43134307861328,
  "summary_fg_k": 1.9122967765084455,
  "summary_fg_mad": 190.58605383755582,
  "summary_fg_mean": 675.0499267578125,
  "summary_fg_median": 624.2903442382812,
  "summary_fg_n": 20347.0,
  "summary_fg_p05": 400.2059265136719,
  "summary_fg_p95": 1142.1591186523442,
  "summary_fg_stdv": 230.41580200195312,
  "tsnr": 44.46235818963032
}