{
  "aor": 0.020136157024793388,
  "aqi": 0.018191584586776856,
  "bids_meta": {
    "AcquisitionNumber": 1,
    "AcquisitionTime": "16:16:17.227500",
    "BandwidthPerPixelPhaseEncode": 29.481,
    "ConversionSoftware": "dcm2niix",
    "ConversionSoftwareVersion": "v1.0.20170724 GCC4.4.7",
    "DeviceSerialNumber": "35414",
    "EchoTime": 0.025,
    "EffectiveEchoSpacing": 0.000530002,
    "FlipAngle": 90,
    "ImageType": [
      "ORIGINAL",
      "PRIMARY",
      "M",
      "ND",
      "MOSAIC"
    ],
    "InstitutionAddress": "Mikeletegi_69_San_Sebastian_District_ES_20009",
    "InstitutionName": "BCBL",
    "MagneticFieldStrength": 3,
    "Manufacturer": "Siemens",
    "ManufacturersModelName": "TrioTim",
    "PhaseEncodingDirection": "j-",
    "PhaseEncodingLines": 64,
    "ProcedureStepDescription": "CRANEO_FUNCIONAL",
    "ProtocolName": "ep2d_VF_L1_Run2",
    "RepetitionTime": 3,
    "ScanningSequence": "EP",
    "SequenceName": "_epfid2d1_64",
    "SequenceVariant": "SK",
    "SeriesDescription": "ep2d_VF_L1_Run2",
    "SliceTiming": [
      2.9225,
      2.8525,
      2.7825,
      2.715,
      2.645,
      2.575,
      2.505,
      2.435,
      2.365,
      2.2975,
      2.2275,
      2.1575,
      2.0875,
      2.0175,
      1.9475,
      1.88,
      1.81,
      1.74,
      1.67,
      1.6,
      1.53,
      1.4625,
      1.3925,
      1.3225,
      1.2525,
      1.1825,
      1.115,
      1.045,
      0.975,
      0.905,
      0.835,
      0.765,
      0.6975,
      0.6275,
      0.5575,
      0.4875,
      0.4175,
      0.3475,
      0.28,
      0.21,
      0.14,
      0.07,
      0
    ],
    "SoftwareVersions": "syngo_MR_B17",
    "TaskName": "prodL1",
    "TotalReadoutTime": 0.0333901,
    "dataset": "ds003545",
    "modality": "bold",
    "run_id": 2,
    "session_id": "02",
    "subject_id": "01",
    "task_id": "prodL1"
  },
  "dummy_trs": 1,
  "dvars_nstd": 68.02162130834026,
  "dvars_std": 1.3717145972614113,
  "dvars_vstd": 1.1512306967219916,
  "efc": 0.5737916016779867,
  "fber": 367.7276306152344,
  "fd_mean": 1.1970583085799194,
  "fd_num": 212,
  "fd_perc": 87.60330578512396,
  "fwhm_avg": 2.830575266278115,
  "fwhm_x": 2.643266666666667,
  "fwhm_y": 2.993116666666667,
  "fwhm_z": 2.855342465501012,
  "gcor": 0.0253263,
  "gsr_x": 0.015087024308741093,
  "gsr_y": 0.06695447862148285,
  "provenance": {
    "md5sum": "248775a762f1fa02046a2cd23b32e61e",
    "settings": {
      "fd_thres": 0.2,
      "testing": false
    },
    "software": "mriqc",
    "version": "22.0.6",
    "webapi_port": null,
    "webapi_url": "https://mriqc.nimh.nih.gov/api/v1"
  },
  "size_t": 242,
  "size_x": 64,
  "size_y": 64,
  "size_z": 43,
  "snr": 2.910654022928397,
  "spacing_tr": 3.0,
  "spacing_x": 3.0,
  "spacing_y": 3.0,
  "spacing_z": 3.299999952316284,
  "summary_bg_k": 30.33312092378295,
  "summary_bg_mad": 16.95802639077273,
  "summary_bg_mean": 75.14016723632812,
  "summary_bg_median": 38.53305435180664,
  "summary_bg_n": 101424.0,
  "summary_bg_p05": 24.942148208618164,
  "summary_bg_p95": 250.9940040588378,
  "summary_bg_stdv": 102.91393280029297,
  "summary_fg_k": 1.7408969475111675,
  "summary_fg_mad": 226.28981007692383,
  "summary_fg_mean": 802.248779296875,
  "summary_fg_median": 752.0743408203125,
  "summary_fg_n": 35882.0,
  "summary_fg_p05": 481.27765197753905,
  "summary_fg_p95": 1309.5718627929687,
  "summary_fg_stdv": 258.38311767578125,
  "tsnr": 27.132388219353743
}