{
  "aor": 0.010001358024691358,
  "aqi": 0.02584621563786008,
  "bids_meta": {
    "AcquisitionNumber": 1,
    "AcquisitionTime": "10:25:32.642500",
    "BandwidthPerPixelPhaseEncode": 29.481,
    "ConversionSoftware": "dcm2niix",
    "ConversionSoftwareVersion": "v1.0.20170724 GCC4.4.7",
    "DeviceSerialNumber": "35414",
    "EchoTime": 0.025,
    "EffectiveEchoSpacing": 0.000530002,
    "FlipAngle": 90,
    "ImageType": [
      "ORIGINAL",
      "PRIMARY",
      "M",
      "ND",
      "MOSAIC"
    ],
    "InstitutionAddress": "Mikeletegi_69_San_Sebastian_District_ES_20009",
    "InstitutionName": "BCBL",
    "MagneticFieldStrength": 3,
    "Manufacturer": "Siemens",
    "ManufacturersModelName": "TrioTim",
    "PhaseEncodingDirection": "j-",
    "PhaseEncodingLines": 64,
    "ProcedureStepDescription": "CRANEO_FUNCIONAL",
    "ProtocolName": "ep2d_VF_L3_Run2",
    "RepetitionTime": 3,
    "ScanningSequence": "EP",
    "SequenceName": "_epfid2d1_64",
    "SequenceVariant": "SK",
    "SeriesDescription": "ep2d_VF_L3_Run2",
    "SliceTiming": [
      2.9225,
      2.8525,
      2.7825,
      2.715,
      2.645,
      2.575,
      2.505,
      2.435,
      2.3675,
      2.2975,
      2.2275,
      2.1575,
      2.0875,
      2.0175,
      1.95,
      1.88,
      1.81,
      1.74,
      1.67,
      1.6,
      1.5325,
      1.4625,
      1.3925,
      1.3225,
      1.2525,
      1.1825,
      1.115,
      1.045,
      0.975,
      0.905,
      0.835,
      0.7675,
      0.6975,
      0.6275,
      0.5575,
      0.4875,
      0.4175,
      0.35,
      0.28,
      0.21,
      0.14,
      0.07,
      0
    ],
    "SoftwareVersions": "syngo_MR_B17",
    "TaskName": "prodLn",
    "TotalReadoutTime": 0.0333901,
    "dataset": "ds003545",
    "modality": "bold",
    "run_id": 2,
    "session_id": "02",
    "subject_id": "01",
    "task_id": "prodLn"
  },
  "dummy_trs": 0,
  "dvars_nstd": 83.98815779227276,
  "dvars_std": 1.1751804540082653,
  "dvars_vstd": 0.9809834655785129,
  "efc": 0.56273738509181,
  "fber": 371.39447021484375,
  "fd_mean": 1.7335173511317872,
  "fd_num": 227,
  "fd_perc": 93.4156378600823,
  "fwhm_avg": 3.168044156545657,
  "fwhm_x": 3.0240233333333335,
  "fwhm_y": 3.338533333333333,
  "fwhm_z": 3.1415758029703054,
  "gcor": 0.0569478,
  "gsr_x": 0.017388099804520607,
  "gsr_y": 0.0751873105764389,
  "provenance": {
    "md5sum": "39196c01c46532c42a73b2288f88c590",
    "settings": {
      "fd_thres": 0.2,
      "testing": false
    },
    "software": "mriqc",
    "version": "22.0.6",
    "webapi_port": null,
    "webapi_url": "https://mriqc.nimh.nih.gov/api/v1"
  },
  "size_t": 243,
  "size_x": 64,
  "size_y": 64,
  "size_z": 43,
  "snr": 2.449711572108384,
  "spacing_tr": 3.0,
  "spacing_x": 3.0,
  "spacing_y": 3.0,
  "spacing_z": 3.299999952316284,
  "summary_bg_k": 28.835942130285076,
  "summary_bg_mad": 19.615496870065208,
  "summary_bg_mean": 82.9449462890625,
  "summary_bg_median": 41.82304382324219,
  "summary_bg_n": 101569.0,
  "summary_bg_p05": 26.847736358642578,
  "summary_bg_p95": 282.1654174804687,
  "summary_bg_stdv": 114.6169204711914,
  "summary_fg_k": 2.3746225463953747,
  "summary_fg_mad": 265.7335534800392,
  "summary_fg_mean": 888.0120849609375,
  "summary_fg_median": 810.2509765625,
  "summary_fg_n": 35722.0,
  "summary_fg_p05": 509.4205612182617,
  "summary_fg_p95": 1570.4388671875,
  "summary_fg_stdv": 330.7489929199219,
  "tsnr": 19.931093278806657
}