{
  "aor": 0.01019784946236559,
  "aqi": 0.0036222451075268816,
  "bids_meta": {
    "AcquisitionNumber": 1,
    "AcquisitionTime": "10:01:57.497500",
    "BandwidthPerPixelPhaseEncode": 28.409,
    "ConversionSoftware": "dcm2niix",
    "ConversionSoftwareVersion": "v1.0.20170724 GCC4.4.7",
    "DeviceSerialNumber": "35414",
    "EchoTime": 0.03,
    "EffectiveEchoSpacing": 0.000550002,
    "FlipAngle": 80,
    "ImageType": [
      "ORIGINAL",
      "PRIMARY",
      "FMRI",
      "NONE",
      "ND",
      "MOSAIC"
    ],
    "InstitutionAddress": "Mikeletegi_69_San_Sebastian_District_ES_20009",
    "InstitutionName": "BCBL",
    "MagneticFieldStrength": 3,
    "Manufacturer": "Siemens",
    "ManufacturersModelName": "TrioTim",
    "PhaseEncodingDirection": "j-",
    "PhaseEncodingLines": 64,
    "ProcedureStepDescription": "CRANEO_FUNCIONAL",
    "ProtocolName": "ep2d_PiN_L3_Run2",
    "RepetitionTime": 2,
    "ScanningSequence": "EP",
    "SequenceName": "_epfid2d1_64",
    "SequenceVariant": "SK",
    "SeriesDescription": "ep2d_PiN_L3_Run2",
    "SliceTiming": [
      1.925,
      1.8625,
      1.8,
      1.7375,
      1.6775,
      1.615,
      1.5525,
      1.49,
      1.4275,
      1.365,
      1.305,
      1.2425,
      1.18,
      1.1175,
      1.055,
      0.9925,
      0.9325,
      0.87,
      0.8075,
      0.745,
      0.6825,
      0.62,
      0.5575,
      0.4975,
      0.435,
      0.3725,
      0.31,
      0.2475,
      0.185,
      0.125,
      0.0625,
      0
    ],
    "SoftwareVersions": "syngo_MR_B17",
    "TaskName": "compLn",
    "TotalReadoutTime": 0.0346501,
    "dataset": "ds003545",
    "modality": "bold",
    "run_id": 2,
    "session_id": "02",
    "subject_id": "01",
    "task_id": "compLn"
  },
  "dummy_trs": 0,
  "dvars_nstd": 28.09108123805404,
  "dvars_std": 1.315151211081081,
  "dvars_vstd": 1.0591609911351354,
  "efc": 0.4837744724101149,
  "fber": 960.68701171875,
  "fd_mean": 0.24462234521747497,
  "fd_num": 72,
  "fd_perc": 38.70967741935484,
  "fwhm_avg": 3.1922215151515148,
  "fwhm_x": 3.155898181818182,
  "fwhm_y": 3.3985163636363636,
  "fwhm_z": 3.02225,
  "gcor": 0.0419743,
  "gsr_x": 0.0022240409161895514,
  "gsr_y": 0.03953806683421135,
  "provenance": {
    "md5sum": "b1a487a5b3c4e3e2fe47a6dc2a648d67",
    "settings": {
      "fd_thres": 0.2,
      "testing": false
    },
    "software": "mriqc",
    "version": "22.0.6",
    "webapi_port": null,
    "webapi_url": "https://mriqc.nimh.nih.gov/api/v1"
  },
  "size_t": 186,
  "size_x": 64,
  "size_y": 64,
  "size_z": 32,
  "snr": 2.283826424456619,
  "spacing_tr": 2.0,
  "spacing_x": 3.4375,
  "spacing_y": 3.4375,
  "spacing_z": 4.0,
  "summary_bg_k": 47.11601761539753,
  "summary_bg_mad": 9.01517718508878,
  "summary_bg_mean": 44.5449333190918,
  "summary_bg_median": 21.387096405029297,
  "summary_bg_n": 81319.0,
  "summary_bg_p05": 14.655914306640625,
  "summary_bg_p95": 147.6467742919916,
  "summary_bg_stdv": 75.17546844482422,
  "summary_fg_k": 1.8403983887252995,
  "summary_fg_mad": 232.89609516981943,
  "summary_fg_mean": 744.8302612304688,
  "summary_fg_median": 668.3118286132812,
  "summary_fg_n": 20387.0,
  "summary_fg_p05": 417.5962341308594,
  "summary_fg_p95": 1356.980102539063,
  "summary_fg_stdv": 292.6209411621094,
  "tsnr": 61.93965983344242
}