{
  "aor": 0.007267634408602151,
  "aqi": 0.0039229949999999994,
  "bids_meta": {
    "AcquisitionNumber": 1,
    "AcquisitionTime": "09:54:35.550000",
    "BandwidthPerPixelPhaseEncode": 28.409,
    "ConversionSoftware": "dcm2niix",
    "ConversionSoftwareVersion": "v1.0.20170724 GCC4.4.7",
    "DeviceSerialNumber": "35414",
    "EchoTime": 0.03,
    "EffectiveEchoSpacing": 0.000550002,
    "FlipAngle": 80,
    "ImageType": [
      "ORIGINAL",
      "PRIMARY",
      "FMRI",
      "NONE",
      "ND",
      "MOSAIC"
    ],
    "InstitutionAddress": "Mikeletegi_69_San_Sebastian_District_ES_20009",
    "InstitutionName": "BCBL",
    "MagneticFieldStrength": 3,
    "Manufacturer": "Siemens",
    "ManufacturersModelName": "TrioTim",
    "PhaseEncodingDirection": "j-",
    "PhaseEncodingLines": 64,
    "ProcedureStepDescription": "CRANEO_FUNCIONAL",
    "ProtocolName": "ep2d_PiN_L3_Run1",
    "RepetitionTime": 2,
    "ScanningSequence": "EP",
    "SequenceName": "_epfid2d1_64",
    "SequenceVariant": "SK",
    "SeriesDescription": "ep2d_PiN_L3_Run1",
    "SliceTiming": [
      1.925,
      1.8625,
      1.8,
      1.74,
      1.6775,
      1.615,
      1.5525,
      1.49,
      1.4275,
      1.3675,
      1.305,
      1.2425,
      1.18,
      1.1175,
      1.055,
      0.995,
      0.9325,
      0.87,
      0.8075,
      0.745,
      0.6825,
      0.62,
      0.56,
      0.4975,
      0.435,
      0.3725,
      0.31,
      0.2475,
      0.1875,
      0.125,
      0.0625,
      0
    ],
    "SoftwareVersions": "syngo_MR_B17",
    "TaskName": "compLn",
    "TotalReadoutTime": 0.0346501,
    "dataset": "ds003545",
    "modality": "bold",
    "run_id": 1,
    "session_id": "02",
    "subject_id": "01",
    "task_id": "compLn"
  },
  "dummy_trs": 0,
  "dvars_nstd": 27.57787667329729,
  "dvars_std": 1.2959246957297301,
  "dvars_vstd": 1.0452253587567573,
  "efc": 0.4833629438362104,
  "fber": 952.6857299804688,
  "fd_mean": 0.2367914233186035,
  "fd_num": 68,
  "fd_perc": 36.55913978494624,
  "fwhm_avg": 3.106555,
  "fwhm_x": 3.1112436363636364,
  "fwhm_y": 3.3261963636363636,
  "fwhm_z": 2.882225,
  "gcor": 0.0375422,
  "gsr_x": 0.003357233479619026,
  "gsr_y": 0.03721024841070175,
  "provenance": {
    "md5sum": "f231b04721de0b760a5cf660ac623c16",
    "settings": {
      "fd_thres": 0.2,
      "testing": false
    },
    "software": "mriqc",
    "version": "22.0.6",
    "webapi_port": null,
    "webapi_url": "https://mriqc.nimh.nih.gov/api/v1"
  },
  "size_t": 186,
  "size_x": 64,
  "size_y": 64,
  "size_z": 32,
  "snr": 2.265178543190518,
  "spacing_tr": 2.0,
  "spacing_x": 3.4375,
  "spacing_y": 3.4375,
  "spacing_z": 4.0,
  "summary_bg_k": 42.42631416288865,
  "summary_bg_mad": 9.318075537579757,
  "summary_bg_mean": 45.565086364746094,
  "summary_bg_median": 21.483871459960938,
  "summary_bg_n": 81564.0,
  "summary_bg_p05": 14.467741966247559,
  "summary_bg_p95": 153.70080184936472,
  "summary_bg_stdv": 78.1273422241211,
  "summary_fg_k": 1.8970631421437236,
  "summary_fg_mad": 231.9873407277209,
  "summary_fg_mean": 746.3392944335938,
  "summary_fg_median": 668.220458984375,
  "summary_fg_n": 20421.0,
  "summary_fg_p05": 418.06451416015625,
  "summary_fg_p95": 1370.0645751953125,
  "summary_fg_stdv": 294.9895935058594,
  "tsnr": 63.011487203184515
}