{
  "bids_meta": {
    "AccelFactPE": 2,
    "AcquisitionNumber": 1,
    "AcquisitionTime": "13:27:10.180000",
    "ConversionSoftware": "dcm2niix",
    "ConversionSoftwareVersion": "v1.0.20170724 GCC4.4.7",
    "DeviceSerialNumber": "35414",
    "EchoTime": 0.00297,
    "FlipAngle": 7,
    "ImageType": [
      "ORIGINAL",
      "PRIMARY",
      "M",
      "ND",
      "NORM"
    ],
    "InstitutionAddress": "Mikeletegi_69_San_Sebastian_District_ES_20009",
    "InstitutionName": "BCBL",
    "InversionTime": 1.1,
    "MagneticFieldStrength": 3,
    "Manufacturer": "Siemens",
    "ManufacturersModelName": "TrioTim",
    "PhaseEncodingDirection": "i-",
    "PhaseEncodingLines": 256,
    "ProcedureStepDescription": "CRANEO_FUNCIONAL",
    "ProtocolName": "t1_mpr_tra_p2_iso",
    "RepetitionTime": 2.53,
    "ScanningSequence": "GR_IR",
    "SequenceName": "_tfl3d1",
    "SequenceVariant": "SP_MP_OSP",
    "SeriesDescription": "t1_mpr_tra_p2_iso",
    "SoftwareVersions": "syngo_MR_B17",
    "dataset": "ds003545",
    "modality": "T1w",
    "session_id": "02",
    "subject_id": "24"
  },
  "cjv": 0.3095209629929825,
  "cnr": 4.259564864855457,
  "efc": 0.5483216402113129,
  "fber": 13681.113495770738,
  "fwhm_avg": 4.411706666666666,
  "fwhm_x": 4.16631,
  "fwhm_y": 4.82002,
  "fwhm_z": 4.24879,
  "icvs_csf": 0.18526842104721417,
  "icvs_gm": 0.4607134158169355,
  "icvs_wm": 0.35401816313585033,
  "inu_med": 0.5033302903175354,
  "inu_range": 0.22989993691444388,
  "provenance": {
    "md5sum": "0e54a774c614190e6e9d0aaa98208a7b",
    "settings": {
      "testing": false
    },
    "software": "mriqc",
    "version": "22.0.6",
    "warnings": {
      "large_rot_frame": true,
      "small_air_mask": false
    },
    "webapi_port": null,
    "webapi_url": "https://mriqc.nimh.nih.gov/api/v1"
  },
  "qi_1": 0.0,
  "qi_2": 0.02520675762042379,
  "rpve_csf": 24.989769887944487,
  "rpve_gm": 10.997399752071635,
  "rpve_wm": 16.043933711197447,
  "size_x": 256,
  "size_y": 256,
  "size_z": 176,
  "snr_csf": 1.9045259937747394,
  "snr_gm": 12.11091168390945,
  "snr_total": 12.857659076873452,
  "snr_wm": 24.55753955293616,
  "snrd_csf": 23.351805732162113,
  "snrd_gm": 66.31331891123448,
  "snrd_total": 61.554581207445985,
  "snrd_wm": 94.99861897894137,
  "spacing_x": 1.0,
  "spacing_y": 1.0,
  "spacing_z": 1.0,
  "summary_bg_k": 6.137854849115506,
  "summary_bg_mad": 6.896497183816997,
  "summary_bg_mean": 5.724558335187978,
  "summary_bg_median": 4.651616662740707,
  "summary_bg_n": 2488517.0,
  "summary_bg_p05": 0.0,
  "summary_bg_p95": 18.476351499557495,
  "summary_bg_stdv": 6.708760140482788,
  "summary_csf_k": -0.22021984805973327,
  "summary_csf_mad": 141.83635117206845,
  "summary_csf_mean": 248.4304466211317,
  "summary_csf_median": 245.82004979252815,
  "summary_csf_n": 37276.0,
  "summary_csf_p05": 50.338299199938774,
  "summary_csf_p95": 469.0976496040821,
  "summary_csf_stdv": 129.06978076297813,
  "summary_gm_k": 0.22560493936514447,
  "summary_gm_mad": 55.702477253906515,
  "summary_gm_mean": 698.8628983489494,
  "summary_gm_median": 698.0677872896194,
  "summary_gm_n": 46582.0,
  "summary_gm_p05": 605.1330403983593,
  "summary_gm_p95": 794.9059887230396,
  "summary_gm_stdv": 57.638955066023655,
  "summary_wm_k": 0.9340843547066688,
  "summary_wm_mad": 37.761939125375584,
  "summary_wm_mean": 999.6691785438076,
  "summary_wm_median": 1000.0325249135494,
  "summary_wm_n": 211672.0,
  "summary_wm_p05": 932.8784688338637,
  "summary_wm_p95": 1064.537111222744,
  "summary_wm_stdv": 40.72192006585444,
  "tpm_overlap_csf": 0.13260584679315515,
  "tpm_overlap_gm": 0.4766602357420208,
  "tpm_overlap_wm": 0.5136125953565699,
  "wm2max": 0.5298142212111812
}