{
  "bids_meta": {
    "AccelFactPE": 2,
    "AcquisitionNumber": 1,
    "AcquisitionTime": "12:27:57.862500",
    "ConversionSoftware": "dcm2niix",
    "ConversionSoftwareVersion": "v1.0.20170724 GCC4.4.7",
    "DeviceSerialNumber": "35414",
    "EchoTime": 0.00297,
    "FlipAngle": 7,
    "ImageType": [
      "ORIGINAL",
      "PRIMARY",
      "M",
      "ND",
      "NORM"
    ],
    "InstitutionAddress": "Mikeletegi_69_San_Sebastian_District_ES_20009",
    "InstitutionName": "BCBL",
    "InversionTime": 1.1,
    "MagneticFieldStrength": 3,
    "Manufacturer": "Siemens",
    "ManufacturersModelName": "TrioTim",
    "PhaseEncodingDirection": "i-",
    "PhaseEncodingLines": 256,
    "ProcedureStepDescription": "CRANEO_FUNCIONAL",
    "ProtocolName": "t1_mpr_tra_p2_iso",
    "RepetitionTime": 2.53,
    "ScanningSequence": "GR_IR",
    "SequenceName": "_tfl3d1",
    "SequenceVariant": "SP_MP_OSP",
    "SeriesDescription": "t1_mpr_tra_p2_iso",
    "SoftwareVersions": "syngo_MR_B17",
    "dataset": "ds003545",
    "modality": "T1w",
    "session_id": "02",
    "subject_id": "03"
  },
  "cjv": 0.39892740813522026,
  "cnr": 3.2515451219784306,
  "efc": 0.5589978228198647,
  "fber": 15769.371694223937,
  "fwhm_avg": 4.395589999999999,
  "fwhm_x": 4.04821,
  "fwhm_y": 4.92103,
  "fwhm_z": 4.21753,
  "icvs_csf": 0.16116051841206355,
  "icvs_gm": 0.447550778597819,
  "icvs_wm": 0.3912887029901175,
  "inu_med": 0.6669314503669739,
  "inu_range": 0.3695412635803222,
  "provenance": {
    "md5sum": "d6be76078678e186ce3d6717413e8005",
    "settings": {
      "testing": false
    },
    "software": "mriqc",
    "version": "22.0.6",
    "warnings": {
      "large_rot_frame": true,
      "small_air_mask": false
    },
    "webapi_port": null,
    "webapi_url": "https://mriqc.nimh.nih.gov/api/v1"
  },
  "qi_1": 0.0,
  "qi_2": 0.005179123806655419,
  "rpve_csf": 32.04958855558413,
  "rpve_gm": 12.617898414643351,
  "rpve_wm": 15.94512850615516,
  "size_x": 256,
  "size_y": 256,
  "size_z": 176,
  "snr_csf": 2.222504118566972,
  "snr_gm": 13.300581178878426,
  "snr_total": 10.219650773971537,
  "snr_wm": 15.135867024469215,
  "snrd_csf": 9.523503399035535,
  "snrd_gm": 23.105791178046992,
  "snrd_total": 21.644325906898946,
  "snrd_wm": 32.30368314361431,
  "spacing_x": 1.0,
  "spacing_y": 1.0,
  "spacing_z": 1.0,
  "summary_bg_k": 28.88598826180204,
  "summary_bg_mad": 0.0,
  "summary_bg_mean": 9.466911777075747,
  "summary_bg_median": 0.0,
  "summary_bg_n": 2312640.0,
  "summary_bg_p05": 0.0,
  "summary_bg_p95": 43.561495412141085,
  "summary_bg_stdv": 20.28054877130357,
  "summary_csf_k": 7.644389786043405,
  "summary_csf_mad": 117.06279035287233,
  "summary_csf_mean": 307.03324785225925,
  "summary_csf_median": 294.8116989955306,
  "summary_csf_n": 22387.0,
  "summary_csf_p05": 103.2426975570619,
  "summary_csf_p95": 530.2469309709968,
  "summary_csf_stdv": 132.64547499352946,
  "summary_gm_k": 0.12974249826815853,
  "summary_gm_mad": 52.99972942745086,
  "summary_gm_mean": 715.2865244383457,
  "summary_gm_median": 715.2680340856314,
  "summary_gm_n": 33775.0,
  "summary_gm_p05": 626.5432304255664,
  "summary_gm_p95": 803.7193575054407,
  "summary_gm_stdv": 53.77640538167791,
  "summary_wm_k": 0.8468350582664468,
  "summary_wm_mad": 60.587668831818135,
  "summary_wm_mean": 1007.2159542577341,
  "summary_wm_median": 1000.0000327974558,
  "summary_wm_n": 197132.0,
  "summary_wm_p05": 911.9393954351544,
  "summary_wm_p95": 1127.5199619680643,
  "summary_wm_stdv": 66.06806830464048,
  "tpm_overlap_csf": 0.16238439031572852,
  "tpm_overlap_gm": 0.47176314566170036,
  "tpm_overlap_wm": 0.5157040791520217,
  "wm2max": 0.4390193827331693
}