{
  "aor": 0.01164054054054054,
  "aqi": 0.005226189081081081,
  "bids_meta": {
    "AcquisitionNumber": 1,
    "AcquisitionTime": "15:21:59.947500",
    "BandwidthPerPixelPhaseEncode": 28.409,
    "ConversionSoftware": "dcm2niix",
    "ConversionSoftwareVersion": "v1.0.20170724 GCC4.4.7",
    "DeviceSerialNumber": "35414",
    "EchoTime": 0.03,
    "EffectiveEchoSpacing": 0.000550002,
    "FlipAngle": 80,
    "ImageType": [
      "ORIGINAL",
      "PRIMARY",
      "FMRI",
      "NONE",
      "ND",
      "MOSAIC"
    ],
    "InstitutionAddress": "Mikeletegi_69_San_Sebastian_District_ES_20009",
    "InstitutionName": "BCBL",
    "MagneticFieldStrength": 3,
    "Manufacturer": "Siemens",
    "ManufacturersModelName": "TrioTim",
    "PhaseEncodingDirection": "j-",
    "PhaseEncodingLines": 64,
    "ProcedureStepDescription": "CRANEO_FUNCIONAL",
    "ProtocolName": "ep2d_PiN_L1_Run2",
    "RepetitionTime": 2,
    "ScanningSequence": "EP",
    "SequenceName": "_epfid2d1_64",
    "SequenceVariant": "SK",
    "SeriesDescription": "ep2d_PiN_L1_Run2",
    "SliceTiming": [
      1.925,
      1.8625,
      1.8,
      1.7375,
      1.675,
      1.6125,
      1.5525,
      1.49,
      1.4275,
      1.365,
      1.3025,
      1.24,
      1.18,
      1.1175,
      1.055,
      0.9925,
      0.93,
      0.8675,
      0.8075,
      0.745,
      0.6825,
      0.62,
      0.5575,
      0.495,
      0.4325,
      0.3725,
      0.31,
      0.2475,
      0.185,
      0.1225,
      0.06,
      0
    ],
    "SoftwareVersions": "syngo_MR_B17",
    "TaskName": "compL1",
    "TotalReadoutTime": 0.0346501,
    "dataset": "ds003545",
    "modality": "bold",
    "run_id": 2,
    "session_id": "01",
    "subject_id": "11",
    "task_id": "compL1"
  },
  "dummy_trs": 1,
  "dvars_nstd": 23.135141989673922,
  "dvars_std": 1.1729567146195645,
  "dvars_vstd": 1.007718197391305,
  "efc": 0.48266567445163916,
  "fber": 1294.49609375,
  "fd_mean": 0.24088581599671838,
  "fd_num": 54,
  "fd_perc": 29.18918918918919,
  "fwhm_avg": 2.8708861212121213,
  "fwhm_x": 2.8160610909090913,
  "fwhm_y": 3.0250472727272726,
  "fwhm_z": 2.77155,
  "gcor": 0.046628,
  "gsr_x": -0.016968483105301857,
  "gsr_y": 0.04481855407357216,
  "provenance": {
    "md5sum": "3911b5773c562f752cc47e313bee70ed",
    "settings": {
      "fd_thres": 0.2,
      "testing": false
    },
    "software": "mriqc",
    "version": "22.0.6",
    "webapi_port": null,
    "webapi_url": "https://mriqc.nimh.nih.gov/api/v1"
  },
  "size_t": 185,
  "size_x": 64,
  "size_y": 64,
  "size_z": 32,
  "snr": 2.827492870348465,
  "spacing_tr": 2.0,
  "spacing_x": 3.4375,
  "spacing_y": 3.4375,
  "spacing_z": 4.0,
  "summary_bg_k": 49.542088912523305,
  "summary_bg_mad": 5.297299483021627,
  "summary_bg_mean": 32.70040512084961,
  "summary_bg_median": 16.854055404663086,
  "summary_bg_n": 81795.0,
  "summary_bg_p05": 12.94054126739502,
  "summary_bg_p95": 105.42108535766606,
  "summary_bg_stdv": 51.352783203125,
  "summary_fg_k": 2.316651181298842,
  "summary_fg_mad": 172.25029847709396,
  "summary_fg_mean": 653.282958984375,
  "summary_fg_median": 609.9432373046875,
  "summary_fg_n": 20838.0,
  "summary_fg_p05": 390.7721694946289,
  "summary_fg_p95": 1096.1013549804686,
  "summary_fg_stdv": 215.7135772705078,
  "tsnr": 57.688204863108695
}