{
  "aor": 0.006506021505376343,
  "aqi": 0.004725851666666667,
  "bids_meta": {
    "AcquisitionNumber": 1,
    "AcquisitionTime": "14:23:41.760000",
    "BandwidthPerPixelPhaseEncode": 28.409,
    "ConversionSoftware": "dcm2niix",
    "ConversionSoftwareVersion": "v1.0.20170724 GCC4.4.7",
    "DeviceSerialNumber": "35414",
    "EchoTime": 0.03,
    "EffectiveEchoSpacing": 0.000550002,
    "FlipAngle": 80,
    "ImageType": [
      "ORIGINAL",
      "PRIMARY",
      "FMRI",
      "NONE",
      "ND",
      "MOSAIC"
    ],
    "InstitutionAddress": "Mikeletegi_69_San_Sebastian_District_ES_20009",
    "InstitutionName": "BCBL",
    "MagneticFieldStrength": 3,
    "Manufacturer": "Siemens",
    "ManufacturersModelName": "TrioTim",
    "PhaseEncodingDirection": "j-",
    "PhaseEncodingLines": 64,
    "ProcedureStepDescription": "CRANEO_FUNCIONAL",
    "ProtocolName": "ep2d_PiN_L3_Run1",
    "RepetitionTime": 2,
    "ScanningSequence": "EP",
    "SequenceName": "_epfid2d1_64",
    "SequenceVariant": "SK",
    "SeriesDescription": "ep2d_PiN_L3_Run1",
    "SliceTiming": [
      1.925,
      1.865,
      1.8025,
      1.74,
      1.6775,
      1.615,
      1.5525,
      1.49,
      1.43,
      1.3675,
      1.305,
      1.2425,
      1.18,
      1.1175,
      1.0575,
      0.995,
      0.9325,
      0.87,
      0.8075,
      0.745,
      0.685,
      0.6225,
      0.56,
      0.4975,
      0.435,
      0.3725,
      0.31,
      0.25,
      0.1875,
      0.125,
      0.0625,
      0
    ],
    "SoftwareVersions": "syngo_MR_B17",
    "TaskName": "compLn",
    "TotalReadoutTime": 0.0346501,
    "dataset": "ds003545",
    "modality": "bold",
    "run_id": 1,
    "session_id": "01",
    "subject_id": "11",
    "task_id": "compLn"
  },
  "dummy_trs": 0,
  "dvars_nstd": 20.615230755891897,
  "dvars_std": 1.2418453887027032,
  "dvars_vstd": 1.0111282368648646,
  "efc": 0.48906316683770584,
  "fber": 1358.52783203125,
  "fd_mean": 0.14990186348400916,
  "fd_num": 27,
  "fd_perc": 14.516129032258064,
  "fwhm_avg": 2.593521545454546,
  "fwhm_x": 2.490272,
  "fwhm_y": 2.7482676363636362,
  "fwhm_z": 2.542025,
  "gcor": 0.0219493,
  "gsr_x": -0.015196967869997025,
  "gsr_y": 0.04473484680056572,
  "provenance": {
    "md5sum": "74d079ae82429ae7eaa8b678e1fa48e0",
    "settings": {
      "fd_thres": 0.2,
      "testing": false
    },
    "software": "mriqc",
    "version": "22.0.6",
    "webapi_port": null,
    "webapi_url": "https://mriqc.nimh.nih.gov/api/v1"
  },
  "size_t": 186,
  "size_x": 64,
  "size_y": 64,
  "size_z": 32,
  "snr": 3.296993325191695,
  "spacing_tr": 2.0,
  "spacing_x": 3.4375,
  "spacing_y": 3.4375,
  "spacing_z": 4.0,
  "summary_bg_k": 52.17899750283021,
  "summary_bg_mad": 4.87823914717079,
  "summary_bg_mean": 30.178722381591797,
  "summary_bg_median": 15.897849082946777,
  "summary_bg_n": 81224.0,
  "summary_bg_p05": 12.24731159210205,
  "summary_bg_p95": 96.32527122497511,
  "summary_bg_stdv": 45.70601272583008,
  "summary_fg_k": 1.7054618616044745,
  "summary_fg_mad": 157.4348184770023,
  "summary_fg_mean": 618.1443481445312,
  "summary_fg_median": 589.4408569335938,
  "summary_fg_n": 21047.0,
  "summary_fg_p05": 383.54461975097655,
  "summary_fg_p95": 962.7252746582031,
  "summary_fg_stdv": 178.77708435058594,
  "tsnr": 65.32307406095788
}