{
  "aor": 0.0027526748971193416,
  "aqi": 0.0043420384773662545,
  "bids_meta": {
    "AcquisitionNumber": 1,
    "AcquisitionTime": "15:44:33.305000",
    "BandwidthPerPixelPhaseEncode": 29.481,
    "ConversionSoftware": "dcm2niix",
    "ConversionSoftwareVersion": "v1.0.20170724 GCC4.4.7",
    "DeviceSerialNumber": "35414",
    "EchoTime": 0.025,
    "EffectiveEchoSpacing": 0.000530002,
    "FlipAngle": 90,
    "ImageType": [
      "ORIGINAL",
      "PRIMARY",
      "M",
      "ND",
      "MOSAIC"
    ],
    "InstitutionAddress": "Mikeletegi_69_San_Sebastian_District_ES_20009",
    "InstitutionName": "BCBL",
    "MagneticFieldStrength": 3,
    "Manufacturer": "Siemens",
    "ManufacturersModelName": "TrioTim",
    "PhaseEncodingDirection": "j-",
    "PhaseEncodingLines": 64,
    "ProcedureStepDescription": "CRANEO_FUNCIONAL",
    "ProtocolName": "ep2d_VF_L1_Run2",
    "RepetitionTime": 3,
    "ScanningSequence": "EP",
    "SequenceName": "_epfid2d1_64",
    "SequenceVariant": "SK",
    "SeriesDescription": "ep2d_VF_L1_Run2",
    "SliceTiming": [
      2.9225,
      2.8525,
      2.7825,
      2.7125,
      2.6425,
      2.5725,
      2.505,
      2.435,
      2.365,
      2.295,
      2.225,
      2.155,
      2.0875,
      2.0175,
      1.9475,
      1.8775,
      1.8075,
      1.7375,
      1.67,
      1.6,
      1.53,
      1.46,
      1.39,
      1.3225,
      1.2525,
      1.1825,
      1.1125,
      1.0425,
      0.9725,
      0.905,
      0.835,
      0.765,
      0.695,
      0.625,
      0.555,
      0.4875,
      0.4175,
      0.3475,
      0.2775,
      0.2075,
      0.1375,
      0.07,
      0
    ],
    "SoftwareVersions": "syngo_MR_B17",
    "TaskName": "prodL1",
    "TotalReadoutTime": 0.0333901,
    "dataset": "ds003545",
    "modality": "bold",
    "run_id": 2,
    "session_id": "01",
    "subject_id": "11",
    "task_id": "prodL1"
  },
  "dummy_trs": 0,
  "dvars_nstd": 31.412078357066104,
  "dvars_std": 1.2549770282644628,
  "dvars_vstd": 1.007326911239669,
  "efc": 0.5558509307414348,
  "fber": 527.2000122070312,
  "fd_mean": 0.27433508048394967,
  "fd_num": 143,
  "fd_perc": 58.8477366255144,
  "fwhm_avg": 2.9824284992239796,
  "fwhm_x": 2.8919633333333334,
  "fwhm_y": 3.07071,
  "fwhm_z": 2.9846121643386057,
  "gcor": 0.0468967,
  "gsr_x": -0.01720494031906128,
  "gsr_y": 0.08211488276720047,
  "provenance": {
    "md5sum": "aa0193aadb6cf4c853b62d8195b1868f",
    "settings": {
      "fd_thres": 0.2,
      "testing": false
    },
    "software": "mriqc",
    "version": "22.0.6",
    "webapi_port": null,
    "webapi_url": "https://mriqc.nimh.nih.gov/api/v1"
  },
  "size_t": 243,
  "size_x": 64,
  "size_y": 64,
  "size_z": 43,
  "snr": 2.6599793308752235,
  "spacing_tr": 3.0,
  "spacing_x": 3.0,
  "spacing_y": 3.0,
  "spacing_z": 3.299999952316284,
  "summary_bg_k": 27.058091437991063,
  "summary_bg_mad": 11.146974958535532,
  "summary_bg_mean": 66.94107055664062,
  "summary_bg_median": 33.209877014160156,
  "summary_bg_n": 101761.0,
  "summary_bg_p05": 25.06172752380371,
  "summary_bg_p95": 231.83538818359375,
  "summary_bg_stdv": 92.3469467163086,
  "summary_fg_k": 2.7540170740431558,
  "summary_fg_mad": 238.10714696766934,
  "summary_fg_mean": 835.4353637695312,
  "summary_fg_median": 776.0205688476562,
  "summary_fg_n": 36451.0,
  "summary_fg_p05": 488.17076110839844,
  "summary_fg_p95": 1431.2716064453125,
  "summary_fg_stdv": 291.7353210449219,
  "tsnr": 61.36959640542045
}