{
  "aor": 0.0025527572016460906,
  "aqi": 0.00358381695473251,
  "bids_meta": {
    "AcquisitionNumber": 1,
    "AcquisitionTime": "15:01:39.930000",
    "BandwidthPerPixelPhaseEncode": 29.481,
    "ConversionSoftware": "dcm2niix",
    "ConversionSoftwareVersion": "v1.0.20170724 GCC4.4.7",
    "DeviceSerialNumber": "35414",
    "EchoTime": 0.025,
    "EffectiveEchoSpacing": 0.000530002,
    "FlipAngle": 90,
    "ImageType": [
      "ORIGINAL",
      "PRIMARY",
      "M",
      "ND",
      "MOSAIC"
    ],
    "InstitutionAddress": "Mikeletegi_69_San_Sebastian_District_ES_20009",
    "InstitutionName": "BCBL",
    "MagneticFieldStrength": 3,
    "Manufacturer": "Siemens",
    "ManufacturersModelName": "TrioTim",
    "PhaseEncodingDirection": "j-",
    "PhaseEncodingLines": 64,
    "ProcedureStepDescription": "CRANEO_FUNCIONAL",
    "ProtocolName": "ep2d_VF_L3_Run1",
    "RepetitionTime": 3,
    "ScanningSequence": "EP",
    "SequenceName": "_epfid2d1_64",
    "SequenceVariant": "SK",
    "SeriesDescription": "ep2d_VF_L3_Run1",
    "SliceTiming": [
      2.9225,
      2.8525,
      2.7825,
      2.715,
      2.645,
      2.575,
      2.505,
      2.435,
      2.365,
      2.2975,
      2.2275,
      2.1575,
      2.0875,
      2.0175,
      1.9475,
      1.88,
      1.81,
      1.74,
      1.67,
      1.6,
      1.5325,
      1.4625,
      1.3925,
      1.3225,
      1.2525,
      1.1825,
      1.115,
      1.045,
      0.975,
      0.905,
      0.835,
      0.765,
      0.6975,
      0.6275,
      0.5575,
      0.4875,
      0.4175,
      0.3475,
      0.28,
      0.21,
      0.14,
      0.07,
      0
    ],
    "SoftwareVersions": "syngo_MR_B17",
    "TaskName": "prodLn",
    "TotalReadoutTime": 0.0333901,
    "dataset": "ds003545",
    "modality": "bold",
    "run_id": 1,
    "session_id": "01",
    "subject_id": "11",
    "task_id": "prodLn"
  },
  "dummy_trs": 0,
  "dvars_nstd": 27.81345380061986,
  "dvars_std": 1.2220797464462814,
  "dvars_vstd": 0.997968893512397,
  "efc": 0.5552393815391167,
  "fber": 532.8369140625,
  "fd_mean": 0.20267681775219903,
  "fd_num": 87,
  "fd_perc": 35.80246913580247,
  "fwhm_avg": 2.9814883167647825,
  "fwhm_x": 2.879103333333333,
  "fwhm_y": 3.075546422244197,
  "fwhm_z": 2.989815194716818,
  "gcor": 0.0340756,
  "gsr_x": -0.018153896555304527,
  "gsr_y": 0.0831381231546402,
  "provenance": {
    "md5sum": "eec76312a76d7faabddb738af2fb07f9",
    "settings": {
      "fd_thres": 0.2,
      "testing": false
    },
    "software": "mriqc",
    "version": "22.0.6",
    "webapi_port": null,
    "webapi_url": "https://mriqc.nimh.nih.gov/api/v1"
  },
  "size_t": 243,
  "size_x": 64,
  "size_y": 64,
  "size_z": 43,
  "snr": 2.6736290061975936,
  "spacing_tr": 3.0,
  "spacing_x": 3.0,
  "spacing_y": 3.000000238418579,
  "spacing_z": 3.299999952316284,
  "summary_bg_k": 29.294772734238904,
  "summary_bg_mad": 9.975531211158481,
  "summary_bg_mean": 64.18323516845703,
  "summary_bg_median": 32.23456573486328,
  "summary_bg_n": 101685.0,
  "summary_bg_p05": 24.946500778198242,
  "summary_bg_p95": 219.95307617187441,
  "summary_bg_stdv": 88.70780181884766,
  "summary_fg_k": 2.7380398187528083,
  "summary_fg_mad": 230.41958661177793,
  "summary_fg_mean": 810.909423828125,
  "summary_fg_median": 753.62548828125,
  "summary_fg_n": 36421.0,
  "summary_fg_p05": 476.0534973144531,
  "summary_fg_p95": 1384.0946044921875,
  "summary_fg_stdv": 281.8697509765625,
  "tsnr": 67.61304764822125
}