{
  "aor": 0.006293243243243244,
  "aqi": 0.0018293543189189187,
  "bids_meta": {
    "AcquisitionNumber": 1,
    "AcquisitionTime": "15:14:53.355000",
    "BandwidthPerPixelPhaseEncode": 28.409,
    "ConversionSoftware": "dcm2niix",
    "ConversionSoftwareVersion": "v1.0.20170724 GCC4.4.7",
    "DeviceSerialNumber": "35414",
    "EchoTime": 0.03,
    "EffectiveEchoSpacing": 0.000550002,
    "FlipAngle": 80,
    "ImageType": [
      "ORIGINAL",
      "PRIMARY",
      "FMRI",
      "NONE",
      "ND",
      "MOSAIC"
    ],
    "InstitutionAddress": "Mikeletegi_69_San_Sebastian_District_ES_20009",
    "InstitutionName": "BCBL",
    "MagneticFieldStrength": 3,
    "Manufacturer": "Siemens",
    "ManufacturersModelName": "TrioTim",
    "PhaseEncodingDirection": "j-",
    "PhaseEncodingLines": 64,
    "ProcedureStepDescription": "CRANEO_FUNCIONAL",
    "ProtocolName": "ep2d_PiN_L1_Run1",
    "RepetitionTime": 2,
    "ScanningSequence": "EP",
    "SequenceName": "_epfid2d1_64",
    "SequenceVariant": "SK",
    "SeriesDescription": "ep2d_PiN_L1_Run1",
    "SliceTiming": [
      1.925,
      1.8625,
      1.8,
      1.7375,
      1.675,
      1.615,
      1.5525,
      1.49,
      1.4275,
      1.365,
      1.3025,
      1.24,
      1.18,
      1.1175,
      1.055,
      0.9925,
      0.93,
      0.8675,
      0.8075,
      0.745,
      0.6825,
      0.62,
      0.5575,
      0.495,
      0.435,
      0.3725,
      0.31,
      0.2475,
      0.185,
      0.1225,
      0.06,
      0
    ],
    "SoftwareVersions": "syngo_MR_B17",
    "TaskName": "compL1",
    "TotalReadoutTime": 0.0346501,
    "dataset": "ds003545",
    "modality": "bold",
    "run_id": 1,
    "session_id": "01",
    "subject_id": "11",
    "task_id": "compL1"
  },
  "dummy_trs": 1,
  "dvars_nstd": 19.119104722391306,
  "dvars_std": 1.3200620861413044,
  "dvars_vstd": 1.0594926554347828,
  "efc": 0.482843768864376,
  "fber": 1304.0277099609375,
  "fd_mean": 0.15068345349148726,
  "fd_num": 32,
  "fd_perc": 17.2972972972973,
  "fwhm_avg": 2.8563310000000004,
  "fwhm_x": 2.7812334545454545,
  "fwhm_y": 3.0315345454545453,
  "fwhm_z": 2.756225,
  "gcor": 0.0494265,
  "gsr_x": -0.017038356512784958,
  "gsr_y": 0.04586562141776085,
  "provenance": {
    "md5sum": "4944d1e5152c62d376a1211ad002af8e",
    "settings": {
      "fd_thres": 0.2,
      "testing": false
    },
    "software": "mriqc",
    "version": "22.0.6",
    "webapi_port": null,
    "webapi_url": "https://mriqc.nimh.nih.gov/api/v1"
  },
  "size_t": 185,
  "size_x": 64,
  "size_y": 64,
  "size_z": 32,
  "snr": 2.8330986136550513,
  "spacing_tr": 2.0,
  "spacing_x": 3.4375,
  "spacing_y": 3.4375,
  "spacing_z": 4.0,
  "summary_bg_k": 51.34910277127345,
  "summary_bg_mad": 5.27325719316999,
  "summary_bg_mean": 32.812469482421875,
  "summary_bg_median": 16.827028274536133,
  "summary_bg_n": 81764.0,
  "summary_bg_p05": 12.967567443847656,
  "summary_bg_p95": 105.55514106750479,
  "summary_bg_stdv": 52.169612884521484,
  "summary_fg_k": 2.3247875454729954,
  "summary_fg_mad": 173.4404794877687,
  "summary_fg_mean": 653.4265747070312,
  "summary_fg_median": 611.1729736328125,
  "summary_fg_n": 20865.0,
  "summary_fg_p05": 390.91676025390626,
  "summary_fg_p95": 1097.2864990234373,
  "summary_fg_stdv": 215.72080993652344,
  "tsnr": 103.19160599447787
}