{
  "aor": 0.004509176954732511,
  "aqi": 0.00518002086419753,
  "bids_meta": {
    "AcquisitionNumber": 1,
    "AcquisitionTime": "10:13:44.847500",
    "BandwidthPerPixelPhaseEncode": 29.481,
    "BodyPartExamined": "BRAIN",
    "ConversionSoftware": "dcm2niix",
    "ConversionSoftwareVersion": "v1.0.20170724 GCC4.4.7",
    "DeviceSerialNumber": "167004",
    "EchoTime": 0.025,
    "EchoTrainLength": 64,
    "EffectiveEchoSpacing": 0.000530002,
    "FlipAngle": 90,
    "ImageType": [
      "ORIGINAL",
      "PRIMARY",
      "M",
      "ND",
      "MOSAIC"
    ],
    "InstitutionAddress": "Mikeletegi_69_San_Sebastian_District_ES_20009",
    "InstitutionName": "BCBL",
    "MagneticFieldStrength": 3,
    "Manufacturer": "Siemens",
    "ManufacturersModelName": "Prisma_fit",
    "PhaseEncodingDirection": "j-",
    "PhaseEncodingLines": 64,
    "ProcedureStepDescription": "CRANEO_FUNCIONAL",
    "ProtocolName": "ep2d_VF_L1_Run2",
    "RepetitionTime": 3,
    "ScanningSequence": "EP",
    "SequenceName": "_epfid2d1_64",
    "SequenceVariant": "SK",
    "SeriesDescription": "ep2d_VF_L1_Run2",
    "SliceTiming": [
      2.91,
      2.8425,
      2.7725,
      2.7025,
      2.6325,
      2.565,
      2.495,
      2.425,
      2.355,
      2.2875,
      2.2175,
      2.1475,
      2.08,
      2.01,
      1.94,
      1.87,
      1.8025,
      1.7325,
      1.6625,
      1.595,
      1.525,
      1.455,
      1.385,
      1.3175,
      1.2475,
      1.1775,
      1.11,
      1.04,
      0.97,
      0.9,
      0.8325,
      0.7625,
      0.6925,
      0.6225,
      0.555,
      0.485,
      0.415,
      0.3475,
      0.2775,
      0.2075,
      0.1375,
      0.07,
      0
    ],
    "SoftwareVersions": "syngo_MR_E11",
    "TaskName": "prodL1",
    "TotalReadoutTime": 0.0333901,
    "dataset": "ds003545",
    "modality": "bold",
    "run_id": 2,
    "session_id": "01",
    "subject_id": "13",
    "task_id": "prodL1"
  },
  "dummy_trs": 0,
  "dvars_nstd": 37.658851213719,
  "dvars_std": 1.375112682520661,
  "dvars_vstd": 1.0226875694214872,
  "efc": 0.577486807544821,
  "fber": 445.3990173339844,
  "fd_mean": 0.3040848752174378,
  "fd_num": 152,
  "fd_perc": 62.55144032921811,
  "fwhm_avg": 2.921111731264496,
  "fwhm_x": 2.7815100000000004,
  "fwhm_y": 3.0559100000000003,
  "fwhm_z": 2.9259151937934873,
  "gcor": 0.0340143,
  "gsr_x": -0.020834166556596756,
  "gsr_y": 0.07646714895963669,
  "provenance": {
    "md5sum": "13d4f11bd1b9d14b7a5dadd54d013efe",
    "settings": {
      "fd_thres": 0.2,
      "testing": false
    },
    "software": "mriqc",
    "version": "22.0.6",
    "webapi_port": null,
    "webapi_url": "https://mriqc.nimh.nih.gov/api/v1"
  },
  "size_t": 243,
  "size_x": 64,
  "size_y": 64,
  "size_z": 43,
  "snr": 2.4915074920285014,
  "spacing_tr": 3.0,
  "spacing_x": 3.0,
  "spacing_y": 3.0,
  "spacing_z": 3.299999952316284,
  "summary_bg_k": 20.621365303794594,
  "summary_bg_mad": 14.301316600255843,
  "summary_bg_mean": 88.82968139648438,
  "summary_bg_median": 40.61728286743164,
  "summary_bg_n": 96359.0,
  "summary_bg_p05": 30.205760955810547,
  "summary_bg_p95": 318.93003845214736,
  "summary_bg_stdv": 113.96741485595703,
  "summary_fg_k": 0.624257860617806,
  "summary_fg_mad": 356.67270325396976,
  "summary_fg_mean": 981.9456787109375,
  "summary_fg_median": 913.2304077148438,
  "summary_fg_n": 38753.0,
  "summary_fg_p05": 506.0049133300781,
  "summary_fg_p95": 1674.888037109375,
  "summary_fg_stdv": 366.5325622558594,
  "tsnr": 56.66959956474602
}