{
  "aor": 0.002699300411522633,
  "aqi": 0.004767764279835391,
  "bids_meta": {
    "AcquisitionNumber": 1,
    "AcquisitionTime": "11:10:22.650000",
    "BandwidthPerPixelPhaseEncode": 29.481,
    "BodyPartExamined": "BRAIN",
    "ConversionSoftware": "dcm2niix",
    "ConversionSoftwareVersion": "v1.0.20170724 GCC4.4.7",
    "DeviceSerialNumber": "167004",
    "EchoTime": 0.025,
    "EchoTrainLength": 64,
    "EffectiveEchoSpacing": 0.000530002,
    "FlipAngle": 90,
    "ImageType": [
      "ORIGINAL",
      "PRIMARY",
      "M",
      "ND",
      "MOSAIC"
    ],
    "InstitutionAddress": "Mikeletegi_69_San_Sebastian_District_ES_20009",
    "InstitutionName": "BCBL",
    "MagneticFieldStrength": 3,
    "Manufacturer": "Siemens",
    "ManufacturersModelName": "Prisma_fit",
    "PhaseEncodingDirection": "j-",
    "PhaseEncodingLines": 64,
    "ProcedureStepDescription": "CRANEO_FUNCIONAL",
    "ProtocolName": "ep2d_VF_L3_Run2",
    "RepetitionTime": 3,
    "ScanningSequence": "EP",
    "SequenceName": "_epfid2d1_64",
    "SequenceVariant": "SK",
    "SeriesDescription": "ep2d_VF_L3_Run2",
    "SliceTiming": [
      2.9125,
      2.8425,
      2.7725,
      2.7025,
      2.635,
      2.565,
      2.495,
      2.4275,
      2.3575,
      2.2875,
      2.2175,
      2.15,
      2.08,
      2.01,
      1.9425,
      1.8725,
      1.8025,
      1.7325,
      1.665,
      1.595,
      1.525,
      1.4575,
      1.3875,
      1.3175,
      1.2475,
      1.18,
      1.11,
      1.04,
      0.97,
      0.9025,
      0.8325,
      0.7625,
      0.695,
      0.625,
      0.555,
      0.485,
      0.4175,
      0.3475,
      0.2775,
      0.21,
      0.14,
      0.07,
      0
    ],
    "SoftwareVersions": "syngo_MR_E11",
    "TaskName": "prodLn",
    "TotalReadoutTime": 0.0333901,
    "dataset": "ds003545",
    "modality": "bold",
    "run_id": 2,
    "session_id": "01",
    "subject_id": "13",
    "task_id": "prodLn"
  },
  "dummy_trs": 0,
  "dvars_nstd": 30.201901707851246,
  "dvars_std": 1.2746147702479333,
  "dvars_vstd": 1.0016819356611575,
  "efc": 0.581087954851872,
  "fber": 447.2174072265625,
  "fd_mean": 0.23008000623020183,
  "fd_num": 120,
  "fd_perc": 49.382716049382715,
  "fwhm_avg": 2.8400634788190717,
  "fwhm_x": 2.6077833333333333,
  "fwhm_y": 2.978013333333333,
  "fwhm_z": 2.9343937697905473,
  "gcor": 0.0309405,
  "gsr_x": -0.019994225353002548,
  "gsr_y": 0.09759953618049622,
  "provenance": {
    "md5sum": "48231a0ceb0a27560ce73284045c5b0f",
    "settings": {
      "fd_thres": 0.2,
      "testing": false
    },
    "software": "mriqc",
    "version": "22.0.6",
    "webapi_port": null,
    "webapi_url": "https://mriqc.nimh.nih.gov/api/v1"
  },
  "size_t": 243,
  "size_x": 64,
  "size_y": 64,
  "size_z": 43,
  "snr": 2.5184283571052397,
  "spacing_tr": 3.0,
  "spacing_x": 3.0,
  "spacing_y": 3.0,
  "spacing_z": 3.3000001907348633,
  "summary_bg_k": 26.12623515858514,
  "summary_bg_mad": 9.225076386044735,
  "summary_bg_mean": 81.54045104980469,
  "summary_bg_median": 36.646087646484375,
  "summary_bg_n": 96611.0,
  "summary_bg_p05": 30.053497314453125,
  "summary_bg_p95": 291.0,
  "summary_bg_stdv": 111.3245849609375,
  "summary_fg_k": 0.9756517645178158,
  "summary_fg_mad": 296.33738069525873,
  "summary_fg_mean": 873.2916870117188,
  "summary_fg_median": 807.2736206054688,
  "summary_fg_n": 39006.0,
  "summary_fg_p05": 473.77056884765625,
  "summary_fg_p95": 1491.2736511230469,
  "summary_fg_stdv": 320.54248046875,
  "tsnr": 62.522077195113525
}