{
  "aor": 0.002667150537634409,
  "aqi": 0.0019190756774193549,
  "bids_meta": {
    "AcquisitionNumber": 1,
    "AcquisitionTime": "10:05:3.575000",
    "BandwidthPerPixelPhaseEncode": 28.409,
    "BodyPartExamined": "BRAIN",
    "ConversionSoftware": "dcm2niix",
    "ConversionSoftwareVersion": "v1.0.20170724 GCC4.4.7",
    "DeviceSerialNumber": "167004",
    "EchoTime": 0.03,
    "EchoTrainLength": 64,
    "EffectiveEchoSpacing": 0.000550002,
    "FlipAngle": 80,
    "ImageType": [
      "ORIGINAL",
      "PRIMARY",
      "M",
      "ND",
      "MOSAIC"
    ],
    "InstitutionAddress": "Mikeletegi_69_San_Sebastian_District_ES_20009",
    "InstitutionName": "BCBL",
    "MagneticFieldStrength": 3,
    "Manufacturer": "Siemens",
    "ManufacturersModelName": "Prisma_fit",
    "PhaseEncodingDirection": "j-",
    "PhaseEncodingLines": 64,
    "ProcedureStepDescription": "CRANEO_FUNCIONAL",
    "ProtocolName": "ep2d_PiN_L3_Run1",
    "RepetitionTime": 2,
    "ScanningSequence": "EP",
    "SequenceName": "_epfid2d1_64",
    "SequenceVariant": "SK",
    "SeriesDescription": "ep2d_PiN_L3_Run1",
    "SliceTiming": [
      1.9175,
      1.855,
      1.7925,
      1.7325,
      1.67,
      1.6075,
      1.545,
      1.485,
      1.4225,
      1.36,
      1.2975,
      1.2375,
      1.175,
      1.1125,
      1.0525,
      0.99,
      0.9275,
      0.865,
      0.805,
      0.7425,
      0.68,
      0.6175,
      0.5575,
      0.495,
      0.4325,
      0.37,
      0.31,
      0.2475,
      0.185,
      0.1225,
      0.0625,
      0
    ],
    "SoftwareVersions": "syngo_MR_E11",
    "TaskName": "compLn",
    "TotalReadoutTime": 0.0346501,
    "dataset": "ds003545",
    "modality": "bold",
    "run_id": 1,
    "session_id": "01",
    "subject_id": "13",
    "task_id": "compLn"
  },
  "dummy_trs": 0,
  "dvars_nstd": 22.19708714897297,
  "dvars_std": 1.3936788498378379,
  "dvars_vstd": 1.0299960671351354,
  "efc": 0.5000059010434379,
  "fber": 1216.031494140625,
  "fd_mean": 0.10397966210332595,
  "fd_num": 5,
  "fd_perc": 2.6881720430107525,
  "fwhm_avg": 2.656138212121212,
  "fwhm_x": 2.4549527272727274,
  "fwhm_y": 2.778786909090909,
  "fwhm_z": 2.734675,
  "gcor": 0.0506605,
  "gsr_x": -0.01633846014738083,
  "gsr_y": 0.05282383784651756,
  "provenance": {
    "md5sum": "a68126275624aa29653bf3c527e6250d",
    "settings": {
      "fd_thres": 0.2,
      "testing": false
    },
    "software": "mriqc",
    "version": "22.0.6",
    "webapi_port": null,
    "webapi_url": "https://mriqc.nimh.nih.gov/api/v1"
  },
  "size_t": 186,
  "size_x": 64,
  "size_y": 64,
  "size_z": 32,
  "snr": 2.707317360054889,
  "spacing_tr": 2.0,
  "spacing_x": 3.4375,
  "spacing_y": 3.4375,
  "spacing_z": 4.0,
  "summary_bg_k": 69.49428410913296,
  "summary_bg_mad": 3.0289722135525348,
  "summary_bg_mean": 37.646244049072266,
  "summary_bg_median": 18.220430374145508,
  "summary_bg_n": 79129.0,
  "summary_bg_p05": 15.870967864990234,
  "summary_bg_p95": 125.13656005859333,
  "summary_bg_stdv": 58.90946960449219,
  "summary_fg_k": 1.046590091142404,
  "summary_fg_mad": 222.46209202628432,
  "summary_fg_mean": 697.561767578125,
  "summary_fg_median": 650.6182861328125,
  "summary_fg_n": 21977.0,
  "summary_fg_p05": 395.1290344238281,
  "summary_fg_p95": 1158.8462158203126,
  "summary_fg_stdv": 240.31297302246094,
  "tsnr": 102.38277654536068
}