{
  "aor": 0.01014246913580247,
  "aqi": 0.006356337325102881,
  "bids_meta": {
    "AcquisitionNumber": 1,
    "AcquisitionTime": "09:58:43.175000",
    "BandwidthPerPixelPhaseEncode": 29.481,
    "BodyPartExamined": "BRAIN",
    "ConversionSoftware": "dcm2niix",
    "ConversionSoftwareVersion": "v1.0.20170724 GCC4.4.7",
    "DeviceSerialNumber": "167004",
    "EchoTime": 0.025,
    "EchoTrainLength": 64,
    "EffectiveEchoSpacing": 0.000530002,
    "FlipAngle": 90,
    "ImageType": [
      "ORIGINAL",
      "PRIMARY",
      "M",
      "ND",
      "MOSAIC"
    ],
    "InstitutionAddress": "Mikeletegi_69_San_Sebastian_District_ES_20009",
    "InstitutionName": "BCBL",
    "MagneticFieldStrength": 3,
    "Manufacturer": "Siemens",
    "ManufacturersModelName": "Prisma_fit",
    "PhaseEncodingDirection": "j-",
    "PhaseEncodingLines": 64,
    "ProcedureStepDescription": "CRANEO_FUNCIONAL",
    "ProtocolName": "ep2d_VF_L1_Run1",
    "RepetitionTime": 3,
    "ScanningSequence": "EP",
    "SequenceName": "_epfid2d1_64",
    "SequenceVariant": "SK",
    "SeriesDescription": "ep2d_VF_L1_Run1",
    "SliceTiming": [
      2.91,
      2.84,
      2.77,
      2.7025,
      2.6325,
      2.5625,
      2.495,
      2.425,
      2.355,
      2.285,
      2.2175,
      2.1475,
      2.0775,
      2.01,
      1.94,
      1.87,
      1.8,
      1.7325,
      1.6625,
      1.5925,
      1.525,
      1.455,
      1.385,
      1.315,
      1.2475,
      1.1775,
      1.1075,
      1.0375,
      0.97,
      0.9,
      0.83,
      0.7625,
      0.6925,
      0.6225,
      0.5525,
      0.485,
      0.415,
      0.345,
      0.2775,
      0.2075,
      0.1375,
      0.0675,
      0
    ],
    "SoftwareVersions": "syngo_MR_E11",
    "TaskName": "prodL1",
    "TotalReadoutTime": 0.0333901,
    "dataset": "ds003545",
    "modality": "bold",
    "run_id": 1,
    "session_id": "01",
    "subject_id": "13",
    "task_id": "prodL1"
  },
  "dummy_trs": 0,
  "dvars_nstd": 39.94141633838844,
  "dvars_std": 1.3641380387190079,
  "dvars_vstd": 1.0588791477272728,
  "efc": 0.5751802296627433,
  "fber": 449.81524658203125,
  "fd_mean": 0.4198413992725443,
  "fd_num": 175,
  "fd_perc": 72.01646090534979,
  "fwhm_avg": 2.935271933242283,
  "fwhm_x": 2.79692,
  "fwhm_y": 3.0917866666666662,
  "fwhm_z": 2.917109133060183,
  "gcor": 0.0415001,
  "gsr_x": -0.01881038211286068,
  "gsr_y": 0.08132241666316986,
  "provenance": {
    "md5sum": "6df8b4cac661f7da420947d24c82c0c8",
    "settings": {
      "fd_thres": 0.2,
      "testing": false
    },
    "software": "mriqc",
    "version": "22.0.6",
    "webapi_port": null,
    "webapi_url": "https://mriqc.nimh.nih.gov/api/v1"
  },
  "size_t": 243,
  "size_x": 64,
  "size_y": 64,
  "size_z": 43,
  "snr": 2.4820505984807997,
  "spacing_tr": 3.0,
  "spacing_x": 3.0,
  "spacing_y": 3.0,
  "spacing_z": 3.299999952316284,
  "summary_bg_k": 22.353526272233267,
  "summary_bg_mad": 14.941943802074148,
  "summary_bg_mean": 89.75732421875,
  "summary_bg_median": 40.85596466064453,
  "summary_bg_n": 96968.0,
  "summary_bg_p05": 29.9135799407959,
  "summary_bg_p95": 318.41377563476544,
  "summary_bg_stdv": 117.93054962158203,
  "summary_fg_k": 0.6277579456053046,
  "summary_fg_mad": 359.3572050492693,
  "summary_fg_mean": 987.1762084960938,
  "summary_fg_median": 916.4773559570312,
  "summary_fg_n": 38475.0,
  "summary_fg_p05": 508.1781707763672,
  "summary_fg_p95": 1683.9369995117186,
  "summary_fg_stdv": 369.2372131347656,
  "tsnr": 47.99693787936121
}