{
  "bids_meta": {
    "AccelFactPE": 2,
    "AcquisitionNumber": 1,
    "AcquisitionTime": "09:50:12.737500",
    "BodyPartExamined": "BRAIN",
    "ConversionSoftware": "dcm2niix",
    "ConversionSoftwareVersion": "v1.0.20170724 GCC4.4.7",
    "DeviceSerialNumber": "167004",
    "EchoTime": 0.00297,
    "FlipAngle": 7,
    "ImageType": [
      "ORIGINAL",
      "PRIMARY",
      "M",
      "ND"
    ],
    "InstitutionAddress": "Mikeletegi_69_San_Sebastian_District_ES_20009",
    "InstitutionName": "BCBL",
    "InversionTime": 1.1,
    "MagneticFieldStrength": 3,
    "Manufacturer": "Siemens",
    "ManufacturersModelName": "Prisma_fit",
    "PhaseEncodingDirection": "i-",
    "PhaseEncodingLines": 256,
    "ProcedureStepDescription": "CRANEO_FUNCIONAL",
    "ProtocolName": "t1_mpr_tra_p2_iso",
    "RepetitionTime": 2.53,
    "ScanningSequence": "GR_IR",
    "SequenceName": "_tfl3d1_16",
    "SequenceVariant": "SK_SP_MP_OSP",
    "SeriesDescription": "t1_mpr_tra_p2_iso",
    "SoftwareVersions": "syngo_MR_E11",
    "dataset": "ds003545",
    "modality": "T1w",
    "session_id": "01",
    "subject_id": "23"
  },
  "cjv": 0.4824927419326211,
  "cnr": 2.5773692002121216,
  "efc": 0.5425985375945696,
  "fber": 14230.405221981337,
  "fwhm_avg": 4.7335346203782,
  "fwhm_x": 4.46554,
  "fwhm_y": 4.98912,
  "fwhm_z": 4.7459438611346005,
  "icvs_csf": 0.1586766038504009,
  "icvs_gm": 0.43275985630412533,
  "icvs_wm": 0.4085635398454738,
  "inu_med": 0.9713815450668335,
  "inu_range": 0.9598976850509641,
  "provenance": {
    "md5sum": "76265aa51edfc31af258b43881e13b23",
    "settings": {
      "testing": false
    },
    "software": "mriqc",
    "version": "22.0.6",
    "warnings": {
      "large_rot_frame": true,
      "small_air_mask": false
    },
    "webapi_port": null,
    "webapi_url": "https://mriqc.nimh.nih.gov/api/v1"
  },
  "qi_1": 0.0,
  "qi_2": 0.003535039496888972,
  "rpve_csf": 34.6675874157575,
  "rpve_gm": 13.742857073845864,
  "rpve_wm": 16.327952891880244,
  "size_x": 256,
  "size_y": 256,
  "size_z": 176,
  "snr_csf": 1.9771209871061488,
  "snr_gm": 12.625021243692604,
  "snr_total": 8.873680358304753,
  "snr_wm": 12.018898844115505,
  "snrd_csf": 18.069770346592495,
  "snrd_gm": 49.58588739537809,
  "snrd_total": 44.98307117887477,
  "snrd_wm": 67.29355579465373,
  "spacing_x": 1.0,
  "spacing_y": 1.0,
  "spacing_z": 0.999997079372406,
  "summary_bg_k": 9.0931877233315,
  "summary_bg_mad": 0.0,
  "summary_bg_mean": 6.87170436587923,
  "summary_bg_median": 0.0,
  "summary_bg_n": 1968598.0,
  "summary_bg_p05": 0.0,
  "summary_bg_p95": 24.34702592343092,
  "summary_bg_stdv": 9.736138213264997,
  "summary_csf_k": 3.5456192551710473,
  "summary_csf_mad": 107.70708570198904,
  "summary_csf_mean": 291.4394433099514,
  "summary_csf_median": 268.5391646325588,
  "summary_csf_n": 17371.0,
  "summary_csf_p05": 97.88029424473643,
  "summary_csf_p95": 545.0846288949251,
  "summary_csf_stdv": 135.81942468232617,
  "summary_gm_k": 0.11304809392166915,
  "summary_gm_mad": 57.30756411786048,
  "summary_gm_mean": 736.5644798048979,
  "summary_gm_median": 736.907692976296,
  "summary_gm_n": 27762.0,
  "summary_gm_p05": 639.8477163165808,
  "summary_gm_p95": 832.8520377203822,
  "summary_gm_stdv": 58.36777671546716,
  "summary_wm_k": 1.18185604291957,
  "summary_wm_mad": 69.66420357960628,
  "summary_wm_mean": 1018.0087259255238,
  "summary_wm_median": 1000.0655742511153,
  "summary_wm_n": 183747.0,
  "summary_wm_p05": 915.2119232565165,
  "summary_wm_p95": 1189.3948728740215,
  "summary_wm_stdv": 83.20752723746808,
  "tpm_overlap_csf": 0.16023459101938423,
  "tpm_overlap_gm": 0.46148255500322805,
  "tpm_overlap_wm": 0.4825356503158681,
  "wm2max": 0.3405819774718398
}