{
  "bids_meta": {
    "AccelFactPE": 2,
    "AcquisitionNumber": 1,
    "AcquisitionTime": "12:54:37.415000",
    "BodyPartExamined": "BRAIN",
    "ConversionSoftware": "dcm2niix",
    "ConversionSoftwareVersion": "v1.0.20170724 GCC4.4.7",
    "DeviceSerialNumber": "167004",
    "EchoTime": 0.00297,
    "FlipAngle": 7,
    "ImageType": [
      "ORIGINAL",
      "PRIMARY",
      "M",
      "ND"
    ],
    "InstitutionAddress": "Mikeletegi_69_San_Sebastian_District_ES_20009",
    "InstitutionName": "BCBL",
    "InversionTime": 1.1,
    "MagneticFieldStrength": 3,
    "Manufacturer": "Siemens",
    "ManufacturersModelName": "Prisma_fit",
    "PhaseEncodingDirection": "i-",
    "PhaseEncodingLines": 256,
    "ProcedureStepDescription": "CRANEO_FUNCIONAL",
    "ProtocolName": "t1_mpr_tra_p2_iso",
    "RepetitionTime": 2.53,
    "ScanningSequence": "GR_IR",
    "SequenceName": "_tfl3d1_16",
    "SequenceVariant": "SK_SP_MP_OSP",
    "SeriesDescription": "t1_mpr_tra_p2_iso",
    "SoftwareVersions": "syngo_MR_E11",
    "dataset": "ds003545",
    "modality": "T1w",
    "session_id": "01",
    "subject_id": "18"
  },
  "cjv": 0.4674374019318253,
  "cnr": 2.7168884622374514,
  "efc": 0.515340002952867,
  "fber": 4085.994943978028,
  "fwhm_avg": 4.611156666666666,
  "fwhm_x": 4.3903,
  "fwhm_y": 4.89876,
  "fwhm_z": 4.54441,
  "icvs_csf": 0.16668559732177474,
  "icvs_gm": 0.40848433287619024,
  "icvs_wm": 0.424830069802035,
  "inu_med": 0.995847761631012,
  "inu_range": 0.8138007432222365,
  "provenance": {
    "md5sum": "94acd9a43525a2e8a854c4754c6d2dab",
    "settings": {
      "testing": false
    },
    "software": "mriqc",
    "version": "22.0.6",
    "warnings": {
      "large_rot_frame": true,
      "small_air_mask": false
    },
    "webapi_port": null,
    "webapi_url": "https://mriqc.nimh.nih.gov/api/v1"
  },
  "qi_1": 0.0006200893387973305,
  "qi_2": 0.0015408182581310682,
  "rpve_csf": 40.95702180472043,
  "rpve_gm": 16.759092406619718,
  "rpve_wm": 18.386902409162335,
  "size_x": 256,
  "size_y": 256,
  "size_z": 176,
  "snr_csf": 2.2742540437974466,
  "snr_gm": 11.93466751207035,
  "snr_total": 8.72869393436534,
  "snr_wm": 11.977160247228225,
  "snrd_csf": 12.521000844205913,
  "snrd_gm": 31.877839430215385,
  "snrd_total": 29.934346010058363,
  "snrd_wm": 45.40419775575379,
  "spacing_x": 1.0,
  "spacing_y": 1.0,
  "spacing_z": 1.0,
  "summary_bg_k": 10.692166214730733,
  "summary_bg_mad": 14.429925042202164,
  "summary_bg_mean": 24.00253918586787,
  "summary_bg_median": 9.732836537063122,
  "summary_bg_n": 2484298.0,
  "summary_bg_p05": 0.0,
  "summary_bg_p95": 106.40799140185118,
  "summary_bg_stdv": 39.901588329005634,
  "summary_csf_k": 0.9787069037505582,
  "summary_csf_mad": 110.98452415009181,
  "summary_csf_mean": 283.8664950797162,
  "summary_csf_median": 275.7854755669832,
  "summary_csf_n": 19672.0,
  "summary_csf_p05": 95.53530253209175,
  "summary_csf_p95": 496.20809471122925,
  "summary_csf_stdv": 121.26106431943859,
  "summary_gm_k": 0.11994341145646814,
  "summary_gm_mad": 58.01023557234293,
  "summary_gm_mean": 702.6272966007218,
  "summary_gm_median": 702.1359727308154,
  "summary_gm_n": 19721.0,
  "summary_gm_p05": 606.1140283718705,
  "summary_gm_p95": 799.0070907473564,
  "summary_gm_stdv": 58.830140853236074,
  "summary_wm_k": 0.2683827655231794,
  "summary_wm_mad": 81.25306785508467,
  "summary_wm_mean": 1011.4869493989291,
  "summary_wm_median": 1000.0652844458818,
  "summary_wm_n": 141129.0,
  "summary_wm_p05": 894.8983930051327,
  "summary_wm_p95": 1167.2218528911471,
  "summary_wm_stdv": 83.49740011049742,
  "tpm_overlap_csf": 0.16068861718281047,
  "tpm_overlap_gm": 0.44195271501974404,
  "tpm_overlap_wm": 0.4805303061441372,
  "wm2max": 0.3175360365031629
}