{
  "bids_meta": {
    "AccelFactPE": 2,
    "AcquisitionNumber": 1,
    "AcquisitionTime": "13:28:29.177500",
    "ConversionSoftware": "dcm2niix",
    "ConversionSoftwareVersion": "v1.0.20170724 GCC4.4.7",
    "DeviceSerialNumber": "35414",
    "EchoTime": 0.00297,
    "FlipAngle": 7,
    "ImageType": [
      "ORIGINAL",
      "PRIMARY",
      "M",
      "ND",
      "NORM"
    ],
    "InstitutionAddress": "Mikeletegi_69_San_Sebastian_District_ES_20009",
    "InstitutionName": "BCBL",
    "InversionTime": 1.1,
    "MagneticFieldStrength": 3,
    "Manufacturer": "Siemens",
    "ManufacturersModelName": "TrioTim",
    "PhaseEncodingDirection": "i-",
    "PhaseEncodingLines": 256,
    "ProcedureStepDescription": "CRANEO_FUNCIONAL",
    "ProtocolName": "t1_mpr_tra_p2_iso",
    "RepetitionTime": 2.53,
    "ScanningSequence": "GR_IR",
    "SequenceName": "_tfl3d1",
    "SequenceVariant": "SP_MP_OSP",
    "SeriesDescription": "t1_mpr_tra_p2_iso",
    "SoftwareVersions": "syngo_MR_B17",
    "dataset": "ds003545",
    "modality": "T1w",
    "session_id": "01",
    "subject_id": "08"
  },
  "cjv": 0.30548055008558067,
  "cnr": 4.309106710620585,
  "efc": 0.5414925770582186,
  "fber": 21765.0211541271,
  "fwhm_avg": 4.38794,
  "fwhm_x": 4.09243,
  "fwhm_y": 4.79101,
  "fwhm_z": 4.28038,
  "icvs_csf": 0.21725654687003862,
  "icvs_gm": 0.4501637555870683,
  "icvs_wm": 0.3325796975428931,
  "inu_med": 0.4924458712339401,
  "inu_range": 0.18420419991016385,
  "provenance": {
    "md5sum": "018046677277b9e417d204185223ac80",
    "settings": {
      "testing": false
    },
    "software": "mriqc",
    "version": "22.0.6",
    "warnings": {
      "large_rot_frame": true,
      "small_air_mask": false
    },
    "webapi_port": null,
    "webapi_url": "https://mriqc.nimh.nih.gov/api/v1"
  },
  "qi_1": 0.0,
  "qi_2": 0.016845251690681688,
  "rpve_csf": 24.299920241312456,
  "rpve_gm": 12.272728155182735,
  "rpve_wm": 18.603427305750554,
  "size_x": 256,
  "size_y": 256,
  "size_z": 176,
  "snr_csf": 1.88939020055416,
  "snr_gm": 12.6360543594666,
  "snr_total": 13.261385582421488,
  "snr_wm": 25.2587121872437,
  "snrd_csf": 26.972525305073184,
  "snrd_gm": 84.44380055372683,
  "snrd_total": 77.11542002541165,
  "snrd_wm": 119.92993421743495,
  "spacing_x": 1.0,
  "spacing_y": 1.0,
  "spacing_z": 1.0,
  "summary_bg_k": 17.26580955176056,
  "summary_bg_mad": 5.462659402875481,
  "summary_bg_mean": 4.844419227630073,
  "summary_bg_median": 3.6845077760517597,
  "summary_bg_n": 2153463.0,
  "summary_bg_p05": 0.0,
  "summary_bg_p95": 16.334651140496135,
  "summary_bg_stdv": 6.541111390102067,
  "summary_csf_k": 0.7612177223643437,
  "summary_csf_mad": 115.08002475391012,
  "summary_csf_mean": 227.51060732702013,
  "summary_csf_median": 224.9023546501994,
  "summary_csf_n": 54427.0,
  "summary_csf_p05": 48.48812233284116,
  "summary_csf_p95": 445.73701271563755,
  "summary_csf_stdv": 119.03326717951929,
  "summary_gm_k": 0.26097924766131797,
  "summary_gm_mad": 53.31555577206469,
  "summary_gm_mean": 704.1054043303872,
  "summary_gm_median": 704.1094360034913,
  "summary_gm_n": 41844.0,
  "summary_gm_p05": 612.2423754539341,
  "summary_gm_p95": 796.1975670196116,
  "summary_gm_stdv": 55.72158859227891,
  "summary_wm_k": 0.749368464581083,
  "summary_wm_mad": 37.073248480848264,
  "summary_wm_mean": 999.3133632646188,
  "summary_wm_median": 999.9999738056213,
  "summary_wm_n": 180790.0,
  "summary_wm_p05": 932.7699885852635,
  "summary_wm_p95": 1062.0605946161782,
  "summary_wm_stdv": 39.59018974321269,
  "tpm_overlap_csf": 0.14915510732118278,
  "tpm_overlap_gm": 0.4713090384994842,
  "tpm_overlap_wm": 0.49696925305819145,
  "wm2max": 0.6950709395434601
}