{
  "aor": 0.008231129032258064,
  "aqi": 0.004071316021505376,
  "bids_meta": {
    "AcquisitionNumber": 1,
    "AcquisitionTime": "13:06:37.345000",
    "BandwidthPerPixelPhaseEncode": 28.409,
    "BodyPartExamined": "BRAIN",
    "ConversionSoftware": "dcm2niix",
    "ConversionSoftwareVersion": "v1.0.20170724 GCC4.4.7",
    "DeviceSerialNumber": "167004",
    "EchoTime": 0.03,
    "EchoTrainLength": 64,
    "EffectiveEchoSpacing": 0.000550002,
    "FlipAngle": 80,
    "ImageType": [
      "ORIGINAL",
      "PRIMARY",
      "M",
      "ND",
      "MOSAIC"
    ],
    "InstitutionAddress": "Mikeletegi_69_San_Sebastian_District_ES_20009",
    "InstitutionName": "BCBL",
    "MagneticFieldStrength": 3,
    "Manufacturer": "Siemens",
    "ManufacturersModelName": "Prisma_fit",
    "PhaseEncodingDirection": "j-",
    "PhaseEncodingLines": 64,
    "ProcedureStepDescription": "CRANEO_FUNCIONAL",
    "ProtocolName": "ep2d_PiN_L3_Run1",
    "RepetitionTime": 2,
    "ScanningSequence": "EP",
    "SequenceName": "_epfid2d1_64",
    "SequenceVariant": "SK",
    "SeriesDescription": "ep2d_PiN_L3_Run1",
    "SliceTiming": [
      1.9175,
      1.855,
      1.7925,
      1.7325,
      1.67,
      1.6075,
      1.545,
      1.485,
      1.4225,
      1.36,
      1.2975,
      1.2375,
      1.175,
      1.1125,
      1.05,
      0.99,
      0.9275,
      0.865,
      0.8025,
      0.7425,
      0.68,
      0.6175,
      0.555,
      0.495,
      0.4325,
      0.37,
      0.3075,
      0.2475,
      0.185,
      0.1225,
      0.06,
      0
    ],
    "SoftwareVersions": "syngo_MR_E11",
    "TaskName": "compLn",
    "TotalReadoutTime": 0.0346501,
    "dataset": "ds003545",
    "modality": "bold",
    "run_id": 1,
    "session_id": "01",
    "subject_id": "18",
    "task_id": "compLn"
  },
  "dummy_trs": 0,
  "dvars_nstd": 21.842428769351347,
  "dvars_std": 1.2321895532972973,
  "dvars_vstd": 0.9967633467567568,
  "efc": 0.4566001665003554,
  "fber": 1366.8509521484375,
  "fd_mean": 0.21578581584504392,
  "fd_num": 52,
  "fd_perc": 27.956989247311828,
  "fwhm_avg": 2.4725147290389216,
  "fwhm_x": 2.4041396363636363,
  "fwhm_y": 2.636706909090909,
  "fwhm_z": 2.376697641662219,
  "gcor": 0.0642687,
  "gsr_x": -0.007864484563469887,
  "gsr_y": 0.018079079687595367,
  "provenance": {
    "md5sum": "cedccd37e779a9d3325d9c92a85a91d1",
    "settings": {
      "fd_thres": 0.2,
      "testing": false
    },
    "software": "mriqc",
    "version": "22.0.6",
    "webapi_port": null,
    "webapi_url": "https://mriqc.nimh.nih.gov/api/v1"
  },
  "size_t": 186,
  "size_x": 64,
  "size_y": 64,
  "size_z": 32,
  "snr": 3.283649730077066,
  "spacing_tr": 2.0,
  "spacing_x": 3.4375,
  "spacing_y": 3.4375,
  "spacing_z": 3.999999761581421,
  "summary_bg_k": 29.130400059859028,
  "summary_bg_mad": 2.8775244512267024,
  "summary_bg_mean": 40.84503936767578,
  "summary_bg_median": 18.725807189941406,
  "summary_bg_n": 88725.0,
  "summary_bg_p05": 16.45161247253418,
  "summary_bg_p95": 142.36343688964848,
  "summary_bg_stdv": 63.5055046081543,
  "summary_fg_k": 0.23588662336956023,
  "summary_fg_mad": 216.12913457016828,
  "summary_fg_mean": 735.5504150390625,
  "summary_fg_median": 711.6612548828125,
  "summary_fg_n": 15458.0,
  "summary_fg_p05": 424.09354400634766,
  "summary_fg_p95": 1125.250537109375,
  "summary_fg_stdv": 216.7217254638672,
  "tsnr": 63.48115718411282
}