{
  "aor": 0.010758395061728395,
  "aqi": 0.021547615432098762,
  "bids_meta": {
    "AcquisitionNumber": 1,
    "AcquisitionTime": "11:37:54.495000",
    "BandwidthPerPixelPhaseEncode": 29.481,
    "BodyPartExamined": "BRAIN",
    "ConversionSoftware": "dcm2niix",
    "ConversionSoftwareVersion": "v1.0.20170724 GCC4.4.7",
    "DeviceSerialNumber": "167004",
    "EchoTime": 0.025,
    "EchoTrainLength": 64,
    "EffectiveEchoSpacing": 0.000530002,
    "FlipAngle": 90,
    "ImageType": [
      "ORIGINAL",
      "PRIMARY",
      "M",
      "ND",
      "MOSAIC"
    ],
    "InstitutionAddress": "Mikeletegi_69_San_Sebastian_District_ES_20009",
    "InstitutionName": "BCBL",
    "MagneticFieldStrength": 3,
    "Manufacturer": "Siemens",
    "ManufacturersModelName": "Prisma_fit",
    "PhaseEncodingDirection": "j-",
    "PhaseEncodingLines": 64,
    "ProcedureStepDescription": "CRANEO_FUNCIONAL",
    "ProtocolName": "ep2d_VF_L1_Run2",
    "RepetitionTime": 3,
    "ScanningSequence": "EP",
    "SequenceName": "_epfid2d1_64",
    "SequenceVariant": "SK",
    "SeriesDescription": "ep2d_VF_L1_Run2",
    "SliceTiming": [
      2.9125,
      2.8425,
      2.7725,
      2.7025,
      2.635,
      2.565,
      2.495,
      2.4275,
      2.3575,
      2.2875,
      2.2175,
      2.15,
      2.08,
      2.01,
      1.9425,
      1.8725,
      1.8025,
      1.7325,
      1.665,
      1.595,
      1.525,
      1.4575,
      1.3875,
      1.3175,
      1.2475,
      1.18,
      1.11,
      1.04,
      0.97,
      0.9025,
      0.8325,
      0.7625,
      0.695,
      0.625,
      0.555,
      0.485,
      0.4175,
      0.3475,
      0.2775,
      0.21,
      0.14,
      0.07,
      0
    ],
    "SoftwareVersions": "syngo_MR_E11",
    "TaskName": "prodL1",
    "TotalReadoutTime": 0.0333901,
    "dataset": "ds003545",
    "modality": "bold",
    "run_id": 2,
    "session_id": "01",
    "subject_id": "18",
    "task_id": "prodL1"
  },
  "dummy_trs": 0,
  "dvars_nstd": 51.02441983979338,
  "dvars_std": 1.0421492995041317,
  "dvars_vstd": 0.8929348085123973,
  "efc": 0.5450331368229364,
  "fber": 397.5995788574219,
  "fd_mean": 1.208602543720779,
  "fd_num": 195,
  "fd_perc": 80.24691358024691,
  "fwhm_avg": 2.7450672857846565,
  "fwhm_x": 2.6116766666666664,
  "fwhm_y": 2.912576666666667,
  "fwhm_z": 2.710948524020636,
  "gcor": 0.0389173,
  "gsr_x": 0.009848276153206825,
  "gsr_y": 0.043681323528289795,
  "provenance": {
    "md5sum": "8b9fa76262af37fac4a6255bf9e8c36d",
    "settings": {
      "fd_thres": 0.2,
      "testing": false
    },
    "software": "mriqc",
    "version": "22.0.6",
    "webapi_port": null,
    "webapi_url": "https://mriqc.nimh.nih.gov/api/v1"
  },
  "size_t": 243,
  "size_x": 64,
  "size_y": 64,
  "size_z": 43,
  "snr": 2.9820592048746413,
  "spacing_tr": 3.0,
  "spacing_x": 3.0,
  "spacing_y": 3.0,
  "spacing_z": 3.299999952316284,
  "summary_bg_k": 16.486768365686057,
  "summary_bg_mad": 13.434940158123972,
  "summary_bg_mean": 91.55730438232422,
  "summary_bg_median": 43.82304382324219,
  "summary_bg_n": 112436.0,
  "summary_bg_p05": 31.646089553833008,
  "summary_bg_p95": 323.2345657348633,
  "summary_bg_stdv": 120.34998321533203,
  "summary_fg_k": 0.8536316893601481,
  "summary_fg_mad": 286.6059938191545,
  "summary_fg_mean": 936.665283203125,
  "summary_fg_median": 892.8147583007812,
  "summary_fg_n": 27417.0,
  "summary_fg_p05": 529.6312622070312,
  "summary_fg_p95": 1491.4806640624995,
  "summary_fg_stdv": 299.3899230957031,
  "tsnr": 24.390306886285543
}