{
  "aor": 0.013291193415637859,
  "aqi": 0.020263794279835393,
  "bids_meta": {
    "AcquisitionNumber": 1,
    "AcquisitionTime": "13:26:1.402500",
    "BandwidthPerPixelPhaseEncode": 29.481,
    "BodyPartExamined": "BRAIN",
    "ConversionSoftware": "dcm2niix",
    "ConversionSoftwareVersion": "v1.0.20170724 GCC4.4.7",
    "DeviceSerialNumber": "167004",
    "EchoTime": 0.025,
    "EchoTrainLength": 64,
    "EffectiveEchoSpacing": 0.000530002,
    "FlipAngle": 90,
    "ImageType": [
      "ORIGINAL",
      "PRIMARY",
      "M",
      "ND",
      "MOSAIC"
    ],
    "InstitutionAddress": "Mikeletegi_69_San_Sebastian_District_ES_20009",
    "InstitutionName": "BCBL",
    "MagneticFieldStrength": 3,
    "Manufacturer": "Siemens",
    "ManufacturersModelName": "Prisma_fit",
    "PhaseEncodingDirection": "j-",
    "PhaseEncodingLines": 64,
    "ProcedureStepDescription": "CRANEO_FUNCIONAL",
    "ProtocolName": "ep2d_VF_L3_Run1",
    "RepetitionTime": 3,
    "ScanningSequence": "EP",
    "SequenceName": "_epfid2d1_64",
    "SequenceVariant": "SK",
    "SeriesDescription": "ep2d_VF_L3_Run1",
    "SliceTiming": [
      2.91,
      2.84,
      2.7725,
      2.7025,
      2.6325,
      2.5625,
      2.495,
      2.425,
      2.355,
      2.2875,
      2.2175,
      2.1475,
      2.0775,
      2.01,
      1.94,
      1.87,
      1.8025,
      1.7325,
      1.6625,
      1.5925,
      1.525,
      1.455,
      1.385,
      1.3175,
      1.2475,
      1.1775,
      1.1075,
      1.04,
      0.97,
      0.9,
      0.83,
      0.7625,
      0.6925,
      0.6225,
      0.555,
      0.485,
      0.415,
      0.345,
      0.2775,
      0.2075,
      0.1375,
      0.07,
      0
    ],
    "SoftwareVersions": "syngo_MR_E11",
    "TaskName": "prodLn",
    "TotalReadoutTime": 0.0333901,
    "dataset": "ds003545",
    "modality": "bold",
    "run_id": 1,
    "session_id": "01",
    "subject_id": "18",
    "task_id": "prodLn"
  },
  "dummy_trs": 0,
  "dvars_nstd": 52.80099190169424,
  "dvars_std": 1.2171669584297509,
  "dvars_vstd": 1.021831612024794,
  "efc": 0.5381925318063623,
  "fber": 511.8077087402344,
  "fd_mean": 0.9781941865479896,
  "fd_num": 202,
  "fd_perc": 83.1275720164609,
  "fwhm_avg": 2.7040631441797363,
  "fwhm_x": 2.558596666666667,
  "fwhm_y": 2.8822533333333333,
  "fwhm_z": 2.671339432539209,
  "gcor": 0.0533106,
  "gsr_x": 0.007208055816590786,
  "gsr_y": 0.048688989132642746,
  "provenance": {
    "md5sum": "833dfe505a68247c80ffe9bea8eff257",
    "settings": {
      "fd_thres": 0.2,
      "testing": false
    },
    "software": "mriqc",
    "version": "22.0.6",
    "webapi_port": null,
    "webapi_url": "https://mriqc.nimh.nih.gov/api/v1"
  },
  "size_t": 243,
  "size_x": 64,
  "size_y": 64,
  "size_z": 43,
  "snr": 3.0897673609654825,
  "spacing_tr": 3.0,
  "spacing_x": 3.0,
  "spacing_y": 3.0,
  "spacing_z": 3.299999952316284,
  "summary_bg_k": 16.467448683757063,
  "summary_bg_mad": 10.067051402732034,
  "summary_bg_mean": 86.05789947509766,
  "summary_bg_median": 38.292179107666016,
  "summary_bg_n": 114039.0,
  "summary_bg_p05": 30.6419734954834,
  "summary_bg_p95": 308.8024597167969,
  "summary_bg_stdv": 117.40880584716797,
  "summary_fg_k": 0.4189300953020956,
  "summary_fg_mad": 282.7285510420093,
  "summary_fg_mean": 913.9766235351562,
  "summary_fg_median": 877.3765258789062,
  "summary_fg_n": 27386.0,
  "summary_fg_p05": 518.0648040771484,
  "summary_fg_p95": 1431.0935668945312,
  "summary_fg_stdv": 283.9568176269531,
  "tsnr": 28.679291495063808
}