{
  "aor": 0.012311975308641974,
  "aqi": 0.020653125432098764,
  "bids_meta": {
    "AcquisitionNumber": 1,
    "AcquisitionTime": "13:41:20.107500",
    "BandwidthPerPixelPhaseEncode": 29.481,
    "BodyPartExamined": "BRAIN",
    "ConversionSoftware": "dcm2niix",
    "ConversionSoftwareVersion": "v1.0.20170724 GCC4.4.7",
    "DeviceSerialNumber": "167004",
    "EchoTime": 0.025,
    "EchoTrainLength": 64,
    "EffectiveEchoSpacing": 0.000530002,
    "FlipAngle": 90,
    "ImageType": [
      "ORIGINAL",
      "PRIMARY",
      "M",
      "ND",
      "MOSAIC"
    ],
    "InstitutionAddress": "Mikeletegi_69_San_Sebastian_District_ES_20009",
    "InstitutionName": "BCBL",
    "MagneticFieldStrength": 3,
    "Manufacturer": "Siemens",
    "ManufacturersModelName": "Prisma_fit",
    "PhaseEncodingDirection": "j-",
    "PhaseEncodingLines": 64,
    "ProcedureStepDescription": "CRANEO_FUNCIONAL",
    "ProtocolName": "ep2d_VF_L3_Run2",
    "RepetitionTime": 3,
    "ScanningSequence": "EP",
    "SequenceName": "_epfid2d1_64",
    "SequenceVariant": "SK",
    "SeriesDescription": "ep2d_VF_L3_Run2",
    "SliceTiming": [
      2.91,
      2.8425,
      2.7725,
      2.7025,
      2.6325,
      2.565,
      2.495,
      2.425,
      2.3575,
      2.2875,
      2.2175,
      2.1475,
      2.08,
      2.01,
      1.94,
      1.8725,
      1.8025,
      1.7325,
      1.6625,
      1.595,
      1.525,
      1.455,
      1.3875,
      1.3175,
      1.2475,
      1.1775,
      1.11,
      1.04,
      0.97,
      0.9,
      0.8325,
      0.7625,
      0.6925,
      0.625,
      0.555,
      0.485,
      0.415,
      0.3475,
      0.2775,
      0.2075,
      0.14,
      0.07,
      0
    ],
    "SoftwareVersions": "syngo_MR_E11",
    "TaskName": "prodLn",
    "TotalReadoutTime": 0.0333901,
    "dataset": "ds003545",
    "modality": "bold",
    "run_id": 2,
    "session_id": "01",
    "subject_id": "18",
    "task_id": "prodLn"
  },
  "dummy_trs": 0,
  "dvars_nstd": 50.19268944640496,
  "dvars_std": 1.1227934708264469,
  "dvars_vstd": 0.9777216354545456,
  "efc": 0.5383835867508886,
  "fber": 495.7427062988281,
  "fd_mean": 0.8716390770136063,
  "fd_num": 183,
  "fd_perc": 75.30864197530865,
  "fwhm_avg": 2.754407992799711,
  "fwhm_x": 2.61667,
  "fwhm_y": 2.9471600000000002,
  "fwhm_z": 2.6993939783991316,
  "gcor": 0.0716118,
  "gsr_x": 0.009739646688103676,
  "gsr_y": 0.04730229452252388,
  "provenance": {
    "md5sum": "e3f5fd3ead15b05eea3f0fa786e9ec17",
    "settings": {
      "fd_thres": 0.2,
      "testing": false
    },
    "software": "mriqc",
    "version": "22.0.6",
    "webapi_port": null,
    "webapi_url": "https://mriqc.nimh.nih.gov/api/v1"
  },
  "size_t": 243,
  "size_x": 64,
  "size_y": 64,
  "size_z": 43,
  "snr": 3.0560048765604058,
  "spacing_tr": 3.0,
  "spacing_x": 3.0,
  "spacing_y": 3.0,
  "spacing_z": 3.299999952316284,
  "summary_bg_k": 18.30656640090273,
  "summary_bg_mad": 10.457533594470823,
  "summary_bg_mean": 83.20594787597656,
  "summary_bg_median": 38.11111068725586,
  "summary_bg_n": 112835.0,
  "summary_bg_p05": 29.654319763183594,
  "summary_bg_p95": 291.64484252929645,
  "summary_bg_stdv": 112.27843475341797,
  "summary_fg_k": 0.46763864669370037,
  "summary_fg_mad": 281.15753925517606,
  "summary_fg_mean": 906.1629028320312,
  "summary_fg_median": 869.4403076171875,
  "summary_fg_n": 27387.0,
  "summary_fg_p05": 510.609033203125,
  "summary_fg_p95": 1427.2994873046873,
  "summary_fg_stdv": 284.4970703125,
  "tsnr": 26.623042694292963
}