{
  "aor": 0.02516623655913978,
  "aqi": 0.0073781634408602165,
  "bids_meta": {
    "AcquisitionNumber": 1,
    "AcquisitionTime": "13:15:18.942500",
    "BandwidthPerPixelPhaseEncode": 28.409,
    "BodyPartExamined": "BRAIN",
    "ConversionSoftware": "dcm2niix",
    "ConversionSoftwareVersion": "v1.0.20170724 GCC4.4.7",
    "DeviceSerialNumber": "167004",
    "EchoTime": 0.03,
    "EchoTrainLength": 64,
    "EffectiveEchoSpacing": 0.000550002,
    "FlipAngle": 80,
    "ImageType": [
      "ORIGINAL",
      "PRIMARY",
      "M",
      "ND",
      "MOSAIC"
    ],
    "InstitutionAddress": "Mikeletegi_69_San_Sebastian_District_ES_20009",
    "InstitutionName": "BCBL",
    "MagneticFieldStrength": 3,
    "Manufacturer": "Siemens",
    "ManufacturersModelName": "Prisma_fit",
    "PhaseEncodingDirection": "j-",
    "PhaseEncodingLines": 64,
    "ProcedureStepDescription": "CRANEO_FUNCIONAL",
    "ProtocolName": "ep2d_PiN_L3_Run2",
    "RepetitionTime": 2,
    "ScanningSequence": "EP",
    "SequenceName": "_epfid2d1_64",
    "SequenceVariant": "SK",
    "SeriesDescription": "ep2d_PiN_L3_Run2",
    "SliceTiming": [
      1.9175,
      1.855,
      1.7925,
      1.7325,
      1.67,
      1.6075,
      1.545,
      1.485,
      1.4225,
      1.36,
      1.2975,
      1.2375,
      1.175,
      1.1125,
      1.05,
      0.99,
      0.9275,
      0.865,
      0.8025,
      0.7425,
      0.68,
      0.6175,
      0.555,
      0.495,
      0.4325,
      0.37,
      0.3075,
      0.2475,
      0.185,
      0.1225,
      0.06,
      0
    ],
    "SoftwareVersions": "syngo_MR_E11",
    "TaskName": "compLn",
    "TotalReadoutTime": 0.0346501,
    "dataset": "ds003545",
    "modality": "bold",
    "run_id": 2,
    "session_id": "01",
    "subject_id": "18",
    "task_id": "compLn"
  },
  "dummy_trs": 0,
  "dvars_nstd": 24.419917420972958,
  "dvars_std": 1.326545020378378,
  "dvars_vstd": 1.0752827349189196,
  "efc": 0.4570423980474068,
  "fber": 1407.021484375,
  "fd_mean": 0.25832419272879087,
  "fd_num": 70,
  "fd_perc": 37.634408602150536,
  "fwhm_avg": 2.514324002814243,
  "fwhm_x": 2.4113192727272725,
  "fwhm_y": 2.702205090909091,
  "fwhm_z": 2.429447644806364,
  "gcor": 0.0588102,
  "gsr_x": -0.009798257611691952,
  "gsr_y": 0.015608821995556355,
  "provenance": {
    "md5sum": "76bebc1904c4683c9d5763dbef07fa64",
    "settings": {
      "fd_thres": 0.2,
      "testing": false
    },
    "software": "mriqc",
    "version": "22.0.6",
    "webapi_port": null,
    "webapi_url": "https://mriqc.nimh.nih.gov/api/v1"
  },
  "size_t": 186,
  "size_x": 64,
  "size_y": 64,
  "size_z": 32,
  "snr": 3.2791904305515636,
  "spacing_tr": 2.0,
  "spacing_x": 3.4375,
  "spacing_y": 3.4375,
  "spacing_z": 3.999999761581421,
  "summary_bg_k": 28.26099814070517,
  "summary_bg_mad": 2.638393875277054,
  "summary_bg_mean": 41.030269622802734,
  "summary_bg_median": 18.801074981689453,
  "summary_bg_n": 88604.0,
  "summary_bg_p05": 16.935483932495117,
  "summary_bg_p95": 144.84623184204082,
  "summary_bg_stdv": 63.252960205078125,
  "summary_fg_k": 0.3004858284558156,
  "summary_fg_mad": 218.7874392620585,
  "summary_fg_mean": 745.0853881835938,
  "summary_fg_median": 719.8817138671875,
  "summary_fg_n": 15311.0,
  "summary_fg_p05": 434.8010711669922,
  "summary_fg_p95": 1139.6398315429688,
  "summary_fg_stdv": 219.5231475830078,
  "tsnr": 49.72386396210641
}