{
  "aor": 0.005796881720430107,
  "aqi": 0.009947784569892475,
  "bids_meta": {
    "AcquisitionNumber": 1,
    "AcquisitionTime": "11:04:16.240000",
    "BandwidthPerPixelPhaseEncode": 28.409,
    "BodyPartExamined": "BRAIN",
    "ConversionSoftware": "dcm2niix",
    "ConversionSoftwareVersion": "v1.0.20170724 GCC4.4.7",
    "DeviceSerialNumber": "167004",
    "EchoTime": 0.03,
    "EchoTrainLength": 64,
    "EffectiveEchoSpacing": 0.000550002,
    "FlipAngle": 80,
    "ImageType": [
      "ORIGINAL",
      "PRIMARY",
      "M",
      "ND",
      "MOSAIC"
    ],
    "InstitutionAddress": "Mikeletegi_69_San_Sebastian_District_ES_20009",
    "InstitutionName": "BCBL",
    "MagneticFieldStrength": 3,
    "Manufacturer": "Siemens",
    "ManufacturersModelName": "Prisma_fit",
    "PhaseEncodingDirection": "j-",
    "PhaseEncodingLines": 64,
    "ProcedureStepDescription": "CRANEO_FUNCIONAL",
    "ProtocolName": "ep2d_PiN_L1_Run1",
    "RepetitionTime": 2,
    "ScanningSequence": "EP",
    "SequenceName": "_epfid2d1_64",
    "SequenceVariant": "SK",
    "SeriesDescription": "ep2d_PiN_L1_Run1",
    "SliceTiming": [
      1.92,
      1.8575,
      1.795,
      1.7325,
      1.6725,
      1.61,
      1.5475,
      1.485,
      1.425,
      1.3625,
      1.3,
      1.2375,
      1.1775,
      1.115,
      1.0525,
      0.99,
      0.93,
      0.8675,
      0.805,
      0.7425,
      0.6825,
      0.62,
      0.5575,
      0.495,
      0.435,
      0.3725,
      0.31,
      0.2475,
      0.1875,
      0.125,
      0.0625,
      0
    ],
    "SoftwareVersions": "syngo_MR_E11",
    "TaskName": "compL1",
    "TotalReadoutTime": 0.0346501,
    "dataset": "ds003545",
    "modality": "bold",
    "run_id": 1,
    "session_id": "01",
    "subject_id": "18",
    "task_id": "compL1"
  },
  "dummy_trs": 0,
  "dvars_nstd": 20.779527483513522,
  "dvars_std": 0.916937553297297,
  "dvars_vstd": 0.8222211382162161,
  "efc": 0.47055519715725175,
  "fber": 926.26611328125,
  "fd_mean": 0.21551193998969592,
  "fd_num": 32,
  "fd_perc": 17.204301075268816,
  "fwhm_avg": 2.5637028030303033,
  "fwhm_x": 2.4792698181818182,
  "fwhm_y": 2.738301090909091,
  "fwhm_z": 2.4735375,
  "gcor": 0.0495051,
  "gsr_x": -0.01018304843455553,
  "gsr_y": 0.015980342403054237,
  "provenance": {
    "md5sum": "c5facc44770ea9942dc430a65f71b4d9",
    "settings": {
      "fd_thres": 0.2,
      "testing": false
    },
    "software": "mriqc",
    "version": "22.0.6",
    "webapi_port": null,
    "webapi_url": "https://mriqc.nimh.nih.gov/api/v1"
  },
  "size_t": 186,
  "size_x": 64,
  "size_y": 64,
  "size_z": 32,
  "snr": 3.2220854450215906,
  "spacing_tr": 2.0,
  "spacing_x": 3.4375,
  "spacing_y": 3.4375,
  "spacing_z": 4.0,
  "summary_bg_k": 27.174833094756107,
  "summary_bg_mad": 4.9579488678474535,
  "summary_bg_mean": 45.478111267089844,
  "summary_bg_median": 22.849462509155273,
  "summary_bg_n": 88329.0,
  "summary_bg_p05": 18.18817138671875,
  "summary_bg_p95": 156.54623718261715,
  "summary_bg_stdv": 66.39058685302734,
  "summary_fg_k": 0.6314289432360316,
  "summary_fg_mad": 212.9885588502308,
  "summary_fg_mean": 738.0807495117188,
  "summary_fg_median": 709.8306274414062,
  "summary_fg_n": 15570.0,
  "summary_fg_p05": 433.1870910644531,
  "summary_fg_p95": 1142.2067077636718,
  "summary_fg_stdv": 220.29454040527344,
  "tsnr": 42.467895311070606
}