{
  "aor": 0.010003703703703706,
  "aqi": 0.015251574485596706,
  "bids_meta": {
    "AcquisitionNumber": 1,
    "AcquisitionTime": "11:22:36.477500",
    "BandwidthPerPixelPhaseEncode": 29.481,
    "BodyPartExamined": "BRAIN",
    "ConversionSoftware": "dcm2niix",
    "ConversionSoftwareVersion": "v1.0.20170724 GCC4.4.7",
    "DeviceSerialNumber": "167004",
    "EchoTime": 0.025,
    "EchoTrainLength": 64,
    "EffectiveEchoSpacing": 0.000530002,
    "FlipAngle": 90,
    "ImageType": [
      "ORIGINAL",
      "PRIMARY",
      "M",
      "ND",
      "MOSAIC"
    ],
    "InstitutionAddress": "Mikeletegi_69_San_Sebastian_District_ES_20009",
    "InstitutionName": "BCBL",
    "MagneticFieldStrength": 3,
    "Manufacturer": "Siemens",
    "ManufacturersModelName": "Prisma_fit",
    "PhaseEncodingDirection": "j-",
    "PhaseEncodingLines": 64,
    "ProcedureStepDescription": "CRANEO_FUNCIONAL",
    "ProtocolName": "ep2d_VF_L1_Run1",
    "RepetitionTime": 3,
    "ScanningSequence": "EP",
    "SequenceName": "_epfid2d1_64",
    "SequenceVariant": "SK",
    "SeriesDescription": "ep2d_VF_L1_Run1",
    "SliceTiming": [
      2.9125,
      2.8425,
      2.7725,
      2.7025,
      2.635,
      2.565,
      2.495,
      2.4275,
      2.3575,
      2.2875,
      2.2175,
      2.15,
      2.08,
      2.01,
      1.94,
      1.8725,
      1.8025,
      1.7325,
      1.665,
      1.595,
      1.525,
      1.455,
      1.3875,
      1.3175,
      1.2475,
      1.18,
      1.11,
      1.04,
      0.97,
      0.9025,
      0.8325,
      0.7625,
      0.695,
      0.625,
      0.555,
      0.485,
      0.4175,
      0.3475,
      0.2775,
      0.2075,
      0.14,
      0.07,
      0
    ],
    "SoftwareVersions": "syngo_MR_E11",
    "TaskName": "prodL1",
    "TotalReadoutTime": 0.0333901,
    "dataset": "ds003545",
    "modality": "bold",
    "run_id": 1,
    "session_id": "01",
    "subject_id": "18",
    "task_id": "prodL1"
  },
  "dummy_trs": 0,
  "dvars_nstd": 41.02537553173554,
  "dvars_std": 1.0630312118181822,
  "dvars_vstd": 0.9102406831818185,
  "efc": 0.5404166097842368,
  "fber": 410.1341857910156,
  "fd_mean": 0.6653267983006456,
  "fd_num": 158,
  "fd_perc": 65.02057613168725,
  "fwhm_avg": 2.6805369824334555,
  "fwhm_x": 2.5612533333333336,
  "fwhm_y": 2.8360333333333334,
  "fwhm_z": 2.644324280633699,
  "gcor": 0.0569342,
  "gsr_x": 0.007162034977227449,
  "gsr_y": 0.04233616963028908,
  "provenance": {
    "md5sum": "8d08ed50ea804f4063109a7fc3a82bc5",
    "settings": {
      "fd_thres": 0.2,
      "testing": false
    },
    "software": "mriqc",
    "version": "22.0.6",
    "webapi_port": null,
    "webapi_url": "https://mriqc.nimh.nih.gov/api/v1"
  },
  "size_t": 243,
  "size_x": 64,
  "size_y": 64,
  "size_z": 43,
  "snr": 2.9940792721057594,
  "spacing_tr": 3.0,
  "spacing_x": 3.0,
  "spacing_y": 3.0,
  "spacing_z": 3.299999952316284,
  "summary_bg_k": 15.13021239876079,
  "summary_bg_mad": 15.167693042387716,
  "summary_bg_mean": 94.37036895751953,
  "summary_bg_median": 44.70781707763672,
  "summary_bg_n": 113443.0,
  "summary_bg_p05": 27.355554580688484,
  "summary_bg_p95": 345.5497772216796,
  "summary_bg_stdv": 126.76527404785156,
  "summary_fg_k": 0.5964148798396431,
  "summary_fg_mad": 297.6796768383375,
  "summary_fg_mean": 953.2701416015625,
  "summary_fg_median": 911.3785400390625,
  "summary_fg_n": 27376.0,
  "summary_fg_p05": 533.0195159912109,
  "summary_fg_p95": 1513.4721984863281,
  "summary_fg_stdv": 304.3880310058594,
  "tsnr": 29.215265307866503
}