{
  "aor": 0.014887037037037035,
  "aqi": 0.006086746502057612,
  "bids_meta": {
    "AcquisitionNumber": 1,
    "AcquisitionTime": "10:39:58.747500",
    "BandwidthPerPixelPhaseEncode": 29.481,
    "BodyPartExamined": "BRAIN",
    "ConversionSoftware": "dcm2niix",
    "ConversionSoftwareVersion": "v1.0.20170724 GCC4.4.7",
    "DeviceSerialNumber": "167004",
    "EchoTime": 0.025,
    "EchoTrainLength": 64,
    "EffectiveEchoSpacing": 0.000530002,
    "FlipAngle": 90,
    "ImageType": [
      "ORIGINAL",
      "PRIMARY",
      "M",
      "ND",
      "MOSAIC"
    ],
    "InstitutionAddress": "Mikeletegi_69_San_Sebastian_District_ES_20009",
    "InstitutionName": "BCBL",
    "MagneticFieldStrength": 3,
    "Manufacturer": "Siemens",
    "ManufacturersModelName": "Prisma_fit",
    "PhaseEncodingDirection": "j-",
    "PhaseEncodingLines": 64,
    "ProcedureStepDescription": "CRANEO_FUNCIONAL",
    "ProtocolName": "ep2d_VF_L3_Run2",
    "RepetitionTime": 3,
    "ScanningSequence": "EP",
    "SequenceName": "_epfid2d1_64",
    "SequenceVariant": "SK",
    "SeriesDescription": "ep2d_VF_L3_Run2",
    "SliceTiming": [
      2.91,
      2.8425,
      2.7725,
      2.7025,
      2.635,
      2.565,
      2.495,
      2.425,
      2.3575,
      2.2875,
      2.2175,
      2.15,
      2.08,
      2.01,
      1.94,
      1.8725,
      1.8025,
      1.7325,
      1.6625,
      1.595,
      1.525,
      1.455,
      1.3875,
      1.3175,
      1.2475,
      1.1775,
      1.11,
      1.04,
      0.97,
      0.9025,
      0.8325,
      0.7625,
      0.6925,
      0.625,
      0.555,
      0.485,
      0.4175,
      0.3475,
      0.2775,
      0.2075,
      0.14,
      0.07,
      0
    ],
    "SoftwareVersions": "syngo_MR_E11",
    "TaskName": "prodLn",
    "TotalReadoutTime": 0.0333901,
    "dataset": "ds003545",
    "modality": "bold",
    "run_id": 2,
    "session_id": "01",
    "subject_id": "20",
    "task_id": "prodLn"
  },
  "dummy_trs": 0,
  "dvars_nstd": 39.78550618537192,
  "dvars_std": 1.3556001054958666,
  "dvars_vstd": 1.0839058351652893,
  "efc": 0.5684012226481983,
  "fber": 465.03924560546875,
  "fd_mean": 0.43166602153560957,
  "fd_num": 146,
  "fd_perc": 60.08230452674897,
  "fwhm_avg": 3.1285127423026577,
  "fwhm_x": 2.98375,
  "fwhm_y": 3.2813033333333332,
  "fwhm_z": 3.1204848935746408,
  "gcor": 0.0294336,
  "gsr_x": 0.0008488984894938767,
  "gsr_y": 0.06381213665008545,
  "provenance": {
    "md5sum": "83f8b5157e8354f69a517a4f7ce35a98",
    "settings": {
      "fd_thres": 0.2,
      "testing": false
    },
    "software": "mriqc",
    "version": "22.0.6",
    "webapi_port": null,
    "webapi_url": "https://mriqc.nimh.nih.gov/api/v1"
  },
  "size_t": 243,
  "size_x": 64,
  "size_y": 64,
  "size_z": 43,
  "snr": 2.1513911080357486,
  "spacing_tr": 3.0,
  "spacing_x": 3.0,
  "spacing_y": 3.0,
  "spacing_z": 3.299999952316284,
  "summary_bg_k": 18.40287156347969,
  "summary_bg_mad": 20.786932133924317,
  "summary_bg_mean": 115.18418884277344,
  "summary_bg_median": 47.530860900878906,
  "summary_bg_n": 95767.0,
  "summary_bg_p05": 32.790122985839844,
  "summary_bg_p95": 439.574069213867,
  "summary_bg_stdv": 165.81732177734375,
  "summary_fg_k": 1.488204224587192,
  "summary_fg_mad": 451.7178304670839,
  "summary_fg_mean": 1178.8597412109375,
  "summary_fg_median": 1069.93408203125,
  "summary_fg_n": 39252.0,
  "summary_fg_p05": 578.3386688232422,
  "summary_fg_p95": 2144.61641845703,
  "summary_fg_stdv": 497.3156433105469,
  "tsnr": 47.987885082140565
}