{
  "aor": 0.001667135135135135,
  "aqi": 0.0014453616054054053,
  "bids_meta": {
    "AcquisitionNumber": 1,
    "AcquisitionTime": "11:39:11.212500",
    "BandwidthPerPixelPhaseEncode": 28.409,
    "BodyPartExamined": "BRAIN",
    "ConversionSoftware": "dcm2niix",
    "ConversionSoftwareVersion": "v1.0.20170724 GCC4.4.7",
    "DeviceSerialNumber": "167004",
    "EchoTime": 0.03,
    "EchoTrainLength": 64,
    "EffectiveEchoSpacing": 0.000550002,
    "FlipAngle": 80,
    "ImageType": [
      "ORIGINAL",
      "PRIMARY",
      "M",
      "ND",
      "MOSAIC"
    ],
    "InstitutionAddress": "Mikeletegi_69_San_Sebastian_District_ES_20009",
    "InstitutionName": "BCBL",
    "MagneticFieldStrength": 3,
    "Manufacturer": "Siemens",
    "ManufacturersModelName": "Prisma_fit",
    "PhaseEncodingDirection": "j-",
    "PhaseEncodingLines": 64,
    "ProcedureStepDescription": "CRANEO_FUNCIONAL",
    "ProtocolName": "ep2d_PiN_L1_Run2",
    "RepetitionTime": 2,
    "ScanningSequence": "EP",
    "SequenceName": "_epfid2d1_64",
    "SequenceVariant": "SK",
    "SeriesDescription": "ep2d_PiN_L1_Run2",
    "SliceTiming": [
      1.9175,
      1.8575,
      1.795,
      1.7325,
      1.67,
      1.61,
      1.5475,
      1.485,
      1.4225,
      1.3625,
      1.3,
      1.2375,
      1.175,
      1.115,
      1.0525,
      0.99,
      0.9275,
      0.8675,
      0.805,
      0.7425,
      0.68,
      0.62,
      0.5575,
      0.495,
      0.4325,
      0.3725,
      0.31,
      0.2475,
      0.185,
      0.125,
      0.0625,
      0
    ],
    "SoftwareVersions": "syngo_MR_E11",
    "TaskName": "compL1",
    "TotalReadoutTime": 0.0346501,
    "dataset": "ds003545",
    "modality": "bold",
    "run_id": 2,
    "session_id": "01",
    "subject_id": "20",
    "task_id": "compL1"
  },
  "dummy_trs": 1,
  "dvars_nstd": 16.97798672445652,
  "dvars_std": 1.2327505677717387,
  "dvars_vstd": 0.9816790489130431,
  "efc": 0.49534980804206585,
  "fber": 1428.8028564453125,
  "fd_mean": 0.1136456172271088,
  "fd_num": 8,
  "fd_perc": 4.324324324324325,
  "fwhm_avg": 2.929351181818182,
  "fwhm_x": 2.837751272727273,
  "fwhm_y": 3.1383272727272726,
  "fwhm_z": 2.811975,
  "gcor": 0.0524632,
  "gsr_x": -0.004093906842172146,
  "gsr_y": 0.037401024252176285,
  "provenance": {
    "md5sum": "913dfaa9dad9fbd32b31bec463cdd928",
    "settings": {
      "fd_thres": 0.2,
      "testing": false
    },
    "software": "mriqc",
    "version": "22.0.6",
    "webapi_port": null,
    "webapi_url": "https://mriqc.nimh.nih.gov/api/v1"
  },
  "size_t": 185,
  "size_x": 64,
  "size_y": 64,
  "size_z": 32,
  "snr": 2.3852242122153045,
  "spacing_tr": 2.0,
  "spacing_x": 3.4375,
  "spacing_y": 3.4375,
  "spacing_z": 4.0,
  "summary_bg_k": 29.604952341146763,
  "summary_bg_mad": 5.938422970639619,
  "summary_bg_mean": 51.50889205932617,
  "summary_bg_median": 21.681081771850586,
  "summary_bg_n": 77864.0,
  "summary_bg_p05": 17.36216163635254,
  "summary_bg_p95": 193.5297393798828,
  "summary_bg_stdv": 79.91625213623047,
  "summary_fg_k": 0.7941981811145409,
  "summary_fg_mad": 339.39569093284604,
  "summary_fg_mean": 913.7024536132812,
  "summary_fg_median": 847.0864868164062,
  "summary_fg_n": 22774.0,
  "summary_fg_p05": 458.91351318359375,
  "summary_fg_p95": 1591.3189819335937,
  "summary_fg_stdv": 355.13134765625,
  "tsnr": 100.4499908736907
}