{
  "aor": 0.010765925925925927,
  "aqi": 0.004280850823045268,
  "bids_meta": {
    "AcquisitionNumber": 1,
    "AcquisitionTime": "10:25:20.657500",
    "BandwidthPerPixelPhaseEncode": 29.481,
    "BodyPartExamined": "BRAIN",
    "ConversionSoftware": "dcm2niix",
    "ConversionSoftwareVersion": "v1.0.20170724 GCC4.4.7",
    "DeviceSerialNumber": "167004",
    "EchoTime": 0.025,
    "EchoTrainLength": 64,
    "EffectiveEchoSpacing": 0.000530002,
    "FlipAngle": 90,
    "ImageType": [
      "ORIGINAL",
      "PRIMARY",
      "M",
      "ND",
      "MOSAIC"
    ],
    "InstitutionAddress": "Mikeletegi_69_San_Sebastian_District_ES_20009",
    "InstitutionName": "BCBL",
    "MagneticFieldStrength": 3,
    "Manufacturer": "Siemens",
    "ManufacturersModelName": "Prisma_fit",
    "PhaseEncodingDirection": "j-",
    "PhaseEncodingLines": 64,
    "ProcedureStepDescription": "CRANEO_FUNCIONAL",
    "ProtocolName": "ep2d_VF_L3_Run1",
    "RepetitionTime": 3,
    "ScanningSequence": "EP",
    "SequenceName": "_epfid2d1_64",
    "SequenceVariant": "SK",
    "SeriesDescription": "ep2d_VF_L3_Run1",
    "SliceTiming": [
      2.91,
      2.84,
      2.7725,
      2.7025,
      2.6325,
      2.5625,
      2.495,
      2.425,
      2.355,
      2.2875,
      2.2175,
      2.1475,
      2.0775,
      2.01,
      1.94,
      1.87,
      1.8025,
      1.7325,
      1.6625,
      1.5925,
      1.525,
      1.455,
      1.385,
      1.3175,
      1.2475,
      1.1775,
      1.1075,
      1.04,
      0.97,
      0.9,
      0.83,
      0.7625,
      0.6925,
      0.6225,
      0.555,
      0.485,
      0.415,
      0.345,
      0.2775,
      0.2075,
      0.1375,
      0.07,
      0
    ],
    "SoftwareVersions": "syngo_MR_E11",
    "TaskName": "prodLn",
    "TotalReadoutTime": 0.0333901,
    "dataset": "ds003545",
    "modality": "bold",
    "run_id": 1,
    "session_id": "01",
    "subject_id": "20",
    "task_id": "prodLn"
  },
  "dummy_trs": 0,
  "dvars_nstd": 32.635407991652905,
  "dvars_std": 1.3219602876446284,
  "dvars_vstd": 1.0471051005785128,
  "efc": 0.5693419045681603,
  "fber": 476.6945495605469,
  "fd_mean": 0.2817139832842555,
  "fd_num": 111,
  "fd_perc": 45.67901234567901,
  "fwhm_avg": 3.0956094089067094,
  "fwhm_x": 2.927566666666667,
  "fwhm_y": 3.2517766666666668,
  "fwhm_z": 3.107484893386796,
  "gcor": 0.0407741,
  "gsr_x": -0.0007347266073338687,
  "gsr_y": 0.06455720961093903,
  "provenance": {
    "md5sum": "20247488415273f5587653f7cab1eb9e",
    "settings": {
      "fd_thres": 0.2,
      "testing": false
    },
    "software": "mriqc",
    "version": "22.0.6",
    "webapi_port": null,
    "webapi_url": "https://mriqc.nimh.nih.gov/api/v1"
  },
  "size_t": 243,
  "size_x": 64,
  "size_y": 64,
  "size_z": 43,
  "snr": 2.2005599469276085,
  "spacing_tr": 3.0,
  "spacing_x": 3.0,
  "spacing_y": 3.0,
  "spacing_z": 3.299999952316284,
  "summary_bg_k": 18.361780183677453,
  "summary_bg_mad": 19.707019889478076,
  "summary_bg_mean": 113.29662322998047,
  "summary_bg_median": 46.73662567138672,
  "summary_bg_n": 95391.0,
  "summary_bg_p05": 32.97942352294922,
  "summary_bg_p95": 431.1748809814453,
  "summary_bg_stdv": 163.44822692871094,
  "summary_fg_k": 1.5076972862179154,
  "summary_fg_mad": 443.6520635699178,
  "summary_fg_mean": 1180.2113037109375,
  "summary_fg_median": 1074.0616455078125,
  "summary_fg_n": 38765.0,
  "summary_fg_p05": 587.8148071289063,
  "summary_fg_p95": 2123.1562499999995,
  "summary_fg_stdv": 488.0793151855469,
  "tsnr": 57.0418508942239
}