{
  "aor": 0.007486540540540541,
  "aqi": 0.0021921545297297297,
  "bids_meta": {
    "AcquisitionNumber": 1,
    "AcquisitionTime": "09:57:32.152500",
    "BandwidthPerPixelPhaseEncode": 28.409,
    "BodyPartExamined": "BRAIN",
    "ConversionSoftware": "dcm2niix",
    "ConversionSoftwareVersion": "v1.0.20170724 GCC4.4.7",
    "DeviceSerialNumber": "167004",
    "EchoTime": 0.03,
    "EchoTrainLength": 64,
    "EffectiveEchoSpacing": 0.000550002,
    "FlipAngle": 80,
    "ImageType": [
      "ORIGINAL",
      "PRIMARY",
      "M",
      "ND",
      "MOSAIC"
    ],
    "InstitutionAddress": "Mikeletegi_69_San_Sebastian_District_ES_20009",
    "InstitutionName": "BCBL",
    "MagneticFieldStrength": 3,
    "Manufacturer": "Siemens",
    "ManufacturersModelName": "Prisma_fit",
    "PhaseEncodingDirection": "j-",
    "PhaseEncodingLines": 64,
    "ProcedureStepDescription": "CRANEO_FUNCIONAL",
    "ProtocolName": "ep2d_PiN_L3_Run1",
    "RepetitionTime": 2,
    "ScanningSequence": "EP",
    "SequenceName": "_epfid2d1_64",
    "SequenceVariant": "SK",
    "SeriesDescription": "ep2d_PiN_L3_Run1",
    "SliceTiming": [
      1.9175,
      1.8575,
      1.795,
      1.7325,
      1.67,
      1.61,
      1.5475,
      1.485,
      1.4225,
      1.3625,
      1.3,
      1.2375,
      1.175,
      1.115,
      1.0525,
      0.99,
      0.9275,
      0.8675,
      0.805,
      0.7425,
      0.68,
      0.62,
      0.5575,
      0.495,
      0.4325,
      0.3725,
      0.31,
      0.2475,
      0.185,
      0.125,
      0.0625,
      0
    ],
    "SoftwareVersions": "syngo_MR_E11",
    "TaskName": "compLn",
    "TotalReadoutTime": 0.0346501,
    "dataset": "ds003545",
    "modality": "bold",
    "run_id": 1,
    "session_id": "01",
    "subject_id": "20",
    "task_id": "compLn"
  },
  "dummy_trs": 1,
  "dvars_nstd": 21.256196058478267,
  "dvars_std": 1.2315543422282613,
  "dvars_vstd": 1.0056096321195651,
  "efc": 0.49904446591041124,
  "fber": 1225.0634765625,
  "fd_mean": 0.1943727161148072,
  "fd_num": 46,
  "fd_perc": 24.864864864864863,
  "fwhm_avg": 2.9828675454545457,
  "fwhm_x": 2.886216727272727,
  "fwhm_y": 3.053410909090909,
  "fwhm_z": 3.008975,
  "gcor": 0.036259,
  "gsr_x": -0.0025126400869339705,
  "gsr_y": 0.03477603569626808,
  "provenance": {
    "md5sum": "928ab362cef06ee44ecef82a093ceba2",
    "settings": {
      "fd_thres": 0.2,
      "testing": false
    },
    "software": "mriqc",
    "version": "22.0.6",
    "webapi_port": null,
    "webapi_url": "https://mriqc.nimh.nih.gov/api/v1"
  },
  "size_t": 185,
  "size_x": 64,
  "size_y": 64,
  "size_z": 32,
  "snr": 2.321740410114163,
  "spacing_tr": 2.0,
  "spacing_x": 3.4375,
  "spacing_y": 3.4375,
  "spacing_z": 4.0,
  "summary_bg_k": 26.873220996942436,
  "summary_bg_mad": 8.799444151627068,
  "summary_bg_mean": 54.87397766113281,
  "summary_bg_median": 23.486486434936523,
  "summary_bg_n": 78474.0,
  "summary_bg_p05": 17.145946502685547,
  "summary_bg_p95": 211.39459228515625,
  "summary_bg_stdv": 84.39000701904297,
  "summary_fg_k": 0.9980305958077205,
  "summary_fg_mad": 343.8475244315467,
  "summary_fg_mean": 911.638916015625,
  "summary_fg_median": 844.07568359375,
  "summary_fg_n": 22770.0,
  "summary_fg_p05": 449.9689239501953,
  "summary_fg_p95": 1610.4840698242188,
  "summary_fg_stdv": 363.5450134277344,
  "tsnr": 76.61561594158411
}