{
  "aor": 0.014735720164609053,
  "aqi": 0.005367422962962963,
  "bids_meta": {
    "AcquisitionNumber": 1,
    "AcquisitionTime": "12:02:47.735000",
    "BandwidthPerPixelPhaseEncode": 29.481,
    "BodyPartExamined": "BRAIN",
    "ConversionSoftware": "dcm2niix",
    "ConversionSoftwareVersion": "v1.0.20170724 GCC4.4.7",
    "DeviceSerialNumber": "167004",
    "EchoTime": 0.025,
    "EchoTrainLength": 64,
    "EffectiveEchoSpacing": 0.000530002,
    "FlipAngle": 90,
    "ImageType": [
      "ORIGINAL",
      "PRIMARY",
      "M",
      "ND",
      "MOSAIC"
    ],
    "InstitutionAddress": "Mikeletegi_69_San_Sebastian_District_ES_20009",
    "InstitutionName": "BCBL",
    "MagneticFieldStrength": 3,
    "Manufacturer": "Siemens",
    "ManufacturersModelName": "Prisma_fit",
    "PhaseEncodingDirection": "j-",
    "PhaseEncodingLines": 64,
    "ProcedureStepDescription": "CRANEO_FUNCIONAL",
    "ProtocolName": "ep2d_VF_L1_Run2",
    "RepetitionTime": 3,
    "ScanningSequence": "EP",
    "SequenceName": "_epfid2d1_64",
    "SequenceVariant": "SK",
    "SeriesDescription": "ep2d_VF_L1_Run2",
    "SliceTiming": [
      2.9125,
      2.8425,
      2.7725,
      2.7025,
      2.635,
      2.565,
      2.495,
      2.4275,
      2.3575,
      2.2875,
      2.2175,
      2.15,
      2.08,
      2.01,
      1.9425,
      1.8725,
      1.8025,
      1.7325,
      1.665,
      1.595,
      1.525,
      1.4575,
      1.3875,
      1.3175,
      1.2475,
      1.18,
      1.11,
      1.04,
      0.97,
      0.9025,
      0.8325,
      0.7625,
      0.695,
      0.625,
      0.555,
      0.485,
      0.4175,
      0.3475,
      0.2775,
      0.21,
      0.14,
      0.07,
      0
    ],
    "SoftwareVersions": "syngo_MR_E11",
    "TaskName": "prodL1",
    "TotalReadoutTime": 0.0333901,
    "dataset": "ds003545",
    "modality": "bold",
    "run_id": 2,
    "session_id": "01",
    "subject_id": "20",
    "task_id": "prodL1"
  },
  "dummy_trs": 0,
  "dvars_nstd": 42.282025715413226,
  "dvars_std": 1.4725013585537179,
  "dvars_vstd": 1.0895978236776853,
  "efc": 0.5670140394953892,
  "fber": 491.664794921875,
  "fd_mean": 0.3816780817864003,
  "fd_num": 137,
  "fd_perc": 56.37860082304527,
  "fwhm_avg": 3.0448544589269684,
  "fwhm_x": 2.9338466666666663,
  "fwhm_y": 3.1938833333333334,
  "fwhm_z": 3.0068333767809055,
  "gcor": 0.0437967,
  "gsr_x": 0.004267124459147453,
  "gsr_y": 0.057723551988601685,
  "provenance": {
    "md5sum": "843ab976eb2a0a32842ee6d8cd793e2c",
    "settings": {
      "fd_thres": 0.2,
      "testing": false
    },
    "software": "mriqc",
    "version": "22.0.6",
    "webapi_port": null,
    "webapi_url": "https://mriqc.nimh.nih.gov/api/v1"
  },
  "size_t": 243,
  "size_x": 64,
  "size_y": 64,
  "size_z": 43,
  "snr": 2.205222983364274,
  "spacing_tr": 3.0,
  "spacing_x": 3.0,
  "spacing_y": 3.0,
  "spacing_z": 3.299999952316284,
  "summary_bg_k": 16.97633486130245,
  "summary_bg_mad": 17.586838879935172,
  "summary_bg_mean": 109.26752471923828,
  "summary_bg_median": 45.52880859375,
  "summary_bg_n": 95600.0,
  "summary_bg_p05": 32.95884704589844,
  "summary_bg_p95": 420.57899169921893,
  "summary_bg_stdv": 154.224609375,
  "summary_fg_k": 1.304223230215734,
  "summary_fg_mad": 439.96673288444055,
  "summary_fg_mean": 1169.8616943359375,
  "summary_fg_median": 1063.880615234375,
  "summary_fg_n": 38649.0,
  "summary_fg_p05": 582.0658325195312,
  "summary_fg_p95": 2110.348974609375,
  "summary_fg_stdv": 482.4305114746094,
  "tsnr": 50.70161533076316
}