{
  "aor": 0.0030501081081081086,
  "aqi": 0.001567147951351351,
  "bids_meta": {
    "AcquisitionNumber": 1,
    "AcquisitionTime": "11:27:26.910000",
    "BandwidthPerPixelPhaseEncode": 28.409,
    "BodyPartExamined": "BRAIN",
    "ConversionSoftware": "dcm2niix",
    "ConversionSoftwareVersion": "v1.0.20170724 GCC4.4.7",
    "DeviceSerialNumber": "167004",
    "EchoTime": 0.03,
    "EchoTrainLength": 64,
    "EffectiveEchoSpacing": 0.000550002,
    "FlipAngle": 80,
    "ImageType": [
      "ORIGINAL",
      "PRIMARY",
      "M",
      "ND",
      "MOSAIC"
    ],
    "InstitutionAddress": "Mikeletegi_69_San_Sebastian_District_ES_20009",
    "InstitutionName": "BCBL",
    "MagneticFieldStrength": 3,
    "Manufacturer": "Siemens",
    "ManufacturersModelName": "Prisma_fit",
    "PhaseEncodingDirection": "j-",
    "PhaseEncodingLines": 64,
    "ProcedureStepDescription": "CRANEO_FUNCIONAL",
    "ProtocolName": "ep2d_PiN_L1_Run1",
    "RepetitionTime": 2,
    "ScanningSequence": "EP",
    "SequenceName": "_epfid2d1_64",
    "SequenceVariant": "SK",
    "SeriesDescription": "ep2d_PiN_L1_Run1",
    "SliceTiming": [
      1.9175,
      1.855,
      1.7925,
      1.7325,
      1.67,
      1.6075,
      1.545,
      1.485,
      1.4225,
      1.36,
      1.2975,
      1.2375,
      1.175,
      1.1125,
      1.05,
      0.99,
      0.9275,
      0.865,
      0.8025,
      0.7425,
      0.68,
      0.6175,
      0.555,
      0.495,
      0.4325,
      0.37,
      0.3075,
      0.2475,
      0.185,
      0.1225,
      0.06,
      0
    ],
    "SoftwareVersions": "syngo_MR_E11",
    "TaskName": "compL1",
    "TotalReadoutTime": 0.0346501,
    "dataset": "ds003545",
    "modality": "bold",
    "run_id": 1,
    "session_id": "01",
    "subject_id": "20",
    "task_id": "compL1"
  },
  "dummy_trs": 1,
  "dvars_nstd": 17.18650287135869,
  "dvars_std": 1.2579197366304347,
  "dvars_vstd": 1.0050000958695648,
  "efc": 0.4947329443933221,
  "fber": 1417.5792236328125,
  "fd_mean": 0.13606513993684158,
  "fd_num": 17,
  "fd_perc": 9.18918918918919,
  "fwhm_avg": 2.9000721515151517,
  "fwhm_x": 2.7986996363636365,
  "fwhm_y": 3.1151418181818182,
  "fwhm_z": 2.786375,
  "gcor": 0.0551475,
  "gsr_x": -0.0029156911186873913,
  "gsr_y": 0.036329615861177444,
  "provenance": {
    "md5sum": "5b315f975b50d4dd8dc839f499fd2cb1",
    "settings": {
      "fd_thres": 0.2,
      "testing": false
    },
    "software": "mriqc",
    "version": "22.0.6",
    "webapi_port": null,
    "webapi_url": "https://mriqc.nimh.nih.gov/api/v1"
  },
  "size_t": 185,
  "size_x": 64,
  "size_y": 64,
  "size_z": 32,
  "snr": 2.378724566540728,
  "spacing_tr": 2.0,
  "spacing_x": 3.4375,
  "spacing_y": 3.4375,
  "spacing_z": 4.0,
  "summary_bg_k": 30.43529378319291,
  "summary_bg_mad": 6.226930448859254,
  "summary_bg_mean": 51.225101470947266,
  "summary_bg_median": 21.70270347595215,
  "summary_bg_n": 77850.0,
  "summary_bg_p05": 17.205406188964844,
  "summary_bg_p95": 191.54703292846685,
  "summary_bg_stdv": 79.90642547607422,
  "summary_fg_k": 0.7990187444844707,
  "summary_fg_mad": 342.08842739622924,
  "summary_fg_mean": 918.5232543945312,
  "summary_fg_median": 850.2135009765625,
  "summary_fg_n": 22602.0,
  "summary_fg_p05": 462.44324188232423,
  "summary_fg_p95": 1605.8853942871094,
  "summary_fg_stdv": 357.41619873046875,
  "tsnr": 106.08342742780223
}