{
  "aor": 0.003286337448559671,
  "aqi": 0.005536627448559671,
  "bids_meta": {
    "AcquisitionNumber": 1,
    "AcquisitionTime": "12:16:2.767500",
    "BandwidthPerPixelPhaseEncode": 29.481,
    "BodyPartExamined": "BRAIN",
    "ConversionSoftware": "dcm2niix",
    "ConversionSoftwareVersion": "v1.0.20170724 GCC4.4.7",
    "DeviceSerialNumber": "167004",
    "EchoTime": 0.025,
    "EchoTrainLength": 64,
    "EffectiveEchoSpacing": 0.000530002,
    "FlipAngle": 90,
    "ImageType": [
      "ORIGINAL",
      "PRIMARY",
      "M",
      "ND",
      "MOSAIC"
    ],
    "InstitutionAddress": "Mikeletegi_69_San_Sebastian_District_ES_20009",
    "InstitutionName": "BCBL",
    "MagneticFieldStrength": 3,
    "Manufacturer": "Siemens",
    "ManufacturersModelName": "Prisma_fit",
    "PhaseEncodingDirection": "j-",
    "PhaseEncodingLines": 64,
    "ProcedureStepDescription": "CRANEO_FUNCIONAL",
    "ProtocolName": "ep2d_VF_L1_Run1",
    "RepetitionTime": 3,
    "ScanningSequence": "EP",
    "SequenceName": "_epfid2d1_64",
    "SequenceVariant": "SK",
    "SeriesDescription": "ep2d_VF_L1_Run1",
    "SliceTiming": [
      2.91,
      2.8425,
      2.7725,
      2.7025,
      2.635,
      2.565,
      2.495,
      2.425,
      2.3575,
      2.2875,
      2.2175,
      2.15,
      2.08,
      2.01,
      1.94,
      1.8725,
      1.8025,
      1.7325,
      1.665,
      1.595,
      1.525,
      1.455,
      1.3875,
      1.3175,
      1.2475,
      1.1775,
      1.11,
      1.04,
      0.97,
      0.9025,
      0.8325,
      0.7625,
      0.6925,
      0.625,
      0.555,
      0.485,
      0.4175,
      0.3475,
      0.2775,
      0.2075,
      0.14,
      0.07,
      0
    ],
    "SoftwareVersions": "syngo_MR_E11",
    "TaskName": "prodL1",
    "TotalReadoutTime": 0.0333901,
    "dataset": "ds003545",
    "modality": "bold",
    "run_id": 1,
    "session_id": "02",
    "subject_id": "17",
    "task_id": "prodL1"
  },
  "dummy_trs": 0,
  "dvars_nstd": 29.96337967863636,
  "dvars_std": 1.2292577238429747,
  "dvars_vstd": 0.9943782852479338,
  "efc": 0.5530728078727531,
  "fber": 539.9283447265625,
  "fd_mean": 0.29137734107888713,
  "fd_num": 139,
  "fd_perc": 57.20164609053498,
  "fwhm_avg": 2.7827468593353455,
  "fwhm_x": 2.6116566666666667,
  "fwhm_y": 2.9540869014364004,
  "fwhm_z": 2.782497009902969,
  "gcor": 0.0329505,
  "gsr_x": 0.0022290474735200405,
  "gsr_y": 0.058351512998342514,
  "provenance": {
    "md5sum": "f3d9c42019a95e497d73c80252c245ad",
    "settings": {
      "fd_thres": 0.2,
      "testing": false
    },
    "software": "mriqc",
    "version": "22.0.6",
    "webapi_port": null,
    "webapi_url": "https://mriqc.nimh.nih.gov/api/v1"
  },
  "size_t": 243,
  "size_x": 64,
  "size_y": 64,
  "size_z": 43,
  "snr": 2.6825846660510066,
  "spacing_tr": 3.0,
  "spacing_x": 3.0,
  "spacing_y": 2.999999761581421,
  "spacing_z": 3.299999952316284,
  "summary_bg_k": 26.06343695475467,
  "summary_bg_mad": 13.947440788442888,
  "summary_bg_mean": 94.75101470947266,
  "summary_bg_median": 41.08641815185547,
  "summary_bg_n": 103515.0,
  "summary_bg_p05": 30.48971176147461,
  "summary_bg_p95": 342.6156219482416,
  "summary_bg_stdv": 139.33462524414062,
  "summary_fg_k": 1.1493053627375929,
  "summary_fg_mad": 362.9781967346637,
  "summary_fg_mean": 1044.476318359375,
  "summary_fg_median": 986.45263671875,
  "summary_fg_n": 33488.0,
  "summary_fg_p05": 551.2075927734375,
  "summary_fg_p95": 1714.2524230957026,
  "summary_fg_stdv": 367.7192077636719,
  "tsnr": 58.45665761525743
}