{
  "aor": 0.02251810810810811,
  "aqi": 0.0033529207027027026,
  "bids_meta": {
    "AcquisitionNumber": 1,
    "AcquisitionTime": "11:02:3.462500",
    "BandwidthPerPixelPhaseEncode": 28.409,
    "BodyPartExamined": "BRAIN",
    "ConversionSoftware": "dcm2niix",
    "ConversionSoftwareVersion": "v1.0.20170724 GCC4.4.7",
    "DeviceSerialNumber": "167004",
    "EchoTime": 0.03,
    "EchoTrainLength": 64,
    "EffectiveEchoSpacing": 0.000550002,
    "FlipAngle": 80,
    "ImageType": [
      "ORIGINAL",
      "PRIMARY",
      "M",
      "ND",
      "MOSAIC"
    ],
    "InstitutionAddress": "Mikeletegi_69_San_Sebastian_District_ES_20009",
    "InstitutionName": "BCBL",
    "MagneticFieldStrength": 3,
    "Manufacturer": "Siemens",
    "ManufacturersModelName": "Prisma_fit",
    "PhaseEncodingDirection": "j-",
    "PhaseEncodingLines": 64,
    "ProcedureStepDescription": "CRANEO_FUNCIONAL",
    "ProtocolName": "ep2d_PiN_L3_Run2",
    "RepetitionTime": 2,
    "ScanningSequence": "EP",
    "SequenceName": "_epfid2d1_64",
    "SequenceVariant": "SK",
    "SeriesDescription": "ep2d_PiN_L3_Run2",
    "SliceTiming": [
      1.9175,
      1.855,
      1.7925,
      1.7325,
      1.67,
      1.6075,
      1.545,
      1.485,
      1.4225,
      1.36,
      1.2975,
      1.2375,
      1.175,
      1.1125,
      1.05,
      0.99,
      0.9275,
      0.865,
      0.8025,
      0.7425,
      0.68,
      0.6175,
      0.555,
      0.495,
      0.4325,
      0.37,
      0.3075,
      0.2475,
      0.185,
      0.1225,
      0.06,
      0
    ],
    "SoftwareVersions": "syngo_MR_E11",
    "TaskName": "compLn",
    "TotalReadoutTime": 0.0346501,
    "dataset": "ds003545",
    "modality": "bold",
    "run_id": 2,
    "session_id": "02",
    "subject_id": "17",
    "task_id": "compLn"
  },
  "dummy_trs": 1,
  "dvars_nstd": 17.628893805652165,
  "dvars_std": 1.2886974649999994,
  "dvars_vstd": 1.1446046994565224,
  "efc": 0.4716671426712225,
  "fber": 1654.3238525390625,
  "fd_mean": 0.1592403203297357,
  "fd_num": 14,
  "fd_perc": 7.5675675675675675,
  "fwhm_avg": 2.7158250606060608,
  "fwhm_x": 2.6422458181818183,
  "fwhm_y": 2.9036043636363638,
  "fwhm_z": 2.601625,
  "gcor": 0.0280859,
  "gsr_x": -0.00304814544506371,
  "gsr_y": 0.030797738581895828,
  "provenance": {
    "md5sum": "079c6968183c98f0473e07f678a99950",
    "settings": {
      "fd_thres": 0.2,
      "testing": false
    },
    "software": "mriqc",
    "version": "22.0.6",
    "webapi_port": null,
    "webapi_url": "https://mriqc.nimh.nih.gov/api/v1"
  },
  "size_t": 185,
  "size_x": 64,
  "size_y": 64,
  "size_z": 32,
  "snr": 2.72547924635846,
  "spacing_tr": 2.0,
  "spacing_x": 3.4375,
  "spacing_y": 3.4375,
  "spacing_z": 4.0,
  "summary_bg_k": 40.7263224291909,
  "summary_bg_mad": 4.375679785961897,
  "summary_bg_mean": 48.27077865600586,
  "summary_bg_median": 19.45405387878418,
  "summary_bg_n": 83818.0,
  "summary_bg_p05": 15.816216468811035,
  "summary_bg_p95": 182.08810958862298,
  "summary_bg_stdv": 86.50895690917969,
  "summary_fg_k": 1.0688590709017616,
  "summary_fg_mad": 295.4345534043633,
  "summary_fg_mean": 856.2676391601562,
  "summary_fg_median": 812.34326171875,
  "summary_fg_n": 18870.0,
  "summary_fg_p05": 453.37676696777345,
  "summary_fg_p95": 1398.0689147949213,
  "summary_fg_stdv": 298.04730224609375,
  "tsnr": 73.11887395288795
}