{
  "aor": 0.0024452717391304345,
  "aqi": 0.0022046330760869563,
  "bids_meta": {
    "AcquisitionNumber": 1,
    "AcquisitionTime": "11:56:55.235000",
    "BandwidthPerPixelPhaseEncode": 28.409,
    "BodyPartExamined": "BRAIN",
    "ConversionSoftware": "dcm2niix",
    "ConversionSoftwareVersion": "v1.0.20170724 GCC4.4.7",
    "DeviceSerialNumber": "167004",
    "EchoTime": 0.03,
    "EchoTrainLength": 64,
    "EffectiveEchoSpacing": 0.000550002,
    "FlipAngle": 80,
    "ImageType": [
      "ORIGINAL",
      "PRIMARY",
      "M",
      "ND",
      "MOSAIC"
    ],
    "InstitutionAddress": "Mikeletegi_69_San_Sebastian_District_ES_20009",
    "InstitutionName": "BCBL",
    "MagneticFieldStrength": 3,
    "Manufacturer": "Siemens",
    "ManufacturersModelName": "Prisma_fit",
    "PhaseEncodingDirection": "j-",
    "PhaseEncodingLines": 64,
    "ProcedureStepDescription": "CRANEO_FUNCIONAL",
    "ProtocolName": "ep2d_PiN_L1_Run1",
    "RepetitionTime": 2,
    "ScanningSequence": "EP",
    "SequenceName": "_epfid2d1_64",
    "SequenceVariant": "SK",
    "SeriesDescription": "ep2d_PiN_L1_Run1",
    "SliceTiming": [
      1.92,
      1.8575,
      1.795,
      1.7325,
      1.6725,
      1.61,
      1.5475,
      1.485,
      1.425,
      1.3625,
      1.3,
      1.2375,
      1.1775,
      1.115,
      1.0525,
      0.99,
      0.93,
      0.8675,
      0.805,
      0.7425,
      0.6825,
      0.62,
      0.5575,
      0.495,
      0.435,
      0.3725,
      0.31,
      0.2475,
      0.1875,
      0.125,
      0.0625,
      0
    ],
    "SoftwareVersions": "syngo_MR_E11",
    "TaskName": "compL1",
    "TotalReadoutTime": 0.0346501,
    "dataset": "ds003545",
    "modality": "bold",
    "run_id": 1,
    "session_id": "02",
    "subject_id": "17",
    "task_id": "compL1"
  },
  "dummy_trs": 2,
  "dvars_nstd": 17.790215424590162,
  "dvars_std": 1.422737349180328,
  "dvars_vstd": 0.9964626860109294,
  "efc": 0.4786118805013111,
  "fber": 1562.3670654296875,
  "fd_mean": 0.0677747224201618,
  "fd_num": 2,
  "fd_perc": 1.0869565217391304,
  "fwhm_avg": 2.6107433636363635,
  "fwhm_x": 2.4845527272727272,
  "fwhm_y": 2.843252363636364,
  "fwhm_z": 2.504425,
  "gcor": 0.037956,
  "gsr_x": -0.0032683806493878365,
  "gsr_y": 0.024590076878666878,
  "provenance": {
    "md5sum": "c0d803d7aa877390285f85c88d00be66",
    "settings": {
      "fd_thres": 0.2,
      "testing": false
    },
    "software": "mriqc",
    "version": "22.0.6",
    "webapi_port": null,
    "webapi_url": "https://mriqc.nimh.nih.gov/api/v1"
  },
  "size_t": 184,
  "size_x": 64,
  "size_y": 64,
  "size_z": 32,
  "snr": 3.0053149347665835,
  "spacing_tr": 2.0,
  "spacing_x": 3.4375,
  "spacing_y": 3.4375,
  "spacing_z": 4.0,
  "summary_bg_k": 49.17738073189214,
  "summary_bg_mad": 2.9732637790574477,
  "summary_bg_mean": 43.69179153442383,
  "summary_bg_median": 19.119565963745117,
  "summary_bg_n": 83056.0,
  "summary_bg_p05": 17.07065200805664,
  "summary_bg_p95": 149.98505020141602,
  "summary_bg_stdv": 74.72457885742188,
  "summary_fg_k": 0.34669983066678256,
  "summary_fg_mad": 265.90955819897187,
  "summary_fg_mean": 806.3728637695312,
  "summary_fg_median": 775.9021606445312,
  "summary_fg_n": 19169.0,
  "summary_fg_p05": 441.13804931640624,
  "summary_fg_p95": 1263.752197265625,
  "summary_fg_stdv": 258.169921875,
  "tsnr": 115.10054634511471
}