{
  "bids_meta": {
    "AccelFactPE": 2,
    "AcquisitionNumber": 1,
    "AcquisitionTime": "12:27:29.402500",
    "BodyPartExamined": "BRAIN",
    "ConversionSoftware": "dcm2niix",
    "ConversionSoftwareVersion": "v1.0.20170724 GCC4.4.7",
    "DeviceSerialNumber": "167004",
    "EchoTime": 0.00297,
    "FlipAngle": 7,
    "ImageType": [
      "ORIGINAL",
      "PRIMARY",
      "M",
      "ND"
    ],
    "InstitutionAddress": "Mikeletegi_69_San_Sebastian_District_ES_20009",
    "InstitutionName": "BCBL",
    "InversionTime": 1.1,
    "MagneticFieldStrength": 3,
    "Manufacturer": "Siemens",
    "ManufacturersModelName": "Prisma_fit",
    "PhaseEncodingDirection": "i-",
    "PhaseEncodingLines": 256,
    "ProcedureStepDescription": "CRANEO_FUNCIONAL",
    "ProtocolName": "t1_mpr_tra_p2_iso",
    "RepetitionTime": 2.53,
    "ScanningSequence": "GR_IR",
    "SequenceName": "_tfl3d1_16",
    "SequenceVariant": "SK_SP_MP_OSP",
    "SeriesDescription": "t1_mpr_tra_p2_iso",
    "SoftwareVersions": "syngo_MR_E11",
    "dataset": "ds003545",
    "modality": "T1w",
    "session_id": "02",
    "subject_id": "23"
  },
  "cjv": 0.47540158920625863,
  "cnr": 2.6354647452719484,
  "efc": 0.5423271593940827,
  "fber": -1.0,
  "fwhm_avg": 4.715368290850684,
  "fwhm_x": 4.49263,
  "fwhm_y": 4.94555,
  "fwhm_z": 4.707924872552052,
  "icvs_csf": 0.16046698673466028,
  "icvs_gm": 0.4321313772529174,
  "icvs_wm": 0.40740163601242235,
  "inu_med": 0.9774222671985626,
  "inu_range": 1.0054680407047272,
  "provenance": {
    "md5sum": "eed87daf5b0c0605fde7060f2896e469",
    "settings": {
      "testing": false
    },
    "software": "mriqc",
    "version": "22.0.6",
    "warnings": {
      "large_rot_frame": true,
      "small_air_mask": false
    },
    "webapi_port": null,
    "webapi_url": "https://mriqc.nimh.nih.gov/api/v1"
  },
  "qi_1": 3.5284676772198094e-06,
  "qi_2": 0.0033321133362171442,
  "rpve_csf": 34.75822114758221,
  "rpve_gm": 13.870996757916291,
  "rpve_wm": 16.520668818089277,
  "size_x": 256,
  "size_y": 256,
  "size_z": 176,
  "snr_csf": 2.184464658230376,
  "snr_gm": 13.113138340992984,
  "snr_total": 9.274126773118907,
  "snr_wm": 12.524777320133358,
  "snrd_csf": 19.391408723950466,
  "snrd_gm": 51.906519474351896,
  "snrd_total": 47.11469478207399,
  "snrd_wm": 70.04615614791962,
  "spacing_x": 1.0,
  "spacing_y": 1.0,
  "spacing_z": 0.9999968409538269,
  "summary_bg_k": 14.818635246776296,
  "summary_bg_mad": 0.0,
  "summary_bg_mean": 5.784693700789478,
  "summary_bg_median": 0.0,
  "summary_bg_n": 1797619.0,
  "summary_bg_p05": 0.0,
  "summary_bg_p95": 23.618566676974297,
  "summary_bg_stdv": 9.353515089829349,
  "summary_csf_k": 2.0364627522380347,
  "summary_csf_mad": 109.35771434369771,
  "summary_csf_mean": 297.7718877318927,
  "summary_csf_median": 276.8550703525543,
  "summary_csf_n": 19775.0,
  "summary_csf_p05": 113.10388480871916,
  "summary_csf_p95": 526.1130454167724,
  "summary_csf_stdv": 126.73497330010686,
  "summary_gm_k": 0.09736816935067338,
  "summary_gm_mad": 55.802395332914244,
  "summary_gm_mean": 741.1459991992854,
  "summary_gm_median": 741.0798929259181,
  "summary_gm_n": 26051.0,
  "summary_gm_p05": 648.0896805413067,
  "summary_gm_p95": 833.8806515671313,
  "summary_gm_stdv": 56.51321978634047,
  "summary_wm_k": 1.022843895805778,
  "summary_wm_mad": 67.31866148383446,
  "summary_wm_mean": 1017.0114546789234,
  "summary_wm_median": 1000.0631601512432,
  "summary_wm_n": 180836.0,
  "summary_wm_p05": 916.9561180472374,
  "summary_wm_p95": 1179.854762636125,
  "summary_wm_stdv": 79.84656089885303,
  "tpm_overlap_csf": 0.1642163746415257,
  "tpm_overlap_gm": 0.4637187098392347,
  "tpm_overlap_wm": 0.4874739853041614,
  "wm2max": 0.34450801662061914
}