{
  "aor": 0.0021472614107883817,
  "aqi": 0.0055166483402489625,
  "bids_meta": {
    "AcquisitionNumber": 1,
    "AcquisitionTime": "10:33:55.787500",
    "BandwidthPerPixelPhaseEncode": 29.481,
    "ConversionSoftware": "dcm2niix",
    "ConversionSoftwareVersion": "v1.0.20170724 GCC4.4.7",
    "DeviceSerialNumber": "35414",
    "EchoTime": 0.025,
    "EffectiveEchoSpacing": 0.000530002,
    "FlipAngle": 90,
    "ImageType": [
      "ORIGINAL",
      "PRIMARY",
      "M",
      "ND",
      "MOSAIC"
    ],
    "InstitutionAddress": "Mikeletegi_69_San_Sebastian_District_ES_20009",
    "InstitutionName": "BCBL",
    "MagneticFieldStrength": 3,
    "Manufacturer": "Siemens",
    "ManufacturersModelName": "TrioTim",
    "PhaseEncodingDirection": "j-",
    "PhaseEncodingLines": 64,
    "ProcedureStepDescription": "CRANEO_FUNCIONAL",
    "ProtocolName": "ep2d_VF_L3_Run2",
    "RepetitionTime": 3,
    "ScanningSequence": "EP",
    "SequenceName": "_epfid2d1_64",
    "SequenceVariant": "SK",
    "SeriesDescription": "ep2d_VF_L3_Run2",
    "SliceTiming": [
      2.9225,
      2.8525,
      2.7825,
      2.715,
      2.645,
      2.575,
      2.505,
      2.435,
      2.365,
      2.2975,
      2.2275,
      2.1575,
      2.0875,
      2.0175,
      1.9475,
      1.88,
      1.81,
      1.74,
      1.67,
      1.6,
      1.53,
      1.4625,
      1.3925,
      1.3225,
      1.2525,
      1.1825,
      1.115,
      1.045,
      0.975,
      0.905,
      0.835,
      0.765,
      0.6975,
      0.6275,
      0.5575,
      0.4875,
      0.4175,
      0.3475,
      0.28,
      0.21,
      0.14,
      0.07,
      0
    ],
    "SoftwareVersions": "syngo_MR_B17",
    "TaskName": "prodLn",
    "TotalReadoutTime": 0.0333901,
    "dataset": "ds003545",
    "modality": "bold",
    "run_id": 2,
    "session_id": "02",
    "subject_id": "12",
    "task_id": "prodLn"
  },
  "dummy_trs": 2,
  "dvars_nstd": 32.239603869041645,
  "dvars_std": 1.442651956041666,
  "dvars_vstd": 0.9905807925833329,
  "efc": 0.5359474556041838,
  "fber": 464.0043029785156,
  "fd_mean": 0.2188499214911417,
  "fd_num": 105,
  "fd_perc": 43.56846473029046,
  "fwhm_avg": 3.07369041845897,
  "fwhm_x": 2.93991,
  "fwhm_y": 3.2876066666666666,
  "fwhm_z": 2.993554588710244,
  "gcor": 0.0698567,
  "gsr_x": 0.005040239077061415,
  "gsr_y": 0.0778266191482544,
  "provenance": {
    "md5sum": "41a2acdc9bfde93337068f02ea7a8e8d",
    "settings": {
      "fd_thres": 0.2,
      "testing": false
    },
    "software": "mriqc",
    "version": "22.0.6",
    "webapi_port": null,
    "webapi_url": "https://mriqc.nimh.nih.gov/api/v1"
  },
  "size_t": 241,
  "size_x": 64,
  "size_y": 64,
  "size_z": 43,
  "snr": 2.8005906989704723,
  "spacing_tr": 3.0,
  "spacing_x": 3.0,
  "spacing_y": 3.0,
  "spacing_z": 3.299999952316284,
  "summary_bg_k": 41.90735308702818,
  "summary_bg_mad": 8.975587434686178,
  "summary_bg_mean": 68.22106170654297,
  "summary_bg_median": 33.846473693847656,
  "summary_bg_n": 110461.0,
  "summary_bg_p05": 27.414939880371094,
  "summary_bg_p95": 227.67221069335938,
  "summary_bg_stdv": 94.84988403320312,
  "summary_fg_k": 2.135560072975948,
  "summary_fg_mad": 208.80394485539048,
  "summary_fg_mean": 790.6856079101562,
  "summary_fg_median": 736.12451171875,
  "summary_fg_n": 29300.0,
  "summary_fg_p05": 474.6305297851562,
  "summary_fg_p95": 1333.8424072265625,
  "summary_fg_stdv": 262.8416748046875,
  "tsnr": 61.79268521408085
}