{
  "aor": 0.003177621621621622,
  "aqi": 0.0024180737297297295,
  "bids_meta": {
    "AcquisitionNumber": 1,
    "AcquisitionTime": "10:09:47.890000",
    "BandwidthPerPixelPhaseEncode": 28.409,
    "ConversionSoftware": "dcm2niix",
    "ConversionSoftwareVersion": "v1.0.20170724 GCC4.4.7",
    "DeviceSerialNumber": "35414",
    "EchoTime": 0.03,
    "EffectiveEchoSpacing": 0.000550002,
    "FlipAngle": 80,
    "ImageType": [
      "ORIGINAL",
      "PRIMARY",
      "FMRI",
      "NONE",
      "ND",
      "MOSAIC"
    ],
    "InstitutionAddress": "Mikeletegi_69_San_Sebastian_District_ES_20009",
    "InstitutionName": "BCBL",
    "MagneticFieldStrength": 3,
    "Manufacturer": "Siemens",
    "ManufacturersModelName": "TrioTim",
    "PhaseEncodingDirection": "j-",
    "PhaseEncodingLines": 64,
    "ProcedureStepDescription": "CRANEO_FUNCIONAL",
    "ProtocolName": "ep2d_PiN_L3_Run2",
    "RepetitionTime": 2,
    "ScanningSequence": "EP",
    "SequenceName": "_epfid2d1_64",
    "SequenceVariant": "SK",
    "SeriesDescription": "ep2d_PiN_L3_Run2",
    "SliceTiming": [
      1.925,
      1.8625,
      1.8,
      1.74,
      1.6775,
      1.615,
      1.5525,
      1.49,
      1.4275,
      1.3675,
      1.305,
      1.2425,
      1.18,
      1.1175,
      1.055,
      0.9925,
      0.9325,
      0.87,
      0.8075,
      0.745,
      0.6825,
      0.62,
      0.56,
      0.4975,
      0.435,
      0.3725,
      0.31,
      0.2475,
      0.1875,
      0.125,
      0.0625,
      0
    ],
    "SoftwareVersions": "syngo_MR_B17",
    "TaskName": "compLn",
    "TotalReadoutTime": 0.0346501,
    "dataset": "ds003545",
    "modality": "bold",
    "run_id": 2,
    "session_id": "02",
    "subject_id": "12",
    "task_id": "compLn"
  },
  "dummy_trs": 1,
  "dvars_nstd": 16.30559126690218,
  "dvars_std": 1.1866856438586957,
  "dvars_vstd": 0.999366619293478,
  "efc": 0.46506033784473644,
  "fber": 1101.3594970703125,
  "fd_mean": 0.10860642661518854,
  "fd_num": 13,
  "fd_perc": 7.027027027027027,
  "fwhm_avg": 3.012818333333333,
  "fwhm_x": 2.954618181818182,
  "fwhm_y": 3.246661818181818,
  "fwhm_z": 2.837175,
  "gcor": 0.0729653,
  "gsr_x": -0.01694616489112377,
  "gsr_y": 0.05549710988998413,
  "provenance": {
    "md5sum": "583c23497238403f91e1231aec868ee6",
    "settings": {
      "fd_thres": 0.2,
      "testing": false
    },
    "software": "mriqc",
    "version": "22.0.6",
    "webapi_port": null,
    "webapi_url": "https://mriqc.nimh.nih.gov/api/v1"
  },
  "size_t": 185,
  "size_x": 64,
  "size_y": 64,
  "size_z": 32,
  "snr": 2.8789350454079066,
  "spacing_tr": 2.0,
  "spacing_x": 3.4375,
  "spacing_y": 3.4375,
  "spacing_z": 4.0,
  "summary_bg_k": 71.62074826668803,
  "summary_bg_mad": 4.720285940502015,
  "summary_bg_mean": 37.396263122558594,
  "summary_bg_median": 17.80000114440918,
  "summary_bg_n": 86846.0,
  "summary_bg_p05": 14.335135459899902,
  "summary_bg_p95": 121.23919105529785,
  "summary_bg_stdv": 66.80702209472656,
  "summary_fg_k": 2.1747102302492864,
  "summary_fg_mad": 155.909640309778,
  "summary_fg_mean": 635.6409301757812,
  "summary_fg_median": 591.64599609375,
  "summary_fg_n": 16646.0,
  "summary_fg_p05": 388.35540771484375,
  "summary_fg_p95": 1065.9824829101562,
  "summary_fg_stdv": 205.50245666503906,
  "tsnr": 99.01042084954679
}