{
  "aor": 0.0037352688172043002,
  "aqi": 0.002799674946236559,
  "bids_meta": {
    "AcquisitionNumber": 1,
    "AcquisitionTime": "10:02:1.632500",
    "BandwidthPerPixelPhaseEncode": 28.409,
    "ConversionSoftware": "dcm2niix",
    "ConversionSoftwareVersion": "v1.0.20170724 GCC4.4.7",
    "DeviceSerialNumber": "35414",
    "EchoTime": 0.03,
    "EffectiveEchoSpacing": 0.000550002,
    "FlipAngle": 80,
    "ImageType": [
      "ORIGINAL",
      "PRIMARY",
      "FMRI",
      "NONE",
      "ND",
      "MOSAIC"
    ],
    "InstitutionAddress": "Mikeletegi_69_San_Sebastian_District_ES_20009",
    "InstitutionName": "BCBL",
    "MagneticFieldStrength": 3,
    "Manufacturer": "Siemens",
    "ManufacturersModelName": "TrioTim",
    "PhaseEncodingDirection": "j-",
    "PhaseEncodingLines": 64,
    "ProcedureStepDescription": "CRANEO_FUNCIONAL",
    "ProtocolName": "ep2d_PiN_L3_Run1",
    "RepetitionTime": 2,
    "ScanningSequence": "EP",
    "SequenceName": "_epfid2d1_64",
    "SequenceVariant": "SK",
    "SeriesDescription": "ep2d_PiN_L3_Run1",
    "SliceTiming": [
      1.925,
      1.8625,
      1.8,
      1.7375,
      1.675,
      1.6125,
      1.5525,
      1.49,
      1.4275,
      1.365,
      1.3025,
      1.24,
      1.18,
      1.1175,
      1.055,
      0.9925,
      0.93,
      0.8675,
      0.8075,
      0.745,
      0.6825,
      0.62,
      0.5575,
      0.495,
      0.4325,
      0.3725,
      0.31,
      0.2475,
      0.185,
      0.1225,
      0.06,
      0
    ],
    "SoftwareVersions": "syngo_MR_B17",
    "TaskName": "compLn",
    "TotalReadoutTime": 0.0346501,
    "dataset": "ds003545",
    "modality": "bold",
    "run_id": 1,
    "session_id": "02",
    "subject_id": "12",
    "task_id": "compLn"
  },
  "dummy_trs": 0,
  "dvars_nstd": 15.831196769297298,
  "dvars_std": 1.1489842409189186,
  "dvars_vstd": 0.9982501247567567,
  "efc": 0.4643434105453917,
  "fber": 1120.144775390625,
  "fd_mean": 0.1398413412255057,
  "fd_num": 18,
  "fd_perc": 9.67741935483871,
  "fwhm_avg": 3.018053636363636,
  "fwhm_x": 2.9701818181818185,
  "fwhm_y": 3.227229090909091,
  "fwhm_z": 2.85675,
  "gcor": 0.0451702,
  "gsr_x": -0.016760295256972313,
  "gsr_y": 0.05557067319750786,
  "provenance": {
    "md5sum": "0205a377436ffb62c70f20459211e7bc",
    "settings": {
      "fd_thres": 0.2,
      "testing": false
    },
    "software": "mriqc",
    "version": "22.0.6",
    "webapi_port": null,
    "webapi_url": "https://mriqc.nimh.nih.gov/api/v1"
  },
  "size_t": 186,
  "size_x": 64,
  "size_y": 64,
  "size_z": 32,
  "snr": 2.8558153177641814,
  "spacing_tr": 2.0,
  "spacing_x": 3.4375,
  "spacing_y": 3.4375,
  "spacing_z": 4.0,
  "summary_bg_k": 68.26570098695375,
  "summary_bg_mad": 4.774617217250956,
  "summary_bg_mean": 37.18565368652344,
  "summary_bg_median": 17.655914306640625,
  "summary_bg_n": 86807.0,
  "summary_bg_p05": 14.139784812927246,
  "summary_bg_p95": 121.4967750549316,
  "summary_bg_stdv": 65.91825866699219,
  "summary_fg_k": 2.2372072610828893,
  "summary_fg_mad": 156.74935022717443,
  "summary_fg_mean": 636.4286499023438,
  "summary_fg_median": 591.6397705078125,
  "summary_fg_n": 16645.0,
  "summary_fg_p05": 388.16558837890625,
  "summary_fg_p95": 1071.0903320312498,
  "summary_fg_stdv": 207.16395568847656,
  "tsnr": 93.47881274065003
}