{
  "aor": 0.0015070108695652174,
  "aqi": 0.002544192108695652,
  "bids_meta": {
    "AcquisitionNumber": 1,
    "AcquisitionTime": "11:22:19.440000",
    "BandwidthPerPixelPhaseEncode": 28.409,
    "ConversionSoftware": "dcm2niix",
    "ConversionSoftwareVersion": "v1.0.20170724 GCC4.4.7",
    "DeviceSerialNumber": "35414",
    "EchoTime": 0.03,
    "EffectiveEchoSpacing": 0.000550002,
    "FlipAngle": 80,
    "ImageType": [
      "ORIGINAL",
      "PRIMARY",
      "FMRI",
      "NONE",
      "ND",
      "MOSAIC"
    ],
    "InstitutionAddress": "Mikeletegi_69_San_Sebastian_District_ES_20009",
    "InstitutionName": "BCBL",
    "MagneticFieldStrength": 3,
    "Manufacturer": "Siemens",
    "ManufacturersModelName": "TrioTim",
    "PhaseEncodingDirection": "j-",
    "PhaseEncodingLines": 64,
    "ProcedureStepDescription": "CRANEO_FUNCIONAL",
    "ProtocolName": "ep2d_PiN_L1_Run2",
    "RepetitionTime": 2,
    "ScanningSequence": "EP",
    "SequenceName": "_epfid2d1_64",
    "SequenceVariant": "SK",
    "SeriesDescription": "ep2d_PiN_L1_Run2",
    "SliceTiming": [
      1.925,
      1.865,
      1.8025,
      1.74,
      1.6775,
      1.615,
      1.5525,
      1.4925,
      1.43,
      1.3675,
      1.305,
      1.2425,
      1.18,
      1.12,
      1.0575,
      0.995,
      0.9325,
      0.87,
      0.8075,
      0.745,
      0.685,
      0.6225,
      0.56,
      0.4975,
      0.435,
      0.3725,
      0.3125,
      0.25,
      0.1875,
      0.125,
      0.0625,
      0
    ],
    "SoftwareVersions": "syngo_MR_B17",
    "TaskName": "compL1",
    "TotalReadoutTime": 0.0346501,
    "dataset": "ds003545",
    "modality": "bold",
    "run_id": 2,
    "session_id": "02",
    "subject_id": "12",
    "task_id": "compL1"
  },
  "dummy_trs": 2,
  "dvars_nstd": 14.950658475300544,
  "dvars_std": 1.1678848698360649,
  "dvars_vstd": 1.004402187650273,
  "efc": 0.46445560659171903,
  "fber": 1287.501708984375,
  "fd_mean": 0.10466666366470874,
  "fd_num": 11,
  "fd_perc": 5.978260869565218,
  "fwhm_avg": 2.880976484848485,
  "fwhm_x": 2.7737076363636364,
  "fwhm_y": 3.1420218181818185,
  "fwhm_z": 2.7272,
  "gcor": 0.0532385,
  "gsr_x": -0.01580158807337284,
  "gsr_y": 0.05830411985516548,
  "provenance": {
    "md5sum": "993b558c16e70625e81d84b6116b578b",
    "settings": {
      "fd_thres": 0.2,
      "testing": false
    },
    "software": "mriqc",
    "version": "22.0.6",
    "webapi_port": null,
    "webapi_url": "https://mriqc.nimh.nih.gov/api/v1"
  },
  "size_t": 184,
  "size_x": 64,
  "size_y": 64,
  "size_z": 32,
  "snr": 3.288978484516512,
  "spacing_tr": 2.0,
  "spacing_x": 3.4375,
  "spacing_y": 3.4375,
  "spacing_z": 4.0,
  "summary_bg_k": 85.37964260556541,
  "summary_bg_mad": 4.391403986470015,
  "summary_bg_mean": 34.471923828125,
  "summary_bg_median": 15.663043975830078,
  "summary_bg_n": 87194.0,
  "summary_bg_p05": 12.47826099395752,
  "summary_bg_p95": 111.5513618469235,
  "summary_bg_stdv": 66.4465560913086,
  "summary_fg_k": 1.3634927708472429,
  "summary_fg_mad": 139.86420856689287,
  "summary_fg_mean": 593.5648193359375,
  "summary_fg_median": 561.3206787109375,
  "summary_fg_n": 16535.0,
  "summary_fg_p05": 373.01902465820314,
  "summary_fg_p95": 937.2440429687499,
  "summary_fg_stdv": 170.66201782226562,
  "tsnr": 102.63461373047903
}