{
  "aor": 0.001025752688172043,
  "aqi": 0.0036089054838709675,
  "bids_meta": {
    "AcquisitionNumber": 1,
    "AcquisitionTime": "11:14:58.250000",
    "BandwidthPerPixelPhaseEncode": 28.409,
    "ConversionSoftware": "dcm2niix",
    "ConversionSoftwareVersion": "v1.0.20170724 GCC4.4.7",
    "DeviceSerialNumber": "35414",
    "EchoTime": 0.03,
    "EffectiveEchoSpacing": 0.000550002,
    "FlipAngle": 80,
    "ImageType": [
      "ORIGINAL",
      "PRIMARY",
      "FMRI",
      "NONE",
      "ND",
      "MOSAIC"
    ],
    "InstitutionAddress": "Mikeletegi_69_San_Sebastian_District_ES_20009",
    "InstitutionName": "BCBL",
    "MagneticFieldStrength": 3,
    "Manufacturer": "Siemens",
    "ManufacturersModelName": "TrioTim",
    "PhaseEncodingDirection": "j-",
    "PhaseEncodingLines": 64,
    "ProcedureStepDescription": "CRANEO_FUNCIONAL",
    "ProtocolName": "ep2d_PiN_L1_Run1",
    "RepetitionTime": 2,
    "ScanningSequence": "EP",
    "SequenceName": "_epfid2d1_64",
    "SequenceVariant": "SK",
    "SeriesDescription": "ep2d_PiN_L1_Run1",
    "SliceTiming": [
      1.9275,
      1.865,
      1.8025,
      1.74,
      1.6775,
      1.615,
      1.5525,
      1.4925,
      1.43,
      1.3675,
      1.305,
      1.2425,
      1.18,
      1.12,
      1.0575,
      0.995,
      0.9325,
      0.87,
      0.8075,
      0.7475,
      0.685,
      0.6225,
      0.56,
      0.4975,
      0.435,
      0.3725,
      0.3125,
      0.25,
      0.1875,
      0.125,
      0.0625,
      0
    ],
    "SoftwareVersions": "syngo_MR_B17",
    "TaskName": "compL1",
    "TotalReadoutTime": 0.0346501,
    "dataset": "ds003545",
    "modality": "bold",
    "run_id": 1,
    "session_id": "02",
    "subject_id": "12",
    "task_id": "compL1"
  },
  "dummy_trs": 0,
  "dvars_nstd": 15.16844099383783,
  "dvars_std": 1.132352171837838,
  "dvars_vstd": 0.9730375347027033,
  "efc": 0.46552803597715675,
  "fber": 1275.6512451171875,
  "fd_mean": 0.09921863346915027,
  "fd_num": 14,
  "fd_perc": 7.526881720430108,
  "fwhm_avg": 2.903090575757576,
  "fwhm_x": 2.796674909090909,
  "fwhm_y": 3.1516218181818183,
  "fwhm_z": 2.760975,
  "gcor": 0.0448704,
  "gsr_x": -0.016263851895928383,
  "gsr_y": 0.06084368750452995,
  "provenance": {
    "md5sum": "7916152c9e1c589166810db0b0073da0",
    "settings": {
      "fd_thres": 0.2,
      "testing": false
    },
    "software": "mriqc",
    "version": "22.0.6",
    "webapi_port": null,
    "webapi_url": "https://mriqc.nimh.nih.gov/api/v1"
  },
  "size_t": 186,
  "size_x": 64,
  "size_y": 64,
  "size_z": 32,
  "snr": 3.271203843051048,
  "spacing_tr": 2.0,
  "spacing_x": 3.4375,
  "spacing_y": 3.4375,
  "spacing_z": 4.0,
  "summary_bg_k": 77.76361412692933,
  "summary_bg_mad": 4.4717202786796335,
  "summary_bg_mean": 34.72077178955078,
  "summary_bg_median": 15.709677696228027,
  "summary_bg_n": 87240.0,
  "summary_bg_p05": 12.483870506286621,
  "summary_bg_p95": 111.90349731445315,
  "summary_bg_stdv": 65.59102630615234,
  "summary_fg_k": 1.381541252437823,
  "summary_fg_mad": 139.60368538652926,
  "summary_fg_mean": 592.1991577148438,
  "summary_fg_median": 559.99462890625,
  "summary_fg_n": 16518.0,
  "summary_fg_p05": 370.81371154785154,
  "summary_fg_p95": 934.4191131591797,
  "summary_fg_stdv": 171.18397521972656,
  "tsnr": 89.07826710725203
}