{
  "bids_meta": {
    "AccelFactPE": 2,
    "AcquisitionNumber": 1,
    "AcquisitionTime": "15:37:16.997500",
    "ConversionSoftware": "dcm2niix",
    "ConversionSoftwareVersion": "v1.0.20170724 GCC4.4.7",
    "DeviceSerialNumber": "35414",
    "EchoTime": 0.00297,
    "FlipAngle": 7,
    "ImageType": [
      "ORIGINAL",
      "PRIMARY",
      "M",
      "ND",
      "NORM"
    ],
    "InstitutionAddress": "Mikeletegi_69_San_Sebastian_District_ES_20009",
    "InstitutionName": "BCBL",
    "InversionTime": 1.1,
    "MagneticFieldStrength": 3,
    "Manufacturer": "Siemens",
    "ManufacturersModelName": "TrioTim",
    "PhaseEncodingDirection": "i-",
    "PhaseEncodingLines": 256,
    "ProcedureStepDescription": "CRANEO_FUNCIONAL",
    "ProtocolName": "t1_mpr_tra_p2_iso",
    "RepetitionTime": 2.53,
    "ScanningSequence": "GR_IR",
    "SequenceName": "_tfl3d1",
    "SequenceVariant": "SP_MP_OSP",
    "SeriesDescription": "t1_mpr_tra_p2_iso",
    "SoftwareVersions": "syngo_MR_B17",
    "dataset": "ds003545",
    "modality": "T1w",
    "session_id": "02",
    "subject_id": "02"
  },
  "cjv": 0.301395388365309,
  "cnr": 4.369346774742286,
  "efc": 0.514905898343726,
  "fber": 26588.881766805473,
  "fwhm_avg": 4.206893333333333,
  "fwhm_x": 3.9575,
  "fwhm_y": 4.61651,
  "fwhm_z": 4.04667,
  "icvs_csf": 0.19121270834303533,
  "icvs_gm": 0.4754025170062388,
  "icvs_wm": 0.33338477465072586,
  "inu_med": 0.46158620715141296,
  "inu_range": 0.19268094897270205,
  "provenance": {
    "md5sum": "add7d41346956b2bab04b2518d29f405",
    "settings": {
      "testing": false
    },
    "software": "mriqc",
    "version": "22.0.6",
    "warnings": {
      "large_rot_frame": true,
      "small_air_mask": false
    },
    "webapi_port": null,
    "webapi_url": "https://mriqc.nimh.nih.gov/api/v1"
  },
  "qi_1": 0.0,
  "qi_2": 0.036015374312587146,
  "rpve_csf": 30.511119092275564,
  "rpve_gm": 13.526694508049877,
  "rpve_wm": 21.19100511010285,
  "size_x": 256,
  "size_y": 256,
  "size_z": 176,
  "snr_csf": 1.9404154465699883,
  "snr_gm": 13.04341172484992,
  "snr_total": 13.601723960871999,
  "snr_wm": 25.821344711196087,
  "snrd_csf": 29.96477622239573,
  "snrd_gm": 89.08421022475653,
  "snrd_total": 81.64798468007352,
  "snrd_wm": 125.89496759306827,
  "spacing_x": 1.0,
  "spacing_y": 1.0,
  "spacing_z": 1.0,
  "summary_bg_k": 12.444012197245058,
  "summary_bg_mad": 5.203833202256722,
  "summary_bg_mean": 4.480109378699201,
  "summary_bg_median": 3.509932156652212,
  "summary_bg_n": 2457982.0,
  "summary_bg_p05": 0.0,
  "summary_bg_p95": 16.303380524739623,
  "summary_bg_stdv": 5.94278047079155,
  "summary_csf_k": 0.5289390716539057,
  "summary_csf_mad": 113.01368193596663,
  "summary_csf_mean": 249.66243001479572,
  "summary_csf_median": 238.01409508660436,
  "summary_csf_n": 24527.0,
  "summary_csf_p05": 60.12666390091181,
  "summary_csf_p95": 474.8836470786482,
  "summary_csf_stdv": 122.65890965491445,
  "summary_gm_k": 0.1509931202870467,
  "summary_gm_mad": 53.094182237517856,
  "summary_gm_mean": 707.994428183923,
  "summary_gm_median": 707.607409639284,
  "summary_gm_n": 50354.0,
  "summary_gm_p05": 618.4513177166693,
  "summary_gm_p95": 796.6019938141108,
  "summary_gm_stdv": 54.24963945043638,
  "summary_wm_k": 1.0541502679537968,
  "summary_wm_mad": 35.03160177461228,
  "summary_wm_mean": 998.1707721724125,
  "summary_wm_median": 1000.0000188630074,
  "summary_wm_n": 159013.0,
  "summary_wm_p05": 932.0395933371037,
  "summary_wm_p95": 1057.913899447769,
  "summary_wm_stdv": 38.727528935679665,
  "tpm_overlap_csf": 0.13500203581758377,
  "tpm_overlap_gm": 0.4870615390999605,
  "tpm_overlap_wm": 0.5162837643217636,
  "wm2max": 0.6861246357084271
}