{
  "bids_meta": {
    "AccelFactPE": 2,
    "AcquisitionNumber": 1,
    "AcquisitionTime": "09:33:48.455000",
    "BodyPartExamined": "BRAIN",
    "ConversionSoftware": "dcm2niix",
    "ConversionSoftwareVersion": "v1.0.20170724 GCC4.4.7",
    "DeviceSerialNumber": "167004",
    "EchoTime": 0.00297,
    "FlipAngle": 7,
    "ImageType": [
      "ORIGINAL",
      "PRIMARY",
      "M",
      "ND"
    ],
    "InstitutionAddress": "Mikeletegi_69_San_Sebastian_District_ES_20009",
    "InstitutionName": "BCBL",
    "InversionTime": 1.1,
    "MagneticFieldStrength": 3,
    "Manufacturer": "Siemens",
    "ManufacturersModelName": "Prisma_fit",
    "PhaseEncodingDirection": "i-",
    "PhaseEncodingLines": 256,
    "ProcedureStepDescription": "CRANEO_FUNCIONAL",
    "ProtocolName": "t1_mpr_tra_p2_iso",
    "RepetitionTime": 2.53,
    "ScanningSequence": "GR_IR",
    "SequenceName": "_tfl3d1_16",
    "SequenceVariant": "SK_SP_MP_OSP",
    "SeriesDescription": "t1_mpr_tra_p2_iso",
    "SoftwareVersions": "syngo_MR_E11",
    "dataset": "ds003545",
    "modality": "T1w",
    "session_id": "01",
    "subject_id": "15"
  },
  "cjv": 0.4949693254108904,
  "cnr": 2.4946386017540076,
  "efc": 0.557806486907378,
  "fber": 5220.295567117586,
  "fwhm_avg": 4.834333333333333,
  "fwhm_x": 4.40579,
  "fwhm_y": 5.22841,
  "fwhm_z": 4.8688,
  "icvs_csf": 0.1839297396711452,
  "icvs_gm": 0.40725875856857785,
  "icvs_wm": 0.4088115017602769,
  "inu_med": 1.0131933689117432,
  "inu_range": 0.997690019011497,
  "provenance": {
    "md5sum": "a1960bb9c0702ea3ecfefad22ab8e14e",
    "settings": {
      "testing": false
    },
    "software": "mriqc",
    "version": "22.0.6",
    "warnings": {
      "large_rot_frame": true,
      "small_air_mask": false
    },
    "webapi_port": null,
    "webapi_url": "https://mriqc.nimh.nih.gov/api/v1"
  },
  "qi_1": 0.0,
  "qi_2": 0.0015648878591845389,
  "rpve_csf": 26.868670926892186,
  "rpve_gm": 12.227378580122577,
  "rpve_wm": 14.094921898610668,
  "size_x": 256,
  "size_y": 256,
  "size_z": 176,
  "snr_csf": 2.365211798993928,
  "snr_gm": 11.721015692701064,
  "snr_total": 8.534988133825523,
  "snr_wm": 11.518736909781582,
  "snrd_csf": 20.381843540244116,
  "snrd_gm": 56.616232056233656,
  "snrd_total": 51.64136834839811,
  "snrd_wm": 77.92602944871653,
  "spacing_x": 1.0,
  "spacing_y": 1.0,
  "spacing_z": 1.0,
  "summary_bg_k": 9.071028540057384,
  "summary_bg_mad": 8.408349555936738,
  "summary_bg_mean": 15.678701733517844,
  "summary_bg_median": 5.671345591545105,
  "summary_bg_n": 2227301.0,
  "summary_bg_p05": 0.0,
  "summary_bg_p95": 68.90684893727303,
  "summary_bg_stdv": 25.25415069864707,
  "summary_csf_k": 0.9461862799010294,
  "summary_csf_mad": 96.59091552382328,
  "summary_csf_mean": 272.53486190677927,
  "summary_csf_median": 261.59081541001797,
  "summary_csf_n": 31939.0,
  "summary_csf_p05": 106.83397258073092,
  "summary_csf_p95": 480.07940432429314,
  "summary_csf_stdv": 110.5975880580069,
  "summary_gm_k": 0.24141661452666252,
  "summary_gm_mad": 60.119699324947675,
  "summary_gm_mean": 726.7941363230204,
  "summary_gm_median": 726.6411539167166,
  "summary_gm_n": 23840.0,
  "summary_gm_p05": 624.9787395972759,
  "summary_gm_p95": 828.7962663844228,
  "summary_gm_stdv": 61.99342555716371,
  "summary_wm_k": 1.0561762785914954,
  "summary_wm_mad": 75.25472852563381,
  "summary_wm_mean": 1016.008827340284,
  "summary_wm_median": 1000.1417950689793,
  "summary_wm_n": 209947.0,
  "summary_wm_p05": 902.8073263540864,
  "summary_wm_p95": 1188.1469014286995,
  "summary_wm_stdv": 86.82717740742073,
  "tpm_overlap_csf": 0.17605834283970587,
  "tpm_overlap_gm": 0.4546310717071919,
  "tpm_overlap_wm": 0.49382841155941126,
  "wm2max": 0.3227710540163353
}