{
  "bids_meta": {
    "AccelFactPE": 2,
    "AcquisitionNumber": 1,
    "AcquisitionTime": "09:44:28.907500",
    "BodyPartExamined": "BRAIN",
    "ConversionSoftware": "dcm2niix",
    "ConversionSoftwareVersion": "v1.0.20170724 GCC4.4.7",
    "DeviceSerialNumber": "167004",
    "EchoTime": 0.00297,
    "FlipAngle": 7,
    "ImageType": [
      "ORIGINAL",
      "PRIMARY",
      "M",
      "ND"
    ],
    "InstitutionAddress": "Mikeletegi_69_San_Sebastian_District_ES_20009",
    "InstitutionName": "BCBL",
    "InversionTime": 1.1,
    "MagneticFieldStrength": 3,
    "Manufacturer": "Siemens",
    "ManufacturersModelName": "Prisma_fit",
    "PhaseEncodingDirection": "i-",
    "PhaseEncodingLines": 256,
    "ProcedureStepDescription": "CRANEO_FUNCIONAL",
    "ProtocolName": "t1_mpr_tra_p2_iso",
    "RepetitionTime": 2.53,
    "ScanningSequence": "GR_IR",
    "SequenceName": "_tfl3d1_16",
    "SequenceVariant": "SK_SP_MP_OSP",
    "SeriesDescription": "t1_mpr_tra_p2_iso",
    "SoftwareVersions": "syngo_MR_E11",
    "dataset": "ds003545",
    "modality": "T1w",
    "session_id": "02",
    "subject_id": "14"
  },
  "cjv": 0.4382237024231546,
  "cnr": 2.8281359631552943,
  "efc": 0.5234790715800293,
  "fber": -1.0,
  "fwhm_avg": 4.227185791600475,
  "fwhm_x": 3.97741,
  "fwhm_y": 4.45162,
  "fwhm_z": 4.252527374801426,
  "icvs_csf": 0.18191951590286326,
  "icvs_gm": 0.41460709838833953,
  "icvs_wm": 0.4034733857087972,
  "inu_med": 0.9971324801445007,
  "inu_range": 0.7787227541208268,
  "provenance": {
    "md5sum": "198baf332ed791be2b8611892f6dc7da",
    "settings": {
      "testing": false
    },
    "software": "mriqc",
    "version": "22.0.6",
    "warnings": {
      "large_rot_frame": true,
      "small_air_mask": false
    },
    "webapi_port": null,
    "webapi_url": "https://mriqc.nimh.nih.gov/api/v1"
  },
  "qi_1": 0.0,
  "qi_2": 0.004869440683836945,
  "rpve_csf": 29.18491419144435,
  "rpve_gm": 13.183901180154841,
  "rpve_wm": 15.55173051555084,
  "size_x": 256,
  "size_y": 256,
  "size_z": 176,
  "snr_csf": 1.987956111777124,
  "snr_gm": 12.175941008207463,
  "snr_total": 9.410183934480516,
  "snr_wm": 14.06665468345696,
  "snrd_csf": 16.302742793151655,
  "snrd_gm": 44.42867255571057,
  "snrd_total": 40.405422579856776,
  "snrd_wm": 60.48485239070809,
  "spacing_x": 1.0,
  "spacing_y": 1.0,
  "spacing_z": 0.9999935626983643,
  "summary_bg_k": 5.195257372036384,
  "summary_bg_mad": 0.0,
  "summary_bg_mean": 7.126286789856958,
  "summary_bg_median": 0.0,
  "summary_bg_n": 2008291.0,
  "summary_bg_p05": 0.0,
  "summary_bg_p95": 27.852063432335854,
  "summary_bg_stdv": 10.832118837718077,
  "summary_csf_k": 3.7096639387046153,
  "summary_csf_mad": 117.7397518379293,
  "summary_csf_mean": 289.34229724001136,
  "summary_csf_median": 269.5518785342574,
  "summary_csf_n": 23034.0,
  "summary_csf_p05": 91.03450194224716,
  "summary_csf_p95": 529.016352830082,
  "summary_csf_stdv": 135.58952619728902,
  "summary_gm_k": 0.21077242438154187,
  "summary_gm_mad": 58.21710932766607,
  "summary_gm_mean": 733.3562322062477,
  "summary_gm_median": 734.5900196135044,
  "summary_gm_n": 19598.0,
  "summary_gm_p05": 631.6613168120384,
  "summary_gm_p95": 830.3535018809139,
  "summary_gm_stdv": 60.32973364650508,
  "summary_wm_k": 1.7896178745658151,
  "summary_wm_mad": 58.12040316599221,
  "summary_wm_mean": 1014.2886910451507,
  "summary_wm_median": 1000.0651909708977,
  "summary_wm_n": 190006.0,
  "summary_wm_p05": 924.2058238238096,
  "summary_wm_p95": 1152.8927896171808,
  "summary_wm_stdv": 71.0945553014931,
  "tpm_overlap_csf": 0.16845820432849679,
  "tpm_overlap_gm": 0.47006443936025083,
  "tpm_overlap_wm": 0.5052091311885762,
  "wm2max": 0.2955015706471106
}