{
  "aor": 0.008606831275720163,
  "aqi": 0.011639249711934155,
  "bids_meta": {
    "AcquisitionNumber": 1,
    "AcquisitionTime": "11:10:50.917500",
    "BandwidthPerPixelPhaseEncode": 29.481,
    "BodyPartExamined": "BRAIN",
    "ConversionSoftware": "dcm2niix",
    "ConversionSoftwareVersion": "v1.0.20170724 GCC4.4.7",
    "DeviceSerialNumber": "167004",
    "EchoTime": 0.025,
    "EchoTrainLength": 64,
    "EffectiveEchoSpacing": 0.000530002,
    "FlipAngle": 90,
    "ImageType": [
      "ORIGINAL",
      "PRIMARY",
      "M",
      "ND",
      "MOSAIC"
    ],
    "InstitutionAddress": "Mikeletegi_69_San_Sebastian_District_ES_20009",
    "InstitutionName": "BCBL",
    "MagneticFieldStrength": 3,
    "Manufacturer": "Siemens",
    "ManufacturersModelName": "Prisma_fit",
    "PhaseEncodingDirection": "j-",
    "PhaseEncodingLines": 64,
    "ProcedureStepDescription": "CRANEO_FUNCIONAL",
    "ProtocolName": "ep2d_VF_L3_Run1",
    "RepetitionTime": 3,
    "ScanningSequence": "EP",
    "SequenceName": "_epfid2d1_64",
    "SequenceVariant": "SK",
    "SeriesDescription": "ep2d_VF_L3_Run1",
    "SliceTiming": [
      2.91,
      2.84,
      2.77,
      2.7025,
      2.6325,
      2.5625,
      2.495,
      2.425,
      2.355,
      2.285,
      2.2175,
      2.1475,
      2.0775,
      2.01,
      1.94,
      1.87,
      1.8,
      1.7325,
      1.6625,
      1.5925,
      1.525,
      1.455,
      1.385,
      1.315,
      1.2475,
      1.1775,
      1.1075,
      1.0375,
      0.97,
      0.9,
      0.83,
      0.7625,
      0.6925,
      0.6225,
      0.5525,
      0.485,
      0.415,
      0.345,
      0.2775,
      0.2075,
      0.1375,
      0.0675,
      0
    ],
    "SoftwareVersions": "syngo_MR_E11",
    "TaskName": "prodLn",
    "TotalReadoutTime": 0.0333901,
    "dataset": "ds003545",
    "modality": "bold",
    "run_id": 1,
    "session_id": "02",
    "subject_id": "17",
    "task_id": "prodLn"
  },
  "dummy_trs": 0,
  "dvars_nstd": 41.43985113396693,
  "dvars_std": 1.1370542619421493,
  "dvars_vstd": 0.963466240495868,
  "efc": 0.5481378398728213,
  "fber": 589.3609008789062,
  "fd_mean": 0.6213563066409702,
  "fd_num": 161,
  "fd_perc": 66.2551440329218,
  "fwhm_avg": 2.9155221668532434,
  "fwhm_x": 2.78228,
  "fwhm_y": 3.090386666666667,
  "fwhm_z": 2.873899833893063,
  "gcor": 0.0239854,
  "gsr_x": 0.009431077167391777,
  "gsr_y": 0.06073327735066414,
  "provenance": {
    "md5sum": "b3a1d088da8df9bab7f757fbcf83de8a",
    "settings": {
      "fd_thres": 0.2,
      "testing": false
    },
    "software": "mriqc",
    "version": "22.0.6",
    "webapi_port": null,
    "webapi_url": "https://mriqc.nimh.nih.gov/api/v1"
  },
  "size_t": 243,
  "size_x": 64,
  "size_y": 64,
  "size_z": 43,
  "snr": 2.5192031635623673,
  "spacing_tr": 3.0,
  "spacing_x": 3.0,
  "spacing_y": 3.0,
  "spacing_z": 3.3000001907348633,
  "summary_bg_k": 21.04774794468382,
  "summary_bg_mad": 13.97184786956609,
  "summary_bg_mean": 100.88243865966797,
  "summary_bg_median": 40.316871643066406,
  "summary_bg_n": 104837.0,
  "summary_bg_p05": 28.81892967224121,
  "summary_bg_p95": 386.3489501953123,
  "summary_bg_stdv": 153.04615783691406,
  "summary_fg_k": 1.4245924006244923,
  "summary_fg_mad": 390.4582342841165,
  "summary_fg_mean": 1079.456298828125,
  "summary_fg_median": 1010.948486328125,
  "summary_fg_n": 33260.0,
  "summary_fg_p05": 558.3586242675781,
  "summary_fg_p95": 1822.7429687499998,
  "summary_fg_stdv": 401.2908935546875,
  "tsnr": 38.54655551165342
}