{
  "aor": 0.006950760869565217,
  "aqi": 0.002340069043478261,
  "bids_meta": {
    "AcquisitionNumber": 1,
    "AcquisitionTime": "10:53:33.425000",
    "BandwidthPerPixelPhaseEncode": 28.409,
    "BodyPartExamined": "BRAIN",
    "ConversionSoftware": "dcm2niix",
    "ConversionSoftwareVersion": "v1.0.20170724 GCC4.4.7",
    "DeviceSerialNumber": "167004",
    "EchoTime": 0.03,
    "EchoTrainLength": 64,
    "EffectiveEchoSpacing": 0.000550002,
    "FlipAngle": 80,
    "ImageType": [
      "ORIGINAL",
      "PRIMARY",
      "M",
      "ND",
      "MOSAIC"
    ],
    "InstitutionAddress": "Mikeletegi_69_San_Sebastian_District_ES_20009",
    "InstitutionName": "BCBL",
    "MagneticFieldStrength": 3,
    "Manufacturer": "Siemens",
    "ManufacturersModelName": "Prisma_fit",
    "PhaseEncodingDirection": "j-",
    "PhaseEncodingLines": 64,
    "ProcedureStepDescription": "CRANEO_FUNCIONAL",
    "ProtocolName": "ep2d_PiN_L3_Run1",
    "RepetitionTime": 2,
    "ScanningSequence": "EP",
    "SequenceName": "_epfid2d1_64",
    "SequenceVariant": "SK",
    "SeriesDescription": "ep2d_PiN_L3_Run1",
    "SliceTiming": [
      1.9175,
      1.855,
      1.7925,
      1.7325,
      1.67,
      1.6075,
      1.545,
      1.485,
      1.4225,
      1.36,
      1.2975,
      1.2375,
      1.175,
      1.1125,
      1.05,
      0.99,
      0.9275,
      0.865,
      0.8025,
      0.7425,
      0.68,
      0.6175,
      0.555,
      0.495,
      0.4325,
      0.37,
      0.3075,
      0.2475,
      0.185,
      0.1225,
      0.06,
      0
    ],
    "SoftwareVersions": "syngo_MR_E11",
    "TaskName": "compLn",
    "TotalReadoutTime": 0.0346501,
    "dataset": "ds003545",
    "modality": "bold",
    "run_id": 1,
    "session_id": "02",
    "subject_id": "17",
    "task_id": "compLn"
  },
  "dummy_trs": 2,
  "dvars_nstd": 16.79710644617486,
  "dvars_std": 1.2464704581967212,
  "dvars_vstd": 1.0328966788524592,
  "efc": 0.4743128633637794,
  "fber": 1636.8302001953125,
  "fd_mean": 0.11304917645687265,
  "fd_num": 21,
  "fd_perc": 11.41304347826087,
  "fwhm_avg": 2.713190060606061,
  "fwhm_x": 2.636250181818182,
  "fwhm_y": 2.9251199999999997,
  "fwhm_z": 2.5782,
  "gcor": 0.0223207,
  "gsr_x": -0.004763511475175619,
  "gsr_y": 0.03218017518520355,
  "provenance": {
    "md5sum": "c6ddc7225666255df5782432f1a4cd71",
    "settings": {
      "fd_thres": 0.2,
      "testing": false
    },
    "software": "mriqc",
    "version": "22.0.6",
    "webapi_port": null,
    "webapi_url": "https://mriqc.nimh.nih.gov/api/v1"
  },
  "size_t": 184,
  "size_x": 64,
  "size_y": 64,
  "size_z": 32,
  "snr": 2.7542978548596246,
  "spacing_tr": 2.0,
  "spacing_x": 3.4375,
  "spacing_y": 3.4375,
  "spacing_z": 4.0,
  "summary_bg_k": 37.39479739675468,
  "summary_bg_mad": 3.6420449490906286,
  "summary_bg_mean": 49.79944610595703,
  "summary_bg_median": 19.548913955688477,
  "summary_bg_n": 83781.0,
  "summary_bg_p05": 16.907609939575195,
  "summary_bg_p95": 190.60870361328125,
  "summary_bg_stdv": 89.10053253173828,
  "summary_fg_k": 0.8221555918435599,
  "summary_fg_mad": 297.0199532376286,
  "summary_fg_mean": 852.155029296875,
  "summary_fg_median": 808.8912963867188,
  "summary_fg_n": 18979.0,
  "summary_fg_p05": 454.31304321289065,
  "summary_fg_p95": 1383.745178222656,
  "summary_fg_stdv": 293.6755676269531,
  "tsnr": 103.1249428987503
}