{
  "aor": 0.008862057613168724,
  "aqi": 0.008108174650205762,
  "bids_meta": {
    "AcquisitionNumber": 1,
    "AcquisitionTime": "12:31:26.087500",
    "BandwidthPerPixelPhaseEncode": 29.481,
    "BodyPartExamined": "BRAIN",
    "ConversionSoftware": "dcm2niix",
    "ConversionSoftwareVersion": "v1.0.20170724 GCC4.4.7",
    "DeviceSerialNumber": "167004",
    "EchoTime": 0.025,
    "EchoTrainLength": 64,
    "EffectiveEchoSpacing": 0.000530002,
    "FlipAngle": 90,
    "ImageType": [
      "ORIGINAL",
      "PRIMARY",
      "M",
      "ND",
      "MOSAIC"
    ],
    "InstitutionAddress": "Mikeletegi_69_San_Sebastian_District_ES_20009",
    "InstitutionName": "BCBL",
    "MagneticFieldStrength": 3,
    "Manufacturer": "Siemens",
    "ManufacturersModelName": "Prisma_fit",
    "PhaseEncodingDirection": "j-",
    "PhaseEncodingLines": 64,
    "ProcedureStepDescription": "CRANEO_FUNCIONAL",
    "ProtocolName": "ep2d_VF_L1_Run2",
    "RepetitionTime": 3,
    "ScanningSequence": "EP",
    "SequenceName": "_epfid2d1_64",
    "SequenceVariant": "SK",
    "SeriesDescription": "ep2d_VF_L1_Run2",
    "SliceTiming": [
      2.91,
      2.84,
      2.7725,
      2.7025,
      2.6325,
      2.565,
      2.495,
      2.425,
      2.355,
      2.2875,
      2.2175,
      2.1475,
      2.08,
      2.01,
      1.94,
      1.87,
      1.8025,
      1.7325,
      1.6625,
      1.5925,
      1.525,
      1.455,
      1.385,
      1.3175,
      1.2475,
      1.1775,
      1.1075,
      1.04,
      0.97,
      0.9,
      0.8325,
      0.7625,
      0.6925,
      0.6225,
      0.555,
      0.485,
      0.415,
      0.3475,
      0.2775,
      0.2075,
      0.1375,
      0.07,
      0
    ],
    "SoftwareVersions": "syngo_MR_E11",
    "TaskName": "prodL1",
    "TotalReadoutTime": 0.0333901,
    "dataset": "ds003545",
    "modality": "bold",
    "run_id": 2,
    "session_id": "02",
    "subject_id": "17",
    "task_id": "prodL1"
  },
  "dummy_trs": 0,
  "dvars_nstd": 37.69969533491738,
  "dvars_std": 1.18940529483471,
  "dvars_vstd": 0.9955868504958678,
  "efc": 0.5546070749178192,
  "fber": 539.1725463867188,
  "fd_mean": 0.49964194954632246,
  "fd_num": 164,
  "fd_perc": 67.48971193415638,
  "fwhm_avg": 2.8259799458557056,
  "fwhm_x": 2.6776066666666662,
  "fwhm_y": 2.99,
  "fwhm_z": 2.8103331709004507,
  "gcor": 0.0354455,
  "gsr_x": 0.0046342844143509865,
  "gsr_y": 0.05908287689089775,
  "provenance": {
    "md5sum": "14205dfd9ffde5e4a50d528a1e8cfea4",
    "settings": {
      "fd_thres": 0.2,
      "testing": false
    },
    "software": "mriqc",
    "version": "22.0.6",
    "webapi_port": null,
    "webapi_url": "https://mriqc.nimh.nih.gov/api/v1"
  },
  "size_t": 243,
  "size_x": 64,
  "size_y": 64,
  "size_z": 43,
  "snr": 2.6675836569882656,
  "spacing_tr": 3.0,
  "spacing_x": 3.0,
  "spacing_y": 3.0,
  "spacing_z": 3.3000001907348633,
  "summary_bg_k": 25.39329232411995,
  "summary_bg_mad": 15.259210406121955,
  "summary_bg_mean": 95.83496856689453,
  "summary_bg_median": 41.3127555847168,
  "summary_bg_n": 103343.0,
  "summary_bg_p05": 28.543209075927734,
  "summary_bg_p95": 345.28023376464824,
  "summary_bg_stdv": 141.90480041503906,
  "summary_fg_k": 1.1405807301138022,
  "summary_fg_mad": 362.7859941521377,
  "summary_fg_mean": 1041.9365234375,
  "summary_fg_median": 984.8435668945312,
  "summary_fg_n": 33843.0,
  "summary_fg_p05": 547.2728088378906,
  "summary_fg_p95": 1718.3550659179687,
  "summary_fg_stdv": 369.1839294433594,
  "tsnr": 41.86051332321949
}