{
  "aor": 0.004528378378378378,
  "aqi": 0.0021433134054054054,
  "bids_meta": {
    "AcquisitionNumber": 1,
    "AcquisitionTime": "12:06:31.980000",
    "BandwidthPerPixelPhaseEncode": 28.409,
    "BodyPartExamined": "BRAIN",
    "ConversionSoftware": "dcm2niix",
    "ConversionSoftwareVersion": "v1.0.20170724 GCC4.4.7",
    "DeviceSerialNumber": "167004",
    "EchoTime": 0.03,
    "EchoTrainLength": 64,
    "EffectiveEchoSpacing": 0.000550002,
    "FlipAngle": 80,
    "ImageType": [
      "ORIGINAL",
      "PRIMARY",
      "M",
      "ND",
      "MOSAIC"
    ],
    "InstitutionAddress": "Mikeletegi_69_San_Sebastian_District_ES_20009",
    "InstitutionName": "BCBL",
    "MagneticFieldStrength": 3,
    "Manufacturer": "Siemens",
    "ManufacturersModelName": "Prisma_fit",
    "PhaseEncodingDirection": "j-",
    "PhaseEncodingLines": 64,
    "ProcedureStepDescription": "CRANEO_FUNCIONAL",
    "ProtocolName": "ep2d_PiN_L1_Run2",
    "RepetitionTime": 2,
    "ScanningSequence": "EP",
    "SequenceName": "_epfid2d1_64",
    "SequenceVariant": "SK",
    "SeriesDescription": "ep2d_PiN_L1_Run2",
    "SliceTiming": [
      1.92,
      1.8575,
      1.795,
      1.7325,
      1.6725,
      1.61,
      1.5475,
      1.485,
      1.425,
      1.3625,
      1.3,
      1.2375,
      1.1775,
      1.115,
      1.0525,
      0.99,
      0.93,
      0.8675,
      0.805,
      0.7425,
      0.6825,
      0.62,
      0.5575,
      0.495,
      0.435,
      0.3725,
      0.31,
      0.2475,
      0.1875,
      0.125,
      0.0625,
      0
    ],
    "SoftwareVersions": "syngo_MR_E11",
    "TaskName": "compL1",
    "TotalReadoutTime": 0.0346501,
    "dataset": "ds003545",
    "modality": "bold",
    "run_id": 2,
    "session_id": "02",
    "subject_id": "17",
    "task_id": "compL1"
  },
  "dummy_trs": 1,
  "dvars_nstd": 19.023785165815216,
  "dvars_std": 1.4631417194021736,
  "dvars_vstd": 1.038496219836956,
  "efc": 0.47566179119238494,
  "fber": 1562.5106201171875,
  "fd_mean": 0.09527020204823834,
  "fd_num": 10,
  "fd_perc": 5.405405405405405,
  "fwhm_avg": 2.621320696969697,
  "fwhm_x": 2.4972014545454546,
  "fwhm_y": 2.8138356363636365,
  "fwhm_z": 2.552925,
  "gcor": 0.0345219,
  "gsr_x": -0.0016280292766168714,
  "gsr_y": 0.022216185927391052,
  "provenance": {
    "md5sum": "4e81a0bc2f19677a7a7a795198fa0dd6",
    "settings": {
      "fd_thres": 0.2,
      "testing": false
    },
    "software": "mriqc",
    "version": "22.0.6",
    "webapi_port": null,
    "webapi_url": "https://mriqc.nimh.nih.gov/api/v1"
  },
  "size_t": 185,
  "size_x": 64,
  "size_y": 64,
  "size_z": 32,
  "snr": 2.974906677868034,
  "spacing_tr": 2.0,
  "spacing_x": 3.4375,
  "spacing_y": 3.4375,
  "spacing_z": 4.0,
  "summary_bg_k": 46.91476027882382,
  "summary_bg_mad": 3.285768301699686,
  "summary_bg_mean": 45.065185546875,
  "summary_bg_median": 19.648649215698242,
  "summary_bg_n": 83378.0,
  "summary_bg_p05": 17.35675811767578,
  "summary_bg_p95": 156.5837860107422,
  "summary_bg_stdv": 78.22832489013672,
  "summary_fg_k": 0.6269155883285387,
  "summary_fg_mad": 273.68037014428137,
  "summary_fg_mean": 829.1912841796875,
  "summary_fg_median": 797.5892333984375,
  "summary_fg_n": 18826.0,
  "summary_fg_p05": 455.1851348876953,
  "summary_fg_p95": 1312.1743469238281,
  "summary_fg_stdv": 268.0985107421875,
  "tsnr": 113.14184531383216
}