{
  "aor": 0.012858971193415636,
  "aqi": 0.010412808189300413,
  "bids_meta": {
    "AcquisitionNumber": 1,
    "AcquisitionTime": "11:25:46.572500",
    "BandwidthPerPixelPhaseEncode": 29.481,
    "BodyPartExamined": "BRAIN",
    "ConversionSoftware": "dcm2niix",
    "ConversionSoftwareVersion": "v1.0.20170724 GCC4.4.7",
    "DeviceSerialNumber": "167004",
    "EchoTime": 0.025,
    "EchoTrainLength": 64,
    "EffectiveEchoSpacing": 0.000530002,
    "FlipAngle": 90,
    "ImageType": [
      "ORIGINAL",
      "PRIMARY",
      "M",
      "ND",
      "MOSAIC"
    ],
    "InstitutionAddress": "Mikeletegi_69_San_Sebastian_District_ES_20009",
    "InstitutionName": "BCBL",
    "MagneticFieldStrength": 3,
    "Manufacturer": "Siemens",
    "ManufacturersModelName": "Prisma_fit",
    "PhaseEncodingDirection": "j-",
    "PhaseEncodingLines": 64,
    "ProcedureStepDescription": "CRANEO_FUNCIONAL",
    "ProtocolName": "ep2d_VF_L3_Run2",
    "RepetitionTime": 3,
    "ScanningSequence": "EP",
    "SequenceName": "_epfid2d1_64",
    "SequenceVariant": "SK",
    "SeriesDescription": "ep2d_VF_L3_Run2",
    "SliceTiming": [
      2.91,
      2.84,
      2.77,
      2.7025,
      2.6325,
      2.5625,
      2.495,
      2.425,
      2.355,
      2.285,
      2.2175,
      2.1475,
      2.0775,
      2.01,
      1.94,
      1.87,
      1.8,
      1.7325,
      1.6625,
      1.5925,
      1.5225,
      1.455,
      1.385,
      1.315,
      1.2475,
      1.1775,
      1.1075,
      1.0375,
      0.97,
      0.9,
      0.83,
      0.7625,
      0.6925,
      0.6225,
      0.5525,
      0.485,
      0.415,
      0.345,
      0.2775,
      0.2075,
      0.1375,
      0.0675,
      0
    ],
    "SoftwareVersions": "syngo_MR_E11",
    "TaskName": "prodLn",
    "TotalReadoutTime": 0.0333901,
    "dataset": "ds003545",
    "modality": "bold",
    "run_id": 2,
    "session_id": "02",
    "subject_id": "17",
    "task_id": "prodLn"
  },
  "dummy_trs": 0,
  "dvars_nstd": 33.95888299371901,
  "dvars_std": 1.10257181409091,
  "dvars_vstd": 0.994092354958678,
  "efc": 0.5498233808227921,
  "fber": 584.8673706054688,
  "fd_mean": 0.4034582535630955,
  "fd_num": 131,
  "fd_perc": 53.90946502057613,
  "fwhm_avg": 2.905701863716159,
  "fwhm_x": 2.75991,
  "fwhm_y": 3.0777533333333333,
  "fwhm_z": 2.879442257815144,
  "gcor": 0.0450542,
  "gsr_x": 0.0034646308049559593,
  "gsr_y": 0.060274507850408554,
  "provenance": {
    "md5sum": "42e49380a97720c57a43ee9d5fbd2af4",
    "settings": {
      "fd_thres": 0.2,
      "testing": false
    },
    "software": "mriqc",
    "version": "22.0.6",
    "webapi_port": null,
    "webapi_url": "https://mriqc.nimh.nih.gov/api/v1"
  },
  "size_t": 243,
  "size_x": 64,
  "size_y": 64,
  "size_z": 43,
  "snr": 2.5118173595239885,
  "spacing_tr": 3.0,
  "spacing_x": 3.0,
  "spacing_y": 3.0,
  "spacing_z": 3.3000001907348633,
  "summary_bg_k": 21.202376137700682,
  "summary_bg_mad": 13.038358316983867,
  "summary_bg_mean": 99.5135498046875,
  "summary_bg_median": 39.97942352294922,
  "summary_bg_n": 104097.0,
  "summary_bg_p05": 29.827159881591797,
  "summary_bg_p95": 381.5415405273434,
  "summary_bg_stdv": 149.3942413330078,
  "summary_fg_k": 1.48782076739053,
  "summary_fg_mad": 390.9493734162539,
  "summary_fg_mean": 1069.9906005859375,
  "summary_fg_median": 1003.0575561523438,
  "summary_fg_n": 33735.0,
  "summary_fg_p05": 549.9674743652344,
  "summary_fg_p95": 1800.448486328125,
  "summary_fg_stdv": 399.3294677734375,
  "tsnr": 41.52366317436099
}