{
  "bids_meta": {
    "AccelFactPE": 2,
    "AcquisitionNumber": 1,
    "AcquisitionTime": "09:41:57.657500",
    "BodyPartExamined": "BRAIN",
    "ConversionSoftware": "dcm2niix",
    "ConversionSoftwareVersion": "v1.0.20170724 GCC4.4.7",
    "DeviceSerialNumber": "167004",
    "EchoTime": 0.00297,
    "FlipAngle": 7,
    "ImageType": [
      "ORIGINAL",
      "PRIMARY",
      "M",
      "ND"
    ],
    "InstitutionAddress": "Mikeletegi_69_San_Sebastian_District_ES_20009",
    "InstitutionName": "BCBL",
    "InversionTime": 1.1,
    "MagneticFieldStrength": 3,
    "Manufacturer": "Siemens",
    "ManufacturersModelName": "Prisma_fit",
    "PhaseEncodingDirection": "i-",
    "PhaseEncodingLines": 256,
    "ProcedureStepDescription": "CRANEO_FUNCIONAL",
    "ProtocolName": "t1_mpr_tra_p2_iso",
    "RepetitionTime": 2.53,
    "ScanningSequence": "GR_IR",
    "SequenceName": "_tfl3d1_16",
    "SequenceVariant": "SK_SP_MP_OSP",
    "SeriesDescription": "t1_mpr_tra_p2_iso",
    "SoftwareVersions": "syngo_MR_E11",
    "dataset": "ds003545",
    "modality": "T1w",
    "session_id": "02",
    "subject_id": "19"
  },
  "cjv": 0.39617361279456387,
  "cnr": 3.0808504189333554,
  "efc": 0.5289907402051287,
  "fber": 7088.255957965847,
  "fwhm_avg": 4.291990584512232,
  "fwhm_x": 3.92785,
  "fwhm_y": 4.6246,
  "fwhm_z": 4.323521753536695,
  "icvs_csf": 0.15405567470950163,
  "icvs_gm": 0.443255273774709,
  "icvs_wm": 0.4026890515157893,
  "inu_med": 1.016457438468933,
  "inu_range": 0.8353588879108427,
  "provenance": {
    "md5sum": "252ab03a76c7b1e07b3a0359ab009498",
    "settings": {
      "testing": false
    },
    "software": "mriqc",
    "version": "22.0.6",
    "warnings": {
      "large_rot_frame": true,
      "small_air_mask": false
    },
    "webapi_port": null,
    "webapi_url": "https://mriqc.nimh.nih.gov/api/v1"
  },
  "qi_1": 0.0,
  "qi_2": 0.0028165131315884802,
  "rpve_csf": 32.70844968780396,
  "rpve_gm": 12.584718821534361,
  "rpve_wm": 15.451311291564767,
  "size_x": 256,
  "size_y": 256,
  "size_z": 176,
  "snr_csf": 1.9527855617432954,
  "snr_gm": 12.685430687819673,
  "snr_total": 9.922894763781331,
  "snr_wm": 15.130468041781027,
  "snrd_csf": 14.87266119757992,
  "snrd_gm": 39.50153762454669,
  "snrd_total": 36.226849833275445,
  "snrd_wm": 54.30635067769971,
  "spacing_x": 1.0,
  "spacing_y": 1.0,
  "spacing_z": 1.0000019073486328,
  "summary_bg_k": 702.8959553011526,
  "summary_bg_mad": 12.064489671257897,
  "summary_bg_mean": 9.757641679155396,
  "summary_bg_median": 8.137374624609947,
  "summary_bg_n": 2250027.0,
  "summary_bg_p05": 0.0,
  "summary_bg_p95": 34.02319626510143,
  "summary_bg_stdv": 13.196674497650456,
  "summary_csf_k": 0.8757487687039789,
  "summary_csf_mad": 136.74671560453342,
  "summary_csf_mean": 289.98762567228175,
  "summary_csf_median": 273.88352624326944,
  "summary_csf_n": 11694.0,
  "summary_csf_p05": 79.53482772856951,
  "summary_csf_p95": 537.2172986917197,
  "summary_csf_stdv": 140.24674338480312,
  "summary_gm_k": 0.0956835025122511,
  "summary_gm_mad": 56.617605071415014,
  "summary_gm_mean": 727.4258800291844,
  "summary_gm_median": 727.4300323873758,
  "summary_gm_n": 37188.0,
  "summary_gm_p05": 633.1774491369724,
  "summary_gm_p95": 821.5544680058956,
  "summary_gm_stdv": 57.34296846379199,
  "summary_wm_k": 2.0407483614101034,
  "summary_wm_mad": 51.39282607992538,
  "summary_wm_mean": 1011.9559904949206,
  "summary_wm_median": 1000.06411921978,
  "summary_wm_n": 197513.0,
  "summary_wm_p05": 927.2121904939413,
  "summary_wm_p95": 1145.6013847500083,
  "summary_wm_stdv": 66.09587917662327,
  "tpm_overlap_csf": 0.1246980024666766,
  "tpm_overlap_gm": 0.4487270199208743,
  "tpm_overlap_wm": 0.467351665705278,
  "wm2max": 0.32577863844544935
}