{
  "aor": 0.018421612903225807,
  "aqi": 0.008318871182795699,
  "bids_meta": {
    "AcquisitionNumber": 1,
    "AcquisitionTime": "16:50:31.837500",
    "BandwidthPerPixelPhaseEncode": 28.409,
    "ConversionSoftware": "dcm2niix",
    "ConversionSoftwareVersion": "v1.0.20170724 GCC4.4.7",
    "DeviceSerialNumber": "35414",
    "EchoTime": 0.03,
    "EffectiveEchoSpacing": 0.000550002,
    "FlipAngle": 80,
    "ImageType": [
      "ORIGINAL",
      "PRIMARY",
      "FMRI",
      "NONE",
      "ND",
      "MOSAIC"
    ],
    "InstitutionAddress": "Mikeletegi_69_San_Sebastian_District_ES_20009",
    "InstitutionName": "BCBL",
    "MagneticFieldStrength": 3,
    "Manufacturer": "Siemens",
    "ManufacturersModelName": "TrioTim",
    "PhaseEncodingDirection": "j-",
    "PhaseEncodingLines": 64,
    "ProcedureStepDescription": "CRANEO_FUNCIONAL",
    "ProtocolName": "ep2d_PiN_L3_Run2",
    "RepetitionTime": 2,
    "ScanningSequence": "EP",
    "SequenceName": "_epfid2d1_64",
    "SequenceVariant": "SK",
    "SeriesDescription": "ep2d_PiN_L3_Run2",
    "SliceTiming": [
      1.925,
      1.8625,
      1.8,
      1.74,
      1.6775,
      1.615,
      1.5525,
      1.49,
      1.4275,
      1.365,
      1.305,
      1.2425,
      1.18,
      1.1175,
      1.055,
      0.9925,
      0.9325,
      0.87,
      0.8075,
      0.745,
      0.6825,
      0.62,
      0.56,
      0.4975,
      0.435,
      0.3725,
      0.31,
      0.2475,
      0.185,
      0.125,
      0.0625,
      0
    ],
    "SoftwareVersions": "syngo_MR_B17",
    "TaskName": "compLn",
    "TotalReadoutTime": 0.0346501,
    "dataset": "ds003545",
    "modality": "bold",
    "run_id": 2,
    "session_id": "01",
    "subject_id": "09",
    "task_id": "compLn"
  },
  "dummy_trs": 0,
  "dvars_nstd": 34.16784686518921,
  "dvars_std": 1.2660977742162154,
  "dvars_vstd": 1.0313715491891893,
  "efc": 0.49059974620209673,
  "fber": 1226.806640625,
  "fd_mean": 0.5114134494240734,
  "fd_num": 103,
  "fd_perc": 55.376344086021504,
  "fwhm_avg": 3.0637321212121216,
  "fwhm_x": 2.983767272727273,
  "fwhm_y": 3.316829090909091,
  "fwhm_z": 2.8906,
  "gcor": 0.0274588,
  "gsr_x": -0.021037932485342026,
  "gsr_y": 0.060330573469400406,
  "provenance": {
    "md5sum": "ce9438665d0bcd0ca85676e826eaa40c",
    "settings": {
      "fd_thres": 0.2,
      "testing": false
    },
    "software": "mriqc",
    "version": "22.0.6",
    "webapi_port": null,
    "webapi_url": "https://mriqc.nimh.nih.gov/api/v1"
  },
  "size_t": 186,
  "size_x": 64,
  "size_y": 64,
  "size_z": 32,
  "snr": 2.499454193074083,
  "spacing_tr": 2.0,
  "spacing_x": 3.4375,
  "spacing_y": 3.4375,
  "spacing_z": 4.0,
  "summary_bg_k": 43.51637541748738,
  "summary_bg_mad": 6.663739718167371,
  "summary_bg_mean": 37.437557220458984,
  "summary_bg_median": 18.204301834106445,
  "summary_bg_n": 79683.0,
  "summary_bg_p05": 13.258064270019531,
  "summary_bg_p95": 130.3059188842773,
  "summary_bg_stdv": 56.95622634887695,
  "summary_fg_k": 3.5161258158277944,
  "summary_fg_mad": 203.01289190278524,
  "summary_fg_mean": 704.4385375976562,
  "summary_fg_median": 647.6666870117188,
  "summary_fg_n": 21933.0,
  "summary_fg_p05": 407.4182861328125,
  "summary_fg_p95": 1221.3440429687498,
  "summary_fg_stdv": 259.1173400878906,
  "tsnr": 42.273260552901775
}