{
  "aor": 0.008413127572016461,
  "aqi": 0.013155787283950617,
  "bids_meta": {
    "AcquisitionNumber": 1,
    "AcquisitionTime": "17:14:44.830000",
    "BandwidthPerPixelPhaseEncode": 29.481,
    "ConversionSoftware": "dcm2niix",
    "ConversionSoftwareVersion": "v1.0.20170724 GCC4.4.7",
    "DeviceSerialNumber": "35414",
    "EchoTime": 0.025,
    "EffectiveEchoSpacing": 0.000530002,
    "FlipAngle": 90,
    "ImageType": [
      "ORIGINAL",
      "PRIMARY",
      "M",
      "ND",
      "MOSAIC"
    ],
    "InstitutionAddress": "Mikeletegi_69_San_Sebastian_District_ES_20009",
    "InstitutionName": "BCBL",
    "MagneticFieldStrength": 3,
    "Manufacturer": "Siemens",
    "ManufacturersModelName": "TrioTim",
    "PhaseEncodingDirection": "j-",
    "PhaseEncodingLines": 64,
    "ProcedureStepDescription": "CRANEO_FUNCIONAL",
    "ProtocolName": "ep2d_VF_L3_Run2",
    "RepetitionTime": 3,
    "ScanningSequence": "EP",
    "SequenceName": "_epfid2d1_64",
    "SequenceVariant": "SK",
    "SeriesDescription": "ep2d_VF_L3_Run2",
    "SliceTiming": [
      2.9225,
      2.8525,
      2.7825,
      2.7125,
      2.645,
      2.575,
      2.505,
      2.435,
      2.365,
      2.295,
      2.2275,
      2.1575,
      2.0875,
      2.0175,
      1.9475,
      1.8775,
      1.81,
      1.74,
      1.67,
      1.6,
      1.53,
      1.4625,
      1.3925,
      1.3225,
      1.2525,
      1.1825,
      1.1125,
      1.045,
      0.975,
      0.905,
      0.835,
      0.765,
      0.695,
      0.6275,
      0.5575,
      0.4875,
      0.4175,
      0.3475,
      0.2775,
      0.21,
      0.14,
      0.07,
      0
    ],
    "SoftwareVersions": "syngo_MR_B17",
    "TaskName": "prodLn",
    "TotalReadoutTime": 0.0333901,
    "dataset": "ds003545",
    "modality": "bold",
    "run_id": 2,
    "session_id": "01",
    "subject_id": "09",
    "task_id": "prodLn"
  },
  "dummy_trs": 0,
  "dvars_nstd": 49.94656855611572,
  "dvars_std": 1.1801781007851246,
  "dvars_vstd": 0.9729541325206617,
  "efc": 0.5652371370052705,
  "fber": 438.02587890625,
  "fd_mean": 0.6613671585690863,
  "fd_num": 183,
  "fd_perc": 75.30864197530865,
  "fwhm_avg": 3.248133449437002,
  "fwhm_x": 3.20447,
  "fwhm_y": 3.4062333333333332,
  "fwhm_z": 3.133697014977672,
  "gcor": 0.034032,
  "gsr_x": -0.019626867026090622,
  "gsr_y": 0.10089443624019623,
  "provenance": {
    "md5sum": "26a8f13b212fb1f260263d7e66d96dbc",
    "settings": {
      "fd_thres": 0.2,
      "testing": false
    },
    "software": "mriqc",
    "version": "22.0.6",
    "webapi_port": null,
    "webapi_url": "https://mriqc.nimh.nih.gov/api/v1"
  },
  "size_t": 243,
  "size_x": 64,
  "size_y": 64,
  "size_z": 43,
  "snr": 2.2633014509747538,
  "spacing_tr": 3.0,
  "spacing_x": 3.0,
  "spacing_y": 3.0,
  "spacing_z": 3.299999952316284,
  "summary_bg_k": 20.809012737491482,
  "summary_bg_mad": 16.064573387204792,
  "summary_bg_mean": 80.58251953125,
  "summary_bg_median": 37.76954650878906,
  "summary_bg_n": 98629.0,
  "summary_bg_p05": 25.70781898498535,
  "summary_bg_p95": 291.6353881835936,
  "summary_bg_stdv": 104.83333587646484,
  "summary_fg_k": 4.091876267416728,
  "summary_fg_mad": 277.68585748558576,
  "summary_fg_mean": 891.5294799804688,
  "summary_fg_median": 811.9917602539062,
  "summary_fg_n": 38027.0,
  "summary_fg_p05": 490.49134521484376,
  "summary_fg_p95": 1607.7320556640623,
  "summary_fg_stdv": 358.75958251953125,
  "tsnr": 29.72756943758577
}