{
  "aor": 0.007681297297297296,
  "aqi": 0.005151584702702703,
  "bids_meta": {
    "AcquisitionNumber": 1,
    "AcquisitionTime": "13:45:46.382500",
    "BandwidthPerPixelPhaseEncode": 28.409,
    "ConversionSoftware": "dcm2niix",
    "ConversionSoftwareVersion": "v1.0.20170724 GCC4.4.7",
    "DeviceSerialNumber": "35414",
    "EchoTime": 0.03,
    "EffectiveEchoSpacing": 0.000550002,
    "FlipAngle": 80,
    "ImageType": [
      "ORIGINAL",
      "PRIMARY",
      "FMRI",
      "NONE",
      "ND",
      "MOSAIC"
    ],
    "InstitutionAddress": "Mikeletegi_69_San_Sebastian_District_ES_20009",
    "InstitutionName": "BCBL",
    "MagneticFieldStrength": 3,
    "Manufacturer": "Siemens",
    "ManufacturersModelName": "TrioTim",
    "PhaseEncodingDirection": "j-",
    "PhaseEncodingLines": 64,
    "ProcedureStepDescription": "CRANEO_FUNCIONAL",
    "ProtocolName": "ep2d_PiN_L1_Run2",
    "RepetitionTime": 2,
    "ScanningSequence": "EP",
    "SequenceName": "_epfid2d1_64",
    "SequenceVariant": "SK",
    "SeriesDescription": "ep2d_PiN_L1_Run2",
    "SliceTiming": [
      1.925,
      1.8625,
      1.8,
      1.74,
      1.6775,
      1.615,
      1.5525,
      1.49,
      1.4275,
      1.365,
      1.305,
      1.2425,
      1.18,
      1.1175,
      1.055,
      0.9925,
      0.9325,
      0.87,
      0.8075,
      0.745,
      0.6825,
      0.62,
      0.56,
      0.4975,
      0.435,
      0.3725,
      0.31,
      0.2475,
      0.185,
      0.125,
      0.0625,
      0
    ],
    "SoftwareVersions": "syngo_MR_B17",
    "TaskName": "compL1",
    "TotalReadoutTime": 0.0346501,
    "dataset": "ds003545",
    "modality": "bold",
    "run_id": 2,
    "session_id": "01",
    "subject_id": "09",
    "task_id": "compL1"
  },
  "dummy_trs": 1,
  "dvars_nstd": 29.953657606521716,
  "dvars_std": 1.335585389293478,
  "dvars_vstd": 1.0563862824456516,
  "efc": 0.4992030454790789,
  "fber": 1125.4591064453125,
  "fd_mean": 0.24030290026937776,
  "fd_num": 94,
  "fd_perc": 50.810810810810814,
  "fwhm_avg": 2.85072103030303,
  "fwhm_x": 2.808762181818182,
  "fwhm_y": 2.9948509090909092,
  "fwhm_z": 2.74855,
  "gcor": 0.02185,
  "gsr_x": -0.02126709371805191,
  "gsr_y": 0.0692262053489685,
  "provenance": {
    "md5sum": "0425651f0f7d4202eecc512d735263f4",
    "settings": {
      "fd_thres": 0.2,
      "testing": false
    },
    "software": "mriqc",
    "version": "22.0.6",
    "webapi_port": null,
    "webapi_url": "https://mriqc.nimh.nih.gov/api/v1"
  },
  "size_t": 185,
  "size_x": 64,
  "size_y": 64,
  "size_z": 32,
  "snr": 2.7661860478942217,
  "spacing_tr": 2.0,
  "spacing_x": 3.4375,
  "spacing_y": 3.4375,
  "spacing_z": 4.0,
  "summary_bg_k": 74.9114713627449,
  "summary_bg_mad": 6.715787514669875,
  "summary_bg_mean": 39.24388122558594,
  "summary_bg_median": 18.572973251342773,
  "summary_bg_n": 79459.0,
  "summary_bg_p05": 13.524324417114258,
  "summary_bg_p95": 137.3356842041015,
  "summary_bg_stdv": 64.7826919555664,
  "summary_fg_k": 2.5597176085840134,
  "summary_fg_mad": 184.68817642700708,
  "summary_fg_mean": 681.989990234375,
  "summary_fg_median": 634.7891845703125,
  "summary_fg_n": 21718.0,
  "summary_fg_p05": 408.6213684082031,
  "summary_fg_p95": 1140.1138183593746,
  "summary_fg_stdv": 229.47645568847656,
  "tsnr": 59.460362792015076
}