{
  "aor": 0.008870493827160495,
  "aqi": 0.011425529794238684,
  "bids_meta": {
    "AcquisitionNumber": 1,
    "AcquisitionTime": "13:56:49.025000",
    "BandwidthPerPixelPhaseEncode": 29.481,
    "ConversionSoftware": "dcm2niix",
    "ConversionSoftwareVersion": "v1.0.20170724 GCC4.4.7",
    "DeviceSerialNumber": "35414",
    "EchoTime": 0.025,
    "EffectiveEchoSpacing": 0.000530002,
    "FlipAngle": 90,
    "ImageType": [
      "ORIGINAL",
      "PRIMARY",
      "M",
      "ND",
      "MOSAIC"
    ],
    "InstitutionAddress": "Mikeletegi_69_San_Sebastian_District_ES_20009",
    "InstitutionName": "BCBL",
    "MagneticFieldStrength": 3,
    "Manufacturer": "Siemens",
    "ManufacturersModelName": "TrioTim",
    "PhaseEncodingDirection": "j-",
    "PhaseEncodingLines": 64,
    "ProcedureStepDescription": "CRANEO_FUNCIONAL",
    "ProtocolName": "ep2d_VF_L1_Run1",
    "RepetitionTime": 3,
    "ScanningSequence": "EP",
    "SequenceName": "_epfid2d1_64",
    "SequenceVariant": "SK",
    "SeriesDescription": "ep2d_VF_L1_Run1",
    "SliceTiming": [
      2.92,
      2.8525,
      2.7825,
      2.7125,
      2.6425,
      2.5725,
      2.5025,
      2.435,
      2.365,
      2.295,
      2.225,
      2.155,
      2.085,
      2.0175,
      1.9475,
      1.8775,
      1.8075,
      1.7375,
      1.6675,
      1.6,
      1.53,
      1.46,
      1.39,
      1.32,
      1.2525,
      1.1825,
      1.1125,
      1.0425,
      0.9725,
      0.9025,
      0.835,
      0.765,
      0.695,
      0.625,
      0.555,
      0.485,
      0.4175,
      0.3475,
      0.2775,
      0.2075,
      0.1375,
      0.0675,
      0
    ],
    "SoftwareVersions": "syngo_MR_B17",
    "TaskName": "prodL1",
    "TotalReadoutTime": 0.0333901,
    "dataset": "ds003545",
    "modality": "bold",
    "run_id": 1,
    "session_id": "01",
    "subject_id": "09",
    "task_id": "prodL1"
  },
  "dummy_trs": 0,
  "dvars_nstd": 42.603367695330576,
  "dvars_std": 1.2014582076033056,
  "dvars_vstd": 0.9995718259090905,
  "efc": 0.5756225890440074,
  "fber": 439.1688537597656,
  "fd_mean": 0.5018213632597998,
  "fd_num": 156,
  "fd_perc": 64.19753086419753,
  "fwhm_avg": 2.8983554682692283,
  "fwhm_x": 2.8308166666666668,
  "fwhm_y": 3.014946666666667,
  "fwhm_z": 2.849303071474351,
  "gcor": 0.0179807,
  "gsr_x": -0.014356276951730251,
  "gsr_y": 0.1036452203989029,
  "provenance": {
    "md5sum": "d5fd1b1aa80f9ce4f753f7016ef3cca4",
    "settings": {
      "fd_thres": 0.2,
      "testing": false
    },
    "software": "mriqc",
    "version": "22.0.6",
    "webapi_port": null,
    "webapi_url": "https://mriqc.nimh.nih.gov/api/v1"
  },
  "size_t": 243,
  "size_x": 64,
  "size_y": 64,
  "size_z": 43,
  "snr": 2.7239254513851665,
  "spacing_tr": 3.0,
  "spacing_x": 3.0,
  "spacing_y": 3.0,
  "spacing_z": 3.299999952316284,
  "summary_bg_k": 39.16491202863617,
  "summary_bg_mad": 12.568563715992099,
  "summary_bg_mean": 78.15467834472656,
  "summary_bg_median": 36.37448501586914,
  "summary_bg_n": 99112.0,
  "summary_bg_p05": 26.720163345336914,
  "summary_bg_p95": 273.7481384277343,
  "summary_bg_stdv": 113.3442611694336,
  "summary_fg_k": 2.6072326832646002,
  "summary_fg_mad": 236.42623403371846,
  "summary_fg_mean": 836.1823120117188,
  "summary_fg_median": 778.5061645507812,
  "summary_fg_n": 37796.0,
  "summary_fg_p05": 492.2335205078125,
  "summary_fg_p95": 1402.3147277832031,
  "summary_fg_stdv": 285.79925537109375,
  "tsnr": 36.04436834156513
}