{
  "aor": 0.005093292181069959,
  "aqi": 0.0061764728395061735,
  "bids_meta": {
    "AcquisitionNumber": 1,
    "AcquisitionTime": "10:38:50.207500",
    "BandwidthPerPixelPhaseEncode": 29.481,
    "BodyPartExamined": "BRAIN",
    "ConversionSoftware": "dcm2niix",
    "ConversionSoftwareVersion": "v1.0.20170724 GCC4.4.7",
    "DeviceSerialNumber": "167004",
    "EchoTime": 0.025,
    "EchoTrainLength": 64,
    "EffectiveEchoSpacing": 0.000530002,
    "FlipAngle": 90,
    "ImageType": [
      "ORIGINAL",
      "PRIMARY",
      "M",
      "ND",
      "MOSAIC"
    ],
    "InstitutionAddress": "Mikeletegi_69_San_Sebastian_District_ES_20009",
    "InstitutionName": "BCBL",
    "MagneticFieldStrength": 3,
    "Manufacturer": "Siemens",
    "ManufacturersModelName": "Prisma_fit",
    "PhaseEncodingDirection": "j-",
    "PhaseEncodingLines": 64,
    "ProcedureStepDescription": "CRANEO_FUNCIONAL",
    "ProtocolName": "ep2d_VF_L1_Run2",
    "RepetitionTime": 3,
    "ScanningSequence": "EP",
    "SequenceName": "_epfid2d1_64",
    "SequenceVariant": "SK",
    "SeriesDescription": "ep2d_VF_L1_Run2",
    "SliceTiming": [
      2.91,
      2.84,
      2.77,
      2.7025,
      2.6325,
      2.5625,
      2.495,
      2.425,
      2.355,
      2.285,
      2.2175,
      2.1475,
      2.0775,
      2.0075,
      1.94,
      1.87,
      1.8,
      1.7325,
      1.6625,
      1.5925,
      1.5225,
      1.455,
      1.385,
      1.315,
      1.2475,
      1.1775,
      1.1075,
      1.0375,
      0.97,
      0.9,
      0.83,
      0.7625,
      0.6925,
      0.6225,
      0.5525,
      0.485,
      0.415,
      0.345,
      0.275,
      0.2075,
      0.1375,
      0.0675,
      0
    ],
    "SoftwareVersions": "syngo_MR_E11",
    "TaskName": "prodL1",
    "TotalReadoutTime": 0.0333901,
    "dataset": "ds003545",
    "modality": "bold",
    "run_id": 2,
    "session_id": "01",
    "subject_id": "17",
    "task_id": "prodL1"
  },
  "dummy_trs": 0,
  "dvars_nstd": 36.16955874603305,
  "dvars_std": 1.298939844008265,
  "dvars_vstd": 1.028387510950414,
  "efc": 0.546926974378674,
  "fber": 664.1503295898438,
  "fd_mean": 0.40589982357344856,
  "fd_num": 186,
  "fd_perc": 76.54320987654322,
  "fwhm_avg": 2.8130653674545325,
  "fwhm_x": 2.6344566666666664,
  "fwhm_y": 2.9148666666666667,
  "fwhm_z": 2.8898727690302644,
  "gcor": 0.0325323,
  "gsr_x": 0.0016574348555877805,
  "gsr_y": 0.054171450436115265,
  "provenance": {
    "md5sum": "639268132a4e539298b1c1ca315dc74a",
    "settings": {
      "fd_thres": 0.2,
      "testing": false
    },
    "software": "mriqc",
    "version": "22.0.6",
    "webapi_port": null,
    "webapi_url": "https://mriqc.nimh.nih.gov/api/v1"
  },
  "size_t": 243,
  "size_x": 64,
  "size_y": 64,
  "size_z": 43,
  "snr": 2.7394020194888244,
  "spacing_tr": 3.0,
  "spacing_x": 3.0,
  "spacing_y": 3.0,
  "spacing_z": 3.299999952316284,
  "summary_bg_k": 24.059094859544196,
  "summary_bg_mad": 9.957232262954536,
  "summary_bg_mean": 91.0711441040039,
  "summary_bg_median": 38.0,
  "summary_bg_n": 104422.0,
  "summary_bg_p05": 30.905349731445312,
  "summary_bg_p95": 341.8057601928708,
  "summary_bg_stdv": 138.27642822265625,
  "summary_fg_k": 1.239848348894693,
  "summary_fg_mad": 356.00755020177706,
  "summary_fg_mean": 1068.79345703125,
  "summary_fg_median": 1011.812744140625,
  "summary_fg_n": 33152.0,
  "summary_fg_p05": 579.5413360595703,
  "summary_fg_p95": 1753.8880310058576,
  "summary_fg_stdv": 369.3497619628906,
  "tsnr": 56.21638720296323
}