{
  "aor": 0.002510828729281768,
  "aqi": 0.002088912270718232,
  "bids_meta": {
    "AcquisitionNumber": 1,
    "AcquisitionTime": "15:03:46.147500",
    "BandwidthPerPixelPhaseEncode": 28.409,
    "ConversionSoftware": "dcm2niix",
    "ConversionSoftwareVersion": "v1.0.20170724 GCC4.4.7",
    "DeviceSerialNumber": "35414",
    "EchoTime": 0.03,
    "EffectiveEchoSpacing": 0.000550002,
    "FlipAngle": 80,
    "ImageType": [
      "ORIGINAL",
      "PRIMARY",
      "FMRI",
      "NONE",
      "ND",
      "MOSAIC"
    ],
    "InstitutionAddress": "Mikeletegi_69_San_Sebastian_District_ES_20009",
    "InstitutionName": "BCBL",
    "MagneticFieldStrength": 3,
    "Manufacturer": "Siemens",
    "ManufacturersModelName": "TrioTim",
    "PhaseEncodingDirection": "j-",
    "PhaseEncodingLines": 64,
    "ProcedureStepDescription": "CRANEO_FUNCIONAL",
    "ProtocolName": "ep2d_PiN_L3_Run2",
    "RepetitionTime": 2,
    "ScanningSequence": "EP",
    "SequenceName": "_epfid2d1_64",
    "SequenceVariant": "SK",
    "SeriesDescription": "ep2d_PiN_L3_Run2",
    "SliceTiming": [
      1.925,
      1.865,
      1.8025,
      1.74,
      1.6775,
      1.615,
      1.5525,
      1.49,
      1.43,
      1.3675,
      1.305,
      1.2425,
      1.18,
      1.1175,
      1.0575,
      0.995,
      0.9325,
      0.87,
      0.8075,
      0.745,
      0.685,
      0.6225,
      0.56,
      0.4975,
      0.435,
      0.3725,
      0.31,
      0.25,
      0.1875,
      0.125,
      0.0625,
      0
    ],
    "SoftwareVersions": "syngo_MR_B17",
    "TaskName": "compLn",
    "TotalReadoutTime": 0.0346501,
    "dataset": "ds003545",
    "modality": "bold",
    "run_id": 2,
    "session_id": "02",
    "subject_id": "02",
    "task_id": "compLn"
  },
  "dummy_trs": 5,
  "dvars_nstd": 21.48895279561111,
  "dvars_std": 1.3481822889999995,
  "dvars_vstd": 1.014010525666666,
  "efc": 0.4728903685790129,
  "fber": 1258.5560302734375,
  "fd_mean": 0.10776224119375029,
  "fd_num": 9,
  "fd_perc": 4.972375690607735,
  "fwhm_avg": 2.46953403030303,
  "fwhm_x": 2.3914676363636365,
  "fwhm_y": 2.617809454545455,
  "fwhm_z": 2.399325,
  "gcor": 0.0338361,
  "gsr_x": -0.011838167905807495,
  "gsr_y": 0.03183265030384064,
  "provenance": {
    "md5sum": "175cc6851ced6217d08dec3e7a5ba9e6",
    "settings": {
      "fd_thres": 0.2,
      "testing": false
    },
    "software": "mriqc",
    "version": "22.0.6",
    "webapi_port": null,
    "webapi_url": "https://mriqc.nimh.nih.gov/api/v1"
  },
  "size_t": 181,
  "size_x": 64,
  "size_y": 64,
  "size_z": 32,
  "snr": 3.6005014620939746,
  "spacing_tr": 2.0,
  "spacing_x": 3.4375,
  "spacing_y": 3.4375,
  "spacing_z": 4.0,
  "summary_bg_k": 47.62279440545036,
  "summary_bg_mad": 3.301044289676461,
  "summary_bg_mean": 28.630084991455078,
  "summary_bg_median": 16.15469741821289,
  "summary_bg_n": 84072.0,
  "summary_bg_p05": 13.668508529663086,
  "summary_bg_p95": 87.70718383789062,
  "summary_bg_stdv": 40.22171401977539,
  "summary_fg_k": 1.4769676491600006,
  "summary_fg_mad": 138.53320115835749,
  "summary_fg_mean": 603.8978271484375,
  "summary_fg_median": 576.674072265625,
  "summary_fg_n": 18678.0,
  "summary_fg_p05": 394.8845504760742,
  "summary_fg_p95": 914.7273803710937,
  "summary_fg_stdv": 160.16064453125,
  "tsnr": 94.23408286646008
}