{
  "aor": 0.006922592592592594,
  "aqi": 0.009642193374485597,
  "bids_meta": {
    "AcquisitionNumber": 1,
    "AcquisitionTime": "16:46:7.515000",
    "BandwidthPerPixelPhaseEncode": 29.481,
    "ConversionSoftware": "dcm2niix",
    "ConversionSoftwareVersion": "v1.0.20170724 GCC4.4.7",
    "DeviceSerialNumber": "35414",
    "EchoTime": 0.025,
    "EffectiveEchoSpacing": 0.000530002,
    "FlipAngle": 90,
    "ImageType": [
      "ORIGINAL",
      "PRIMARY",
      "M",
      "ND",
      "MOSAIC"
    ],
    "InstitutionAddress": "Mikeletegi_69_San_Sebastian_District_ES_20009",
    "InstitutionName": "BCBL",
    "MagneticFieldStrength": 3,
    "Manufacturer": "Siemens",
    "ManufacturersModelName": "TrioTim",
    "PhaseEncodingDirection": "j-",
    "PhaseEncodingLines": 64,
    "ProcedureStepDescription": "CRANEO_FUNCIONAL",
    "ProtocolName": "ep2d_VF_L1_Run2",
    "RepetitionTime": 3,
    "ScanningSequence": "EP",
    "SequenceName": "_epfid2d1_64",
    "SequenceVariant": "SK",
    "SeriesDescription": "ep2d_VF_L1_Run2",
    "SliceTiming": [
      2.9225,
      2.8525,
      2.7825,
      2.7125,
      2.645,
      2.575,
      2.505,
      2.435,
      2.365,
      2.295,
      2.2275,
      2.1575,
      2.0875,
      2.0175,
      1.9475,
      1.8775,
      1.81,
      1.74,
      1.67,
      1.6,
      1.53,
      1.46,
      1.3925,
      1.3225,
      1.2525,
      1.1825,
      1.1125,
      1.045,
      0.975,
      0.905,
      0.835,
      0.765,
      0.695,
      0.6275,
      0.5575,
      0.4875,
      0.4175,
      0.3475,
      0.2775,
      0.21,
      0.14,
      0.07,
      0
    ],
    "SoftwareVersions": "syngo_MR_B17",
    "TaskName": "prodL1",
    "TotalReadoutTime": 0.0333901,
    "dataset": "ds003545",
    "modality": "bold",
    "run_id": 2,
    "session_id": "02",
    "subject_id": "02",
    "task_id": "prodL1"
  },
  "dummy_trs": 0,
  "dvars_nstd": 37.83500285966945,
  "dvars_std": 1.1776867806611566,
  "dvars_vstd": 0.9846539003719005,
  "efc": 0.5358038874696657,
  "fber": 601.8637084960938,
  "fd_mean": 0.4312919218485393,
  "fd_num": 166,
  "fd_perc": 68.3127572016461,
  "fwhm_avg": 2.6937370836530614,
  "fwhm_x": 2.5080966666666664,
  "fwhm_y": 2.8852933333333333,
  "fwhm_z": 2.6878212509591832,
  "gcor": 0.0300545,
  "gsr_x": -0.0005676012369804084,
  "gsr_y": 0.070681132376194,
  "provenance": {
    "md5sum": "e7bca9a9a0ade7600f296bdb2a27e2d1",
    "settings": {
      "fd_thres": 0.2,
      "testing": false
    },
    "software": "mriqc",
    "version": "22.0.6",
    "webapi_port": null,
    "webapi_url": "https://mriqc.nimh.nih.gov/api/v1"
  },
  "size_t": 243,
  "size_x": 64,
  "size_y": 64,
  "size_z": 43,
  "snr": 3.184792385296643,
  "spacing_tr": 3.0,
  "spacing_x": 3.0,
  "spacing_y": 3.0,
  "spacing_z": 3.299999952316284,
  "summary_bg_k": 31.69578290583143,
  "summary_bg_mad": 5.948713477904981,
  "summary_bg_mean": 54.03079605102539,
  "summary_bg_median": 28.55143928527832,
  "summary_bg_n": 107514.0,
  "summary_bg_p05": 23.901233673095703,
  "summary_bg_p95": 183.1248954772949,
  "summary_bg_stdv": 69.3879165649414,
  "summary_fg_k": 1.4546213851848053,
  "summary_fg_mad": 188.46739137772477,
  "summary_fg_mean": 750.523681640625,
  "summary_fg_median": 704.4114990234375,
  "summary_fg_n": 32161.0,
  "summary_fg_p05": 471.3744812011719,
  "summary_fg_p95": 1187.6090087890625,
  "summary_fg_stdv": 221.17628479003906,
  "tsnr": 39.42090142634697
}