{
  "aor": 0.004770604395604395,
  "aqi": 0.0033382684615384617,
  "bids_meta": {
    "AcquisitionNumber": 1,
    "AcquisitionTime": "14:56:22.680000",
    "BandwidthPerPixelPhaseEncode": 28.409,
    "ConversionSoftware": "dcm2niix",
    "ConversionSoftwareVersion": "v1.0.20170724 GCC4.4.7",
    "DeviceSerialNumber": "35414",
    "EchoTime": 0.03,
    "EffectiveEchoSpacing": 0.000550002,
    "FlipAngle": 80,
    "ImageType": [
      "ORIGINAL",
      "PRIMARY",
      "FMRI",
      "NONE",
      "ND",
      "MOSAIC"
    ],
    "InstitutionAddress": "Mikeletegi_69_San_Sebastian_District_ES_20009",
    "InstitutionName": "BCBL",
    "MagneticFieldStrength": 3,
    "Manufacturer": "Siemens",
    "ManufacturersModelName": "TrioTim",
    "PhaseEncodingDirection": "j-",
    "PhaseEncodingLines": 64,
    "ProcedureStepDescription": "CRANEO_FUNCIONAL",
    "ProtocolName": "ep2d_PiN_L3_Run1",
    "RepetitionTime": 2,
    "ScanningSequence": "EP",
    "SequenceName": "_epfid2d1_64",
    "SequenceVariant": "SK",
    "SeriesDescription": "ep2d_PiN_L3_Run1",
    "SliceTiming": [
      1.9275,
      1.865,
      1.8025,
      1.74,
      1.6775,
      1.615,
      1.555,
      1.4925,
      1.43,
      1.3675,
      1.305,
      1.2425,
      1.18,
      1.12,
      1.0575,
      0.995,
      0.9325,
      0.87,
      0.8075,
      0.7475,
      0.685,
      0.6225,
      0.56,
      0.4975,
      0.435,
      0.3725,
      0.3125,
      0.25,
      0.1875,
      0.125,
      0.0625,
      0
    ],
    "SoftwareVersions": "syngo_MR_B17",
    "TaskName": "compLn",
    "TotalReadoutTime": 0.0346501,
    "dataset": "ds003545",
    "modality": "bold",
    "run_id": 1,
    "session_id": "02",
    "subject_id": "02",
    "task_id": "compLn"
  },
  "dummy_trs": 4,
  "dvars_nstd": 21.023233655690603,
  "dvars_std": 1.2400101072928176,
  "dvars_vstd": 1.0131920656353595,
  "efc": 0.47252842831122555,
  "fber": 1277.324462890625,
  "fd_mean": 0.14110252662455852,
  "fd_num": 21,
  "fd_perc": 11.538461538461538,
  "fwhm_avg": 2.453126727272727,
  "fwhm_x": 2.407808,
  "fwhm_y": 2.6159621818181815,
  "fwhm_z": 2.33561,
  "gcor": 0.0195788,
  "gsr_x": -0.01221501175314188,
  "gsr_y": 0.03157550096511841,
  "provenance": {
    "md5sum": "77c98035ebf84d63c903b5cd8d9ae2e9",
    "settings": {
      "fd_thres": 0.2,
      "testing": false
    },
    "software": "mriqc",
    "version": "22.0.6",
    "webapi_port": null,
    "webapi_url": "https://mriqc.nimh.nih.gov/api/v1"
  },
  "size_t": 182,
  "size_x": 64,
  "size_y": 64,
  "size_z": 32,
  "snr": 3.5508488021186078,
  "spacing_tr": 2.0,
  "spacing_x": 3.4375,
  "spacing_y": 3.4375,
  "spacing_z": 4.0,
  "summary_bg_k": 47.49026108282396,
  "summary_bg_mad": 3.4621194309484116,
  "summary_bg_mean": 28.63902473449707,
  "summary_bg_median": 16.03296661376953,
  "summary_bg_n": 84089.0,
  "summary_bg_p05": 13.258241653442383,
  "summary_bg_p95": 88.37802581787095,
  "summary_bg_stdv": 40.30744552612305,
  "summary_fg_k": 1.6710750731413206,
  "summary_fg_mad": 138.81478608593528,
  "summary_fg_mean": 604.4906616210938,
  "summary_fg_median": 576.379150390625,
  "summary_fg_n": 18684.0,
  "summary_fg_p05": 393.9464416503906,
  "summary_fg_p95": 921.5917785644523,
  "summary_fg_stdv": 162.31716918945312,
  "tsnr": 79.05265552015044
}