{
  "bids_meta": {
    "AccelFactPE": 2,
    "AcquisitionNumber": 1,
    "AcquisitionTime": "11:35:48.242500",
    "BodyPartExamined": "BRAIN",
    "ConversionSoftware": "dcm2niix",
    "ConversionSoftwareVersion": "v1.0.20170724 GCC4.4.7",
    "DeviceSerialNumber": "167004",
    "EchoTime": 0.00297,
    "FlipAngle": 7,
    "ImageType": [
      "ORIGINAL",
      "PRIMARY",
      "M",
      "ND"
    ],
    "InstitutionAddress": "Mikeletegi_69_San_Sebastian_District_ES_20009",
    "InstitutionName": "BCBL",
    "InversionTime": 1.1,
    "MagneticFieldStrength": 3,
    "Manufacturer": "Siemens",
    "ManufacturersModelName": "Prisma_fit",
    "PhaseEncodingDirection": "i-",
    "PhaseEncodingLines": 256,
    "ProcedureStepDescription": "CRANEO_FUNCIONAL",
    "ProtocolName": "t1_mpr_tra_p2_iso",
    "RepetitionTime": 2.53,
    "ScanningSequence": "GR_IR",
    "SequenceName": "_tfl3d1_16",
    "SequenceVariant": "SK_SP_MP_OSP",
    "SeriesDescription": "t1_mpr_tra_p2_iso",
    "SoftwareVersions": "syngo_MR_E11",
    "dataset": "ds003545",
    "modality": "T1w",
    "session_id": "01",
    "subject_id": "14"
  },
  "cjv": 0.42669650542676346,
  "cnr": 2.8831809888491935,
  "efc": 0.5311348783890453,
  "fber": -1.0,
  "fwhm_avg": 4.552596666666666,
  "fwhm_x": 4.29855,
  "fwhm_y": 4.73252,
  "fwhm_z": 4.62672,
  "icvs_csf": 0.17731481915221056,
  "icvs_gm": 0.42333824267720416,
  "icvs_wm": 0.39934693817058525,
  "inu_med": 0.9663769006729126,
  "inu_range": 0.9633441567420962,
  "provenance": {
    "md5sum": "0df01078ca0124e64a02099dec20b786",
    "settings": {
      "testing": false
    },
    "software": "mriqc",
    "version": "22.0.6",
    "warnings": {
      "large_rot_frame": true,
      "small_air_mask": false
    },
    "webapi_port": null,
    "webapi_url": "https://mriqc.nimh.nih.gov/api/v1"
  },
  "qi_1": 0.0,
  "qi_2": 0.004849067983671264,
  "rpve_csf": 29.523998629900618,
  "rpve_gm": 12.959852562428958,
  "rpve_wm": 15.577515995493881,
  "size_x": 256,
  "size_y": 256,
  "size_z": 176,
  "snr_csf": 2.0319674004374644,
  "snr_gm": 12.222652939951574,
  "snr_total": 9.431963176984548,
  "snr_wm": 14.041269190564607,
  "snrd_csf": 17.13475416882249,
  "snrd_gm": 45.79497482334051,
  "snrd_total": 41.879271466020874,
  "snrd_wm": 62.708085405899624,
  "spacing_x": 1.0,
  "spacing_y": 1.0,
  "spacing_z": 1.0,
  "summary_bg_k": 5.110628662414102,
  "summary_bg_mad": 0.0,
  "summary_bg_mean": 6.702804196857661,
  "summary_bg_median": 0.0,
  "summary_bg_n": 1967068.0,
  "summary_bg_p05": 0.0,
  "summary_bg_p95": 28.753992095589638,
  "summary_bg_stdv": 10.448108804861606,
  "summary_csf_k": 1.7971111092532697,
  "summary_csf_mad": 121.13981189390098,
  "summary_csf_mean": 293.21941605705143,
  "summary_csf_median": 273.2648894190788,
  "summary_csf_n": 21290.0,
  "summary_csf_p05": 90.61246208846569,
  "summary_csf_p95": 529.7464203312992,
  "summary_csf_stdv": 134.47975179283134,
  "summary_gm_k": 0.17565769291559308,
  "summary_gm_mad": 57.64723161673158,
  "summary_gm_mean": 729.5178039051038,
  "summary_gm_median": 730.3378039598465,
  "summary_gm_n": 22294.0,
  "summary_gm_p05": 628.7335675880313,
  "summary_gm_p95": 826.1164679378271,
  "summary_gm_stdv": 59.751465387258285,
  "summary_wm_k": 1.9118035531305733,
  "summary_wm_mad": 57.445667869819935,
  "summary_wm_mean": 1013.8725620247955,
  "summary_wm_median": 1000.0679236650467,
  "summary_wm_n": 189442.0,
  "summary_wm_p05": 924.0023984760046,
  "summary_wm_p95": 1155.257909372449,
  "summary_wm_stdv": 71.22328263773096,
  "tpm_overlap_csf": 0.16666229649441985,
  "tpm_overlap_gm": 0.4754369099962223,
  "tpm_overlap_wm": 0.505001145601571,
  "wm2max": 0.3218340515827008
}