{
  "bids_meta": {
    "AccelFactPE": 2,
    "AcquisitionNumber": 1,
    "AcquisitionTime": "13:40:56.040000",
    "BodyPartExamined": "BRAIN",
    "ConversionSoftware": "dcm2niix",
    "ConversionSoftwareVersion": "v1.0.20170724 GCC4.4.7",
    "DeviceSerialNumber": "167004",
    "EchoTime": 0.00297,
    "FlipAngle": 7,
    "ImageType": [
      "ORIGINAL",
      "PRIMARY",
      "M",
      "ND"
    ],
    "InstitutionAddress": "Mikeletegi_69_San_Sebastian_District_ES_20009",
    "InstitutionName": "BCBL",
    "InversionTime": 1.1,
    "MagneticFieldStrength": 3,
    "Manufacturer": "Siemens",
    "ManufacturersModelName": "Prisma_fit",
    "PhaseEncodingDirection": "i-",
    "PhaseEncodingLines": 256,
    "ProcedureStepDescription": "CRANEO_FUNCIONAL",
    "ProtocolName": "t1_mpr_tra_p2_iso",
    "RepetitionTime": 2.53,
    "ScanningSequence": "GR_IR",
    "SequenceName": "_tfl3d1_16",
    "SequenceVariant": "SK_SP_MP_OSP",
    "SeriesDescription": "t1_mpr_tra_p2_iso",
    "SoftwareVersions": "syngo_MR_E11",
    "dataset": "ds003545",
    "modality": "T1w",
    "session_id": "02",
    "subject_id": "21"
  },
  "cjv": 0.440880117594411,
  "cnr": 2.670801932428974,
  "efc": 0.5462448639101873,
  "fber": 11843.299186390532,
  "fwhm_avg": 5.023216666666667,
  "fwhm_x": 4.74614,
  "fwhm_y": 5.43496,
  "fwhm_z": 4.88855,
  "icvs_csf": 0.15748856359841826,
  "icvs_gm": 0.42010517992303403,
  "icvs_wm": 0.4224062564785477,
  "inu_med": 1.0036674737930298,
  "inu_range": 1.1134816288948057,
  "provenance": {
    "md5sum": "61a81c516d5ef4da51071899629d25bd",
    "settings": {
      "testing": false
    },
    "software": "mriqc",
    "version": "22.0.6",
    "warnings": {
      "large_rot_frame": true,
      "small_air_mask": false
    },
    "webapi_port": null,
    "webapi_url": "https://mriqc.nimh.nih.gov/api/v1"
  },
  "qi_1": 5.1373752489333525e-06,
  "qi_2": 0.0012338215452095396,
  "rpve_csf": 30.958819812716687,
  "rpve_gm": 12.167329089968545,
  "rpve_wm": 13.890686590893345,
  "size_x": 256,
  "size_y": 256,
  "size_z": 176,
  "snr_csf": 2.3744199056618007,
  "snr_gm": 11.796017643116867,
  "snr_total": 8.97462301573217,
  "snr_wm": 12.753431498417845,
  "snrd_csf": 10.90253321531975,
  "snrd_gm": 27.474492104626304,
  "snrd_total": 25.34981250213794,
  "snrd_wm": 37.672412186467774,
  "spacing_x": 1.0,
  "spacing_y": 1.0,
  "spacing_z": 1.0,
  "summary_bg_k": 26.756500583958402,
  "summary_bg_mad": 0.0,
  "summary_bg_mean": 9.824848872084381,
  "summary_bg_median": 0.0,
  "summary_bg_n": 2503638.0,
  "summary_bg_p05": 0.0,
  "summary_bg_p95": 39.352519392967224,
  "summary_bg_stdv": 17.391600843166714,
  "summary_csf_k": 0.5137978616194814,
  "summary_csf_mad": 111.675149517222,
  "summary_csf_mean": 306.64678903202383,
  "summary_csf_median": 289.42447078227997,
  "summary_csf_n": 22872.0,
  "summary_csf_p05": 125.29137138724327,
  "summary_csf_p95": 527.1546951115132,
  "summary_csf_stdv": 121.8900426901269,
  "summary_gm_k": 0.23980717804819207,
  "summary_gm_mad": 60.58403526817774,
  "summary_gm_mean": 730.9500556185079,
  "summary_gm_median": 729.3525440692902,
  "summary_gm_n": 32423.0,
  "summary_gm_p05": 632.1582959890366,
  "summary_gm_p95": 833.9568643569946,
  "summary_gm_stdv": 61.82945114124641,
  "summary_wm_k": 1.515262971459288,
  "summary_wm_mad": 58.77078069148932,
  "summary_wm_mean": 1018.1329965146698,
  "summary_wm_median": 1000.0719782114029,
  "summary_wm_n": 226792.0,
  "summary_wm_p05": 923.3093855381012,
  "summary_wm_p95": 1186.546805024147,
  "summary_wm_stdv": 78.41574038415048,
  "tpm_overlap_csf": 0.14603186316799824,
  "tpm_overlap_gm": 0.45194815219437195,
  "tpm_overlap_wm": 0.48049688670496987,
  "wm2max": 0.3171077654846424
}