{
  "aor": 0.008769189189189189,
  "aqi": 0.008748187135135133,
  "bids_meta": {
    "AcquisitionNumber": 1,
    "AcquisitionTime": "14:12:58.420000",
    "BandwidthPerPixelPhaseEncode": 28.409,
    "ConversionSoftware": "dcm2niix",
    "ConversionSoftwareVersion": "v1.0.20170724 GCC4.4.7",
    "DeviceSerialNumber": "35414",
    "EchoTime": 0.03,
    "EffectiveEchoSpacing": 0.000550002,
    "FlipAngle": 80,
    "ImageType": [
      "ORIGINAL",
      "PRIMARY",
      "FMRI",
      "NONE",
      "ND",
      "MOSAIC"
    ],
    "InstitutionAddress": "Mikeletegi_69_San_Sebastian_District_ES_20009",
    "InstitutionName": "BCBL",
    "MagneticFieldStrength": 3,
    "Manufacturer": "Siemens",
    "ManufacturersModelName": "TrioTim",
    "PhaseEncodingDirection": "j-",
    "PhaseEncodingLines": 64,
    "ProcedureStepDescription": "CRANEO_FUNCIONAL",
    "ProtocolName": "ep2d_PiN_L1_Run1",
    "RepetitionTime": 2,
    "ScanningSequence": "EP",
    "SequenceName": "_epfid2d1_64",
    "SequenceVariant": "SK",
    "SeriesDescription": "ep2d_PiN_L1_Run1",
    "SliceTiming": [
      1.925,
      1.8625,
      1.8,
      1.7375,
      1.675,
      1.6125,
      1.5525,
      1.49,
      1.4275,
      1.365,
      1.3025,
      1.24,
      1.18,
      1.1175,
      1.055,
      0.9925,
      0.93,
      0.8675,
      0.805,
      0.745,
      0.6825,
      0.62,
      0.5575,
      0.495,
      0.4325,
      0.3725,
      0.31,
      0.2475,
      0.185,
      0.1225,
      0.06,
      0
    ],
    "SoftwareVersions": "syngo_MR_B17",
    "TaskName": "compL1",
    "TotalReadoutTime": 0.0346501,
    "dataset": "ds003545",
    "modality": "bold",
    "run_id": 1,
    "session_id": "01",
    "subject_id": "03",
    "task_id": "compL1"
  },
  "dummy_trs": 1,
  "dvars_nstd": 41.71697584472827,
  "dvars_std": 1.289457430815217,
  "dvars_vstd": 0.9969069859782611,
  "efc": 0.4851150449095881,
  "fber": 1070.6640625,
  "fd_mean": 0.5459208332090598,
  "fd_num": 138,
  "fd_perc": 74.5945945945946,
  "fwhm_avg": 3.0964224242424243,
  "fwhm_x": 3.0510545454545452,
  "fwhm_y": 3.374312727272727,
  "fwhm_z": 2.8639,
  "gcor": 0.0252735,
  "gsr_x": -0.014670138247311115,
  "gsr_y": 0.045550353825092316,
  "provenance": {
    "md5sum": "81fc4cc60fd3a33151f77e111de982ad",
    "settings": {
      "fd_thres": 0.2,
      "testing": false
    },
    "software": "mriqc",
    "version": "22.0.6",
    "webapi_port": null,
    "webapi_url": "https://mriqc.nimh.nih.gov/api/v1"
  },
  "size_t": 185,
  "size_x": 64,
  "size_y": 64,
  "size_z": 32,
  "snr": 2.3873200985971472,
  "spacing_tr": 2.0,
  "spacing_x": 3.4375,
  "spacing_y": 3.4375,
  "spacing_z": 4.0,
  "summary_bg_k": 35.50924178482327,
  "summary_bg_mad": 6.7959284808419955,
  "summary_bg_mean": 36.17502212524414,
  "summary_bg_median": 18.08108139038086,
  "summary_bg_n": 81101.0,
  "summary_bg_p05": 12.621622085571289,
  "summary_bg_p95": 123.3837890625,
  "summary_bg_stdv": 51.643699645996094,
  "summary_fg_k": 3.078502037296748,
  "summary_fg_mad": 175.6002247971604,
  "summary_fg_mean": 654.2417602539062,
  "summary_fg_median": 592.03515625,
  "summary_fg_n": 21234.0,
  "summary_fg_p05": 387.5975646972656,
  "summary_fg_p95": 1185.1119140625,
  "summary_fg_stdv": 247.98568725585938,
  "tsnr": 41.83508161758073
}