{
  "aor": 0.005237736625514403,
  "aqi": 0.010310080740740742,
  "bids_meta": {
    "AcquisitionNumber": 1,
    "AcquisitionTime": "10:36:43.315000",
    "BandwidthPerPixelPhaseEncode": 29.481,
    "ConversionSoftware": "dcm2niix",
    "ConversionSoftwareVersion": "v1.0.20170724 GCC4.4.7",
    "DeviceSerialNumber": "35414",
    "EchoTime": 0.025,
    "EffectiveEchoSpacing": 0.000530002,
    "FlipAngle": 90,
    "ImageType": [
      "ORIGINAL",
      "PRIMARY",
      "M",
      "ND",
      "MOSAIC"
    ],
    "InstitutionAddress": "Mikeletegi_69_San_Sebastian_District_ES_20009",
    "InstitutionName": "BCBL",
    "MagneticFieldStrength": 3,
    "Manufacturer": "Siemens",
    "ManufacturersModelName": "TrioTim",
    "PhaseEncodingDirection": "j-",
    "PhaseEncodingLines": 64,
    "ProcedureStepDescription": "CRANEO_FUNCIONAL",
    "ProtocolName": "ep2d_VF_L1_Run1",
    "RepetitionTime": 3,
    "ScanningSequence": "EP",
    "SequenceName": "_epfid2d1_64",
    "SequenceVariant": "SK",
    "SeriesDescription": "ep2d_VF_L1_Run1",
    "SliceTiming": [
      2.9225,
      2.8525,
      2.7825,
      2.7125,
      2.6425,
      2.5725,
      2.505,
      2.435,
      2.365,
      2.295,
      2.225,
      2.155,
      2.0875,
      2.0175,
      1.9475,
      1.8775,
      1.8075,
      1.7375,
      1.67,
      1.6,
      1.53,
      1.46,
      1.39,
      1.32,
      1.2525,
      1.1825,
      1.1125,
      1.0425,
      0.9725,
      0.905,
      0.835,
      0.765,
      0.695,
      0.625,
      0.555,
      0.4875,
      0.4175,
      0.3475,
      0.2775,
      0.2075,
      0.1375,
      0.07,
      0
    ],
    "SoftwareVersions": "syngo_MR_B17",
    "TaskName": "prodL1",
    "TotalReadoutTime": 0.0333901,
    "dataset": "ds003545",
    "modality": "bold",
    "run_id": 1,
    "session_id": "01",
    "subject_id": "03",
    "task_id": "prodL1"
  },
  "dummy_trs": 0,
  "dvars_nstd": 61.60793649640496,
  "dvars_std": 1.2891050870661152,
  "dvars_vstd": 1.0109125174380165,
  "efc": 0.5496574177930876,
  "fber": 367.9510192871094,
  "fd_mean": 0.7255254591079155,
  "fd_num": 218,
  "fd_perc": 89.7119341563786,
  "fwhm_avg": 3.53944547106603,
  "fwhm_x": 3.5132999999999996,
  "fwhm_y": 3.6750666666666665,
  "fwhm_z": 3.429969746531425,
  "gcor": 0.0190786,
  "gsr_x": -0.02026926912367344,
  "gsr_y": 0.10421332716941833,
  "provenance": {
    "md5sum": "8f9f255bb29c2e543805d0008c608e8f",
    "settings": {
      "fd_thres": 0.2,
      "testing": false
    },
    "software": "mriqc",
    "version": "22.0.6",
    "webapi_port": null,
    "webapi_url": "https://mriqc.nimh.nih.gov/api/v1"
  },
  "size_t": 243,
  "size_x": 64,
  "size_y": 64,
  "size_z": 43,
  "snr": 1.881443872072339,
  "spacing_tr": 3.0,
  "spacing_x": 3.0,
  "spacing_y": 3.0,
  "spacing_z": 3.299999952316284,
  "summary_bg_k": 14.856280718998285,
  "summary_bg_mad": 21.006581724836572,
  "summary_bg_mean": 92.0652847290039,
  "summary_bg_median": 42.942386627197266,
  "summary_bg_n": 102198.0,
  "summary_bg_p05": 27.44032859802246,
  "summary_bg_p95": 341.714385986328,
  "summary_bg_stdv": 119.08211517333984,
  "summary_fg_k": 2.515116212508109,
  "summary_fg_mad": 309.8822333118576,
  "summary_fg_mean": 956.5369262695312,
  "summary_fg_median": 825.4443969726562,
  "summary_fg_n": 36491.0,
  "summary_fg_p05": 500.9691162109375,
  "summary_fg_p95": 1912.2160034179688,
  "summary_fg_stdv": 438.72320556640625,
  "tsnr": 34.02126353234053
}