{
  "aor": 0.003274691358024691,
  "aqi": 0.009494164238683128,
  "bids_meta": {
    "AcquisitionNumber": 1,
    "AcquisitionTime": "10:51:25.675000",
    "BandwidthPerPixelPhaseEncode": 29.481,
    "ConversionSoftware": "dcm2niix",
    "ConversionSoftwareVersion": "v1.0.20170724 GCC4.4.7",
    "DeviceSerialNumber": "35414",
    "EchoTime": 0.025,
    "EffectiveEchoSpacing": 0.000530002,
    "FlipAngle": 90,
    "ImageType": [
      "ORIGINAL",
      "PRIMARY",
      "M",
      "ND",
      "MOSAIC"
    ],
    "InstitutionAddress": "Mikeletegi_69_San_Sebastian_District_ES_20009",
    "InstitutionName": "BCBL",
    "MagneticFieldStrength": 3,
    "Manufacturer": "Siemens",
    "ManufacturersModelName": "TrioTim",
    "PhaseEncodingDirection": "j-",
    "PhaseEncodingLines": 64,
    "ProcedureStepDescription": "CRANEO_FUNCIONAL",
    "ProtocolName": "ep2d_VF_L1_Run2",
    "RepetitionTime": 3,
    "ScanningSequence": "EP",
    "SequenceName": "_epfid2d1_64",
    "SequenceVariant": "SK",
    "SeriesDescription": "ep2d_VF_L1_Run2",
    "SliceTiming": [
      2.9225,
      2.8525,
      2.7825,
      2.7125,
      2.6425,
      2.5725,
      2.505,
      2.435,
      2.365,
      2.295,
      2.225,
      2.1575,
      2.0875,
      2.0175,
      1.9475,
      1.8775,
      1.8075,
      1.74,
      1.67,
      1.6,
      1.53,
      1.46,
      1.39,
      1.3225,
      1.2525,
      1.1825,
      1.1125,
      1.0425,
      0.9725,
      0.905,
      0.835,
      0.765,
      0.695,
      0.625,
      0.555,
      0.4875,
      0.4175,
      0.3475,
      0.2775,
      0.2075,
      0.14,
      0.07,
      0
    ],
    "SoftwareVersions": "syngo_MR_B17",
    "TaskName": "prodL1",
    "TotalReadoutTime": 0.0333901,
    "dataset": "ds003545",
    "modality": "bold",
    "run_id": 2,
    "session_id": "01",
    "subject_id": "03",
    "task_id": "prodL1"
  },
  "dummy_trs": 0,
  "dvars_nstd": 57.70993815214877,
  "dvars_std": 1.3187795791322312,
  "dvars_vstd": 1.0006825435950422,
  "efc": 0.5493408069523222,
  "fber": 381.59405517578125,
  "fd_mean": 0.6016834868269016,
  "fd_num": 225,
  "fd_perc": 92.5925925925926,
  "fwhm_avg": 3.5489565825656757,
  "fwhm_x": 3.5074,
  "fwhm_y": 3.628833333333333,
  "fwhm_z": 3.510636414363694,
  "gcor": 0.0249911,
  "gsr_x": -0.019439300522208214,
  "gsr_y": 0.1059693768620491,
  "provenance": {
    "md5sum": "a07a015d2f89168ea9f56de56797097a",
    "settings": {
      "fd_thres": 0.2,
      "testing": false
    },
    "software": "mriqc",
    "version": "22.0.6",
    "webapi_port": null,
    "webapi_url": "https://mriqc.nimh.nih.gov/api/v1"
  },
  "size_t": 243,
  "size_x": 64,
  "size_y": 64,
  "size_z": 43,
  "snr": 1.8843747477723491,
  "spacing_tr": 3.0,
  "spacing_x": 3.0,
  "spacing_y": 3.0,
  "spacing_z": 3.299999952316284,
  "summary_bg_k": 14.647384716529498,
  "summary_bg_mad": 19.877849662465295,
  "summary_bg_mean": 88.80111694335938,
  "summary_bg_median": 41.316871643066406,
  "summary_bg_n": 101789.0,
  "summary_bg_p05": 26.893003463745117,
  "summary_bg_p95": 334.27653198242183,
  "summary_bg_stdv": 114.74116516113281,
  "summary_fg_k": 2.57231067714321,
  "summary_fg_mad": 307.4599287777959,
  "summary_fg_mean": 951.1387939453125,
  "summary_fg_median": 820.841552734375,
  "summary_fg_n": 36340.0,
  "summary_fg_p05": 499.0652099609375,
  "summary_fg_p95": 1894.253906249999,
  "summary_fg_stdv": 435.59820556640625,
  "tsnr": 38.44037210801616
}