{
  "aor": 0.01335302197802198,
  "aqi": 0.010433915274725276,
  "bids_meta": {
    "AcquisitionNumber": 1,
    "AcquisitionTime": "14:44:16.062500",
    "BandwidthPerPixelPhaseEncode": 28.409,
    "ConversionSoftware": "dcm2niix",
    "ConversionSoftwareVersion": "v1.0.20170724 GCC4.4.7",
    "DeviceSerialNumber": "35414",
    "EchoTime": 0.03,
    "EffectiveEchoSpacing": 0.000550002,
    "FlipAngle": 80,
    "ImageType": [
      "ORIGINAL",
      "PRIMARY",
      "FMRI",
      "NONE",
      "ND",
      "MOSAIC"
    ],
    "InstitutionAddress": "Mikeletegi_69_San_Sebastian_District_ES_20009",
    "InstitutionName": "BCBL",
    "MagneticFieldStrength": 3,
    "Manufacturer": "Siemens",
    "ManufacturersModelName": "TrioTim",
    "PhaseEncodingDirection": "j-",
    "PhaseEncodingLines": 64,
    "ProcedureStepDescription": "CRANEO_FUNCIONAL",
    "ProtocolName": "ep2d_PiN_L3_Run1",
    "RepetitionTime": 2,
    "ScanningSequence": "EP",
    "SequenceName": "_epfid2d1_64",
    "SequenceVariant": "SK",
    "SeriesDescription": "ep2d_PiN_L3_Run1",
    "SliceTiming": [
      1.925,
      1.8625,
      1.8,
      1.7375,
      1.675,
      1.6125,
      1.5525,
      1.49,
      1.4275,
      1.365,
      1.3025,
      1.24,
      1.18,
      1.1175,
      1.055,
      0.9925,
      0.93,
      0.8675,
      0.8075,
      0.745,
      0.6825,
      0.62,
      0.5575,
      0.495,
      0.4325,
      0.3725,
      0.31,
      0.2475,
      0.185,
      0.1225,
      0.06,
      0
    ],
    "SoftwareVersions": "syngo_MR_B17",
    "TaskName": "compLn",
    "TotalReadoutTime": 0.0346501,
    "dataset": "ds003545",
    "modality": "bold",
    "run_id": 1,
    "session_id": "01",
    "subject_id": "03",
    "task_id": "compLn"
  },
  "dummy_trs": 4,
  "dvars_nstd": 40.477406201325955,
  "dvars_std": 1.3097243398895027,
  "dvars_vstd": 0.9923728005524867,
  "efc": 0.4874832084357653,
  "fber": 1121.705322265625,
  "fd_mean": 0.45108490792710026,
  "fd_num": 92,
  "fd_perc": 50.54945054945055,
  "fwhm_avg": 2.935037424242424,
  "fwhm_x": 2.93952,
  "fwhm_y": 3.086167272727273,
  "fwhm_z": 2.779425,
  "gcor": 0.0163052,
  "gsr_x": -0.01519986055791378,
  "gsr_y": 0.04666154086589813,
  "provenance": {
    "md5sum": "646e85dfb939ae8c476043b39fa968e6",
    "settings": {
      "fd_thres": 0.2,
      "testing": false
    },
    "software": "mriqc",
    "version": "22.0.6",
    "webapi_port": null,
    "webapi_url": "https://mriqc.nimh.nih.gov/api/v1"
  },
  "size_t": 182,
  "size_x": 64,
  "size_y": 64,
  "size_z": 32,
  "snr": 2.5399395440915242,
  "spacing_tr": 2.0,
  "spacing_x": 3.4375,
  "spacing_y": 3.4375,
  "spacing_z": 4.0,
  "summary_bg_k": 35.08582681724243,
  "summary_bg_mad": 6.769464146617515,
  "summary_bg_mean": 36.1820182800293,
  "summary_bg_median": 17.763736724853516,
  "summary_bg_n": 81108.0,
  "summary_bg_p05": 12.241758346557617,
  "summary_bg_p95": 124.75604743957507,
  "summary_bg_stdv": 52.00523376464844,
  "summary_fg_k": 2.786186753503671,
  "summary_fg_mad": 171.06129384757406,
  "summary_fg_mean": 648.0491333007812,
  "summary_fg_median": 592.0439453125,
  "summary_fg_n": 21057.0,
  "summary_fg_p05": 386.9132019042969,
  "summary_fg_p95": 1144.194580078125,
  "summary_fg_stdv": 233.0881805419922,
  "tsnr": 38.55875909992028
}