{
  "aor": 0.002088333333333333,
  "aqi": 0.0017940939032258067,
  "bids_meta": {
    "AcquisitionNumber": 1,
    "AcquisitionTime": "15:09:24.420000",
    "BandwidthPerPixelPhaseEncode": 28.409,
    "ConversionSoftware": "dcm2niix",
    "ConversionSoftwareVersion": "v1.0.20170724 GCC4.4.7",
    "DeviceSerialNumber": "35414",
    "EchoTime": 0.03,
    "EffectiveEchoSpacing": 0.000550002,
    "FlipAngle": 80,
    "ImageType": [
      "ORIGINAL",
      "PRIMARY",
      "FMRI",
      "NONE",
      "ND",
      "MOSAIC"
    ],
    "InstitutionAddress": "Mikeletegi_69_San_Sebastian_District_ES_20009",
    "InstitutionName": "BCBL",
    "MagneticFieldStrength": 3,
    "Manufacturer": "Siemens",
    "ManufacturersModelName": "TrioTim",
    "PhaseEncodingDirection": "j-",
    "PhaseEncodingLines": 64,
    "ProcedureStepDescription": "CRANEO_FUNCIONAL",
    "ProtocolName": "ep2d_PiN_L1_Run1",
    "RepetitionTime": 2,
    "ScanningSequence": "EP",
    "SequenceName": "_epfid2d1_64",
    "SequenceVariant": "SK",
    "SeriesDescription": "ep2d_PiN_L1_Run1",
    "SliceTiming": [
      1.925,
      1.865,
      1.8025,
      1.74,
      1.6775,
      1.615,
      1.5525,
      1.49,
      1.43,
      1.3675,
      1.305,
      1.2425,
      1.18,
      1.1175,
      1.0575,
      0.995,
      0.9325,
      0.87,
      0.8075,
      0.745,
      0.6825,
      0.6225,
      0.56,
      0.4975,
      0.435,
      0.3725,
      0.31,
      0.25,
      0.1875,
      0.125,
      0.0625,
      0
    ],
    "SoftwareVersions": "syngo_MR_B17",
    "TaskName": "compL1",
    "TotalReadoutTime": 0.0346501,
    "dataset": "ds003545",
    "modality": "bold",
    "run_id": 1,
    "session_id": "01",
    "subject_id": "07",
    "task_id": "compL1"
  },
  "dummy_trs": 0,
  "dvars_nstd": 18.568592556324326,
  "dvars_std": 1.2324463505405412,
  "dvars_vstd": 1.022324518378378,
  "efc": 0.4703126636992894,
  "fber": 1086.121337890625,
  "fd_mean": 0.11821207670600846,
  "fd_num": 22,
  "fd_perc": 11.827956989247312,
  "fwhm_avg": 2.9966680303030304,
  "fwhm_x": 2.931549090909091,
  "fwhm_y": 3.22688,
  "fwhm_z": 2.831575,
  "gcor": 0.0388218,
  "gsr_x": -0.023274021223187447,
  "gsr_y": 0.054112356156110764,
  "provenance": {
    "md5sum": "037c0fbecc47fa4cdabf4ef7264aca12",
    "settings": {
      "fd_thres": 0.2,
      "testing": false
    },
    "software": "mriqc",
    "version": "22.0.6",
    "webapi_port": null,
    "webapi_url": "https://mriqc.nimh.nih.gov/api/v1"
  },
  "size_t": 186,
  "size_x": 64,
  "size_y": 64,
  "size_z": 32,
  "snr": 2.6256085420969093,
  "spacing_tr": 2.0,
  "spacing_x": 3.4375,
  "spacing_y": 3.4375,
  "spacing_z": 4.0,
  "summary_bg_k": 66.14598907758601,
  "summary_bg_mad": 5.523890005531252,
  "summary_bg_mean": 34.90427017211914,
  "summary_bg_median": 17.876344680786133,
  "summary_bg_n": 84774.0,
  "summary_bg_p05": 13.78494644165039,
  "summary_bg_p95": 106.37876548767056,
  "summary_bg_stdv": 54.24824142456055,
  "summary_fg_k": 3.9310024838699507,
  "summary_fg_mad": 165.26230032217376,
  "summary_fg_mean": 642.542724609375,
  "summary_fg_median": 594.73388671875,
  "summary_fg_n": 18306.0,
  "summary_fg_p05": 385.0107421875,
  "summary_fg_p95": 1108.0322265625,
  "summary_fg_stdv": 226.506591796875,
  "tsnr": 93.60022680088878
}