{
  "aor": 0.0062170370370370365,
  "aqi": 0.006452452839506172,
  "bids_meta": {
    "AcquisitionNumber": 1,
    "AcquisitionTime": "15:41:24.660000",
    "BandwidthPerPixelPhaseEncode": 29.481,
    "ConversionSoftware": "dcm2niix",
    "ConversionSoftwareVersion": "v1.0.20170724 GCC4.4.7",
    "DeviceSerialNumber": "35414",
    "EchoTime": 0.025,
    "EffectiveEchoSpacing": 0.000530002,
    "FlipAngle": 90,
    "ImageType": [
      "ORIGINAL",
      "PRIMARY",
      "M",
      "ND",
      "MOSAIC"
    ],
    "InstitutionAddress": "Mikeletegi_69_San_Sebastian_District_ES_20009",
    "InstitutionName": "BCBL",
    "MagneticFieldStrength": 3,
    "Manufacturer": "Siemens",
    "ManufacturersModelName": "TrioTim",
    "PhaseEncodingDirection": "j-",
    "PhaseEncodingLines": 64,
    "ProcedureStepDescription": "CRANEO_FUNCIONAL",
    "ProtocolName": "ep2d_VF_L1_Run2",
    "RepetitionTime": 3,
    "ScanningSequence": "EP",
    "SequenceName": "_epfid2d1_64",
    "SequenceVariant": "SK",
    "SeriesDescription": "ep2d_VF_L1_Run2",
    "SliceTiming": [
      2.92,
      2.85,
      2.7825,
      2.7125,
      2.6425,
      2.5725,
      2.5025,
      2.435,
      2.365,
      2.295,
      2.225,
      2.155,
      2.085,
      2.0175,
      1.9475,
      1.8775,
      1.8075,
      1.7375,
      1.6675,
      1.6,
      1.53,
      1.46,
      1.39,
      1.32,
      1.25,
      1.1825,
      1.1125,
      1.0425,
      0.9725,
      0.9025,
      0.8325,
      0.765,
      0.695,
      0.625,
      0.555,
      0.485,
      0.4175,
      0.3475,
      0.2775,
      0.2075,
      0.1375,
      0.0675,
      0
    ],
    "SoftwareVersions": "syngo_MR_B17",
    "TaskName": "prodL1",
    "TotalReadoutTime": 0.0333901,
    "dataset": "ds003545",
    "modality": "bold",
    "run_id": 2,
    "session_id": "01",
    "subject_id": "07",
    "task_id": "prodL1"
  },
  "dummy_trs": 0,
  "dvars_nstd": 32.13312616421491,
  "dvars_std": 1.2259477827685952,
  "dvars_vstd": 1.0495384547107443,
  "efc": 0.5474982127696565,
  "fber": 426.8885803222656,
  "fd_mean": 0.2907113768695774,
  "fd_num": 151,
  "fd_perc": 62.13991769547325,
  "fwhm_avg": 3.137833449095028,
  "fwhm_x": 3.0629833333333334,
  "fwhm_y": 3.28782,
  "fwhm_z": 3.0626970139517495,
  "gcor": 0.0237968,
  "gsr_x": -0.016579965129494667,
  "gsr_y": 0.09702430665493011,
  "provenance": {
    "md5sum": "02190701c44799f85ee3ff50d27199c7",
    "settings": {
      "fd_thres": 0.2,
      "testing": false
    },
    "software": "mriqc",
    "version": "22.0.6",
    "webapi_port": null,
    "webapi_url": "https://mriqc.nimh.nih.gov/api/v1"
  },
  "size_t": 243,
  "size_x": 64,
  "size_y": 64,
  "size_z": 43,
  "snr": 2.450556323085444,
  "spacing_tr": 3.0,
  "spacing_x": 3.0,
  "spacing_y": 3.0,
  "spacing_z": 3.299999952316284,
  "summary_bg_k": 34.908165224773114,
  "summary_bg_mad": 11.836410666921612,
  "summary_bg_mean": 70.80252075195312,
  "summary_bg_median": 35.024688720703125,
  "summary_bg_n": 105895.0,
  "summary_bg_p05": 26.06172752380371,
  "summary_bg_p95": 236.87118682861285,
  "summary_bg_stdv": 95.57510375976562,
  "summary_fg_k": 4.5466951901250905,
  "summary_fg_mad": 224.45252894023997,
  "summary_fg_mean": 803.667236328125,
  "summary_fg_median": 739.0040893554688,
  "summary_fg_n": 32803.0,
  "summary_fg_p05": 467.3263366699219,
  "summary_fg_p95": 1417.7518432617187,
  "summary_fg_stdv": 301.5612487792969,
  "tsnr": 49.07951960223727
}