{
  "aor": 0.003814115226337449,
  "aqi": 0.009852253168724283,
  "bids_meta": {
    "AcquisitionNumber": 1,
    "AcquisitionTime": "15:28:10.495000",
    "BandwidthPerPixelPhaseEncode": 29.481,
    "ConversionSoftware": "dcm2niix",
    "ConversionSoftwareVersion": "v1.0.20170724 GCC4.4.7",
    "DeviceSerialNumber": "35414",
    "EchoTime": 0.025,
    "EffectiveEchoSpacing": 0.000530002,
    "FlipAngle": 90,
    "ImageType": [
      "ORIGINAL",
      "PRIMARY",
      "M",
      "ND",
      "MOSAIC"
    ],
    "InstitutionAddress": "Mikeletegi_69_San_Sebastian_District_ES_20009",
    "InstitutionName": "BCBL",
    "MagneticFieldStrength": 3,
    "Manufacturer": "Siemens",
    "ManufacturersModelName": "TrioTim",
    "PhaseEncodingDirection": "j-",
    "PhaseEncodingLines": 64,
    "ProcedureStepDescription": "CRANEO_FUNCIONAL",
    "ProtocolName": "ep2d_VF_L1_Run1",
    "RepetitionTime": 3,
    "ScanningSequence": "EP",
    "SequenceName": "_epfid2d1_64",
    "SequenceVariant": "SK",
    "SeriesDescription": "ep2d_VF_L1_Run1",
    "SliceTiming": [
      2.9225,
      2.8525,
      2.785,
      2.715,
      2.645,
      2.575,
      2.505,
      2.435,
      2.3675,
      2.2975,
      2.2275,
      2.1575,
      2.0875,
      2.0175,
      1.95,
      1.88,
      1.81,
      1.74,
      1.67,
      1.6,
      1.5325,
      1.4625,
      1.3925,
      1.3225,
      1.2525,
      1.185,
      1.115,
      1.045,
      0.975,
      0.905,
      0.835,
      0.7675,
      0.6975,
      0.6275,
      0.5575,
      0.4875,
      0.4175,
      0.35,
      0.28,
      0.21,
      0.14,
      0.07,
      0
    ],
    "SoftwareVersions": "syngo_MR_B17",
    "TaskName": "prodL1",
    "TotalReadoutTime": 0.0333901,
    "dataset": "ds003545",
    "modality": "bold",
    "run_id": 1,
    "session_id": "01",
    "subject_id": "07",
    "task_id": "prodL1"
  },
  "dummy_trs": 0,
  "dvars_nstd": 33.77641114305788,
  "dvars_std": 1.1278000234710734,
  "dvars_vstd": 0.9824314719834714,
  "efc": 0.5472968513572378,
  "fber": 425.14862060546875,
  "fd_mean": 0.33896382316910073,
  "fd_num": 161,
  "fd_perc": 66.2551440329218,
  "fwhm_avg": 3.1386824387795067,
  "fwhm_x": 3.0856600000000003,
  "fwhm_y": 3.312226666666667,
  "fwhm_z": 3.0181606496718527,
  "gcor": 0.0375823,
  "gsr_x": -0.015087918378412724,
  "gsr_y": 0.0963665321469307,
  "provenance": {
    "md5sum": "4011d11e03a5b0b317c32729fb467a62",
    "settings": {
      "fd_thres": 0.2,
      "testing": false
    },
    "software": "mriqc",
    "version": "22.0.6",
    "webapi_port": null,
    "webapi_url": "https://mriqc.nimh.nih.gov/api/v1"
  },
  "size_t": 243,
  "size_x": 64,
  "size_y": 64,
  "size_z": 43,
  "snr": 2.4541806646208286,
  "spacing_tr": 3.0,
  "spacing_x": 3.0,
  "spacing_y": 3.0,
  "spacing_z": 3.299999952316284,
  "summary_bg_k": 36.62749836957725,
  "summary_bg_mad": 13.062762570267756,
  "summary_bg_mean": 71.15887451171875,
  "summary_bg_median": 35.802467346191406,
  "summary_bg_n": 105664.0,
  "summary_bg_p05": 25.716049194335938,
  "summary_bg_p95": 233.58414916992163,
  "summary_bg_stdv": 95.2298355102539,
  "summary_fg_k": 4.573219511065615,
  "summary_fg_mad": 224.8002853077764,
  "summary_fg_mean": 809.93359375,
  "summary_fg_median": 744.8106689453125,
  "summary_fg_n": 32883.0,
  "summary_fg_p05": 472.03248291015626,
  "summary_fg_p95": 1427.4373779296873,
  "summary_fg_stdv": 303.48187255859375,
  "tsnr": 37.89861826575361
}