{
  "aor": 0.004389621621621622,
  "aqi": 0.002627291589189189,
  "bids_meta": {
    "AcquisitionNumber": 1,
    "AcquisitionTime": "15:16:28.557500",
    "BandwidthPerPixelPhaseEncode": 28.409,
    "ConversionSoftware": "dcm2niix",
    "ConversionSoftwareVersion": "v1.0.20170724 GCC4.4.7",
    "DeviceSerialNumber": "35414",
    "EchoTime": 0.03,
    "EffectiveEchoSpacing": 0.000550002,
    "FlipAngle": 80,
    "ImageType": [
      "ORIGINAL",
      "PRIMARY",
      "FMRI",
      "NONE",
      "ND",
      "MOSAIC"
    ],
    "InstitutionAddress": "Mikeletegi_69_San_Sebastian_District_ES_20009",
    "InstitutionName": "BCBL",
    "MagneticFieldStrength": 3,
    "Manufacturer": "Siemens",
    "ManufacturersModelName": "TrioTim",
    "PhaseEncodingDirection": "j-",
    "PhaseEncodingLines": 64,
    "ProcedureStepDescription": "CRANEO_FUNCIONAL",
    "ProtocolName": "ep2d_PiN_L1_Run2",
    "RepetitionTime": 2,
    "ScanningSequence": "EP",
    "SequenceName": "_epfid2d1_64",
    "SequenceVariant": "SK",
    "SeriesDescription": "ep2d_PiN_L1_Run2",
    "SliceTiming": [
      1.9275,
      1.865,
      1.8025,
      1.74,
      1.6775,
      1.615,
      1.5525,
      1.4925,
      1.43,
      1.3675,
      1.305,
      1.2425,
      1.18,
      1.12,
      1.0575,
      0.995,
      0.9325,
      0.87,
      0.8075,
      0.7475,
      0.685,
      0.6225,
      0.56,
      0.4975,
      0.435,
      0.3725,
      0.3125,
      0.25,
      0.1875,
      0.125,
      0.0625,
      0
    ],
    "SoftwareVersions": "syngo_MR_B17",
    "TaskName": "compL1",
    "TotalReadoutTime": 0.0346501,
    "dataset": "ds003545",
    "modality": "bold",
    "run_id": 2,
    "session_id": "01",
    "subject_id": "07",
    "task_id": "compL1"
  },
  "dummy_trs": 1,
  "dvars_nstd": 16.83752316,
  "dvars_std": 1.2340348286956517,
  "dvars_vstd": 1.0208347085326082,
  "efc": 0.4708553308807731,
  "fber": 1063.457275390625,
  "fd_mean": 0.07901163991509186,
  "fd_num": 4,
  "fd_perc": 2.1621621621621623,
  "fwhm_avg": 3.0045724242424243,
  "fwhm_x": 2.9687854545454546,
  "fwhm_y": 3.250181818181818,
  "fwhm_z": 2.79475,
  "gcor": 0.0215361,
  "gsr_x": -0.024022357538342476,
  "gsr_y": 0.05581225827336311,
  "provenance": {
    "md5sum": "945b869dc3b2c6fad62c469266cf855e",
    "settings": {
      "fd_thres": 0.2,
      "testing": false
    },
    "software": "mriqc",
    "version": "22.0.6",
    "webapi_port": null,
    "webapi_url": "https://mriqc.nimh.nih.gov/api/v1"
  },
  "size_t": 185,
  "size_x": 64,
  "size_y": 64,
  "size_z": 32,
  "snr": 2.6087267584765073,
  "spacing_tr": 2.0,
  "spacing_x": 3.4375,
  "spacing_y": 3.4375,
  "spacing_z": 4.0,
  "summary_bg_k": 70.9288912177991,
  "summary_bg_mad": 5.673957782271622,
  "summary_bg_mean": 34.739891052246094,
  "summary_bg_median": 17.962162017822266,
  "summary_bg_n": 84780.0,
  "summary_bg_p05": 13.691892623901367,
  "summary_bg_p95": 107.2918930053711,
  "summary_bg_stdv": 52.78678512573242,
  "summary_fg_k": 3.865646152429303,
  "summary_fg_mad": 165.0817484376234,
  "summary_fg_mean": 637.2271118164062,
  "summary_fg_median": 589.6405029296875,
  "summary_fg_n": 18392.0,
  "summary_fg_p05": 379.8127151489258,
  "summary_fg_p95": 1101.9200805664063,
  "summary_fg_stdv": 226.02001953125,
  "tsnr": 84.1849979236722
}