{
  "aor": 0.003257407407407408,
  "aqi": 0.0055230058024691355,
  "bids_meta": {
    "AcquisitionNumber": 1,
    "AcquisitionTime": "13:26:20.062500",
    "BandwidthPerPixelPhaseEncode": 29.481,
    "ConversionSoftware": "dcm2niix",
    "ConversionSoftwareVersion": "v1.0.20170724 GCC4.4.7",
    "DeviceSerialNumber": "35414",
    "EchoTime": 0.025,
    "EffectiveEchoSpacing": 0.000530002,
    "FlipAngle": 90,
    "ImageType": [
      "ORIGINAL",
      "PRIMARY",
      "M",
      "ND",
      "MOSAIC"
    ],
    "InstitutionAddress": "Mikeletegi_69_San_Sebastian_District_ES_20009",
    "InstitutionName": "BCBL",
    "MagneticFieldStrength": 3,
    "Manufacturer": "Siemens",
    "ManufacturersModelName": "TrioTim",
    "PhaseEncodingDirection": "j-",
    "PhaseEncodingLines": 64,
    "ProcedureStepDescription": "CRANEO_FUNCIONAL",
    "ProtocolName": "ep2d_VF_L3_Run2",
    "RepetitionTime": 3,
    "ScanningSequence": "EP",
    "SequenceName": "_epfid2d1_64",
    "SequenceVariant": "SK",
    "SeriesDescription": "ep2d_VF_L3_Run2",
    "SliceTiming": [
      2.9225,
      2.8525,
      2.7825,
      2.7125,
      2.6425,
      2.575,
      2.505,
      2.435,
      2.365,
      2.295,
      2.225,
      2.1575,
      2.0875,
      2.0175,
      1.9475,
      1.8775,
      1.8075,
      1.74,
      1.67,
      1.6,
      1.53,
      1.46,
      1.3925,
      1.3225,
      1.2525,
      1.1825,
      1.1125,
      1.0425,
      0.975,
      0.905,
      0.835,
      0.765,
      0.695,
      0.625,
      0.5575,
      0.4875,
      0.4175,
      0.3475,
      0.2775,
      0.2075,
      0.14,
      0.07,
      0
    ],
    "SoftwareVersions": "syngo_MR_B17",
    "TaskName": "prodLn",
    "TotalReadoutTime": 0.0333901,
    "dataset": "ds003545",
    "modality": "bold",
    "run_id": 2,
    "session_id": "01",
    "subject_id": "07",
    "task_id": "prodLn"
  },
  "dummy_trs": 0,
  "dvars_nstd": 28.40237921380165,
  "dvars_std": 1.1628590564049581,
  "dvars_vstd": 0.9974514827685954,
  "efc": 0.555100244222571,
  "fber": 307.4129638671875,
  "fd_mean": 0.21503106895039942,
  "fd_num": 98,
  "fd_perc": 40.32921810699588,
  "fwhm_avg": 3.144258701920073,
  "fwhm_x": 3.0866733333333336,
  "fwhm_y": 3.221163333333333,
  "fwhm_z": 3.124939439093553,
  "gcor": 0.0374034,
  "gsr_x": -0.011717015877366066,
  "gsr_y": 0.08906189352273941,
  "provenance": {
    "md5sum": "e8ea9b3890b3c62c5056175a255cbe9c",
    "settings": {
      "fd_thres": 0.2,
      "testing": false
    },
    "software": "mriqc",
    "version": "22.0.6",
    "webapi_port": null,
    "webapi_url": "https://mriqc.nimh.nih.gov/api/v1"
  },
  "size_t": 243,
  "size_x": 64,
  "size_y": 64,
  "size_z": 43,
  "snr": 2.491956390846369,
  "spacing_tr": 3.0,
  "spacing_x": 3.0,
  "spacing_y": 3.0,
  "spacing_z": 3.299999952316284,
  "summary_bg_k": 37.60909482344696,
  "summary_bg_mad": 11.958440416858998,
  "summary_bg_mean": 73.98491668701172,
  "summary_bg_median": 41.85185241699219,
  "summary_bg_n": 106118.0,
  "summary_bg_p05": 30.497941970825195,
  "summary_bg_p95": 234.20204772949185,
  "summary_bg_stdv": 92.90420532226562,
  "summary_fg_k": 4.263914646994266,
  "summary_fg_mad": 225.32504179368425,
  "summary_fg_mean": 807.4631958007812,
  "summary_fg_median": 744.4608764648438,
  "summary_fg_n": 32609.0,
  "summary_fg_p05": 471.0246826171875,
  "summary_fg_p95": 1406.228759765625,
  "summary_fg_stdv": 298.740966796875,
  "tsnr": 55.21304516121745
}