{
  "aor": 0.006843168724279835,
  "aqi": 0.011566876707818932,
  "bids_meta": {
    "AcquisitionNumber": 1,
    "AcquisitionTime": "11:30:39.517500",
    "BandwidthPerPixelPhaseEncode": 29.481,
    "ConversionSoftware": "dcm2niix",
    "ConversionSoftwareVersion": "v1.0.20170724 GCC4.4.7",
    "DeviceSerialNumber": "35414",
    "EchoTime": 0.025,
    "EffectiveEchoSpacing": 0.000530002,
    "FlipAngle": 90,
    "ImageType": [
      "ORIGINAL",
      "PRIMARY",
      "M",
      "ND",
      "MOSAIC"
    ],
    "InstitutionAddress": "Mikeletegi_69_San_Sebastian_District_ES_20009",
    "InstitutionName": "BCBL",
    "MagneticFieldStrength": 3,
    "Manufacturer": "Siemens",
    "ManufacturersModelName": "TrioTim",
    "PhaseEncodingDirection": "j-",
    "PhaseEncodingLines": 64,
    "ProcedureStepDescription": "CRANEO_FUNCIONAL",
    "ProtocolName": "ep2d_VF_L3_Run2",
    "RepetitionTime": 3,
    "ScanningSequence": "EP",
    "SequenceName": "_epfid2d1_64",
    "SequenceVariant": "SK",
    "SeriesDescription": "ep2d_VF_L3_Run2",
    "SliceTiming": [
      2.9225,
      2.8525,
      2.7825,
      2.7125,
      2.6425,
      2.575,
      2.505,
      2.435,
      2.365,
      2.295,
      2.225,
      2.1575,
      2.0875,
      2.0175,
      1.9475,
      1.8775,
      1.8075,
      1.74,
      1.67,
      1.6,
      1.53,
      1.46,
      1.39,
      1.3225,
      1.2525,
      1.1825,
      1.1125,
      1.0425,
      0.975,
      0.905,
      0.835,
      0.765,
      0.695,
      0.625,
      0.5575,
      0.4875,
      0.4175,
      0.3475,
      0.2775,
      0.2075,
      0.14,
      0.07,
      0
    ],
    "SoftwareVersions": "syngo_MR_B17",
    "TaskName": "prodLn",
    "TotalReadoutTime": 0.0333901,
    "dataset": "ds003545",
    "modality": "bold",
    "run_id": 2,
    "session_id": "02",
    "subject_id": "08",
    "task_id": "prodLn"
  },
  "dummy_trs": 0,
  "dvars_nstd": 58.61181018772728,
  "dvars_std": 1.2758063069834717,
  "dvars_vstd": 1.032626755785124,
  "efc": 0.5563516613333785,
  "fber": 533.5416259765625,
  "fd_mean": 0.8101385802013489,
  "fd_num": 227,
  "fd_perc": 93.4156378600823,
  "fwhm_avg": 2.883857387424746,
  "fwhm_x": 2.757683333333333,
  "fwhm_y": 3.0521433333333334,
  "fwhm_z": 2.8417454956075714,
  "gcor": 0.027277,
  "gsr_x": -0.01427489798516035,
  "gsr_y": 0.08977656811475754,
  "provenance": {
    "md5sum": "655b7e8f59513651cc531fb43bf75150",
    "settings": {
      "fd_thres": 0.2,
      "testing": false
    },
    "software": "mriqc",
    "version": "22.0.6",
    "webapi_port": null,
    "webapi_url": "https://mriqc.nimh.nih.gov/api/v1"
  },
  "size_t": 243,
  "size_x": 64,
  "size_y": 64,
  "size_z": 43,
  "snr": 2.7229068714920213,
  "spacing_tr": 3.0,
  "spacing_x": 3.0,
  "spacing_y": 3.0,
  "spacing_z": 3.299999952316284,
  "summary_bg_k": 32.85795119321584,
  "summary_bg_mad": 8.26108293077731,
  "summary_bg_mean": 62.58134078979492,
  "summary_bg_median": 33.08230209350586,
  "summary_bg_n": 100502.0,
  "summary_bg_p05": 25.711933135986328,
  "summary_bg_p95": 211.8925834655759,
  "summary_bg_stdv": 82.32312774658203,
  "summary_fg_k": 2.090511244915623,
  "summary_fg_mad": 237.16753514297127,
  "summary_fg_mean": 834.1572265625,
  "summary_fg_median": 776.841552734375,
  "summary_fg_n": 38022.0,
  "summary_fg_p05": 479.84524383544925,
  "summary_fg_p95": 1409.6935363769526,
  "summary_fg_stdv": 285.29486083984375,
  "tsnr": 33.32286030659452
}