{
  "aor": 0.006120980392156863,
  "aqi": 0.008784354379084968,
  "bids_meta": {
    "AcquisitionNumber": 1,
    "AcquisitionTime": "11:19:53.942500",
    "BandwidthPerPixelPhaseEncode": 29.481,
    "ConversionSoftware": "dcm2niix",
    "ConversionSoftwareVersion": "v1.0.20170724 GCC4.4.7",
    "DeviceSerialNumber": "35414",
    "EchoTime": 0.025,
    "EffectiveEchoSpacing": 0.000530002,
    "FlipAngle": 90,
    "ImageType": [
      "ORIGINAL",
      "PRIMARY",
      "M",
      "ND",
      "MOSAIC"
    ],
    "InstitutionAddress": "Mikeletegi_69_San_Sebastian_District_ES_20009",
    "InstitutionName": "BCBL",
    "MagneticFieldStrength": 3,
    "Manufacturer": "Siemens",
    "ManufacturersModelName": "TrioTim",
    "PhaseEncodingDirection": "j-",
    "PhaseEncodingLines": 64,
    "ProcedureStepDescription": "CRANEO_FUNCIONAL",
    "ProtocolName": "ep2d_VF_L3_Run1",
    "RepetitionTime": 3,
    "ScanningSequence": "EP",
    "SequenceName": "_epfid2d1_64",
    "SequenceVariant": "SK",
    "SeriesDescription": "ep2d_VF_L3_Run1",
    "SliceTiming": [
      2.92,
      2.85,
      2.7825,
      2.7125,
      2.6425,
      2.5725,
      2.5025,
      2.435,
      2.365,
      2.295,
      2.225,
      2.155,
      2.085,
      2.0175,
      1.9475,
      1.8775,
      1.8075,
      1.7375,
      1.6675,
      1.6,
      1.53,
      1.46,
      1.39,
      1.32,
      1.25,
      1.1825,
      1.1125,
      1.0425,
      0.9725,
      0.9025,
      0.835,
      0.765,
      0.695,
      0.625,
      0.555,
      0.485,
      0.4175,
      0.3475,
      0.2775,
      0.2075,
      0.1375,
      0.0675,
      0
    ],
    "SoftwareVersions": "syngo_MR_B17",
    "TaskName": "prodLn",
    "TotalReadoutTime": 0.0333901,
    "dataset": "ds003545",
    "modality": "bold",
    "run_id": 1,
    "session_id": "02",
    "subject_id": "08",
    "task_id": "prodLn"
  },
  "dummy_trs": 0,
  "dvars_nstd": 46.51680214782895,
  "dvars_std": 1.2271384538815788,
  "dvars_vstd": 1.0172048157236846,
  "efc": 0.5556417672364995,
  "fber": 516.9506225585938,
  "fd_mean": 0.6208080271955742,
  "fd_num": 134,
  "fd_perc": 87.58169934640523,
  "fwhm_avg": 2.8644612257476623,
  "fwhm_x": 2.7409033333333332,
  "fwhm_y": 3.0233833333333333,
  "fwhm_z": 2.8290970105763202,
  "gcor": 0.0268742,
  "gsr_x": -0.012951654382050037,
  "gsr_y": 0.08922997117042542,
  "provenance": {
    "md5sum": "ca8f32c2c53f8109598bd2767c3bb6ab",
    "settings": {
      "fd_thres": 0.2,
      "testing": false
    },
    "software": "mriqc",
    "version": "22.0.6",
    "webapi_port": null,
    "webapi_url": "https://mriqc.nimh.nih.gov/api/v1"
  },
  "size_t": 153,
  "size_x": 64,
  "size_y": 64,
  "size_z": 43,
  "snr": 2.7069831853017496,
  "spacing_tr": 3.0,
  "spacing_x": 3.0,
  "spacing_y": 3.0,
  "spacing_z": 3.299999952316284,
  "summary_bg_k": 32.17272317239121,
  "summary_bg_mad": 9.467337380115504,
  "summary_bg_mean": 62.771724700927734,
  "summary_bg_median": 33.66666793823242,
  "summary_bg_n": 100722.0,
  "summary_bg_p05": 23.980719280242923,
  "summary_bg_p95": 212.38365936279286,
  "summary_bg_stdv": 82.58016204833984,
  "summary_fg_k": 2.1746321537932305,
  "summary_fg_mad": 236.67856779142738,
  "summary_fg_mean": 833.2778930664062,
  "summary_fg_median": 775.6372680664062,
  "summary_fg_n": 37824.0,
  "summary_fg_p05": 479.193798828125,
  "summary_fg_p95": 1413.4111328124998,
  "summary_fg_stdv": 286.5281982421875,
  "tsnr": 37.35823565162718
}