{
  "aor": 0.006133405405405405,
  "aqi": 0.002446525081081081,
  "bids_meta": {
    "AcquisitionNumber": 1,
    "AcquisitionTime": "10:02:39.027500",
    "BandwidthPerPixelPhaseEncode": 28.409,
    "ConversionSoftware": "dcm2niix",
    "ConversionSoftwareVersion": "v1.0.20170724 GCC4.4.7",
    "DeviceSerialNumber": "35414",
    "EchoTime": 0.03,
    "EffectiveEchoSpacing": 0.000550002,
    "FlipAngle": 80,
    "ImageType": [
      "ORIGINAL",
      "PRIMARY",
      "FMRI",
      "NONE",
      "ND",
      "MOSAIC"
    ],
    "InstitutionAddress": "Mikeletegi_69_San_Sebastian_District_ES_20009",
    "InstitutionName": "BCBL",
    "MagneticFieldStrength": 3,
    "Manufacturer": "Siemens",
    "ManufacturersModelName": "TrioTim",
    "PhaseEncodingDirection": "j-",
    "PhaseEncodingLines": 64,
    "ProcedureStepDescription": "CRANEO_FUNCIONAL",
    "ProtocolName": "ep2d_PiN_L1_Run2",
    "RepetitionTime": 2,
    "ScanningSequence": "EP",
    "SequenceName": "_epfid2d1_64",
    "SequenceVariant": "SK",
    "SeriesDescription": "ep2d_PiN_L1_Run2",
    "SliceTiming": [
      1.925,
      1.8625,
      1.8,
      1.7375,
      1.6775,
      1.615,
      1.5525,
      1.49,
      1.4275,
      1.365,
      1.305,
      1.2425,
      1.18,
      1.1175,
      1.055,
      0.9925,
      0.9325,
      0.87,
      0.8075,
      0.745,
      0.6825,
      0.62,
      0.5575,
      0.4975,
      0.435,
      0.3725,
      0.31,
      0.2475,
      0.185,
      0.125,
      0.0625,
      0
    ],
    "SoftwareVersions": "syngo_MR_B17",
    "TaskName": "compL1",
    "TotalReadoutTime": 0.0346501,
    "dataset": "ds003545",
    "modality": "bold",
    "run_id": 2,
    "session_id": "02",
    "subject_id": "08",
    "task_id": "compL1"
  },
  "dummy_trs": 1,
  "dvars_nstd": 24.91836311532609,
  "dvars_std": 1.304684688532609,
  "dvars_vstd": 1.0539393052173909,
  "efc": 0.4859644842952735,
  "fber": 989.099853515625,
  "fd_mean": 0.21445100126303343,
  "fd_num": 68,
  "fd_perc": 36.75675675675676,
  "fwhm_avg": 2.9510835757575755,
  "fwhm_x": 2.892695272727273,
  "fwhm_y": 3.1515054545454544,
  "fwhm_z": 2.80905,
  "gcor": 0.0462652,
  "gsr_x": -0.02300545759499073,
  "gsr_y": 0.05220012739300728,
  "provenance": {
    "md5sum": "91958eec4e4d7d09a11a580c06f3455f",
    "settings": {
      "fd_thres": 0.2,
      "testing": false
    },
    "software": "mriqc",
    "version": "22.0.6",
    "webapi_port": null,
    "webapi_url": "https://mriqc.nimh.nih.gov/api/v1"
  },
  "size_t": 185,
  "size_x": 64,
  "size_y": 64,
  "size_z": 32,
  "snr": 2.5317480695592605,
  "spacing_tr": 2.0,
  "spacing_x": 3.4375,
  "spacing_y": 3.4375,
  "spacing_z": 4.0,
  "summary_bg_k": 55.76317932231757,
  "summary_bg_mad": 4.415750269047957,
  "summary_bg_mean": 35.31293487548828,
  "summary_bg_median": 20.054054260253906,
  "summary_bg_n": 80619.0,
  "summary_bg_p05": 16.659460067749023,
  "summary_bg_p95": 107.37297821044922,
  "summary_bg_stdv": 50.53251647949219,
  "summary_fg_k": 2.0367813010538978,
  "summary_fg_mad": 196.22444871260865,
  "summary_fg_mean": 692.6416625976562,
  "summary_fg_median": 635.2432861328125,
  "summary_fg_n": 21733.0,
  "summary_fg_p05": 397.1156860351563,
  "summary_fg_p95": 1210.1892089843745,
  "summary_fg_stdv": 250.90516662597656,
  "tsnr": 79.50832820066717
}