{
  "aor": 0.003966502057613169,
  "aqi": 0.014122190370370371,
  "bids_meta": {
    "AcquisitionNumber": 1,
    "AcquisitionTime": "10:28:51.362500",
    "BandwidthPerPixelPhaseEncode": 29.481,
    "ConversionSoftware": "dcm2niix",
    "ConversionSoftwareVersion": "v1.0.20170724 GCC4.4.7",
    "DeviceSerialNumber": "35414",
    "EchoTime": 0.025,
    "EffectiveEchoSpacing": 0.000530002,
    "FlipAngle": 90,
    "ImageType": [
      "ORIGINAL",
      "PRIMARY",
      "M",
      "ND",
      "MOSAIC"
    ],
    "InstitutionAddress": "Mikeletegi_69_San_Sebastian_District_ES_20009",
    "InstitutionName": "BCBL",
    "MagneticFieldStrength": 3,
    "Manufacturer": "Siemens",
    "ManufacturersModelName": "TrioTim",
    "PhaseEncodingDirection": "j-",
    "PhaseEncodingLines": 64,
    "ProcedureStepDescription": "CRANEO_FUNCIONAL",
    "ProtocolName": "ep2d_VF_L1_Run2",
    "RepetitionTime": 3,
    "ScanningSequence": "EP",
    "SequenceName": "_epfid2d1_64",
    "SequenceVariant": "SK",
    "SeriesDescription": "ep2d_VF_L1_Run2",
    "SliceTiming": [
      2.9225,
      2.8525,
      2.7825,
      2.7125,
      2.645,
      2.575,
      2.505,
      2.435,
      2.365,
      2.295,
      2.2275,
      2.1575,
      2.0875,
      2.0175,
      1.9475,
      1.8775,
      1.81,
      1.74,
      1.67,
      1.6,
      1.53,
      1.4625,
      1.3925,
      1.3225,
      1.2525,
      1.1825,
      1.1125,
      1.045,
      0.975,
      0.905,
      0.835,
      0.765,
      0.695,
      0.6275,
      0.5575,
      0.4875,
      0.4175,
      0.3475,
      0.2775,
      0.21,
      0.14,
      0.07,
      0
    ],
    "SoftwareVersions": "syngo_MR_B17",
    "TaskName": "prodL1",
    "TotalReadoutTime": 0.0333901,
    "dataset": "ds003545",
    "modality": "bold",
    "run_id": 2,
    "session_id": "02",
    "subject_id": "08",
    "task_id": "prodL1"
  },
  "dummy_trs": 0,
  "dvars_nstd": 64.49156387561983,
  "dvars_std": 1.2211719414462803,
  "dvars_vstd": 0.9769999180165286,
  "efc": 0.5608429696032934,
  "fber": 377.2742919921875,
  "fd_mean": 0.896843587577348,
  "fd_num": 223,
  "fd_perc": 91.76954732510288,
  "fwhm_avg": 3.0211401152806823,
  "fwhm_x": 2.91931,
  "fwhm_y": 3.1812799999999997,
  "fwhm_z": 2.9628303458420486,
  "gcor": 0.045147,
  "gsr_x": -0.016507353633642197,
  "gsr_y": 0.08788798749446869,
  "provenance": {
    "md5sum": "b368659779606999d1ecfdb31b26ab10",
    "settings": {
      "fd_thres": 0.2,
      "testing": false
    },
    "software": "mriqc",
    "version": "22.0.6",
    "webapi_port": null,
    "webapi_url": "https://mriqc.nimh.nih.gov/api/v1"
  },
  "size_t": 243,
  "size_x": 64,
  "size_y": 64,
  "size_z": 43,
  "snr": 2.476147499576897,
  "spacing_tr": 3.0,
  "spacing_x": 3.0,
  "spacing_y": 3.0,
  "spacing_z": 3.299999952316284,
  "summary_bg_k": 37.38673420206795,
  "summary_bg_mad": 7.39470931648475,
  "summary_bg_mean": 69.7290267944336,
  "summary_bg_median": 39.61728286743164,
  "summary_bg_n": 100258.0,
  "summary_bg_p05": 33.646087646484375,
  "summary_bg_p95": 216.50328063964838,
  "summary_bg_stdv": 85.51954650878906,
  "summary_fg_k": 2.312412174148254,
  "summary_fg_mad": 246.89290437701436,
  "summary_fg_mean": 854.690673828125,
  "summary_fg_median": 782.1316528320312,
  "summary_fg_n": 37971.0,
  "summary_fg_p05": 484.0781707763672,
  "summary_fg_p95": 1510.5122680664062,
  "summary_fg_stdv": 315.8621826171875,
  "tsnr": 28.96329498302657
}