{
  "aor": 0.007408118279569893,
  "aqi": 0.004848036182795699,
  "bids_meta": {
    "AcquisitionNumber": 1,
    "AcquisitionTime": "11:11:14.267500",
    "BandwidthPerPixelPhaseEncode": 28.409,
    "ConversionSoftware": "dcm2niix",
    "ConversionSoftwareVersion": "v1.0.20170724 GCC4.4.7",
    "DeviceSerialNumber": "35414",
    "EchoTime": 0.03,
    "EffectiveEchoSpacing": 0.000550002,
    "FlipAngle": 80,
    "ImageType": [
      "ORIGINAL",
      "PRIMARY",
      "FMRI",
      "NONE",
      "ND",
      "MOSAIC"
    ],
    "InstitutionAddress": "Mikeletegi_69_San_Sebastian_District_ES_20009",
    "InstitutionName": "BCBL",
    "MagneticFieldStrength": 3,
    "Manufacturer": "Siemens",
    "ManufacturersModelName": "TrioTim",
    "PhaseEncodingDirection": "j-",
    "PhaseEncodingLines": 64,
    "ProcedureStepDescription": "CRANEO_FUNCIONAL",
    "ProtocolName": "ep2d_PiN_L3_Run2",
    "RepetitionTime": 2,
    "ScanningSequence": "EP",
    "SequenceName": "_epfid2d1_64",
    "SequenceVariant": "SK",
    "SeriesDescription": "ep2d_PiN_L3_Run2",
    "SliceTiming": [
      1.925,
      1.8625,
      1.8,
      1.74,
      1.6775,
      1.615,
      1.5525,
      1.49,
      1.4275,
      1.365,
      1.305,
      1.2425,
      1.18,
      1.1175,
      1.055,
      0.9925,
      0.9325,
      0.87,
      0.8075,
      0.745,
      0.6825,
      0.62,
      0.5575,
      0.4975,
      0.435,
      0.3725,
      0.31,
      0.2475,
      0.185,
      0.125,
      0.0625,
      0
    ],
    "SoftwareVersions": "syngo_MR_B17",
    "TaskName": "compLn",
    "TotalReadoutTime": 0.0346501,
    "dataset": "ds003545",
    "modality": "bold",
    "run_id": 2,
    "session_id": "02",
    "subject_id": "08",
    "task_id": "compLn"
  },
  "dummy_trs": 0,
  "dvars_nstd": 26.092511119945964,
  "dvars_std": 1.2250720919459457,
  "dvars_vstd": 1.0307769891351355,
  "efc": 0.48925276413506996,
  "fber": 1203.084716796875,
  "fd_mean": 0.3083161877700346,
  "fd_num": 102,
  "fd_perc": 54.83870967741935,
  "fwhm_avg": 2.7287958484848485,
  "fwhm_x": 2.6636480000000002,
  "fwhm_y": 2.970414545454546,
  "fwhm_z": 2.552325,
  "gcor": 0.0384286,
  "gsr_x": -0.020263781771063805,
  "gsr_y": 0.05040077120065689,
  "provenance": {
    "md5sum": "e65fd98d8b270a6e6e15b43b4d012211",
    "settings": {
      "fd_thres": 0.2,
      "testing": false
    },
    "software": "mriqc",
    "version": "22.0.6",
    "webapi_port": null,
    "webapi_url": "https://mriqc.nimh.nih.gov/api/v1"
  },
  "size_t": 186,
  "size_x": 64,
  "size_y": 64,
  "size_z": 32,
  "snr": 2.9091618420024234,
  "spacing_tr": 2.0,
  "spacing_x": 3.4375,
  "spacing_y": 3.4375,
  "spacing_z": 4.0,
  "summary_bg_k": 51.48748195754409,
  "summary_bg_mad": 4.503604166950299,
  "summary_bg_mean": 33.27309036254883,
  "summary_bg_median": 17.897850036621094,
  "summary_bg_n": 80435.0,
  "summary_bg_p05": 14.290322303771973,
  "summary_bg_p95": 108.78816986083987,
  "summary_bg_stdv": 49.3203010559082,
  "summary_fg_k": 1.891675501619038,
  "summary_fg_mad": 178.1354166766558,
  "summary_fg_mean": 665.3453369140625,
  "summary_fg_median": 625.263427734375,
  "summary_fg_n": 21869.0,
  "summary_fg_p05": 393.9300964355469,
  "summary_fg_p95": 1095.9816894531248,
  "summary_fg_stdv": 214.9241485595703,
  "tsnr": 54.647571969777346
}