{
  "aor": 0.008608440860215052,
  "aqi": 0.005901914139784946,
  "bids_meta": {
    "AcquisitionNumber": 1,
    "AcquisitionTime": "12:23:9.372500",
    "BandwidthPerPixelPhaseEncode": 28.409,
    "ConversionSoftware": "dcm2niix",
    "ConversionSoftwareVersion": "v1.0.20170724 GCC4.4.7",
    "DeviceSerialNumber": "35414",
    "EchoTime": 0.03,
    "EffectiveEchoSpacing": 0.000550002,
    "FlipAngle": 80,
    "ImageType": [
      "ORIGINAL",
      "PRIMARY",
      "FMRI",
      "NONE",
      "ND",
      "MOSAIC"
    ],
    "InstitutionAddress": "Mikeletegi_69_San_Sebastian_District_ES_20009",
    "InstitutionName": "BCBL",
    "MagneticFieldStrength": 3,
    "Manufacturer": "Siemens",
    "ManufacturersModelName": "TrioTim",
    "PhaseEncodingDirection": "j-",
    "PhaseEncodingLines": 64,
    "ProcedureStepDescription": "CRANEO_FUNCIONAL",
    "ProtocolName": "ep2d_PiN_L3_Run1",
    "RepetitionTime": 2,
    "ScanningSequence": "EP",
    "SequenceName": "_epfid2d1_64",
    "SequenceVariant": "SK",
    "SeriesDescription": "ep2d_PiN_L3_Run1",
    "SliceTiming": [
      1.9275,
      1.865,
      1.8025,
      1.74,
      1.6775,
      1.615,
      1.555,
      1.4925,
      1.43,
      1.3675,
      1.305,
      1.2425,
      1.18,
      1.12,
      1.0575,
      0.995,
      0.9325,
      0.87,
      0.8075,
      0.7475,
      0.685,
      0.6225,
      0.56,
      0.4975,
      0.435,
      0.375,
      0.3125,
      0.25,
      0.1875,
      0.125,
      0.0625,
      0
    ],
    "SoftwareVersions": "syngo_MR_B17",
    "TaskName": "compLn",
    "TotalReadoutTime": 0.0346501,
    "dataset": "ds003545",
    "modality": "bold",
    "run_id": 1,
    "session_id": "02",
    "subject_id": "09",
    "task_id": "compLn"
  },
  "dummy_trs": 0,
  "dvars_nstd": 29.256166231405434,
  "dvars_std": 1.2865154656756759,
  "dvars_vstd": 1.0008375871351347,
  "efc": 0.4937311060933956,
  "fber": 1029.2027587890625,
  "fd_mean": 0.2677916942867929,
  "fd_num": 97,
  "fd_perc": 52.1505376344086,
  "fwhm_avg": 3.077419696969697,
  "fwhm_x": 3.113134545454545,
  "fwhm_y": 3.248174545454545,
  "fwhm_z": 2.87095,
  "gcor": 0.0298669,
  "gsr_x": -0.02134048007428646,
  "gsr_y": 0.06185322254896164,
  "provenance": {
    "md5sum": "0ea8ab83f012c0f8012b4807f8017aad",
    "settings": {
      "fd_thres": 0.2,
      "testing": false
    },
    "software": "mriqc",
    "version": "22.0.6",
    "webapi_port": null,
    "webapi_url": "https://mriqc.nimh.nih.gov/api/v1"
  },
  "size_t": 186,
  "size_x": 64,
  "size_y": 64,
  "size_z": 32,
  "snr": 2.4551264967524062,
  "spacing_tr": 2.0,
  "spacing_x": 3.4375,
  "spacing_y": 3.4375,
  "spacing_z": 4.0,
  "summary_bg_k": 46.36485931534796,
  "summary_bg_mad": 6.815187480493203,
  "summary_bg_mean": 40.37100601196289,
  "summary_bg_median": 20.080644607543945,
  "summary_bg_n": 79617.0,
  "summary_bg_p05": 14.23655891418457,
  "summary_bg_p95": 139.22257995605466,
  "summary_bg_stdv": 61.07293701171875,
  "summary_fg_k": 2.908009743850738,
  "summary_fg_mad": 202.44687158560063,
  "summary_fg_mean": 712.5831298828125,
  "summary_fg_median": 651.6666870117188,
  "summary_fg_n": 21735.0,
  "summary_fg_p05": 410.4817199707031,
  "summary_fg_p95": 1265.577990722656,
  "summary_fg_stdv": 265.4248962402344,
  "tsnr": 57.02658816729672
}