{
  "aor": 0.009923827160493828,
  "aqi": 0.01309040267489712,
  "bids_meta": {
    "AcquisitionNumber": 1,
    "AcquisitionTime": "14:19:42.032500",
    "BandwidthPerPixelPhaseEncode": 29.481,
    "ConversionSoftware": "dcm2niix",
    "ConversionSoftwareVersion": "v1.0.20170724 GCC4.4.7",
    "DeviceSerialNumber": "35414",
    "EchoTime": 0.025,
    "EffectiveEchoSpacing": 0.000530002,
    "FlipAngle": 90,
    "ImageType": [
      "ORIGINAL",
      "PRIMARY",
      "M",
      "ND",
      "MOSAIC"
    ],
    "InstitutionAddress": "Mikeletegi_69_San_Sebastian_District_ES_20009",
    "InstitutionName": "BCBL",
    "MagneticFieldStrength": 3,
    "Manufacturer": "Siemens",
    "ManufacturersModelName": "TrioTim",
    "PhaseEncodingDirection": "j-",
    "PhaseEncodingLines": 64,
    "ProcedureStepDescription": "CRANEO_FUNCIONAL",
    "ProtocolName": "ep2d_VF_L1_Run2",
    "RepetitionTime": 3,
    "ScanningSequence": "EP",
    "SequenceName": "_epfid2d1_64",
    "SequenceVariant": "SK",
    "SeriesDescription": "ep2d_VF_L1_Run2",
    "SliceTiming": [
      2.9225,
      2.8525,
      2.7825,
      2.715,
      2.645,
      2.575,
      2.505,
      2.435,
      2.365,
      2.2975,
      2.2275,
      2.1575,
      2.0875,
      2.0175,
      1.9475,
      1.88,
      1.81,
      1.74,
      1.67,
      1.6,
      1.53,
      1.4625,
      1.3925,
      1.3225,
      1.2525,
      1.1825,
      1.115,
      1.045,
      0.975,
      0.905,
      0.835,
      0.765,
      0.6975,
      0.6275,
      0.5575,
      0.4875,
      0.4175,
      0.3475,
      0.28,
      0.21,
      0.14,
      0.07,
      0
    ],
    "SoftwareVersions": "syngo_MR_B17",
    "TaskName": "prodL1",
    "TotalReadoutTime": 0.0333901,
    "dataset": "ds003545",
    "modality": "bold",
    "run_id": 2,
    "session_id": "02",
    "subject_id": "09",
    "task_id": "prodL1"
  },
  "dummy_trs": 0,
  "dvars_nstd": 56.6570153118595,
  "dvars_std": 1.31407064607438,
  "dvars_vstd": 1.042819186528926,
  "efc": 0.5681362886300889,
  "fber": 431.31451416015625,
  "fd_mean": 0.7229186768052366,
  "fd_num": 193,
  "fd_perc": 79.42386831275721,
  "fwhm_avg": 3.219110116208027,
  "fwhm_x": 3.2042533333333334,
  "fwhm_y": 3.2977133333333337,
  "fwhm_z": 3.1553636819574136,
  "gcor": 0.0410146,
  "gsr_x": -0.01747261919081211,
  "gsr_y": 0.10766538977622986,
  "provenance": {
    "md5sum": "f658444ed627c61df9bd48e4f8c0aced",
    "settings": {
      "fd_thres": 0.2,
      "testing": false
    },
    "software": "mriqc",
    "version": "22.0.6",
    "webapi_port": null,
    "webapi_url": "https://mriqc.nimh.nih.gov/api/v1"
  },
  "size_t": 243,
  "size_x": 64,
  "size_y": 64,
  "size_z": 43,
  "snr": 2.3017182573156068,
  "spacing_tr": 3.0,
  "spacing_x": 3.0,
  "spacing_y": 3.0,
  "spacing_z": 3.299999952316284,
  "summary_bg_k": 22.374628900828437,
  "summary_bg_mad": 14.960251233796034,
  "summary_bg_mean": 82.56901550292969,
  "summary_bg_median": 38.189300537109375,
  "summary_bg_n": 98484.0,
  "summary_bg_p05": 27.19753074645996,
  "summary_bg_p95": 302.7806549072265,
  "summary_bg_stdv": 111.95437622070312,
  "summary_fg_k": 3.6653466307870657,
  "summary_fg_mad": 268.5584518416236,
  "summary_fg_mean": 900.8616943359375,
  "summary_fg_median": 819.4300537109375,
  "summary_fg_n": 38050.0,
  "summary_fg_p05": 502.75142059326174,
  "summary_fg_p95": 1625.8096191406248,
  "summary_fg_stdv": 356.0032958984375,
  "tsnr": 33.49866823386401
}