{
  "aor": 0.0019676344086021506,
  "aqi": 0.0054346381182795705,
  "bids_meta": {
    "AcquisitionNumber": 1,
    "AcquisitionTime": "12:30:35.302500",
    "BandwidthPerPixelPhaseEncode": 28.409,
    "ConversionSoftware": "dcm2niix",
    "ConversionSoftwareVersion": "v1.0.20170724 GCC4.4.7",
    "DeviceSerialNumber": "35414",
    "EchoTime": 0.03,
    "EffectiveEchoSpacing": 0.000550002,
    "FlipAngle": 80,
    "ImageType": [
      "ORIGINAL",
      "PRIMARY",
      "FMRI",
      "NONE",
      "ND",
      "MOSAIC"
    ],
    "InstitutionAddress": "Mikeletegi_69_San_Sebastian_District_ES_20009",
    "InstitutionName": "BCBL",
    "MagneticFieldStrength": 3,
    "Manufacturer": "Siemens",
    "ManufacturersModelName": "TrioTim",
    "PhaseEncodingDirection": "j-",
    "PhaseEncodingLines": 64,
    "ProcedureStepDescription": "CRANEO_FUNCIONAL",
    "ProtocolName": "ep2d_PiN_L3_Run2",
    "RepetitionTime": 2,
    "ScanningSequence": "EP",
    "SequenceName": "_epfid2d1_64",
    "SequenceVariant": "SK",
    "SeriesDescription": "ep2d_PiN_L3_Run2",
    "SliceTiming": [
      1.925,
      1.8625,
      1.8,
      1.74,
      1.6775,
      1.615,
      1.5525,
      1.49,
      1.4275,
      1.3675,
      1.305,
      1.2425,
      1.18,
      1.1175,
      1.055,
      0.9925,
      0.9325,
      0.87,
      0.8075,
      0.745,
      0.6825,
      0.62,
      0.56,
      0.4975,
      0.435,
      0.3725,
      0.31,
      0.2475,
      0.1875,
      0.125,
      0.0625,
      0
    ],
    "SoftwareVersions": "syngo_MR_B17",
    "TaskName": "compLn",
    "TotalReadoutTime": 0.0346501,
    "dataset": "ds003545",
    "modality": "bold",
    "run_id": 2,
    "session_id": "02",
    "subject_id": "09",
    "task_id": "compLn"
  },
  "dummy_trs": 0,
  "dvars_nstd": 27.644550220378353,
  "dvars_std": 1.3536624612432426,
  "dvars_vstd": 1.0027849171351355,
  "efc": 0.49504701320344413,
  "fber": 1000.404296875,
  "fd_mean": 0.1973099911549583,
  "fd_num": 85,
  "fd_perc": 45.69892473118279,
  "fwhm_avg": 3.135799696969697,
  "fwhm_x": 3.1104872727272728,
  "fwhm_y": 3.325061818181818,
  "fwhm_z": 2.97185,
  "gcor": 0.055682,
  "gsr_x": -0.02217015065252781,
  "gsr_y": 0.06311997026205063,
  "provenance": {
    "md5sum": "256e03f900b8608340553336373e4de6",
    "settings": {
      "fd_thres": 0.2,
      "testing": false
    },
    "software": "mriqc",
    "version": "22.0.6",
    "webapi_port": null,
    "webapi_url": "https://mriqc.nimh.nih.gov/api/v1"
  },
  "size_t": 186,
  "size_x": 64,
  "size_y": 64,
  "size_z": 32,
  "snr": 2.457245494778338,
  "spacing_tr": 2.0,
  "spacing_x": 3.4375,
  "spacing_y": 3.4375,
  "spacing_z": 4.0,
  "summary_bg_k": 52.83016178100516,
  "summary_bg_mad": 6.153596091917066,
  "summary_bg_mean": 41.46936798095703,
  "summary_bg_median": 20.365591049194336,
  "summary_bg_n": 79722.0,
  "summary_bg_p05": 15.811827659606934,
  "summary_bg_p95": 142.9126274108886,
  "summary_bg_stdv": 64.08543395996094,
  "summary_fg_k": 2.8761134664761325,
  "summary_fg_mad": 203.14835671730566,
  "summary_fg_mean": 713.4277954101562,
  "summary_fg_median": 653.0886840820312,
  "summary_fg_n": 21622.0,
  "summary_fg_p05": 411.3532211303711,
  "summary_fg_p95": 1267.161236572266,
  "summary_fg_stdv": 265.774658203125,
  "tsnr": 74.15962371299975
}