{
  "aor": 0.004172419354838709,
  "aqi": 0.004512158709677419,
  "bids_meta": {
    "AcquisitionNumber": 1,
    "AcquisitionTime": "16:30:1.877500",
    "BandwidthPerPixelPhaseEncode": 28.409,
    "ConversionSoftware": "dcm2niix",
    "ConversionSoftwareVersion": "v1.0.20170724 GCC4.4.7",
    "DeviceSerialNumber": "35414",
    "EchoTime": 0.03,
    "EffectiveEchoSpacing": 0.000550002,
    "FlipAngle": 80,
    "ImageType": [
      "ORIGINAL",
      "PRIMARY",
      "FMRI",
      "NONE",
      "ND",
      "MOSAIC"
    ],
    "InstitutionAddress": "Mikeletegi_69_San_Sebastian_District_ES_20009",
    "InstitutionName": "BCBL",
    "MagneticFieldStrength": 3,
    "Manufacturer": "Siemens",
    "ManufacturersModelName": "TrioTim",
    "PhaseEncodingDirection": "j-",
    "PhaseEncodingLines": 64,
    "ProcedureStepDescription": "CRANEO_FUNCIONAL",
    "ProtocolName": "ep2d_PiN_L3_Run1",
    "RepetitionTime": 2,
    "ScanningSequence": "EP",
    "SequenceName": "_epfid2d1_64",
    "SequenceVariant": "SK",
    "SeriesDescription": "ep2d_PiN_L3_Run1",
    "SliceTiming": [
      1.9275,
      1.865,
      1.8025,
      1.74,
      1.6775,
      1.615,
      1.555,
      1.4925,
      1.43,
      1.3675,
      1.305,
      1.2425,
      1.1825,
      1.12,
      1.0575,
      0.995,
      0.9325,
      0.87,
      0.8075,
      0.7475,
      0.685,
      0.6225,
      0.56,
      0.4975,
      0.435,
      0.375,
      0.3125,
      0.25,
      0.1875,
      0.125,
      0.0625,
      0
    ],
    "SoftwareVersions": "syngo_MR_B17",
    "TaskName": "compLn",
    "TotalReadoutTime": 0.0346501,
    "dataset": "ds003545",
    "modality": "bold",
    "run_id": 1,
    "session_id": "01",
    "subject_id": "10",
    "task_id": "compLn"
  },
  "dummy_trs": 0,
  "dvars_nstd": 23.42871189632432,
  "dvars_std": 1.2512586817297293,
  "dvars_vstd": 0.999472435891892,
  "efc": 0.5054340607935995,
  "fber": 1197.140380859375,
  "fd_mean": 0.26466346786837486,
  "fd_num": 112,
  "fd_perc": 60.215053763440864,
  "fwhm_avg": 3.0186728787878785,
  "fwhm_x": 2.985803636363636,
  "fwhm_y": 3.1846400000000004,
  "fwhm_z": 2.885575,
  "gcor": 0.0196698,
  "gsr_x": -0.02055882290005684,
  "gsr_y": 0.06745082885026932,
  "provenance": {
    "md5sum": "61a5da089e94bdea693bcc87d5a5679c",
    "settings": {
      "fd_thres": 0.2,
      "testing": false
    },
    "software": "mriqc",
    "version": "22.0.6",
    "webapi_port": null,
    "webapi_url": "https://mriqc.nimh.nih.gov/api/v1"
  },
  "size_t": 186,
  "size_x": 64,
  "size_y": 64,
  "size_z": 32,
  "snr": 2.6600455757223465,
  "spacing_tr": 2.0,
  "spacing_x": 3.4375,
  "spacing_y": 3.4375,
  "spacing_z": 4.0,
  "summary_bg_k": 47.49567738221379,
  "summary_bg_mad": 7.47677886906934,
  "summary_bg_mean": 44.39750671386719,
  "summary_bg_median": 19.037633895874023,
  "summary_bg_n": 78782.0,
  "summary_bg_p05": 13.397849082946777,
  "summary_bg_p95": 166.81102218627925,
  "summary_bg_stdv": 74.24571228027344,
  "summary_fg_k": 2.839913100543261,
  "summary_fg_mad": 197.74804328981682,
  "summary_fg_mean": 710.2021484375,
  "summary_fg_median": 658.3817138671875,
  "summary_fg_n": 23144.0,
  "summary_fg_p05": 420.7064468383789,
  "summary_fg_p95": 1214.476330566406,
  "summary_fg_stdv": 247.50233459472656,
  "tsnr": 63.21476413868368
}