{
  "aor": 0.007185473251028807,
  "aqi": 0.010779247942386832,
  "bids_meta": {
    "AcquisitionNumber": 1,
    "AcquisitionTime": "16:53:27.145000",
    "BandwidthPerPixelPhaseEncode": 29.481,
    "ConversionSoftware": "dcm2niix",
    "ConversionSoftwareVersion": "v1.0.20170724 GCC4.4.7",
    "DeviceSerialNumber": "35414",
    "EchoTime": 0.025,
    "EffectiveEchoSpacing": 0.000530002,
    "FlipAngle": 90,
    "ImageType": [
      "ORIGINAL",
      "PRIMARY",
      "M",
      "ND",
      "MOSAIC"
    ],
    "InstitutionAddress": "Mikeletegi_69_San_Sebastian_District_ES_20009",
    "InstitutionName": "BCBL",
    "MagneticFieldStrength": 3,
    "Manufacturer": "Siemens",
    "ManufacturersModelName": "TrioTim",
    "PhaseEncodingDirection": "j-",
    "PhaseEncodingLines": 64,
    "ProcedureStepDescription": "CRANEO_FUNCIONAL",
    "ProtocolName": "ep2d_VF_L1_Run2",
    "RepetitionTime": 3,
    "ScanningSequence": "EP",
    "SequenceName": "_epfid2d1_64",
    "SequenceVariant": "SK",
    "SeriesDescription": "ep2d_VF_L1_Run2",
    "SliceTiming": [
      2.92,
      2.85,
      2.7825,
      2.7125,
      2.6425,
      2.5725,
      2.5025,
      2.4325,
      2.365,
      2.295,
      2.225,
      2.155,
      2.085,
      2.015,
      1.9475,
      1.8775,
      1.8075,
      1.7375,
      1.6675,
      1.6,
      1.53,
      1.46,
      1.39,
      1.32,
      1.25,
      1.1825,
      1.1125,
      1.0425,
      0.9725,
      0.9025,
      0.8325,
      0.765,
      0.695,
      0.625,
      0.555,
      0.485,
      0.415,
      0.3475,
      0.2775,
      0.2075,
      0.1375,
      0.0675,
      0
    ],
    "SoftwareVersions": "syngo_MR_B17",
    "TaskName": "prodL1",
    "TotalReadoutTime": 0.0333901,
    "dataset": "ds003545",
    "modality": "bold",
    "run_id": 2,
    "session_id": "01",
    "subject_id": "10",
    "task_id": "prodL1"
  },
  "dummy_trs": 0,
  "dvars_nstd": 44.08718321954543,
  "dvars_std": 1.2147186648760318,
  "dvars_vstd": 1.0082183773140496,
  "efc": 0.5933447532290302,
  "fber": 342.71099853515625,
  "fd_mean": 0.659161306342452,
  "fd_num": 190,
  "fd_perc": 78.18930041152264,
  "fwhm_avg": 3.1170178192934337,
  "fwhm_x": 3.0618366666666668,
  "fwhm_y": 3.2011866666666666,
  "fwhm_z": 3.0880301245469686,
  "gcor": 0.0400833,
  "gsr_x": -0.021411050111055374,
  "gsr_y": 0.1337493509054184,
  "provenance": {
    "md5sum": "9fef99137e074db7a8bd2878f57edb93",
    "settings": {
      "fd_thres": 0.2,
      "testing": false
    },
    "software": "mriqc",
    "version": "22.0.6",
    "webapi_port": null,
    "webapi_url": "https://mriqc.nimh.nih.gov/api/v1"
  },
  "size_t": 243,
  "size_x": 64,
  "size_y": 64,
  "size_z": 43,
  "snr": 2.6209714287558246,
  "spacing_tr": 3.0,
  "spacing_x": 3.0,
  "spacing_y": 3.0,
  "spacing_z": 3.3000001907348633,
  "summary_bg_k": 21.8110471786824,
  "summary_bg_mad": 19.789386365190687,
  "summary_bg_mean": 100.30424499511719,
  "summary_bg_median": 42.981483459472656,
  "summary_bg_n": 98050.0,
  "summary_bg_p05": 28.201644897460938,
  "summary_bg_p95": 369.471794128418,
  "summary_bg_stdv": 139.33285522460938,
  "summary_fg_k": 3.2945948100689453,
  "summary_fg_mad": 241.36825651054681,
  "summary_fg_mean": 858.9617919921875,
  "summary_fg_median": 792.1728515625,
  "summary_fg_n": 39958.0,
  "summary_fg_p05": 509.79998779296875,
  "summary_fg_p95": 1469.3761352539068,
  "summary_fg_stdv": 302.2402038574219,
  "tsnr": 36.24504912440898
}