{
  "aor": 0.0034920576131687244,
  "aqi": 0.003878784897119341,
  "bids_meta": {
    "AcquisitionNumber": 1,
    "AcquisitionTime": "17:01:10.962500",
    "BandwidthPerPixelPhaseEncode": 29.481,
    "ConversionSoftware": "dcm2niix",
    "ConversionSoftwareVersion": "v1.0.20170724 GCC4.4.7",
    "DeviceSerialNumber": "35414",
    "EchoTime": 0.025,
    "EffectiveEchoSpacing": 0.000530002,
    "FlipAngle": 90,
    "ImageType": [
      "ORIGINAL",
      "PRIMARY",
      "M",
      "ND",
      "MOSAIC"
    ],
    "InstitutionAddress": "Mikeletegi_69_San_Sebastian_District_ES_20009",
    "InstitutionName": "BCBL",
    "MagneticFieldStrength": 3,
    "Manufacturer": "Siemens",
    "ManufacturersModelName": "TrioTim",
    "PhaseEncodingDirection": "j-",
    "PhaseEncodingLines": 64,
    "ProcedureStepDescription": "CRANEO_FUNCIONAL",
    "ProtocolName": "ep2d_VF_L3_Run2",
    "RepetitionTime": 3,
    "ScanningSequence": "EP",
    "SequenceName": "_epfid2d1_64",
    "SequenceVariant": "SK",
    "SeriesDescription": "ep2d_VF_L3_Run2",
    "SliceTiming": [
      2.9225,
      2.8525,
      2.7825,
      2.7125,
      2.645,
      2.575,
      2.505,
      2.435,
      2.365,
      2.295,
      2.2275,
      2.1575,
      2.0875,
      2.0175,
      1.9475,
      1.8775,
      1.81,
      1.74,
      1.67,
      1.6,
      1.53,
      1.4625,
      1.3925,
      1.3225,
      1.2525,
      1.1825,
      1.1125,
      1.045,
      0.975,
      0.905,
      0.835,
      0.765,
      0.695,
      0.6275,
      0.5575,
      0.4875,
      0.4175,
      0.3475,
      0.2775,
      0.21,
      0.14,
      0.07,
      0
    ],
    "SoftwareVersions": "syngo_MR_B17",
    "TaskName": "prodLn",
    "TotalReadoutTime": 0.0333901,
    "dataset": "ds003545",
    "modality": "bold",
    "run_id": 2,
    "session_id": "01",
    "subject_id": "10",
    "task_id": "prodLn"
  },
  "dummy_trs": 0,
  "dvars_nstd": 29.39373005326448,
  "dvars_std": 1.2908642243801653,
  "dvars_vstd": 1.02673314570248,
  "efc": 0.5792938107005129,
  "fber": 499.6636962890625,
  "fd_mean": 0.2293659310518411,
  "fd_num": 103,
  "fd_perc": 42.38683127572016,
  "fwhm_avg": 3.0434597386605,
  "fwhm_x": 2.9326899999999996,
  "fwhm_y": 3.11875,
  "fwhm_z": 3.0789392159815,
  "gcor": 0.064003,
  "gsr_x": -0.010858814232051373,
  "gsr_y": 0.12242662906646729,
  "provenance": {
    "md5sum": "4c1f939e5e0825a7d0c6ba940fb5ff0d",
    "settings": {
      "fd_thres": 0.2,
      "testing": false
    },
    "software": "mriqc",
    "version": "22.0.6",
    "webapi_port": null,
    "webapi_url": "https://mriqc.nimh.nih.gov/api/v1"
  },
  "size_t": 243,
  "size_x": 64,
  "size_y": 64,
  "size_z": 43,
  "snr": 2.7432277515965993,
  "spacing_tr": 3.0,
  "spacing_x": 3.0,
  "spacing_y": 3.0,
  "spacing_z": 3.3000001907348633,
  "summary_bg_k": 22.418725562180676,
  "summary_bg_mad": 14.118279044948052,
  "summary_bg_mean": 89.97066497802734,
  "summary_bg_median": 36.37860107421875,
  "summary_bg_n": 99679.0,
  "summary_bg_p05": 26.135801315307617,
  "summary_bg_p95": 352.70122680664014,
  "summary_bg_stdv": 132.5051727294922,
  "summary_fg_k": 2.507573181626995,
  "summary_fg_mad": 248.08263293339877,
  "summary_fg_mean": 880.2302856445312,
  "summary_fg_median": 818.1172485351562,
  "summary_fg_n": 39206.0,
  "summary_fg_p05": 521.995849609375,
  "summary_fg_p95": 1477.1655883789062,
  "summary_fg_stdv": 298.2278137207031,
  "tsnr": 63.08992438716814
}