{
  "aor": 0.005507314049586776,
  "aqi": 0.014747103842975206,
  "bids_meta": {
    "AcquisitionNumber": 1,
    "AcquisitionTime": "15:58:31.182500",
    "BandwidthPerPixelPhaseEncode": 29.481,
    "ConversionSoftware": "dcm2niix",
    "ConversionSoftwareVersion": "v1.0.20170724 GCC4.4.7",
    "DeviceSerialNumber": "35414",
    "EchoTime": 0.025,
    "EffectiveEchoSpacing": 0.000530002,
    "FlipAngle": 90,
    "ImageType": [
      "ORIGINAL",
      "PRIMARY",
      "M",
      "ND",
      "MOSAIC"
    ],
    "InstitutionAddress": "Mikeletegi_69_San_Sebastian_District_ES_20009",
    "InstitutionName": "BCBL",
    "MagneticFieldStrength": 3,
    "Manufacturer": "Siemens",
    "ManufacturersModelName": "TrioTim",
    "PhaseEncodingDirection": "j-",
    "PhaseEncodingLines": 64,
    "ProcedureStepDescription": "CRANEO_FUNCIONAL",
    "ProtocolName": "ep2d_VF_L1_Run1",
    "RepetitionTime": 3,
    "ScanningSequence": "EP",
    "SequenceName": "_epfid2d1_64",
    "SequenceVariant": "SK",
    "SeriesDescription": "ep2d_VF_L1_Run1",
    "SliceTiming": [
      2.9225,
      2.8525,
      2.7825,
      2.715,
      2.645,
      2.575,
      2.505,
      2.435,
      2.365,
      2.2975,
      2.2275,
      2.1575,
      2.0875,
      2.0175,
      1.9475,
      1.88,
      1.81,
      1.74,
      1.67,
      1.6,
      1.5325,
      1.4625,
      1.3925,
      1.3225,
      1.2525,
      1.1825,
      1.115,
      1.045,
      0.975,
      0.905,
      0.835,
      0.765,
      0.6975,
      0.6275,
      0.5575,
      0.4875,
      0.4175,
      0.3475,
      0.28,
      0.21,
      0.14,
      0.07,
      0
    ],
    "SoftwareVersions": "syngo_MR_B17",
    "TaskName": "prodL1",
    "TotalReadoutTime": 0.0333901,
    "dataset": "ds003545",
    "modality": "bold",
    "run_id": 1,
    "session_id": "01",
    "subject_id": "01",
    "task_id": "prodL1"
  },
  "dummy_trs": 0,
  "dvars_nstd": 38.71858007174274,
  "dvars_std": 1.0860153990871375,
  "dvars_vstd": 0.9518655665145234,
  "efc": 0.575279826744992,
  "fber": 440.2689514160156,
  "fd_mean": 0.5192475686586946,
  "fd_num": 193,
  "fd_perc": 79.75206611570248,
  "fwhm_avg": 2.453574456513723,
  "fwhm_x": 2.2692099999999997,
  "fwhm_y": 2.585713333333333,
  "fwhm_z": 2.5058000362078356,
  "gcor": 0.0203563,
  "gsr_x": 0.028490349650382996,
  "gsr_y": 0.0655985176563263,
  "provenance": {
    "md5sum": "dbe20753f7a1fe326caf37b6d04c5da2",
    "settings": {
      "fd_thres": 0.2,
      "testing": false
    },
    "software": "mriqc",
    "version": "22.0.6",
    "webapi_port": null,
    "webapi_url": "https://mriqc.nimh.nih.gov/api/v1"
  },
  "size_t": 242,
  "size_x": 64,
  "size_y": 64,
  "size_z": 43,
  "snr": 3.5220903328751985,
  "spacing_tr": 3.0,
  "spacing_x": 3.0,
  "spacing_y": 3.0,
  "spacing_z": 3.299999952316284,
  "summary_bg_k": 36.439886027599584,
  "summary_bg_mad": 13.190258533600016,
  "summary_bg_mean": 64.7690200805664,
  "summary_bg_median": 33.076446533203125,
  "summary_bg_n": 101212.0,
  "summary_bg_p05": 22.01466808319092,
  "summary_bg_p95": 213.7179702758787,
  "summary_bg_stdv": 90.49972534179688,
  "summary_fg_k": 0.6053804613007707,
  "summary_fg_mad": 186.49233790963984,
  "summary_fg_mean": 729.3872680664062,
  "summary_fg_median": 696.8201904296875,
  "summary_fg_n": 36154.0,
  "summary_fg_p05": 463.41381378173827,
  "summary_fg_p95": 1103.2978576660155,
  "summary_fg_stdv": 197.84005737304688,
  "tsnr": 31.79905036580749
}