{
  "aor": 0.008509784946236559,
  "aqi": 0.00677901064516129,
  "bids_meta": {
    "AcquisitionNumber": 1,
    "AcquisitionTime": "15:25:7.317500",
    "BandwidthPerPixelPhaseEncode": 28.409,
    "ConversionSoftware": "dcm2niix",
    "ConversionSoftwareVersion": "v1.0.20170724 GCC4.4.7",
    "DeviceSerialNumber": "35414",
    "EchoTime": 0.03,
    "EffectiveEchoSpacing": 0.000550002,
    "FlipAngle": 80,
    "ImageType": [
      "ORIGINAL",
      "PRIMARY",
      "FMRI",
      "NONE",
      "ND",
      "MOSAIC"
    ],
    "InstitutionAddress": "Mikeletegi_69_San_Sebastian_District_ES_20009",
    "InstitutionName": "BCBL",
    "MagneticFieldStrength": 3,
    "Manufacturer": "Siemens",
    "ManufacturersModelName": "TrioTim",
    "PhaseEncodingDirection": "j-",
    "PhaseEncodingLines": 64,
    "ProcedureStepDescription": "CRANEO_FUNCIONAL",
    "ProtocolName": "ep2d_PiN_L3_Run1",
    "RepetitionTime": 2,
    "ScanningSequence": "EP",
    "SequenceName": "_epfid2d1_64",
    "SequenceVariant": "SK",
    "SeriesDescription": "ep2d_PiN_L3_Run1",
    "SliceTiming": [
      1.925,
      1.8625,
      1.8,
      1.74,
      1.6775,
      1.615,
      1.5525,
      1.49,
      1.4275,
      1.365,
      1.305,
      1.2425,
      1.18,
      1.1175,
      1.055,
      0.9925,
      0.9325,
      0.87,
      0.8075,
      0.745,
      0.6825,
      0.62,
      0.56,
      0.4975,
      0.435,
      0.3725,
      0.31,
      0.2475,
      0.185,
      0.125,
      0.0625,
      0
    ],
    "SoftwareVersions": "syngo_MR_B17",
    "TaskName": "compLn",
    "TotalReadoutTime": 0.0346501,
    "dataset": "ds003545",
    "modality": "bold",
    "run_id": 1,
    "session_id": "01",
    "subject_id": "01",
    "task_id": "compLn"
  },
  "dummy_trs": 0,
  "dvars_nstd": 30.75362545232434,
  "dvars_std": 1.2253466370810817,
  "dvars_vstd": 1.0127215260000006,
  "efc": 0.49955883370658055,
  "fber": 1071.4639892578125,
  "fd_mean": 0.3611770171025604,
  "fd_num": 89,
  "fd_perc": 47.8494623655914,
  "fwhm_avg": 2.522333272727273,
  "fwhm_x": 2.482647272727273,
  "fwhm_y": 2.6681425454545455,
  "fwhm_z": 2.41621,
  "gcor": 0.0204024,
  "gsr_x": 0.006767232436686754,
  "gsr_y": 0.032289352267980576,
  "provenance": {
    "md5sum": "59630c4d54fa390507d803a975de6743",
    "settings": {
      "fd_thres": 0.2,
      "testing": false
    },
    "software": "mriqc",
    "version": "22.0.6",
    "webapi_port": null,
    "webapi_url": "https://mriqc.nimh.nih.gov/api/v1"
  },
  "size_t": 186,
  "size_x": 64,
  "size_y": 64,
  "size_z": 32,
  "snr": 3.4327038455005607,
  "spacing_tr": 2.0,
  "spacing_x": 3.4375,
  "spacing_y": 3.4375,
  "spacing_z": 4.0,
  "summary_bg_k": 40.36154270432706,
  "summary_bg_mad": 6.918810824332695,
  "summary_bg_mean": 37.640350341796875,
  "summary_bg_median": 18.172042846679688,
  "summary_bg_n": 81558.0,
  "summary_bg_p05": 12.983870506286621,
  "summary_bg_p95": 126.14919624328597,
  "summary_bg_stdv": 61.51974868774414,
  "summary_fg_k": 1.1022137506729477,
  "summary_fg_mad": 159.57506300648137,
  "summary_fg_mean": 628.1845703125,
  "summary_fg_median": 600.4220581054688,
  "summary_fg_n": 20454.0,
  "summary_fg_p05": 396.1457061767578,
  "summary_fg_p95": 961.6819976806638,
  "summary_fg_stdv": 174.9080047607422,
  "tsnr": 53.130345988087356
}