{
  "aor": 0.004742633744855967,
  "aqi": 0.011535064074074074,
  "bids_meta": {
    "AcquisitionNumber": 1,
    "AcquisitionTime": "17:46:31.517500",
    "BandwidthPerPixelPhaseEncode": 29.481,
    "ConversionSoftware": "dcm2niix",
    "ConversionSoftwareVersion": "v1.0.20170724 GCC4.4.7",
    "DeviceSerialNumber": "35414",
    "EchoTime": 0.025,
    "EffectiveEchoSpacing": 0.000530002,
    "FlipAngle": 90,
    "ImageType": [
      "ORIGINAL",
      "PRIMARY",
      "M",
      "ND",
      "MOSAIC"
    ],
    "InstitutionAddress": "Mikeletegi_69_San_Sebastian_District_ES_20009",
    "InstitutionName": "BCBL",
    "MagneticFieldStrength": 3,
    "Manufacturer": "Siemens",
    "ManufacturersModelName": "TrioTim",
    "PhaseEncodingDirection": "j-",
    "PhaseEncodingLines": 64,
    "ProcedureStepDescription": "CRANEO_FUNCIONAL",
    "ProtocolName": "ep2d_VF_L3_Run1",
    "RepetitionTime": 3,
    "ScanningSequence": "EP",
    "SequenceName": "_epfid2d1_64",
    "SequenceVariant": "SK",
    "SeriesDescription": "ep2d_VF_L3_Run1",
    "SliceTiming": [
      2.9225,
      2.8525,
      2.7825,
      2.7125,
      2.645,
      2.575,
      2.505,
      2.435,
      2.365,
      2.295,
      2.2275,
      2.1575,
      2.0875,
      2.0175,
      1.9475,
      1.88,
      1.81,
      1.74,
      1.67,
      1.6,
      1.53,
      1.4625,
      1.3925,
      1.3225,
      1.2525,
      1.1825,
      1.1125,
      1.045,
      0.975,
      0.905,
      0.835,
      0.765,
      0.695,
      0.6275,
      0.5575,
      0.4875,
      0.4175,
      0.3475,
      0.2775,
      0.21,
      0.14,
      0.07,
      0
    ],
    "SoftwareVersions": "syngo_MR_B17",
    "TaskName": "prodLn",
    "TotalReadoutTime": 0.0333901,
    "dataset": "ds003545",
    "modality": "bold",
    "run_id": 1,
    "session_id": "01",
    "subject_id": "01",
    "task_id": "prodLn"
  },
  "dummy_trs": 0,
  "dvars_nstd": 35.53859739834712,
  "dvars_std": 1.1499236493388425,
  "dvars_vstd": 0.9874160669834708,
  "efc": 0.5785316136871339,
  "fber": 400.61358642578125,
  "fd_mean": 0.4352833653669746,
  "fd_num": 187,
  "fd_perc": 76.95473251028807,
  "fwhm_avg": 2.3966170824468396,
  "fwhm_x": 2.2403666666666666,
  "fwhm_y": 2.512096666666667,
  "fwhm_z": 2.437387914007186,
  "gcor": 0.0328092,
  "gsr_x": 0.029333632439374924,
  "gsr_y": 0.055904168635606766,
  "provenance": {
    "md5sum": "50c757edb6bec7118d7894061946c8bd",
    "settings": {
      "fd_thres": 0.2,
      "testing": false
    },
    "software": "mriqc",
    "version": "22.0.6",
    "webapi_port": null,
    "webapi_url": "https://mriqc.nimh.nih.gov/api/v1"
  },
  "size_t": 243,
  "size_x": 64,
  "size_y": 64,
  "size_z": 43,
  "snr": 3.5819952439577385,
  "spacing_tr": 3.0,
  "spacing_x": 3.0,
  "spacing_y": 3.0,
  "spacing_z": 3.299999952316284,
  "summary_bg_k": 28.114553795749146,
  "summary_bg_mad": 14.642981801908912,
  "summary_bg_mean": 70.01741027832031,
  "summary_bg_median": 35.2139892578125,
  "summary_bg_n": 102402.0,
  "summary_bg_p05": 23.337448120117188,
  "summary_bg_p95": 234.2475242614744,
  "summary_bg_stdv": 99.23331451416016,
  "summary_fg_k": 0.5968972731365771,
  "summary_fg_mad": 187.98236037850663,
  "summary_fg_mean": 741.9661865234375,
  "summary_fg_median": 710.0164184570312,
  "summary_fg_n": 35940.0,
  "summary_fg_p05": 475.8468948364258,
  "summary_fg_p95": 1115.288256835937,
  "summary_fg_stdv": 198.2153778076172,
  "tsnr": 39.00864912488032
}