{
  "aor": 0.020666864864864867,
  "aqi": 0.005784434972972973,
  "bids_meta": {
    "AcquisitionNumber": 1,
    "AcquisitionTime": "14:55:58.195000",
    "BandwidthPerPixelPhaseEncode": 28.409,
    "ConversionSoftware": "dcm2niix",
    "ConversionSoftwareVersion": "v1.0.20170724 GCC4.4.7",
    "DeviceSerialNumber": "35414",
    "EchoTime": 0.03,
    "EffectiveEchoSpacing": 0.000550002,
    "FlipAngle": 80,
    "ImageType": [
      "ORIGINAL",
      "PRIMARY",
      "FMRI",
      "NONE",
      "ND",
      "MOSAIC"
    ],
    "InstitutionAddress": "Mikeletegi_69_San_Sebastian_District_ES_20009",
    "InstitutionName": "BCBL",
    "MagneticFieldStrength": 3,
    "Manufacturer": "Siemens",
    "ManufacturersModelName": "TrioTim",
    "PhaseEncodingDirection": "j-",
    "PhaseEncodingLines": 64,
    "ProcedureStepDescription": "CRANEO_FUNCIONAL",
    "ProtocolName": "ep2d_PiN_L1_Run1",
    "RepetitionTime": 2,
    "ScanningSequence": "EP",
    "SequenceName": "_epfid2d1_64",
    "SequenceVariant": "SK",
    "SeriesDescription": "ep2d_PiN_L1_Run1",
    "SliceTiming": [
      1.9275,
      1.865,
      1.8025,
      1.74,
      1.6775,
      1.615,
      1.555,
      1.4925,
      1.43,
      1.3675,
      1.305,
      1.2425,
      1.18,
      1.12,
      1.0575,
      0.995,
      0.9325,
      0.87,
      0.8075,
      0.7475,
      0.685,
      0.6225,
      0.56,
      0.4975,
      0.435,
      0.3725,
      0.3125,
      0.25,
      0.1875,
      0.125,
      0.0625,
      0
    ],
    "SoftwareVersions": "syngo_MR_B17",
    "TaskName": "compL1",
    "TotalReadoutTime": 0.0346501,
    "dataset": "ds003545",
    "modality": "bold",
    "run_id": 1,
    "session_id": "01",
    "subject_id": "01",
    "task_id": "compL1"
  },
  "dummy_trs": 1,
  "dvars_nstd": 25.21231118472826,
  "dvars_std": 1.3029249323369565,
  "dvars_vstd": 1.1023512570108693,
  "efc": 0.49762302984885665,
  "fber": 1088.230712890625,
  "fd_mean": 0.24303817880130313,
  "fd_num": 37,
  "fd_perc": 20.0,
  "fwhm_avg": 2.536908270557183,
  "fwhm_x": 2.4930152727272725,
  "fwhm_y": 2.715304538944276,
  "fwhm_z": 2.402405,
  "gcor": 0.0159195,
  "gsr_x": 0.006185986567288637,
  "gsr_y": 0.026520440354943275,
  "provenance": {
    "md5sum": "85a439b0c241ed2dfe92f2eacf3bdc0f",
    "settings": {
      "fd_thres": 0.2,
      "testing": false
    },
    "software": "mriqc",
    "version": "22.0.6",
    "webapi_port": null,
    "webapi_url": "https://mriqc.nimh.nih.gov/api/v1"
  },
  "size_t": 185,
  "size_x": 64,
  "size_y": 64,
  "size_z": 32,
  "snr": 3.404128464710525,
  "spacing_tr": 2.0,
  "spacing_x": 3.4375,
  "spacing_y": 3.437500238418579,
  "spacing_z": 4.0,
  "summary_bg_k": 40.19152242709169,
  "summary_bg_mad": 7.080427496833367,
  "summary_bg_mean": 37.90427780151367,
  "summary_bg_median": 18.20270347595215,
  "summary_bg_n": 81740.0,
  "summary_bg_p05": 12.85945987701416,
  "summary_bg_p95": 125.98405761718752,
  "summary_bg_stdv": 63.49972152709961,
  "summary_fg_k": 1.048943563264415,
  "summary_fg_mad": 161.63972504676326,
  "summary_fg_mean": 633.0806884765625,
  "summary_fg_median": 603.7945556640625,
  "summary_fg_n": 20472.0,
  "summary_fg_p05": 398.64109191894534,
  "summary_fg_p95": 970.628662109375,
  "summary_fg_stdv": 177.36692810058594,
  "tsnr": 56.07471165060997
}