{
  "aor": 0.005114032921810699,
  "aqi": 0.01921102304526749,
  "bids_meta": {
    "AcquisitionNumber": 1,
    "AcquisitionTime": "18:01:19.320000",
    "BandwidthPerPixelPhaseEncode": 29.481,
    "ConversionSoftware": "dcm2niix",
    "ConversionSoftwareVersion": "v1.0.20170724 GCC4.4.7",
    "DeviceSerialNumber": "35414",
    "EchoTime": 0.025,
    "EffectiveEchoSpacing": 0.000530002,
    "FlipAngle": 90,
    "ImageType": [
      "ORIGINAL",
      "PRIMARY",
      "M",
      "ND",
      "MOSAIC"
    ],
    "InstitutionAddress": "Mikeletegi_69_San_Sebastian_District_ES_20009",
    "InstitutionName": "BCBL",
    "MagneticFieldStrength": 3,
    "Manufacturer": "Siemens",
    "ManufacturersModelName": "TrioTim",
    "PhaseEncodingDirection": "j-",
    "PhaseEncodingLines": 64,
    "ProcedureStepDescription": "CRANEO_FUNCIONAL",
    "ProtocolName": "ep2d_VF_L3_Run2",
    "RepetitionTime": 3,
    "ScanningSequence": "EP",
    "SequenceName": "_epfid2d1_64",
    "SequenceVariant": "SK",
    "SeriesDescription": "ep2d_VF_L3_Run2",
    "SliceTiming": [
      2.9225,
      2.8525,
      2.7825,
      2.7125,
      2.645,
      2.575,
      2.505,
      2.435,
      2.365,
      2.295,
      2.2275,
      2.1575,
      2.0875,
      2.0175,
      1.9475,
      1.8775,
      1.81,
      1.74,
      1.67,
      1.6,
      1.53,
      1.46,
      1.3925,
      1.3225,
      1.2525,
      1.1825,
      1.1125,
      1.0425,
      0.975,
      0.905,
      0.835,
      0.765,
      0.695,
      0.6275,
      0.5575,
      0.4875,
      0.4175,
      0.3475,
      0.2775,
      0.21,
      0.14,
      0.07,
      0
    ],
    "SoftwareVersions": "syngo_MR_B17",
    "TaskName": "prodLn",
    "TotalReadoutTime": 0.0333901,
    "dataset": "ds003545",
    "modality": "bold",
    "run_id": 2,
    "session_id": "01",
    "subject_id": "01",
    "task_id": "prodLn"
  },
  "dummy_trs": 0,
  "dvars_nstd": 44.28840800351242,
  "dvars_std": 1.030391875,
  "dvars_vstd": 0.9066497042975207,
  "efc": 0.5848433620498527,
  "fber": 353.4248962402344,
  "fd_mean": 0.7272699899983444,
  "fd_num": 203,
  "fd_perc": 83.53909465020575,
  "fwhm_avg": 2.4509535475197572,
  "fwhm_x": 2.24275,
  "fwhm_y": 2.5841833333333333,
  "fwhm_z": 2.5259273092259393,
  "gcor": 0.0227621,
  "gsr_x": 0.016032729297876358,
  "gsr_y": 0.054797377437353134,
  "provenance": {
    "md5sum": "61ac287265fb7dc816195f122e1cf558",
    "settings": {
      "fd_thres": 0.2,
      "testing": false
    },
    "software": "mriqc",
    "version": "22.0.6",
    "webapi_port": null,
    "webapi_url": "https://mriqc.nimh.nih.gov/api/v1"
  },
  "size_t": 243,
  "size_x": 64,
  "size_y": 64,
  "size_z": 43,
  "snr": 3.5422074826685748,
  "spacing_tr": 3.0,
  "spacing_x": 3.0,
  "spacing_y": 3.0,
  "spacing_z": 3.299999952316284,
  "summary_bg_k": 31.8620740159869,
  "summary_bg_mad": 17.028569670311533,
  "summary_bg_mean": 69.22959899902344,
  "summary_bg_median": 37.12757110595703,
  "summary_bg_n": 99924.0,
  "summary_bg_p05": 23.395061492919922,
  "summary_bg_p95": 226.2469009399407,
  "summary_bg_stdv": 90.52250671386719,
  "summary_fg_k": 0.5930141786896046,
  "summary_fg_mad": 186.8810866358789,
  "summary_fg_mean": 735.9547119140625,
  "summary_fg_median": 702.8189086914062,
  "summary_fg_n": 36540.0,
  "summary_fg_p05": 469.57693939208986,
  "summary_fg_p95": 1110.2762573242187,
  "summary_fg_stdv": 198.40997314453125,
  "tsnr": 27.590107982396148
}