{
  "aor": 0.007845376344086021,
  "aqi": 0.0030855208602150537,
  "bids_meta": {
    "AcquisitionNumber": 1,
    "AcquisitionTime": "12:41:40.472500",
    "BandwidthPerPixelPhaseEncode": 28.409,
    "BodyPartExamined": "BRAIN",
    "ConversionSoftware": "dcm2niix",
    "ConversionSoftwareVersion": "v1.0.20170724 GCC4.4.7",
    "DeviceSerialNumber": "167004",
    "EchoTime": 0.03,
    "EchoTrainLength": 64,
    "EffectiveEchoSpacing": 0.000550002,
    "FlipAngle": 80,
    "ImageType": [
      "ORIGINAL",
      "PRIMARY",
      "M",
      "ND",
      "MOSAIC"
    ],
    "InstitutionAddress": "Mikeletegi_69_San_Sebastian_District_ES_20009",
    "InstitutionName": "BCBL",
    "MagneticFieldStrength": 3,
    "Manufacturer": "Siemens",
    "ManufacturersModelName": "Prisma_fit",
    "PhaseEncodingDirection": "j-",
    "PhaseEncodingLines": 64,
    "ProcedureStepDescription": "CRANEO_FUNCIONAL",
    "ProtocolName": "ep2d_PiN_L1_Run2",
    "RepetitionTime": 2,
    "ScanningSequence": "EP",
    "SequenceName": "_epfid2d1_64",
    "SequenceVariant": "SK",
    "SeriesDescription": "ep2d_PiN_L3_Run2",
    "SliceTiming": [
      1.9175,
      1.8575,
      1.795,
      1.7325,
      1.67,
      1.61,
      1.5475,
      1.485,
      1.4225,
      1.3625,
      1.3,
      1.2375,
      1.175,
      1.115,
      1.0525,
      0.99,
      0.9275,
      0.8675,
      0.805,
      0.7425,
      0.68,
      0.62,
      0.5575,
      0.495,
      0.4325,
      0.3725,
      0.31,
      0.2475,
      0.185,
      0.125,
      0.0625,
      0
    ],
    "SoftwareVersions": "syngo_MR_E11",
    "TaskName": "compL1",
    "TotalReadoutTime": 0.0346501,
    "dataset": "ds003545",
    "modality": "bold",
    "run_id": 2,
    "session_id": "01",
    "subject_id": "21",
    "task_id": "compL1"
  },
  "dummy_trs": 0,
  "dvars_nstd": 20.694637412054053,
  "dvars_std": 1.2899762270810804,
  "dvars_vstd": 1.0350340928648647,
  "efc": 0.516078406738403,
  "fber": 1067.248779296875,
  "fd_mean": 0.19960247964122543,
  "fd_num": 73,
  "fd_perc": 39.24731182795699,
  "fwhm_avg": 3.0662812424242425,
  "fwhm_x": 2.875819636363637,
  "fwhm_y": 3.301149090909091,
  "fwhm_z": 3.021875,
  "gcor": 0.0570518,
  "gsr_x": -0.0015845296438783407,
  "gsr_y": 0.050171151757240295,
  "provenance": {
    "md5sum": "eb50bac20928297fe14438e05064b5c6",
    "settings": {
      "fd_thres": 0.2,
      "testing": false
    },
    "software": "mriqc",
    "version": "22.0.6",
    "webapi_port": null,
    "webapi_url": "https://mriqc.nimh.nih.gov/api/v1"
  },
  "size_t": 186,
  "size_x": 64,
  "size_y": 64,
  "size_z": 32,
  "snr": 2.263489939704776,
  "spacing_tr": 2.0,
  "spacing_x": 3.4375,
  "spacing_y": 3.4375,
  "spacing_z": 4.0,
  "summary_bg_k": 21.710701227219243,
  "summary_bg_mad": 10.170968841860232,
  "summary_bg_mean": 68.4546890258789,
  "summary_bg_median": 23.849462509155273,
  "summary_bg_n": 76852.0,
  "summary_bg_p05": 14.12123670578003,
  "summary_bg_p95": 319.55160675048813,
  "summary_bg_stdv": 125.49934387207031,
  "summary_fg_k": 0.6186381012230875,
  "summary_fg_mad": 350.98612199699835,
  "summary_fg_mean": 876.4822387695312,
  "summary_fg_median": 809.524169921875,
  "summary_fg_n": 23170.0,
  "summary_fg_p05": 418.4432739257812,
  "summary_fg_p95": 1546.3206970214842,
  "summary_fg_stdv": 357.63653564453125,
  "tsnr": 78.27740586921573
}