{
  "aor": 0.007262880658436214,
  "aqi": 0.015848454979423866,
  "bids_meta": {
    "AcquisitionNumber": 1,
    "AcquisitionTime": "10:05:55.227500",
    "BandwidthPerPixelPhaseEncode": 29.481,
    "BodyPartExamined": "BRAIN",
    "ConversionSoftware": "dcm2niix",
    "ConversionSoftwareVersion": "v1.0.20170724 GCC4.4.7",
    "DeviceSerialNumber": "167004",
    "EchoTime": 0.025,
    "EchoTrainLength": 64,
    "EffectiveEchoSpacing": 0.000530002,
    "FlipAngle": 90,
    "ImageType": [
      "ORIGINAL",
      "PRIMARY",
      "M",
      "ND",
      "MOSAIC"
    ],
    "InstitutionAddress": "Mikeletegi_69_San_Sebastian_District_ES_20009",
    "InstitutionName": "BCBL",
    "MagneticFieldStrength": 3,
    "Manufacturer": "Siemens",
    "ManufacturersModelName": "Prisma_fit",
    "PhaseEncodingDirection": "j-",
    "PhaseEncodingLines": 64,
    "ProcedureStepDescription": "CRANEO_FUNCIONAL",
    "ProtocolName": "ep2d_VF_L1_Run2",
    "RepetitionTime": 3,
    "ScanningSequence": "EP",
    "SequenceName": "_epfid2d1_64",
    "SequenceVariant": "SK",
    "SeriesDescription": "ep2d_VF_L1_Run2",
    "SliceTiming": [
      2.91,
      2.84,
      2.77,
      2.7025,
      2.6325,
      2.5625,
      2.4925,
      2.425,
      2.355,
      2.285,
      2.2175,
      2.1475,
      2.0775,
      2.0075,
      1.94,
      1.87,
      1.8,
      1.7325,
      1.6625,
      1.5925,
      1.5225,
      1.455,
      1.385,
      1.315,
      1.245,
      1.1775,
      1.1075,
      1.0375,
      0.97,
      0.9,
      0.83,
      0.76,
      0.6925,
      0.6225,
      0.5525,
      0.485,
      0.415,
      0.345,
      0.275,
      0.2075,
      0.1375,
      0.0675,
      0
    ],
    "SoftwareVersions": "syngo_MR_E11",
    "TaskName": "prodL1",
    "TotalReadoutTime": 0.0333901,
    "dataset": "ds003545",
    "modality": "bold",
    "run_id": 2,
    "session_id": "01",
    "subject_id": "21",
    "task_id": "prodL1"
  },
  "dummy_trs": 0,
  "dvars_nstd": 49.0654700966529,
  "dvars_std": 1.1862985108677686,
  "dvars_vstd": 0.9850654620247941,
  "efc": 0.6081778796128673,
  "fber": 371.3827819824219,
  "fd_mean": 0.6783871212812008,
  "fd_num": 180,
  "fd_perc": 74.07407407407408,
  "fwhm_avg": 2.8585463781052844,
  "fwhm_x": 2.52123,
  "fwhm_y": 3.0504,
  "fwhm_z": 3.004009134315854,
  "gcor": 0.0236323,
  "gsr_x": -0.0069035729393363,
  "gsr_y": 0.10801305621862411,
  "provenance": {
    "md5sum": "bd181a72f412a3acf9bdc22c8733833e",
    "settings": {
      "fd_thres": 0.2,
      "testing": false
    },
    "software": "mriqc",
    "version": "22.0.6",
    "webapi_port": null,
    "webapi_url": "https://mriqc.nimh.nih.gov/api/v1"
  },
  "size_t": 243,
  "size_x": 64,
  "size_y": 64,
  "size_z": 43,
  "snr": 2.371555095103621,
  "spacing_tr": 3.0,
  "spacing_x": 3.0,
  "spacing_y": 3.0,
  "spacing_z": 3.299999952316284,
  "summary_bg_k": 13.575512909309676,
  "summary_bg_mad": 15.857131578613112,
  "summary_bg_mean": 107.59806060791016,
  "summary_bg_median": 41.917694091796875,
  "summary_bg_n": 88324.0,
  "summary_bg_p05": 28.041768455505373,
  "summary_bg_p95": 450.39093017578125,
  "summary_bg_stdv": 163.82965087890625,
  "summary_fg_k": 0.9875575431186587,
  "summary_fg_mad": 340.290690764519,
  "summary_fg_mean": 926.9002685546875,
  "summary_fg_median": 864.4155883789062,
  "summary_fg_n": 42487.0,
  "summary_fg_p05": 457.4189056396484,
  "summary_fg_p95": 1628.7189331054683,
  "summary_fg_stdv": 364.4888610839844,
  "tsnr": 33.71516939252615
}