{
  "aor": 0.006681567567567567,
  "aqi": 0.005402302054054055,
  "bids_meta": {
    "AcquisitionNumber": 1,
    "AcquisitionTime": "12:33:29.107500",
    "BandwidthPerPixelPhaseEncode": 28.409,
    "BodyPartExamined": "BRAIN",
    "ConversionSoftware": "dcm2niix",
    "ConversionSoftwareVersion": "v1.0.20170724 GCC4.4.7",
    "DeviceSerialNumber": "167004",
    "EchoTime": 0.03,
    "EchoTrainLength": 64,
    "EffectiveEchoSpacing": 0.000550002,
    "FlipAngle": 80,
    "ImageType": [
      "ORIGINAL",
      "PRIMARY",
      "M",
      "ND",
      "MOSAIC"
    ],
    "InstitutionAddress": "Mikeletegi_69_San_Sebastian_District_ES_20009",
    "InstitutionName": "BCBL",
    "MagneticFieldStrength": 3,
    "Manufacturer": "Siemens",
    "ManufacturersModelName": "Prisma_fit",
    "PhaseEncodingDirection": "j-",
    "PhaseEncodingLines": 64,
    "ProcedureStepDescription": "CRANEO_FUNCIONAL",
    "ProtocolName": "ep2d_PiN_L1_Run1",
    "RepetitionTime": 2,
    "ScanningSequence": "EP",
    "SequenceName": "_epfid2d1_64",
    "SequenceVariant": "SK",
    "SeriesDescription": "ep2d_PiN_L3_Run1",
    "SliceTiming": [
      1.9175,
      1.855,
      1.7925,
      1.7325,
      1.67,
      1.6075,
      1.545,
      1.485,
      1.4225,
      1.36,
      1.2975,
      1.2375,
      1.175,
      1.1125,
      1.05,
      0.99,
      0.9275,
      0.865,
      0.8025,
      0.7425,
      0.68,
      0.6175,
      0.555,
      0.495,
      0.4325,
      0.37,
      0.3075,
      0.2475,
      0.185,
      0.1225,
      0.06,
      0
    ],
    "SoftwareVersions": "syngo_MR_E11",
    "TaskName": "compL1",
    "TotalReadoutTime": 0.0346501,
    "dataset": "ds003545",
    "modality": "bold",
    "run_id": 1,
    "session_id": "01",
    "subject_id": "21",
    "task_id": "compL1"
  },
  "dummy_trs": 1,
  "dvars_nstd": 25.112489782989137,
  "dvars_std": 1.1444182344565212,
  "dvars_vstd": 0.9473863533152174,
  "efc": 0.5157540368375699,
  "fber": 1167.8428955078125,
  "fd_mean": 0.3202014129816497,
  "fd_num": 94,
  "fd_perc": 50.810810810810814,
  "fwhm_avg": 3.0146247272727273,
  "fwhm_x": 2.8220305454545453,
  "fwhm_y": 3.3032436363636366,
  "fwhm_z": 2.9186,
  "gcor": 0.0227327,
  "gsr_x": -0.00211704452522099,
  "gsr_y": 0.05301293730735779,
  "provenance": {
    "md5sum": "3ee4ff04a5d62e66eaf93789126e158e",
    "settings": {
      "fd_thres": 0.2,
      "testing": false
    },
    "software": "mriqc",
    "version": "22.0.6",
    "webapi_port": null,
    "webapi_url": "https://mriqc.nimh.nih.gov/api/v1"
  },
  "size_t": 185,
  "size_x": 64,
  "size_y": 64,
  "size_z": 32,
  "snr": 2.237303334088711,
  "spacing_tr": 2.0,
  "spacing_x": 3.4375,
  "spacing_y": 3.4375,
  "spacing_z": 4.0,
  "summary_bg_k": 25.24243289555777,
  "summary_bg_mad": 6.53947738909121,
  "summary_bg_mean": 65.9525146484375,
  "summary_bg_median": 22.481081008911133,
  "summary_bg_n": 76490.0,
  "summary_bg_p05": 17.675676345825195,
  "summary_bg_p95": 301.4224365234383,
  "summary_bg_stdv": 121.6546859741211,
  "summary_fg_k": 0.6007997386028916,
  "summary_fg_mad": 350.2948170868254,
  "summary_fg_mean": 861.798828125,
  "summary_fg_median": 798.648681640625,
  "summary_fg_n": 23858.0,
  "summary_fg_p05": 396.37918853759766,
  "summary_fg_p95": 1526.468389892578,
  "summary_fg_stdv": 356.96185302734375,
  "tsnr": 52.92457004915923
}