{
  "bids_meta": {
    "AccelFactPE": 2,
    "AcquisitionNumber": 1,
    "AcquisitionTime": "15:48:1.130000",
    "BodyPartExamined": "BRAIN",
    "ConversionSoftware": "dcm2niix",
    "ConversionSoftwareVersion": "v1.0.20170724 GCC4.4.7",
    "DeviceSerialNumber": "167004",
    "EchoTime": 0.00236,
    "FlipAngle": 7,
    "ImageType": [
      "ORIGINAL",
      "PRIMARY",
      "M",
      "ND",
      "NORM"
    ],
    "InstitutionAddress": "Mikeletegi_69_San_Sebastian_District_ES_20009",
    "InstitutionName": "BCBL",
    "InversionTime": 1.1,
    "MagneticFieldStrength": 3,
    "Manufacturer": "Siemens",
    "ManufacturersModelName": "Prisma_fit",
    "PhaseEncodingDirection": "i-",
    "PhaseEncodingLines": 256,
    "ProcedureStepDescription": "CRANEO_FUNCIONAL",
    "ProtocolName": "t1_mprage_sag_p2_1iso_MGH",
    "RepetitionTime": 2.53,
    "ScanningSequence": "GR_IR",
    "SequenceName": "_tfl3d1_16ns",
    "SequenceVariant": "SK_SP_MP",
    "SeriesDescription": "t1_mprage_sag_p2_1iso_MGH",
    "SoftwareVersions": "syngo_MR_E11",
    "dataset": "ds003545",
    "modality": "T1w",
    "session_id": "02",
    "subject_id": "15"
  },
  "cjv": 0.4375343473307742,
  "cnr": 2.9166529045899243,
  "efc": 0.5763617599485961,
  "fber": 1980.9748220140266,
  "fwhm_avg": 4.001861475287552,
  "fwhm_x": 3.8966044258626567,
  "fwhm_y": 4.01388,
  "fwhm_z": 4.0951,
  "icvs_csf": 0.19978473952718012,
  "icvs_gm": 0.40791530454913455,
  "icvs_wm": 0.39229995592368533,
  "inu_med": 0.9228101372718811,
  "inu_range": 0.511498689651489,
  "provenance": {
    "md5sum": "5afadd3dcc037bf25e173c495711bfde",
    "settings": {
      "testing": false
    },
    "software": "mriqc",
    "version": "22.0.6",
    "warnings": {
      "large_rot_frame": true,
      "small_air_mask": false
    },
    "webapi_port": null,
    "webapi_url": "https://mriqc.nimh.nih.gov/api/v1"
  },
  "qi_1": 6.698947926844782e-05,
  "qi_2": 0.0009276534237196973,
  "rpve_csf": 24.297790120940345,
  "rpve_gm": 11.902790095753089,
  "rpve_wm": 14.612966699141587,
  "size_x": 176,
  "size_y": 256,
  "size_z": 256,
  "snr_csf": 2.1501395796044873,
  "snr_gm": 9.972491406933253,
  "snr_total": 8.333673535330748,
  "snr_wm": 12.878389619454508,
  "snrd_csf": 8.218174125431867,
  "snrd_gm": 24.10058318903984,
  "snrd_total": 22.598745519775168,
  "snrd_wm": 35.477479244853804,
  "spacing_x": 1.0000014305114746,
  "spacing_y": 1.0,
  "spacing_z": 1.0,
  "summary_bg_k": 10.397184893884216,
  "summary_bg_mad": 18.467362002471962,
  "summary_bg_mean": 26.419925239106327,
  "summary_bg_median": 12.456046383827925,
  "summary_bg_n": 2729791.0,
  "summary_bg_p05": 0.0,
  "summary_bg_p95": 99.6483710706234,
  "summary_bg_stdv": 37.67260455956511,
  "summary_csf_k": 0.9099125615097488,
  "summary_csf_mad": 104.26548881778429,
  "summary_csf_mean": 241.59234415288967,
  "summary_csf_median": 231.65862341597676,
  "summary_csf_n": 39323.0,
  "summary_csf_p05": 84.92758898064494,
  "summary_csf_p95": 432.79695327617236,
  "summary_csf_stdv": 107.73983233823917,
  "summary_gm_k": 0.11436869469254107,
  "summary_gm_mad": 67.33076481284036,
  "summary_gm_mean": 679.3056724580817,
  "summary_gm_median": 679.3611135371029,
  "summary_gm_n": 20988.0,
  "summary_gm_p05": 566.7799096181989,
  "summary_gm_p95": 790.908286811225,
  "summary_gm_stdv": 68.12188660890777,
  "summary_wm_k": 0.7802749734318093,
  "summary_wm_mad": 72.985842172449,
  "summary_wm_mean": 1008.701554427611,
  "summary_wm_median": 1000.0596091896296,
  "summary_wm_n": 212036.0,
  "summary_wm_p05": 897.7889125645161,
  "summary_wm_p95": 1150.2473454922438,
  "summary_wm_stdv": 77.65390553531873,
  "tpm_overlap_csf": 0.17406193673823758,
  "tpm_overlap_gm": 0.4464167917380972,
  "tpm_overlap_wm": 0.49994409439921284,
  "wm2max": 0.3045427321729977
}