{
  "aor": 0.006525761316872427,
  "aqi": 0.005543588148148148,
  "bids_meta": {
    "AcquisitionNumber": 1,
    "AcquisitionTime": "13:32:10.662500",
    "BandwidthPerPixelPhaseEncode": 29.481,
    "BodyPartExamined": "BRAIN",
    "ConversionSoftware": "dcm2niix",
    "ConversionSoftwareVersion": "v1.0.20170724 GCC4.4.7",
    "DeviceSerialNumber": "167004",
    "EchoTime": 0.025,
    "EchoTrainLength": 64,
    "EffectiveEchoSpacing": 0.000530002,
    "FlipAngle": 90,
    "ImageType": [
      "ORIGINAL",
      "PRIMARY",
      "M",
      "ND",
      "MOSAIC"
    ],
    "InstitutionAddress": "Mikeletegi_69_San_Sebastian_District_ES_20009",
    "InstitutionName": "BCBL",
    "MagneticFieldStrength": 3,
    "Manufacturer": "Siemens",
    "ManufacturersModelName": "Prisma_fit",
    "PhaseEncodingDirection": "j-",
    "PhaseEncodingLines": 64,
    "ProcedureStepDescription": "CRANEO_FUNCIONAL",
    "ProtocolName": "ep2d_VF_L1_Run2",
    "RepetitionTime": 3,
    "ScanningSequence": "EP",
    "SequenceName": "_epfid2d1_64",
    "SequenceVariant": "SK",
    "SeriesDescription": "ep2d_VF_L1_Run2",
    "SliceTiming": [
      2.91,
      2.84,
      2.77,
      2.7025,
      2.6325,
      2.5625,
      2.495,
      2.425,
      2.355,
      2.285,
      2.2175,
      2.1475,
      2.0775,
      2.0075,
      1.94,
      1.87,
      1.8,
      1.7325,
      1.6625,
      1.5925,
      1.5225,
      1.455,
      1.385,
      1.315,
      1.2475,
      1.1775,
      1.1075,
      1.0375,
      0.97,
      0.9,
      0.83,
      0.7625,
      0.6925,
      0.6225,
      0.5525,
      0.485,
      0.415,
      0.345,
      0.275,
      0.2075,
      0.1375,
      0.0675,
      0
    ],
    "SoftwareVersions": "syngo_MR_E11",
    "TaskName": "prodL1",
    "TotalReadoutTime": 0.0333901,
    "dataset": "ds003545",
    "modality": "bold",
    "run_id": 2,
    "session_id": "01",
    "subject_id": "16",
    "task_id": "prodL1"
  },
  "dummy_trs": 0,
  "dvars_nstd": 37.306307193719,
  "dvars_std": 1.32503720946281,
  "dvars_vstd": 1.0346200045041327,
  "efc": 0.5890860629026652,
  "fber": 502.55078125,
  "fd_mean": 0.36424430608793884,
  "fd_num": 194,
  "fd_perc": 79.83539094650206,
  "fwhm_avg": 3.0001307220351037,
  "fwhm_x": 2.89695,
  "fwhm_y": 2.996563333333333,
  "fwhm_z": 3.106878832771978,
  "gcor": 0.0567187,
  "gsr_x": -0.008356558158993721,
  "gsr_y": 0.0953044518828392,
  "provenance": {
    "md5sum": "1ac939e593813857fa7037836bed720b",
    "settings": {
      "fd_thres": 0.2,
      "testing": false
    },
    "software": "mriqc",
    "version": "22.0.6",
    "webapi_port": null,
    "webapi_url": "https://mriqc.nimh.nih.gov/api/v1"
  },
  "size_t": 243,
  "size_x": 64,
  "size_y": 64,
  "size_z": 43,
  "snr": 2.112580531141893,
  "spacing_tr": 3.0,
  "spacing_x": 3.0,
  "spacing_y": 3.0,
  "spacing_z": 3.299999952316284,
  "summary_bg_k": 16.84870112407112,
  "summary_bg_mad": 11.979790603683258,
  "summary_bg_mean": 103.31816864013672,
  "summary_bg_median": 39.06378173828125,
  "summary_bg_n": 89654.0,
  "summary_bg_p05": 28.168724060058594,
  "summary_bg_p95": 436.79525909423774,
  "summary_bg_stdv": 161.55091857910156,
  "summary_fg_k": 1.9914746790463624,
  "summary_fg_mad": 386.7059856091016,
  "summary_fg_mean": 1016.8605346679688,
  "summary_fg_median": 925.4979248046875,
  "summary_fg_n": 43070.0,
  "summary_fg_p05": 490.4329116821289,
  "summary_fg_p95": 1879.806347656249,
  "summary_fg_stdv": 438.083740234375,
  "tsnr": 52.89378292160109
}