{
  "aor": 0.005966,
  "aqi": 0.00221784,
  "bids_meta": {
    "AcquisitionNumber": 1,
    "AcquisitionTime": "09:34:45.540000",
    "BandwidthPerPixelPhaseEncode": 28.409,
    "BodyPartExamined": "BRAIN",
    "ConversionSoftware": "dcm2niix",
    "ConversionSoftwareVersion": "v1.0.20170724 GCC4.4.7",
    "DeviceSerialNumber": "167004",
    "EchoTime": 0.03,
    "EchoTrainLength": 64,
    "EffectiveEchoSpacing": 0.000550002,
    "FlipAngle": 80,
    "ImageType": [
      "ORIGINAL",
      "PRIMARY",
      "M",
      "ND",
      "MOSAIC"
    ],
    "InstitutionAddress": "Mikeletegi_69_San_Sebastian_District_ES_20009",
    "InstitutionName": "BCBL",
    "MagneticFieldStrength": 3,
    "Manufacturer": "Siemens",
    "ManufacturersModelName": "Prisma_fit",
    "PhaseEncodingDirection": "j-",
    "PhaseEncodingLines": 64,
    "ProcedureStepDescription": "CRANEO_FUNCIONAL",
    "ProtocolName": "ep2d_PiN_L3_Run2",
    "RepetitionTime": 2,
    "ScanningSequence": "EP",
    "SequenceName": "_epfid2d1_64",
    "SequenceVariant": "SK",
    "SeriesDescription": "ep2d_PiN_L3_Run2",
    "SliceTiming": [
      1.9175,
      1.8575,
      1.795,
      1.7325,
      1.67,
      1.61,
      1.5475,
      1.485,
      1.4225,
      1.3625,
      1.3,
      1.2375,
      1.175,
      1.115,
      1.0525,
      0.99,
      0.9275,
      0.8675,
      0.805,
      0.7425,
      0.68,
      0.62,
      0.5575,
      0.495,
      0.4325,
      0.3725,
      0.31,
      0.2475,
      0.185,
      0.125,
      0.0625,
      0
    ],
    "SoftwareVersions": "syngo_MR_E11",
    "TaskName": "compLn",
    "TotalReadoutTime": 0.0346501,
    "dataset": "ds003545",
    "modality": "bold",
    "run_id": 2,
    "session_id": "01",
    "subject_id": "16",
    "task_id": "compLn"
  },
  "dummy_trs": 1,
  "dvars_nstd": 20.255068831032617,
  "dvars_std": 1.3082017020652175,
  "dvars_vstd": 1.0331001777717392,
  "efc": 0.5141074074874165,
  "fber": 1334.5640869140625,
  "fd_mean": 0.17700665099563642,
  "fd_num": 52,
  "fd_perc": 28.10810810810811,
  "fwhm_avg": 2.8696433333333338,
  "fwhm_x": 2.7240145454545455,
  "fwhm_y": 2.9764654545454547,
  "fwhm_z": 2.90845,
  "gcor": 0.0652787,
  "gsr_x": -0.015097042545676231,
  "gsr_y": 0.05097367614507675,
  "provenance": {
    "md5sum": "b54a679a3b604523bdba063915a28424",
    "settings": {
      "fd_thres": 0.2,
      "testing": false
    },
    "software": "mriqc",
    "version": "22.0.6",
    "webapi_port": null,
    "webapi_url": "https://mriqc.nimh.nih.gov/api/v1"
  },
  "size_t": 185,
  "size_x": 64,
  "size_y": 64,
  "size_z": 32,
  "snr": 2.3661000928118154,
  "spacing_tr": 2.0,
  "spacing_x": 3.4375,
  "spacing_y": 3.4375,
  "spacing_z": 4.0,
  "summary_bg_k": 28.16316227892578,
  "summary_bg_mad": 3.606329338548854,
  "summary_bg_mean": 49.862457275390625,
  "summary_bg_median": 20.070270538330078,
  "summary_bg_n": 75293.0,
  "summary_bg_p05": 17.497297286987305,
  "summary_bg_p95": 210.3956787109374,
  "summary_bg_stdv": 88.02039337158203,
  "summary_fg_k": 1.4721472465600387,
  "summary_fg_mad": 297.01334740499004,
  "summary_fg_mean": 817.1778564453125,
  "summary_fg_median": 759.1216430664062,
  "summary_fg_n": 24670.0,
  "summary_fg_p05": 411.98948059082034,
  "summary_fg_p95": 1444.2989929199216,
  "summary_fg_stdv": 320.825927734375,
  "tsnr": 93.9824738719035
}