{
  "aor": 0.0022753513513513518,
  "aqi": 0.0022111395675675676,
  "bids_meta": {
    "AcquisitionNumber": 1,
    "AcquisitionTime": "10:02:9.587500",
    "BandwidthPerPixelPhaseEncode": 28.409,
    "BodyPartExamined": "BRAIN",
    "ConversionSoftware": "dcm2niix",
    "ConversionSoftwareVersion": "v1.0.20170724 GCC4.4.7",
    "DeviceSerialNumber": "167004",
    "EchoTime": 0.03,
    "EchoTrainLength": 64,
    "EffectiveEchoSpacing": 0.000550002,
    "FlipAngle": 80,
    "ImageType": [
      "ORIGINAL",
      "PRIMARY",
      "M",
      "ND",
      "MOSAIC"
    ],
    "InstitutionAddress": "Mikeletegi_69_San_Sebastian_District_ES_20009",
    "InstitutionName": "BCBL",
    "MagneticFieldStrength": 3,
    "Manufacturer": "Siemens",
    "ManufacturersModelName": "Prisma_fit",
    "PhaseEncodingDirection": "j-",
    "PhaseEncodingLines": 64,
    "ProcedureStepDescription": "CRANEO_FUNCIONAL",
    "ProtocolName": "ep2d_PiN_L3_Run1",
    "RepetitionTime": 2,
    "ScanningSequence": "EP",
    "SequenceName": "_epfid2d1_64",
    "SequenceVariant": "SK",
    "SeriesDescription": "ep2d_PiN_L3_Run1",
    "SliceTiming": [
      1.92,
      1.8575,
      1.795,
      1.7325,
      1.6725,
      1.61,
      1.5475,
      1.485,
      1.425,
      1.3625,
      1.3,
      1.2375,
      1.1775,
      1.115,
      1.0525,
      0.99,
      0.93,
      0.8675,
      0.805,
      0.7425,
      0.6825,
      0.62,
      0.5575,
      0.495,
      0.435,
      0.3725,
      0.31,
      0.2475,
      0.1875,
      0.125,
      0.0625,
      0
    ],
    "SoftwareVersions": "syngo_MR_E11",
    "TaskName": "compLn",
    "TotalReadoutTime": 0.0346501,
    "dataset": "ds003545",
    "modality": "bold",
    "run_id": 1,
    "session_id": "01",
    "subject_id": "19",
    "task_id": "compLn"
  },
  "dummy_trs": 1,
  "dvars_nstd": 21.49233037445653,
  "dvars_std": 1.2741969541847826,
  "dvars_vstd": 1.001036596847826,
  "efc": 0.5048207452983229,
  "fber": 1349.837158203125,
  "fd_mean": 0.16105656994893036,
  "fd_num": 46,
  "fd_perc": 24.864864864864863,
  "fwhm_avg": 2.631494212121212,
  "fwhm_x": 2.427191272727273,
  "fwhm_y": 2.822516363636364,
  "fwhm_z": 2.644775,
  "gcor": 0.0270187,
  "gsr_x": -0.016371583566069603,
  "gsr_y": 0.043645571917295456,
  "provenance": {
    "md5sum": "47c4a3dd68579ad78a65e7b6142224ce",
    "settings": {
      "fd_thres": 0.2,
      "testing": false
    },
    "software": "mriqc",
    "version": "22.0.6",
    "webapi_port": null,
    "webapi_url": "https://mriqc.nimh.nih.gov/api/v1"
  },
  "size_t": 185,
  "size_x": 64,
  "size_y": 64,
  "size_z": 32,
  "snr": 2.976037212318083,
  "spacing_tr": 2.0,
  "spacing_x": 3.4375,
  "spacing_y": 3.4375,
  "spacing_z": 4.0,
  "summary_bg_k": 28.408053406623445,
  "summary_bg_mad": 2.6286123790882976,
  "summary_bg_mean": 48.16083526611328,
  "summary_bg_median": 18.951351165771484,
  "summary_bg_n": 80034.0,
  "summary_bg_p05": 17.140541076660156,
  "summary_bg_p95": 188.5321617126452,
  "summary_bg_stdv": 86.54013061523438,
  "summary_fg_k": 0.5539131171065259,
  "summary_fg_mad": 240.2456721708452,
  "summary_fg_mean": 748.9871215820312,
  "summary_fg_median": 716.537841796875,
  "summary_fg_n": 21116.0,
  "summary_fg_p05": 420.3932647705078,
  "summary_fg_p95": 1185.6094665527344,
  "summary_fg_stdv": 240.76341247558594,
  "tsnr": 93.51677404157817
}