{
  "aor": 0.005325376344086021,
  "aqi": 0.0019017894516129032,
  "bids_meta": {
    "AcquisitionNumber": 1,
    "AcquisitionTime": "10:11:12.275000",
    "BandwidthPerPixelPhaseEncode": 28.409,
    "BodyPartExamined": "BRAIN",
    "ConversionSoftware": "dcm2niix",
    "ConversionSoftwareVersion": "v1.0.20170724 GCC4.4.7",
    "DeviceSerialNumber": "167004",
    "EchoTime": 0.03,
    "EchoTrainLength": 64,
    "EffectiveEchoSpacing": 0.000550002,
    "FlipAngle": 80,
    "ImageType": [
      "ORIGINAL",
      "PRIMARY",
      "M",
      "ND",
      "MOSAIC"
    ],
    "InstitutionAddress": "Mikeletegi_69_San_Sebastian_District_ES_20009",
    "InstitutionName": "BCBL",
    "MagneticFieldStrength": 3,
    "Manufacturer": "Siemens",
    "ManufacturersModelName": "Prisma_fit",
    "PhaseEncodingDirection": "j-",
    "PhaseEncodingLines": 64,
    "ProcedureStepDescription": "CRANEO_FUNCIONAL",
    "ProtocolName": "ep2d_PiN_L3_Run2",
    "RepetitionTime": 2,
    "ScanningSequence": "EP",
    "SequenceName": "_epfid2d1_64",
    "SequenceVariant": "SK",
    "SeriesDescription": "ep2d_PiN_L3_Run2",
    "SliceTiming": [
      1.9175,
      1.8575,
      1.795,
      1.7325,
      1.67,
      1.61,
      1.5475,
      1.485,
      1.4225,
      1.3625,
      1.3,
      1.2375,
      1.175,
      1.115,
      1.0525,
      0.99,
      0.93,
      0.8675,
      0.805,
      0.7425,
      0.6825,
      0.62,
      0.5575,
      0.495,
      0.435,
      0.3725,
      0.31,
      0.2475,
      0.1875,
      0.125,
      0.0625,
      0
    ],
    "SoftwareVersions": "syngo_MR_E11",
    "TaskName": "compLn",
    "TotalReadoutTime": 0.0346501,
    "dataset": "ds003545",
    "modality": "bold",
    "run_id": 2,
    "session_id": "01",
    "subject_id": "19",
    "task_id": "compLn"
  },
  "dummy_trs": 0,
  "dvars_nstd": 21.872569846918914,
  "dvars_std": 1.345450465945946,
  "dvars_vstd": 1.0468523957837836,
  "efc": 0.5044292466230231,
  "fber": 1335.8729248046875,
  "fd_mean": 0.17722646574055406,
  "fd_num": 45,
  "fd_perc": 24.193548387096776,
  "fwhm_avg": 2.5915075757575754,
  "fwhm_x": 2.3861876363636365,
  "fwhm_y": 2.7786850909090908,
  "fwhm_z": 2.60965,
  "gcor": 0.0429218,
  "gsr_x": -0.016543962061405182,
  "gsr_y": 0.04367440193891525,
  "provenance": {
    "md5sum": "a83ec6099038844519583339bc652e86",
    "settings": {
      "fd_thres": 0.2,
      "testing": false
    },
    "software": "mriqc",
    "version": "22.0.6",
    "webapi_port": null,
    "webapi_url": "https://mriqc.nimh.nih.gov/api/v1"
  },
  "size_t": 186,
  "size_x": 64,
  "size_y": 64,
  "size_z": 32,
  "snr": 2.979806860845373,
  "spacing_tr": 2.0,
  "spacing_x": 3.4375,
  "spacing_y": 3.4375,
  "spacing_z": 4.0,
  "summary_bg_k": 28.030770027380452,
  "summary_bg_mad": 3.092739990093866,
  "summary_bg_mean": 48.74993896484375,
  "summary_bg_median": 19.064516067504883,
  "summary_bg_n": 80240.0,
  "summary_bg_p05": 16.76344108581543,
  "summary_bg_p95": 193.61343765258792,
  "summary_bg_stdv": 87.84357452392578,
  "summary_fg_k": 0.43653066309543265,
  "summary_fg_mad": 241.1859174315497,
  "summary_fg_mean": 746.1451416015625,
  "summary_fg_median": 714.8333129882812,
  "summary_fg_n": 21087.0,
  "summary_fg_p05": 416.1774169921875,
  "summary_fg_p95": 1178.04296875,
  "summary_fg_stdv": 239.88681030273438,
  "tsnr": 94.21025276184082
}