{
  "aor": 0.018827860082304523,
  "aqi": 0.007400589794238683,
  "bids_meta": {
    "AcquisitionNumber": 1,
    "AcquisitionTime": "10:00:9.292500",
    "BandwidthPerPixelPhaseEncode": 29.481,
    "BodyPartExamined": "BRAIN",
    "ConversionSoftware": "dcm2niix",
    "ConversionSoftwareVersion": "v1.0.20170724 GCC4.4.7",
    "DeviceSerialNumber": "167004",
    "EchoTime": 0.025,
    "EchoTrainLength": 64,
    "EffectiveEchoSpacing": 0.000530002,
    "FlipAngle": 90,
    "ImageType": [
      "ORIGINAL",
      "PRIMARY",
      "M",
      "ND",
      "MOSAIC"
    ],
    "InstitutionAddress": "Mikeletegi_69_San_Sebastian_District_ES_20009",
    "InstitutionName": "BCBL",
    "MagneticFieldStrength": 3,
    "Manufacturer": "Siemens",
    "ManufacturersModelName": "Prisma_fit",
    "PhaseEncodingDirection": "j-",
    "PhaseEncodingLines": 64,
    "ProcedureStepDescription": "CRANEO_FUNCIONAL",
    "ProtocolName": "ep2d_VF_L3_Run2",
    "RepetitionTime": 3,
    "ScanningSequence": "EP",
    "SequenceName": "_epfid2d1_64",
    "SequenceVariant": "SK",
    "SeriesDescription": "ep2d_VF_L3_Run2",
    "SliceTiming": [
      2.91,
      2.8425,
      2.7725,
      2.7025,
      2.6325,
      2.565,
      2.495,
      2.425,
      2.355,
      2.2875,
      2.2175,
      2.1475,
      2.08,
      2.01,
      1.94,
      1.87,
      1.8025,
      1.7325,
      1.6625,
      1.595,
      1.525,
      1.455,
      1.385,
      1.3175,
      1.2475,
      1.1775,
      1.11,
      1.04,
      0.97,
      0.9,
      0.8325,
      0.7625,
      0.6925,
      0.6225,
      0.555,
      0.485,
      0.415,
      0.3475,
      0.2775,
      0.2075,
      0.1375,
      0.07,
      0
    ],
    "SoftwareVersions": "syngo_MR_E11",
    "TaskName": "prodLn",
    "TotalReadoutTime": 0.0333901,
    "dataset": "ds003545",
    "modality": "bold",
    "run_id": 2,
    "session_id": "01",
    "subject_id": "16",
    "task_id": "prodLn"
  },
  "dummy_trs": 0,
  "dvars_nstd": 34.233602531652906,
  "dvars_std": 1.3737719283057848,
  "dvars_vstd": 1.1250143061570246,
  "efc": 0.5932875860449736,
  "fber": 479.76898193359375,
  "fd_mean": 0.31503795812066515,
  "fd_num": 151,
  "fd_perc": 62.13991769547325,
  "fwhm_avg": 2.9908470857416725,
  "fwhm_x": 2.810916666666667,
  "fwhm_y": 3.04017,
  "fwhm_z": 3.1214545905583497,
  "gcor": 0.089303,
  "gsr_x": -0.01358090341091156,
  "gsr_y": 0.10027250647544861,
  "provenance": {
    "md5sum": "30ce0e8f4605a5127f5861352d164421",
    "settings": {
      "fd_thres": 0.2,
      "testing": false
    },
    "software": "mriqc",
    "version": "22.0.6",
    "webapi_port": null,
    "webapi_url": "https://mriqc.nimh.nih.gov/api/v1"
  },
  "size_t": 243,
  "size_x": 64,
  "size_y": 64,
  "size_z": 43,
  "snr": 2.227104039586546,
  "spacing_tr": 3.0,
  "spacing_x": 3.0,
  "spacing_y": 3.0,
  "spacing_z": 3.299999952316284,
  "summary_bg_k": 15.541808737022983,
  "summary_bg_mad": 10.603961942013468,
  "summary_bg_mean": 107.29920959472656,
  "summary_bg_median": 40.12757110595703,
  "summary_bg_n": 90464.0,
  "summary_bg_p05": 32.032920837402344,
  "summary_bg_p95": 459.18557739257574,
  "summary_bg_stdv": 167.8365020751953,
  "summary_fg_k": 2.0097080999146417,
  "summary_fg_mad": 373.8720291734463,
  "summary_fg_mean": 1009.404052734375,
  "summary_fg_median": 925.582275390625,
  "summary_fg_n": 42566.0,
  "summary_fg_p05": 504.7201461791992,
  "summary_fg_p95": 1825.8219604492188,
  "summary_fg_stdv": 415.5941467285156,
  "tsnr": 44.286849532974884
}