{
  "aor": 0.0029971351351351355,
  "aqi": 0.0012075759675675675,
  "bids_meta": {
    "AcquisitionNumber": 1,
    "AcquisitionTime": "12:46:35.382500",
    "BandwidthPerPixelPhaseEncode": 28.409,
    "BodyPartExamined": "BRAIN",
    "ConversionSoftware": "dcm2niix",
    "ConversionSoftwareVersion": "v1.0.20170724 GCC4.4.7",
    "DeviceSerialNumber": "167004",
    "EchoTime": 0.03,
    "EchoTrainLength": 64,
    "EffectiveEchoSpacing": 0.000550002,
    "FlipAngle": 80,
    "ImageType": [
      "ORIGINAL",
      "PRIMARY",
      "M",
      "ND",
      "MOSAIC"
    ],
    "InstitutionAddress": "Mikeletegi_69_San_Sebastian_District_ES_20009",
    "InstitutionName": "BCBL",
    "MagneticFieldStrength": 3,
    "Manufacturer": "Siemens",
    "ManufacturersModelName": "Prisma_fit",
    "PhaseEncodingDirection": "j-",
    "PhaseEncodingLines": 64,
    "ProcedureStepDescription": "CRANEO_FUNCIONAL",
    "ProtocolName": "ep2d_PiN_L1_Run1",
    "RepetitionTime": 2,
    "ScanningSequence": "EP",
    "SequenceName": "_epfid2d1_64",
    "SequenceVariant": "SK",
    "SeriesDescription": "ep2d_PiN_L1_Run1",
    "SliceTiming": [
      1.92,
      1.8575,
      1.795,
      1.7325,
      1.6725,
      1.61,
      1.5475,
      1.485,
      1.425,
      1.3625,
      1.3,
      1.2375,
      1.1775,
      1.115,
      1.0525,
      0.99,
      0.93,
      0.8675,
      0.805,
      0.7425,
      0.6825,
      0.62,
      0.5575,
      0.495,
      0.435,
      0.3725,
      0.31,
      0.2475,
      0.1875,
      0.125,
      0.0625,
      0
    ],
    "SoftwareVersions": "syngo_MR_E11",
    "TaskName": "compL1",
    "TotalReadoutTime": 0.0346501,
    "dataset": "ds003545",
    "modality": "bold",
    "run_id": 1,
    "session_id": "01",
    "subject_id": "16",
    "task_id": "compL1"
  },
  "dummy_trs": 1,
  "dvars_nstd": 17.65009579945653,
  "dvars_std": 1.3075349505978258,
  "dvars_vstd": 1.0105108457608694,
  "efc": 0.5062046968353457,
  "fber": 1449.1787109375,
  "fd_mean": 0.13067677294639118,
  "fd_num": 24,
  "fd_perc": 12.972972972972974,
  "fwhm_avg": 2.878328393939394,
  "fwhm_x": 2.7008756363636364,
  "fwhm_y": 2.9659345454545454,
  "fwhm_z": 2.968175,
  "gcor": 0.0504603,
  "gsr_x": -0.012373876757919788,
  "gsr_y": 0.046850770711898804,
  "provenance": {
    "md5sum": "51fe9c823bb3391445c028ea27f37e81",
    "settings": {
      "fd_thres": 0.2,
      "testing": false
    },
    "software": "mriqc",
    "version": "22.0.6",
    "webapi_port": null,
    "webapi_url": "https://mriqc.nimh.nih.gov/api/v1"
  },
  "size_t": 185,
  "size_x": 64,
  "size_y": 64,
  "size_z": 32,
  "snr": 2.3678910297815117,
  "spacing_tr": 2.0,
  "spacing_x": 3.4375,
  "spacing_y": 3.4375,
  "spacing_z": 4.0,
  "summary_bg_k": 30.61860470375278,
  "summary_bg_mad": 3.1455216108984754,
  "summary_bg_mean": 49.08849334716797,
  "summary_bg_median": 19.602703094482422,
  "summary_bg_n": 76318.0,
  "summary_bg_p05": 17.432432174682617,
  "summary_bg_p95": 205.02676010131796,
  "summary_bg_stdv": 87.3204116821289,
  "summary_fg_k": 1.2041455376531625,
  "summary_fg_mad": 304.7589124008999,
  "summary_fg_mean": 829.40576171875,
  "summary_fg_median": 770.3135375976562,
  "summary_fg_n": 23756.0,
  "summary_fg_p05": 411.91487884521484,
  "summary_fg_p95": 1457.5257263183594,
  "summary_fg_stdv": 325.3094482421875,
  "tsnr": 112.52631868328899
}