{
  "aor": 0.0058737860082304525,
  "aqi": 0.006537256419753086,
  "bids_meta": {
    "AcquisitionNumber": 1,
    "AcquisitionTime": "13:17:32.210000",
    "BandwidthPerPixelPhaseEncode": 29.481,
    "BodyPartExamined": "BRAIN",
    "ConversionSoftware": "dcm2niix",
    "ConversionSoftwareVersion": "v1.0.20170724 GCC4.4.7",
    "DeviceSerialNumber": "167004",
    "EchoTime": 0.025,
    "EchoTrainLength": 64,
    "EffectiveEchoSpacing": 0.000530002,
    "FlipAngle": 90,
    "ImageType": [
      "ORIGINAL",
      "PRIMARY",
      "M",
      "ND",
      "MOSAIC"
    ],
    "InstitutionAddress": "Mikeletegi_69_San_Sebastian_District_ES_20009",
    "InstitutionName": "BCBL",
    "MagneticFieldStrength": 3,
    "Manufacturer": "Siemens",
    "ManufacturersModelName": "Prisma_fit",
    "PhaseEncodingDirection": "j-",
    "PhaseEncodingLines": 64,
    "ProcedureStepDescription": "CRANEO_FUNCIONAL",
    "ProtocolName": "ep2d_VF_L1_Run1",
    "RepetitionTime": 3,
    "ScanningSequence": "EP",
    "SequenceName": "_epfid2d1_64",
    "SequenceVariant": "SK",
    "SeriesDescription": "ep2d_VF_L1_Run1",
    "SliceTiming": [
      2.91,
      2.84,
      2.77,
      2.7025,
      2.6325,
      2.5625,
      2.4925,
      2.425,
      2.355,
      2.285,
      2.2175,
      2.1475,
      2.0775,
      2.0075,
      1.94,
      1.87,
      1.8,
      1.7325,
      1.6625,
      1.5925,
      1.5225,
      1.455,
      1.385,
      1.315,
      1.2475,
      1.1775,
      1.1075,
      1.0375,
      0.97,
      0.9,
      0.83,
      0.76,
      0.6925,
      0.6225,
      0.5525,
      0.485,
      0.415,
      0.345,
      0.275,
      0.2075,
      0.1375,
      0.0675,
      0
    ],
    "SoftwareVersions": "syngo_MR_E11",
    "TaskName": "prodL1",
    "TotalReadoutTime": 0.0333901,
    "dataset": "ds003545",
    "modality": "bold",
    "run_id": 1,
    "session_id": "01",
    "subject_id": "16",
    "task_id": "prodL1"
  },
  "dummy_trs": 0,
  "dvars_nstd": 40.54729453772727,
  "dvars_std": 1.3438038761570246,
  "dvars_vstd": 1.0202177136363637,
  "efc": 0.5891852746963946,
  "fber": 504.2920227050781,
  "fd_mean": 0.3709351874761,
  "fd_num": 182,
  "fd_perc": 74.89711934156378,
  "fwhm_avg": 3.045789029166345,
  "fwhm_x": 2.90423,
  "fwhm_y": 3.0284099999999996,
  "fwhm_z": 3.2047270874990352,
  "gcor": 0.0381156,
  "gsr_x": -0.01093730702996254,
  "gsr_y": 0.0933452695608139,
  "provenance": {
    "md5sum": "4465b6b155e142adfb6fda6f158311b7",
    "settings": {
      "fd_thres": 0.2,
      "testing": false
    },
    "software": "mriqc",
    "version": "22.0.6",
    "webapi_port": null,
    "webapi_url": "https://mriqc.nimh.nih.gov/api/v1"
  },
  "size_t": 243,
  "size_x": 64,
  "size_y": 64,
  "size_z": 43,
  "snr": 2.1647895224085554,
  "spacing_tr": 3.0,
  "spacing_x": 3.0,
  "spacing_y": 3.0,
  "spacing_z": 3.3000001907348633,
  "summary_bg_k": 17.162458562957234,
  "summary_bg_mad": 10.500236795958656,
  "summary_bg_mean": 103.47686004638672,
  "summary_bg_median": 39.11933898925781,
  "summary_bg_n": 89701.0,
  "summary_bg_p05": 31.181068420410156,
  "summary_bg_p95": 444.6872253417969,
  "summary_bg_stdv": 161.9195556640625,
  "summary_fg_k": 1.7458255268875789,
  "summary_fg_mad": 389.4667711977483,
  "summary_fg_mean": 1018.5575561523438,
  "summary_fg_median": 933.0699462890625,
  "summary_fg_n": 42753.0,
  "summary_fg_p05": 491.7843444824219,
  "summary_fg_p95": 1864.8073486328126,
  "summary_fg_stdv": 431.01605224609375,
  "tsnr": 53.162667172728106
}