{
  "aor": 0.005406172839506172,
  "aqi": 0.003725241604938272,
  "bids_meta": {
    "AcquisitionNumber": 1,
    "AcquisitionTime": "09:45:32.357500",
    "BandwidthPerPixelPhaseEncode": 29.481,
    "BodyPartExamined": "BRAIN",
    "ConversionSoftware": "dcm2niix",
    "ConversionSoftwareVersion": "v1.0.20170724 GCC4.4.7",
    "DeviceSerialNumber": "167004",
    "EchoTime": 0.025,
    "EchoTrainLength": 64,
    "EffectiveEchoSpacing": 0.000530002,
    "FlipAngle": 90,
    "ImageType": [
      "ORIGINAL",
      "PRIMARY",
      "M",
      "ND",
      "MOSAIC"
    ],
    "InstitutionAddress": "Mikeletegi_69_San_Sebastian_District_ES_20009",
    "InstitutionName": "BCBL",
    "MagneticFieldStrength": 3,
    "Manufacturer": "Siemens",
    "ManufacturersModelName": "Prisma_fit",
    "PhaseEncodingDirection": "j-",
    "PhaseEncodingLines": 64,
    "ProcedureStepDescription": "CRANEO_FUNCIONAL",
    "ProtocolName": "ep2d_VF_L3_Run1",
    "RepetitionTime": 3,
    "ScanningSequence": "EP",
    "SequenceName": "_epfid2d1_64",
    "SequenceVariant": "SK",
    "SeriesDescription": "ep2d_VF_L3_Run1",
    "SliceTiming": [
      2.9125,
      2.8425,
      2.7725,
      2.705,
      2.635,
      2.565,
      2.495,
      2.4275,
      2.3575,
      2.2875,
      2.2175,
      2.15,
      2.08,
      2.01,
      1.9425,
      1.8725,
      1.8025,
      1.7325,
      1.665,
      1.595,
      1.525,
      1.4575,
      1.3875,
      1.3175,
      1.2475,
      1.18,
      1.11,
      1.04,
      0.9725,
      0.9025,
      0.8325,
      0.7625,
      0.695,
      0.625,
      0.555,
      0.485,
      0.4175,
      0.3475,
      0.2775,
      0.21,
      0.14,
      0.07,
      0
    ],
    "SoftwareVersions": "syngo_MR_E11",
    "TaskName": "prodLn",
    "TotalReadoutTime": 0.0333901,
    "dataset": "ds003545",
    "modality": "bold",
    "run_id": 1,
    "session_id": "01",
    "subject_id": "16",
    "task_id": "prodLn"
  },
  "dummy_trs": 0,
  "dvars_nstd": 33.26008821892561,
  "dvars_std": 1.4033007171900826,
  "dvars_vstd": 1.0334405582231405,
  "efc": 0.5904453126378223,
  "fber": 522.0114135742188,
  "fd_mean": 0.2411906974011027,
  "fd_num": 103,
  "fd_perc": 42.38683127572016,
  "fwhm_avg": 2.9678163039451704,
  "fwhm_x": 2.8026133333333334,
  "fwhm_y": 3.0025933333333334,
  "fwhm_z": 3.098242245168845,
  "gcor": 0.0354837,
  "gsr_x": -0.006197516340762377,
  "gsr_y": 0.08895045518875122,
  "provenance": {
    "md5sum": "d9ff25a3c380526df795cc0ae6bb1b4d",
    "settings": {
      "fd_thres": 0.2,
      "testing": false
    },
    "software": "mriqc",
    "version": "22.0.6",
    "webapi_port": null,
    "webapi_url": "https://mriqc.nimh.nih.gov/api/v1"
  },
  "size_t": 243,
  "size_x": 64,
  "size_y": 64,
  "size_z": 43,
  "snr": 2.2451587125132297,
  "spacing_tr": 3.0,
  "spacing_x": 3.0,
  "spacing_y": 3.0,
  "spacing_z": 3.3000001907348633,
  "summary_bg_k": 16.395466755105325,
  "summary_bg_mad": 8.797990642219428,
  "summary_bg_mean": 100.24181365966797,
  "summary_bg_median": 38.81892776489258,
  "summary_bg_n": 89285.0,
  "summary_bg_p05": 32.66255187988281,
  "summary_bg_p95": 428.1604675292969,
  "summary_bg_stdv": 156.3148956298828,
  "summary_fg_k": 1.78738323300355,
  "summary_fg_mad": 382.2368231110819,
  "summary_fg_mean": 1023.3626098632812,
  "summary_fg_median": 940.5966796875,
  "summary_fg_n": 42569.0,
  "summary_fg_p05": 509.20574951171875,
  "summary_fg_p95": 1843.6592041015624,
  "summary_fg_stdv": 418.9394836425781,
  "tsnr": 72.90714413300157
}