{
  "aor": 0.0025632258064516127,
  "aqi": 0.0014145725645161294,
  "bids_meta": {
    "AcquisitionNumber": 1,
    "AcquisitionTime": "09:25:32.645000",
    "BandwidthPerPixelPhaseEncode": 28.409,
    "BodyPartExamined": "BRAIN",
    "ConversionSoftware": "dcm2niix",
    "ConversionSoftwareVersion": "v1.0.20170724 GCC4.4.7",
    "DeviceSerialNumber": "167004",
    "EchoTime": 0.03,
    "EchoTrainLength": 64,
    "EffectiveEchoSpacing": 0.000550002,
    "FlipAngle": 80,
    "ImageType": [
      "ORIGINAL",
      "PRIMARY",
      "M",
      "ND",
      "MOSAIC"
    ],
    "InstitutionAddress": "Mikeletegi_69_San_Sebastian_District_ES_20009",
    "InstitutionName": "BCBL",
    "MagneticFieldStrength": 3,
    "Manufacturer": "Siemens",
    "ManufacturersModelName": "Prisma_fit",
    "PhaseEncodingDirection": "j-",
    "PhaseEncodingLines": 64,
    "ProcedureStepDescription": "CRANEO_FUNCIONAL",
    "ProtocolName": "ep2d_PiN_L3_Run1",
    "RepetitionTime": 2,
    "ScanningSequence": "EP",
    "SequenceName": "_epfid2d1_64",
    "SequenceVariant": "SK",
    "SeriesDescription": "ep2d_PiN_L3_Run1",
    "SliceTiming": [
      1.9175,
      1.855,
      1.795,
      1.7325,
      1.67,
      1.6075,
      1.5475,
      1.485,
      1.4225,
      1.36,
      1.3,
      1.2375,
      1.175,
      1.1125,
      1.0525,
      0.99,
      0.9275,
      0.865,
      0.805,
      0.7425,
      0.68,
      0.6175,
      0.5575,
      0.495,
      0.4325,
      0.3725,
      0.31,
      0.2475,
      0.185,
      0.125,
      0.0625,
      0
    ],
    "SoftwareVersions": "syngo_MR_E11",
    "TaskName": "compLn",
    "TotalReadoutTime": 0.0346501,
    "dataset": "ds003545",
    "modality": "bold",
    "run_id": 1,
    "session_id": "01",
    "subject_id": "16",
    "task_id": "compLn"
  },
  "dummy_trs": 0,
  "dvars_nstd": 17.90306492351351,
  "dvars_std": 1.3484871781081083,
  "dvars_vstd": 1.0086337095135127,
  "efc": 0.5136678370554655,
  "fber": 1376.0643310546875,
  "fd_mean": 0.11338908436250474,
  "fd_num": 10,
  "fd_perc": 5.376344086021505,
  "fwhm_avg": 2.851623151515151,
  "fwhm_x": 2.7017221818181816,
  "fwhm_y": 2.9370472727272725,
  "fwhm_z": 2.9161,
  "gcor": 0.0413435,
  "gsr_x": -0.014859717339277267,
  "gsr_y": 0.0477818138897419,
  "provenance": {
    "md5sum": "15a304d99cab3eb436653dd138856d94",
    "settings": {
      "fd_thres": 0.2,
      "testing": false
    },
    "software": "mriqc",
    "version": "22.0.6",
    "webapi_port": null,
    "webapi_url": "https://mriqc.nimh.nih.gov/api/v1"
  },
  "size_t": 186,
  "size_x": 64,
  "size_y": 64,
  "size_z": 32,
  "snr": 2.364433579307221,
  "spacing_tr": 2.0,
  "spacing_x": 3.4375,
  "spacing_y": 3.4375,
  "spacing_z": 4.0,
  "summary_bg_k": 29.910469396836987,
  "summary_bg_mad": 3.331870566043514,
  "summary_bg_mean": 48.632259368896484,
  "summary_bg_median": 19.80645179748535,
  "summary_bg_n": 75191.0,
  "summary_bg_p05": 17.4946231842041,
  "summary_bg_p95": 201.1209716796875,
  "summary_bg_stdv": 85.04115295410156,
  "summary_fg_k": 1.3897459095741143,
  "summary_fg_mad": 296.52039845569135,
  "summary_fg_mean": 818.6246337890625,
  "summary_fg_median": 759.29833984375,
  "summary_fg_n": 24734.0,
  "summary_fg_p05": 411.3983917236328,
  "summary_fg_p95": 1450.3839050292968,
  "summary_fg_stdv": 321.1268005371094,
  "tsnr": 111.60585417412221
}