{
  "aor": 0.008420268817204302,
  "aqi": 0.002575941725806452,
  "bids_meta": {
    "AcquisitionNumber": 1,
    "AcquisitionTime": "12:55:28.500000",
    "BandwidthPerPixelPhaseEncode": 28.409,
    "BodyPartExamined": "BRAIN",
    "ConversionSoftware": "dcm2niix",
    "ConversionSoftwareVersion": "v1.0.20170724 GCC4.4.7",
    "DeviceSerialNumber": "167004",
    "EchoTime": 0.03,
    "EchoTrainLength": 64,
    "EffectiveEchoSpacing": 0.000550002,
    "FlipAngle": 80,
    "ImageType": [
      "ORIGINAL",
      "PRIMARY",
      "M",
      "ND",
      "MOSAIC"
    ],
    "InstitutionAddress": "Mikeletegi_69_San_Sebastian_District_ES_20009",
    "InstitutionName": "BCBL",
    "MagneticFieldStrength": 3,
    "Manufacturer": "Siemens",
    "ManufacturersModelName": "Prisma_fit",
    "PhaseEncodingDirection": "j-",
    "PhaseEncodingLines": 64,
    "ProcedureStepDescription": "CRANEO_FUNCIONAL",
    "ProtocolName": "ep2d_PiN_L1_Run2",
    "RepetitionTime": 2,
    "ScanningSequence": "EP",
    "SequenceName": "_epfid2d1_64",
    "SequenceVariant": "SK",
    "SeriesDescription": "ep2d_PiN_L1_Run2",
    "SliceTiming": [
      1.9175,
      1.855,
      1.7925,
      1.7325,
      1.67,
      1.6075,
      1.545,
      1.485,
      1.4225,
      1.36,
      1.2975,
      1.2375,
      1.175,
      1.1125,
      1.05,
      0.99,
      0.9275,
      0.865,
      0.8025,
      0.7425,
      0.68,
      0.6175,
      0.555,
      0.495,
      0.4325,
      0.37,
      0.3075,
      0.2475,
      0.185,
      0.1225,
      0.06,
      0
    ],
    "SoftwareVersions": "syngo_MR_E11",
    "TaskName": "compL1",
    "TotalReadoutTime": 0.0346501,
    "dataset": "ds003545",
    "modality": "bold",
    "run_id": 2,
    "session_id": "01",
    "subject_id": "16",
    "task_id": "compL1"
  },
  "dummy_trs": 0,
  "dvars_nstd": 22.439045008918928,
  "dvars_std": 1.343140199135135,
  "dvars_vstd": 1.0557448904324334,
  "efc": 0.5083548778364219,
  "fber": 1395.74072265625,
  "fd_mean": 0.21839410023606592,
  "fd_num": 73,
  "fd_perc": 39.24731182795699,
  "fwhm_avg": 2.886039818181818,
  "fwhm_x": 2.7178094545454545,
  "fwhm_y": 2.98496,
  "fwhm_z": 2.95535,
  "gcor": 0.0920427,
  "gsr_x": -0.013896743766963482,
  "gsr_y": 0.050581298768520355,
  "provenance": {
    "md5sum": "709a7a9208242855173ee4c4cba2d7c4",
    "settings": {
      "fd_thres": 0.2,
      "testing": false
    },
    "software": "mriqc",
    "version": "22.0.6",
    "webapi_port": null,
    "webapi_url": "https://mriqc.nimh.nih.gov/api/v1"
  },
  "size_t": 186,
  "size_x": 64,
  "size_y": 64,
  "size_z": 32,
  "snr": 2.3606300980715584,
  "spacing_tr": 2.0,
  "spacing_x": 3.4375,
  "spacing_y": 3.4375,
  "spacing_z": 4.0,
  "summary_bg_k": 29.47175040423724,
  "summary_bg_mad": 3.9456332943743386,
  "summary_bg_mean": 50.24597930908203,
  "summary_bg_median": 19.887096405029297,
  "summary_bg_n": 76159.0,
  "summary_bg_p05": 16.913978576660156,
  "summary_bg_p95": 212.33547973632793,
  "summary_bg_stdv": 89.29441833496094,
  "summary_fg_k": 1.1811932820899438,
  "summary_fg_mad": 303.4073409448696,
  "summary_fg_mean": 824.5578002929688,
  "summary_fg_median": 765.75537109375,
  "summary_fg_n": 23976.0,
  "summary_fg_p05": 408.95430755615234,
  "summary_fg_p95": 1450.4314270019531,
  "summary_fg_stdv": 324.3792419433594,
  "tsnr": 79.48371103778481
}