{
  "bids_meta": {
    "AccelFactPE": 2,
    "AcquisitionNumber": 1,
    "AcquisitionTime": "16:26:54.272500",
    "ConversionSoftware": "dcm2niix",
    "ConversionSoftwareVersion": "v1.0.20170724 GCC4.4.7",
    "DeviceSerialNumber": "35414",
    "EchoTime": 0.00297,
    "FlipAngle": 7,
    "ImageType": [
      "ORIGINAL",
      "PRIMARY",
      "M",
      "ND",
      "NORM"
    ],
    "InstitutionAddress": "Mikeletegi_69_San_Sebastian_District_ES_20009",
    "InstitutionName": "BCBL",
    "InversionTime": 1.1,
    "MagneticFieldStrength": 3,
    "Manufacturer": "Siemens",
    "ManufacturersModelName": "TrioTim",
    "PhaseEncodingDirection": "i-",
    "PhaseEncodingLines": 256,
    "ProcedureStepDescription": "CRANEO_FUNCIONAL",
    "ProtocolName": "t1_mpr_tra_p2_iso",
    "RepetitionTime": 2.53,
    "ScanningSequence": "GR_IR",
    "SequenceName": "_tfl3d1",
    "SequenceVariant": "SP_MP_OSP",
    "SeriesDescription": "t1_mpr_tra_p2_iso",
    "SoftwareVersions": "syngo_MR_B17",
    "dataset": "ds003545",
    "modality": "T1w",
    "session_id": "01",
    "subject_id": "09"
  },
  "cjv": 0.3263251878991922,
  "cnr": 4.0869920625009,
  "efc": 0.5513379590434557,
  "fber": 19124.51921632653,
  "fwhm_avg": 4.38331,
  "fwhm_x": 4.14614,
  "fwhm_y": 4.90534,
  "fwhm_z": 4.09845,
  "icvs_csf": 0.21817369688957902,
  "icvs_gm": 0.4460634939084922,
  "icvs_wm": 0.33576280920192875,
  "inu_med": 0.4922454059123993,
  "inu_range": 0.19237769842147823,
  "provenance": {
    "md5sum": "b7a7330d8ab579863e259aa1a2534d51",
    "settings": {
      "testing": false
    },
    "software": "mriqc",
    "version": "22.0.6",
    "warnings": {
      "large_rot_frame": true,
      "small_air_mask": false
    },
    "webapi_port": null,
    "webapi_url": "https://mriqc.nimh.nih.gov/api/v1"
  },
  "qi_1": 0.0,
  "qi_2": 0.014354697200202363,
  "rpve_csf": 23.81002598482486,
  "rpve_gm": 12.158716789708324,
  "rpve_wm": 18.242392247728702,
  "size_x": 256,
  "size_y": 256,
  "size_z": 176,
  "snr_csf": 2.060489956615975,
  "snr_gm": 12.196137453045372,
  "snr_total": 13.52545692068172,
  "snr_wm": 26.31974335238381,
  "snrd_csf": 30.922393313204353,
  "snrd_gm": 81.83293140715438,
  "snrd_total": 75.81684873796264,
  "snrd_wm": 114.69522149352923,
  "spacing_x": 1.0,
  "spacing_y": 1.0,
  "spacing_z": 1.0,
  "summary_bg_k": 59.41615621477883,
  "summary_bg_mad": 5.712132649231908,
  "summary_bg_mean": 4.7261068138294124,
  "summary_bg_median": 3.8527749236673117,
  "summary_bg_n": 2127596.0,
  "summary_bg_p05": 0.0,
  "summary_bg_p95": 16.148865105584264,
  "summary_bg_stdv": 6.993676825188467,
  "summary_csf_k": 0.17406391269111632,
  "summary_csf_mad": 144.95042992164372,
  "summary_csf_mean": 272.55720388557734,
  "summary_csf_median": 269.6122707221657,
  "summary_csf_n": 54538.0,
  "summary_csf_p05": 63.66642249748111,
  "summary_csf_p95": 478.51327928723754,
  "summary_csf_stdv": 130.84742202286714,
  "summary_gm_k": 0.06387823913649315,
  "summary_gm_mad": 57.850534915625275,
  "summary_gm_mean": 713.400657243274,
  "summary_gm_median": 713.5011262893677,
  "summary_gm_n": 40135.0,
  "summary_gm_p05": 616.5368915792554,
  "summary_gm_p95": 809.6019022222608,
  "summary_gm_stdv": 58.50149198600102,
  "summary_wm_k": 0.8283563022734715,
  "summary_wm_mad": 35.65018958385871,
  "summary_wm_mean": 999.0789878033534,
  "summary_wm_median": 1000.0273521728814,
  "summary_wm_n": 183844.0,
  "summary_wm_p05": 935.3813411575742,
  "summary_wm_p95": 1058.8026632424444,
  "summary_wm_stdv": 37.99522734734742,
  "tpm_overlap_csf": 0.15627580473320343,
  "tpm_overlap_gm": 0.4874445795135101,
  "tpm_overlap_wm": 0.5087802024191076,
  "wm2max": 0.6105993238911189
}