{
  "bids_meta": {
    "AccelFactPE": 2,
    "AcquisitionNumber": 1,
    "AcquisitionTime": "10:24:40.802500",
    "ConversionSoftware": "dcm2niix",
    "ConversionSoftwareVersion": "v1.0.20170724 GCC4.4.7",
    "DeviceSerialNumber": "35414",
    "EchoTime": 0.00297,
    "FlipAngle": 7,
    "ImageType": [
      "ORIGINAL",
      "PRIMARY",
      "M",
      "ND",
      "NORM"
    ],
    "InstitutionAddress": "Mikeletegi_69_San_Sebastian_District_ES_20009",
    "InstitutionName": "BCBL",
    "InversionTime": 1.1,
    "MagneticFieldStrength": 3,
    "Manufacturer": "Siemens",
    "ManufacturersModelName": "TrioTim",
    "PhaseEncodingDirection": "i-",
    "PhaseEncodingLines": 256,
    "ProcedureStepDescription": "CRANEO_FUNCIONAL",
    "ProtocolName": "t1_mpr_tra_p2_iso",
    "RepetitionTime": 2.53,
    "ScanningSequence": "GR_IR",
    "SequenceName": "_tfl3d1",
    "SequenceVariant": "SP_MP_OSP",
    "SeriesDescription": "t1_mpr_tra_p2_iso",
    "SoftwareVersions": "syngo_MR_B17",
    "dataset": "ds003545",
    "modality": "T1w",
    "session_id": "01",
    "subject_id": "03"
  },
  "cjv": 0.3054632277411564,
  "cnr": 4.379472048696196,
  "efc": 0.5439693620515043,
  "fber": 17288.74351111111,
  "fwhm_avg": 4.34641,
  "fwhm_x": 4.09943,
  "fwhm_y": 4.80026,
  "fwhm_z": 4.13954,
  "icvs_csf": 0.1780507453138059,
  "icvs_gm": 0.4813711658241119,
  "icvs_wm": 0.34057808886208224,
  "inu_med": 0.5220396518707275,
  "inu_range": 0.2731809318065643,
  "provenance": {
    "md5sum": "0878b0b7df29aa2da24073d2066683ed",
    "settings": {
      "testing": false
    },
    "software": "mriqc",
    "version": "22.0.6",
    "warnings": {
      "large_rot_frame": true,
      "small_air_mask": false
    },
    "webapi_port": null,
    "webapi_url": "https://mriqc.nimh.nih.gov/api/v1"
  },
  "qi_1": 0.0,
  "qi_2": 0.015795049016638675,
  "rpve_csf": 28.609190467037287,
  "rpve_gm": 11.959664760800086,
  "rpve_wm": 18.463661769351273,
  "size_x": 256,
  "size_y": 256,
  "size_z": 176,
  "snr_csf": 2.0052690683015206,
  "snr_gm": 12.29433161484882,
  "snr_total": 12.308440380160562,
  "snr_wm": 22.625720457331344,
  "snrd_csf": 22.911339596943893,
  "snrd_gm": 62.07920787728525,
  "snrd_total": 58.472561335120076,
  "snrd_wm": 90.42713653113108,
  "spacing_x": 1.0,
  "spacing_y": 1.0,
  "spacing_z": 1.0,
  "summary_bg_k": 10.70093079196067,
  "summary_bg_mad": 0.0,
  "summary_bg_mean": 4.887182297206248,
  "summary_bg_median": 0.0,
  "summary_bg_n": 2274072.0,
  "summary_bg_p05": 0.0,
  "summary_bg_p95": 18.77121290564537,
  "summary_bg_stdv": 7.245160207019,
  "summary_csf_k": 0.3483875927687867,
  "summary_csf_mad": 117.58533938433092,
  "summary_csf_mean": 263.04617910947684,
  "summary_csf_median": 253.37674099206924,
  "summary_csf_n": 25277.0,
  "summary_csf_p05": 67.18154759109021,
  "summary_csf_p95": 491.72958501279345,
  "summary_csf_stdv": 126.35298322098288,
  "summary_gm_k": 0.17692475410545994,
  "summary_gm_mad": 54.53084298085565,
  "summary_gm_mean": 686.3978752683477,
  "summary_gm_median": 686.5346004217863,
  "summary_gm_n": 64447.0,
  "summary_gm_p05": 593.7867993861437,
  "summary_gm_p95": 777.6200062185526,
  "summary_gm_stdv": 55.84112219826672,
  "summary_wm_k": 0.6409384002512089,
  "summary_wm_mad": 41.23188974917805,
  "summary_wm_mean": 998.8764639536495,
  "summary_wm_median": 1000.03463588655,
  "summary_wm_n": 186992.0,
  "summary_wm_p05": 924.2224863469601,
  "summary_wm_p95": 1068.989405065775,
  "summary_wm_stdv": 44.198900263312545,
  "tpm_overlap_csf": 0.14983494456683763,
  "tpm_overlap_gm": 0.4931849597570356,
  "tpm_overlap_wm": 0.526679366411453,
  "wm2max": 0.48752279327345177
}