{
  "aor": 0.0012823783783783784,
  "aqi": 0.001193595464864865,
  "bids_meta": {
    "AcquisitionNumber": 1,
    "AcquisitionTime": "14:29:9.400000",
    "BandwidthPerPixelPhaseEncode": 28.409,
    "BodyPartExamined": "BRAIN",
    "ConversionSoftware": "dcm2niix",
    "ConversionSoftwareVersion": "v1.0.20170724 GCC4.4.7",
    "DeviceSerialNumber": "167004",
    "EchoTime": 0.03,
    "EchoTrainLength": 64,
    "EffectiveEchoSpacing": 0.000550002,
    "FlipAngle": 80,
    "ImageType": [
      "ORIGINAL",
      "PRIMARY",
      "M",
      "ND",
      "MOSAIC"
    ],
    "InstitutionAddress": "Mikeletegi_69_San_Sebastian_District_ES_20009",
    "InstitutionName": "BCBL",
    "MagneticFieldStrength": 3,
    "Manufacturer": "Siemens",
    "ManufacturersModelName": "Prisma_fit",
    "PhaseEncodingDirection": "j-",
    "PhaseEncodingLines": 64,
    "ProcedureStepDescription": "CRANEO_FUNCIONAL",
    "ProtocolName": "ep2d_PiN_L1_Run1",
    "RepetitionTime": 2,
    "ScanningSequence": "EP",
    "SequenceName": "_epfid2d1_64",
    "SequenceVariant": "SK",
    "SeriesDescription": "ep2d_PiN_L1_Run1",
    "SliceTiming": [
      1.9175,
      1.8575,
      1.795,
      1.7325,
      1.67,
      1.61,
      1.5475,
      1.485,
      1.4225,
      1.3625,
      1.3,
      1.2375,
      1.175,
      1.115,
      1.0525,
      0.99,
      0.9275,
      0.8675,
      0.805,
      0.7425,
      0.68,
      0.62,
      0.5575,
      0.495,
      0.4325,
      0.3725,
      0.31,
      0.2475,
      0.185,
      0.125,
      0.0625,
      0
    ],
    "SoftwareVersions": "syngo_MR_E11",
    "TaskName": "compL1",
    "TotalReadoutTime": 0.0346501,
    "dataset": "ds003545",
    "modality": "bold",
    "run_id": 1,
    "session_id": "02",
    "subject_id": "16",
    "task_id": "compL1"
  },
  "dummy_trs": 1,
  "dvars_nstd": 16.34268884548912,
  "dvars_std": 1.2578668329891307,
  "dvars_vstd": 0.9917503825543478,
  "efc": 0.5036361198665579,
  "fber": 1506.1727294921875,
  "fd_mean": 0.0846850648672459,
  "fd_num": 7,
  "fd_perc": 3.7837837837837838,
  "fwhm_avg": 2.966663575757576,
  "fwhm_x": 2.8440989090909095,
  "fwhm_y": 3.180741818181818,
  "fwhm_z": 2.87515,
  "gcor": 0.0476992,
  "gsr_x": -0.014626117423176765,
  "gsr_y": 0.04649974778294563,
  "provenance": {
    "md5sum": "3804c30e3758ed3af9e9a2d3564458dc",
    "settings": {
      "fd_thres": 0.2,
      "testing": false
    },
    "software": "mriqc",
    "version": "22.0.6",
    "webapi_port": null,
    "webapi_url": "https://mriqc.nimh.nih.gov/api/v1"
  },
  "size_t": 185,
  "size_x": 64,
  "size_y": 64,
  "size_z": 32,
  "snr": 2.2632750744578383,
  "spacing_tr": 2.0,
  "spacing_x": 3.4375,
  "spacing_y": 3.4375,
  "spacing_z": 4.0,
  "summary_bg_k": 34.48263299837233,
  "summary_bg_mad": 4.5359617183061385,
  "summary_bg_mean": 57.613101959228516,
  "summary_bg_median": 21.08108139038086,
  "summary_bg_n": 76926.0,
  "summary_bg_p05": 17.886486053466797,
  "summary_bg_p95": 260.6445999145508,
  "summary_bg_stdv": 106.10403442382812,
  "summary_fg_k": 0.8636890593168318,
  "summary_fg_mad": 363.4739509005623,
  "summary_fg_mean": 916.8539428710938,
  "summary_fg_median": 846.767578125,
  "summary_fg_n": 23528.0,
  "summary_fg_p05": 439.0008209228516,
  "summary_fg_p95": 1613.7016540527338,
  "summary_fg_stdv": 374.12579345703125,
  "tsnr": 109.4330579508096
}