{
  "aor": 0.0027032795698924738,
  "aqi": 0.001854827994623656,
  "bids_meta": {
    "AcquisitionNumber": 1,
    "AcquisitionTime": "12:31:5.010000",
    "BandwidthPerPixelPhaseEncode": 28.409,
    "BodyPartExamined": "BRAIN",
    "ConversionSoftware": "dcm2niix",
    "ConversionSoftwareVersion": "v1.0.20170724 GCC4.4.7",
    "DeviceSerialNumber": "167004",
    "EchoTime": 0.03,
    "EchoTrainLength": 64,
    "EffectiveEchoSpacing": 0.000550002,
    "FlipAngle": 80,
    "ImageType": [
      "ORIGINAL",
      "PRIMARY",
      "M",
      "ND",
      "MOSAIC"
    ],
    "InstitutionAddress": "Mikeletegi_69_San_Sebastian_District_ES_20009",
    "InstitutionName": "BCBL",
    "MagneticFieldStrength": 3,
    "Manufacturer": "Siemens",
    "ManufacturersModelName": "Prisma_fit",
    "PhaseEncodingDirection": "j-",
    "PhaseEncodingLines": 64,
    "ProcedureStepDescription": "CRANEO_FUNCIONAL",
    "ProtocolName": "ep2d_PiN_L3_Run2",
    "RepetitionTime": 2,
    "ScanningSequence": "EP",
    "SequenceName": "_epfid2d1_64",
    "SequenceVariant": "SK",
    "SeriesDescription": "ep2d_PiN_L3_Run2",
    "SliceTiming": [
      1.9175,
      1.8575,
      1.795,
      1.7325,
      1.67,
      1.61,
      1.5475,
      1.485,
      1.4225,
      1.3625,
      1.3,
      1.2375,
      1.175,
      1.115,
      1.0525,
      0.99,
      0.9275,
      0.8675,
      0.805,
      0.7425,
      0.68,
      0.62,
      0.5575,
      0.495,
      0.4325,
      0.3725,
      0.31,
      0.2475,
      0.185,
      0.125,
      0.0625,
      0
    ],
    "SoftwareVersions": "syngo_MR_E11",
    "TaskName": "compLn",
    "TotalReadoutTime": 0.0346501,
    "dataset": "ds003545",
    "modality": "bold",
    "run_id": 2,
    "session_id": "02",
    "subject_id": "16",
    "task_id": "compLn"
  },
  "dummy_trs": 0,
  "dvars_nstd": 17.627387886756747,
  "dvars_std": 1.2754789774594595,
  "dvars_vstd": 1.0047263394594583,
  "efc": 0.5070345069203985,
  "fber": 1417.0115966796875,
  "fd_mean": 0.09707870688366615,
  "fd_num": 12,
  "fd_perc": 6.451612903225806,
  "fwhm_avg": 2.911854636363637,
  "fwhm_x": 2.8092189090909088,
  "fwhm_y": 3.0611200000000003,
  "fwhm_z": 2.865225,
  "gcor": 0.0761655,
  "gsr_x": -0.018860893324017525,
  "gsr_y": 0.0486852191388607,
  "provenance": {
    "md5sum": "93fb67eed999c9600a5f81d1b9c8ad26",
    "settings": {
      "fd_thres": 0.2,
      "testing": false
    },
    "software": "mriqc",
    "version": "22.0.6",
    "webapi_port": null,
    "webapi_url": "https://mriqc.nimh.nih.gov/api/v1"
  },
  "size_t": 186,
  "size_x": 64,
  "size_y": 64,
  "size_z": 32,
  "snr": 2.281584297157965,
  "spacing_tr": 2.0,
  "spacing_x": 3.4375,
  "spacing_y": 3.4375,
  "spacing_z": 4.0,
  "summary_bg_k": 34.52584129568561,
  "summary_bg_mad": 4.479690543787472,
  "summary_bg_mean": 57.35622787475586,
  "summary_bg_median": 21.059139251708984,
  "summary_bg_n": 76750.0,
  "summary_bg_p05": 17.817203521728516,
  "summary_bg_p95": 251.00537109375,
  "summary_bg_stdv": 105.74007415771484,
  "summary_fg_k": 1.2040670594960377,
  "summary_fg_mad": 335.5781983491677,
  "summary_fg_mean": 887.67626953125,
  "summary_fg_median": 816.7015991210938,
  "summary_fg_n": 23872.0,
  "summary_fg_p05": 435.9653259277344,
  "summary_fg_p95": 1572.173876953125,
  "summary_fg_stdv": 357.94622802734375,
  "tsnr": 87.52589206560515
}