{
  "aor": 0.002838312757201646,
  "aqi": 0.0046833992181069956,
  "bids_meta": {
    "AcquisitionNumber": 1,
    "AcquisitionTime": "15:01:18.122500",
    "BandwidthPerPixelPhaseEncode": 29.481,
    "BodyPartExamined": "BRAIN",
    "ConversionSoftware": "dcm2niix",
    "ConversionSoftwareVersion": "v1.0.20170724 GCC4.4.7",
    "DeviceSerialNumber": "167004",
    "EchoTime": 0.025,
    "EchoTrainLength": 64,
    "EffectiveEchoSpacing": 0.000530002,
    "FlipAngle": 90,
    "ImageType": [
      "ORIGINAL",
      "PRIMARY",
      "M",
      "ND",
      "MOSAIC"
    ],
    "InstitutionAddress": "Mikeletegi_69_San_Sebastian_District_ES_20009",
    "InstitutionName": "BCBL",
    "MagneticFieldStrength": 3,
    "Manufacturer": "Siemens",
    "ManufacturersModelName": "Prisma_fit",
    "PhaseEncodingDirection": "j-",
    "PhaseEncodingLines": 64,
    "ProcedureStepDescription": "CRANEO_FUNCIONAL",
    "ProtocolName": "ep2d_VF_L1_Run2",
    "RepetitionTime": 3,
    "ScanningSequence": "EP",
    "SequenceName": "_epfid2d1_64",
    "SequenceVariant": "SK",
    "SeriesDescription": "ep2d_VF_L1_Run2",
    "SliceTiming": [
      2.91,
      2.8425,
      2.7725,
      2.7025,
      2.6325,
      2.565,
      2.495,
      2.425,
      2.3575,
      2.2875,
      2.2175,
      2.1475,
      2.08,
      2.01,
      1.94,
      1.8725,
      1.8025,
      1.7325,
      1.6625,
      1.595,
      1.525,
      1.455,
      1.3875,
      1.3175,
      1.2475,
      1.1775,
      1.11,
      1.04,
      0.97,
      0.9,
      0.8325,
      0.7625,
      0.6925,
      0.625,
      0.555,
      0.485,
      0.415,
      0.3475,
      0.2775,
      0.2075,
      0.14,
      0.07,
      0
    ],
    "SoftwareVersions": "syngo_MR_E11",
    "TaskName": "prodL1",
    "TotalReadoutTime": 0.0333901,
    "dataset": "ds003545",
    "modality": "bold",
    "run_id": 2,
    "session_id": "02",
    "subject_id": "16",
    "task_id": "prodL1"
  },
  "dummy_trs": 0,
  "dvars_nstd": 26.572025216363645,
  "dvars_std": 1.2452773976446276,
  "dvars_vstd": 0.9633563645454548,
  "efc": 0.5805020754971547,
  "fber": 534.8856201171875,
  "fd_mean": 0.15934195898376086,
  "fd_num": 67,
  "fd_perc": 27.57201646090535,
  "fwhm_avg": 3.0140216302275977,
  "fwhm_x": 2.917056666666667,
  "fwhm_y": 3.2046566666666667,
  "fwhm_z": 2.9203515573494587,
  "gcor": 0.0357232,
  "gsr_x": -0.008934380486607552,
  "gsr_y": 0.09568262845277786,
  "provenance": {
    "md5sum": "2bd3f302ff0efa32945de7724605bff7",
    "settings": {
      "fd_thres": 0.2,
      "testing": false
    },
    "software": "mriqc",
    "version": "22.0.6",
    "webapi_port": null,
    "webapi_url": "https://mriqc.nimh.nih.gov/api/v1"
  },
  "size_t": 243,
  "size_x": 64,
  "size_y": 64,
  "size_z": 43,
  "snr": 2.161898244352915,
  "spacing_tr": 3.0,
  "spacing_x": 3.0,
  "spacing_y": 3.0,
  "spacing_z": 3.299999952316284,
  "summary_bg_k": 21.179784336166215,
  "summary_bg_mad": 13.874228028591222,
  "summary_bg_mean": 118.10765838623047,
  "summary_bg_median": 41.63785934448242,
  "summary_bg_n": 92739.0,
  "summary_bg_p05": 30.54732322692871,
  "summary_bg_p95": 506.8880584716794,
  "summary_bg_stdv": 190.89500427246094,
  "summary_fg_k": 1.1387244449840148,
  "summary_fg_mad": 444.7013955600173,
  "summary_fg_mean": 1113.9410400390625,
  "summary_fg_median": 1016.8271484375,
  "summary_fg_n": 40983.0,
  "summary_fg_p05": 530.2168701171875,
  "summary_fg_p95": 2012.6715209960937,
  "summary_fg_stdv": 470.334228515625,
  "tsnr": 55.98614358226769
}