{
  "aor": 0.0029773118279569897,
  "aqi": 0.0030320866881720435,
  "bids_meta": {
    "AcquisitionNumber": 1,
    "AcquisitionTime": "14:37:25.617500",
    "BandwidthPerPixelPhaseEncode": 28.409,
    "BodyPartExamined": "BRAIN",
    "ConversionSoftware": "dcm2niix",
    "ConversionSoftwareVersion": "v1.0.20170724 GCC4.4.7",
    "DeviceSerialNumber": "167004",
    "EchoTime": 0.03,
    "EchoTrainLength": 64,
    "EffectiveEchoSpacing": 0.000550002,
    "FlipAngle": 80,
    "ImageType": [
      "ORIGINAL",
      "PRIMARY",
      "M",
      "ND",
      "MOSAIC"
    ],
    "InstitutionAddress": "Mikeletegi_69_San_Sebastian_District_ES_20009",
    "InstitutionName": "BCBL",
    "MagneticFieldStrength": 3,
    "Manufacturer": "Siemens",
    "ManufacturersModelName": "Prisma_fit",
    "PhaseEncodingDirection": "j-",
    "PhaseEncodingLines": 64,
    "ProcedureStepDescription": "CRANEO_FUNCIONAL",
    "ProtocolName": "ep2d_PiN_L1_Run2",
    "RepetitionTime": 2,
    "ScanningSequence": "EP",
    "SequenceName": "_epfid2d1_64",
    "SequenceVariant": "SK",
    "SeriesDescription": "ep2d_PiN_L1_Run2",
    "SliceTiming": [
      1.9175,
      1.855,
      1.7925,
      1.73,
      1.67,
      1.6075,
      1.545,
      1.4825,
      1.4225,
      1.36,
      1.2975,
      1.235,
      1.175,
      1.1125,
      1.05,
      0.9875,
      0.9275,
      0.865,
      0.8025,
      0.74,
      0.68,
      0.6175,
      0.555,
      0.4925,
      0.4325,
      0.37,
      0.3075,
      0.2475,
      0.185,
      0.1225,
      0.06,
      0
    ],
    "SoftwareVersions": "syngo_MR_E11",
    "TaskName": "compL1",
    "TotalReadoutTime": 0.0346501,
    "dataset": "ds003545",
    "modality": "bold",
    "run_id": 2,
    "session_id": "02",
    "subject_id": "16",
    "task_id": "compL1"
  },
  "dummy_trs": 0,
  "dvars_nstd": 17.99071911983782,
  "dvars_std": 1.2068438674594597,
  "dvars_vstd": 0.9638021125945947,
  "efc": 0.5045445043824229,
  "fber": 1485.0809326171875,
  "fd_mean": 0.1129280739654351,
  "fd_num": 23,
  "fd_perc": 12.365591397849462,
  "fwhm_avg": 2.918656545454546,
  "fwhm_x": 2.8162705454545454,
  "fwhm_y": 3.144349090909091,
  "fwhm_z": 2.79535,
  "gcor": 0.0297054,
  "gsr_x": -0.014682071283459663,
  "gsr_y": 0.04649670049548149,
  "provenance": {
    "md5sum": "9df224c9d9348ee850c148cd214928e7",
    "settings": {
      "fd_thres": 0.2,
      "testing": false
    },
    "software": "mriqc",
    "version": "22.0.6",
    "webapi_port": null,
    "webapi_url": "https://mriqc.nimh.nih.gov/api/v1"
  },
  "size_t": 186,
  "size_x": 64,
  "size_y": 64,
  "size_z": 32,
  "snr": 2.2692478592033223,
  "spacing_tr": 2.0,
  "spacing_x": 3.4375,
  "spacing_y": 3.4375,
  "spacing_z": 4.0,
  "summary_bg_k": 37.42416688169473,
  "summary_bg_mad": 4.296358893190973,
  "summary_bg_mean": 55.899147033691406,
  "summary_bg_median": 20.940860748291016,
  "summary_bg_n": 76453.0,
  "summary_bg_p05": 17.919355392456055,
  "summary_bg_p95": 249.88279724121054,
  "summary_bg_stdv": 102.31207275390625,
  "summary_fg_k": 0.8968690805073987,
  "summary_fg_mad": 360.0012737315333,
  "summary_fg_mean": 908.4317626953125,
  "summary_fg_median": 840.040283203125,
  "summary_fg_n": 23670.0,
  "summary_fg_p05": 434.52634887695314,
  "summary_fg_p95": 1597.3771301269526,
  "summary_fg_stdv": 370.1766357421875,
  "tsnr": 67.53133934922516
}