{
  "aor": 0.007544,
  "aqi": 0.0042369204864864864,
  "bids_meta": {
    "AcquisitionNumber": 1,
    "AcquisitionTime": "10:15:4.687500",
    "BandwidthPerPixelPhaseEncode": 28.409,
    "ConversionSoftware": "dcm2niix",
    "ConversionSoftwareVersion": "v1.0.20170724 GCC4.4.7",
    "DeviceSerialNumber": "35414",
    "EchoTime": 0.03,
    "EffectiveEchoSpacing": 0.000550002,
    "FlipAngle": 80,
    "ImageType": [
      "ORIGINAL",
      "PRIMARY",
      "FMRI",
      "NONE",
      "ND",
      "MOSAIC"
    ],
    "InstitutionAddress": "Mikeletegi_69_San_Sebastian_District_ES_20009",
    "InstitutionName": "BCBL",
    "MagneticFieldStrength": 3,
    "Manufacturer": "Siemens",
    "ManufacturersModelName": "TrioTim",
    "PhaseEncodingDirection": "j-",
    "PhaseEncodingLines": 64,
    "ProcedureStepDescription": "CRANEO_FUNCIONAL",
    "ProtocolName": "ep2d_PiN_L3_Run2",
    "RepetitionTime": 2,
    "ScanningSequence": "EP",
    "SequenceName": "_epfid2d1_64",
    "SequenceVariant": "SK",
    "SeriesDescription": "ep2d_PiN_L3_Run2",
    "SliceTiming": [
      1.925,
      1.8625,
      1.8,
      1.7375,
      1.675,
      1.615,
      1.5525,
      1.49,
      1.4275,
      1.365,
      1.3025,
      1.2425,
      1.18,
      1.1175,
      1.055,
      0.9925,
      0.93,
      0.87,
      0.8075,
      0.745,
      0.6825,
      0.62,
      0.5575,
      0.495,
      0.435,
      0.3725,
      0.31,
      0.2475,
      0.185,
      0.1225,
      0.0625,
      0
    ],
    "SoftwareVersions": "syngo_MR_B17",
    "TaskName": "compLn",
    "TotalReadoutTime": 0.0346501,
    "dataset": "ds003545",
    "modality": "bold",
    "run_id": 2,
    "session_id": "01",
    "subject_id": "05",
    "task_id": "compLn"
  },
  "dummy_trs": 1,
  "dvars_nstd": 20.025940449402164,
  "dvars_std": 1.289167876304348,
  "dvars_vstd": 1.0500415905434777,
  "efc": 0.4758820056204734,
  "fber": 1399.0098876953125,
  "fd_mean": 0.1902824084945352,
  "fd_num": 67,
  "fd_perc": 36.21621621621622,
  "fwhm_avg": 2.4542951363636365,
  "fwhm_x": 2.3142632727272727,
  "fwhm_y": 2.632299636363636,
  "fwhm_z": 2.4163225,
  "gcor": 0.0292684,
  "gsr_x": -0.0008915986982174218,
  "gsr_y": 0.02905888669192791,
  "provenance": {
    "md5sum": "0e63a183cd8d740da65123e7f1aafef5",
    "settings": {
      "fd_thres": 0.2,
      "testing": false
    },
    "software": "mriqc",
    "version": "22.0.6",
    "webapi_port": null,
    "webapi_url": "https://mriqc.nimh.nih.gov/api/v1"
  },
  "size_t": 185,
  "size_x": 64,
  "size_y": 64,
  "size_z": 32,
  "snr": 3.886841000887421,
  "spacing_tr": 2.0,
  "spacing_x": 3.4375,
  "spacing_y": 3.4375,
  "spacing_z": 4.0,
  "summary_bg_k": 57.386341710756504,
  "summary_bg_mad": 4.600074491243835,
  "summary_bg_mean": 30.132944107055664,
  "summary_bg_median": 15.929730415344238,
  "summary_bg_n": 83924.0,
  "summary_bg_p05": 12.3945951461792,
  "summary_bg_p95": 84.39594802856422,
  "summary_bg_stdv": 49.532257080078125,
  "summary_fg_k": 0.5993516544574846,
  "summary_fg_mad": 140.4064524111214,
  "summary_fg_mean": 620.7406005859375,
  "summary_fg_median": 596.802734375,
  "summary_fg_n": 19066.0,
  "summary_fg_p05": 409.53108978271484,
  "summary_fg_p95": 911.0094757080078,
  "summary_fg_stdv": 153.54039001464844,
  "tsnr": 74.37311057327315
}