{
  "aor": 0.0055265020576131686,
  "aqi": 0.014948083703703704,
  "bids_meta": {
    "AcquisitionNumber": 1,
    "AcquisitionTime": "11:44:21.252500",
    "BandwidthPerPixelPhaseEncode": 29.481,
    "ConversionSoftware": "dcm2niix",
    "ConversionSoftwareVersion": "v1.0.20170724 GCC4.4.7",
    "DeviceSerialNumber": "35414",
    "EchoTime": 0.025,
    "EffectiveEchoSpacing": 0.000530002,
    "FlipAngle": 90,
    "ImageType": [
      "ORIGINAL",
      "PRIMARY",
      "M",
      "ND",
      "MOSAIC"
    ],
    "InstitutionAddress": "Mikeletegi_69_San_Sebastian_District_ES_20009",
    "InstitutionName": "BCBL",
    "MagneticFieldStrength": 3,
    "Manufacturer": "Siemens",
    "ManufacturersModelName": "TrioTim",
    "PhaseEncodingDirection": "j-",
    "PhaseEncodingLines": 64,
    "ProcedureStepDescription": "CRANEO_FUNCIONAL",
    "ProtocolName": "ep2d_VF_L1_Run1",
    "RepetitionTime": 3,
    "ScanningSequence": "EP",
    "SequenceName": "_epfid2d1_64",
    "SequenceVariant": "SK",
    "SeriesDescription": "ep2d_VF_L1_Run1",
    "SliceTiming": [
      2.9225,
      2.8525,
      2.7825,
      2.7125,
      2.645,
      2.575,
      2.505,
      2.435,
      2.365,
      2.2975,
      2.2275,
      2.1575,
      2.0875,
      2.0175,
      1.9475,
      1.88,
      1.81,
      1.74,
      1.67,
      1.6,
      1.53,
      1.4625,
      1.3925,
      1.3225,
      1.2525,
      1.1825,
      1.1125,
      1.045,
      0.975,
      0.905,
      0.835,
      0.765,
      0.695,
      0.6275,
      0.5575,
      0.4875,
      0.4175,
      0.3475,
      0.28,
      0.21,
      0.14,
      0.07,
      0
    ],
    "SoftwareVersions": "syngo_MR_B17",
    "TaskName": "prodL1",
    "TotalReadoutTime": 0.0333901,
    "dataset": "ds003545",
    "modality": "bold",
    "run_id": 1,
    "session_id": "01",
    "subject_id": "05",
    "task_id": "prodL1"
  },
  "dummy_trs": 0,
  "dvars_nstd": 50.696746038264486,
  "dvars_std": 1.1641252066942152,
  "dvars_vstd": 0.9644412754545449,
  "efc": 0.5407034089258186,
  "fber": 531.4146728515625,
  "fd_mean": 0.8211756058287745,
  "fd_num": 203,
  "fd_perc": 83.53909465020575,
  "fwhm_avg": 2.9022297109163446,
  "fwhm_x": 2.8045066666666667,
  "fwhm_y": 3.0066066666666664,
  "fwhm_z": 2.895575799415701,
  "gcor": 0.0672828,
  "gsr_x": 0.014140672981739044,
  "gsr_y": 0.047536589205265045,
  "provenance": {
    "md5sum": "47e826ea61a892b87a90a5564824bb18",
    "settings": {
      "fd_thres": 0.2,
      "testing": false
    },
    "software": "mriqc",
    "version": "22.0.6",
    "webapi_port": null,
    "webapi_url": "https://mriqc.nimh.nih.gov/api/v1"
  },
  "size_t": 243,
  "size_x": 64,
  "size_y": 64,
  "size_z": 43,
  "snr": 3.086386125875526,
  "spacing_tr": 3.0,
  "spacing_x": 3.0,
  "spacing_y": 3.0,
  "spacing_z": 3.299999952316284,
  "summary_bg_k": 31.897885266654413,
  "summary_bg_mad": 12.721091712936058,
  "summary_bg_mean": 63.87141799926758,
  "summary_bg_median": 33.63374328613281,
  "summary_bg_n": 106660.0,
  "summary_bg_p05": 23.637859344482422,
  "summary_bg_p95": 197.89444503784145,
  "summary_bg_stdv": 88.771484375,
  "summary_fg_k": 0.9182123442449179,
  "summary_fg_mad": 216.04199187385353,
  "summary_fg_mean": 809.7352905273438,
  "summary_fg_median": 758.6337280273438,
  "summary_fg_n": 32850.0,
  "summary_fg_p05": 499.06170654296875,
  "summary_fg_p95": 1299.7135375976559,
  "summary_fg_stdv": 245.7962646484375,
  "tsnr": 29.415903333108872
}