{
  "aor": 0.01817327956989247,
  "aqi": 0.00935276005376344,
  "bids_meta": {
    "AcquisitionNumber": 1,
    "AcquisitionTime": "10:06:10.740000",
    "BandwidthPerPixelPhaseEncode": 28.409,
    "ConversionSoftware": "dcm2niix",
    "ConversionSoftwareVersion": "v1.0.20170724 GCC4.4.7",
    "DeviceSerialNumber": "35414",
    "EchoTime": 0.03,
    "EffectiveEchoSpacing": 0.000550002,
    "FlipAngle": 80,
    "ImageType": [
      "ORIGINAL",
      "PRIMARY",
      "FMRI",
      "NONE",
      "ND",
      "MOSAIC"
    ],
    "InstitutionAddress": "Mikeletegi_69_San_Sebastian_District_ES_20009",
    "InstitutionName": "BCBL",
    "MagneticFieldStrength": 3,
    "Manufacturer": "Siemens",
    "ManufacturersModelName": "TrioTim",
    "PhaseEncodingDirection": "j-",
    "PhaseEncodingLines": 64,
    "ProcedureStepDescription": "CRANEO_FUNCIONAL",
    "ProtocolName": "ep2d_PiN_L3_Run1",
    "RepetitionTime": 2,
    "ScanningSequence": "EP",
    "SequenceName": "_epfid2d1_64",
    "SequenceVariant": "SK",
    "SeriesDescription": "ep2d_PiN_L3_Run1",
    "SliceTiming": [
      1.925,
      1.8625,
      1.8,
      1.74,
      1.6775,
      1.615,
      1.5525,
      1.49,
      1.4275,
      1.365,
      1.305,
      1.2425,
      1.18,
      1.1175,
      1.055,
      0.9925,
      0.9325,
      0.87,
      0.8075,
      0.745,
      0.6825,
      0.62,
      0.56,
      0.4975,
      0.435,
      0.3725,
      0.31,
      0.2475,
      0.185,
      0.125,
      0.0625,
      0
    ],
    "SoftwareVersions": "syngo_MR_B17",
    "TaskName": "compLn",
    "TotalReadoutTime": 0.0346501,
    "dataset": "ds003545",
    "modality": "bold",
    "run_id": 1,
    "session_id": "01",
    "subject_id": "05",
    "task_id": "compLn"
  },
  "dummy_trs": 0,
  "dvars_nstd": 23.222024845351356,
  "dvars_std": 1.0735959477297299,
  "dvars_vstd": 0.8752321865405404,
  "efc": 0.4782208110381243,
  "fber": 1160.26416015625,
  "fd_mean": 0.24631293809949564,
  "fd_num": 82,
  "fd_perc": 44.086021505376344,
  "fwhm_avg": 2.6223341515151515,
  "fwhm_x": 2.500890181818182,
  "fwhm_y": 2.7736872727272726,
  "fwhm_z": 2.592425,
  "gcor": 0.0184926,
  "gsr_x": -0.0021677357144653797,
  "gsr_y": 0.024512939155101776,
  "provenance": {
    "md5sum": "49bedaa4367ad67b42b54bf1810afe82",
    "settings": {
      "fd_thres": 0.2,
      "testing": false
    },
    "software": "mriqc",
    "version": "22.0.6",
    "webapi_port": null,
    "webapi_url": "https://mriqc.nimh.nih.gov/api/v1"
  },
  "size_t": 186,
  "size_x": 64,
  "size_y": 64,
  "size_z": 32,
  "snr": 3.5672241898577823,
  "spacing_tr": 2.0,
  "spacing_x": 3.4375,
  "spacing_y": 3.4375,
  "spacing_z": 4.0,
  "summary_bg_k": 53.87362783320621,
  "summary_bg_mad": 5.133310253336114,
  "summary_bg_mean": 32.497005462646484,
  "summary_bg_median": 18.129032135009766,
  "summary_bg_n": 83702.0,
  "summary_bg_p05": 13.543010711669922,
  "summary_bg_p95": 88.17177391052245,
  "summary_bg_stdv": 50.485107421875,
  "summary_fg_k": 0.7818235511046141,
  "summary_fg_mad": 153.66456212123285,
  "summary_fg_mean": 647.5641479492188,
  "summary_fg_median": 616.8413696289062,
  "summary_fg_n": 18994.0,
  "summary_fg_p05": 417.3594024658203,
  "summary_fg_p95": 985.5537719726562,
  "summary_fg_stdv": 172.9145965576172,
  "tsnr": 51.365520530962385
}