{
  "aor": 0.006661604938271605,
  "aqi": 0.009426398518518519,
  "bids_meta": {
    "AcquisitionNumber": 1,
    "AcquisitionTime": "10:26:1.757500",
    "BandwidthPerPixelPhaseEncode": 29.481,
    "ConversionSoftware": "dcm2niix",
    "ConversionSoftwareVersion": "v1.0.20170724 GCC4.4.7",
    "DeviceSerialNumber": "35414",
    "EchoTime": 0.025,
    "EffectiveEchoSpacing": 0.000530002,
    "FlipAngle": 90,
    "ImageType": [
      "ORIGINAL",
      "PRIMARY",
      "M",
      "ND",
      "MOSAIC"
    ],
    "InstitutionAddress": "Mikeletegi_69_San_Sebastian_District_ES_20009",
    "InstitutionName": "BCBL",
    "MagneticFieldStrength": 3,
    "Manufacturer": "Siemens",
    "ManufacturersModelName": "TrioTim",
    "PhaseEncodingDirection": "j-",
    "PhaseEncodingLines": 64,
    "ProcedureStepDescription": "CRANEO_FUNCIONAL",
    "ProtocolName": "ep2d_VF_L3_Run1",
    "RepetitionTime": 3,
    "ScanningSequence": "EP",
    "SequenceName": "_epfid2d1_64",
    "SequenceVariant": "SK",
    "SeriesDescription": "ep2d_VF_L3_Run1",
    "SliceTiming": [
      2.9225,
      2.8525,
      2.7825,
      2.715,
      2.645,
      2.575,
      2.505,
      2.435,
      2.365,
      2.2975,
      2.2275,
      2.1575,
      2.0875,
      2.0175,
      1.95,
      1.88,
      1.81,
      1.74,
      1.67,
      1.6,
      1.5325,
      1.4625,
      1.3925,
      1.3225,
      1.2525,
      1.1825,
      1.115,
      1.045,
      0.975,
      0.905,
      0.835,
      0.765,
      0.6975,
      0.6275,
      0.5575,
      0.4875,
      0.4175,
      0.3475,
      0.28,
      0.21,
      0.14,
      0.07,
      0
    ],
    "SoftwareVersions": "syngo_MR_B17",
    "TaskName": "prodLn",
    "TotalReadoutTime": 0.0333901,
    "dataset": "ds003545",
    "modality": "bold",
    "run_id": 1,
    "session_id": "01",
    "subject_id": "05",
    "task_id": "prodLn"
  },
  "dummy_trs": 0,
  "dvars_nstd": 38.75069814438015,
  "dvars_std": 1.2581868744628097,
  "dvars_vstd": 1.0173361286363638,
  "efc": 0.5496474484526498,
  "fber": 528.4166870117188,
  "fd_mean": 0.4611412721861562,
  "fd_num": 166,
  "fd_perc": 68.3127572016461,
  "fwhm_avg": 2.593216578261618,
  "fwhm_x": 2.46978,
  "fwhm_y": 2.692833333333333,
  "fwhm_z": 2.617036401451521,
  "gcor": 0.0333116,
  "gsr_x": 0.008621931076049805,
  "gsr_y": 0.04758230969309807,
  "provenance": {
    "md5sum": "ae128001ec7b737b7282cc74cd9166ba",
    "settings": {
      "fd_thres": 0.2,
      "testing": false
    },
    "software": "mriqc",
    "version": "22.0.6",
    "webapi_port": null,
    "webapi_url": "https://mriqc.nimh.nih.gov/api/v1"
  },
  "size_t": 243,
  "size_x": 64,
  "size_y": 64,
  "size_z": 43,
  "snr": 3.623998353491139,
  "spacing_tr": 3.0,
  "spacing_x": 3.0,
  "spacing_y": 3.0,
  "spacing_z": 3.299999952316284,
  "summary_bg_k": 32.20306253743368,
  "summary_bg_mad": 10.725986036272225,
  "summary_bg_mean": 60.94442367553711,
  "summary_bg_median": 31.962961196899414,
  "summary_bg_n": 106792.0,
  "summary_bg_p05": 23.942386627197266,
  "summary_bg_p95": 191.03024368286128,
  "summary_bg_stdv": 83.39303588867188,
  "summary_fg_k": 0.6817952077534035,
  "summary_fg_mad": 189.44360675450935,
  "summary_fg_mean": 769.1766357421875,
  "summary_fg_median": 736.024658203125,
  "summary_fg_n": 32707.0,
  "summary_fg_p05": 495.17242126464845,
  "summary_fg_p95": 1156.2765380859373,
  "summary_fg_stdv": 203.09429931640625,
  "tsnr": 44.89258045214228
}