{
  "aor": 0.0028259670781893,
  "aqi": 0.013977502962962962,
  "bids_meta": {
    "AcquisitionNumber": 1,
    "AcquisitionTime": "11:57:44.602500",
    "BandwidthPerPixelPhaseEncode": 29.481,
    "ConversionSoftware": "dcm2niix",
    "ConversionSoftwareVersion": "v1.0.20170724 GCC4.4.7",
    "DeviceSerialNumber": "35414",
    "EchoTime": 0.025,
    "EffectiveEchoSpacing": 0.000530002,
    "FlipAngle": 90,
    "ImageType": [
      "ORIGINAL",
      "PRIMARY",
      "M",
      "ND",
      "MOSAIC"
    ],
    "InstitutionAddress": "Mikeletegi_69_San_Sebastian_District_ES_20009",
    "InstitutionName": "BCBL",
    "MagneticFieldStrength": 3,
    "Manufacturer": "Siemens",
    "ManufacturersModelName": "TrioTim",
    "PhaseEncodingDirection": "j-",
    "PhaseEncodingLines": 64,
    "ProcedureStepDescription": "CRANEO_FUNCIONAL",
    "ProtocolName": "ep2d_VF_L1_Run2",
    "RepetitionTime": 3,
    "ScanningSequence": "EP",
    "SequenceName": "_epfid2d1_64",
    "SequenceVariant": "SK",
    "SeriesDescription": "ep2d_VF_L1_Run2",
    "SliceTiming": [
      2.9225,
      2.8525,
      2.7825,
      2.7125,
      2.6425,
      2.5725,
      2.505,
      2.435,
      2.365,
      2.295,
      2.225,
      2.155,
      2.0875,
      2.0175,
      1.9475,
      1.8775,
      1.8075,
      1.74,
      1.67,
      1.6,
      1.53,
      1.46,
      1.39,
      1.3225,
      1.2525,
      1.1825,
      1.1125,
      1.0425,
      0.9725,
      0.905,
      0.835,
      0.765,
      0.695,
      0.625,
      0.555,
      0.4875,
      0.4175,
      0.3475,
      0.2775,
      0.2075,
      0.1375,
      0.07,
      0
    ],
    "SoftwareVersions": "syngo_MR_B17",
    "TaskName": "prodL1",
    "TotalReadoutTime": 0.0333901,
    "dataset": "ds003545",
    "modality": "bold",
    "run_id": 2,
    "session_id": "01",
    "subject_id": "05",
    "task_id": "prodL1"
  },
  "dummy_trs": 0,
  "dvars_nstd": 49.48786152681823,
  "dvars_std": 1.1508886661157032,
  "dvars_vstd": 0.9514060591322315,
  "efc": 0.5445197880319843,
  "fber": 542.0781860351562,
  "fd_mean": 0.7831508657841293,
  "fd_num": 219,
  "fd_perc": 90.12345679012346,
  "fwhm_avg": 2.712347386848046,
  "fwhm_x": 2.5894633333333332,
  "fwhm_y": 2.8255666666666666,
  "fwhm_z": 2.722012160544138,
  "gcor": 0.0408505,
  "gsr_x": 0.014230542816221714,
  "gsr_y": 0.04824293032288551,
  "provenance": {
    "md5sum": "82da7fa1fdd76ae18d0c58a61f1d743e",
    "settings": {
      "fd_thres": 0.2,
      "testing": false
    },
    "software": "mriqc",
    "version": "22.0.6",
    "webapi_port": null,
    "webapi_url": "https://mriqc.nimh.nih.gov/api/v1"
  },
  "size_t": 243,
  "size_x": 64,
  "size_y": 64,
  "size_z": 43,
  "snr": 3.322460958336177,
  "spacing_tr": 3.0,
  "spacing_x": 3.0,
  "spacing_y": 3.0,
  "spacing_z": 3.299999952316284,
  "summary_bg_k": 31.779472725180973,
  "summary_bg_mad": 11.17748168906005,
  "summary_bg_mean": 60.09507369995117,
  "summary_bg_median": 32.00411605834961,
  "summary_bg_n": 106423.0,
  "summary_bg_p05": 23.17695426940918,
  "summary_bg_p95": 183.52961883544916,
  "summary_bg_stdv": 81.17037200927734,
  "summary_fg_k": 0.8199662708252435,
  "summary_fg_mad": 200.01094817740042,
  "summary_fg_mean": 783.894775390625,
  "summary_fg_median": 740.8394775390625,
  "summary_fg_n": 32953.0,
  "summary_fg_p05": 494.33001708984375,
  "summary_fg_p95": 1220.3703369140624,
  "summary_fg_stdv": 222.9757537841797,
  "tsnr": 32.44571952690603
}