{
  "aor": 0.0021425945945945943,
  "aqi": 0.002961069362162162,
  "bids_meta": {
    "AcquisitionNumber": 1,
    "AcquisitionTime": "11:27:23.460000",
    "BandwidthPerPixelPhaseEncode": 28.409,
    "ConversionSoftware": "dcm2niix",
    "ConversionSoftwareVersion": "v1.0.20170724 GCC4.4.7",
    "DeviceSerialNumber": "35414",
    "EchoTime": 0.03,
    "EffectiveEchoSpacing": 0.000550002,
    "FlipAngle": 80,
    "ImageType": [
      "ORIGINAL",
      "PRIMARY",
      "FMRI",
      "NONE",
      "ND",
      "MOSAIC"
    ],
    "InstitutionAddress": "Mikeletegi_69_San_Sebastian_District_ES_20009",
    "InstitutionName": "BCBL",
    "MagneticFieldStrength": 3,
    "Manufacturer": "Siemens",
    "ManufacturersModelName": "TrioTim",
    "PhaseEncodingDirection": "j-",
    "PhaseEncodingLines": 64,
    "ProcedureStepDescription": "CRANEO_FUNCIONAL",
    "ProtocolName": "ep2d_PiN_L1_Run1",
    "RepetitionTime": 2,
    "ScanningSequence": "EP",
    "SequenceName": "_epfid2d1_64",
    "SequenceVariant": "SK",
    "SeriesDescription": "ep2d_PiN_L1_Run1",
    "SliceTiming": [
      1.925,
      1.8625,
      1.8,
      1.74,
      1.6775,
      1.615,
      1.5525,
      1.49,
      1.4275,
      1.3675,
      1.305,
      1.2425,
      1.18,
      1.1175,
      1.055,
      0.9925,
      0.9325,
      0.87,
      0.8075,
      0.745,
      0.6825,
      0.62,
      0.56,
      0.4975,
      0.435,
      0.3725,
      0.31,
      0.2475,
      0.1875,
      0.125,
      0.0625,
      0
    ],
    "SoftwareVersions": "syngo_MR_B17",
    "TaskName": "compL1",
    "TotalReadoutTime": 0.0346501,
    "dataset": "ds003545",
    "modality": "bold",
    "run_id": 1,
    "session_id": "01",
    "subject_id": "05",
    "task_id": "compL1"
  },
  "dummy_trs": 1,
  "dvars_nstd": 17.48137306125,
  "dvars_std": 1.2286683237500005,
  "dvars_vstd": 1.0156446100000003,
  "efc": 0.4676617066189544,
  "fber": 1394.095458984375,
  "fd_mean": 0.1986587742583327,
  "fd_num": 89,
  "fd_perc": 48.108108108108105,
  "fwhm_avg": 2.8044275151515152,
  "fwhm_x": 2.677204363636364,
  "fwhm_y": 2.971578181818182,
  "fwhm_z": 2.7645,
  "gcor": 0.0401269,
  "gsr_x": -0.0027672734577208757,
  "gsr_y": 0.02618708275258541,
  "provenance": {
    "md5sum": "6cc47aef050203cd0e441232224d539d",
    "settings": {
      "fd_thres": 0.2,
      "testing": false
    },
    "software": "mriqc",
    "version": "22.0.6",
    "webapi_port": null,
    "webapi_url": "https://mriqc.nimh.nih.gov/api/v1"
  },
  "size_t": 185,
  "size_x": 64,
  "size_y": 64,
  "size_z": 32,
  "snr": 3.1194481468497344,
  "spacing_tr": 2.0,
  "spacing_x": 3.4375,
  "spacing_y": 3.4375,
  "spacing_z": 4.0,
  "summary_bg_k": 61.4859562061914,
  "summary_bg_mad": 5.593818230019158,
  "summary_bg_mean": 31.588268280029297,
  "summary_bg_median": 16.583784103393555,
  "summary_bg_n": 83696.0,
  "summary_bg_p05": 12.497297286987305,
  "summary_bg_p95": 89.6337833404541,
  "summary_bg_stdv": 52.47002029418945,
  "summary_fg_k": 0.6808679907623914,
  "summary_fg_mad": 176.67007558932573,
  "summary_fg_mean": 665.6366577148438,
  "summary_fg_median": 623.275634765625,
  "summary_fg_n": 18940.0,
  "summary_fg_p05": 412.9440582275391,
  "summary_fg_p95": 1063.8849182128904,
  "summary_fg_stdv": 199.7978973388672,
  "tsnr": 100.87370125716552
}