{
  "aor": 0.017424139784946235,
  "aqi": 0.0163054176344086,
  "bids_meta": {
    "AcquisitionNumber": 1,
    "AcquisitionTime": "14:09:54.627500",
    "BandwidthPerPixelPhaseEncode": 28.409,
    "BodyPartExamined": "BRAIN",
    "ConversionSoftware": "dcm2niix",
    "ConversionSoftwareVersion": "v1.0.20170724 GCC4.4.7",
    "DeviceSerialNumber": "167004",
    "EchoTime": 0.03,
    "EchoTrainLength": 64,
    "EffectiveEchoSpacing": 0.000550002,
    "FlipAngle": 80,
    "ImageType": [
      "ORIGINAL",
      "PRIMARY",
      "M",
      "ND",
      "MOSAIC"
    ],
    "InstitutionAddress": "Mikeletegi_69_San_Sebastian_District_ES_20009",
    "InstitutionName": "BCBL",
    "MagneticFieldStrength": 3,
    "Manufacturer": "Siemens",
    "ManufacturersModelName": "Prisma_fit",
    "PhaseEncodingDirection": "j-",
    "PhaseEncodingLines": 64,
    "ProcedureStepDescription": "CRANEO_FUNCIONAL",
    "ProtocolName": "ep2d_PiN_L1_Run1",
    "RepetitionTime": 2,
    "ScanningSequence": "EP",
    "SequenceName": "_epfid2d1_64",
    "SequenceVariant": "SK",
    "SeriesDescription": "ep2d_PiN_L1_Run1",
    "SliceTiming": [
      1.9175,
      1.8575,
      1.795,
      1.7325,
      1.67,
      1.61,
      1.5475,
      1.485,
      1.4225,
      1.3625,
      1.3,
      1.2375,
      1.175,
      1.115,
      1.0525,
      0.99,
      0.9275,
      0.8675,
      0.805,
      0.7425,
      0.68,
      0.62,
      0.5575,
      0.495,
      0.4325,
      0.3725,
      0.31,
      0.2475,
      0.185,
      0.125,
      0.0625,
      0
    ],
    "SoftwareVersions": "syngo_MR_E11",
    "TaskName": "compL1",
    "TotalReadoutTime": 0.0346501,
    "dataset": "ds003545",
    "modality": "bold",
    "run_id": 1,
    "session_id": "02",
    "subject_id": "22",
    "task_id": "compL1"
  },
  "dummy_trs": 0,
  "dvars_nstd": 65.8705161223784,
  "dvars_std": 1.3072628590270263,
  "dvars_vstd": 1.0670610636756752,
  "efc": 0.5088241497465896,
  "fber": 960.6996459960938,
  "fd_mean": 1.2516097966268231,
  "fd_num": 172,
  "fd_perc": 92.47311827956989,
  "fwhm_avg": 2.91444903030303,
  "fwhm_x": 2.7109643636363634,
  "fwhm_y": 3.200232727272727,
  "fwhm_z": 2.83215,
  "gcor": 0.0438602,
  "gsr_x": -0.0016541756922379136,
  "gsr_y": 0.04822423309087753,
  "provenance": {
    "md5sum": "5011f3e72c9bc0758d1d4574b3a79e6e",
    "settings": {
      "fd_thres": 0.2,
      "testing": false
    },
    "software": "mriqc",
    "version": "22.0.6",
    "webapi_port": null,
    "webapi_url": "https://mriqc.nimh.nih.gov/api/v1"
  },
  "size_t": 186,
  "size_x": 64,
  "size_y": 64,
  "size_z": 32,
  "snr": 2.422293347717807,
  "spacing_tr": 2.0,
  "spacing_x": 3.4375,
  "spacing_y": 3.4375,
  "spacing_z": 4.0,
  "summary_bg_k": 36.76363336949801,
  "summary_bg_mad": 11.565891074581332,
  "summary_bg_mean": 61.040443420410156,
  "summary_bg_median": 25.02150535583496,
  "summary_bg_n": 78492.0,
  "summary_bg_p05": 14.279569625854492,
  "summary_bg_p95": 227.5634384155273,
  "summary_bg_stdv": 103.30023193359375,
  "summary_fg_k": 1.1452285965878994,
  "summary_fg_mad": 312.1036933864483,
  "summary_fg_mean": 871.9979248046875,
  "summary_fg_median": 810.763427734375,
  "summary_fg_n": 22193.0,
  "summary_fg_p05": 433.75806274414066,
  "summary_fg_p95": 1503.409667968749,
  "summary_fg_stdv": 334.70147705078125,
  "tsnr": 28.377702865749598
}