{
  "aor": 0.015555322580645164,
  "aqi": 0.028854961612903223,
  "bids_meta": {
    "AcquisitionNumber": 1,
    "AcquisitionTime": "15:31:19.765000",
    "BandwidthPerPixelPhaseEncode": 28.409,
    "BodyPartExamined": "BRAIN",
    "ConversionSoftware": "dcm2niix",
    "ConversionSoftwareVersion": "v1.0.20170724 GCC4.4.7",
    "DeviceSerialNumber": "167004",
    "EchoTime": 0.03,
    "EchoTrainLength": 64,
    "EffectiveEchoSpacing": 0.000550002,
    "FlipAngle": 80,
    "ImageType": [
      "ORIGINAL",
      "PRIMARY",
      "M",
      "ND",
      "MOSAIC"
    ],
    "InstitutionAddress": "Mikeletegi_69_San_Sebastian_District_ES_20009",
    "InstitutionName": "BCBL",
    "MagneticFieldStrength": 3,
    "Manufacturer": "Siemens",
    "ManufacturersModelName": "Prisma_fit",
    "PhaseEncodingDirection": "j-",
    "PhaseEncodingLines": 64,
    "ProcedureStepDescription": "CRANEO_FUNCIONAL",
    "ProtocolName": "ep2d_PiN_L3_Run2",
    "RepetitionTime": 2,
    "ScanningSequence": "EP",
    "SequenceName": "_epfid2d1_64",
    "SequenceVariant": "SK",
    "SeriesDescription": "ep2d_PiN_L3_Run2",
    "SliceTiming": [
      1.92,
      1.8575,
      1.795,
      1.7325,
      1.6725,
      1.61,
      1.5475,
      1.485,
      1.425,
      1.3625,
      1.3,
      1.2375,
      1.1775,
      1.115,
      1.0525,
      0.99,
      0.93,
      0.8675,
      0.805,
      0.7425,
      0.6825,
      0.62,
      0.5575,
      0.495,
      0.435,
      0.3725,
      0.31,
      0.2475,
      0.1875,
      0.125,
      0.0625,
      0
    ],
    "SoftwareVersions": "syngo_MR_E11",
    "TaskName": "compLn",
    "TotalReadoutTime": 0.0346501,
    "dataset": "ds003545",
    "modality": "bold",
    "run_id": 2,
    "session_id": "02",
    "subject_id": "22",
    "task_id": "compLn"
  },
  "dummy_trs": 0,
  "dvars_nstd": 86.926043051946,
  "dvars_std": 1.2938148520540542,
  "dvars_vstd": 1.0448561889729733,
  "efc": 0.508240077903276,
  "fber": 894.0546264648438,
  "fd_mean": 2.467155760115886,
  "fd_num": 183,
  "fd_perc": 98.38709677419355,
  "fwhm_avg": 2.6806589696969696,
  "fwhm_x": 2.407682909090909,
  "fwhm_y": 2.873344,
  "fwhm_z": 2.76095,
  "gcor": 0.0485859,
  "gsr_x": 0.009551329538226128,
  "gsr_y": 0.053718581795692444,
  "provenance": {
    "md5sum": "c1b41b5c3197475fe183d5bcdc71fb4b",
    "settings": {
      "fd_thres": 0.2,
      "testing": false
    },
    "software": "mriqc",
    "version": "22.0.6",
    "webapi_port": null,
    "webapi_url": "https://mriqc.nimh.nih.gov/api/v1"
  },
  "size_t": 186,
  "size_x": 64,
  "size_y": 64,
  "size_z": 32,
  "snr": 2.7419698152146275,
  "spacing_tr": 2.0,
  "spacing_x": 3.4375,
  "spacing_y": 3.4375,
  "spacing_z": 4.0,
  "summary_bg_k": 27.49891645638611,
  "summary_bg_mad": 7.532577794422491,
  "summary_bg_mean": 48.192771911621094,
  "summary_bg_median": 23.161291122436523,
  "summary_bg_n": 79163.0,
  "summary_bg_p05": 15.360215187072754,
  "summary_bg_p95": 169.3225860595703,
  "summary_bg_stdv": 66.80860137939453,
  "summary_fg_k": 0.8240333435852869,
  "summary_fg_mad": 240.1656330068884,
  "summary_fg_mean": 748.2213134765625,
  "summary_fg_median": 708.6263427734375,
  "summary_fg_n": 21140.0,
  "summary_fg_p05": 402.7865463256836,
  "summary_fg_p95": 1243.2964599609375,
  "summary_fg_stdv": 258.43084716796875,
  "tsnr": 21.176030766160693
}