{
  "aor": 0.01357925925925926,
  "aqi": 0.015550238806584361,
  "bids_meta": {
    "AcquisitionNumber": 1,
    "AcquisitionTime": "14:39:42.007500",
    "BandwidthPerPixelPhaseEncode": 29.481,
    "BodyPartExamined": "BRAIN",
    "ConversionSoftware": "dcm2niix",
    "ConversionSoftwareVersion": "v1.0.20170724 GCC4.4.7",
    "DeviceSerialNumber": "167004",
    "EchoTime": 0.025,
    "EchoTrainLength": 64,
    "EffectiveEchoSpacing": 0.000530002,
    "FlipAngle": 90,
    "ImageType": [
      "ORIGINAL",
      "PRIMARY",
      "M",
      "ND",
      "MOSAIC"
    ],
    "InstitutionAddress": "Mikeletegi_69_San_Sebastian_District_ES_20009",
    "InstitutionName": "BCBL",
    "MagneticFieldStrength": 3,
    "Manufacturer": "Siemens",
    "ManufacturersModelName": "Prisma_fit",
    "PhaseEncodingDirection": "j-",
    "PhaseEncodingLines": 64,
    "ProcedureStepDescription": "CRANEO_FUNCIONAL",
    "ProtocolName": "ep2d_VF_L1_Run2",
    "RepetitionTime": 3,
    "ScanningSequence": "EP",
    "SequenceName": "_epfid2d1_64",
    "SequenceVariant": "SK",
    "SeriesDescription": "ep2d_VF_L1_Run2",
    "SliceTiming": [
      2.9125,
      2.8425,
      2.7725,
      2.7025,
      2.635,
      2.565,
      2.495,
      2.425,
      2.3575,
      2.2875,
      2.2175,
      2.15,
      2.08,
      2.01,
      1.94,
      1.8725,
      1.8025,
      1.7325,
      1.665,
      1.595,
      1.525,
      1.455,
      1.3875,
      1.3175,
      1.2475,
      1.18,
      1.11,
      1.04,
      0.97,
      0.9025,
      0.8325,
      0.7625,
      0.6925,
      0.625,
      0.555,
      0.485,
      0.4175,
      0.3475,
      0.2775,
      0.2075,
      0.14,
      0.07,
      0
    ],
    "SoftwareVersions": "syngo_MR_E11",
    "TaskName": "prodL1",
    "TotalReadoutTime": 0.0333901,
    "dataset": "ds003545",
    "modality": "bold",
    "run_id": 2,
    "session_id": "02",
    "subject_id": "22",
    "task_id": "prodL1"
  },
  "dummy_trs": 0,
  "dvars_nstd": 67.31586981219007,
  "dvars_std": 1.416201275950413,
  "dvars_vstd": 1.0838673987603318,
  "efc": 0.5847721799959051,
  "fber": 303.22802734375,
  "fd_mean": 0.9478977300651676,
  "fd_num": 230,
  "fd_perc": 94.65020576131687,
  "fwhm_avg": 3.075824257042141,
  "fwhm_x": 2.8277,
  "fwhm_y": 3.3648333333333333,
  "fwhm_z": 3.0349394377930876,
  "gcor": 0.052912,
  "gsr_x": -0.004630876239389181,
  "gsr_y": 0.09577926248311996,
  "provenance": {
    "md5sum": "c2d81e382c926ff2dc4322dab9ab09ca",
    "settings": {
      "fd_thres": 0.2,
      "testing": false
    },
    "software": "mriqc",
    "version": "22.0.6",
    "webapi_port": null,
    "webapi_url": "https://mriqc.nimh.nih.gov/api/v1"
  },
  "size_t": 243,
  "size_x": 64,
  "size_y": 64,
  "size_z": 43,
  "snr": 2.222907101589805,
  "spacing_tr": 3.0,
  "spacing_x": 3.0,
  "spacing_y": 3.0,
  "spacing_z": 3.299999952316284,
  "summary_bg_k": 23.454890630006084,
  "summary_bg_mad": 29.11818506945092,
  "summary_bg_mean": 135.71783447265625,
  "summary_bg_median": 54.911521911621094,
  "summary_bg_n": 97768.0,
  "summary_bg_p05": 33.814815521240234,
  "summary_bg_p95": 507.9302307128902,
  "summary_bg_stdv": 201.13076782226562,
  "summary_fg_k": 1.2099918487401977,
  "summary_fg_mad": 422.8528303349755,
  "summary_fg_mean": 1112.0770263671875,
  "summary_fg_median": 1017.4979248046875,
  "summary_fg_n": 37729.0,
  "summary_fg_p05": 537.5275756835938,
  "summary_fg_p95": 1990.0197021484375,
  "summary_fg_stdv": 457.7269287109375,
  "tsnr": 31.939750108635053
}