{
  "aor": 0.0073265591397849465,
  "aqi": 0.006812003655913977,
  "bids_meta": {
    "AcquisitionNumber": 1,
    "AcquisitionTime": "14:17:37.505000",
    "BandwidthPerPixelPhaseEncode": 28.409,
    "BodyPartExamined": "BRAIN",
    "ConversionSoftware": "dcm2niix",
    "ConversionSoftwareVersion": "v1.0.20170724 GCC4.4.7",
    "DeviceSerialNumber": "167004",
    "EchoTime": 0.03,
    "EchoTrainLength": 64,
    "EffectiveEchoSpacing": 0.000550002,
    "FlipAngle": 80,
    "ImageType": [
      "ORIGINAL",
      "PRIMARY",
      "M",
      "ND",
      "MOSAIC"
    ],
    "InstitutionAddress": "Mikeletegi_69_San_Sebastian_District_ES_20009",
    "InstitutionName": "BCBL",
    "MagneticFieldStrength": 3,
    "Manufacturer": "Siemens",
    "ManufacturersModelName": "Prisma_fit",
    "PhaseEncodingDirection": "j-",
    "PhaseEncodingLines": 64,
    "ProcedureStepDescription": "CRANEO_FUNCIONAL",
    "ProtocolName": "ep2d_PiN_L1_Run2",
    "RepetitionTime": 2,
    "ScanningSequence": "EP",
    "SequenceName": "_epfid2d1_64",
    "SequenceVariant": "SK",
    "SeriesDescription": "ep2d_PiN_L1_Run2",
    "SliceTiming": [
      1.9175,
      1.8575,
      1.795,
      1.7325,
      1.67,
      1.61,
      1.5475,
      1.485,
      1.4225,
      1.3625,
      1.3,
      1.2375,
      1.175,
      1.115,
      1.0525,
      0.99,
      0.93,
      0.8675,
      0.805,
      0.7425,
      0.6825,
      0.62,
      0.5575,
      0.495,
      0.435,
      0.3725,
      0.31,
      0.2475,
      0.1875,
      0.125,
      0.0625,
      0
    ],
    "SoftwareVersions": "syngo_MR_E11",
    "TaskName": "compL1",
    "TotalReadoutTime": 0.0346501,
    "dataset": "ds003545",
    "modality": "bold",
    "run_id": 2,
    "session_id": "02",
    "subject_id": "22",
    "task_id": "compL1"
  },
  "dummy_trs": 0,
  "dvars_nstd": 37.67877929821621,
  "dvars_std": 1.302830984162163,
  "dvars_vstd": 1.0150747038918915,
  "efc": 0.5092384252780171,
  "fber": 1033.4818115234375,
  "fd_mean": 0.5595405654225627,
  "fd_num": 152,
  "fd_perc": 81.72043010752688,
  "fwhm_avg": 2.9242674545454546,
  "fwhm_x": 2.7375505454545457,
  "fwhm_y": 3.2217018181818182,
  "fwhm_z": 2.81355,
  "gcor": 0.0506032,
  "gsr_x": -0.004439343698322773,
  "gsr_y": 0.050970882177352905,
  "provenance": {
    "md5sum": "de043d98e3f7ad3adf7921feb246e7f5",
    "settings": {
      "fd_thres": 0.2,
      "testing": false
    },
    "software": "mriqc",
    "version": "22.0.6",
    "webapi_port": null,
    "webapi_url": "https://mriqc.nimh.nih.gov/api/v1"
  },
  "size_t": 186,
  "size_x": 64,
  "size_y": 64,
  "size_z": 32,
  "snr": 2.4370692148185644,
  "spacing_tr": 2.0,
  "spacing_x": 3.4375,
  "spacing_y": 3.4375,
  "spacing_z": 4.0,
  "summary_bg_k": 34.37351207042972,
  "summary_bg_mad": 9.270251119093416,
  "summary_bg_mean": 64.1452865600586,
  "summary_bg_median": 24.225807189941406,
  "summary_bg_n": 79071.0,
  "summary_bg_p05": 17.155914306640625,
  "summary_bg_p95": 245.22042846679688,
  "summary_bg_stdv": 111.40658569335938,
  "summary_fg_k": 1.0158383229232877,
  "summary_fg_mad": 314.73417213948414,
  "summary_fg_mean": 877.4215087890625,
  "summary_fg_median": 815.0645141601562,
  "summary_fg_n": 21833.0,
  "summary_fg_p05": 441.20000000000005,
  "summary_fg_p95": 1513.4806640625,
  "summary_fg_stdv": 334.4368896484375,
  "tsnr": 48.89378717914224
}