{
  "aor": 0.010853827160493828,
  "aqi": 0.013245792386831275,
  "bids_meta": {
    "AcquisitionNumber": 1,
    "AcquisitionTime": "14:26:15.827500",
    "BandwidthPerPixelPhaseEncode": 29.481,
    "BodyPartExamined": "BRAIN",
    "ConversionSoftware": "dcm2niix",
    "ConversionSoftwareVersion": "v1.0.20170724 GCC4.4.7",
    "DeviceSerialNumber": "167004",
    "EchoTime": 0.025,
    "EchoTrainLength": 64,
    "EffectiveEchoSpacing": 0.000530002,
    "FlipAngle": 90,
    "ImageType": [
      "ORIGINAL",
      "PRIMARY",
      "M",
      "ND",
      "MOSAIC"
    ],
    "InstitutionAddress": "Mikeletegi_69_San_Sebastian_District_ES_20009",
    "InstitutionName": "BCBL",
    "MagneticFieldStrength": 3,
    "Manufacturer": "Siemens",
    "ManufacturersModelName": "Prisma_fit",
    "PhaseEncodingDirection": "j-",
    "PhaseEncodingLines": 64,
    "ProcedureStepDescription": "CRANEO_FUNCIONAL",
    "ProtocolName": "ep2d_VF_L1_Run1",
    "RepetitionTime": 3,
    "ScanningSequence": "EP",
    "SequenceName": "_epfid2d1_64",
    "SequenceVariant": "SK",
    "SeriesDescription": "ep2d_VF_L1_Run1",
    "SliceTiming": [
      2.91,
      2.8425,
      2.7725,
      2.7025,
      2.6325,
      2.565,
      2.495,
      2.425,
      2.3575,
      2.2875,
      2.2175,
      2.1475,
      2.08,
      2.01,
      1.94,
      1.8725,
      1.8025,
      1.7325,
      1.6625,
      1.595,
      1.525,
      1.455,
      1.385,
      1.3175,
      1.2475,
      1.1775,
      1.11,
      1.04,
      0.97,
      0.9,
      0.8325,
      0.7625,
      0.6925,
      0.625,
      0.555,
      0.485,
      0.415,
      0.3475,
      0.2775,
      0.2075,
      0.14,
      0.07,
      0
    ],
    "SoftwareVersions": "syngo_MR_E11",
    "TaskName": "prodL1",
    "TotalReadoutTime": 0.0333901,
    "dataset": "ds003545",
    "modality": "bold",
    "run_id": 1,
    "session_id": "02",
    "subject_id": "22",
    "task_id": "prodL1"
  },
  "dummy_trs": 0,
  "dvars_nstd": 59.72642989971074,
  "dvars_std": 1.36497226413223,
  "dvars_vstd": 1.044944274462809,
  "efc": 0.5843515412549186,
  "fber": 306.2676086425781,
  "fd_mean": 0.8099586146698793,
  "fd_num": 222,
  "fd_perc": 91.35802469135803,
  "fwhm_avg": 3.0766699137524394,
  "fwhm_x": 2.81784,
  "fwhm_y": 3.3472000000000004,
  "fwhm_z": 3.064969741257317,
  "gcor": 0.0252764,
  "gsr_x": -0.004725738428533077,
  "gsr_y": 0.09773052483797073,
  "provenance": {
    "md5sum": "56112ddc0133856530d6d319796e3244",
    "settings": {
      "fd_thres": 0.2,
      "testing": false
    },
    "software": "mriqc",
    "version": "22.0.6",
    "webapi_port": null,
    "webapi_url": "https://mriqc.nimh.nih.gov/api/v1"
  },
  "size_t": 243,
  "size_x": 64,
  "size_y": 64,
  "size_z": 43,
  "snr": 2.2135536034505705,
  "spacing_tr": 3.0,
  "spacing_x": 3.0,
  "spacing_y": 3.0,
  "spacing_z": 3.299999952316284,
  "summary_bg_k": 22.680574920499225,
  "summary_bg_mad": 29.115133830830604,
  "summary_bg_mean": 136.0977325439453,
  "summary_bg_median": 55.44444274902344,
  "summary_bg_n": 97940.0,
  "summary_bg_p05": 34.053497314453125,
  "summary_bg_p95": 512.3325134277345,
  "summary_bg_stdv": 201.4917755126953,
  "summary_fg_k": 1.2796647780283186,
  "summary_fg_mad": 428.7587614318918,
  "summary_fg_mean": 1121.5433349609375,
  "summary_fg_median": 1025.370361328125,
  "summary_fg_n": 37704.0,
  "summary_fg_p05": 540.6697204589843,
  "summary_fg_p95": 2007.6844909667968,
  "summary_fg_stdv": 463.2174987792969,
  "tsnr": 35.21280628431123
}