{
  "aor": 0.0073910215053763426,
  "aqi": 0.01647124306451613,
  "bids_meta": {
    "AcquisitionNumber": 1,
    "AcquisitionTime": "15:23:35.057500",
    "BandwidthPerPixelPhaseEncode": 28.409,
    "BodyPartExamined": "BRAIN",
    "ConversionSoftware": "dcm2niix",
    "ConversionSoftwareVersion": "v1.0.20170724 GCC4.4.7",
    "DeviceSerialNumber": "167004",
    "EchoTime": 0.03,
    "EchoTrainLength": 64,
    "EffectiveEchoSpacing": 0.000550002,
    "FlipAngle": 80,
    "ImageType": [
      "ORIGINAL",
      "PRIMARY",
      "M",
      "ND",
      "MOSAIC"
    ],
    "InstitutionAddress": "Mikeletegi_69_San_Sebastian_District_ES_20009",
    "InstitutionName": "BCBL",
    "MagneticFieldStrength": 3,
    "Manufacturer": "Siemens",
    "ManufacturersModelName": "Prisma_fit",
    "PhaseEncodingDirection": "j-",
    "PhaseEncodingLines": 64,
    "ProcedureStepDescription": "CRANEO_FUNCIONAL",
    "ProtocolName": "ep2d_PiN_L3_Run1",
    "RepetitionTime": 2,
    "ScanningSequence": "EP",
    "SequenceName": "_epfid2d1_64",
    "SequenceVariant": "SK",
    "SeriesDescription": "ep2d_PiN_L3_Run1",
    "SliceTiming": [
      1.9175,
      1.8575,
      1.795,
      1.7325,
      1.67,
      1.61,
      1.5475,
      1.485,
      1.4225,
      1.3625,
      1.3,
      1.2375,
      1.175,
      1.115,
      1.0525,
      0.99,
      0.9275,
      0.8675,
      0.805,
      0.7425,
      0.68,
      0.62,
      0.5575,
      0.495,
      0.4325,
      0.3725,
      0.31,
      0.2475,
      0.185,
      0.125,
      0.0625,
      0
    ],
    "SoftwareVersions": "syngo_MR_E11",
    "TaskName": "compLn",
    "TotalReadoutTime": 0.0346501,
    "dataset": "ds003545",
    "modality": "bold",
    "run_id": 1,
    "session_id": "02",
    "subject_id": "22",
    "task_id": "compLn"
  },
  "dummy_trs": 0,
  "dvars_nstd": 60.8373052754054,
  "dvars_std": 1.1675886725945952,
  "dvars_vstd": 0.958344879081081,
  "efc": 0.5126500892932186,
  "fber": 931.92529296875,
  "fd_mean": 1.3689305551543491,
  "fd_num": 178,
  "fd_perc": 95.6989247311828,
  "fwhm_avg": 2.737104181818182,
  "fwhm_x": 2.5249861818181816,
  "fwhm_y": 2.9610763636363635,
  "fwhm_z": 2.72525,
  "gcor": 0.0549848,
  "gsr_x": 0.0031487441156059504,
  "gsr_y": 0.04413430765271187,
  "provenance": {
    "md5sum": "3ddbc41d17a215d9d3a10c1646abc224",
    "settings": {
      "fd_thres": 0.2,
      "testing": false
    },
    "software": "mriqc",
    "version": "22.0.6",
    "webapi_port": null,
    "webapi_url": "https://mriqc.nimh.nih.gov/api/v1"
  },
  "size_t": 186,
  "size_x": 64,
  "size_y": 64,
  "size_z": 32,
  "snr": 2.699747788462055,
  "spacing_tr": 2.0,
  "spacing_x": 3.4375,
  "spacing_y": 3.4375,
  "spacing_z": 4.0,
  "summary_bg_k": 30.91579125186407,
  "summary_bg_mad": 8.744165548707779,
  "summary_bg_mean": 54.8207893371582,
  "summary_bg_median": 23.908601760864258,
  "summary_bg_n": 79010.0,
  "summary_bg_p05": 16.725807189941406,
  "summary_bg_p95": 202.7346702575684,
  "summary_bg_stdv": 83.48252868652344,
  "summary_fg_k": 0.6709345341121193,
  "summary_fg_mad": 266.6930280480821,
  "summary_fg_mean": 797.0664672851562,
  "summary_fg_median": 755.1935424804688,
  "summary_fg_n": 21435.0,
  "summary_fg_p05": 415.0129119873047,
  "summary_fg_p95": 1320.6773925781247,
  "summary_fg_stdv": 279.7209167480469,
  "tsnr": 27.832219125702977
}