{
  "bids_meta": {
    "AccelFactPE": 2,
    "AcquisitionNumber": 1,
    "AcquisitionTime": "14:16:31.860000",
    "BodyPartExamined": "BRAIN",
    "ConversionSoftware": "dcm2niix",
    "ConversionSoftwareVersion": "v1.0.20170724 GCC4.4.7",
    "DeviceSerialNumber": "167004",
    "EchoTime": 0.00297,
    "FlipAngle": 7,
    "ImageType": [
      "ORIGINAL",
      "PRIMARY",
      "M",
      "ND"
    ],
    "InstitutionAddress": "Mikeletegi_69_San_Sebastian_District_ES_20009",
    "InstitutionName": "BCBL",
    "InversionTime": 1.1,
    "MagneticFieldStrength": 3,
    "Manufacturer": "Siemens",
    "ManufacturersModelName": "Prisma_fit",
    "PhaseEncodingDirection": "i-",
    "PhaseEncodingLines": 256,
    "ProcedureStepDescription": "CRANEO_FUNCIONAL",
    "ProtocolName": "t1_mpr_tra_p2_iso",
    "RepetitionTime": 2.53,
    "ScanningSequence": "GR_IR",
    "SequenceName": "_tfl3d1_16",
    "SequenceVariant": "SK_SP_MP_OSP",
    "SeriesDescription": "t1_mpr_tra_p2_iso",
    "SoftwareVersions": "syngo_MR_E11",
    "dataset": "ds003545",
    "modality": "T1w",
    "session_id": "02",
    "subject_id": "16"
  },
  "cjv": 0.45219581975235906,
  "cnr": 2.6595597125502244,
  "efc": 0.5397211095294864,
  "fber": -1.0,
  "fwhm_avg": 5.240823333333334,
  "fwhm_x": 4.9045,
  "fwhm_y": 5.71346,
  "fwhm_z": 5.10451,
  "icvs_csf": 0.1628248046568264,
  "icvs_gm": 0.41707849939600905,
  "icvs_wm": 0.42009669594716453,
  "inu_med": 1.050760567188263,
  "inu_range": 1.2603781551122664,
  "provenance": {
    "md5sum": "ef61f4b7c3acc3766dec7494da595434",
    "settings": {
      "testing": false
    },
    "software": "mriqc",
    "version": "22.0.6",
    "warnings": {
      "large_rot_frame": true,
      "small_air_mask": false
    },
    "webapi_port": null,
    "webapi_url": "https://mriqc.nimh.nih.gov/api/v1"
  },
  "qi_1": 5.5313168485040044e-05,
  "qi_2": 0.002772033662126467,
  "rpve_csf": 29.094687846586858,
  "rpve_gm": 11.850051041390497,
  "rpve_wm": 13.354089356239434,
  "size_x": 256,
  "size_y": 256,
  "size_z": 176,
  "snr_csf": 2.3130550148355145,
  "snr_gm": 12.891299356633608,
  "snr_total": 9.114030186846682,
  "snr_wm": 12.137736189070921,
  "snrd_csf": 18.380395975397008,
  "snrd_gm": 45.66635913467404,
  "snrd_total": 42.133399383322576,
  "snrd_wm": 62.353443039896675,
  "spacing_x": 1.0,
  "spacing_y": 1.0,
  "spacing_z": 1.0,
  "summary_bg_k": 26.674191677254846,
  "summary_bg_mad": 0.0,
  "summary_bg_mean": 6.627860241094148,
  "summary_bg_median": 0.0,
  "summary_bg_n": 2436164.0,
  "summary_bg_p05": 0.0,
  "summary_bg_p95": 26.69452227652073,
  "summary_bg_stdv": 10.507633110917595,
  "summary_csf_k": 0.7582203714261277,
  "summary_csf_mad": 125.72980960067264,
  "summary_csf_mean": 306.85897091056694,
  "summary_csf_median": 294.800376445055,
  "summary_csf_n": 34202.0,
  "summary_csf_p05": 120.01315587535503,
  "summary_csf_p95": 527.3096654735504,
  "summary_csf_stdv": 127.44879167498797,
  "summary_gm_k": 0.18745391972803915,
  "summary_gm_mad": 55.867169047014215,
  "summary_gm_mean": 733.2238474105301,
  "summary_gm_median": 732.435790926218,
  "summary_gm_n": 35057.0,
  "summary_gm_p05": 642.1386677473783,
  "summary_gm_p95": 828.3039448410273,
  "summary_gm_stdv": 56.8154787375273,
  "summary_wm_k": 1.294038690070523,
  "summary_wm_mad": 65.15924439158947,
  "summary_wm_mean": 1018.7681298714685,
  "summary_wm_median": 1000.0773925334215,
  "summary_wm_n": 236692.0,
  "summary_wm_p05": 917.5951874703169,
  "summary_wm_p95": 1189.1829358488321,
  "summary_wm_stdv": 82.39388831158291,
  "tpm_overlap_csf": 0.1399610801413523,
  "tpm_overlap_gm": 0.44520015949569736,
  "tpm_overlap_wm": 0.466292637843926,
  "wm2max": 0.30411288858654656
}