{
  "aor": 0.0061345643153526965,
  "aqi": 0.009338120580912861,
  "bids_meta": {
    "AcquisitionNumber": 1,
    "AcquisitionTime": "11:50:53.980000",
    "BandwidthPerPixelPhaseEncode": 29.481,
    "BodyPartExamined": "BRAIN",
    "ConversionSoftware": "dcm2niix",
    "ConversionSoftwareVersion": "v1.0.20170724 GCC4.4.7",
    "DeviceSerialNumber": "167004",
    "EchoTime": 0.025,
    "EchoTrainLength": 64,
    "EffectiveEchoSpacing": 0.000530002,
    "FlipAngle": 90,
    "ImageType": [
      "ORIGINAL",
      "PRIMARY",
      "M",
      "ND",
      "MOSAIC"
    ],
    "InstitutionAddress": "Mikeletegi_69_San_Sebastian_District_ES_20009",
    "InstitutionName": "BCBL",
    "MagneticFieldStrength": 3,
    "Manufacturer": "Siemens",
    "ManufacturersModelName": "Prisma_fit",
    "PhaseEncodingDirection": "j-",
    "PhaseEncodingLines": 64,
    "ProcedureStepDescription": "CRANEO_FUNCIONAL",
    "ProtocolName": "ep2d_VF_L1_Run2",
    "RepetitionTime": 3,
    "ScanningSequence": "EP",
    "SequenceName": "_epfid2d1_64",
    "SequenceVariant": "SK",
    "SeriesDescription": "ep2d_VF_L1_Run2",
    "SliceTiming": [
      2.91,
      2.84,
      2.7725,
      2.7025,
      2.6325,
      2.5625,
      2.495,
      2.425,
      2.355,
      2.2875,
      2.2175,
      2.1475,
      2.0775,
      2.01,
      1.94,
      1.87,
      1.8,
      1.7325,
      1.6625,
      1.5925,
      1.525,
      1.455,
      1.385,
      1.315,
      1.2475,
      1.1775,
      1.1075,
      1.04,
      0.97,
      0.9,
      0.83,
      0.7625,
      0.6925,
      0.6225,
      0.555,
      0.485,
      0.415,
      0.345,
      0.2775,
      0.2075,
      0.1375,
      0.0675,
      0
    ],
    "SoftwareVersions": "syngo_MR_E11",
    "TaskName": "prodL1",
    "TotalReadoutTime": 0.0333901,
    "dataset": "ds003545",
    "modality": "bold",
    "run_id": 2,
    "session_id": "02",
    "subject_id": "23",
    "task_id": "prodL1"
  },
  "dummy_trs": 2,
  "dvars_nstd": 37.58555518004168,
  "dvars_std": 1.2618483992916671,
  "dvars_vstd": 0.9772734088333332,
  "efc": 0.5519782031893159,
  "fber": 637.4759521484375,
  "fd_mean": 0.33893660955554644,
  "fd_num": 131,
  "fd_perc": 54.356846473029044,
  "fwhm_avg": 2.8796940543580885,
  "fwhm_x": 2.742233333333333,
  "fwhm_y": 2.9997366666666667,
  "fwhm_z": 2.8971121630742647,
  "gcor": 0.0566432,
  "gsr_x": -0.017170188948512077,
  "gsr_y": 0.08026157319545746,
  "provenance": {
    "md5sum": "66dcbfe7594eb9ac8f5655f6cf7346f9",
    "settings": {
      "fd_thres": 0.2,
      "testing": false
    },
    "software": "mriqc",
    "version": "22.0.6",
    "webapi_port": null,
    "webapi_url": "https://mriqc.nimh.nih.gov/api/v1"
  },
  "size_t": 241,
  "size_x": 64,
  "size_y": 64,
  "size_z": 43,
  "snr": 2.67500764614533,
  "spacing_tr": 3.0,
  "spacing_x": 3.0,
  "spacing_y": 3.0,
  "spacing_z": 3.299999952316284,
  "summary_bg_k": 17.23864346226541,
  "summary_bg_mad": 7.363798204938263,
  "summary_bg_mean": 85.10267639160156,
  "summary_bg_median": 35.90041732788086,
  "summary_bg_n": 103148.0,
  "summary_bg_p05": 30.120332717895508,
  "summary_bg_p95": 335.4535461425781,
  "summary_bg_stdv": 124.76984405517578,
  "summary_fg_k": 0.9117955261817312,
  "summary_fg_mad": 330.4696274480742,
  "summary_fg_mean": 992.7302856445312,
  "summary_fg_median": 931.5498657226562,
  "summary_fg_n": 34568.0,
  "summary_fg_p05": 537.828857421875,
  "summary_fg_p95": 1652.7060668945312,
  "summary_fg_stdv": 348.2369079589844,
  "tsnr": 45.762883378658444
}