{
  "aor": 0.007046666666666667,
  "aqi": 0.010436603456790124,
  "bids_meta": {
    "AcquisitionNumber": 1,
    "AcquisitionTime": "11:35:32.387500",
    "BandwidthPerPixelPhaseEncode": 29.481,
    "BodyPartExamined": "BRAIN",
    "ConversionSoftware": "dcm2niix",
    "ConversionSoftwareVersion": "v1.0.20170724 GCC4.4.7",
    "DeviceSerialNumber": "167004",
    "EchoTime": 0.025,
    "EchoTrainLength": 64,
    "EffectiveEchoSpacing": 0.000530002,
    "FlipAngle": 90,
    "ImageType": [
      "ORIGINAL",
      "PRIMARY",
      "M",
      "ND",
      "MOSAIC"
    ],
    "InstitutionAddress": "Mikeletegi_69_San_Sebastian_District_ES_20009",
    "InstitutionName": "BCBL",
    "MagneticFieldStrength": 3,
    "Manufacturer": "Siemens",
    "ManufacturersModelName": "Prisma_fit",
    "PhaseEncodingDirection": "j-",
    "PhaseEncodingLines": 64,
    "ProcedureStepDescription": "CRANEO_FUNCIONAL",
    "ProtocolName": "ep2d_VF_L1_Run1",
    "RepetitionTime": 3,
    "ScanningSequence": "EP",
    "SequenceName": "_epfid2d1_64",
    "SequenceVariant": "SK",
    "SeriesDescription": "ep2d_VF_L1_Run1",
    "SliceTiming": [
      2.9125,
      2.8425,
      2.7725,
      2.7025,
      2.635,
      2.565,
      2.495,
      2.4275,
      2.3575,
      2.2875,
      2.2175,
      2.15,
      2.08,
      2.01,
      1.94,
      1.8725,
      1.8025,
      1.7325,
      1.665,
      1.595,
      1.525,
      1.455,
      1.3875,
      1.3175,
      1.2475,
      1.18,
      1.11,
      1.04,
      0.97,
      0.9025,
      0.8325,
      0.7625,
      0.695,
      0.625,
      0.555,
      0.485,
      0.4175,
      0.3475,
      0.2775,
      0.2075,
      0.14,
      0.07,
      0
    ],
    "SoftwareVersions": "syngo_MR_E11",
    "TaskName": "prodL1",
    "TotalReadoutTime": 0.0333901,
    "dataset": "ds003545",
    "modality": "bold",
    "run_id": 1,
    "session_id": "02",
    "subject_id": "23",
    "task_id": "prodL1"
  },
  "dummy_trs": 0,
  "dvars_nstd": 36.32210521867771,
  "dvars_std": 1.1701230640495859,
  "dvars_vstd": 0.9588950284297528,
  "efc": 0.5510834669252848,
  "fber": 626.04638671875,
  "fd_mean": 0.41680784425915185,
  "fd_num": 169,
  "fd_perc": 69.54732510288066,
  "fwhm_avg": 2.8965052976537784,
  "fwhm_x": 2.7346033333333337,
  "fwhm_y": 3.054406666666667,
  "fwhm_z": 2.9005058929613345,
  "gcor": 0.0557645,
  "gsr_x": -0.02076742611825466,
  "gsr_y": 0.08778107911348343,
  "provenance": {
    "md5sum": "23b841fe12d2c419bcdc3ecbc149b04e",
    "settings": {
      "fd_thres": 0.2,
      "testing": false
    },
    "software": "mriqc",
    "version": "22.0.6",
    "webapi_port": null,
    "webapi_url": "https://mriqc.nimh.nih.gov/api/v1"
  },
  "size_t": 243,
  "size_x": 64,
  "size_y": 64,
  "size_z": 43,
  "snr": 2.675001048892319,
  "spacing_tr": 3.0,
  "spacing_x": 3.0,
  "spacing_y": 3.0,
  "spacing_z": 3.3000001907348633,
  "summary_bg_k": 16.383052602072866,
  "summary_bg_mad": 9.713181246597708,
  "summary_bg_mean": 88.75756072998047,
  "summary_bg_median": 36.790122985839844,
  "summary_bg_n": 104211.0,
  "summary_bg_p05": 28.586419105529785,
  "summary_bg_p95": 354.5514221191406,
  "summary_bg_stdv": 131.79368591308594,
  "summary_fg_k": 0.7773868752859019,
  "summary_fg_mad": 339.3847415390204,
  "summary_fg_mean": 1002.485595703125,
  "summary_fg_median": 941.47119140625,
  "summary_fg_n": 34200.0,
  "summary_fg_p05": 540.4553466796875,
  "summary_fg_p95": 1667.4719604492186,
  "summary_fg_stdv": 351.9465637207031,
  "tsnr": 42.01742798415944
}