{
  "aor": 0.0456041935483871,
  "aqi": 0.008449091989247311,
  "bids_meta": {
    "AcquisitionNumber": 1,
    "AcquisitionTime": "11:26:9.807500",
    "BandwidthPerPixelPhaseEncode": 28.409,
    "BodyPartExamined": "BRAIN",
    "ConversionSoftware": "dcm2niix",
    "ConversionSoftwareVersion": "v1.0.20170724 GCC4.4.7",
    "DeviceSerialNumber": "167004",
    "EchoTime": 0.03,
    "EchoTrainLength": 64,
    "EffectiveEchoSpacing": 0.000550002,
    "FlipAngle": 80,
    "ImageType": [
      "ORIGINAL",
      "PRIMARY",
      "M",
      "ND",
      "MOSAIC"
    ],
    "InstitutionAddress": "Mikeletegi_69_San_Sebastian_District_ES_20009",
    "InstitutionName": "BCBL",
    "MagneticFieldStrength": 3,
    "Manufacturer": "Siemens",
    "ManufacturersModelName": "Prisma_fit",
    "PhaseEncodingDirection": "j-",
    "PhaseEncodingLines": 64,
    "ProcedureStepDescription": "CRANEO_FUNCIONAL",
    "ProtocolName": "ep2d_PiN_L1_Run2",
    "RepetitionTime": 2,
    "ScanningSequence": "EP",
    "SequenceName": "_epfid2d1_64",
    "SequenceVariant": "SK",
    "SeriesDescription": "ep2d_PiN_L1_Run2",
    "SliceTiming": [
      1.9175,
      1.8575,
      1.795,
      1.7325,
      1.67,
      1.61,
      1.5475,
      1.485,
      1.4225,
      1.3625,
      1.3,
      1.2375,
      1.175,
      1.115,
      1.0525,
      0.99,
      0.9275,
      0.8675,
      0.805,
      0.7425,
      0.68,
      0.62,
      0.5575,
      0.495,
      0.4325,
      0.3725,
      0.31,
      0.2475,
      0.185,
      0.125,
      0.0625,
      0
    ],
    "SoftwareVersions": "syngo_MR_E11",
    "TaskName": "compL1",
    "TotalReadoutTime": 0.0346501,
    "dataset": "ds003545",
    "modality": "bold",
    "run_id": 2,
    "session_id": "02",
    "subject_id": "23",
    "task_id": "compL1"
  },
  "dummy_trs": 0,
  "dvars_nstd": 21.494095394972987,
  "dvars_std": 1.1243619362702697,
  "dvars_vstd": 0.9324256265405404,
  "efc": 0.4777599516853705,
  "fber": 1576.7235107421875,
  "fd_mean": 0.22757319964327594,
  "fd_num": 71,
  "fd_perc": 38.17204301075269,
  "fwhm_avg": 2.716842303030303,
  "fwhm_x": 2.650533818181818,
  "fwhm_y": 2.900093090909091,
  "fwhm_z": 2.5999,
  "gcor": 0.0635964,
  "gsr_x": -0.023120349273085594,
  "gsr_y": 0.04288764297962189,
  "provenance": {
    "md5sum": "2b0c893bfc4da7e30486aa9ca4de5a71",
    "settings": {
      "fd_thres": 0.2,
      "testing": false
    },
    "software": "mriqc",
    "version": "22.0.6",
    "webapi_port": null,
    "webapi_url": "https://mriqc.nimh.nih.gov/api/v1"
  },
  "size_t": 186,
  "size_x": 64,
  "size_y": 64,
  "size_z": 32,
  "snr": 2.898618185809545,
  "spacing_tr": 2.0,
  "spacing_x": 3.4375,
  "spacing_y": 3.4375,
  "spacing_z": 4.0,
  "summary_bg_k": 29.047140838477993,
  "summary_bg_mad": 3.515202216640012,
  "summary_bg_mean": 44.53309631347656,
  "summary_bg_median": 18.865591049194336,
  "summary_bg_n": 83252.0,
  "summary_bg_p05": 15.693548202514648,
  "summary_bg_p95": 174.2373680114745,
  "summary_bg_stdv": 77.7291488647461,
  "summary_fg_k": 0.685044338923058,
  "summary_fg_mad": 254.20646601653104,
  "summary_fg_mean": 801.1353149414062,
  "summary_fg_median": 762.5,
  "summary_fg_n": 19736.0,
  "summary_fg_p05": 442.06585693359375,
  "summary_fg_p95": 1285.9448852539062,
  "summary_fg_stdv": 263.0497131347656,
  "tsnr": 45.84578714892268
}