{
  "aor": 0.0041551075268817204,
  "aqi": 0.001608417704301075,
  "bids_meta": {
    "AcquisitionNumber": 1,
    "AcquisitionTime": "09:59:55.675000",
    "BandwidthPerPixelPhaseEncode": 28.409,
    "BodyPartExamined": "BRAIN",
    "ConversionSoftware": "dcm2niix",
    "ConversionSoftwareVersion": "v1.0.20170724 GCC4.4.7",
    "DeviceSerialNumber": "167004",
    "EchoTime": 0.03,
    "EchoTrainLength": 64,
    "EffectiveEchoSpacing": 0.000550002,
    "FlipAngle": 80,
    "ImageType": [
      "ORIGINAL",
      "PRIMARY",
      "M",
      "ND",
      "MOSAIC"
    ],
    "InstitutionAddress": "Mikeletegi_69_San_Sebastian_District_ES_20009",
    "InstitutionName": "BCBL",
    "MagneticFieldStrength": 3,
    "Manufacturer": "Siemens",
    "ManufacturersModelName": "Prisma_fit",
    "PhaseEncodingDirection": "j-",
    "PhaseEncodingLines": 64,
    "ProcedureStepDescription": "CRANEO_FUNCIONAL",
    "ProtocolName": "ep2d_PiN_L3_Run2",
    "RepetitionTime": 2,
    "ScanningSequence": "EP",
    "SequenceName": "_epfid2d1_64",
    "SequenceVariant": "SK",
    "SeriesDescription": "ep2d_PiN_L3_Run2",
    "SliceTiming": [
      1.92,
      1.8575,
      1.795,
      1.7325,
      1.6725,
      1.61,
      1.5475,
      1.485,
      1.425,
      1.3625,
      1.3,
      1.2375,
      1.1775,
      1.115,
      1.0525,
      0.99,
      0.93,
      0.8675,
      0.805,
      0.7425,
      0.6825,
      0.62,
      0.5575,
      0.495,
      0.435,
      0.3725,
      0.31,
      0.2475,
      0.1875,
      0.125,
      0.0625,
      0
    ],
    "SoftwareVersions": "syngo_MR_E11",
    "TaskName": "compLn",
    "TotalReadoutTime": 0.0346501,
    "dataset": "ds003545",
    "modality": "bold",
    "run_id": 2,
    "session_id": "02",
    "subject_id": "23",
    "task_id": "compLn"
  },
  "dummy_trs": 0,
  "dvars_nstd": 18.049022473621637,
  "dvars_std": 1.3589900984324315,
  "dvars_vstd": 1.0428721548648658,
  "efc": 0.47568591291313317,
  "fber": 1647.750732421875,
  "fd_mean": 0.1451765051375808,
  "fd_num": 27,
  "fd_perc": 14.516129032258064,
  "fwhm_avg": 2.687555909090909,
  "fwhm_x": 2.618405818181818,
  "fwhm_y": 2.8243869090909093,
  "fwhm_z": 2.619875,
  "gcor": 0.0343802,
  "gsr_x": -0.02336306869983673,
  "gsr_y": 0.04108397662639618,
  "provenance": {
    "md5sum": "a1f204f62ff76e11f928582f43ffc323",
    "settings": {
      "fd_thres": 0.2,
      "testing": false
    },
    "software": "mriqc",
    "version": "22.0.6",
    "webapi_port": null,
    "webapi_url": "https://mriqc.nimh.nih.gov/api/v1"
  },
  "size_t": 186,
  "size_x": 64,
  "size_y": 64,
  "size_z": 32,
  "snr": 2.8289699640060015,
  "spacing_tr": 2.0,
  "spacing_x": 3.4375,
  "spacing_y": 3.4375,
  "spacing_z": 4.0,
  "summary_bg_k": 26.941497763813214,
  "summary_bg_mad": 1.8173844592672468,
  "summary_bg_mean": 43.090694427490234,
  "summary_bg_median": 18.150537490844727,
  "summary_bg_n": 83383.0,
  "summary_bg_p05": 16.850000190734864,
  "summary_bg_p95": 169.15054321289062,
  "summary_bg_stdv": 73.34626770019531,
  "summary_fg_k": 1.0927277870804746,
  "summary_fg_mad": 245.9286337934941,
  "summary_fg_mean": 792.4947509765625,
  "summary_fg_median": 749.4274291992188,
  "summary_fg_n": 19662.0,
  "summary_fg_p05": 441.28199005126953,
  "summary_fg_p95": 1302.118542480469,
  "summary_fg_stdv": 264.905029296875,
  "tsnr": 103.97002289816737
}