{
  "aor": 0.006587096774193548,
  "aqi": 0.0109267061827957,
  "bids_meta": {
    "AcquisitionNumber": 1,
    "AcquisitionTime": "14:51:41.052500",
    "BandwidthPerPixelPhaseEncode": 28.409,
    "ConversionSoftware": "dcm2niix",
    "ConversionSoftwareVersion": "v1.0.20170724 GCC4.4.7",
    "DeviceSerialNumber": "35414",
    "EchoTime": 0.03,
    "EffectiveEchoSpacing": 0.000550002,
    "FlipAngle": 80,
    "ImageType": [
      "ORIGINAL",
      "PRIMARY",
      "FMRI",
      "NONE",
      "ND",
      "MOSAIC"
    ],
    "InstitutionAddress": "Mikeletegi_69_San_Sebastian_District_ES_20009",
    "InstitutionName": "BCBL",
    "MagneticFieldStrength": 3,
    "Manufacturer": "Siemens",
    "ManufacturersModelName": "TrioTim",
    "PhaseEncodingDirection": "j-",
    "PhaseEncodingLines": 64,
    "ProcedureStepDescription": "CRANEO_FUNCIONAL",
    "ProtocolName": "ep2d_PiN_L3_Run2",
    "RepetitionTime": 2,
    "ScanningSequence": "EP",
    "SequenceName": "_epfid2d1_64",
    "SequenceVariant": "SK",
    "SeriesDescription": "ep2d_PiN_L3_Run2",
    "SliceTiming": [
      1.925,
      1.8625,
      1.8025,
      1.74,
      1.6775,
      1.615,
      1.5525,
      1.49,
      1.43,
      1.3675,
      1.305,
      1.2425,
      1.18,
      1.1175,
      1.0575,
      0.995,
      0.9325,
      0.87,
      0.8075,
      0.745,
      0.6825,
      0.6225,
      0.56,
      0.4975,
      0.435,
      0.3725,
      0.31,
      0.25,
      0.1875,
      0.125,
      0.0625,
      0
    ],
    "SoftwareVersions": "syngo_MR_B17",
    "TaskName": "compLn",
    "TotalReadoutTime": 0.0346501,
    "dataset": "ds003545",
    "modality": "bold",
    "run_id": 2,
    "session_id": "01",
    "subject_id": "03",
    "task_id": "compLn"
  },
  "dummy_trs": 0,
  "dvars_nstd": 42.12562985827027,
  "dvars_std": 1.2263115787567562,
  "dvars_vstd": 0.9204536762702707,
  "efc": 0.48758106879751983,
  "fber": 1075.7467041015625,
  "fd_mean": 0.570540995810203,
  "fd_num": 113,
  "fd_perc": 60.75268817204301,
  "fwhm_avg": 3.041774696969697,
  "fwhm_x": 3.0006690909090907,
  "fwhm_y": 3.25408,
  "fwhm_z": 2.870575,
  "gcor": 0.020581,
  "gsr_x": -0.016872987151145935,
  "gsr_y": 0.0457913875579834,
  "provenance": {
    "md5sum": "8de5fcfe82c6ae3c9c91d8d446f83f41",
    "settings": {
      "fd_thres": 0.2,
      "testing": false
    },
    "software": "mriqc",
    "version": "22.0.6",
    "webapi_port": null,
    "webapi_url": "https://mriqc.nimh.nih.gov/api/v1"
  },
  "size_t": 186,
  "size_x": 64,
  "size_y": 64,
  "size_z": 32,
  "snr": 2.549833485087657,
  "spacing_tr": 2.0,
  "spacing_x": 3.4375,
  "spacing_y": 3.4375,
  "spacing_z": 4.0,
  "summary_bg_k": 33.1125749489383,
  "summary_bg_mad": 7.022434168172186,
  "summary_bg_mean": 36.87895202636719,
  "summary_bg_median": 18.134408950805664,
  "summary_bg_n": 81383.0,
  "summary_bg_p05": 12.516129493713379,
  "summary_bg_p95": 127.3897857666011,
  "summary_bg_stdv": 53.06298828125,
  "summary_fg_k": 2.5011003036229766,
  "summary_fg_mad": 172.38838752649824,
  "summary_fg_mean": 653.5662231445312,
  "summary_fg_median": 597.5591430664062,
  "summary_fg_n": 20969.0,
  "summary_fg_p05": 391.40966796875,
  "summary_fg_p95": 1154.737670898437,
  "summary_fg_stdv": 234.3466339111328,
  "tsnr": 38.56700478075072
}