{
  "aor": 0.00923641975308642,
  "aqi": 0.011400066378600823,
  "bids_meta": {
    "AcquisitionNumber": 1,
    "AcquisitionTime": "11:32:47.637500",
    "BandwidthPerPixelPhaseEncode": 29.481,
    "ConversionSoftware": "dcm2niix",
    "ConversionSoftwareVersion": "v1.0.20170724 GCC4.4.7",
    "DeviceSerialNumber": "35414",
    "EchoTime": 0.025,
    "EffectiveEchoSpacing": 0.000530002,
    "FlipAngle": 90,
    "ImageType": [
      "ORIGINAL",
      "PRIMARY",
      "M",
      "ND",
      "MOSAIC"
    ],
    "InstitutionAddress": "Mikeletegi_69_San_Sebastian_District_ES_20009",
    "InstitutionName": "BCBL",
    "MagneticFieldStrength": 3,
    "Manufacturer": "Siemens",
    "ManufacturersModelName": "TrioTim",
    "PhaseEncodingDirection": "j-",
    "PhaseEncodingLines": 64,
    "ProcedureStepDescription": "CRANEO_FUNCIONAL",
    "ProtocolName": "ep2d_VF_L3_Run1",
    "RepetitionTime": 3,
    "ScanningSequence": "EP",
    "SequenceName": "_epfid2d1_64",
    "SequenceVariant": "SK",
    "SeriesDescription": "ep2d_VF_L3_Run1",
    "SliceTiming": [
      2.9225,
      2.8525,
      2.7825,
      2.715,
      2.645,
      2.575,
      2.505,
      2.435,
      2.365,
      2.2975,
      2.2275,
      2.1575,
      2.0875,
      2.0175,
      1.95,
      1.88,
      1.81,
      1.74,
      1.67,
      1.6,
      1.5325,
      1.4625,
      1.3925,
      1.3225,
      1.2525,
      1.1825,
      1.115,
      1.045,
      0.975,
      0.905,
      0.835,
      0.765,
      0.6975,
      0.6275,
      0.5575,
      0.4875,
      0.4175,
      0.3475,
      0.28,
      0.21,
      0.14,
      0.07,
      0
    ],
    "SoftwareVersions": "syngo_MR_B17",
    "TaskName": "prodLn",
    "TotalReadoutTime": 0.0333901,
    "dataset": "ds003545",
    "modality": "bold",
    "run_id": 1,
    "session_id": "01",
    "subject_id": "03",
    "task_id": "prodLn"
  },
  "dummy_trs": 0,
  "dvars_nstd": 61.347947562107436,
  "dvars_std": 1.3724949139256208,
  "dvars_vstd": 1.0718903316528923,
  "efc": 0.5600487936428095,
  "fber": 401.81494140625,
  "fd_mean": 0.6872228687693727,
  "fd_num": 220,
  "fd_perc": 90.53497942386831,
  "fwhm_avg": 3.3025311262944412,
  "fwhm_x": 3.2227266666666665,
  "fwhm_y": 3.5325333333333333,
  "fwhm_z": 3.152333378883324,
  "gcor": 0.03115,
  "gsr_x": -0.02424052357673645,
  "gsr_y": 0.10450167208909988,
  "provenance": {
    "md5sum": "21f94fc52f92c05e16e7a5ef7d1986f5",
    "settings": {
      "fd_thres": 0.2,
      "testing": false
    },
    "software": "mriqc",
    "version": "22.0.6",
    "webapi_port": null,
    "webapi_url": "https://mriqc.nimh.nih.gov/api/v1"
  },
  "size_t": 243,
  "size_x": 64,
  "size_y": 64,
  "size_z": 43,
  "snr": 2.1257987567771024,
  "spacing_tr": 3.0,
  "spacing_x": 3.0,
  "spacing_y": 3.0,
  "spacing_z": 3.299999952316284,
  "summary_bg_k": 12.802259543262103,
  "summary_bg_mad": 21.36655718605084,
  "summary_bg_mean": 92.27045440673828,
  "summary_bg_median": 41.90534973144531,
  "summary_bg_n": 101280.0,
  "summary_bg_p05": 25.855966567993164,
  "summary_bg_p95": 345.4864181518553,
  "summary_bg_stdv": 119.09184265136719,
  "summary_fg_k": 2.470587007721469,
  "summary_fg_mad": 301.0048086632947,
  "summary_fg_mean": 949.7256469726562,
  "summary_fg_median": 847.938232421875,
  "summary_fg_n": 36705.0,
  "summary_fg_p05": 509.83291015625,
  "summary_fg_p95": 1794.7744628906237,
  "summary_fg_stdv": 398.8743896484375,
  "tsnr": 33.118764334358275
}