{
  "aor": 0.004839218106995885,
  "aqi": 0.00841618987654321,
  "bids_meta": {
    "AcquisitionNumber": 1,
    "AcquisitionTime": "11:46:14.257500",
    "BandwidthPerPixelPhaseEncode": 29.481,
    "ConversionSoftware": "dcm2niix",
    "ConversionSoftwareVersion": "v1.0.20170724 GCC4.4.7",
    "DeviceSerialNumber": "35414",
    "EchoTime": 0.025,
    "EffectiveEchoSpacing": 0.000530002,
    "FlipAngle": 90,
    "ImageType": [
      "ORIGINAL",
      "PRIMARY",
      "M",
      "ND",
      "MOSAIC"
    ],
    "InstitutionAddress": "Mikeletegi_69_San_Sebastian_District_ES_20009",
    "InstitutionName": "BCBL",
    "MagneticFieldStrength": 3,
    "Manufacturer": "Siemens",
    "ManufacturersModelName": "TrioTim",
    "PhaseEncodingDirection": "j-",
    "PhaseEncodingLines": 64,
    "ProcedureStepDescription": "CRANEO_FUNCIONAL",
    "ProtocolName": "ep2d_VF_L3_Run2",
    "RepetitionTime": 3,
    "ScanningSequence": "EP",
    "SequenceName": "_epfid2d1_64",
    "SequenceVariant": "SK",
    "SeriesDescription": "ep2d_VF_L3_Run2",
    "SliceTiming": [
      2.9225,
      2.8525,
      2.7825,
      2.7125,
      2.6425,
      2.5725,
      2.505,
      2.435,
      2.365,
      2.295,
      2.225,
      2.155,
      2.0875,
      2.0175,
      1.9475,
      1.8775,
      1.8075,
      1.7375,
      1.67,
      1.6,
      1.53,
      1.46,
      1.39,
      1.32,
      1.2525,
      1.1825,
      1.1125,
      1.0425,
      0.9725,
      0.905,
      0.835,
      0.765,
      0.695,
      0.625,
      0.555,
      0.4875,
      0.4175,
      0.3475,
      0.2775,
      0.2075,
      0.1375,
      0.07,
      0
    ],
    "SoftwareVersions": "syngo_MR_B17",
    "TaskName": "prodLn",
    "TotalReadoutTime": 0.0333901,
    "dataset": "ds003545",
    "modality": "bold",
    "run_id": 2,
    "session_id": "01",
    "subject_id": "03",
    "task_id": "prodLn"
  },
  "dummy_trs": 0,
  "dvars_nstd": 53.019004577314035,
  "dvars_std": 1.332789484834711,
  "dvars_vstd": 1.016485073801653,
  "efc": 0.5630070870553462,
  "fber": 395.3123779296875,
  "fd_mean": 0.4896379204166308,
  "fd_num": 203,
  "fd_perc": 83.53909465020575,
  "fwhm_avg": 3.239361025117221,
  "fwhm_x": 3.1897133333333336,
  "fwhm_y": 3.4107333333333334,
  "fwhm_z": 3.1176364086849966,
  "gcor": 0.0335001,
  "gsr_x": -0.024983646348118782,
  "gsr_y": 0.10556457936763763,
  "provenance": {
    "md5sum": "9640e6e75c04d767fb16a7188c5644a5",
    "settings": {
      "fd_thres": 0.2,
      "testing": false
    },
    "software": "mriqc",
    "version": "22.0.6",
    "webapi_port": null,
    "webapi_url": "https://mriqc.nimh.nih.gov/api/v1"
  },
  "size_t": 243,
  "size_x": 64,
  "size_y": 64,
  "size_z": 43,
  "snr": 2.1735274781467515,
  "spacing_tr": 3.0,
  "spacing_x": 3.0,
  "spacing_y": 3.0,
  "spacing_z": 3.299999952316284,
  "summary_bg_k": 12.759688465955472,
  "summary_bg_mad": 19.92056134747107,
  "summary_bg_mean": 91.73640441894531,
  "summary_bg_median": 41.296295166015625,
  "summary_bg_n": 101299.0,
  "summary_bg_p05": 26.9135799407959,
  "summary_bg_p95": 346.8366210937499,
  "summary_bg_stdv": 119.06180572509766,
  "summary_fg_k": 2.5189005745338147,
  "summary_fg_mad": 293.30503204156474,
  "summary_fg_mean": 938.4321899414062,
  "summary_fg_median": 841.4732055664062,
  "summary_fg_n": 36616.0,
  "summary_fg_p05": 507.56787872314453,
  "summary_fg_p95": 1757.1645202636719,
  "summary_fg_stdv": 387.14105224609375,
  "tsnr": 40.51621362159494
}