{
  "aor": 0.012338064516129033,
  "aqi": 0.006646583064516129,
  "bids_meta": {
    "AcquisitionNumber": 1,
    "AcquisitionTime": "14:20:40.575000",
    "BandwidthPerPixelPhaseEncode": 28.409,
    "ConversionSoftware": "dcm2niix",
    "ConversionSoftwareVersion": "v1.0.20170724 GCC4.4.7",
    "DeviceSerialNumber": "35414",
    "EchoTime": 0.03,
    "EffectiveEchoSpacing": 0.000550002,
    "FlipAngle": 80,
    "ImageType": [
      "ORIGINAL",
      "PRIMARY",
      "FMRI",
      "NONE",
      "ND",
      "MOSAIC"
    ],
    "InstitutionAddress": "Mikeletegi_69_San_Sebastian_District_ES_20009",
    "InstitutionName": "BCBL",
    "MagneticFieldStrength": 3,
    "Manufacturer": "Siemens",
    "ManufacturersModelName": "TrioTim",
    "PhaseEncodingDirection": "j-",
    "PhaseEncodingLines": 64,
    "ProcedureStepDescription": "CRANEO_FUNCIONAL",
    "ProtocolName": "ep2d_PiN_L1_Run2",
    "RepetitionTime": 2,
    "ScanningSequence": "EP",
    "SequenceName": "_epfid2d1_64",
    "SequenceVariant": "SK",
    "SeriesDescription": "ep2d_PiN_L1_Run2",
    "SliceTiming": [
      1.9275,
      1.865,
      1.8025,
      1.74,
      1.6775,
      1.615,
      1.555,
      1.4925,
      1.43,
      1.3675,
      1.305,
      1.2425,
      1.18,
      1.12,
      1.0575,
      0.995,
      0.9325,
      0.87,
      0.8075,
      0.7475,
      0.685,
      0.6225,
      0.56,
      0.4975,
      0.435,
      0.375,
      0.3125,
      0.25,
      0.1875,
      0.125,
      0.0625,
      0
    ],
    "SoftwareVersions": "syngo_MR_B17",
    "TaskName": "compL1",
    "TotalReadoutTime": 0.0346501,
    "dataset": "ds003545",
    "modality": "bold",
    "run_id": 2,
    "session_id": "01",
    "subject_id": "03",
    "task_id": "compL1"
  },
  "dummy_trs": 0,
  "dvars_nstd": 38.35889073945947,
  "dvars_std": 1.3866437657837838,
  "dvars_vstd": 1.0358702790810812,
  "efc": 0.4865179390078629,
  "fber": 1090.280517578125,
  "fd_mean": 0.4773526905078693,
  "fd_num": 98,
  "fd_perc": 52.68817204301075,
  "fwhm_avg": 3.064946363636364,
  "fwhm_x": 3.048930909090909,
  "fwhm_y": 3.2528581818181816,
  "fwhm_z": 2.89305,
  "gcor": 0.0143656,
  "gsr_x": -0.016170818358659744,
  "gsr_y": 0.04617685079574585,
  "provenance": {
    "md5sum": "5ffc11f7996801f65ae89ba60f2b84e4",
    "settings": {
      "fd_thres": 0.2,
      "testing": false
    },
    "software": "mriqc",
    "version": "22.0.6",
    "webapi_port": null,
    "webapi_url": "https://mriqc.nimh.nih.gov/api/v1"
  },
  "size_t": 186,
  "size_x": 64,
  "size_y": 64,
  "size_z": 32,
  "snr": 2.402323593623703,
  "spacing_tr": 2.0,
  "spacing_x": 3.4375,
  "spacing_y": 3.4375,
  "spacing_z": 4.0,
  "summary_bg_k": 34.183410176856036,
  "summary_bg_mad": 6.6079422067338776,
  "summary_bg_mean": 36.49200439453125,
  "summary_bg_median": 17.849462509155273,
  "summary_bg_n": 81163.0,
  "summary_bg_p05": 12.639784812927246,
  "summary_bg_p95": 126.01828155517559,
  "summary_bg_stdv": 52.75709533691406,
  "summary_fg_k": 3.071586639035301,
  "summary_fg_mad": 175.0386837774499,
  "summary_fg_mean": 653.4268188476562,
  "summary_fg_median": 591.3978271484375,
  "summary_fg_n": 21202.0,
  "summary_fg_p05": 387.04407501220703,
  "summary_fg_p95": 1183.235498046875,
  "summary_fg_stdv": 246.17161560058594,
  "tsnr": 48.966051781433634
}