{
  "aor": 0.007604403292181069,
  "aqi": 0.007869041604938272,
  "bids_meta": {
    "AcquisitionNumber": 1,
    "AcquisitionTime": "10:07:12.377500",
    "BandwidthPerPixelPhaseEncode": 29.481,
    "ConversionSoftware": "dcm2niix",
    "ConversionSoftwareVersion": "v1.0.20170724 GCC4.4.7",
    "DeviceSerialNumber": "35414",
    "EchoTime": 0.025,
    "EffectiveEchoSpacing": 0.000530002,
    "FlipAngle": 90,
    "ImageType": [
      "ORIGINAL",
      "PRIMARY",
      "M",
      "ND",
      "MOSAIC"
    ],
    "InstitutionAddress": "Mikeletegi_69_San_Sebastian_District_ES_20009",
    "InstitutionName": "BCBL",
    "MagneticFieldStrength": 3,
    "Manufacturer": "Siemens",
    "ManufacturersModelName": "TrioTim",
    "PhaseEncodingDirection": "j-",
    "PhaseEncodingLines": 64,
    "ProcedureStepDescription": "CRANEO_FUNCIONAL",
    "ProtocolName": "ep2d_VF_L3_Run1",
    "RepetitionTime": 3,
    "ScanningSequence": "EP",
    "SequenceName": "_epfid2d1_64",
    "SequenceVariant": "SK",
    "SeriesDescription": "ep2d_VF_L3_Run1",
    "SliceTiming": [
      2.9225,
      2.8525,
      2.7825,
      2.7125,
      2.6425,
      2.5725,
      2.505,
      2.435,
      2.365,
      2.295,
      2.225,
      2.155,
      2.0875,
      2.0175,
      1.9475,
      1.8775,
      1.8075,
      1.7375,
      1.67,
      1.6,
      1.53,
      1.46,
      1.39,
      1.3225,
      1.2525,
      1.1825,
      1.1125,
      1.0425,
      0.9725,
      0.905,
      0.835,
      0.765,
      0.695,
      0.625,
      0.555,
      0.4875,
      0.4175,
      0.3475,
      0.2775,
      0.2075,
      0.1375,
      0.07,
      0
    ],
    "SoftwareVersions": "syngo_MR_B17",
    "TaskName": "prodLn",
    "TotalReadoutTime": 0.0333901,
    "dataset": "ds003545",
    "modality": "bold",
    "run_id": 1,
    "session_id": "02",
    "subject_id": "07",
    "task_id": "prodLn"
  },
  "dummy_trs": 0,
  "dvars_nstd": 35.50319386330574,
  "dvars_std": 1.214069411983471,
  "dvars_vstd": 1.0326249380578512,
  "efc": 0.5556929624485064,
  "fber": 390.0505065917969,
  "fd_mean": 0.3301973638374171,
  "fd_num": 155,
  "fd_perc": 63.78600823045267,
  "fwhm_avg": 2.976179004137301,
  "fwhm_x": 2.88024,
  "fwhm_y": 3.092166666666667,
  "fwhm_z": 2.956130345745236,
  "gcor": 0.0235073,
  "gsr_x": -0.012699357233941555,
  "gsr_y": 0.09589669853448868,
  "provenance": {
    "md5sum": "2eaec0a4ddc4f127e019b42fcc704c91",
    "settings": {
      "fd_thres": 0.2,
      "testing": false
    },
    "software": "mriqc",
    "version": "22.0.6",
    "webapi_port": null,
    "webapi_url": "https://mriqc.nimh.nih.gov/api/v1"
  },
  "size_t": 243,
  "size_x": 64,
  "size_y": 64,
  "size_z": 43,
  "snr": 2.6790423084778423,
  "spacing_tr": 3.0,
  "spacing_x": 3.0,
  "spacing_y": 3.0,
  "spacing_z": 3.299999952316284,
  "summary_bg_k": 39.154270945639546,
  "summary_bg_mad": 12.18418400149394,
  "summary_bg_mean": 69.91071319580078,
  "summary_bg_median": 35.24691390991211,
  "summary_bg_n": 105497.0,
  "summary_bg_p05": 26.362138748168945,
  "summary_bg_p95": 232.90122985839844,
  "summary_bg_stdv": 95.55570220947266,
  "summary_fg_k": 3.9339762983809266,
  "summary_fg_mad": 206.69179773733998,
  "summary_fg_mean": 764.1885375976562,
  "summary_fg_median": 710.5637817382812,
  "summary_fg_n": 32761.0,
  "summary_fg_p05": 457.111083984375,
  "summary_fg_p95": 1291.20166015625,
  "summary_fg_stdv": 265.2264709472656,
  "tsnr": 46.2574380885344
}