{
  "aor": 0.001123172043010753,
  "aqi": 0.0029714970967741937,
  "bids_meta": {
    "AcquisitionNumber": 1,
    "AcquisitionTime": "14:10:5.470000",
    "BandwidthPerPixelPhaseEncode": 28.409,
    "ConversionSoftware": "dcm2niix",
    "ConversionSoftwareVersion": "v1.0.20170724 GCC4.4.7",
    "DeviceSerialNumber": "35414",
    "EchoTime": 0.03,
    "EffectiveEchoSpacing": 0.000550002,
    "FlipAngle": 80,
    "ImageType": [
      "ORIGINAL",
      "PRIMARY",
      "FMRI",
      "NONE",
      "ND",
      "MOSAIC"
    ],
    "InstitutionAddress": "Mikeletegi_69_San_Sebastian_District_ES_20009",
    "InstitutionName": "BCBL",
    "MagneticFieldStrength": 3,
    "Manufacturer": "Siemens",
    "ManufacturersModelName": "TrioTim",
    "PhaseEncodingDirection": "j-",
    "PhaseEncodingLines": 64,
    "ProcedureStepDescription": "CRANEO_FUNCIONAL",
    "ProtocolName": "ep2d_PiN_L1_Run2",
    "RepetitionTime": 2,
    "ScanningSequence": "EP",
    "SequenceName": "_epfid2d1_64",
    "SequenceVariant": "SK",
    "SeriesDescription": "ep2d_PiN_L1_Run2",
    "SliceTiming": [
      1.925,
      1.8625,
      1.8,
      1.7375,
      1.6775,
      1.615,
      1.5525,
      1.49,
      1.4275,
      1.365,
      1.3025,
      1.2425,
      1.18,
      1.1175,
      1.055,
      0.9925,
      0.93,
      0.87,
      0.8075,
      0.745,
      0.6825,
      0.62,
      0.5575,
      0.4975,
      0.435,
      0.3725,
      0.31,
      0.2475,
      0.185,
      0.1225,
      0.0625,
      0
    ],
    "SoftwareVersions": "syngo_MR_B17",
    "TaskName": "compL1",
    "TotalReadoutTime": 0.0346501,
    "dataset": "ds003545",
    "modality": "bold",
    "run_id": 2,
    "session_id": "02",
    "subject_id": "07",
    "task_id": "compL1"
  },
  "dummy_trs": 0,
  "dvars_nstd": 15.712289299837835,
  "dvars_std": 1.098558975567568,
  "dvars_vstd": 0.984190785567567,
  "efc": 0.47641534459203544,
  "fber": 957.6712036132812,
  "fd_mean": 0.09237778262091076,
  "fd_num": 6,
  "fd_perc": 3.225806451612903,
  "fwhm_avg": 2.955167393939394,
  "fwhm_x": 2.896834909090909,
  "fwhm_y": 3.145367272727273,
  "fwhm_z": 2.8233,
  "gcor": 0.0358509,
  "gsr_x": -0.021629439666867256,
  "gsr_y": 0.06170424446463585,
  "provenance": {
    "md5sum": "7c6792df88bd17d1351fe9bede031da4",
    "settings": {
      "fd_thres": 0.2,
      "testing": false
    },
    "software": "mriqc",
    "version": "22.0.6",
    "webapi_port": null,
    "webapi_url": "https://mriqc.nimh.nih.gov/api/v1"
  },
  "size_t": 186,
  "size_x": 64,
  "size_y": 64,
  "size_z": 32,
  "snr": 2.7050960664170556,
  "spacing_tr": 2.0,
  "spacing_x": 3.4375,
  "spacing_y": 3.4375,
  "spacing_z": 4.0,
  "summary_bg_k": 75.25795952157142,
  "summary_bg_mad": 4.6789641385193015,
  "summary_bg_mean": 36.2397346496582,
  "summary_bg_median": 18.42473030090332,
  "summary_bg_n": 85095.0,
  "summary_bg_p05": 14.930107116699219,
  "summary_bg_p95": 111.86021423339844,
  "summary_bg_stdv": 57.4786376953125,
  "summary_fg_k": 3.6554097196353386,
  "summary_fg_mad": 158.18010118400989,
  "summary_fg_mean": 622.6290283203125,
  "summary_fg_median": 577.2822265625,
  "summary_fg_n": 18062.0,
  "summary_fg_p05": 374.8397903442383,
  "summary_fg_p95": 1055.8416931152344,
  "summary_fg_stdv": 213.3995361328125,
  "tsnr": 88.64007890224457
}