{
  "aor": 0.016618702702702704,
  "aqi": 0.0076913883783783785,
  "bids_meta": {
    "AcquisitionNumber": 1,
    "AcquisitionTime": "09:57:15.645000",
    "BandwidthPerPixelPhaseEncode": 28.409,
    "ConversionSoftware": "dcm2niix",
    "ConversionSoftwareVersion": "v1.0.20170724 GCC4.4.7",
    "DeviceSerialNumber": "35414",
    "EchoTime": 0.03,
    "EffectiveEchoSpacing": 0.000550002,
    "FlipAngle": 80,
    "ImageType": [
      "ORIGINAL",
      "PRIMARY",
      "FMRI",
      "NONE",
      "ND",
      "MOSAIC"
    ],
    "InstitutionAddress": "Mikeletegi_69_San_Sebastian_District_ES_20009",
    "InstitutionName": "BCBL",
    "MagneticFieldStrength": 3,
    "Manufacturer": "Siemens",
    "ManufacturersModelName": "TrioTim",
    "PhaseEncodingDirection": "j-",
    "PhaseEncodingLines": 64,
    "ProcedureStepDescription": "CRANEO_FUNCIONAL",
    "ProtocolName": "ep2d_PiN_L3_Run2",
    "RepetitionTime": 2,
    "ScanningSequence": "EP",
    "SequenceName": "_epfid2d1_64",
    "SequenceVariant": "SK",
    "SeriesDescription": "ep2d_PiN_L3_Run2",
    "SliceTiming": [
      1.925,
      1.8625,
      1.8,
      1.74,
      1.6775,
      1.615,
      1.5525,
      1.49,
      1.4275,
      1.3675,
      1.305,
      1.2425,
      1.18,
      1.1175,
      1.055,
      0.9925,
      0.9325,
      0.87,
      0.8075,
      0.745,
      0.6825,
      0.62,
      0.56,
      0.4975,
      0.435,
      0.3725,
      0.31,
      0.2475,
      0.185,
      0.125,
      0.0625,
      0
    ],
    "SoftwareVersions": "syngo_MR_B17",
    "TaskName": "compLn",
    "TotalReadoutTime": 0.0346501,
    "dataset": "ds003545",
    "modality": "bold",
    "run_id": 2,
    "session_id": "02",
    "subject_id": "07",
    "task_id": "compLn"
  },
  "dummy_trs": 1,
  "dvars_nstd": 19.463367586358704,
  "dvars_std": 1.1268440410869562,
  "dvars_vstd": 1.0173894089130437,
  "efc": 0.47856738551226774,
  "fber": 1002.8690795898438,
  "fd_mean": 0.18722454567140193,
  "fd_num": 41,
  "fd_perc": 22.16216216216216,
  "fwhm_avg": 2.856152878787879,
  "fwhm_x": 2.7947054545454546,
  "fwhm_y": 3.077178181818182,
  "fwhm_z": 2.696575,
  "gcor": 0.0252869,
  "gsr_x": -0.021518558263778687,
  "gsr_y": 0.0596432201564312,
  "provenance": {
    "md5sum": "a5753cf72cc991e09c1f216462be08a8",
    "settings": {
      "fd_thres": 0.2,
      "testing": false
    },
    "software": "mriqc",
    "version": "22.0.6",
    "webapi_port": null,
    "webapi_url": "https://mriqc.nimh.nih.gov/api/v1"
  },
  "size_t": 185,
  "size_x": 64,
  "size_y": 64,
  "size_z": 32,
  "snr": 2.840507461633139,
  "spacing_tr": 2.0,
  "spacing_x": 3.4375,
  "spacing_y": 3.4375,
  "spacing_z": 4.0,
  "summary_bg_k": 70.00848136578165,
  "summary_bg_mad": 5.714029679277339,
  "summary_bg_mean": 34.482940673828125,
  "summary_bg_median": 17.583784103393555,
  "summary_bg_n": 84564.0,
  "summary_bg_p05": 13.032432556152344,
  "summary_bg_p95": 105.96594581603995,
  "summary_bg_stdv": 53.515586853027344,
  "summary_fg_k": 3.8371809878895213,
  "summary_fg_mad": 149.70273661894385,
  "summary_fg_mean": 602.445068359375,
  "summary_fg_median": 562.9081420898438,
  "summary_fg_n": 18429.0,
  "summary_fg_p05": 371.98271484375,
  "summary_fg_p95": 1002.7038085937498,
  "summary_fg_stdv": 198.1663055419922,
  "tsnr": 49.719635778688826
}