{
  "aor": 0.007488518518518519,
  "aqi": 0.011089702551440327,
  "bids_meta": {
    "AcquisitionNumber": 1,
    "AcquisitionTime": "14:32:23.380000",
    "BandwidthPerPixelPhaseEncode": 29.481,
    "ConversionSoftware": "dcm2niix",
    "ConversionSoftwareVersion": "v1.0.20170724 GCC4.4.7",
    "DeviceSerialNumber": "35414",
    "EchoTime": 0.025,
    "EffectiveEchoSpacing": 0.000530002,
    "FlipAngle": 90,
    "ImageType": [
      "ORIGINAL",
      "PRIMARY",
      "M",
      "ND",
      "MOSAIC"
    ],
    "InstitutionAddress": "Mikeletegi_69_San_Sebastian_District_ES_20009",
    "InstitutionName": "BCBL",
    "MagneticFieldStrength": 3,
    "Manufacturer": "Siemens",
    "ManufacturersModelName": "TrioTim",
    "PhaseEncodingDirection": "j-",
    "PhaseEncodingLines": 64,
    "ProcedureStepDescription": "CRANEO_FUNCIONAL",
    "ProtocolName": "ep2d_VF_L1_Run2",
    "RepetitionTime": 3,
    "ScanningSequence": "EP",
    "SequenceName": "_epfid2d1_64",
    "SequenceVariant": "SK",
    "SeriesDescription": "ep2d_VF_L1_Run2",
    "SliceTiming": [
      2.9225,
      2.8525,
      2.7825,
      2.7125,
      2.645,
      2.575,
      2.505,
      2.435,
      2.365,
      2.295,
      2.2275,
      2.1575,
      2.0875,
      2.0175,
      1.9475,
      1.88,
      1.81,
      1.74,
      1.67,
      1.6,
      1.53,
      1.4625,
      1.3925,
      1.3225,
      1.2525,
      1.1825,
      1.1125,
      1.045,
      0.975,
      0.905,
      0.835,
      0.765,
      0.695,
      0.6275,
      0.5575,
      0.4875,
      0.4175,
      0.3475,
      0.2775,
      0.21,
      0.14,
      0.07,
      0
    ],
    "SoftwareVersions": "syngo_MR_B17",
    "TaskName": "prodL1",
    "TotalReadoutTime": 0.0333901,
    "dataset": "ds003545",
    "modality": "bold",
    "run_id": 2,
    "session_id": "02",
    "subject_id": "07",
    "task_id": "prodL1"
  },
  "dummy_trs": 0,
  "dvars_nstd": 40.969119166900825,
  "dvars_std": 1.1810473046694212,
  "dvars_vstd": 1.0275078154132222,
  "efc": 0.5559017406649224,
  "fber": 365.9176940917969,
  "fd_mean": 0.4054253900345782,
  "fd_num": 171,
  "fd_perc": 70.37037037037037,
  "fwhm_avg": 3.1151127578896536,
  "fwhm_x": 3.0305366666666664,
  "fwhm_y": 3.2199530774344542,
  "fwhm_z": 3.0948485295678414,
  "gcor": 0.0220388,
  "gsr_x": -0.01502442266792059,
  "gsr_y": 0.10234766453504562,
  "provenance": {
    "md5sum": "3a65deaf7003806eda1454b157e8c577",
    "settings": {
      "fd_thres": 0.2,
      "testing": false
    },
    "software": "mriqc",
    "version": "22.0.6",
    "webapi_port": null,
    "webapi_url": "https://mriqc.nimh.nih.gov/api/v1"
  },
  "size_t": 243,
  "size_x": 64,
  "size_y": 64,
  "size_z": 43,
  "snr": 2.5579377910330545,
  "spacing_tr": 3.0,
  "spacing_x": 3.0,
  "spacing_y": 3.000000238418579,
  "spacing_z": 3.299999952316284,
  "summary_bg_k": 38.41028315546512,
  "summary_bg_mad": 10.793096318883261,
  "summary_bg_mean": 74.08824157714844,
  "summary_bg_median": 37.19341278076172,
  "summary_bg_n": 106333.0,
  "summary_bg_p05": 29.29218101501465,
  "summary_bg_p95": 249.53579101562494,
  "summary_bg_stdv": 101.72454071044922,
  "summary_fg_k": 4.103893398536207,
  "summary_fg_mad": 215.5935644267219,
  "summary_fg_mean": 784.5111083984375,
  "summary_fg_median": 724.4403076171875,
  "summary_fg_n": 32518.0,
  "summary_fg_p05": 461.9734313964844,
  "summary_fg_p95": 1353.9581481933592,
  "summary_fg_stdv": 283.2082824707031,
  "tsnr": 36.22186156315729
}