{
  "aor": 0.006932716049382716,
  "aqi": 0.00659597950617284,
  "bids_meta": {
    "AcquisitionNumber": 1,
    "AcquisitionTime": "10:20:41.515000",
    "BandwidthPerPixelPhaseEncode": 29.481,
    "ConversionSoftware": "dcm2niix",
    "ConversionSoftwareVersion": "v1.0.20170724 GCC4.4.7",
    "DeviceSerialNumber": "35414",
    "EchoTime": 0.025,
    "EffectiveEchoSpacing": 0.000530002,
    "FlipAngle": 90,
    "ImageType": [
      "ORIGINAL",
      "PRIMARY",
      "M",
      "ND",
      "MOSAIC"
    ],
    "InstitutionAddress": "Mikeletegi_69_San_Sebastian_District_ES_20009",
    "InstitutionName": "BCBL",
    "MagneticFieldStrength": 3,
    "Manufacturer": "Siemens",
    "ManufacturersModelName": "TrioTim",
    "PhaseEncodingDirection": "j-",
    "PhaseEncodingLines": 64,
    "ProcedureStepDescription": "CRANEO_FUNCIONAL",
    "ProtocolName": "ep2d_VF_L3_Run2",
    "RepetitionTime": 3,
    "ScanningSequence": "EP",
    "SequenceName": "_epfid2d1_64",
    "SequenceVariant": "SK",
    "SeriesDescription": "ep2d_VF_L3_Run2",
    "SliceTiming": [
      2.9225,
      2.8525,
      2.7825,
      2.715,
      2.645,
      2.575,
      2.505,
      2.435,
      2.365,
      2.2975,
      2.2275,
      2.1575,
      2.0875,
      2.0175,
      1.9475,
      1.88,
      1.81,
      1.74,
      1.67,
      1.6,
      1.5325,
      1.4625,
      1.3925,
      1.3225,
      1.2525,
      1.1825,
      1.115,
      1.045,
      0.975,
      0.905,
      0.835,
      0.765,
      0.6975,
      0.6275,
      0.5575,
      0.4875,
      0.4175,
      0.3475,
      0.28,
      0.21,
      0.14,
      0.07,
      0
    ],
    "SoftwareVersions": "syngo_MR_B17",
    "TaskName": "prodLn",
    "TotalReadoutTime": 0.0333901,
    "dataset": "ds003545",
    "modality": "bold",
    "run_id": 2,
    "session_id": "02",
    "subject_id": "07",
    "task_id": "prodLn"
  },
  "dummy_trs": 0,
  "dvars_nstd": 33.4031239422314,
  "dvars_std": 1.2053928253305786,
  "dvars_vstd": 1.0275347801239676,
  "efc": 0.5569678339979287,
  "fber": 383.74468994140625,
  "fd_mean": 0.3029543971199501,
  "fd_num": 137,
  "fd_perc": 56.37860082304527,
  "fwhm_avg": 2.988422539530624,
  "fwhm_x": 2.875453333333333,
  "fwhm_y": 3.1254233333333334,
  "fwhm_z": 2.9643909519252047,
  "gcor": 0.0508284,
  "gsr_x": -0.013922386802732944,
  "gsr_y": 0.09946832805871964,
  "provenance": {
    "md5sum": "abdca72f01777700d56a522a1da9cd53",
    "settings": {
      "fd_thres": 0.2,
      "testing": false
    },
    "software": "mriqc",
    "version": "22.0.6",
    "webapi_port": null,
    "webapi_url": "https://mriqc.nimh.nih.gov/api/v1"
  },
  "size_t": 243,
  "size_x": 64,
  "size_y": 64,
  "size_z": 43,
  "snr": 2.685031512511653,
  "spacing_tr": 3.0,
  "spacing_x": 3.0,
  "spacing_y": 3.0,
  "spacing_z": 3.299999952316284,
  "summary_bg_k": 38.01450546458639,
  "summary_bg_mad": 12.123173368284219,
  "summary_bg_mean": 71.1071548461914,
  "summary_bg_median": 35.588478088378906,
  "summary_bg_n": 105750.0,
  "summary_bg_p05": 26.962961196899414,
  "summary_bg_p95": 236.45123214721664,
  "summary_bg_stdv": 96.82131958007812,
  "summary_fg_k": 4.0291485983074065,
  "summary_fg_mad": 206.06646066269502,
  "summary_fg_mean": 763.28857421875,
  "summary_fg_median": 710.1748657226562,
  "summary_fg_n": 32802.0,
  "summary_fg_p05": 457.30347137451173,
  "summary_fg_p95": 1289.8142028808593,
  "summary_fg_stdv": 264.4900207519531,
  "tsnr": 50.27059489861131
}