{
  "aor": 0.008382427983539094,
  "aqi": 0.008075562592592593,
  "bids_meta": {
    "AcquisitionNumber": 1,
    "AcquisitionTime": "14:19:5.660000",
    "BandwidthPerPixelPhaseEncode": 29.481,
    "ConversionSoftware": "dcm2niix",
    "ConversionSoftwareVersion": "v1.0.20170724 GCC4.4.7",
    "DeviceSerialNumber": "35414",
    "EchoTime": 0.025,
    "EffectiveEchoSpacing": 0.000530002,
    "FlipAngle": 90,
    "ImageType": [
      "ORIGINAL",
      "PRIMARY",
      "M",
      "ND",
      "MOSAIC"
    ],
    "InstitutionAddress": "Mikeletegi_69_San_Sebastian_District_ES_20009",
    "InstitutionName": "BCBL",
    "MagneticFieldStrength": 3,
    "Manufacturer": "Siemens",
    "ManufacturersModelName": "TrioTim",
    "PhaseEncodingDirection": "j-",
    "PhaseEncodingLines": 64,
    "ProcedureStepDescription": "CRANEO_FUNCIONAL",
    "ProtocolName": "ep2d_VF_L1_Run1",
    "RepetitionTime": 3,
    "ScanningSequence": "EP",
    "SequenceName": "_epfid2d1_64",
    "SequenceVariant": "SK",
    "SeriesDescription": "ep2d_VF_L1_Run1",
    "SliceTiming": [
      2.9225,
      2.8525,
      2.7825,
      2.715,
      2.645,
      2.575,
      2.505,
      2.435,
      2.365,
      2.2975,
      2.2275,
      2.1575,
      2.0875,
      2.0175,
      1.9475,
      1.88,
      1.81,
      1.74,
      1.67,
      1.6,
      1.53,
      1.4625,
      1.3925,
      1.3225,
      1.2525,
      1.1825,
      1.115,
      1.045,
      0.975,
      0.905,
      0.835,
      0.765,
      0.6975,
      0.6275,
      0.5575,
      0.4875,
      0.4175,
      0.3475,
      0.28,
      0.21,
      0.14,
      0.07,
      0
    ],
    "SoftwareVersions": "syngo_MR_B17",
    "TaskName": "prodL1",
    "TotalReadoutTime": 0.0333901,
    "dataset": "ds003545",
    "modality": "bold",
    "run_id": 1,
    "session_id": "02",
    "subject_id": "07",
    "task_id": "prodL1"
  },
  "dummy_trs": 0,
  "dvars_nstd": 37.41280995925621,
  "dvars_std": 1.2099611828925616,
  "dvars_vstd": 1.0587359642561982,
  "efc": 0.5561704312460952,
  "fber": 355.72174072265625,
  "fd_mean": 0.376702700315251,
  "fd_num": 150,
  "fd_perc": 61.72839506172839,
  "fwhm_avg": 3.088891749715573,
  "fwhm_x": 3.0135466666666666,
  "fwhm_y": 3.148916416413274,
  "fwhm_z": 3.104212166066779,
  "gcor": 0.0337539,
  "gsr_x": -0.01498948223888874,
  "gsr_y": 0.09981369227170944,
  "provenance": {
    "md5sum": "7ff787ab92372eeed4bad79324e4650c",
    "settings": {
      "fd_thres": 0.2,
      "testing": false
    },
    "software": "mriqc",
    "version": "22.0.6",
    "webapi_port": null,
    "webapi_url": "https://mriqc.nimh.nih.gov/api/v1"
  },
  "size_t": 243,
  "size_x": 64,
  "size_y": 64,
  "size_z": 43,
  "snr": 2.540836235919401,
  "spacing_tr": 3.0,
  "spacing_x": 3.0,
  "spacing_y": 3.000000238418579,
  "spacing_z": 3.299999952316284,
  "summary_bg_k": 39.79693268430798,
  "summary_bg_mad": 10.524646704921174,
  "summary_bg_mean": 73.63909149169922,
  "summary_bg_median": 37.6584358215332,
  "summary_bg_n": 106124.0,
  "summary_bg_p05": 29.609052658081055,
  "summary_bg_p95": 245.3156303405761,
  "summary_bg_stdv": 100.34518432617188,
  "summary_fg_k": 4.456825365056569,
  "summary_fg_mad": 215.54777605254196,
  "summary_fg_mean": 784.673828125,
  "summary_fg_median": 723.4423828125,
  "summary_fg_n": 32458.0,
  "summary_fg_p05": 462.1641784667969,
  "summary_fg_p95": 1352.442327880858,
  "summary_fg_stdv": 284.7217102050781,
  "tsnr": 41.56695540121291
}