{
  "aor": 0.013281881720430107,
  "aqi": 0.007812619193548387,
  "bids_meta": {
    "AcquisitionNumber": 1,
    "AcquisitionTime": "11:18:13.970000",
    "BandwidthPerPixelPhaseEncode": 28.409,
    "BodyPartExamined": "BRAIN",
    "ConversionSoftware": "dcm2niix",
    "ConversionSoftwareVersion": "v1.0.20170724 GCC4.4.7",
    "DeviceSerialNumber": "167004",
    "EchoTime": 0.03,
    "EchoTrainLength": 64,
    "EffectiveEchoSpacing": 0.000550002,
    "FlipAngle": 80,
    "ImageType": [
      "ORIGINAL",
      "PRIMARY",
      "M",
      "ND",
      "MOSAIC"
    ],
    "InstitutionAddress": "Mikeletegi_69_San_Sebastian_District_ES_20009",
    "InstitutionName": "BCBL",
    "MagneticFieldStrength": 3,
    "Manufacturer": "Siemens",
    "ManufacturersModelName": "Prisma_fit",
    "PhaseEncodingDirection": "j-",
    "PhaseEncodingLines": 64,
    "ProcedureStepDescription": "CRANEO_FUNCIONAL",
    "ProtocolName": "ep2d_PiN_L1_Run2",
    "RepetitionTime": 2,
    "ScanningSequence": "EP",
    "SequenceName": "_epfid2d1_64",
    "SequenceVariant": "SK",
    "SeriesDescription": "ep2d_PiN_L1_Run2",
    "SliceTiming": [
      1.92,
      1.8575,
      1.795,
      1.7325,
      1.6725,
      1.61,
      1.5475,
      1.485,
      1.425,
      1.3625,
      1.3,
      1.2375,
      1.1775,
      1.115,
      1.0525,
      0.99,
      0.93,
      0.8675,
      0.805,
      0.7425,
      0.6825,
      0.62,
      0.5575,
      0.495,
      0.435,
      0.3725,
      0.31,
      0.2475,
      0.1875,
      0.125,
      0.0625,
      0
    ],
    "SoftwareVersions": "syngo_MR_E11",
    "TaskName": "compL1",
    "TotalReadoutTime": 0.0346501,
    "dataset": "ds003545",
    "modality": "bold",
    "run_id": 2,
    "session_id": "02",
    "subject_id": "18",
    "task_id": "compL1"
  },
  "dummy_trs": 0,
  "dvars_nstd": 30.85722291800001,
  "dvars_std": 1.285186098108108,
  "dvars_vstd": 0.9608240207027027,
  "efc": 0.45527650495813277,
  "fber": 1423.6151123046875,
  "fd_mean": 0.2733795051077129,
  "fd_num": 55,
  "fd_perc": 29.56989247311828,
  "fwhm_avg": 2.518941075757576,
  "fwhm_x": 2.472416,
  "fwhm_y": 2.6868247272727275,
  "fwhm_z": 2.3975825,
  "gcor": 0.0880863,
  "gsr_x": -0.004360297694802284,
  "gsr_y": 0.015592170879244804,
  "provenance": {
    "md5sum": "104e493d8062e0b790531a5a11d44c33",
    "settings": {
      "fd_thres": 0.2,
      "testing": false
    },
    "software": "mriqc",
    "version": "22.0.6",
    "webapi_port": null,
    "webapi_url": "https://mriqc.nimh.nih.gov/api/v1"
  },
  "size_t": 186,
  "size_x": 64,
  "size_y": 64,
  "size_z": 32,
  "snr": 3.2997898397448857,
  "spacing_tr": 2.0,
  "spacing_x": 3.4375,
  "spacing_y": 3.4375,
  "spacing_z": 4.0,
  "summary_bg_k": 31.34019759692083,
  "summary_bg_mad": 2.8456377351167226,
  "summary_bg_mean": 41.43268966674805,
  "summary_bg_median": 18.967741012573242,
  "summary_bg_n": 88670.0,
  "summary_bg_p05": 16.849462509155273,
  "summary_bg_p95": 143.7042999267578,
  "summary_bg_stdv": 65.40116119384766,
  "summary_fg_k": 0.09407400455256898,
  "summary_fg_mad": 224.93303539655494,
  "summary_fg_mean": 758.2911376953125,
  "summary_fg_median": 732.4677124023438,
  "summary_fg_n": 15401.0,
  "summary_fg_p05": 441.5967712402344,
  "summary_fg_p95": 1160.801025390625,
  "summary_fg_stdv": 221.9668426513672,
  "tsnr": 45.84914582083002
}