{
  "aor": 0.019188494623655912,
  "aqi": 0.00951934112903226,
  "bids_meta": {
    "AcquisitionNumber": 1,
    "AcquisitionTime": "11:10:28.685000",
    "BandwidthPerPixelPhaseEncode": 28.409,
    "BodyPartExamined": "BRAIN",
    "ConversionSoftware": "dcm2niix",
    "ConversionSoftwareVersion": "v1.0.20170724 GCC4.4.7",
    "DeviceSerialNumber": "167004",
    "EchoTime": 0.03,
    "EchoTrainLength": 64,
    "EffectiveEchoSpacing": 0.000550002,
    "FlipAngle": 80,
    "ImageType": [
      "ORIGINAL",
      "PRIMARY",
      "M",
      "ND",
      "MOSAIC"
    ],
    "InstitutionAddress": "Mikeletegi_69_San_Sebastian_District_ES_20009",
    "InstitutionName": "BCBL",
    "MagneticFieldStrength": 3,
    "Manufacturer": "Siemens",
    "ManufacturersModelName": "Prisma_fit",
    "PhaseEncodingDirection": "j-",
    "PhaseEncodingLines": 64,
    "ProcedureStepDescription": "CRANEO_FUNCIONAL",
    "ProtocolName": "ep2d_PiN_L1_Run1",
    "RepetitionTime": 2,
    "ScanningSequence": "EP",
    "SequenceName": "_epfid2d1_64",
    "SequenceVariant": "SK",
    "SeriesDescription": "ep2d_PiN_L1_Run1",
    "SliceTiming": [
      1.9175,
      1.855,
      1.795,
      1.7325,
      1.67,
      1.6075,
      1.5475,
      1.485,
      1.4225,
      1.36,
      1.3,
      1.2375,
      1.175,
      1.1125,
      1.0525,
      0.99,
      0.9275,
      0.8675,
      0.805,
      0.7425,
      0.68,
      0.62,
      0.5575,
      0.495,
      0.4325,
      0.3725,
      0.31,
      0.2475,
      0.185,
      0.125,
      0.0625,
      0
    ],
    "SoftwareVersions": "syngo_MR_E11",
    "TaskName": "compL1",
    "TotalReadoutTime": 0.0346501,
    "dataset": "ds003545",
    "modality": "bold",
    "run_id": 1,
    "session_id": "02",
    "subject_id": "18",
    "task_id": "compL1"
  },
  "dummy_trs": 0,
  "dvars_nstd": 33.61587211491892,
  "dvars_std": 1.274541242702703,
  "dvars_vstd": 1.0133132683243247,
  "efc": 0.45418504716902053,
  "fber": 1403.709228515625,
  "fd_mean": 0.3822415885034307,
  "fd_num": 65,
  "fd_perc": 34.946236559139784,
  "fwhm_avg": 2.5204605151515156,
  "fwhm_x": 2.4411432727272726,
  "fwhm_y": 2.7339432727272728,
  "fwhm_z": 2.386295,
  "gcor": 0.0609489,
  "gsr_x": -0.004155679605901241,
  "gsr_y": 0.015699079260230064,
  "provenance": {
    "md5sum": "40e49649928eaf6e8e26bd25cf21bc5e",
    "settings": {
      "fd_thres": 0.2,
      "testing": false
    },
    "software": "mriqc",
    "version": "22.0.6",
    "webapi_port": null,
    "webapi_url": "https://mriqc.nimh.nih.gov/api/v1"
  },
  "size_t": 186,
  "size_x": 64,
  "size_y": 64,
  "size_z": 32,
  "snr": 3.3599471883210548,
  "spacing_tr": 2.0,
  "spacing_x": 3.4375,
  "spacing_y": 3.4375,
  "spacing_z": 4.0,
  "summary_bg_k": 31.14955118466616,
  "summary_bg_mad": 3.6188255604795034,
  "summary_bg_mean": 40.902549743652344,
  "summary_bg_median": 19.155914306640625,
  "summary_bg_n": 88761.0,
  "summary_bg_p05": 16.064516067504883,
  "summary_bg_p95": 141.1182861328125,
  "summary_bg_stdv": 64.50553131103516,
  "summary_fg_k": 0.03821204587624605,
  "summary_fg_mad": 222.35051679829255,
  "summary_fg_mean": 757.4694213867188,
  "summary_fg_median": 732.720458984375,
  "summary_fg_n": 15213.0,
  "summary_fg_p05": 443.09784545898435,
  "summary_fg_p95": 1146.781689453125,
  "summary_fg_stdv": 218.0678253173828,
  "tsnr": 43.85103292600252
}