{
  "aor": 0.006339794238683126,
  "aqi": 0.016597505843621397,
  "bids_meta": {
    "AcquisitionNumber": 1,
    "AcquisitionTime": "13:04:58.335000",
    "BandwidthPerPixelPhaseEncode": 29.481,
    "BodyPartExamined": "BRAIN",
    "ConversionSoftware": "dcm2niix",
    "ConversionSoftwareVersion": "v1.0.20170724 GCC4.4.7",
    "DeviceSerialNumber": "167004",
    "EchoTime": 0.025,
    "EchoTrainLength": 64,
    "EffectiveEchoSpacing": 0.000530002,
    "FlipAngle": 90,
    "ImageType": [
      "ORIGINAL",
      "PRIMARY",
      "M",
      "ND",
      "MOSAIC"
    ],
    "InstitutionAddress": "Mikeletegi_69_San_Sebastian_District_ES_20009",
    "InstitutionName": "BCBL",
    "MagneticFieldStrength": 3,
    "Manufacturer": "Siemens",
    "ManufacturersModelName": "Prisma_fit",
    "PhaseEncodingDirection": "j-",
    "PhaseEncodingLines": 64,
    "ProcedureStepDescription": "CRANEO_FUNCIONAL",
    "ProtocolName": "ep2d_VF_L3_Run2",
    "RepetitionTime": 3,
    "ScanningSequence": "EP",
    "SequenceName": "_epfid2d1_64",
    "SequenceVariant": "SK",
    "SeriesDescription": "ep2d_VF_L3_Run2",
    "SliceTiming": [
      2.91,
      2.8425,
      2.7725,
      2.7025,
      2.635,
      2.565,
      2.495,
      2.425,
      2.3575,
      2.2875,
      2.2175,
      2.15,
      2.08,
      2.01,
      1.94,
      1.8725,
      1.8025,
      1.7325,
      1.665,
      1.595,
      1.525,
      1.455,
      1.3875,
      1.3175,
      1.2475,
      1.1775,
      1.11,
      1.04,
      0.97,
      0.9025,
      0.8325,
      0.7625,
      0.6925,
      0.625,
      0.555,
      0.485,
      0.4175,
      0.3475,
      0.2775,
      0.2075,
      0.14,
      0.07,
      0
    ],
    "SoftwareVersions": "syngo_MR_E11",
    "TaskName": "prodLn",
    "TotalReadoutTime": 0.0333901,
    "dataset": "ds003545",
    "modality": "bold",
    "run_id": 2,
    "session_id": "01",
    "subject_id": "21",
    "task_id": "prodLn"
  },
  "dummy_trs": 0,
  "dvars_nstd": 56.443507202355406,
  "dvars_std": 1.1994131738429754,
  "dvars_vstd": 0.9546026134710739,
  "efc": 0.5908858900596845,
  "fber": 400.8294677734375,
  "fd_mean": 0.7753089850653299,
  "fd_num": 205,
  "fd_perc": 84.36213991769547,
  "fwhm_avg": 3.073985772019881,
  "fwhm_x": 2.86683,
  "fwhm_y": 3.3562666666666665,
  "fwhm_z": 2.9988606493929755,
  "gcor": 0.0431074,
  "gsr_x": 0.0018937299028038979,
  "gsr_y": 0.09223879128694534,
  "provenance": {
    "md5sum": "f349b9d9c07439ab4417aa15f38fda30",
    "settings": {
      "fd_thres": 0.2,
      "testing": false
    },
    "software": "mriqc",
    "version": "22.0.6",
    "webapi_port": null,
    "webapi_url": "https://mriqc.nimh.nih.gov/api/v1"
  },
  "size_t": 243,
  "size_x": 64,
  "size_y": 64,
  "size_z": 43,
  "snr": 2.1102838290638393,
  "spacing_tr": 3.0,
  "spacing_x": 3.0,
  "spacing_y": 3.0,
  "spacing_z": 3.299999952316284,
  "summary_bg_k": 15.584965742793909,
  "summary_bg_mad": 20.585595630412577,
  "summary_bg_mean": 140.74766540527344,
  "summary_bg_median": 47.3868293762207,
  "summary_bg_n": 92044.0,
  "summary_bg_p05": 31.29218101501465,
  "summary_bg_p95": 627.1901031494136,
  "summary_bg_stdv": 225.7873077392578,
  "summary_fg_k": 0.9985276727593617,
  "summary_fg_mad": 460.2838308276227,
  "summary_fg_mean": 1109.3204345703125,
  "summary_fg_median": 1009.4649658203125,
  "summary_fg_n": 40215.0,
  "summary_fg_p05": 519.3658081054688,
  "summary_fg_p95": 2005.2855346679685,
  "summary_fg_stdv": 478.34912109375,
  "tsnr": 31.380067158024758
}