{
  "aor": 0.018320041152263374,
  "aqi": 0.011748460000000002,
  "bids_meta": {
    "AcquisitionNumber": 1,
    "AcquisitionTime": "12:50:49.025000",
    "BandwidthPerPixelPhaseEncode": 29.481,
    "BodyPartExamined": "BRAIN",
    "ConversionSoftware": "dcm2niix",
    "ConversionSoftwareVersion": "v1.0.20170724 GCC4.4.7",
    "DeviceSerialNumber": "167004",
    "EchoTime": 0.025,
    "EchoTrainLength": 64,
    "EffectiveEchoSpacing": 0.000530002,
    "FlipAngle": 90,
    "ImageType": [
      "ORIGINAL",
      "PRIMARY",
      "M",
      "ND",
      "MOSAIC"
    ],
    "InstitutionAddress": "Mikeletegi_69_San_Sebastian_District_ES_20009",
    "InstitutionName": "BCBL",
    "MagneticFieldStrength": 3,
    "Manufacturer": "Siemens",
    "ManufacturersModelName": "Prisma_fit",
    "PhaseEncodingDirection": "j-",
    "PhaseEncodingLines": 64,
    "ProcedureStepDescription": "CRANEO_FUNCIONAL",
    "ProtocolName": "ep2d_VF_L1_Run1",
    "RepetitionTime": 3,
    "ScanningSequence": "EP",
    "SequenceName": "_epfid2d1_64",
    "SequenceVariant": "SK",
    "SeriesDescription": "ep2d_VF_L3_Run1",
    "SliceTiming": [
      2.91,
      2.84,
      2.7725,
      2.7025,
      2.6325,
      2.565,
      2.495,
      2.425,
      2.355,
      2.2875,
      2.2175,
      2.1475,
      2.08,
      2.01,
      1.94,
      1.87,
      1.8025,
      1.7325,
      1.6625,
      1.595,
      1.525,
      1.455,
      1.385,
      1.3175,
      1.2475,
      1.1775,
      1.1075,
      1.04,
      0.97,
      0.9,
      0.8325,
      0.7625,
      0.6925,
      0.6225,
      0.555,
      0.485,
      0.415,
      0.3475,
      0.2775,
      0.2075,
      0.1375,
      0.07,
      0
    ],
    "SoftwareVersions": "syngo_MR_E11",
    "TaskName": "prodL1",
    "TotalReadoutTime": 0.0333901,
    "dataset": "ds003545",
    "modality": "bold",
    "run_id": 1,
    "session_id": "01",
    "subject_id": "21",
    "task_id": "prodL1"
  },
  "dummy_trs": 0,
  "dvars_nstd": 46.28448385425622,
  "dvars_std": 1.3610860040495871,
  "dvars_vstd": 1.0802285611983475,
  "efc": 0.5900385924445969,
  "fber": 388.1745300292969,
  "fd_mean": 0.5731370014405984,
  "fd_num": 159,
  "fd_perc": 65.4320987654321,
  "fwhm_avg": 3.151564459647041,
  "fwhm_x": 2.80266,
  "fwhm_y": 3.4957,
  "fwhm_z": 3.1563333789411225,
  "gcor": 0.028566,
  "gsr_x": -0.008457132615149021,
  "gsr_y": 0.10267481952905655,
  "provenance": {
    "md5sum": "00733f8429c377d7c6d738931dd6fce7",
    "settings": {
      "fd_thres": 0.2,
      "testing": false
    },
    "software": "mriqc",
    "version": "22.0.6",
    "webapi_port": null,
    "webapi_url": "https://mriqc.nimh.nih.gov/api/v1"
  },
  "size_t": 243,
  "size_x": 64,
  "size_y": 64,
  "size_z": 43,
  "snr": 2.034830628396747,
  "spacing_tr": 3.0,
  "spacing_x": 3.0,
  "spacing_y": 3.0,
  "spacing_z": 3.299999952316284,
  "summary_bg_k": 17.60327279382121,
  "summary_bg_mad": 19.999876584563367,
  "summary_bg_mean": 133.3674774169922,
  "summary_bg_median": 47.407405853271484,
  "summary_bg_n": 90848.0,
  "summary_bg_p05": 32.08641815185547,
  "summary_bg_p95": 591.6042816162108,
  "summary_bg_stdv": 213.47189331054688,
  "summary_fg_k": 0.7704904973142614,
  "summary_fg_mad": 471.5284963231159,
  "summary_fg_mean": 1095.7152099609375,
  "summary_fg_median": 995.7139892578125,
  "summary_fg_n": 41628.0,
  "summary_fg_p05": 481.1802261352539,
  "summary_fg_p95": 2016.6643737792972,
  "summary_fg_stdv": 489.3291931152344,
  "tsnr": 40.02339349873364
}