{
  "aor": 0.002991720430107527,
  "aqi": 0.004017089623655914,
  "bids_meta": {
    "AcquisitionNumber": 1,
    "AcquisitionTime": "13:38:34.202500",
    "BandwidthPerPixelPhaseEncode": 28.409,
    "ConversionSoftware": "dcm2niix",
    "ConversionSoftwareVersion": "v1.0.20170724 GCC4.4.7",
    "DeviceSerialNumber": "35414",
    "EchoTime": 0.03,
    "EffectiveEchoSpacing": 0.000550002,
    "FlipAngle": 80,
    "ImageType": [
      "ORIGINAL",
      "PRIMARY",
      "FMRI",
      "NONE",
      "ND",
      "MOSAIC"
    ],
    "InstitutionAddress": "Mikeletegi_69_San_Sebastian_District_ES_20009",
    "InstitutionName": "BCBL",
    "MagneticFieldStrength": 3,
    "Manufacturer": "Siemens",
    "ManufacturersModelName": "TrioTim",
    "PhaseEncodingDirection": "j-",
    "PhaseEncodingLines": 64,
    "ProcedureStepDescription": "CRANEO_FUNCIONAL",
    "ProtocolName": "ep2d_PiN_L1_Run1",
    "RepetitionTime": 2,
    "ScanningSequence": "EP",
    "SequenceName": "_epfid2d1_64",
    "SequenceVariant": "SK",
    "SeriesDescription": "ep2d_PiN_L1_Run1",
    "SliceTiming": [
      1.925,
      1.8625,
      1.8025,
      1.74,
      1.6775,
      1.615,
      1.5525,
      1.49,
      1.43,
      1.3675,
      1.305,
      1.2425,
      1.18,
      1.1175,
      1.0575,
      0.995,
      0.9325,
      0.87,
      0.8075,
      0.745,
      0.6825,
      0.6225,
      0.56,
      0.4975,
      0.435,
      0.3725,
      0.31,
      0.25,
      0.1875,
      0.125,
      0.0625,
      0
    ],
    "SoftwareVersions": "syngo_MR_B17",
    "TaskName": "compL1",
    "TotalReadoutTime": 0.0346501,
    "dataset": "ds003545",
    "modality": "bold",
    "run_id": 1,
    "session_id": "01",
    "subject_id": "09",
    "task_id": "compL1"
  },
  "dummy_trs": 0,
  "dvars_nstd": 28.892569011189213,
  "dvars_std": 1.2733213984864864,
  "dvars_vstd": 0.9898583958378383,
  "efc": 0.499210599612267,
  "fber": 1116.4066162109375,
  "fd_mean": 0.19095967393533167,
  "fd_num": 53,
  "fd_perc": 28.49462365591398,
  "fwhm_avg": 2.825594181818182,
  "fwhm_x": 2.773408,
  "fwhm_y": 2.984174545454546,
  "fwhm_z": 2.7192,
  "gcor": 0.0293244,
  "gsr_x": -0.02218491956591606,
  "gsr_y": 0.0692698210477829,
  "provenance": {
    "md5sum": "e00b21774873c4aa7e1f769f5d2d64fb",
    "settings": {
      "fd_thres": 0.2,
      "testing": false
    },
    "software": "mriqc",
    "version": "22.0.6",
    "webapi_port": null,
    "webapi_url": "https://mriqc.nimh.nih.gov/api/v1"
  },
  "size_t": 186,
  "size_x": 64,
  "size_y": 64,
  "size_z": 32,
  "snr": 2.756871932666938,
  "spacing_tr": 2.0,
  "spacing_x": 3.4375,
  "spacing_y": 3.4375,
  "spacing_z": 4.0,
  "summary_bg_k": 72.37604365031684,
  "summary_bg_mad": 6.695622192518379,
  "summary_bg_mean": 39.162506103515625,
  "summary_bg_median": 18.650537490844727,
  "summary_bg_n": 79321.0,
  "summary_bg_p05": 13.607526779174805,
  "summary_bg_p95": 136.36558532714844,
  "summary_bg_stdv": 64.24585723876953,
  "summary_fg_k": 2.612200134638533,
  "summary_fg_mad": 185.18184930317025,
  "summary_fg_mean": 684.9324951171875,
  "summary_fg_median": 637.1828002929688,
  "summary_fg_n": 21737.0,
  "summary_fg_p05": 410.0279479980469,
  "summary_fg_p95": 1151.3956787109375,
  "summary_fg_stdv": 231.11996459960938,
  "tsnr": 65.32501481706277
}