{
  "aor": 0.005742096774193547,
  "aqi": 0.005698449408602151,
  "bids_meta": {
    "AcquisitionNumber": 1,
    "AcquisitionTime": "16:43:2.192500",
    "BandwidthPerPixelPhaseEncode": 28.409,
    "ConversionSoftware": "dcm2niix",
    "ConversionSoftwareVersion": "v1.0.20170724 GCC4.4.7",
    "DeviceSerialNumber": "35414",
    "EchoTime": 0.03,
    "EffectiveEchoSpacing": 0.000550002,
    "FlipAngle": 80,
    "ImageType": [
      "ORIGINAL",
      "PRIMARY",
      "FMRI",
      "NONE",
      "ND",
      "MOSAIC"
    ],
    "InstitutionAddress": "Mikeletegi_69_San_Sebastian_District_ES_20009",
    "InstitutionName": "BCBL",
    "MagneticFieldStrength": 3,
    "Manufacturer": "Siemens",
    "ManufacturersModelName": "TrioTim",
    "PhaseEncodingDirection": "j-",
    "PhaseEncodingLines": 64,
    "ProcedureStepDescription": "CRANEO_FUNCIONAL",
    "ProtocolName": "ep2d_PiN_L3_Run1",
    "RepetitionTime": 2,
    "ScanningSequence": "EP",
    "SequenceName": "_epfid2d1_64",
    "SequenceVariant": "SK",
    "SeriesDescription": "ep2d_PiN_L3_Run1",
    "SliceTiming": [
      1.925,
      1.8625,
      1.8,
      1.7375,
      1.675,
      1.615,
      1.5525,
      1.49,
      1.4275,
      1.365,
      1.3025,
      1.2425,
      1.18,
      1.1175,
      1.055,
      0.9925,
      0.93,
      0.8675,
      0.8075,
      0.745,
      0.6825,
      0.62,
      0.5575,
      0.495,
      0.435,
      0.3725,
      0.31,
      0.2475,
      0.185,
      0.1225,
      0.06,
      0
    ],
    "SoftwareVersions": "syngo_MR_B17",
    "TaskName": "compLn",
    "TotalReadoutTime": 0.0346501,
    "dataset": "ds003545",
    "modality": "bold",
    "run_id": 1,
    "session_id": "01",
    "subject_id": "09",
    "task_id": "compLn"
  },
  "dummy_trs": 0,
  "dvars_nstd": 28.547379973567587,
  "dvars_std": 1.212114265405405,
  "dvars_vstd": 0.9619405727567565,
  "efc": 0.49021437095294185,
  "fber": 1252.786376953125,
  "fd_mean": 0.264330930061695,
  "fd_num": 97,
  "fd_perc": 52.1505376344086,
  "fwhm_avg": 2.9915796969696973,
  "fwhm_x": 2.9320436363636366,
  "fwhm_y": 3.2001454545454546,
  "fwhm_z": 2.84255,
  "gcor": 0.0295361,
  "gsr_x": -0.02050570771098137,
  "gsr_y": 0.060074206441640854,
  "provenance": {
    "md5sum": "428331148d798f74f801d404724ee10b",
    "settings": {
      "fd_thres": 0.2,
      "testing": false
    },
    "software": "mriqc",
    "version": "22.0.6",
    "webapi_port": null,
    "webapi_url": "https://mriqc.nimh.nih.gov/api/v1"
  },
  "size_t": 186,
  "size_x": 64,
  "size_y": 64,
  "size_z": 32,
  "snr": 2.52947724702609,
  "spacing_tr": 2.0,
  "spacing_x": 3.4375,
  "spacing_y": 3.4375,
  "spacing_z": 4.0,
  "summary_bg_k": 44.887555551263866,
  "summary_bg_mad": 6.592000262598545,
  "summary_bg_mean": 37.13059616088867,
  "summary_bg_median": 18.02150535583496,
  "summary_bg_n": 79832.0,
  "summary_bg_p05": 13.134408950805664,
  "summary_bg_p95": 128.12849807739255,
  "summary_bg_stdv": 57.42144775390625,
  "summary_fg_k": 3.672460654048834,
  "summary_fg_mad": 198.88397503108274,
  "summary_fg_mean": 702.875244140625,
  "summary_fg_median": 646.2930297851562,
  "summary_fg_n": 21726.0,
  "summary_fg_p05": 411.78763580322266,
  "summary_fg_p95": 1215.271484375,
  "summary_fg_stdv": 255.4987030029297,
  "tsnr": 53.86722535407171
}