{
  "aor": 0.015074897119341563,
  "aqi": 0.009041467983539095,
  "bids_meta": {
    "AcquisitionNumber": 1,
    "AcquisitionTime": "14:10:23.557500",
    "BandwidthPerPixelPhaseEncode": 29.481,
    "ConversionSoftware": "dcm2niix",
    "ConversionSoftwareVersion": "v1.0.20170724 GCC4.4.7",
    "DeviceSerialNumber": "35414",
    "EchoTime": 0.025,
    "EffectiveEchoSpacing": 0.000530002,
    "FlipAngle": 90,
    "ImageType": [
      "ORIGINAL",
      "PRIMARY",
      "M",
      "ND",
      "MOSAIC"
    ],
    "InstitutionAddress": "Mikeletegi_69_San_Sebastian_District_ES_20009",
    "InstitutionName": "BCBL",
    "MagneticFieldStrength": 3,
    "Manufacturer": "Siemens",
    "ManufacturersModelName": "TrioTim",
    "PhaseEncodingDirection": "j-",
    "PhaseEncodingLines": 64,
    "ProcedureStepDescription": "CRANEO_FUNCIONAL",
    "ProtocolName": "ep2d_VF_L1_Run2",
    "RepetitionTime": 3,
    "ScanningSequence": "EP",
    "SequenceName": "_epfid2d1_64",
    "SequenceVariant": "SK",
    "SeriesDescription": "ep2d_VF_L1_Run2",
    "SliceTiming": [
      2.9225,
      2.8525,
      2.7825,
      2.7125,
      2.6425,
      2.5725,
      2.505,
      2.435,
      2.365,
      2.295,
      2.225,
      2.155,
      2.0875,
      2.0175,
      1.9475,
      1.8775,
      1.8075,
      1.74,
      1.67,
      1.6,
      1.53,
      1.46,
      1.39,
      1.3225,
      1.2525,
      1.1825,
      1.1125,
      1.0425,
      0.9725,
      0.905,
      0.835,
      0.765,
      0.695,
      0.625,
      0.555,
      0.4875,
      0.4175,
      0.3475,
      0.2775,
      0.2075,
      0.1375,
      0.07,
      0
    ],
    "SoftwareVersions": "syngo_MR_B17",
    "TaskName": "prodL1",
    "TotalReadoutTime": 0.0333901,
    "dataset": "ds003545",
    "modality": "bold",
    "run_id": 2,
    "session_id": "01",
    "subject_id": "09",
    "task_id": "prodL1"
  },
  "dummy_trs": 0,
  "dvars_nstd": 39.6144621192975,
  "dvars_std": 1.383759301239669,
  "dvars_vstd": 1.092451954173554,
  "efc": 0.5754521951963305,
  "fber": 462.9512939453125,
  "fd_mean": 0.33824105862230974,
  "fd_num": 120,
  "fd_perc": 49.382716049382715,
  "fwhm_avg": 2.873708700533552,
  "fwhm_x": 2.7995,
  "fwhm_y": 2.984553333333333,
  "fwhm_z": 2.8370727682673245,
  "gcor": 0.0276641,
  "gsr_x": -0.012443510815501213,
  "gsr_y": 0.09978511929512024,
  "provenance": {
    "md5sum": "6abbbc86a6fc48e3d39b3f62f8cb5c56",
    "settings": {
      "fd_thres": 0.2,
      "testing": false
    },
    "software": "mriqc",
    "version": "22.0.6",
    "webapi_port": null,
    "webapi_url": "https://mriqc.nimh.nih.gov/api/v1"
  },
  "size_t": 243,
  "size_x": 64,
  "size_y": 64,
  "size_z": 43,
  "snr": 2.752798069056758,
  "spacing_tr": 3.0,
  "spacing_x": 3.0,
  "spacing_y": 3.0,
  "spacing_z": 3.299999952316284,
  "summary_bg_k": 39.585682177893204,
  "summary_bg_mad": 10.573452383649636,
  "summary_bg_mean": 77.31273651123047,
  "summary_bg_median": 35.534976959228516,
  "summary_bg_n": 99051.0,
  "summary_bg_p05": 26.901233673095703,
  "summary_bg_p95": 274.1049346923828,
  "summary_bg_stdv": 111.8136215209961,
  "summary_fg_k": 2.5681568839668225,
  "summary_fg_mad": 234.61419984643422,
  "summary_fg_mean": 836.3024291992188,
  "summary_fg_median": 779.8744506835938,
  "summary_fg_n": 37786.0,
  "summary_fg_p05": 494.0061492919922,
  "summary_fg_p95": 1395.56787109375,
  "summary_fg_stdv": 283.2987060546875,
  "tsnr": 42.50146608008072
}