{
  "aor": 0.013568189300411522,
  "aqi": 0.010824730905349795,
  "bids_meta": {
    "AcquisitionNumber": 1,
    "AcquisitionTime": "17:01:10.475000",
    "BandwidthPerPixelPhaseEncode": 29.481,
    "ConversionSoftware": "dcm2niix",
    "ConversionSoftwareVersion": "v1.0.20170724 GCC4.4.7",
    "DeviceSerialNumber": "35414",
    "EchoTime": 0.025,
    "EffectiveEchoSpacing": 0.000530002,
    "FlipAngle": 90,
    "ImageType": [
      "ORIGINAL",
      "PRIMARY",
      "M",
      "ND",
      "MOSAIC"
    ],
    "InstitutionAddress": "Mikeletegi_69_San_Sebastian_District_ES_20009",
    "InstitutionName": "BCBL",
    "MagneticFieldStrength": 3,
    "Manufacturer": "Siemens",
    "ManufacturersModelName": "TrioTim",
    "PhaseEncodingDirection": "j-",
    "PhaseEncodingLines": 64,
    "ProcedureStepDescription": "CRANEO_FUNCIONAL",
    "ProtocolName": "ep2d_VF_L3_Run1",
    "RepetitionTime": 3,
    "ScanningSequence": "EP",
    "SequenceName": "_epfid2d1_64",
    "SequenceVariant": "SK",
    "SeriesDescription": "ep2d_VF_L3_Run1",
    "SliceTiming": [
      2.9225,
      2.8525,
      2.7825,
      2.715,
      2.645,
      2.575,
      2.505,
      2.435,
      2.3675,
      2.2975,
      2.2275,
      2.1575,
      2.0875,
      2.0175,
      1.95,
      1.88,
      1.81,
      1.74,
      1.67,
      1.6,
      1.5325,
      1.4625,
      1.3925,
      1.3225,
      1.2525,
      1.1825,
      1.115,
      1.045,
      0.975,
      0.905,
      0.835,
      0.765,
      0.6975,
      0.6275,
      0.5575,
      0.4875,
      0.4175,
      0.35,
      0.28,
      0.21,
      0.14,
      0.07,
      0
    ],
    "SoftwareVersions": "syngo_MR_B17",
    "TaskName": "prodLn",
    "TotalReadoutTime": 0.0333901,
    "dataset": "ds003545",
    "modality": "bold",
    "run_id": 1,
    "session_id": "01",
    "subject_id": "09",
    "task_id": "prodLn"
  },
  "dummy_trs": 0,
  "dvars_nstd": 43.75307497285124,
  "dvars_std": 1.2370281312809912,
  "dvars_vstd": 1.0295411224380167,
  "efc": 0.5664889394045973,
  "fber": 439.7088623046875,
  "fd_mean": 0.4745817612523881,
  "fd_num": 162,
  "fd_perc": 66.66666666666667,
  "fwhm_avg": 3.1681867825391414,
  "fwhm_x": 3.1292833333333334,
  "fwhm_y": 3.2895800000000004,
  "fwhm_z": 3.085697014284091,
  "gcor": 0.0187259,
  "gsr_x": -0.02004787139594555,
  "gsr_y": 0.1009487435221672,
  "provenance": {
    "md5sum": "c1a69934e401ec401e8d95b33999752f",
    "settings": {
      "fd_thres": 0.2,
      "testing": false
    },
    "software": "mriqc",
    "version": "22.0.6",
    "webapi_port": null,
    "webapi_url": "https://mriqc.nimh.nih.gov/api/v1"
  },
  "size_t": 243,
  "size_x": 64,
  "size_y": 64,
  "size_z": 43,
  "snr": 2.284682060242025,
  "spacing_tr": 3.0,
  "spacing_x": 3.0,
  "spacing_y": 3.0,
  "spacing_z": 3.299999952316284,
  "summary_bg_k": 22.791791105256138,
  "summary_bg_mad": 15.79916935618439,
  "summary_bg_mean": 80.22976684570312,
  "summary_bg_median": 37.59053421020508,
  "summary_bg_n": 98464.0,
  "summary_bg_p05": 25.917694091796875,
  "summary_bg_p95": 290.5543197631828,
  "summary_bg_stdv": 105.78627014160156,
  "summary_fg_k": 4.182003610450601,
  "summary_fg_mad": 275.47724711284,
  "summary_fg_mean": 890.2736206054688,
  "summary_fg_median": 810.693359375,
  "summary_fg_n": 38024.0,
  "summary_fg_p05": 494.3847717285156,
  "summary_fg_p95": 1599.598901367187,
  "summary_fg_stdv": 354.83392333984375,
  "tsnr": 33.98158861801494
}