{
  "bids_meta": {
    "AccelFactPE": 2,
    "AcquisitionNumber": 1,
    "AcquisitionTime": "09:49:54.792500",
    "BodyPartExamined": "BRAIN",
    "ConversionSoftware": "dcm2niix",
    "ConversionSoftwareVersion": "v1.0.20170724 GCC4.4.7",
    "DeviceSerialNumber": "167004",
    "EchoTime": 0.00297,
    "FlipAngle": 7,
    "ImageType": [
      "ORIGINAL",
      "PRIMARY",
      "M",
      "ND"
    ],
    "InstitutionAddress": "Mikeletegi_69_San_Sebastian_District_ES_20009",
    "InstitutionName": "BCBL",
    "InversionTime": 1.1,
    "MagneticFieldStrength": 3,
    "Manufacturer": "Siemens",
    "ManufacturersModelName": "Prisma_fit",
    "PhaseEncodingDirection": "i-",
    "PhaseEncodingLines": 256,
    "ProcedureStepDescription": "CRANEO_FUNCIONAL",
    "ProtocolName": "t1_mpr_tra_p2_iso",
    "RepetitionTime": 2.53,
    "ScanningSequence": "GR_IR",
    "SequenceName": "_tfl3d1_16",
    "SequenceVariant": "SK_SP_MP_OSP",
    "SeriesDescription": "t1_mpr_tra_p2_iso",
    "SoftwareVersions": "syngo_MR_E11",
    "dataset": "ds003545",
    "modality": "T1w",
    "session_id": "01",
    "subject_id": "17"
  },
  "cjv": 0.4416261927463495,
  "cnr": 2.8028992709017095,
  "efc": 0.5147460348628626,
  "fber": 15879.000141723354,
  "fwhm_avg": 4.690919999999999,
  "fwhm_x": 4.41789,
  "fwhm_y": 4.93302,
  "fwhm_z": 4.72185,
  "icvs_csf": 0.18386174047191065,
  "icvs_gm": 0.43816199554800583,
  "icvs_wm": 0.37797626398008355,
  "inu_med": 0.9613590240478516,
  "inu_range": 0.9699350774288177,
  "provenance": {
    "md5sum": "a7bedefb6a3c5ad7c129f537580d35a2",
    "settings": {
      "testing": false
    },
    "software": "mriqc",
    "version": "22.0.6",
    "warnings": {
      "large_rot_frame": true,
      "small_air_mask": false
    },
    "webapi_port": null,
    "webapi_url": "https://mriqc.nimh.nih.gov/api/v1"
  },
  "qi_1": 0.0,
  "qi_2": 0.0029162218804661853,
  "rpve_csf": 32.59517798571571,
  "rpve_gm": 14.022497811173544,
  "rpve_wm": 17.455524446716154,
  "size_x": 256,
  "size_y": 256,
  "size_z": 176,
  "snr_csf": 1.9924205924477183,
  "snr_gm": 12.552070213196622,
  "snr_total": 8.904085631034787,
  "snr_wm": 12.16776608746002,
  "snrd_csf": 12.995407806250366,
  "snrd_gm": 37.42064998936777,
  "snrd_total": 34.19635980513658,
  "snrd_wm": 52.1730216197916,
  "spacing_x": 1.0,
  "spacing_y": 1.0,
  "spacing_z": 1.0,
  "summary_bg_k": 8.33864521838478,
  "summary_bg_mad": 0.0,
  "summary_bg_mean": 8.20253722617164,
  "summary_bg_median": 0.0,
  "summary_bg_n": 2135182.0,
  "summary_bg_p05": 0.0,
  "summary_bg_p95": 31.40362372994423,
  "summary_bg_stdv": 12.55791653042092,
  "summary_csf_k": 64.78037054683051,
  "summary_csf_mad": 93.87964473879813,
  "summary_csf_mean": 261.9707043939795,
  "summary_csf_median": 249.1011742129922,
  "summary_csf_n": 38693.0,
  "summary_csf_p05": 96.85229748487473,
  "summary_csf_p95": 461.36912620067596,
  "summary_csf_stdv": 125.02277691404083,
  "summary_gm_k": 0.24730578176637685,
  "summary_gm_mad": 55.91441181430156,
  "summary_gm_mean": 718.3999105005538,
  "summary_gm_median": 717.2939850091934,
  "summary_gm_n": 33265.0,
  "summary_gm_p05": 627.1186262145638,
  "summary_gm_p95": 813.2658070623875,
  "summary_gm_stdv": 57.14461369584871,
  "summary_wm_k": 1.0198886951899055,
  "summary_wm_mad": 68.96836009779608,
  "summary_wm_mean": 1015.271792074977,
  "summary_wm_median": 1000.0733444839716,
  "summary_wm_n": 148287.0,
  "summary_wm_p05": 907.9902889207006,
  "summary_wm_p95": 1179.6169595941901,
  "summary_wm_stdv": 82.1901050039004,
  "tpm_overlap_csf": 0.17248565961237358,
  "tpm_overlap_gm": 0.46949519695887987,
  "tpm_overlap_wm": 0.4735560714699076,
  "wm2max": 0.28945906567263613
}