{
  "bids_meta": {
    "AccelFactPE": 2,
    "AcquisitionNumber": 1,
    "AcquisitionTime": "10:20:14.095000",
    "ConversionSoftware": "dcm2niix",
    "ConversionSoftwareVersion": "v1.0.20170724 GCC4.4.7",
    "DeviceSerialNumber": "35414",
    "EchoTime": 0.00297,
    "FlipAngle": 7,
    "ImageType": [
      "ORIGINAL",
      "PRIMARY",
      "M",
      "ND",
      "NORM"
    ],
    "InstitutionAddress": "Mikeletegi_69_San_Sebastian_District_ES_20009",
    "InstitutionName": "BCBL",
    "InversionTime": 1.1,
    "MagneticFieldStrength": 3,
    "Manufacturer": "Siemens",
    "ManufacturersModelName": "TrioTim",
    "PhaseEncodingDirection": "i-",
    "PhaseEncodingLines": 256,
    "ProcedureStepDescription": "CRANEO_FUNCIONAL",
    "ProtocolName": "t1_mpr_tra_p2_iso",
    "RepetitionTime": 2.53,
    "ScanningSequence": "GR_IR",
    "SequenceName": "_tfl3d1",
    "SequenceVariant": "SP_MP_OSP",
    "SeriesDescription": "t1_mpr_tra_p2_iso",
    "SoftwareVersions": "syngo_MR_B17",
    "dataset": "ds003545",
    "modality": "T1w",
    "session_id": "01",
    "subject_id": "04"
  },
  "cjv": 0.33620566591211226,
  "cnr": 4.044848620525503,
  "efc": 0.5452886358504967,
  "fber": 14868.02809665533,
  "fwhm_avg": 4.1660200000000005,
  "fwhm_x": 3.94314,
  "fwhm_y": 4.58509,
  "fwhm_z": 3.96983,
  "icvs_csf": 0.16920890214574916,
  "icvs_gm": 0.4888620837690972,
  "icvs_wm": 0.34192901408515364,
  "inu_med": 0.47491058707237244,
  "inu_range": 0.22192173004150395,
  "provenance": {
    "md5sum": "3787c4efdaf7f9b3a0bcb4f0b83a38ca",
    "settings": {
      "testing": false
    },
    "software": "mriqc",
    "version": "22.0.6",
    "warnings": {
      "large_rot_frame": true,
      "small_air_mask": false
    },
    "webapi_port": null,
    "webapi_url": "https://mriqc.nimh.nih.gov/api/v1"
  },
  "qi_1": 0.0,
  "qi_2": 0.018616217907339156,
  "rpve_csf": 33.991208628403804,
  "rpve_gm": 13.526060052327754,
  "rpve_wm": 20.81464524658758,
  "size_x": 256,
  "size_y": 256,
  "size_z": 176,
  "snr_csf": 2.148004334903155,
  "snr_gm": 14.462735409166243,
  "snr_total": 13.606139694971958,
  "snr_wm": 24.20767934084648,
  "snrd_csf": 29.45772806834264,
  "snrd_gm": 70.21213898345952,
  "snrd_total": 65.12092967419369,
  "snrd_wm": 95.69292197077893,
  "spacing_x": 1.0,
  "spacing_y": 1.0,
  "spacing_z": 1.0,
  "summary_bg_k": 10.80748159098283,
  "summary_bg_mad": 6.84623659833061,
  "summary_bg_mean": 5.507451333032179,
  "summary_bg_median": 4.617716412991285,
  "summary_bg_n": 1939632.0,
  "summary_bg_p05": 0.0,
  "summary_bg_p95": 19.493108216673136,
  "summary_bg_stdv": 7.321163358250644,
  "summary_csf_k": 2.02588531257845,
  "summary_csf_mad": 142.8825256476022,
  "summary_csf_mean": 318.1531897997923,
  "summary_csf_median": 307.8360109515488,
  "summary_csf_n": 16708.0,
  "summary_csf_p05": 98.70104459691792,
  "summary_csf_p95": 552.7159798145294,
  "summary_csf_stdv": 143.30827623473743,
  "summary_gm_k": -0.056538126491439744,
  "summary_gm_mad": 51.059337073045846,
  "summary_gm_mean": 733.4008391972129,
  "summary_gm_median": 733.7234132550657,
  "summary_gm_n": 52507.0,
  "summary_gm_p05": 649.1346035126596,
  "summary_gm_p95": 815.714316893369,
  "summary_gm_stdv": 50.73151140180153,
  "summary_wm_k": 0.5749231084015975,
  "summary_wm_mad": 38.46435218604068,
  "summary_wm_mean": 999.6529200852066,
  "summary_wm_median": 999.9999764896929,
  "summary_wm_n": 153100.0,
  "summary_wm_p05": 930.7694800384343,
  "summary_wm_p95": 1067.0097390934825,
  "summary_wm_stdv": 41.30906959585284,
  "tpm_overlap_csf": 0.1439746329070434,
  "tpm_overlap_gm": 0.4884562144798513,
  "tpm_overlap_wm": 0.49489755257776996,
  "wm2max": 0.5121698102264396
}