{
  "aor": 0.0033773662551440328,
  "aqi": 0.010951671399176955,
  "bids_meta": {
    "AcquisitionNumber": 1,
    "AcquisitionTime": "15:40:57.452500",
    "BandwidthPerPixelPhaseEncode": 29.481,
    "ConversionSoftware": "dcm2niix",
    "ConversionSoftwareVersion": "v1.0.20170724 GCC4.4.7",
    "DeviceSerialNumber": "35414",
    "EchoTime": 0.025,
    "EffectiveEchoSpacing": 0.000530002,
    "FlipAngle": 90,
    "ImageType": [
      "ORIGINAL",
      "PRIMARY",
      "M",
      "ND",
      "MOSAIC"
    ],
    "InstitutionAddress": "Mikeletegi_69_San_Sebastian_District_ES_20009",
    "InstitutionName": "BCBL",
    "MagneticFieldStrength": 3,
    "Manufacturer": "Siemens",
    "ManufacturersModelName": "TrioTim",
    "PhaseEncodingDirection": "j-",
    "PhaseEncodingLines": 64,
    "ProcedureStepDescription": "CRANEO_FUNCIONAL",
    "ProtocolName": "ep2d_VF_L1_Run2",
    "RepetitionTime": 3,
    "ScanningSequence": "EP",
    "SequenceName": "_epfid2d1_64",
    "SequenceVariant": "SK",
    "SeriesDescription": "ep2d_VF_L1_Run2",
    "SliceTiming": [
      2.9225,
      2.8525,
      2.7825,
      2.715,
      2.645,
      2.575,
      2.505,
      2.435,
      2.365,
      2.2975,
      2.2275,
      2.1575,
      2.0875,
      2.0175,
      1.95,
      1.88,
      1.81,
      1.74,
      1.67,
      1.6,
      1.5325,
      1.4625,
      1.3925,
      1.3225,
      1.2525,
      1.1825,
      1.115,
      1.045,
      0.975,
      0.905,
      0.835,
      0.765,
      0.6975,
      0.6275,
      0.5575,
      0.4875,
      0.4175,
      0.3475,
      0.28,
      0.21,
      0.14,
      0.07,
      0
    ],
    "SoftwareVersions": "syngo_MR_B17",
    "TaskName": "prodL1",
    "TotalReadoutTime": 0.0333901,
    "dataset": "ds003545",
    "modality": "bold",
    "run_id": 2,
    "session_id": "01",
    "subject_id": "06",
    "task_id": "prodL1"
  },
  "dummy_trs": 0,
  "dvars_nstd": 35.77112363000004,
  "dvars_std": 1.1006029333057856,
  "dvars_vstd": 0.9280624257438026,
  "efc": 0.5300799930653258,
  "fber": 597.1844482421875,
  "fd_mean": 0.41806471942554646,
  "fd_num": 140,
  "fd_perc": 57.61316872427984,
  "fwhm_avg": 2.8266141878129485,
  "fwhm_x": 2.7606466666666667,
  "fwhm_y": 2.8846233333333333,
  "fwhm_z": 2.834572563438845,
  "gcor": 0.0208912,
  "gsr_x": -0.0006930447998456657,
  "gsr_y": 0.05535198375582695,
  "provenance": {
    "md5sum": "44c480e671067f9631505dfc55eb048c",
    "settings": {
      "fd_thres": 0.2,
      "testing": false
    },
    "software": "mriqc",
    "version": "22.0.6",
    "webapi_port": null,
    "webapi_url": "https://mriqc.nimh.nih.gov/api/v1"
  },
  "size_t": 243,
  "size_x": 64,
  "size_y": 64,
  "size_z": 43,
  "snr": 3.0027142673074807,
  "spacing_tr": 3.0,
  "spacing_x": 3.0,
  "spacing_y": 3.0,
  "spacing_z": 3.3000001907348633,
  "summary_bg_k": 26.6469938363304,
  "summary_bg_mad": 8.913917914916185,
  "summary_bg_mean": 58.76924514770508,
  "summary_bg_median": 30.905349731445312,
  "summary_bg_n": 108994.0,
  "summary_bg_p05": 23.86831283569336,
  "summary_bg_p95": 196.71069335937491,
  "summary_bg_stdv": 75.80224609375,
  "summary_fg_k": 2.1905459513347507,
  "summary_fg_mad": 200.24893913410634,
  "summary_fg_mean": 816.8818969726562,
  "summary_fg_median": 760.7777709960938,
  "summary_fg_n": 30743.0,
  "summary_fg_p05": 512.7045227050781,
  "summary_fg_p95": 1336.6481201171873,
  "summary_fg_stdv": 253.35923767089844,
  "tsnr": 37.63566045835614
}