{
  "aor": 0.015484677419354836,
  "aqi": 0.006032564731182796,
  "bids_meta": {
    "AcquisitionNumber": 1,
    "AcquisitionTime": "15:26:50.357500",
    "BandwidthPerPixelPhaseEncode": 28.409,
    "ConversionSoftware": "dcm2niix",
    "ConversionSoftwareVersion": "v1.0.20170724 GCC4.4.7",
    "DeviceSerialNumber": "35414",
    "EchoTime": 0.03,
    "EffectiveEchoSpacing": 0.000550002,
    "FlipAngle": 80,
    "ImageType": [
      "ORIGINAL",
      "PRIMARY",
      "FMRI",
      "NONE",
      "ND",
      "MOSAIC"
    ],
    "InstitutionAddress": "Mikeletegi_69_San_Sebastian_District_ES_20009",
    "InstitutionName": "BCBL",
    "MagneticFieldStrength": 3,
    "Manufacturer": "Siemens",
    "ManufacturersModelName": "TrioTim",
    "PhaseEncodingDirection": "j-",
    "PhaseEncodingLines": 64,
    "ProcedureStepDescription": "CRANEO_FUNCIONAL",
    "ProtocolName": "ep2d_PiN_L3_Run2",
    "RepetitionTime": 2,
    "ScanningSequence": "EP",
    "SequenceName": "_epfid2d1_64",
    "SequenceVariant": "SK",
    "SeriesDescription": "ep2d_PiN_L3_Run2",
    "SliceTiming": [
      1.925,
      1.8625,
      1.8,
      1.7375,
      1.6775,
      1.615,
      1.5525,
      1.49,
      1.4275,
      1.365,
      1.3025,
      1.2425,
      1.18,
      1.1175,
      1.055,
      0.9925,
      0.93,
      0.87,
      0.8075,
      0.745,
      0.6825,
      0.62,
      0.5575,
      0.495,
      0.435,
      0.3725,
      0.31,
      0.2475,
      0.185,
      0.1225,
      0.0625,
      0
    ],
    "SoftwareVersions": "syngo_MR_B17",
    "TaskName": "compLn",
    "TotalReadoutTime": 0.0346501,
    "dataset": "ds003545",
    "modality": "bold",
    "run_id": 2,
    "session_id": "02",
    "subject_id": "05",
    "task_id": "compLn"
  },
  "dummy_trs": 0,
  "dvars_nstd": 24.702261404162165,
  "dvars_std": 1.226902601405405,
  "dvars_vstd": 1.084498581621621,
  "efc": 0.4787944959483044,
  "fber": 1012.3619995117188,
  "fd_mean": 0.34173556528621224,
  "fd_num": 99,
  "fd_perc": 53.225806451612904,
  "fwhm_avg": 2.7887829090909086,
  "fwhm_x": 2.7339723636363638,
  "fwhm_y": 2.9818763636363634,
  "fwhm_z": 2.6505,
  "gcor": 0.0534245,
  "gsr_x": -0.0054181357845664024,
  "gsr_y": 0.02989344857633114,
  "provenance": {
    "md5sum": "35ef0c368943a4aea49c47aafc01a436",
    "settings": {
      "fd_thres": 0.2,
      "testing": false
    },
    "software": "mriqc",
    "version": "22.0.6",
    "webapi_port": null,
    "webapi_url": "https://mriqc.nimh.nih.gov/api/v1"
  },
  "size_t": 186,
  "size_x": 64,
  "size_y": 64,
  "size_z": 32,
  "snr": 3.1627678199899547,
  "spacing_tr": 2.0,
  "spacing_x": 3.4375,
  "spacing_y": 3.4375,
  "spacing_z": 4.0,
  "summary_bg_k": 57.37501332196483,
  "summary_bg_mad": 5.36446773633861,
  "summary_bg_mean": 35.28303909301758,
  "summary_bg_median": 19.795698165893555,
  "summary_bg_n": 83677.0,
  "summary_bg_p05": 15.688172340393066,
  "summary_bg_p95": 95.51182556152342,
  "summary_bg_stdv": 53.39314270019531,
  "summary_fg_k": 0.9782822522294952,
  "summary_fg_mad": 171.10504617744755,
  "summary_fg_mean": 671.1651611328125,
  "summary_fg_median": 630.236572265625,
  "summary_fg_n": 19126.0,
  "summary_fg_p05": 419.93145751953125,
  "summary_fg_p95": 1066.1976013183594,
  "summary_fg_stdv": 199.26220703125,
  "tsnr": 53.16052309726365
}