{
  "aor": 0.011594891304347826,
  "aqi": 0.006904494619565217,
  "bids_meta": {
    "AcquisitionNumber": 1,
    "AcquisitionTime": "15:19:24.632500",
    "BandwidthPerPixelPhaseEncode": 28.409,
    "ConversionSoftware": "dcm2niix",
    "ConversionSoftwareVersion": "v1.0.20170724 GCC4.4.7",
    "DeviceSerialNumber": "35414",
    "EchoTime": 0.03,
    "EffectiveEchoSpacing": 0.000550002,
    "FlipAngle": 80,
    "ImageType": [
      "ORIGINAL",
      "PRIMARY",
      "FMRI",
      "NONE",
      "ND",
      "MOSAIC"
    ],
    "InstitutionAddress": "Mikeletegi_69_San_Sebastian_District_ES_20009",
    "InstitutionName": "BCBL",
    "MagneticFieldStrength": 3,
    "Manufacturer": "Siemens",
    "ManufacturersModelName": "TrioTim",
    "PhaseEncodingDirection": "j-",
    "PhaseEncodingLines": 64,
    "ProcedureStepDescription": "CRANEO_FUNCIONAL",
    "ProtocolName": "ep2d_PiN_L3_Run1",
    "RepetitionTime": 2,
    "ScanningSequence": "EP",
    "SequenceName": "_epfid2d1_64",
    "SequenceVariant": "SK",
    "SeriesDescription": "ep2d_PiN_L3_Run1",
    "SliceTiming": [
      1.925,
      1.8625,
      1.8,
      1.74,
      1.6775,
      1.615,
      1.5525,
      1.49,
      1.4275,
      1.365,
      1.305,
      1.2425,
      1.18,
      1.1175,
      1.055,
      0.9925,
      0.9325,
      0.87,
      0.8075,
      0.745,
      0.6825,
      0.62,
      0.5575,
      0.4975,
      0.435,
      0.3725,
      0.31,
      0.2475,
      0.185,
      0.125,
      0.0625,
      0
    ],
    "SoftwareVersions": "syngo_MR_B17",
    "TaskName": "compLn",
    "TotalReadoutTime": 0.0346501,
    "dataset": "ds003545",
    "modality": "bold",
    "run_id": 1,
    "session_id": "02",
    "subject_id": "05",
    "task_id": "compLn"
  },
  "dummy_trs": 2,
  "dvars_nstd": 22.10559160191257,
  "dvars_std": 1.1220799237158465,
  "dvars_vstd": 0.9950251140437149,
  "efc": 0.47849373271368406,
  "fber": 997.3294677734375,
  "fd_mean": 0.31513142079964285,
  "fd_num": 124,
  "fd_perc": 67.3913043478261,
  "fwhm_avg": 2.775752,
  "fwhm_x": 2.673885090909091,
  "fwhm_y": 2.995170909090909,
  "fwhm_z": 2.6582,
  "gcor": 0.024062,
  "gsr_x": -0.005986555479466915,
  "gsr_y": 0.03002750501036644,
  "provenance": {
    "md5sum": "8932b67796a482c8c5ea1eef8f06eea0",
    "settings": {
      "fd_thres": 0.2,
      "testing": false
    },
    "software": "mriqc",
    "version": "22.0.6",
    "webapi_port": null,
    "webapi_url": "https://mriqc.nimh.nih.gov/api/v1"
  },
  "size_t": 184,
  "size_x": 64,
  "size_y": 64,
  "size_z": 32,
  "snr": 3.124414416855686,
  "spacing_tr": 2.0,
  "spacing_x": 3.4375,
  "spacing_y": 3.4375,
  "spacing_z": 4.0,
  "summary_bg_k": 56.75821089445783,
  "summary_bg_mad": 6.188251262715913,
  "summary_bg_mean": 35.00345230102539,
  "summary_bg_median": 19.961956024169922,
  "summary_bg_n": 83606.0,
  "summary_bg_p05": 14.717391967773438,
  "summary_bg_p95": 94.91712188720703,
  "summary_bg_stdv": 52.260093688964844,
  "summary_fg_k": 0.9781088423091737,
  "summary_fg_mad": 173.263026915107,
  "summary_fg_mean": 671.6757202148438,
  "summary_fg_median": 630.0435180664062,
  "summary_fg_n": 19229.0,
  "summary_fg_p05": 419.38153076171875,
  "summary_fg_p95": 1074.5782714843747,
  "summary_fg_stdv": 201.64646911621094,
  "tsnr": 52.74685728549957
}