{
  "aor": 0.0021094238683127577,
  "aqi": 0.01216038012345679,
  "bids_meta": {
    "AcquisitionNumber": 1,
    "AcquisitionTime": "15:50:43.962500",
    "BandwidthPerPixelPhaseEncode": 29.481,
    "ConversionSoftware": "dcm2niix",
    "ConversionSoftwareVersion": "v1.0.20170724 GCC4.4.7",
    "DeviceSerialNumber": "35414",
    "EchoTime": 0.025,
    "EffectiveEchoSpacing": 0.000530002,
    "FlipAngle": 90,
    "ImageType": [
      "ORIGINAL",
      "PRIMARY",
      "M",
      "ND",
      "MOSAIC"
    ],
    "InstitutionAddress": "Mikeletegi_69_San_Sebastian_District_ES_20009",
    "InstitutionName": "BCBL",
    "MagneticFieldStrength": 3,
    "Manufacturer": "Siemens",
    "ManufacturersModelName": "TrioTim",
    "PhaseEncodingDirection": "j-",
    "PhaseEncodingLines": 64,
    "ProcedureStepDescription": "CRANEO_FUNCIONAL",
    "ProtocolName": "ep2d_VF_L3_Run2",
    "RepetitionTime": 3,
    "ScanningSequence": "EP",
    "SequenceName": "_epfid2d1_64",
    "SequenceVariant": "SK",
    "SeriesDescription": "ep2d_VF_L3_Run2",
    "SliceTiming": [
      2.9225,
      2.8525,
      2.7825,
      2.7125,
      2.645,
      2.575,
      2.505,
      2.435,
      2.365,
      2.295,
      2.2275,
      2.1575,
      2.0875,
      2.0175,
      1.9475,
      1.8775,
      1.81,
      1.74,
      1.67,
      1.6,
      1.53,
      1.4625,
      1.3925,
      1.3225,
      1.2525,
      1.1825,
      1.1125,
      1.045,
      0.975,
      0.905,
      0.835,
      0.765,
      0.695,
      0.6275,
      0.5575,
      0.4875,
      0.4175,
      0.3475,
      0.2775,
      0.21,
      0.14,
      0.07,
      0
    ],
    "SoftwareVersions": "syngo_MR_B17",
    "TaskName": "prodLn",
    "TotalReadoutTime": 0.0333901,
    "dataset": "ds003545",
    "modality": "bold",
    "run_id": 2,
    "session_id": "02",
    "subject_id": "05",
    "task_id": "prodLn"
  },
  "dummy_trs": 0,
  "dvars_nstd": 43.09250732698347,
  "dvars_std": 1.0941020958264454,
  "dvars_vstd": 0.9290081811157028,
  "efc": 0.5458471551421663,
  "fber": 388.16473388671875,
  "fd_mean": 0.6273235706695741,
  "fd_num": 201,
  "fd_perc": 82.71604938271605,
  "fwhm_avg": 3.0888472873880812,
  "fwhm_x": 3.0305466666666665,
  "fwhm_y": 3.1921466666666665,
  "fwhm_z": 3.0438485288309116,
  "gcor": 0.0330259,
  "gsr_x": 0.005292223300784826,
  "gsr_y": 0.04911664128303528,
  "provenance": {
    "md5sum": "f5721bb5ab3787d2f74a7505939982a3",
    "settings": {
      "fd_thres": 0.2,
      "testing": false
    },
    "software": "mriqc",
    "version": "22.0.6",
    "webapi_port": null,
    "webapi_url": "https://mriqc.nimh.nih.gov/api/v1"
  },
  "size_t": 243,
  "size_x": 64,
  "size_y": 64,
  "size_z": 43,
  "snr": 2.739946516175482,
  "spacing_tr": 3.0,
  "spacing_x": 3.0,
  "spacing_y": 3.0,
  "spacing_z": 3.299999952316284,
  "summary_bg_k": 28.666356526753265,
  "summary_bg_mad": 16.064576215044106,
  "summary_bg_mean": 75.79798889160156,
  "summary_bg_median": 42.168724060058594,
  "summary_bg_n": 107280.0,
  "summary_bg_p05": 28.674896240234375,
  "summary_bg_p95": 232.48620834350476,
  "summary_bg_stdv": 96.66050720214844,
  "summary_fg_k": 1.2546348463134809,
  "summary_fg_mad": 253.5676910494637,
  "summary_fg_mean": 886.72021484375,
  "summary_fg_median": 820.236572265625,
  "summary_fg_n": 32824.0,
  "summary_fg_p05": 523.2763305664063,
  "summary_fg_p95": 1494.697259521484,
  "summary_fg_stdv": 299.3576965332031,
  "tsnr": 32.718976225471124
}