{
  "aor": 0.004281687242798354,
  "aqi": 0.012574921851851852,
  "bids_meta": {
    "AcquisitionNumber": 1,
    "AcquisitionTime": "17:00:9.325000",
    "BandwidthPerPixelPhaseEncode": 29.481,
    "ConversionSoftware": "dcm2niix",
    "ConversionSoftwareVersion": "v1.0.20170724 GCC4.4.7",
    "DeviceSerialNumber": "35414",
    "EchoTime": 0.025,
    "EffectiveEchoSpacing": 0.000530002,
    "FlipAngle": 90,
    "ImageType": [
      "ORIGINAL",
      "PRIMARY",
      "M",
      "ND",
      "MOSAIC"
    ],
    "InstitutionAddress": "Mikeletegi_69_San_Sebastian_District_ES_20009",
    "InstitutionName": "BCBL",
    "MagneticFieldStrength": 3,
    "Manufacturer": "Siemens",
    "ManufacturersModelName": "TrioTim",
    "PhaseEncodingDirection": "j-",
    "PhaseEncodingLines": 64,
    "ProcedureStepDescription": "CRANEO_FUNCIONAL",
    "ProtocolName": "ep2d_VF_L1_Run2",
    "RepetitionTime": 3,
    "ScanningSequence": "EP",
    "SequenceName": "_epfid2d1_64",
    "SequenceVariant": "SK",
    "SeriesDescription": "ep2d_VF_L1_Run2",
    "SliceTiming": [
      2.9225,
      2.8525,
      2.785,
      2.715,
      2.645,
      2.575,
      2.505,
      2.435,
      2.3675,
      2.2975,
      2.2275,
      2.1575,
      2.0875,
      2.0175,
      1.95,
      1.88,
      1.81,
      1.74,
      1.67,
      1.6,
      1.5325,
      1.4625,
      1.3925,
      1.3225,
      1.2525,
      1.1825,
      1.115,
      1.045,
      0.975,
      0.905,
      0.835,
      0.7675,
      0.6975,
      0.6275,
      0.5575,
      0.4875,
      0.4175,
      0.35,
      0.28,
      0.21,
      0.14,
      0.07,
      0
    ],
    "SoftwareVersions": "syngo_MR_B17",
    "TaskName": "prodL1",
    "TotalReadoutTime": 0.0333901,
    "dataset": "ds003545",
    "modality": "bold",
    "run_id": 2,
    "session_id": "02",
    "subject_id": "05",
    "task_id": "prodL1"
  },
  "dummy_trs": 0,
  "dvars_nstd": 39.61797910103307,
  "dvars_std": 1.1463075858264464,
  "dvars_vstd": 0.9757894518181817,
  "efc": 0.5548085326523677,
  "fber": 418.521484375,
  "fd_mean": 0.5756211004234496,
  "fd_num": 174,
  "fd_perc": 71.60493827160494,
  "fwhm_avg": 2.663131325987745,
  "fwhm_x": 2.542266666666667,
  "fwhm_y": 2.7779000000000003,
  "fwhm_z": 2.6692273112965688,
  "gcor": 0.0352029,
  "gsr_x": 0.01740836910903454,
  "gsr_y": 0.055524639785289764,
  "provenance": {
    "md5sum": "c8ea1000d92306f3cf46a46720d7a731",
    "settings": {
      "fd_thres": 0.2,
      "testing": false
    },
    "software": "mriqc",
    "version": "22.0.6",
    "webapi_port": null,
    "webapi_url": "https://mriqc.nimh.nih.gov/api/v1"
  },
  "size_t": 243,
  "size_x": 64,
  "size_y": 64,
  "size_z": 43,
  "snr": 3.5041452800712922,
  "spacing_tr": 3.0,
  "spacing_x": 3.0,
  "spacing_y": 3.0,
  "spacing_z": 3.299999952316284,
  "summary_bg_k": 36.22044680787676,
  "summary_bg_mad": 8.407511278319955,
  "summary_bg_mean": 64.37308502197266,
  "summary_bg_median": 36.403289794921875,
  "summary_bg_n": 106659.0,
  "summary_bg_p05": 29.66254997253418,
  "summary_bg_p95": 180.8440246582031,
  "summary_bg_stdv": 83.8741455078125,
  "summary_fg_k": 0.8093648903790185,
  "summary_fg_mad": 197.25319403249884,
  "summary_fg_mean": 783.6401977539062,
  "summary_fg_median": 747.14404296875,
  "summary_fg_n": 33210.0,
  "summary_fg_p05": 500.6738555908203,
  "summary_fg_p95": 1192.9442443847654,
  "summary_fg_stdv": 213.2139892578125,
  "tsnr": 35.898402784601785
}