{
  "bids_meta": {
    "AccelFactPE": 2,
    "AcquisitionNumber": 1,
    "AcquisitionTime": "13:18:51.212500",
    "ConversionSoftware": "dcm2niix",
    "ConversionSoftwareVersion": "v1.0.20170724 GCC4.4.7",
    "DeviceSerialNumber": "35414",
    "EchoTime": 0.00297,
    "FlipAngle": 7,
    "ImageType": [
      "ORIGINAL",
      "PRIMARY",
      "M",
      "ND",
      "NORM"
    ],
    "InstitutionAddress": "Mikeletegi_69_San_Sebastian_District_ES_20009",
    "InstitutionName": "BCBL",
    "InversionTime": 1.1,
    "MagneticFieldStrength": 3,
    "Manufacturer": "Siemens",
    "ManufacturersModelName": "TrioTim",
    "PhaseEncodingDirection": "i-",
    "PhaseEncodingLines": 256,
    "ProcedureStepDescription": "CRANEO_FUNCIONAL",
    "ProtocolName": "t1_mpr_tra_p2_iso",
    "RepetitionTime": 2.53,
    "ScanningSequence": "GR_IR",
    "SequenceName": "_tfl3d1",
    "SequenceVariant": "SP_MP_OSP",
    "SeriesDescription": "t1_mpr_tra_p2_iso",
    "SoftwareVersions": "syngo_MR_B17",
    "dataset": "ds003545",
    "modality": "T1w",
    "session_id": "01",
    "subject_id": "11"
  },
  "cjv": 0.28181274470006934,
  "cnr": 4.653884251389303,
  "efc": 0.5450300804844848,
  "fber": 36855.273243801654,
  "fwhm_avg": 4.352103333333333,
  "fwhm_x": 4.09436,
  "fwhm_y": 4.73361,
  "fwhm_z": 4.22834,
  "icvs_csf": 0.18495877418222803,
  "icvs_gm": 0.47064871953852094,
  "icvs_wm": 0.344392506279251,
  "inu_med": 0.48786619305610657,
  "inu_range": 0.19454360455274583,
  "provenance": {
    "md5sum": "dce90126891f40afefe725f550b310bc",
    "settings": {
      "testing": false
    },
    "software": "mriqc",
    "version": "22.0.6",
    "warnings": {
      "large_rot_frame": true,
      "small_air_mask": false
    },
    "webapi_port": null,
    "webapi_url": "https://mriqc.nimh.nih.gov/api/v1"
  },
  "qi_1": 0.0,
  "qi_2": 0.024733687581897,
  "rpve_csf": 28.613330038020916,
  "rpve_gm": 12.37038485479545,
  "rpve_wm": 18.89058162612669,
  "size_x": 256,
  "size_y": 256,
  "size_z": 176,
  "snr_csf": 1.7949113567466182,
  "snr_gm": 12.337569936343382,
  "snr_total": 13.986829459285863,
  "snr_wm": 27.828007084767588,
  "snrd_csf": 34.855868577165694,
  "snrd_gm": 99.68870685388588,
  "snrd_total": 93.01177931189626,
  "snrd_wm": 144.49076250463722,
  "spacing_x": 1.0,
  "spacing_y": 1.0,
  "spacing_z": 1.0,
  "summary_bg_k": 9.62798456218712,
  "summary_bg_mad": 0.0,
  "summary_bg_mean": 2.807963948294391,
  "summary_bg_median": 0.0,
  "summary_bg_n": 2058282.0,
  "summary_bg_p05": 0.0,
  "summary_bg_p95": 10.989303067326546,
  "summary_bg_stdv": 4.534105637010925,
  "summary_csf_k": 2.422088030608995,
  "summary_csf_mad": 143.59725179446357,
  "summary_csf_mean": 241.56748656433115,
  "summary_csf_median": 241.23249784111977,
  "summary_csf_n": 36830.0,
  "summary_csf_p05": 43.7709528952837,
  "summary_csf_p95": 463.3334971219301,
  "summary_csf_stdv": 134.39617614903517,
  "summary_gm_k": 0.29347650522792135,
  "summary_gm_mad": 53.57282086178065,
  "summary_gm_mean": 690.902039813792,
  "summary_gm_median": 689.9313298612833,
  "summary_gm_n": 52057.0,
  "summary_gm_p05": 600.5534388124943,
  "summary_gm_p95": 785.0619747191666,
  "summary_gm_stdv": 55.92063159098229,
  "summary_wm_k": 0.6888996617891716,
  "summary_wm_mad": 33.808473842817385,
  "summary_wm_mean": 999.065012163889,
  "summary_wm_median": 999.9999706447124,
  "summary_wm_n": 184804.0,
  "summary_wm_p05": 939.0399383753538,
  "summary_wm_p95": 1056.1172591894865,
  "summary_wm_stdv": 35.934922038285805,
  "tpm_overlap_csf": 0.14568779662977252,
  "tpm_overlap_gm": 0.4772111242519866,
  "tpm_overlap_wm": 0.5029258166459473,
  "wm2max": 0.6632683473482625
}