{
  "aor": 0.0039216216216216215,
  "aqi": 0.0022638310000000004,
  "bids_meta": {
    "AcquisitionNumber": 1,
    "AcquisitionTime": "14:03:1.667500",
    "BandwidthPerPixelPhaseEncode": 28.409,
    "ConversionSoftware": "dcm2niix",
    "ConversionSoftwareVersion": "v1.0.20170724 GCC4.4.7",
    "DeviceSerialNumber": "35414",
    "EchoTime": 0.03,
    "EffectiveEchoSpacing": 0.000550002,
    "FlipAngle": 80,
    "ImageType": [
      "ORIGINAL",
      "PRIMARY",
      "FMRI",
      "NONE",
      "ND",
      "MOSAIC"
    ],
    "InstitutionAddress": "Mikeletegi_69_San_Sebastian_District_ES_20009",
    "InstitutionName": "BCBL",
    "MagneticFieldStrength": 3,
    "Manufacturer": "Siemens",
    "ManufacturersModelName": "TrioTim",
    "PhaseEncodingDirection": "j-",
    "PhaseEncodingLines": 64,
    "ProcedureStepDescription": "CRANEO_FUNCIONAL",
    "ProtocolName": "ep2d_PiN_L1_Run1",
    "RepetitionTime": 2,
    "ScanningSequence": "EP",
    "SequenceName": "_epfid2d1_64",
    "SequenceVariant": "SK",
    "SeriesDescription": "ep2d_PiN_L1_Run1",
    "SliceTiming": [
      1.925,
      1.8625,
      1.8025,
      1.74,
      1.6775,
      1.615,
      1.5525,
      1.49,
      1.4275,
      1.3675,
      1.305,
      1.2425,
      1.18,
      1.1175,
      1.055,
      0.995,
      0.9325,
      0.87,
      0.8075,
      0.745,
      0.6825,
      0.6225,
      0.56,
      0.4975,
      0.435,
      0.3725,
      0.31,
      0.2475,
      0.1875,
      0.125,
      0.0625,
      0
    ],
    "SoftwareVersions": "syngo_MR_B17",
    "TaskName": "compL1",
    "TotalReadoutTime": 0.0346501,
    "dataset": "ds003545",
    "modality": "bold",
    "run_id": 1,
    "session_id": "02",
    "subject_id": "07",
    "task_id": "compL1"
  },
  "dummy_trs": 1,
  "dvars_nstd": 15.844001143152182,
  "dvars_std": 1.1537945833695655,
  "dvars_vstd": 1.031404851141304,
  "efc": 0.47836765880903775,
  "fber": 895.0584716796875,
  "fd_mean": 0.11047814140192115,
  "fd_num": 16,
  "fd_perc": 8.64864864864865,
  "fwhm_avg": 3.0640045454545457,
  "fwhm_x": 3.0219054545454545,
  "fwhm_y": 3.251258181818182,
  "fwhm_z": 2.91885,
  "gcor": 0.0349002,
  "gsr_x": -0.024330418556928635,
  "gsr_y": 0.061029091477394104,
  "provenance": {
    "md5sum": "03105acc8187cb3c0dc9f86569e7077b",
    "settings": {
      "fd_thres": 0.2,
      "testing": false
    },
    "software": "mriqc",
    "version": "22.0.6",
    "webapi_port": null,
    "webapi_url": "https://mriqc.nimh.nih.gov/api/v1"
  },
  "size_t": 185,
  "size_x": 64,
  "size_y": 64,
  "size_z": 32,
  "snr": 2.5800580113670413,
  "spacing_tr": 2.0,
  "spacing_x": 3.4375,
  "spacing_y": 3.4375,
  "spacing_z": 4.0,
  "summary_bg_k": 70.0668228349306,
  "summary_bg_mad": 5.19311622699787,
  "summary_bg_mean": 37.69020462036133,
  "summary_bg_median": 19.33513641357422,
  "summary_bg_n": 84589.0,
  "summary_bg_p05": 15.524324417114258,
  "summary_bg_p95": 116.18703002929682,
  "summary_bg_stdv": 58.137413024902344,
  "summary_fg_k": 3.8306742387398742,
  "summary_fg_mad": 166.0033525815669,
  "summary_fg_mean": 635.5281372070312,
  "summary_fg_median": 585.84326171875,
  "summary_fg_n": 18213.0,
  "summary_fg_p05": 379.144873046875,
  "summary_fg_p95": 1100.864916992185,
  "summary_fg_stdv": 227.0596923828125,
  "tsnr": 89.51552547048777
}