{
  "aor": 0.008034510869565217,
  "aqi": 0.008804979130434784,
  "bids_meta": {
    "AcquisitionNumber": 1,
    "AcquisitionTime": "09:49:26.320000",
    "BandwidthPerPixelPhaseEncode": 28.409,
    "ConversionSoftware": "dcm2niix",
    "ConversionSoftwareVersion": "v1.0.20170724 GCC4.4.7",
    "DeviceSerialNumber": "35414",
    "EchoTime": 0.03,
    "EffectiveEchoSpacing": 0.000550002,
    "FlipAngle": 80,
    "ImageType": [
      "ORIGINAL",
      "PRIMARY",
      "FMRI",
      "NONE",
      "ND",
      "MOSAIC"
    ],
    "InstitutionAddress": "Mikeletegi_69_San_Sebastian_District_ES_20009",
    "InstitutionName": "BCBL",
    "MagneticFieldStrength": 3,
    "Manufacturer": "Siemens",
    "ManufacturersModelName": "TrioTim",
    "PhaseEncodingDirection": "j-",
    "PhaseEncodingLines": 64,
    "ProcedureStepDescription": "CRANEO_FUNCIONAL",
    "ProtocolName": "ep2d_PiN_L3_Run1",
    "RepetitionTime": 2,
    "ScanningSequence": "EP",
    "SequenceName": "_epfid2d1_64",
    "SequenceVariant": "SK",
    "SeriesDescription": "ep2d_PiN_L3_Run1",
    "SliceTiming": [
      1.925,
      1.865,
      1.8025,
      1.74,
      1.6775,
      1.615,
      1.5525,
      1.4925,
      1.43,
      1.3675,
      1.305,
      1.2425,
      1.18,
      1.1175,
      1.0575,
      0.995,
      0.9325,
      0.87,
      0.8075,
      0.745,
      0.685,
      0.6225,
      0.56,
      0.4975,
      0.435,
      0.3725,
      0.3125,
      0.25,
      0.1875,
      0.125,
      0.0625,
      0
    ],
    "SoftwareVersions": "syngo_MR_B17",
    "TaskName": "compLn",
    "TotalReadoutTime": 0.0346501,
    "dataset": "ds003545",
    "modality": "bold",
    "run_id": 1,
    "session_id": "02",
    "subject_id": "07",
    "task_id": "compLn"
  },
  "dummy_trs": 2,
  "dvars_nstd": 16.748918481530048,
  "dvars_std": 1.0033886323497263,
  "dvars_vstd": 0.9146204678142077,
  "efc": 0.4778551223178838,
  "fber": 1028.62109375,
  "fd_mean": 0.16089090984514934,
  "fd_num": 42,
  "fd_perc": 22.82608695652174,
  "fwhm_avg": 2.8576313636363637,
  "fwhm_x": 2.8092509090909092,
  "fwhm_y": 3.1386181818181815,
  "fwhm_z": 2.625025,
  "gcor": 0.0149558,
  "gsr_x": -0.021664081141352654,
  "gsr_y": 0.05754704400897026,
  "provenance": {
    "md5sum": "ca713fa3896441664688c65cd57a3eac",
    "settings": {
      "fd_thres": 0.2,
      "testing": false
    },
    "software": "mriqc",
    "version": "22.0.6",
    "webapi_port": null,
    "webapi_url": "https://mriqc.nimh.nih.gov/api/v1"
  },
  "size_t": 184,
  "size_x": 64,
  "size_y": 64,
  "size_z": 32,
  "snr": 2.7978990608816083,
  "spacing_tr": 2.0,
  "spacing_x": 3.4375,
  "spacing_y": 3.4375,
  "spacing_z": 4.0,
  "summary_bg_k": 70.87920792243831,
  "summary_bg_mad": 5.664508557202316,
  "summary_bg_mean": 34.420894622802734,
  "summary_bg_median": 17.532609939575195,
  "summary_bg_n": 84348.0,
  "summary_bg_p05": 13.108695983886719,
  "summary_bg_p95": 105.99619750976557,
  "summary_bg_stdv": 52.446014404296875,
  "summary_fg_k": 3.9393041501691792,
  "summary_fg_mad": 150.1537883009593,
  "summary_fg_mean": 606.0065307617188,
  "summary_fg_median": 565.8152465820312,
  "summary_fg_n": 18439.0,
  "summary_fg_p05": 368.47283935546875,
  "summary_fg_p95": 1015.7141540527342,
  "summary_fg_stdv": 202.22312927246094,
  "tsnr": 43.091487728990614
}