{
  "aor": 0.015826584362139916,
  "aqi": 0.03279531238683128,
  "bids_meta": {
    "AcquisitionNumber": 1,
    "AcquisitionTime": "13:39:13.995000",
    "BandwidthPerPixelPhaseEncode": 29.481,
    "BodyPartExamined": "BRAIN",
    "ConversionSoftware": "dcm2niix",
    "ConversionSoftwareVersion": "v1.0.20170724 GCC4.4.7",
    "DeviceSerialNumber": "167004",
    "EchoTime": 0.025,
    "EchoTrainLength": 64,
    "EffectiveEchoSpacing": 0.000530002,
    "FlipAngle": 90,
    "ImageType": [
      "ORIGINAL",
      "PRIMARY",
      "M",
      "ND",
      "MOSAIC"
    ],
    "InstitutionAddress": "Mikeletegi_69_San_Sebastian_District_ES_20009",
    "InstitutionName": "BCBL",
    "MagneticFieldStrength": 3,
    "Manufacturer": "Siemens",
    "ManufacturersModelName": "Prisma_fit",
    "PhaseEncodingDirection": "j-",
    "PhaseEncodingLines": 64,
    "ProcedureStepDescription": "CRANEO_FUNCIONAL",
    "ProtocolName": "ep2d_VF_L1_Run2",
    "RepetitionTime": 3,
    "ScanningSequence": "EP",
    "SequenceName": "_epfid2d1_64",
    "SequenceVariant": "SK",
    "SeriesDescription": "ep2d_VF_L1_Run2",
    "SliceTiming": [
      2.91,
      2.84,
      2.7725,
      2.7025,
      2.6325,
      2.5625,
      2.495,
      2.425,
      2.355,
      2.285,
      2.2175,
      2.1475,
      2.0775,
      2.01,
      1.94,
      1.87,
      1.8,
      1.7325,
      1.6625,
      1.5925,
      1.525,
      1.455,
      1.385,
      1.315,
      1.2475,
      1.1775,
      1.1075,
      1.04,
      0.97,
      0.9,
      0.83,
      0.7625,
      0.6925,
      0.6225,
      0.5525,
      0.485,
      0.415,
      0.345,
      0.2775,
      0.2075,
      0.1375,
      0.0675,
      0
    ],
    "SoftwareVersions": "syngo_MR_E11",
    "TaskName": "prodL1",
    "TotalReadoutTime": 0.0333901,
    "dataset": "ds003545",
    "modality": "bold",
    "run_id": 2,
    "session_id": "01",
    "subject_id": "14",
    "task_id": "prodL1"
  },
  "dummy_trs": 0,
  "dvars_nstd": 112.25157747206605,
  "dvars_std": 1.402213189710745,
  "dvars_vstd": 1.1397113373553722,
  "efc": 0.5677611620954491,
  "fber": 479.7144470214844,
  "fd_mean": 2.7528158727731253,
  "fd_num": 240,
  "fd_perc": 98.76543209876543,
  "fwhm_avg": 2.9324020356579954,
  "fwhm_x": 2.6513133333333334,
  "fwhm_y": 2.9369533333333333,
  "fwhm_z": 3.20893944030732,
  "gcor": 0.0250978,
  "gsr_x": -0.011677263304591179,
  "gsr_y": 0.04602725803852081,
  "provenance": {
    "md5sum": "085cebffcb689c02d61c377c7aead741",
    "settings": {
      "fd_thres": 0.2,
      "testing": false
    },
    "software": "mriqc",
    "version": "22.0.6",
    "webapi_port": null,
    "webapi_url": "https://mriqc.nimh.nih.gov/api/v1"
  },
  "size_t": 243,
  "size_x": 64,
  "size_y": 64,
  "size_z": 43,
  "snr": 2.4437511020762748,
  "spacing_tr": 3.0,
  "spacing_x": 3.0,
  "spacing_y": 3.0,
  "spacing_z": 3.299999952316284,
  "summary_bg_k": 21.825591271953282,
  "summary_bg_mad": 10.8785168610555,
  "summary_bg_mean": 80.86897277832031,
  "summary_bg_median": 37.292179107666016,
  "summary_bg_n": 98725.0,
  "summary_bg_p05": 28.320987701416016,
  "summary_bg_p95": 299.97611694335893,
  "summary_bg_stdv": 114.3473129272461,
  "summary_fg_k": 2.548289242067458,
  "summary_fg_mad": 289.11955838357284,
  "summary_fg_mean": 904.5586547851562,
  "summary_fg_median": 836.822998046875,
  "summary_fg_n": 37641.0,
  "summary_fg_p05": 496.4114990234375,
  "summary_fg_p95": 1561.7119140625,
  "summary_fg_stdv": 342.42926025390625,
  "tsnr": 19.230893875472248
}