{
  "aor": 0.011777695473251028,
  "aqi": 0.006525029135802468,
  "bids_meta": {
    "AcquisitionNumber": 1,
    "AcquisitionTime": "12:47:39.130000",
    "BandwidthPerPixelPhaseEncode": 29.481,
    "BodyPartExamined": "BRAIN",
    "ConversionSoftware": "dcm2niix",
    "ConversionSoftwareVersion": "v1.0.20170724 GCC4.4.7",
    "DeviceSerialNumber": "167004",
    "EchoTime": 0.025,
    "EchoTrainLength": 64,
    "EffectiveEchoSpacing": 0.000530002,
    "FlipAngle": 90,
    "ImageType": [
      "ORIGINAL",
      "PRIMARY",
      "M",
      "ND",
      "MOSAIC"
    ],
    "InstitutionAddress": "Mikeletegi_69_San_Sebastian_District_ES_20009",
    "InstitutionName": "BCBL",
    "MagneticFieldStrength": 3,
    "Manufacturer": "Siemens",
    "ManufacturersModelName": "Prisma_fit",
    "PhaseEncodingDirection": "j-",
    "PhaseEncodingLines": 64,
    "ProcedureStepDescription": "CRANEO_FUNCIONAL",
    "ProtocolName": "ep2d_VF_L3_Run2",
    "RepetitionTime": 3,
    "ScanningSequence": "EP",
    "SequenceName": "_epfid2d1_64",
    "SequenceVariant": "SK",
    "SeriesDescription": "ep2d_VF_L3_Run2",
    "SliceTiming": [
      2.91,
      2.84,
      2.7725,
      2.7025,
      2.6325,
      2.5625,
      2.495,
      2.425,
      2.355,
      2.285,
      2.2175,
      2.1475,
      2.0775,
      2.01,
      1.94,
      1.87,
      1.8,
      1.7325,
      1.6625,
      1.5925,
      1.525,
      1.455,
      1.385,
      1.315,
      1.2475,
      1.1775,
      1.1075,
      1.04,
      0.97,
      0.9,
      0.83,
      0.7625,
      0.6925,
      0.6225,
      0.5525,
      0.485,
      0.415,
      0.345,
      0.2775,
      0.2075,
      0.1375,
      0.0675,
      0
    ],
    "SoftwareVersions": "syngo_MR_E11",
    "TaskName": "prodLn",
    "TotalReadoutTime": 0.0333901,
    "dataset": "ds003545",
    "modality": "bold",
    "run_id": 2,
    "session_id": "01",
    "subject_id": "14",
    "task_id": "prodLn"
  },
  "dummy_trs": 0,
  "dvars_nstd": 37.46979398962811,
  "dvars_std": 1.360017699793388,
  "dvars_vstd": 1.060190277892562,
  "efc": 0.5625441147382975,
  "fber": 580.4594116210938,
  "fd_mean": 0.4414191047823178,
  "fd_num": 136,
  "fd_perc": 55.96707818930041,
  "fwhm_avg": 2.8868144586715316,
  "fwhm_x": 2.668176666666667,
  "fwhm_y": 3.0384666666666664,
  "fwhm_z": 2.9538000426812614,
  "gcor": 0.0568508,
  "gsr_x": -0.01397005096077919,
  "gsr_y": 0.053323205560445786,
  "provenance": {
    "md5sum": "22e5469b98f1872a990456e30954b40a",
    "settings": {
      "fd_thres": 0.2,
      "testing": false
    },
    "software": "mriqc",
    "version": "22.0.6",
    "webapi_port": null,
    "webapi_url": "https://mriqc.nimh.nih.gov/api/v1"
  },
  "size_t": 243,
  "size_x": 64,
  "size_y": 64,
  "size_z": 43,
  "snr": 2.6386260624077993,
  "spacing_tr": 3.0,
  "spacing_x": 3.0,
  "spacing_y": 3.0,
  "spacing_z": 3.299999952316284,
  "summary_bg_k": 18.56417656550953,
  "summary_bg_mad": 10.1402641625837,
  "summary_bg_mean": 84.52562713623047,
  "summary_bg_median": 38.045265197753906,
  "summary_bg_n": 99439.0,
  "summary_bg_p05": 30.275718688964844,
  "summary_bg_p95": 316.8411529541014,
  "summary_bg_stdv": 118.60847473144531,
  "summary_fg_k": 0.9860922336040812,
  "summary_fg_mad": 345.5134611284881,
  "summary_fg_mean": 1003.438232421875,
  "summary_fg_median": 947.312744140625,
  "summary_fg_n": 36971.0,
  "summary_fg_p05": 535.5905151367188,
  "summary_fg_p95": 1684.3991088867188,
  "summary_fg_stdv": 359.0125732421875,
  "tsnr": 47.13988054031506
}