{
  "aor": 0.012492181069958848,
  "aqi": 0.04023153456790123,
  "bids_meta": {
    "AcquisitionNumber": 1,
    "AcquisitionTime": "13:24:13.425000",
    "BandwidthPerPixelPhaseEncode": 29.481,
    "BodyPartExamined": "BRAIN",
    "ConversionSoftware": "dcm2niix",
    "ConversionSoftwareVersion": "v1.0.20170724 GCC4.4.7",
    "DeviceSerialNumber": "167004",
    "EchoTime": 0.025,
    "EchoTrainLength": 64,
    "EffectiveEchoSpacing": 0.000530002,
    "FlipAngle": 90,
    "ImageType": [
      "ORIGINAL",
      "PRIMARY",
      "M",
      "ND",
      "MOSAIC"
    ],
    "InstitutionAddress": "Mikeletegi_69_San_Sebastian_District_ES_20009",
    "InstitutionName": "BCBL",
    "MagneticFieldStrength": 3,
    "Manufacturer": "Siemens",
    "ManufacturersModelName": "Prisma_fit",
    "PhaseEncodingDirection": "j-",
    "PhaseEncodingLines": 64,
    "ProcedureStepDescription": "CRANEO_FUNCIONAL",
    "ProtocolName": "ep2d_VF_L1_Run1",
    "RepetitionTime": 3,
    "ScanningSequence": "EP",
    "SequenceName": "_epfid2d1_64",
    "SequenceVariant": "SK",
    "SeriesDescription": "ep2d_VF_L1_Run1",
    "SliceTiming": [
      2.91,
      2.8425,
      2.7725,
      2.7025,
      2.635,
      2.565,
      2.495,
      2.425,
      2.3575,
      2.2875,
      2.2175,
      2.1475,
      2.08,
      2.01,
      1.94,
      1.8725,
      1.8025,
      1.7325,
      1.6625,
      1.595,
      1.525,
      1.455,
      1.3875,
      1.3175,
      1.2475,
      1.1775,
      1.11,
      1.04,
      0.97,
      0.9025,
      0.8325,
      0.7625,
      0.6925,
      0.625,
      0.555,
      0.485,
      0.415,
      0.3475,
      0.2775,
      0.2075,
      0.14,
      0.07,
      0
    ],
    "SoftwareVersions": "syngo_MR_E11",
    "TaskName": "prodL1",
    "TotalReadoutTime": 0.0333901,
    "dataset": "ds003545",
    "modality": "bold",
    "run_id": 1,
    "session_id": "01",
    "subject_id": "14",
    "task_id": "prodL1"
  },
  "dummy_trs": 0,
  "dvars_nstd": 105.03844481078518,
  "dvars_std": 1.2664515870247925,
  "dvars_vstd": 1.0345563378099174,
  "efc": 0.5748313990695483,
  "fber": 436.7107849121094,
  "fd_mean": 2.814938959433369,
  "fd_num": 227,
  "fd_perc": 93.4156378600823,
  "fwhm_avg": 2.9792795106201715,
  "fwhm_x": 2.683073333333333,
  "fwhm_y": 3.00125,
  "fwhm_z": 3.2535151985271797,
  "gcor": 0.0257362,
  "gsr_x": -0.018454238772392273,
  "gsr_y": 0.05299431085586548,
  "provenance": {
    "md5sum": "5ceff3da579ea8b8d04ab6735fa2a3da",
    "settings": {
      "fd_thres": 0.2,
      "testing": false
    },
    "software": "mriqc",
    "version": "22.0.6",
    "webapi_port": null,
    "webapi_url": "https://mriqc.nimh.nih.gov/api/v1"
  },
  "size_t": 243,
  "size_x": 64,
  "size_y": 64,
  "size_z": 43,
  "snr": 2.401762535277942,
  "spacing_tr": 3.0,
  "spacing_x": 3.0,
  "spacing_y": 3.0,
  "spacing_z": 3.299999952316284,
  "summary_bg_k": 18.059651260571062,
  "summary_bg_mad": 12.98344733317546,
  "summary_bg_mean": 81.30049133300781,
  "summary_bg_median": 38.01646041870117,
  "summary_bg_n": 97506.0,
  "summary_bg_p05": 25.19032907485962,
  "summary_bg_p95": 304.3940200805664,
  "summary_bg_stdv": 110.54419708251953,
  "summary_fg_k": 2.590095229166794,
  "summary_fg_mad": 283.0671678328814,
  "summary_fg_mean": 885.4334106445312,
  "summary_fg_median": 816.0328979492188,
  "summary_fg_n": 38680.0,
  "summary_fg_p05": 485.01562652587893,
  "summary_fg_p95": 1545.3440307617125,
  "summary_fg_stdv": 339.7597961425781,
  "tsnr": 17.93736447620904
}