{
  "aor": 0.012551720430107528,
  "aqi": 0.04527487473118279,
  "bids_meta": {
    "AcquisitionNumber": 1,
    "AcquisitionTime": "13:05:58.375000",
    "BandwidthPerPixelPhaseEncode": 28.409,
    "BodyPartExamined": "BRAIN",
    "ConversionSoftware": "dcm2niix",
    "ConversionSoftwareVersion": "v1.0.20170724 GCC4.4.7",
    "DeviceSerialNumber": "167004",
    "EchoTime": 0.03,
    "EchoTrainLength": 64,
    "EffectiveEchoSpacing": 0.000550002,
    "FlipAngle": 80,
    "ImageType": [
      "ORIGINAL",
      "PRIMARY",
      "M",
      "ND",
      "MOSAIC"
    ],
    "InstitutionAddress": "Mikeletegi_69_San_Sebastian_District_ES_20009",
    "InstitutionName": "BCBL",
    "MagneticFieldStrength": 3,
    "Manufacturer": "Siemens",
    "ManufacturersModelName": "Prisma_fit",
    "PhaseEncodingDirection": "j-",
    "PhaseEncodingLines": 64,
    "ProcedureStepDescription": "CRANEO_FUNCIONAL",
    "ProtocolName": "ep2d_PiN_L1_Run1",
    "RepetitionTime": 2,
    "ScanningSequence": "EP",
    "SequenceName": "_epfid2d1_64",
    "SequenceVariant": "SK",
    "SeriesDescription": "ep2d_PiN_L1_Run1",
    "SliceTiming": [
      1.9175,
      1.8575,
      1.795,
      1.7325,
      1.67,
      1.61,
      1.5475,
      1.485,
      1.4225,
      1.3625,
      1.3,
      1.2375,
      1.175,
      1.115,
      1.0525,
      0.99,
      0.93,
      0.8675,
      0.805,
      0.7425,
      0.6825,
      0.62,
      0.5575,
      0.495,
      0.435,
      0.3725,
      0.31,
      0.2475,
      0.1875,
      0.125,
      0.0625,
      0
    ],
    "SoftwareVersions": "syngo_MR_E11",
    "TaskName": "compL1",
    "TotalReadoutTime": 0.0346501,
    "dataset": "ds003545",
    "modality": "bold",
    "run_id": 1,
    "session_id": "01",
    "subject_id": "14",
    "task_id": "compL1"
  },
  "dummy_trs": 0,
  "dvars_nstd": 107.01850767405409,
  "dvars_std": 1.2055675982702707,
  "dvars_vstd": 1.0124339592432436,
  "efc": 0.48758959581149725,
  "fber": 1280.454345703125,
  "fd_mean": 4.116521766380607,
  "fd_num": 173,
  "fd_perc": 93.01075268817205,
  "fwhm_avg": 2.8393901818181817,
  "fwhm_x": 2.6106792727272725,
  "fwhm_y": 2.899191272727273,
  "fwhm_z": 3.0083,
  "gcor": 0.0250743,
  "gsr_x": -0.004754479043185711,
  "gsr_y": 0.021290266886353493,
  "provenance": {
    "md5sum": "0c83cbca14a4e5ee8779e578a470e46e",
    "settings": {
      "fd_thres": 0.2,
      "testing": false
    },
    "software": "mriqc",
    "version": "22.0.6",
    "webapi_port": null,
    "webapi_url": "https://mriqc.nimh.nih.gov/api/v1"
  },
  "size_t": 186,
  "size_x": 64,
  "size_y": 64,
  "size_z": 32,
  "snr": 2.6903812017090525,
  "spacing_tr": 2.0,
  "spacing_x": 3.4375,
  "spacing_y": 3.4375,
  "spacing_z": 4.0,
  "summary_bg_k": 36.152897195455616,
  "summary_bg_mad": 5.0137463792809465,
  "summary_bg_mean": 38.81692123413086,
  "summary_bg_median": 19.150537490844727,
  "summary_bg_n": 80523.0,
  "summary_bg_p05": 13.849462509155273,
  "summary_bg_p95": 136.32688140869135,
  "summary_bg_stdv": 60.66890335083008,
  "summary_fg_k": 2.166648262973208,
  "summary_fg_mad": 222.7888092693211,
  "summary_fg_mean": 739.9264526367188,
  "summary_fg_median": 694.3709716796875,
  "summary_fg_n": 20846.0,
  "summary_fg_p05": 419.4932861328125,
  "summary_fg_p95": 1229.6666259765625,
  "summary_fg_stdv": 258.08770751953125,
  "tsnr": 16.198845153849106
}