{
  "aor": 0.019072204301075268,
  "aqi": 0.030581502634408606,
  "bids_meta": {
    "AcquisitionNumber": 1,
    "AcquisitionTime": "13:15:14.402500",
    "BandwidthPerPixelPhaseEncode": 28.409,
    "BodyPartExamined": "BRAIN",
    "ConversionSoftware": "dcm2niix",
    "ConversionSoftwareVersion": "v1.0.20170724 GCC4.4.7",
    "DeviceSerialNumber": "167004",
    "EchoTime": 0.03,
    "EchoTrainLength": 64,
    "EffectiveEchoSpacing": 0.000550002,
    "FlipAngle": 80,
    "ImageType": [
      "ORIGINAL",
      "PRIMARY",
      "M",
      "ND",
      "MOSAIC"
    ],
    "InstitutionAddress": "Mikeletegi_69_San_Sebastian_District_ES_20009",
    "InstitutionName": "BCBL",
    "MagneticFieldStrength": 3,
    "Manufacturer": "Siemens",
    "ManufacturersModelName": "Prisma_fit",
    "PhaseEncodingDirection": "j-",
    "PhaseEncodingLines": 64,
    "ProcedureStepDescription": "CRANEO_FUNCIONAL",
    "ProtocolName": "ep2d_PiN_L1_Run2",
    "RepetitionTime": 2,
    "ScanningSequence": "EP",
    "SequenceName": "_epfid2d1_64",
    "SequenceVariant": "SK",
    "SeriesDescription": "ep2d_PiN_L1_Run2",
    "SliceTiming": [
      1.9175,
      1.855,
      1.7925,
      1.73,
      1.67,
      1.6075,
      1.545,
      1.4825,
      1.4225,
      1.36,
      1.2975,
      1.235,
      1.175,
      1.1125,
      1.05,
      0.9875,
      0.9275,
      0.865,
      0.8025,
      0.74,
      0.68,
      0.6175,
      0.555,
      0.4925,
      0.4325,
      0.37,
      0.3075,
      0.2475,
      0.185,
      0.1225,
      0.06,
      0
    ],
    "SoftwareVersions": "syngo_MR_E11",
    "TaskName": "compL1",
    "TotalReadoutTime": 0.0346501,
    "dataset": "ds003545",
    "modality": "bold",
    "run_id": 2,
    "session_id": "01",
    "subject_id": "14",
    "task_id": "compL1"
  },
  "dummy_trs": 0,
  "dvars_nstd": 90.22081890648653,
  "dvars_std": 1.2830750966486482,
  "dvars_vstd": 1.068501127081081,
  "efc": 0.49261189258764543,
  "fber": 1154.95166015625,
  "fd_mean": 3.157492871103631,
  "fd_num": 171,
  "fd_perc": 91.93548387096774,
  "fwhm_avg": 2.8647168484848486,
  "fwhm_x": 2.637565090909091,
  "fwhm_y": 2.9127854545454546,
  "fwhm_z": 3.0438,
  "gcor": 0.048348,
  "gsr_x": -0.0066293226554989815,
  "gsr_y": 0.027192875742912292,
  "provenance": {
    "md5sum": "1d1aaca93977680e96794d1c1da20ae4",
    "settings": {
      "fd_thres": 0.2,
      "testing": false
    },
    "software": "mriqc",
    "version": "22.0.6",
    "webapi_port": null,
    "webapi_url": "https://mriqc.nimh.nih.gov/api/v1"
  },
  "size_t": 186,
  "size_x": 64,
  "size_y": 64,
  "size_z": 32,
  "snr": 2.5320961829680213,
  "spacing_tr": 2.0,
  "spacing_x": 3.4375,
  "spacing_y": 3.4375,
  "spacing_z": 4.0,
  "summary_bg_k": 35.984784133898174,
  "summary_bg_mad": 5.603598312288258,
  "summary_bg_mean": 40.40182876586914,
  "summary_bg_median": 19.327957153320312,
  "summary_bg_n": 79867.0,
  "summary_bg_p05": 12.881720542907715,
  "summary_bg_p95": 145.31021728515623,
  "summary_bg_stdv": 65.5556411743164,
  "summary_fg_k": 2.728237088853634,
  "summary_fg_mad": 217.57585716345187,
  "summary_fg_mean": 720.0939331054688,
  "summary_fg_median": 665.1182861328125,
  "summary_fg_n": 21371.0,
  "summary_fg_p05": 407.5564422607422,
  "summary_fg_p95": 1223.5322875976562,
  "summary_fg_stdv": 262.6688232421875,
  "tsnr": 19.18511478160508
}