{
  "aor": 0.003568271604938272,
  "aqi": 0.006891794691358025,
  "bids_meta": {
    "AcquisitionNumber": 1,
    "AcquisitionTime": "11:03:29.272500",
    "BandwidthPerPixelPhaseEncode": 29.481,
    "ConversionSoftware": "dcm2niix",
    "ConversionSoftwareVersion": "v1.0.20170724 GCC4.4.7",
    "DeviceSerialNumber": "35414",
    "EchoTime": 0.025,
    "EffectiveEchoSpacing": 0.000530002,
    "FlipAngle": 90,
    "ImageType": [
      "ORIGINAL",
      "PRIMARY",
      "M",
      "ND",
      "MOSAIC"
    ],
    "InstitutionAddress": "Mikeletegi_69_San_Sebastian_District_ES_20009",
    "InstitutionName": "BCBL",
    "MagneticFieldStrength": 3,
    "Manufacturer": "Siemens",
    "ManufacturersModelName": "TrioTim",
    "PhaseEncodingDirection": "j-",
    "PhaseEncodingLines": 64,
    "ProcedureStepDescription": "CRANEO_FUNCIONAL",
    "ProtocolName": "ep2d_VF_L1_Run2",
    "RepetitionTime": 3,
    "ScanningSequence": "EP",
    "SequenceName": "_epfid2d1_64",
    "SequenceVariant": "SK",
    "SeriesDescription": "ep2d_VF_L1_Run2",
    "SliceTiming": [
      2.9225,
      2.8525,
      2.7825,
      2.7125,
      2.6425,
      2.575,
      2.505,
      2.435,
      2.365,
      2.295,
      2.225,
      2.1575,
      2.0875,
      2.0175,
      1.9475,
      1.8775,
      1.8075,
      1.74,
      1.67,
      1.6,
      1.53,
      1.46,
      1.3925,
      1.3225,
      1.2525,
      1.1825,
      1.1125,
      1.0425,
      0.975,
      0.905,
      0.835,
      0.765,
      0.695,
      0.625,
      0.5575,
      0.4875,
      0.4175,
      0.3475,
      0.2775,
      0.2075,
      0.14,
      0.07,
      0
    ],
    "SoftwareVersions": "syngo_MR_B17",
    "TaskName": "prodL1",
    "TotalReadoutTime": 0.0333901,
    "dataset": "ds003545",
    "modality": "bold",
    "run_id": 2,
    "session_id": "01",
    "subject_id": "04",
    "task_id": "prodL1"
  },
  "dummy_trs": 0,
  "dvars_nstd": 30.17137380876033,
  "dvars_std": 1.1849310340909092,
  "dvars_vstd": 0.9881662958264466,
  "efc": 0.5364884970074631,
  "fber": 571.3291015625,
  "fd_mean": 0.3617888569865288,
  "fd_num": 171,
  "fd_perc": 70.37037037037037,
  "fwhm_avg": 3.1067120634476595,
  "fwhm_x": 3.0170766666666666,
  "fwhm_y": 3.3048233333333332,
  "fwhm_z": 2.998236190342979,
  "gcor": 0.0452798,
  "gsr_x": -0.010334101505577564,
  "gsr_y": 0.0727257952094078,
  "provenance": {
    "md5sum": "b2d879c00f5cf200215a14fc1217ef80",
    "settings": {
      "fd_thres": 0.2,
      "testing": false
    },
    "software": "mriqc",
    "version": "22.0.6",
    "webapi_port": null,
    "webapi_url": "https://mriqc.nimh.nih.gov/api/v1"
  },
  "size_t": 243,
  "size_x": 64,
  "size_y": 64,
  "size_z": 43,
  "snr": 2.743476780411491,
  "spacing_tr": 3.0,
  "spacing_x": 3.0,
  "spacing_y": 3.0,
  "spacing_z": 3.3000001907348633,
  "summary_bg_k": 27.761551815307932,
  "summary_bg_mad": 11.885227657007333,
  "summary_bg_mean": 65.5481185913086,
  "summary_bg_median": 33.06172561645508,
  "summary_bg_n": 106770.0,
  "summary_bg_p05": 23.93415641784668,
  "summary_bg_p95": 223.42365798950152,
  "summary_bg_stdv": 84.42271423339844,
  "summary_fg_k": 2.592433762832913,
  "summary_fg_mad": 231.81979690401707,
  "summary_fg_mean": 866.9818725585938,
  "summary_fg_median": 809.06787109375,
  "summary_fg_n": 31356.0,
  "summary_fg_p05": 513.9454803466797,
  "summary_fg_p95": 1481.4629211425781,
  "summary_fg_stdv": 294.9013366699219,
  "tsnr": 48.56293058488518
}