{
  "aor": 0.003426486486486487,
  "aqi": 0.004067294216216216,
  "bids_meta": {
    "AcquisitionNumber": 1,
    "AcquisitionTime": "15:04:30.105000",
    "BandwidthPerPixelPhaseEncode": 28.409,
    "ConversionSoftware": "dcm2niix",
    "ConversionSoftwareVersion": "v1.0.20170724 GCC4.4.7",
    "DeviceSerialNumber": "35414",
    "EchoTime": 0.03,
    "EffectiveEchoSpacing": 0.000550002,
    "FlipAngle": 80,
    "ImageType": [
      "ORIGINAL",
      "PRIMARY",
      "FMRI",
      "NONE",
      "ND",
      "MOSAIC"
    ],
    "InstitutionAddress": "Mikeletegi_69_San_Sebastian_District_ES_20009",
    "InstitutionName": "BCBL",
    "MagneticFieldStrength": 3,
    "Manufacturer": "Siemens",
    "ManufacturersModelName": "TrioTim",
    "PhaseEncodingDirection": "j-",
    "PhaseEncodingLines": 64,
    "ProcedureStepDescription": "CRANEO_FUNCIONAL",
    "ProtocolName": "ep2d_PiN_L3_Run1",
    "RepetitionTime": 2,
    "ScanningSequence": "EP",
    "SequenceName": "_epfid2d1_64",
    "SequenceVariant": "SK",
    "SeriesDescription": "ep2d_PiN_L3_Run1",
    "SliceTiming": [
      1.925,
      1.8625,
      1.8,
      1.7375,
      1.6775,
      1.615,
      1.5525,
      1.49,
      1.4275,
      1.365,
      1.305,
      1.2425,
      1.18,
      1.1175,
      1.055,
      0.9925,
      0.93,
      0.87,
      0.8075,
      0.745,
      0.6825,
      0.62,
      0.5575,
      0.4975,
      0.435,
      0.3725,
      0.31,
      0.2475,
      0.185,
      0.125,
      0.0625,
      0
    ],
    "SoftwareVersions": "syngo_MR_B17",
    "TaskName": "compLn",
    "TotalReadoutTime": 0.0346501,
    "dataset": "ds003545",
    "modality": "bold",
    "run_id": 1,
    "session_id": "01",
    "subject_id": "04",
    "task_id": "compLn"
  },
  "dummy_trs": 1,
  "dvars_nstd": 16.159156358695654,
  "dvars_std": 1.145500413967392,
  "dvars_vstd": 0.9625297547826084,
  "efc": 0.46855704308658547,
  "fber": 1097.39013671875,
  "fd_mean": 0.14617885816397386,
  "fd_num": 27,
  "fd_perc": 14.594594594594595,
  "fwhm_avg": 3.061991515151515,
  "fwhm_x": 2.9823709090909087,
  "fwhm_y": 3.3282036363636363,
  "fwhm_z": 2.8754,
  "gcor": 0.0229298,
  "gsr_x": -0.019162779673933983,
  "gsr_y": 0.03752744942903519,
  "provenance": {
    "md5sum": "de1b74c47aaca843e336d0bbc64b9921",
    "settings": {
      "fd_thres": 0.2,
      "testing": false
    },
    "software": "mriqc",
    "version": "22.0.6",
    "webapi_port": null,
    "webapi_url": "https://mriqc.nimh.nih.gov/api/v1"
  },
  "size_t": 185,
  "size_x": 64,
  "size_y": 64,
  "size_z": 32,
  "snr": 2.915485006409156,
  "spacing_tr": 2.0,
  "spacing_x": 3.4375,
  "spacing_y": 3.4375,
  "spacing_z": 4.0,
  "summary_bg_k": 48.530371559575464,
  "summary_bg_mad": 4.551989911540563,
  "summary_bg_mean": 35.10908126831055,
  "summary_bg_median": 19.47027015686035,
  "summary_bg_n": 84626.0,
  "summary_bg_p05": 15.16756820678711,
  "summary_bg_p95": 105.2283821105957,
  "summary_bg_stdv": 51.435386657714844,
  "summary_fg_k": 2.641001631513272,
  "summary_fg_mad": 167.72643425537515,
  "summary_fg_mean": 697.5546875,
  "summary_fg_median": 650.2540893554688,
  "summary_fg_n": 17833.0,
  "summary_fg_p05": 433.3297424316406,
  "summary_fg_p95": 1165.6886718749993,
  "summary_fg_stdv": 223.0283660888672,
  "tsnr": 73.29971688333899
}