{
  "aor": 0.004790967741935484,
  "aqi": 0.003817083290322581,
  "bids_meta": {
    "AcquisitionNumber": 1,
    "AcquisitionTime": "10:31:56.357500",
    "BandwidthPerPixelPhaseEncode": 28.409,
    "ConversionSoftware": "dcm2niix",
    "ConversionSoftwareVersion": "v1.0.20170724 GCC4.4.7",
    "DeviceSerialNumber": "35414",
    "EchoTime": 0.03,
    "EffectiveEchoSpacing": 0.000550002,
    "FlipAngle": 80,
    "ImageType": [
      "ORIGINAL",
      "PRIMARY",
      "FMRI",
      "NONE",
      "ND",
      "MOSAIC"
    ],
    "InstitutionAddress": "Mikeletegi_69_San_Sebastian_District_ES_20009",
    "InstitutionName": "BCBL",
    "MagneticFieldStrength": 3,
    "Manufacturer": "Siemens",
    "ManufacturersModelName": "TrioTim",
    "PhaseEncodingDirection": "j-",
    "PhaseEncodingLines": 64,
    "ProcedureStepDescription": "CRANEO_FUNCIONAL",
    "ProtocolName": "ep2d_PiN_L1_Run1",
    "RepetitionTime": 2,
    "ScanningSequence": "EP",
    "SequenceName": "_epfid2d1_64",
    "SequenceVariant": "SK",
    "SeriesDescription": "ep2d_PiN_L1_Run1",
    "SliceTiming": [
      1.9275,
      1.865,
      1.8025,
      1.74,
      1.6775,
      1.615,
      1.555,
      1.4925,
      1.43,
      1.3675,
      1.305,
      1.2425,
      1.18,
      1.12,
      1.0575,
      0.995,
      0.9325,
      0.87,
      0.8075,
      0.7475,
      0.685,
      0.6225,
      0.56,
      0.4975,
      0.435,
      0.375,
      0.3125,
      0.25,
      0.1875,
      0.125,
      0.0625,
      0
    ],
    "SoftwareVersions": "syngo_MR_B17",
    "TaskName": "compL1",
    "TotalReadoutTime": 0.0346501,
    "dataset": "ds003545",
    "modality": "bold",
    "run_id": 1,
    "session_id": "01",
    "subject_id": "04",
    "task_id": "compL1"
  },
  "dummy_trs": 0,
  "dvars_nstd": 16.804774619459458,
  "dvars_std": 1.1372841019459454,
  "dvars_vstd": 0.9610000994054059,
  "efc": 0.4662819899747794,
  "fber": 1480.2589111328125,
  "fd_mean": 0.12243558836963785,
  "fd_num": 25,
  "fd_perc": 13.440860215053764,
  "fwhm_avg": 2.930096060606061,
  "fwhm_x": 2.886865454545455,
  "fwhm_y": 3.1624727272727275,
  "fwhm_z": 2.74095,
  "gcor": 0.0220866,
  "gsr_x": -0.01658097468316555,
  "gsr_y": 0.0394563265144825,
  "provenance": {
    "md5sum": "1fb99295088d76e5d5f1100d23faa77e",
    "settings": {
      "fd_thres": 0.2,
      "testing": false
    },
    "software": "mriqc",
    "version": "22.0.6",
    "webapi_port": null,
    "webapi_url": "https://mriqc.nimh.nih.gov/api/v1"
  },
  "size_t": 186,
  "size_x": 64,
  "size_y": 64,
  "size_z": 32,
  "snr": 3.0092724055418514,
  "spacing_tr": 2.0,
  "spacing_x": 3.4375,
  "spacing_y": 3.4375,
  "spacing_z": 4.0,
  "summary_bg_k": 48.03042589892734,
  "summary_bg_mad": 5.468091080178101,
  "summary_bg_mean": 33.18518829345703,
  "summary_bg_median": 16.44623565673828,
  "summary_bg_n": 84281.0,
  "summary_bg_p05": 12.150537490844727,
  "summary_bg_p95": 106.99462127685547,
  "summary_bg_stdv": 54.132686614990234,
  "summary_fg_k": 2.350964774120417,
  "summary_fg_mad": 166.14311571184533,
  "summary_fg_mean": 679.8927612304688,
  "summary_fg_median": 639.2607421875,
  "summary_fg_n": 17970.0,
  "summary_fg_p05": 419.22552795410155,
  "summary_fg_p95": 1120.532763671875,
  "summary_fg_stdv": 212.42442321777344,
  "tsnr": 71.15884807426482
}