{
  "bids_meta": {
    "AccelFactPE": 2,
    "AcquisitionNumber": 1,
    "AcquisitionTime": "15:20:8.795000",
    "ConversionSoftware": "dcm2niix",
    "ConversionSoftwareVersion": "v1.0.20170724 GCC4.4.7",
    "DeviceSerialNumber": "35414",
    "EchoTime": 0.00297,
    "FlipAngle": 7,
    "ImageType": [
      "ORIGINAL",
      "PRIMARY",
      "M",
      "ND",
      "NORM"
    ],
    "InstitutionAddress": "Mikeletegi_69_San_Sebastian_District_ES_20009",
    "InstitutionName": "BCBL",
    "InversionTime": 1.1,
    "MagneticFieldStrength": 3,
    "Manufacturer": "Siemens",
    "ManufacturersModelName": "TrioTim",
    "PhaseEncodingDirection": "i-",
    "PhaseEncodingLines": 256,
    "ProcedureStepDescription": "CRANEO_FUNCIONAL",
    "ProtocolName": "t1_mpr_tra_p2_iso",
    "RepetitionTime": 2.53,
    "ScanningSequence": "GR_IR",
    "SequenceName": "_tfl3d1",
    "SequenceVariant": "SP_MP_OSP",
    "SeriesDescription": "t1_mpr_tra_p2_iso",
    "SoftwareVersions": "syngo_MR_B17",
    "dataset": "ds003545",
    "modality": "T1w",
    "session_id": "01",
    "subject_id": "01"
  },
  "cjv": 0.3474304432328406,
  "cnr": 3.8159331941727728,
  "efc": 0.5366152423255169,
  "fber": 16848.915067541977,
  "fwhm_avg": 4.509156666666667,
  "fwhm_x": 4.33108,
  "fwhm_y": 4.82018,
  "fwhm_z": 4.37621,
  "icvs_csf": 0.2245564282573237,
  "icvs_gm": 0.436229483571887,
  "icvs_wm": 0.3392140881707893,
  "inu_med": 0.586382269859314,
  "inu_range": 0.2858945846557617,
  "provenance": {
    "md5sum": "e81cb45a16099d9a24b7da88420a1aea",
    "settings": {
      "testing": false
    },
    "software": "mriqc",
    "version": "22.0.6",
    "warnings": {
      "large_rot_frame": true,
      "small_air_mask": false
    },
    "webapi_port": null,
    "webapi_url": "https://mriqc.nimh.nih.gov/api/v1"
  },
  "qi_1": 0.0004336754129138058,
  "qi_2": 0.010979755649551398,
  "rpve_csf": 24.5947049378794,
  "rpve_gm": 12.879431267172876,
  "rpve_wm": 18.525016337860485,
  "size_x": 256,
  "size_y": 256,
  "size_z": 176,
  "snr_csf": 2.1642945006101244,
  "snr_gm": 12.874075957645458,
  "snr_total": 11.57576507480784,
  "snr_wm": 19.688924766167936,
  "snrd_csf": 23.91076857355949,
  "snrd_gm": 65.48593793224005,
  "snrd_total": 60.52430343129267,
  "snrd_wm": 92.17620378807848,
  "spacing_x": 1.0,
  "spacing_y": 1.0,
  "spacing_z": 1.0,
  "summary_bg_k": 51.68482380288955,
  "summary_bg_mad": 7.1076455109895145,
  "summary_bg_mean": 7.21078159291036,
  "summary_bg_median": 4.794034045189619,
  "summary_bg_n": 2676789.0,
  "summary_bg_p05": 0.0,
  "summary_bg_p95": 25.568181574344635,
  "summary_bg_stdv": 11.540342347516464,
  "summary_csf_k": -0.04776021021299259,
  "summary_csf_mad": 117.29808810883003,
  "summary_csf_mean": 260.4366714981317,
  "summary_csf_median": 259.41050888970494,
  "summary_csf_n": 54774.0,
  "summary_csf_p05": 57.31090144207701,
  "summary_csf_p95": 462.8417924609966,
  "summary_csf_stdv": 119.85806035086998,
  "summary_gm_k": 0.2584788344081894,
  "summary_gm_mad": 53.70221052747633,
  "summary_gm_mean": 708.651856882987,
  "summary_gm_median": 710.4640083760023,
  "summary_gm_n": 25751.0,
  "summary_gm_p05": 616.5808416577056,
  "summary_gm_p95": 796.3423219509423,
  "summary_gm_stdv": 55.1845597072346,
  "summary_wm_k": 0.7924216712499024,
  "summary_wm_mad": 46.90168550152957,
  "summary_wm_mean": 1002.1074636502811,
  "summary_wm_median": 1000.0295832660049,
  "summary_wm_n": 169143.0,
  "summary_wm_p05": 922.6444040797651,
  "summary_wm_p95": 1088.6304346937686,
  "summary_wm_stdv": 50.79132755964288,
  "tpm_overlap_csf": 0.13832292219768627,
  "tpm_overlap_gm": 0.4585508870131338,
  "tpm_overlap_wm": 0.47582907178783024,
  "wm2max": 0.5826379310344828
}