{
  "aor": 0.0038462702702702703,
  "aqi": 0.002216646972972973,
  "bids_meta": {
    "AcquisitionNumber": 1,
    "AcquisitionTime": "15:23:7.122500",
    "BandwidthPerPixelPhaseEncode": 28.409,
    "ConversionSoftware": "dcm2niix",
    "ConversionSoftwareVersion": "v1.0.20170724 GCC4.4.7",
    "DeviceSerialNumber": "35414",
    "EchoTime": 0.03,
    "EffectiveEchoSpacing": 0.000550002,
    "FlipAngle": 80,
    "ImageType": [
      "ORIGINAL",
      "PRIMARY",
      "FMRI",
      "NONE",
      "ND",
      "MOSAIC"
    ],
    "InstitutionAddress": "Mikeletegi_69_San_Sebastian_District_ES_20009",
    "InstitutionName": "BCBL",
    "MagneticFieldStrength": 3,
    "Manufacturer": "Siemens",
    "ManufacturersModelName": "TrioTim",
    "PhaseEncodingDirection": "j-",
    "PhaseEncodingLines": 64,
    "ProcedureStepDescription": "CRANEO_FUNCIONAL",
    "ProtocolName": "ep2d_PiN_L1_Run1",
    "RepetitionTime": 2,
    "ScanningSequence": "EP",
    "SequenceName": "_epfid2d1_64",
    "SequenceVariant": "SK",
    "SeriesDescription": "ep2d_PiN_L1_Run1",
    "SliceTiming": [
      1.925,
      1.8625,
      1.8025,
      1.74,
      1.6775,
      1.615,
      1.5525,
      1.49,
      1.43,
      1.3675,
      1.305,
      1.2425,
      1.18,
      1.1175,
      1.055,
      0.995,
      0.9325,
      0.87,
      0.8075,
      0.745,
      0.6825,
      0.6225,
      0.56,
      0.4975,
      0.435,
      0.3725,
      0.31,
      0.25,
      0.1875,
      0.125,
      0.0625,
      0
    ],
    "SoftwareVersions": "syngo_MR_B17",
    "TaskName": "compL1",
    "TotalReadoutTime": 0.0346501,
    "dataset": "ds003545",
    "modality": "bold",
    "run_id": 1,
    "session_id": "01",
    "subject_id": "12",
    "task_id": "compL1"
  },
  "dummy_trs": 1,
  "dvars_nstd": 14.971122176902176,
  "dvars_std": 1.240009629836957,
  "dvars_vstd": 1.031424948695652,
  "efc": 0.46179864054180253,
  "fber": 1311.5689697265625,
  "fd_mean": 0.08269840709598769,
  "fd_num": 11,
  "fd_perc": 5.945945945945946,
  "fwhm_avg": 2.986131212121212,
  "fwhm_x": 2.9330036363636363,
  "fwhm_y": 3.2134400000000003,
  "fwhm_z": 2.81195,
  "gcor": 0.0409059,
  "gsr_x": -0.018230263143777847,
  "gsr_y": 0.05905039608478546,
  "provenance": {
    "md5sum": "dba1d220822932b8f3453780464147d8",
    "settings": {
      "fd_thres": 0.2,
      "testing": false
    },
    "software": "mriqc",
    "version": "22.0.6",
    "webapi_port": null,
    "webapi_url": "https://mriqc.nimh.nih.gov/api/v1"
  },
  "size_t": 185,
  "size_x": 64,
  "size_y": 64,
  "size_z": 32,
  "snr": 2.8904059479684263,
  "spacing_tr": 2.0,
  "spacing_x": 3.4375,
  "spacing_y": 3.4375,
  "spacing_z": 4.0,
  "summary_bg_k": 67.94888865022581,
  "summary_bg_mad": 5.096945653671668,
  "summary_bg_mean": 37.83106231689453,
  "summary_bg_median": 16.940540313720703,
  "summary_bg_n": 86841.0,
  "summary_bg_p05": 13.183784484863281,
  "summary_bg_p95": 128.53514099121094,
  "summary_bg_stdv": 69.68135833740234,
  "summary_fg_k": 2.158734493584716,
  "summary_fg_mad": 165.18995288115232,
  "summary_fg_mean": 660.9638061523438,
  "summary_fg_median": 616.9891967773438,
  "summary_fg_n": 16862.0,
  "summary_fg_p05": 401.79513092041014,
  "summary_fg_p95": 1102.7433227539052,
  "summary_fg_stdv": 213.4547576904297,
  "tsnr": 110.951394201722
}