{
  "aor": 0.00204477366255144,
  "aqi": 0.004085011234567901,
  "bids_meta": {
    "AcquisitionNumber": 1,
    "AcquisitionTime": "14:13:57.067500",
    "BandwidthPerPixelPhaseEncode": 29.481,
    "ConversionSoftware": "dcm2niix",
    "ConversionSoftwareVersion": "v1.0.20170724 GCC4.4.7",
    "DeviceSerialNumber": "35414",
    "EchoTime": 0.025,
    "EffectiveEchoSpacing": 0.000530002,
    "FlipAngle": 90,
    "ImageType": [
      "ORIGINAL",
      "PRIMARY",
      "M",
      "ND",
      "MOSAIC"
    ],
    "InstitutionAddress": "Mikeletegi_69_San_Sebastian_District_ES_20009",
    "InstitutionName": "BCBL",
    "MagneticFieldStrength": 3,
    "Manufacturer": "Siemens",
    "ManufacturersModelName": "TrioTim",
    "PhaseEncodingDirection": "j-",
    "PhaseEncodingLines": 64,
    "ProcedureStepDescription": "CRANEO_FUNCIONAL",
    "ProtocolName": "ep2d_VF_L3_Run2",
    "RepetitionTime": 3,
    "ScanningSequence": "EP",
    "SequenceName": "_epfid2d1_64",
    "SequenceVariant": "SK",
    "SeriesDescription": "ep2d_VF_L3_Run2",
    "SliceTiming": [
      2.9225,
      2.8525,
      2.7825,
      2.7125,
      2.6425,
      2.5725,
      2.505,
      2.435,
      2.365,
      2.295,
      2.225,
      2.155,
      2.0875,
      2.0175,
      1.9475,
      1.8775,
      1.8075,
      1.74,
      1.67,
      1.6,
      1.53,
      1.46,
      1.39,
      1.3225,
      1.2525,
      1.1825,
      1.1125,
      1.0425,
      0.9725,
      0.905,
      0.835,
      0.765,
      0.695,
      0.625,
      0.555,
      0.4875,
      0.4175,
      0.3475,
      0.2775,
      0.2075,
      0.1375,
      0.07,
      0
    ],
    "SoftwareVersions": "syngo_MR_B17",
    "TaskName": "prodLn",
    "TotalReadoutTime": 0.0333901,
    "dataset": "ds003545",
    "modality": "bold",
    "run_id": 2,
    "session_id": "01",
    "subject_id": "12",
    "task_id": "prodLn"
  },
  "dummy_trs": 0,
  "dvars_nstd": 22.482780724173562,
  "dvars_std": 1.2101325411983483,
  "dvars_vstd": 1.0048139523966946,
  "efc": 0.53137114305469,
  "fber": 571.7825317382812,
  "fd_mean": 0.18359132346905563,
  "fd_num": 70,
  "fd_perc": 28.80658436213992,
  "fwhm_avg": 3.0047533474607184,
  "fwhm_x": 2.8806499999999997,
  "fwhm_y": 3.20051,
  "fwhm_z": 2.9331000423821543,
  "gcor": 0.0438776,
  "gsr_x": -0.005095538683235645,
  "gsr_y": 0.09496747702360153,
  "provenance": {
    "md5sum": "3e01318b6bfc3c1c37cb3fbba01e6125",
    "settings": {
      "fd_thres": 0.2,
      "testing": false
    },
    "software": "mriqc",
    "version": "22.0.6",
    "webapi_port": null,
    "webapi_url": "https://mriqc.nimh.nih.gov/api/v1"
  },
  "size_t": 243,
  "size_x": 64,
  "size_y": 64,
  "size_z": 43,
  "snr": 2.9836349846588663,
  "spacing_tr": 3.0,
  "spacing_x": 3.0,
  "spacing_y": 3.0,
  "spacing_z": 3.299999952316284,
  "summary_bg_k": 39.874220652455655,
  "summary_bg_mad": 10.67107505246382,
  "summary_bg_mean": 71.75017547607422,
  "summary_bg_median": 32.84773635864258,
  "summary_bg_n": 111268.0,
  "summary_bg_p05": 25.21810531616211,
  "summary_bg_p95": 246.30698699951162,
  "summary_bg_stdv": 110.48861694335938,
  "summary_fg_k": 1.8622827665186756,
  "summary_fg_mad": 222.54593180627978,
  "summary_fg_mean": 838.518798828125,
  "summary_fg_median": 790.8333129882812,
  "summary_fg_n": 29244.0,
  "summary_fg_p05": 506.7969055175781,
  "summary_fg_p95": 1373.8954833984371,
  "summary_fg_stdv": 265.0524597167969,
  "tsnr": 69.54501280328259
}