{
  "aor": 0.001190781893004115,
  "aqi": 0.009956748847736625,
  "bids_meta": {
    "AcquisitionNumber": 1,
    "AcquisitionTime": "15:52:36.985000",
    "BandwidthPerPixelPhaseEncode": 29.481,
    "ConversionSoftware": "dcm2niix",
    "ConversionSoftwareVersion": "v1.0.20170724 GCC4.4.7",
    "DeviceSerialNumber": "35414",
    "EchoTime": 0.025,
    "EffectiveEchoSpacing": 0.000530002,
    "FlipAngle": 90,
    "ImageType": [
      "ORIGINAL",
      "PRIMARY",
      "M",
      "ND",
      "MOSAIC"
    ],
    "InstitutionAddress": "Mikeletegi_69_San_Sebastian_District_ES_20009",
    "InstitutionName": "BCBL",
    "MagneticFieldStrength": 3,
    "Manufacturer": "Siemens",
    "ManufacturersModelName": "TrioTim",
    "PhaseEncodingDirection": "j-",
    "PhaseEncodingLines": 64,
    "ProcedureStepDescription": "CRANEO_FUNCIONAL",
    "ProtocolName": "ep2d_VF_L1_Run2",
    "RepetitionTime": 3,
    "ScanningSequence": "EP",
    "SequenceName": "_epfid2d1_64",
    "SequenceVariant": "SK",
    "SeriesDescription": "ep2d_VF_L1_Run2",
    "SliceTiming": [
      2.9225,
      2.8525,
      2.7825,
      2.7125,
      2.645,
      2.575,
      2.505,
      2.435,
      2.365,
      2.2975,
      2.2275,
      2.1575,
      2.0875,
      2.0175,
      1.9475,
      1.88,
      1.81,
      1.74,
      1.67,
      1.6,
      1.53,
      1.4625,
      1.3925,
      1.3225,
      1.2525,
      1.1825,
      1.1125,
      1.045,
      0.975,
      0.905,
      0.835,
      0.765,
      0.695,
      0.6275,
      0.5575,
      0.4875,
      0.4175,
      0.3475,
      0.28,
      0.21,
      0.14,
      0.07,
      0
    ],
    "SoftwareVersions": "syngo_MR_B17",
    "TaskName": "prodL1",
    "TotalReadoutTime": 0.0333901,
    "dataset": "ds003545",
    "modality": "bold",
    "run_id": 2,
    "session_id": "01",
    "subject_id": "12",
    "task_id": "prodL1"
  },
  "dummy_trs": 0,
  "dvars_nstd": 27.329846252314034,
  "dvars_std": 1.0216056183884301,
  "dvars_vstd": 0.9081464763223134,
  "efc": 0.5354466286901102,
  "fber": 568.2130126953125,
  "fd_mean": 0.3265745197324405,
  "fd_num": 154,
  "fd_perc": 63.37448559670782,
  "fwhm_avg": 2.910181831750864,
  "fwhm_x": 2.785883333333333,
  "fwhm_y": 3.1274833333333336,
  "fwhm_z": 2.817178828585926,
  "gcor": 0.0312566,
  "gsr_x": -0.0005941455019637942,
  "gsr_y": 0.10224416851997375,
  "provenance": {
    "md5sum": "15f562db6422a56f0424b62840321c27",
    "settings": {
      "fd_thres": 0.2,
      "testing": false
    },
    "software": "mriqc",
    "version": "22.0.6",
    "webapi_port": null,
    "webapi_url": "https://mriqc.nimh.nih.gov/api/v1"
  },
  "size_t": 243,
  "size_x": 64,
  "size_y": 64,
  "size_z": 43,
  "snr": 3.044280523807919,
  "spacing_tr": 3.0,
  "spacing_x": 3.0,
  "spacing_y": 3.0,
  "spacing_z": 3.299999952316284,
  "summary_bg_k": 40.59889936213038,
  "summary_bg_mad": 10.420924386705675,
  "summary_bg_mean": 69.8575439453125,
  "summary_bg_median": 31.609052658081055,
  "summary_bg_n": 110738.0,
  "summary_bg_p05": 23.427982330322266,
  "summary_bg_p95": 235.51438903808594,
  "summary_bg_stdv": 107.65251159667969,
  "summary_fg_k": 1.896783446590221,
  "summary_fg_mad": 208.31475127670146,
  "summary_fg_mean": 798.67041015625,
  "summary_fg_median": 753.4732055664062,
  "summary_fg_n": 29539.0,
  "summary_fg_p05": 486.0304351806641,
  "summary_fg_p95": 1299.553857421875,
  "summary_fg_stdv": 247.50033569335938,
  "tsnr": 40.21559627959505
}