{
  "aor": 0.0025,
  "aqi": 0.004481465107526882,
  "bids_meta": {
    "AcquisitionNumber": 1,
    "AcquisitionTime": "15:30:10.160000",
    "BandwidthPerPixelPhaseEncode": 28.409,
    "ConversionSoftware": "dcm2niix",
    "ConversionSoftwareVersion": "v1.0.20170724 GCC4.4.7",
    "DeviceSerialNumber": "35414",
    "EchoTime": 0.03,
    "EffectiveEchoSpacing": 0.000550002,
    "FlipAngle": 80,
    "ImageType": [
      "ORIGINAL",
      "PRIMARY",
      "FMRI",
      "NONE",
      "ND",
      "MOSAIC"
    ],
    "InstitutionAddress": "Mikeletegi_69_San_Sebastian_District_ES_20009",
    "InstitutionName": "BCBL",
    "MagneticFieldStrength": 3,
    "Manufacturer": "Siemens",
    "ManufacturersModelName": "TrioTim",
    "PhaseEncodingDirection": "j-",
    "PhaseEncodingLines": 64,
    "ProcedureStepDescription": "CRANEO_FUNCIONAL",
    "ProtocolName": "ep2d_PiN_L1_Run2",
    "RepetitionTime": 2,
    "ScanningSequence": "EP",
    "SequenceName": "_epfid2d1_64",
    "SequenceVariant": "SK",
    "SeriesDescription": "ep2d_PiN_L1_Run2",
    "SliceTiming": [
      1.925,
      1.8625,
      1.8,
      1.7375,
      1.6775,
      1.615,
      1.5525,
      1.49,
      1.4275,
      1.365,
      1.305,
      1.2425,
      1.18,
      1.1175,
      1.055,
      0.9925,
      0.93,
      0.87,
      0.8075,
      0.745,
      0.6825,
      0.62,
      0.5575,
      0.4975,
      0.435,
      0.3725,
      0.31,
      0.2475,
      0.185,
      0.1225,
      0.0625,
      0
    ],
    "SoftwareVersions": "syngo_MR_B17",
    "TaskName": "compL1",
    "TotalReadoutTime": 0.0346501,
    "dataset": "ds003545",
    "modality": "bold",
    "run_id": 2,
    "session_id": "01",
    "subject_id": "12",
    "task_id": "compL1"
  },
  "dummy_trs": 0,
  "dvars_nstd": 15.50492668135136,
  "dvars_std": 1.0080136557297301,
  "dvars_vstd": 0.8852447960000001,
  "efc": 0.462014877604311,
  "fber": 1350.49072265625,
  "fd_mean": 0.09382376370937977,
  "fd_num": 13,
  "fd_perc": 6.989247311827957,
  "fwhm_avg": 2.9668756666666667,
  "fwhm_x": 2.9002356363636363,
  "fwhm_y": 3.200116363636364,
  "fwhm_z": 2.800275,
  "gcor": 0.0341762,
  "gsr_x": -0.017932333052158356,
  "gsr_y": 0.06034788861870766,
  "provenance": {
    "md5sum": "b31ddd16b90b38c40d3e0a58d8ccc653",
    "settings": {
      "fd_thres": 0.2,
      "testing": false
    },
    "software": "mriqc",
    "version": "22.0.6",
    "webapi_port": null,
    "webapi_url": "https://mriqc.nimh.nih.gov/api/v1"
  },
  "size_t": 186,
  "size_x": 64,
  "size_y": 64,
  "size_z": 32,
  "snr": 2.969685215466593,
  "spacing_tr": 2.0,
  "spacing_x": 3.4375,
  "spacing_y": 3.4375,
  "spacing_z": 4.0,
  "summary_bg_k": 69.09282816766682,
  "summary_bg_mad": 5.109398044092943,
  "summary_bg_mean": 37.34514617919922,
  "summary_bg_median": 16.607526779174805,
  "summary_bg_n": 86788.0,
  "summary_bg_p05": 12.870967864990234,
  "summary_bg_p95": 126.40483741760248,
  "summary_bg_stdv": 69.3627700805664,
  "summary_fg_k": 2.095467886480442,
  "summary_fg_mad": 161.85072710505187,
  "summary_fg_mean": 654.4183959960938,
  "summary_fg_median": 612.768798828125,
  "summary_fg_n": 16843.0,
  "summary_fg_p05": 401.3752716064453,
  "summary_fg_p95": 1078.80478515625,
  "summary_fg_stdv": 206.335205078125,
  "tsnr": 70.57414036383852
}