{
  "aor": 0.0014228648648648649,
  "aqi": 0.0018757403783783784,
  "bids_meta": {
    "AcquisitionNumber": 1,
    "AcquisitionTime": "13:49:24.685000",
    "BandwidthPerPixelPhaseEncode": 28.409,
    "ConversionSoftware": "dcm2niix",
    "ConversionSoftwareVersion": "v1.0.20170724 GCC4.4.7",
    "DeviceSerialNumber": "35414",
    "EchoTime": 0.03,
    "EffectiveEchoSpacing": 0.000550002,
    "FlipAngle": 80,
    "ImageType": [
      "ORIGINAL",
      "PRIMARY",
      "FMRI",
      "NONE",
      "ND",
      "MOSAIC"
    ],
    "InstitutionAddress": "Mikeletegi_69_San_Sebastian_District_ES_20009",
    "InstitutionName": "BCBL",
    "MagneticFieldStrength": 3,
    "Manufacturer": "Siemens",
    "ManufacturersModelName": "TrioTim",
    "PhaseEncodingDirection": "j-",
    "PhaseEncodingLines": 64,
    "ProcedureStepDescription": "CRANEO_FUNCIONAL",
    "ProtocolName": "ep2d_PiN_L3_Run2",
    "RepetitionTime": 2,
    "ScanningSequence": "EP",
    "SequenceName": "_epfid2d1_64",
    "SequenceVariant": "SK",
    "SeriesDescription": "ep2d_PiN_L3_Run2",
    "SliceTiming": [
      1.925,
      1.8625,
      1.8,
      1.7375,
      1.6775,
      1.615,
      1.5525,
      1.49,
      1.4275,
      1.365,
      1.3025,
      1.2425,
      1.18,
      1.1175,
      1.055,
      0.9925,
      0.93,
      0.87,
      0.8075,
      0.745,
      0.6825,
      0.62,
      0.5575,
      0.4975,
      0.435,
      0.3725,
      0.31,
      0.2475,
      0.185,
      0.1225,
      0.0625,
      0
    ],
    "SoftwareVersions": "syngo_MR_B17",
    "TaskName": "compLn",
    "TotalReadoutTime": 0.0346501,
    "dataset": "ds003545",
    "modality": "bold",
    "run_id": 2,
    "session_id": "01",
    "subject_id": "12",
    "task_id": "compLn"
  },
  "dummy_trs": 1,
  "dvars_nstd": 14.75850695103261,
  "dvars_std": 1.202244586304348,
  "dvars_vstd": 1.003304512282609,
  "efc": 0.462296154609003,
  "fber": 1190.783935546875,
  "fd_mean": 0.09452265285078987,
  "fd_num": 13,
  "fd_perc": 7.027027027027027,
  "fwhm_avg": 2.8843995454545457,
  "fwhm_x": 2.81872,
  "fwhm_y": 3.1474036363636366,
  "fwhm_z": 2.687075,
  "gcor": 0.0732462,
  "gsr_x": -0.01875048317015171,
  "gsr_y": 0.054259005934000015,
  "provenance": {
    "md5sum": "3d63f42d0d33a201ca53438728e6f132",
    "settings": {
      "fd_thres": 0.2,
      "testing": false
    },
    "software": "mriqc",
    "version": "22.0.6",
    "webapi_port": null,
    "webapi_url": "https://mriqc.nimh.nih.gov/api/v1"
  },
  "size_t": 185,
  "size_x": 64,
  "size_y": 64,
  "size_z": 32,
  "snr": 3.06745548782404,
  "spacing_tr": 2.0,
  "spacing_x": 3.4375,
  "spacing_y": 3.4375,
  "spacing_z": 4.0,
  "summary_bg_k": 66.8123210779476,
  "summary_bg_mad": 6.467351226496129,
  "summary_bg_mean": 37.761199951171875,
  "summary_bg_median": 18.302703857421875,
  "summary_bg_n": 86974.0,
  "summary_bg_p05": 13.40540599822998,
  "summary_bg_p95": 124.07567596435547,
  "summary_bg_stdv": 67.72164916992188,
  "summary_fg_k": 1.9627824978325004,
  "summary_fg_mad": 165.6827887168784,
  "summary_fg_mean": 672.4191284179688,
  "summary_fg_median": 633.4324340820312,
  "summary_fg_n": 16731.0,
  "summary_fg_p05": 414.4486541748047,
  "summary_fg_p95": 1092.4730224609375,
  "summary_fg_stdv": 206.49476623535156,
  "tsnr": 104.50379107752815
}