{
  "aor": 0.009106625514403293,
  "aqi": 0.00780857024691358,
  "bids_meta": {
    "AcquisitionNumber": 1,
    "AcquisitionTime": "11:24:45.092500",
    "BandwidthPerPixelPhaseEncode": 29.481,
    "BodyPartExamined": "BRAIN",
    "ConversionSoftware": "dcm2niix",
    "ConversionSoftwareVersion": "v1.0.20170724 GCC4.4.7",
    "DeviceSerialNumber": "167004",
    "EchoTime": 0.025,
    "EchoTrainLength": 64,
    "EffectiveEchoSpacing": 0.000530002,
    "FlipAngle": 90,
    "ImageType": [
      "ORIGINAL",
      "PRIMARY",
      "M",
      "ND",
      "MOSAIC"
    ],
    "InstitutionAddress": "Mikeletegi_69_San_Sebastian_District_ES_20009",
    "InstitutionName": "BCBL",
    "MagneticFieldStrength": 3,
    "Manufacturer": "Siemens",
    "ManufacturersModelName": "Prisma_fit",
    "PhaseEncodingDirection": "j-",
    "PhaseEncodingLines": 64,
    "ProcedureStepDescription": "CRANEO_FUNCIONAL",
    "ProtocolName": "ep2d_VF_L1_Run1",
    "RepetitionTime": 3,
    "ScanningSequence": "EP",
    "SequenceName": "_epfid2d1_64",
    "SequenceVariant": "SK",
    "SeriesDescription": "ep2d_VF_L1_Run1",
    "SliceTiming": [
      2.9125,
      2.8425,
      2.7725,
      2.705,
      2.635,
      2.565,
      2.495,
      2.4275,
      2.3575,
      2.2875,
      2.22,
      2.15,
      2.08,
      2.01,
      1.9425,
      1.8725,
      1.8025,
      1.7325,
      1.665,
      1.595,
      1.525,
      1.4575,
      1.3875,
      1.3175,
      1.2475,
      1.18,
      1.11,
      1.04,
      0.9725,
      0.9025,
      0.8325,
      0.7625,
      0.695,
      0.625,
      0.555,
      0.4875,
      0.4175,
      0.3475,
      0.2775,
      0.21,
      0.14,
      0.07,
      0
    ],
    "SoftwareVersions": "syngo_MR_E11",
    "TaskName": "prodL1",
    "TotalReadoutTime": 0.0333901,
    "dataset": "ds003545",
    "modality": "bold",
    "run_id": 1,
    "session_id": "02",
    "subject_id": "20",
    "task_id": "prodL1"
  },
  "dummy_trs": 0,
  "dvars_nstd": 36.97480836995865,
  "dvars_std": 1.2161133224793381,
  "dvars_vstd": 0.9974251379338843,
  "efc": 0.586799520023593,
  "fber": 435.8777770996094,
  "fd_mean": 0.43077559583741754,
  "fd_num": 169,
  "fd_perc": 69.54732510288066,
  "fwhm_avg": 2.8077468824245666,
  "fwhm_x": 2.6195066666666666,
  "fwhm_y": 2.95154,
  "fwhm_z": 2.8521939806070327,
  "gcor": 0.0411106,
  "gsr_x": 0.0011894239578396082,
  "gsr_y": 0.0570303350687027,
  "provenance": {
    "md5sum": "6c8730fa3c17339fcb60e5fd7c2ef01f",
    "settings": {
      "fd_thres": 0.2,
      "testing": false
    },
    "software": "mriqc",
    "version": "22.0.6",
    "webapi_port": null,
    "webapi_url": "https://mriqc.nimh.nih.gov/api/v1"
  },
  "size_t": 243,
  "size_x": 64,
  "size_y": 64,
  "size_z": 43,
  "snr": 2.526698140178403,
  "spacing_tr": 3.0,
  "spacing_x": 3.0,
  "spacing_y": 3.0,
  "spacing_z": 3.299999952316284,
  "summary_bg_k": 14.351671801611456,
  "summary_bg_mad": 17.901048589684038,
  "summary_bg_mean": 99.22234344482422,
  "summary_bg_median": 44.36213684082031,
  "summary_bg_n": 94386.0,
  "summary_bg_p05": 30.888887405395508,
  "summary_bg_p95": 368.2736511230469,
  "summary_bg_stdv": 133.86575317382812,
  "summary_fg_k": 0.8486683485168012,
  "summary_fg_mad": 355.3424876404424,
  "summary_fg_mean": 1024.5264892578125,
  "summary_fg_median": 954.0328979492188,
  "summary_fg_n": 40927.0,
  "summary_fg_p05": 542.6555541992187,
  "summary_fg_p95": 1759.0633300781249,
  "summary_fg_stdv": 377.5762634277344,
  "tsnr": 41.20090953935869
}