{
  "aor": 0.03649209677419355,
  "aqi": 0.0037952712204301076,
  "bids_meta": {
    "AcquisitionNumber": 1,
    "AcquisitionTime": "11:06:27.880000",
    "BandwidthPerPixelPhaseEncode": 28.409,
    "BodyPartExamined": "BRAIN",
    "ConversionSoftware": "dcm2niix",
    "ConversionSoftwareVersion": "v1.0.20170724 GCC4.4.7",
    "DeviceSerialNumber": "167004",
    "EchoTime": 0.03,
    "EchoTrainLength": 64,
    "EffectiveEchoSpacing": 0.000550002,
    "FlipAngle": 80,
    "ImageType": [
      "ORIGINAL",
      "PRIMARY",
      "M",
      "ND",
      "MOSAIC"
    ],
    "InstitutionAddress": "Mikeletegi_69_San_Sebastian_District_ES_20009",
    "InstitutionName": "BCBL",
    "MagneticFieldStrength": 3,
    "Manufacturer": "Siemens",
    "ManufacturersModelName": "Prisma_fit",
    "PhaseEncodingDirection": "j-",
    "PhaseEncodingLines": 64,
    "ProcedureStepDescription": "CRANEO_FUNCIONAL",
    "ProtocolName": "ep2d_PiN_L1_Run1",
    "RepetitionTime": 2,
    "ScanningSequence": "EP",
    "SequenceName": "_epfid2d1_64",
    "SequenceVariant": "SK",
    "SeriesDescription": "ep2d_PiN_L1_Run1",
    "SliceTiming": [
      1.9175,
      1.855,
      1.795,
      1.7325,
      1.67,
      1.6075,
      1.5475,
      1.485,
      1.4225,
      1.36,
      1.3,
      1.2375,
      1.175,
      1.1125,
      1.0525,
      0.99,
      0.9275,
      0.865,
      0.805,
      0.7425,
      0.68,
      0.6175,
      0.5575,
      0.495,
      0.4325,
      0.37,
      0.31,
      0.2475,
      0.185,
      0.1225,
      0.0625,
      0
    ],
    "SoftwareVersions": "syngo_MR_E11",
    "TaskName": "compL1",
    "TotalReadoutTime": 0.0346501,
    "dataset": "ds003545",
    "modality": "bold",
    "run_id": 1,
    "session_id": "02",
    "subject_id": "20",
    "task_id": "compL1"
  },
  "dummy_trs": 0,
  "dvars_nstd": 26.741340668000007,
  "dvars_std": 1.4300493700000005,
  "dvars_vstd": 1.228323754324324,
  "efc": 0.4720071645071081,
  "fber": 1488.7906494140625,
  "fd_mean": 0.4435140028646766,
  "fd_num": 59,
  "fd_perc": 31.72043010752688,
  "fwhm_avg": 3.1606785470846788,
  "fwhm_x": 2.999098181818182,
  "fwhm_y": 3.350487272727273,
  "fwhm_z": 3.1324501867085806,
  "gcor": 0.0862833,
  "gsr_x": 0.0022739674896001816,
  "gsr_y": 0.025418596342206,
  "provenance": {
    "md5sum": "6ce170bb2e05c004180c3e0a30f8cdeb",
    "settings": {
      "fd_thres": 0.2,
      "testing": false
    },
    "software": "mriqc",
    "version": "22.0.6",
    "webapi_port": null,
    "webapi_url": "https://mriqc.nimh.nih.gov/api/v1"
  },
  "size_t": 186,
  "size_x": 64,
  "size_y": 64,
  "size_z": 32,
  "snr": 2.1378692870591722,
  "spacing_tr": 2.0,
  "spacing_x": 3.4375,
  "spacing_y": 3.4375,
  "spacing_z": 3.999999761581421,
  "summary_bg_k": 20.515872685642258,
  "summary_bg_mad": 4.71882111973712,
  "summary_bg_mean": 42.73734664916992,
  "summary_bg_median": 17.45161247253418,
  "summary_bg_n": 82113.0,
  "summary_bg_p05": 13.52688217163086,
  "summary_bg_p95": 181.2301086425779,
  "summary_bg_stdv": 65.78854370117188,
  "summary_fg_k": 0.19896129413693098,
  "summary_fg_mad": 320.3695808162209,
  "summary_fg_mean": 757.9111328125,
  "summary_fg_median": 692.8171997070312,
  "summary_fg_n": 20299.0,
  "summary_fg_p05": 348.48871459960935,
  "summary_fg_p95": 1380.7736450195312,
  "summary_fg_stdv": 324.06103515625,
  "tsnr": 49.57415838772431
}