{
  "aor": 0.007228148148148149,
  "aqi": 0.00349319683127572,
  "bids_meta": {
    "AcquisitionNumber": 1,
    "AcquisitionTime": "10:12:36.140000",
    "BandwidthPerPixelPhaseEncode": 29.481,
    "BodyPartExamined": "BRAIN",
    "ConversionSoftware": "dcm2niix",
    "ConversionSoftwareVersion": "v1.0.20170724 GCC4.4.7",
    "DeviceSerialNumber": "167004",
    "EchoTime": 0.025,
    "EchoTrainLength": 64,
    "EffectiveEchoSpacing": 0.000530002,
    "FlipAngle": 90,
    "ImageType": [
      "ORIGINAL",
      "PRIMARY",
      "M",
      "ND",
      "MOSAIC"
    ],
    "InstitutionAddress": "Mikeletegi_69_San_Sebastian_District_ES_20009",
    "InstitutionName": "BCBL",
    "MagneticFieldStrength": 3,
    "Manufacturer": "Siemens",
    "ManufacturersModelName": "Prisma_fit",
    "PhaseEncodingDirection": "j-",
    "PhaseEncodingLines": 64,
    "ProcedureStepDescription": "CRANEO_FUNCIONAL",
    "ProtocolName": "ep2d_VF_L3_Run1",
    "RepetitionTime": 3,
    "ScanningSequence": "EP",
    "SequenceName": "_epfid2d1_64",
    "SequenceVariant": "SK",
    "SeriesDescription": "ep2d_VF_L3_Run1",
    "SliceTiming": [
      2.91,
      2.84,
      2.77,
      2.7025,
      2.6325,
      2.5625,
      2.4925,
      2.425,
      2.355,
      2.285,
      2.2175,
      2.1475,
      2.0775,
      2.0075,
      1.94,
      1.87,
      1.8,
      1.7325,
      1.6625,
      1.5925,
      1.5225,
      1.455,
      1.385,
      1.315,
      1.2475,
      1.1775,
      1.1075,
      1.0375,
      0.97,
      0.9,
      0.83,
      0.76,
      0.6925,
      0.6225,
      0.5525,
      0.485,
      0.415,
      0.345,
      0.275,
      0.2075,
      0.1375,
      0.0675,
      0
    ],
    "SoftwareVersions": "syngo_MR_E11",
    "TaskName": "prodLn",
    "TotalReadoutTime": 0.0333901,
    "dataset": "ds003545",
    "modality": "bold",
    "run_id": 1,
    "session_id": "02",
    "subject_id": "20",
    "task_id": "prodLn"
  },
  "dummy_trs": 0,
  "dvars_nstd": 27.76105039380165,
  "dvars_std": 1.3018171419834719,
  "dvars_vstd": 1.0393609255785126,
  "efc": 0.5821285228204722,
  "fber": 446.13836669921875,
  "fd_mean": 0.23811401729856346,
  "fd_num": 102,
  "fd_perc": 41.97530864197531,
  "fwhm_avg": 2.823124256106287,
  "fwhm_x": 2.6716033333333336,
  "fwhm_y": 2.95713,
  "fwhm_z": 2.8406394349855284,
  "gcor": 0.0457325,
  "gsr_x": -0.0005953659419901669,
  "gsr_y": 0.060018859803676605,
  "provenance": {
    "md5sum": "716ab749fc0c45d4a0f7cfceab419b4c",
    "settings": {
      "fd_thres": 0.2,
      "testing": false
    },
    "software": "mriqc",
    "version": "22.0.6",
    "webapi_port": null,
    "webapi_url": "https://mriqc.nimh.nih.gov/api/v1"
  },
  "size_t": 243,
  "size_x": 64,
  "size_y": 64,
  "size_z": 43,
  "snr": 2.5215834151620227,
  "spacing_tr": 3.0,
  "spacing_x": 3.0,
  "spacing_y": 3.0,
  "spacing_z": 3.299999952316284,
  "summary_bg_k": 15.53698555760137,
  "summary_bg_mad": 14.594178951019764,
  "summary_bg_mean": 95.88865661621094,
  "summary_bg_median": 43.34567642211914,
  "summary_bg_n": 95229.0,
  "summary_bg_p05": 32.87242889404297,
  "summary_bg_p95": 356.6798217773437,
  "summary_bg_stdv": 130.55926513671875,
  "summary_fg_k": 0.825059516462856,
  "summary_fg_mad": 357.7647469290751,
  "summary_fg_mean": 1013.2642211914062,
  "summary_fg_median": 945.5637817382812,
  "summary_fg_n": 40113.0,
  "summary_fg_p05": 529.5143798828125,
  "summary_fg_p95": 1727.7365722656255,
  "summary_fg_stdv": 374.9834289550781,
  "tsnr": 64.00084923836403
}