{
  "aor": 0.0016879423868312758,
  "aqi": 0.010181946872427985,
  "bids_meta": {
    "AcquisitionNumber": 1,
    "AcquisitionTime": "16:09:26.442500",
    "BandwidthPerPixelPhaseEncode": 29.481,
    "ConversionSoftware": "dcm2niix",
    "ConversionSoftwareVersion": "v1.0.20170724 GCC4.4.7",
    "DeviceSerialNumber": "35414",
    "EchoTime": 0.025,
    "EffectiveEchoSpacing": 0.000530002,
    "FlipAngle": 90,
    "ImageType": [
      "ORIGINAL",
      "PRIMARY",
      "M",
      "ND",
      "MOSAIC"
    ],
    "InstitutionAddress": "Mikeletegi_69_San_Sebastian_District_ES_20009",
    "InstitutionName": "BCBL",
    "MagneticFieldStrength": 3,
    "Manufacturer": "Siemens",
    "ManufacturersModelName": "TrioTim",
    "PhaseEncodingDirection": "j-",
    "PhaseEncodingLines": 64,
    "ProcedureStepDescription": "CRANEO_FUNCIONAL",
    "ProtocolName": "ep2d_VF_L3_Run1",
    "RepetitionTime": 3,
    "ScanningSequence": "EP",
    "SequenceName": "_epfid2d1_64",
    "SequenceVariant": "SK",
    "SeriesDescription": "ep2d_VF_L3_Run1",
    "SliceTiming": [
      2.92,
      2.85,
      2.7825,
      2.7125,
      2.6425,
      2.5725,
      2.5025,
      2.435,
      2.365,
      2.295,
      2.225,
      2.155,
      2.085,
      2.0175,
      1.9475,
      1.8775,
      1.8075,
      1.7375,
      1.6675,
      1.6,
      1.53,
      1.46,
      1.39,
      1.32,
      1.25,
      1.1825,
      1.1125,
      1.0425,
      0.9725,
      0.9025,
      0.8325,
      0.765,
      0.695,
      0.625,
      0.555,
      0.485,
      0.4175,
      0.3475,
      0.2775,
      0.2075,
      0.1375,
      0.0675,
      0
    ],
    "SoftwareVersions": "syngo_MR_B17",
    "TaskName": "prodLn",
    "TotalReadoutTime": 0.0333901,
    "dataset": "ds003545",
    "modality": "bold",
    "run_id": 1,
    "session_id": "01",
    "subject_id": "02",
    "task_id": "prodLn"
  },
  "dummy_trs": 0,
  "dvars_nstd": 32.949438898595055,
  "dvars_std": 1.1178544676446285,
  "dvars_vstd": 0.9149849187190082,
  "efc": 0.5342283463919657,
  "fber": 615.1494750976562,
  "fd_mean": 0.3069911024162978,
  "fd_num": 156,
  "fd_perc": 64.19753086419753,
  "fwhm_avg": 2.744592942086834,
  "fwhm_x": 2.6460766666666666,
  "fwhm_y": 2.931456666666667,
  "fwhm_z": 2.6562454929271686,
  "gcor": 0.0126507,
  "gsr_x": -0.003494878765195608,
  "gsr_y": 0.07074552029371262,
  "provenance": {
    "md5sum": "f02ef6b699df95bb9a9fe5da27bb2cab",
    "settings": {
      "fd_thres": 0.2,
      "testing": false
    },
    "software": "mriqc",
    "version": "22.0.6",
    "webapi_port": null,
    "webapi_url": "https://mriqc.nimh.nih.gov/api/v1"
  },
  "size_t": 243,
  "size_x": 64,
  "size_y": 64,
  "size_z": 43,
  "snr": 3.033299668248658,
  "spacing_tr": 3.0,
  "spacing_x": 3.0,
  "spacing_y": 3.0,
  "spacing_z": 3.299999952316284,
  "summary_bg_k": 22.152555514037456,
  "summary_bg_mad": 8.480729693850249,
  "summary_bg_mean": 60.62603759765625,
  "summary_bg_median": 31.17695426940918,
  "summary_bg_n": 107659.0,
  "summary_bg_p05": 24.460905075073242,
  "summary_bg_p95": 208.09876098632742,
  "summary_bg_stdv": 77.06185150146484,
  "summary_fg_k": 2.439739983694654,
  "summary_fg_mad": 213.73266517608357,
  "summary_fg_mean": 822.5650024414062,
  "summary_fg_median": 771.3250732421875,
  "summary_fg_n": 32164.0,
  "summary_fg_p05": 514.6333374023437,
  "summary_fg_p95": 1329.1964416503906,
  "summary_fg_stdv": 254.2818603515625,
  "tsnr": 38.18313391157426
}