{
  "aor": 0.003812263374485597,
  "aqi": 0.006848026008230453,
  "bids_meta": {
    "AcquisitionNumber": 1,
    "AcquisitionTime": "14:38:53.867500",
    "BandwidthPerPixelPhaseEncode": 29.481,
    "ConversionSoftware": "dcm2niix",
    "ConversionSoftwareVersion": "v1.0.20170724 GCC4.4.7",
    "DeviceSerialNumber": "35414",
    "EchoTime": 0.025,
    "EffectiveEchoSpacing": 0.000530002,
    "FlipAngle": 90,
    "ImageType": [
      "ORIGINAL",
      "PRIMARY",
      "M",
      "ND",
      "MOSAIC"
    ],
    "InstitutionAddress": "Mikeletegi_69_San_Sebastian_District_ES_20009",
    "InstitutionName": "BCBL",
    "MagneticFieldStrength": 3,
    "Manufacturer": "Siemens",
    "ManufacturersModelName": "TrioTim",
    "PhaseEncodingDirection": "j-",
    "PhaseEncodingLines": 64,
    "ProcedureStepDescription": "CRANEO_FUNCIONAL",
    "ProtocolName": "ep2d_VF_L1_Run1",
    "RepetitionTime": 3,
    "ScanningSequence": "EP",
    "SequenceName": "_epfid2d1_64",
    "SequenceVariant": "SK",
    "SeriesDescription": "ep2d_VF_L1_Run1",
    "SliceTiming": [
      2.9225,
      2.8525,
      2.785,
      2.715,
      2.645,
      2.575,
      2.505,
      2.435,
      2.3675,
      2.2975,
      2.2275,
      2.1575,
      2.0875,
      2.0175,
      1.95,
      1.88,
      1.81,
      1.74,
      1.67,
      1.6,
      1.5325,
      1.4625,
      1.3925,
      1.3225,
      1.2525,
      1.185,
      1.115,
      1.045,
      0.975,
      0.905,
      0.835,
      0.7675,
      0.6975,
      0.6275,
      0.5575,
      0.4875,
      0.4175,
      0.35,
      0.28,
      0.21,
      0.14,
      0.07,
      0
    ],
    "SoftwareVersions": "syngo_MR_B17",
    "TaskName": "prodL1",
    "TotalReadoutTime": 0.0333901,
    "dataset": "ds003545",
    "modality": "bold",
    "run_id": 1,
    "session_id": "01",
    "subject_id": "02",
    "task_id": "prodL1"
  },
  "dummy_trs": 0,
  "dvars_nstd": 35.04918134293384,
  "dvars_std": 1.2597739411983464,
  "dvars_vstd": 1.0099767615289255,
  "efc": 0.542914146288711,
  "fber": 589.858642578125,
  "fd_mean": 0.3554547769772575,
  "fd_num": 164,
  "fd_perc": 67.48971193415638,
  "fwhm_avg": 2.4573299106669655,
  "fwhm_x": 2.36658,
  "fwhm_y": 2.5810400000000002,
  "fwhm_z": 2.4243697320008963,
  "gcor": 0.0218135,
  "gsr_x": -0.004624929744750261,
  "gsr_y": 0.06113499402999878,
  "provenance": {
    "md5sum": "ffdc9bf201cb236dcf942f564052d5a2",
    "settings": {
      "fd_thres": 0.2,
      "testing": false
    },
    "software": "mriqc",
    "version": "22.0.6",
    "webapi_port": null,
    "webapi_url": "https://mriqc.nimh.nih.gov/api/v1"
  },
  "size_t": 243,
  "size_x": 64,
  "size_y": 64,
  "size_z": 43,
  "snr": 3.5563350998212586,
  "spacing_tr": 3.0,
  "spacing_x": 3.0,
  "spacing_y": 3.0,
  "spacing_z": 3.299999952316284,
  "summary_bg_k": 20.824554213612938,
  "summary_bg_mad": 7.193367157294384,
  "summary_bg_mean": 56.55144119262695,
  "summary_bg_median": 29.839506149291992,
  "summary_bg_n": 107427.0,
  "summary_bg_p05": 24.415637969970703,
  "summary_bg_p95": 197.28888854980462,
  "summary_bg_stdv": 69.33781433105469,
  "summary_fg_k": 1.009438305725177,
  "summary_fg_mad": 191.83528013311673,
  "summary_fg_mean": 762.2493286132812,
  "summary_fg_median": 728.9011840820312,
  "summary_fg_n": 32341.0,
  "summary_fg_p05": 490.00408935546875,
  "summary_fg_p95": 1147.1810302734375,
  "summary_fg_stdv": 204.95535278320312,
  "tsnr": 50.94551312178373
}