{
  "aor": 0.004023415637860082,
  "aqi": 0.007359472016460905,
  "bids_meta": {
    "AcquisitionNumber": 1,
    "AcquisitionTime": "14:55:32.830000",
    "BandwidthPerPixelPhaseEncode": 29.481,
    "ConversionSoftware": "dcm2niix",
    "ConversionSoftwareVersion": "v1.0.20170724 GCC4.4.7",
    "DeviceSerialNumber": "35414",
    "EchoTime": 0.025,
    "EffectiveEchoSpacing": 0.000530002,
    "FlipAngle": 90,
    "ImageType": [
      "ORIGINAL",
      "PRIMARY",
      "M",
      "ND",
      "MOSAIC"
    ],
    "InstitutionAddress": "Mikeletegi_69_San_Sebastian_District_ES_20009",
    "InstitutionName": "BCBL",
    "MagneticFieldStrength": 3,
    "Manufacturer": "Siemens",
    "ManufacturersModelName": "TrioTim",
    "PhaseEncodingDirection": "j-",
    "PhaseEncodingLines": 64,
    "ProcedureStepDescription": "CRANEO_FUNCIONAL",
    "ProtocolName": "ep2d_VF_L1_Run2",
    "RepetitionTime": 3,
    "ScanningSequence": "EP",
    "SequenceName": "_epfid2d1_64",
    "SequenceVariant": "SK",
    "SeriesDescription": "ep2d_VF_L1_Run2",
    "SliceTiming": [
      2.9225,
      2.8525,
      2.7825,
      2.715,
      2.645,
      2.575,
      2.505,
      2.435,
      2.3675,
      2.2975,
      2.2275,
      2.1575,
      2.0875,
      2.0175,
      1.95,
      1.88,
      1.81,
      1.74,
      1.67,
      1.6,
      1.5325,
      1.4625,
      1.3925,
      1.3225,
      1.2525,
      1.1825,
      1.115,
      1.045,
      0.975,
      0.905,
      0.835,
      0.765,
      0.6975,
      0.6275,
      0.5575,
      0.4875,
      0.4175,
      0.35,
      0.28,
      0.21,
      0.14,
      0.07,
      0
    ],
    "SoftwareVersions": "syngo_MR_B17",
    "TaskName": "prodL1",
    "TotalReadoutTime": 0.0333901,
    "dataset": "ds003545",
    "modality": "bold",
    "run_id": 2,
    "session_id": "01",
    "subject_id": "02",
    "task_id": "prodL1"
  },
  "dummy_trs": 0,
  "dvars_nstd": 33.94957965681817,
  "dvars_std": 1.198517019793388,
  "dvars_vstd": 0.9930844637603301,
  "efc": 0.5438018510372642,
  "fber": 578.4022216796875,
  "fd_mean": 0.34387820921895823,
  "fd_num": 151,
  "fd_perc": 62.13991769547325,
  "fwhm_avg": 2.4601054662167408,
  "fwhm_x": 2.36971,
  "fwhm_y": 2.5874366666666666,
  "fwhm_z": 2.4231697319835566,
  "gcor": 0.0262025,
  "gsr_x": -0.0044533684849739075,
  "gsr_y": 0.06201958283782005,
  "provenance": {
    "md5sum": "f1034eb19a71206dc8a2917482cbcec5",
    "settings": {
      "fd_thres": 0.2,
      "testing": false
    },
    "software": "mriqc",
    "version": "22.0.6",
    "webapi_port": null,
    "webapi_url": "https://mriqc.nimh.nih.gov/api/v1"
  },
  "size_t": 243,
  "size_x": 64,
  "size_y": 64,
  "size_z": 43,
  "snr": 3.534967443866665,
  "spacing_tr": 3.0,
  "spacing_x": 3.0,
  "spacing_y": 3.0,
  "spacing_z": 3.299999952316284,
  "summary_bg_k": 19.976271765056097,
  "summary_bg_mad": 8.267182580178623,
  "summary_bg_mean": 56.76940155029297,
  "summary_bg_median": 30.08641815185547,
  "summary_bg_n": 107243.0,
  "summary_bg_p05": 22.93004035949707,
  "summary_bg_p95": 197.31274871826147,
  "summary_bg_stdv": 69.31318664550781,
  "summary_fg_k": 1.0644886243355813,
  "summary_fg_mad": 191.554577491405,
  "summary_fg_mean": 761.5294799804688,
  "summary_fg_median": 728.0657958984375,
  "summary_fg_n": 32465.0,
  "summary_fg_p05": 487.44525146484375,
  "summary_fg_p95": 1151.42470703125,
  "summary_fg_stdv": 205.9579315185547,
  "tsnr": 47.88675679313019
}