{
  "aor": 0.00098375,
  "aqi": 0.002116810652173913,
  "bids_meta": {
    "AcquisitionNumber": 1,
    "AcquisitionTime": "17:04:28.642500",
    "BandwidthPerPixelPhaseEncode": 28.409,
    "ConversionSoftware": "dcm2niix",
    "ConversionSoftwareVersion": "v1.0.20170724 GCC4.4.7",
    "DeviceSerialNumber": "35414",
    "EchoTime": 0.03,
    "EffectiveEchoSpacing": 0.000550002,
    "FlipAngle": 80,
    "ImageType": [
      "ORIGINAL",
      "PRIMARY",
      "FMRI",
      "NONE",
      "ND",
      "MOSAIC"
    ],
    "InstitutionAddress": "Mikeletegi_69_San_Sebastian_District_ES_20009",
    "InstitutionName": "BCBL",
    "MagneticFieldStrength": 3,
    "Manufacturer": "Siemens",
    "ManufacturersModelName": "TrioTim",
    "PhaseEncodingDirection": "j-",
    "PhaseEncodingLines": 64,
    "ProcedureStepDescription": "CRANEO_FUNCIONAL",
    "ProtocolName": "ep2d_PiN_L1_Run1",
    "RepetitionTime": 2,
    "ScanningSequence": "EP",
    "SequenceName": "_epfid2d1_64",
    "SequenceVariant": "SK",
    "SeriesDescription": "ep2d_PiN_L1_Run1",
    "SliceTiming": [
      1.925,
      1.8625,
      1.8,
      1.7375,
      1.6775,
      1.615,
      1.5525,
      1.49,
      1.4275,
      1.365,
      1.305,
      1.2425,
      1.18,
      1.1175,
      1.055,
      0.9925,
      0.93,
      0.87,
      0.8075,
      0.745,
      0.6825,
      0.62,
      0.5575,
      0.4975,
      0.435,
      0.3725,
      0.31,
      0.2475,
      0.185,
      0.125,
      0.0625,
      0
    ],
    "SoftwareVersions": "syngo_MR_B17",
    "TaskName": "compL1",
    "TotalReadoutTime": 0.0346501,
    "dataset": "ds003545",
    "modality": "bold",
    "run_id": 1,
    "session_id": "01",
    "subject_id": "02",
    "task_id": "compL1"
  },
  "dummy_trs": 2,
  "dvars_nstd": 17.54675585836065,
  "dvars_std": 1.2061992923497273,
  "dvars_vstd": 0.9791890907650272,
  "efc": 0.4756878586747119,
  "fber": 1285.7850341796875,
  "fd_mean": 0.08537654498348446,
  "fd_num": 6,
  "fd_perc": 3.260869565217391,
  "fwhm_avg": 2.3213395,
  "fwhm_x": 2.223368727272727,
  "fwhm_y": 2.4967272727272727,
  "fwhm_z": 2.2439225,
  "gcor": 0.0501935,
  "gsr_x": -0.013866695575416088,
  "gsr_y": 0.03587765991687775,
  "provenance": {
    "md5sum": "05bb4944a248d33aaee0aa2094b9a4e3",
    "settings": {
      "fd_thres": 0.2,
      "testing": false
    },
    "software": "mriqc",
    "version": "22.0.6",
    "webapi_port": null,
    "webapi_url": "https://mriqc.nimh.nih.gov/api/v1"
  },
  "size_t": 184,
  "size_x": 64,
  "size_y": 64,
  "size_z": 32,
  "snr": 3.9441966400617336,
  "spacing_tr": 2.0,
  "spacing_x": 3.4375,
  "spacing_y": 3.4375,
  "spacing_z": 4.0,
  "summary_bg_k": 48.65162103428805,
  "summary_bg_mad": 3.1263573438643024,
  "summary_bg_mean": 28.258045196533203,
  "summary_bg_median": 15.55434799194336,
  "summary_bg_n": 84333.0,
  "summary_bg_p05": 13.22282600402832,
  "summary_bg_p95": 89.7282623291014,
  "summary_bg_stdv": 40.50021743774414,
  "summary_fg_k": 1.024009309642552,
  "summary_fg_mad": 128.41430980531254,
  "summary_fg_mean": 582.5653686523438,
  "summary_fg_median": 560.8369750976562,
  "summary_fg_n": 18527.0,
  "summary_fg_p05": 389.60870361328125,
  "summary_fg_p95": 852.3956420898438,
  "summary_fg_stdv": 142.18911743164062,
  "tsnr": 93.26917746663094
}