{
  "aor": 0.0016979891304347826,
  "aqi": 0.002279880619565217,
  "bids_meta": {
    "AcquisitionNumber": 1,
    "AcquisitionTime": "14:35:33.847500",
    "BandwidthPerPixelPhaseEncode": 28.409,
    "ConversionSoftware": "dcm2niix",
    "ConversionSoftwareVersion": "v1.0.20170724 GCC4.4.7",
    "DeviceSerialNumber": "35414",
    "EchoTime": 0.03,
    "EffectiveEchoSpacing": 0.000550002,
    "FlipAngle": 80,
    "ImageType": [
      "ORIGINAL",
      "PRIMARY",
      "FMRI",
      "NONE",
      "ND",
      "MOSAIC"
    ],
    "InstitutionAddress": "Mikeletegi_69_San_Sebastian_District_ES_20009",
    "InstitutionName": "BCBL",
    "MagneticFieldStrength": 3,
    "Manufacturer": "Siemens",
    "ManufacturersModelName": "TrioTim",
    "PhaseEncodingDirection": "j-",
    "PhaseEncodingLines": 64,
    "ProcedureStepDescription": "CRANEO_FUNCIONAL",
    "ProtocolName": "ep2d_PiN_L3_Run2",
    "RepetitionTime": 2,
    "ScanningSequence": "EP",
    "SequenceName": "_epfid2d1_64",
    "SequenceVariant": "SK",
    "SeriesDescription": "ep2d_PiN_L3_Run2",
    "SliceTiming": [
      1.925,
      1.8625,
      1.8025,
      1.74,
      1.6775,
      1.615,
      1.5525,
      1.49,
      1.43,
      1.3675,
      1.305,
      1.2425,
      1.18,
      1.1175,
      1.055,
      0.995,
      0.9325,
      0.87,
      0.8075,
      0.745,
      0.6825,
      0.6225,
      0.56,
      0.4975,
      0.435,
      0.3725,
      0.31,
      0.2475,
      0.1875,
      0.125,
      0.0625,
      0
    ],
    "SoftwareVersions": "syngo_MR_B17",
    "TaskName": "compLn",
    "TotalReadoutTime": 0.0346501,
    "dataset": "ds003545",
    "modality": "bold",
    "run_id": 2,
    "session_id": "01",
    "subject_id": "02",
    "task_id": "compLn"
  },
  "dummy_trs": 2,
  "dvars_nstd": 17.172111860601092,
  "dvars_std": 1.1878434321311475,
  "dvars_vstd": 0.9751242543715846,
  "efc": 0.46650211856044527,
  "fber": 1582.8238525390625,
  "fd_mean": 0.1033559395929803,
  "fd_num": 6,
  "fd_perc": 3.260869565217391,
  "fwhm_avg": 2.5695803484848487,
  "fwhm_x": 2.4794967272727275,
  "fwhm_y": 2.766821818181818,
  "fwhm_z": 2.4624225,
  "gcor": 0.0544654,
  "gsr_x": -0.018765995278954506,
  "gsr_y": 0.03981122747063637,
  "provenance": {
    "md5sum": "bad8a1e29bb8e41bf8180c4f38e4c6dd",
    "settings": {
      "fd_thres": 0.2,
      "testing": false
    },
    "software": "mriqc",
    "version": "22.0.6",
    "webapi_port": null,
    "webapi_url": "https://mriqc.nimh.nih.gov/api/v1"
  },
  "size_t": 184,
  "size_x": 64,
  "size_y": 64,
  "size_z": 32,
  "snr": 3.380229502732064,
  "spacing_tr": 2.0,
  "spacing_x": 3.4375,
  "spacing_y": 3.4375,
  "spacing_z": 4.0,
  "summary_bg_k": 40.81908686100093,
  "summary_bg_mad": 4.109386399477094,
  "summary_bg_mean": 30.543865203857422,
  "summary_bg_median": 15.657608985900879,
  "summary_bg_n": 84315.0,
  "summary_bg_p05": 12.565217971801758,
  "summary_bg_p95": 104.54891357421891,
  "summary_bg_stdv": 45.95723342895508,
  "summary_fg_k": 1.7249233005336366,
  "summary_fg_mad": 156.75296986149695,
  "summary_fg_mean": 658.044921875,
  "summary_fg_median": 625.08154296875,
  "summary_fg_n": 18510.0,
  "summary_fg_p05": 423.3641357421875,
  "summary_fg_p95": 1015.5000335693359,
  "summary_fg_stdv": 184.91781616210938,
  "tsnr": 93.7826225142926
}