{
  "aor": 0.006205061728395062,
  "aqi": 0.028445929629629628,
  "bids_meta": {
    "AcquisitionNumber": 1,
    "AcquisitionTime": "11:36:50.680000",
    "BandwidthPerPixelPhaseEncode": 29.481,
    "BodyPartExamined": "BRAIN",
    "ConversionSoftware": "dcm2niix",
    "ConversionSoftwareVersion": "v1.0.20170724 GCC4.4.7",
    "DeviceSerialNumber": "167004",
    "EchoTime": 0.025,
    "EchoTrainLength": 64,
    "EffectiveEchoSpacing": 0.000530002,
    "FlipAngle": 90,
    "ImageType": [
      "ORIGINAL",
      "PRIMARY",
      "M",
      "ND",
      "MOSAIC"
    ],
    "InstitutionAddress": "Mikeletegi_69_San_Sebastian_District_ES_20009",
    "InstitutionName": "BCBL",
    "MagneticFieldStrength": 3,
    "Manufacturer": "Siemens",
    "ManufacturersModelName": "Prisma_fit",
    "PhaseEncodingDirection": "j-",
    "PhaseEncodingLines": 64,
    "ProcedureStepDescription": "CRANEO_FUNCIONAL",
    "ProtocolName": "ep2d_VF_L1_Run1",
    "RepetitionTime": 3,
    "ScanningSequence": "EP",
    "SequenceName": "_epfid2d1_64",
    "SequenceVariant": "SK",
    "SeriesDescription": "ep2d_VF_L1_Run1",
    "SliceTiming": [
      2.91,
      2.84,
      2.7725,
      2.7025,
      2.6325,
      2.565,
      2.495,
      2.425,
      2.355,
      2.2875,
      2.2175,
      2.1475,
      2.08,
      2.01,
      1.94,
      1.87,
      1.8025,
      1.7325,
      1.6625,
      1.5925,
      1.525,
      1.455,
      1.385,
      1.3175,
      1.2475,
      1.1775,
      1.1075,
      1.04,
      0.97,
      0.9,
      0.8325,
      0.7625,
      0.6925,
      0.6225,
      0.555,
      0.485,
      0.415,
      0.3475,
      0.2775,
      0.2075,
      0.1375,
      0.07,
      0
    ],
    "SoftwareVersions": "syngo_MR_E11",
    "TaskName": "prodL1",
    "TotalReadoutTime": 0.0333901,
    "dataset": "ds003545",
    "modality": "bold",
    "run_id": 1,
    "session_id": "01",
    "subject_id": "22",
    "task_id": "prodL1"
  },
  "dummy_trs": 0,
  "dvars_nstd": 103.453890303967,
  "dvars_std": 1.2781652649586783,
  "dvars_vstd": 0.9938958835123967,
  "efc": 0.5800481574603105,
  "fber": 320.53314208984375,
  "fd_mean": 2.111842965032767,
  "fd_num": 241,
  "fd_perc": 99.17695473251028,
  "fwhm_avg": 3.0302064790349346,
  "fwhm_x": 2.794146666666667,
  "fwhm_y": 3.3091666666666666,
  "fwhm_z": 2.987306103771471,
  "gcor": 0.042113,
  "gsr_x": 0.0009880660800263286,
  "gsr_y": 0.0739193856716156,
  "provenance": {
    "md5sum": "ed2d25117d9092637c9ae7f919398049",
    "settings": {
      "fd_thres": 0.2,
      "testing": false
    },
    "software": "mriqc",
    "version": "22.0.6",
    "webapi_port": null,
    "webapi_url": "https://mriqc.nimh.nih.gov/api/v1"
  },
  "size_t": 243,
  "size_x": 64,
  "size_y": 64,
  "size_z": 43,
  "snr": 2.2756021182862596,
  "spacing_tr": 3.0,
  "spacing_x": 3.0,
  "spacing_y": 3.0,
  "spacing_z": 3.299999952316284,
  "summary_bg_k": 16.096187776888367,
  "summary_bg_mad": 32.46166391588034,
  "summary_bg_mean": 123.15674591064453,
  "summary_bg_median": 55.48353576660156,
  "summary_bg_n": 96756.0,
  "summary_bg_p05": 29.563785552978516,
  "summary_bg_p95": 441.4166564941406,
  "summary_bg_stdv": 160.8507080078125,
  "summary_fg_k": 1.2138933225784996,
  "summary_fg_mad": 417.474506185996,
  "summary_fg_mean": 1120.8975830078125,
  "summary_fg_median": 1027.948486328125,
  "summary_fg_n": 37132.0,
  "summary_fg_p05": 551.1474975585937,
  "summary_fg_p95": 1983.0923217773438,
  "summary_fg_stdv": 451.7198486328125,
  "tsnr": 20.66716327035101
}