{
  "aor": 0.00813227027027027,
  "aqi": 0.021071927513513514,
  "bids_meta": {
    "AcquisitionNumber": 1,
    "AcquisitionTime": "11:28:11.150000",
    "BandwidthPerPixelPhaseEncode": 28.409,
    "BodyPartExamined": "BRAIN",
    "ConversionSoftware": "dcm2niix",
    "ConversionSoftwareVersion": "v1.0.20170724 GCC4.4.7",
    "DeviceSerialNumber": "167004",
    "EchoTime": 0.03,
    "EchoTrainLength": 64,
    "EffectiveEchoSpacing": 0.000550002,
    "FlipAngle": 80,
    "ImageType": [
      "ORIGINAL",
      "PRIMARY",
      "M",
      "ND",
      "MOSAIC"
    ],
    "InstitutionAddress": "Mikeletegi_69_San_Sebastian_District_ES_20009",
    "InstitutionName": "BCBL",
    "MagneticFieldStrength": 3,
    "Manufacturer": "Siemens",
    "ManufacturersModelName": "Prisma_fit",
    "PhaseEncodingDirection": "j-",
    "PhaseEncodingLines": 64,
    "ProcedureStepDescription": "CRANEO_FUNCIONAL",
    "ProtocolName": "ep2d_PiN_L1_Run2",
    "RepetitionTime": 2,
    "ScanningSequence": "EP",
    "SequenceName": "_epfid2d1_64",
    "SequenceVariant": "SK",
    "SeriesDescription": "ep2d_PiN_L1_Run2",
    "SliceTiming": [
      1.9175,
      1.855,
      1.795,
      1.7325,
      1.67,
      1.6075,
      1.5475,
      1.485,
      1.4225,
      1.36,
      1.3,
      1.2375,
      1.175,
      1.1125,
      1.0525,
      0.99,
      0.9275,
      0.865,
      0.805,
      0.7425,
      0.68,
      0.6175,
      0.5575,
      0.495,
      0.4325,
      0.37,
      0.31,
      0.2475,
      0.185,
      0.1225,
      0.0625,
      0
    ],
    "SoftwareVersions": "syngo_MR_E11",
    "TaskName": "compL1",
    "TotalReadoutTime": 0.0346501,
    "dataset": "ds003545",
    "modality": "bold",
    "run_id": 2,
    "session_id": "01",
    "subject_id": "22",
    "task_id": "compL1"
  },
  "dummy_trs": 1,
  "dvars_nstd": 72.7932161561413,
  "dvars_std": 1.2085004153804346,
  "dvars_vstd": 0.9491193985869563,
  "efc": 0.5143400976809217,
  "fber": 779.7697143554688,
  "fd_mean": 1.668994427288078,
  "fd_num": 177,
  "fd_perc": 95.67567567567568,
  "fwhm_avg": 2.9044159393939393,
  "fwhm_x": 2.7880087272727274,
  "fwhm_y": 3.085789090909091,
  "fwhm_z": 2.83945,
  "gcor": 0.0546739,
  "gsr_x": -0.0006591150886379182,
  "gsr_y": 0.043689001351594925,
  "provenance": {
    "md5sum": "01a03334374da32cde75a3cee58adbba",
    "settings": {
      "fd_thres": 0.2,
      "testing": false
    },
    "software": "mriqc",
    "version": "22.0.6",
    "webapi_port": null,
    "webapi_url": "https://mriqc.nimh.nih.gov/api/v1"
  },
  "size_t": 185,
  "size_x": 64,
  "size_y": 64,
  "size_z": 32,
  "snr": 2.3813330571639,
  "spacing_tr": 2.0,
  "spacing_x": 3.4375,
  "spacing_y": 3.4375,
  "spacing_z": 4.0,
  "summary_bg_k": 27.77767947715954,
  "summary_bg_mad": 14.834036281673232,
  "summary_bg_mean": 67.57868957519531,
  "summary_bg_median": 28.27027130126953,
  "summary_bg_n": 79294.0,
  "summary_bg_p05": 17.3837833404541,
  "summary_bg_p95": 252.7546051025383,
  "summary_bg_stdv": 104.07050323486328,
  "summary_fg_k": 0.9157974381441853,
  "summary_fg_mad": 327.67517926022805,
  "summary_fg_mean": 874.941650390625,
  "summary_fg_median": 814.497314453125,
  "summary_fg_n": 21872.0,
  "summary_fg_p05": 425.2062271118164,
  "summary_fg_p95": 1511.832165527344,
  "summary_fg_stdv": 342.0263671875,
  "tsnr": 23.943799747503363
}