{
  "aor": 0.00913053497942387,
  "aqi": 0.020014394650205755,
  "bids_meta": {
    "AcquisitionNumber": 1,
    "AcquisitionTime": "12:13:40.252500",
    "BandwidthPerPixelPhaseEncode": 29.481,
    "BodyPartExamined": "BRAIN",
    "ConversionSoftware": "dcm2niix",
    "ConversionSoftwareVersion": "v1.0.20170724 GCC4.4.7",
    "DeviceSerialNumber": "167004",
    "EchoTime": 0.025,
    "EchoTrainLength": 64,
    "EffectiveEchoSpacing": 0.000530002,
    "FlipAngle": 90,
    "ImageType": [
      "ORIGINAL",
      "PRIMARY",
      "M",
      "ND",
      "MOSAIC"
    ],
    "InstitutionAddress": "Mikeletegi_69_San_Sebastian_District_ES_20009",
    "InstitutionName": "BCBL",
    "MagneticFieldStrength": 3,
    "Manufacturer": "Siemens",
    "ManufacturersModelName": "Prisma_fit",
    "PhaseEncodingDirection": "j-",
    "PhaseEncodingLines": 64,
    "ProcedureStepDescription": "CRANEO_FUNCIONAL",
    "ProtocolName": "ep2d_VF_L3_Run2",
    "RepetitionTime": 3,
    "ScanningSequence": "EP",
    "SequenceName": "_epfid2d1_64",
    "SequenceVariant": "SK",
    "SeriesDescription": "ep2d_VF_L3_Run2",
    "SliceTiming": [
      2.91,
      2.8425,
      2.7725,
      2.7025,
      2.6325,
      2.565,
      2.495,
      2.425,
      2.3575,
      2.2875,
      2.2175,
      2.1475,
      2.08,
      2.01,
      1.94,
      1.8725,
      1.8025,
      1.7325,
      1.6625,
      1.595,
      1.525,
      1.455,
      1.3875,
      1.3175,
      1.2475,
      1.1775,
      1.11,
      1.04,
      0.97,
      0.9,
      0.8325,
      0.7625,
      0.6925,
      0.625,
      0.555,
      0.485,
      0.415,
      0.3475,
      0.2775,
      0.2075,
      0.14,
      0.07,
      0
    ],
    "SoftwareVersions": "syngo_MR_E11",
    "TaskName": "prodLn",
    "TotalReadoutTime": 0.0333901,
    "dataset": "ds003545",
    "modality": "bold",
    "run_id": 2,
    "session_id": "01",
    "subject_id": "22",
    "task_id": "prodLn"
  },
  "dummy_trs": 0,
  "dvars_nstd": 83.0799266087603,
  "dvars_std": 1.331009933057852,
  "dvars_vstd": 1.0426866599586773,
  "efc": 0.5986509467173436,
  "fber": 294.2698669433594,
  "fd_mean": 1.2583718374271686,
  "fd_num": 234,
  "fd_perc": 96.29629629629629,
  "fwhm_avg": 2.9300306204335467,
  "fwhm_x": 2.6556333333333333,
  "fwhm_y": 3.1503766666666664,
  "fwhm_z": 2.98408186130064,
  "gcor": 0.0382002,
  "gsr_x": 0.006840819027274847,
  "gsr_y": 0.0729360580444336,
  "provenance": {
    "md5sum": "a5a20e40756f5bac4cc2803c0e187e8a",
    "settings": {
      "fd_thres": 0.2,
      "testing": false
    },
    "software": "mriqc",
    "version": "22.0.6",
    "webapi_port": null,
    "webapi_url": "https://mriqc.nimh.nih.gov/api/v1"
  },
  "size_t": 243,
  "size_x": 64,
  "size_y": 64,
  "size_z": 43,
  "snr": 2.4377837683472334,
  "spacing_tr": 3.0,
  "spacing_x": 3.0,
  "spacing_y": 3.0,
  "spacing_z": 3.299999952316284,
  "summary_bg_k": 14.596426587224002,
  "summary_bg_mad": 25.326258981014675,
  "summary_bg_mean": 108.52936553955078,
  "summary_bg_median": 49.514400482177734,
  "summary_bg_n": 93332.0,
  "summary_bg_p05": 29.882921028137208,
  "summary_bg_p95": 382.6946411132812,
  "summary_bg_stdv": 140.55581665039062,
  "summary_fg_k": 1.074625714157949,
  "summary_fg_mad": 344.83007416839564,
  "summary_fg_mean": 991.2783813476562,
  "summary_fg_median": 920.51025390625,
  "summary_fg_n": 39529.0,
  "summary_fg_p05": 508.6567749023437,
  "summary_fg_p95": 1735.561254882812,
  "summary_fg_stdv": 377.59649658203125,
  "tsnr": 27.457387622795068
}