{
  "aor": 0.018294516129032254,
  "aqi": 0.02185964758064516,
  "bids_meta": {
    "AcquisitionNumber": 1,
    "AcquisitionTime": "11:42:5.035000",
    "BandwidthPerPixelPhaseEncode": 28.409,
    "BodyPartExamined": "BRAIN",
    "ConversionSoftware": "dcm2niix",
    "ConversionSoftwareVersion": "v1.0.20170724 GCC4.4.7",
    "DeviceSerialNumber": "167004",
    "EchoTime": 0.03,
    "EchoTrainLength": 64,
    "EffectiveEchoSpacing": 0.000550002,
    "FlipAngle": 80,
    "ImageType": [
      "ORIGINAL",
      "PRIMARY",
      "M",
      "ND",
      "MOSAIC"
    ],
    "InstitutionAddress": "Mikeletegi_69_San_Sebastian_District_ES_20009",
    "InstitutionName": "BCBL",
    "MagneticFieldStrength": 3,
    "Manufacturer": "Siemens",
    "ManufacturersModelName": "Prisma_fit",
    "PhaseEncodingDirection": "j-",
    "PhaseEncodingLines": 64,
    "ProcedureStepDescription": "CRANEO_FUNCIONAL",
    "ProtocolName": "ep2d_PiN_L3_Run1",
    "RepetitionTime": 2,
    "ScanningSequence": "EP",
    "SequenceName": "_epfid2d1_64",
    "SequenceVariant": "SK",
    "SeriesDescription": "ep2d_PiN_L3_Run1",
    "SliceTiming": [
      1.9175,
      1.855,
      1.795,
      1.7325,
      1.67,
      1.6075,
      1.5475,
      1.485,
      1.4225,
      1.36,
      1.3,
      1.2375,
      1.175,
      1.1125,
      1.0525,
      0.99,
      0.9275,
      0.865,
      0.805,
      0.7425,
      0.68,
      0.6175,
      0.5575,
      0.495,
      0.4325,
      0.37,
      0.31,
      0.2475,
      0.185,
      0.1225,
      0.0625,
      0
    ],
    "SoftwareVersions": "syngo_MR_E11",
    "TaskName": "compLn",
    "TotalReadoutTime": 0.0346501,
    "dataset": "ds003545",
    "modality": "bold",
    "run_id": 1,
    "session_id": "01",
    "subject_id": "22",
    "task_id": "compLn"
  },
  "dummy_trs": 0,
  "dvars_nstd": 70.3378899550811,
  "dvars_std": 1.236012288918919,
  "dvars_vstd": 1.0129577947027033,
  "efc": 0.5127870937996749,
  "fber": 963.6036987304688,
  "fd_mean": 1.5971270129381943,
  "fd_num": 175,
  "fd_perc": 94.08602150537635,
  "fwhm_avg": 2.783422387956523,
  "fwhm_x": 2.562650181818182,
  "fwhm_y": 3.0383418181818183,
  "fwhm_z": 2.7492751638695694,
  "gcor": 0.0290074,
  "gsr_x": -0.0007205313886515796,
  "gsr_y": 0.040970053523778915,
  "provenance": {
    "md5sum": "10f74087d1710134b940a81c1ee7258d",
    "settings": {
      "fd_thres": 0.2,
      "testing": false
    },
    "software": "mriqc",
    "version": "22.0.6",
    "webapi_port": null,
    "webapi_url": "https://mriqc.nimh.nih.gov/api/v1"
  },
  "size_t": 186,
  "size_x": 64,
  "size_y": 64,
  "size_z": 32,
  "snr": 2.7190670690834273,
  "spacing_tr": 2.0,
  "spacing_x": 3.4375,
  "spacing_y": 3.4375,
  "spacing_z": 3.999999761581421,
  "summary_bg_k": 31.799317206314555,
  "summary_bg_mad": 9.533291076446922,
  "summary_bg_mean": 52.910133361816406,
  "summary_bg_median": 23.66666603088379,
  "summary_bg_n": 78585.0,
  "summary_bg_p05": 15.838709831237793,
  "summary_bg_p95": 191.34408569335938,
  "summary_bg_stdv": 80.02194213867188,
  "summary_fg_k": 0.6118211574998869,
  "summary_fg_mad": 266.1470062105294,
  "summary_fg_mean": 804.378173828125,
  "summary_fg_median": 760.5779418945312,
  "summary_fg_n": 21928.0,
  "summary_fg_p05": 424.3067260742188,
  "summary_fg_p95": 1338.3365539550778,
  "summary_fg_stdv": 279.71380615234375,
  "tsnr": 24.911091099726036
}