{
  "aor": 0.00953238683127572,
  "aqi": 0.015837409670781892,
  "bids_meta": {
    "AcquisitionNumber": 1,
    "AcquisitionTime": "11:59:47.957500",
    "BandwidthPerPixelPhaseEncode": 29.481,
    "BodyPartExamined": "BRAIN",
    "ConversionSoftware": "dcm2niix",
    "ConversionSoftwareVersion": "v1.0.20170724 GCC4.4.7",
    "DeviceSerialNumber": "167004",
    "EchoTime": 0.025,
    "EchoTrainLength": 64,
    "EffectiveEchoSpacing": 0.000530002,
    "FlipAngle": 90,
    "ImageType": [
      "ORIGINAL",
      "PRIMARY",
      "M",
      "ND",
      "MOSAIC"
    ],
    "InstitutionAddress": "Mikeletegi_69_San_Sebastian_District_ES_20009",
    "InstitutionName": "BCBL",
    "MagneticFieldStrength": 3,
    "Manufacturer": "Siemens",
    "ManufacturersModelName": "Prisma_fit",
    "PhaseEncodingDirection": "j-",
    "PhaseEncodingLines": 64,
    "ProcedureStepDescription": "CRANEO_FUNCIONAL",
    "ProtocolName": "ep2d_VF_L3_Run1",
    "RepetitionTime": 3,
    "ScanningSequence": "EP",
    "SequenceName": "_epfid2d1_64",
    "SequenceVariant": "SK",
    "SeriesDescription": "ep2d_VF_L3_Run1",
    "SliceTiming": [
      2.91,
      2.84,
      2.7725,
      2.7025,
      2.6325,
      2.565,
      2.495,
      2.425,
      2.355,
      2.2875,
      2.2175,
      2.1475,
      2.08,
      2.01,
      1.94,
      1.87,
      1.8025,
      1.7325,
      1.6625,
      1.595,
      1.525,
      1.455,
      1.385,
      1.3175,
      1.2475,
      1.1775,
      1.1075,
      1.04,
      0.97,
      0.9,
      0.8325,
      0.7625,
      0.6925,
      0.6225,
      0.555,
      0.485,
      0.415,
      0.3475,
      0.2775,
      0.2075,
      0.1375,
      0.07,
      0
    ],
    "SoftwareVersions": "syngo_MR_E11",
    "TaskName": "prodLn",
    "TotalReadoutTime": 0.0333901,
    "dataset": "ds003545",
    "modality": "bold",
    "run_id": 1,
    "session_id": "01",
    "subject_id": "22",
    "task_id": "prodLn"
  },
  "dummy_trs": 0,
  "dvars_nstd": 70.88271260871896,
  "dvars_std": 1.339503916363636,
  "dvars_vstd": 1.0454652053305795,
  "efc": 0.5975480583307405,
  "fber": 310.21600341796875,
  "fd_mean": 1.0648282670385472,
  "fd_num": 238,
  "fd_perc": 97.94238683127573,
  "fwhm_avg": 2.9017346605149377,
  "fwhm_x": 2.6582233333333334,
  "fwhm_y": 3.1298866666666663,
  "fwhm_z": 2.917093981544812,
  "gcor": 0.0306242,
  "gsr_x": 0.005145059432834387,
  "gsr_y": 0.07989683002233505,
  "provenance": {
    "md5sum": "8de03b749859815deaaddec99d2fc0ad",
    "settings": {
      "fd_thres": 0.2,
      "testing": false
    },
    "software": "mriqc",
    "version": "22.0.6",
    "webapi_port": null,
    "webapi_url": "https://mriqc.nimh.nih.gov/api/v1"
  },
  "size_t": 243,
  "size_x": 64,
  "size_y": 64,
  "size_z": 43,
  "snr": 2.4684177798234845,
  "spacing_tr": 3.0,
  "spacing_x": 3.0,
  "spacing_y": 3.0,
  "spacing_z": 3.299999952316284,
  "summary_bg_k": 14.80494044018171,
  "summary_bg_mad": 24.53309529873447,
  "summary_bg_mean": 111.02894592285156,
  "summary_bg_median": 48.81481170654297,
  "summary_bg_n": 94211.0,
  "summary_bg_p05": 30.3292179107666,
  "summary_bg_p95": 396.8662414550781,
  "summary_bg_stdv": 147.88145446777344,
  "summary_fg_k": 1.0609685811408491,
  "summary_fg_mad": 344.7630204425709,
  "summary_fg_mean": 992.5906982421875,
  "summary_fg_median": 923.3209838867188,
  "summary_fg_n": 39277.0,
  "summary_fg_p05": 511.01316528320314,
  "summary_fg_p95": 1725.9505859374995,
  "summary_fg_stdv": 374.04901123046875,
  "tsnr": 31.34039980499074
}