{
  "aor": 0.012153655913978495,
  "aqi": 0.018652354193548385,
  "bids_meta": {
    "AcquisitionNumber": 1,
    "AcquisitionTime": "11:19:11.832500",
    "BandwidthPerPixelPhaseEncode": 28.409,
    "BodyPartExamined": "BRAIN",
    "ConversionSoftware": "dcm2niix",
    "ConversionSoftwareVersion": "v1.0.20170724 GCC4.4.7",
    "DeviceSerialNumber": "167004",
    "EchoTime": 0.03,
    "EchoTrainLength": 64,
    "EffectiveEchoSpacing": 0.000550002,
    "FlipAngle": 80,
    "ImageType": [
      "ORIGINAL",
      "PRIMARY",
      "M",
      "ND",
      "MOSAIC"
    ],
    "InstitutionAddress": "Mikeletegi_69_San_Sebastian_District_ES_20009",
    "InstitutionName": "BCBL",
    "MagneticFieldStrength": 3,
    "Manufacturer": "Siemens",
    "ManufacturersModelName": "Prisma_fit",
    "PhaseEncodingDirection": "j-",
    "PhaseEncodingLines": 64,
    "ProcedureStepDescription": "CRANEO_FUNCIONAL",
    "ProtocolName": "ep2d_PiN_L1_Run1",
    "RepetitionTime": 2,
    "ScanningSequence": "EP",
    "SequenceName": "_epfid2d1_64",
    "SequenceVariant": "SK",
    "SeriesDescription": "ep2d_PiN_L1_Run1",
    "SliceTiming": [
      1.92,
      1.8575,
      1.795,
      1.7325,
      1.6725,
      1.61,
      1.5475,
      1.485,
      1.425,
      1.3625,
      1.3,
      1.2375,
      1.1775,
      1.115,
      1.0525,
      0.99,
      0.93,
      0.8675,
      0.805,
      0.7425,
      0.6825,
      0.62,
      0.5575,
      0.495,
      0.435,
      0.3725,
      0.31,
      0.2475,
      0.1875,
      0.125,
      0.0625,
      0
    ],
    "SoftwareVersions": "syngo_MR_E11",
    "TaskName": "compL1",
    "TotalReadoutTime": 0.0346501,
    "dataset": "ds003545",
    "modality": "bold",
    "run_id": 1,
    "session_id": "01",
    "subject_id": "22",
    "task_id": "compL1"
  },
  "dummy_trs": 0,
  "dvars_nstd": 64.93743419664867,
  "dvars_std": 1.1886465263243242,
  "dvars_vstd": 0.9626556465405406,
  "efc": 0.508595980587341,
  "fber": 962.708251953125,
  "fd_mean": 1.338193720427182,
  "fd_num": 170,
  "fd_perc": 91.39784946236558,
  "fwhm_avg": 2.952947176881373,
  "fwhm_x": 2.747418181818182,
  "fwhm_y": 3.309498181818182,
  "fwhm_z": 2.8019251670077545,
  "gcor": 0.0431093,
  "gsr_x": -0.005778867285698652,
  "gsr_y": 0.04751287400722504,
  "provenance": {
    "md5sum": "ce04bf02730adda0063ac4bc59dc9e5e",
    "settings": {
      "fd_thres": 0.2,
      "testing": false
    },
    "software": "mriqc",
    "version": "22.0.6",
    "webapi_port": null,
    "webapi_url": "https://mriqc.nimh.nih.gov/api/v1"
  },
  "size_t": 186,
  "size_x": 64,
  "size_y": 64,
  "size_z": 32,
  "snr": 2.3715292998056254,
  "spacing_tr": 2.0,
  "spacing_x": 3.4375,
  "spacing_y": 3.4375,
  "spacing_z": 3.999999761581421,
  "summary_bg_k": 32.64924056677674,
  "summary_bg_mad": 10.258651655484046,
  "summary_bg_mean": 63.69024658203125,
  "summary_bg_median": 25.139785766601562,
  "summary_bg_n": 79073.0,
  "summary_bg_p05": 17.747312545776367,
  "summary_bg_p95": 243.42043457031178,
  "summary_bg_stdv": 103.13834381103516,
  "summary_fg_k": 0.7124522640047721,
  "summary_fg_mad": 331.0785856774097,
  "summary_fg_mean": 883.1234130859375,
  "summary_fg_median": 819.4569702148438,
  "summary_fg_n": 21670.0,
  "summary_fg_p05": 430.1948989868164,
  "summary_fg_p95": 1533.2209411621093,
  "summary_fg_stdv": 345.531494140625,
  "tsnr": 25.66143678012304
}