{
  "bids_meta": {
    "AccelFactPE": 2,
    "AcquisitionNumber": 1,
    "AcquisitionTime": "09:52:47.695000",
    "ConversionSoftware": "dcm2niix",
    "ConversionSoftwareVersion": "v1.0.20170724 GCC4.4.7",
    "DeviceSerialNumber": "35414",
    "EchoTime": 0.00297,
    "FlipAngle": 7,
    "ImageType": [
      "ORIGINAL",
      "PRIMARY",
      "M",
      "ND",
      "NORM"
    ],
    "InstitutionAddress": "Mikeletegi_69_San_Sebastian_District_ES_20009",
    "InstitutionName": "BCBL",
    "InversionTime": 1.1,
    "MagneticFieldStrength": 3,
    "Manufacturer": "Siemens",
    "ManufacturersModelName": "TrioTim",
    "PhaseEncodingDirection": "i-",
    "PhaseEncodingLines": 256,
    "ProcedureStepDescription": "CRANEO_FUNCIONAL",
    "ProtocolName": "t1_mpr_tra_p2_iso",
    "RepetitionTime": 2.53,
    "ScanningSequence": "GR_IR",
    "SequenceName": "_tfl3d1",
    "SequenceVariant": "SP_MP_OSP",
    "SeriesDescription": "t1_mpr_tra_p2_iso",
    "SoftwareVersions": "syngo_MR_B17",
    "dataset": "ds003545",
    "modality": "T1w",
    "session_id": "01",
    "subject_id": "06"
  },
  "cjv": 0.3558764852129084,
  "cnr": 3.7933629729098852,
  "efc": 0.5497887762556884,
  "fber": 14648.892367674858,
  "fwhm_avg": 4.04048,
  "fwhm_x": 3.82388,
  "fwhm_y": 4.31122,
  "fwhm_z": 3.98634,
  "icvs_csf": 0.18844220973535092,
  "icvs_gm": 0.47039490510695486,
  "icvs_wm": 0.3411628851576942,
  "inu_med": 0.536664605140686,
  "inu_range": 0.2293840825557708,
  "provenance": {
    "md5sum": "a54345ba8a5fe356c3ac2183d1913ccb",
    "settings": {
      "testing": false
    },
    "software": "mriqc",
    "version": "22.0.6",
    "warnings": {
      "large_rot_frame": true,
      "small_air_mask": false
    },
    "webapi_port": null,
    "webapi_url": "https://mriqc.nimh.nih.gov/api/v1"
  },
  "qi_1": 0.0,
  "qi_2": 0.010024322724767873,
  "rpve_csf": 32.032325912684,
  "rpve_gm": 14.093458406186704,
  "rpve_wm": 21.344149991993177,
  "size_x": 256,
  "size_y": 256,
  "size_z": 176,
  "snr_csf": 2.0230967896765466,
  "snr_gm": 11.666316364111827,
  "snr_total": 11.966687473842134,
  "snr_wm": 22.210649267738027,
  "snrd_csf": 23.469042150114863,
  "snrd_gm": 62.91904266544556,
  "snrd_total": 58.336502385129904,
  "snrd_wm": 88.62142233982931,
  "spacing_x": 1.0,
  "spacing_y": 1.0,
  "spacing_z": 1.0,
  "summary_bg_k": 29.608441657343654,
  "summary_bg_mad": 7.392997833017151,
  "summary_bg_mean": 6.962148947363787,
  "summary_bg_median": 4.986501261591911,
  "summary_bg_n": 1916545.0,
  "summary_bg_p05": 0.0,
  "summary_bg_p95": 25.567729398608208,
  "summary_bg_stdv": 10.720942050045888,
  "summary_csf_k": 0.6176948557426631,
  "summary_csf_mad": 125.39842821225906,
  "summary_csf_mean": 273.0051695144629,
  "summary_csf_median": 264.84038706868887,
  "summary_csf_n": 21910.0,
  "summary_csf_p05": 70.09686805307865,
  "summary_csf_p95": 501.22277967631817,
  "summary_csf_stdv": 130.90542406407786,
  "summary_gm_k": -0.01369696835932599,
  "summary_gm_mad": 60.93337067467639,
  "summary_gm_mean": 709.7396825453282,
  "summary_gm_median": 710.0206095725298,
  "summary_gm_n": 38397.0,
  "summary_gm_p05": 608.2578704506159,
  "summary_gm_p95": 809.2106951773167,
  "summary_gm_stdv": 60.85994426776693,
  "summary_wm_k": 0.613610995998346,
  "summary_wm_mad": 42.286064038531215,
  "summary_wm_mean": 1001.1883638615964,
  "summary_wm_median": 1000.0634727627039,
  "summary_wm_n": 144447.0,
  "summary_wm_p05": 929.3313816189766,
  "summary_wm_p95": 1076.7031386494637,
  "summary_wm_stdv": 45.02614934865571,
  "tpm_overlap_csf": 0.1466587566744897,
  "tpm_overlap_gm": 0.47783364216254276,
  "tpm_overlap_wm": 0.49415016022077213,
  "wm2max": 0.5511191835272515
}